STORAGE: NONE
STRATEGY: MAX
RESTRICTION: || (== net461) (== netstandard2.0)
NUGET
  remote: https://api.nuget.org/v3/index.json
    AForge (2.2.5)
    AForge.Imaging (2.2.5)
      AForge (>= 2.2.5)
      AForge.Math (>= 2.2.5)
    AForge.Math (2.2.5)
      AForge (>= 2.2.5)
    AForge.Video (2.2.5)
      AForge (>= 2.2.5)
    AppDomainToolkit (1.0.4.3)
    AutoMapper (3.3.1)
    CommandLineParser (1.9.71)
    Common.Logging (2.1.2)
    DevExpress.Data (20.1.7)
      Microsoft.Win32.Registry (>= 4.5) - restriction: || (&& (== net461) (< net452) (>= netstandard2.0)) (== netstandard2.0)
      NETStandard.Library (>= 2.0.3) - restriction: || (&& (== net461) (< net452) (>= netstandard2.0)) (== netstandard2.0)
      System.ComponentModel.Annotations (>= 4.4) - restriction: || (&& (== net461) (< net452) (>= netstandard2.0)) (== netstandard2.0)
      System.Configuration.ConfigurationManager (>= 4.5) - restriction: || (&& (== net461) (< net452) (>= netstandard2.0)) (== netstandard2.0)
      System.Diagnostics.PerformanceCounter (>= 4.5) - restriction: || (&& (== net461) (< net452) (>= netstandard2.0)) (== netstandard2.0)
      System.Drawing.Common (>= 4.5) - restriction: || (&& (== net461) (< net452) (>= netstandard2.0)) (== netstandard2.0)
      System.Reflection.Emit (>= 4.3) - restriction: || (&& (== net461) (< net452) (>= netstandard2.0)) (== netstandard2.0)
      System.Reflection.Emit.Lightweight (>= 4.3) - restriction: || (&& (== net461) (< net452) (>= netstandard2.0)) (== netstandard2.0)
      System.Text.Encoding.CodePages (>= 4.4) - restriction: || (&& (== net461) (< net452) (>= netstandard2.0)) (== netstandard2.0)
    DevExpress.Xpo (20.1.7)
      DevExpress.Data (20.1.7)
      Microsoft.Extensions.DependencyInjection (>= 2.0) - restriction: || (&& (== net461) (< net452) (>= netstandard2.0)) (== netstandard2.0)
      Microsoft.Win32.Registry (>= 4.5) - restriction: || (&& (== net461) (< net452) (>= netstandard2.0)) (== netstandard2.0)
      NETStandard.Library (>= 2.0.3) - restriction: || (&& (== net461) (< net452) (>= netstandard2.0)) (== netstandard2.0)
      System.Configuration.ConfigurationManager (>= 4.5) - restriction: || (&& (== net461) (< net452) (>= netstandard2.0)) (== netstandard2.0)
      System.Data.SqlClient (>= 4.5) - restriction: || (&& (== net461) (< net452) (>= netstandard2.0)) (== netstandard2.0)
      System.Drawing.Common (>= 4.5) - restriction: || (&& (== net461) (< net452) (>= netstandard2.0)) (== netstandard2.0)
      System.ServiceModel.Http (>= 4.5) - restriction: || (&& (== net461) (< net452) (>= netstandard2.0)) (== netstandard2.0)
      System.ServiceModel.NetTcp (>= 4.4) - restriction: || (&& (== net461) (< net452) (>= netstandard2.0)) (== netstandard2.0)
      System.ServiceModel.Security (>= 4.4) - restriction: || (&& (== net461) (< net452) (>= netstandard2.0)) (== netstandard2.0)
    DocumentFormat.OpenXml (2.7.2)
      NETStandard.Library (>= 1.6.1) - restriction: || (&& (== net461) (< net35)) (== netstandard2.0)
      System.IO.Packaging (>= 4.0)
    DotNetZip (1.11)
    Enums.NET (3.0.3)
      System.ComponentModel.Annotations (>= 4.6) - restriction: || (&& (== net461) (< net45)) (&& (== net461) (>= netstandard2.1)) (== netstandard2.0)
      System.Runtime.CompilerServices.Unsafe (>= 4.6) - restriction: || (&& (== net461) (< net45)) (&& (== net461) (< netstandard1.1)) (&& (== net461) (>= netstandard2.1)) (== netstandard2.0)
    ExcelDataReader (3.6)
    ExcelDataReader.DataSet (3.6)
      ExcelDataReader (>= 3.6)
    Fasterflect.Xpand (2.0.7)
      System.Reflection.Emit.Lightweight (>= 4.6) - restriction: || (&& (== net461) (>= netstandard2.0)) (== netstandard2.0)
    Fody (4.2.1) - copy_local: false
    Google.Apis (1.49)
      Google.Apis.Core (>= 1.49)
    Google.Apis.Auth (1.49)
      Google.Apis (>= 1.49)
      Google.Apis.Core (>= 1.49)
    Google.Apis.Core (1.49)
      Newtonsoft.Json (>= 12.0.3)
    Google.Apis.Tasks.v1 (1.49.0.2052)
      Google.Apis (>= 1.49)
      Google.Apis.Auth (>= 1.49)
    Grpc (2.28.1)
      Grpc.Core (>= 2.28.1)
    Grpc.Core (2.28.1)
      Grpc.Core.Api (>= 2.28.1)
      System.Memory (>= 4.5.3)
    Grpc.Core.Api (2.28.1)
      System.Memory (>= 4.5.3)
    IIS.Microsoft.Web.Adminstration (8.5.9600.16384)
    InputSimulator (1.0.4)
    JetBrains.Annotations (2020.1)
    MagicOnion (3.0.11)
      Grpc (>= 2.23) - restriction: || (&& (== net461) (>= netstandard2.0)) (== netstandard2.0)
      MagicOnion.Abstractions (>= 3.0.11) - restriction: || (&& (== net461) (>= netstandard2.0)) (== netstandard2.0)
      MessagePack (>= 2.1.90) - restriction: || (&& (== net461) (>= netstandard2.0)) (== netstandard2.0)
      System.Buffers (>= 4.5) - restriction: || (&& (== net461) (>= netstandard2.0)) (== netstandard2.0)
      System.Collections.Immutable (>= 1.5) - restriction: || (&& (== net461) (>= netstandard2.0)) (== netstandard2.0)
      System.Runtime.CompilerServices.Unsafe (>= 4.5.2) - restriction: || (&& (== net461) (>= netstandard2.0)) (== netstandard2.0)
      System.Threading.Tasks.Extensions (>= 4.5.3) - restriction: || (&& (== net461) (>= netstandard2.0)) (== netstandard2.0)
      System.Threading.Tasks.Parallel (>= 4.3) - restriction: || (&& (== net461) (>= netstandard2.0)) (== netstandard2.0)
    MagicOnion.Abstractions (3.0.11) - restriction: || (&& (== net461) (>= netstandard2.0)) (== netstandard2.0)
      Grpc.Core.Api (>= 2.25) - restriction: || (&& (== net461) (>= netstandard2.0)) (== netstandard2.0)
      MessagePack (>= 2.1.90) - restriction: || (&& (== net461) (>= netstandard2.0)) (== netstandard2.0)
    MessagePack (2.1.115) - restriction: || (&& (== net461) (>= netstandard2.0)) (== netstandard2.0)
      MessagePack.Annotations (>= 2.1.115) - restriction: || (&& (== net461) (>= netstandard2.0)) (== netstandard2.0)
      Microsoft.Bcl.AsyncInterfaces (>= 1.0) - restriction: || (&& (== net461) (>= netstandard2.0)) (== netstandard2.0)
      System.Memory (>= 4.5.3) - restriction: || (&& (== net461) (>= netstandard2.0)) (== netstandard2.0)
      System.Reflection.Emit (>= 4.6) - restriction: || (&& (== net461) (>= netstandard2.0)) (== netstandard2.0)
      System.Reflection.Emit.Lightweight (>= 4.6) - restriction: || (&& (== net461) (>= netstandard2.0)) (== netstandard2.0)
      System.Runtime.CompilerServices.Unsafe (>= 4.5.2) - restriction: || (&& (== net461) (>= netstandard2.0)) (== netstandard2.0)
      System.Threading.Tasks.Extensions (>= 4.5.3) - restriction: || (&& (== net461) (>= netstandard2.0)) (== netstandard2.0)
    MessagePack.Annotations (2.1.115) - restriction: || (&& (== net461) (>= netstandard2.0)) (== netstandard2.0)
    Microsoft.AspNet.Razor (3.2.7)
    Microsoft.Bcl.AsyncInterfaces (1.1)
      System.Threading.Tasks.Extensions (>= 4.5.2)
    Microsoft.CodeAnalysis.Analyzers (3.0) - restriction: || (&& (== net461) (< net452) (>= netstandard2.0)) (== netstandard2.0)
    Microsoft.CodeAnalysis.Common (3.5) - restriction: || (&& (== net461) (< net452) (>= netstandard2.0)) (== netstandard2.0)
      Microsoft.CodeAnalysis.Analyzers (>= 3.0.0-beta2.20059.3) - restriction: || (&& (== net461) (>= netstandard2.0)) (== netstandard2.0)
      System.Collections.Immutable (>= 1.5) - restriction: || (&& (== net461) (>= netstandard2.0)) (== netstandard2.0)
      System.Memory (>= 4.5.3) - restriction: || (&& (== net461) (>= netstandard2.0)) (== netstandard2.0)
      System.Reflection.Metadata (>= 1.6) - restriction: || (&& (== net461) (>= netstandard2.0)) (== netstandard2.0)
      System.Runtime.CompilerServices.Unsafe (>= 4.6) - restriction: || (&& (== net461) (>= netstandard2.0)) (== netstandard2.0)
      System.Text.Encoding.CodePages (>= 4.5.1) - restriction: || (&& (== net461) (>= netstandard2.0)) (== netstandard2.0)
      System.Threading.Tasks.Extensions (>= 4.5.3) - restriction: || (&& (== net461) (>= netstandard2.0)) (== netstandard2.0)
    Microsoft.CodeAnalysis.CSharp (3.5) - restriction: || (&& (== net461) (< net452) (>= netstandard2.0)) (== netstandard2.0)
      Microsoft.CodeAnalysis.Common (3.5) - restriction: || (&& (== net461) (>= netstandard2.0)) (== netstandard2.0)
    Microsoft.CSharp (4.7)
    Microsoft.Extensions.DependencyInjection (3.1.3) - restriction: || (&& (== net461) (< net452) (>= netstandard2.0)) (== netstandard2.0)
      Microsoft.Bcl.AsyncInterfaces (>= 1.1)
      Microsoft.Extensions.DependencyInjection.Abstractions (>= 3.1.3)
    Microsoft.Extensions.DependencyInjection.Abstractions (3.1.3) - restriction: || (&& (== net461) (< net452) (>= netstandard2.0)) (== netstandard2.0)
    Microsoft.Graph.Beta (0.18.0-preview)
      Microsoft.Graph.Core (>= 1.19 < 2.0)
      Newtonsoft.Json (>= 9.0.1) - restriction: == netstandard2.0
      System.Net.Http (>= 4.3.3) - restriction: == netstandard2.0
    Microsoft.Graph.Core (1.20.1)
      NETStandard.Library (>= 1.6) - restriction: || (&& (== net461) (< net45)) (== netstandard2.0)
      Newtonsoft.Json (>= 6.0.1) - restriction: || (== net461) (&& (== netstandard2.0) (>= net45))
      Newtonsoft.Json (>= 9.0.1) - restriction: || (&& (== net461) (< net45)) (== netstandard2.0)
      System.Diagnostics.DiagnosticSource (>= 4.6)
      System.Net.Http (>= 4.3.3) - restriction: || (&& (== net461) (>= monoandroid7.0)) (&& (== net461) (< net45)) (&& (== net461) (>= xamarinios)) (== netstandard2.0)
      System.ValueTuple (>= 4.3)
    Microsoft.Identity.Client (4.14)
      Microsoft.CSharp (>= 4.5) - restriction: || (&& (== net461) (< net45)) (&& (== net461) (>= netcoreapp2.1)) (&& (== net461) (>= uap10.0)) (&& (== net461) (>= xamarinios)) (== netstandard2.0)
      NETStandard.Library (>= 1.6.1) - restriction: || (&& (== net461) (< net45)) (== netstandard2.0)
      System.ComponentModel.TypeConverter (>= 4.3) - restriction: || (&& (== net461) (< net45)) (&& (== net461) (>= netcoreapp2.1)) (&& (== net461) (>= xamarinios)) (== netstandard2.0)
      System.Diagnostics.Process (>= 4.3) - restriction: || (&& (== net461) (< net45)) (== netstandard2.0)
      System.Dynamic.Runtime (>= 4.3) - restriction: || (&& (== net461) (< net45)) (== netstandard2.0)
      System.Private.Uri (>= 4.3.2) - restriction: || (&& (== net461) (< net45)) (&& (== net461) (>= netcoreapp2.1)) (== netstandard2.0)
      System.Runtime.Serialization.Formatters (>= 4.3) - restriction: || (&& (== net461) (< net45)) (&& (== net461) (>= netcoreapp2.1)) (&& (== net461) (>= uap10.0)) (&& (== net461) (>= xamarinios)) (== netstandard2.0)
      System.Runtime.Serialization.Json (>= 4.3) - restriction: || (&& (== net461) (< net45)) (&& (== net461) (>= netcoreapp2.1)) (&& (== net461) (>= uap10.0)) (== netstandard2.0)
      System.Runtime.Serialization.Primitives (>= 4.3) - restriction: || (&& (== net461) (< net45)) (&& (== net461) (>= netcoreapp2.1)) (&& (== net461) (>= uap10.0)) (&& (== net461) (>= xamarinios)) (== netstandard2.0)
      System.Security.Cryptography.X509Certificates (>= 4.3) - restriction: || (&& (== net461) (< net45)) (== netstandard2.0)
      System.Security.SecureString (>= 4.3) - restriction: || (&& (== net461) (>= monoandroid9.0)) (&& (== net461) (< net45)) (&& (== net461) (>= netcoreapp2.1)) (&& (== net461) (>= uap10.0)) (&& (== net461) (>= xamarinios)) (== netstandard2.0)
      System.Xml.XDocument (>= 4.3) - restriction: || (&& (== net461) (< net45)) (&& (== net461) (>= netcoreapp2.1)) (&& (== net461) (>= uap10.0)) (== netstandard2.0)
      System.Xml.XmlDocument (>= 4.3) - restriction: || (&& (== net461) (< net45)) (&& (== net461) (>= xamarinios)) (== netstandard2.0)
    Microsoft.IdentityModel.JsonWebTokens (6.7.1)
      Microsoft.IdentityModel.Tokens (>= 6.7.1)
    Microsoft.IdentityModel.Logging (6.7.1)
    Microsoft.IdentityModel.Protocols (6.7.1)
      Microsoft.IdentityModel.Logging (>= 6.7.1)
      Microsoft.IdentityModel.Tokens (>= 6.7.1)
    Microsoft.IdentityModel.Protocols.OpenIdConnect (6.7.1)
      Microsoft.IdentityModel.Protocols (>= 6.7.1)
      System.IdentityModel.Tokens.Jwt (>= 6.7.1)
    Microsoft.IdentityModel.Tokens (6.7.1)
      Microsoft.CSharp (>= 4.5) - restriction: || (&& (== net461) (< net45) (>= netstandard2.0)) (== netstandard2.0)
      Microsoft.IdentityModel.Logging (>= 6.7.1)
      System.Security.Cryptography.Cng (>= 4.5) - restriction: || (&& (== net461) (< net45) (>= netstandard2.0)) (== netstandard2.0)
    Microsoft.NETCore.Platforms (3.1)
    Microsoft.NETCore.Targets (3.1) - restriction: || (&& (== net461) (< net45)) (== netstandard2.0)
    Microsoft.Owin (4.1)
      Owin (>= 1.0)
    Microsoft.Owin.Host.SystemWeb (4.1)
      Microsoft.Owin (>= 4.1)
      Owin (>= 1.0)
    Microsoft.Owin.Security (4.1)
      Microsoft.Owin (>= 4.1)
      Owin (>= 1.0)
    Microsoft.Owin.Security.Cookies (4.1)
      Microsoft.Owin (>= 4.1)
      Microsoft.Owin.Security (>= 4.1)
      Owin (>= 1.0)
    Microsoft.Owin.Security.OpenIdConnect (4.1)
      Microsoft.IdentityModel.Logging (>= 5.3)
      Microsoft.IdentityModel.Protocols (>= 5.3)
      Microsoft.IdentityModel.Protocols.OpenIdConnect (>= 5.3)
      Microsoft.IdentityModel.Tokens (>= 5.3)
      Microsoft.Owin (>= 4.1)
      Microsoft.Owin.Security (>= 4.1)
      Owin (>= 1.0)
      System.IdentityModel.Tokens.Jwt (>= 5.3)
    Microsoft.Win32.Primitives (4.3) - restriction: || (&& (== net461) (< net45)) (== netstandard2.0)
      Microsoft.NETCore.Platforms (>= 1.1) - restriction: || (&& (== net461) (< net46)) (== netstandard2.0)
      Microsoft.NETCore.Targets (>= 1.1) - restriction: || (&& (== net461) (< net46)) (== netstandard2.0)
      System.Runtime (>= 4.3) - restriction: || (&& (== net461) (< net46)) (== netstandard2.0)
    Microsoft.Win32.Registry (4.7)
      System.Buffers (>= 4.5) - restriction: || (&& (== net461) (>= monoandroid)) (&& (== net461) (>= monotouch)) (&& (== net461) (< net46) (>= netstandard2.0)) (&& (== net461) (>= xamarinios)) (&& (== net461) (>= xamarinmac)) (&& (== net461) (>= xamarintvos)) (&& (== net461) (>= xamarinwatchos)) (== netstandard2.0)
      System.Memory (>= 4.5.3) - restriction: || (&& (== net461) (< net46) (>= netstandard2.0)) (&& (== net461) (>= netcoreapp2.0)) (&& (== net461) (>= uap10.1)) (== netstandard2.0)
      System.Security.AccessControl (>= 4.7)
      System.Security.Principal.Windows (>= 4.7)
    Mono.Cecil (0.11.2)
    NETStandard.Library (2.0.3) - restriction: || (&& (== net461) (< net452) (>= netstandard2.0)) (== netstandard2.0)
      Microsoft.NETCore.Platforms (>= 1.1)
    Newtonsoft.Json (12.0.3)
    Owin (1.0)
    PropertyChanged.Fody (2.6.1) - copy_local: false
      Fody (>= 4.2.1)
      NETStandard.Library (>= 1.6.1) - restriction: || (&& (== net461) (< net452)) (== netstandard2.0)
    Quartz (2.2.4)
      Common.Logging (>= 2.1.2)
    RazorEngine (3.10)
      Microsoft.AspNet.Razor (>= 3.0) - restriction: || (== net461) (&& (== netstandard2.0) (>= net45))
    runtime.debian.8-x64.runtime.native.System.Security.Cryptography.OpenSsl (4.3.3) - restriction: || (&& (== net461) (>= monoandroid7.0)) (&& (== net461) (< net45) (>= netstandard1.6)) (&& (== net461) (>= xamarinios)) (== netstandard2.0)
    runtime.debian.9-x64.runtime.native.System.Security.Cryptography.OpenSsl (4.3.3) - restriction: || (&& (== net461) (>= monoandroid7.0)) (&& (== net461) (< net45) (>= netstandard1.6)) (&& (== net461) (>= xamarinios)) (== netstandard2.0)
    runtime.fedora.23-x64.runtime.native.System.Security.Cryptography.OpenSsl (4.3.3) - restriction: || (&& (== net461) (>= monoandroid7.0)) (&& (== net461) (< net45) (>= netstandard1.6)) (&& (== net461) (>= xamarinios)) (== netstandard2.0)
    runtime.fedora.24-x64.runtime.native.System.Security.Cryptography.OpenSsl (4.3.3) - restriction: || (&& (== net461) (>= monoandroid7.0)) (&& (== net461) (< net45) (>= netstandard1.6)) (&& (== net461) (>= xamarinios)) (== netstandard2.0)
    runtime.fedora.27-x64.runtime.native.System.Security.Cryptography.OpenSsl (4.3.3) - restriction: || (&& (== net461) (>= monoandroid7.0)) (&& (== net461) (< net45) (>= netstandard1.6)) (&& (== net461) (>= xamarinios)) (== netstandard2.0)
    runtime.fedora.28-x64.runtime.native.System.Security.Cryptography.OpenSsl (4.3.3) - restriction: || (&& (== net461) (>= monoandroid7.0)) (&& (== net461) (< net45) (>= netstandard1.6)) (&& (== net461) (>= xamarinios)) (== netstandard2.0)
    runtime.native.System (4.3.1) - restriction: || (&& (== net461) (< net45)) (== netstandard2.0)
      Microsoft.NETCore.Platforms (>= 1.1.1)
      Microsoft.NETCore.Targets (>= 1.1.3)
    runtime.native.System.Data.SqlClient.sni (4.7) - restriction: || (&& (== net461) (< net451) (>= netstandard2.0)) (&& (== net461) (>= netcoreapp2.0)) (== netstandard2.0)
      runtime.win-arm64.runtime.native.System.Data.SqlClient.sni (>= 4.4)
      runtime.win-x64.runtime.native.System.Data.SqlClient.sni (>= 4.4)
      runtime.win-x86.runtime.native.System.Data.SqlClient.sni (>= 4.4)
    runtime.native.System.IO.Compression (4.3.2) - restriction: || (&& (== net461) (< net45)) (== netstandard2.0)
      Microsoft.NETCore.Platforms (>= 1.1.1)
      Microsoft.NETCore.Targets (>= 1.1.3)
    runtime.native.System.Net.Http (4.3.1) - restriction: || (&& (== net461) (>= monoandroid7.0)) (&& (== net461) (< net45) (>= netstandard1.6)) (&& (== net461) (>= xamarinios)) (== netstandard2.0)
      Microsoft.NETCore.Platforms (>= 1.1.1)
      Microsoft.NETCore.Targets (>= 1.1.3)
    runtime.native.System.Security.Cryptography.Apple (4.3.1) - restriction: || (&& (== net461) (>= monoandroid7.0)) (&& (== net461) (< net45) (>= netstandard1.6)) (&& (== net461) (>= xamarinios)) (== netstandard2.0)
      runtime.osx.10.10-x64.runtime.native.System.Security.Cryptography.Apple (>= 4.3.1)
    runtime.native.System.Security.Cryptography.OpenSsl (4.3.3) - restriction: || (&& (== net461) (>= monoandroid7.0)) (&& (== net461) (< net45) (>= netstandard1.6)) (&& (== net461) (>= xamarinios)) (== netstandard2.0)
      runtime.debian.8-x64.runtime.native.System.Security.Cryptography.OpenSsl (>= 4.3.3)
      runtime.debian.9-x64.runtime.native.System.Security.Cryptography.OpenSsl (>= 4.3.3)
      runtime.fedora.23-x64.runtime.native.System.Security.Cryptography.OpenSsl (>= 4.3.3)
      runtime.fedora.24-x64.runtime.native.System.Security.Cryptography.OpenSsl (>= 4.3.3)
      runtime.fedora.27-x64.runtime.native.System.Security.Cryptography.OpenSsl (>= 4.3.3)
      runtime.fedora.28-x64.runtime.native.System.Security.Cryptography.OpenSsl (>= 4.3.3)
      runtime.opensuse.13.2-x64.runtime.native.System.Security.Cryptography.OpenSsl (>= 4.3.3)
      runtime.opensuse.42.1-x64.runtime.native.System.Security.Cryptography.OpenSsl (>= 4.3.3)
      runtime.opensuse.42.3-x64.runtime.native.System.Security.Cryptography.OpenSsl (>= 4.3.3)
      runtime.osx.10.10-x64.runtime.native.System.Security.Cryptography.OpenSsl (>= 4.3.3)
      runtime.rhel.7-x64.runtime.native.System.Security.Cryptography.OpenSsl (>= 4.3.3)
      runtime.ubuntu.14.04-x64.runtime.native.System.Security.Cryptography.OpenSsl (>= 4.3.3)
      runtime.ubuntu.16.04-x64.runtime.native.System.Security.Cryptography.OpenSsl (>= 4.3.3)
      runtime.ubuntu.16.10-x64.runtime.native.System.Security.Cryptography.OpenSsl (>= 4.3.3)
      runtime.ubuntu.18.04-x64.runtime.native.System.Security.Cryptography.OpenSsl (>= 4.3.3)
    runtime.opensuse.13.2-x64.runtime.native.System.Security.Cryptography.OpenSsl (4.3.3) - restriction: || (&& (== net461) (>= monoandroid7.0)) (&& (== net461) (< net45) (>= netstandard1.6)) (&& (== net461) (>= xamarinios)) (== netstandard2.0)
    runtime.opensuse.42.1-x64.runtime.native.System.Security.Cryptography.OpenSsl (4.3.3) - restriction: || (&& (== net461) (>= monoandroid7.0)) (&& (== net461) (< net45) (>= netstandard1.6)) (&& (== net461) (>= xamarinios)) (== netstandard2.0)
    runtime.opensuse.42.3-x64.runtime.native.System.Security.Cryptography.OpenSsl (4.3.3) - restriction: || (&& (== net461) (>= monoandroid7.0)) (&& (== net461) (< net45) (>= netstandard1.6)) (&& (== net461) (>= xamarinios)) (== netstandard2.0)
    runtime.osx.10.10-x64.runtime.native.System.Security.Cryptography.Apple (4.3.1) - restriction: || (&& (== net461) (>= monoandroid7.0)) (&& (== net461) (< net45) (>= netstandard1.6)) (&& (== net461) (>= xamarinios)) (== netstandard2.0)
    runtime.osx.10.10-x64.runtime.native.System.Security.Cryptography.OpenSsl (4.3.3) - restriction: || (&& (== net461) (>= monoandroid7.0)) (&& (== net461) (< net45) (>= netstandard1.6)) (&& (== net461) (>= xamarinios)) (== netstandard2.0)
    runtime.rhel.7-x64.runtime.native.System.Security.Cryptography.OpenSsl (4.3.3) - restriction: || (&& (== net461) (>= monoandroid7.0)) (&& (== net461) (< net45) (>= netstandard1.6)) (&& (== net461) (>= xamarinios)) (== netstandard2.0)
    runtime.ubuntu.14.04-x64.runtime.native.System.Security.Cryptography.OpenSsl (4.3.3) - restriction: || (&& (== net461) (>= monoandroid7.0)) (&& (== net461) (< net45) (>= netstandard1.6)) (&& (== net461) (>= xamarinios)) (== netstandard2.0)
    runtime.ubuntu.16.04-x64.runtime.native.System.Security.Cryptography.OpenSsl (4.3.3) - restriction: || (&& (== net461) (>= monoandroid7.0)) (&& (== net461) (< net45) (>= netstandard1.6)) (&& (== net461) (>= xamarinios)) (== netstandard2.0)
    runtime.ubuntu.16.10-x64.runtime.native.System.Security.Cryptography.OpenSsl (4.3.3) - restriction: || (&& (== net461) (>= monoandroid7.0)) (&& (== net461) (< net45) (>= netstandard1.6)) (&& (== net461) (>= xamarinios)) (== netstandard2.0)
    runtime.ubuntu.18.04-x64.runtime.native.System.Security.Cryptography.OpenSsl (4.3.3) - restriction: || (&& (== net461) (>= monoandroid7.0)) (&& (== net461) (< net45) (>= netstandard1.6)) (&& (== net461) (>= xamarinios)) (== netstandard2.0)
    runtime.win-arm64.runtime.native.System.Data.SqlClient.sni (4.4) - restriction: || (&& (== net461) (< net451) (>= netstandard2.0)) (&& (== net461) (>= netcoreapp2.0)) (== netstandard2.0)
    runtime.win-x64.runtime.native.System.Data.SqlClient.sni (4.4) - restriction: || (&& (== net461) (< net451) (>= netstandard2.0)) (&& (== net461) (>= netcoreapp2.0)) (== netstandard2.0)
    runtime.win-x86.runtime.native.System.Data.SqlClient.sni (4.4) - restriction: || (&& (== net461) (< net451) (>= netstandard2.0)) (&& (== net461) (>= netcoreapp2.0)) (== netstandard2.0)
    Ryder (0.8)
      System.Collections (>= 4.3) - restriction: || (&& (== net461) (< net45)) (&& (== net461) (>= netcoreapp2.2)) (== netstandard2.0)
      System.Reflection.Emit.Lightweight (>= 4.3) - restriction: || (&& (== net461) (< net45)) (&& (== net461) (>= netcoreapp2.2)) (== netstandard2.0)
      System.Reflection.Extensions (>= 4.3) - restriction: || (&& (== net461) (< net45)) (&& (== net461) (>= netcoreapp2.2)) (== netstandard2.0)
      System.Reflection.TypeExtensions (>= 4.3) - restriction: || (&& (== net461) (< net45)) (&& (== net461) (>= netcoreapp2.2)) (== netstandard2.0)
      System.Runtime.Extensions (>= 4.3) - restriction: || (&& (== net461) (< net45)) (&& (== net461) (>= netcoreapp2.2)) (== netstandard2.0)
      System.Runtime.InteropServices (>= 4.3) - restriction: || (&& (== net461) (< net45)) (&& (== net461) (>= netcoreapp2.2)) (== netstandard2.0)
      System.Runtime.InteropServices.RuntimeInformation (>= 4.3) - restriction: || (&& (== net461) (< net45)) (&& (== net461) (>= netcoreapp2.2)) (== netstandard2.0)
    SharpZipLib (1.1)
    System.Buffers (4.5)
    System.CodeDom (4.7)
    System.Collections (4.3) - restriction: || (&& (== net461) (< net45)) (== netstandard2.0)
      Microsoft.NETCore.Platforms (>= 1.1) - restriction: || (&& (== net461) (< net45)) (== netstandard2.0)
      Microsoft.NETCore.Targets (>= 1.1) - restriction: || (&& (== net461) (< net45)) (== netstandard2.0)
      System.Runtime (>= 4.3) - restriction: || (&& (== net461) (< net45)) (== netstandard2.0)
    System.Collections.Concurrent (4.3) - restriction: || (&& (== net461) (< net45) (>= netstandard2.0)) (== netstandard2.0)
      System.Collections (>= 4.3) - restriction: || (&& (== net461) (< net45)) (== netstandard2.0)
      System.Diagnostics.Debug (>= 4.3) - restriction: || (&& (== net461) (< net45)) (== netstandard2.0)
      System.Diagnostics.Tracing (>= 4.3) - restriction: || (&& (== net461) (< net45)) (== netstandard2.0)
      System.Globalization (>= 4.3) - restriction: || (&& (== net461) (< net45)) (== netstandard2.0)
      System.Reflection (>= 4.3) - restriction: || (&& (== net461) (< net45)) (== netstandard2.0)
      System.Resources.ResourceManager (>= 4.3) - restriction: || (&& (== net461) (< net45)) (== netstandard2.0)
      System.Runtime (>= 4.3) - restriction: || (&& (== net461) (< net45)) (== netstandard2.0)
      System.Runtime.Extensions (>= 4.3) - restriction: || (&& (== net461) (< net45)) (== netstandard2.0)
      System.Threading (>= 4.3) - restriction: || (&& (== net461) (< net45)) (== netstandard2.0)
      System.Threading.Tasks (>= 4.3) - restriction: || (&& (== net461) (< net45)) (== netstandard2.0)
    System.Collections.Immutable (1.7) - restriction: || (&& (== net461) (< net452) (>= netstandard2.0)) (&& (== net461) (< netstandard1.1) (>= netstandard2.0)) (&& (== net461) (>= netstandard2.0) (>= wpa81)) (== netstandard2.0)
      System.Memory (>= 4.5.3)
    System.Collections.NonGeneric (4.3) - restriction: || (&& (== net461) (< net45) (>= net462)) (&& (== net461) (< net45) (>= netstandard1.5)) (&& (== net461) (>= netcoreapp2.1)) (&& (== net461) (>= xamarinios)) (== netstandard2.0)
      System.Diagnostics.Debug (>= 4.3) - restriction: || (&& (== net461) (< net46)) (== netstandard2.0)
      System.Globalization (>= 4.3) - restriction: || (&& (== net461) (< net46)) (== netstandard2.0)
      System.Resources.ResourceManager (>= 4.3) - restriction: || (&& (== net461) (< net46)) (== netstandard2.0)
      System.Runtime (>= 4.3) - restriction: || (&& (== net461) (< net46)) (== netstandard2.0)
      System.Runtime.Extensions (>= 4.3) - restriction: || (&& (== net461) (< net46)) (== netstandard2.0)
      System.Threading (>= 4.3) - restriction: || (&& (== net461) (< net46)) (== netstandard2.0)
    System.Collections.Specialized (4.3) - restriction: || (&& (== net461) (< net45) (>= netstandard1.5)) (&& (== net461) (>= netcoreapp2.1)) (&& (== net461) (>= xamarinios)) (== netstandard2.0)
      System.Collections.NonGeneric (>= 4.3) - restriction: || (&& (== net461) (< net46)) (== netstandard2.0)
      System.Globalization (>= 4.3) - restriction: || (&& (== net461) (< net46)) (== netstandard2.0)
      System.Globalization.Extensions (>= 4.3) - restriction: || (&& (== net461) (< net46)) (== netstandard2.0)
      System.Resources.ResourceManager (>= 4.3) - restriction: || (&& (== net461) (< net46)) (== netstandard2.0)
      System.Runtime (>= 4.3) - restriction: || (&& (== net461) (< net46)) (== netstandard2.0)
      System.Runtime.Extensions (>= 4.3) - restriction: || (&& (== net461) (< net46)) (== netstandard2.0)
      System.Threading (>= 4.3) - restriction: || (&& (== net461) (< net46)) (== netstandard2.0)
    System.ComponentModel (4.3) - restriction: || (&& (== net461) (< net45)) (&& (== net461) (>= netcoreapp2.1)) (&& (== net461) (>= xamarinios)) (== netstandard2.0)
      System.Runtime (>= 4.3) - restriction: || (&& (== net461) (< net45)) (== netstandard2.0)
    System.ComponentModel.Annotations (4.7) - restriction: || (&& (== net461) (< net45)) (&& (== net461) (>= netstandard2.1)) (== netstandard2.0)
    System.ComponentModel.Primitives (4.3) - restriction: || (&& (== net461) (< net45)) (&& (== net461) (>= netcoreapp2.1)) (&& (== net461) (< netstandard1.0) (>= win8)) (&& (== net461) (>= wp8)) (&& (== net461) (>= wpa81)) (&& (== net461) (>= xamarinios)) (== netstandard2.0)
      System.ComponentModel (>= 4.3) - restriction: || (&& (== net461) (< net45)) (== netstandard2.0)
      System.Resources.ResourceManager (>= 4.3) - restriction: || (&& (== net461) (< net45)) (== netstandard2.0)
      System.Runtime (>= 4.3) - restriction: || (&& (== net461) (< net45)) (== netstandard2.0)
    System.ComponentModel.TypeConverter (4.3) - restriction: || (&& (== net461) (< net45)) (&& (== net461) (>= netcoreapp2.1)) (&& (== net461) (>= xamarinios)) (== netstandard2.0)
      System.Collections (>= 4.3) - restriction: || (&& (== net461) (< net45)) (== netstandard2.0)
      System.Collections.NonGeneric (>= 4.3) - restriction: || (&& (== net461) (< net45) (>= netstandard1.5)) (&& (== net461) (>= net462)) (== netstandard2.0)
      System.Collections.Specialized (>= 4.3) - restriction: || (&& (== net461) (< net45) (>= netstandard1.5)) (== netstandard2.0)
      System.ComponentModel (>= 4.3) - restriction: || (&& (== net461) (< net45)) (== netstandard2.0)
      System.ComponentModel.Primitives (>= 4.3)
      System.Globalization (>= 4.3) - restriction: || (&& (== net461) (< net45)) (== netstandard2.0)
      System.Linq (>= 4.3) - restriction: || (&& (== net461) (< net45) (>= netstandard1.5)) (== netstandard2.0)
      System.Reflection (>= 4.3) - restriction: || (&& (== net461) (< net45)) (== netstandard2.0)
      System.Reflection.Extensions (>= 4.3) - restriction: || (&& (== net461) (< net45)) (== netstandard2.0)
      System.Reflection.Primitives (>= 4.3) - restriction: || (&& (== net461) (< net45)) (== netstandard2.0)
      System.Reflection.TypeExtensions (>= 4.3) - restriction: || (&& (== net461) (< net45) (>= netstandard1.5)) (== netstandard2.0)
      System.Resources.ResourceManager (>= 4.3) - restriction: || (&& (== net461) (< net45)) (== netstandard2.0)
      System.Runtime (>= 4.3) - restriction: || (&& (== net461) (< net45)) (== netstandard2.0)
      System.Runtime.Extensions (>= 4.3) - restriction: || (&& (== net461) (< net45)) (== netstandard2.0)
      System.Threading (>= 4.3) - restriction: || (&& (== net461) (< net45)) (== netstandard2.0)
    System.Configuration.ConfigurationManager (4.6)
      System.Security.Cryptography.ProtectedData (>= 4.6) - restriction: == netstandard2.0
      System.Security.Permissions (>= 4.6)
    System.Data.Common (4.3) - restriction: || (&& (== net461) (< net452) (>= netstandard2.0)) (== netstandard2.0)
      System.Collections (>= 4.3) - restriction: || (&& (== net461) (< net451)) (== netstandard2.0)
      System.Globalization (>= 4.3) - restriction: || (&& (== net461) (< net451)) (== netstandard2.0)
      System.IO (>= 4.3) - restriction: || (&& (== net461) (< net451)) (== netstandard2.0)
      System.Resources.ResourceManager (>= 4.3) - restriction: || (&& (== net461) (< net451)) (== netstandard2.0)
      System.Runtime (>= 4.3) - restriction: || (&& (== net461) (< net451)) (== netstandard2.0)
      System.Runtime.Extensions (>= 4.3) - restriction: || (&& (== net461) (< net451)) (== netstandard2.0)
      System.Text.RegularExpressions (>= 4.3) - restriction: || (&& (== net461) (< net451)) (== netstandard2.0)
      System.Threading.Tasks (>= 4.3) - restriction: || (&& (== net461) (< net451)) (== netstandard2.0)
    System.Data.SqlClient (4.8.1) - restriction: || (&& (== net461) (< net452) (>= netstandard2.0)) (== netstandard2.0)
      Microsoft.Win32.Registry (>= 4.7) - restriction: || (&& (== net461) (< net451) (>= netstandard2.0)) (&& (== net461) (>= netcoreapp2.0)) (== netstandard2.0)
      runtime.native.System.Data.SqlClient.sni (>= 4.7) - restriction: || (&& (== net461) (< net451)) (&& (== net461) (>= netcoreapp2.0)) (== netstandard2.0)
      System.Buffers (>= 4.5) - restriction: || (&& (== net461) (< net451) (>= netstandard2.0)) (== netstandard2.0)
      System.Diagnostics.DiagnosticSource (>= 4.7) - restriction: || (&& (== net461) (< net451)) (&& (== net461) (>= netcoreapp2.0)) (&& (== net461) (>= netcoreapp2.1)) (&& (== net461) (>= uap10.1)) (== netstandard2.0)
      System.Memory (>= 4.5.3) - restriction: || (&& (== net461) (< net451) (>= netstandard2.0)) (&& (== net461) (>= netcoreapp2.0)) (&& (== net461) (>= uap10.1)) (== netstandard2.0)
      System.Security.Principal.Windows (>= 4.7) - restriction: || (&& (== net461) (< net451)) (&& (== net461) (>= netcoreapp2.0)) (== netstandard2.0)
      System.Text.Encoding.CodePages (>= 4.7) - restriction: || (&& (== net461) (< net451)) (&& (== net461) (>= netcoreapp2.0)) (&& (== net461) (>= netcoreapp2.1)) (&& (== net461) (>= uap10.1)) (== netstandard2.0)
    System.Diagnostics.Debug (4.3) - restriction: || (&& (== net461) (< net45)) (== netstandard2.0)
      Microsoft.NETCore.Platforms (>= 1.1) - restriction: || (&& (== net461) (< net45)) (== netstandard2.0)
      Microsoft.NETCore.Targets (>= 1.1) - restriction: || (&& (== net461) (< net45)) (== netstandard2.0)
      System.Runtime (>= 4.3) - restriction: || (&& (== net461) (< net45)) (== netstandard2.0)
    System.Diagnostics.DiagnosticSource (4.7)
      System.Memory (>= 4.5.3)
    System.Diagnostics.EventLog (4.7) - restriction: || (&& (== net461) (>= monoandroid) (>= netstandard2.0)) (&& (== net461) (>= monotouch) (>= netstandard2.0)) (&& (== net461) (< net452) (>= netstandard2.0)) (&& (== net461) (>= netstandard2.0) (>= uap10.1)) (&& (== net461) (>= netstandard2.0) (>= xamarintvos)) (&& (== net461) (>= netstandard2.0) (>= xamarinwatchos)) (== netstandard2.0)
      System.Security.Principal.Windows (>= 4.7)
    System.Diagnostics.PerformanceCounter (4.7) - restriction: || (&& (== net461) (< net452) (>= netstandard2.0)) (== netstandard2.0)
    System.Diagnostics.Process (4.3) - restriction: || (&& (== net461) (< net45)) (== netstandard2.0)
      Microsoft.NETCore.Platforms (>= 1.1) - restriction: || (&& (== net461) (< net46)) (== netstandard2.0)
      Microsoft.Win32.Primitives (>= 4.3) - restriction: || (&& (== net461) (< net46)) (== netstandard2.0)
      Microsoft.Win32.Registry (>= 4.3) - restriction: || (&& (== net461) (< net46)) (== netstandard2.0)
      runtime.native.System (>= 4.3) - restriction: || (&& (== net461) (< net46)) (== netstandard2.0)
      System.Collections (>= 4.3) - restriction: || (&& (== net461) (< net46)) (== netstandard2.0)
      System.Diagnostics.Debug (>= 4.3) - restriction: || (&& (== net461) (< net46)) (== netstandard2.0)
      System.Globalization (>= 4.3) - restriction: || (&& (== net461) (< net46)) (== netstandard2.0)
      System.IO (>= 4.3) - restriction: || (&& (== net461) (< net46)) (== netstandard2.0)
      System.IO.FileSystem (>= 4.3) - restriction: || (&& (== net461) (< net46)) (== netstandard2.0)
      System.IO.FileSystem.Primitives (>= 4.3) - restriction: || (&& (== net461) (< net46)) (== netstandard2.0)
      System.Resources.ResourceManager (>= 4.3) - restriction: || (&& (== net461) (< net46)) (== netstandard2.0)
      System.Runtime (>= 4.3) - restriction: || (&& (== net461) (< net46)) (== netstandard2.0)
      System.Runtime.Extensions (>= 4.3) - restriction: || (&& (== net461) (< net46)) (== netstandard2.0)
      System.Runtime.Handles (>= 4.3) - restriction: || (&& (== net461) (< net46)) (== netstandard2.0)
      System.Runtime.InteropServices (>= 4.3) - restriction: || (&& (== net461) (< net46)) (== netstandard2.0)
      System.Text.Encoding (>= 4.3) - restriction: || (&& (== net461) (< net46)) (== netstandard2.0)
      System.Text.Encoding.Extensions (>= 4.3) - restriction: || (&& (== net461) (< net46)) (== netstandard2.0)
      System.Threading (>= 4.3) - restriction: || (&& (== net461) (< net46)) (== netstandard2.0)
      System.Threading.Tasks (>= 4.3) - restriction: || (&& (== net461) (< net46)) (== netstandard2.0)
      System.Threading.Thread (>= 4.3) - restriction: || (&& (== net461) (< net46)) (== netstandard2.0)
      System.Threading.ThreadPool (>= 4.3) - restriction: || (&& (== net461) (< net46)) (== netstandard2.0)
    System.Diagnostics.Tools (4.3) - restriction: || (&& (== net461) (< net45)) (== netstandard2.0)
      Microsoft.NETCore.Platforms (>= 1.1) - restriction: || (&& (== net461) (< net45)) (== netstandard2.0)
      Microsoft.NETCore.Targets (>= 1.1) - restriction: || (&& (== net461) (< net45)) (== netstandard2.0)
      System.Runtime (>= 4.3) - restriction: || (&& (== net461) (< net45)) (== netstandard2.0)
    System.Diagnostics.Tracing (4.3) - restriction: || (&& (== net461) (>= monoandroid7.0)) (&& (== net461) (< net45)) (&& (== net461) (>= xamarinios)) (== netstandard2.0)
      Microsoft.NETCore.Platforms (>= 1.1) - restriction: || (&& (== net461) (< net45)) (== netstandard2.0)
      Microsoft.NETCore.Targets (>= 1.1) - restriction: || (&& (== net461) (< net45)) (== netstandard2.0)
      System.Runtime (>= 4.3) - restriction: || (&& (== net461) (< net45)) (== netstandard2.0)
    System.Drawing.Common (4.7)
    System.Dynamic.Runtime (4.3) - restriction: || (&& (== net461) (< net45)) (== netstandard2.0)
      System.Collections (>= 4.3) - restriction: || (&& (== net461) (< net45)) (== netstandard2.0)
      System.Diagnostics.Debug (>= 4.3) - restriction: || (&& (== net461) (< net45)) (== netstandard2.0)
      System.Linq (>= 4.3) - restriction: || (&& (== net461) (< net45)) (== netstandard2.0)
      System.Linq.Expressions (>= 4.3) - restriction: || (&& (== net461) (< net45)) (== netstandard2.0)
      System.ObjectModel (>= 4.3) - restriction: || (&& (== net461) (< net45)) (== netstandard2.0)
      System.Reflection (>= 4.3) - restriction: || (&& (== net461) (< net45)) (== netstandard2.0)
      System.Reflection.Emit (>= 4.3) - restriction: || (&& (== net461) (< net45)) (== netstandard2.0)
      System.Reflection.Emit.ILGeneration (>= 4.3) - restriction: || (&& (== net461) (< net45)) (== netstandard2.0)
      System.Reflection.Primitives (>= 4.3) - restriction: || (&& (== net461) (< net45)) (== netstandard2.0)
      System.Reflection.TypeExtensions (>= 4.3) - restriction: || (&& (== net461) (< net45)) (== netstandard2.0)
      System.Resources.ResourceManager (>= 4.3) - restriction: || (&& (== net461) (< net45)) (== netstandard2.0)
      System.Runtime (>= 4.3) - restriction: || (&& (== net461) (< net45)) (== netstandard2.0)
      System.Runtime.Extensions (>= 4.3) - restriction: || (&& (== net461) (< net45)) (== netstandard2.0)
      System.Threading (>= 4.3) - restriction: || (&& (== net461) (< net45)) (== netstandard2.0)
    System.Globalization (4.3) - restriction: || (&& (== net461) (< net45)) (== netstandard2.0)
      Microsoft.NETCore.Platforms (>= 1.1) - restriction: || (&& (== net461) (< net45)) (== netstandard2.0)
      Microsoft.NETCore.Targets (>= 1.1) - restriction: || (&& (== net461) (< net45)) (== netstandard2.0)
      System.Runtime (>= 4.3) - restriction: || (&& (== net461) (< net45)) (== netstandard2.0)
    System.Globalization.Calendars (4.3) - restriction: || (&& (== net461) (< net45) (>= netstandard1.6)) (== netstandard2.0)
      Microsoft.NETCore.Platforms (>= 1.1) - restriction: || (&& (== net461) (< net46)) (== netstandard2.0)
      Microsoft.NETCore.Targets (>= 1.1) - restriction: || (&& (== net461) (< net46)) (== netstandard2.0)
      System.Globalization (>= 4.3) - restriction: || (&& (== net461) (< net46)) (== netstandard2.0)
      System.Runtime (>= 4.3) - restriction: || (&& (== net461) (< net46)) (== netstandard2.0)
    System.Globalization.Extensions (4.3) - restriction: || (&& (== net461) (>= monoandroid7.0)) (&& (== net461) (< net45) (>= netstandard1.6)) (&& (== net461) (>= xamarinios)) (== netstandard2.0)
      Microsoft.NETCore.Platforms (>= 1.1) - restriction: || (&& (== net461) (< net46)) (== netstandard2.0)
      System.Globalization (>= 4.3) - restriction: || (&& (== net461) (< net46)) (== netstandard2.0)
      System.Resources.ResourceManager (>= 4.3) - restriction: || (&& (== net461) (< net46)) (== netstandard2.0)
      System.Runtime (>= 4.3) - restriction: || (&& (== net461) (< net46)) (== netstandard2.0)
      System.Runtime.Extensions (>= 4.3) - restriction: || (&& (== net461) (< net46)) (== netstandard2.0)
      System.Runtime.InteropServices (>= 4.3) - restriction: || (&& (== net461) (< net46)) (== netstandard2.0)
    System.IdentityModel.Tokens.Jwt (6.7.1)
      Microsoft.IdentityModel.JsonWebTokens (>= 6.7.1)
      Microsoft.IdentityModel.Tokens (>= 6.7.1)
    System.Interactive (4.1.1)
    System.Interactive.Async (4.1.1)
      System.Linq.Async (>= 4.1.1)
    System.IO (4.3) - restriction: || (&& (== net461) (< net45)) (== netstandard2.0)
      Microsoft.NETCore.Platforms (>= 1.1) - restriction: || (&& (== net461) (< net45)) (== netstandard2.0)
      Microsoft.NETCore.Targets (>= 1.1) - restriction: || (&& (== net461) (< net45)) (== netstandard2.0)
      System.Runtime (>= 4.3) - restriction: || (&& (== net461) (< net45)) (== netstandard2.0)
      System.Text.Encoding (>= 4.3) - restriction: || (&& (== net461) (< net45)) (== netstandard2.0)
      System.Threading.Tasks (>= 4.3) - restriction: || (&& (== net461) (< net45)) (== netstandard2.0)
    System.IO.Compression (4.3)
      Microsoft.NETCore.Platforms (>= 1.1) - restriction: || (&& (== net461) (< net45)) (== netstandard2.0)
      runtime.native.System (>= 4.3) - restriction: || (&& (== net461) (< net45)) (== netstandard2.0)
      runtime.native.System.IO.Compression (>= 4.3) - restriction: || (&& (== net461) (< net45)) (== netstandard2.0)
      System.Buffers (>= 4.3) - restriction: || (&& (== net461) (< net45)) (== netstandard2.0)
      System.Collections (>= 4.3) - restriction: || (&& (== net461) (< net45)) (== netstandard2.0)
      System.Diagnostics.Debug (>= 4.3) - restriction: || (&& (== net461) (< net45)) (== netstandard2.0)
      System.IO (>= 4.3) - restriction: || (&& (== net461) (< net45)) (== netstandard2.0)
      System.Resources.ResourceManager (>= 4.3) - restriction: || (&& (== net461) (< net45)) (== netstandard2.0)
      System.Runtime (>= 4.3) - restriction: || (&& (== net461) (< net45)) (== netstandard2.0)
      System.Runtime.Extensions (>= 4.3) - restriction: || (&& (== net461) (< net45)) (== netstandard2.0)
      System.Runtime.Handles (>= 4.3) - restriction: || (&& (== net461) (< net45)) (== netstandard2.0)
      System.Runtime.InteropServices (>= 4.3) - restriction: || (&& (== net461) (< net45)) (== netstandard2.0)
      System.Text.Encoding (>= 4.3) - restriction: || (&& (== net461) (< net45)) (== netstandard2.0)
      System.Threading (>= 4.3) - restriction: || (&& (== net461) (< net45)) (== netstandard2.0)
      System.Threading.Tasks (>= 4.3) - restriction: || (&& (== net461) (< net45)) (== netstandard2.0)
    System.IO.FileSystem (4.3) - restriction: || (&& (== net461) (< net45)) (== netstandard2.0)
      Microsoft.NETCore.Platforms (>= 1.1) - restriction: || (&& (== net461) (< net46)) (== netstandard2.0)
      Microsoft.NETCore.Targets (>= 1.1) - restriction: || (&& (== net461) (< net46)) (== netstandard2.0)
      System.IO (>= 4.3) - restriction: || (&& (== net461) (< net46)) (== netstandard2.0)
      System.IO.FileSystem.Primitives (>= 4.3)
      System.Runtime (>= 4.3) - restriction: || (&& (== net461) (< net46)) (== netstandard2.0)
      System.Runtime.Handles (>= 4.3) - restriction: || (&& (== net461) (< net46)) (== netstandard2.0)
      System.Text.Encoding (>= 4.3) - restriction: || (&& (== net461) (< net46)) (== netstandard2.0)
      System.Threading.Tasks (>= 4.3) - restriction: || (&& (== net461) (< net46)) (== netstandard2.0)
    System.IO.FileSystem.Primitives (4.3)
    System.IO.Packaging (4.7)
      System.IO.FileSystem.Primitives (>= 4.3) - restriction: || (== net461) (&& (== netstandard2.0) (>= net46))
    System.Linq (4.3) - restriction: || (&& (== net461) (< net45) (>= netstandard1.5)) (&& (== net461) (>= netcoreapp2.1)) (&& (== net461) (>= xamarinios)) (== netstandard2.0)
      System.Collections (>= 4.3) - restriction: || (&& (== net461) (< net45)) (== netstandard2.0)
      System.Diagnostics.Debug (>= 4.3) - restriction: || (&& (== net461) (< net45) (>= netstandard1.6)) (== netstandard2.0)
      System.Resources.ResourceManager (>= 4.3) - restriction: || (&& (== net461) (< net45) (>= netstandard1.6)) (== netstandard2.0)
      System.Runtime (>= 4.3) - restriction: || (&& (== net461) (< net45)) (== netstandard2.0)
      System.Runtime.Extensions (>= 4.3) - restriction: || (&& (== net461) (< net45) (>= netstandard1.6)) (== netstandard2.0)
    System.Linq.Async (4.1.1)
      Microsoft.Bcl.AsyncInterfaces (>= 1.1)
    System.Linq.Expressions (4.3) - restriction: || (&& (== net461) (< net45)) (== netstandard2.0)
      System.Collections (>= 4.3) - restriction: || (&& (== net461) (< net45) (>= netstandard1.6)) (== netstandard2.0)
      System.Diagnostics.Debug (>= 4.3) - restriction: || (&& (== net461) (< net45) (>= netstandard1.6)) (== netstandard2.0)
      System.Globalization (>= 4.3) - restriction: || (&& (== net461) (< net45) (>= netstandard1.6)) (== netstandard2.0)
      System.IO (>= 4.3) - restriction: || (&& (== net461) (< net45) (>= netstandard1.6)) (== netstandard2.0)
      System.Linq (>= 4.3) - restriction: || (&& (== net461) (< net45) (>= netstandard1.6)) (== netstandard2.0)
      System.ObjectModel (>= 4.3) - restriction: || (&& (== net461) (< net45) (>= netstandard1.6)) (== netstandard2.0)
      System.Reflection (>= 4.3) - restriction: || (&& (== net461) (< net45)) (== netstandard2.0)
      System.Reflection.Emit (>= 4.3) - restriction: || (&& (== net461) (< net45) (>= netstandard1.6)) (== netstandard2.0)
      System.Reflection.Emit.ILGeneration (>= 4.3) - restriction: || (&& (== net461) (< net45) (>= netstandard1.6)) (== netstandard2.0)
      System.Reflection.Emit.Lightweight (>= 4.3) - restriction: || (&& (== net461) (< net45) (>= netstandard1.6)) (== netstandard2.0)
      System.Reflection.Extensions (>= 4.3) - restriction: || (&& (== net461) (< net45) (>= netstandard1.6)) (== netstandard2.0)
      System.Reflection.Primitives (>= 4.3) - restriction: || (&& (== net461) (< net45) (>= netstandard1.6)) (== netstandard2.0)
      System.Reflection.TypeExtensions (>= 4.3) - restriction: || (&& (== net461) (< net45) (>= netstandard1.6)) (== netstandard2.0)
      System.Resources.ResourceManager (>= 4.3) - restriction: || (&& (== net461) (< net45) (>= netstandard1.6)) (== netstandard2.0)
      System.Runtime (>= 4.3) - restriction: || (&& (== net461) (< net45)) (== netstandard2.0)
      System.Runtime.Extensions (>= 4.3) - restriction: || (&& (== net461) (< net45) (>= netstandard1.6)) (== netstandard2.0)
      System.Threading (>= 4.3) - restriction: || (&& (== net461) (< net45) (>= netstandard1.6)) (== netstandard2.0)
    System.Management (4.5)
      System.CodeDom (>= 4.5) - restriction: || (&& (== net461) (< net45) (>= netstandard2.0)) (&& (== net461) (>= netcoreapp2.0)) (== netstandard2.0)
    System.Memory (4.5.3)
      System.Buffers (>= 4.4)
      System.Numerics.Vectors (>= 4.4)
      System.Runtime.CompilerServices.Unsafe (>= 4.5.2)
    System.Net.Http (4.3.4) - restriction: || (&& (== net461) (>= monoandroid7.0)) (&& (== net461) (< net45)) (&& (== net461) (>= xamarinios)) (== netstandard2.0)
      Microsoft.NETCore.Platforms (>= 1.1.1) - restriction: || (&& (== net461) (< net45)) (== netstandard2.0)
      runtime.native.System (>= 4.3) - restriction: || (&& (== net461) (< net45) (>= netstandard1.6)) (== netstandard2.0)
      runtime.native.System.Net.Http (>= 4.3) - restriction: || (&& (== net461) (< net45) (>= netstandard1.6)) (== netstandard2.0)
      runtime.native.System.Security.Cryptography.OpenSsl (>= 4.3.2) - restriction: || (&& (== net461) (< net45) (>= netstandard1.6)) (== netstandard2.0)
      System.Collections (>= 4.3) - restriction: || (&& (== net461) (< net45)) (== netstandard2.0)
      System.Diagnostics.Debug (>= 4.3) - restriction: || (&& (== net461) (< net45)) (== netstandard2.0)
      System.Diagnostics.DiagnosticSource (>= 4.3) - restriction: || (&& (== net461) (< net45)) (== netstandard2.0)
      System.Diagnostics.Tracing (>= 4.3) - restriction: || (&& (== net461) (< net45)) (== netstandard2.0)
      System.Globalization (>= 4.3) - restriction: || (&& (== net461) (< net45)) (== netstandard2.0)
      System.Globalization.Extensions (>= 4.3) - restriction: || (&& (== net461) (< net45) (>= netstandard1.6)) (== netstandard2.0)
      System.IO (>= 4.3) - restriction: || (&& (== net461) (< net45)) (== netstandard2.0)
      System.IO.FileSystem (>= 4.3) - restriction: || (&& (== net461) (< net45) (>= netstandard1.6)) (== netstandard2.0)
      System.Net.Primitives (>= 4.3) - restriction: || (&& (== net461) (< net45)) (== netstandard2.0)
      System.Resources.ResourceManager (>= 4.3) - restriction: || (&& (== net461) (< net45)) (== netstandard2.0)
      System.Runtime (>= 4.3) - restriction: || (&& (== net461) (< net45)) (== netstandard2.0)
      System.Runtime.Extensions (>= 4.3) - restriction: || (&& (== net461) (< net45)) (== netstandard2.0)
      System.Runtime.Handles (>= 4.3) - restriction: || (&& (== net461) (< net45)) (== netstandard2.0)
      System.Runtime.InteropServices (>= 4.3) - restriction: || (&& (== net461) (< net45)) (== netstandard2.0)
      System.Security.Cryptography.Algorithms (>= 4.3) - restriction: || (&& (== net461) (< net45) (>= netstandard1.6)) (== netstandard2.0)
      System.Security.Cryptography.Encoding (>= 4.3) - restriction: || (&& (== net461) (< net45)) (== netstandard2.0)
      System.Security.Cryptography.OpenSsl (>= 4.3) - restriction: || (&& (== net461) (< net45) (>= netstandard1.6)) (== netstandard2.0)
      System.Security.Cryptography.Primitives (>= 4.3) - restriction: || (&& (== net461) (< net45) (>= netstandard1.6)) (== netstandard2.0)
      System.Security.Cryptography.X509Certificates (>= 4.3)
      System.Text.Encoding (>= 4.3) - restriction: || (&& (== net461) (< net45)) (== netstandard2.0)
      System.Threading (>= 4.3) - restriction: || (&& (== net461) (< net45)) (== netstandard2.0)
      System.Threading.Tasks (>= 4.3) - restriction: || (&& (== net461) (< net45)) (== netstandard2.0)
    System.Net.Primitives (4.3.1) - restriction: || (&& (== net461) (>= monoandroid7.0)) (&& (== net461) (< net45)) (&& (== net461) (>= xamarinios)) (== netstandard2.0)
      Microsoft.NETCore.Platforms (>= 1.1.1) - restriction: || (&& (== net461) (< net45)) (&& (== net461) (< netstandard1.1)) (== netstandard2.0)
      Microsoft.NETCore.Targets (>= 1.1.3) - restriction: || (&& (== net461) (< net45)) (&& (== net461) (< netstandard1.1)) (== netstandard2.0)
      System.Runtime (>= 4.3.1) - restriction: || (&& (== net461) (< net45)) (&& (== net461) (< netstandard1.1)) (== netstandard2.0)
      System.Runtime.Handles (>= 4.3) - restriction: || (&& (== net461) (< net45)) (== netstandard2.0)
    System.Numerics.Vectors (4.5) - restriction: || (&& (== net461) (< net45) (>= netstandard2.0)) (&& (== net461) (< net46) (>= netstandard2.0)) (&& (== net461) (>= netcoreapp2.0)) (&& (== net461) (>= uap10.1)) (== netstandard2.0)
    System.ObjectModel (4.3) - restriction: || (&& (== net461) (< net45)) (== netstandard2.0)
      System.Collections (>= 4.3) - restriction: || (&& (== net461) (< net45)) (== netstandard2.0)
      System.Diagnostics.Debug (>= 4.3) - restriction: || (&& (== net461) (< net45)) (== netstandard2.0)
      System.Resources.ResourceManager (>= 4.3) - restriction: || (&& (== net461) (< net45)) (== netstandard2.0)
      System.Runtime (>= 4.3) - restriction: || (&& (== net461) (< net45)) (== netstandard2.0)
      System.Threading (>= 4.3) - restriction: || (&& (== net461) (< net45)) (== netstandard2.0)
    System.Private.DataContractSerialization (4.3) - restriction: || (&& (== net461) (< net45)) (&& (== net461) (>= netcoreapp2.1)) (&& (== net461) (>= uap10.0)) (== netstandard2.0)
      System.Collections (>= 4.3) - restriction: || (&& (== net461) (< net46)) (== netstandard2.0)
      System.Collections.Concurrent (>= 4.3) - restriction: || (&& (== net461) (< net46)) (== netstandard2.0)
      System.Diagnostics.Debug (>= 4.3) - restriction: || (&& (== net461) (< net46)) (== netstandard2.0)
      System.Globalization (>= 4.3) - restriction: || (&& (== net461) (< net46)) (== netstandard2.0)
      System.IO (>= 4.3) - restriction: || (&& (== net461) (< net46)) (== netstandard2.0)
      System.Linq (>= 4.3) - restriction: || (&& (== net461) (< net46)) (== netstandard2.0)
      System.Reflection (>= 4.3) - restriction: || (&& (== net461) (< net46)) (== netstandard2.0)
      System.Reflection.Emit.ILGeneration (>= 4.3) - restriction: || (&& (== net461) (< net46)) (== netstandard2.0)
      System.Reflection.Emit.Lightweight (>= 4.3) - restriction: || (&& (== net461) (< net46)) (== netstandard2.0)
      System.Reflection.Extensions (>= 4.3) - restriction: || (&& (== net461) (< net46)) (== netstandard2.0)
      System.Reflection.Primitives (>= 4.3) - restriction: || (&& (== net461) (< net46)) (== netstandard2.0)
      System.Reflection.TypeExtensions (>= 4.3)
      System.Resources.ResourceManager (>= 4.3) - restriction: || (&& (== net461) (< net46)) (== netstandard2.0)
      System.Runtime (>= 4.3) - restriction: || (&& (== net461) (< net46)) (== netstandard2.0)
      System.Runtime.Extensions (>= 4.3) - restriction: || (&& (== net461) (< net46)) (== netstandard2.0)
      System.Runtime.Serialization.Primitives (>= 4.3)
      System.Text.Encoding (>= 4.3) - restriction: || (&& (== net461) (< net46)) (== netstandard2.0)
      System.Text.Encoding.Extensions (>= 4.3) - restriction: || (&& (== net461) (< net46)) (== netstandard2.0)
      System.Text.RegularExpressions (>= 4.3) - restriction: || (&& (== net461) (< net46)) (== netstandard2.0)
      System.Threading (>= 4.3) - restriction: || (&& (== net461) (< net46)) (== netstandard2.0)
      System.Threading.Tasks (>= 4.3) - restriction: || (&& (== net461) (< net46)) (== netstandard2.0)
      System.Xml.ReaderWriter (>= 4.3) - restriction: || (&& (== net461) (< net46)) (== netstandard2.0)
      System.Xml.XDocument (>= 4.3) - restriction: || (&& (== net461) (< net46)) (== netstandard2.0)
      System.Xml.XmlDocument (>= 4.3)
      System.Xml.XmlSerializer (>= 4.3) - restriction: || (&& (== net461) (< net46)) (== netstandard2.0)
    System.Private.ServiceModel (4.7) - restriction: || (&& (== net461) (< net45) (>= netstandard2.0)) (== netstandard2.0)
      System.Reflection.DispatchProxy (>= 4.5) - restriction: || (&& (== net461) (>= netstandard2.0)) (== netstandard2.0)
      System.Security.Cryptography.Xml (>= 4.5) - restriction: || (&& (== net461) (>= netstandard2.0)) (== netstandard2.0)
      System.Security.Principal.Windows (>= 4.5) - restriction: || (&& (== net461) (>= netstandard2.0)) (== netstandard2.0)
    System.Private.Uri (4.3.2) - restriction: || (&& (== net461) (< net45)) (&& (== net461) (>= netcoreapp2.1)) (== netstandard2.0)
      Microsoft.NETCore.Platforms (>= 1.1.1)
      Microsoft.NETCore.Targets (>= 1.1.3)
    System.Reactive (4.4.1)
      System.Runtime.InteropServices.WindowsRuntime (>= 4.3) - restriction: || (&& (== net461) (< net46) (>= netstandard2.0)) (== netstandard2.0)
      System.Threading.Tasks.Extensions (>= 4.5.4)
      System.ValueTuple (>= 4.5) - restriction: || (== net461) (&& (== netstandard2.0) (>= net46)) (&& (== netstandard2.0) (>= uap10.0))
    System.Reflection (4.3) - restriction: || (&& (== net461) (< net45)) (== netstandard2.0)
      Microsoft.NETCore.Platforms (>= 1.1) - restriction: || (&& (== net461) (< net45)) (== netstandard2.0)
      Microsoft.NETCore.Targets (>= 1.1) - restriction: || (&& (== net461) (< net45)) (== netstandard2.0)
      System.IO (>= 4.3) - restriction: || (&& (== net461) (< net45)) (== netstandard2.0)
      System.Reflection.Primitives (>= 4.3) - restriction: || (&& (== net461) (< net45)) (== netstandard2.0)
      System.Runtime (>= 4.3) - restriction: || (&& (== net461) (< net45)) (== netstandard2.0)
    System.Reflection.DispatchProxy (4.7) - restriction: || (&& (== net461) (< net45) (>= netstandard2.0)) (== netstandard2.0)
    System.Reflection.Emit (4.7)
      System.Reflection.Emit.ILGeneration (>= 4.7) - restriction: || (&& (== net461) (< net45)) (&& (== net461) (< netstandard1.1)) (&& (== net461) (>= uap10.1)) (&& (== net461) (>= wpa81)) (== netstandard2.0)
    System.Reflection.Emit.ILGeneration (4.7) - restriction: || (&& (== net461) (< net45)) (&& (== net461) (< netstandard1.1)) (&& (== net461) (>= uap10.1)) (&& (== net461) (>= wpa81)) (== netstandard2.0)
    System.Reflection.Emit.Lightweight (4.7) - restriction: || (&& (== net461) (>= netstandard2.0)) (== netstandard2.0)
      System.Reflection.Emit.ILGeneration (>= 4.7) - restriction: || (&& (== net461) (< net45)) (&& (== net461) (< portable-net45+wp8)) (&& (== net461) (>= uap10.1)) (&& (== net461) (>= wpa81)) (== netstandard2.0)
    System.Reflection.Extensions (4.3) - restriction: || (&& (== net461) (< net45)) (&& (== net461) (>= netcoreapp2.2)) (== netstandard2.0)
      Microsoft.NETCore.Platforms (>= 1.1) - restriction: || (&& (== net461) (< net45)) (== netstandard2.0)
      Microsoft.NETCore.Targets (>= 1.1) - restriction: || (&& (== net461) (< net45)) (== netstandard2.0)
      System.Reflection (>= 4.3) - restriction: || (&& (== net461) (< net45)) (== netstandard2.0)
      System.Runtime (>= 4.3) - restriction: || (&& (== net461) (< net45)) (== netstandard2.0)
    System.Reflection.Metadata (1.8) - restriction: || (&& (== net461) (< net452) (>= netstandard2.0)) (== netstandard2.0)
      System.Collections.Immutable (>= 1.7)
    System.Reflection.Primitives (4.3) - restriction: || (&& (== net461) (< net45)) (&& (== net461) (>= netcoreapp1.1)) (== netstandard2.0)
      Microsoft.NETCore.Platforms (>= 1.1) - restriction: || (&& (== net461) (< net45)) (== netstandard2.0)
      Microsoft.NETCore.Targets (>= 1.1) - restriction: || (&& (== net461) (< net45)) (== netstandard2.0)
      System.Runtime (>= 4.3) - restriction: || (&& (== net461) (< net45)) (== netstandard2.0)
    System.Reflection.TypeExtensions (4.7) - restriction: || (&& (== net461) (< net45)) (&& (== net461) (>= netcoreapp2.2)) (== netstandard2.0)
    System.Resources.Extensions (4.6)
      System.Memory (>= 4.5.3) - restriction: || (&& (== net461) (>= netstandard2.0)) (== netstandard2.0)
    System.Resources.ResourceManager (4.3) - restriction: || (&& (== net461) (< net45)) (== netstandard2.0)
      Microsoft.NETCore.Platforms (>= 1.1) - restriction: || (&& (== net461) (< net45)) (== netstandard2.0)
      Microsoft.NETCore.Targets (>= 1.1) - restriction: || (&& (== net461) (< net45)) (== netstandard2.0)
      System.Globalization (>= 4.3) - restriction: || (&& (== net461) (< net45)) (== netstandard2.0)
      System.Reflection (>= 4.3) - restriction: || (&& (== net461) (< net45)) (== netstandard2.0)
      System.Runtime (>= 4.3) - restriction: || (&& (== net461) (< net45)) (== netstandard2.0)
    System.Runtime (4.3.1) - restriction: || (&& (== net461) (< net45)) (== netstandard2.0)
      Microsoft.NETCore.Platforms (>= 1.1.1) - restriction: || (&& (== net461) (< net45)) (== netstandard2.0)
      Microsoft.NETCore.Targets (>= 1.1.3) - restriction: || (&& (== net461) (< net45)) (== netstandard2.0)
    System.Runtime.CompilerServices.Unsafe (4.7)
    System.Runtime.Extensions (4.3.1) - restriction: || (&& (== net461) (< net45)) (== netstandard2.0)
      Microsoft.NETCore.Platforms (>= 1.1.1) - restriction: || (&& (== net461) (< net45)) (== netstandard2.0)
      Microsoft.NETCore.Targets (>= 1.1.3) - restriction: || (&& (== net461) (< net45)) (== netstandard2.0)
      System.Runtime (>= 4.3.1) - restriction: || (&& (== net461) (< net45)) (== netstandard2.0)
    System.Runtime.Handles (4.3) - restriction: || (&& (== net461) (< net45)) (== netstandard2.0)
      Microsoft.NETCore.Platforms (>= 1.1) - restriction: || (&& (== net461) (< net46)) (== netstandard2.0)
      Microsoft.NETCore.Targets (>= 1.1) - restriction: || (&& (== net461) (< net46)) (== netstandard2.0)
      System.Runtime (>= 4.3) - restriction: || (&& (== net461) (< net46)) (== netstandard2.0)
    System.Runtime.InteropServices (4.3) - restriction: || (&& (== net461) (< net45)) (== netstandard2.0)
      Microsoft.NETCore.Platforms (>= 1.1) - restriction: || (&& (== net461) (< net45)) (&& (== net461) (>= netcoreapp1.1)) (== netstandard2.0)
      Microsoft.NETCore.Targets (>= 1.1) - restriction: || (&& (== net461) (< net45)) (&& (== net461) (>= netcoreapp1.1)) (== netstandard2.0)
      System.Reflection (>= 4.3) - restriction: || (&& (== net461) (< net45)) (&& (== net461) (>= netcoreapp1.1)) (== netstandard2.0)
      System.Reflection.Primitives (>= 4.3) - restriction: || (&& (== net461) (< net45)) (&& (== net461) (>= netcoreapp1.1)) (== netstandard2.0)
      System.Runtime (>= 4.3) - restriction: || (&& (== net461) (< net45)) (&& (== net461) (>= net462)) (&& (== net461) (>= netcoreapp1.1)) (== netstandard2.0)
      System.Runtime.Handles (>= 4.3) - restriction: || (&& (== net461) (< net45)) (&& (== net461) (>= netcoreapp1.1)) (== netstandard2.0)
    System.Runtime.InteropServices.RuntimeInformation (4.3) - restriction: || (&& (== net461) (< net45)) (&& (== net461) (>= netcoreapp2.2)) (== netstandard2.0)
      runtime.native.System (>= 4.3) - restriction: || (&& (== net461) (< net45)) (== netstandard2.0)
      System.Reflection (>= 4.3) - restriction: || (&& (== net461) (< net45)) (== netstandard2.0)
      System.Reflection.Extensions (>= 4.3) - restriction: || (&& (== net461) (< net45)) (== netstandard2.0)
      System.Resources.ResourceManager (>= 4.3) - restriction: || (&& (== net461) (< net45)) (== netstandard2.0)
      System.Runtime (>= 4.3) - restriction: || (&& (== net461) (< net45)) (== netstandard2.0)
      System.Runtime.InteropServices (>= 4.3) - restriction: || (&& (== net461) (< net45)) (== netstandard2.0)
      System.Threading (>= 4.3) - restriction: || (&& (== net461) (< net45)) (== netstandard2.0)
    System.Runtime.InteropServices.WindowsRuntime (4.3) - restriction: || (&& (== net461) (< net46) (>= netstandard2.0)) (== netstandard2.0)
      System.Runtime (>= 4.3) - restriction: || (&& (== net461) (< net45)) (== netstandard2.0)
    System.Runtime.Numerics (4.3) - restriction: || (&& (== net461) (< net45) (>= netstandard1.6)) (== netstandard2.0)
      System.Globalization (>= 4.3) - restriction: || (&& (== net461) (< net45)) (== netstandard2.0)
      System.Resources.ResourceManager (>= 4.3) - restriction: || (&& (== net461) (< net45)) (== netstandard2.0)
      System.Runtime (>= 4.3) - restriction: || (&& (== net461) (< net45)) (== netstandard2.0)
      System.Runtime.Extensions (>= 4.3) - restriction: || (&& (== net461) (< net45)) (== netstandard2.0)
    System.Runtime.Serialization.Formatters (4.3) - restriction: || (&& (== net461) (< net45)) (&& (== net461) (>= netcoreapp2.1)) (&& (== net461) (>= uap10.0)) (&& (== net461) (>= xamarinios)) (== netstandard2.0)
      System.Collections (>= 4.3) - restriction: || (&& (== net461) (< net46)) (== netstandard2.0)
      System.Reflection (>= 4.3) - restriction: || (&& (== net461) (< net46)) (== netstandard2.0)
      System.Resources.ResourceManager (>= 4.3) - restriction: || (&& (== net461) (< net46)) (== netstandard2.0)
      System.Runtime (>= 4.3) - restriction: || (&& (== net461) (< net46)) (== netstandard2.0)
      System.Runtime.Serialization.Primitives (>= 4.3)
    System.Runtime.Serialization.Json (4.3) - restriction: || (&& (== net461) (< net45)) (&& (== net461) (>= netcoreapp2.1)) (&& (== net461) (>= uap10.0)) (== netstandard2.0)
      System.IO (>= 4.3) - restriction: || (&& (== net461) (< net45)) (== netstandard2.0)
      System.Private.DataContractSerialization (>= 4.3) - restriction: || (&& (== net461) (< net45)) (== netstandard2.0)
      System.Runtime (>= 4.3) - restriction: || (&& (== net461) (< net45)) (== netstandard2.0)
    System.Runtime.Serialization.Primitives (4.3) - restriction: || (&& (== net461) (< net45)) (&& (== net461) (>= netcoreapp2.1)) (&& (== net461) (>= uap10.0)) (&& (== net461) (>= xamarinios)) (== netstandard2.0)
      System.Resources.ResourceManager (>= 4.3) - restriction: || (&& (== net461) (< net45)) (== netstandard2.0)
      System.Runtime (>= 4.3) - restriction: || (&& (== net461) (< net45)) (== netstandard2.0)
    System.Security.AccessControl (4.7)
      System.Security.Principal.Windows (>= 4.7)
    System.Security.Cryptography.Algorithms (4.3.1) - restriction: || (&& (== net461) (>= monoandroid7.0)) (&& (== net461) (< net45) (>= netstandard1.6)) (&& (== net461) (>= xamarinios)) (== netstandard2.0)
      Microsoft.NETCore.Platforms (>= 1.1) - restriction: || (&& (== net461) (< net46) (>= netstandard1.6)) (== netstandard2.0)
      runtime.native.System.Security.Cryptography.Apple (>= 4.3.1) - restriction: || (&& (== net461) (< net46) (>= netstandard1.6)) (== netstandard2.0)
      runtime.native.System.Security.Cryptography.OpenSsl (>= 4.3.2) - restriction: || (&& (== net461) (< net46) (>= netstandard1.6)) (== netstandard2.0)
      System.Collections (>= 4.3) - restriction: || (&& (== net461) (< net46) (>= netstandard1.6)) (== netstandard2.0)
      System.IO (>= 4.3) - restriction: || (&& (== net461) (< net46)) (&& (== net461) (>= net463)) (== netstandard2.0)
      System.Resources.ResourceManager (>= 4.3) - restriction: || (&& (== net461) (< net46) (>= netstandard1.6)) (== netstandard2.0)
      System.Runtime (>= 4.3) - restriction: || (&& (== net461) (< net46)) (&& (== net461) (>= net463)) (== netstandard2.0)
      System.Runtime.Extensions (>= 4.3) - restriction: || (&& (== net461) (< net46) (>= netstandard1.6)) (== netstandard2.0)
      System.Runtime.Handles (>= 4.3) - restriction: || (&& (== net461) (< net46) (>= netstandard1.6)) (== netstandard2.0)
      System.Runtime.InteropServices (>= 4.3) - restriction: || (&& (== net461) (< net46) (>= netstandard1.6)) (== netstandard2.0)
      System.Runtime.Numerics (>= 4.3) - restriction: || (&& (== net461) (< net46) (>= netstandard1.6)) (== netstandard2.0)
      System.Security.Cryptography.Encoding (>= 4.3) - restriction: || (&& (== net461) (< net46) (>= netstandard1.6)) (&& (== net461) (>= net463)) (== netstandard2.0)
      System.Security.Cryptography.Primitives (>= 4.3)
      System.Text.Encoding (>= 4.3) - restriction: || (&& (== net461) (< net46) (>= netstandard1.6)) (== netstandard2.0)
    System.Security.Cryptography.Cng (4.7) - restriction: || (&& (== net461) (< net452) (>= netstandard2.0)) (&& (== net461) (>= netcoreapp2.0)) (&& (== net461) (>= netcoreapp2.1)) (&& (== net461) (>= netcoreapp3.0)) (&& (== net461) (>= netstandard2.1)) (== netstandard2.0)
    System.Security.Cryptography.Csp (4.3) - restriction: || (&& (== net461) (< net45) (>= netstandard1.6)) (== netstandard2.0)
      Microsoft.NETCore.Platforms (>= 1.1) - restriction: || (&& (== net461) (< net46)) (== netstandard2.0)
      System.IO (>= 4.3) - restriction: || (&& (== net461) (< net46)) (== netstandard2.0)
      System.Reflection (>= 4.3) - restriction: || (&& (== net461) (< net46)) (== netstandard2.0)
      System.Resources.ResourceManager (>= 4.3) - restriction: || (&& (== net461) (< net46)) (== netstandard2.0)
      System.Runtime (>= 4.3) - restriction: || (&& (== net461) (< net46)) (== netstandard2.0)
      System.Runtime.Extensions (>= 4.3) - restriction: || (&& (== net461) (< net46)) (== netstandard2.0)
      System.Runtime.Handles (>= 4.3) - restriction: || (&& (== net461) (< net46)) (== netstandard2.0)
      System.Runtime.InteropServices (>= 4.3) - restriction: || (&& (== net461) (< net46)) (== netstandard2.0)
      System.Security.Cryptography.Algorithms (>= 4.3)
      System.Security.Cryptography.Encoding (>= 4.3) - restriction: || (&& (== net461) (< net46)) (== netstandard2.0)
      System.Security.Cryptography.Primitives (>= 4.3)
      System.Text.Encoding (>= 4.3) - restriction: || (&& (== net461) (< net46)) (== netstandard2.0)
      System.Threading (>= 4.3) - restriction: || (&& (== net461) (< net46)) (== netstandard2.0)
    System.Security.Cryptography.Encoding (4.3) - restriction: || (&& (== net461) (>= monoandroid7.0)) (&& (== net461) (< net45)) (&& (== net461) (>= xamarinios)) (== netstandard2.0)
      Microsoft.NETCore.Platforms (>= 1.1) - restriction: || (&& (== net461) (< net46)) (== netstandard2.0)
      runtime.native.System.Security.Cryptography.OpenSsl (>= 4.3) - restriction: || (&& (== net461) (< net46)) (== netstandard2.0)
      System.Collections (>= 4.3) - restriction: || (&& (== net461) (< net46)) (== netstandard2.0)
      System.Collections.Concurrent (>= 4.3) - restriction: || (&& (== net461) (< net46)) (== netstandard2.0)
      System.Linq (>= 4.3) - restriction: || (&& (== net461) (< net46)) (== netstandard2.0)
      System.Resources.ResourceManager (>= 4.3) - restriction: || (&& (== net461) (< net46)) (== netstandard2.0)
      System.Runtime (>= 4.3) - restriction: || (&& (== net461) (< net46)) (== netstandard2.0)
      System.Runtime.Extensions (>= 4.3) - restriction: || (&& (== net461) (< net46)) (== netstandard2.0)
      System.Runtime.Handles (>= 4.3) - restriction: || (&& (== net461) (< net46)) (== netstandard2.0)
      System.Runtime.InteropServices (>= 4.3) - restriction: || (&& (== net461) (< net46)) (== netstandard2.0)
      System.Security.Cryptography.Primitives (>= 4.3) - restriction: || (&& (== net461) (< net46)) (== netstandard2.0)
      System.Text.Encoding (>= 4.3) - restriction: || (&& (== net461) (< net46)) (== netstandard2.0)
    System.Security.Cryptography.OpenSsl (4.7) - restriction: || (&& (== net461) (>= monoandroid7.0)) (&& (== net461) (< net45) (>= netstandard1.6)) (&& (== net461) (>= xamarinios)) (== netstandard2.0)
    System.Security.Cryptography.Pkcs (4.7) - restriction: || (&& (== net461) (< net45) (>= netstandard2.0)) (&& (== net461) (< net452) (>= netstandard2.0)) (== netstandard2.0)
      System.Buffers (>= 4.5) - restriction: || (&& (== net461) (< net46) (>= netstandard2.0)) (== netstandard2.0)
      System.Memory (>= 4.5.3) - restriction: || (&& (== net461) (< net46) (>= netstandard2.0)) (&& (== net461) (>= netcoreapp2.0)) (&& (== net461) (>= uap10.1)) (== netstandard2.0)
      System.Security.Cryptography.Cng (>= 4.7) - restriction: || (&& (== net461) (< net46) (>= netstandard2.0)) (&& (== net461) (>= netcoreapp2.0)) (&& (== net461) (>= netcoreapp2.1)) (&& (== net461) (>= netcoreapp3.0)) (&& (== net461) (>= netstandard2.1)) (== netstandard2.0)
    System.Security.Cryptography.Primitives (4.3) - restriction: || (&& (== net461) (>= monoandroid7.0)) (&& (== net461) (< net45) (>= netstandard1.6)) (&& (== net461) (>= xamarinios)) (== netstandard2.0)
      System.Diagnostics.Debug (>= 4.3) - restriction: || (&& (== net461) (< net46)) (== netstandard2.0)
      System.Globalization (>= 4.3) - restriction: || (&& (== net461) (< net46)) (== netstandard2.0)
      System.IO (>= 4.3) - restriction: || (&& (== net461) (< net46)) (== netstandard2.0)
      System.Resources.ResourceManager (>= 4.3) - restriction: || (&& (== net461) (< net46)) (== netstandard2.0)
      System.Runtime (>= 4.3) - restriction: || (&& (== net461) (< net46)) (== netstandard2.0)
      System.Threading (>= 4.3) - restriction: || (&& (== net461) (< net46)) (== netstandard2.0)
      System.Threading.Tasks (>= 4.3) - restriction: || (&& (== net461) (< net46)) (== netstandard2.0)
    System.Security.Cryptography.ProtectedData (4.7) - restriction: == netstandard2.0
      System.Memory (>= 4.5.3) - restriction: || (&& (== net461) (< net46) (>= netstandard2.0)) (== netstandard2.0)
    System.Security.Cryptography.X509Certificates (4.3.2) - restriction: || (&& (== net461) (< net45)) (== netstandard2.0)
      Microsoft.NETCore.Platforms (>= 1.1) - restriction: || (&& (== net461) (< net46) (>= netstandard1.6)) (== netstandard2.0)
      runtime.native.System (>= 4.3) - restriction: || (&& (== net461) (< net46) (>= netstandard1.6)) (== netstandard2.0)
      runtime.native.System.Net.Http (>= 4.3) - restriction: || (&& (== net461) (< net46) (>= netstandard1.6)) (== netstandard2.0)
      runtime.native.System.Security.Cryptography.OpenSsl (>= 4.3.2) - restriction: || (&& (== net461) (< net46) (>= netstandard1.6)) (== netstandard2.0)
      System.Collections (>= 4.3) - restriction: || (&& (== net461) (< net46) (>= netstandard1.6)) (== netstandard2.0)
      System.Diagnostics.Debug (>= 4.3) - restriction: || (&& (== net461) (< net46) (>= netstandard1.6)) (== netstandard2.0)
      System.Globalization (>= 4.3) - restriction: || (&& (== net461) (< net46) (>= netstandard1.6)) (== netstandard2.0)
      System.Globalization.Calendars (>= 4.3) - restriction: || (&& (== net461) (< net46) (>= netstandard1.6)) (== netstandard2.0)
      System.IO (>= 4.3) - restriction: || (&& (== net461) (< net46) (>= netstandard1.6)) (== netstandard2.0)
      System.IO.FileSystem (>= 4.3) - restriction: || (&& (== net461) (< net46) (>= netstandard1.6)) (== netstandard2.0)
      System.IO.FileSystem.Primitives (>= 4.3) - restriction: || (&& (== net461) (< net46) (>= netstandard1.6)) (== netstandard2.0)
      System.Resources.ResourceManager (>= 4.3) - restriction: || (&& (== net461) (< net46) (>= netstandard1.6)) (== netstandard2.0)
      System.Runtime (>= 4.3) - restriction: || (&& (== net461) (< net46)) (== netstandard2.0)
      System.Runtime.Extensions (>= 4.3) - restriction: || (&& (== net461) (< net46) (>= netstandard1.6)) (== netstandard2.0)
      System.Runtime.Handles (>= 4.3) - restriction: || (&& (== net461) (< net46)) (== netstandard2.0)
      System.Runtime.InteropServices (>= 4.3) - restriction: || (&& (== net461) (< net46) (>= netstandard1.6)) (== netstandard2.0)
      System.Runtime.Numerics (>= 4.3) - restriction: || (&& (== net461) (< net46) (>= netstandard1.6)) (== netstandard2.0)
      System.Security.Cryptography.Algorithms (>= 4.3)
      System.Security.Cryptography.Cng (>= 4.3) - restriction: || (&& (== net461) (< net46) (>= netstandard1.6)) (== netstandard2.0)
      System.Security.Cryptography.Csp (>= 4.3) - restriction: || (&& (== net461) (< net46) (>= netstandard1.6)) (== netstandard2.0)
      System.Security.Cryptography.Encoding (>= 4.3)
      System.Security.Cryptography.OpenSsl (>= 4.3) - restriction: || (&& (== net461) (< net46) (>= netstandard1.6)) (== netstandard2.0)
      System.Security.Cryptography.Primitives (>= 4.3) - restriction: || (&& (== net461) (< net46) (>= netstandard1.6)) (== netstandard2.0)
      System.Text.Encoding (>= 4.3) - restriction: || (&& (== net461) (< net46) (>= netstandard1.6)) (== netstandard2.0)
      System.Threading (>= 4.3) - restriction: || (&& (== net461) (< net46) (>= netstandard1.6)) (== netstandard2.0)
    System.Security.Cryptography.Xml (4.7) - restriction: || (&& (== net461) (< net45) (>= netstandard2.0)) (== netstandard2.0)
      System.Security.Cryptography.Pkcs (>= 4.7) - restriction: == netstandard2.0
      System.Security.Permissions (>= 4.7)
    System.Security.Permissions (4.7)
      System.Security.AccessControl (>= 4.7)
    System.Security.Principal.Windows (4.7)
    System.Security.SecureString (4.3) - restriction: || (&& (== net461) (>= monoandroid9.0)) (&& (== net461) (< net45)) (&& (== net461) (>= netcoreapp2.1)) (&& (== net461) (>= uap10.0)) (&& (== net461) (>= xamarinios)) (== netstandard2.0)
      Microsoft.NETCore.Platforms (>= 1.1) - restriction: || (&& (== net461) (< net46)) (== netstandard2.0)
      System.Resources.ResourceManager (>= 4.3) - restriction: || (&& (== net461) (< net46)) (== netstandard2.0)
      System.Runtime (>= 4.3) - restriction: || (&& (== net461) (< net46)) (== netstandard2.0)
      System.Runtime.Handles (>= 4.3) - restriction: || (&& (== net461) (< net46)) (== netstandard2.0)
      System.Runtime.InteropServices (>= 4.3) - restriction: || (&& (== net461) (< net46)) (== netstandard2.0)
      System.Security.Cryptography.Primitives (>= 4.3) - restriction: || (&& (== net461) (< net46)) (== netstandard2.0)
      System.Text.Encoding (>= 4.3) - restriction: || (&& (== net461) (< net46)) (== netstandard2.0)
      System.Threading (>= 4.3) - restriction: || (&& (== net461) (< net46)) (== netstandard2.0)
    System.ServiceModel.Http (4.7) - restriction: || (&& (== net461) (< net452) (>= netstandard2.0)) (== netstandard2.0)
      System.Private.ServiceModel (>= 4.7) - restriction: || (&& (== net461) (< net45) (>= netstandard2.0)) (== netstandard2.0)
      System.ServiceModel.Primitives (>= 4.7)
    System.ServiceModel.NetTcp (4.7) - restriction: || (&& (== net461) (< net452) (>= netstandard2.0)) (== netstandard2.0)
      System.Private.ServiceModel (>= 4.7) - restriction: || (&& (== net461) (< net45) (>= netstandard2.0)) (== netstandard2.0)
      System.ServiceModel.Primitives (>= 4.7)
    System.ServiceModel.Primitives (4.7) - restriction: || (&& (== net461) (< net45) (>= netstandard2.0)) (&& (== net461) (< net452) (>= netstandard2.0)) (== netstandard2.0)
      System.Private.ServiceModel (>= 4.7) - restriction: || (&& (== net461) (< net45) (>= netstandard2.0)) (&& (== net461) (>= netcoreapp2.1)) (== netstandard2.0)
    System.ServiceModel.Security (4.7) - restriction: || (&& (== net461) (< net452) (>= netstandard2.0)) (== netstandard2.0)
      System.Private.ServiceModel (>= 4.7) - restriction: || (&& (== net461) (< net45) (>= netstandard2.0)) (== netstandard2.0)
      System.ServiceModel.Primitives (>= 4.7)
    System.ServiceProcess.ServiceController (4.7) - restriction: || (&& (== net461) (< net452) (>= netstandard2.0)) (== netstandard2.0)
      System.Buffers (>= 4.5) - restriction: || (&& (== net461) (>= monoandroid)) (&& (== net461) (>= monotouch)) (&& (== net461) (>= xamarinios)) (&& (== net461) (>= xamarinmac)) (&& (== net461) (>= xamarintvos)) (&& (== net461) (>= xamarinwatchos)) (== netstandard2.0)
      System.Diagnostics.EventLog (>= 4.7)
      System.Memory (>= 4.5.3) - restriction: || (&& (== net461) (>= netcoreapp2.0)) (&& (== net461) (>= uap10.1)) (== netstandard2.0)
    System.Text.Encoding (4.3) - restriction: || (&& (== net461) (< net45)) (== netstandard2.0)
      Microsoft.NETCore.Platforms (>= 1.1) - restriction: || (&& (== net461) (< net45)) (== netstandard2.0)
      Microsoft.NETCore.Targets (>= 1.1) - restriction: || (&& (== net461) (< net45)) (== netstandard2.0)
      System.Runtime (>= 4.3) - restriction: || (&& (== net461) (< net45)) (== netstandard2.0)
    System.Text.Encoding.CodePages (4.7) - restriction: || (&& (== net461) (< net451) (>= netstandard2.0)) (&& (== net461) (>= netcoreapp2.0)) (&& (== net461) (>= netcoreapp2.1)) (&& (== net461) (>= netstandard2.0) (>= uap10.1)) (== netstandard2.0)
      System.Runtime.CompilerServices.Unsafe (>= 4.7)
    System.Text.Encoding.Extensions (4.3) - restriction: || (&& (== net461) (< net45)) (== netstandard2.0)
      Microsoft.NETCore.Platforms (>= 1.1) - restriction: || (&& (== net461) (< net45)) (== netstandard2.0)
      Microsoft.NETCore.Targets (>= 1.1) - restriction: || (&& (== net461) (< net45)) (== netstandard2.0)
      System.Runtime (>= 4.3) - restriction: || (&& (== net461) (< net45)) (== netstandard2.0)
      System.Text.Encoding (>= 4.3) - restriction: || (&& (== net461) (< net45)) (== netstandard2.0)
    System.Text.RegularExpressions (4.3.1) - restriction: || (&& (== net461) (< net45)) (== netstandard2.0)
      System.Collections (>= 4.3) - restriction: || (&& (== net461) (< net45) (>= netstandard1.6)) (== netstandard2.0)
      System.Globalization (>= 4.3) - restriction: || (&& (== net461) (< net45) (>= netstandard1.6)) (== netstandard2.0)
      System.Resources.ResourceManager (>= 4.3) - restriction: || (&& (== net461) (< net45) (>= netstandard1.6)) (== netstandard2.0)
      System.Runtime (>= 4.3.1) - restriction: || (&& (== net461) (< net45)) (&& (== net461) (>= netcoreapp1.1)) (== netstandard2.0)
      System.Runtime.Extensions (>= 4.3.1) - restriction: || (&& (== net461) (< net45) (>= netstandard1.6)) (== netstandard2.0)
      System.Threading (>= 4.3) - restriction: || (&& (== net461) (< net45) (>= netstandard1.6)) (== netstandard2.0)
    System.Threading (4.3) - restriction: || (&& (== net461) (< net45)) (== netstandard2.0)
      System.Runtime (>= 4.3) - restriction: || (&& (== net461) (< net45)) (== netstandard2.0)
      System.Threading.Tasks (>= 4.3) - restriction: || (&& (== net461) (< net45)) (== netstandard2.0)
    System.Threading.Tasks (4.3) - restriction: || (&& (== net461) (< net45)) (== netstandard2.0)
      Microsoft.NETCore.Platforms (>= 1.1) - restriction: || (&& (== net461) (< net45)) (== netstandard2.0)
      Microsoft.NETCore.Targets (>= 1.1) - restriction: || (&& (== net461) (< net45)) (== netstandard2.0)
      System.Runtime (>= 4.3) - restriction: || (&& (== net461) (< net45)) (== netstandard2.0)
    System.Threading.Tasks.Extensions (4.5.4)
      System.Runtime.CompilerServices.Unsafe (>= 4.5.3)
    System.Threading.Tasks.Parallel (4.3) - restriction: || (&& (== net461) (>= netstandard2.0)) (== netstandard2.0)
      System.Collections.Concurrent (>= 4.3) - restriction: || (&& (== net461) (< net45)) (== netstandard2.0)
      System.Diagnostics.Debug (>= 4.3) - restriction: || (&& (== net461) (< net45)) (== netstandard2.0)
      System.Diagnostics.Tracing (>= 4.3) - restriction: || (&& (== net461) (< net45)) (== netstandard2.0)
      System.Resources.ResourceManager (>= 4.3) - restriction: || (&& (== net461) (< net45)) (== netstandard2.0)
      System.Runtime (>= 4.3) - restriction: || (&& (== net461) (< net45)) (== netstandard2.0)
      System.Runtime.Extensions (>= 4.3) - restriction: || (&& (== net461) (< net45)) (== netstandard2.0)
      System.Threading (>= 4.3) - restriction: || (&& (== net461) (< net45)) (== netstandard2.0)
      System.Threading.Tasks (>= 4.3) - restriction: || (&& (== net461) (< net45)) (== netstandard2.0)
    System.Threading.Thread (4.3) - restriction: || (&& (== net461) (< net45)) (== netstandard2.0)
      System.Runtime (>= 4.3) - restriction: || (&& (== net461) (< net46)) (== netstandard2.0)
    System.Threading.ThreadPool (4.3) - restriction: || (&& (== net461) (< net45)) (== netstandard2.0)
      System.Runtime (>= 4.3) - restriction: || (&& (== net461) (< net46)) (== netstandard2.0)
      System.Runtime.Handles (>= 4.3) - restriction: || (&& (== net461) (< net46)) (== netstandard2.0)
    System.ValueTuple (4.5)
    System.Xml.ReaderWriter (4.3.1) - restriction: || (&& (== net461) (< net45)) (== netstandard2.0)
      System.Collections (>= 4.3) - restriction: || (&& (== net461) (< net45)) (== netstandard2.0)
      System.Diagnostics.Debug (>= 4.3) - restriction: || (&& (== net461) (< net45)) (== netstandard2.0)
      System.Globalization (>= 4.3) - restriction: || (&& (== net461) (< net45)) (== netstandard2.0)
      System.IO (>= 4.3) - restriction: || (&& (== net461) (< net45)) (== netstandard2.0)
      System.IO.FileSystem (>= 4.3) - restriction: || (&& (== net461) (< net45)) (== netstandard2.0)
      System.IO.FileSystem.Primitives (>= 4.3) - restriction: || (&& (== net461) (< net45)) (== netstandard2.0)
      System.Resources.ResourceManager (>= 4.3) - restriction: || (&& (== net461) (< net45)) (== netstandard2.0)
      System.Runtime (>= 4.3) - restriction: || (&& (== net461) (< net45)) (== netstandard2.0)
      System.Runtime.Extensions (>= 4.3) - restriction: || (&& (== net461) (< net45)) (== netstandard2.0)
      System.Runtime.InteropServices (>= 4.3) - restriction: || (&& (== net461) (< net45)) (== netstandard2.0)
      System.Text.Encoding (>= 4.3) - restriction: || (&& (== net461) (< net45)) (== netstandard2.0)
      System.Text.Encoding.Extensions (>= 4.3) - restriction: || (&& (== net461) (< net45)) (== netstandard2.0)
      System.Text.RegularExpressions (>= 4.3) - restriction: || (&& (== net461) (< net45)) (== netstandard2.0)
      System.Threading.Tasks (>= 4.3) - restriction: || (&& (== net461) (< net45)) (== netstandard2.0)
      System.Threading.Tasks.Extensions (>= 4.3) - restriction: || (&& (== net461) (< net45)) (== netstandard2.0)
    System.Xml.XDocument (4.3)
      System.Collections (>= 4.3) - restriction: || (&& (== net461) (< net45)) (== netstandard2.0)
      System.Diagnostics.Debug (>= 4.3) - restriction: || (&& (== net461) (< net45)) (== netstandard2.0)
      System.Diagnostics.Tools (>= 4.3) - restriction: || (&& (== net461) (< net45)) (== netstandard2.0)
      System.Globalization (>= 4.3) - restriction: || (&& (== net461) (< net45)) (== netstandard2.0)
      System.IO (>= 4.3) - restriction: || (&& (== net461) (< net45)) (== netstandard2.0)
      System.Reflection (>= 4.3) - restriction: || (&& (== net461) (< net45)) (== netstandard2.0)
      System.Resources.ResourceManager (>= 4.3) - restriction: || (&& (== net461) (< net45)) (== netstandard2.0)
      System.Runtime (>= 4.3) - restriction: || (&& (== net461) (< net45)) (== netstandard2.0)
      System.Runtime.Extensions (>= 4.3) - restriction: || (&& (== net461) (< net45)) (== netstandard2.0)
      System.Text.Encoding (>= 4.3) - restriction: || (&& (== net461) (< net45)) (== netstandard2.0)
      System.Threading (>= 4.3) - restriction: || (&& (== net461) (< net45)) (== netstandard2.0)
      System.Xml.ReaderWriter (>= 4.3) - restriction: || (&& (== net461) (< net45)) (== netstandard2.0)
    System.Xml.XmlDocument (4.3) - restriction: || (&& (== net461) (< net45)) (&& (== net461) (>= xamarinios)) (== netstandard2.0)
      System.Collections (>= 4.3) - restriction: || (&& (== net461) (< net46)) (== netstandard2.0)
      System.Diagnostics.Debug (>= 4.3) - restriction: || (&& (== net461) (< net46)) (== netstandard2.0)
      System.Globalization (>= 4.3) - restriction: || (&& (== net461) (< net46)) (== netstandard2.0)
      System.IO (>= 4.3) - restriction: || (&& (== net461) (< net46)) (== netstandard2.0)
      System.Resources.ResourceManager (>= 4.3) - restriction: || (&& (== net461) (< net46)) (== netstandard2.0)
      System.Runtime (>= 4.3) - restriction: || (&& (== net461) (< net46)) (== netstandard2.0)
      System.Runtime.Extensions (>= 4.3) - restriction: || (&& (== net461) (< net46)) (== netstandard2.0)
      System.Text.Encoding (>= 4.3) - restriction: || (&& (== net461) (< net46)) (== netstandard2.0)
      System.Threading (>= 4.3) - restriction: || (&& (== net461) (< net46)) (== netstandard2.0)
      System.Xml.ReaderWriter (>= 4.3) - restriction: || (&& (== net461) (< net46)) (== netstandard2.0)
    System.Xml.XmlSerializer (4.3) - restriction: || (&& (== net461) (< net45)) (&& (== net461) (>= netcoreapp2.1)) (&& (== net461) (>= uap10.0)) (== netstandard2.0)
      System.Collections (>= 4.3) - restriction: || (&& (== net461) (< net45)) (== netstandard2.0)
      System.Globalization (>= 4.3) - restriction: || (&& (== net461) (< net45)) (== netstandard2.0)
      System.IO (>= 4.3) - restriction: || (&& (== net461) (< net45)) (== netstandard2.0)
      System.Linq (>= 4.3) - restriction: || (&& (== net461) (< net45)) (== netstandard2.0)
      System.Reflection (>= 4.3) - restriction: || (&& (== net461) (< net45)) (== netstandard2.0)
      System.Reflection.Emit (>= 4.3) - restriction: || (&& (== net461) (< net45)) (== netstandard2.0)
      System.Reflection.Emit.ILGeneration (>= 4.3) - restriction: || (&& (== net461) (< net45)) (== netstandard2.0)
      System.Reflection.Extensions (>= 4.3) - restriction: || (&& (== net461) (< net45)) (== netstandard2.0)
      System.Reflection.Primitives (>= 4.3) - restriction: || (&& (== net461) (< net45)) (== netstandard2.0)
      System.Reflection.TypeExtensions (>= 4.3) - restriction: || (&& (== net461) (< net45)) (== netstandard2.0)
      System.Resources.ResourceManager (>= 4.3) - restriction: || (&& (== net461) (< net45)) (== netstandard2.0)
      System.Runtime (>= 4.3) - restriction: || (&& (== net461) (< net45)) (== netstandard2.0)
      System.Runtime.Extensions (>= 4.3) - restriction: || (&& (== net461) (< net45)) (== netstandard2.0)
      System.Text.RegularExpressions (>= 4.3) - restriction: || (&& (== net461) (< net45)) (== netstandard2.0)
      System.Threading (>= 4.3) - restriction: || (&& (== net461) (< net45)) (== netstandard2.0)
      System.Xml.ReaderWriter (>= 4.3) - restriction: || (&& (== net461) (< net45)) (== netstandard2.0)
      System.Xml.XmlDocument (>= 4.3) - restriction: || (&& (== net461) (< net45)) (== netstandard2.0)
    Topshelf (3.1.4)
    Unofficial.Microsoft.mshtml (7.0.3300)
    WindowsBase (4.6.1055)
    Xpand.Collections (1.0.1)
    YamlDotNet (8.1.2)
  remote: F:\devexpress\Packages
    DevExpress.Charts (20.1.7)
      DevExpress.Charts.Core (20.1.7)
      DevExpress.Data (20.1.7)
      DevExpress.Printing.Core (20.1.7)
      NETStandard.Library (>= 2.0.3) - restriction: || (&& (== net461) (< net452) (>= netstandard2.0)) (== netstandard2.0)
      System.Drawing.Common (>= 4.5) - restriction: || (&& (== net461) (< net452) (>= netstandard2.0)) (== netstandard2.0)
    DevExpress.Charts.Core (20.1.7)
      DevExpress.Data (20.1.7)
      NETStandard.Library (>= 2.0.3) - restriction: || (&& (== net461) (< net452) (>= netstandard2.0)) (== netstandard2.0)
    DevExpress.CodeParser (20.1.7)
      DevExpress.Data (20.1.7)
    DevExpress.Dashboard.Core (20.1.7)
      DevExpress.Charts (20.1.7)
      DevExpress.Charts.Core (20.1.7)
      DevExpress.Data (20.1.7)
      DevExpress.DataAccess (20.1.7)
      DevExpress.Gauges.Core (20.1.7)
      DevExpress.Map.Core (20.1.7)
      DevExpress.Office.Core (20.1.7)
      DevExpress.PivotGrid.Core (20.1.7)
      DevExpress.Printing.Core (20.1.7)
      DevExpress.Reporting.Core (20.1.7)
      DevExpress.RichEdit.Core (20.1.7)
      DevExpress.Sparkline.Core (20.1.7)
      DevExpress.TreeMap.Core (20.1.7)
      DevExpress.Xpo (20.1.7)
      NETStandard.Library (>= 2.0.3) - restriction: || (&& (== net461) (< net452) (>= netstandard2.0)) (== netstandard2.0)
      System.Drawing.Common (>= 4.5) - restriction: || (&& (== net461) (< net452) (>= netstandard2.0)) (== netstandard2.0)
    DevExpress.Data.Desktop (20.1.7) - restriction: || (== net461) (&& (== netstandard2.0) (>= net452))
      DevExpress.Data (20.1.7) - restriction: || (== net461) (&& (== netstandard2.0) (>= net452))
    DevExpress.DataAccess (20.1.7)
      DevExpress.CodeParser (20.1.7)
      DevExpress.Data (20.1.7)
      DevExpress.Office.Core (20.1.7)
      DevExpress.Printing.Core (20.1.7)
      DevExpress.RichEdit.Core (20.1.7)
      DevExpress.Xpo (20.1.7)
    DevExpress.DataAccess.UI (20.1.7) - restriction: || (== net461) (&& (== netstandard2.0) (>= net452))
      DevExpress.CodeParser (20.1.7) - restriction: || (== net461) (&& (== netstandard2.0) (>= net452))
      DevExpress.Data (20.1.7) - restriction: || (== net461) (&& (== netstandard2.0) (>= net452))
      DevExpress.Data.Desktop (20.1.7) - restriction: || (== net461) (&& (== netstandard2.0) (>= net452))
      DevExpress.DataAccess (20.1.7) - restriction: || (== net461) (&& (== netstandard2.0) (>= net452))
      DevExpress.Diagram.Core (20.1.7) - restriction: || (== net461) (&& (== netstandard2.0) (>= net452))
      DevExpress.Printing.Core (20.1.7) - restriction: || (== net461) (&& (== netstandard2.0) (>= net452))
      DevExpress.RichEdit.Core (20.1.7) - restriction: || (== net461) (&& (== netstandard2.0) (>= net452))
      DevExpress.Utils (20.1.7) - restriction: || (== net461) (&& (== netstandard2.0) (>= net452))
      DevExpress.Utils.UI (20.1.7) - restriction: || (== net461) (&& (== netstandard2.0) (>= net452))
      DevExpress.Win.Diagram (20.1.7) - restriction: || (== net461) (&& (== netstandard2.0) (>= net452))
      DevExpress.Win.Grid (20.1.7) - restriction: || (== net461) (&& (== netstandard2.0) (>= net452))
      DevExpress.Win.Navigation (20.1.7) - restriction: || (== net461) (&& (== netstandard2.0) (>= net452))
      DevExpress.Win.Printing (20.1.7) - restriction: || (== net461) (&& (== netstandard2.0) (>= net452))
      DevExpress.Win.RichEdit (20.1.7) - restriction: || (== net461) (&& (== netstandard2.0) (>= net452))
      DevExpress.Win.TreeList (20.1.7) - restriction: || (== net461) (&& (== netstandard2.0) (>= net452))
      DevExpress.Xpo (20.1.7) - restriction: || (== net461) (&& (== netstandard2.0) (>= net452))
    DevExpress.Diagram.Core (20.1.7) - restriction: || (== net461) (&& (== netstandard2.0) (>= net452))
      DevExpress.Data (20.1.7) - restriction: || (== net461) (&& (== netstandard2.0) (>= net452))
      DevExpress.Data.Desktop (20.1.7) - restriction: || (== net461) (&& (== netstandard2.0) (>= net452))
      DevExpress.Printing.Core (20.1.7) - restriction: || (== net461) (&& (== netstandard2.0) (>= net452))
    DevExpress.Document.Processor (20.1.7)
      DevExpress.Charts (20.1.7)
      DevExpress.Charts.Core (20.1.7)
      DevExpress.Data (20.1.7)
      DevExpress.DataAccess (20.1.7) - restriction: || (== net461) (&& (== netstandard2.0) (>= net452))
      DevExpress.Office.Core (20.1.7)
      DevExpress.Pdf.Core (20.1.7)
      DevExpress.Pdf.Drawing (20.1.7)
      DevExpress.Printing.Core (20.1.7)
      DevExpress.RichEdit.Core (20.1.7)
      DevExpress.Snap.Core (20.1.7) - restriction: || (== net461) (&& (== netstandard2.0) (>= net452))
      DevExpress.Spreadsheet.Core (20.1.7)
      NETStandard.Library (>= 2.0.3) - restriction: || (&& (== net461) (< net452) (>= netstandard2.0)) (== netstandard2.0)
      System.Drawing.Common (>= 4.5) - restriction: || (&& (== net461) (< net452) (>= netstandard2.0)) (== netstandard2.0)
    DevExpress.EasyTest (20.1.7)
      Microsoft.Win32.Registry (>= 4.6) - restriction: || (&& (== net461) (< net452) (>= netstandard2.0)) (== netstandard2.0)
      NETStandard.Library (>= 2.0.3) - restriction: || (&& (== net461) (< net452) (>= netstandard2.0)) (== netstandard2.0)
      System.Configuration.ConfigurationManager (>= 4.6) - restriction: || (&& (== net461) (< net452) (>= netstandard2.0)) (== netstandard2.0)
      System.Data.SqlClient (>= 4.7) - restriction: || (&& (== net461) (< net452) (>= netstandard2.0)) (== netstandard2.0)
      System.Drawing.Common (>= 4.6) - restriction: || (&& (== net461) (< net452) (>= netstandard2.0)) (== netstandard2.0)
      System.ServiceProcess.ServiceController (>= 4.6) - restriction: || (&& (== net461) (< net452) (>= netstandard2.0)) (== netstandard2.0)
    DevExpress.ExpressApp (20.1.7)
      DevExpress.Data (20.1.7)
      DevExpress.Images (20.1.7)
      DevExpress.Printing.Core (20.1.7)
      DevExpress.Utils (20.1.7) - restriction: || (== net461) (&& (== netstandard2.0) (>= net452))
      Microsoft.CodeAnalysis.CSharp (>= 2.8) - restriction: || (&& (== net461) (< net452) (>= netstandard2.0)) (== netstandard2.0)
      Microsoft.Win32.Registry (>= 4.5) - restriction: || (&& (== net461) (< net452) (>= netstandard2.0)) (== netstandard2.0)
      NETStandard.Library (>= 2.0.3) - restriction: || (&& (== net461) (< net452) (>= netstandard2.0)) (== netstandard2.0)
      System.Configuration.ConfigurationManager (>= 4.5) - restriction: || (&& (== net461) (< net452) (>= netstandard2.0)) (== netstandard2.0)
      System.Diagnostics.EventLog (>= 4.5) - restriction: || (&& (== net461) (< net452) (>= netstandard2.0)) (== netstandard2.0)
      System.Drawing.Common (>= 4.5) - restriction: || (&& (== net461) (< net452) (>= netstandard2.0)) (== netstandard2.0)
      System.Reflection.Emit (>= 4.3) - restriction: || (&& (== net461) (< net452) (>= netstandard2.0)) (== netstandard2.0)
      System.Reflection.Emit.Lightweight (>= 4.3) - restriction: || (&& (== net461) (< net452) (>= netstandard2.0)) (== netstandard2.0)
      System.Resources.Extensions (>= 4.6) - restriction: || (&& (== net461) (< net452) (>= netstandard2.0)) (== netstandard2.0)
      System.ServiceModel.Primitives (>= 4.5.3) - restriction: || (&& (== net461) (< net452) (>= netstandard2.0)) (== netstandard2.0)
      System.Text.Encoding.CodePages (>= 4.6) - restriction: || (&& (== net461) (< net452) (>= netstandard2.0)) (== netstandard2.0)
    DevExpress.ExpressApp.AuditTrail (20.1.7)
      DevExpress.Data (20.1.7)
      DevExpress.ExpressApp (20.1.7)
      DevExpress.ExpressApp.Xpo (20.1.7)
      DevExpress.Persistent.BaseImpl (20.1.7)
      DevExpress.Xpo (20.1.7)
      NETStandard.Library (>= 2.0.3) - restriction: || (&& (== net461) (< net452) (>= netstandard2.0)) (== netstandard2.0)
      System.Configuration.ConfigurationManager (>= 4.5) - restriction: || (&& (== net461) (< net452) (>= netstandard2.0)) (== netstandard2.0)
      System.Drawing.Common (>= 4.5) - restriction: || (&& (== net461) (< net452) (>= netstandard2.0)) (== netstandard2.0)
    DevExpress.ExpressApp.Chart (20.1.7)
      DevExpress.Charts (20.1.7)
      DevExpress.Data (20.1.7)
      DevExpress.ExpressApp (20.1.7)
      DevExpress.Persistent.Base (20.1.7)
      NETStandard.Library (>= 2.0.3) - restriction: || (&& (== net461) (< net452) (>= netstandard2.0)) (== netstandard2.0)
      System.Drawing.Common (>= 4.5) - restriction: || (&& (== net461) (< net452) (>= netstandard2.0)) (== netstandard2.0)
    DevExpress.ExpressApp.Chart.Web (20.1.7) - restriction: || (== net461) (&& (== netstandard2.0) (>= net452))
      DevExpress.Charts (20.1.7) - restriction: || (== net461) (&& (== netstandard2.0) (>= net452))
      DevExpress.Data (20.1.7) - restriction: || (== net461) (&& (== netstandard2.0) (>= net452))
      DevExpress.ExpressApp (20.1.7) - restriction: || (== net461) (&& (== netstandard2.0) (>= net452))
      DevExpress.ExpressApp.Chart (20.1.7) - restriction: || (== net461) (&& (== netstandard2.0) (>= net452))
      DevExpress.ExpressApp.Web (20.1.7) - restriction: || (== net461) (&& (== netstandard2.0) (>= net452))
      DevExpress.Persistent.Base (20.1.7) - restriction: || (== net461) (&& (== netstandard2.0) (>= net452))
      DevExpress.Web (20.1.7) - restriction: || (== net461) (&& (== netstandard2.0) (>= net452))
      DevExpress.Web.Visualization (20.1.7) - restriction: || (== net461) (&& (== netstandard2.0) (>= net452))
    DevExpress.ExpressApp.Chart.Win (20.1.7) - restriction: || (== net461) (&& (== netstandard2.0) (>= net452))
      DevExpress.Charts (20.1.7) - restriction: || (== net461) (&& (== netstandard2.0) (>= net452))
      DevExpress.Data (20.1.7) - restriction: || (== net461) (&& (== netstandard2.0) (>= net452))
      DevExpress.ExpressApp (20.1.7) - restriction: || (== net461) (&& (== netstandard2.0) (>= net452))
      DevExpress.ExpressApp.Chart (20.1.7) - restriction: || (== net461) (&& (== netstandard2.0) (>= net452))
      DevExpress.ExpressApp.Win (20.1.7) - restriction: || (== net461) (&& (== netstandard2.0) (>= net452))
      DevExpress.Persistent.Base (20.1.7) - restriction: || (== net461) (&& (== netstandard2.0) (>= net452))
      DevExpress.Printing.Core (20.1.7) - restriction: || (== net461) (&& (== netstandard2.0) (>= net452))
      DevExpress.Utils (20.1.7) - restriction: || (== net461) (&& (== netstandard2.0) (>= net452))
      DevExpress.Win.Charts (20.1.7) - restriction: || (== net461) (&& (== netstandard2.0) (>= net452))
      DevExpress.Win.Navigation (20.1.7) - restriction: || (== net461) (&& (== netstandard2.0) (>= net452))
    DevExpress.ExpressApp.CloneObject (20.1.7)
      DevExpress.Data (20.1.7)
      DevExpress.ExpressApp (20.1.7)
      DevExpress.Persistent.Base (20.1.7)
      NETStandard.Library (>= 2.0.3) - restriction: || (&& (== net461) (< net452) (>= netstandard2.0)) (== netstandard2.0)
      System.Drawing.Common (>= 4.5) - restriction: || (&& (== net461) (< net452) (>= netstandard2.0)) (== netstandard2.0)
    DevExpress.ExpressApp.ConditionalAppearance (20.1.7)
      DevExpress.Data (20.1.7)
      DevExpress.ExpressApp (20.1.7)
      DevExpress.Persistent.Base (20.1.7)
      NETStandard.Library (>= 2.0.3) - restriction: || (&& (== net461) (< net452) (>= netstandard2.0)) (== netstandard2.0)
      System.Drawing.Common (>= 4.5) - restriction: || (&& (== net461) (< net452) (>= netstandard2.0)) (== netstandard2.0)
    DevExpress.ExpressApp.Core.All (20.1.7)
      DevExpress.EasyTest (20.1.7)
      DevExpress.ExpressApp.AuditTrail (20.1.7)
      DevExpress.ExpressApp.Chart (20.1.7)
      DevExpress.ExpressApp.CloneObject (20.1.7)
      DevExpress.ExpressApp.ConditionalAppearance (20.1.7)
      DevExpress.ExpressApp.Dashboards (20.1.7)
      DevExpress.ExpressApp.Images (20.1.7) - restriction: || (== net461) (&& (== netstandard2.0) (>= net452))
      DevExpress.ExpressApp.Kpi (20.1.7)
      DevExpress.ExpressApp.Notifications (20.1.7)
      DevExpress.ExpressApp.Objects (20.1.7)
      DevExpress.ExpressApp.Office (20.1.7)
      DevExpress.ExpressApp.PivotChart (20.1.7)
      DevExpress.ExpressApp.PivotGrid (20.1.7)
      DevExpress.ExpressApp.ReportsV2 (20.1.7)
      DevExpress.ExpressApp.Scheduler (20.1.7) - restriction: || (== net461) (&& (== netstandard2.0) (>= net452))
      DevExpress.ExpressApp.ScriptRecorder (20.1.7)
      DevExpress.ExpressApp.Security (20.1.7)
      DevExpress.ExpressApp.StateMachine (20.1.7)
      DevExpress.ExpressApp.TreeListEditors (20.1.7)
      DevExpress.ExpressApp.Validation (20.1.7)
      DevExpress.ExpressApp.ViewVariantsModule (20.1.7)
      DevExpress.ExpressApp.Workflow (20.1.7) - restriction: || (== net461) (&& (== netstandard2.0) (>= net452))
      DevExpress.Persistent.Base (20.1.7)
    DevExpress.ExpressApp.Dashboards (20.1.7)
      DevExpress.Dashboard.Core (20.1.7)
      DevExpress.Data (20.1.7)
      DevExpress.DataAccess (20.1.7)
      DevExpress.ExpressApp (20.1.7)
      DevExpress.Persistent.Base (20.1.7)
      DevExpress.Utils (20.1.7) - restriction: || (== net461) (&& (== netstandard2.0) (>= net452))
      NETStandard.Library (>= 2.0.3) - restriction: || (&& (== net461) (< net452) (>= netstandard2.0)) (== netstandard2.0)
      System.Drawing.Common (>= 4.5) - restriction: || (&& (== net461) (< net452) (>= netstandard2.0)) (== netstandard2.0)
    DevExpress.ExpressApp.Dashboards.Web (20.1.7) - restriction: || (== net461) (&& (== netstandard2.0) (>= net452))
      DevExpress.Dashboard.Core (20.1.7) - restriction: || (== net461) (&& (== netstandard2.0) (>= net452))
      DevExpress.Data (20.1.7) - restriction: || (== net461) (&& (== netstandard2.0) (>= net452))
      DevExpress.DataAccess (20.1.7) - restriction: || (== net461) (&& (== netstandard2.0) (>= net452))
      DevExpress.ExpressApp (20.1.7) - restriction: || (== net461) (&& (== netstandard2.0) (>= net452))
      DevExpress.ExpressApp.Dashboards (20.1.7) - restriction: || (== net461) (&& (== netstandard2.0) (>= net452))
      DevExpress.ExpressApp.Web (20.1.7) - restriction: || (== net461) (&& (== netstandard2.0) (>= net452))
      DevExpress.Persistent.Base (20.1.7) - restriction: || (== net461) (&& (== netstandard2.0) (>= net452))
      DevExpress.Web (20.1.7) - restriction: || (== net461) (&& (== netstandard2.0) (>= net452))
      DevExpress.Web.Dashboard (20.1.7) - restriction: || (== net461) (&& (== netstandard2.0) (>= net452))
      DevExpress.Web.Dashboard.Common (20.1.7) - restriction: || (== net461) (&& (== netstandard2.0) (>= net452))
    DevExpress.ExpressApp.Dashboards.Win (20.1.7) - restriction: || (== net461) (&& (== netstandard2.0) (>= net452))
      DevExpress.Dashboard.Core (20.1.7) - restriction: || (== net461) (&& (== netstandard2.0) (>= net452))
      DevExpress.Data (20.1.7) - restriction: || (== net461) (&& (== netstandard2.0) (>= net452))
      DevExpress.DataAccess (20.1.7) - restriction: || (== net461) (&& (== netstandard2.0) (>= net452))
      DevExpress.DataAccess.UI (20.1.7) - restriction: || (== net461) (&& (== netstandard2.0) (>= net452))
      DevExpress.ExpressApp (20.1.7) - restriction: || (== net461) (&& (== netstandard2.0) (>= net452))
      DevExpress.ExpressApp.Dashboards (20.1.7) - restriction: || (== net461) (&& (== netstandard2.0) (>= net452))
      DevExpress.ExpressApp.Win (20.1.7) - restriction: || (== net461) (&& (== netstandard2.0) (>= net452))
      DevExpress.Persistent.Base (20.1.7) - restriction: || (== net461) (&& (== netstandard2.0) (>= net452))
      DevExpress.Utils (20.1.7) - restriction: || (== net461) (&& (== netstandard2.0) (>= net452))
      DevExpress.Win.Dashboard (20.1.7) - restriction: || (== net461) (&& (== netstandard2.0) (>= net452))
      DevExpress.Win.Navigation (20.1.7) - restriction: || (== net461) (&& (== netstandard2.0) (>= net452))
    DevExpress.ExpressApp.EasyTest.WebAdapter (20.1.7) - restriction: || (== net461) (&& (== netstandard2.0) (>= net452))
      DevExpress.Data (20.1.7) - restriction: || (== net461) (&& (== netstandard2.0) (>= net452))
      DevExpress.EasyTest (20.1.7) - restriction: || (== net461) (&& (== netstandard2.0) (>= net452))
    DevExpress.ExpressApp.EasyTest.WinAdapter (20.1.7) - restriction: || (== net461) (&& (== netstandard2.0) (>= net452))
      DevExpress.Data (20.1.7) - restriction: || (== net461) (&& (== netstandard2.0) (>= net452))
      DevExpress.DataAccess.UI (20.1.7) - restriction: || (== net461) (&& (== netstandard2.0) (>= net452))
      DevExpress.EasyTest (20.1.7) - restriction: || (== net461) (&& (== netstandard2.0) (>= net452))
      DevExpress.ExpressApp (20.1.7) - restriction: || (== net461) (&& (== netstandard2.0) (>= net452))
      DevExpress.ExpressApp.HtmlPropertyEditor.Win (20.1.7) - restriction: || (== net461) (&& (== netstandard2.0) (>= net452))
      DevExpress.ExpressApp.Office.Win (20.1.7) - restriction: || (== net461) (&& (== netstandard2.0) (>= net452))
      DevExpress.ExpressApp.PivotChart.Win (20.1.7) - restriction: || (== net461) (&& (== netstandard2.0) (>= net452))
      DevExpress.ExpressApp.Win (20.1.7) - restriction: || (== net461) (&& (== netstandard2.0) (>= net452))
      DevExpress.PivotGrid.Core (20.1.7) - restriction: || (== net461) (&& (== netstandard2.0) (>= net452))
      DevExpress.Scheduler.Core (20.1.7) - restriction: || (== net461) (&& (== netstandard2.0) (>= net452))
      DevExpress.Spreadsheet.Core (20.1.7) - restriction: || (== net461) (&& (== netstandard2.0) (>= net452))
      DevExpress.Utils (20.1.7) - restriction: || (== net461) (&& (== netstandard2.0) (>= net452))
      DevExpress.Win (20.1.7) - restriction: || (== net461) (&& (== netstandard2.0) (>= net452))
      DevExpress.Win.Grid (20.1.7) - restriction: || (== net461) (&& (== netstandard2.0) (>= net452))
      DevExpress.Win.Navigation (20.1.7) - restriction: || (== net461) (&& (== netstandard2.0) (>= net452))
      DevExpress.Win.PivotGrid (20.1.7) - restriction: || (== net461) (&& (== netstandard2.0) (>= net452))
      DevExpress.Win.RichEdit (20.1.7) - restriction: || (== net461) (&& (== netstandard2.0) (>= net452))
      DevExpress.Win.Scheduler (20.1.7) - restriction: || (== net461) (&& (== netstandard2.0) (>= net452))
      DevExpress.Win.Spreadsheet (20.1.7) - restriction: || (== net461) (&& (== netstandard2.0) (>= net452))
      DevExpress.Win.TreeList (20.1.7) - restriction: || (== net461) (&& (== netstandard2.0) (>= net452))
      DevExpress.Win.VerticalGrid (20.1.7) - restriction: || (== net461) (&& (== netstandard2.0) (>= net452))
    DevExpress.ExpressApp.FileAttachment.Web (20.1.7) - restriction: || (== net461) (&& (== netstandard2.0) (>= net452))
      DevExpress.Data (20.1.7) - restriction: || (== net461) (&& (== netstandard2.0) (>= net452))
      DevExpress.ExpressApp (20.1.7) - restriction: || (== net461) (&& (== netstandard2.0) (>= net452))
      DevExpress.ExpressApp.Web (20.1.7) - restriction: || (== net461) (&& (== netstandard2.0) (>= net452))
      DevExpress.Persistent.Base (20.1.7) - restriction: || (== net461) (&& (== netstandard2.0) (>= net452))
      DevExpress.Web (20.1.7) - restriction: || (== net461) (&& (== netstandard2.0) (>= net452))
    DevExpress.ExpressApp.FileAttachment.Win (20.1.7) - restriction: || (== net461) (&& (== netstandard2.0) (>= net452))
      DevExpress.Data (20.1.7) - restriction: || (== net461) (&& (== netstandard2.0) (>= net452))
      DevExpress.ExpressApp (20.1.7) - restriction: || (== net461) (&& (== netstandard2.0) (>= net452))
      DevExpress.ExpressApp.Win (20.1.7) - restriction: || (== net461) (&& (== netstandard2.0) (>= net452))
      DevExpress.Persistent.Base (20.1.7) - restriction: || (== net461) (&& (== netstandard2.0) (>= net452))
      DevExpress.Utils (20.1.7) - restriction: || (== net461) (&& (== netstandard2.0) (>= net452))
      DevExpress.Win.Navigation (20.1.7) - restriction: || (== net461) (&& (== netstandard2.0) (>= net452))
    DevExpress.ExpressApp.HtmlPropertyEditor.Web (20.1.7) - restriction: || (== net461) (&& (== netstandard2.0) (>= net452))
      DevExpress.Data (20.1.7) - restriction: || (== net461) (&& (== netstandard2.0) (>= net452))
      DevExpress.ExpressApp (20.1.7) - restriction: || (== net461) (&& (== netstandard2.0) (>= net452))
      DevExpress.ExpressApp.Web (20.1.7) - restriction: || (== net461) (&& (== netstandard2.0) (>= net452))
      DevExpress.Web (20.1.7) - restriction: || (== net461) (&& (== netstandard2.0) (>= net452))
    DevExpress.ExpressApp.HtmlPropertyEditor.Win (20.1.7) - restriction: || (== net461) (&& (== netstandard2.0) (>= net452))
      DevExpress.Data (20.1.7) - restriction: || (== net461) (&& (== netstandard2.0) (>= net452))
      DevExpress.ExpressApp (20.1.7) - restriction: || (== net461) (&& (== netstandard2.0) (>= net452))
      DevExpress.ExpressApp.Win (20.1.7) - restriction: || (== net461) (&& (== netstandard2.0) (>= net452))
      DevExpress.Utils (20.1.7) - restriction: || (== net461) (&& (== netstandard2.0) (>= net452))
      DevExpress.Win.Navigation (20.1.7) - restriction: || (== net461) (&& (== netstandard2.0) (>= net452))
    DevExpress.ExpressApp.Images (20.1.7) - restriction: || (== net461) (&& (== netstandard2.0) (>= net452))
    DevExpress.ExpressApp.Kpi (20.1.7)
      DevExpress.Data (20.1.7)
      DevExpress.ExpressApp (20.1.7)
      DevExpress.ExpressApp.Validation (20.1.7)
      DevExpress.Persistent.Base (20.1.7)
      NETStandard.Library (>= 2.0.3) - restriction: || (&& (== net461) (< net452) (>= netstandard2.0)) (== netstandard2.0)
      System.Drawing.Common (>= 4.5) - restriction: || (&& (== net461) (< net452) (>= netstandard2.0)) (== netstandard2.0)
    DevExpress.ExpressApp.Maps.Web (20.1.7) - restriction: || (== net461) (&& (== netstandard2.0) (>= net452))
      DevExpress.Data (20.1.7) - restriction: || (== net461) (&& (== netstandard2.0) (>= net452))
      DevExpress.ExpressApp (20.1.7) - restriction: || (== net461) (&& (== netstandard2.0) (>= net452))
      DevExpress.ExpressApp.Web (20.1.7) - restriction: || (== net461) (&& (== netstandard2.0) (>= net452))
      DevExpress.Persistent.Base (20.1.7) - restriction: || (== net461) (&& (== netstandard2.0) (>= net452))
      DevExpress.Web (20.1.7) - restriction: || (== net461) (&& (== netstandard2.0) (>= net452))
    DevExpress.ExpressApp.Notifications (20.1.7)
      DevExpress.Data (20.1.7)
      DevExpress.ExpressApp (20.1.7)
      DevExpress.Persistent.Base (20.1.7)
      NETStandard.Library (>= 2.0.3) - restriction: || (&& (== net461) (< net452) (>= netstandard2.0)) (== netstandard2.0)
      System.Drawing.Common (>= 4.5) - restriction: || (&& (== net461) (< net452) (>= netstandard2.0)) (== netstandard2.0)
    DevExpress.ExpressApp.Notifications.Web (20.1.7) - restriction: || (== net461) (&& (== netstandard2.0) (>= net452))
      DevExpress.Data (20.1.7) - restriction: || (== net461) (&& (== netstandard2.0) (>= net452))
      DevExpress.ExpressApp (20.1.7) - restriction: || (== net461) (&& (== netstandard2.0) (>= net452))
      DevExpress.ExpressApp.Notifications (20.1.7) - restriction: || (== net461) (&& (== netstandard2.0) (>= net452))
      DevExpress.ExpressApp.Web (20.1.7) - restriction: || (== net461) (&& (== netstandard2.0) (>= net452))
      DevExpress.Web (20.1.7) - restriction: || (== net461) (&& (== netstandard2.0) (>= net452))
    DevExpress.ExpressApp.Notifications.Win (20.1.7) - restriction: || (== net461) (&& (== netstandard2.0) (>= net452))
      DevExpress.Data (20.1.7) - restriction: || (== net461) (&& (== netstandard2.0) (>= net452))
      DevExpress.ExpressApp (20.1.7) - restriction: || (== net461) (&& (== netstandard2.0) (>= net452))
      DevExpress.ExpressApp.Notifications (20.1.7) - restriction: || (== net461) (&& (== netstandard2.0) (>= net452))
      DevExpress.ExpressApp.Win (20.1.7) - restriction: || (== net461) (&& (== netstandard2.0) (>= net452))
      DevExpress.Utils (20.1.7) - restriction: || (== net461) (&& (== netstandard2.0) (>= net452))
      DevExpress.Win.Grid (20.1.7) - restriction: || (== net461) (&& (== netstandard2.0) (>= net452))
      DevExpress.Win.Navigation (20.1.7) - restriction: || (== net461) (&& (== netstandard2.0) (>= net452))
    DevExpress.ExpressApp.Objects (20.1.7)
      DevExpress.Data (20.1.7)
      DevExpress.ExpressApp (20.1.7)
      NETStandard.Library (>= 2.0.3) - restriction: || (&& (== net461) (< net452) (>= netstandard2.0)) (== netstandard2.0)
      System.Drawing.Common (>= 4.5) - restriction: || (&& (== net461) (< net452) (>= netstandard2.0)) (== netstandard2.0)
    DevExpress.ExpressApp.Office (20.1.7)
      DevExpress.Data (20.1.7)
      DevExpress.ExpressApp (20.1.7)
      DevExpress.Office.Core (20.1.7)
      DevExpress.Persistent.Base (20.1.7)
      DevExpress.RichEdit.Core (20.1.7)
      DevExpress.Spreadsheet.Core (20.1.7)
      NETStandard.Library (>= 2.0.3) - restriction: || (&& (== net461) (< net452) (>= netstandard2.0)) (== netstandard2.0)
      System.Drawing.Common (>= 4.5) - restriction: || (&& (== net461) (< net452) (>= netstandard2.0)) (== netstandard2.0)
    DevExpress.ExpressApp.Office.Web (20.1.7) - restriction: || (== net461) (&& (== netstandard2.0) (>= net452))
      DevExpress.Data (20.1.7) - restriction: || (== net461) (&& (== netstandard2.0) (>= net452))
      DevExpress.ExpressApp (20.1.7) - restriction: || (== net461) (&& (== netstandard2.0) (>= net452))
      DevExpress.ExpressApp.Office (20.1.7) - restriction: || (== net461) (&& (== netstandard2.0) (>= net452))
      DevExpress.ExpressApp.Web (20.1.7) - restriction: || (== net461) (&& (== netstandard2.0) (>= net452))
      DevExpress.Persistent.Base (20.1.7) - restriction: || (== net461) (&& (== netstandard2.0) (>= net452))
      DevExpress.RichEdit.Core (20.1.7) - restriction: || (== net461) (&& (== netstandard2.0) (>= net452))
      DevExpress.Spreadsheet.Core (20.1.7) - restriction: || (== net461) (&& (== netstandard2.0) (>= net452))
      DevExpress.Web (20.1.7) - restriction: || (== net461) (&& (== netstandard2.0) (>= net452))
      DevExpress.Web.Office (20.1.7) - restriction: || (== net461) (&& (== netstandard2.0) (>= net452))
    DevExpress.ExpressApp.Office.Win (20.1.7) - restriction: || (== net461) (&& (== netstandard2.0) (>= net452))
      DevExpress.Data (20.1.7) - restriction: || (== net461) (&& (== netstandard2.0) (>= net452))
      DevExpress.ExpressApp (20.1.7) - restriction: || (== net461) (&& (== netstandard2.0) (>= net452))
      DevExpress.ExpressApp.Office (20.1.7) - restriction: || (== net461) (&& (== netstandard2.0) (>= net452))
      DevExpress.ExpressApp.Win (20.1.7) - restriction: || (== net461) (&& (== netstandard2.0) (>= net452))
      DevExpress.Office.Core (20.1.7) - restriction: || (== net461) (&& (== netstandard2.0) (>= net452))
      DevExpress.Persistent.Base (20.1.7) - restriction: || (== net461) (&& (== netstandard2.0) (>= net452))
      DevExpress.RichEdit.Core (20.1.7) - restriction: || (== net461) (&& (== netstandard2.0) (>= net452))
      DevExpress.Spreadsheet.Core (20.1.7) - restriction: || (== net461) (&& (== netstandard2.0) (>= net452))
      DevExpress.Utils (20.1.7) - restriction: || (== net461) (&& (== netstandard2.0) (>= net452))
      DevExpress.Win.Grid (20.1.7) - restriction: || (== net461) (&& (== netstandard2.0) (>= net452))
      DevExpress.Win.Navigation (20.1.7) - restriction: || (== net461) (&& (== netstandard2.0) (>= net452))
      DevExpress.Win.RichEdit (20.1.7) - restriction: || (== net461) (&& (== netstandard2.0) (>= net452))
      DevExpress.Win.Spreadsheet (20.1.7) - restriction: || (== net461) (&& (== netstandard2.0) (>= net452))
    DevExpress.ExpressApp.PivotChart (20.1.7)
      DevExpress.Charts (20.1.7)
      DevExpress.Data (20.1.7)
      DevExpress.ExpressApp (20.1.7)
      DevExpress.Persistent.Base (20.1.7)
      DevExpress.PivotGrid.Core (20.1.7)
      NETStandard.Library (>= 2.0.3) - restriction: || (&& (== net461) (< net452) (>= netstandard2.0)) (== netstandard2.0)
      System.Drawing.Common (>= 4.5) - restriction: || (&& (== net461) (< net452) (>= netstandard2.0)) (== netstandard2.0)
    DevExpress.ExpressApp.PivotChart.Web (20.1.7) - restriction: || (== net461) (&& (== netstandard2.0) (>= net452))
      DevExpress.Charts (20.1.7) - restriction: || (== net461) (&& (== netstandard2.0) (>= net452))
      DevExpress.Data (20.1.7) - restriction: || (== net461) (&& (== netstandard2.0) (>= net452))
      DevExpress.ExpressApp (20.1.7) - restriction: || (== net461) (&& (== netstandard2.0) (>= net452))
      DevExpress.ExpressApp.PivotChart (20.1.7) - restriction: || (== net461) (&& (== netstandard2.0) (>= net452))
      DevExpress.ExpressApp.Web (20.1.7) - restriction: || (== net461) (&& (== netstandard2.0) (>= net452))
      DevExpress.Persistent.Base (20.1.7) - restriction: || (== net461) (&& (== netstandard2.0) (>= net452))
      DevExpress.PivotGrid.Core (20.1.7) - restriction: || (== net461) (&& (== netstandard2.0) (>= net452))
      DevExpress.Printing.Core (20.1.7) - restriction: || (== net461) (&& (== netstandard2.0) (>= net452))
      DevExpress.Web (20.1.7) - restriction: || (== net461) (&& (== netstandard2.0) (>= net452))
      DevExpress.Web.Visualization (20.1.7) - restriction: || (== net461) (&& (== netstandard2.0) (>= net452))
    DevExpress.ExpressApp.PivotChart.Win (20.1.7) - restriction: || (== net461) (&& (== netstandard2.0) (>= net452))
      DevExpress.Charts (20.1.7) - restriction: || (== net461) (&& (== netstandard2.0) (>= net452))
      DevExpress.Data (20.1.7) - restriction: || (== net461) (&& (== netstandard2.0) (>= net452))
      DevExpress.ExpressApp (20.1.7) - restriction: || (== net461) (&& (== netstandard2.0) (>= net452))
      DevExpress.ExpressApp.PivotChart (20.1.7) - restriction: || (== net461) (&& (== netstandard2.0) (>= net452))
      DevExpress.ExpressApp.Win (20.1.7) - restriction: || (== net461) (&& (== netstandard2.0) (>= net452))
      DevExpress.Persistent.Base (20.1.7) - restriction: || (== net461) (&& (== netstandard2.0) (>= net452))
      DevExpress.PivotGrid.Core (20.1.7) - restriction: || (== net461) (&& (== netstandard2.0) (>= net452))
      DevExpress.Printing.Core (20.1.7) - restriction: || (== net461) (&& (== netstandard2.0) (>= net452))
      DevExpress.Utils (20.1.7) - restriction: || (== net461) (&& (== netstandard2.0) (>= net452))
      DevExpress.Win.Charts (20.1.7) - restriction: || (== net461) (&& (== netstandard2.0) (>= net452))
      DevExpress.Win.Navigation (20.1.7) - restriction: || (== net461) (&& (== netstandard2.0) (>= net452))
      DevExpress.Win.PivotGrid (20.1.7) - restriction: || (== net461) (&& (== netstandard2.0) (>= net452))
    DevExpress.ExpressApp.PivotGrid (20.1.7)
      DevExpress.Data (20.1.7)
      DevExpress.ExpressApp (20.1.7)
      DevExpress.PivotGrid.Core (20.1.7)
      NETStandard.Library (>= 2.0.3) - restriction: || (&& (== net461) (< net452) (>= netstandard2.0)) (== netstandard2.0)
      System.Drawing.Common (>= 4.5) - restriction: || (&& (== net461) (< net452) (>= netstandard2.0)) (== netstandard2.0)
    DevExpress.ExpressApp.PivotGrid.Web (20.1.7) - restriction: || (== net461) (&& (== netstandard2.0) (>= net452))
      DevExpress.Charts (20.1.7) - restriction: || (== net461) (&& (== netstandard2.0) (>= net452))
      DevExpress.Data (20.1.7) - restriction: || (== net461) (&& (== netstandard2.0) (>= net452))
      DevExpress.ExpressApp (20.1.7) - restriction: || (== net461) (&& (== netstandard2.0) (>= net452))
      DevExpress.ExpressApp.PivotGrid (20.1.7) - restriction: || (== net461) (&& (== netstandard2.0) (>= net452))
      DevExpress.ExpressApp.Web (20.1.7) - restriction: || (== net461) (&& (== netstandard2.0) (>= net452))
      DevExpress.PivotGrid.Core (20.1.7) - restriction: || (== net461) (&& (== netstandard2.0) (>= net452))
      DevExpress.Web (20.1.7) - restriction: || (== net461) (&& (== netstandard2.0) (>= net452))
      DevExpress.Web.Visualization (20.1.7) - restriction: || (== net461) (&& (== netstandard2.0) (>= net452))
    DevExpress.ExpressApp.PivotGrid.Win (20.1.7) - restriction: || (== net461) (&& (== netstandard2.0) (>= net452))
      DevExpress.Charts (20.1.7) - restriction: || (== net461) (&& (== netstandard2.0) (>= net452))
      DevExpress.Data (20.1.7) - restriction: || (== net461) (&& (== netstandard2.0) (>= net452))
      DevExpress.ExpressApp (20.1.7) - restriction: || (== net461) (&& (== netstandard2.0) (>= net452))
      DevExpress.ExpressApp.PivotGrid (20.1.7) - restriction: || (== net461) (&& (== netstandard2.0) (>= net452))
      DevExpress.ExpressApp.Win (20.1.7) - restriction: || (== net461) (&& (== netstandard2.0) (>= net452))
      DevExpress.PivotGrid.Core (20.1.7) - restriction: || (== net461) (&& (== netstandard2.0) (>= net452))
      DevExpress.Utils (20.1.7) - restriction: || (== net461) (&& (== netstandard2.0) (>= net452))
      DevExpress.Win.Charts (20.1.7) - restriction: || (== net461) (&& (== netstandard2.0) (>= net452))
      DevExpress.Win.Navigation (20.1.7) - restriction: || (== net461) (&& (== netstandard2.0) (>= net452))
      DevExpress.Win.PivotGrid (20.1.7) - restriction: || (== net461) (&& (== netstandard2.0) (>= net452))
    DevExpress.ExpressApp.ReportsV2 (20.1.7)
      DevExpress.Data (20.1.7)
      DevExpress.ExpressApp (20.1.7)
      DevExpress.Persistent.Base (20.1.7)
      DevExpress.Printing.Core (20.1.7)
      DevExpress.Reporting.Core (20.1.7)
      DevExpress.Utils (20.1.7) - restriction: || (== net461) (&& (== netstandard2.0) (>= net452))
      NETStandard.Library (>= 2.0.3) - restriction: || (&& (== net461) (< net452) (>= netstandard2.0)) (== netstandard2.0)
      System.Drawing.Common (>= 4.5) - restriction: || (&& (== net461) (< net452) (>= netstandard2.0)) (== netstandard2.0)
    DevExpress.ExpressApp.ReportsV2.Web (20.1.7) - restriction: || (== net461) (&& (== netstandard2.0) (>= net452))
      DevExpress.Data (20.1.7) - restriction: || (== net461) (&& (== netstandard2.0) (>= net452))
      DevExpress.ExpressApp (20.1.7) - restriction: || (== net461) (&& (== netstandard2.0) (>= net452))
      DevExpress.ExpressApp.ReportsV2 (20.1.7) - restriction: || (== net461) (&& (== netstandard2.0) (>= net452))
      DevExpress.ExpressApp.Web (20.1.7) - restriction: || (== net461) (&& (== netstandard2.0) (>= net452))
      DevExpress.Persistent.Base (20.1.7) - restriction: || (== net461) (&& (== netstandard2.0) (>= net452))
      DevExpress.Printing.Core (20.1.7) - restriction: || (== net461) (&& (== netstandard2.0) (>= net452))
      DevExpress.Reporting.Core (20.1.7) - restriction: || (== net461) (&& (== netstandard2.0) (>= net452))
      DevExpress.Web (20.1.7) - restriction: || (== net461) (&& (== netstandard2.0) (>= net452))
      DevExpress.Web.Reporting (20.1.7) - restriction: || (== net461) (&& (== netstandard2.0) (>= net452))
      DevExpress.Web.Reporting.Common (20.1.7) - restriction: || (== net461) (&& (== netstandard2.0) (>= net452))
    DevExpress.ExpressApp.ReportsV2.Win (20.1.7) - restriction: || (== net461) (&& (== netstandard2.0) (>= net452))
      DevExpress.Data (20.1.7) - restriction: || (== net461) (&& (== netstandard2.0) (>= net452))
      DevExpress.DataAccess (20.1.7) - restriction: || (== net461) (&& (== netstandard2.0) (>= net452))
      DevExpress.DataAccess.UI (20.1.7) - restriction: || (== net461) (&& (== netstandard2.0) (>= net452))
      DevExpress.ExpressApp (20.1.7) - restriction: || (== net461) (&& (== netstandard2.0) (>= net452))
      DevExpress.ExpressApp.ReportsV2 (20.1.7) - restriction: || (== net461) (&& (== netstandard2.0) (>= net452))
      DevExpress.ExpressApp.Win (20.1.7) - restriction: || (== net461) (&& (== netstandard2.0) (>= net452))
      DevExpress.Persistent.Base (20.1.7) - restriction: || (== net461) (&& (== netstandard2.0) (>= net452))
      DevExpress.Printing.Core (20.1.7) - restriction: || (== net461) (&& (== netstandard2.0) (>= net452))
      DevExpress.Reporting.Core (20.1.7) - restriction: || (== net461) (&& (== netstandard2.0) (>= net452))
      DevExpress.Utils (20.1.7) - restriction: || (== net461) (&& (== netstandard2.0) (>= net452))
      DevExpress.Utils.UI (20.1.7) - restriction: || (== net461) (&& (== netstandard2.0) (>= net452))
      DevExpress.Win.Grid (20.1.7) - restriction: || (== net461) (&& (== netstandard2.0) (>= net452))
      DevExpress.Win.Navigation (20.1.7) - restriction: || (== net461) (&& (== netstandard2.0) (>= net452))
      DevExpress.Win.Printing (20.1.7) - restriction: || (== net461) (&& (== netstandard2.0) (>= net452))
      DevExpress.Win.Reporting (20.1.7) - restriction: || (== net461) (&& (== netstandard2.0) (>= net452))
      DevExpress.Win.TreeList (20.1.7) - restriction: || (== net461) (&& (== netstandard2.0) (>= net452))
    DevExpress.ExpressApp.Scheduler (20.1.7) - restriction: || (== net461) (&& (== netstandard2.0) (>= net452))
      DevExpress.Data (20.1.7) - restriction: || (== net461) (&& (== netstandard2.0) (>= net452))
      DevExpress.ExpressApp (20.1.7) - restriction: || (== net461) (&& (== netstandard2.0) (>= net452))
      DevExpress.Persistent.Base (20.1.7) - restriction: || (== net461) (&& (== netstandard2.0) (>= net452))
      DevExpress.Scheduler.Core (20.1.7) - restriction: || (== net461) (&& (== netstandard2.0) (>= net452))
    DevExpress.ExpressApp.Scheduler.Web (20.1.7) - restriction: || (== net461) (&& (== netstandard2.0) (>= net452))
      DevExpress.Data (20.1.7) - restriction: || (== net461) (&& (== netstandard2.0) (>= net452))
      DevExpress.ExpressApp (20.1.7) - restriction: || (== net461) (&& (== netstandard2.0) (>= net452))
      DevExpress.ExpressApp.Scheduler (20.1.7) - restriction: || (== net461) (&& (== netstandard2.0) (>= net452))
      DevExpress.ExpressApp.Web (20.1.7) - restriction: || (== net461) (&& (== netstandard2.0) (>= net452))
      DevExpress.Persistent.Base (20.1.7) - restriction: || (== net461) (&& (== netstandard2.0) (>= net452))
      DevExpress.Scheduler.Core (20.1.7) - restriction: || (== net461) (&& (== netstandard2.0) (>= net452))
      DevExpress.Web (20.1.7) - restriction: || (== net461) (&& (== netstandard2.0) (>= net452))
      DevExpress.Web.Scheduler (20.1.7) - restriction: || (== net461) (&& (== netstandard2.0) (>= net452))
    DevExpress.ExpressApp.Scheduler.Win (20.1.7) - restriction: || (== net461) (&& (== netstandard2.0) (>= net452))
      DevExpress.Data (20.1.7) - restriction: || (== net461) (&& (== netstandard2.0) (>= net452))
      DevExpress.ExpressApp (20.1.7) - restriction: || (== net461) (&& (== netstandard2.0) (>= net452))
      DevExpress.ExpressApp.Scheduler (20.1.7) - restriction: || (== net461) (&& (== netstandard2.0) (>= net452))
      DevExpress.ExpressApp.Win (20.1.7) - restriction: || (== net461) (&& (== netstandard2.0) (>= net452))
      DevExpress.Persistent.Base (20.1.7) - restriction: || (== net461) (&& (== netstandard2.0) (>= net452))
      DevExpress.Scheduler.Core (20.1.7) - restriction: || (== net461) (&& (== netstandard2.0) (>= net452))
      DevExpress.Utils (20.1.7) - restriction: || (== net461) (&& (== netstandard2.0) (>= net452))
      DevExpress.Win.Navigation (20.1.7) - restriction: || (== net461) (&& (== netstandard2.0) (>= net452))
      DevExpress.Win.Scheduler (20.1.7) - restriction: || (== net461) (&& (== netstandard2.0) (>= net452))
    DevExpress.ExpressApp.ScriptRecorder (20.1.7)
      DevExpress.ExpressApp (20.1.7)
      NETStandard.Library (>= 2.0.3) - restriction: || (&& (== net461) (< net452) (>= netstandard2.0)) (== netstandard2.0)
      System.Drawing.Common (>= 4.5) - restriction: || (&& (== net461) (< net452) (>= netstandard2.0)) (== netstandard2.0)
    DevExpress.ExpressApp.ScriptRecorder.Web (20.1.7) - restriction: || (== net461) (&& (== netstandard2.0) (>= net452))
      DevExpress.Data (20.1.7) - restriction: || (== net461) (&& (== netstandard2.0) (>= net452))
      DevExpress.ExpressApp (20.1.7) - restriction: || (== net461) (&& (== netstandard2.0) (>= net452))
      DevExpress.ExpressApp.ScriptRecorder (20.1.7) - restriction: || (== net461) (&& (== netstandard2.0) (>= net452))
      DevExpress.ExpressApp.Web (20.1.7) - restriction: || (== net461) (&& (== netstandard2.0) (>= net452))
    DevExpress.ExpressApp.ScriptRecorder.Win (20.1.7) - restriction: || (== net461) (&& (== netstandard2.0) (>= net452))
      DevExpress.Data (20.1.7) - restriction: || (== net461) (&& (== netstandard2.0) (>= net452))
      DevExpress.ExpressApp (20.1.7) - restriction: || (== net461) (&& (== netstandard2.0) (>= net452))
      DevExpress.ExpressApp.ScriptRecorder (20.1.7) - restriction: || (== net461) (&& (== netstandard2.0) (>= net452))
      DevExpress.ExpressApp.Win (20.1.7) - restriction: || (== net461) (&& (== netstandard2.0) (>= net452))
      DevExpress.Utils (20.1.7) - restriction: || (== net461) (&& (== netstandard2.0) (>= net452))
      DevExpress.Win.Navigation (20.1.7) - restriction: || (== net461) (&& (== netstandard2.0) (>= net452))
    DevExpress.ExpressApp.Security (20.1.7)
      DevExpress.Data (20.1.7)
      DevExpress.ExpressApp (20.1.7)
      DevExpress.Persistent.Base (20.1.7)
      NETStandard.Library (>= 2.0.3) - restriction: || (&& (== net461) (< net452) (>= netstandard2.0)) (== netstandard2.0)
      System.Drawing.Common (>= 4.5) - restriction: || (&& (== net461) (< net452) (>= netstandard2.0)) (== netstandard2.0)
      System.Security.Permissions (>= 4.5) - restriction: || (&& (== net461) (< net452) (>= netstandard2.0)) (== netstandard2.0)
    DevExpress.ExpressApp.Security.Xpo (20.1.7)
      DevExpress.Data (20.1.7)
      DevExpress.ExpressApp (20.1.7)
      DevExpress.ExpressApp.Security (20.1.7)
      DevExpress.ExpressApp.Xpo (20.1.7)
      DevExpress.Persistent.Base (20.1.7)
      DevExpress.Xpo (20.1.7)
      NETStandard.Library (>= 2.0.3) - restriction: || (&& (== net461) (< net452) (>= netstandard2.0)) (== netstandard2.0)
      System.ServiceModel.Http (>= 4.6) - restriction: || (&& (== net461) (< net452) (>= netstandard2.0)) (== netstandard2.0)
      System.ServiceModel.NetTcp (>= 4.6) - restriction: || (&& (== net461) (< net452) (>= netstandard2.0)) (== netstandard2.0)
      System.ServiceModel.Primitives (>= 4.6) - restriction: || (&& (== net461) (< net452) (>= netstandard2.0)) (== netstandard2.0)
    DevExpress.ExpressApp.StateMachine (20.1.7)
      DevExpress.Data (20.1.7)
      DevExpress.ExpressApp (20.1.7)
      DevExpress.ExpressApp.ConditionalAppearance (20.1.7)
      DevExpress.ExpressApp.Validation (20.1.7)
      DevExpress.Persistent.Base (20.1.7)
      NETStandard.Library (>= 2.0.3) - restriction: || (&& (== net461) (< net452) (>= netstandard2.0)) (== netstandard2.0)
      System.Drawing.Common (>= 4.5) - restriction: || (&& (== net461) (< net452) (>= netstandard2.0)) (== netstandard2.0)
    DevExpress.ExpressApp.TreeListEditors (20.1.7)
      DevExpress.Data (20.1.7)
      DevExpress.ExpressApp (20.1.7)
      DevExpress.Persistent.Base (20.1.7)
      NETStandard.Library (>= 2.0.3) - restriction: || (&& (== net461) (< net452) (>= netstandard2.0)) (== netstandard2.0)
      System.Drawing.Common (>= 4.5) - restriction: || (&& (== net461) (< net452) (>= netstandard2.0)) (== netstandard2.0)
    DevExpress.ExpressApp.TreeListEditors.Web (20.1.7) - restriction: || (== net461) (&& (== netstandard2.0) (>= net452))
      DevExpress.Data (20.1.7) - restriction: || (== net461) (&& (== netstandard2.0) (>= net452))
      DevExpress.ExpressApp (20.1.7) - restriction: || (== net461) (&& (== netstandard2.0) (>= net452))
      DevExpress.ExpressApp.TreeListEditors (20.1.7) - restriction: || (== net461) (&& (== netstandard2.0) (>= net452))
      DevExpress.ExpressApp.Web (20.1.7) - restriction: || (== net461) (&& (== netstandard2.0) (>= net452))
      DevExpress.Persistent.Base (20.1.7) - restriction: || (== net461) (&& (== netstandard2.0) (>= net452))
      DevExpress.Web (20.1.7) - restriction: || (== net461) (&& (== netstandard2.0) (>= net452))
    DevExpress.ExpressApp.TreeListEditors.Win (20.1.7) - restriction: || (== net461) (&& (== netstandard2.0) (>= net452))
      DevExpress.Data (20.1.7) - restriction: || (== net461) (&& (== netstandard2.0) (>= net452))
      DevExpress.ExpressApp (20.1.7) - restriction: || (== net461) (&& (== netstandard2.0) (>= net452))
      DevExpress.ExpressApp.TreeListEditors (20.1.7) - restriction: || (== net461) (&& (== netstandard2.0) (>= net452))
      DevExpress.ExpressApp.Win (20.1.7) - restriction: || (== net461) (&& (== netstandard2.0) (>= net452))
      DevExpress.Persistent.Base (20.1.7) - restriction: || (== net461) (&& (== netstandard2.0) (>= net452))
      DevExpress.Utils (20.1.7) - restriction: || (== net461) (&& (== netstandard2.0) (>= net452))
      DevExpress.Win.Navigation (20.1.7) - restriction: || (== net461) (&& (== netstandard2.0) (>= net452))
      DevExpress.Win.TreeList (20.1.7) - restriction: || (== net461) (&& (== netstandard2.0) (>= net452))
    DevExpress.ExpressApp.Validation (20.1.7)
      DevExpress.Data (20.1.7)
      DevExpress.ExpressApp (20.1.7)
      DevExpress.Persistent.Base (20.1.7)
      NETStandard.Library (>= 2.0.3) - restriction: || (&& (== net461) (< net452) (>= netstandard2.0)) (== netstandard2.0)
      System.Drawing.Common (>= 4.5) - restriction: || (&& (== net461) (< net452) (>= netstandard2.0)) (== netstandard2.0)
    DevExpress.ExpressApp.Validation.Web (20.1.7) - restriction: || (== net461) (&& (== netstandard2.0) (>= net452))
      DevExpress.Data (20.1.7) - restriction: || (== net461) (&& (== netstandard2.0) (>= net452))
      DevExpress.ExpressApp (20.1.7) - restriction: || (== net461) (&& (== netstandard2.0) (>= net452))
      DevExpress.ExpressApp.Validation (20.1.7) - restriction: || (== net461) (&& (== netstandard2.0) (>= net452))
      DevExpress.ExpressApp.Web (20.1.7) - restriction: || (== net461) (&& (== netstandard2.0) (>= net452))
      DevExpress.Persistent.Base (20.1.7) - restriction: || (== net461) (&& (== netstandard2.0) (>= net452))
      DevExpress.Web (20.1.7) - restriction: || (== net461) (&& (== netstandard2.0) (>= net452))
    DevExpress.ExpressApp.Validation.Win (20.1.7) - restriction: || (== net461) (&& (== netstandard2.0) (>= net452))
      DevExpress.Data (20.1.7) - restriction: || (== net461) (&& (== netstandard2.0) (>= net452))
      DevExpress.ExpressApp (20.1.7) - restriction: || (== net461) (&& (== netstandard2.0) (>= net452))
      DevExpress.ExpressApp.Validation (20.1.7) - restriction: || (== net461) (&& (== netstandard2.0) (>= net452))
      DevExpress.ExpressApp.Win (20.1.7) - restriction: || (== net461) (&& (== netstandard2.0) (>= net452))
      DevExpress.Persistent.Base (20.1.7) - restriction: || (== net461) (&& (== netstandard2.0) (>= net452))
      DevExpress.Win.Grid (20.1.7) - restriction: || (== net461) (&& (== netstandard2.0) (>= net452))
      DevExpress.Win.Navigation (20.1.7) - restriction: || (== net461) (&& (== netstandard2.0) (>= net452))
    DevExpress.ExpressApp.ViewVariantsModule (20.1.7)
      DevExpress.Data (20.1.7)
      DevExpress.ExpressApp (20.1.7)
      NETStandard.Library (>= 2.0.3) - restriction: || (&& (== net461) (< net452) (>= netstandard2.0)) (== netstandard2.0)
      System.Drawing.Common (>= 4.5) - restriction: || (&& (== net461) (< net452) (>= netstandard2.0)) (== netstandard2.0)
    DevExpress.ExpressApp.Web (20.1.7) - restriction: || (== net461) (&& (== netstandard2.0) (>= net452))
      DevExpress.Data (20.1.7) - restriction: || (== net461) (&& (== netstandard2.0) (>= net452))
      DevExpress.ExpressApp (20.1.7) - restriction: || (== net461) (&& (== netstandard2.0) (>= net452))
      DevExpress.Persistent.Base (20.1.7) - restriction: || (== net461) (&& (== netstandard2.0) (>= net452))
      DevExpress.Printing.Core (20.1.7) - restriction: || (== net461) (&& (== netstandard2.0) (>= net452))
      DevExpress.Utils (20.1.7) - restriction: || (== net461) (&& (== netstandard2.0) (>= net452))
      DevExpress.Web (20.1.7) - restriction: || (== net461) (&& (== netstandard2.0) (>= net452))
      DevExpress.Web.Themes (20.1.7) - restriction: || (== net461) (&& (== netstandard2.0) (>= net452))
    DevExpress.ExpressApp.Web.All (20.1.7)
      DevExpress.ExpressApp.Chart.Web (20.1.7) - restriction: || (== net461) (&& (== netstandard2.0) (>= net452))
      DevExpress.ExpressApp.Core.All (20.1.7) - restriction: || (== net461) (&& (== netstandard2.0) (>= net452))
      DevExpress.ExpressApp.Dashboards.Web (20.1.7) - restriction: || (== net461) (&& (== netstandard2.0) (>= net452))
      DevExpress.ExpressApp.EasyTest.WebAdapter (20.1.7) - restriction: || (== net461) (&& (== netstandard2.0) (>= net452))
      DevExpress.ExpressApp.FileAttachment.Web (20.1.7) - restriction: || (== net461) (&& (== netstandard2.0) (>= net452))
      DevExpress.ExpressApp.HtmlPropertyEditor.Web (20.1.7) - restriction: || (== net461) (&& (== netstandard2.0) (>= net452))
      DevExpress.ExpressApp.Maps.Web (20.1.7) - restriction: || (== net461) (&& (== netstandard2.0) (>= net452))
      DevExpress.ExpressApp.Notifications.Web (20.1.7) - restriction: || (== net461) (&& (== netstandard2.0) (>= net452))
      DevExpress.ExpressApp.Office.Web (20.1.7) - restriction: || (== net461) (&& (== netstandard2.0) (>= net452))
      DevExpress.ExpressApp.PivotChart.Web (20.1.7) - restriction: || (== net461) (&& (== netstandard2.0) (>= net452))
      DevExpress.ExpressApp.PivotGrid.Web (20.1.7) - restriction: || (== net461) (&& (== netstandard2.0) (>= net452))
      DevExpress.ExpressApp.ReportsV2.Web (20.1.7) - restriction: || (== net461) (&& (== netstandard2.0) (>= net452))
      DevExpress.ExpressApp.Scheduler.Web (20.1.7) - restriction: || (== net461) (&& (== netstandard2.0) (>= net452))
      DevExpress.ExpressApp.ScriptRecorder.Web (20.1.7) - restriction: || (== net461) (&& (== netstandard2.0) (>= net452))
      DevExpress.ExpressApp.TreeListEditors.Web (20.1.7) - restriction: || (== net461) (&& (== netstandard2.0) (>= net452))
      DevExpress.ExpressApp.Validation.Web (20.1.7) - restriction: || (== net461) (&& (== netstandard2.0) (>= net452))
      DevExpress.ExpressApp.Web (20.1.7) - restriction: || (== net461) (&& (== netstandard2.0) (>= net452))
    DevExpress.ExpressApp.Win (20.1.7) - restriction: || (== net461) (&& (== netstandard2.0) (>= net452))
      DevExpress.Data (20.1.7) - restriction: || (== net461) (&& (== netstandard2.0) (>= net452))
      DevExpress.Data.Desktop (20.1.7) - restriction: || (== net461) (&& (== netstandard2.0) (>= net452))
      DevExpress.DataAccess.UI (20.1.7) - restriction: || (== net461) (&& (== netstandard2.0) (>= net452))
      DevExpress.ExpressApp (20.1.7) - restriction: || (== net461) (&& (== netstandard2.0) (>= net452))
      DevExpress.Office.Core (20.1.7) - restriction: || (== net461) (&& (== netstandard2.0) (>= net452))
      DevExpress.Persistent.Base (20.1.7) - restriction: || (== net461) (&& (== netstandard2.0) (>= net452))
      DevExpress.Printing.Core (20.1.7) - restriction: || (== net461) (&& (== netstandard2.0) (>= net452))
      DevExpress.RichEdit.Core (20.1.7) - restriction: || (== net461) (&& (== netstandard2.0) (>= net452))
      DevExpress.Utils (20.1.7) - restriction: || (== net461) (&& (== netstandard2.0) (>= net452))
      DevExpress.Win (20.1.7) - restriction: || (== net461) (&& (== netstandard2.0) (>= net452))
      DevExpress.Win.BonusSkins (20.1.7) - restriction: || (== net461) (&& (== netstandard2.0) (>= net452))
      DevExpress.Win.Grid (20.1.7) - restriction: || (== net461) (&& (== netstandard2.0) (>= net452))
      DevExpress.Win.Navigation (20.1.7) - restriction: || (== net461) (&& (== netstandard2.0) (>= net452))
      DevExpress.Win.Printing (20.1.7) - restriction: || (== net461) (&& (== netstandard2.0) (>= net452))
      DevExpress.Win.RichEdit (20.1.7) - restriction: || (== net461) (&& (== netstandard2.0) (>= net452))
      DevExpress.Win.TreeList (20.1.7) - restriction: || (== net461) (&& (== netstandard2.0) (>= net452))
      DevExpress.Win.VerticalGrid (20.1.7) - restriction: || (== net461) (&& (== netstandard2.0) (>= net452))
    DevExpress.ExpressApp.Win.All (20.1.7)
      DevExpress.ExpressApp.Chart.Win (20.1.7) - restriction: || (== net461) (&& (== netstandard2.0) (>= net452))
      DevExpress.ExpressApp.Core.All (20.1.7) - restriction: || (== net461) (&& (== netstandard2.0) (>= net452))
      DevExpress.ExpressApp.Dashboards.Win (20.1.7) - restriction: || (== net461) (&& (== netstandard2.0) (>= net452))
      DevExpress.ExpressApp.EasyTest.WinAdapter (20.1.7) - restriction: || (== net461) (&& (== netstandard2.0) (>= net452))
      DevExpress.ExpressApp.FileAttachment.Win (20.1.7) - restriction: || (== net461) (&& (== netstandard2.0) (>= net452))
      DevExpress.ExpressApp.HtmlPropertyEditor.Win (20.1.7) - restriction: || (== net461) (&& (== netstandard2.0) (>= net452))
      DevExpress.ExpressApp.Notifications.Win (20.1.7) - restriction: || (== net461) (&& (== netstandard2.0) (>= net452))
      DevExpress.ExpressApp.Office.Win (20.1.7) - restriction: || (== net461) (&& (== netstandard2.0) (>= net452))
      DevExpress.ExpressApp.PivotChart.Win (20.1.7) - restriction: || (== net461) (&& (== netstandard2.0) (>= net452))
      DevExpress.ExpressApp.PivotGrid.Win (20.1.7) - restriction: || (== net461) (&& (== netstandard2.0) (>= net452))
      DevExpress.ExpressApp.ReportsV2.Win (20.1.7) - restriction: || (== net461) (&& (== netstandard2.0) (>= net452))
      DevExpress.ExpressApp.Scheduler.Win (20.1.7) - restriction: || (== net461) (&& (== netstandard2.0) (>= net452))
      DevExpress.ExpressApp.ScriptRecorder.Win (20.1.7) - restriction: || (== net461) (&& (== netstandard2.0) (>= net452))
      DevExpress.ExpressApp.TreeListEditors.Win (20.1.7) - restriction: || (== net461) (&& (== netstandard2.0) (>= net452))
      DevExpress.ExpressApp.Validation.Win (20.1.7) - restriction: || (== net461) (&& (== netstandard2.0) (>= net452))
      DevExpress.ExpressApp.Win (20.1.7) - restriction: || (== net461) (&& (== netstandard2.0) (>= net452))
      DevExpress.ExpressApp.Workflow.Win (20.1.7) - restriction: || (== net461) (&& (== netstandard2.0) (>= net452))
    DevExpress.ExpressApp.Workflow (20.1.7) - restriction: || (== net461) (&& (== netstandard2.0) (>= net452))
      DevExpress.Data (20.1.7) - restriction: || (== net461) (&& (== netstandard2.0) (>= net452))
      DevExpress.ExpressApp (20.1.7) - restriction: || (== net461) (&& (== netstandard2.0) (>= net452))
      DevExpress.ExpressApp.ConditionalAppearance (20.1.7) - restriction: || (== net461) (&& (== netstandard2.0) (>= net452))
      DevExpress.ExpressApp.Security (20.1.7) - restriction: || (== net461) (&& (== netstandard2.0) (>= net452))
      DevExpress.Persistent.Base (20.1.7) - restriction: || (== net461) (&& (== netstandard2.0) (>= net452))
      DevExpress.Utils (20.1.7) - restriction: || (== net461) (&& (== netstandard2.0) (>= net452))
    DevExpress.ExpressApp.Workflow.Win (20.1.7) - restriction: || (== net461) (&& (== netstandard2.0) (>= net452))
      DevExpress.Data (20.1.7) - restriction: || (== net461) (&& (== netstandard2.0) (>= net452))
      DevExpress.ExpressApp (20.1.7) - restriction: || (== net461) (&& (== netstandard2.0) (>= net452))
      DevExpress.ExpressApp.Win (20.1.7) - restriction: || (== net461) (&& (== netstandard2.0) (>= net452))
      DevExpress.ExpressApp.Workflow (20.1.7) - restriction: || (== net461) (&& (== netstandard2.0) (>= net452))
      DevExpress.Persistent.Base (20.1.7) - restriction: || (== net461) (&& (== netstandard2.0) (>= net452))
      DevExpress.Utils (20.1.7) - restriction: || (== net461) (&& (== netstandard2.0) (>= net452))
    DevExpress.ExpressApp.Xpo (20.1.7)
      DevExpress.Data (20.1.7)
      DevExpress.ExpressApp (20.1.7)
      DevExpress.Xpo (20.1.7)
      NETStandard.Library (>= 2.0.3) - restriction: || (&& (== net461) (< net452) (>= netstandard2.0)) (== netstandard2.0)
      System.Drawing.Common (>= 4.5) - restriction: || (&& (== net461) (< net452) (>= netstandard2.0)) (== netstandard2.0)
      System.Security.Permissions (>= 4.5) - restriction: || (&& (== net461) (< net452) (>= netstandard2.0)) (== netstandard2.0)
    DevExpress.Gauges.Core (20.1.7)
      DevExpress.Data (20.1.7)
      DevExpress.Printing.Core (20.1.7)
      NETStandard.Library (>= 2.0.3) - restriction: || (&& (== net461) (< net452) (>= netstandard2.0)) (== netstandard2.0)
      System.Drawing.Common (>= 4.5) - restriction: || (&& (== net461) (< net452) (>= netstandard2.0)) (== netstandard2.0)
    DevExpress.Images (20.1.7)
      DevExpress.Data (20.1.7)
      NETStandard.Library (>= 2.0.3) - restriction: || (&& (== net461) (< net452) (>= netstandard2.0)) (== netstandard2.0)
      System.Drawing.Common (>= 4.5) - restriction: || (&& (== net461) (< net452) (>= netstandard2.0)) (== netstandard2.0)
    DevExpress.Map.Core (20.1.7)
      DevExpress.Data (20.1.7)
      NETStandard.Library (>= 2.0.3) - restriction: || (&& (== net461) (< net452) (>= netstandard2.0)) (== netstandard2.0)
      System.Drawing.Common (>= 4.5) - restriction: || (&& (== net461) (< net452) (>= netstandard2.0)) (== netstandard2.0)
    DevExpress.Office.Core (20.1.7)
      DevExpress.Data (20.1.7)
      DevExpress.Pdf.Core (20.1.7)
      DevExpress.Printing.Core (20.1.7)
      NETStandard.Library (>= 2.0.3) - restriction: || (&& (== net461) (< net452) (>= netstandard2.0)) (== netstandard2.0)
      System.Drawing.Common (>= 4.5) - restriction: || (&& (== net461) (< net452) (>= netstandard2.0)) (== netstandard2.0)
    DevExpress.Pdf.Core (20.1.7)
      DevExpress.Data (20.1.7)
      NETStandard.Library (>= 2.0.3) - restriction: || (&& (== net461) (< net452) (>= netstandard2.0)) (== netstandard2.0)
      System.Drawing.Common (>= 4.5) - restriction: || (&& (== net461) (< net452) (>= netstandard2.0)) (== netstandard2.0)
      System.Reflection.Emit (>= 4.3) - restriction: || (&& (== net461) (< net452) (>= netstandard2.0)) (== netstandard2.0)
      System.Security.Cryptography.Pkcs (>= 4.5.2) - restriction: || (&& (== net461) (< net452) (>= netstandard2.0)) (== netstandard2.0)
    DevExpress.Pdf.Drawing (20.1.7)
      DevExpress.Data (20.1.7)
      DevExpress.Pdf.Core (20.1.7)
      NETStandard.Library (>= 2.0.3) - restriction: || (&& (== net461) (< net452) (>= netstandard2.0)) (== netstandard2.0)
      System.Drawing.Common (>= 4.5) - restriction: || (&& (== net461) (< net452) (>= netstandard2.0)) (== netstandard2.0)
    DevExpress.Persistent.Base (20.1.7)
      DevExpress.Data (20.1.7)
      DevExpress.ExpressApp (20.1.7)
      DevExpress.Printing.Core (20.1.7)
      DevExpress.Reporting.Core (20.1.7) - restriction: || (== net461) (&& (== netstandard2.0) (>= net452))
      NETStandard.Library (>= 2.0.3) - restriction: || (&& (== net461) (< net452) (>= netstandard2.0)) (== netstandard2.0)
      System.Drawing.Common (>= 4.5) - restriction: || (&& (== net461) (< net452) (>= netstandard2.0)) (== netstandard2.0)
    DevExpress.Persistent.BaseImpl (20.1.7)
      DevExpress.Data (20.1.7)
      DevExpress.ExpressApp (20.1.7)
      DevExpress.ExpressApp.Objects (20.1.7)
      DevExpress.ExpressApp.Xpo (20.1.7)
      DevExpress.Persistent.Base (20.1.7)
      DevExpress.Reporting.Core (20.1.7)
      DevExpress.Xpo (20.1.7)
      NETStandard.Library (>= 2.0.3) - restriction: || (&& (== net461) (< net452) (>= netstandard2.0)) (== netstandard2.0)
      System.Drawing.Common (>= 4.5) - restriction: || (&& (== net461) (< net452) (>= netstandard2.0)) (== netstandard2.0)
    DevExpress.PivotGrid.Core (20.1.7)
      DevExpress.Data (20.1.7)
      DevExpress.Printing.Core (20.1.7)
      NETStandard.Library (>= 2.0.3) - restriction: || (&& (== net461) (< net452) (>= netstandard2.0)) (== netstandard2.0)
      System.Drawing.Common (>= 4.5) - restriction: || (&& (== net461) (< net452) (>= netstandard2.0)) (== netstandard2.0)
    DevExpress.Printing.Core (20.1.7)
      DevExpress.Data (20.1.7)
      DevExpress.Pdf.Core (20.1.7)
      DevExpress.Pdf.Drawing (20.1.7)
      NETStandard.Library (>= 2.0.3) - restriction: || (&& (== net461) (< net452) (>= netstandard2.0)) (== netstandard2.0)
      System.ComponentModel.Annotations (>= 4.4) - restriction: || (&& (== net461) (< net452) (>= netstandard2.0)) (== netstandard2.0)
      System.Drawing.Common (>= 4.5) - restriction: || (&& (== net461) (< net452) (>= netstandard2.0)) (== netstandard2.0)
      System.Security.Cryptography.Pkcs (>= 4.5.2) - restriction: || (&& (== net461) (< net452) (>= netstandard2.0)) (== netstandard2.0)
      System.ServiceModel.Http (>= 4.4) - restriction: || (&& (== net461) (< net452) (>= netstandard2.0)) (== netstandard2.0)
    DevExpress.Reporting.Core (20.1.7)
      DevExpress.Charts (20.1.7)
      DevExpress.Charts.Core (20.1.7)
      DevExpress.CodeParser (20.1.7)
      DevExpress.Data (20.1.7)
      DevExpress.DataAccess (20.1.7)
      DevExpress.Gauges.Core (20.1.7)
      DevExpress.Office.Core (20.1.7)
      DevExpress.Pdf.Core (20.1.7)
      DevExpress.Pdf.Drawing (20.1.7)
      DevExpress.PivotGrid.Core (20.1.7)
      DevExpress.Printing.Core (20.1.7)
      DevExpress.RichEdit.Core (20.1.7)
      DevExpress.RichEdit.Export (20.1.7)
      DevExpress.Sparkline.Core (20.1.7)
      DevExpress.Xpo (20.1.7)
      NETStandard.Library (>= 2.0.3) - restriction: || (&& (== net461) (< net452) (>= netstandard2.0)) (== netstandard2.0)
      System.CodeDom (>= 4.4) - restriction: || (&& (== net461) (< net452) (>= netstandard2.0)) (== netstandard2.0)
      System.Collections.Immutable (>= 1.5) - restriction: || (&& (== net461) (< net452) (>= netstandard2.0)) (== netstandard2.0)
      System.Configuration.ConfigurationManager (>= 4.5) - restriction: || (&& (== net461) (< net452) (>= netstandard2.0)) (== netstandard2.0)
      System.Data.Common (>= 4.3) - restriction: || (&& (== net461) (< net452) (>= netstandard2.0)) (== netstandard2.0)
      System.Drawing.Common (>= 4.5) - restriction: || (&& (== net461) (< net452) (>= netstandard2.0)) (== netstandard2.0)
      System.Security.Permissions (>= 4.5) - restriction: || (&& (== net461) (< net452) (>= netstandard2.0)) (== netstandard2.0)
    DevExpress.RichEdit.Core (20.1.7)
      DevExpress.Data (20.1.7)
      DevExpress.Office.Core (20.1.7)
      DevExpress.Pdf.Core (20.1.7)
      DevExpress.Printing.Core (20.1.7)
      NETStandard.Library (>= 2.0.3) - restriction: || (&& (== net461) (< net452) (>= netstandard2.0)) (== netstandard2.0)
      System.Drawing.Common (>= 4.5) - restriction: || (&& (== net461) (< net452) (>= netstandard2.0)) (== netstandard2.0)
    DevExpress.RichEdit.Export (20.1.7)
      DevExpress.Data (20.1.7)
      DevExpress.Office.Core (20.1.7)
      DevExpress.Printing.Core (20.1.7)
      DevExpress.RichEdit.Core (20.1.7)
      NETStandard.Library (>= 2.0.3) - restriction: || (&& (== net461) (< net452) (>= netstandard2.0)) (== netstandard2.0)
      System.Drawing.Common (>= 4.5) - restriction: || (&& (== net461) (< net452) (>= netstandard2.0)) (== netstandard2.0)
    DevExpress.Scheduler.Core (20.1.7) - restriction: || (== net461) (&& (== netstandard2.0) (>= net452))
      DevExpress.Data (20.1.7) - restriction: || (== net461) (&& (== netstandard2.0) (>= net452))
      DevExpress.Data.Desktop (20.1.7) - restriction: || (== net461) (&& (== netstandard2.0) (>= net452))
      DevExpress.Images (20.1.7) - restriction: || (== net461) (&& (== netstandard2.0) (>= net452))
      DevExpress.Printing.Core (20.1.7) - restriction: || (== net461) (&& (== netstandard2.0) (>= net452))
    DevExpress.Snap.Core (20.1.7) - restriction: || (== net461) (&& (== netstandard2.0) (>= net452))
      DevExpress.Charts (20.1.7) - restriction: || (== net461) (&& (== netstandard2.0) (>= net452))
      DevExpress.Charts.Core (20.1.7) - restriction: || (== net461) (&& (== netstandard2.0) (>= net452))
      DevExpress.Data (20.1.7) - restriction: || (== net461) (&& (== netstandard2.0) (>= net452))
      DevExpress.DataAccess (20.1.7) - restriction: || (== net461) (&& (== netstandard2.0) (>= net452))
      DevExpress.Office.Core (20.1.7) - restriction: || (== net461) (&& (== netstandard2.0) (>= net452))
      DevExpress.Printing.Core (20.1.7) - restriction: || (== net461) (&& (== netstandard2.0) (>= net452))
      DevExpress.RichEdit.Core (20.1.7) - restriction: || (== net461) (&& (== netstandard2.0) (>= net452))
      DevExpress.Sparkline.Core (20.1.7) - restriction: || (== net461) (&& (== netstandard2.0) (>= net452))
    DevExpress.Sparkline.Core (20.1.7)
      DevExpress.Data (20.1.7)
    DevExpress.SpellChecker.Core (20.1.7) - restriction: || (== net461) (&& (== netstandard2.0) (>= net452))
      DevExpress.Data (20.1.7) - restriction: || (== net461) (&& (== netstandard2.0) (>= net452))
    DevExpress.Spreadsheet.Core (20.1.7)
      DevExpress.Charts.Core (20.1.7)
      DevExpress.Data (20.1.7)
      DevExpress.DataAccess (20.1.7)
      DevExpress.Office.Core (20.1.7)
      DevExpress.Pdf.Core (20.1.7)
      DevExpress.Printing.Core (20.1.7)
      DevExpress.Sparkline.Core (20.1.7)
      NETStandard.Library (>= 2.0.3) - restriction: || (&& (== net461) (< net452) (>= netstandard2.0)) (== netstandard2.0)
      System.Drawing.Common (>= 4.5) - restriction: || (&& (== net461) (< net452) (>= netstandard2.0)) (== netstandard2.0)
      System.Security.AccessControl (>= 4.5) - restriction: || (&& (== net461) (< net452) (>= netstandard2.0)) (== netstandard2.0)
    DevExpress.TreeMap.Core (20.1.7)
      DevExpress.Data (20.1.7)
      NETStandard.Library (>= 2.0.3) - restriction: || (&& (== net461) (< net452) (>= netstandard2.0)) (== netstandard2.0)
    DevExpress.Utils (20.1.7) - restriction: || (== net461) (&& (== netstandard2.0) (>= net452))
      DevExpress.Data (20.1.7) - restriction: || (== net461) (&& (== netstandard2.0) (>= net452))
      DevExpress.Data.Desktop (20.1.7) - restriction: || (== net461) (&& (== netstandard2.0) (>= net452))
      DevExpress.Printing.Core (20.1.7) - restriction: || (== net461) (&& (== netstandard2.0) (>= net452))
    DevExpress.Utils.UI (20.1.7) - restriction: || (== net461) (&& (== netstandard2.0) (>= net452))
      DevExpress.Data (20.1.7) - restriction: || (== net461) (&& (== netstandard2.0) (>= net452))
      DevExpress.Data.Desktop (20.1.7) - restriction: || (== net461) (&& (== netstandard2.0) (>= net452))
      DevExpress.DataAccess (20.1.7) - restriction: || (== net461) (&& (== netstandard2.0) (>= net452))
      DevExpress.Printing.Core (20.1.7) - restriction: || (== net461) (&& (== netstandard2.0) (>= net452))
      DevExpress.Utils (20.1.7) - restriction: || (== net461) (&& (== netstandard2.0) (>= net452))
      DevExpress.Win.Navigation (20.1.7) - restriction: || (== net461) (&& (== netstandard2.0) (>= net452))
      DevExpress.Win.Printing (20.1.7) - restriction: || (== net461) (&& (== netstandard2.0) (>= net452))
      DevExpress.Win.RichEdit (20.1.7) - restriction: || (== net461) (&& (== netstandard2.0) (>= net452))
      DevExpress.Win.TreeList (20.1.7) - restriction: || (== net461) (&& (== netstandard2.0) (>= net452))
      DevExpress.Win.VerticalGrid (20.1.7) - restriction: || (== net461) (&& (== netstandard2.0) (>= net452))
    DevExpress.Web (20.1.7) - restriction: || (== net461) (&& (== netstandard2.0) (>= net452))
      DevExpress.Data (20.1.7) - restriction: || (== net461) (&& (== netstandard2.0) (>= net452))
      DevExpress.Office.Core (20.1.7) - restriction: || (== net461) (&& (== netstandard2.0) (>= net452))
      DevExpress.PivotGrid.Core (20.1.7) - restriction: || (== net461) (&& (== netstandard2.0) (>= net452))
      DevExpress.Printing.Core (20.1.7) - restriction: || (== net461) (&& (== netstandard2.0) (>= net452))
      DevExpress.RichEdit.Core (20.1.7) - restriction: || (== net461) (&& (== netstandard2.0) (>= net452))
      DevExpress.RichEdit.Export (20.1.7) - restriction: || (== net461) (&& (== netstandard2.0) (>= net452))
      DevExpress.SpellChecker.Core (20.1.7) - restriction: || (== net461) (&& (== netstandard2.0) (>= net452))
    DevExpress.Web.Dashboard (20.1.7) - restriction: || (== net461) (&& (== netstandard2.0) (>= net452))
      DevExpress.Dashboard.Core (20.1.7) - restriction: || (== net461) (&& (== netstandard2.0) (>= net452))
      DevExpress.Data (20.1.7) - restriction: || (== net461) (&& (== netstandard2.0) (>= net452))
      DevExpress.DataAccess (20.1.7) - restriction: || (== net461) (&& (== netstandard2.0) (>= net452))
      DevExpress.Web (20.1.7) - restriction: || (== net461) (&& (== netstandard2.0) (>= net452))
      DevExpress.Web.Dashboard.Common (20.1.7) - restriction: || (== net461) (&& (== netstandard2.0) (>= net452))
    DevExpress.Web.Dashboard.Common (20.1.7) - restriction: || (== net461) (&& (== netstandard2.0) (>= net452))
      DevExpress.Charts.Core (20.1.7) - restriction: || (== net461) (&& (== netstandard2.0) (>= net452))
      DevExpress.Dashboard.Core (20.1.7)
      DevExpress.Data (20.1.7)
      DevExpress.DataAccess (20.1.7)
      DevExpress.Pdf.Core (20.1.7) - restriction: || (== net461) (&& (== netstandard2.0) (>= net452))
      DevExpress.PivotGrid.Core (20.1.7)
      DevExpress.Printing.Core (20.1.7)
      DevExpress.Reporting.Core (20.1.7)
      DevExpress.RichEdit.Core (20.1.7) - restriction: || (== net461) (&& (== netstandard2.0) (>= net452))
      DevExpress.Xpo (20.1.7) - restriction: || (== net461) (&& (== netstandard2.0) (>= net452))
    DevExpress.Web.Office (20.1.7) - restriction: || (== net461) (&& (== netstandard2.0) (>= net452))
      DevExpress.Charts (20.1.7) - restriction: || (== net461) (&& (== netstandard2.0) (>= net452))
      DevExpress.Charts.Core (20.1.7) - restriction: || (== net461) (&& (== netstandard2.0) (>= net452))
      DevExpress.Data (20.1.7) - restriction: || (== net461) (&& (== netstandard2.0) (>= net452))
      DevExpress.Office.Core (20.1.7) - restriction: || (== net461) (&& (== netstandard2.0) (>= net452))
      DevExpress.Printing.Core (20.1.7) - restriction: || (== net461) (&& (== netstandard2.0) (>= net452))
      DevExpress.RichEdit.Core (20.1.7) - restriction: || (== net461) (&& (== netstandard2.0) (>= net452))
      DevExpress.SpellChecker.Core (20.1.7) - restriction: || (== net461) (&& (== netstandard2.0) (>= net452))
      DevExpress.Spreadsheet.Core (20.1.7) - restriction: || (== net461) (&& (== netstandard2.0) (>= net452))
      DevExpress.Web (20.1.7) - restriction: || (== net461) (&& (== netstandard2.0) (>= net452))
    DevExpress.Web.Reporting (20.1.7) - restriction: || (== net461) (&& (== netstandard2.0) (>= net452))
      DevExpress.Data (20.1.7) - restriction: || (== net461) (&& (== netstandard2.0) (>= net452))
      DevExpress.DataAccess (20.1.7) - restriction: || (== net461) (&& (== netstandard2.0) (>= net452))
      DevExpress.Printing.Core (20.1.7) - restriction: || (== net461) (&& (== netstandard2.0) (>= net452))
      DevExpress.Reporting.Core (20.1.7) - restriction: || (== net461) (&& (== netstandard2.0) (>= net452))
      DevExpress.Utils (20.1.7) - restriction: || (== net461) (&& (== netstandard2.0) (>= net452))
      DevExpress.Web (20.1.7) - restriction: || (== net461) (&& (== netstandard2.0) (>= net452))
      DevExpress.Web.Reporting.Common (20.1.7) - restriction: || (== net461) (&& (== netstandard2.0) (>= net452))
    DevExpress.Web.Reporting.Common (20.1.7) - restriction: || (== net461) (&& (== netstandard2.0) (>= net452))
      DevExpress.Charts (20.1.7)
      DevExpress.Charts.Core (20.1.7)
      DevExpress.Data (20.1.7)
      DevExpress.DataAccess (20.1.7)
      DevExpress.Gauges.Core (20.1.7)
      DevExpress.PivotGrid.Core (20.1.7)
      DevExpress.Printing.Core (20.1.7)
      DevExpress.Reporting.Core (20.1.7)
      DevExpress.Sparkline.Core (20.1.7)
    DevExpress.Web.Scheduler (20.1.7) - restriction: || (== net461) (&& (== netstandard2.0) (>= net452))
      DevExpress.Data (20.1.7) - restriction: || (== net461) (&& (== netstandard2.0) (>= net452))
      DevExpress.Scheduler.Core (20.1.7) - restriction: || (== net461) (&& (== netstandard2.0) (>= net452))
      DevExpress.Web (20.1.7) - restriction: || (== net461) (&& (== netstandard2.0) (>= net452))
    DevExpress.Web.Themes (20.1.7) - restriction: || (== net461) (&& (== netstandard2.0) (>= net452))
      DevExpress.Web (20.1.7) - restriction: || (== net461) (&& (== netstandard2.0) (>= net452))
    DevExpress.Web.Visualization (20.1.7) - restriction: || (== net461) (&& (== netstandard2.0) (>= net452))
      DevExpress.Charts (20.1.7) - restriction: || (== net461) (&& (== netstandard2.0) (>= net452))
      DevExpress.Charts.Core (20.1.7) - restriction: || (== net461) (&& (== netstandard2.0) (>= net452))
      DevExpress.Data (20.1.7) - restriction: || (== net461) (&& (== netstandard2.0) (>= net452))
      DevExpress.Gauges.Core (20.1.7) - restriction: || (== net461) (&& (== netstandard2.0) (>= net452))
      DevExpress.Printing.Core (20.1.7) - restriction: || (== net461) (&& (== netstandard2.0) (>= net452))
      DevExpress.Web (20.1.7) - restriction: || (== net461) (&& (== netstandard2.0) (>= net452))
    DevExpress.Win (20.1.7) - restriction: || (== net461) (&& (== netstandard2.0) (>= net452))
      DevExpress.Data (20.1.7) - restriction: || (== net461) (&& (== netstandard2.0) (>= net452))
      DevExpress.Data.Desktop (20.1.7) - restriction: || (== net461) (&& (== netstandard2.0) (>= net452))
      DevExpress.RichEdit.Export (20.1.7) - restriction: || (== net461) (&& (== netstandard2.0) (>= net452))
      DevExpress.Utils (20.1.7) - restriction: || (== net461) (&& (== netstandard2.0) (>= net452))
      DevExpress.Win.Grid (20.1.7) - restriction: || (== net461) (&& (== netstandard2.0) (>= net452))
      DevExpress.Win.Navigation (20.1.7) - restriction: || (== net461) (&& (== netstandard2.0) (>= net452))
      DevExpress.Win.PivotGrid (20.1.7) - restriction: || (== net461) (&& (== netstandard2.0) (>= net452))
      DevExpress.Win.Printing (20.1.7) - restriction: || (== net461) (&& (== netstandard2.0) (>= net452))
      DevExpress.Win.TreeList (20.1.7) - restriction: || (== net461) (&& (== netstandard2.0) (>= net452))
      DevExpress.Win.VerticalGrid (20.1.7) - restriction: || (== net461) (&& (== netstandard2.0) (>= net452))
    DevExpress.Win.BonusSkins (20.1.7) - restriction: || (== net461) (&& (== netstandard2.0) (>= net452))
      DevExpress.Utils (20.1.7) - restriction: || (== net461) (&& (== netstandard2.0) (>= net452))
    DevExpress.Win.Charts (20.1.7) - restriction: || (== net461) (&& (== netstandard2.0) (>= net452))
      DevExpress.Charts (20.1.7) - restriction: || (== net461) (&& (== netstandard2.0) (>= net452))
      DevExpress.Charts.Core (20.1.7) - restriction: || (== net461) (&& (== netstandard2.0) (>= net452))
      DevExpress.Data (20.1.7) - restriction: || (== net461) (&& (== netstandard2.0) (>= net452))
      DevExpress.Data.Desktop (20.1.7) - restriction: || (== net461) (&& (== netstandard2.0) (>= net452))
      DevExpress.DataAccess.UI (20.1.7) - restriction: || (== net461) (&& (== netstandard2.0) (>= net452))
      DevExpress.Printing.Core (20.1.7) - restriction: || (== net461) (&& (== netstandard2.0) (>= net452))
      DevExpress.Utils (20.1.7) - restriction: || (== net461) (&& (== netstandard2.0) (>= net452))
      DevExpress.Utils.UI (20.1.7) - restriction: || (== net461) (&& (== netstandard2.0) (>= net452))
      DevExpress.Win (20.1.7) - restriction: || (== net461) (&& (== netstandard2.0) (>= net452))
      DevExpress.Win.Grid (20.1.7) - restriction: || (== net461) (&& (== netstandard2.0) (>= net452))
      DevExpress.Win.Navigation (20.1.7) - restriction: || (== net461) (&& (== netstandard2.0) (>= net452))
      DevExpress.Win.Printing (20.1.7) - restriction: || (== net461) (&& (== netstandard2.0) (>= net452))
      DevExpress.Win.TreeList (20.1.7) - restriction: || (== net461) (&& (== netstandard2.0) (>= net452))
      DevExpress.Win.VerticalGrid (20.1.7) - restriction: || (== net461) (&& (== netstandard2.0) (>= net452))
    DevExpress.Win.Dashboard (20.1.7) - restriction: || (== net461) (&& (== netstandard2.0) (>= net452))
      DevExpress.Charts (20.1.7) - restriction: || (== net461) (&& (== netstandard2.0) (>= net452))
      DevExpress.Charts.Core (20.1.7) - restriction: || (== net461) (&& (== netstandard2.0) (>= net452))
      DevExpress.Dashboard.Core (20.1.7) - restriction: || (== net461) (&& (== netstandard2.0) (>= net452))
      DevExpress.Data (20.1.7) - restriction: || (== net461) (&& (== netstandard2.0) (>= net452))
      DevExpress.Data.Desktop (20.1.7) - restriction: || (== net461) (&& (== netstandard2.0) (>= net452))
      DevExpress.DataAccess (20.1.7) - restriction: || (== net461) (&& (== netstandard2.0) (>= net452))
      DevExpress.DataAccess.UI (20.1.7) - restriction: || (== net461) (&& (== netstandard2.0) (>= net452))
      DevExpress.Gauges.Core (20.1.7) - restriction: || (== net461) (&& (== netstandard2.0) (>= net452))
      DevExpress.Map.Core (20.1.7) - restriction: || (== net461) (&& (== netstandard2.0) (>= net452))
      DevExpress.Office.Core (20.1.7) - restriction: || (== net461) (&& (== netstandard2.0) (>= net452))
      DevExpress.PivotGrid.Core (20.1.7) - restriction: || (== net461) (&& (== netstandard2.0) (>= net452))
      DevExpress.Printing.Core (20.1.7) - restriction: || (== net461) (&& (== netstandard2.0) (>= net452))
      DevExpress.Reporting.Core (20.1.7) - restriction: || (== net461) (&& (== netstandard2.0) (>= net452))
      DevExpress.RichEdit.Core (20.1.7) - restriction: || (== net461) (&& (== netstandard2.0) (>= net452))
      DevExpress.Sparkline.Core (20.1.7) - restriction: || (== net461) (&& (== netstandard2.0) (>= net452))
      DevExpress.TreeMap.Core (20.1.7) - restriction: || (== net461) (&& (== netstandard2.0) (>= net452))
      DevExpress.Utils (20.1.7) - restriction: || (== net461) (&& (== netstandard2.0) (>= net452))
      DevExpress.Utils.UI (20.1.7) - restriction: || (== net461) (&& (== netstandard2.0) (>= net452))
      DevExpress.Win.Charts (20.1.7) - restriction: || (== net461) (&& (== netstandard2.0) (>= net452))
      DevExpress.Win.Gauges (20.1.7) - restriction: || (== net461) (&& (== netstandard2.0) (>= net452))
      DevExpress.Win.Grid (20.1.7) - restriction: || (== net461) (&& (== netstandard2.0) (>= net452))
      DevExpress.Win.Map (20.1.7) - restriction: || (== net461) (&& (== netstandard2.0) (>= net452))
      DevExpress.Win.Navigation (20.1.7) - restriction: || (== net461) (&& (== netstandard2.0) (>= net452))
      DevExpress.Win.PivotGrid (20.1.7) - restriction: || (== net461) (&& (== netstandard2.0) (>= net452))
      DevExpress.Win.Printing (20.1.7) - restriction: || (== net461) (&& (== netstandard2.0) (>= net452))
      DevExpress.Win.RichEdit (20.1.7) - restriction: || (== net461) (&& (== netstandard2.0) (>= net452))
      DevExpress.Win.TreeList (20.1.7) - restriction: || (== net461) (&& (== netstandard2.0) (>= net452))
      DevExpress.Win.TreeMap (20.1.7) - restriction: || (== net461) (&& (== netstandard2.0) (>= net452))
      DevExpress.Xpo (20.1.7) - restriction: || (== net461) (&& (== netstandard2.0) (>= net452))
    DevExpress.Win.Diagram (20.1.7) - restriction: || (== net461) (&& (== netstandard2.0) (>= net452))
      DevExpress.Data (20.1.7) - restriction: || (== net461) (&& (== netstandard2.0) (>= net452))
      DevExpress.Data.Desktop (20.1.7) - restriction: || (== net461) (&& (== netstandard2.0) (>= net452))
      DevExpress.Diagram.Core (20.1.7) - restriction: || (== net461) (&& (== netstandard2.0) (>= net452))
      DevExpress.Pdf.Core (20.1.7) - restriction: || (== net461) (&& (== netstandard2.0) (>= net452))
      DevExpress.Printing.Core (20.1.7) - restriction: || (== net461) (&& (== netstandard2.0) (>= net452))
      DevExpress.Utils (20.1.7) - restriction: || (== net461) (&& (== netstandard2.0) (>= net452))
      DevExpress.Win.Navigation (20.1.7) - restriction: || (== net461) (&& (== netstandard2.0) (>= net452))
      DevExpress.Win.Printing (20.1.7) - restriction: || (== net461) (&& (== netstandard2.0) (>= net452))
      DevExpress.Win.VerticalGrid (20.1.7) - restriction: || (== net461) (&& (== netstandard2.0) (>= net452))
    DevExpress.Win.Gauges (20.1.7) - restriction: || (== net461) (&& (== netstandard2.0) (>= net452))
      DevExpress.Data (20.1.7) - restriction: || (== net461) (&& (== netstandard2.0) (>= net452))
      DevExpress.Data.Desktop (20.1.7) - restriction: || (== net461) (&& (== netstandard2.0) (>= net452))
      DevExpress.Gauges.Core (20.1.7) - restriction: || (== net461) (&& (== netstandard2.0) (>= net452))
      DevExpress.Printing.Core (20.1.7) - restriction: || (== net461) (&& (== netstandard2.0) (>= net452))
      DevExpress.Utils (20.1.7) - restriction: || (== net461) (&& (== netstandard2.0) (>= net452))
      DevExpress.Win.Navigation (20.1.7) - restriction: || (== net461) (&& (== netstandard2.0) (>= net452))
      DevExpress.Win.Printing (20.1.7) - restriction: || (== net461) (&& (== netstandard2.0) (>= net452))
    DevExpress.Win.Grid (20.1.7) - restriction: || (== net461) (&& (== netstandard2.0) (>= net452))
      DevExpress.Data (20.1.7) - restriction: || (== net461) (&& (== netstandard2.0) (>= net452))
      DevExpress.Data.Desktop (20.1.7) - restriction: || (== net461) (&& (== netstandard2.0) (>= net452))
      DevExpress.Printing.Core (20.1.7) - restriction: || (== net461) (&& (== netstandard2.0) (>= net452))
      DevExpress.Utils (20.1.7) - restriction: || (== net461) (&& (== netstandard2.0) (>= net452))
      DevExpress.Win.Navigation (20.1.7) - restriction: || (== net461) (&& (== netstandard2.0) (>= net452))
      DevExpress.Win.Printing (20.1.7) - restriction: || (== net461) (&& (== netstandard2.0) (>= net452))
    DevExpress.Win.Map (20.1.7) - restriction: || (== net461) (&& (== netstandard2.0) (>= net452))
      DevExpress.Data (20.1.7) - restriction: || (== net461) (&& (== netstandard2.0) (>= net452))
      DevExpress.Data.Desktop (20.1.7) - restriction: || (== net461) (&& (== netstandard2.0) (>= net452))
      DevExpress.Map.Core (20.1.7) - restriction: || (== net461) (&& (== netstandard2.0) (>= net452))
      DevExpress.Printing.Core (20.1.7) - restriction: || (== net461) (&& (== netstandard2.0) (>= net452))
      DevExpress.Utils (20.1.7) - restriction: || (== net461) (&& (== netstandard2.0) (>= net452))
      DevExpress.Win.Navigation (20.1.7) - restriction: || (== net461) (&& (== netstandard2.0) (>= net452))
      DevExpress.Win.Printing (20.1.7) - restriction: || (== net461) (&& (== netstandard2.0) (>= net452))
    DevExpress.Win.Navigation (20.1.7) - restriction: || (== net461) (&& (== netstandard2.0) (>= net452))
      DevExpress.Data (20.1.7) - restriction: || (== net461) (&& (== netstandard2.0) (>= net452))
      DevExpress.Data.Desktop (20.1.7) - restriction: || (== net461) (&& (== netstandard2.0) (>= net452))
      DevExpress.Printing.Core (20.1.7) - restriction: || (== net461) (&& (== netstandard2.0) (>= net452))
      DevExpress.Sparkline.Core (20.1.7) - restriction: || (== net461) (&& (== netstandard2.0) (>= net452))
      DevExpress.Utils (20.1.7) - restriction: || (== net461) (&& (== netstandard2.0) (>= net452))
    DevExpress.Win.PivotGrid (20.1.7) - restriction: || (== net461) (&& (== netstandard2.0) (>= net452))
      DevExpress.Data (20.1.7) - restriction: || (== net461) (&& (== netstandard2.0) (>= net452))
      DevExpress.PivotGrid.Core (20.1.7) - restriction: || (== net461) (&& (== netstandard2.0) (>= net452))
      DevExpress.Printing.Core (20.1.7) - restriction: || (== net461) (&& (== netstandard2.0) (>= net452))
      DevExpress.Utils (20.1.7) - restriction: || (== net461) (&& (== netstandard2.0) (>= net452))
      DevExpress.Win.Navigation (20.1.7) - restriction: || (== net461) (&& (== netstandard2.0) (>= net452))
    DevExpress.Win.Printing (20.1.7) - restriction: || (== net461) (&& (== netstandard2.0) (>= net452))
      DevExpress.Data (20.1.7) - restriction: || (== net461) (&& (== netstandard2.0) (>= net452))
      DevExpress.Data.Desktop (20.1.7) - restriction: || (== net461) (&& (== netstandard2.0) (>= net452))
      DevExpress.Printing.Core (20.1.7) - restriction: || (== net461) (&& (== netstandard2.0) (>= net452))
      DevExpress.RichEdit.Core (20.1.7) - restriction: || (== net461) (&& (== netstandard2.0) (>= net452))
      DevExpress.Utils (20.1.7) - restriction: || (== net461) (&& (== netstandard2.0) (>= net452))
      DevExpress.Win.Navigation (20.1.7) - restriction: || (== net461) (&& (== netstandard2.0) (>= net452))
      DevExpress.Win.TreeList (20.1.7) - restriction: || (== net461) (&& (== netstandard2.0) (>= net452))
    DevExpress.Win.Reporting (20.1.7) - restriction: || (== net461) (&& (== netstandard2.0) (>= net452))
      DevExpress.Charts (20.1.7) - restriction: || (== net461) (&& (== netstandard2.0) (>= net452))
      DevExpress.Charts.Core (20.1.7) - restriction: || (== net461) (&& (== netstandard2.0) (>= net452))
      DevExpress.CodeParser (20.1.7) - restriction: || (== net461) (&& (== netstandard2.0) (>= net452))
      DevExpress.Data (20.1.7) - restriction: || (== net461) (&& (== netstandard2.0) (>= net452))
      DevExpress.Data.Desktop (20.1.7) - restriction: || (== net461) (&& (== netstandard2.0) (>= net452))
      DevExpress.DataAccess (20.1.7) - restriction: || (== net461) (&& (== netstandard2.0) (>= net452))
      DevExpress.DataAccess.UI (20.1.7) - restriction: || (== net461) (&& (== netstandard2.0) (>= net452))
      DevExpress.Gauges.Core (20.1.7) - restriction: || (== net461) (&& (== netstandard2.0) (>= net452))
      DevExpress.Office.Core (20.1.7) - restriction: || (== net461) (&& (== netstandard2.0) (>= net452))
      DevExpress.PivotGrid.Core (20.1.7) - restriction: || (== net461) (&& (== netstandard2.0) (>= net452))
      DevExpress.Printing.Core (20.1.7) - restriction: || (== net461) (&& (== netstandard2.0) (>= net452))
      DevExpress.Reporting.Core (20.1.7) - restriction: || (== net461) (&& (== netstandard2.0) (>= net452))
      DevExpress.RichEdit.Core (20.1.7) - restriction: || (== net461) (&& (== netstandard2.0) (>= net452))
      DevExpress.Sparkline.Core (20.1.7) - restriction: || (== net461) (&& (== netstandard2.0) (>= net452))
      DevExpress.Utils (20.1.7) - restriction: || (== net461) (&& (== netstandard2.0) (>= net452))
      DevExpress.Utils.UI (20.1.7) - restriction: || (== net461) (&& (== netstandard2.0) (>= net452))
      DevExpress.Win (20.1.7) - restriction: || (== net461) (&& (== netstandard2.0) (>= net452))
      DevExpress.Win.Charts (20.1.7) - restriction: || (== net461) (&& (== netstandard2.0) (>= net452))
      DevExpress.Win.Grid (20.1.7) - restriction: || (== net461) (&& (== netstandard2.0) (>= net452))
      DevExpress.Win.Navigation (20.1.7) - restriction: || (== net461) (&& (== netstandard2.0) (>= net452))
      DevExpress.Win.PivotGrid (20.1.7) - restriction: || (== net461) (&& (== netstandard2.0) (>= net452))
      DevExpress.Win.Printing (20.1.7) - restriction: || (== net461) (&& (== netstandard2.0) (>= net452))
      DevExpress.Win.RichEdit (20.1.7) - restriction: || (== net461) (&& (== netstandard2.0) (>= net452))
      DevExpress.Win.TreeList (20.1.7) - restriction: || (== net461) (&& (== netstandard2.0) (>= net452))
      DevExpress.Win.VerticalGrid (20.1.7) - restriction: || (== net461) (&& (== netstandard2.0) (>= net452))
    DevExpress.Win.RichEdit (20.1.7) - restriction: || (== net461) (&& (== netstandard2.0) (>= net452))
      DevExpress.Data (20.1.7) - restriction: || (== net461) (&& (== netstandard2.0) (>= net452))
      DevExpress.Data.Desktop (20.1.7) - restriction: || (== net461) (&& (== netstandard2.0) (>= net452))
      DevExpress.Images (20.1.7) - restriction: || (== net461) (&& (== netstandard2.0) (>= net452))
      DevExpress.Office.Core (20.1.7) - restriction: || (== net461) (&& (== netstandard2.0) (>= net452))
      DevExpress.Pdf.Core (20.1.7) - restriction: || (== net461) (&& (== netstandard2.0) (>= net452))
      DevExpress.Printing.Core (20.1.7) - restriction: || (== net461) (&& (== netstandard2.0) (>= net452))
      DevExpress.RichEdit.Core (20.1.7) - restriction: || (== net461) (&& (== netstandard2.0) (>= net452))
      DevExpress.Utils (20.1.7) - restriction: || (== net461) (&& (== netstandard2.0) (>= net452))
      DevExpress.Win.Grid (20.1.7) - restriction: || (== net461) (&& (== netstandard2.0) (>= net452))
      DevExpress.Win.Navigation (20.1.7) - restriction: || (== net461) (&& (== netstandard2.0) (>= net452))
      DevExpress.Win.Printing (20.1.7) - restriction: || (== net461) (&& (== netstandard2.0) (>= net452))
    DevExpress.Win.Scheduler (20.1.7) - restriction: || (== net461) (&& (== netstandard2.0) (>= net452))
      DevExpress.Data (20.1.7) - restriction: || (== net461) (&& (== netstandard2.0) (>= net452))
      DevExpress.Data.Desktop (20.1.7) - restriction: || (== net461) (&& (== netstandard2.0) (>= net452))
      DevExpress.Printing.Core (20.1.7) - restriction: || (== net461) (&& (== netstandard2.0) (>= net452))
      DevExpress.Scheduler.Core (20.1.7) - restriction: || (== net461) (&& (== netstandard2.0) (>= net452))
      DevExpress.Utils (20.1.7) - restriction: || (== net461) (&& (== netstandard2.0) (>= net452))
      DevExpress.Win.Grid (20.1.7) - restriction: || (== net461) (&& (== netstandard2.0) (>= net452))
      DevExpress.Win.Navigation (20.1.7) - restriction: || (== net461) (&& (== netstandard2.0) (>= net452))
      DevExpress.Win.Printing (20.1.7) - restriction: || (== net461) (&& (== netstandard2.0) (>= net452))
    DevExpress.Win.Spreadsheet (20.1.7) - restriction: || (== net461) (&& (== netstandard2.0) (>= net452))
      DevExpress.Charts (20.1.7) - restriction: || (== net461) (&& (== netstandard2.0) (>= net452))
      DevExpress.Charts.Core (20.1.7) - restriction: || (== net461) (&& (== netstandard2.0) (>= net452))
      DevExpress.Data (20.1.7) - restriction: || (== net461) (&& (== netstandard2.0) (>= net452))
      DevExpress.Data.Desktop (20.1.7) - restriction: || (== net461) (&& (== netstandard2.0) (>= net452))
      DevExpress.DataAccess (20.1.7) - restriction: || (== net461) (&& (== netstandard2.0) (>= net452))
      DevExpress.DataAccess.UI (20.1.7) - restriction: || (== net461) (&& (== netstandard2.0) (>= net452))
      DevExpress.Office.Core (20.1.7) - restriction: || (== net461) (&& (== netstandard2.0) (>= net452))
      DevExpress.Printing.Core (20.1.7) - restriction: || (== net461) (&& (== netstandard2.0) (>= net452))
      DevExpress.RichEdit.Core (20.1.7) - restriction: || (== net461) (&& (== netstandard2.0) (>= net452))
      DevExpress.Spreadsheet.Core (20.1.7) - restriction: || (== net461) (&& (== netstandard2.0) (>= net452))
      DevExpress.Utils (20.1.7) - restriction: || (== net461) (&& (== netstandard2.0) (>= net452))
      DevExpress.Utils.UI (20.1.7) - restriction: || (== net461) (&& (== netstandard2.0) (>= net452))
      DevExpress.Win (20.1.7) - restriction: || (== net461) (&& (== netstandard2.0) (>= net452))
      DevExpress.Win.Grid (20.1.7) - restriction: || (== net461) (&& (== netstandard2.0) (>= net452))
      DevExpress.Win.Navigation (20.1.7) - restriction: || (== net461) (&& (== netstandard2.0) (>= net452))
      DevExpress.Win.Printing (20.1.7) - restriction: || (== net461) (&& (== netstandard2.0) (>= net452))
      DevExpress.Win.RichEdit (20.1.7) - restriction: || (== net461) (&& (== netstandard2.0) (>= net452))
      DevExpress.Win.TreeList (20.1.7) - restriction: || (== net461) (&& (== netstandard2.0) (>= net452))
    DevExpress.Win.TreeList (20.1.7) - restriction: || (== net461) (&& (== netstandard2.0) (>= net452))
      DevExpress.Data (20.1.7) - restriction: || (== net461) (&& (== netstandard2.0) (>= net452))
      DevExpress.Data.Desktop (20.1.7) - restriction: || (== net461) (&& (== netstandard2.0) (>= net452))
      DevExpress.Printing.Core (20.1.7) - restriction: || (== net461) (&& (== netstandard2.0) (>= net452))
      DevExpress.Utils (20.1.7) - restriction: || (== net461) (&& (== netstandard2.0) (>= net452))
      DevExpress.Win.Navigation (20.1.7) - restriction: || (== net461) (&& (== netstandard2.0) (>= net452))
    DevExpress.Win.TreeMap (20.1.7) - restriction: || (== net461) (&& (== netstandard2.0) (>= net452))
      DevExpress.Data (20.1.7) - restriction: || (== net461) (&& (== netstandard2.0) (>= net452))
      DevExpress.Printing.Core (20.1.7) - restriction: || (== net461) (&& (== netstandard2.0) (>= net452))
      DevExpress.TreeMap.Core (20.1.7) - restriction: || (== net461) (&& (== netstandard2.0) (>= net452))
      DevExpress.Utils (20.1.7) - restriction: || (== net461) (&& (== netstandard2.0) (>= net452))
      DevExpress.Win.Navigation (20.1.7) - restriction: || (== net461) (&& (== netstandard2.0) (>= net452))
      DevExpress.Win.Printing (20.1.7) - restriction: || (== net461) (&& (== netstandard2.0) (>= net452))
    DevExpress.Win.VerticalGrid (20.1.7) - restriction: || (== net461) (&& (== netstandard2.0) (>= net452))
      DevExpress.Data (20.1.7) - restriction: || (== net461) (&& (== netstandard2.0) (>= net452))
      DevExpress.Data.Desktop (20.1.7) - restriction: || (== net461) (&& (== netstandard2.0) (>= net452))
      DevExpress.Printing.Core (20.1.7) - restriction: || (== net461) (&& (== netstandard2.0) (>= net452))
      DevExpress.Utils (20.1.7) - restriction: || (== net461) (&& (== netstandard2.0) (>= net452))
      DevExpress.Win.Navigation (20.1.7) - restriction: || (== net461) (&& (== netstandard2.0) (>= net452))
      DevExpress.Win.Printing (20.1.7) - restriction: || (== net461) (&& (== netstandard2.0) (>= net452))
  remote: https://xpandnugetserver.azurewebsites.net/nuget
    DevExpress.ExpressApp.Reports (20.1.7)
    DevExpress.ExpressApp.Reports.Win (20.1.7)
    Xpand.Extensions (2.202.47.1)
      Fasterflect.Xpand (>= 2.0.7)
      JetBrains.Annotations (>= 2020.1)
      Microsoft.CSharp (>= 4.7)
      System.CodeDom (>= 4.7)
      System.Reflection.Emit (>= 4.7)
    Xpand.Extensions.Mono.Cecil (2.202.42.1)
      Fasterflect.Xpand (>= 2.0.7)
      JetBrains.Annotations (>= 2020.1)
      Mono.Cecil (>= 0.11.2)
      System.CodeDom (>= 4.7)
    Xpand.Extensions.Office.Cloud (2.202.48.2)
      Fasterflect.Xpand (>= 2.0.7)
      JetBrains.Annotations (>= 2020.1)
      Newtonsoft.Json (>= 12.0.3)
      System.Reactive (>= 4.4.1)
      Xpand.Extensions (>= 2.202.47.1)
      Xpand.Extensions.Reactive (>= 2.202.48.2)
      Xpand.Extensions.XAF (>= 2.202.48.2)
      Xpand.XAF.Modules.Reactive (>= 2.202.48.2)
    Xpand.Extensions.Reactive (2.202.48.2)
      Fasterflect.Xpand (>= 2.0.7)
      JetBrains.Annotations (>= 2020.1)
      System.CodeDom (>= 4.7)
      System.Reactive (>= 4.4.1)
      System.Reflection.Emit (>= 4.7)
      Xpand.Extensions (>= 2.202.47.1)
    Xpand.Extensions.XAF (2.202.48.2)
      Fasterflect.Xpand (>= 2.0.7)
      JetBrains.Annotations (>= 2020.1)
      System.Reflection.Emit (>= 4.7)
      Xpand.Extensions (>= 2.202.47.1)
      Xpand.Patcher (>= 2.0.24)
      Xpand.VersionConverter (>= 2.202.10)
    Xpand.Extensions.XAF.Xpo (2.202.44.1)
      JetBrains.Annotations (>= 2020.1)
      Xpand.VersionConverter (>= 2.202.10)
    Xpand.Patcher (2.0.24)
      Mono.Cecil (>= 0.11.2) - restriction: || (== net461) (&& (== netstandard2.0) (>= net45))
    Xpand.VersionConverter (2.202.10)
    Xpand.XAF.Core.All (2.202.39.4)
      Xpand.Extensions (>= 2.202.47.1)
      Xpand.Extensions.Mono.Cecil (>= 2.202.42.1)
      Xpand.Extensions.Office.Cloud (>= 2.202.48.2)
      Xpand.Extensions.Reactive (>= 2.202.48.2)
      Xpand.Extensions.XAF (>= 2.202.48.2)
      Xpand.Extensions.XAF.Xpo (>= 2.202.44.1)
      Xpand.XAF.Modules.AutoCommit (>= 2.202.48.2)
      Xpand.XAF.Modules.CloneMemberValue (>= 2.202.48.2)
      Xpand.XAF.Modules.CloneModelView (>= 2.202.48.2)
      Xpand.XAF.Modules.HideToolBar (>= 2.202.48.2)
      Xpand.XAF.Modules.MasterDetail (>= 2.202.48.2)
      Xpand.XAF.Modules.ModelMapper (>= 2.202.48.2)
      Xpand.XAF.Modules.ModelViewInheritance (>= 2.202.48.2)
      Xpand.XAF.Modules.Office.Cloud.Google (>= 2.202.9.2)
      Xpand.XAF.Modules.Office.Cloud.Google.Tasks (>= 2.202.6.2)
      Xpand.XAF.Modules.Office.Cloud.Microsoft (>= 2.202.49.2)
      Xpand.XAF.Modules.Office.Cloud.Microsoft.Calendar (>= 2.202.20.2)
      Xpand.XAF.Modules.Office.Cloud.Microsoft.Todo (>= 2.202.19.2)
      Xpand.XAF.Modules.PositionInListView (>= 2.202.19.2)
      Xpand.XAF.Modules.ProgressBarViewItem (>= 2.202.48.2)
      Xpand.XAF.Modules.Reactive (>= 2.202.48.2)
      Xpand.XAF.Modules.Reactive.Logger (>= 2.202.48.2)
      Xpand.XAF.Modules.Reactive.Logger.Hub (>= 2.202.48.2)
      Xpand.XAF.Modules.RefreshView (>= 2.202.48.2)
      Xpand.XAF.Modules.SequenceGenerator (>= 2.202.48.2)
      Xpand.XAF.Modules.SuppressConfirmation (>= 2.202.48.2)
      Xpand.XAF.Modules.ViewEditMode (>= 2.202.48.2)
      Xpand.XAF.Modules.ViewItemValue (>= 2.202.14.2)
      Xpand.XAF.Modules.ViewWizard (>= 2.202.10.2)
    Xpand.XAF.Modules.AutoCommit (2.202.48.2)
      Fasterflect.Xpand (>= 2.0.7)
      JetBrains.Annotations (>= 2020.1)
      System.Reactive (>= 4.4.1)
      Xpand.Extensions (>= 2.202.47.1)
      Xpand.Extensions.Reactive (>= 2.202.48.2)
      Xpand.Extensions.XAF (>= 2.202.48.2)
      Xpand.VersionConverter (>= 2.202.10)
      Xpand.XAF.Modules.Reactive (>= 2.202.48.2)
    Xpand.XAF.Modules.CloneMemberValue (2.202.48.2)
      Fasterflect.Xpand (>= 2.0.7)
      JetBrains.Annotations (>= 2020.1)
      System.Reactive (>= 4.4.1)
      Xpand.Extensions.Reactive (>= 2.202.48.2)
      Xpand.VersionConverter (>= 2.202.10)
      Xpand.XAF.Modules.Reactive (>= 2.202.48.2)
    Xpand.XAF.Modules.CloneModelView (2.202.48.2)
      Fasterflect.Xpand (>= 2.0.7)
      JetBrains.Annotations (>= 2020.1)
      System.ValueTuple (>= 4.5)
      Xpand.Extensions.XAF (>= 2.202.48.2)
      Xpand.Patcher (>= 2.0.24)
      Xpand.VersionConverter (>= 2.202.10)
    Xpand.XAF.Modules.GridListEditor (2.202.48.2)
      Fasterflect.Xpand (>= 2.0.7)
      JetBrains.Annotations (>= 2020.1)
      System.Reactive (>= 4.4.1)
      Xpand.Extensions.Reactive (>= 2.202.48.2)
      Xpand.VersionConverter (>= 2.202.10)
      Xpand.XAF.Modules.Reactive (>= 2.202.48.2)
    Xpand.XAF.Modules.HideToolBar (2.202.48.2)
      Fasterflect.Xpand (>= 2.0.7)
      JetBrains.Annotations (>= 2020.1)
      System.Reactive (>= 4.4.1)
      Xpand.Extensions.Reactive (>= 2.202.48.2)
      Xpand.Extensions.XAF (>= 2.202.48.2)
      Xpand.VersionConverter (>= 2.202.10)
      Xpand.XAF.Modules.Reactive (>= 2.202.48.2)
    Xpand.XAF.Modules.LookupCascade (2.202.50.2)
      Fasterflect.Xpand (>= 2.0.7)
      JetBrains.Annotations (>= 2020.1)
      Newtonsoft.Json (>= 12.0.3)
      System.Reactive (>= 4.4.1)
      Xpand.Extensions (>= 2.202.47.1)
      Xpand.Extensions.Reactive (>= 2.202.48.2)
      Xpand.Extensions.XAF (>= 2.202.48.2)
      Xpand.Patcher (>= 2.0.24)
      Xpand.VersionConverter (>= 2.202.10)
      Xpand.XAF.Modules.Reactive (>= 2.202.48.2)
    Xpand.XAF.Modules.MasterDetail (2.202.48.2)
      Fasterflect.Xpand (>= 2.0.7)
      JetBrains.Annotations (>= 2020.1)
      System.Reactive (>= 4.4.1)
      Xpand.Extensions.Reactive (>= 2.202.48.2)
      Xpand.Extensions.XAF (>= 2.202.48.2)
      Xpand.Patcher (>= 2.0.24)
      Xpand.VersionConverter (>= 2.202.10)
      Xpand.XAF.Modules.Reactive (>= 2.202.48.2)
    Xpand.XAF.Modules.ModelMapper (2.202.48.2)
      Enums.NET (>= 3.0.3)
      Fasterflect.Xpand (>= 2.0.7)
      JetBrains.Annotations (>= 2020.1)
      Mono.Cecil (>= 0.11.2)
      System.CodeDom (>= 4.7)
      System.Interactive (>= 4.1.1)
      System.Reactive (>= 4.4.1)
      Xpand.Collections (>= 1.0.1)
      Xpand.Extensions (>= 2.202.47.1)
      Xpand.Extensions.Reactive (>= 2.202.48.2)
      Xpand.Extensions.XAF (>= 2.202.48.2)
      Xpand.VersionConverter (>= 2.202.10)
      Xpand.XAF.Modules.Reactive (>= 2.202.48.2)
    Xpand.XAF.Modules.ModelViewInheritance (2.202.48.2)
      Fasterflect.Xpand (>= 2.0.7)
      JetBrains.Annotations (>= 2020.1)
      System.ValueTuple (>= 4.5)
      Xpand.Extensions (>= 2.202.47.1)
      Xpand.Extensions.XAF (>= 2.202.48.2)
      Xpand.VersionConverter (>= 2.202.10)
    Xpand.XAF.Modules.Office.Cloud.Google (2.202.9.2)
      Fasterflect.Xpand (>= 2.0.7)
      Google.Apis.Auth (>= 1.49)
      JetBrains.Annotations (>= 2020.1)
      Newtonsoft.Json (>= 12.0.3)
      System.Reactive (>= 4.4.1)
      Xpand.Extensions (>= 2.202.47.1)
      Xpand.Extensions.Office.Cloud (>= 2.202.48.2)
      Xpand.Extensions.Reactive (>= 2.202.48.2)
      Xpand.Extensions.XAF (>= 2.202.48.2)
      Xpand.Extensions.XAF.Xpo (>= 2.202.44.1)
      Xpand.VersionConverter (>= 2.202.10)
      Xpand.XAF.Modules.Reactive (>= 2.202.48.2)
    Xpand.XAF.Modules.Office.Cloud.Google.Tasks (2.202.6.2)
      Fasterflect.Xpand (>= 2.0.7)
      Google.Apis.Auth (>= 1.49)
      Google.Apis.Tasks.v1 (>= 1.49.0.2049)
      JetBrains.Annotations (>= 2020.1)
      Newtonsoft.Json (>= 12.0.3)
      System.Reactive (>= 4.4.1)
      Xpand.Extensions (>= 2.202.47.1)
      Xpand.Extensions.Office.Cloud (>= 2.202.48.2)
      Xpand.Extensions.Reactive (>= 2.202.48.2)
      Xpand.Extensions.XAF (>= 2.202.48.2)
      Xpand.Extensions.XAF.Xpo (>= 2.202.44.1)
      Xpand.VersionConverter (>= 2.202.10)
      Xpand.XAF.Modules.Office.Cloud.Google (>= 2.202.9.2)
      Xpand.XAF.Modules.Reactive (>= 2.202.48.2)
    Xpand.XAF.Modules.Office.Cloud.Microsoft (2.202.49.2)
      Fasterflect.Xpand (>= 2.0.7)
      JetBrains.Annotations (>= 2020.1)
      Microsoft.Graph.Beta (>= 0.18.0-preview)
      Microsoft.Graph.Core (>= 1.19)
      Microsoft.Identity.Client (>= 4.13)
      Microsoft.IdentityModel.Protocols.OpenIdConnect (>= 6.6)
      Microsoft.IdentityModel.Tokens (>= 6.6)
      Microsoft.Owin (>= 4.1)
      Microsoft.Owin.Host.SystemWeb (>= 4.1)
      Microsoft.Owin.Security (>= 4.1)
      Microsoft.Owin.Security.Cookies (>= 4.1)
      Microsoft.Owin.Security.OpenIdConnect (>= 4.1)
      Newtonsoft.Json (>= 12.0.3)
      Owin (>= 1.0)
      System.Reactive (>= 4.4.1)
      Xpand.Extensions (>= 2.202.47.1)
      Xpand.Extensions.Office.Cloud (>= 2.202.48.2)
      Xpand.Extensions.Reactive (>= 2.202.48.2)
      Xpand.Extensions.XAF (>= 2.202.48.2)
      Xpand.VersionConverter (>= 2.202.10)
      Xpand.XAF.Modules.Reactive (>= 2.202.48.2)
    Xpand.XAF.Modules.Office.Cloud.Microsoft.Calendar (2.202.20.2)
      Fasterflect.Xpand (>= 2.0.7)
      JetBrains.Annotations (>= 2020.1)
      Microsoft.Graph.Beta (>= 0.18.0-preview)
      Microsoft.Graph.Core (>= 1.19)
      Microsoft.Identity.Client (>= 4.13)
      Newtonsoft.Json (>= 12.0.3)
      System.Reactive (>= 4.4.1)
      Xpand.Extensions (>= 2.202.47.1)
      Xpand.Extensions.Office.Cloud (>= 2.202.48.2)
      Xpand.Extensions.Reactive (>= 2.202.48.2)
      Xpand.Extensions.XAF (>= 2.202.48.2)
      Xpand.Extensions.XAF.Xpo (>= 2.202.44.1)
      Xpand.VersionConverter (>= 2.202.10)
      Xpand.XAF.Modules.Office.Cloud.Microsoft (>= 2.202.49.2)
      Xpand.XAF.Modules.Reactive (>= 2.202.48.2)
    Xpand.XAF.Modules.Office.Cloud.Microsoft.Todo (2.202.19.2)
      Fasterflect.Xpand (>= 2.0.7)
      JetBrains.Annotations (>= 2020.1)
      Microsoft.Graph.Beta (>= 0.18.0-preview)
      Microsoft.Graph.Core (>= 1.19)
      Microsoft.Identity.Client (>= 4.13)
      Newtonsoft.Json (>= 12.0.3)
      System.Reactive (>= 4.4.1)
      Xpand.Extensions (>= 2.202.47.1)
      Xpand.Extensions.Office.Cloud (>= 2.202.48.2)
      Xpand.Extensions.Reactive (>= 2.202.48.2)
      Xpand.Extensions.XAF (>= 2.202.48.2)
      Xpand.Extensions.XAF.Xpo (>= 2.202.44.1)
      Xpand.VersionConverter (>= 2.202.10)
      Xpand.XAF.Modules.Office.Cloud.Microsoft (>= 2.202.49.2)
      Xpand.XAF.Modules.Reactive (>= 2.202.48.2)
    Xpand.XAF.Modules.OneView (2.202.48.2)
      Fasterflect.Xpand (>= 2.0.7)
      JetBrains.Annotations (>= 2020.1)
      System.Reactive (>= 4.4.1)
      Xpand.Extensions.Reactive (>= 2.202.48.2)
      Xpand.Extensions.XAF (>= 2.202.48.2)
      Xpand.VersionConverter (>= 2.202.10)
      Xpand.XAF.Modules.Reactive (>= 2.202.48.2)
      Xpand.XAF.Modules.Reactive.Win (>= 2.202.48.2)
    Xpand.XAF.Modules.PositionInListView (2.202.19.2)
      Fasterflect.Xpand (>= 2.0.7)
      JetBrains.Annotations (>= 2020.1)
      System.Reactive (>= 4.4.1)
      System.ValueTuple (>= 4.5)
      Xpand.Extensions (>= 2.202.47.1)
      Xpand.Extensions.Reactive (>= 2.202.48.2)
      Xpand.Extensions.XAF (>= 2.202.48.2)
      Xpand.VersionConverter (>= 2.202.10)
      Xpand.XAF.Modules.Reactive (>= 2.202.48.2)
    Xpand.XAF.Modules.ProgressBarViewItem (2.202.48.2)
      Fasterflect.Xpand (>= 2.0.7)
      JetBrains.Annotations (>= 2020.1)
      System.Reactive (>= 4.4.1)
      Xpand.Extensions (>= 2.202.47.1)
      Xpand.Extensions.Reactive (>= 2.202.48.2)
      Xpand.Extensions.XAF (>= 2.202.48.2)
      Xpand.VersionConverter (>= 2.202.10)
      Xpand.XAF.Modules.Reactive (>= 2.202.48.2)
    Xpand.XAF.Modules.Reactive (2.202.48.2)
      Fasterflect.Xpand (>= 2.0.7)
      JetBrains.Annotations (>= 2020.1)
      System.Interactive (>= 4.1.1)
      System.Reactive (>= 4.4.1)
      Xpand.Extensions (>= 2.202.47.1)
      Xpand.Extensions.Reactive (>= 2.202.48.2)
      Xpand.Extensions.XAF (>= 2.202.48.2)
      Xpand.Patcher (>= 2.0.24)
      Xpand.VersionConverter (>= 2.202.10)
    Xpand.XAF.Modules.Reactive.Logger (2.202.48.2)
      Fasterflect.Xpand (>= 2.0.7)
      JetBrains.Annotations (>= 2020.1)
      System.Reactive (>= 4.4.1)
      Xpand.Extensions (>= 2.202.47.1)
      Xpand.Extensions.Reactive (>= 2.202.48.2)
      Xpand.Extensions.XAF (>= 2.202.48.2)
      Xpand.Patcher (>= 2.0.24)
      Xpand.VersionConverter (>= 2.202.10)
      Xpand.XAF.Modules.Reactive (>= 2.202.48.2)
    Xpand.XAF.Modules.Reactive.Logger.Hub (2.202.48.2)
      Fasterflect.Xpand (>= 2.0.7)
      Grpc (>= 2.23)
      Grpc.Core (>= 2.25)
      JetBrains.Annotations (>= 2020.1)
      MagicOnion (>= 2.6.3)
      System.Interactive.Async (>= 4.1.1)
      System.Reactive (>= 4.4.1)
      Xpand.Extensions.Reactive (>= 2.202.48.2)
      Xpand.VersionConverter (>= 2.202.10)
      Xpand.XAF.Modules.Reactive (>= 2.202.48.2)
      Xpand.XAF.Modules.Reactive.Logger (>= 2.202.48.2)
      YamlDotNet (>= 8.1.1)
    Xpand.XAF.Modules.Reactive.Win (2.202.48.2)
      Fasterflect.Xpand (>= 2.0.7)
      JetBrains.Annotations (>= 2020.1)
      System.Interactive (>= 4.1.1)
      System.Reactive (>= 4.4.1)
      Xpand.Extensions.XAF (>= 2.202.48.2)
      Xpand.Patcher (>= 2.0.24)
      Xpand.VersionConverter (>= 2.202.10)
      Xpand.XAF.Modules.Reactive (>= 2.202.48.2)
    Xpand.XAF.Modules.RefreshView (2.202.48.2)
      Fasterflect.Xpand (>= 2.0.7)
      JetBrains.Annotations (>= 2020.1)
      System.Reactive (>= 4.4.1)
      Xpand.Extensions.Reactive (>= 2.202.48.2)
      Xpand.VersionConverter (>= 2.202.10)
      Xpand.XAF.Modules.Reactive (>= 2.202.48.2)
    Xpand.XAF.Modules.SequenceGenerator (2.202.48.2)
      Fasterflect.Xpand (>= 2.0.7)
      JetBrains.Annotations (>= 2020.1)
      System.Reactive (>= 4.4.1)
      Xpand.Extensions (>= 2.202.47.1)
      Xpand.Extensions.Reactive (>= 2.202.48.2)
      Xpand.Extensions.XAF (>= 2.202.48.2)
      Xpand.Extensions.XAF.Xpo (>= 2.202.44.1)
      Xpand.VersionConverter (>= 2.202.10)
      Xpand.XAF.Modules.Reactive (>= 2.202.48.2)
    Xpand.XAF.Modules.SuppressConfirmation (2.202.48.2)
      Fasterflect.Xpand (>= 2.0.7)
      JetBrains.Annotations (>= 2020.1)
      System.Reactive (>= 4.4.1)
      Xpand.Extensions.Reactive (>= 2.202.48.2)
      Xpand.VersionConverter (>= 2.202.10)
      Xpand.XAF.Modules.Reactive (>= 2.202.48.2)
    Xpand.XAF.Modules.ViewEditMode (2.202.48.2)
      Fasterflect.Xpand (>= 2.0.7)
      JetBrains.Annotations (>= 2020.1)
      System.Reactive (>= 4.4.1)
      Xpand.Extensions.Reactive (>= 2.202.48.2)
      Xpand.Extensions.XAF (>= 2.202.48.2)
      Xpand.VersionConverter (>= 2.202.10)
      Xpand.XAF.Modules.Reactive (>= 2.202.48.2)
    Xpand.XAF.Modules.ViewItemValue (2.202.14.2)
      Fasterflect.Xpand (>= 2.0.7)
      JetBrains.Annotations (>= 2020.1)
      System.Interactive (>= 4.1.1)
      System.Reactive (>= 4.4.1)
      System.ValueTuple (>= 4.5)
      Xpand.Extensions (>= 2.202.47.1)
      Xpand.Extensions.Reactive (>= 2.202.48.2)
      Xpand.Extensions.XAF (>= 2.202.48.2)
      Xpand.Extensions.XAF.Xpo (>= 2.202.44.1)
      Xpand.VersionConverter (>= 2.202.10)
      Xpand.XAF.Modules.Reactive (>= 2.202.48.2)
    Xpand.XAF.Modules.ViewWizard (2.202.10.2)
      Fasterflect.Xpand (>= 2.0.7)
      JetBrains.Annotations (>= 2020.1)
      System.Interactive (>= 4.1.1)
      System.Reactive (>= 4.4.1)
      System.ValueTuple (>= 4.5)
      Xpand.Extensions (>= 2.202.47.1)
      Xpand.Extensions.Reactive (>= 2.202.48.2)
      Xpand.Extensions.XAF (>= 2.202.48.2)
      Xpand.Extensions.XAF.Xpo (>= 2.202.44.1)
      Xpand.VersionConverter (>= 2.202.10)
      Xpand.XAF.Modules.Reactive (>= 2.202.48.2)
    Xpand.XAF.Web.All (2.202.39.4)
      Xpand.Extensions (>= 2.202.47.1)
      Xpand.Extensions.Mono.Cecil (>= 2.202.42.1)
      Xpand.Extensions.Office.Cloud (>= 2.202.48.2)
      Xpand.Extensions.Reactive (>= 2.202.48.2)
      Xpand.Extensions.XAF (>= 2.202.48.2)
      Xpand.Extensions.XAF.Xpo (>= 2.202.44.1)
      Xpand.XAF.Core.All (>= 2.202.39.4)
      Xpand.XAF.Modules.AutoCommit (>= 2.202.48.2)
      Xpand.XAF.Modules.CloneMemberValue (>= 2.202.48.2)
      Xpand.XAF.Modules.CloneModelView (>= 2.202.48.2)
      Xpand.XAF.Modules.HideToolBar (>= 2.202.48.2)
      Xpand.XAF.Modules.LookupCascade (>= 2.202.50.2)
      Xpand.XAF.Modules.MasterDetail (>= 2.202.48.2)
      Xpand.XAF.Modules.ModelMapper (>= 2.202.48.2)
      Xpand.XAF.Modules.ModelViewInheritance (>= 2.202.48.2)
      Xpand.XAF.Modules.Office.Cloud.Google (>= 2.202.9.2)
      Xpand.XAF.Modules.Office.Cloud.Google.Tasks (>= 2.202.6.2)
      Xpand.XAF.Modules.Office.Cloud.Microsoft (>= 2.202.49.2)
      Xpand.XAF.Modules.Office.Cloud.Microsoft.Calendar (>= 2.202.20.2)
      Xpand.XAF.Modules.Office.Cloud.Microsoft.Todo (>= 2.202.19.2)
      Xpand.XAF.Modules.PositionInListView (>= 2.202.19.2)
      Xpand.XAF.Modules.ProgressBarViewItem (>= 2.202.48.2)
      Xpand.XAF.Modules.Reactive (>= 2.202.48.2)
      Xpand.XAF.Modules.Reactive.Logger (>= 2.202.48.2)
      Xpand.XAF.Modules.Reactive.Logger.Hub (>= 2.202.48.2)
      Xpand.XAF.Modules.RefreshView (>= 2.202.48.2)
      Xpand.XAF.Modules.SequenceGenerator (>= 2.202.48.2)
      Xpand.XAF.Modules.SuppressConfirmation (>= 2.202.48.2)
      Xpand.XAF.Modules.ViewEditMode (>= 2.202.48.2)
      Xpand.XAF.Modules.ViewItemValue (>= 2.202.14.2)
      Xpand.XAF.Modules.ViewWizard (>= 2.202.10.2)
    Xpand.XAF.Win.All (2.202.39.4)
      Xpand.Extensions (>= 2.202.47.1)
      Xpand.Extensions.Mono.Cecil (>= 2.202.42.1)
      Xpand.Extensions.Office.Cloud (>= 2.202.48.2)
      Xpand.Extensions.Reactive (>= 2.202.48.2)
      Xpand.Extensions.XAF (>= 2.202.48.2)
      Xpand.Extensions.XAF.Xpo (>= 2.202.44.1)
      Xpand.XAF.Core.All (>= 2.202.39.4)
      Xpand.XAF.Modules.AutoCommit (>= 2.202.48.2)
      Xpand.XAF.Modules.CloneMemberValue (>= 2.202.48.2)
      Xpand.XAF.Modules.CloneModelView (>= 2.202.48.2)
      Xpand.XAF.Modules.GridListEditor (>= 2.202.48.2)
      Xpand.XAF.Modules.HideToolBar (>= 2.202.48.2)
      Xpand.XAF.Modules.MasterDetail (>= 2.202.48.2)
      Xpand.XAF.Modules.ModelMapper (>= 2.202.48.2)
      Xpand.XAF.Modules.ModelViewInheritance (>= 2.202.48.2)
      Xpand.XAF.Modules.Office.Cloud.Google (>= 2.202.9.2)
      Xpand.XAF.Modules.Office.Cloud.Google.Tasks (>= 2.202.6.2)
      Xpand.XAF.Modules.Office.Cloud.Microsoft (>= 2.202.49.2)
      Xpand.XAF.Modules.Office.Cloud.Microsoft.Calendar (>= 2.202.20.2)
      Xpand.XAF.Modules.Office.Cloud.Microsoft.Todo (>= 2.202.19.2)
      Xpand.XAF.Modules.OneView (>= 2.202.48.2)
      Xpand.XAF.Modules.PositionInListView (>= 2.202.19.2)
      Xpand.XAF.Modules.ProgressBarViewItem (>= 2.202.48.2)
      Xpand.XAF.Modules.Reactive (>= 2.202.48.2)
      Xpand.XAF.Modules.Reactive.Logger (>= 2.202.48.2)
      Xpand.XAF.Modules.Reactive.Logger.Hub (>= 2.202.48.2)
      Xpand.XAF.Modules.Reactive.Win (>= 2.202.48.2)
      Xpand.XAF.Modules.RefreshView (>= 2.202.48.2)
      Xpand.XAF.Modules.SequenceGenerator (>= 2.202.48.2)
      Xpand.XAF.Modules.SuppressConfirmation (>= 2.202.48.2)
      Xpand.XAF.Modules.ViewEditMode (>= 2.202.48.2)
      Xpand.XAF.Modules.ViewItemValue (>= 2.202.14.2)
      Xpand.XAF.Modules.ViewWizard (>= 2.202.10.2)
