STORAGE: NONE
STRATEGY: MIN
LOWEST_MATCHING: TRUE
COPY-LOCAL: TRUE
SPECIFIC-VERSION: FALSE
RESTRICTION: || (== net6.0) (== net6.0-windows7.0) (== netstandard2.0)
NUGET
  remote: https://api.nuget.org/v3/index.json
    AForge (2.2.5)
    AForge.Imaging (2.2.5)
      AForge (>= 2.2.5)
      AForge.Math (>= 2.2.5)
    AForge.Math (2.2.5)
      AForge (>= 2.2.5)
    AForge.Video (2.2.5)
      AForge (>= 2.2.5)
    akarnokd.reactive_extensions (0.0.27-alpha) - restriction: || (== net6.0) (== net6.0-windows7.0) (&& (== netstandard2.0) (>= net6.0))
      System.Reactive (>= 4.1.6)
    AppDomainToolkit (1.0.4.3)
    AutoMapper (10.1.1)
      Microsoft.CSharp (>= 4.7)
      System.Reflection.Emit (>= 4.7)
    CommandLineParser (1.9.71)
    Common.Logging (3.4.1)
      Common.Logging.Core (>= 3.4.1)
      Microsoft.CSharp (>= 4.0.1)
      System.Collections (>= 4.0.11)
      System.Diagnostics.Debug (>= 4.0.11)
      System.Globalization (>= 4.0.11)
      System.Reflection.TypeExtensions (>= 4.1)
      System.Runtime.Extensions (>= 4.1)
      System.Threading (>= 4.0.11)
    Common.Logging.Core (3.4.1)
      Microsoft.CSharp (>= 4.0.1)
    DevExpress.Data (23.1.3)
      Microsoft.Win32.Registry (>= 4.7)
      NETStandard.Library (>= 2.0.3)
      System.ComponentModel.Annotations (>= 4.5)
      System.Drawing.Common (>= 4.7.2)
      System.Reflection.Emit (>= 4.7)
      System.Reflection.Emit.Lightweight (>= 4.7)
      System.Text.Encoding.CodePages (>= 4.5.1)
    DevExpress.Xpo (23.1.3)
      DevExpress.Data (23.1.3)
      Microsoft.Extensions.DependencyInjection (>= 2.0)
      Microsoft.Win32.Registry (>= 4.7)
      NETStandard.Library (>= 2.0.3)
      System.Data.SqlClient (>= 4.8.5)
      System.Drawing.Common (>= 4.7.2)
      System.ServiceModel.Http (>= 4.10.2)
      System.ServiceModel.NetTcp (>= 4.4.4)
      System.ServiceModel.Security (>= 4.4.4)
      System.Text.Encodings.Web (>= 4.7.2)
      System.Text.Json (>= 4.6)
    DevExtreme.AspNet.Data (2.9) - restriction: || (== net6.0) (== net6.0-windows7.0) (&& (== netstandard2.0) (>= net6.0))
      Microsoft.CSharp (>= 4.4)
      Newtonsoft.Json (>= 13.0.1)
    DocumentFormat.OpenXml (2.11.3)
      System.IO.Packaging (>= 4.7)
    DotNetZip (1.16)
      System.Security.Permissions (>= 4.7)
      System.Text.Encoding.CodePages (>= 4.7.1)
    Enums.NET (4.0)
      System.ComponentModel.Annotations (>= 4.6) - restriction: || (&& (== net6.0) (< netcoreapp3.0)) (&& (== net6.0) (< netstandard1.3)) (&& (== net6.0) (< netstandard2.0)) (&& (== net6.0) (< netstandard2.1)) (&& (== net6.0-windows7.0) (< netcoreapp3.0)) (&& (== net6.0-windows7.0) (< netstandard1.3)) (&& (== net6.0-windows7.0) (< netstandard2.0)) (&& (== net6.0-windows7.0) (< netstandard2.1)) (== netstandard2.0)
      System.Runtime.CompilerServices.Unsafe (>= 5.0) - restriction: || (&& (== net6.0) (>= net45)) (&& (== net6.0) (< netcoreapp3.0)) (&& (== net6.0) (< netstandard1.1)) (&& (== net6.0) (< netstandard1.3)) (&& (== net6.0) (< netstandard2.0)) (&& (== net6.0) (< netstandard2.1)) (&& (== net6.0-windows7.0) (>= net45)) (&& (== net6.0-windows7.0) (< netcoreapp3.0)) (&& (== net6.0-windows7.0) (< netstandard1.1)) (&& (== net6.0-windows7.0) (< netstandard1.3)) (&& (== net6.0-windows7.0) (< netstandard2.0)) (&& (== net6.0-windows7.0) (< netstandard2.1)) (== netstandard2.0)
    ExcelDataReader (3.6)
    ExcelDataReader.DataSet (3.6)
      ExcelDataReader (>= 3.6)
    Fasterflect.Xpand (2.0.7)
      System.Reflection.Emit.Lightweight (>= 4.6)
    Fody (4.2.1) - copy_local: false
    Google.Apis (1.55) - restriction: || (== net6.0) (== net6.0-windows7.0) (&& (== netstandard2.0) (>= net6.0))
      Google.Apis.Core (>= 1.55)
    Google.Apis.Auth (1.55) - restriction: || (== net6.0) (== net6.0-windows7.0) (&& (== netstandard2.0) (>= net6.0))
      Google.Apis (>= 1.55)
      Google.Apis.Core (>= 1.55)
    Google.Apis.Calendar.v3 (1.55.0.2410) - restriction: || (== net6.0) (== net6.0-windows7.0) (&& (== netstandard2.0) (>= net6.0))
      Google.Apis (>= 1.55)
      Google.Apis.Auth (>= 1.55)
    Google.Apis.Core (1.55) - restriction: || (== net6.0) (== net6.0-windows7.0) (&& (== netstandard2.0) (>= net6.0))
      Newtonsoft.Json (>= 13.0.1)
    Google.Apis.Tasks.v1 (1.55.0.2384) - restriction: || (== net6.0) (== net6.0-windows7.0) (&& (== netstandard2.0) (>= net6.0))
      Google.Apis (>= 1.55)
      Google.Apis.Auth (>= 1.55)
    Grpc (2.23) - restriction: || (== net6.0) (== net6.0-windows7.0) (&& (== netstandard2.0) (>= net6.0))
      Grpc.Core (>= 2.23)
    Grpc.Core (2.23) - restriction: || (== net6.0) (== net6.0-windows7.0) (&& (== netstandard2.0) (>= net6.0))
      Grpc.Core.Api (>= 2.23)
      System.Memory (>= 4.5.3)
    Grpc.Core.Api (2.23) - restriction: || (== net6.0) (== net6.0-windows7.0) (&& (== netstandard2.0) (>= net6.0))
      System.Memory (>= 4.5.3)
    Hangfire.AspNetCore (1.7.34) - restriction: || (== net6.0) (== net6.0-windows7.0) (&& (== netstandard2.0) (>= net6.0))
      Hangfire.Core (1.7.34)
    Hangfire.Core (1.7.34) - restriction: || (== net6.0) (== net6.0-windows7.0) (&& (== netstandard2.0) (>= net6.0))
      Newtonsoft.Json (>= 11.0.1)
    Humanizer.Core (2.2) - restriction: || (== net6.0) (== net6.0-windows7.0) (&& (== netstandard2.0) (>= net6.0))
      NETStandard.Library (>= 1.6.1)
    IIS.Microsoft.Web.Adminstration (8.5.9600.16384)
    InputSimulator (1.0.4)
    JetBrains.Annotations (2021.3)
    MagicOnion (2.6.3) - restriction: || (== net6.0) (== net6.0-windows7.0) (&& (== netstandard2.0) (>= net6.0))
      Grpc (>= 2.23)
      MessagePack (>= 1.7.3.7)
      System.Buffers (>= 4.5)
      System.Collections.Immutable (>= 1.5)
      System.Runtime.CompilerServices.Unsafe (>= 4.5.2)
      System.Threading.Tasks.Extensions (>= 4.5.3)
      System.Threading.Tasks.Parallel (>= 4.3)
    MessagePack (1.7.3.7) - restriction: || (== net6.0) (== net6.0-windows7.0) (&& (== netstandard2.0) (>= net6.0))
      System.Reflection.Emit (>= 4.3)
      System.Reflection.Emit.Lightweight (>= 4.3)
      System.Runtime.Serialization.Primitives (>= 4.3)
      System.Threading.Tasks.Extensions (>= 4.3)
      System.ValueTuple (>= 4.3)
    Microsoft.AspNet.Razor (3.2.7)
    Microsoft.AspNetCore.Authorization (6.0) - restriction: || (== net6.0) (== net6.0-windows7.0) (&& (== netstandard2.0) (>= net6.0))
      Microsoft.AspNetCore.Metadata (>= 6.0)
      Microsoft.Extensions.Logging.Abstractions (>= 6.0)
      Microsoft.Extensions.Options (>= 6.0)
    Microsoft.AspNetCore.Components (6.0) - restriction: || (== net6.0) (== net6.0-windows7.0) (&& (== netstandard2.0) (>= net6.0))
      Microsoft.AspNetCore.Authorization (>= 6.0) - restriction: || (== net6.0) (== net6.0-windows7.0) (&& (== netstandard2.0) (>= net6.0))
      Microsoft.AspNetCore.Components.Analyzers (>= 6.0) - restriction: || (== net6.0) (== net6.0-windows7.0) (&& (== netstandard2.0) (>= net6.0))
    Microsoft.AspNetCore.Components.Analyzers (6.0) - restriction: || (== net6.0) (== net6.0-windows7.0) (&& (== netstandard2.0) (>= net6.0))
    Microsoft.AspNetCore.Components.Forms (6.0) - restriction: || (== net6.0) (== net6.0-windows7.0) (&& (== netstandard2.0) (>= net6.0))
      Microsoft.AspNetCore.Components (>= 6.0) - restriction: || (== net6.0) (== net6.0-windows7.0) (&& (== netstandard2.0) (>= net6.0))
    Microsoft.AspNetCore.Components.Web (6.0) - restriction: || (== net6.0) (== net6.0-windows7.0) (&& (== netstandard2.0) (>= net6.0))
      Microsoft.AspNetCore.Components (>= 6.0) - restriction: || (== net6.0) (== net6.0-windows7.0) (&& (== netstandard2.0) (>= net6.0))
      Microsoft.AspNetCore.Components.Forms (>= 6.0) - restriction: || (== net6.0) (== net6.0-windows7.0) (&& (== netstandard2.0) (>= net6.0))
      Microsoft.Extensions.DependencyInjection (>= 6.0) - restriction: || (== net6.0) (== net6.0-windows7.0) (&& (== netstandard2.0) (>= net6.0))
      Microsoft.JSInterop (>= 6.0) - restriction: || (== net6.0) (== net6.0-windows7.0) (&& (== netstandard2.0) (>= net6.0))
      System.IO.Pipelines (>= 6.0) - restriction: || (== net6.0) (== net6.0-windows7.0) (&& (== netstandard2.0) (>= net6.0))
    Microsoft.AspNetCore.Cryptography.Internal (6.0) - restriction: || (== net6.0) (== net6.0-windows7.0) (&& (== netstandard2.0) (>= net6.0))
    Microsoft.AspNetCore.DataProtection (6.0) - restriction: || (== net6.0) (== net6.0-windows7.0) (&& (== netstandard2.0) (>= net6.0))
      Microsoft.AspNetCore.Cryptography.Internal (>= 6.0)
      Microsoft.AspNetCore.DataProtection.Abstractions (>= 6.0)
      Microsoft.Extensions.DependencyInjection.Abstractions (>= 6.0)
      Microsoft.Extensions.Hosting.Abstractions (>= 6.0)
      Microsoft.Extensions.Logging.Abstractions (>= 6.0)
      Microsoft.Extensions.Options (>= 6.0)
      System.Security.Cryptography.Xml (>= 6.0)
    Microsoft.AspNetCore.DataProtection.Abstractions (6.0) - restriction: || (== net6.0) (== net6.0-windows7.0) (&& (== netstandard2.0) (>= net6.0))
    Microsoft.AspNetCore.DataProtection.Extensions (6.0) - restriction: || (== net6.0) (== net6.0-windows7.0) (&& (== netstandard2.0) (>= net6.0))
      Microsoft.AspNetCore.DataProtection (>= 6.0)
      Microsoft.Extensions.DependencyInjection (>= 6.0)
    Microsoft.AspNetCore.Http.Abstractions (2.2) - restriction: || (== net6.0) (== net6.0-windows7.0) (&& (== netstandard2.0) (>= net6.0))
      Microsoft.AspNetCore.Http.Features (>= 2.2)
      System.Text.Encodings.Web (>= 4.5)
    Microsoft.AspNetCore.Http.Features (2.2) - restriction: || (== net6.0) (== net6.0-windows7.0) (&& (== netstandard2.0) (>= net6.0))
      Microsoft.Extensions.Primitives (>= 2.2)
    Microsoft.AspNetCore.Metadata (6.0) - restriction: || (== net6.0) (== net6.0-windows7.0) (&& (== netstandard2.0) (>= net6.0))
    Microsoft.AspNetCore.Mvc.Razor.Extensions (5.0) - restriction: || (== net6.0) (== net6.0-windows7.0) (&& (== netstandard2.0) (>= net6.0))
      Microsoft.AspNetCore.Razor.Language (>= 5.0)
      Microsoft.CodeAnalysis.Razor (>= 5.0)
    Microsoft.AspNetCore.Razor.Language (5.0) - restriction: || (== net6.0) (== net6.0-windows7.0) (&& (== netstandard2.0) (>= net6.0))
    Microsoft.AspNetCore.WebUtilities (2.2)
      Microsoft.Net.Http.Headers (>= 2.2)
      System.Text.Encodings.Web (>= 4.5)
    Microsoft.Bcl.AsyncInterfaces (6.0)
      System.Threading.Tasks.Extensions (>= 4.5.4) - restriction: || (&& (== net6.0) (>= net461)) (&& (== net6.0) (< netstandard2.1)) (&& (== net6.0-windows7.0) (>= net461)) (&& (== net6.0-windows7.0) (< netstandard2.1)) (== netstandard2.0)
    Microsoft.CodeAnalysis (4.2) - restriction: || (== net6.0) (== net6.0-windows7.0) (&& (== netstandard2.0) (>= net6.0))
      Microsoft.CodeAnalysis.CSharp.Workspaces (4.2)
      Microsoft.CodeAnalysis.VisualBasic.Workspaces (4.2)
    Microsoft.CodeAnalysis.Analyzers (3.3.3) - restriction: || (== net6.0) (== net6.0-windows7.0) (&& (== netstandard2.0) (>= net6.0))
    Microsoft.CodeAnalysis.Common (4.2) - restriction: || (== net6.0) (== net6.0-windows7.0) (&& (== netstandard2.0) (>= net6.0))
      Microsoft.CodeAnalysis.Analyzers (>= 3.3.3)
      System.Collections.Immutable (>= 5.0)
      System.Memory (>= 4.5.4)
      System.Reflection.Metadata (>= 5.0)
      System.Runtime.CompilerServices.Unsafe (>= 6.0)
      System.Text.Encoding.CodePages (>= 6.0)
      System.Threading.Tasks.Extensions (>= 4.5.4)
    Microsoft.CodeAnalysis.CSharp (4.2)
      Microsoft.CodeAnalysis.Common (4.2)
    Microsoft.CodeAnalysis.CSharp.Workspaces (4.2) - restriction: || (== net6.0) (== net6.0-windows7.0) (&& (== netstandard2.0) (>= net6.0))
      Humanizer.Core (>= 2.2)
      Microsoft.CodeAnalysis.Common (4.2)
      Microsoft.CodeAnalysis.CSharp (4.2)
      Microsoft.CodeAnalysis.Workspaces.Common (4.2)
    Microsoft.CodeAnalysis.Razor (5.0) - restriction: || (== net6.0) (== net6.0-windows7.0) (&& (== netstandard2.0) (>= net6.0))
      Microsoft.AspNetCore.Razor.Language (>= 5.0)
      Microsoft.CodeAnalysis.Common (>= 3.7)
      Microsoft.CodeAnalysis.CSharp (>= 3.7)
    Microsoft.CodeAnalysis.VisualBasic (4.2) - restriction: || (== net6.0) (== net6.0-windows7.0) (&& (== netstandard2.0) (>= net6.0))
      Microsoft.CodeAnalysis.Common (4.2)
    Microsoft.CodeAnalysis.VisualBasic.Workspaces (4.2) - restriction: || (== net6.0) (== net6.0-windows7.0) (&& (== netstandard2.0) (>= net6.0))
      Microsoft.CodeAnalysis.Common (4.2)
      Microsoft.CodeAnalysis.VisualBasic (4.2)
      Microsoft.CodeAnalysis.Workspaces.Common (4.2)
    Microsoft.CodeAnalysis.Workspaces.Common (4.2) - restriction: || (== net6.0) (== net6.0-windows7.0) (&& (== netstandard2.0) (>= net6.0))
      Humanizer.Core (>= 2.2)
      Microsoft.Bcl.AsyncInterfaces (>= 6.0)
      Microsoft.CodeAnalysis.Common (4.2)
      System.Composition (>= 6.0)
      System.IO.Pipelines (>= 6.0.1)
    Microsoft.CognitiveServices.Speech (1.23) - restriction: || (&& (== net6.0) (>= net6.0-windows7.0)) (== net6.0-windows7.0) (&& (== netstandard2.0) (>= net6.0-windows7.0))
    Microsoft.CSharp (4.7)
    Microsoft.Extensions.Caching.Abstractions (5.0) - restriction: || (== net6.0) (== net6.0-windows7.0) (&& (== netstandard2.0) (>= net6.0))
      Microsoft.Extensions.Primitives (>= 5.0)
    Microsoft.Extensions.Caching.Memory (5.0) - restriction: || (== net6.0) (== net6.0-windows7.0) (&& (== netstandard2.0) (>= net6.0))
      Microsoft.Extensions.Caching.Abstractions (>= 5.0)
      Microsoft.Extensions.DependencyInjection.Abstractions (>= 5.0)
      Microsoft.Extensions.Logging.Abstractions (>= 5.0)
      Microsoft.Extensions.Options (>= 5.0)
      Microsoft.Extensions.Primitives (>= 5.0)
    Microsoft.Extensions.Configuration (6.0) - restriction: || (&& (== net6.0) (>= net6.0-windows7.0)) (== net6.0-windows7.0) (&& (== netstandard2.0) (>= net6.0-windows7.0))
      Microsoft.Extensions.Configuration.Abstractions (>= 6.0)
      Microsoft.Extensions.Primitives (>= 6.0)
    Microsoft.Extensions.Configuration.Abstractions (6.0)
      Microsoft.Extensions.Primitives (>= 6.0)
    Microsoft.Extensions.Configuration.Binder (6.0) - restriction: || (&& (== net6.0) (>= net6.0-windows7.0)) (== net6.0-windows7.0) (&& (== netstandard2.0) (>= net6.0-windows7.0))
      Microsoft.Extensions.Configuration.Abstractions (>= 6.0)
    Microsoft.Extensions.DependencyInjection (6.0)
      Microsoft.Bcl.AsyncInterfaces (>= 6.0) - restriction: || (&& (== net6.0) (>= net461)) (&& (== net6.0) (< netstandard2.1)) (&& (== net6.0-windows7.0) (>= net461)) (&& (== net6.0-windows7.0) (< netstandard2.1)) (== netstandard2.0)
      Microsoft.Extensions.DependencyInjection.Abstractions (>= 6.0)
      System.Runtime.CompilerServices.Unsafe (>= 6.0)
      System.Threading.Tasks.Extensions (>= 4.5.4) - restriction: || (&& (== net6.0) (>= net461)) (&& (== net6.0) (< netstandard2.1)) (&& (== net6.0-windows7.0) (>= net461)) (&& (== net6.0-windows7.0) (< netstandard2.1)) (== netstandard2.0)
    Microsoft.Extensions.DependencyInjection.Abstractions (6.0)
      Microsoft.Bcl.AsyncInterfaces (>= 6.0) - restriction: || (&& (== net6.0) (>= net461)) (&& (== net6.0) (< netstandard2.1)) (&& (== net6.0-windows7.0) (>= net461)) (&& (== net6.0-windows7.0) (< netstandard2.1)) (== netstandard2.0)
      System.Threading.Tasks.Extensions (>= 4.5.4) - restriction: || (&& (== net6.0) (>= net461)) (&& (== net6.0) (< netstandard2.1)) (&& (== net6.0-windows7.0) (>= net461)) (&& (== net6.0-windows7.0) (< netstandard2.1)) (== netstandard2.0)
    Microsoft.Extensions.DependencyModel (5.0) - restriction: || (== net6.0) (== net6.0-windows7.0) (&& (== netstandard2.0) (>= net6.0))
    Microsoft.Extensions.FileProviders.Abstractions (6.0)
      Microsoft.Extensions.Primitives (>= 6.0)
    Microsoft.Extensions.FileProviders.Physical (5.0) - restriction: || (== net6.0) (== net6.0-windows7.0) (&& (== netstandard2.0) (>= net6.0))
      Microsoft.Extensions.FileProviders.Abstractions (>= 5.0)
      Microsoft.Extensions.FileSystemGlobbing (>= 5.0)
      Microsoft.Extensions.Primitives (>= 5.0)
    Microsoft.Extensions.FileSystemGlobbing (5.0) - restriction: || (== net6.0) (== net6.0-windows7.0) (&& (== netstandard2.0) (>= net6.0))
    Microsoft.Extensions.Hosting.Abstractions (6.0)
      Microsoft.Bcl.AsyncInterfaces (>= 6.0) - restriction: || (&& (== net6.0) (>= net461)) (&& (== net6.0) (< netstandard2.1)) (&& (== net6.0-windows7.0) (>= net461)) (&& (== net6.0-windows7.0) (< netstandard2.1)) (== netstandard2.0)
      Microsoft.Extensions.Configuration.Abstractions (>= 6.0)
      Microsoft.Extensions.DependencyInjection.Abstractions (>= 6.0)
      Microsoft.Extensions.FileProviders.Abstractions (>= 6.0)
      System.Runtime.CompilerServices.Unsafe (>= 6.0) - restriction: || (&& (== net6.0) (>= net461)) (&& (== net6.0) (< netstandard2.1)) (&& (== net6.0-windows7.0) (>= net461)) (&& (== net6.0-windows7.0) (< netstandard2.1)) (== netstandard2.0)
      System.Threading.Tasks.Extensions (>= 4.5.4) - restriction: || (&& (== net6.0) (>= net461)) (&& (== net6.0) (< netstandard2.1)) (&& (== net6.0-windows7.0) (>= net461)) (&& (== net6.0-windows7.0) (< netstandard2.1)) (== netstandard2.0)
    Microsoft.Extensions.Logging.Abstractions (6.0) - restriction: || (== net6.0) (== net6.0-windows7.0) (&& (== netstandard2.0) (>= net6.0))
    Microsoft.Extensions.ObjectPool (5.0.10)
    Microsoft.Extensions.Options (6.0)
      Microsoft.Extensions.DependencyInjection.Abstractions (>= 6.0)
      Microsoft.Extensions.Primitives (>= 6.0)
      System.ComponentModel.Annotations (>= 5.0) - restriction: || (&& (== net6.0) (< netstandard2.1)) (&& (== net6.0-windows7.0) (< netstandard2.1)) (== netstandard2.0)
    Microsoft.Extensions.Options.ConfigurationExtensions (6.0) - restriction: || (&& (== net6.0) (>= net6.0-windows7.0)) (== net6.0-windows7.0) (&& (== netstandard2.0) (>= net6.0-windows7.0))
      Microsoft.Extensions.Configuration.Abstractions (>= 6.0)
      Microsoft.Extensions.Configuration.Binder (>= 6.0)
      Microsoft.Extensions.DependencyInjection.Abstractions (>= 6.0)
      Microsoft.Extensions.Options (>= 6.0)
      Microsoft.Extensions.Primitives (>= 6.0)
    Microsoft.Extensions.Primitives (6.0)
      System.Memory (>= 4.5.4) - restriction: || (&& (== net6.0) (>= net461)) (&& (== net6.0) (< netcoreapp3.1)) (&& (== net6.0-windows7.0) (>= net461)) (&& (== net6.0-windows7.0) (< netcoreapp3.1)) (== netstandard2.0)
      System.Runtime.CompilerServices.Unsafe (>= 6.0)
    Microsoft.IdentityModel.JsonWebTokens (6.15)
      Microsoft.IdentityModel.Tokens (>= 6.15)
    Microsoft.IdentityModel.Logging (6.15)
    Microsoft.IdentityModel.Protocols (6.15)
      Microsoft.IdentityModel.Logging (>= 6.15)
      Microsoft.IdentityModel.Tokens (>= 6.15)
    Microsoft.IdentityModel.Protocols.OpenIdConnect (6.15)
      Microsoft.IdentityModel.Protocols (>= 6.15)
      System.IdentityModel.Tokens.Jwt (>= 6.15)
    Microsoft.IdentityModel.Tokens (6.15)
      Microsoft.CSharp (>= 4.5)
      Microsoft.IdentityModel.Logging (>= 6.15)
      System.Security.Cryptography.Cng (>= 4.5)
    Microsoft.JSInterop (6.0) - restriction: || (== net6.0) (== net6.0-windows7.0) (&& (== netstandard2.0) (>= net6.0))
    Microsoft.Net.Http.Headers (2.2)
      Microsoft.Extensions.Primitives (>= 2.2)
      System.Buffers (>= 4.5)
    Microsoft.NETCore.Platforms (6.0.4)
    Microsoft.NETCore.Targets (1.1.3)
    Microsoft.VisualBasic (10.3) - restriction: || (&& (== net6.0) (>= net6.0-windows7.0)) (== net6.0-windows7.0) (&& (== netstandard2.0) (>= net6.0-windows7.0))
    Microsoft.Win32.Registry (5.0)
      System.Buffers (>= 4.5.1) - restriction: || (&& (== net6.0) (>= monoandroid) (< netstandard1.3)) (&& (== net6.0) (>= monotouch)) (&& (== net6.0) (< netcoreapp2.0)) (&& (== net6.0) (>= xamarinios)) (&& (== net6.0) (>= xamarinmac)) (&& (== net6.0) (>= xamarintvos)) (&& (== net6.0) (>= xamarinwatchos)) (&& (== net6.0-windows7.0) (>= monoandroid) (< netstandard1.3)) (&& (== net6.0-windows7.0) (>= monotouch)) (&& (== net6.0-windows7.0) (< netcoreapp2.0)) (&& (== net6.0-windows7.0) (>= xamarinios)) (&& (== net6.0-windows7.0) (>= xamarinmac)) (&& (== net6.0-windows7.0) (>= xamarintvos)) (&& (== net6.0-windows7.0) (>= xamarinwatchos)) (== netstandard2.0)
      System.Memory (>= 4.5.4) - restriction: || (&& (== net6.0) (< netcoreapp2.0)) (&& (== net6.0) (< netcoreapp2.1)) (&& (== net6.0) (>= uap10.1)) (&& (== net6.0-windows7.0) (< netcoreapp2.0)) (&& (== net6.0-windows7.0) (< netcoreapp2.1)) (&& (== net6.0-windows7.0) (>= uap10.1)) (== netstandard2.0)
      System.Security.AccessControl (>= 5.0)
      System.Security.Principal.Windows (>= 5.0)
    Microsoft.Win32.SystemEvents (6.0) - restriction: || (== net6.0) (== net6.0-windows7.0) (&& (== netstandard2.0) (>= netcoreapp3.1))
    Mono.Cecil (0.11.4)
    NAudio (2.1) - restriction: || (&& (== net6.0) (>= net6.0-windows7.0)) (== net6.0-windows7.0) (&& (== netstandard2.0) (>= net6.0-windows7.0))
      NAudio.Asio (>= 2.1) - restriction: || (== net6.0) (== net6.0-windows7.0) (&& (== netstandard2.0) (>= net472)) (&& (== netstandard2.0) (>= netcoreapp3.1))
      NAudio.Core (>= 2.1) - restriction: || (== net6.0) (== net6.0-windows7.0) (&& (== netstandard2.0) (>= net472)) (&& (== netstandard2.0) (>= netcoreapp3.1))
      NAudio.Midi (>= 2.1) - restriction: || (== net6.0) (== net6.0-windows7.0) (&& (== netstandard2.0) (>= net472)) (&& (== netstandard2.0) (>= netcoreapp3.1))
      NAudio.Wasapi (>= 2.1) - restriction: || (== net6.0) (== net6.0-windows7.0) (&& (== netstandard2.0) (>= net472)) (&& (== netstandard2.0) (>= netcoreapp3.1))
      NAudio.WinForms (>= 2.1) - restriction: || (&& (== net6.0) (>= net472)) (&& (== net6.0) (>= net6.0-windows7.0)) (== net6.0-windows7.0) (&& (== netstandard2.0) (>= net472)) (&& (== netstandard2.0) (>= net6.0-windows7.0)) (&& (== netstandard2.0) (>= netcoreapp3.1))
      NAudio.WinMM (>= 2.1) - restriction: || (== net6.0) (== net6.0-windows7.0) (&& (== netstandard2.0) (>= net472)) (&& (== netstandard2.0) (>= netcoreapp3.1))
    NAudio.Asio (2.1) - restriction: || (&& (== net6.0) (>= net6.0-windows7.0)) (== net6.0-windows7.0) (&& (== netstandard2.0) (>= net6.0-windows7.0))
      Microsoft.Win32.Registry (>= 4.7)
      NAudio.Core (>= 2.1)
    NAudio.Core (2.1) - restriction: || (&& (== net6.0) (>= net6.0-windows7.0)) (== net6.0-windows7.0) (&& (== netstandard2.0) (>= net6.0-windows7.0))
    NAudio.Midi (2.1) - restriction: || (&& (== net6.0) (>= net6.0-windows7.0)) (== net6.0-windows7.0) (&& (== netstandard2.0) (>= net6.0-windows7.0))
      NAudio.Core (>= 2.1)
    NAudio.Wasapi (2.1) - restriction: || (&& (== net6.0) (>= net6.0-windows7.0)) (== net6.0-windows7.0) (&& (== netstandard2.0) (>= net6.0-windows7.0))
      NAudio.Core (>= 2.1)
    NAudio.WinForms (2.1) - restriction: || (&& (== net6.0) (>= net6.0-windows7.0)) (== net6.0-windows7.0) (&& (== netstandard2.0) (>= net6.0-windows7.0))
      NAudio.WinMM (>= 2.1) - restriction: || (== net6.0) (== net6.0-windows7.0) (&& (== netstandard2.0) (>= net472)) (&& (== netstandard2.0) (>= netcoreapp3.1))
    NAudio.WinMM (2.1) - restriction: || (&& (== net6.0) (>= net6.0-windows7.0)) (== net6.0-windows7.0) (&& (== netstandard2.0) (>= net6.0-windows7.0))
      Microsoft.Win32.Registry (>= 4.7)
      NAudio.Core (>= 2.1)
    NETStandard.Library (2.0.3)
      Microsoft.NETCore.Platforms (>= 1.1)
    Newtonsoft.Json (13.0.1) - restriction: || (== net6.0) (== net6.0-windows7.0) (&& (== netstandard2.0) (>= net6.0))
    PropertyChanged.Fody (2.6.1) - copy_local: false
      Fody (>= 4.2.1)
      NETStandard.Library (>= 1.6.1)
    RazorEngine (3.10)
    RazorLight (2.0.0-rc.3) - restriction: || (== net6.0) (== net6.0-windows7.0) (&& (== netstandard2.0) (>= net6.0))
      Microsoft.AspNetCore.Mvc.Razor.Extensions (>= 5.0) - restriction: || (== net6.0) (== net6.0-windows7.0) (&& (== netstandard2.0) (>= net5.0))
      Microsoft.CodeAnalysis.Razor (>= 5.0) - restriction: || (== net6.0) (== net6.0-windows7.0) (&& (== netstandard2.0) (>= net5.0))
      Microsoft.Extensions.Caching.Abstractions (>= 5.0) - restriction: || (== net6.0) (== net6.0-windows7.0) (&& (== netstandard2.0) (>= net5.0))
      Microsoft.Extensions.Caching.Memory (>= 5.0) - restriction: || (== net6.0) (== net6.0-windows7.0) (&& (== netstandard2.0) (>= net5.0))
      Microsoft.Extensions.DependencyInjection (>= 5.0) - restriction: || (== net6.0) (== net6.0-windows7.0) (&& (== netstandard2.0) (>= net5.0))
      Microsoft.Extensions.DependencyModel (>= 5.0) - restriction: || (== net6.0) (== net6.0-windows7.0) (&& (== netstandard2.0) (>= net5.0))
      Microsoft.Extensions.FileProviders.Physical (>= 5.0) - restriction: || (== net6.0) (== net6.0-windows7.0) (&& (== netstandard2.0) (>= net5.0))
      Microsoft.Extensions.Primitives (>= 5.0) - restriction: || (== net6.0) (== net6.0-windows7.0) (&& (== netstandard2.0) (>= net5.0))
      System.Buffers (>= 4.5.1) - restriction: || (== net6.0) (== net6.0-windows7.0) (&& (== netstandard2.0) (>= net5.0))
    runtime.native.System (4.3)
      Microsoft.NETCore.Platforms (>= 1.1)
      Microsoft.NETCore.Targets (>= 1.1)
    runtime.native.System.Data.SqlClient.sni (4.7)
      runtime.win-arm64.runtime.native.System.Data.SqlClient.sni (>= 4.4)
      runtime.win-x64.runtime.native.System.Data.SqlClient.sni (>= 4.4)
      runtime.win-x86.runtime.native.System.Data.SqlClient.sni (>= 4.4)
    runtime.native.System.IO.Compression (4.3)
      Microsoft.NETCore.Platforms (>= 1.1)
      Microsoft.NETCore.Targets (>= 1.1)
    runtime.win-arm64.runtime.native.System.Data.SqlClient.sni (4.4)
    runtime.win-x64.runtime.native.System.Data.SqlClient.sni (4.4)
    runtime.win-x86.runtime.native.System.Data.SqlClient.sni (4.4)
    Serialize.Linq (2.0) - restriction: || (== net6.0) (== net6.0-windows7.0) (&& (== netstandard2.0) (>= net6.0))
    SharpZipLib (1.3)
    System.Buffers (4.5.1)
    System.CodeDom (6.0)
    System.Collections (4.3)
      Microsoft.NETCore.Platforms (>= 1.1)
      Microsoft.NETCore.Targets (>= 1.1)
      System.Runtime (>= 4.3)
    System.Collections.Concurrent (4.3) - restriction: || (== net6.0) (== net6.0-windows7.0) (&& (== netstandard2.0) (>= net6.0))
      System.Collections (>= 4.3)
      System.Diagnostics.Debug (>= 4.3)
      System.Diagnostics.Tracing (>= 4.3)
      System.Globalization (>= 4.3)
      System.Reflection (>= 4.3)
      System.Resources.ResourceManager (>= 4.3)
      System.Runtime (>= 4.3)
      System.Runtime.Extensions (>= 4.3)
      System.Threading (>= 4.3)
      System.Threading.Tasks (>= 4.3)
    System.Collections.Immutable (6.0)
      System.Memory (>= 4.5.4) - restriction: || (&& (== net6.0) (>= net461)) (&& (== net6.0-windows7.0) (>= net461)) (&& (== net6.0-windows7.0) (< net6.0)) (== netstandard2.0)
      System.Runtime.CompilerServices.Unsafe (>= 6.0)
    System.Collections.NonGeneric (4.3) - restriction: || (== net6.0) (== net6.0-windows7.0) (&& (== netstandard2.0) (>= net6.0))
      System.Diagnostics.Debug (>= 4.3)
      System.Globalization (>= 4.3)
      System.Resources.ResourceManager (>= 4.3)
      System.Runtime (>= 4.3)
      System.Runtime.Extensions (>= 4.3)
      System.Threading (>= 4.3)
    System.Collections.Specialized (4.3) - restriction: || (== net6.0) (== net6.0-windows7.0) (&& (== netstandard2.0) (>= net6.0))
      System.Collections.NonGeneric (>= 4.3)
      System.Globalization (>= 4.3)
      System.Globalization.Extensions (>= 4.3)
      System.Resources.ResourceManager (>= 4.3)
      System.Runtime (>= 4.3)
      System.Runtime.Extensions (>= 4.3)
      System.Threading (>= 4.3)
    System.ComponentModel (4.3) - restriction: || (== net6.0) (== net6.0-windows7.0) (&& (== netstandard2.0) (>= net6.0))
      System.Runtime (>= 4.3)
    System.ComponentModel.Annotations (5.0)
    System.ComponentModel.Primitives (4.3) - restriction: || (== net6.0) (== net6.0-windows7.0) (&& (== netstandard2.0) (>= net6.0))
      System.ComponentModel (>= 4.3)
      System.Resources.ResourceManager (>= 4.3)
      System.Runtime (>= 4.3)
    System.ComponentModel.TypeConverter (4.3) - restriction: || (== net6.0) (== net6.0-windows7.0) (&& (== netstandard2.0) (>= net6.0))
      System.Collections (>= 4.3)
      System.Collections.NonGeneric (>= 4.3)
      System.Collections.Specialized (>= 4.3)
      System.ComponentModel (>= 4.3)
      System.ComponentModel.Primitives (>= 4.3)
      System.Globalization (>= 4.3)
      System.Linq (>= 4.3)
      System.Reflection (>= 4.3)
      System.Reflection.Extensions (>= 4.3)
      System.Reflection.Primitives (>= 4.3)
      System.Reflection.TypeExtensions (>= 4.3)
      System.Resources.ResourceManager (>= 4.3)
      System.Runtime (>= 4.3)
      System.Runtime.Extensions (>= 4.3)
      System.Threading (>= 4.3)
    System.Composition (6.0) - restriction: || (== net6.0) (== net6.0-windows7.0) (&& (== netstandard2.0) (>= net6.0))
      System.Composition.AttributedModel (>= 6.0)
      System.Composition.Convention (>= 6.0)
      System.Composition.Hosting (>= 6.0)
      System.Composition.Runtime (>= 6.0)
      System.Composition.TypedParts (>= 6.0)
    System.Composition.AttributedModel (6.0) - restriction: || (== net6.0) (== net6.0-windows7.0) (&& (== netstandard2.0) (>= net6.0))
    System.Composition.Convention (6.0) - restriction: || (== net6.0) (== net6.0-windows7.0) (&& (== netstandard2.0) (>= net6.0))
      System.Composition.AttributedModel (>= 6.0)
    System.Composition.Hosting (6.0) - restriction: || (== net6.0) (== net6.0-windows7.0) (&& (== netstandard2.0) (>= net6.0))
      System.Composition.Runtime (>= 6.0)
    System.Composition.Runtime (6.0) - restriction: || (== net6.0) (== net6.0-windows7.0) (&& (== netstandard2.0) (>= net6.0))
    System.Composition.TypedParts (6.0) - restriction: || (== net6.0) (== net6.0-windows7.0) (&& (== netstandard2.0) (>= net6.0))
      System.Composition.AttributedModel (>= 6.0)
      System.Composition.Hosting (>= 6.0)
      System.Composition.Runtime (>= 6.0)
    System.Configuration.ConfigurationManager (6.0)
      System.Security.Cryptography.ProtectedData (>= 6.0)
      System.Security.Permissions (>= 6.0)
    System.Data.OleDb (6.0)
      Microsoft.Win32.Registry (>= 5.0) - restriction: || (&& (== net6.0-windows7.0) (< net6.0)) (== netstandard2.0)
      System.Configuration.ConfigurationManager (>= 6.0)
      System.Diagnostics.PerformanceCounter (>= 6.0)
      System.Memory (>= 4.5.4) - restriction: || (&& (== net6.0-windows7.0) (< net6.0)) (== netstandard2.0)
      System.Security.Principal.Windows (>= 5.0) - restriction: || (&& (== net6.0-windows7.0) (< net6.0)) (== netstandard2.0)
    System.Data.SqlClient (4.8.5)
      Microsoft.Win32.Registry (>= 4.7)
      runtime.native.System.Data.SqlClient.sni (>= 4.7)
      System.Buffers (>= 4.5.1) - restriction: || (&& (== net6.0) (< netcoreapp2.0)) (&& (== net6.0-windows7.0) (< netcoreapp2.0)) (== netstandard2.0)
      System.Diagnostics.DiagnosticSource (>= 4.7) - restriction: || (&& (== net6.0) (< netcoreapp2.0)) (&& (== net6.0) (< netcoreapp2.1)) (&& (== net6.0) (< netcoreapp3.1)) (&& (== net6.0) (< netstandard2.0)) (&& (== net6.0) (>= uap10.1)) (&& (== net6.0-windows7.0) (< netcoreapp2.0)) (&& (== net6.0-windows7.0) (< netcoreapp2.1)) (&& (== net6.0-windows7.0) (< netcoreapp3.1)) (&& (== net6.0-windows7.0) (< netstandard2.0)) (&& (== net6.0-windows7.0) (>= uap10.1)) (== netstandard2.0)
      System.Memory (>= 4.5.4) - restriction: || (&& (== net6.0) (< netcoreapp2.0)) (&& (== net6.0) (< netcoreapp2.1)) (&& (== net6.0) (>= uap10.1)) (&& (== net6.0-windows7.0) (< netcoreapp2.0)) (&& (== net6.0-windows7.0) (< netcoreapp2.1)) (&& (== net6.0-windows7.0) (>= uap10.1)) (== netstandard2.0)
      System.Security.Principal.Windows (>= 4.7)
      System.Text.Encoding.CodePages (>= 4.7) - restriction: || (&& (== net6.0) (< netcoreapp2.0)) (&& (== net6.0) (< netcoreapp2.1)) (&& (== net6.0) (< netcoreapp3.1)) (&& (== net6.0) (< netstandard2.0)) (&& (== net6.0) (>= uap10.1)) (&& (== net6.0-windows7.0) (< netcoreapp2.0)) (&& (== net6.0-windows7.0) (< netcoreapp2.1)) (&& (== net6.0-windows7.0) (< netcoreapp3.1)) (&& (== net6.0-windows7.0) (< netstandard2.0)) (&& (== net6.0-windows7.0) (>= uap10.1)) (== netstandard2.0)
    System.Diagnostics.Debug (4.3)
      Microsoft.NETCore.Platforms (>= 1.1)
      Microsoft.NETCore.Targets (>= 1.1)
      System.Runtime (>= 4.3)
    System.Diagnostics.DiagnosticSource (4.7) - restriction: || (&& (== net6.0) (< netcoreapp2.0)) (&& (== net6.0) (< netcoreapp2.1)) (&& (== net6.0) (< netcoreapp3.1)) (&& (== net6.0) (< netstandard2.0)) (&& (== net6.0) (>= uap10.1)) (&& (== net6.0-windows7.0) (< netcoreapp2.0)) (&& (== net6.0-windows7.0) (< netcoreapp2.1)) (&& (== net6.0-windows7.0) (< netcoreapp3.1)) (&& (== net6.0-windows7.0) (< netstandard2.0)) (&& (== net6.0-windows7.0) (>= uap10.1)) (== netstandard2.0)
      System.Memory (>= 4.5.3) - restriction: || (&& (== net6.0) (>= net45) (< netstandard1.3)) (&& (== net6.0) (>= net46)) (&& (== net6.0) (< netcoreapp2.1)) (&& (== net6.0) (< netstandard2.0)) (&& (== net6.0) (>= uap10.1)) (&& (== net6.0-windows7.0) (>= net45) (< netstandard1.3)) (&& (== net6.0-windows7.0) (>= net46)) (&& (== net6.0-windows7.0) (< netcoreapp2.1)) (&& (== net6.0-windows7.0) (< netstandard2.0)) (&& (== net6.0-windows7.0) (>= uap10.1)) (== netstandard2.0)
    System.Diagnostics.EventLog (6.0)
      System.Security.Principal.Windows (>= 5.0) - restriction: || (&& (== net6.0) (>= net461)) (&& (== net6.0) (< netcoreapp3.1)) (&& (== net6.0-windows7.0) (>= net461)) (&& (== net6.0-windows7.0) (< net6.0)) (&& (== net6.0-windows7.0) (< netcoreapp3.1)) (== netstandard2.0)
    System.Diagnostics.FileVersionInfo (4.3)
      Microsoft.NETCore.Platforms (>= 1.1)
      System.Globalization (>= 4.3)
      System.IO (>= 4.3)
      System.IO.FileSystem (>= 4.3)
      System.IO.FileSystem.Primitives (>= 4.3)
      System.Reflection.Metadata (>= 1.4.1)
      System.Runtime (>= 4.3)
      System.Runtime.Extensions (>= 4.3)
      System.Runtime.InteropServices (>= 4.3)
    System.Diagnostics.PerformanceCounter (6.0)
      System.Configuration.ConfigurationManager (>= 6.0) - restriction: || (== net6.0) (== net6.0-windows7.0) (&& (== netstandard2.0) (>= netcoreapp3.1))
    System.Diagnostics.Tools (4.3)
      Microsoft.NETCore.Platforms (>= 1.1)
      Microsoft.NETCore.Targets (>= 1.1)
      System.Runtime (>= 4.3)
    System.Diagnostics.Tracing (4.3) - restriction: || (== net6.0) (== net6.0-windows7.0) (&& (== netstandard2.0) (>= net6.0))
      Microsoft.NETCore.Platforms (>= 1.1)
      Microsoft.NETCore.Targets (>= 1.1)
      System.Runtime (>= 4.3)
    System.Drawing.Common (6.0)
      Microsoft.Win32.SystemEvents (>= 6.0) - restriction: || (== net6.0) (== net6.0-windows7.0) (&& (== netstandard2.0) (>= netcoreapp3.1))
    System.Formats.Asn1 (6.0)
      System.Buffers (>= 4.5.1) - restriction: || (&& (== net6.0) (>= net461)) (&& (== net6.0-windows7.0) (>= net461)) (&& (== net6.0-windows7.0) (< net6.0)) (== netstandard2.0)
      System.Memory (>= 4.5.4) - restriction: || (&& (== net6.0) (>= net461)) (&& (== net6.0-windows7.0) (>= net461)) (&& (== net6.0-windows7.0) (< net6.0)) (== netstandard2.0)
    System.Globalization (4.3)
      Microsoft.NETCore.Platforms (>= 1.1)
      Microsoft.NETCore.Targets (>= 1.1)
      System.Runtime (>= 4.3)
    System.Globalization.Extensions (4.3) - restriction: || (== net6.0) (== net6.0-windows7.0) (&& (== netstandard2.0) (>= net6.0))
      Microsoft.NETCore.Platforms (>= 1.1)
      System.Globalization (>= 4.3)
      System.Resources.ResourceManager (>= 4.3)
      System.Runtime (>= 4.3)
      System.Runtime.Extensions (>= 4.3)
      System.Runtime.InteropServices (>= 4.3)
    System.IdentityModel.Tokens.Jwt (6.15)
      Microsoft.IdentityModel.JsonWebTokens (>= 6.15)
      Microsoft.IdentityModel.Tokens (>= 6.15)
    System.Interactive (5.0)
    System.Interactive.Async (5.0) - restriction: || (== net6.0) (== net6.0-windows7.0) (&& (== netstandard2.0) (>= net6.0))
      System.Linq.Async (>= 5.0)
    System.IO (4.3)
      Microsoft.NETCore.Platforms (>= 1.1)
      Microsoft.NETCore.Targets (>= 1.1)
      System.Runtime (>= 4.3)
      System.Text.Encoding (>= 4.3)
      System.Threading.Tasks (>= 4.3)
    System.IO.Compression (4.3)
      Microsoft.NETCore.Platforms (>= 1.1)
      runtime.native.System (>= 4.3)
      runtime.native.System.IO.Compression (>= 4.3)
      System.Buffers (>= 4.3)
      System.Collections (>= 4.3)
      System.Diagnostics.Debug (>= 4.3)
      System.IO (>= 4.3)
      System.Resources.ResourceManager (>= 4.3)
      System.Runtime (>= 4.3)
      System.Runtime.Extensions (>= 4.3)
      System.Runtime.Handles (>= 4.3)
      System.Runtime.InteropServices (>= 4.3)
      System.Text.Encoding (>= 4.3)
      System.Threading (>= 4.3)
      System.Threading.Tasks (>= 4.3)
    System.IO.FileSystem (4.3)
      Microsoft.NETCore.Platforms (>= 1.1)
      Microsoft.NETCore.Targets (>= 1.1)
      System.IO (>= 4.3)
      System.IO.FileSystem.Primitives (>= 4.3)
      System.Runtime (>= 4.3)
      System.Runtime.Handles (>= 4.3)
      System.Text.Encoding (>= 4.3)
      System.Threading.Tasks (>= 4.3)
    System.IO.FileSystem.Primitives (4.3)
      System.Runtime (>= 4.3)
    System.IO.Packaging (4.7)
    System.IO.Pipelines (6.0.1) - restriction: || (== net6.0) (== net6.0-windows7.0) (&& (== netstandard2.0) (>= net6.0))
    System.Linq (4.3) - restriction: || (== net6.0) (== net6.0-windows7.0) (&& (== netstandard2.0) (>= net6.0))
      System.Collections (>= 4.3)
      System.Diagnostics.Debug (>= 4.3)
      System.Resources.ResourceManager (>= 4.3)
      System.Runtime (>= 4.3)
      System.Runtime.Extensions (>= 4.3)
    System.Linq.Async (5.0) - restriction: || (== net6.0) (== net6.0-windows7.0) (&& (== netstandard2.0) (>= net6.0))
    System.Management (6.0)
      System.CodeDom (>= 6.0)
    System.Memory (4.5.5)
      System.Buffers (>= 4.5.1) - restriction: || (&& (== net6.0) (>= monotouch)) (&& (== net6.0) (>= net461)) (&& (== net6.0) (< netcoreapp2.0)) (&& (== net6.0) (< netstandard1.1)) (&& (== net6.0) (< netstandard2.0)) (&& (== net6.0) (>= xamarinios)) (&& (== net6.0) (>= xamarinmac)) (&& (== net6.0) (>= xamarintvos)) (&& (== net6.0) (>= xamarinwatchos)) (&& (== net6.0-windows7.0) (>= monotouch)) (&& (== net6.0-windows7.0) (>= net461)) (&& (== net6.0-windows7.0) (< netcoreapp2.0)) (&& (== net6.0-windows7.0) (< netstandard1.1)) (&& (== net6.0-windows7.0) (< netstandard2.0)) (&& (== net6.0-windows7.0) (>= xamarinios)) (&& (== net6.0-windows7.0) (>= xamarinmac)) (&& (== net6.0-windows7.0) (>= xamarintvos)) (&& (== net6.0-windows7.0) (>= xamarinwatchos)) (== netstandard2.0)
      System.Numerics.Vectors (>= 4.4) - restriction: || (&& (== net6.0) (< netcoreapp2.0)) (&& (== net6.0-windows7.0) (< netcoreapp2.0)) (== netstandard2.0)
      System.Runtime.CompilerServices.Unsafe (>= 4.5.3) - restriction: || (&& (== net6.0) (>= monotouch)) (&& (== net6.0) (>= net461)) (&& (== net6.0) (< netcoreapp2.0)) (&& (== net6.0) (< netcoreapp2.1)) (&& (== net6.0) (< netstandard1.1)) (&& (== net6.0) (< netstandard2.0)) (&& (== net6.0) (>= uap10.1)) (&& (== net6.0) (>= xamarinios)) (&& (== net6.0) (>= xamarinmac)) (&& (== net6.0) (>= xamarintvos)) (&& (== net6.0) (>= xamarinwatchos)) (&& (== net6.0-windows7.0) (>= monotouch)) (&& (== net6.0-windows7.0) (>= net461)) (&& (== net6.0-windows7.0) (< netcoreapp2.0)) (&& (== net6.0-windows7.0) (< netcoreapp2.1)) (&& (== net6.0-windows7.0) (< netstandard1.1)) (&& (== net6.0-windows7.0) (< netstandard2.0)) (&& (== net6.0-windows7.0) (>= uap10.1)) (&& (== net6.0-windows7.0) (>= xamarinios)) (&& (== net6.0-windows7.0) (>= xamarinmac)) (&& (== net6.0-windows7.0) (>= xamarintvos)) (&& (== net6.0-windows7.0) (>= xamarinwatchos)) (== netstandard2.0)
    System.Numerics.Vectors (4.5)
    System.Private.ServiceModel (4.10.2)
      Microsoft.Bcl.AsyncInterfaces (>= 5.0)
      Microsoft.Extensions.ObjectPool (>= 5.0.10)
      System.Numerics.Vectors (>= 4.5)
      System.Reflection.DispatchProxy (>= 4.7.1)
      System.Security.Cryptography.Xml (>= 6.0.1)
      System.Security.Principal.Windows (>= 5.0)
    System.Reactive (5.0)
      System.Runtime.InteropServices.WindowsRuntime (>= 4.3) - restriction: || (&& (== net6.0) (< netcoreapp3.1)) (&& (== net6.0-windows7.0) (< netcoreapp3.1)) (== netstandard2.0)
      System.Threading.Tasks.Extensions (>= 4.5.4) - restriction: || (&& (== net6.0) (>= net472)) (&& (== net6.0) (< netcoreapp3.1)) (&& (== net6.0) (>= uap10.1)) (&& (== net6.0-windows7.0) (>= net472)) (&& (== net6.0-windows7.0) (< netcoreapp3.1)) (&& (== net6.0-windows7.0) (>= uap10.1)) (== netstandard2.0)
    System.Reflection (4.3)
      Microsoft.NETCore.Platforms (>= 1.1)
      Microsoft.NETCore.Targets (>= 1.1)
      System.IO (>= 4.3)
      System.Reflection.Primitives (>= 4.3)
      System.Runtime (>= 4.3)
    System.Reflection.DispatchProxy (4.7.1)
    System.Reflection.Emit (4.7)
      System.Reflection.Emit.ILGeneration (>= 4.7) - restriction: || (&& (== net6.0) (< netcoreapp2.0) (< netstandard2.1)) (&& (== net6.0) (< netstandard1.1)) (&& (== net6.0) (< netstandard2.0)) (&& (== net6.0) (>= uap10.1)) (&& (== net6.0-windows7.0) (< netcoreapp2.0) (< netstandard2.1)) (&& (== net6.0-windows7.0) (< netstandard1.1)) (&& (== net6.0-windows7.0) (< netstandard2.0)) (&& (== net6.0-windows7.0) (>= uap10.1)) (== netstandard2.0)
    System.Reflection.Emit.ILGeneration (4.7)
    System.Reflection.Emit.Lightweight (4.7)
      System.Reflection.Emit.ILGeneration (>= 4.7) - restriction: || (&& (== net6.0) (< netcoreapp2.0) (< netstandard2.1)) (&& (== net6.0) (< netstandard2.0)) (&& (== net6.0) (< portable-net45+wp8)) (&& (== net6.0) (>= uap10.1)) (&& (== net6.0-windows7.0) (< netcoreapp2.0) (< netstandard2.1)) (&& (== net6.0-windows7.0) (< netstandard2.0)) (&& (== net6.0-windows7.0) (< portable-net45+wp8)) (&& (== net6.0-windows7.0) (>= uap10.1)) (== netstandard2.0)
    System.Reflection.Extensions (4.3) - restriction: || (== net6.0) (== net6.0-windows7.0) (&& (== netstandard2.0) (>= net6.0))
      Microsoft.NETCore.Platforms (>= 1.1)
      Microsoft.NETCore.Targets (>= 1.1)
      System.Reflection (>= 4.3)
      System.Runtime (>= 4.3)
    System.Reflection.Metadata (5.0)
      System.Collections.Immutable (>= 5.0) - restriction: || (&& (== net6.0) (>= net461)) (&& (== net6.0) (< net5.0)) (&& (== net6.0) (< netstandard1.1)) (&& (== net6.0) (< netstandard2.0)) (&& (== net6.0-windows7.0) (>= net461)) (&& (== net6.0-windows7.0) (< net5.0)) (&& (== net6.0-windows7.0) (< netstandard1.1)) (&& (== net6.0-windows7.0) (< netstandard2.0)) (== netstandard2.0)
    System.Reflection.Primitives (4.3)
      Microsoft.NETCore.Platforms (>= 1.1)
      Microsoft.NETCore.Targets (>= 1.1)
      System.Runtime (>= 4.3)
    System.Reflection.TypeExtensions (4.7)
    System.Resources.Extensions (6.0)
      System.Memory (>= 4.5.4) - restriction: || (&& (== net6.0) (>= net461)) (&& (== net6.0-windows7.0) (>= net461)) (&& (== net6.0-windows7.0) (< net6.0)) (== netstandard2.0)
    System.Resources.ResourceManager (4.3)
      Microsoft.NETCore.Platforms (>= 1.1)
      Microsoft.NETCore.Targets (>= 1.1)
      System.Globalization (>= 4.3)
      System.Reflection (>= 4.3)
      System.Runtime (>= 4.3)
    System.Runtime (4.3.1)
      Microsoft.NETCore.Platforms (>= 1.1.1)
      Microsoft.NETCore.Targets (>= 1.1.3)
    System.Runtime.CompilerServices.Unsafe (6.0)
    System.Runtime.Extensions (4.3)
      Microsoft.NETCore.Platforms (>= 1.1)
      Microsoft.NETCore.Targets (>= 1.1)
      System.Runtime (>= 4.3)
    System.Runtime.Handles (4.3)
      Microsoft.NETCore.Platforms (>= 1.1)
      Microsoft.NETCore.Targets (>= 1.1)
      System.Runtime (>= 4.3)
    System.Runtime.InteropServices (4.3)
      Microsoft.NETCore.Platforms (>= 1.1)
      Microsoft.NETCore.Targets (>= 1.1)
      System.Reflection (>= 4.3)
      System.Reflection.Primitives (>= 4.3)
      System.Runtime (>= 4.3)
      System.Runtime.Handles (>= 4.3)
    System.Runtime.InteropServices.WindowsRuntime (4.3) - restriction: || (&& (== net6.0) (< netcoreapp3.1)) (&& (== net6.0-windows7.0) (< netcoreapp3.1)) (== netstandard2.0)
      System.Runtime (>= 4.3)
    System.Runtime.Loader (4.3)
      System.IO (>= 4.3)
      System.Reflection (>= 4.3)
      System.Runtime (>= 4.3)
    System.Runtime.Serialization.Primitives (4.3) - restriction: || (== net6.0) (== net6.0-windows7.0) (&& (== netstandard2.0) (>= net6.0))
      System.Resources.ResourceManager (>= 4.3)
      System.Runtime (>= 4.3)
    System.Security.AccessControl (6.0)
      System.Security.Principal.Windows (>= 5.0) - restriction: || (&& (== net6.0) (>= net461)) (&& (== net6.0-windows7.0) (>= net461)) (&& (== net6.0-windows7.0) (< net6.0)) (== netstandard2.0)
    System.Security.Cryptography.Cng (5.0)
    System.Security.Cryptography.Pkcs (6.0.1)
      System.Buffers (>= 4.5.1) - restriction: || (&& (== net6.0) (< netstandard2.1)) (&& (== net6.0-windows7.0) (< netstandard2.1)) (== netstandard2.0)
      System.Formats.Asn1 (>= 6.0)
      System.Memory (>= 4.5.4) - restriction: || (&& (== net6.0) (< netstandard2.1)) (&& (== net6.0-windows7.0) (< netstandard2.1)) (== netstandard2.0)
      System.Security.Cryptography.Cng (>= 5.0) - restriction: || (&& (== net6.0) (< netcoreapp3.1)) (&& (== net6.0) (< netstandard2.1)) (&& (== net6.0-windows7.0) (< net6.0)) (&& (== net6.0-windows7.0) (< netcoreapp3.1)) (&& (== net6.0-windows7.0) (< netstandard2.1)) (== netstandard2.0)
    System.Security.Cryptography.ProtectedData (7.0.1)
      System.Memory (>= 4.5.5) - restriction: || (&& (== net6.0-windows7.0) (< net6.0)) (== netstandard2.0)
    System.Security.Cryptography.Xml (6.0)
      System.Memory (>= 4.5.4) - restriction: || (&& (== net6.0-windows7.0) (< net6.0)) (== netstandard2.0)
      System.Security.AccessControl (>= 6.0)
      System.Security.Cryptography.Pkcs (>= 6.0)
    System.Security.Permissions (6.0)
      System.Security.AccessControl (>= 6.0)
      System.Windows.Extensions (>= 6.0) - restriction: || (== net6.0) (== net6.0-windows7.0) (&& (== netstandard2.0) (>= netcoreapp3.1))
    System.Security.Principal.Windows (5.0)
    System.ServiceModel.Duplex (4.10.2)
      System.Private.ServiceModel (>= 4.10.2)
      System.ServiceModel.Primitives (>= 4.10.2)
    System.ServiceModel.Http (4.10.2)
      System.Private.ServiceModel (>= 4.10.2)
      System.ServiceModel.Primitives (>= 4.10.2)
    System.ServiceModel.NetTcp (4.10.2)
      System.Private.ServiceModel (>= 4.10.2)
      System.ServiceModel.Primitives (>= 4.10.2)
    System.ServiceModel.Primitives (4.10.2)
      System.Private.ServiceModel (>= 4.10.2)
    System.ServiceModel.Security (4.10.2)
      System.Private.ServiceModel (>= 4.10.2)
      System.ServiceModel.Primitives (>= 4.10.2)
    System.ServiceProcess.ServiceController (4.5)
      System.Diagnostics.EventLog (>= 4.5)
    System.Text.Encoding (4.3)
      Microsoft.NETCore.Platforms (>= 1.1)
      Microsoft.NETCore.Targets (>= 1.1)
      System.Runtime (>= 4.3)
    System.Text.Encoding.CodePages (6.0)
      System.Memory (>= 4.5.4) - restriction: || (&& (== net6.0) (>= net461)) (&& (== net6.0) (< netcoreapp3.1)) (&& (== net6.0-windows7.0) (>= net461)) (&& (== net6.0-windows7.0) (< netcoreapp3.1)) (== netstandard2.0)
      System.Runtime.CompilerServices.Unsafe (>= 6.0)
    System.Text.Encoding.Extensions (4.3)
      Microsoft.NETCore.Platforms (>= 1.1)
      Microsoft.NETCore.Targets (>= 1.1)
      System.Runtime (>= 4.3)
      System.Text.Encoding (>= 4.3)
    System.Text.Encodings.Web (7.0)
      System.Buffers (>= 4.5.1) - restriction: || (&& (== net6.0) (>= net462)) (&& (== net6.0-windows7.0) (>= net462)) (&& (== net6.0-windows7.0) (< net6.0)) (== netstandard2.0)
      System.Memory (>= 4.5.5) - restriction: || (&& (== net6.0) (>= net462)) (&& (== net6.0-windows7.0) (>= net462)) (&& (== net6.0-windows7.0) (< net6.0)) (== netstandard2.0)
      System.Runtime.CompilerServices.Unsafe (>= 6.0)
    System.Text.Json (7.0.2)
      Microsoft.Bcl.AsyncInterfaces (>= 7.0) - restriction: || (&& (== net6.0) (>= net462)) (&& (== net6.0-windows7.0) (>= net462)) (&& (== net6.0-windows7.0) (< net6.0)) (== netstandard2.0)
      System.Buffers (>= 4.5.1) - restriction: || (&& (== net6.0) (>= net462)) (&& (== net6.0-windows7.0) (>= net462)) (&& (== net6.0-windows7.0) (< net6.0)) (== netstandard2.0)
      System.Memory (>= 4.5.5) - restriction: || (&& (== net6.0) (>= net462)) (&& (== net6.0-windows7.0) (>= net462)) (&& (== net6.0-windows7.0) (< net6.0)) (== netstandard2.0)
      System.Numerics.Vectors (>= 4.5) - restriction: || (&& (== net6.0) (>= net462)) (&& (== net6.0-windows7.0) (>= net462)) (&& (== net6.0-windows7.0) (< net6.0)) (== netstandard2.0)
      System.Runtime.CompilerServices.Unsafe (>= 6.0)
      System.Text.Encodings.Web (>= 7.0)
      System.Threading.Tasks.Extensions (>= 4.5.4) - restriction: || (&& (== net6.0) (>= net462)) (&& (== net6.0-windows7.0) (>= net462)) (&& (== net6.0-windows7.0) (< net6.0)) (== netstandard2.0)
    System.Text.RegularExpressions (4.3)
      System.Collections (>= 4.3) - restriction: || (&& (== net6.0) (< netcoreapp1.1)) (&& (== net6.0-windows7.0) (< netcoreapp1.1)) (== netstandard2.0)
      System.Globalization (>= 4.3) - restriction: || (&& (== net6.0) (< netcoreapp1.1)) (&& (== net6.0-windows7.0) (< netcoreapp1.1)) (== netstandard2.0)
      System.Resources.ResourceManager (>= 4.3) - restriction: || (&& (== net6.0) (< netcoreapp1.1)) (&& (== net6.0-windows7.0) (< netcoreapp1.1)) (== netstandard2.0)
      System.Runtime (>= 4.3)
      System.Runtime.Extensions (>= 4.3) - restriction: || (&& (== net6.0) (< netcoreapp1.1)) (&& (== net6.0-windows7.0) (< netcoreapp1.1)) (== netstandard2.0)
      System.Threading (>= 4.3) - restriction: || (&& (== net6.0) (< netcoreapp1.1)) (&& (== net6.0-windows7.0) (< netcoreapp1.1)) (== netstandard2.0)
    System.Threading (4.3)
      System.Runtime (>= 4.3)
      System.Threading.Tasks (>= 4.3)
    System.Threading.Tasks (4.3)
      Microsoft.NETCore.Platforms (>= 1.1)
      Microsoft.NETCore.Targets (>= 1.1)
      System.Runtime (>= 4.3)
    System.Threading.Tasks.Dataflow (7.0)
    System.Threading.Tasks.Extensions (4.5.4)
      System.Runtime.CompilerServices.Unsafe (>= 4.5.3) - restriction: || (&& (== net6.0) (>= net461)) (&& (== net6.0) (< netcoreapp2.1)) (&& (== net6.0) (< netstandard1.0)) (&& (== net6.0) (< netstandard2.0)) (&& (== net6.0) (>= wp8)) (&& (== net6.0-windows7.0) (>= net461)) (&& (== net6.0-windows7.0) (< netcoreapp2.1)) (&& (== net6.0-windows7.0) (< netstandard1.0)) (&& (== net6.0-windows7.0) (< netstandard2.0)) (&& (== net6.0-windows7.0) (>= wp8)) (== netstandard2.0)
    System.Threading.Tasks.Parallel (4.3) - restriction: || (== net6.0) (== net6.0-windows7.0) (&& (== netstandard2.0) (>= net6.0))
      System.Collections.Concurrent (>= 4.3)
      System.Diagnostics.Debug (>= 4.3)
      System.Diagnostics.Tracing (>= 4.3)
      System.Resources.ResourceManager (>= 4.3)
      System.Runtime (>= 4.3)
      System.Runtime.Extensions (>= 4.3)
      System.Threading (>= 4.3)
      System.Threading.Tasks (>= 4.3)
    System.ValueTuple (4.5)
    System.Windows.Extensions (6.0) - restriction: || (== net6.0) (== net6.0-windows7.0) (&& (== netstandard2.0) (>= netcoreapp3.1))
      System.Drawing.Common (>= 6.0) - restriction: || (== net6.0) (== net6.0-windows7.0) (&& (== netstandard2.0) (>= netcoreapp3.1))
    System.Xml.ReaderWriter (4.3)
      System.Collections (>= 4.3)
      System.Diagnostics.Debug (>= 4.3)
      System.Globalization (>= 4.3)
      System.IO (>= 4.3)
      System.IO.FileSystem (>= 4.3)
      System.IO.FileSystem.Primitives (>= 4.3)
      System.Resources.ResourceManager (>= 4.3)
      System.Runtime (>= 4.3)
      System.Runtime.Extensions (>= 4.3)
      System.Runtime.InteropServices (>= 4.3)
      System.Text.Encoding (>= 4.3)
      System.Text.Encoding.Extensions (>= 4.3)
      System.Text.RegularExpressions (>= 4.3)
      System.Threading.Tasks (>= 4.3)
      System.Threading.Tasks.Extensions (>= 4.3)
    System.Xml.XDocument (4.3)
      System.Collections (>= 4.3)
      System.Diagnostics.Debug (>= 4.3)
      System.Diagnostics.Tools (>= 4.3)
      System.Globalization (>= 4.3)
      System.IO (>= 4.3)
      System.Reflection (>= 4.3)
      System.Resources.ResourceManager (>= 4.3)
      System.Runtime (>= 4.3)
      System.Runtime.Extensions (>= 4.3)
      System.Text.Encoding (>= 4.3)
      System.Threading (>= 4.3)
      System.Xml.ReaderWriter (>= 4.3)
    TextCopy (6.1) - restriction: || (== net6.0) (== net6.0-windows7.0) (&& (== netstandard2.0) (>= net6.0))
      Microsoft.Extensions.DependencyInjection.Abstractions (>= 6.0)
    Topshelf (4.2.1)
      TopShelf.ServiceInstaller (>= 4.2.1)
    TopShelf.ServiceInstaller (4.2.1)
      Microsoft.Win32.Registry (>= 4.5)
      System.ServiceProcess.ServiceController (>= 4.5)
    Unofficial.Microsoft.mshtml (7.0.3300)
    WindowsBase (4.6.1055)
    Xpand.Collections (1.0.4) - restriction: || (== net6.0) (== net6.0-windows7.0) (&& (== netstandard2.0) (>= net6.0)) (&& (== netstandard2.0) (>= net6.0-windows7.0))
    YamlDotNet (11.2.1) - restriction: || (== net6.0) (== net6.0-windows7.0) (&& (== netstandard2.0) (>= net6.0))
  remote: C:\Program Files (x86)\DevExpress 23.1\Components\System\Components\Packages
    DevExpress.Blazor (23.1.3) - restriction: || (== net6.0) (== net6.0-windows7.0) (&& (== netstandard2.0) (>= net6.0))
      DevExpress.Blazor.Themes (23.1.3) - restriction: || (== net6.0) (== net6.0-windows7.0) (&& (== netstandard2.0) (>= net6.0))
      DevExpress.Data (23.1.3) - restriction: || (== net6.0) (== net6.0-windows7.0) (&& (== netstandard2.0) (>= net6.0))
      DevExpress.Printing.Core (23.1.3) - restriction: || (== net6.0) (== net6.0-windows7.0) (&& (== netstandard2.0) (>= net6.0))
      DevExtreme.AspNet.Data (>= 2.9) - restriction: || (== net6.0) (== net6.0-windows7.0) (&& (== netstandard2.0) (>= net6.0))
      Microsoft.AspNetCore.Components.Web (>= 6.0) - restriction: || (== net6.0) (== net6.0-windows7.0) (&& (== netstandard2.0) (>= net6.0))
      System.Drawing.Common (>= 5.0.3) - restriction: || (== net6.0) (== net6.0-windows7.0) (&& (== netstandard2.0) (>= net6.0))
      System.Reactive (>= 5.0) - restriction: || (== net6.0) (== net6.0-windows7.0) (&& (== netstandard2.0) (>= net6.0))
    DevExpress.Blazor.Themes (23.1.3) - restriction: || (== net6.0) (== net6.0-windows7.0) (&& (== netstandard2.0) (>= net6.0))
    DevExpress.Charts (23.1.3)
      DevExpress.Charts.Core (23.1.3)
      DevExpress.Data (23.1.3)
      DevExpress.DataVisualization.Core (23.1.3)
      DevExpress.Drawing (23.1.3)
      DevExpress.Printing.Core (23.1.3)
      NETStandard.Library (>= 2.0.3)
      System.Drawing.Common (>= 4.7.2)
    DevExpress.Charts.Core (23.1.3)
      DevExpress.Data (23.1.3)
      NETStandard.Library (>= 2.0.3)
    DevExpress.CodeParser (23.1.3)
      DevExpress.Data (23.1.3)
      NETStandard.Library (>= 2.0.3)
      System.CodeDom (>= 4.4)
    DevExpress.Dashboard.Core (23.1.3)
      DevExpress.Charts (23.1.3)
      DevExpress.Charts.Core (23.1.3)
      DevExpress.Data (23.1.3)
      DevExpress.DataAccess (23.1.3)
      DevExpress.Drawing (23.1.3)
      DevExpress.Gauges.Core (23.1.3)
      DevExpress.Map.Core (23.1.3)
      DevExpress.Office.Core (23.1.3)
      DevExpress.PivotGrid.Core (23.1.3)
      DevExpress.Printing.Core (23.1.3)
      DevExpress.Reporting.Core (23.1.3)
      DevExpress.RichEdit.Core (23.1.3)
      DevExpress.Sparkline.Core (23.1.3)
      DevExpress.TreeMap (23.1.3)
      DevExpress.TreeMap.Core (23.1.3)
      DevExpress.Xpo (23.1.3)
      NETStandard.Library (>= 2.0.3)
      System.Drawing.Common (>= 4.7.2)
    DevExpress.Data.Desktop (23.1.3) - restriction: || (&& (== net6.0) (>= net452)) (&& (== net6.0) (>= net6.0-windows7.0)) (== net6.0-windows7.0) (&& (== netstandard2.0) (>= net452)) (&& (== netstandard2.0) (>= net6.0-windows7.0))
      DevExpress.Data (23.1.3) - restriction: || (&& (== net6.0) (>= net452)) (&& (== net6.0) (>= net6.0-windows7.0)) (== net6.0-windows7.0) (&& (== netstandard2.0) (>= net452)) (&& (== netstandard2.0) (>= net6.0-windows7.0))
      DevExpress.Drawing (23.1.3) - restriction: || (&& (== net6.0) (>= net452)) (&& (== net6.0) (>= net6.0-windows7.0)) (== net6.0-windows7.0) (&& (== netstandard2.0) (>= net452)) (&& (== netstandard2.0) (>= net6.0-windows7.0))
    DevExpress.DataAccess (23.1.3)
      DevExpress.CodeParser (23.1.3)
      DevExpress.Data (23.1.3)
      DevExpress.Office.Core (23.1.3)
      DevExpress.Printing.Core (23.1.3)
      DevExpress.RichEdit.Core (23.1.3)
      DevExpress.Xpo (23.1.3)
      NETStandard.Library (>= 2.0.3)
      System.Configuration.ConfigurationManager (>= 4.7)
      System.Data.SqlClient (>= 4.8.5)
      System.Drawing.Common (>= 4.7.2)
      System.Reflection.Emit (>= 4.7)
    DevExpress.DataAccess.UI (23.1.3) - restriction: || (&& (== net6.0) (>= net452)) (&& (== net6.0) (>= net6.0-windows7.0)) (== net6.0-windows7.0) (&& (== netstandard2.0) (>= net452)) (&& (== netstandard2.0) (>= net6.0-windows7.0))
      DevExpress.CodeParser (23.1.3) - restriction: || (&& (== net6.0) (>= net452)) (&& (== net6.0) (>= net6.0-windows7.0)) (== net6.0-windows7.0) (&& (== netstandard2.0) (>= net452)) (&& (== netstandard2.0) (>= net6.0-windows7.0))
      DevExpress.Data (23.1.3) - restriction: || (&& (== net6.0) (>= net452)) (&& (== net6.0) (>= net6.0-windows7.0)) (== net6.0-windows7.0) (&& (== netstandard2.0) (>= net452)) (&& (== netstandard2.0) (>= net6.0-windows7.0))
      DevExpress.Data.Desktop (23.1.3) - restriction: || (&& (== net6.0) (>= net452)) (&& (== net6.0) (>= net6.0-windows7.0)) (== net6.0-windows7.0) (&& (== netstandard2.0) (>= net452)) (&& (== netstandard2.0) (>= net6.0-windows7.0))
      DevExpress.DataAccess (23.1.3) - restriction: || (&& (== net6.0) (>= net452)) (&& (== net6.0) (>= net6.0-windows7.0)) (== net6.0-windows7.0) (&& (== netstandard2.0) (>= net452)) (&& (== netstandard2.0) (>= net6.0-windows7.0))
      DevExpress.Diagram.Core (23.1.3) - restriction: || (&& (== net6.0) (>= net452)) (&& (== net6.0) (>= net6.0-windows7.0)) (== net6.0-windows7.0) (&& (== netstandard2.0) (>= net452)) (&& (== netstandard2.0) (>= net6.0-windows7.0))
      DevExpress.Printing.Core (23.1.3) - restriction: || (&& (== net6.0) (>= net452)) (&& (== net6.0) (>= net6.0-windows7.0)) (== net6.0-windows7.0) (&& (== netstandard2.0) (>= net452)) (&& (== netstandard2.0) (>= net6.0-windows7.0))
      DevExpress.RichEdit.Core (23.1.3) - restriction: || (&& (== net6.0) (>= net452)) (&& (== net6.0) (>= net6.0-windows7.0)) (== net6.0-windows7.0) (&& (== netstandard2.0) (>= net452)) (&& (== netstandard2.0) (>= net6.0-windows7.0))
      DevExpress.Utils (23.1.3) - restriction: || (&& (== net6.0) (>= net452)) (&& (== net6.0) (>= net6.0-windows7.0)) (== net6.0-windows7.0) (&& (== netstandard2.0) (>= net452)) (&& (== netstandard2.0) (>= net6.0-windows7.0))
      DevExpress.Utils.UI (23.1.3) - restriction: || (&& (== net6.0) (>= net452)) (&& (== net6.0) (>= net6.0-windows7.0)) (== net6.0-windows7.0) (&& (== netstandard2.0) (>= net452)) (&& (== netstandard2.0) (>= net6.0-windows7.0))
      DevExpress.Win.Diagram (23.1.3) - restriction: || (&& (== net6.0) (>= net452)) (&& (== net6.0) (>= net6.0-windows7.0)) (== net6.0-windows7.0) (&& (== netstandard2.0) (>= net452)) (&& (== netstandard2.0) (>= net6.0-windows7.0))
      DevExpress.Win.Grid (23.1.3) - restriction: || (&& (== net6.0) (>= net452)) (&& (== net6.0) (>= net6.0-windows7.0)) (== net6.0-windows7.0) (&& (== netstandard2.0) (>= net452)) (&& (== netstandard2.0) (>= net6.0-windows7.0))
      DevExpress.Win.Navigation (23.1.3) - restriction: || (&& (== net6.0) (>= net452)) (&& (== net6.0) (>= net6.0-windows7.0)) (== net6.0-windows7.0) (&& (== netstandard2.0) (>= net452)) (&& (== netstandard2.0) (>= net6.0-windows7.0))
      DevExpress.Win.Printing (23.1.3) - restriction: || (&& (== net6.0) (>= net452)) (&& (== net6.0) (>= net6.0-windows7.0)) (== net6.0-windows7.0) (&& (== netstandard2.0) (>= net452)) (&& (== netstandard2.0) (>= net6.0-windows7.0))
      DevExpress.Win.RichEdit (23.1.3) - restriction: || (&& (== net6.0) (>= net452)) (&& (== net6.0) (>= net6.0-windows7.0)) (== net6.0-windows7.0) (&& (== netstandard2.0) (>= net452)) (&& (== netstandard2.0) (>= net6.0-windows7.0))
      DevExpress.Win.TreeList (23.1.3) - restriction: || (&& (== net6.0) (>= net452)) (&& (== net6.0) (>= net6.0-windows7.0)) (== net6.0-windows7.0) (&& (== netstandard2.0) (>= net452)) (&& (== netstandard2.0) (>= net6.0-windows7.0))
      DevExpress.Xpo (23.1.3) - restriction: || (&& (== net6.0) (>= net452)) (&& (== net6.0) (>= net6.0-windows7.0)) (== net6.0-windows7.0) (&& (== netstandard2.0) (>= net452)) (&& (== netstandard2.0) (>= net6.0-windows7.0))
      System.Data.SqlClient (>= 4.8.5) - restriction: || (&& (== net6.0) (>= net6.0-windows7.0)) (== net6.0-windows7.0) (&& (== netstandard2.0) (>= net6.0-windows7.0))
    DevExpress.DataVisualization.Core (23.1.3)
      DevExpress.Data (23.1.3)
      DevExpress.Drawing (23.1.3)
      NETStandard.Library (>= 2.0.3)
    DevExpress.Diagram.Core (23.1.3) - restriction: || (&& (== net6.0) (>= net452)) (&& (== net6.0) (>= net6.0-windows7.0)) (== net6.0-windows7.0) (&& (== netstandard2.0) (>= net452)) (&& (== netstandard2.0) (>= net6.0-windows7.0))
      DevExpress.Data (23.1.3) - restriction: || (&& (== net6.0) (>= net452)) (&& (== net6.0) (>= net6.0-windows7.0)) (== net6.0-windows7.0) (&& (== netstandard2.0) (>= net452)) (&& (== netstandard2.0) (>= net6.0-windows7.0))
      DevExpress.Data.Desktop (23.1.3) - restriction: || (&& (== net6.0) (>= net452)) (&& (== net6.0) (>= net6.0-windows7.0)) (== net6.0-windows7.0) (&& (== netstandard2.0) (>= net452)) (&& (== netstandard2.0) (>= net6.0-windows7.0))
      DevExpress.Drawing (23.1.3) - restriction: || (&& (== net6.0) (>= net452)) (&& (== net6.0) (>= net6.0-windows7.0)) (== net6.0-windows7.0) (&& (== netstandard2.0) (>= net452)) (&& (== netstandard2.0) (>= net6.0-windows7.0))
      DevExpress.Printing.Core (23.1.3) - restriction: || (&& (== net6.0) (>= net452)) (&& (== net6.0) (>= net6.0-windows7.0)) (== net6.0-windows7.0) (&& (== netstandard2.0) (>= net452)) (&& (== netstandard2.0) (>= net6.0-windows7.0))
    DevExpress.Document.Processor (23.1.3)
      DevExpress.Charts (23.1.3)
      DevExpress.Data (23.1.3)
      DevExpress.DataVisualization.Core (23.1.3)
      DevExpress.Drawing (23.1.3)
      DevExpress.Office.Core (23.1.3)
      DevExpress.Pdf.Core (23.1.3)
      DevExpress.Pdf.Drawing (23.1.3)
      DevExpress.Printing.Core (23.1.3)
      DevExpress.RichEdit.Core (23.1.3)
      DevExpress.Spreadsheet.Core (23.1.3)
      DevExpress.TreeMap (23.1.3)
      NETStandard.Library (>= 2.0.3)
      System.Drawing.Common (>= 4.7.2)
      System.Security.Cryptography.Xml (>= 6.0.1)
    DevExpress.Drawing (23.1.3)
      DevExpress.Data (23.1.3)
      NETStandard.Library (>= 2.0.3)
      System.Drawing.Common (>= 4.7.2)
      System.Reflection.Emit (>= 4.7)
    DevExpress.EasyTest (23.1.3)
      Microsoft.Win32.Registry (>= 5.0)
      NETStandard.Library (>= 2.0.3)
      System.Configuration.ConfigurationManager (>= 5.0)
      System.Data.SqlClient (>= 4.8.5)
      System.Drawing.Common (>= 5.0.3)
      System.ServiceProcess.ServiceController (>= 4.5)
    DevExpress.ExpressApp (23.1.3)
      DevExpress.Data (23.1.3)
      DevExpress.Drawing (23.1.3)
      DevExpress.Images (23.1.3)
      DevExpress.Printing.Core (23.1.3)
      Microsoft.CodeAnalysis.CSharp (>= 3.3.1)
      Microsoft.Extensions.Configuration.Abstractions (>= 6.0)
      Microsoft.Extensions.DependencyInjection.Abstractions (>= 6.0)
      Microsoft.Win32.Registry (>= 5.0)
      NETStandard.Library (>= 2.0.3)
      System.Configuration.ConfigurationManager (>= 5.0)
      System.Diagnostics.EventLog (>= 6.0)
      System.Drawing.Common (>= 5.0.3)
      System.Reflection.Emit (>= 4.7)
      System.Reflection.Emit.Lightweight (>= 4.7)
      System.Resources.Extensions (>= 5.0)
      System.Security.Cryptography.Xml (>= 6.0.1)
      System.ServiceModel.Primitives (>= 4.10.2)
      System.Text.Encoding.CodePages (>= 6.0)
    DevExpress.ExpressApp.AspNetCore (23.1.3) - restriction: || (== net6.0) (== net6.0-windows7.0) (&& (== netstandard2.0) (>= net6.0))
      DevExpress.Data (23.1.3) - restriction: || (== net6.0) (== net6.0-windows7.0) (&& (== netstandard2.0) (>= net6.0))
      DevExpress.ExpressApp (23.1.3) - restriction: || (== net6.0) (== net6.0-windows7.0) (&& (== netstandard2.0) (>= net6.0))
      DevExpress.Persistent.Base (23.1.3) - restriction: || (== net6.0) (== net6.0-windows7.0) (&& (== netstandard2.0) (>= net6.0))
      Microsoft.Extensions.DependencyInjection.Abstractions (>= 6.0) - restriction: || (== net6.0) (== net6.0-windows7.0) (&& (== netstandard2.0) (>= net6.0))
      Newtonsoft.Json (>= 13.0.1) - restriction: || (== net6.0) (== net6.0-windows7.0) (&& (== netstandard2.0) (>= net6.0))
      System.Drawing.Common (>= 5.0.3) - restriction: || (== net6.0) (== net6.0-windows7.0) (&& (== netstandard2.0) (>= net6.0))
    DevExpress.ExpressApp.AuditTrail.Xpo (23.1.3)
      DevExpress.Data (23.1.3)
      DevExpress.ExpressApp (23.1.3)
      DevExpress.ExpressApp.Xpo (23.1.3)
      DevExpress.Persistent.BaseImpl.Xpo (23.1.3)
      DevExpress.Xpo (23.1.3)
      Microsoft.Extensions.Configuration.Abstractions (>= 6.0)
      Microsoft.Extensions.DependencyInjection.Abstractions (>= 6.0)
      Microsoft.Extensions.Options (>= 6.0)
      NETStandard.Library (>= 2.0.3)
      System.Configuration.ConfigurationManager (>= 5.0)
      System.Drawing.Common (>= 5.0.3)
    DevExpress.ExpressApp.Blazor (23.1.3) - restriction: || (== net6.0) (== net6.0-windows7.0) (&& (== netstandard2.0) (>= net6.0))
      DevExpress.Blazor (23.1.3) - restriction: || (== net6.0) (== net6.0-windows7.0) (&& (== netstandard2.0) (>= net6.0))
      DevExpress.Data (23.1.3) - restriction: || (== net6.0) (== net6.0-windows7.0) (&& (== netstandard2.0) (>= net6.0))
      DevExpress.ExpressApp (23.1.3) - restriction: || (== net6.0) (== net6.0-windows7.0) (&& (== netstandard2.0) (>= net6.0))
      DevExpress.ExpressApp.AspNetCore (23.1.3) - restriction: || (== net6.0) (== net6.0-windows7.0) (&& (== netstandard2.0) (>= net6.0))
      DevExpress.ExpressApp.Security (23.1.3) - restriction: || (== net6.0) (== net6.0-windows7.0) (&& (== netstandard2.0) (>= net6.0))
      DevExpress.ExpressApp.Security.AspNetCore (23.1.3) - restriction: || (== net6.0) (== net6.0-windows7.0) (&& (== netstandard2.0) (>= net6.0))
      DevExpress.Persistent.Base (23.1.3) - restriction: || (== net6.0) (== net6.0-windows7.0) (&& (== netstandard2.0) (>= net6.0))
      DevExpress.Printing.Core (23.1.3) - restriction: || (== net6.0) (== net6.0-windows7.0) (&& (== netstandard2.0) (>= net6.0))
      DevExtreme.AspNet.Data (>= 2.9) - restriction: || (== net6.0) (== net6.0-windows7.0) (&& (== netstandard2.0) (>= net6.0))
      Microsoft.AspNetCore.DataProtection.Extensions (>= 6.0) - restriction: || (== net6.0) (== net6.0-windows7.0) (&& (== netstandard2.0) (>= net6.0))
      Newtonsoft.Json (>= 13.0.1) - restriction: || (== net6.0) (== net6.0-windows7.0) (&& (== netstandard2.0) (>= net6.0))
      System.Drawing.Common (>= 5.0.3) - restriction: || (== net6.0) (== net6.0-windows7.0) (&& (== netstandard2.0) (>= net6.0))
    DevExpress.ExpressApp.Chart (23.1.3)
      DevExpress.Charts (23.1.3)
      DevExpress.Data (23.1.3)
      DevExpress.ExpressApp (23.1.3)
      DevExpress.Persistent.Base (23.1.3)
      NETStandard.Library (>= 2.0.3)
      System.Drawing.Common (>= 5.0.3)
    DevExpress.ExpressApp.Chart.Win (23.1.3) - restriction: || (&& (== net6.0) (>= net452)) (&& (== net6.0) (>= net6.0-windows7.0)) (== net6.0-windows7.0) (&& (== netstandard2.0) (>= net452)) (&& (== netstandard2.0) (>= net6.0-windows7.0))
      DevExpress.Charts (23.1.3) - restriction: || (&& (== net6.0) (>= net452)) (&& (== net6.0) (>= net6.0-windows7.0)) (== net6.0-windows7.0) (&& (== netstandard2.0) (>= net452)) (&& (== netstandard2.0) (>= net6.0-windows7.0))
      DevExpress.Data (23.1.3) - restriction: || (&& (== net6.0) (>= net452)) (&& (== net6.0) (>= net6.0-windows7.0)) (== net6.0-windows7.0) (&& (== netstandard2.0) (>= net452)) (&& (== netstandard2.0) (>= net6.0-windows7.0))
      DevExpress.Drawing (23.1.3) - restriction: || (&& (== net6.0) (>= net452)) (&& (== net6.0) (>= net6.0-windows7.0)) (== net6.0-windows7.0) (&& (== netstandard2.0) (>= net452)) (&& (== netstandard2.0) (>= net6.0-windows7.0))
      DevExpress.ExpressApp (23.1.3) - restriction: || (&& (== net6.0) (>= net452)) (&& (== net6.0) (>= net6.0-windows7.0)) (== net6.0-windows7.0) (&& (== netstandard2.0) (>= net452)) (&& (== netstandard2.0) (>= net6.0-windows7.0))
      DevExpress.ExpressApp.Chart (23.1.3) - restriction: || (&& (== net6.0) (>= net452)) (&& (== net6.0) (>= net6.0-windows7.0)) (== net6.0-windows7.0) (&& (== netstandard2.0) (>= net452)) (&& (== netstandard2.0) (>= net6.0-windows7.0))
      DevExpress.ExpressApp.Win (23.1.3) - restriction: || (&& (== net6.0) (>= net452)) (&& (== net6.0) (>= net6.0-windows7.0)) (== net6.0-windows7.0) (&& (== netstandard2.0) (>= net452)) (&& (== netstandard2.0) (>= net6.0-windows7.0))
      DevExpress.Persistent.Base (23.1.3) - restriction: || (&& (== net6.0) (>= net452)) (&& (== net6.0) (>= net6.0-windows7.0)) (== net6.0-windows7.0) (&& (== netstandard2.0) (>= net452)) (&& (== netstandard2.0) (>= net6.0-windows7.0))
      DevExpress.Printing.Core (23.1.3) - restriction: || (&& (== net6.0) (>= net452)) (&& (== net6.0) (>= net6.0-windows7.0)) (== net6.0-windows7.0) (&& (== netstandard2.0) (>= net452)) (&& (== netstandard2.0) (>= net6.0-windows7.0))
      DevExpress.Utils (23.1.3) - restriction: || (&& (== net6.0) (>= net452)) (&& (== net6.0) (>= net6.0-windows7.0)) (== net6.0-windows7.0) (&& (== netstandard2.0) (>= net452)) (&& (== netstandard2.0) (>= net6.0-windows7.0))
      DevExpress.Win.Charts (23.1.3) - restriction: || (&& (== net6.0) (>= net452)) (&& (== net6.0) (>= net6.0-windows7.0)) (== net6.0-windows7.0) (&& (== netstandard2.0) (>= net452)) (&& (== netstandard2.0) (>= net6.0-windows7.0))
      DevExpress.Win.Navigation (23.1.3) - restriction: || (&& (== net6.0) (>= net452)) (&& (== net6.0) (>= net6.0-windows7.0)) (== net6.0-windows7.0) (&& (== netstandard2.0) (>= net452)) (&& (== netstandard2.0) (>= net6.0-windows7.0))
    DevExpress.ExpressApp.CloneObject.Xpo (23.1.3)
      DevExpress.Data (23.1.3)
      DevExpress.ExpressApp (23.1.3)
      DevExpress.Persistent.Base (23.1.3)
      NETStandard.Library (>= 2.0.3)
      System.Drawing.Common (>= 5.0.3)
    DevExpress.ExpressApp.ConditionalAppearance (23.1.3)
      DevExpress.Data (23.1.3)
      DevExpress.ExpressApp (23.1.3)
      DevExpress.Persistent.Base (23.1.3)
      NETStandard.Library (>= 2.0.3)
      System.Drawing.Common (>= 5.0.3)
    DevExpress.ExpressApp.Core.All (23.1.3)
      DevExpress.EasyTest (23.1.3)
      DevExpress.ExpressApp.AuditTrail.Xpo (23.1.3)
      DevExpress.ExpressApp.Chart (23.1.3)
      DevExpress.ExpressApp.CloneObject.Xpo (23.1.3)
      DevExpress.ExpressApp.ConditionalAppearance (23.1.3)
      DevExpress.ExpressApp.Dashboards (23.1.3)
      DevExpress.ExpressApp.Kpi (23.1.3)
      DevExpress.ExpressApp.Notifications (23.1.3)
      DevExpress.ExpressApp.Objects (23.1.3)
      DevExpress.ExpressApp.Office (23.1.3)
      DevExpress.ExpressApp.PivotChart (23.1.3)
      DevExpress.ExpressApp.PivotGrid (23.1.3)
      DevExpress.ExpressApp.ReportsV2 (23.1.3)
      DevExpress.ExpressApp.Scheduler (23.1.3)
      DevExpress.ExpressApp.ScriptRecorder (23.1.3)
      DevExpress.ExpressApp.Security (23.1.3)
      DevExpress.ExpressApp.StateMachine (23.1.3)
      DevExpress.ExpressApp.TreeListEditors (23.1.3)
      DevExpress.ExpressApp.Validation (23.1.3)
      DevExpress.ExpressApp.ViewVariantsModule (23.1.3)
      DevExpress.Persistent.Base (23.1.3)
    DevExpress.ExpressApp.Dashboards (23.1.3)
      DevExpress.Dashboard.Core (23.1.3)
      DevExpress.Data (23.1.3)
      DevExpress.DataAccess (23.1.3)
      DevExpress.ExpressApp (23.1.3)
      DevExpress.Persistent.Base (23.1.3)
      NETStandard.Library (>= 2.0.3)
      System.Drawing.Common (>= 5.0.3)
    DevExpress.ExpressApp.Dashboards.Win (23.1.3) - restriction: || (&& (== net6.0) (>= net452)) (&& (== net6.0) (>= net6.0-windows7.0)) (== net6.0-windows7.0) (&& (== netstandard2.0) (>= net452)) (&& (== netstandard2.0) (>= net6.0-windows7.0))
      DevExpress.Dashboard.Core (23.1.3) - restriction: || (&& (== net6.0) (>= net452)) (&& (== net6.0) (>= net6.0-windows7.0)) (== net6.0-windows7.0) (&& (== netstandard2.0) (>= net452)) (&& (== netstandard2.0) (>= net6.0-windows7.0))
      DevExpress.Data (23.1.3) - restriction: || (&& (== net6.0) (>= net452)) (&& (== net6.0) (>= net6.0-windows7.0)) (== net6.0-windows7.0) (&& (== netstandard2.0) (>= net452)) (&& (== netstandard2.0) (>= net6.0-windows7.0))
      DevExpress.DataAccess (23.1.3) - restriction: || (&& (== net6.0) (>= net452)) (&& (== net6.0) (>= net6.0-windows7.0)) (== net6.0-windows7.0) (&& (== netstandard2.0) (>= net452)) (&& (== netstandard2.0) (>= net6.0-windows7.0))
      DevExpress.DataAccess.UI (23.1.3) - restriction: || (&& (== net6.0) (>= net452)) (&& (== net6.0) (>= net6.0-windows7.0)) (== net6.0-windows7.0) (&& (== netstandard2.0) (>= net452)) (&& (== netstandard2.0) (>= net6.0-windows7.0))
      DevExpress.ExpressApp (23.1.3) - restriction: || (&& (== net6.0) (>= net452)) (&& (== net6.0) (>= net6.0-windows7.0)) (== net6.0-windows7.0) (&& (== netstandard2.0) (>= net452)) (&& (== netstandard2.0) (>= net6.0-windows7.0))
      DevExpress.ExpressApp.Dashboards (23.1.3) - restriction: || (&& (== net6.0) (>= net452)) (&& (== net6.0) (>= net6.0-windows7.0)) (== net6.0-windows7.0) (&& (== netstandard2.0) (>= net452)) (&& (== netstandard2.0) (>= net6.0-windows7.0))
      DevExpress.ExpressApp.Win (23.1.3) - restriction: || (&& (== net6.0) (>= net452)) (&& (== net6.0) (>= net6.0-windows7.0)) (== net6.0-windows7.0) (&& (== netstandard2.0) (>= net452)) (&& (== netstandard2.0) (>= net6.0-windows7.0))
      DevExpress.Persistent.Base (23.1.3) - restriction: || (&& (== net6.0) (>= net452)) (&& (== net6.0) (>= net6.0-windows7.0)) (== net6.0-windows7.0) (&& (== netstandard2.0) (>= net452)) (&& (== netstandard2.0) (>= net6.0-windows7.0))
      DevExpress.Utils (23.1.3) - restriction: || (&& (== net6.0) (>= net452)) (&& (== net6.0) (>= net6.0-windows7.0)) (== net6.0-windows7.0) (&& (== netstandard2.0) (>= net452)) (&& (== netstandard2.0) (>= net6.0-windows7.0))
      DevExpress.Win.Dashboard (23.1.3) - restriction: || (&& (== net6.0) (>= net452)) (&& (== net6.0) (>= net6.0-windows7.0)) (== net6.0-windows7.0) (&& (== netstandard2.0) (>= net452)) (&& (== netstandard2.0) (>= net6.0-windows7.0))
      DevExpress.Win.Navigation (23.1.3) - restriction: || (&& (== net6.0) (>= net452)) (&& (== net6.0) (>= net6.0-windows7.0)) (== net6.0-windows7.0) (&& (== netstandard2.0) (>= net452)) (&& (== netstandard2.0) (>= net6.0-windows7.0))
    DevExpress.ExpressApp.EasyTest.WinAdapter (23.1.3) - restriction: || (&& (== net6.0) (>= net452)) (&& (== net6.0) (>= net6.0-windows7.0)) (== net6.0-windows7.0) (&& (== netstandard2.0) (>= net452)) (&& (== netstandard2.0) (>= net6.0-windows7.0))
      DevExpress.Data (23.1.3) - restriction: || (&& (== net6.0) (>= net452)) (&& (== net6.0) (>= net6.0-windows7.0)) (== net6.0-windows7.0) (&& (== netstandard2.0) (>= net452)) (&& (== netstandard2.0) (>= net6.0-windows7.0))
      DevExpress.DataAccess.UI (23.1.3) - restriction: || (&& (== net6.0) (>= net452)) (&& (== net6.0) (>= net6.0-windows7.0)) (== net6.0-windows7.0) (&& (== netstandard2.0) (>= net452)) (&& (== netstandard2.0) (>= net6.0-windows7.0))
      DevExpress.EasyTest (23.1.3) - restriction: || (&& (== net6.0) (>= net452)) (&& (== net6.0) (>= net6.0-windows7.0)) (== net6.0-windows7.0) (&& (== netstandard2.0) (>= net452)) (&& (== netstandard2.0) (>= net6.0-windows7.0))
      DevExpress.ExpressApp (23.1.3) - restriction: || (&& (== net6.0) (>= net452)) (&& (== net6.0) (>= net6.0-windows7.0)) (== net6.0-windows7.0) (&& (== netstandard2.0) (>= net452)) (&& (== netstandard2.0) (>= net6.0-windows7.0))
      DevExpress.ExpressApp.Office.Win (23.1.3) - restriction: || (&& (== net6.0) (>= net452)) (&& (== net6.0) (>= net6.0-windows7.0)) (== net6.0-windows7.0) (&& (== netstandard2.0) (>= net452)) (&& (== netstandard2.0) (>= net6.0-windows7.0))
      DevExpress.ExpressApp.PivotChart.Win (23.1.3) - restriction: || (&& (== net6.0) (>= net452)) (&& (== net6.0) (>= net6.0-windows7.0)) (== net6.0-windows7.0) (&& (== netstandard2.0) (>= net452)) (&& (== netstandard2.0) (>= net6.0-windows7.0))
      DevExpress.ExpressApp.Win (23.1.3) - restriction: || (&& (== net6.0) (>= net452)) (&& (== net6.0) (>= net6.0-windows7.0)) (== net6.0-windows7.0) (&& (== netstandard2.0) (>= net452)) (&& (== netstandard2.0) (>= net6.0-windows7.0))
      DevExpress.PivotGrid.Core (23.1.3) - restriction: || (&& (== net6.0) (>= net452)) (&& (== net6.0) (>= net6.0-windows7.0)) (== net6.0-windows7.0) (&& (== netstandard2.0) (>= net452)) (&& (== netstandard2.0) (>= net6.0-windows7.0))
      DevExpress.Scheduler.Core (23.1.3) - restriction: || (&& (== net6.0) (>= net452)) (&& (== net6.0) (>= net6.0-windows7.0)) (== net6.0-windows7.0) (&& (== netstandard2.0) (>= net452)) (&& (== netstandard2.0) (>= net6.0-windows7.0))
      DevExpress.Scheduler.CoreDesktop (23.1.3) - restriction: || (&& (== net6.0) (>= net452)) (&& (== net6.0) (>= net6.0-windows7.0)) (== net6.0-windows7.0) (&& (== netstandard2.0) (>= net452)) (&& (== netstandard2.0) (>= net6.0-windows7.0))
      DevExpress.Spreadsheet.Core (23.1.3) - restriction: || (&& (== net6.0) (>= net452)) (&& (== net6.0) (>= net6.0-windows7.0)) (== net6.0-windows7.0) (&& (== netstandard2.0) (>= net452)) (&& (== netstandard2.0) (>= net6.0-windows7.0))
      DevExpress.Utils (23.1.3) - restriction: || (&& (== net6.0) (>= net452)) (&& (== net6.0) (>= net6.0-windows7.0)) (== net6.0-windows7.0) (&& (== netstandard2.0) (>= net452)) (&& (== netstandard2.0) (>= net6.0-windows7.0))
      DevExpress.Win (23.1.3) - restriction: || (&& (== net6.0) (>= net452)) (&& (== net6.0) (>= net6.0-windows7.0)) (== net6.0-windows7.0) (&& (== netstandard2.0) (>= net452)) (&& (== netstandard2.0) (>= net6.0-windows7.0))
      DevExpress.Win.Grid (23.1.3) - restriction: || (&& (== net6.0) (>= net452)) (&& (== net6.0) (>= net6.0-windows7.0)) (== net6.0-windows7.0) (&& (== netstandard2.0) (>= net452)) (&& (== netstandard2.0) (>= net6.0-windows7.0))
      DevExpress.Win.Navigation (23.1.3) - restriction: || (&& (== net6.0) (>= net452)) (&& (== net6.0) (>= net6.0-windows7.0)) (== net6.0-windows7.0) (&& (== netstandard2.0) (>= net452)) (&& (== netstandard2.0) (>= net6.0-windows7.0))
      DevExpress.Win.PivotGrid (23.1.3) - restriction: || (&& (== net6.0) (>= net452)) (&& (== net6.0) (>= net6.0-windows7.0)) (== net6.0-windows7.0) (&& (== netstandard2.0) (>= net452)) (&& (== netstandard2.0) (>= net6.0-windows7.0))
      DevExpress.Win.RichEdit (23.1.3) - restriction: || (&& (== net6.0) (>= net452)) (&& (== net6.0) (>= net6.0-windows7.0)) (== net6.0-windows7.0) (&& (== netstandard2.0) (>= net452)) (&& (== netstandard2.0) (>= net6.0-windows7.0))
      DevExpress.Win.Scheduler (23.1.3) - restriction: || (&& (== net6.0) (>= net452)) (&& (== net6.0) (>= net6.0-windows7.0)) (== net6.0-windows7.0) (&& (== netstandard2.0) (>= net452)) (&& (== netstandard2.0) (>= net6.0-windows7.0))
      DevExpress.Win.Spreadsheet (23.1.3) - restriction: || (&& (== net6.0) (>= net452)) (&& (== net6.0) (>= net6.0-windows7.0)) (== net6.0-windows7.0) (&& (== netstandard2.0) (>= net452)) (&& (== netstandard2.0) (>= net6.0-windows7.0))
      DevExpress.Win.TreeList (23.1.3) - restriction: || (&& (== net6.0) (>= net452)) (&& (== net6.0) (>= net6.0-windows7.0)) (== net6.0-windows7.0) (&& (== netstandard2.0) (>= net452)) (&& (== netstandard2.0) (>= net6.0-windows7.0))
      DevExpress.Win.VerticalGrid (23.1.3) - restriction: || (&& (== net6.0) (>= net452)) (&& (== net6.0) (>= net6.0-windows7.0)) (== net6.0-windows7.0) (&& (== netstandard2.0) (>= net452)) (&& (== netstandard2.0) (>= net6.0-windows7.0))
    DevExpress.ExpressApp.FileAttachment.Win (23.1.3) - restriction: || (&& (== net6.0) (>= net452)) (&& (== net6.0) (>= net6.0-windows7.0)) (== net6.0-windows7.0) (&& (== netstandard2.0) (>= net452)) (&& (== netstandard2.0) (>= net6.0-windows7.0))
      DevExpress.Data (23.1.3) - restriction: || (&& (== net6.0) (>= net452)) (&& (== net6.0) (>= net6.0-windows7.0)) (== net6.0-windows7.0) (&& (== netstandard2.0) (>= net452)) (&& (== netstandard2.0) (>= net6.0-windows7.0))
      DevExpress.Data.Desktop (23.1.3) - restriction: || (&& (== net6.0) (>= net452)) (&& (== net6.0) (>= net6.0-windows7.0)) (== net6.0-windows7.0) (&& (== netstandard2.0) (>= net452)) (&& (== netstandard2.0) (>= net6.0-windows7.0))
      DevExpress.ExpressApp (23.1.3) - restriction: || (&& (== net6.0) (>= net452)) (&& (== net6.0) (>= net6.0-windows7.0)) (== net6.0-windows7.0) (&& (== netstandard2.0) (>= net452)) (&& (== netstandard2.0) (>= net6.0-windows7.0))
      DevExpress.ExpressApp.Win (23.1.3) - restriction: || (&& (== net6.0) (>= net452)) (&& (== net6.0) (>= net6.0-windows7.0)) (== net6.0-windows7.0) (&& (== netstandard2.0) (>= net452)) (&& (== netstandard2.0) (>= net6.0-windows7.0))
      DevExpress.Persistent.Base (23.1.3) - restriction: || (&& (== net6.0) (>= net452)) (&& (== net6.0) (>= net6.0-windows7.0)) (== net6.0-windows7.0) (&& (== netstandard2.0) (>= net452)) (&& (== netstandard2.0) (>= net6.0-windows7.0))
      DevExpress.Utils (23.1.3) - restriction: || (&& (== net6.0) (>= net452)) (&& (== net6.0) (>= net6.0-windows7.0)) (== net6.0-windows7.0) (&& (== netstandard2.0) (>= net452)) (&& (== netstandard2.0) (>= net6.0-windows7.0))
      DevExpress.Win.Navigation (23.1.3) - restriction: || (&& (== net6.0) (>= net452)) (&& (== net6.0) (>= net6.0-windows7.0)) (== net6.0-windows7.0) (&& (== netstandard2.0) (>= net452)) (&& (== netstandard2.0) (>= net6.0-windows7.0))
    DevExpress.ExpressApp.Kpi (23.1.3)
      DevExpress.Data (23.1.3)
      DevExpress.ExpressApp (23.1.3)
      DevExpress.ExpressApp.Validation (23.1.3)
      DevExpress.Persistent.Base (23.1.3)
      NETStandard.Library (>= 2.0.3)
      System.Drawing.Common (>= 5.0.3)
    DevExpress.ExpressApp.Notifications (23.1.3)
      DevExpress.Data (23.1.3)
      DevExpress.ExpressApp (23.1.3)
      DevExpress.Persistent.Base (23.1.3)
      NETStandard.Library (>= 2.0.3)
      System.Drawing.Common (>= 5.0.3)
    DevExpress.ExpressApp.Notifications.Win (23.1.3) - restriction: || (&& (== net6.0) (>= net452)) (&& (== net6.0) (>= net6.0-windows7.0)) (== net6.0-windows7.0) (&& (== netstandard2.0) (>= net452)) (&& (== netstandard2.0) (>= net6.0-windows7.0))
      DevExpress.Data (23.1.3) - restriction: || (&& (== net6.0) (>= net452)) (&& (== net6.0) (>= net6.0-windows7.0)) (== net6.0-windows7.0) (&& (== netstandard2.0) (>= net452)) (&& (== netstandard2.0) (>= net6.0-windows7.0))
      DevExpress.ExpressApp (23.1.3) - restriction: || (&& (== net6.0) (>= net452)) (&& (== net6.0) (>= net6.0-windows7.0)) (== net6.0-windows7.0) (&& (== netstandard2.0) (>= net452)) (&& (== netstandard2.0) (>= net6.0-windows7.0))
      DevExpress.ExpressApp.Notifications (23.1.3) - restriction: || (&& (== net6.0) (>= net452)) (&& (== net6.0) (>= net6.0-windows7.0)) (== net6.0-windows7.0) (&& (== netstandard2.0) (>= net452)) (&& (== netstandard2.0) (>= net6.0-windows7.0))
      DevExpress.ExpressApp.Win (23.1.3) - restriction: || (&& (== net6.0) (>= net452)) (&& (== net6.0) (>= net6.0-windows7.0)) (== net6.0-windows7.0) (&& (== netstandard2.0) (>= net452)) (&& (== netstandard2.0) (>= net6.0-windows7.0))
      DevExpress.Utils (23.1.3) - restriction: || (&& (== net6.0) (>= net452)) (&& (== net6.0) (>= net6.0-windows7.0)) (== net6.0-windows7.0) (&& (== netstandard2.0) (>= net452)) (&& (== netstandard2.0) (>= net6.0-windows7.0))
      DevExpress.Win.Grid (23.1.3) - restriction: || (&& (== net6.0) (>= net452)) (&& (== net6.0) (>= net6.0-windows7.0)) (== net6.0-windows7.0) (&& (== netstandard2.0) (>= net452)) (&& (== netstandard2.0) (>= net6.0-windows7.0))
      DevExpress.Win.Navigation (23.1.3) - restriction: || (&& (== net6.0) (>= net452)) (&& (== net6.0) (>= net6.0-windows7.0)) (== net6.0-windows7.0) (&& (== netstandard2.0) (>= net452)) (&& (== netstandard2.0) (>= net6.0-windows7.0))
    DevExpress.ExpressApp.Objects (23.1.3)
      DevExpress.Data (23.1.3)
      DevExpress.ExpressApp (23.1.3)
      NETStandard.Library (>= 2.0.3)
      System.Drawing.Common (>= 5.0.3)
      System.Security.Cryptography.Xml (>= 6.0.1)
    DevExpress.ExpressApp.Office (23.1.3)
      DevExpress.Data (23.1.3)
      DevExpress.ExpressApp (23.1.3)
      DevExpress.Office.Core (23.1.3)
      DevExpress.Persistent.Base (23.1.3)
      DevExpress.RichEdit.Core (23.1.3)
      DevExpress.Spreadsheet.Core (23.1.3)
      NETStandard.Library (>= 2.0.3)
      System.Drawing.Common (>= 5.0.3)
    DevExpress.ExpressApp.Office.Win (23.1.3) - restriction: || (&& (== net6.0) (>= net452)) (&& (== net6.0) (>= net6.0-windows7.0)) (== net6.0-windows7.0) (&& (== netstandard2.0) (>= net452)) (&& (== netstandard2.0) (>= net6.0-windows7.0))
      DevExpress.Data (23.1.3) - restriction: || (&& (== net6.0) (>= net452)) (&& (== net6.0) (>= net6.0-windows7.0)) (== net6.0-windows7.0) (&& (== netstandard2.0) (>= net452)) (&& (== netstandard2.0) (>= net6.0-windows7.0))
      DevExpress.ExpressApp (23.1.3) - restriction: || (&& (== net6.0) (>= net452)) (&& (== net6.0) (>= net6.0-windows7.0)) (== net6.0-windows7.0) (&& (== netstandard2.0) (>= net452)) (&& (== netstandard2.0) (>= net6.0-windows7.0))
      DevExpress.ExpressApp.Office (23.1.3) - restriction: || (&& (== net6.0) (>= net452)) (&& (== net6.0) (>= net6.0-windows7.0)) (== net6.0-windows7.0) (&& (== netstandard2.0) (>= net452)) (&& (== netstandard2.0) (>= net6.0-windows7.0))
      DevExpress.ExpressApp.Win (23.1.3) - restriction: || (&& (== net6.0) (>= net452)) (&& (== net6.0) (>= net6.0-windows7.0)) (== net6.0-windows7.0) (&& (== netstandard2.0) (>= net452)) (&& (== netstandard2.0) (>= net6.0-windows7.0))
      DevExpress.Office.Core (23.1.3) - restriction: || (&& (== net6.0) (>= net452)) (&& (== net6.0) (>= net6.0-windows7.0)) (== net6.0-windows7.0) (&& (== netstandard2.0) (>= net452)) (&& (== netstandard2.0) (>= net6.0-windows7.0))
      DevExpress.Persistent.Base (23.1.3) - restriction: || (&& (== net6.0) (>= net452)) (&& (== net6.0) (>= net6.0-windows7.0)) (== net6.0-windows7.0) (&& (== netstandard2.0) (>= net452)) (&& (== netstandard2.0) (>= net6.0-windows7.0))
      DevExpress.Printing.Core (23.1.3) - restriction: || (&& (== net6.0) (>= net452)) (&& (== net6.0) (>= net6.0-windows7.0)) (== net6.0-windows7.0) (&& (== netstandard2.0) (>= net452)) (&& (== netstandard2.0) (>= net6.0-windows7.0))
      DevExpress.RichEdit.Core (23.1.3) - restriction: || (&& (== net6.0) (>= net452)) (&& (== net6.0) (>= net6.0-windows7.0)) (== net6.0-windows7.0) (&& (== netstandard2.0) (>= net452)) (&& (== netstandard2.0) (>= net6.0-windows7.0))
      DevExpress.Spreadsheet.Core (23.1.3) - restriction: || (&& (== net6.0) (>= net452)) (&& (== net6.0) (>= net6.0-windows7.0)) (== net6.0-windows7.0) (&& (== netstandard2.0) (>= net452)) (&& (== netstandard2.0) (>= net6.0-windows7.0))
      DevExpress.Utils (23.1.3) - restriction: || (&& (== net6.0) (>= net452)) (&& (== net6.0) (>= net6.0-windows7.0)) (== net6.0-windows7.0) (&& (== netstandard2.0) (>= net452)) (&& (== netstandard2.0) (>= net6.0-windows7.0))
      DevExpress.Win.Grid (23.1.3) - restriction: || (&& (== net6.0) (>= net452)) (&& (== net6.0) (>= net6.0-windows7.0)) (== net6.0-windows7.0) (&& (== netstandard2.0) (>= net452)) (&& (== netstandard2.0) (>= net6.0-windows7.0))
      DevExpress.Win.Navigation (23.1.3) - restriction: || (&& (== net6.0) (>= net452)) (&& (== net6.0) (>= net6.0-windows7.0)) (== net6.0-windows7.0) (&& (== netstandard2.0) (>= net452)) (&& (== netstandard2.0) (>= net6.0-windows7.0))
      DevExpress.Win.RichEdit (23.1.3) - restriction: || (&& (== net6.0) (>= net452)) (&& (== net6.0) (>= net6.0-windows7.0)) (== net6.0-windows7.0) (&& (== netstandard2.0) (>= net452)) (&& (== netstandard2.0) (>= net6.0-windows7.0))
      DevExpress.Win.Spreadsheet (23.1.3) - restriction: || (&& (== net6.0) (>= net452)) (&& (== net6.0) (>= net6.0-windows7.0)) (== net6.0-windows7.0) (&& (== netstandard2.0) (>= net452)) (&& (== netstandard2.0) (>= net6.0-windows7.0))
    DevExpress.ExpressApp.PivotChart (23.1.3)
      DevExpress.Charts (23.1.3)
      DevExpress.Data (23.1.3)
      DevExpress.ExpressApp (23.1.3)
      DevExpress.Persistent.Base (23.1.3)
      DevExpress.PivotGrid.Core (23.1.3)
      NETStandard.Library (>= 2.0.3)
      System.Drawing.Common (>= 5.0.3)
    DevExpress.ExpressApp.PivotChart.Win (23.1.3) - restriction: || (&& (== net6.0) (>= net452)) (&& (== net6.0) (>= net6.0-windows7.0)) (== net6.0-windows7.0) (&& (== netstandard2.0) (>= net452)) (&& (== netstandard2.0) (>= net6.0-windows7.0))
      DevExpress.Charts (23.1.3) - restriction: || (&& (== net6.0) (>= net452)) (&& (== net6.0) (>= net6.0-windows7.0)) (== net6.0-windows7.0) (&& (== netstandard2.0) (>= net452)) (&& (== netstandard2.0) (>= net6.0-windows7.0))
      DevExpress.Data (23.1.3) - restriction: || (&& (== net6.0) (>= net452)) (&& (== net6.0) (>= net6.0-windows7.0)) (== net6.0-windows7.0) (&& (== netstandard2.0) (>= net452)) (&& (== netstandard2.0) (>= net6.0-windows7.0))
      DevExpress.ExpressApp (23.1.3) - restriction: || (&& (== net6.0) (>= net452)) (&& (== net6.0) (>= net6.0-windows7.0)) (== net6.0-windows7.0) (&& (== netstandard2.0) (>= net452)) (&& (== netstandard2.0) (>= net6.0-windows7.0))
      DevExpress.ExpressApp.PivotChart (23.1.3) - restriction: || (&& (== net6.0) (>= net452)) (&& (== net6.0) (>= net6.0-windows7.0)) (== net6.0-windows7.0) (&& (== netstandard2.0) (>= net452)) (&& (== netstandard2.0) (>= net6.0-windows7.0))
      DevExpress.ExpressApp.Win (23.1.3) - restriction: || (&& (== net6.0) (>= net452)) (&& (== net6.0) (>= net6.0-windows7.0)) (== net6.0-windows7.0) (&& (== netstandard2.0) (>= net452)) (&& (== netstandard2.0) (>= net6.0-windows7.0))
      DevExpress.Persistent.Base (23.1.3) - restriction: || (&& (== net6.0) (>= net452)) (&& (== net6.0) (>= net6.0-windows7.0)) (== net6.0-windows7.0) (&& (== netstandard2.0) (>= net452)) (&& (== netstandard2.0) (>= net6.0-windows7.0))
      DevExpress.PivotGrid.Core (23.1.3) - restriction: || (&& (== net6.0) (>= net452)) (&& (== net6.0) (>= net6.0-windows7.0)) (== net6.0-windows7.0) (&& (== netstandard2.0) (>= net452)) (&& (== netstandard2.0) (>= net6.0-windows7.0))
      DevExpress.Printing.Core (23.1.3) - restriction: || (&& (== net6.0) (>= net452)) (&& (== net6.0) (>= net6.0-windows7.0)) (== net6.0-windows7.0) (&& (== netstandard2.0) (>= net452)) (&& (== netstandard2.0) (>= net6.0-windows7.0))
      DevExpress.Utils (23.1.3) - restriction: || (&& (== net6.0) (>= net452)) (&& (== net6.0) (>= net6.0-windows7.0)) (== net6.0-windows7.0) (&& (== netstandard2.0) (>= net452)) (&& (== netstandard2.0) (>= net6.0-windows7.0))
      DevExpress.Win.Charts (23.1.3) - restriction: || (&& (== net6.0) (>= net452)) (&& (== net6.0) (>= net6.0-windows7.0)) (== net6.0-windows7.0) (&& (== netstandard2.0) (>= net452)) (&& (== netstandard2.0) (>= net6.0-windows7.0))
      DevExpress.Win.Navigation (23.1.3) - restriction: || (&& (== net6.0) (>= net452)) (&& (== net6.0) (>= net6.0-windows7.0)) (== net6.0-windows7.0) (&& (== netstandard2.0) (>= net452)) (&& (== netstandard2.0) (>= net6.0-windows7.0))
      DevExpress.Win.PivotGrid (23.1.3) - restriction: || (&& (== net6.0) (>= net452)) (&& (== net6.0) (>= net6.0-windows7.0)) (== net6.0-windows7.0) (&& (== netstandard2.0) (>= net452)) (&& (== netstandard2.0) (>= net6.0-windows7.0))
    DevExpress.ExpressApp.PivotGrid (23.1.3)
      DevExpress.Data (23.1.3)
      DevExpress.ExpressApp (23.1.3)
      DevExpress.PivotGrid.Core (23.1.3)
      NETStandard.Library (>= 2.0.3)
      System.Drawing.Common (>= 5.0.3)
      System.Security.Cryptography.Xml (>= 6.0.1)
    DevExpress.ExpressApp.PivotGrid.Win (23.1.3) - restriction: || (&& (== net6.0) (>= net452)) (&& (== net6.0) (>= net6.0-windows7.0)) (== net6.0-windows7.0) (&& (== netstandard2.0) (>= net452)) (&& (== netstandard2.0) (>= net6.0-windows7.0))
      DevExpress.Charts (23.1.3) - restriction: || (&& (== net6.0) (>= net452)) (&& (== net6.0) (>= net6.0-windows7.0)) (== net6.0-windows7.0) (&& (== netstandard2.0) (>= net452)) (&& (== netstandard2.0) (>= net6.0-windows7.0))
      DevExpress.Data (23.1.3) - restriction: || (&& (== net6.0) (>= net452)) (&& (== net6.0) (>= net6.0-windows7.0)) (== net6.0-windows7.0) (&& (== netstandard2.0) (>= net452)) (&& (== netstandard2.0) (>= net6.0-windows7.0))
      DevExpress.ExpressApp (23.1.3) - restriction: || (&& (== net6.0) (>= net452)) (&& (== net6.0) (>= net6.0-windows7.0)) (== net6.0-windows7.0) (&& (== netstandard2.0) (>= net452)) (&& (== netstandard2.0) (>= net6.0-windows7.0))
      DevExpress.ExpressApp.PivotGrid (23.1.3) - restriction: || (&& (== net6.0) (>= net452)) (&& (== net6.0) (>= net6.0-windows7.0)) (== net6.0-windows7.0) (&& (== netstandard2.0) (>= net452)) (&& (== netstandard2.0) (>= net6.0-windows7.0))
      DevExpress.ExpressApp.Win (23.1.3) - restriction: || (&& (== net6.0) (>= net452)) (&& (== net6.0) (>= net6.0-windows7.0)) (== net6.0-windows7.0) (&& (== netstandard2.0) (>= net452)) (&& (== netstandard2.0) (>= net6.0-windows7.0))
      DevExpress.PivotGrid.Core (23.1.3) - restriction: || (&& (== net6.0) (>= net452)) (&& (== net6.0) (>= net6.0-windows7.0)) (== net6.0-windows7.0) (&& (== netstandard2.0) (>= net452)) (&& (== netstandard2.0) (>= net6.0-windows7.0))
      DevExpress.Printing.Core (23.1.3) - restriction: || (&& (== net6.0) (>= net452)) (&& (== net6.0) (>= net6.0-windows7.0)) (== net6.0-windows7.0) (&& (== netstandard2.0) (>= net452)) (&& (== netstandard2.0) (>= net6.0-windows7.0))
      DevExpress.Utils (23.1.3) - restriction: || (&& (== net6.0) (>= net452)) (&& (== net6.0) (>= net6.0-windows7.0)) (== net6.0-windows7.0) (&& (== netstandard2.0) (>= net452)) (&& (== netstandard2.0) (>= net6.0-windows7.0))
      DevExpress.Win.Charts (23.1.3) - restriction: || (&& (== net6.0) (>= net452)) (&& (== net6.0) (>= net6.0-windows7.0)) (== net6.0-windows7.0) (&& (== netstandard2.0) (>= net452)) (&& (== netstandard2.0) (>= net6.0-windows7.0))
      DevExpress.Win.Navigation (23.1.3) - restriction: || (&& (== net6.0) (>= net452)) (&& (== net6.0) (>= net6.0-windows7.0)) (== net6.0-windows7.0) (&& (== netstandard2.0) (>= net452)) (&& (== netstandard2.0) (>= net6.0-windows7.0))
      DevExpress.Win.PivotGrid (23.1.3) - restriction: || (&& (== net6.0) (>= net452)) (&& (== net6.0) (>= net6.0-windows7.0)) (== net6.0-windows7.0) (&& (== netstandard2.0) (>= net452)) (&& (== netstandard2.0) (>= net6.0-windows7.0))
    DevExpress.ExpressApp.ReportsV2 (23.1.3)
      DevExpress.Data (23.1.3)
      DevExpress.ExpressApp (23.1.3)
      DevExpress.Persistent.Base (23.1.3)
      DevExpress.Printing.Core (23.1.3)
      DevExpress.Reporting.Core (23.1.3)
      Microsoft.Extensions.Configuration.Abstractions (>= 6.0)
      Microsoft.Extensions.DependencyInjection.Abstractions (>= 6.0)
      Microsoft.Extensions.Options (>= 6.0)
      NETStandard.Library (>= 2.0.3)
      System.Drawing.Common (>= 5.0.3)
    DevExpress.ExpressApp.ReportsV2.Win (23.1.3) - restriction: || (&& (== net6.0) (>= net452)) (&& (== net6.0) (>= net6.0-windows7.0)) (== net6.0-windows7.0) (&& (== netstandard2.0) (>= net452)) (&& (== netstandard2.0) (>= net6.0-windows7.0))
      DevExpress.Data (23.1.3) - restriction: || (&& (== net6.0) (>= net452)) (&& (== net6.0) (>= net6.0-windows7.0)) (== net6.0-windows7.0) (&& (== netstandard2.0) (>= net452)) (&& (== netstandard2.0) (>= net6.0-windows7.0))
      DevExpress.DataAccess (23.1.3) - restriction: || (&& (== net6.0) (>= net452)) (&& (== net6.0) (>= net6.0-windows7.0)) (== net6.0-windows7.0) (&& (== netstandard2.0) (>= net452)) (&& (== netstandard2.0) (>= net6.0-windows7.0))
      DevExpress.DataAccess.UI (23.1.3) - restriction: || (&& (== net6.0) (>= net452)) (&& (== net6.0) (>= net6.0-windows7.0)) (== net6.0-windows7.0) (&& (== netstandard2.0) (>= net452)) (&& (== netstandard2.0) (>= net6.0-windows7.0))
      DevExpress.ExpressApp (23.1.3) - restriction: || (&& (== net6.0) (>= net452)) (&& (== net6.0) (>= net6.0-windows7.0)) (== net6.0-windows7.0) (&& (== netstandard2.0) (>= net452)) (&& (== netstandard2.0) (>= net6.0-windows7.0))
      DevExpress.ExpressApp.ReportsV2 (23.1.3) - restriction: || (&& (== net6.0) (>= net452)) (&& (== net6.0) (>= net6.0-windows7.0)) (== net6.0-windows7.0) (&& (== netstandard2.0) (>= net452)) (&& (== netstandard2.0) (>= net6.0-windows7.0))
      DevExpress.ExpressApp.Win (23.1.3) - restriction: || (&& (== net6.0) (>= net452)) (&& (== net6.0) (>= net6.0-windows7.0)) (== net6.0-windows7.0) (&& (== netstandard2.0) (>= net452)) (&& (== netstandard2.0) (>= net6.0-windows7.0))
      DevExpress.Persistent.Base (23.1.3) - restriction: || (&& (== net6.0) (>= net452)) (&& (== net6.0) (>= net6.0-windows7.0)) (== net6.0-windows7.0) (&& (== netstandard2.0) (>= net452)) (&& (== netstandard2.0) (>= net6.0-windows7.0))
      DevExpress.Printing.Core (23.1.3) - restriction: || (&& (== net6.0) (>= net452)) (&& (== net6.0) (>= net6.0-windows7.0)) (== net6.0-windows7.0) (&& (== netstandard2.0) (>= net452)) (&& (== netstandard2.0) (>= net6.0-windows7.0))
      DevExpress.Reporting.Core (23.1.3) - restriction: || (&& (== net6.0) (>= net452)) (&& (== net6.0) (>= net6.0-windows7.0)) (== net6.0-windows7.0) (&& (== netstandard2.0) (>= net452)) (&& (== netstandard2.0) (>= net6.0-windows7.0))
      DevExpress.Utils (23.1.3) - restriction: || (&& (== net6.0) (>= net452)) (&& (== net6.0) (>= net6.0-windows7.0)) (== net6.0-windows7.0) (&& (== netstandard2.0) (>= net452)) (&& (== netstandard2.0) (>= net6.0-windows7.0))
      DevExpress.Utils.UI (23.1.3) - restriction: || (&& (== net6.0) (>= net452)) (&& (== net6.0) (>= net6.0-windows7.0)) (== net6.0-windows7.0) (&& (== netstandard2.0) (>= net452)) (&& (== netstandard2.0) (>= net6.0-windows7.0))
      DevExpress.Win.Grid (23.1.3) - restriction: || (&& (== net6.0) (>= net452)) (&& (== net6.0) (>= net6.0-windows7.0)) (== net6.0-windows7.0) (&& (== netstandard2.0) (>= net452)) (&& (== netstandard2.0) (>= net6.0-windows7.0))
      DevExpress.Win.Navigation (23.1.3) - restriction: || (&& (== net6.0) (>= net452)) (&& (== net6.0) (>= net6.0-windows7.0)) (== net6.0-windows7.0) (&& (== netstandard2.0) (>= net452)) (&& (== netstandard2.0) (>= net6.0-windows7.0))
      DevExpress.Win.Printing (23.1.3) - restriction: || (&& (== net6.0) (>= net452)) (&& (== net6.0) (>= net6.0-windows7.0)) (== net6.0-windows7.0) (&& (== netstandard2.0) (>= net452)) (&& (== netstandard2.0) (>= net6.0-windows7.0))
      DevExpress.Win.Reporting (23.1.3) - restriction: || (&& (== net6.0) (>= net452)) (&& (== net6.0) (>= net6.0-windows7.0)) (== net6.0-windows7.0) (&& (== netstandard2.0) (>= net452)) (&& (== netstandard2.0) (>= net6.0-windows7.0))
      DevExpress.Win.TreeList (23.1.3) - restriction: || (&& (== net6.0) (>= net452)) (&& (== net6.0) (>= net6.0-windows7.0)) (== net6.0-windows7.0) (&& (== netstandard2.0) (>= net452)) (&& (== netstandard2.0) (>= net6.0-windows7.0))
      Microsoft.Extensions.DependencyInjection.Abstractions (>= 6.0) - restriction: || (&& (== net6.0) (>= net6.0-windows7.0)) (== net6.0-windows7.0) (&& (== netstandard2.0) (>= net6.0-windows7.0))
      Microsoft.Extensions.Options.ConfigurationExtensions (>= 6.0) - restriction: || (&& (== net6.0) (>= net6.0-windows7.0)) (== net6.0-windows7.0) (&& (== netstandard2.0) (>= net6.0-windows7.0))
    DevExpress.ExpressApp.Scheduler (23.1.3)
      DevExpress.Data (23.1.3)
      DevExpress.ExpressApp (23.1.3)
      DevExpress.Persistent.Base (23.1.3)
      DevExpress.Scheduler.Core (23.1.3)
      NETStandard.Library (>= 2.0.3)
      System.Drawing.Common (>= 5.0.3)
    DevExpress.ExpressApp.Scheduler.Win (23.1.3) - restriction: || (&& (== net6.0) (>= net452)) (&& (== net6.0) (>= net6.0-windows7.0)) (== net6.0-windows7.0) (&& (== netstandard2.0) (>= net452)) (&& (== netstandard2.0) (>= net6.0-windows7.0))
      DevExpress.Data (23.1.3) - restriction: || (&& (== net6.0) (>= net452)) (&& (== net6.0) (>= net6.0-windows7.0)) (== net6.0-windows7.0) (&& (== netstandard2.0) (>= net452)) (&& (== netstandard2.0) (>= net6.0-windows7.0))
      DevExpress.ExpressApp (23.1.3) - restriction: || (&& (== net6.0) (>= net452)) (&& (== net6.0) (>= net6.0-windows7.0)) (== net6.0-windows7.0) (&& (== netstandard2.0) (>= net452)) (&& (== netstandard2.0) (>= net6.0-windows7.0))
      DevExpress.ExpressApp.Scheduler (23.1.3) - restriction: || (&& (== net6.0) (>= net452)) (&& (== net6.0) (>= net6.0-windows7.0)) (== net6.0-windows7.0) (&& (== netstandard2.0) (>= net452)) (&& (== netstandard2.0) (>= net6.0-windows7.0))
      DevExpress.ExpressApp.Win (23.1.3) - restriction: || (&& (== net6.0) (>= net452)) (&& (== net6.0) (>= net6.0-windows7.0)) (== net6.0-windows7.0) (&& (== netstandard2.0) (>= net452)) (&& (== netstandard2.0) (>= net6.0-windows7.0))
      DevExpress.Persistent.Base (23.1.3) - restriction: || (&& (== net6.0) (>= net452)) (&& (== net6.0) (>= net6.0-windows7.0)) (== net6.0-windows7.0) (&& (== netstandard2.0) (>= net452)) (&& (== netstandard2.0) (>= net6.0-windows7.0))
      DevExpress.Printing.Core (23.1.3) - restriction: || (&& (== net6.0) (>= net452)) (&& (== net6.0) (>= net6.0-windows7.0)) (== net6.0-windows7.0) (&& (== netstandard2.0) (>= net452)) (&& (== netstandard2.0) (>= net6.0-windows7.0))
      DevExpress.Scheduler.Core (23.1.3) - restriction: || (&& (== net6.0) (>= net452)) (&& (== net6.0) (>= net6.0-windows7.0)) (== net6.0-windows7.0) (&& (== netstandard2.0) (>= net452)) (&& (== netstandard2.0) (>= net6.0-windows7.0))
      DevExpress.Scheduler.CoreDesktop (23.1.3) - restriction: || (&& (== net6.0) (>= net452)) (&& (== net6.0) (>= net6.0-windows7.0)) (== net6.0-windows7.0) (&& (== netstandard2.0) (>= net452)) (&& (== netstandard2.0) (>= net6.0-windows7.0))
      DevExpress.Utils (23.1.3) - restriction: || (&& (== net6.0) (>= net452)) (&& (== net6.0) (>= net6.0-windows7.0)) (== net6.0-windows7.0) (&& (== netstandard2.0) (>= net452)) (&& (== netstandard2.0) (>= net6.0-windows7.0))
      DevExpress.Win.Navigation (23.1.3) - restriction: || (&& (== net6.0) (>= net452)) (&& (== net6.0) (>= net6.0-windows7.0)) (== net6.0-windows7.0) (&& (== netstandard2.0) (>= net452)) (&& (== netstandard2.0) (>= net6.0-windows7.0))
      DevExpress.Win.Scheduler (23.1.3) - restriction: || (&& (== net6.0) (>= net452)) (&& (== net6.0) (>= net6.0-windows7.0)) (== net6.0-windows7.0) (&& (== netstandard2.0) (>= net452)) (&& (== netstandard2.0) (>= net6.0-windows7.0))
    DevExpress.ExpressApp.ScriptRecorder (23.1.3)
      DevExpress.ExpressApp (23.1.3)
      NETStandard.Library (>= 2.0.3)
      System.Drawing.Common (>= 5.0.3)
      System.Security.Cryptography.Xml (>= 6.0.1)
    DevExpress.ExpressApp.ScriptRecorder.Win (23.1.3) - restriction: || (&& (== net6.0) (>= net452)) (&& (== net6.0) (>= net6.0-windows7.0)) (== net6.0-windows7.0) (&& (== netstandard2.0) (>= net452)) (&& (== netstandard2.0) (>= net6.0-windows7.0))
      DevExpress.Data (23.1.3) - restriction: || (&& (== net6.0) (>= net452)) (&& (== net6.0) (>= net6.0-windows7.0)) (== net6.0-windows7.0) (&& (== netstandard2.0) (>= net452)) (&& (== netstandard2.0) (>= net6.0-windows7.0))
      DevExpress.ExpressApp (23.1.3) - restriction: || (&& (== net6.0) (>= net452)) (&& (== net6.0) (>= net6.0-windows7.0)) (== net6.0-windows7.0) (&& (== netstandard2.0) (>= net452)) (&& (== netstandard2.0) (>= net6.0-windows7.0))
      DevExpress.ExpressApp.ScriptRecorder (23.1.3) - restriction: || (&& (== net6.0) (>= net452)) (&& (== net6.0) (>= net6.0-windows7.0)) (== net6.0-windows7.0) (&& (== netstandard2.0) (>= net452)) (&& (== netstandard2.0) (>= net6.0-windows7.0))
      DevExpress.ExpressApp.Win (23.1.3) - restriction: || (&& (== net6.0) (>= net452)) (&& (== net6.0) (>= net6.0-windows7.0)) (== net6.0-windows7.0) (&& (== netstandard2.0) (>= net452)) (&& (== netstandard2.0) (>= net6.0-windows7.0))
      DevExpress.Utils (23.1.3) - restriction: || (&& (== net6.0) (>= net452)) (&& (== net6.0) (>= net6.0-windows7.0)) (== net6.0-windows7.0) (&& (== netstandard2.0) (>= net452)) (&& (== netstandard2.0) (>= net6.0-windows7.0))
      DevExpress.Win.Navigation (23.1.3) - restriction: || (&& (== net6.0) (>= net452)) (&& (== net6.0) (>= net6.0-windows7.0)) (== net6.0-windows7.0) (&& (== netstandard2.0) (>= net452)) (&& (== netstandard2.0) (>= net6.0-windows7.0))
    DevExpress.ExpressApp.Security (23.1.3)
      DevExpress.Data (23.1.3)
      DevExpress.ExpressApp (23.1.3)
      DevExpress.Persistent.Base (23.1.3)
      Microsoft.Extensions.DependencyInjection.Abstractions (>= 6.0)
      Microsoft.Extensions.Options (>= 6.0)
      NETStandard.Library (>= 2.0.3)
      System.Drawing.Common (>= 5.0.3)
      System.Security.Permissions (>= 5.0)
    DevExpress.ExpressApp.Security.AspNetCore (23.1.3) - restriction: || (== net6.0) (== net6.0-windows7.0) (&& (== netstandard2.0) (>= net6.0))
      DevExpress.ExpressApp (23.1.3) - restriction: || (== net6.0) (== net6.0-windows7.0) (&& (== netstandard2.0) (>= net6.0))
      DevExpress.ExpressApp.AspNetCore (23.1.3) - restriction: || (== net6.0) (== net6.0-windows7.0) (&& (== netstandard2.0) (>= net6.0))
      DevExpress.ExpressApp.Security (23.1.3) - restriction: || (== net6.0) (== net6.0-windows7.0) (&& (== netstandard2.0) (>= net6.0))
      Microsoft.Extensions.DependencyInjection.Abstractions (>= 6.0) - restriction: || (== net6.0) (== net6.0-windows7.0) (&& (== netstandard2.0) (>= net6.0))
    DevExpress.ExpressApp.Security.Xpo (23.1.3)
      DevExpress.Data (23.1.3)
      DevExpress.ExpressApp (23.1.3)
      DevExpress.ExpressApp.Security (23.1.3)
      DevExpress.ExpressApp.Xpo (23.1.3)
      DevExpress.Persistent.Base (23.1.3)
      DevExpress.Xpo (23.1.3)
      Microsoft.Extensions.DependencyInjection.Abstractions (>= 6.0)
      Microsoft.Extensions.Options (>= 6.0)
      NETStandard.Library (>= 2.0.3)
      System.ServiceModel.Http (>= 4.10.2)
      System.ServiceModel.NetTcp (>= 4.6)
      System.ServiceModel.Primitives (>= 4.10.2)
    DevExpress.ExpressApp.StateMachine (23.1.3)
      DevExpress.Data (23.1.3)
      DevExpress.ExpressApp (23.1.3)
      DevExpress.ExpressApp.ConditionalAppearance (23.1.3)
      DevExpress.ExpressApp.Validation (23.1.3)
      DevExpress.Persistent.Base (23.1.3)
      NETStandard.Library (>= 2.0.3)
      System.Drawing.Common (>= 5.0.3)
    DevExpress.ExpressApp.TreeListEditors (23.1.3)
      DevExpress.Data (23.1.3)
      DevExpress.ExpressApp (23.1.3)
      DevExpress.Persistent.Base (23.1.3)
      NETStandard.Library (>= 2.0.3)
      System.Drawing.Common (>= 5.0.3)
    DevExpress.ExpressApp.TreeListEditors.Win (23.1.3) - restriction: || (&& (== net6.0) (>= net452)) (&& (== net6.0) (>= net6.0-windows7.0)) (== net6.0-windows7.0) (&& (== netstandard2.0) (>= net452)) (&& (== netstandard2.0) (>= net6.0-windows7.0))
      DevExpress.Data (23.1.3) - restriction: || (&& (== net6.0) (>= net452)) (&& (== net6.0) (>= net6.0-windows7.0)) (== net6.0-windows7.0) (&& (== netstandard2.0) (>= net452)) (&& (== netstandard2.0) (>= net6.0-windows7.0))
      DevExpress.ExpressApp (23.1.3) - restriction: || (&& (== net6.0) (>= net452)) (&& (== net6.0) (>= net6.0-windows7.0)) (== net6.0-windows7.0) (&& (== netstandard2.0) (>= net452)) (&& (== netstandard2.0) (>= net6.0-windows7.0))
      DevExpress.ExpressApp.TreeListEditors (23.1.3) - restriction: || (&& (== net6.0) (>= net452)) (&& (== net6.0) (>= net6.0-windows7.0)) (== net6.0-windows7.0) (&& (== netstandard2.0) (>= net452)) (&& (== netstandard2.0) (>= net6.0-windows7.0))
      DevExpress.ExpressApp.Win (23.1.3) - restriction: || (&& (== net6.0) (>= net452)) (&& (== net6.0) (>= net6.0-windows7.0)) (== net6.0-windows7.0) (&& (== netstandard2.0) (>= net452)) (&& (== netstandard2.0) (>= net6.0-windows7.0))
      DevExpress.Persistent.Base (23.1.3) - restriction: || (&& (== net6.0) (>= net452)) (&& (== net6.0) (>= net6.0-windows7.0)) (== net6.0-windows7.0) (&& (== netstandard2.0) (>= net452)) (&& (== netstandard2.0) (>= net6.0-windows7.0))
      DevExpress.Printing.Core (23.1.3) - restriction: || (&& (== net6.0) (>= net452)) (&& (== net6.0) (>= net6.0-windows7.0)) (== net6.0-windows7.0) (&& (== netstandard2.0) (>= net452)) (&& (== netstandard2.0) (>= net6.0-windows7.0))
      DevExpress.Utils (23.1.3) - restriction: || (&& (== net6.0) (>= net452)) (&& (== net6.0) (>= net6.0-windows7.0)) (== net6.0-windows7.0) (&& (== netstandard2.0) (>= net452)) (&& (== netstandard2.0) (>= net6.0-windows7.0))
      DevExpress.Win.Navigation (23.1.3) - restriction: || (&& (== net6.0) (>= net452)) (&& (== net6.0) (>= net6.0-windows7.0)) (== net6.0-windows7.0) (&& (== netstandard2.0) (>= net452)) (&& (== netstandard2.0) (>= net6.0-windows7.0))
      DevExpress.Win.TreeList (23.1.3) - restriction: || (&& (== net6.0) (>= net452)) (&& (== net6.0) (>= net6.0-windows7.0)) (== net6.0-windows7.0) (&& (== netstandard2.0) (>= net452)) (&& (== netstandard2.0) (>= net6.0-windows7.0))
    DevExpress.ExpressApp.Validation (23.1.3)
      DevExpress.Data (23.1.3)
      DevExpress.ExpressApp (23.1.3)
      DevExpress.Persistent.Base (23.1.3)
      Microsoft.Extensions.DependencyInjection.Abstractions (>= 6.0)
      NETStandard.Library (>= 2.0.3)
      System.Drawing.Common (>= 5.0.3)
    DevExpress.ExpressApp.Validation.Blazor (23.1.3) - restriction: || (== net6.0) (== net6.0-windows7.0) (&& (== netstandard2.0) (>= net6.0))
      DevExpress.Data (23.1.3) - restriction: || (== net6.0) (== net6.0-windows7.0) (&& (== netstandard2.0) (>= net6.0))
      DevExpress.ExpressApp (23.1.3) - restriction: || (== net6.0) (== net6.0-windows7.0) (&& (== netstandard2.0) (>= net6.0))
      DevExpress.ExpressApp.AspNetCore (23.1.3) - restriction: || (== net6.0) (== net6.0-windows7.0) (&& (== netstandard2.0) (>= net6.0))
      DevExpress.ExpressApp.Blazor (23.1.3) - restriction: || (== net6.0) (== net6.0-windows7.0) (&& (== netstandard2.0) (>= net6.0))
      DevExpress.ExpressApp.Validation (23.1.3) - restriction: || (== net6.0) (== net6.0-windows7.0) (&& (== netstandard2.0) (>= net6.0))
      DevExpress.Persistent.Base (23.1.3) - restriction: || (== net6.0) (== net6.0-windows7.0) (&& (== netstandard2.0) (>= net6.0))
      Microsoft.AspNetCore.Components.Web (>= 6.0) - restriction: || (== net6.0) (== net6.0-windows7.0) (&& (== netstandard2.0) (>= net6.0))
      Microsoft.Extensions.DependencyInjection.Abstractions (>= 6.0) - restriction: || (== net6.0) (== net6.0-windows7.0) (&& (== netstandard2.0) (>= net6.0))
    DevExpress.ExpressApp.Validation.Win (23.1.3) - restriction: || (&& (== net6.0) (>= net452)) (&& (== net6.0) (>= net6.0-windows7.0)) (== net6.0-windows7.0) (&& (== netstandard2.0) (>= net452)) (&& (== netstandard2.0) (>= net6.0-windows7.0))
      DevExpress.Data (23.1.3) - restriction: || (&& (== net6.0) (>= net452)) (&& (== net6.0) (>= net6.0-windows7.0)) (== net6.0-windows7.0) (&& (== netstandard2.0) (>= net452)) (&& (== netstandard2.0) (>= net6.0-windows7.0))
      DevExpress.ExpressApp (23.1.3) - restriction: || (&& (== net6.0) (>= net452)) (&& (== net6.0) (>= net6.0-windows7.0)) (== net6.0-windows7.0) (&& (== netstandard2.0) (>= net452)) (&& (== netstandard2.0) (>= net6.0-windows7.0))
      DevExpress.ExpressApp.Validation (23.1.3) - restriction: || (&& (== net6.0) (>= net452)) (&& (== net6.0) (>= net6.0-windows7.0)) (== net6.0-windows7.0) (&& (== netstandard2.0) (>= net452)) (&& (== netstandard2.0) (>= net6.0-windows7.0))
      DevExpress.ExpressApp.Win (23.1.3) - restriction: || (&& (== net6.0) (>= net452)) (&& (== net6.0) (>= net6.0-windows7.0)) (== net6.0-windows7.0) (&& (== netstandard2.0) (>= net452)) (&& (== netstandard2.0) (>= net6.0-windows7.0))
      DevExpress.Persistent.Base (23.1.3) - restriction: || (&& (== net6.0) (>= net452)) (&& (== net6.0) (>= net6.0-windows7.0)) (== net6.0-windows7.0) (&& (== netstandard2.0) (>= net452)) (&& (== netstandard2.0) (>= net6.0-windows7.0))
      DevExpress.Win.Grid (23.1.3) - restriction: || (&& (== net6.0) (>= net452)) (&& (== net6.0) (>= net6.0-windows7.0)) (== net6.0-windows7.0) (&& (== netstandard2.0) (>= net452)) (&& (== netstandard2.0) (>= net6.0-windows7.0))
      DevExpress.Win.Navigation (23.1.3) - restriction: || (&& (== net6.0) (>= net452)) (&& (== net6.0) (>= net6.0-windows7.0)) (== net6.0-windows7.0) (&& (== netstandard2.0) (>= net452)) (&& (== netstandard2.0) (>= net6.0-windows7.0))
      Microsoft.Extensions.DependencyInjection.Abstractions (>= 6.0) - restriction: || (&& (== net6.0) (>= net6.0-windows7.0)) (== net6.0-windows7.0) (&& (== netstandard2.0) (>= net6.0-windows7.0))
    DevExpress.ExpressApp.ViewVariantsModule (23.1.3)
      DevExpress.Data (23.1.3)
      DevExpress.ExpressApp (23.1.3)
      NETStandard.Library (>= 2.0.3)
      System.Drawing.Common (>= 5.0.3)
      System.Security.Cryptography.Xml (>= 6.0.1)
    DevExpress.ExpressApp.Web.All (23.1.3)
    DevExpress.ExpressApp.Win (23.1.3) - restriction: || (&& (== net6.0) (>= net452)) (&& (== net6.0) (>= net6.0-windows7.0)) (== net6.0-windows7.0) (&& (== netstandard2.0) (>= net452)) (&& (== netstandard2.0) (>= net6.0-windows7.0))
      DevExpress.Data (23.1.3) - restriction: || (&& (== net6.0) (>= net452)) (&& (== net6.0) (>= net6.0-windows7.0)) (== net6.0-windows7.0) (&& (== netstandard2.0) (>= net452)) (&& (== netstandard2.0) (>= net6.0-windows7.0))
      DevExpress.Data.Desktop (23.1.3) - restriction: || (&& (== net6.0) (>= net452)) (&& (== net6.0) (>= net6.0-windows7.0)) (== net6.0-windows7.0) (&& (== netstandard2.0) (>= net452)) (&& (== netstandard2.0) (>= net6.0-windows7.0))
      DevExpress.DataAccess.UI (23.1.3) - restriction: || (&& (== net6.0) (>= net452)) (&& (== net6.0) (>= net6.0-windows7.0)) (== net6.0-windows7.0) (&& (== netstandard2.0) (>= net452)) (&& (== netstandard2.0) (>= net6.0-windows7.0))
      DevExpress.Drawing (23.1.3) - restriction: || (&& (== net6.0) (>= net452)) (&& (== net6.0) (>= net6.0-windows7.0)) (== net6.0-windows7.0) (&& (== netstandard2.0) (>= net452)) (&& (== netstandard2.0) (>= net6.0-windows7.0))
      DevExpress.ExpressApp (23.1.3) - restriction: || (&& (== net6.0) (>= net452)) (&& (== net6.0) (>= net6.0-windows7.0)) (== net6.0-windows7.0) (&& (== netstandard2.0) (>= net452)) (&& (== netstandard2.0) (>= net6.0-windows7.0))
      DevExpress.ExpressApp.Security (23.1.3) - restriction: || (&& (== net6.0) (>= net6.0-windows7.0)) (== net6.0-windows7.0) (&& (== netstandard2.0) (>= net6.0-windows7.0))
      DevExpress.Office.Core (23.1.3) - restriction: || (&& (== net6.0) (>= net452)) (&& (== net6.0) (>= net6.0-windows7.0)) (== net6.0-windows7.0) (&& (== netstandard2.0) (>= net452)) (&& (== netstandard2.0) (>= net6.0-windows7.0))
      DevExpress.Persistent.Base (23.1.3) - restriction: || (&& (== net6.0) (>= net452)) (&& (== net6.0) (>= net6.0-windows7.0)) (== net6.0-windows7.0) (&& (== netstandard2.0) (>= net452)) (&& (== netstandard2.0) (>= net6.0-windows7.0))
      DevExpress.Printing.Core (23.1.3) - restriction: || (&& (== net6.0) (>= net452)) (&& (== net6.0) (>= net6.0-windows7.0)) (== net6.0-windows7.0) (&& (== netstandard2.0) (>= net452)) (&& (== netstandard2.0) (>= net6.0-windows7.0))
      DevExpress.RichEdit.Core (23.1.3) - restriction: || (&& (== net6.0) (>= net452)) (&& (== net6.0) (>= net6.0-windows7.0)) (== net6.0-windows7.0) (&& (== netstandard2.0) (>= net452)) (&& (== netstandard2.0) (>= net6.0-windows7.0))
      DevExpress.Utils (23.1.3) - restriction: || (&& (== net6.0) (>= net452)) (&& (== net6.0) (>= net6.0-windows7.0)) (== net6.0-windows7.0) (&& (== netstandard2.0) (>= net452)) (&& (== netstandard2.0) (>= net6.0-windows7.0))
      DevExpress.Win (23.1.3) - restriction: || (&& (== net6.0) (>= net452)) (&& (== net6.0) (>= net6.0-windows7.0)) (== net6.0-windows7.0) (&& (== netstandard2.0) (>= net452)) (&& (== netstandard2.0) (>= net6.0-windows7.0))
      DevExpress.Win.BonusSkins (23.1.3) - restriction: || (&& (== net6.0) (>= net452)) (&& (== net6.0) (>= net6.0-windows7.0)) (== net6.0-windows7.0) (&& (== netstandard2.0) (>= net452)) (&& (== netstandard2.0) (>= net6.0-windows7.0))
      DevExpress.Win.Grid (23.1.3) - restriction: || (&& (== net6.0) (>= net452)) (&& (== net6.0) (>= net6.0-windows7.0)) (== net6.0-windows7.0) (&& (== netstandard2.0) (>= net452)) (&& (== netstandard2.0) (>= net6.0-windows7.0))
      DevExpress.Win.Navigation (23.1.3) - restriction: || (&& (== net6.0) (>= net452)) (&& (== net6.0) (>= net6.0-windows7.0)) (== net6.0-windows7.0) (&& (== netstandard2.0) (>= net452)) (&& (== netstandard2.0) (>= net6.0-windows7.0))
      DevExpress.Win.Printing (23.1.3) - restriction: || (&& (== net6.0) (>= net452)) (&& (== net6.0) (>= net6.0-windows7.0)) (== net6.0-windows7.0) (&& (== netstandard2.0) (>= net452)) (&& (== netstandard2.0) (>= net6.0-windows7.0))
      DevExpress.Win.RichEdit (23.1.3) - restriction: || (&& (== net6.0) (>= net452)) (&& (== net6.0) (>= net6.0-windows7.0)) (== net6.0-windows7.0) (&& (== netstandard2.0) (>= net452)) (&& (== netstandard2.0) (>= net6.0-windows7.0))
      DevExpress.Win.TreeList (23.1.3) - restriction: || (&& (== net6.0) (>= net452)) (&& (== net6.0) (>= net6.0-windows7.0)) (== net6.0-windows7.0) (&& (== netstandard2.0) (>= net452)) (&& (== netstandard2.0) (>= net6.0-windows7.0))
      DevExpress.Win.VerticalGrid (23.1.3) - restriction: || (&& (== net6.0) (>= net452)) (&& (== net6.0) (>= net6.0-windows7.0)) (== net6.0-windows7.0) (&& (== netstandard2.0) (>= net452)) (&& (== netstandard2.0) (>= net6.0-windows7.0))
      Microsoft.Extensions.Configuration (>= 6.0) - restriction: || (&& (== net6.0) (>= net6.0-windows7.0)) (== net6.0-windows7.0) (&& (== netstandard2.0) (>= net6.0-windows7.0))
      Microsoft.Extensions.DependencyInjection (>= 6.0.1) - restriction: || (&& (== net6.0) (>= net6.0-windows7.0)) (== net6.0-windows7.0) (&& (== netstandard2.0) (>= net6.0-windows7.0))
    DevExpress.ExpressApp.Win.All (23.1.3)
      DevExpress.ExpressApp.Chart.Win (23.1.3) - restriction: || (&& (== net6.0) (>= net452)) (&& (== net6.0) (>= net6.0-windows7.0)) (== net6.0-windows7.0) (&& (== netstandard2.0) (>= net452)) (&& (== netstandard2.0) (>= net6.0-windows7.0))
      DevExpress.ExpressApp.Core.All (23.1.3) - restriction: || (&& (== net6.0) (>= net452)) (&& (== net6.0) (>= net6.0-windows7.0)) (== net6.0-windows7.0) (&& (== netstandard2.0) (>= net452)) (&& (== netstandard2.0) (>= net6.0-windows7.0))
      DevExpress.ExpressApp.Dashboards.Win (23.1.3) - restriction: || (&& (== net6.0) (>= net452)) (&& (== net6.0) (>= net6.0-windows7.0)) (== net6.0-windows7.0) (&& (== netstandard2.0) (>= net452)) (&& (== netstandard2.0) (>= net6.0-windows7.0))
      DevExpress.ExpressApp.EasyTest.WinAdapter (23.1.3) - restriction: || (&& (== net6.0) (>= net452)) (&& (== net6.0) (>= net6.0-windows7.0)) (== net6.0-windows7.0) (&& (== netstandard2.0) (>= net452)) (&& (== netstandard2.0) (>= net6.0-windows7.0))
      DevExpress.ExpressApp.FileAttachment.Win (23.1.3) - restriction: || (&& (== net6.0) (>= net452)) (&& (== net6.0) (>= net6.0-windows7.0)) (== net6.0-windows7.0) (&& (== netstandard2.0) (>= net452)) (&& (== netstandard2.0) (>= net6.0-windows7.0))
      DevExpress.ExpressApp.Notifications.Win (23.1.3) - restriction: || (&& (== net6.0) (>= net452)) (&& (== net6.0) (>= net6.0-windows7.0)) (== net6.0-windows7.0) (&& (== netstandard2.0) (>= net452)) (&& (== netstandard2.0) (>= net6.0-windows7.0))
      DevExpress.ExpressApp.Office.Win (23.1.3) - restriction: || (&& (== net6.0) (>= net452)) (&& (== net6.0) (>= net6.0-windows7.0)) (== net6.0-windows7.0) (&& (== netstandard2.0) (>= net452)) (&& (== netstandard2.0) (>= net6.0-windows7.0))
      DevExpress.ExpressApp.PivotChart.Win (23.1.3) - restriction: || (&& (== net6.0) (>= net452)) (&& (== net6.0) (>= net6.0-windows7.0)) (== net6.0-windows7.0) (&& (== netstandard2.0) (>= net452)) (&& (== netstandard2.0) (>= net6.0-windows7.0))
      DevExpress.ExpressApp.PivotGrid.Win (23.1.3) - restriction: || (&& (== net6.0) (>= net452)) (&& (== net6.0) (>= net6.0-windows7.0)) (== net6.0-windows7.0) (&& (== netstandard2.0) (>= net452)) (&& (== netstandard2.0) (>= net6.0-windows7.0))
      DevExpress.ExpressApp.ReportsV2.Win (23.1.3) - restriction: || (&& (== net6.0) (>= net452)) (&& (== net6.0) (>= net6.0-windows7.0)) (== net6.0-windows7.0) (&& (== netstandard2.0) (>= net452)) (&& (== netstandard2.0) (>= net6.0-windows7.0))
      DevExpress.ExpressApp.Scheduler.Win (23.1.3) - restriction: || (&& (== net6.0) (>= net452)) (&& (== net6.0) (>= net6.0-windows7.0)) (== net6.0-windows7.0) (&& (== netstandard2.0) (>= net452)) (&& (== netstandard2.0) (>= net6.0-windows7.0))
      DevExpress.ExpressApp.ScriptRecorder.Win (23.1.3) - restriction: || (&& (== net6.0) (>= net452)) (&& (== net6.0) (>= net6.0-windows7.0)) (== net6.0-windows7.0) (&& (== netstandard2.0) (>= net452)) (&& (== netstandard2.0) (>= net6.0-windows7.0))
      DevExpress.ExpressApp.TreeListEditors.Win (23.1.3) - restriction: || (&& (== net6.0) (>= net452)) (&& (== net6.0) (>= net6.0-windows7.0)) (== net6.0-windows7.0) (&& (== netstandard2.0) (>= net452)) (&& (== netstandard2.0) (>= net6.0-windows7.0))
      DevExpress.ExpressApp.Validation.Win (23.1.3) - restriction: || (&& (== net6.0) (>= net452)) (&& (== net6.0) (>= net6.0-windows7.0)) (== net6.0-windows7.0) (&& (== netstandard2.0) (>= net452)) (&& (== netstandard2.0) (>= net6.0-windows7.0))
      DevExpress.ExpressApp.Win (23.1.3) - restriction: || (&& (== net6.0) (>= net452)) (&& (== net6.0) (>= net6.0-windows7.0)) (== net6.0-windows7.0) (&& (== netstandard2.0) (>= net452)) (&& (== netstandard2.0) (>= net6.0-windows7.0))
    DevExpress.ExpressApp.Xpo (23.1.3)
      DevExpress.Data (23.1.3)
      DevExpress.ExpressApp (23.1.3)
      DevExpress.Xpo (23.1.3)
      Microsoft.Extensions.DependencyInjection.Abstractions (>= 6.0)
      NETStandard.Library (>= 2.0.3)
      System.Drawing.Common (>= 5.0.3)
      System.Security.Permissions (>= 5.0)
    DevExpress.Gauges.Core (23.1.3)
      DevExpress.Data (23.1.3)
      DevExpress.Drawing (23.1.3)
      DevExpress.Printing.Core (23.1.3)
      NETStandard.Library (>= 2.0.3)
      System.Drawing.Common (>= 4.7.2)
    DevExpress.Images (23.1.3)
      DevExpress.Data (23.1.3)
      DevExpress.Drawing (23.1.3)
      NETStandard.Library (>= 2.0.3)
      System.Drawing.Common (>= 4.7.2)
    DevExpress.Map.Core (23.1.3)
      DevExpress.Data (23.1.3)
      DevExpress.Drawing (23.1.3)
      DevExpress.Printing.Core (23.1.3)
      NETStandard.Library (>= 2.0.3)
      System.Drawing.Common (>= 4.7.2)
    DevExpress.Office.Core (23.1.3)
      DevExpress.Data (23.1.3)
      DevExpress.Drawing (23.1.3)
      DevExpress.Pdf.Core (23.1.3)
      DevExpress.Printing.Core (23.1.3)
      NETStandard.Library (>= 2.0.3)
      System.Drawing.Common (>= 4.7.2)
      System.Security.Cryptography.Xml (>= 6.0.1)
    DevExpress.Pdf.Core (23.1.3)
      DevExpress.Data (23.1.3)
      DevExpress.Drawing (23.1.3)
      NETStandard.Library (>= 2.0.3)
      System.Drawing.Common (>= 4.7.2)
      System.Security.Cryptography.Pkcs (>= 6.0.1)
    DevExpress.Pdf.Drawing (23.1.3)
      DevExpress.Data (23.1.3)
      DevExpress.Drawing (23.1.3)
      DevExpress.Pdf.Core (23.1.3)
      NETStandard.Library (>= 2.0.3)
      System.Drawing.Common (>= 4.7.2)
    DevExpress.Persistent.Base (23.1.3)
      DevExpress.Data (23.1.3)
      DevExpress.DataAccess (23.1.3)
      DevExpress.ExpressApp (23.1.3)
      DevExpress.Printing.Core (23.1.3)
      Microsoft.Extensions.DependencyInjection.Abstractions (>= 6.0)
      NETStandard.Library (>= 2.0.3)
      System.Drawing.Common (>= 5.0.3)
    DevExpress.Persistent.BaseImpl.Xpo (23.1.3)
      DevExpress.Data (23.1.3)
      DevExpress.ExpressApp (23.1.3)
      DevExpress.ExpressApp.Objects (23.1.3)
      DevExpress.ExpressApp.Xpo (23.1.3)
      DevExpress.Persistent.Base (23.1.3)
      DevExpress.Scheduler.Core (23.1.3)
      DevExpress.Xpo (23.1.3)
      Microsoft.Extensions.Options (>= 6.0)
      NETStandard.Library (>= 2.0.3)
      System.Drawing.Common (>= 5.0.3)
    DevExpress.PivotGrid.Core (23.1.3)
      DevExpress.Data (23.1.3)
      DevExpress.Drawing (23.1.3)
      DevExpress.Printing.Core (23.1.3)
      NETStandard.Library (>= 2.0.3)
      System.Drawing.Common (>= 4.7.2)
      System.Reflection.Emit (>= 4.7)
      System.Reflection.Emit.Lightweight (>= 4.7)
    DevExpress.Printing.Core (23.1.3)
      DevExpress.Data (23.1.3)
      DevExpress.Drawing (23.1.3)
      DevExpress.Pdf.Core (23.1.3)
      DevExpress.Pdf.Drawing (23.1.3)
      NETStandard.Library (>= 2.0.3)
      System.ComponentModel.Annotations (>= 4.5)
      System.Drawing.Common (>= 4.7.2)
      System.Security.Cryptography.Pkcs (>= 6.0.1)
      System.ServiceModel.Http (>= 4.10.2)
      System.Text.Encoding.CodePages (>= 4.5.1)
    DevExpress.Reporting.Core (23.1.3)
      DevExpress.Charts (23.1.3)
      DevExpress.Charts.Core (23.1.3)
      DevExpress.CodeParser (23.1.3)
      DevExpress.Data (23.1.3)
      DevExpress.DataAccess (23.1.3)
      DevExpress.Drawing (23.1.3)
      DevExpress.Gauges.Core (23.1.3)
      DevExpress.Office.Core (23.1.3)
      DevExpress.Pdf.Core (23.1.3)
      DevExpress.Pdf.Drawing (23.1.3)
      DevExpress.PivotGrid.Core (23.1.3)
      DevExpress.Printing.Core (23.1.3)
      DevExpress.RichEdit.Core (23.1.3)
      DevExpress.RichEdit.Export (23.1.3)
      DevExpress.Sparkline.Core (23.1.3)
      DevExpress.Xpo (23.1.3)
      NETStandard.Library (>= 2.0.3)
      System.CodeDom (>= 4.4)
      System.Collections.Immutable (>= 1.5)
      System.Configuration.ConfigurationManager (>= 4.7)
      System.Drawing.Common (>= 4.7.2)
      System.Runtime.Loader (>= 4.3)
      System.Security.Permissions (>= 4.7)
    DevExpress.RichEdit.Core (23.1.3)
      DevExpress.Data (23.1.3)
      DevExpress.Drawing (23.1.3)
      DevExpress.Office.Core (23.1.3)
      DevExpress.Pdf.Core (23.1.3)
      DevExpress.Printing.Core (23.1.3)
      NETStandard.Library (>= 2.0.3)
      System.Drawing.Common (>= 4.7.2)
    DevExpress.RichEdit.Export (23.1.3)
      DevExpress.Data (23.1.3)
      DevExpress.Drawing (23.1.3)
      DevExpress.Office.Core (23.1.3)
      DevExpress.Printing.Core (23.1.3)
      DevExpress.RichEdit.Core (23.1.3)
      NETStandard.Library (>= 2.0.3)
      System.Drawing.Common (>= 4.7.2)
    DevExpress.Scheduler.Core (23.1.3)
      DevExpress.Data (23.1.3)
      NETStandard.Library (>= 2.0.3)
      System.Drawing.Common (>= 4.7.2)
    DevExpress.Scheduler.CoreDesktop (23.1.3) - restriction: || (&& (== net6.0) (>= net452)) (&& (== net6.0) (>= net6.0-windows7.0)) (== net6.0-windows7.0) (&& (== netstandard2.0) (>= net452)) (&& (== netstandard2.0) (>= net6.0-windows7.0))
      DevExpress.Data (23.1.3) - restriction: || (&& (== net6.0) (>= net452)) (&& (== net6.0) (>= net6.0-windows7.0)) (== net6.0-windows7.0) (&& (== netstandard2.0) (>= net452)) (&& (== netstandard2.0) (>= net6.0-windows7.0))
      DevExpress.Data.Desktop (23.1.3) - restriction: || (&& (== net6.0) (>= net452)) (&& (== net6.0) (>= net6.0-windows7.0)) (== net6.0-windows7.0) (&& (== netstandard2.0) (>= net452)) (&& (== netstandard2.0) (>= net6.0-windows7.0))
      DevExpress.Drawing (23.1.3) - restriction: || (&& (== net6.0) (>= net452)) (&& (== net6.0) (>= net6.0-windows7.0)) (== net6.0-windows7.0) (&& (== netstandard2.0) (>= net452)) (&& (== netstandard2.0) (>= net6.0-windows7.0))
      DevExpress.Images (23.1.3) - restriction: || (&& (== net6.0) (>= net452)) (&& (== net6.0) (>= net6.0-windows7.0)) (== net6.0-windows7.0) (&& (== netstandard2.0) (>= net452)) (&& (== netstandard2.0) (>= net6.0-windows7.0))
      DevExpress.Printing.Core (23.1.3) - restriction: || (&& (== net6.0) (>= net452)) (&& (== net6.0) (>= net6.0-windows7.0)) (== net6.0-windows7.0) (&& (== netstandard2.0) (>= net452)) (&& (== netstandard2.0) (>= net6.0-windows7.0))
      DevExpress.Scheduler.Core (23.1.3) - restriction: || (&& (== net6.0) (>= net452)) (&& (== net6.0) (>= net6.0-windows7.0)) (== net6.0-windows7.0) (&& (== netstandard2.0) (>= net452)) (&& (== netstandard2.0) (>= net6.0-windows7.0))
    DevExpress.Sparkline.Core (23.1.3)
      DevExpress.Data (23.1.3)
      DevExpress.Drawing (23.1.3)
      NETStandard.Library (>= 2.0.3)
      System.Drawing.Common (>= 4.7.2)
    DevExpress.SpellChecker.Core (23.1.3) - restriction: || (&& (== net6.0) (>= net6.0-windows7.0)) (== net6.0-windows7.0) (&& (== netstandard2.0) (>= net6.0-windows7.0))
      DevExpress.Data (23.1.3)
      NETStandard.Library (>= 2.0.3)
    DevExpress.Spreadsheet.Core (23.1.3)
      DevExpress.Data (23.1.3)
      DevExpress.DataAccess (23.1.3)
      DevExpress.DataVisualization.Core (23.1.3)
      DevExpress.Drawing (23.1.3)
      DevExpress.Office.Core (23.1.3)
      DevExpress.Pdf.Core (23.1.3)
      DevExpress.Printing.Core (23.1.3)
      DevExpress.Sparkline.Core (23.1.3)
      NETStandard.Library (>= 2.0.3)
      System.Drawing.Common (>= 4.7.2)
      System.Security.AccessControl (>= 6.0)
    DevExpress.TreeMap (23.1.3)
      DevExpress.Data (23.1.3)
      DevExpress.DataVisualization.Core (23.1.3)
      DevExpress.Drawing (23.1.3)
      DevExpress.Printing.Core (23.1.3)
      DevExpress.TreeMap.Core (23.1.3)
      NETStandard.Library (>= 2.0.3)
      System.Drawing.Common (>= 4.7.2)
    DevExpress.TreeMap.Core (23.1.3)
      DevExpress.Data (23.1.3)
      NETStandard.Library (>= 2.0.3)
    DevExpress.Utils (23.1.3) - restriction: || (&& (== net6.0) (>= net452)) (&& (== net6.0) (>= net6.0-windows7.0)) (== net6.0-windows7.0) (&& (== netstandard2.0) (>= net452)) (&& (== netstandard2.0) (>= net6.0-windows7.0))
      DevExpress.Data (23.1.3) - restriction: || (&& (== net6.0) (>= net452)) (&& (== net6.0) (>= net6.0-windows7.0)) (== net6.0-windows7.0) (&& (== netstandard2.0) (>= net452)) (&& (== netstandard2.0) (>= net6.0-windows7.0))
      DevExpress.Data.Desktop (23.1.3) - restriction: || (&& (== net6.0) (>= net452)) (&& (== net6.0) (>= net6.0-windows7.0)) (== net6.0-windows7.0) (&& (== netstandard2.0) (>= net452)) (&& (== netstandard2.0) (>= net6.0-windows7.0))
      DevExpress.Drawing (23.1.3) - restriction: || (&& (== net6.0) (>= net452)) (&& (== net6.0) (>= net6.0-windows7.0)) (== net6.0-windows7.0) (&& (== netstandard2.0) (>= net452)) (&& (== netstandard2.0) (>= net6.0-windows7.0))
      DevExpress.Printing.Core (23.1.3) - restriction: || (&& (== net6.0) (>= net452)) (&& (== net6.0) (>= net6.0-windows7.0)) (== net6.0-windows7.0) (&& (== netstandard2.0) (>= net452)) (&& (== netstandard2.0) (>= net6.0-windows7.0))
    DevExpress.Utils.UI (23.1.3) - restriction: || (&& (== net6.0) (>= net452)) (&& (== net6.0) (>= net6.0-windows7.0)) (== net6.0-windows7.0) (&& (== netstandard2.0) (>= net452)) (&& (== netstandard2.0) (>= net6.0-windows7.0))
      DevExpress.Data (23.1.3) - restriction: || (&& (== net6.0) (>= net452)) (&& (== net6.0) (>= net6.0-windows7.0)) (== net6.0-windows7.0) (&& (== netstandard2.0) (>= net452)) (&& (== netstandard2.0) (>= net6.0-windows7.0))
      DevExpress.Data.Desktop (23.1.3) - restriction: || (&& (== net6.0) (>= net452)) (&& (== net6.0) (>= net6.0-windows7.0)) (== net6.0-windows7.0) (&& (== netstandard2.0) (>= net452)) (&& (== netstandard2.0) (>= net6.0-windows7.0))
      DevExpress.DataAccess (23.1.3) - restriction: || (&& (== net6.0) (>= net452)) (&& (== net6.0) (>= net6.0-windows7.0)) (== net6.0-windows7.0) (&& (== netstandard2.0) (>= net452)) (&& (== netstandard2.0) (>= net6.0-windows7.0))
      DevExpress.Drawing (23.1.3) - restriction: || (&& (== net6.0) (>= net452)) (&& (== net6.0) (>= net6.0-windows7.0)) (== net6.0-windows7.0) (&& (== netstandard2.0) (>= net452)) (&& (== netstandard2.0) (>= net6.0-windows7.0))
      DevExpress.Printing.Core (23.1.3) - restriction: || (&& (== net6.0) (>= net452)) (&& (== net6.0) (>= net6.0-windows7.0)) (== net6.0-windows7.0) (&& (== netstandard2.0) (>= net452)) (&& (== netstandard2.0) (>= net6.0-windows7.0))
      DevExpress.RichEdit.Core (23.1.3) - restriction: || (&& (== net6.0) (>= net452)) (&& (== net6.0) (>= net6.0-windows7.0)) (== net6.0-windows7.0) (&& (== netstandard2.0) (>= net452)) (&& (== netstandard2.0) (>= net6.0-windows7.0))
      DevExpress.Utils (23.1.3) - restriction: || (&& (== net6.0) (>= net452)) (&& (== net6.0) (>= net6.0-windows7.0)) (== net6.0-windows7.0) (&& (== netstandard2.0) (>= net452)) (&& (== netstandard2.0) (>= net6.0-windows7.0))
      DevExpress.Win.Navigation (23.1.3) - restriction: || (&& (== net6.0) (>= net452)) (&& (== net6.0) (>= net6.0-windows7.0)) (== net6.0-windows7.0) (&& (== netstandard2.0) (>= net452)) (&& (== netstandard2.0) (>= net6.0-windows7.0))
      DevExpress.Win.Printing (23.1.3) - restriction: || (&& (== net6.0) (>= net452)) (&& (== net6.0) (>= net6.0-windows7.0)) (== net6.0-windows7.0) (&& (== netstandard2.0) (>= net452)) (&& (== netstandard2.0) (>= net6.0-windows7.0))
      DevExpress.Win.RichEdit (23.1.3) - restriction: || (&& (== net6.0) (>= net452)) (&& (== net6.0) (>= net6.0-windows7.0)) (== net6.0-windows7.0) (&& (== netstandard2.0) (>= net452)) (&& (== netstandard2.0) (>= net6.0-windows7.0))
      DevExpress.Win.TreeList (23.1.3) - restriction: || (&& (== net6.0) (>= net452)) (&& (== net6.0) (>= net6.0-windows7.0)) (== net6.0-windows7.0) (&& (== netstandard2.0) (>= net452)) (&& (== netstandard2.0) (>= net6.0-windows7.0))
      DevExpress.Win.VerticalGrid (23.1.3) - restriction: || (&& (== net6.0) (>= net452)) (&& (== net6.0) (>= net6.0-windows7.0)) (== net6.0-windows7.0) (&& (== netstandard2.0) (>= net452)) (&& (== netstandard2.0) (>= net6.0-windows7.0))
    DevExpress.Win (23.1.3) - restriction: || (&& (== net6.0) (>= net452)) (&& (== net6.0) (>= net6.0-windows7.0)) (== net6.0-windows7.0) (&& (== netstandard2.0) (>= net452)) (&& (== netstandard2.0) (>= net6.0-windows7.0))
      DevExpress.Data (23.1.3) - restriction: || (&& (== net6.0) (>= net452)) (&& (== net6.0) (>= net6.0-windows7.0)) (== net6.0-windows7.0) (&& (== netstandard2.0) (>= net452)) (&& (== netstandard2.0) (>= net6.0-windows7.0))
      DevExpress.Data.Desktop (23.1.3) - restriction: || (&& (== net6.0) (>= net452)) (&& (== net6.0) (>= net6.0-windows7.0)) (== net6.0-windows7.0) (&& (== netstandard2.0) (>= net452)) (&& (== netstandard2.0) (>= net6.0-windows7.0))
      DevExpress.Drawing (23.1.3) - restriction: || (&& (== net6.0) (>= net452)) (&& (== net6.0) (>= net6.0-windows7.0)) (== net6.0-windows7.0) (&& (== netstandard2.0) (>= net452)) (&& (== netstandard2.0) (>= net6.0-windows7.0))
      DevExpress.RichEdit.Export (23.1.3) - restriction: || (&& (== net6.0) (>= net452)) (&& (== net6.0) (>= net6.0-windows7.0)) (== net6.0-windows7.0) (&& (== netstandard2.0) (>= net452)) (&& (== netstandard2.0) (>= net6.0-windows7.0))
      DevExpress.Utils (23.1.3) - restriction: || (&& (== net6.0) (>= net452)) (&& (== net6.0) (>= net6.0-windows7.0)) (== net6.0-windows7.0) (&& (== netstandard2.0) (>= net452)) (&& (== netstandard2.0) (>= net6.0-windows7.0))
      DevExpress.Win.Grid (23.1.3) - restriction: || (&& (== net6.0) (>= net452)) (&& (== net6.0) (>= net6.0-windows7.0)) (== net6.0-windows7.0) (&& (== netstandard2.0) (>= net452)) (&& (== netstandard2.0) (>= net6.0-windows7.0))
      DevExpress.Win.Navigation (23.1.3) - restriction: || (&& (== net6.0) (>= net452)) (&& (== net6.0) (>= net6.0-windows7.0)) (== net6.0-windows7.0) (&& (== netstandard2.0) (>= net452)) (&& (== netstandard2.0) (>= net6.0-windows7.0))
      DevExpress.Win.PivotGrid (23.1.3) - restriction: || (&& (== net6.0) (>= net452)) (&& (== net6.0) (>= net6.0-windows7.0)) (== net6.0-windows7.0) (&& (== netstandard2.0) (>= net452)) (&& (== netstandard2.0) (>= net6.0-windows7.0))
      DevExpress.Win.Printing (23.1.3) - restriction: || (&& (== net6.0) (>= net452)) (&& (== net6.0) (>= net6.0-windows7.0)) (== net6.0-windows7.0) (&& (== netstandard2.0) (>= net452)) (&& (== netstandard2.0) (>= net6.0-windows7.0))
      DevExpress.Win.TreeList (23.1.3) - restriction: || (&& (== net6.0) (>= net452)) (&& (== net6.0) (>= net6.0-windows7.0)) (== net6.0-windows7.0) (&& (== netstandard2.0) (>= net452)) (&& (== netstandard2.0) (>= net6.0-windows7.0))
      DevExpress.Win.VerticalGrid (23.1.3) - restriction: || (&& (== net6.0) (>= net452)) (&& (== net6.0) (>= net6.0-windows7.0)) (== net6.0-windows7.0) (&& (== netstandard2.0) (>= net452)) (&& (== netstandard2.0) (>= net6.0-windows7.0))
    DevExpress.Win.BonusSkins (23.1.3) - restriction: || (&& (== net6.0) (>= net452)) (&& (== net6.0) (>= net6.0-windows7.0)) (== net6.0-windows7.0) (&& (== netstandard2.0) (>= net452)) (&& (== netstandard2.0) (>= net6.0-windows7.0))
      DevExpress.Utils (23.1.3) - restriction: || (&& (== net6.0) (>= net452)) (&& (== net6.0) (>= net6.0-windows7.0)) (== net6.0-windows7.0) (&& (== netstandard2.0) (>= net452)) (&& (== netstandard2.0) (>= net6.0-windows7.0))
    DevExpress.Win.Charts (23.1.3) - restriction: || (&& (== net6.0) (>= net452)) (&& (== net6.0) (>= net6.0-windows7.0)) (== net6.0-windows7.0) (&& (== netstandard2.0) (>= net452)) (&& (== netstandard2.0) (>= net6.0-windows7.0))
      DevExpress.Charts (23.1.3) - restriction: || (&& (== net6.0) (>= net452)) (&& (== net6.0) (>= net6.0-windows7.0)) (== net6.0-windows7.0) (&& (== netstandard2.0) (>= net452)) (&& (== netstandard2.0) (>= net6.0-windows7.0))
      DevExpress.Charts.Core (23.1.3) - restriction: || (&& (== net6.0) (>= net452)) (&& (== net6.0) (>= net6.0-windows7.0)) (== net6.0-windows7.0) (&& (== netstandard2.0) (>= net452)) (&& (== netstandard2.0) (>= net6.0-windows7.0))
      DevExpress.Data (23.1.3) - restriction: || (&& (== net6.0) (>= net452)) (&& (== net6.0) (>= net6.0-windows7.0)) (== net6.0-windows7.0) (&& (== netstandard2.0) (>= net452)) (&& (== netstandard2.0) (>= net6.0-windows7.0))
      DevExpress.Data.Desktop (23.1.3) - restriction: || (&& (== net6.0) (>= net452)) (&& (== net6.0) (>= net6.0-windows7.0)) (== net6.0-windows7.0) (&& (== netstandard2.0) (>= net452)) (&& (== netstandard2.0) (>= net6.0-windows7.0))
      DevExpress.DataAccess.UI (23.1.3) - restriction: || (&& (== net6.0) (>= net452)) (&& (== net6.0) (>= net6.0-windows7.0)) (== net6.0-windows7.0) (&& (== netstandard2.0) (>= net452)) (&& (== netstandard2.0) (>= net6.0-windows7.0))
      DevExpress.Drawing (23.1.3) - restriction: || (&& (== net6.0) (>= net452)) (&& (== net6.0) (>= net6.0-windows7.0)) (== net6.0-windows7.0) (&& (== netstandard2.0) (>= net452)) (&& (== netstandard2.0) (>= net6.0-windows7.0))
      DevExpress.Printing.Core (23.1.3) - restriction: || (&& (== net6.0) (>= net452)) (&& (== net6.0) (>= net6.0-windows7.0)) (== net6.0-windows7.0) (&& (== netstandard2.0) (>= net452)) (&& (== netstandard2.0) (>= net6.0-windows7.0))
      DevExpress.Utils (23.1.3) - restriction: || (&& (== net6.0) (>= net452)) (&& (== net6.0) (>= net6.0-windows7.0)) (== net6.0-windows7.0) (&& (== netstandard2.0) (>= net452)) (&& (== netstandard2.0) (>= net6.0-windows7.0))
      DevExpress.Utils.UI (23.1.3) - restriction: || (&& (== net6.0) (>= net452)) (&& (== net6.0) (>= net6.0-windows7.0)) (== net6.0-windows7.0) (&& (== netstandard2.0) (>= net452)) (&& (== netstandard2.0) (>= net6.0-windows7.0))
      DevExpress.Win (23.1.3) - restriction: || (&& (== net6.0) (>= net452)) (&& (== net6.0) (>= net6.0-windows7.0)) (== net6.0-windows7.0) (&& (== netstandard2.0) (>= net452)) (&& (== netstandard2.0) (>= net6.0-windows7.0))
      DevExpress.Win.Grid (23.1.3) - restriction: || (&& (== net6.0) (>= net452)) (&& (== net6.0) (>= net6.0-windows7.0)) (== net6.0-windows7.0) (&& (== netstandard2.0) (>= net452)) (&& (== netstandard2.0) (>= net6.0-windows7.0))
      DevExpress.Win.Navigation (23.1.3) - restriction: || (&& (== net6.0) (>= net452)) (&& (== net6.0) (>= net6.0-windows7.0)) (== net6.0-windows7.0) (&& (== netstandard2.0) (>= net452)) (&& (== netstandard2.0) (>= net6.0-windows7.0))
      DevExpress.Win.Printing (23.1.3) - restriction: || (&& (== net6.0) (>= net452)) (&& (== net6.0) (>= net6.0-windows7.0)) (== net6.0-windows7.0) (&& (== netstandard2.0) (>= net452)) (&& (== netstandard2.0) (>= net6.0-windows7.0))
      DevExpress.Win.TreeList (23.1.3) - restriction: || (&& (== net6.0) (>= net452)) (&& (== net6.0) (>= net6.0-windows7.0)) (== net6.0-windows7.0) (&& (== netstandard2.0) (>= net452)) (&& (== netstandard2.0) (>= net6.0-windows7.0))
      DevExpress.Win.VerticalGrid (23.1.3) - restriction: || (&& (== net6.0) (>= net452)) (&& (== net6.0) (>= net6.0-windows7.0)) (== net6.0-windows7.0) (&& (== netstandard2.0) (>= net452)) (&& (== netstandard2.0) (>= net6.0-windows7.0))
    DevExpress.Win.Dashboard (23.1.3) - restriction: || (&& (== net6.0) (>= net452)) (&& (== net6.0) (>= net6.0-windows7.0)) (== net6.0-windows7.0) (&& (== netstandard2.0) (>= net452)) (&& (== netstandard2.0) (>= net6.0-windows7.0))
      DevExpress.Charts (23.1.3) - restriction: || (&& (== net6.0) (>= net452)) (&& (== net6.0) (>= net6.0-windows7.0)) (== net6.0-windows7.0) (&& (== netstandard2.0) (>= net452)) (&& (== netstandard2.0) (>= net6.0-windows7.0))
      DevExpress.Charts.Core (23.1.3) - restriction: || (&& (== net6.0) (>= net452)) (&& (== net6.0) (>= net6.0-windows7.0)) (== net6.0-windows7.0) (&& (== netstandard2.0) (>= net452)) (&& (== netstandard2.0) (>= net6.0-windows7.0))
      DevExpress.Dashboard.Core (23.1.3) - restriction: || (&& (== net6.0) (>= net452)) (&& (== net6.0) (>= net6.0-windows7.0)) (== net6.0-windows7.0) (&& (== netstandard2.0) (>= net452)) (&& (== netstandard2.0) (>= net6.0-windows7.0))
      DevExpress.Data (23.1.3) - restriction: || (&& (== net6.0) (>= net452)) (&& (== net6.0) (>= net6.0-windows7.0)) (== net6.0-windows7.0) (&& (== netstandard2.0) (>= net452)) (&& (== netstandard2.0) (>= net6.0-windows7.0))
      DevExpress.Data.Desktop (23.1.3) - restriction: || (&& (== net6.0) (>= net452)) (&& (== net6.0) (>= net6.0-windows7.0)) (== net6.0-windows7.0) (&& (== netstandard2.0) (>= net452)) (&& (== netstandard2.0) (>= net6.0-windows7.0))
      DevExpress.DataAccess (23.1.3) - restriction: || (&& (== net6.0) (>= net452)) (&& (== net6.0) (>= net6.0-windows7.0)) (== net6.0-windows7.0) (&& (== netstandard2.0) (>= net452)) (&& (== netstandard2.0) (>= net6.0-windows7.0))
      DevExpress.DataAccess.UI (23.1.3) - restriction: || (&& (== net6.0) (>= net452)) (&& (== net6.0) (>= net6.0-windows7.0)) (== net6.0-windows7.0) (&& (== netstandard2.0) (>= net452)) (&& (== netstandard2.0) (>= net6.0-windows7.0))
      DevExpress.Drawing (23.1.3) - restriction: || (&& (== net6.0) (>= net452)) (&& (== net6.0) (>= net6.0-windows7.0)) (== net6.0-windows7.0) (&& (== netstandard2.0) (>= net452)) (&& (== netstandard2.0) (>= net6.0-windows7.0))
      DevExpress.Gauges.Core (23.1.3) - restriction: || (&& (== net6.0) (>= net452)) (&& (== net6.0) (>= net6.0-windows7.0)) (== net6.0-windows7.0) (&& (== netstandard2.0) (>= net452)) (&& (== netstandard2.0) (>= net6.0-windows7.0))
      DevExpress.Map.Core (23.1.3) - restriction: || (&& (== net6.0) (>= net452)) (&& (== net6.0) (>= net6.0-windows7.0)) (== net6.0-windows7.0) (&& (== netstandard2.0) (>= net452)) (&& (== netstandard2.0) (>= net6.0-windows7.0))
      DevExpress.Office.Core (23.1.3) - restriction: || (&& (== net6.0) (>= net452)) (&& (== net6.0) (>= net6.0-windows7.0)) (== net6.0-windows7.0) (&& (== netstandard2.0) (>= net452)) (&& (== netstandard2.0) (>= net6.0-windows7.0))
      DevExpress.PivotGrid.Core (23.1.3) - restriction: || (&& (== net6.0) (>= net452)) (&& (== net6.0) (>= net6.0-windows7.0)) (== net6.0-windows7.0) (&& (== netstandard2.0) (>= net452)) (&& (== netstandard2.0) (>= net6.0-windows7.0))
      DevExpress.Printing.Core (23.1.3) - restriction: || (&& (== net6.0) (>= net452)) (&& (== net6.0) (>= net6.0-windows7.0)) (== net6.0-windows7.0) (&& (== netstandard2.0) (>= net452)) (&& (== netstandard2.0) (>= net6.0-windows7.0))
      DevExpress.Reporting.Core (23.1.3) - restriction: || (&& (== net6.0) (>= net452)) (&& (== net6.0) (>= net6.0-windows7.0)) (== net6.0-windows7.0) (&& (== netstandard2.0) (>= net452)) (&& (== netstandard2.0) (>= net6.0-windows7.0))
      DevExpress.RichEdit.Core (23.1.3) - restriction: || (&& (== net6.0) (>= net452)) (&& (== net6.0) (>= net6.0-windows7.0)) (== net6.0-windows7.0) (&& (== netstandard2.0) (>= net452)) (&& (== netstandard2.0) (>= net6.0-windows7.0))
      DevExpress.Sparkline.Core (23.1.3) - restriction: || (&& (== net6.0) (>= net452)) (&& (== net6.0) (>= net6.0-windows7.0)) (== net6.0-windows7.0) (&& (== netstandard2.0) (>= net452)) (&& (== netstandard2.0) (>= net6.0-windows7.0))
      DevExpress.TreeMap (23.1.3) - restriction: || (&& (== net6.0) (>= net452)) (&& (== net6.0) (>= net6.0-windows7.0)) (== net6.0-windows7.0) (&& (== netstandard2.0) (>= net452)) (&& (== netstandard2.0) (>= net6.0-windows7.0))
      DevExpress.TreeMap.Core (23.1.3) - restriction: || (&& (== net6.0) (>= net452)) (&& (== net6.0) (>= net6.0-windows7.0)) (== net6.0-windows7.0) (&& (== netstandard2.0) (>= net452)) (&& (== netstandard2.0) (>= net6.0-windows7.0))
      DevExpress.Utils (23.1.3) - restriction: || (&& (== net6.0) (>= net452)) (&& (== net6.0) (>= net6.0-windows7.0)) (== net6.0-windows7.0) (&& (== netstandard2.0) (>= net452)) (&& (== netstandard2.0) (>= net6.0-windows7.0))
      DevExpress.Utils.UI (23.1.3) - restriction: || (&& (== net6.0) (>= net452)) (&& (== net6.0) (>= net6.0-windows7.0)) (== net6.0-windows7.0) (&& (== netstandard2.0) (>= net452)) (&& (== netstandard2.0) (>= net6.0-windows7.0))
      DevExpress.Win.Charts (23.1.3) - restriction: || (&& (== net6.0) (>= net452)) (&& (== net6.0) (>= net6.0-windows7.0)) (== net6.0-windows7.0) (&& (== netstandard2.0) (>= net452)) (&& (== netstandard2.0) (>= net6.0-windows7.0))
      DevExpress.Win.Gauges (23.1.3) - restriction: || (&& (== net6.0) (>= net452)) (&& (== net6.0) (>= net6.0-windows7.0)) (== net6.0-windows7.0) (&& (== netstandard2.0) (>= net452)) (&& (== netstandard2.0) (>= net6.0-windows7.0))
      DevExpress.Win.Grid (23.1.3) - restriction: || (&& (== net6.0) (>= net452)) (&& (== net6.0) (>= net6.0-windows7.0)) (== net6.0-windows7.0) (&& (== netstandard2.0) (>= net452)) (&& (== netstandard2.0) (>= net6.0-windows7.0))
      DevExpress.Win.Map (23.1.3) - restriction: || (&& (== net6.0) (>= net452)) (&& (== net6.0) (>= net6.0-windows7.0)) (== net6.0-windows7.0) (&& (== netstandard2.0) (>= net452)) (&& (== netstandard2.0) (>= net6.0-windows7.0))
      DevExpress.Win.Navigation (23.1.3) - restriction: || (&& (== net6.0) (>= net452)) (&& (== net6.0) (>= net6.0-windows7.0)) (== net6.0-windows7.0) (&& (== netstandard2.0) (>= net452)) (&& (== netstandard2.0) (>= net6.0-windows7.0))
      DevExpress.Win.PivotGrid (23.1.3) - restriction: || (&& (== net6.0) (>= net452)) (&& (== net6.0) (>= net6.0-windows7.0)) (== net6.0-windows7.0) (&& (== netstandard2.0) (>= net452)) (&& (== netstandard2.0) (>= net6.0-windows7.0))
      DevExpress.Win.Printing (23.1.3) - restriction: || (&& (== net6.0) (>= net452)) (&& (== net6.0) (>= net6.0-windows7.0)) (== net6.0-windows7.0) (&& (== netstandard2.0) (>= net452)) (&& (== netstandard2.0) (>= net6.0-windows7.0))
      DevExpress.Win.RichEdit (23.1.3) - restriction: || (&& (== net6.0) (>= net452)) (&& (== net6.0) (>= net6.0-windows7.0)) (== net6.0-windows7.0) (&& (== netstandard2.0) (>= net452)) (&& (== netstandard2.0) (>= net6.0-windows7.0))
      DevExpress.Win.TreeList (23.1.3) - restriction: || (&& (== net6.0) (>= net452)) (&& (== net6.0) (>= net6.0-windows7.0)) (== net6.0-windows7.0) (&& (== netstandard2.0) (>= net452)) (&& (== netstandard2.0) (>= net6.0-windows7.0))
      DevExpress.Win.TreeMap (23.1.3) - restriction: || (&& (== net6.0) (>= net452)) (&& (== net6.0) (>= net6.0-windows7.0)) (== net6.0-windows7.0) (&& (== netstandard2.0) (>= net452)) (&& (== netstandard2.0) (>= net6.0-windows7.0))
      DevExpress.Xpo (23.1.3) - restriction: || (&& (== net6.0) (>= net452)) (&& (== net6.0) (>= net6.0-windows7.0)) (== net6.0-windows7.0) (&& (== netstandard2.0) (>= net452)) (&& (== netstandard2.0) (>= net6.0-windows7.0))
    DevExpress.Win.Diagram (23.1.3) - restriction: || (&& (== net6.0) (>= net452)) (&& (== net6.0) (>= net6.0-windows7.0)) (== net6.0-windows7.0) (&& (== netstandard2.0) (>= net452)) (&& (== netstandard2.0) (>= net6.0-windows7.0))
      DevExpress.Data (23.1.3) - restriction: || (&& (== net6.0) (>= net452)) (&& (== net6.0) (>= net6.0-windows7.0)) (== net6.0-windows7.0) (&& (== netstandard2.0) (>= net452)) (&& (== netstandard2.0) (>= net6.0-windows7.0))
      DevExpress.Data.Desktop (23.1.3) - restriction: || (&& (== net6.0) (>= net452)) (&& (== net6.0) (>= net6.0-windows7.0)) (== net6.0-windows7.0) (&& (== netstandard2.0) (>= net452)) (&& (== netstandard2.0) (>= net6.0-windows7.0))
      DevExpress.Diagram.Core (23.1.3) - restriction: || (&& (== net6.0) (>= net452)) (&& (== net6.0) (>= net6.0-windows7.0)) (== net6.0-windows7.0) (&& (== netstandard2.0) (>= net452)) (&& (== netstandard2.0) (>= net6.0-windows7.0))
      DevExpress.Drawing (23.1.3) - restriction: || (&& (== net6.0) (>= net452)) (&& (== net6.0) (>= net6.0-windows7.0)) (== net6.0-windows7.0) (&& (== netstandard2.0) (>= net452)) (&& (== netstandard2.0) (>= net6.0-windows7.0))
      DevExpress.Pdf.Core (23.1.3) - restriction: || (&& (== net6.0) (>= net452)) (&& (== net6.0) (>= net6.0-windows7.0)) (== net6.0-windows7.0) (&& (== netstandard2.0) (>= net452)) (&& (== netstandard2.0) (>= net6.0-windows7.0))
      DevExpress.Printing.Core (23.1.3) - restriction: || (&& (== net6.0) (>= net452)) (&& (== net6.0) (>= net6.0-windows7.0)) (== net6.0-windows7.0) (&& (== netstandard2.0) (>= net452)) (&& (== netstandard2.0) (>= net6.0-windows7.0))
      DevExpress.Utils (23.1.3) - restriction: || (&& (== net6.0) (>= net452)) (&& (== net6.0) (>= net6.0-windows7.0)) (== net6.0-windows7.0) (&& (== netstandard2.0) (>= net452)) (&& (== netstandard2.0) (>= net6.0-windows7.0))
      DevExpress.Win.Navigation (23.1.3) - restriction: || (&& (== net6.0) (>= net452)) (&& (== net6.0) (>= net6.0-windows7.0)) (== net6.0-windows7.0) (&& (== netstandard2.0) (>= net452)) (&& (== netstandard2.0) (>= net6.0-windows7.0))
      DevExpress.Win.Printing (23.1.3) - restriction: || (&& (== net6.0) (>= net452)) (&& (== net6.0) (>= net6.0-windows7.0)) (== net6.0-windows7.0) (&& (== netstandard2.0) (>= net452)) (&& (== netstandard2.0) (>= net6.0-windows7.0))
      DevExpress.Win.VerticalGrid (23.1.3) - restriction: || (&& (== net6.0) (>= net452)) (&& (== net6.0) (>= net6.0-windows7.0)) (== net6.0-windows7.0) (&& (== netstandard2.0) (>= net452)) (&& (== netstandard2.0) (>= net6.0-windows7.0))
    DevExpress.Win.Gauges (23.1.3) - restriction: || (&& (== net6.0) (>= net452)) (&& (== net6.0) (>= net6.0-windows7.0)) (== net6.0-windows7.0) (&& (== netstandard2.0) (>= net452)) (&& (== netstandard2.0) (>= net6.0-windows7.0))
      DevExpress.Data (23.1.3) - restriction: || (&& (== net6.0) (>= net452)) (&& (== net6.0) (>= net6.0-windows7.0)) (== net6.0-windows7.0) (&& (== netstandard2.0) (>= net452)) (&& (== netstandard2.0) (>= net6.0-windows7.0))
      DevExpress.Data.Desktop (23.1.3) - restriction: || (&& (== net6.0) (>= net452)) (&& (== net6.0) (>= net6.0-windows7.0)) (== net6.0-windows7.0) (&& (== netstandard2.0) (>= net452)) (&& (== netstandard2.0) (>= net6.0-windows7.0))
      DevExpress.Drawing (23.1.3) - restriction: || (&& (== net6.0) (>= net452)) (&& (== net6.0) (>= net6.0-windows7.0)) (== net6.0-windows7.0) (&& (== netstandard2.0) (>= net452)) (&& (== netstandard2.0) (>= net6.0-windows7.0))
      DevExpress.Gauges.Core (23.1.3) - restriction: || (&& (== net6.0) (>= net452)) (&& (== net6.0) (>= net6.0-windows7.0)) (== net6.0-windows7.0) (&& (== netstandard2.0) (>= net452)) (&& (== netstandard2.0) (>= net6.0-windows7.0))
      DevExpress.Printing.Core (23.1.3) - restriction: || (&& (== net6.0) (>= net452)) (&& (== net6.0) (>= net6.0-windows7.0)) (== net6.0-windows7.0) (&& (== netstandard2.0) (>= net452)) (&& (== netstandard2.0) (>= net6.0-windows7.0))
      DevExpress.Utils (23.1.3) - restriction: || (&& (== net6.0) (>= net452)) (&& (== net6.0) (>= net6.0-windows7.0)) (== net6.0-windows7.0) (&& (== netstandard2.0) (>= net452)) (&& (== netstandard2.0) (>= net6.0-windows7.0))
      DevExpress.Win.Navigation (23.1.3) - restriction: || (&& (== net6.0) (>= net452)) (&& (== net6.0) (>= net6.0-windows7.0)) (== net6.0-windows7.0) (&& (== netstandard2.0) (>= net452)) (&& (== netstandard2.0) (>= net6.0-windows7.0))
      DevExpress.Win.Printing (23.1.3) - restriction: || (&& (== net6.0) (>= net452)) (&& (== net6.0) (>= net6.0-windows7.0)) (== net6.0-windows7.0) (&& (== netstandard2.0) (>= net452)) (&& (== netstandard2.0) (>= net6.0-windows7.0))
    DevExpress.Win.Grid (23.1.3) - restriction: || (&& (== net6.0) (>= net452)) (&& (== net6.0) (>= net6.0-windows7.0)) (== net6.0-windows7.0) (&& (== netstandard2.0) (>= net452)) (&& (== netstandard2.0) (>= net6.0-windows7.0))
      DevExpress.Data (23.1.3) - restriction: || (&& (== net6.0) (>= net452)) (&& (== net6.0) (>= net6.0-windows7.0)) (== net6.0-windows7.0) (&& (== netstandard2.0) (>= net452)) (&& (== netstandard2.0) (>= net6.0-windows7.0))
      DevExpress.Data.Desktop (23.1.3) - restriction: || (&& (== net6.0) (>= net452)) (&& (== net6.0) (>= net6.0-windows7.0)) (== net6.0-windows7.0) (&& (== netstandard2.0) (>= net452)) (&& (== netstandard2.0) (>= net6.0-windows7.0))
      DevExpress.Drawing (23.1.3) - restriction: || (&& (== net6.0) (>= net452)) (&& (== net6.0) (>= net6.0-windows7.0)) (== net6.0-windows7.0) (&& (== netstandard2.0) (>= net452)) (&& (== netstandard2.0) (>= net6.0-windows7.0))
      DevExpress.Printing.Core (23.1.3) - restriction: || (&& (== net6.0) (>= net452)) (&& (== net6.0) (>= net6.0-windows7.0)) (== net6.0-windows7.0) (&& (== netstandard2.0) (>= net452)) (&& (== netstandard2.0) (>= net6.0-windows7.0))
      DevExpress.Utils (23.1.3) - restriction: || (&& (== net6.0) (>= net452)) (&& (== net6.0) (>= net6.0-windows7.0)) (== net6.0-windows7.0) (&& (== netstandard2.0) (>= net452)) (&& (== netstandard2.0) (>= net6.0-windows7.0))
      DevExpress.Win.Navigation (23.1.3) - restriction: || (&& (== net6.0) (>= net452)) (&& (== net6.0) (>= net6.0-windows7.0)) (== net6.0-windows7.0) (&& (== netstandard2.0) (>= net452)) (&& (== netstandard2.0) (>= net6.0-windows7.0))
      DevExpress.Win.Printing (23.1.3) - restriction: || (&& (== net6.0) (>= net452)) (&& (== net6.0) (>= net6.0-windows7.0)) (== net6.0-windows7.0) (&& (== netstandard2.0) (>= net452)) (&& (== netstandard2.0) (>= net6.0-windows7.0))
    DevExpress.Win.Map (23.1.3) - restriction: || (&& (== net6.0) (>= net452)) (&& (== net6.0) (>= net6.0-windows7.0)) (== net6.0-windows7.0) (&& (== netstandard2.0) (>= net452)) (&& (== netstandard2.0) (>= net6.0-windows7.0))
      DevExpress.Data (23.1.3) - restriction: || (&& (== net6.0) (>= net452)) (&& (== net6.0) (>= net6.0-windows7.0)) (== net6.0-windows7.0) (&& (== netstandard2.0) (>= net452)) (&& (== netstandard2.0) (>= net6.0-windows7.0))
      DevExpress.Data.Desktop (23.1.3) - restriction: || (&& (== net6.0) (>= net452)) (&& (== net6.0) (>= net6.0-windows7.0)) (== net6.0-windows7.0) (&& (== netstandard2.0) (>= net452)) (&& (== netstandard2.0) (>= net6.0-windows7.0))
      DevExpress.Drawing (23.1.3) - restriction: || (&& (== net6.0) (>= net452)) (&& (== net6.0) (>= net6.0-windows7.0)) (== net6.0-windows7.0) (&& (== netstandard2.0) (>= net452)) (&& (== netstandard2.0) (>= net6.0-windows7.0))
      DevExpress.Map.Core (23.1.3) - restriction: || (&& (== net6.0) (>= net452)) (&& (== net6.0) (>= net6.0-windows7.0)) (== net6.0-windows7.0) (&& (== netstandard2.0) (>= net452)) (&& (== netstandard2.0) (>= net6.0-windows7.0))
      DevExpress.Printing.Core (23.1.3) - restriction: || (&& (== net6.0) (>= net452)) (&& (== net6.0) (>= net6.0-windows7.0)) (== net6.0-windows7.0) (&& (== netstandard2.0) (>= net452)) (&& (== netstandard2.0) (>= net6.0-windows7.0))
      DevExpress.Utils (23.1.3) - restriction: || (&& (== net6.0) (>= net452)) (&& (== net6.0) (>= net6.0-windows7.0)) (== net6.0-windows7.0) (&& (== netstandard2.0) (>= net452)) (&& (== netstandard2.0) (>= net6.0-windows7.0))
      DevExpress.Win.Navigation (23.1.3) - restriction: || (&& (== net6.0) (>= net452)) (&& (== net6.0) (>= net6.0-windows7.0)) (== net6.0-windows7.0) (&& (== netstandard2.0) (>= net452)) (&& (== netstandard2.0) (>= net6.0-windows7.0))
      DevExpress.Win.Printing (23.1.3) - restriction: || (&& (== net6.0) (>= net452)) (&& (== net6.0) (>= net6.0-windows7.0)) (== net6.0-windows7.0) (&& (== netstandard2.0) (>= net452)) (&& (== netstandard2.0) (>= net6.0-windows7.0))
      System.Data.SqlClient (>= 4.8.5) - restriction: || (&& (== net6.0) (>= net6.0-windows7.0)) (== net6.0-windows7.0) (&& (== netstandard2.0) (>= net6.0-windows7.0))
    DevExpress.Win.Navigation (23.1.3) - restriction: || (&& (== net6.0) (>= net452)) (&& (== net6.0) (>= net6.0-windows7.0)) (== net6.0-windows7.0) (&& (== netstandard2.0) (>= net452)) (&& (== netstandard2.0) (>= net6.0-windows7.0))
      DevExpress.Data (23.1.3) - restriction: || (&& (== net6.0) (>= net452)) (&& (== net6.0) (>= net6.0-windows7.0)) (== net6.0-windows7.0) (&& (== netstandard2.0) (>= net452)) (&& (== netstandard2.0) (>= net6.0-windows7.0))
      DevExpress.Data.Desktop (23.1.3) - restriction: || (&& (== net6.0) (>= net452)) (&& (== net6.0) (>= net6.0-windows7.0)) (== net6.0-windows7.0) (&& (== netstandard2.0) (>= net452)) (&& (== netstandard2.0) (>= net6.0-windows7.0))
      DevExpress.Drawing (23.1.3) - restriction: || (&& (== net6.0) (>= net452)) (&& (== net6.0) (>= net6.0-windows7.0)) (== net6.0-windows7.0) (&& (== netstandard2.0) (>= net452)) (&& (== netstandard2.0) (>= net6.0-windows7.0))
      DevExpress.Printing.Core (23.1.3) - restriction: || (&& (== net6.0) (>= net452)) (&& (== net6.0) (>= net6.0-windows7.0)) (== net6.0-windows7.0) (&& (== netstandard2.0) (>= net452)) (&& (== netstandard2.0) (>= net6.0-windows7.0))
      DevExpress.Sparkline.Core (23.1.3) - restriction: || (&& (== net6.0) (>= net452)) (&& (== net6.0) (>= net6.0-windows7.0)) (== net6.0-windows7.0) (&& (== netstandard2.0) (>= net452)) (&& (== netstandard2.0) (>= net6.0-windows7.0))
      DevExpress.Utils (23.1.3) - restriction: || (&& (== net6.0) (>= net452)) (&& (== net6.0) (>= net6.0-windows7.0)) (== net6.0-windows7.0) (&& (== netstandard2.0) (>= net452)) (&& (== netstandard2.0) (>= net6.0-windows7.0))
    DevExpress.Win.PivotGrid (23.1.3) - restriction: || (&& (== net6.0) (>= net452)) (&& (== net6.0) (>= net6.0-windows7.0)) (== net6.0-windows7.0) (&& (== netstandard2.0) (>= net452)) (&& (== netstandard2.0) (>= net6.0-windows7.0))
      DevExpress.Data (23.1.3) - restriction: || (&& (== net6.0) (>= net452)) (&& (== net6.0) (>= net6.0-windows7.0)) (== net6.0-windows7.0) (&& (== netstandard2.0) (>= net452)) (&& (== netstandard2.0) (>= net6.0-windows7.0))
      DevExpress.Drawing (23.1.3) - restriction: || (&& (== net6.0) (>= net452)) (&& (== net6.0) (>= net6.0-windows7.0)) (== net6.0-windows7.0) (&& (== netstandard2.0) (>= net452)) (&& (== netstandard2.0) (>= net6.0-windows7.0))
      DevExpress.PivotGrid.Core (23.1.3) - restriction: || (&& (== net6.0) (>= net452)) (&& (== net6.0) (>= net6.0-windows7.0)) (== net6.0-windows7.0) (&& (== netstandard2.0) (>= net452)) (&& (== netstandard2.0) (>= net6.0-windows7.0))
      DevExpress.Printing.Core (23.1.3) - restriction: || (&& (== net6.0) (>= net452)) (&& (== net6.0) (>= net6.0-windows7.0)) (== net6.0-windows7.0) (&& (== netstandard2.0) (>= net452)) (&& (== netstandard2.0) (>= net6.0-windows7.0))
      DevExpress.Utils (23.1.3) - restriction: || (&& (== net6.0) (>= net452)) (&& (== net6.0) (>= net6.0-windows7.0)) (== net6.0-windows7.0) (&& (== netstandard2.0) (>= net452)) (&& (== netstandard2.0) (>= net6.0-windows7.0))
      DevExpress.Win.Navigation (23.1.3) - restriction: || (&& (== net6.0) (>= net452)) (&& (== net6.0) (>= net6.0-windows7.0)) (== net6.0-windows7.0) (&& (== netstandard2.0) (>= net452)) (&& (== netstandard2.0) (>= net6.0-windows7.0))
    DevExpress.Win.Printing (23.1.3) - restriction: || (&& (== net6.0) (>= net452)) (&& (== net6.0) (>= net6.0-windows7.0)) (== net6.0-windows7.0) (&& (== netstandard2.0) (>= net452)) (&& (== netstandard2.0) (>= net6.0-windows7.0))
      DevExpress.Data (23.1.3) - restriction: || (&& (== net6.0) (>= net452)) (&& (== net6.0) (>= net6.0-windows7.0)) (== net6.0-windows7.0) (&& (== netstandard2.0) (>= net452)) (&& (== netstandard2.0) (>= net6.0-windows7.0))
      DevExpress.Data.Desktop (23.1.3) - restriction: || (&& (== net6.0) (>= net452)) (&& (== net6.0) (>= net6.0-windows7.0)) (== net6.0-windows7.0) (&& (== netstandard2.0) (>= net452)) (&& (== netstandard2.0) (>= net6.0-windows7.0))
      DevExpress.Drawing (23.1.3) - restriction: || (&& (== net6.0) (>= net452)) (&& (== net6.0) (>= net6.0-windows7.0)) (== net6.0-windows7.0) (&& (== netstandard2.0) (>= net452)) (&& (== netstandard2.0) (>= net6.0-windows7.0))
      DevExpress.Printing.Core (23.1.3) - restriction: || (&& (== net6.0) (>= net452)) (&& (== net6.0) (>= net6.0-windows7.0)) (== net6.0-windows7.0) (&& (== netstandard2.0) (>= net452)) (&& (== netstandard2.0) (>= net6.0-windows7.0))
      DevExpress.RichEdit.Core (23.1.3) - restriction: || (&& (== net6.0) (>= net452)) (&& (== net6.0) (>= net6.0-windows7.0)) (== net6.0-windows7.0) (&& (== netstandard2.0) (>= net452)) (&& (== netstandard2.0) (>= net6.0-windows7.0))
      DevExpress.Utils (23.1.3) - restriction: || (&& (== net6.0) (>= net452)) (&& (== net6.0) (>= net6.0-windows7.0)) (== net6.0-windows7.0) (&& (== netstandard2.0) (>= net452)) (&& (== netstandard2.0) (>= net6.0-windows7.0))
      DevExpress.Win.Navigation (23.1.3) - restriction: || (&& (== net6.0) (>= net452)) (&& (== net6.0) (>= net6.0-windows7.0)) (== net6.0-windows7.0) (&& (== netstandard2.0) (>= net452)) (&& (== netstandard2.0) (>= net6.0-windows7.0))
      DevExpress.Win.TreeList (23.1.3) - restriction: || (&& (== net6.0) (>= net452)) (&& (== net6.0) (>= net6.0-windows7.0)) (== net6.0-windows7.0) (&& (== netstandard2.0) (>= net452)) (&& (== netstandard2.0) (>= net6.0-windows7.0))
    DevExpress.Win.Reporting (23.1.3) - restriction: || (&& (== net6.0) (>= net452)) (&& (== net6.0) (>= net6.0-windows7.0)) (== net6.0-windows7.0) (&& (== netstandard2.0) (>= net452)) (&& (== netstandard2.0) (>= net6.0-windows7.0))
      DevExpress.Charts (23.1.3) - restriction: || (&& (== net6.0) (>= net452)) (&& (== net6.0) (>= net6.0-windows7.0)) (== net6.0-windows7.0) (&& (== netstandard2.0) (>= net452)) (&& (== netstandard2.0) (>= net6.0-windows7.0))
      DevExpress.Charts.Core (23.1.3) - restriction: || (&& (== net6.0) (>= net452)) (&& (== net6.0) (>= net6.0-windows7.0)) (== net6.0-windows7.0) (&& (== netstandard2.0) (>= net452)) (&& (== netstandard2.0) (>= net6.0-windows7.0))
      DevExpress.CodeParser (23.1.3) - restriction: || (&& (== net6.0) (>= net452)) (&& (== net6.0) (>= net6.0-windows7.0)) (== net6.0-windows7.0) (&& (== netstandard2.0) (>= net452)) (&& (== netstandard2.0) (>= net6.0-windows7.0))
      DevExpress.Data (23.1.3) - restriction: || (&& (== net6.0) (>= net452)) (&& (== net6.0) (>= net6.0-windows7.0)) (== net6.0-windows7.0) (&& (== netstandard2.0) (>= net452)) (&& (== netstandard2.0) (>= net6.0-windows7.0))
      DevExpress.Data.Desktop (23.1.3) - restriction: || (&& (== net6.0) (>= net452)) (&& (== net6.0) (>= net6.0-windows7.0)) (== net6.0-windows7.0) (&& (== netstandard2.0) (>= net452)) (&& (== netstandard2.0) (>= net6.0-windows7.0))
      DevExpress.DataAccess (23.1.3) - restriction: || (&& (== net6.0) (>= net452)) (&& (== net6.0) (>= net6.0-windows7.0)) (== net6.0-windows7.0) (&& (== netstandard2.0) (>= net452)) (&& (== netstandard2.0) (>= net6.0-windows7.0))
      DevExpress.DataAccess.UI (23.1.3) - restriction: || (&& (== net6.0) (>= net452)) (&& (== net6.0) (>= net6.0-windows7.0)) (== net6.0-windows7.0) (&& (== netstandard2.0) (>= net452)) (&& (== netstandard2.0) (>= net6.0-windows7.0))
      DevExpress.Drawing (23.1.3) - restriction: || (&& (== net6.0) (>= net452)) (&& (== net6.0) (>= net6.0-windows7.0)) (== net6.0-windows7.0) (&& (== netstandard2.0) (>= net452)) (&& (== netstandard2.0) (>= net6.0-windows7.0))
      DevExpress.Gauges.Core (23.1.3) - restriction: || (&& (== net6.0) (>= net452)) (&& (== net6.0) (>= net6.0-windows7.0)) (== net6.0-windows7.0) (&& (== netstandard2.0) (>= net452)) (&& (== netstandard2.0) (>= net6.0-windows7.0))
      DevExpress.Office.Core (23.1.3) - restriction: || (&& (== net6.0) (>= net452)) (&& (== net6.0) (>= net6.0-windows7.0)) (== net6.0-windows7.0) (&& (== netstandard2.0) (>= net452)) (&& (== netstandard2.0) (>= net6.0-windows7.0))
      DevExpress.PivotGrid.Core (23.1.3) - restriction: || (&& (== net6.0) (>= net452)) (&& (== net6.0) (>= net6.0-windows7.0)) (== net6.0-windows7.0) (&& (== netstandard2.0) (>= net452)) (&& (== netstandard2.0) (>= net6.0-windows7.0))
      DevExpress.Printing.Core (23.1.3) - restriction: || (&& (== net6.0) (>= net452)) (&& (== net6.0) (>= net6.0-windows7.0)) (== net6.0-windows7.0) (&& (== netstandard2.0) (>= net452)) (&& (== netstandard2.0) (>= net6.0-windows7.0))
      DevExpress.Reporting.Core (23.1.3) - restriction: || (&& (== net6.0) (>= net452)) (&& (== net6.0) (>= net6.0-windows7.0)) (== net6.0-windows7.0) (&& (== netstandard2.0) (>= net452)) (&& (== netstandard2.0) (>= net6.0-windows7.0))
      DevExpress.RichEdit.Core (23.1.3) - restriction: || (&& (== net6.0) (>= net452)) (&& (== net6.0) (>= net6.0-windows7.0)) (== net6.0-windows7.0) (&& (== netstandard2.0) (>= net452)) (&& (== netstandard2.0) (>= net6.0-windows7.0))
      DevExpress.Sparkline.Core (23.1.3) - restriction: || (&& (== net6.0) (>= net452)) (&& (== net6.0) (>= net6.0-windows7.0)) (== net6.0-windows7.0) (&& (== netstandard2.0) (>= net452)) (&& (== netstandard2.0) (>= net6.0-windows7.0))
      DevExpress.Utils (23.1.3) - restriction: || (&& (== net6.0) (>= net452)) (&& (== net6.0) (>= net6.0-windows7.0)) (== net6.0-windows7.0) (&& (== netstandard2.0) (>= net452)) (&& (== netstandard2.0) (>= net6.0-windows7.0))
      DevExpress.Utils.UI (23.1.3) - restriction: || (&& (== net6.0) (>= net452)) (&& (== net6.0) (>= net6.0-windows7.0)) (== net6.0-windows7.0) (&& (== netstandard2.0) (>= net452)) (&& (== netstandard2.0) (>= net6.0-windows7.0))
      DevExpress.Win (23.1.3) - restriction: || (&& (== net6.0) (>= net452)) (&& (== net6.0) (>= net6.0-windows7.0)) (== net6.0-windows7.0) (&& (== netstandard2.0) (>= net452)) (&& (== netstandard2.0) (>= net6.0-windows7.0))
      DevExpress.Win.Charts (23.1.3) - restriction: || (&& (== net6.0) (>= net452)) (&& (== net6.0) (>= net6.0-windows7.0)) (== net6.0-windows7.0) (&& (== netstandard2.0) (>= net452)) (&& (== netstandard2.0) (>= net6.0-windows7.0))
      DevExpress.Win.Grid (23.1.3) - restriction: || (&& (== net6.0) (>= net452)) (&& (== net6.0) (>= net6.0-windows7.0)) (== net6.0-windows7.0) (&& (== netstandard2.0) (>= net452)) (&& (== netstandard2.0) (>= net6.0-windows7.0))
      DevExpress.Win.Navigation (23.1.3) - restriction: || (&& (== net6.0) (>= net452)) (&& (== net6.0) (>= net6.0-windows7.0)) (== net6.0-windows7.0) (&& (== netstandard2.0) (>= net452)) (&& (== netstandard2.0) (>= net6.0-windows7.0))
      DevExpress.Win.PivotGrid (23.1.3) - restriction: || (&& (== net6.0) (>= net452)) (&& (== net6.0) (>= net6.0-windows7.0)) (== net6.0-windows7.0) (&& (== netstandard2.0) (>= net452)) (&& (== netstandard2.0) (>= net6.0-windows7.0))
      DevExpress.Win.Printing (23.1.3) - restriction: || (&& (== net6.0) (>= net452)) (&& (== net6.0) (>= net6.0-windows7.0)) (== net6.0-windows7.0) (&& (== netstandard2.0) (>= net452)) (&& (== netstandard2.0) (>= net6.0-windows7.0))
      DevExpress.Win.RichEdit (23.1.3) - restriction: || (&& (== net6.0) (>= net452)) (&& (== net6.0) (>= net6.0-windows7.0)) (== net6.0-windows7.0) (&& (== netstandard2.0) (>= net452)) (&& (== netstandard2.0) (>= net6.0-windows7.0))
      DevExpress.Win.TreeList (23.1.3) - restriction: || (&& (== net6.0) (>= net452)) (&& (== net6.0) (>= net6.0-windows7.0)) (== net6.0-windows7.0) (&& (== netstandard2.0) (>= net452)) (&& (== netstandard2.0) (>= net6.0-windows7.0))
      DevExpress.Win.VerticalGrid (23.1.3) - restriction: || (&& (== net6.0) (>= net452)) (&& (== net6.0) (>= net6.0-windows7.0)) (== net6.0-windows7.0) (&& (== netstandard2.0) (>= net452)) (&& (== netstandard2.0) (>= net6.0-windows7.0))
    DevExpress.Win.RichEdit (23.1.3) - restriction: || (&& (== net6.0) (>= net452)) (&& (== net6.0) (>= net6.0-windows7.0)) (== net6.0-windows7.0) (&& (== netstandard2.0) (>= net452)) (&& (== netstandard2.0) (>= net6.0-windows7.0))
      DevExpress.Data (23.1.3) - restriction: || (&& (== net6.0) (>= net452)) (&& (== net6.0) (>= net6.0-windows7.0)) (== net6.0-windows7.0) (&& (== netstandard2.0) (>= net452)) (&& (== netstandard2.0) (>= net6.0-windows7.0))
      DevExpress.Data.Desktop (23.1.3) - restriction: || (&& (== net6.0) (>= net452)) (&& (== net6.0) (>= net6.0-windows7.0)) (== net6.0-windows7.0) (&& (== netstandard2.0) (>= net452)) (&& (== netstandard2.0) (>= net6.0-windows7.0))
      DevExpress.Drawing (23.1.3) - restriction: || (&& (== net6.0) (>= net452)) (&& (== net6.0) (>= net6.0-windows7.0)) (== net6.0-windows7.0) (&& (== netstandard2.0) (>= net452)) (&& (== netstandard2.0) (>= net6.0-windows7.0))
      DevExpress.Images (23.1.3) - restriction: || (&& (== net6.0) (>= net452)) (&& (== net6.0) (>= net6.0-windows7.0)) (== net6.0-windows7.0) (&& (== netstandard2.0) (>= net452)) (&& (== netstandard2.0) (>= net6.0-windows7.0))
      DevExpress.Office.Core (23.1.3) - restriction: || (&& (== net6.0) (>= net452)) (&& (== net6.0) (>= net6.0-windows7.0)) (== net6.0-windows7.0) (&& (== netstandard2.0) (>= net452)) (&& (== netstandard2.0) (>= net6.0-windows7.0))
      DevExpress.Pdf.Core (23.1.3) - restriction: || (&& (== net6.0) (>= net452)) (&& (== net6.0) (>= net6.0-windows7.0)) (== net6.0-windows7.0) (&& (== netstandard2.0) (>= net452)) (&& (== netstandard2.0) (>= net6.0-windows7.0))
      DevExpress.Printing.Core (23.1.3) - restriction: || (&& (== net6.0) (>= net452)) (&& (== net6.0) (>= net6.0-windows7.0)) (== net6.0-windows7.0) (&& (== netstandard2.0) (>= net452)) (&& (== netstandard2.0) (>= net6.0-windows7.0))
      DevExpress.RichEdit.Core (23.1.3) - restriction: || (&& (== net6.0) (>= net452)) (&& (== net6.0) (>= net6.0-windows7.0)) (== net6.0-windows7.0) (&& (== netstandard2.0) (>= net452)) (&& (== netstandard2.0) (>= net6.0-windows7.0))
      DevExpress.Utils (23.1.3) - restriction: || (&& (== net6.0) (>= net452)) (&& (== net6.0) (>= net6.0-windows7.0)) (== net6.0-windows7.0) (&& (== netstandard2.0) (>= net452)) (&& (== netstandard2.0) (>= net6.0-windows7.0))
      DevExpress.Win.Grid (23.1.3) - restriction: || (&& (== net6.0) (>= net452)) (&& (== net6.0) (>= net6.0-windows7.0)) (== net6.0-windows7.0) (&& (== netstandard2.0) (>= net452)) (&& (== netstandard2.0) (>= net6.0-windows7.0))
      DevExpress.Win.Navigation (23.1.3) - restriction: || (&& (== net6.0) (>= net452)) (&& (== net6.0) (>= net6.0-windows7.0)) (== net6.0-windows7.0) (&& (== netstandard2.0) (>= net452)) (&& (== netstandard2.0) (>= net6.0-windows7.0))
      DevExpress.Win.Printing (23.1.3) - restriction: || (&& (== net6.0) (>= net452)) (&& (== net6.0) (>= net6.0-windows7.0)) (== net6.0-windows7.0) (&& (== netstandard2.0) (>= net452)) (&& (== netstandard2.0) (>= net6.0-windows7.0))
    DevExpress.Win.Scheduler (23.1.3) - restriction: || (&& (== net6.0) (>= net452)) (&& (== net6.0) (>= net6.0-windows7.0)) (== net6.0-windows7.0) (&& (== netstandard2.0) (>= net452)) (&& (== netstandard2.0) (>= net6.0-windows7.0))
      DevExpress.Data (23.1.3) - restriction: || (&& (== net6.0) (>= net452)) (&& (== net6.0) (>= net6.0-windows7.0)) (== net6.0-windows7.0) (&& (== netstandard2.0) (>= net452)) (&& (== netstandard2.0) (>= net6.0-windows7.0))
      DevExpress.Data.Desktop (23.1.3) - restriction: || (&& (== net6.0) (>= net452)) (&& (== net6.0) (>= net6.0-windows7.0)) (== net6.0-windows7.0) (&& (== netstandard2.0) (>= net452)) (&& (== netstandard2.0) (>= net6.0-windows7.0))
      DevExpress.Drawing (23.1.3) - restriction: || (&& (== net6.0) (>= net452)) (&& (== net6.0) (>= net6.0-windows7.0)) (== net6.0-windows7.0) (&& (== netstandard2.0) (>= net452)) (&& (== netstandard2.0) (>= net6.0-windows7.0))
      DevExpress.Printing.Core (23.1.3) - restriction: || (&& (== net6.0) (>= net452)) (&& (== net6.0) (>= net6.0-windows7.0)) (== net6.0-windows7.0) (&& (== netstandard2.0) (>= net452)) (&& (== netstandard2.0) (>= net6.0-windows7.0))
      DevExpress.Scheduler.Core (23.1.3) - restriction: || (&& (== net6.0) (>= net452)) (&& (== net6.0) (>= net6.0-windows7.0)) (== net6.0-windows7.0) (&& (== netstandard2.0) (>= net452)) (&& (== netstandard2.0) (>= net6.0-windows7.0))
      DevExpress.Scheduler.CoreDesktop (23.1.3) - restriction: || (&& (== net6.0) (>= net452)) (&& (== net6.0) (>= net6.0-windows7.0)) (== net6.0-windows7.0) (&& (== netstandard2.0) (>= net452)) (&& (== netstandard2.0) (>= net6.0-windows7.0))
      DevExpress.Utils (23.1.3) - restriction: || (&& (== net6.0) (>= net452)) (&& (== net6.0) (>= net6.0-windows7.0)) (== net6.0-windows7.0) (&& (== netstandard2.0) (>= net452)) (&& (== netstandard2.0) (>= net6.0-windows7.0))
      DevExpress.Win.Grid (23.1.3) - restriction: || (&& (== net6.0) (>= net452)) (&& (== net6.0) (>= net6.0-windows7.0)) (== net6.0-windows7.0) (&& (== netstandard2.0) (>= net452)) (&& (== netstandard2.0) (>= net6.0-windows7.0))
      DevExpress.Win.Navigation (23.1.3) - restriction: || (&& (== net6.0) (>= net452)) (&& (== net6.0) (>= net6.0-windows7.0)) (== net6.0-windows7.0) (&& (== netstandard2.0) (>= net452)) (&& (== netstandard2.0) (>= net6.0-windows7.0))
      DevExpress.Win.Printing (23.1.3) - restriction: || (&& (== net6.0) (>= net452)) (&& (== net6.0) (>= net6.0-windows7.0)) (== net6.0-windows7.0) (&& (== netstandard2.0) (>= net452)) (&& (== netstandard2.0) (>= net6.0-windows7.0))
    DevExpress.Win.SpellChecker (23.1.3) - restriction: || (&& (== net6.0) (>= net6.0-windows7.0)) (== net6.0-windows7.0) (&& (== netstandard2.0) (>= net6.0-windows7.0))
      DevExpress.Data (23.1.3) - restriction: || (&& (== net6.0) (>= net452)) (&& (== net6.0) (>= net6.0-windows7.0)) (== net6.0-windows7.0) (&& (== netstandard2.0) (>= net452)) (&& (== netstandard2.0) (>= net6.0-windows7.0))
      DevExpress.SpellChecker.Core (23.1.3) - restriction: || (&& (== net6.0) (>= net452)) (&& (== net6.0) (>= net6.0-windows7.0)) (== net6.0-windows7.0) (&& (== netstandard2.0) (>= net452)) (&& (== netstandard2.0) (>= net6.0-windows7.0))
      DevExpress.Utils (23.1.3) - restriction: || (&& (== net6.0) (>= net452)) (&& (== net6.0) (>= net6.0-windows7.0)) (== net6.0-windows7.0) (&& (== netstandard2.0) (>= net452)) (&& (== netstandard2.0) (>= net6.0-windows7.0))
      DevExpress.Win.Navigation (23.1.3) - restriction: || (&& (== net6.0) (>= net452)) (&& (== net6.0) (>= net6.0-windows7.0)) (== net6.0-windows7.0) (&& (== netstandard2.0) (>= net452)) (&& (== netstandard2.0) (>= net6.0-windows7.0))
    DevExpress.Win.Spreadsheet (23.1.3) - restriction: || (&& (== net6.0) (>= net452)) (&& (== net6.0) (>= net6.0-windows7.0)) (== net6.0-windows7.0) (&& (== netstandard2.0) (>= net452)) (&& (== netstandard2.0) (>= net6.0-windows7.0))
      DevExpress.Charts (23.1.3) - restriction: || (&& (== net6.0) (>= net452)) (&& (== net6.0) (>= net6.0-windows7.0)) (== net6.0-windows7.0) (&& (== netstandard2.0) (>= net452)) (&& (== netstandard2.0) (>= net6.0-windows7.0))
      DevExpress.Data (23.1.3) - restriction: || (&& (== net6.0) (>= net452)) (&& (== net6.0) (>= net6.0-windows7.0)) (== net6.0-windows7.0) (&& (== netstandard2.0) (>= net452)) (&& (== netstandard2.0) (>= net6.0-windows7.0))
      DevExpress.Data.Desktop (23.1.3) - restriction: || (&& (== net6.0) (>= net452)) (&& (== net6.0) (>= net6.0-windows7.0)) (== net6.0-windows7.0) (&& (== netstandard2.0) (>= net452)) (&& (== netstandard2.0) (>= net6.0-windows7.0))
      DevExpress.DataAccess (23.1.3) - restriction: || (&& (== net6.0) (>= net452)) (&& (== net6.0) (>= net6.0-windows7.0)) (== net6.0-windows7.0) (&& (== netstandard2.0) (>= net452)) (&& (== netstandard2.0) (>= net6.0-windows7.0))
      DevExpress.DataAccess.UI (23.1.3) - restriction: || (&& (== net6.0) (>= net452)) (&& (== net6.0) (>= net6.0-windows7.0)) (== net6.0-windows7.0) (&& (== netstandard2.0) (>= net452)) (&& (== netstandard2.0) (>= net6.0-windows7.0))
      DevExpress.DataVisualization.Core (23.1.3) - restriction: || (&& (== net6.0) (>= net452)) (&& (== net6.0) (>= net6.0-windows7.0)) (== net6.0-windows7.0) (&& (== netstandard2.0) (>= net452)) (&& (== netstandard2.0) (>= net6.0-windows7.0))
      DevExpress.Drawing (23.1.3) - restriction: || (&& (== net6.0) (>= net452)) (&& (== net6.0) (>= net6.0-windows7.0)) (== net6.0-windows7.0) (&& (== netstandard2.0) (>= net452)) (&& (== netstandard2.0) (>= net6.0-windows7.0))
      DevExpress.Office.Core (23.1.3) - restriction: || (&& (== net6.0) (>= net452)) (&& (== net6.0) (>= net6.0-windows7.0)) (== net6.0-windows7.0) (&& (== netstandard2.0) (>= net452)) (&& (== netstandard2.0) (>= net6.0-windows7.0))
      DevExpress.Printing.Core (23.1.3) - restriction: || (&& (== net6.0) (>= net452)) (&& (== net6.0) (>= net6.0-windows7.0)) (== net6.0-windows7.0) (&& (== netstandard2.0) (>= net452)) (&& (== netstandard2.0) (>= net6.0-windows7.0))
      DevExpress.RichEdit.Core (23.1.3) - restriction: || (&& (== net6.0) (>= net452)) (&& (== net6.0) (>= net6.0-windows7.0)) (== net6.0-windows7.0) (&& (== netstandard2.0) (>= net452)) (&& (== netstandard2.0) (>= net6.0-windows7.0))
      DevExpress.Spreadsheet.Core (23.1.3) - restriction: || (&& (== net6.0) (>= net452)) (&& (== net6.0) (>= net6.0-windows7.0)) (== net6.0-windows7.0) (&& (== netstandard2.0) (>= net452)) (&& (== netstandard2.0) (>= net6.0-windows7.0))
      DevExpress.TreeMap (23.1.3) - restriction: || (&& (== net6.0) (>= net452)) (&& (== net6.0) (>= net6.0-windows7.0)) (== net6.0-windows7.0) (&& (== netstandard2.0) (>= net452)) (&& (== netstandard2.0) (>= net6.0-windows7.0))
      DevExpress.Utils (23.1.3) - restriction: || (&& (== net6.0) (>= net452)) (&& (== net6.0) (>= net6.0-windows7.0)) (== net6.0-windows7.0) (&& (== netstandard2.0) (>= net452)) (&& (== netstandard2.0) (>= net6.0-windows7.0))
      DevExpress.Utils.UI (23.1.3) - restriction: || (&& (== net6.0) (>= net452)) (&& (== net6.0) (>= net6.0-windows7.0)) (== net6.0-windows7.0) (&& (== netstandard2.0) (>= net452)) (&& (== netstandard2.0) (>= net6.0-windows7.0))
      DevExpress.Win (23.1.3) - restriction: || (&& (== net6.0) (>= net452)) (&& (== net6.0) (>= net6.0-windows7.0)) (== net6.0-windows7.0) (&& (== netstandard2.0) (>= net452)) (&& (== netstandard2.0) (>= net6.0-windows7.0))
      DevExpress.Win.Grid (23.1.3) - restriction: || (&& (== net6.0) (>= net452)) (&& (== net6.0) (>= net6.0-windows7.0)) (== net6.0-windows7.0) (&& (== netstandard2.0) (>= net452)) (&& (== netstandard2.0) (>= net6.0-windows7.0))
      DevExpress.Win.Navigation (23.1.3) - restriction: || (&& (== net6.0) (>= net452)) (&& (== net6.0) (>= net6.0-windows7.0)) (== net6.0-windows7.0) (&& (== netstandard2.0) (>= net452)) (&& (== netstandard2.0) (>= net6.0-windows7.0))
      DevExpress.Win.Printing (23.1.3) - restriction: || (&& (== net6.0) (>= net452)) (&& (== net6.0) (>= net6.0-windows7.0)) (== net6.0-windows7.0) (&& (== netstandard2.0) (>= net452)) (&& (== netstandard2.0) (>= net6.0-windows7.0))
      DevExpress.Win.RichEdit (23.1.3) - restriction: || (&& (== net6.0) (>= net452)) (&& (== net6.0) (>= net6.0-windows7.0)) (== net6.0-windows7.0) (&& (== netstandard2.0) (>= net452)) (&& (== netstandard2.0) (>= net6.0-windows7.0))
      DevExpress.Win.TreeList (23.1.3) - restriction: || (&& (== net6.0) (>= net452)) (&& (== net6.0) (>= net6.0-windows7.0)) (== net6.0-windows7.0) (&& (== netstandard2.0) (>= net452)) (&& (== netstandard2.0) (>= net6.0-windows7.0))
    DevExpress.Win.TreeList (23.1.3) - restriction: || (&& (== net6.0) (>= net452)) (&& (== net6.0) (>= net6.0-windows7.0)) (== net6.0-windows7.0) (&& (== netstandard2.0) (>= net452)) (&& (== netstandard2.0) (>= net6.0-windows7.0))
      DevExpress.Data (23.1.3) - restriction: || (&& (== net6.0) (>= net452)) (&& (== net6.0) (>= net6.0-windows7.0)) (== net6.0-windows7.0) (&& (== netstandard2.0) (>= net452)) (&& (== netstandard2.0) (>= net6.0-windows7.0))
      DevExpress.Data.Desktop (23.1.3) - restriction: || (&& (== net6.0) (>= net452)) (&& (== net6.0) (>= net6.0-windows7.0)) (== net6.0-windows7.0) (&& (== netstandard2.0) (>= net452)) (&& (== netstandard2.0) (>= net6.0-windows7.0))
      DevExpress.Drawing (23.1.3) - restriction: || (&& (== net6.0) (>= net452)) (&& (== net6.0) (>= net6.0-windows7.0)) (== net6.0-windows7.0) (&& (== netstandard2.0) (>= net452)) (&& (== netstandard2.0) (>= net6.0-windows7.0))
      DevExpress.Printing.Core (23.1.3) - restriction: || (&& (== net6.0) (>= net452)) (&& (== net6.0) (>= net6.0-windows7.0)) (== net6.0-windows7.0) (&& (== netstandard2.0) (>= net452)) (&& (== netstandard2.0) (>= net6.0-windows7.0))
      DevExpress.Utils (23.1.3) - restriction: || (&& (== net6.0) (>= net452)) (&& (== net6.0) (>= net6.0-windows7.0)) (== net6.0-windows7.0) (&& (== netstandard2.0) (>= net452)) (&& (== netstandard2.0) (>= net6.0-windows7.0))
      DevExpress.Win.Navigation (23.1.3) - restriction: || (&& (== net6.0) (>= net452)) (&& (== net6.0) (>= net6.0-windows7.0)) (== net6.0-windows7.0) (&& (== netstandard2.0) (>= net452)) (&& (== netstandard2.0) (>= net6.0-windows7.0))
    DevExpress.Win.TreeMap (23.1.3) - restriction: || (&& (== net6.0) (>= net452)) (&& (== net6.0) (>= net6.0-windows7.0)) (== net6.0-windows7.0) (&& (== netstandard2.0) (>= net452)) (&& (== netstandard2.0) (>= net6.0-windows7.0))
      DevExpress.Data (23.1.3) - restriction: || (&& (== net6.0) (>= net452)) (&& (== net6.0) (>= net6.0-windows7.0)) (== net6.0-windows7.0) (&& (== netstandard2.0) (>= net452)) (&& (== netstandard2.0) (>= net6.0-windows7.0))
      DevExpress.Data.Desktop (23.1.3) - restriction: || (&& (== net6.0) (>= net452)) (&& (== net6.0) (>= net6.0-windows7.0)) (== net6.0-windows7.0) (&& (== netstandard2.0) (>= net452)) (&& (== netstandard2.0) (>= net6.0-windows7.0))
      DevExpress.Drawing (23.1.3) - restriction: || (&& (== net6.0) (>= net452)) (&& (== net6.0) (>= net6.0-windows7.0)) (== net6.0-windows7.0) (&& (== netstandard2.0) (>= net452)) (&& (== netstandard2.0) (>= net6.0-windows7.0))
      DevExpress.Printing.Core (23.1.3) - restriction: || (&& (== net6.0) (>= net452)) (&& (== net6.0) (>= net6.0-windows7.0)) (== net6.0-windows7.0) (&& (== netstandard2.0) (>= net452)) (&& (== netstandard2.0) (>= net6.0-windows7.0))
      DevExpress.TreeMap (23.1.3) - restriction: || (&& (== net6.0) (>= net452)) (&& (== net6.0) (>= net6.0-windows7.0)) (== net6.0-windows7.0) (&& (== netstandard2.0) (>= net452)) (&& (== netstandard2.0) (>= net6.0-windows7.0))
      DevExpress.TreeMap.Core (23.1.3) - restriction: || (&& (== net6.0) (>= net452)) (&& (== net6.0) (>= net6.0-windows7.0)) (== net6.0-windows7.0) (&& (== netstandard2.0) (>= net452)) (&& (== netstandard2.0) (>= net6.0-windows7.0))
      DevExpress.Utils (23.1.3) - restriction: || (&& (== net6.0) (>= net452)) (&& (== net6.0) (>= net6.0-windows7.0)) (== net6.0-windows7.0) (&& (== netstandard2.0) (>= net452)) (&& (== netstandard2.0) (>= net6.0-windows7.0))
      DevExpress.Win.Navigation (23.1.3) - restriction: || (&& (== net6.0) (>= net452)) (&& (== net6.0) (>= net6.0-windows7.0)) (== net6.0-windows7.0) (&& (== netstandard2.0) (>= net452)) (&& (== netstandard2.0) (>= net6.0-windows7.0))
      DevExpress.Win.Printing (23.1.3) - restriction: || (&& (== net6.0) (>= net452)) (&& (== net6.0) (>= net6.0-windows7.0)) (== net6.0-windows7.0) (&& (== netstandard2.0) (>= net452)) (&& (== netstandard2.0) (>= net6.0-windows7.0))
    DevExpress.Win.VerticalGrid (23.1.3) - restriction: || (&& (== net6.0) (>= net452)) (&& (== net6.0) (>= net6.0-windows7.0)) (== net6.0-windows7.0) (&& (== netstandard2.0) (>= net452)) (&& (== netstandard2.0) (>= net6.0-windows7.0))
      DevExpress.Data (23.1.3) - restriction: || (&& (== net6.0) (>= net452)) (&& (== net6.0) (>= net6.0-windows7.0)) (== net6.0-windows7.0) (&& (== netstandard2.0) (>= net452)) (&& (== netstandard2.0) (>= net6.0-windows7.0))
      DevExpress.Data.Desktop (23.1.3) - restriction: || (&& (== net6.0) (>= net452)) (&& (== net6.0) (>= net6.0-windows7.0)) (== net6.0-windows7.0) (&& (== netstandard2.0) (>= net452)) (&& (== netstandard2.0) (>= net6.0-windows7.0))
      DevExpress.Drawing (23.1.3) - restriction: || (&& (== net6.0) (>= net452)) (&& (== net6.0) (>= net6.0-windows7.0)) (== net6.0-windows7.0) (&& (== netstandard2.0) (>= net452)) (&& (== netstandard2.0) (>= net6.0-windows7.0))
      DevExpress.Printing.Core (23.1.3) - restriction: || (&& (== net6.0) (>= net452)) (&& (== net6.0) (>= net6.0-windows7.0)) (== net6.0-windows7.0) (&& (== netstandard2.0) (>= net452)) (&& (== netstandard2.0) (>= net6.0-windows7.0))
      DevExpress.Utils (23.1.3) - restriction: || (&& (== net6.0) (>= net452)) (&& (== net6.0) (>= net6.0-windows7.0)) (== net6.0-windows7.0) (&& (== netstandard2.0) (>= net452)) (&& (== netstandard2.0) (>= net6.0-windows7.0))
      DevExpress.Win.Navigation (23.1.3) - restriction: || (&& (== net6.0) (>= net452)) (&& (== net6.0) (>= net6.0-windows7.0)) (== net6.0-windows7.0) (&& (== netstandard2.0) (>= net452)) (&& (== netstandard2.0) (>= net6.0-windows7.0))
      DevExpress.Win.Printing (23.1.3) - restriction: || (&& (== net6.0) (>= net452)) (&& (== net6.0) (>= net6.0-windows7.0)) (== net6.0-windows7.0) (&& (== netstandard2.0) (>= net452)) (&& (== netstandard2.0) (>= net6.0-windows7.0))
  remote: https://xpandnugetserver.azurewebsites.net/nuget
    Xpand.Extensions (4.222.13.2) - restriction: || (== net6.0) (== net6.0-windows7.0) (&& (== netstandard2.0) (>= net6.0)) (&& (== netstandard2.0) (>= net6.0-windows7.0))
      Fasterflect.Xpand (>= 2.0.7) - restriction: || (== net6.0) (== net6.0-windows7.0) (&& (== netstandard2.0) (>= net6.0))
      Microsoft.AspNetCore.Http.Abstractions (>= 2.2) - restriction: || (== net6.0) (== net6.0-windows7.0) (&& (== netstandard2.0) (>= net6.0))
      Microsoft.CodeAnalysis.CSharp (>= 4.2) - restriction: || (== net6.0) (== net6.0-windows7.0) (&& (== netstandard2.0) (>= net6.0))
      Microsoft.CSharp (>= 4.7) - restriction: || (== net6.0) (== net6.0-windows7.0) (&& (== netstandard2.0) (>= net6.0))
      System.CodeDom (>= 6.0) - restriction: || (== net6.0) (== net6.0-windows7.0) (&& (== netstandard2.0) (>= net6.0))
      System.Diagnostics.PerformanceCounter (>= 6.0) - restriction: || (== net6.0) (== net6.0-windows7.0) (&& (== netstandard2.0) (>= net6.0))
      System.Interactive (>= 5.0) - restriction: || (== net6.0) (== net6.0-windows7.0) (&& (== netstandard2.0) (>= net6.0))
      System.Reflection.Emit (>= 4.7) - restriction: || (== net6.0) (== net6.0-windows7.0) (&& (== netstandard2.0) (>= net6.0))
      System.Security.Cryptography.ProtectedData (>= 7.0.1) - restriction: || (== net6.0) (== net6.0-windows7.0) (&& (== netstandard2.0) (>= net6.0))
      System.Text.Json (>= 7.0.2) - restriction: || (== net6.0) (== net6.0-windows7.0) (&& (== netstandard2.0) (>= net6.0))
      System.Threading.Tasks.Dataflow (>= 7.0) - restriction: || (== net6.0) (== net6.0-windows7.0) (&& (== netstandard2.0) (>= net6.0))
      System.ValueTuple (>= 4.3) - restriction: || (== net6.0) (== net6.0-windows7.0) (&& (== netstandard2.0) (>= net6.0))
      TextCopy (>= 6.1) - restriction: || (== net6.0) (== net6.0-windows7.0) (&& (== netstandard2.0) (>= net6.0))
      Xpand.Collections (>= 1.0.4) - restriction: || (== net6.0) (== net6.0-windows7.0) (&& (== netstandard2.0) (>= net6.0))
      Xpand.Patcher (>= 3.0.17) - restriction: || (== net6.0) (== net6.0-windows7.0) (&& (== netstandard2.0) (>= net6.0))
    Xpand.Extensions.Blazor (4.222.13.2) - restriction: || (== net6.0) (== net6.0-windows7.0) (&& (== netstandard2.0) (>= net6.0))
      DevExpress.ExpressApp (>= 23.1.3) - restriction: || (== net6.0) (== net6.0-windows7.0) (&& (== netstandard2.0) (>= net6.0))
      DevExpress.ExpressApp.Blazor (>= 23.1.3) - restriction: || (== net6.0) (== net6.0-windows7.0) (&& (== netstandard2.0) (>= net6.0))
      DevExpress.ExpressApp.Xpo (>= 23.1.3) - restriction: || (== net6.0) (== net6.0-windows7.0) (&& (== netstandard2.0) (>= net6.0))
      Fasterflect.Xpand (>= 2.0.7) - restriction: || (== net6.0) (== net6.0-windows7.0) (&& (== netstandard2.0) (>= net6.0))
      Microsoft.CodeAnalysis (>= 4.2) - restriction: || (== net6.0) (== net6.0-windows7.0) (&& (== netstandard2.0) (>= net6.0))
      System.CodeDom (>= 6.0) - restriction: || (== net6.0) (== net6.0-windows7.0) (&& (== netstandard2.0) (>= net6.0))
      System.Configuration.ConfigurationManager (>= 6.0) - restriction: || (== net6.0) (== net6.0-windows7.0) (&& (== netstandard2.0) (>= net6.0))
      System.Data.SqlClient (>= 4.8.5) - restriction: || (== net6.0) (== net6.0-windows7.0) (&& (== netstandard2.0) (>= net6.0))
      System.Reactive (>= 5.0) - restriction: || (== net6.0) (== net6.0-windows7.0) (&& (== netstandard2.0) (>= net6.0))
      System.ServiceModel.Http (>= 4.10.2) - restriction: || (== net6.0) (== net6.0-windows7.0) (&& (== netstandard2.0) (>= net6.0))
      System.ServiceModel.NetTcp (>= 4.10.2) - restriction: || (== net6.0) (== net6.0-windows7.0) (&& (== netstandard2.0) (>= net6.0))
      System.ServiceModel.Security (>= 4.10.2) - restriction: || (== net6.0) (== net6.0-windows7.0) (&& (== netstandard2.0) (>= net6.0))
      System.Text.Json (>= 7.0.2) - restriction: || (== net6.0) (== net6.0-windows7.0) (&& (== netstandard2.0) (>= net6.0))
      System.Threading.Tasks.Dataflow (>= 7.0) - restriction: || (== net6.0) (== net6.0-windows7.0) (&& (== netstandard2.0) (>= net6.0))
      Xpand.Extensions (>= 4.222.13.2) - restriction: || (== net6.0) (== net6.0-windows7.0) (&& (== netstandard2.0) (>= net6.0))
      Xpand.Extensions.XAF (>= 4.222.13.2) - restriction: || (== net6.0) (== net6.0-windows7.0) (&& (== netstandard2.0) (>= net6.0))
      Xpand.Extensions.XAF.Xpo (>= 4.222.13.2) - restriction: || (== net6.0) (== net6.0-windows7.0) (&& (== netstandard2.0) (>= net6.0))
      Xpand.Patcher (>= 3.0.17) - restriction: || (== net6.0) (== net6.0-windows7.0) (&& (== netstandard2.0) (>= net6.0))
    Xpand.Extensions.Mono.Cecil (4.222.13.2) - restriction: || (== net6.0) (== net6.0-windows7.0) (&& (== netstandard2.0) (>= net6.0))
      Fasterflect.Xpand (>= 2.0.7) - restriction: || (== net6.0) (== net6.0-windows7.0) (&& (== netstandard2.0) (>= net6.0))
      Mono.Cecil (>= 0.11.4) - restriction: || (== net6.0) (== net6.0-windows7.0) (&& (== netstandard2.0) (>= net6.0))
      System.CodeDom (>= 6.0) - restriction: || (== net6.0) (== net6.0-windows7.0) (&& (== netstandard2.0) (>= net6.0))
      System.ValueTuple (>= 4.3) - restriction: || (== net6.0) (== net6.0-windows7.0) (&& (== netstandard2.0) (>= net6.0))
      Xpand.Patcher (>= 3.0.17) - restriction: || (== net6.0) (== net6.0-windows7.0) (&& (== netstandard2.0) (>= net6.0))
    Xpand.Extensions.Office.Cloud (4.222.13.2) - restriction: || (== net6.0) (== net6.0-windows7.0) (&& (== netstandard2.0) (>= net6.0))
      DevExpress.Persistent.Base (>= 23.1.3) - restriction: || (== net6.0) (== net6.0-windows7.0) (&& (== netstandard2.0) (>= net6.0))
      Fasterflect.Xpand (>= 2.0.7) - restriction: || (== net6.0) (== net6.0-windows7.0) (&& (== netstandard2.0) (>= net6.0))
      System.Reactive (>= 5.0) - restriction: || (== net6.0) (== net6.0-windows7.0) (&& (== netstandard2.0) (>= net6.0))
      System.Text.Json (>= 7.0.2) - restriction: || (== net6.0) (== net6.0-windows7.0) (&& (== netstandard2.0) (>= net6.0))
      System.Threading.Tasks.Dataflow (>= 7.0) - restriction: || (== net6.0) (== net6.0-windows7.0) (&& (== netstandard2.0) (>= net6.0))
      Xpand.Extensions (>= 4.222.13.2) - restriction: || (== net6.0) (== net6.0-windows7.0) (&& (== netstandard2.0) (>= net6.0))
      Xpand.Extensions.Reactive (>= 4.222.13.2) - restriction: || (== net6.0) (== net6.0-windows7.0) (&& (== netstandard2.0) (>= net6.0))
      Xpand.Extensions.XAF (>= 4.222.13.2) - restriction: || (== net6.0) (== net6.0-windows7.0) (&& (== netstandard2.0) (>= net6.0))
      Xpand.Patcher (>= 3.0.17) - restriction: || (== net6.0) (== net6.0-windows7.0) (&& (== netstandard2.0) (>= net6.0))
      Xpand.XAF.Modules.Reactive (>= 4.222.13.2) - restriction: || (== net6.0) (== net6.0-windows7.0) (&& (== netstandard2.0) (>= net6.0))
    Xpand.Extensions.Office.Cloud.Google.Blazor (4.222.13.2) - restriction: || (== net6.0) (== net6.0-windows7.0) (&& (== netstandard2.0) (>= net6.0))
      Fasterflect.Xpand (>= 2.0.7) - restriction: || (== net6.0) (== net6.0-windows7.0) (&& (== netstandard2.0) (>= net6.0))
      Google.Apis.Auth (>= 1.55) - restriction: || (== net6.0) (== net6.0-windows7.0) (&& (== netstandard2.0) (>= net6.0))
      Microsoft.CodeAnalysis.CSharp (>= 4.2) - restriction: || (== net6.0) (== net6.0-windows7.0) (&& (== netstandard2.0) (>= net6.0))
      System.Configuration.ConfigurationManager (>= 6.0) - restriction: || (== net6.0) (== net6.0-windows7.0) (&& (== netstandard2.0) (>= net6.0))
      System.Text.Json (>= 7.0.2) - restriction: || (== net6.0) (== net6.0-windows7.0) (&& (== netstandard2.0) (>= net6.0))
      System.Threading.Tasks.Dataflow (>= 7.0) - restriction: || (== net6.0) (== net6.0-windows7.0) (&& (== netstandard2.0) (>= net6.0))
      Xpand.Extensions.Blazor (>= 4.222.13.2) - restriction: || (== net6.0) (== net6.0-windows7.0) (&& (== netstandard2.0) (>= net6.0))
      Xpand.Patcher (>= 3.0.17) - restriction: || (== net6.0) (== net6.0-windows7.0) (&& (== netstandard2.0) (>= net6.0))
      Xpand.XAF.Modules.Office.Cloud.Google (>= 4.222.13.2) - restriction: || (== net6.0) (== net6.0-windows7.0) (&& (== netstandard2.0) (>= net6.0))
    Xpand.Extensions.Reactive (4.222.13.2) - restriction: || (== net6.0) (== net6.0-windows7.0) (&& (== netstandard2.0) (>= net6.0)) (&& (== netstandard2.0) (>= net6.0-windows7.0))
      akarnokd.reactive_extensions (>= 0.0.27-alpha) - restriction: || (== net6.0) (== net6.0-windows7.0) (&& (== netstandard2.0) (>= net6.0))
      Enums.NET (>= 4.0) - restriction: || (== net6.0) (== net6.0-windows7.0) (&& (== netstandard2.0) (>= net6.0))
      Fasterflect.Xpand (>= 2.0.7) - restriction: || (== net6.0) (== net6.0-windows7.0) (&& (== netstandard2.0) (>= net6.0))
      System.CodeDom (>= 6.0) - restriction: || (== net6.0) (== net6.0-windows7.0) (&& (== netstandard2.0) (>= net6.0))
      System.Collections.Immutable (>= 6.0) - restriction: || (== net6.0) (== net6.0-windows7.0) (&& (== netstandard2.0) (>= net6.0))
      System.Diagnostics.PerformanceCounter (>= 6.0) - restriction: || (== net6.0) (== net6.0-windows7.0) (&& (== netstandard2.0) (>= net6.0))
      System.Interactive (>= 5.0) - restriction: || (== net6.0) (== net6.0-windows7.0) (&& (== netstandard2.0) (>= net6.0))
      System.Interactive.Async (>= 5.0) - restriction: || (== net6.0) (== net6.0-windows7.0) (&& (== netstandard2.0) (>= net6.0))
      System.Linq.Async (>= 5.0) - restriction: || (== net6.0) (== net6.0-windows7.0) (&& (== netstandard2.0) (>= net6.0))
      System.Reflection.Emit (>= 4.7) - restriction: || (== net6.0) (== net6.0-windows7.0) (&& (== netstandard2.0) (>= net6.0))
      System.Text.Json (>= 7.0.2) - restriction: || (== net6.0) (== net6.0-windows7.0) (&& (== netstandard2.0) (>= net6.0))
      System.Threading.Tasks (>= 4.3) - restriction: || (== net6.0) (== net6.0-windows7.0) (&& (== netstandard2.0) (>= net6.0))
      System.Threading.Tasks.Dataflow (>= 7.0) - restriction: || (== net6.0) (== net6.0-windows7.0) (&& (== netstandard2.0) (>= net6.0))
      Xpand.Extensions (>= 4.222.13.2) - restriction: || (== net6.0) (== net6.0-windows7.0) (&& (== netstandard2.0) (>= net6.0))
      Xpand.Patcher (>= 3.0.17) - restriction: || (== net6.0) (== net6.0-windows7.0) (&& (== netstandard2.0) (>= net6.0))
    Xpand.Extensions.XAF (4.222.13.2) - restriction: || (== net6.0) (== net6.0-windows7.0) (&& (== netstandard2.0) (>= net6.0)) (&& (== netstandard2.0) (>= net6.0-windows7.0))
      DevExpress.Persistent.Base (>= 23.1.3) - restriction: || (== net6.0) (== net6.0-windows7.0) (&& (== netstandard2.0) (>= net6.0))
      Enums.NET (>= 4.0) - restriction: || (== net6.0) (== net6.0-windows7.0) (&& (== netstandard2.0) (>= net6.0))
      Fasterflect.Xpand (>= 2.0.7) - restriction: || (== net6.0) (== net6.0-windows7.0) (&& (== netstandard2.0) (>= net6.0))
      System.Text.Json (>= 7.0.2) - restriction: || (== net6.0) (== net6.0-windows7.0) (&& (== netstandard2.0) (>= net6.0))
      Xpand.Collections (>= 1.0.4) - restriction: || (== net6.0) (== net6.0-windows7.0) (&& (== netstandard2.0) (>= net6.0))
      Xpand.Extensions (>= 4.222.13.2) - restriction: || (== net6.0) (== net6.0-windows7.0) (&& (== netstandard2.0) (>= net6.0))
      Xpand.Patcher (>= 3.0.17) - restriction: || (== net6.0) (== net6.0-windows7.0) (&& (== netstandard2.0) (>= net6.0))
      Xpand.VersionConverter (>= 4.222.13.2)
    Xpand.Extensions.XAF.Xpo (4.222.13.2) - restriction: || (== net6.0) (== net6.0-windows7.0) (&& (== netstandard2.0) (>= net6.0)) (&& (== netstandard2.0) (>= net6.0-windows7.0))
      DevExpress.ExpressApp.Xpo (>= 23.1.3) - restriction: || (== net6.0) (== net6.0-windows7.0) (&& (== netstandard2.0) (>= net6.0))
      DevExpress.Persistent.Base (>= 23.1.3) - restriction: || (== net6.0) (== net6.0-windows7.0) (&& (== netstandard2.0) (>= net6.0))
      DevExpress.Xpo (>= 23.1.3) - restriction: || (== net6.0) (== net6.0-windows7.0) (&& (== netstandard2.0) (>= net6.0))
      Fasterflect.Xpand (>= 2.0.7) - restriction: || (== net6.0) (== net6.0-windows7.0) (&& (== netstandard2.0) (>= net6.0))
      System.Reactive (>= 5.0) - restriction: || (== net6.0) (== net6.0-windows7.0) (&& (== netstandard2.0) (>= net6.0))
      System.Text.Json (>= 7.0.2) - restriction: || (== net6.0) (== net6.0-windows7.0) (&& (== netstandard2.0) (>= net6.0))
      System.Threading.Tasks.Dataflow (>= 7.0) - restriction: || (== net6.0) (== net6.0-windows7.0) (&& (== netstandard2.0) (>= net6.0))
      Xpand.Collections (>= 1.0.4) - restriction: || (== net6.0) (== net6.0-windows7.0) (&& (== netstandard2.0) (>= net6.0))
      Xpand.Extensions (>= 4.222.13.2) - restriction: || (== net6.0) (== net6.0-windows7.0) (&& (== netstandard2.0) (>= net6.0))
      Xpand.Extensions.Reactive (>= 4.222.13.2) - restriction: || (== net6.0) (== net6.0-windows7.0) (&& (== netstandard2.0) (>= net6.0))
      Xpand.Extensions.XAF (>= 4.222.13.2) - restriction: || (== net6.0) (== net6.0-windows7.0) (&& (== netstandard2.0) (>= net6.0))
      Xpand.Patcher (>= 3.0.17) - restriction: || (== net6.0) (== net6.0-windows7.0) (&& (== netstandard2.0) (>= net6.0))
      Xpand.VersionConverter (>= 4.222.13.2)
    Xpand.Patcher (3.0.17) - restriction: || (== net6.0) (== net6.0-windows7.0) (&& (== netstandard2.0) (>= net6.0)) (&& (== netstandard2.0) (>= net6.0-windows7.0))
      Mono.Cecil (>= 0.11.4)
      System.Collections.NonGeneric (>= 4.3)
      System.ComponentModel.TypeConverter (>= 4.3)
      System.IO.FileSystem.Primitives (>= 4.3)
      System.Reflection.Emit (>= 4.7)
      System.Reflection.Emit.ILGeneration (>= 4.7)
      System.Reflection.Emit.Lightweight (>= 4.7)
      System.Reflection.TypeExtensions (>= 4.7)
      System.Text.Json (>= 6.0.6)
    Xpand.VersionConverter (4.222.13.2) - restriction: || (== net6.0) (== net6.0-windows7.0) (&& (== netstandard2.0) (>= net6.0)) (&& (== netstandard2.0) (>= net6.0-windows7.0))
      NETStandard.Library (>= 2.0.3)
    Xpand.XAF.Modules.AutoCommit (4.222.13.2) - restriction: || (== net6.0) (== net6.0-windows7.0) (&& (== netstandard2.0) (>= net6.0))
      DevExpress.ExpressApp (>= 23.1.3) - restriction: || (== net6.0) (== net6.0-windows7.0) (&& (== netstandard2.0) (>= net6.0))
      Fasterflect.Xpand (>= 2.0.7) - restriction: || (== net6.0) (== net6.0-windows7.0) (&& (== netstandard2.0) (>= net6.0))
      System.Reactive (>= 5.0) - restriction: || (== net6.0) (== net6.0-windows7.0) (&& (== netstandard2.0) (>= net6.0))
      System.Text.Json (>= 7.0.2) - restriction: || (== net6.0) (== net6.0-windows7.0) (&& (== netstandard2.0) (>= net6.0))
      System.Threading.Tasks.Dataflow (>= 7.0) - restriction: || (== net6.0) (== net6.0-windows7.0) (&& (== netstandard2.0) (>= net6.0))
      Xpand.Extensions (>= 4.222.13.2) - restriction: || (== net6.0) (== net6.0-windows7.0) (&& (== netstandard2.0) (>= net6.0))
      Xpand.Extensions.Reactive (>= 4.222.13.2) - restriction: || (== net6.0) (== net6.0-windows7.0) (&& (== netstandard2.0) (>= net6.0))
      Xpand.Extensions.XAF (>= 4.222.13.2) - restriction: || (== net6.0) (== net6.0-windows7.0) (&& (== netstandard2.0) (>= net6.0))
      Xpand.Patcher (>= 3.0.17) - restriction: || (== net6.0) (== net6.0-windows7.0) (&& (== netstandard2.0) (>= net6.0))
      Xpand.VersionConverter (>= 4.222.13.2)
      Xpand.XAF.Modules.Reactive (>= 4.222.13.2) - restriction: || (== net6.0) (== net6.0-windows7.0) (&& (== netstandard2.0) (>= net6.0))
    Xpand.XAF.Modules.Blazor (4.222.13.2) - restriction: || (== net6.0) (== net6.0-windows7.0) (&& (== netstandard2.0) (>= net6.0))
      DevExpress.ExpressApp.Blazor (>= 23.1.3) - restriction: || (== net6.0) (== net6.0-windows7.0) (&& (== netstandard2.0) (>= net6.0))
      DevExpress.ExpressApp.Validation.Blazor (>= 23.1.3) - restriction: || (== net6.0) (== net6.0-windows7.0) (&& (== netstandard2.0) (>= net6.0))
      Fasterflect.Xpand (>= 2.0.7) - restriction: || (== net6.0) (== net6.0-windows7.0) (&& (== netstandard2.0) (>= net6.0))
      Microsoft.Bcl.AsyncInterfaces (>= 7.0) - restriction: || (== net6.0) (== net6.0-windows7.0) (&& (== netstandard2.0) (>= net6.0))
      Microsoft.CodeAnalysis (>= 4.2) - restriction: || (== net6.0) (== net6.0-windows7.0) (&& (== netstandard2.0) (>= net6.0))
      System.CodeDom (>= 6.0) - restriction: || (== net6.0) (== net6.0-windows7.0) (&& (== netstandard2.0) (>= net6.0))
      System.Configuration.ConfigurationManager (>= 6.0) - restriction: || (== net6.0) (== net6.0-windows7.0) (&& (== netstandard2.0) (>= net6.0))
      System.Data.SqlClient (>= 4.8.5) - restriction: || (== net6.0) (== net6.0-windows7.0) (&& (== netstandard2.0) (>= net6.0))
      System.Interactive (>= 5.0) - restriction: || (== net6.0) (== net6.0-windows7.0) (&& (== netstandard2.0) (>= net6.0))
      System.Reactive (>= 5.0) - restriction: || (== net6.0) (== net6.0-windows7.0) (&& (== netstandard2.0) (>= net6.0))
      System.Security.Cryptography.ProtectedData (>= 7.0.1) - restriction: || (== net6.0) (== net6.0-windows7.0) (&& (== netstandard2.0) (>= net6.0))
      System.ServiceModel.Http (>= 4.10.2) - restriction: || (== net6.0) (== net6.0-windows7.0) (&& (== netstandard2.0) (>= net6.0))
      System.ServiceModel.NetTcp (>= 4.10.2) - restriction: || (== net6.0) (== net6.0-windows7.0) (&& (== netstandard2.0) (>= net6.0))
      System.ServiceModel.Security (>= 4.10.2) - restriction: || (== net6.0) (== net6.0-windows7.0) (&& (== netstandard2.0) (>= net6.0))
      System.Text.Json (>= 7.0.2) - restriction: || (== net6.0) (== net6.0-windows7.0) (&& (== netstandard2.0) (>= net6.0))
      System.Threading.Tasks.Dataflow (>= 7.0) - restriction: || (== net6.0) (== net6.0-windows7.0) (&& (== netstandard2.0) (>= net6.0))
      Xpand.Extensions (>= 4.222.13.2) - restriction: || (== net6.0) (== net6.0-windows7.0) (&& (== netstandard2.0) (>= net6.0))
      Xpand.Extensions.Blazor (>= 4.222.13.2) - restriction: || (== net6.0) (== net6.0-windows7.0) (&& (== netstandard2.0) (>= net6.0))
      Xpand.Extensions.Reactive (>= 4.222.13.2) - restriction: || (== net6.0) (== net6.0-windows7.0) (&& (== netstandard2.0) (>= net6.0))
      Xpand.Extensions.XAF (>= 4.222.13.2) - restriction: || (== net6.0) (== net6.0-windows7.0) (&& (== netstandard2.0) (>= net6.0))
      Xpand.Extensions.XAF.Xpo (>= 4.222.13.2) - restriction: || (== net6.0) (== net6.0-windows7.0) (&& (== netstandard2.0) (>= net6.0))
      Xpand.Patcher (>= 3.0.17) - restriction: || (== net6.0) (== net6.0-windows7.0) (&& (== netstandard2.0) (>= net6.0))
      Xpand.VersionConverter (>= 4.222.13.2)
      Xpand.XAF.Modules.Reactive (>= 4.222.13.2) - restriction: || (== net6.0) (== net6.0-windows7.0) (&& (== netstandard2.0) (>= net6.0))
    Xpand.XAF.Modules.BulkObjectUpdate (4.222.13.2) - restriction: || (== net6.0) (== net6.0-windows7.0) (&& (== netstandard2.0) (>= net6.0))
      DevExpress.ExpressApp.Validation (>= 23.1.3) - restriction: || (== net6.0) (== net6.0-windows7.0) (&& (== netstandard2.0) (>= net6.0))
      Fasterflect.Xpand (>= 2.0.7) - restriction: || (== net6.0) (== net6.0-windows7.0) (&& (== netstandard2.0) (>= net6.0))
      System.Reactive (>= 5.0) - restriction: || (== net6.0) (== net6.0-windows7.0) (&& (== netstandard2.0) (>= net6.0))
      System.Text.Json (>= 7.0.2) - restriction: || (== net6.0) (== net6.0-windows7.0) (&& (== netstandard2.0) (>= net6.0))
      System.Threading.Tasks.Dataflow (>= 7.0) - restriction: || (== net6.0) (== net6.0-windows7.0) (&& (== netstandard2.0) (>= net6.0))
      Xpand.Collections (>= 1.0.4) - restriction: || (== net6.0) (== net6.0-windows7.0) (&& (== netstandard2.0) (>= net6.0))
      Xpand.Extensions (>= 4.222.13.2) - restriction: || (== net6.0) (== net6.0-windows7.0) (&& (== netstandard2.0) (>= net6.0))
      Xpand.Extensions.Reactive (>= 4.222.13.2) - restriction: || (== net6.0) (== net6.0-windows7.0) (&& (== netstandard2.0) (>= net6.0))
      Xpand.Extensions.XAF (>= 4.222.13.2) - restriction: || (== net6.0) (== net6.0-windows7.0) (&& (== netstandard2.0) (>= net6.0))
      Xpand.Extensions.XAF.Xpo (>= 4.222.13.2) - restriction: || (== net6.0) (== net6.0-windows7.0) (&& (== netstandard2.0) (>= net6.0))
      Xpand.Patcher (>= 3.0.17) - restriction: || (== net6.0) (== net6.0-windows7.0) (&& (== netstandard2.0) (>= net6.0))
      Xpand.VersionConverter (>= 4.222.13.2)
      Xpand.XAF.Modules.Reactive (>= 4.222.13.2) - restriction: || (== net6.0) (== net6.0-windows7.0) (&& (== netstandard2.0) (>= net6.0))
    Xpand.XAF.Modules.CloneMemberValue (4.222.13.2) - restriction: || (== net6.0) (== net6.0-windows7.0) (&& (== netstandard2.0) (>= net6.0))
      DevExpress.ExpressApp (>= 23.1.3) - restriction: || (== net6.0) (== net6.0-windows7.0) (&& (== netstandard2.0) (>= net6.0))
      Fasterflect.Xpand (>= 2.0.7) - restriction: || (== net6.0) (== net6.0-windows7.0) (&& (== netstandard2.0) (>= net6.0))
      System.Reactive (>= 5.0) - restriction: || (== net6.0) (== net6.0-windows7.0) (&& (== netstandard2.0) (>= net6.0))
      System.Text.Json (>= 7.0.2) - restriction: || (== net6.0) (== net6.0-windows7.0) (&& (== netstandard2.0) (>= net6.0))
      System.Threading.Tasks.Dataflow (>= 7.0) - restriction: || (== net6.0) (== net6.0-windows7.0) (&& (== netstandard2.0) (>= net6.0))
      Xpand.Extensions (>= 4.222.13.2) - restriction: || (== net6.0) (== net6.0-windows7.0) (&& (== netstandard2.0) (>= net6.0))
      Xpand.Extensions.Reactive (>= 4.222.13.2) - restriction: || (== net6.0) (== net6.0-windows7.0) (&& (== netstandard2.0) (>= net6.0))
      Xpand.Patcher (>= 3.0.17) - restriction: || (== net6.0) (== net6.0-windows7.0) (&& (== netstandard2.0) (>= net6.0))
      Xpand.VersionConverter (>= 4.222.13.2)
      Xpand.XAF.Modules.Reactive (>= 4.222.13.2) - restriction: || (== net6.0) (== net6.0-windows7.0) (&& (== netstandard2.0) (>= net6.0))
    Xpand.XAF.Modules.CloneModelView (4.222.13.2) - restriction: || (== net6.0) (== net6.0-windows7.0) (&& (== netstandard2.0) (>= net6.0)) (&& (== netstandard2.0) (>= net6.0-windows7.0))
      DevExpress.ExpressApp (>= 23.1.3) - restriction: || (== net6.0) (== net6.0-windows7.0) (&& (== netstandard2.0) (>= net6.0))
      Fasterflect.Xpand (>= 2.0.7) - restriction: || (== net6.0) (== net6.0-windows7.0) (&& (== netstandard2.0) (>= net6.0))
      Microsoft.CSharp (>= 4.7) - restriction: || (== net6.0) (== net6.0-windows7.0) (&& (== netstandard2.0) (>= net6.0))
      System.Reactive (>= 5.0) - restriction: || (== net6.0) (== net6.0-windows7.0) (&& (== netstandard2.0) (>= net6.0))
      System.Text.Json (>= 7.0.2) - restriction: || (== net6.0) (== net6.0-windows7.0) (&& (== netstandard2.0) (>= net6.0))
      System.Threading.Tasks.Dataflow (>= 7.0) - restriction: || (== net6.0) (== net6.0-windows7.0) (&& (== netstandard2.0) (>= net6.0))
      Xpand.Extensions.Reactive (>= 4.222.13.2) - restriction: || (== net6.0) (== net6.0-windows7.0) (&& (== netstandard2.0) (>= net6.0))
      Xpand.Extensions.XAF (>= 4.222.13.2) - restriction: || (== net6.0) (== net6.0-windows7.0) (&& (== netstandard2.0) (>= net6.0))
      Xpand.Patcher (>= 3.0.17) - restriction: || (== net6.0) (== net6.0-windows7.0) (&& (== netstandard2.0) (>= net6.0))
      Xpand.VersionConverter (>= 4.222.13.2)
      Xpand.XAF.Modules.Reactive (>= 4.222.13.2) - restriction: || (== net6.0) (== net6.0-windows7.0) (&& (== netstandard2.0) (>= net6.0))
    Xpand.XAF.Modules.Email (4.222.13.2) - restriction: || (== net6.0) (== net6.0-windows7.0) (&& (== netstandard2.0) (>= net6.0))
      DevExpress.ExpressApp.Validation (>= 23.1.3) - restriction: || (== net6.0) (== net6.0-windows7.0) (&& (== netstandard2.0) (>= net6.0))
      Fasterflect.Xpand (>= 2.0.7) - restriction: || (== net6.0) (== net6.0-windows7.0) (&& (== netstandard2.0) (>= net6.0))
      System.Reactive (>= 5.0) - restriction: || (== net6.0) (== net6.0-windows7.0) (&& (== netstandard2.0) (>= net6.0))
      System.Text.Json (>= 7.0.2) - restriction: || (== net6.0) (== net6.0-windows7.0) (&& (== netstandard2.0) (>= net6.0))
      System.Threading.Tasks.Dataflow (>= 7.0) - restriction: || (== net6.0) (== net6.0-windows7.0) (&& (== netstandard2.0) (>= net6.0))
      Xpand.Collections (>= 1.0.4) - restriction: || (== net6.0) (== net6.0-windows7.0) (&& (== netstandard2.0) (>= net6.0))
      Xpand.Extensions (>= 4.222.13.2) - restriction: || (== net6.0) (== net6.0-windows7.0) (&& (== netstandard2.0) (>= net6.0))
      Xpand.Extensions.Reactive (>= 4.222.13.2) - restriction: || (== net6.0) (== net6.0-windows7.0) (&& (== netstandard2.0) (>= net6.0))
      Xpand.Extensions.XAF (>= 4.222.13.2) - restriction: || (== net6.0) (== net6.0-windows7.0) (&& (== netstandard2.0) (>= net6.0))
      Xpand.Extensions.XAF.Xpo (>= 4.222.13.2) - restriction: || (== net6.0) (== net6.0-windows7.0) (&& (== netstandard2.0) (>= net6.0))
      Xpand.Patcher (>= 3.0.17) - restriction: || (== net6.0) (== net6.0-windows7.0) (&& (== netstandard2.0) (>= net6.0))
      Xpand.VersionConverter (>= 4.222.13.2)
      Xpand.XAF.Modules.Reactive (>= 4.222.13.2) - restriction: || (== net6.0) (== net6.0-windows7.0) (&& (== netstandard2.0) (>= net6.0))
    Xpand.XAF.Modules.GridListEditor (4.222.13.2) - restriction: || (== net6.0) (== net6.0-windows7.0) (&& (== netstandard2.0) (>= net6.0))
      DevExpress.ExpressApp (>= 23.1.3) - restriction: || (== net6.0) (== net6.0-windows7.0) (&& (== netstandard2.0) (>= net6.0))
      Fasterflect.Xpand (>= 2.0.7) - restriction: || (== net6.0) (== net6.0-windows7.0) (&& (== netstandard2.0) (>= net6.0))
      System.Reactive (>= 5.0) - restriction: || (== net6.0) (== net6.0-windows7.0) (&& (== netstandard2.0) (>= net6.0))
      System.Text.Json (>= 7.0.2) - restriction: || (== net6.0) (== net6.0-windows7.0) (&& (== netstandard2.0) (>= net6.0))
      System.Threading.Tasks.Dataflow (>= 7.0) - restriction: || (== net6.0) (== net6.0-windows7.0) (&& (== netstandard2.0) (>= net6.0))
      Xpand.Extensions (>= 4.222.13.2) - restriction: || (== net6.0) (== net6.0-windows7.0) (&& (== netstandard2.0) (>= net6.0))
      Xpand.Extensions.Reactive (>= 4.222.13.2) - restriction: || (== net6.0) (== net6.0-windows7.0) (&& (== netstandard2.0) (>= net6.0))
      Xpand.Extensions.XAF (>= 4.222.13.2) - restriction: || (== net6.0) (== net6.0-windows7.0) (&& (== netstandard2.0) (>= net6.0))
      Xpand.Patcher (>= 3.0.17) - restriction: || (== net6.0) (== net6.0-windows7.0) (&& (== netstandard2.0) (>= net6.0))
      Xpand.VersionConverter (>= 4.222.13.2)
      Xpand.XAF.Modules.Reactive (>= 4.222.13.2) - restriction: || (== net6.0) (== net6.0-windows7.0) (&& (== netstandard2.0) (>= net6.0))
    Xpand.XAF.Modules.HideToolBar (4.222.13.2) - restriction: || (== net6.0) (== net6.0-windows7.0) (&& (== netstandard2.0) (>= net6.0)) (&& (== netstandard2.0) (>= net6.0-windows7.0))
      DevExpress.ExpressApp (>= 23.1.3) - restriction: || (== net6.0) (== net6.0-windows7.0) (&& (== netstandard2.0) (>= net6.0))
      Fasterflect.Xpand (>= 2.0.7) - restriction: || (== net6.0) (== net6.0-windows7.0) (&& (== netstandard2.0) (>= net6.0))
      Microsoft.CSharp (>= 4.7) - restriction: || (== net6.0) (== net6.0-windows7.0) (&& (== netstandard2.0) (>= net6.0))
      System.Reactive (>= 5.0) - restriction: || (== net6.0) (== net6.0-windows7.0) (&& (== netstandard2.0) (>= net6.0))
      System.Text.Json (>= 7.0.2) - restriction: || (== net6.0) (== net6.0-windows7.0) (&& (== netstandard2.0) (>= net6.0))
      System.Threading.Tasks.Dataflow (>= 7.0) - restriction: || (== net6.0) (== net6.0-windows7.0) (&& (== netstandard2.0) (>= net6.0))
      Xpand.Extensions (>= 4.222.13.2) - restriction: || (== net6.0) (== net6.0-windows7.0) (&& (== netstandard2.0) (>= net6.0))
      Xpand.Extensions.Reactive (>= 4.222.13.2) - restriction: || (== net6.0) (== net6.0-windows7.0) (&& (== netstandard2.0) (>= net6.0))
      Xpand.Extensions.XAF (>= 4.222.13.2) - restriction: || (== net6.0) (== net6.0-windows7.0) (&& (== netstandard2.0) (>= net6.0))
      Xpand.Patcher (>= 3.0.17) - restriction: || (== net6.0) (== net6.0-windows7.0) (&& (== netstandard2.0) (>= net6.0))
      Xpand.VersionConverter (>= 4.222.13.2)
      Xpand.XAF.Modules.Reactive (>= 4.222.13.2) - restriction: || (== net6.0) (== net6.0-windows7.0) (&& (== netstandard2.0) (>= net6.0))
    Xpand.XAF.Modules.JobScheduler.Hangfire (4.222.13.2) - restriction: || (== net6.0) (== net6.0-windows7.0) (&& (== netstandard2.0) (>= net6.0))
      DevExpress.ExpressApp (>= 23.1.3) - restriction: || (== net6.0) (== net6.0-windows7.0) (&& (== netstandard2.0) (>= net6.0))
      DevExpress.ExpressApp.Blazor (>= 23.1.3) - restriction: || (== net6.0) (== net6.0-windows7.0) (&& (== netstandard2.0) (>= net6.0))
      DevExpress.ExpressApp.ConditionalAppearance (>= 23.1.3) - restriction: || (== net6.0) (== net6.0-windows7.0) (&& (== netstandard2.0) (>= net6.0))
      DevExpress.ExpressApp.Validation (>= 23.1.3) - restriction: || (== net6.0) (== net6.0-windows7.0) (&& (== netstandard2.0) (>= net6.0))
      DevExpress.ExpressApp.Validation.Blazor (>= 23.1.3) - restriction: || (== net6.0) (== net6.0-windows7.0) (&& (== netstandard2.0) (>= net6.0))
      DevExpress.ExpressApp.Xpo (>= 23.1.3) - restriction: || (== net6.0) (== net6.0-windows7.0) (&& (== netstandard2.0) (>= net6.0))
      DevExpress.Persistent.Base (>= 23.1.3) - restriction: || (== net6.0) (== net6.0-windows7.0) (&& (== netstandard2.0) (>= net6.0))
      Fasterflect.Xpand (>= 2.0.7) - restriction: || (== net6.0) (== net6.0-windows7.0) (&& (== netstandard2.0) (>= net6.0))
      Hangfire.AspNetCore (>= 1.7.34) - restriction: || (== net6.0) (== net6.0-windows7.0) (&& (== netstandard2.0) (>= net6.0))
      Hangfire.Core (>= 1.7.34) - restriction: || (== net6.0) (== net6.0-windows7.0) (&& (== netstandard2.0) (>= net6.0))
      Microsoft.CodeAnalysis (>= 4.2) - restriction: || (== net6.0) (== net6.0-windows7.0) (&& (== netstandard2.0) (>= net6.0))
      System.CodeDom (>= 6.0) - restriction: || (== net6.0) (== net6.0-windows7.0) (&& (== netstandard2.0) (>= net6.0))
      System.Configuration.ConfigurationManager (>= 6.0) - restriction: || (== net6.0) (== net6.0-windows7.0) (&& (== netstandard2.0) (>= net6.0))
      System.Data.SqlClient (>= 4.8.5) - restriction: || (== net6.0) (== net6.0-windows7.0) (&& (== netstandard2.0) (>= net6.0))
      System.Reactive (>= 5.0) - restriction: || (== net6.0) (== net6.0-windows7.0) (&& (== netstandard2.0) (>= net6.0))
      System.Security.Cryptography.ProtectedData (>= 7.0.1) - restriction: || (== net6.0) (== net6.0-windows7.0) (&& (== netstandard2.0) (>= net6.0))
      System.ServiceModel.Http (>= 4.10.2) - restriction: || (== net6.0) (== net6.0-windows7.0) (&& (== netstandard2.0) (>= net6.0))
      System.ServiceModel.NetTcp (>= 4.10.2) - restriction: || (== net6.0) (== net6.0-windows7.0) (&& (== netstandard2.0) (>= net6.0))
      System.ServiceModel.Security (>= 4.10.2) - restriction: || (== net6.0) (== net6.0-windows7.0) (&& (== netstandard2.0) (>= net6.0))
      System.Threading.Tasks.Dataflow (>= 7.0) - restriction: || (== net6.0) (== net6.0-windows7.0) (&& (== netstandard2.0) (>= net6.0))
      Xpand.Extensions (>= 4.222.13.2) - restriction: || (== net6.0) (== net6.0-windows7.0) (&& (== netstandard2.0) (>= net6.0))
      Xpand.Extensions.Blazor (>= 4.222.13.2) - restriction: || (== net6.0) (== net6.0-windows7.0) (&& (== netstandard2.0) (>= net6.0))
      Xpand.Extensions.Reactive (>= 4.222.13.2) - restriction: || (== net6.0) (== net6.0-windows7.0) (&& (== netstandard2.0) (>= net6.0))
      Xpand.Extensions.XAF (>= 4.222.13.2) - restriction: || (== net6.0) (== net6.0-windows7.0) (&& (== netstandard2.0) (>= net6.0))
      Xpand.Extensions.XAF.Xpo (>= 4.222.13.2) - restriction: || (== net6.0) (== net6.0-windows7.0) (&& (== netstandard2.0) (>= net6.0))
      Xpand.Patcher (>= 3.0.17) - restriction: || (== net6.0) (== net6.0-windows7.0) (&& (== netstandard2.0) (>= net6.0))
      Xpand.VersionConverter (>= 4.222.13.2)
      Xpand.XAF.Modules.Blazor (>= 4.222.13.2) - restriction: || (== net6.0) (== net6.0-windows7.0) (&& (== netstandard2.0) (>= net6.0))
      Xpand.XAF.Modules.Reactive (>= 4.222.13.2) - restriction: || (== net6.0) (== net6.0-windows7.0) (&& (== netstandard2.0) (>= net6.0))
    Xpand.XAF.Modules.JobScheduler.Notification (4.222.13.2) - restriction: || (== net6.0) (== net6.0-windows7.0) (&& (== netstandard2.0) (>= net6.0))
      DevExpress.ExpressApp.Blazor (>= 23.1.3) - restriction: || (== net6.0) (== net6.0-windows7.0) (&& (== netstandard2.0) (>= net6.0))
      DevExpress.ExpressApp.ConditionalAppearance (>= 23.1.3) - restriction: || (== net6.0) (== net6.0-windows7.0) (&& (== netstandard2.0) (>= net6.0))
      DevExpress.ExpressApp.Validation (>= 23.1.3) - restriction: || (== net6.0) (== net6.0-windows7.0) (&& (== netstandard2.0) (>= net6.0))
      DevExpress.ExpressApp.Validation.Blazor (>= 23.1.3) - restriction: || (== net6.0) (== net6.0-windows7.0) (&& (== netstandard2.0) (>= net6.0))
      DevExpress.ExpressApp.Xpo (>= 23.1.3) - restriction: || (== net6.0) (== net6.0-windows7.0) (&& (== netstandard2.0) (>= net6.0))
      Fasterflect.Xpand (>= 2.0.7) - restriction: || (== net6.0) (== net6.0-windows7.0) (&& (== netstandard2.0) (>= net6.0))
      Hangfire.AspNetCore (>= 1.7.34) - restriction: || (== net6.0) (== net6.0-windows7.0) (&& (== netstandard2.0) (>= net6.0))
      System.Reactive (>= 5.0) - restriction: || (== net6.0) (== net6.0-windows7.0) (&& (== netstandard2.0) (>= net6.0))
      System.Threading.Tasks.Dataflow (>= 7.0) - restriction: || (== net6.0) (== net6.0-windows7.0) (&& (== netstandard2.0) (>= net6.0))
      Xpand.Extensions (>= 4.222.13.2) - restriction: || (== net6.0) (== net6.0-windows7.0) (&& (== netstandard2.0) (>= net6.0))
      Xpand.Extensions.Blazor (>= 4.222.13.2) - restriction: || (== net6.0) (== net6.0-windows7.0) (&& (== netstandard2.0) (>= net6.0))
      Xpand.Extensions.Reactive (>= 4.222.13.2) - restriction: || (== net6.0) (== net6.0-windows7.0) (&& (== netstandard2.0) (>= net6.0))
      Xpand.Extensions.XAF (>= 4.222.13.2) - restriction: || (== net6.0) (== net6.0-windows7.0) (&& (== netstandard2.0) (>= net6.0))
      Xpand.Extensions.XAF.Xpo (>= 4.222.13.2) - restriction: || (== net6.0) (== net6.0-windows7.0) (&& (== netstandard2.0) (>= net6.0))
      Xpand.Patcher (>= 3.0.17) - restriction: || (== net6.0) (== net6.0-windows7.0) (&& (== netstandard2.0) (>= net6.0))
      Xpand.VersionConverter (>= 4.222.13.2)
      Xpand.XAF.Modules.Blazor (>= 4.222.13.2) - restriction: || (== net6.0) (== net6.0-windows7.0) (&& (== netstandard2.0) (>= net6.0))
      Xpand.XAF.Modules.Reactive (>= 4.222.13.2) - restriction: || (== net6.0) (== net6.0-windows7.0) (&& (== netstandard2.0) (>= net6.0))
    Xpand.XAF.Modules.MasterDetail (4.222.13.2) - restriction: || (== net6.0) (== net6.0-windows7.0) (&& (== netstandard2.0) (>= net6.0))
      DevExpress.ExpressApp (>= 23.1.3) - restriction: || (== net6.0) (== net6.0-windows7.0) (&& (== netstandard2.0) (>= net6.0))
      Fasterflect.Xpand (>= 2.0.7) - restriction: || (== net6.0) (== net6.0-windows7.0) (&& (== netstandard2.0) (>= net6.0))
      System.Reactive (>= 5.0) - restriction: || (== net6.0) (== net6.0-windows7.0) (&& (== netstandard2.0) (>= net6.0))
      System.Text.Json (>= 7.0.2) - restriction: || (== net6.0) (== net6.0-windows7.0) (&& (== netstandard2.0) (>= net6.0))
      System.Threading.Tasks.Dataflow (>= 7.0) - restriction: || (== net6.0) (== net6.0-windows7.0) (&& (== netstandard2.0) (>= net6.0))
      Xpand.Extensions (>= 4.222.13.2) - restriction: || (== net6.0) (== net6.0-windows7.0) (&& (== netstandard2.0) (>= net6.0))
      Xpand.Extensions.Reactive (>= 4.222.13.2) - restriction: || (== net6.0) (== net6.0-windows7.0) (&& (== netstandard2.0) (>= net6.0))
      Xpand.Extensions.XAF (>= 4.222.13.2) - restriction: || (== net6.0) (== net6.0-windows7.0) (&& (== netstandard2.0) (>= net6.0))
      Xpand.Patcher (>= 3.0.17) - restriction: || (== net6.0) (== net6.0-windows7.0) (&& (== netstandard2.0) (>= net6.0))
      Xpand.VersionConverter (>= 4.222.13.2)
      Xpand.XAF.Modules.Reactive (>= 4.222.13.2) - restriction: || (== net6.0) (== net6.0-windows7.0) (&& (== netstandard2.0) (>= net6.0))
    Xpand.XAF.Modules.ModelMapper (4.222.13.2) - restriction: || (== net6.0) (== net6.0-windows7.0) (&& (== netstandard2.0) (>= net6.0))
      DevExpress.ExpressApp (>= 23.1.3) - restriction: || (== net6.0) (== net6.0-windows7.0) (&& (== netstandard2.0) (>= net6.0))
      Enums.NET (>= 4.0) - restriction: || (== net6.0) (== net6.0-windows7.0) (&& (== netstandard2.0) (>= net6.0))
      Fasterflect.Xpand (>= 2.0.7) - restriction: || (== net6.0) (== net6.0-windows7.0) (&& (== netstandard2.0) (>= net6.0))
      Mono.Cecil (>= 0.11.4) - restriction: || (== net6.0) (== net6.0-windows7.0) (&& (== netstandard2.0) (>= net6.0))
      System.CodeDom (>= 6.0) - restriction: || (== net6.0) (== net6.0-windows7.0) (&& (== netstandard2.0) (>= net6.0))
      System.Interactive (>= 5.0) - restriction: || (== net6.0) (== net6.0-windows7.0) (&& (== netstandard2.0) (>= net6.0))
      System.Reactive (>= 5.0) - restriction: || (== net6.0) (== net6.0-windows7.0) (&& (== netstandard2.0) (>= net6.0))
      System.Text.Json (>= 7.0.2) - restriction: || (== net6.0) (== net6.0-windows7.0) (&& (== netstandard2.0) (>= net6.0))
      System.Threading.Tasks.Dataflow (>= 7.0) - restriction: || (== net6.0) (== net6.0-windows7.0) (&& (== netstandard2.0) (>= net6.0))
      Xpand.Collections (>= 1.0.4) - restriction: || (== net6.0) (== net6.0-windows7.0) (&& (== netstandard2.0) (>= net6.0))
      Xpand.Extensions (>= 4.222.13.2) - restriction: || (== net6.0) (== net6.0-windows7.0) (&& (== netstandard2.0) (>= net6.0))
      Xpand.Extensions.Reactive (>= 4.222.13.2) - restriction: || (== net6.0) (== net6.0-windows7.0) (&& (== netstandard2.0) (>= net6.0))
      Xpand.Extensions.XAF (>= 4.222.13.2) - restriction: || (== net6.0) (== net6.0-windows7.0) (&& (== netstandard2.0) (>= net6.0))
      Xpand.Patcher (>= 3.0.17) - restriction: || (== net6.0) (== net6.0-windows7.0) (&& (== netstandard2.0) (>= net6.0))
      Xpand.VersionConverter (>= 4.222.13.2)
      Xpand.XAF.Modules.Reactive (>= 4.222.13.2) - restriction: || (== net6.0) (== net6.0-windows7.0) (&& (== netstandard2.0) (>= net6.0))
    Xpand.XAF.Modules.ModelViewInheritance (4.222.13.2) - restriction: || (== net6.0) (== net6.0-windows7.0) (&& (== netstandard2.0) (>= net6.0)) (&& (== netstandard2.0) (>= net6.0-windows7.0))
      DevExpress.ExpressApp (>= 23.1.3) - restriction: || (== net6.0) (== net6.0-windows7.0) (&& (== netstandard2.0) (>= net6.0))
      Fasterflect.Xpand (>= 2.0.7) - restriction: || (== net6.0) (== net6.0-windows7.0) (&& (== netstandard2.0) (>= net6.0))
      System.Reactive (>= 5.0) - restriction: || (== net6.0) (== net6.0-windows7.0) (&& (== netstandard2.0) (>= net6.0))
      System.Text.Json (>= 7.0.2) - restriction: || (== net6.0) (== net6.0-windows7.0) (&& (== netstandard2.0) (>= net6.0))
      System.Threading.Tasks.Dataflow (>= 7.0) - restriction: || (== net6.0) (== net6.0-windows7.0) (&& (== netstandard2.0) (>= net6.0))
      System.ValueTuple (>= 4.3) - restriction: || (== net6.0) (== net6.0-windows7.0) (&& (== netstandard2.0) (>= net6.0))
      Xpand.Collections (>= 1.0.4) - restriction: || (== net6.0) (== net6.0-windows7.0) (&& (== netstandard2.0) (>= net6.0))
      Xpand.Extensions (>= 4.222.13.2) - restriction: || (== net6.0) (== net6.0-windows7.0) (&& (== netstandard2.0) (>= net6.0))
      Xpand.Extensions.Reactive (>= 4.222.13.2) - restriction: || (== net6.0) (== net6.0-windows7.0) (&& (== netstandard2.0) (>= net6.0))
      Xpand.Extensions.XAF (>= 4.222.13.2) - restriction: || (== net6.0) (== net6.0-windows7.0) (&& (== netstandard2.0) (>= net6.0))
      Xpand.Patcher (>= 3.0.17) - restriction: || (== net6.0) (== net6.0-windows7.0) (&& (== netstandard2.0) (>= net6.0))
      Xpand.VersionConverter (>= 4.222.13.2)
      Xpand.XAF.Modules.Reactive (>= 4.222.13.2) - restriction: || (== net6.0) (== net6.0-windows7.0) (&& (== netstandard2.0) (>= net6.0))
    Xpand.XAF.Modules.Office.Cloud.Google (4.222.13.2) - restriction: || (== net6.0) (== net6.0-windows7.0) (&& (== netstandard2.0) (>= net6.0))
      DevExpress.Persistent.Base (>= 23.1.3) - restriction: || (== net6.0) (== net6.0-windows7.0) (&& (== netstandard2.0) (>= net6.0))
      Fasterflect.Xpand (>= 2.0.7) - restriction: || (== net6.0) (== net6.0-windows7.0) (&& (== netstandard2.0) (>= net6.0))
      Google.Apis.Auth (>= 1.55) - restriction: || (== net6.0) (== net6.0-windows7.0) (&& (== netstandard2.0) (>= net6.0))
      System.Reactive (>= 5.0) - restriction: || (== net6.0) (== net6.0-windows7.0) (&& (== netstandard2.0) (>= net6.0))
      System.Threading.Tasks.Dataflow (>= 7.0) - restriction: || (== net6.0) (== net6.0-windows7.0) (&& (== netstandard2.0) (>= net6.0))
      Xpand.Extensions (>= 4.222.13.2) - restriction: || (== net6.0) (== net6.0-windows7.0) (&& (== netstandard2.0) (>= net6.0))
      Xpand.Extensions.Office.Cloud (>= 4.222.13.2) - restriction: || (== net6.0) (== net6.0-windows7.0) (&& (== netstandard2.0) (>= net6.0))
      Xpand.Extensions.Reactive (>= 4.222.13.2) - restriction: || (== net6.0) (== net6.0-windows7.0) (&& (== netstandard2.0) (>= net6.0))
      Xpand.Extensions.XAF (>= 4.222.13.2) - restriction: || (== net6.0) (== net6.0-windows7.0) (&& (== netstandard2.0) (>= net6.0))
      Xpand.Extensions.XAF.Xpo (>= 4.222.13.2) - restriction: || (== net6.0) (== net6.0-windows7.0) (&& (== netstandard2.0) (>= net6.0))
      Xpand.Patcher (>= 3.0.17) - restriction: || (== net6.0) (== net6.0-windows7.0) (&& (== netstandard2.0) (>= net6.0))
      Xpand.VersionConverter (>= 4.222.13.2)
      Xpand.XAF.Modules.Reactive (>= 4.222.13.2) - restriction: || (== net6.0) (== net6.0-windows7.0) (&& (== netstandard2.0) (>= net6.0))
    Xpand.XAF.Modules.Office.Cloud.Google.Calendar (4.222.13.2) - restriction: || (== net6.0) (== net6.0-windows7.0) (&& (== netstandard2.0) (>= net6.0))
      DevExpress.ExpressApp.Xpo (>= 23.1.3) - restriction: || (== net6.0) (== net6.0-windows7.0) (&& (== netstandard2.0) (>= net6.0))
      DevExpress.Persistent.Base (>= 23.1.3) - restriction: || (== net6.0) (== net6.0-windows7.0) (&& (== netstandard2.0) (>= net6.0))
      Fasterflect.Xpand (>= 2.0.7) - restriction: || (== net6.0) (== net6.0-windows7.0) (&& (== netstandard2.0) (>= net6.0))
      Google.Apis.Calendar.v3 (>= 1.55.0.2410) - restriction: || (== net6.0) (== net6.0-windows7.0) (&& (== netstandard2.0) (>= net6.0))
      System.Reactive (>= 5.0) - restriction: || (== net6.0) (== net6.0-windows7.0) (&& (== netstandard2.0) (>= net6.0))
      System.Threading.Tasks.Dataflow (>= 7.0) - restriction: || (== net6.0) (== net6.0-windows7.0) (&& (== netstandard2.0) (>= net6.0))
      Xpand.Extensions (>= 4.222.13.2) - restriction: || (== net6.0) (== net6.0-windows7.0) (&& (== netstandard2.0) (>= net6.0))
      Xpand.Extensions.Office.Cloud (>= 4.222.13.2) - restriction: || (== net6.0) (== net6.0-windows7.0) (&& (== netstandard2.0) (>= net6.0))
      Xpand.Extensions.Reactive (>= 4.222.13.2) - restriction: || (== net6.0) (== net6.0-windows7.0) (&& (== netstandard2.0) (>= net6.0))
      Xpand.Extensions.XAF (>= 4.222.13.2) - restriction: || (== net6.0) (== net6.0-windows7.0) (&& (== netstandard2.0) (>= net6.0))
      Xpand.Extensions.XAF.Xpo (>= 4.222.13.2) - restriction: || (== net6.0) (== net6.0-windows7.0) (&& (== netstandard2.0) (>= net6.0))
      Xpand.Patcher (>= 3.0.17) - restriction: || (== net6.0) (== net6.0-windows7.0) (&& (== netstandard2.0) (>= net6.0))
      Xpand.VersionConverter (>= 4.222.13.2)
      Xpand.XAF.Modules.Office.Cloud.Google (>= 4.222.13.2) - restriction: || (== net6.0) (== net6.0-windows7.0) (&& (== netstandard2.0) (>= net6.0))
      Xpand.XAF.Modules.Reactive (>= 4.222.13.2) - restriction: || (== net6.0) (== net6.0-windows7.0) (&& (== netstandard2.0) (>= net6.0))
    Xpand.XAF.Modules.Office.Cloud.Google.Tasks (4.222.13.2) - restriction: || (== net6.0) (== net6.0-windows7.0) (&& (== netstandard2.0) (>= net6.0))
      DevExpress.ExpressApp.Xpo (>= 23.1.3) - restriction: || (== net6.0) (== net6.0-windows7.0) (&& (== netstandard2.0) (>= net6.0))
      DevExpress.Persistent.Base (>= 23.1.3) - restriction: || (== net6.0) (== net6.0-windows7.0) (&& (== netstandard2.0) (>= net6.0))
      Fasterflect.Xpand (>= 2.0.7) - restriction: || (== net6.0) (== net6.0-windows7.0) (&& (== netstandard2.0) (>= net6.0))
      Google.Apis.Tasks.v1 (>= 1.55.0.2384) - restriction: || (== net6.0) (== net6.0-windows7.0) (&& (== netstandard2.0) (>= net6.0))
      System.Reactive (>= 5.0) - restriction: || (== net6.0) (== net6.0-windows7.0) (&& (== netstandard2.0) (>= net6.0))
      System.Threading.Tasks.Dataflow (>= 7.0) - restriction: || (== net6.0) (== net6.0-windows7.0) (&& (== netstandard2.0) (>= net6.0))
      Xpand.Extensions (>= 4.222.13.2) - restriction: || (== net6.0) (== net6.0-windows7.0) (&& (== netstandard2.0) (>= net6.0))
      Xpand.Extensions.Office.Cloud (>= 4.222.13.2) - restriction: || (== net6.0) (== net6.0-windows7.0) (&& (== netstandard2.0) (>= net6.0))
      Xpand.Extensions.Reactive (>= 4.222.13.2) - restriction: || (== net6.0) (== net6.0-windows7.0) (&& (== netstandard2.0) (>= net6.0))
      Xpand.Extensions.XAF (>= 4.222.13.2) - restriction: || (== net6.0) (== net6.0-windows7.0) (&& (== netstandard2.0) (>= net6.0))
      Xpand.Extensions.XAF.Xpo (>= 4.222.13.2) - restriction: || (== net6.0) (== net6.0-windows7.0) (&& (== netstandard2.0) (>= net6.0))
      Xpand.Patcher (>= 3.0.17) - restriction: || (== net6.0) (== net6.0-windows7.0) (&& (== netstandard2.0) (>= net6.0))
      Xpand.VersionConverter (>= 4.222.13.2)
      Xpand.XAF.Modules.Office.Cloud.Google (>= 4.222.13.2) - restriction: || (== net6.0) (== net6.0-windows7.0) (&& (== netstandard2.0) (>= net6.0))
      Xpand.XAF.Modules.Reactive (>= 4.222.13.2) - restriction: || (== net6.0) (== net6.0-windows7.0) (&& (== netstandard2.0) (>= net6.0))
    Xpand.XAF.Modules.Office.DocumentStyleManager (4.222.13.2) - restriction: || (&& (== net6.0) (>= net6.0-windows7.0)) (== net6.0-windows7.0) (&& (== netstandard2.0) (>= net6.0-windows7.0))
      DevExpress.ExpressApp.ConditionalAppearance (>= 23.1.3) - restriction: || (== net6.0) (== net6.0-windows7.0) (&& (== netstandard2.0) (>= net6.0))
      DevExpress.ExpressApp.Office (>= 23.1.3) - restriction: || (== net6.0) (== net6.0-windows7.0) (&& (== netstandard2.0) (>= net6.0))
      Fasterflect.Xpand (>= 2.0.7) - restriction: || (== net6.0) (== net6.0-windows7.0) (&& (== netstandard2.0) (>= net6.0))
      System.Interactive (>= 5.0) - restriction: || (== net6.0) (== net6.0-windows7.0) (&& (== netstandard2.0) (>= net6.0))
      System.Reactive (>= 5.0) - restriction: || (== net6.0) (== net6.0-windows7.0) (&& (== netstandard2.0) (>= net6.0))
      System.Text.Json (>= 7.0.2) - restriction: || (== net6.0) (== net6.0-windows7.0) (&& (== netstandard2.0) (>= net6.0))
      System.Threading.Tasks.Dataflow (>= 7.0) - restriction: || (== net6.0) (== net6.0-windows7.0) (&& (== netstandard2.0) (>= net6.0))
      Xpand.Extensions (>= 4.222.13.2) - restriction: || (== net6.0) (== net6.0-windows7.0) (&& (== netstandard2.0) (>= net6.0))
      Xpand.Extensions.Reactive (>= 4.222.13.2) - restriction: || (== net6.0) (== net6.0-windows7.0) (&& (== netstandard2.0) (>= net6.0))
      Xpand.Extensions.XAF (>= 4.222.13.2) - restriction: || (== net6.0) (== net6.0-windows7.0) (&& (== netstandard2.0) (>= net6.0))
      Xpand.Extensions.XAF.Xpo (>= 4.222.13.2) - restriction: || (== net6.0) (== net6.0-windows7.0) (&& (== netstandard2.0) (>= net6.0))
      Xpand.Patcher (>= 3.0.17) - restriction: || (== net6.0) (== net6.0-windows7.0) (&& (== netstandard2.0) (>= net6.0))
      Xpand.VersionConverter (>= 4.222.13.2)
      Xpand.XAF.Modules.HideToolBar (>= 4.222.13.2) - restriction: || (== net6.0) (== net6.0-windows7.0) (&& (== netstandard2.0) (>= net6.0))
      Xpand.XAF.Modules.Reactive (>= 4.222.13.2) - restriction: || (== net6.0) (== net6.0-windows7.0) (&& (== netstandard2.0) (>= net6.0))
      Xpand.XAF.Modules.SuppressConfirmation (>= 4.222.13.2) - restriction: || (== net6.0) (== net6.0-windows7.0) (&& (== netstandard2.0) (>= net6.0))
      Xpand.XAF.Modules.ViewItemValue (>= 4.222.13.2) - restriction: || (== net6.0) (== net6.0-windows7.0) (&& (== netstandard2.0) (>= net6.0))
    Xpand.XAF.Modules.OneView (4.222.13.2) - restriction: || (&& (== net6.0) (>= net6.0-windows7.0)) (== net6.0-windows7.0) (&& (== netstandard2.0) (>= net6.0-windows7.0))
      DevExpress.ExpressApp.Win (>= 23.1.3) - restriction: || (== net6.0) (== net6.0-windows7.0) (&& (== netstandard2.0) (>= net6.0))
      Fasterflect.Xpand (>= 2.0.7) - restriction: || (== net6.0) (== net6.0-windows7.0) (&& (== netstandard2.0) (>= net6.0))
      System.Reactive (>= 5.0) - restriction: || (== net6.0) (== net6.0-windows7.0) (&& (== netstandard2.0) (>= net6.0))
      System.Text.Json (>= 7.0.2) - restriction: || (== net6.0) (== net6.0-windows7.0) (&& (== netstandard2.0) (>= net6.0))
      System.Threading.Tasks.Dataflow (>= 7.0) - restriction: || (== net6.0) (== net6.0-windows7.0) (&& (== netstandard2.0) (>= net6.0))
      Xpand.Extensions (>= 4.222.13.2) - restriction: || (== net6.0) (== net6.0-windows7.0) (&& (== netstandard2.0) (>= net6.0))
      Xpand.Extensions.Reactive (>= 4.222.13.2) - restriction: || (== net6.0) (== net6.0-windows7.0) (&& (== netstandard2.0) (>= net6.0))
      Xpand.Extensions.XAF (>= 4.222.13.2) - restriction: || (== net6.0) (== net6.0-windows7.0) (&& (== netstandard2.0) (>= net6.0))
      Xpand.Patcher (>= 3.0.17) - restriction: || (== net6.0) (== net6.0-windows7.0) (&& (== netstandard2.0) (>= net6.0))
      Xpand.VersionConverter (>= 4.222.13.2)
      Xpand.XAF.Modules.Reactive (>= 4.222.13.2) - restriction: || (== net6.0) (== net6.0-windows7.0) (&& (== netstandard2.0) (>= net6.0))
    Xpand.XAF.Modules.PositionInListView (4.222.13.2) - restriction: || (== net6.0) (== net6.0-windows7.0) (&& (== netstandard2.0) (>= net6.0))
      DevExpress.ExpressApp (>= 23.1.3) - restriction: || (== net6.0) (== net6.0-windows7.0) (&& (== netstandard2.0) (>= net6.0))
      Fasterflect.Xpand (>= 2.0.7) - restriction: || (== net6.0) (== net6.0-windows7.0) (&& (== netstandard2.0) (>= net6.0))
      System.Reactive (>= 5.0) - restriction: || (== net6.0) (== net6.0-windows7.0) (&& (== netstandard2.0) (>= net6.0))
      System.Text.Json (>= 7.0.2) - restriction: || (== net6.0) (== net6.0-windows7.0) (&& (== netstandard2.0) (>= net6.0))
      System.Threading.Tasks.Dataflow (>= 7.0) - restriction: || (== net6.0) (== net6.0-windows7.0) (&& (== netstandard2.0) (>= net6.0))
      Xpand.Extensions (>= 4.222.13.2) - restriction: || (== net6.0) (== net6.0-windows7.0) (&& (== netstandard2.0) (>= net6.0))
      Xpand.Extensions.Reactive (>= 4.222.13.2) - restriction: || (== net6.0) (== net6.0-windows7.0) (&& (== netstandard2.0) (>= net6.0))
      Xpand.Extensions.XAF (>= 4.222.13.2) - restriction: || (== net6.0) (== net6.0-windows7.0) (&& (== netstandard2.0) (>= net6.0))
      Xpand.Patcher (>= 3.0.17) - restriction: || (== net6.0) (== net6.0-windows7.0) (&& (== netstandard2.0) (>= net6.0))
      Xpand.VersionConverter (>= 4.222.13.2)
      Xpand.XAF.Modules.Reactive (>= 4.222.13.2) - restriction: || (== net6.0) (== net6.0-windows7.0) (&& (== netstandard2.0) (>= net6.0))
    Xpand.XAF.Modules.ProgressBarViewItem (4.222.13.2) - restriction: || (== net6.0) (== net6.0-windows7.0) (&& (== netstandard2.0) (>= net6.0))
      DevExpress.ExpressApp (>= 23.1.3) - restriction: || (== net6.0) (== net6.0-windows7.0) (&& (== netstandard2.0) (>= net6.0))
      Fasterflect.Xpand (>= 2.0.7) - restriction: || (== net6.0) (== net6.0-windows7.0) (&& (== netstandard2.0) (>= net6.0))
      System.CodeDom (>= 6.0) - restriction: || (== net6.0) (== net6.0-windows7.0) (&& (== netstandard2.0) (>= net6.0))
      System.Reactive (>= 5.0) - restriction: || (== net6.0) (== net6.0-windows7.0) (&& (== netstandard2.0) (>= net6.0))
      System.Text.Json (>= 7.0.2) - restriction: || (== net6.0) (== net6.0-windows7.0) (&& (== netstandard2.0) (>= net6.0))
      System.Threading.Tasks.Dataflow (>= 7.0) - restriction: || (== net6.0) (== net6.0-windows7.0) (&& (== netstandard2.0) (>= net6.0))
      Xpand.Extensions (>= 4.222.13.2) - restriction: || (== net6.0) (== net6.0-windows7.0) (&& (== netstandard2.0) (>= net6.0))
      Xpand.Extensions.Reactive (>= 4.222.13.2) - restriction: || (== net6.0) (== net6.0-windows7.0) (&& (== netstandard2.0) (>= net6.0))
      Xpand.Extensions.XAF (>= 4.222.13.2) - restriction: || (== net6.0) (== net6.0-windows7.0) (&& (== netstandard2.0) (>= net6.0))
      Xpand.Patcher (>= 3.0.17) - restriction: || (== net6.0) (== net6.0-windows7.0) (&& (== netstandard2.0) (>= net6.0))
      Xpand.VersionConverter (>= 4.222.13.2)
      Xpand.XAF.Modules.Reactive (>= 4.222.13.2) - restriction: || (== net6.0) (== net6.0-windows7.0) (&& (== netstandard2.0) (>= net6.0))
    Xpand.XAF.Modules.RazorView (4.222.13.2) - restriction: || (== net6.0) (== net6.0-windows7.0) (&& (== netstandard2.0) (>= net6.0))
      DevExpress.ExpressApp.Validation (>= 23.1.3) - restriction: || (== net6.0) (== net6.0-windows7.0) (&& (== netstandard2.0) (>= net6.0))
      Fasterflect.Xpand (>= 2.0.7) - restriction: || (== net6.0) (== net6.0-windows7.0) (&& (== netstandard2.0) (>= net6.0))
      RazorLight (>= 2.0.0-rc.3) - restriction: || (== net6.0) (== net6.0-windows7.0) (&& (== netstandard2.0) (>= net6.0))
      System.Reactive (>= 5.0) - restriction: || (== net6.0) (== net6.0-windows7.0) (&& (== netstandard2.0) (>= net6.0))
      System.Reflection.Metadata (>= 5.0) - restriction: || (== net6.0) (== net6.0-windows7.0) (&& (== netstandard2.0) (>= net6.0))
      System.Text.Json (>= 7.0.2) - restriction: || (== net6.0) (== net6.0-windows7.0) (&& (== netstandard2.0) (>= net6.0))
      System.Threading.Tasks.Dataflow (>= 7.0) - restriction: || (== net6.0) (== net6.0-windows7.0) (&& (== netstandard2.0) (>= net6.0))
      Xpand.Collections (>= 1.0.4) - restriction: || (== net6.0) (== net6.0-windows7.0) (&& (== netstandard2.0) (>= net6.0))
      Xpand.Extensions (>= 4.222.13.2) - restriction: || (== net6.0) (== net6.0-windows7.0) (&& (== netstandard2.0) (>= net6.0))
      Xpand.Extensions.Reactive (>= 4.222.13.2) - restriction: || (== net6.0) (== net6.0-windows7.0) (&& (== netstandard2.0) (>= net6.0))
      Xpand.Extensions.XAF (>= 4.222.13.2) - restriction: || (== net6.0) (== net6.0-windows7.0) (&& (== netstandard2.0) (>= net6.0))
      Xpand.Extensions.XAF.Xpo (>= 4.222.13.2) - restriction: || (== net6.0) (== net6.0-windows7.0) (&& (== netstandard2.0) (>= net6.0))
      Xpand.Patcher (>= 3.0.17) - restriction: || (== net6.0) (== net6.0-windows7.0) (&& (== netstandard2.0) (>= net6.0))
      Xpand.VersionConverter (>= 4.222.13.2)
      Xpand.XAF.Modules.Reactive (>= 4.222.13.2) - restriction: || (== net6.0) (== net6.0-windows7.0) (&& (== netstandard2.0) (>= net6.0))
    Xpand.XAF.Modules.Reactive (4.222.13.2) - restriction: || (== net6.0) (== net6.0-windows7.0) (&& (== netstandard2.0) (>= net6.0)) (&& (== netstandard2.0) (>= net6.0-windows7.0))
      DevExpress.ExpressApp (>= 23.1.3) - restriction: || (== net6.0) (== net6.0-windows7.0) (&& (== netstandard2.0) (>= net6.0))
      DevExpress.ExpressApp.Security.Xpo (>= 23.1.3) - restriction: || (== net6.0) (== net6.0-windows7.0) (&& (== netstandard2.0) (>= net6.0))
      DevExpress.Persistent.Base (>= 23.1.3) - restriction: || (== net6.0) (== net6.0-windows7.0) (&& (== netstandard2.0) (>= net6.0))
      Enums.NET (>= 4.0) - restriction: || (== net6.0) (== net6.0-windows7.0) (&& (== netstandard2.0) (>= net6.0))
      Fasterflect.Xpand (>= 2.0.7) - restriction: || (== net6.0) (== net6.0-windows7.0) (&& (== netstandard2.0) (>= net6.0))
      Microsoft.CSharp (>= 4.7) - restriction: || (== net6.0) (== net6.0-windows7.0) (&& (== netstandard2.0) (>= net6.0))
      Serialize.Linq (>= 2.0) - restriction: || (== net6.0) (== net6.0-windows7.0) (&& (== netstandard2.0) (>= net6.0))
      System.Interactive (>= 5.0) - restriction: || (== net6.0) (== net6.0-windows7.0) (&& (== netstandard2.0) (>= net6.0))
      System.Reactive (>= 5.0) - restriction: || (== net6.0) (== net6.0-windows7.0) (&& (== netstandard2.0) (>= net6.0))
      System.Text.Json (>= 7.0.2) - restriction: || (== net6.0) (== net6.0-windows7.0) (&& (== netstandard2.0) (>= net6.0))
      System.Threading.Tasks.Dataflow (>= 7.0) - restriction: || (== net6.0) (== net6.0-windows7.0) (&& (== netstandard2.0) (>= net6.0))
      Xpand.Extensions (>= 4.222.13.2) - restriction: || (== net6.0) (== net6.0-windows7.0) (&& (== netstandard2.0) (>= net6.0))
      Xpand.Extensions.Reactive (>= 4.222.13.2) - restriction: || (== net6.0) (== net6.0-windows7.0) (&& (== netstandard2.0) (>= net6.0))
      Xpand.Extensions.XAF (>= 4.222.13.2) - restriction: || (== net6.0) (== net6.0-windows7.0) (&& (== netstandard2.0) (>= net6.0))
      Xpand.Patcher (>= 3.0.17) - restriction: || (== net6.0) (== net6.0-windows7.0) (&& (== netstandard2.0) (>= net6.0))
      Xpand.VersionConverter (>= 4.222.13.2)
    Xpand.XAF.Modules.Reactive.Logger (4.222.13.2) - restriction: || (== net6.0) (== net6.0-windows7.0) (&& (== netstandard2.0) (>= net6.0))
      DevExpress.ExpressApp.ConditionalAppearance (>= 23.1.3) - restriction: || (== net6.0) (== net6.0-windows7.0) (&& (== netstandard2.0) (>= net6.0))
      DevExpress.ExpressApp.Notifications (>= 23.1.3) - restriction: || (== net6.0) (== net6.0-windows7.0) (&& (== netstandard2.0) (>= net6.0))
      Fasterflect.Xpand (>= 2.0.7) - restriction: || (== net6.0) (== net6.0-windows7.0) (&& (== netstandard2.0) (>= net6.0))
      System.Reactive (>= 5.0) - restriction: || (== net6.0) (== net6.0-windows7.0) (&& (== netstandard2.0) (>= net6.0))
      System.Text.Json (>= 7.0.2) - restriction: || (== net6.0) (== net6.0-windows7.0) (&& (== netstandard2.0) (>= net6.0))
      System.Threading.Tasks.Dataflow (>= 7.0) - restriction: || (== net6.0) (== net6.0-windows7.0) (&& (== netstandard2.0) (>= net6.0))
      Xpand.Extensions (>= 4.222.13.2) - restriction: || (== net6.0) (== net6.0-windows7.0) (&& (== netstandard2.0) (>= net6.0))
      Xpand.Extensions.Reactive (>= 4.222.13.2) - restriction: || (== net6.0) (== net6.0-windows7.0) (&& (== netstandard2.0) (>= net6.0))
      Xpand.Extensions.XAF (>= 4.222.13.2) - restriction: || (== net6.0) (== net6.0-windows7.0) (&& (== netstandard2.0) (>= net6.0))
      Xpand.Patcher (>= 3.0.17) - restriction: || (== net6.0) (== net6.0-windows7.0) (&& (== netstandard2.0) (>= net6.0))
      Xpand.VersionConverter (>= 4.222.13.2)
      Xpand.XAF.Modules.Reactive (>= 4.222.13.2) - restriction: || (== net6.0) (== net6.0-windows7.0) (&& (== netstandard2.0) (>= net6.0))
    Xpand.XAF.Modules.Reactive.Logger.Hub (4.222.13.2) - restriction: || (== net6.0) (== net6.0-windows7.0) (&& (== netstandard2.0) (>= net6.0))
      DevExpress.ExpressApp (>= 23.1.3) - restriction: || (== net6.0) (== net6.0-windows7.0) (&& (== netstandard2.0) (>= net6.0))
      DevExpress.Xpo (>= 23.1.3) - restriction: || (== net6.0) (== net6.0-windows7.0) (&& (== netstandard2.0) (>= net6.0))
      Fasterflect.Xpand (>= 2.0.7) - restriction: || (== net6.0) (== net6.0-windows7.0) (&& (== netstandard2.0) (>= net6.0))
      MagicOnion (>= 2.6.3) - restriction: || (== net6.0) (== net6.0-windows7.0) (&& (== netstandard2.0) (>= net6.0))
      System.CodeDom (>= 6.0) - restriction: || (== net6.0) (== net6.0-windows7.0) (&& (== netstandard2.0) (>= net6.0))
      System.Interactive.Async (>= 5.0) - restriction: || (== net6.0) (== net6.0-windows7.0) (&& (== netstandard2.0) (>= net6.0))
      System.Reactive (>= 5.0) - restriction: || (== net6.0) (== net6.0-windows7.0) (&& (== netstandard2.0) (>= net6.0))
      System.Text.Json (>= 7.0.2) - restriction: || (== net6.0) (== net6.0-windows7.0) (&& (== netstandard2.0) (>= net6.0))
      System.Threading.Tasks.Dataflow (>= 7.0) - restriction: || (== net6.0) (== net6.0-windows7.0) (&& (== netstandard2.0) (>= net6.0))
      Xpand.Collections (>= 1.0.4) - restriction: || (== net6.0) (== net6.0-windows7.0) (&& (== netstandard2.0) (>= net6.0))
      Xpand.Extensions (>= 4.222.13.2) - restriction: || (== net6.0) (== net6.0-windows7.0) (&& (== netstandard2.0) (>= net6.0))
      Xpand.Extensions.Reactive (>= 4.222.13.2) - restriction: || (== net6.0) (== net6.0-windows7.0) (&& (== netstandard2.0) (>= net6.0))
      Xpand.Extensions.XAF (>= 4.222.13.2) - restriction: || (== net6.0) (== net6.0-windows7.0) (&& (== netstandard2.0) (>= net6.0))
      Xpand.Patcher (>= 3.0.17) - restriction: || (== net6.0) (== net6.0-windows7.0) (&& (== netstandard2.0) (>= net6.0))
      Xpand.VersionConverter (>= 4.222.13.2)
      Xpand.XAF.Modules.Reactive (>= 4.222.13.2) - restriction: || (== net6.0) (== net6.0-windows7.0) (&& (== netstandard2.0) (>= net6.0))
      Xpand.XAF.Modules.Reactive.Logger (>= 4.222.13.2) - restriction: || (== net6.0) (== net6.0-windows7.0) (&& (== netstandard2.0) (>= net6.0))
      YamlDotNet (>= 11.2.1) - restriction: || (== net6.0) (== net6.0-windows7.0) (&& (== netstandard2.0) (>= net6.0))
    Xpand.XAF.Modules.Reactive.Rest (4.222.13.2) - restriction: || (== net6.0) (== net6.0-windows7.0) (&& (== netstandard2.0) (>= net6.0))
      DevExpress.ExpressApp (>= 23.1.3) - restriction: || (== net6.0) (== net6.0-windows7.0) (&& (== netstandard2.0) (>= net6.0))
      Fasterflect.Xpand (>= 2.0.7) - restriction: || (== net6.0) (== net6.0-windows7.0) (&& (== netstandard2.0) (>= net6.0))
      Microsoft.CSharp (>= 4.7) - restriction: || (== net6.0) (== net6.0-windows7.0) (&& (== netstandard2.0) (>= net6.0))
      System.Reactive (>= 5.0) - restriction: || (== net6.0) (== net6.0-windows7.0) (&& (== netstandard2.0) (>= net6.0))
      System.Text.Json (>= 7.0.2) - restriction: || (== net6.0) (== net6.0-windows7.0) (&& (== netstandard2.0) (>= net6.0))
      System.Threading.Tasks.Dataflow (>= 7.0) - restriction: || (== net6.0) (== net6.0-windows7.0) (&& (== netstandard2.0) (>= net6.0))
      Xpand.Extensions (>= 4.222.13.2) - restriction: || (== net6.0) (== net6.0-windows7.0) (&& (== netstandard2.0) (>= net6.0))
      Xpand.Extensions.Reactive (>= 4.222.13.2) - restriction: || (== net6.0) (== net6.0-windows7.0) (&& (== netstandard2.0) (>= net6.0))
      Xpand.Extensions.XAF (>= 4.222.13.2) - restriction: || (== net6.0) (== net6.0-windows7.0) (&& (== netstandard2.0) (>= net6.0))
      Xpand.Patcher (>= 3.0.17) - restriction: || (== net6.0) (== net6.0-windows7.0) (&& (== netstandard2.0) (>= net6.0))
      Xpand.VersionConverter (>= 4.222.13.2)
      Xpand.XAF.Modules.Reactive (>= 4.222.13.2) - restriction: || (== net6.0) (== net6.0-windows7.0) (&& (== netstandard2.0) (>= net6.0))
    Xpand.XAF.Modules.RefreshView (4.222.13.2) - restriction: || (== net6.0) (== net6.0-windows7.0) (&& (== netstandard2.0) (>= net6.0))
      DevExpress.ExpressApp (>= 23.1.3) - restriction: || (== net6.0) (== net6.0-windows7.0) (&& (== netstandard2.0) (>= net6.0))
      Fasterflect.Xpand (>= 2.0.7) - restriction: || (== net6.0) (== net6.0-windows7.0) (&& (== netstandard2.0) (>= net6.0))
      System.Reactive (>= 5.0) - restriction: || (== net6.0) (== net6.0-windows7.0) (&& (== netstandard2.0) (>= net6.0))
      System.Text.Json (>= 7.0.2) - restriction: || (== net6.0) (== net6.0-windows7.0) (&& (== netstandard2.0) (>= net6.0))
      System.Threading.Tasks.Dataflow (>= 7.0) - restriction: || (== net6.0) (== net6.0-windows7.0) (&& (== netstandard2.0) (>= net6.0))
      Xpand.Extensions (>= 4.222.13.2) - restriction: || (== net6.0) (== net6.0-windows7.0) (&& (== netstandard2.0) (>= net6.0))
      Xpand.Extensions.Reactive (>= 4.222.13.2) - restriction: || (== net6.0) (== net6.0-windows7.0) (&& (== netstandard2.0) (>= net6.0))
      Xpand.Patcher (>= 3.0.17) - restriction: || (== net6.0) (== net6.0-windows7.0) (&& (== netstandard2.0) (>= net6.0))
      Xpand.VersionConverter (>= 4.222.13.2)
      Xpand.XAF.Modules.Reactive (>= 4.222.13.2) - restriction: || (== net6.0) (== net6.0-windows7.0) (&& (== netstandard2.0) (>= net6.0))
    Xpand.XAF.Modules.SequenceGenerator (4.222.13.2) - restriction: || (== net6.0) (== net6.0-windows7.0) (&& (== netstandard2.0) (>= net6.0))
      DevExpress.ExpressApp.Validation (>= 23.1.3) - restriction: || (== net6.0) (== net6.0-windows7.0) (&& (== netstandard2.0) (>= net6.0))
      DevExpress.ExpressApp.Xpo (>= 23.1.3) - restriction: || (== net6.0) (== net6.0-windows7.0) (&& (== netstandard2.0) (>= net6.0))
      Fasterflect.Xpand (>= 2.0.7) - restriction: || (== net6.0) (== net6.0-windows7.0) (&& (== netstandard2.0) (>= net6.0))
      System.Reactive (>= 5.0) - restriction: || (== net6.0) (== net6.0-windows7.0) (&& (== netstandard2.0) (>= net6.0))
      System.Text.Json (>= 7.0.2) - restriction: || (== net6.0) (== net6.0-windows7.0) (&& (== netstandard2.0) (>= net6.0))
      System.Threading.Tasks.Dataflow (>= 7.0) - restriction: || (== net6.0) (== net6.0-windows7.0) (&& (== netstandard2.0) (>= net6.0))
      Xpand.Extensions (>= 4.222.13.2) - restriction: || (== net6.0) (== net6.0-windows7.0) (&& (== netstandard2.0) (>= net6.0))
      Xpand.Extensions.Reactive (>= 4.222.13.2) - restriction: || (== net6.0) (== net6.0-windows7.0) (&& (== netstandard2.0) (>= net6.0))
      Xpand.Extensions.XAF (>= 4.222.13.2) - restriction: || (== net6.0) (== net6.0-windows7.0) (&& (== netstandard2.0) (>= net6.0))
      Xpand.Extensions.XAF.Xpo (>= 4.222.13.2) - restriction: || (== net6.0) (== net6.0-windows7.0) (&& (== netstandard2.0) (>= net6.0))
      Xpand.Patcher (>= 3.0.17) - restriction: || (== net6.0) (== net6.0-windows7.0) (&& (== netstandard2.0) (>= net6.0))
      Xpand.VersionConverter (>= 4.222.13.2)
      Xpand.XAF.Modules.Reactive (>= 4.222.13.2) - restriction: || (== net6.0) (== net6.0-windows7.0) (&& (== netstandard2.0) (>= net6.0))
    Xpand.XAF.Modules.Speech (4.222.13.2) - restriction: || (&& (== net6.0) (>= net6.0-windows7.0)) (== net6.0-windows7.0) (&& (== netstandard2.0) (>= net6.0-windows7.0))
      DevExpress.ExpressApp (>= 23.1.3) - restriction: || (== net6.0) (== net6.0-windows7.0) (&& (== netstandard2.0) (>= net6.0))
      DevExpress.ExpressApp.ConditionalAppearance (>= 23.1.3) - restriction: || (== net6.0) (== net6.0-windows7.0) (&& (== netstandard2.0) (>= net6.0))
      DevExpress.ExpressApp.Notifications (>= 23.1.3) - restriction: || (== net6.0) (== net6.0-windows7.0) (&& (== netstandard2.0) (>= net6.0))
      DevExpress.ExpressApp.Validation (>= 23.1.3) - restriction: || (== net6.0) (== net6.0-windows7.0) (&& (== netstandard2.0) (>= net6.0))
      DevExpress.ExpressApp.ViewVariantsModule (>= 23.1.3) - restriction: || (== net6.0) (== net6.0-windows7.0) (&& (== netstandard2.0) (>= net6.0))
      DevExpress.ExpressApp.Xpo (>= 23.1.3) - restriction: || (== net6.0) (== net6.0-windows7.0) (&& (== netstandard2.0) (>= net6.0))
      DevExpress.Utils (>= 23.1.3) - restriction: || (== net6.0) (== net6.0-windows7.0) (&& (== netstandard2.0) (>= net6.0))
      Enums.NET (>= 4.0) - restriction: || (== net6.0) (== net6.0-windows7.0) (&& (== netstandard2.0) (>= net6.0))
      Fasterflect.Xpand (>= 2.0.7) - restriction: || (== net6.0) (== net6.0-windows7.0) (&& (== netstandard2.0) (>= net6.0))
      Microsoft.CognitiveServices.Speech (>= 1.23) - restriction: || (== net6.0) (== net6.0-windows7.0) (&& (== netstandard2.0) (>= net6.0))
      NAudio (>= 2.1) - restriction: || (== net6.0) (== net6.0-windows7.0) (&& (== netstandard2.0) (>= net6.0))
      System.Reactive (>= 5.0) - restriction: || (== net6.0) (== net6.0-windows7.0) (&& (== netstandard2.0) (>= net6.0))
      System.Text.Json (>= 7.0.2) - restriction: || (== net6.0) (== net6.0-windows7.0) (&& (== netstandard2.0) (>= net6.0))
      System.Threading.Tasks.Dataflow (>= 7.0) - restriction: || (== net6.0) (== net6.0-windows7.0) (&& (== netstandard2.0) (>= net6.0))
      Xpand.Collections (>= 1.0.4) - restriction: || (== net6.0) (== net6.0-windows7.0) (&& (== netstandard2.0) (>= net6.0))
      Xpand.Extensions (>= 4.222.13.2) - restriction: || (== net6.0) (== net6.0-windows7.0) (&& (== netstandard2.0) (>= net6.0))
      Xpand.Extensions.Reactive (>= 4.222.13.2) - restriction: || (== net6.0) (== net6.0-windows7.0) (&& (== netstandard2.0) (>= net6.0))
      Xpand.Extensions.XAF (>= 4.222.13.2) - restriction: || (== net6.0) (== net6.0-windows7.0) (&& (== netstandard2.0) (>= net6.0))
      Xpand.Extensions.XAF.Xpo (>= 4.222.13.2) - restriction: || (== net6.0) (== net6.0-windows7.0) (&& (== netstandard2.0) (>= net6.0))
      Xpand.Patcher (>= 3.0.17) - restriction: || (== net6.0) (== net6.0-windows7.0) (&& (== netstandard2.0) (>= net6.0))
      Xpand.VersionConverter (>= 4.222.13.2)
      Xpand.XAF.Modules.CloneModelView (>= 4.222.13.2) - restriction: || (== net6.0) (== net6.0-windows7.0) (&& (== netstandard2.0) (>= net6.0))
      Xpand.XAF.Modules.HideToolBar (>= 4.222.13.2) - restriction: || (== net6.0) (== net6.0-windows7.0) (&& (== netstandard2.0) (>= net6.0))
      Xpand.XAF.Modules.ModelViewInheritance (>= 4.222.13.2) - restriction: || (== net6.0) (== net6.0-windows7.0) (&& (== netstandard2.0) (>= net6.0))
      Xpand.XAF.Modules.Reactive (>= 4.222.13.2) - restriction: || (== net6.0) (== net6.0-windows7.0) (&& (== netstandard2.0) (>= net6.0))
      Xpand.XAF.Modules.SpellChecker (>= 4.222.13.2) - restriction: || (== net6.0) (== net6.0-windows7.0) (&& (== netstandard2.0) (>= net6.0))
      Xpand.XAF.Modules.StoreToDisk (>= 4.222.13.2) - restriction: || (== net6.0) (== net6.0-windows7.0) (&& (== netstandard2.0) (>= net6.0))
      Xpand.XAF.Modules.SuppressConfirmation (>= 4.222.13.2) - restriction: || (== net6.0) (== net6.0-windows7.0) (&& (== netstandard2.0) (>= net6.0))
      Xpand.XAF.Modules.ViewItemValue (>= 4.222.13.2) - restriction: || (== net6.0) (== net6.0-windows7.0) (&& (== netstandard2.0) (>= net6.0))
      Xpand.XAF.Modules.Windows (>= 4.222.13.2) - restriction: || (== net6.0) (== net6.0-windows7.0) (&& (== netstandard2.0) (>= net6.0))
    Xpand.XAF.Modules.SpellChecker (4.222.13.2) - restriction: || (&& (== net6.0) (>= net6.0-windows7.0)) (== net6.0-windows7.0) (&& (== netstandard2.0) (>= net6.0-windows7.0))
      DevExpress.ExpressApp.Win (>= 23.1.3) - restriction: || (== net6.0) (== net6.0-windows7.0) (&& (== netstandard2.0) (>= net6.0))
      DevExpress.Persistent.Base (>= 23.1.3) - restriction: || (== net6.0) (== net6.0-windows7.0) (&& (== netstandard2.0) (>= net6.0))
      DevExpress.SpellChecker.Core (>= 23.1.3) - restriction: || (== net6.0) (== net6.0-windows7.0) (&& (== netstandard2.0) (>= net6.0))
      DevExpress.Win.SpellChecker (>= 23.1.3) - restriction: || (== net6.0) (== net6.0-windows7.0) (&& (== netstandard2.0) (>= net6.0))
      Fasterflect.Xpand (>= 2.0.7) - restriction: || (== net6.0) (== net6.0-windows7.0) (&& (== netstandard2.0) (>= net6.0))
      System.Reactive (>= 5.0) - restriction: || (== net6.0) (== net6.0-windows7.0) (&& (== netstandard2.0) (>= net6.0))
      System.Text.Json (>= 7.0.2) - restriction: || (== net6.0) (== net6.0-windows7.0) (&& (== netstandard2.0) (>= net6.0))
      System.Threading.Tasks.Dataflow (>= 7.0) - restriction: || (== net6.0) (== net6.0-windows7.0) (&& (== netstandard2.0) (>= net6.0))
      Xpand.Collections (>= 1.0.4) - restriction: || (== net6.0) (== net6.0-windows7.0) (&& (== netstandard2.0) (>= net6.0))
      Xpand.Extensions (>= 4.222.13.2) - restriction: || (== net6.0) (== net6.0-windows7.0) (&& (== netstandard2.0) (>= net6.0))
      Xpand.Extensions.Reactive (>= 4.222.13.2) - restriction: || (== net6.0) (== net6.0-windows7.0) (&& (== netstandard2.0) (>= net6.0))
      Xpand.Extensions.XAF (>= 4.222.13.2) - restriction: || (== net6.0) (== net6.0-windows7.0) (&& (== netstandard2.0) (>= net6.0))
      Xpand.Extensions.XAF.Xpo (>= 4.222.13.2) - restriction: || (== net6.0) (== net6.0-windows7.0) (&& (== netstandard2.0) (>= net6.0))
      Xpand.Patcher (>= 3.0.17) - restriction: || (== net6.0) (== net6.0-windows7.0) (&& (== netstandard2.0) (>= net6.0))
      Xpand.VersionConverter (>= 4.222.13.2)
      Xpand.XAF.Modules.Reactive (>= 4.222.13.2) - restriction: || (== net6.0) (== net6.0-windows7.0) (&& (== netstandard2.0) (>= net6.0))
    Xpand.XAF.Modules.StoreToDisk (4.222.13.2) - restriction: || (== net6.0) (== net6.0-windows7.0) (&& (== netstandard2.0) (>= net6.0)) (&& (== netstandard2.0) (>= net6.0-windows7.0))
      DevExpress.ExpressApp.Xpo (>= 23.1.3) - restriction: || (== net6.0) (== net6.0-windows7.0) (&& (== netstandard2.0) (>= net6.0))
      DevExpress.Persistent.Base (>= 23.1.3) - restriction: || (== net6.0) (== net6.0-windows7.0) (&& (== netstandard2.0) (>= net6.0))
      Fasterflect.Xpand (>= 2.0.7) - restriction: || (== net6.0) (== net6.0-windows7.0) (&& (== netstandard2.0) (>= net6.0))
      System.Reactive (>= 5.0) - restriction: || (== net6.0) (== net6.0-windows7.0) (&& (== netstandard2.0) (>= net6.0))
      System.Security.Cryptography.ProtectedData (>= 7.0.1) - restriction: || (== net6.0) (== net6.0-windows7.0) (&& (== netstandard2.0) (>= net6.0))
      System.Text.Json (>= 7.0.2) - restriction: || (== net6.0) (== net6.0-windows7.0) (&& (== netstandard2.0) (>= net6.0))
      System.Threading.Tasks.Dataflow (>= 7.0) - restriction: || (== net6.0) (== net6.0-windows7.0) (&& (== netstandard2.0) (>= net6.0))
      Xpand.Collections (>= 1.0.4) - restriction: || (== net6.0) (== net6.0-windows7.0) (&& (== netstandard2.0) (>= net6.0))
      Xpand.Extensions (>= 4.222.13.2) - restriction: || (== net6.0) (== net6.0-windows7.0) (&& (== netstandard2.0) (>= net6.0))
      Xpand.Extensions.Reactive (>= 4.222.13.2) - restriction: || (== net6.0) (== net6.0-windows7.0) (&& (== netstandard2.0) (>= net6.0))
      Xpand.Extensions.XAF (>= 4.222.13.2) - restriction: || (== net6.0) (== net6.0-windows7.0) (&& (== netstandard2.0) (>= net6.0))
      Xpand.Extensions.XAF.Xpo (>= 4.222.13.2) - restriction: || (== net6.0) (== net6.0-windows7.0) (&& (== netstandard2.0) (>= net6.0))
      Xpand.Patcher (>= 3.0.17) - restriction: || (== net6.0) (== net6.0-windows7.0) (&& (== netstandard2.0) (>= net6.0))
      Xpand.VersionConverter (>= 4.222.13.2)
      Xpand.XAF.Modules.Reactive (>= 4.222.13.2) - restriction: || (== net6.0) (== net6.0-windows7.0) (&& (== netstandard2.0) (>= net6.0))
    Xpand.XAF.Modules.SuppressConfirmation (4.222.13.2) - restriction: || (== net6.0) (== net6.0-windows7.0) (&& (== netstandard2.0) (>= net6.0)) (&& (== netstandard2.0) (>= net6.0-windows7.0))
      DevExpress.ExpressApp (>= 23.1.3) - restriction: || (== net6.0) (== net6.0-windows7.0) (&& (== netstandard2.0) (>= net6.0))
      Fasterflect.Xpand (>= 2.0.7) - restriction: || (== net6.0) (== net6.0-windows7.0) (&& (== netstandard2.0) (>= net6.0))
      System.Reactive (>= 5.0) - restriction: || (== net6.0) (== net6.0-windows7.0) (&& (== netstandard2.0) (>= net6.0))
      System.Text.Json (>= 7.0.2) - restriction: || (== net6.0) (== net6.0-windows7.0) (&& (== netstandard2.0) (>= net6.0))
      System.Threading.Tasks.Dataflow (>= 7.0) - restriction: || (== net6.0) (== net6.0-windows7.0) (&& (== netstandard2.0) (>= net6.0))
      Xpand.Extensions (>= 4.222.13.2) - restriction: || (== net6.0) (== net6.0-windows7.0) (&& (== netstandard2.0) (>= net6.0))
      Xpand.Extensions.Reactive (>= 4.222.13.2) - restriction: || (== net6.0) (== net6.0-windows7.0) (&& (== netstandard2.0) (>= net6.0))
      Xpand.Extensions.XAF (>= 4.222.13.2) - restriction: || (== net6.0) (== net6.0-windows7.0) (&& (== netstandard2.0) (>= net6.0))
      Xpand.Patcher (>= 3.0.17) - restriction: || (== net6.0) (== net6.0-windows7.0) (&& (== netstandard2.0) (>= net6.0))
      Xpand.VersionConverter (>= 4.222.13.2)
      Xpand.XAF.Modules.Reactive (>= 4.222.13.2) - restriction: || (== net6.0) (== net6.0-windows7.0) (&& (== netstandard2.0) (>= net6.0))
    Xpand.XAF.Modules.TenantManager (4.222.13.2) - restriction: || (== net6.0) (== net6.0-windows7.0) (&& (== netstandard2.0) (>= net6.0))
      DevExpress.ExpressApp.Blazor (>= 23.1.3) - restriction: || (== net6.0) (== net6.0-windows7.0) (&& (== netstandard2.0) (>= net6.0))
      DevExpress.ExpressApp.Security (>= 23.1.3) - restriction: || (== net6.0) (== net6.0-windows7.0) (&& (== netstandard2.0) (>= net6.0))
      DevExpress.ExpressApp.Xpo (>= 23.1.3) - restriction: || (== net6.0) (== net6.0-windows7.0) (&& (== netstandard2.0) (>= net6.0))
      DevExpress.Persistent.Base (>= 23.1.3) - restriction: || (== net6.0) (== net6.0-windows7.0) (&& (== netstandard2.0) (>= net6.0))
      Fasterflect.Xpand (>= 2.0.7) - restriction: || (== net6.0) (== net6.0-windows7.0) (&& (== netstandard2.0) (>= net6.0))
      System.Reactive (>= 5.0) - restriction: || (== net6.0) (== net6.0-windows7.0) (&& (== netstandard2.0) (>= net6.0))
      System.Text.Json (>= 7.0.2) - restriction: || (== net6.0) (== net6.0-windows7.0) (&& (== netstandard2.0) (>= net6.0))
      System.Threading.Tasks.Dataflow (>= 7.0) - restriction: || (== net6.0) (== net6.0-windows7.0) (&& (== netstandard2.0) (>= net6.0))
      Xpand.Collections (>= 1.0.4) - restriction: || (== net6.0) (== net6.0-windows7.0) (&& (== netstandard2.0) (>= net6.0))
      Xpand.Extensions (>= 4.222.13.2) - restriction: || (== net6.0) (== net6.0-windows7.0) (&& (== netstandard2.0) (>= net6.0))
      Xpand.Extensions.Blazor (>= 4.222.13.2) - restriction: || (== net6.0) (== net6.0-windows7.0) (&& (== netstandard2.0) (>= net6.0))
      Xpand.Extensions.Reactive (>= 4.222.13.2) - restriction: || (== net6.0) (== net6.0-windows7.0) (&& (== netstandard2.0) (>= net6.0))
      Xpand.Extensions.XAF (>= 4.222.13.2) - restriction: || (== net6.0) (== net6.0-windows7.0) (&& (== netstandard2.0) (>= net6.0))
      Xpand.Extensions.XAF.Xpo (>= 4.222.13.2) - restriction: || (== net6.0) (== net6.0-windows7.0) (&& (== netstandard2.0) (>= net6.0))
      Xpand.Patcher (>= 3.0.17) - restriction: || (== net6.0) (== net6.0-windows7.0) (&& (== netstandard2.0) (>= net6.0))
      Xpand.VersionConverter (>= 4.222.13.2)
      Xpand.XAF.Modules.Blazor (>= 4.222.13.2) - restriction: || (== net6.0) (== net6.0-windows7.0) (&& (== netstandard2.0) (>= net6.0))
      Xpand.XAF.Modules.Reactive (>= 4.222.13.2) - restriction: || (== net6.0) (== net6.0-windows7.0) (&& (== netstandard2.0) (>= net6.0))
    Xpand.XAF.Modules.ViewEditMode (4.222.13.2) - restriction: || (== net6.0) (== net6.0-windows7.0) (&& (== netstandard2.0) (>= net6.0))
      DevExpress.ExpressApp (>= 23.1.3) - restriction: || (== net6.0) (== net6.0-windows7.0) (&& (== netstandard2.0) (>= net6.0))
      Fasterflect.Xpand (>= 2.0.7) - restriction: || (== net6.0) (== net6.0-windows7.0) (&& (== netstandard2.0) (>= net6.0))
      System.Reactive (>= 5.0) - restriction: || (== net6.0) (== net6.0-windows7.0) (&& (== netstandard2.0) (>= net6.0))
      System.Text.Json (>= 7.0.2) - restriction: || (== net6.0) (== net6.0-windows7.0) (&& (== netstandard2.0) (>= net6.0))
      System.Threading.Tasks.Dataflow (>= 7.0) - restriction: || (== net6.0) (== net6.0-windows7.0) (&& (== netstandard2.0) (>= net6.0))
      Xpand.Extensions (>= 4.222.13.2) - restriction: || (== net6.0) (== net6.0-windows7.0) (&& (== netstandard2.0) (>= net6.0))
      Xpand.Extensions.Reactive (>= 4.222.13.2) - restriction: || (== net6.0) (== net6.0-windows7.0) (&& (== netstandard2.0) (>= net6.0))
      Xpand.Extensions.XAF (>= 4.222.13.2) - restriction: || (== net6.0) (== net6.0-windows7.0) (&& (== netstandard2.0) (>= net6.0))
      Xpand.Patcher (>= 3.0.17) - restriction: || (== net6.0) (== net6.0-windows7.0) (&& (== netstandard2.0) (>= net6.0))
      Xpand.VersionConverter (>= 4.222.13.2)
      Xpand.XAF.Modules.Reactive (>= 4.222.13.2) - restriction: || (== net6.0) (== net6.0-windows7.0) (&& (== netstandard2.0) (>= net6.0))
    Xpand.XAF.Modules.ViewItemValue (4.222.13.2) - restriction: || (== net6.0) (== net6.0-windows7.0) (&& (== netstandard2.0) (>= net6.0)) (&& (== netstandard2.0) (>= net6.0-windows7.0))
      DevExpress.ExpressApp.Validation (>= 23.1.3) - restriction: || (== net6.0) (== net6.0-windows7.0) (&& (== netstandard2.0) (>= net6.0))
      Fasterflect.Xpand (>= 2.0.7) - restriction: || (== net6.0) (== net6.0-windows7.0) (&& (== netstandard2.0) (>= net6.0))
      System.Interactive (>= 5.0) - restriction: || (== net6.0) (== net6.0-windows7.0) (&& (== netstandard2.0) (>= net6.0))
      System.Reactive (>= 5.0) - restriction: || (== net6.0) (== net6.0-windows7.0) (&& (== netstandard2.0) (>= net6.0))
      System.Text.Json (>= 7.0.2) - restriction: || (== net6.0) (== net6.0-windows7.0) (&& (== netstandard2.0) (>= net6.0))
      System.Threading.Tasks.Dataflow (>= 7.0) - restriction: || (== net6.0) (== net6.0-windows7.0) (&& (== netstandard2.0) (>= net6.0))
      Xpand.Extensions (>= 4.222.13.2) - restriction: || (== net6.0) (== net6.0-windows7.0) (&& (== netstandard2.0) (>= net6.0))
      Xpand.Extensions.Reactive (>= 4.222.13.2) - restriction: || (== net6.0) (== net6.0-windows7.0) (&& (== netstandard2.0) (>= net6.0))
      Xpand.Extensions.XAF (>= 4.222.13.2) - restriction: || (== net6.0) (== net6.0-windows7.0) (&& (== netstandard2.0) (>= net6.0))
      Xpand.Extensions.XAF.Xpo (>= 4.222.13.2) - restriction: || (== net6.0) (== net6.0-windows7.0) (&& (== netstandard2.0) (>= net6.0))
      Xpand.Patcher (>= 3.0.17) - restriction: || (== net6.0) (== net6.0-windows7.0) (&& (== netstandard2.0) (>= net6.0))
      Xpand.VersionConverter (>= 4.222.13.2)
      Xpand.XAF.Modules.Reactive (>= 4.222.13.2) - restriction: || (== net6.0) (== net6.0-windows7.0) (&& (== netstandard2.0) (>= net6.0))
    Xpand.XAF.Modules.ViewWizard (4.222.13.2) - restriction: || (== net6.0) (== net6.0-windows7.0) (&& (== netstandard2.0) (>= net6.0))
      DevExpress.ExpressApp (>= 23.1.3) - restriction: || (== net6.0) (== net6.0-windows7.0) (&& (== netstandard2.0) (>= net6.0))
      DevExpress.Xpo (>= 23.1.3) - restriction: || (== net6.0) (== net6.0-windows7.0) (&& (== netstandard2.0) (>= net6.0))
      Fasterflect.Xpand (>= 2.0.7) - restriction: || (== net6.0) (== net6.0-windows7.0) (&& (== netstandard2.0) (>= net6.0))
      System.Interactive (>= 5.0) - restriction: || (== net6.0) (== net6.0-windows7.0) (&& (== netstandard2.0) (>= net6.0))
      System.Reactive (>= 5.0) - restriction: || (== net6.0) (== net6.0-windows7.0) (&& (== netstandard2.0) (>= net6.0))
      System.Text.Json (>= 7.0.2) - restriction: || (== net6.0) (== net6.0-windows7.0) (&& (== netstandard2.0) (>= net6.0))
      System.Threading.Tasks.Dataflow (>= 7.0) - restriction: || (== net6.0) (== net6.0-windows7.0) (&& (== netstandard2.0) (>= net6.0))
      Xpand.Extensions (>= 4.222.13.2) - restriction: || (== net6.0) (== net6.0-windows7.0) (&& (== netstandard2.0) (>= net6.0))
      Xpand.Extensions.Reactive (>= 4.222.13.2) - restriction: || (== net6.0) (== net6.0-windows7.0) (&& (== netstandard2.0) (>= net6.0))
      Xpand.Extensions.XAF (>= 4.222.13.2) - restriction: || (== net6.0) (== net6.0-windows7.0) (&& (== netstandard2.0) (>= net6.0))
      Xpand.Extensions.XAF.Xpo (>= 4.222.13.2) - restriction: || (== net6.0) (== net6.0-windows7.0) (&& (== netstandard2.0) (>= net6.0))
      Xpand.Patcher (>= 3.0.17) - restriction: || (== net6.0) (== net6.0-windows7.0) (&& (== netstandard2.0) (>= net6.0))
      Xpand.VersionConverter (>= 4.222.13.2)
      Xpand.XAF.Modules.Reactive (>= 4.222.13.2) - restriction: || (== net6.0) (== net6.0-windows7.0) (&& (== netstandard2.0) (>= net6.0))
    Xpand.XAF.Modules.Windows (4.222.13.2) - restriction: || (&& (== net6.0) (>= net6.0-windows7.0)) (== net6.0-windows7.0) (&& (== netstandard2.0) (>= net6.0-windows7.0))
      DevExpress.ExpressApp.Win (>= 23.1.3) - restriction: || (== net6.0) (== net6.0-windows7.0) (&& (== netstandard2.0) (>= net6.0))
      Enums.NET (>= 4.0) - restriction: || (== net6.0) (== net6.0-windows7.0) (&& (== netstandard2.0) (>= net6.0))
      Fasterflect.Xpand (>= 2.0.7) - restriction: || (== net6.0) (== net6.0-windows7.0) (&& (== netstandard2.0) (>= net6.0))
      Microsoft.VisualBasic (>= 10.3) - restriction: || (== net6.0) (== net6.0-windows7.0) (&& (== netstandard2.0) (>= net6.0))
      System.Reactive (>= 5.0) - restriction: || (== net6.0) (== net6.0-windows7.0) (&& (== netstandard2.0) (>= net6.0))
      System.Text.Json (>= 7.0.2) - restriction: || (== net6.0) (== net6.0-windows7.0) (&& (== netstandard2.0) (>= net6.0))
      System.Threading.Tasks.Dataflow (>= 7.0) - restriction: || (== net6.0) (== net6.0-windows7.0) (&& (== netstandard2.0) (>= net6.0))
      Xpand.Extensions (>= 4.222.13.2) - restriction: || (== net6.0) (== net6.0-windows7.0) (&& (== netstandard2.0) (>= net6.0))
      Xpand.Extensions.Reactive (>= 4.222.13.2) - restriction: || (== net6.0) (== net6.0-windows7.0) (&& (== netstandard2.0) (>= net6.0))
      Xpand.Extensions.XAF (>= 4.222.13.2) - restriction: || (== net6.0) (== net6.0-windows7.0) (&& (== netstandard2.0) (>= net6.0))
      Xpand.Patcher (>= 3.0.17) - restriction: || (== net6.0) (== net6.0-windows7.0) (&& (== netstandard2.0) (>= net6.0))
      Xpand.VersionConverter (>= 4.222.13.2)
      Xpand.XAF.Modules.Reactive (>= 4.222.13.2) - restriction: || (== net6.0) (== net6.0-windows7.0) (&& (== netstandard2.0) (>= net6.0))
    Xpand.XAF.Web.All (4.222.13.2)
      Xpand.Extensions (>= 4.222.13.2) - restriction: || (== net6.0) (== net6.0-windows7.0) (&& (== netstandard2.0) (>= net6.0))
      Xpand.Extensions.Blazor (>= 4.222.13.2) - restriction: || (== net6.0) (== net6.0-windows7.0) (&& (== netstandard2.0) (>= net6.0))
      Xpand.Extensions.Mono.Cecil (>= 4.222.13.2) - restriction: || (== net6.0) (== net6.0-windows7.0) (&& (== netstandard2.0) (>= net6.0))
      Xpand.Extensions.Office.Cloud (>= 4.222.13.2) - restriction: || (== net6.0) (== net6.0-windows7.0) (&& (== netstandard2.0) (>= net6.0))
      Xpand.Extensions.Office.Cloud.Google.Blazor (>= 4.222.13.2) - restriction: || (== net6.0) (== net6.0-windows7.0) (&& (== netstandard2.0) (>= net6.0))
      Xpand.Extensions.Reactive (>= 4.222.13.2) - restriction: || (== net6.0) (== net6.0-windows7.0) (&& (== netstandard2.0) (>= net6.0))
      Xpand.Extensions.XAF (>= 4.222.13.2) - restriction: || (== net6.0) (== net6.0-windows7.0) (&& (== netstandard2.0) (>= net6.0))
      Xpand.Extensions.XAF.Xpo (>= 4.222.13.2) - restriction: || (== net6.0) (== net6.0-windows7.0) (&& (== netstandard2.0) (>= net6.0))
      Xpand.XAF.Modules.AutoCommit (>= 4.222.13.2) - restriction: || (== net6.0) (== net6.0-windows7.0) (&& (== netstandard2.0) (>= net6.0))
      Xpand.XAF.Modules.Blazor (>= 4.222.13.2) - restriction: || (== net6.0) (== net6.0-windows7.0) (&& (== netstandard2.0) (>= net6.0))
      Xpand.XAF.Modules.BulkObjectUpdate (>= 4.222.13.2) - restriction: || (== net6.0) (== net6.0-windows7.0) (&& (== netstandard2.0) (>= net6.0))
      Xpand.XAF.Modules.CloneMemberValue (>= 4.222.13.2) - restriction: || (== net6.0) (== net6.0-windows7.0) (&& (== netstandard2.0) (>= net6.0))
      Xpand.XAF.Modules.CloneModelView (>= 4.222.13.2) - restriction: || (== net6.0) (== net6.0-windows7.0) (&& (== netstandard2.0) (>= net6.0))
      Xpand.XAF.Modules.Email (>= 4.222.13.2) - restriction: || (== net6.0) (== net6.0-windows7.0) (&& (== netstandard2.0) (>= net6.0))
      Xpand.XAF.Modules.HideToolBar (>= 4.222.13.2) - restriction: || (== net6.0) (== net6.0-windows7.0) (&& (== netstandard2.0) (>= net6.0))
      Xpand.XAF.Modules.JobScheduler.Hangfire (>= 4.222.13.2) - restriction: || (== net6.0) (== net6.0-windows7.0) (&& (== netstandard2.0) (>= net6.0))
      Xpand.XAF.Modules.JobScheduler.Notification (>= 4.222.13.2) - restriction: || (== net6.0) (== net6.0-windows7.0) (&& (== netstandard2.0) (>= net6.0))
      Xpand.XAF.Modules.MasterDetail (>= 4.222.13.2) - restriction: || (== net6.0) (== net6.0-windows7.0) (&& (== netstandard2.0) (>= net6.0))
      Xpand.XAF.Modules.ModelMapper (>= 4.222.13.2) - restriction: || (== net6.0) (== net6.0-windows7.0) (&& (== netstandard2.0) (>= net6.0))
      Xpand.XAF.Modules.ModelViewInheritance (>= 4.222.13.2) - restriction: || (== net6.0) (== net6.0-windows7.0) (&& (== netstandard2.0) (>= net6.0))
      Xpand.XAF.Modules.Office.Cloud.Google (>= 4.222.13.2) - restriction: || (== net6.0) (== net6.0-windows7.0) (&& (== netstandard2.0) (>= net6.0))
      Xpand.XAF.Modules.Office.Cloud.Google.Calendar (>= 4.222.13.2) - restriction: || (== net6.0) (== net6.0-windows7.0) (&& (== netstandard2.0) (>= net6.0))
      Xpand.XAF.Modules.Office.Cloud.Google.Tasks (>= 4.222.13.2) - restriction: || (== net6.0) (== net6.0-windows7.0) (&& (== netstandard2.0) (>= net6.0))
      Xpand.XAF.Modules.Office.DocumentStyleManager (>= 4.222.13.2) - restriction: || (&& (== net6.0) (>= net6.0-windows7.0)) (== net6.0-windows7.0) (&& (== netstandard2.0) (>= net6.0-windows7.0))
      Xpand.XAF.Modules.PositionInListView (>= 4.222.13.2) - restriction: || (== net6.0) (== net6.0-windows7.0) (&& (== netstandard2.0) (>= net6.0))
      Xpand.XAF.Modules.ProgressBarViewItem (>= 4.222.13.2) - restriction: || (== net6.0) (== net6.0-windows7.0) (&& (== netstandard2.0) (>= net6.0))
      Xpand.XAF.Modules.RazorView (>= 4.222.13.2) - restriction: || (== net6.0) (== net6.0-windows7.0) (&& (== netstandard2.0) (>= net6.0))
      Xpand.XAF.Modules.Reactive (>= 4.222.13.2) - restriction: || (== net6.0) (== net6.0-windows7.0) (&& (== netstandard2.0) (>= net6.0))
      Xpand.XAF.Modules.Reactive.Logger (>= 4.222.13.2) - restriction: || (== net6.0) (== net6.0-windows7.0) (&& (== netstandard2.0) (>= net6.0))
      Xpand.XAF.Modules.Reactive.Logger.Hub (>= 4.222.13.2) - restriction: || (== net6.0) (== net6.0-windows7.0) (&& (== netstandard2.0) (>= net6.0))
      Xpand.XAF.Modules.Reactive.Rest (>= 4.222.13.2) - restriction: || (== net6.0) (== net6.0-windows7.0) (&& (== netstandard2.0) (>= net6.0))
      Xpand.XAF.Modules.RefreshView (>= 4.222.13.2) - restriction: || (== net6.0) (== net6.0-windows7.0) (&& (== netstandard2.0) (>= net6.0))
      Xpand.XAF.Modules.SequenceGenerator (>= 4.222.13.2) - restriction: || (== net6.0) (== net6.0-windows7.0) (&& (== netstandard2.0) (>= net6.0))
      Xpand.XAF.Modules.StoreToDisk (>= 4.222.13.2) - restriction: || (== net6.0) (== net6.0-windows7.0) (&& (== netstandard2.0) (>= net6.0))
      Xpand.XAF.Modules.SuppressConfirmation (>= 4.222.13.2) - restriction: || (== net6.0) (== net6.0-windows7.0) (&& (== netstandard2.0) (>= net6.0))
      Xpand.XAF.Modules.TenantManager (>= 4.222.13.2) - restriction: || (== net6.0) (== net6.0-windows7.0) (&& (== netstandard2.0) (>= net6.0))
      Xpand.XAF.Modules.ViewEditMode (>= 4.222.13.2) - restriction: || (== net6.0) (== net6.0-windows7.0) (&& (== netstandard2.0) (>= net6.0))
      Xpand.XAF.Modules.ViewItemValue (>= 4.222.13.2) - restriction: || (== net6.0) (== net6.0-windows7.0) (&& (== netstandard2.0) (>= net6.0))
      Xpand.XAF.Modules.ViewWizard (>= 4.222.13.2) - restriction: || (== net6.0) (== net6.0-windows7.0) (&& (== netstandard2.0) (>= net6.0))
    Xpand.XAF.Win.All (4.222.13.2)
      Xpand.Extensions (>= 4.222.13.2) - restriction: || (== net6.0) (== net6.0-windows7.0) (&& (== netstandard2.0) (>= net6.0))
      Xpand.Extensions.Mono.Cecil (>= 4.222.13.2) - restriction: || (== net6.0) (== net6.0-windows7.0) (&& (== netstandard2.0) (>= net6.0))
      Xpand.Extensions.Office.Cloud (>= 4.222.13.2) - restriction: || (== net6.0) (== net6.0-windows7.0) (&& (== netstandard2.0) (>= net6.0))
      Xpand.Extensions.Reactive (>= 4.222.13.2) - restriction: || (== net6.0) (== net6.0-windows7.0) (&& (== netstandard2.0) (>= net6.0))
      Xpand.Extensions.XAF (>= 4.222.13.2) - restriction: || (== net6.0) (== net6.0-windows7.0) (&& (== netstandard2.0) (>= net6.0))
      Xpand.Extensions.XAF.Xpo (>= 4.222.13.2) - restriction: || (== net6.0) (== net6.0-windows7.0) (&& (== netstandard2.0) (>= net6.0))
      Xpand.XAF.Modules.AutoCommit (>= 4.222.13.2) - restriction: || (== net6.0) (== net6.0-windows7.0) (&& (== netstandard2.0) (>= net6.0))
      Xpand.XAF.Modules.BulkObjectUpdate (>= 4.222.13.2) - restriction: || (== net6.0) (== net6.0-windows7.0) (&& (== netstandard2.0) (>= net6.0))
      Xpand.XAF.Modules.CloneMemberValue (>= 4.222.13.2) - restriction: || (== net6.0) (== net6.0-windows7.0) (&& (== netstandard2.0) (>= net6.0))
      Xpand.XAF.Modules.CloneModelView (>= 4.222.13.2) - restriction: || (== net6.0) (== net6.0-windows7.0) (&& (== netstandard2.0) (>= net6.0))
      Xpand.XAF.Modules.Email (>= 4.222.13.2) - restriction: || (== net6.0) (== net6.0-windows7.0) (&& (== netstandard2.0) (>= net6.0))
      Xpand.XAF.Modules.GridListEditor (>= 4.222.13.2) - restriction: || (== net6.0) (== net6.0-windows7.0) (&& (== netstandard2.0) (>= net6.0))
      Xpand.XAF.Modules.HideToolBar (>= 4.222.13.2) - restriction: || (== net6.0) (== net6.0-windows7.0) (&& (== netstandard2.0) (>= net6.0))
      Xpand.XAF.Modules.MasterDetail (>= 4.222.13.2) - restriction: || (== net6.0) (== net6.0-windows7.0) (&& (== netstandard2.0) (>= net6.0))
      Xpand.XAF.Modules.ModelMapper (>= 4.222.13.2) - restriction: || (== net6.0) (== net6.0-windows7.0) (&& (== netstandard2.0) (>= net6.0))
      Xpand.XAF.Modules.ModelViewInheritance (>= 4.222.13.2) - restriction: || (== net6.0) (== net6.0-windows7.0) (&& (== netstandard2.0) (>= net6.0))
      Xpand.XAF.Modules.Office.Cloud.Google (>= 4.222.13.2) - restriction: || (== net6.0) (== net6.0-windows7.0) (&& (== netstandard2.0) (>= net6.0))
      Xpand.XAF.Modules.Office.Cloud.Google.Calendar (>= 4.222.13.2) - restriction: || (== net6.0) (== net6.0-windows7.0) (&& (== netstandard2.0) (>= net6.0))
      Xpand.XAF.Modules.Office.Cloud.Google.Tasks (>= 4.222.13.2) - restriction: || (== net6.0) (== net6.0-windows7.0) (&& (== netstandard2.0) (>= net6.0))
      Xpand.XAF.Modules.Office.DocumentStyleManager (>= 4.222.13.2) - restriction: || (&& (== net6.0) (>= net6.0-windows7.0)) (== net6.0-windows7.0) (&& (== netstandard2.0) (>= net6.0-windows7.0))
      Xpand.XAF.Modules.OneView (>= 4.222.13.2) - restriction: || (&& (== net6.0) (>= net6.0-windows7.0)) (== net6.0-windows7.0) (&& (== netstandard2.0) (>= net6.0-windows7.0))
      Xpand.XAF.Modules.PositionInListView (>= 4.222.13.2) - restriction: || (== net6.0) (== net6.0-windows7.0) (&& (== netstandard2.0) (>= net6.0))
      Xpand.XAF.Modules.ProgressBarViewItem (>= 4.222.13.2) - restriction: || (== net6.0) (== net6.0-windows7.0) (&& (== netstandard2.0) (>= net6.0))
      Xpand.XAF.Modules.RazorView (>= 4.222.13.2) - restriction: || (== net6.0) (== net6.0-windows7.0) (&& (== netstandard2.0) (>= net6.0))
      Xpand.XAF.Modules.Reactive (>= 4.222.13.2) - restriction: || (== net6.0) (== net6.0-windows7.0) (&& (== netstandard2.0) (>= net6.0))
      Xpand.XAF.Modules.Reactive.Logger (>= 4.222.13.2) - restriction: || (== net6.0) (== net6.0-windows7.0) (&& (== netstandard2.0) (>= net6.0))
      Xpand.XAF.Modules.Reactive.Logger.Hub (>= 4.222.13.2) - restriction: || (== net6.0) (== net6.0-windows7.0) (&& (== netstandard2.0) (>= net6.0))
      Xpand.XAF.Modules.Reactive.Rest (>= 4.222.13.2) - restriction: || (== net6.0) (== net6.0-windows7.0) (&& (== netstandard2.0) (>= net6.0))
      Xpand.XAF.Modules.RefreshView (>= 4.222.13.2) - restriction: || (== net6.0) (== net6.0-windows7.0) (&& (== netstandard2.0) (>= net6.0))
      Xpand.XAF.Modules.SequenceGenerator (>= 4.222.13.2) - restriction: || (== net6.0) (== net6.0-windows7.0) (&& (== netstandard2.0) (>= net6.0))
      Xpand.XAF.Modules.Speech (>= 4.222.13.2) - restriction: || (&& (== net6.0) (>= net6.0-windows7.0)) (== net6.0-windows7.0) (&& (== netstandard2.0) (>= net6.0-windows7.0))
      Xpand.XAF.Modules.SpellChecker (>= 4.222.13.2) - restriction: || (&& (== net6.0) (>= net6.0-windows7.0)) (== net6.0-windows7.0) (&& (== netstandard2.0) (>= net6.0-windows7.0))
      Xpand.XAF.Modules.StoreToDisk (>= 4.222.13.2) - restriction: || (== net6.0) (== net6.0-windows7.0) (&& (== netstandard2.0) (>= net6.0))
      Xpand.XAF.Modules.SuppressConfirmation (>= 4.222.13.2) - restriction: || (== net6.0) (== net6.0-windows7.0) (&& (== netstandard2.0) (>= net6.0))
      Xpand.XAF.Modules.ViewEditMode (>= 4.222.13.2) - restriction: || (== net6.0) (== net6.0-windows7.0) (&& (== netstandard2.0) (>= net6.0))
      Xpand.XAF.Modules.ViewItemValue (>= 4.222.13.2) - restriction: || (== net6.0) (== net6.0-windows7.0) (&& (== netstandard2.0) (>= net6.0))
      Xpand.XAF.Modules.ViewWizard (>= 4.222.13.2) - restriction: || (== net6.0) (== net6.0-windows7.0) (&& (== netstandard2.0) (>= net6.0))
      Xpand.XAF.Modules.Windows (>= 4.222.13.2) - restriction: || (&& (== net6.0) (>= net6.0-windows7.0)) (== net6.0-windows7.0) (&& (== netstandard2.0) (>= net6.0-windows7.0))
