STORAGE: NONE
COPY-LOCAL: TRUE
RESTRICTION: || (== net461) (== netstandard2.0)
NUGET
  remote: https://api.nuget.org/v3/index.json
    AForge (2.2.5)
    AForge.Imaging (2.2.5)
      AForge (>= 2.2.5)
      AForge.Math (>= 2.2.5)
    AForge.Math (2.2.5)
      AForge (>= 2.2.5)
    AForge.Video (2.2.5)
      AForge (>= 2.2.5)
    akarnokd.reactive_extensions (0.0.27-alpha) - restriction: || (&& (== net461) (>= netstandard2.0)) (== netstandard2.0)
      System.Reactive (>= 4.1.6) - restriction: || (&& (== net461) (>= netstandard2.0)) (== netstandard2.0)
    AppDomainToolkit (1.0.4.3)
    AutoMapper (3.3.1)
    CommandLineParser (1.9.71)
    Common.Logging (3.4.1)
      Common.Logging.Core (>= 3.4.1)
      Microsoft.CSharp (>= 4.0.1) - restriction: || (&& (== net461) (< net35)) (== netstandard2.0)
      System.Collections (>= 4.0.11) - restriction: || (&& (== net461) (< net35)) (== netstandard2.0)
      System.Diagnostics.Debug (>= 4.0.11) - restriction: || (&& (== net461) (< net35)) (== netstandard2.0)
      System.Globalization (>= 4.0.11) - restriction: || (&& (== net461) (< net35)) (== netstandard2.0)
      System.Reflection.TypeExtensions (>= 4.1) - restriction: || (&& (== net461) (< net35)) (== netstandard2.0)
      System.Runtime.Extensions (>= 4.1) - restriction: || (&& (== net461) (< net35)) (== netstandard2.0)
      System.Threading (>= 4.0.11) - restriction: || (&& (== net461) (< net35)) (== netstandard2.0)
    Common.Logging.Core (3.4.1)
      Microsoft.CSharp (>= 4.0.1)
    DevExpress.Data (21.1.3)
      Microsoft.Win32.Registry (>= 4.5) - restriction: || (&& (== net461) (< net452) (>= netstandard2.0)) (== netstandard2.0)
      NETStandard.Library (>= 2.0.3) - restriction: || (&& (== net461) (< net452) (>= netstandard2.0)) (== netstandard2.0)
      System.ComponentModel.Annotations (>= 4.4) - restriction: || (&& (== net461) (< net452) (>= netstandard2.0)) (== netstandard2.0)
      System.Configuration.ConfigurationManager (>= 4.5) - restriction: || (&& (== net461) (< net452) (>= netstandard2.0)) (== netstandard2.0)
      System.Diagnostics.PerformanceCounter (>= 4.5) - restriction: || (&& (== net461) (< net452) (>= netstandard2.0)) (== netstandard2.0)
      System.Drawing.Common (>= 4.5) - restriction: || (&& (== net461) (< net452) (>= netstandard2.0)) (== netstandard2.0)
      System.Reflection.Emit (>= 4.3) - restriction: || (&& (== net461) (< net452) (>= netstandard2.0)) (== netstandard2.0)
      System.Reflection.Emit.Lightweight (>= 4.3) - restriction: || (&& (== net461) (< net452) (>= netstandard2.0)) (== netstandard2.0)
      System.Text.Encoding.CodePages (>= 4.4) - restriction: || (&& (== net461) (< net452) (>= netstandard2.0)) (== netstandard2.0)
    DevExpress.Xpo (21.1.3)
      DevExpress.Data (21.1.3)
      Microsoft.Extensions.DependencyInjection (>= 2.0) - restriction: || (&& (== net461) (< net452) (>= netstandard2.0)) (== netstandard2.0)
      Microsoft.Win32.Registry (>= 4.5) - restriction: || (&& (== net461) (< net452) (>= netstandard2.0)) (== netstandard2.0)
      NETStandard.Library (>= 2.0.3) - restriction: || (&& (== net461) (< net452) (>= netstandard2.0)) (== netstandard2.0)
      System.Data.SqlClient (>= 4.5) - restriction: || (&& (== net461) (< net452) (>= netstandard2.0)) (== netstandard2.0)
      System.Drawing.Common (>= 4.5) - restriction: || (&& (== net461) (< net452) (>= netstandard2.0)) (== netstandard2.0)
      System.Security.Principal.Windows (>= 4.5) - restriction: || (&& (== net461) (< net452) (>= netstandard2.0)) (== netstandard2.0)
      System.ServiceModel.Http (>= 4.5) - restriction: || (&& (== net461) (< net452) (>= netstandard2.0)) (== netstandard2.0)
      System.ServiceModel.NetTcp (>= 4.4.1) - restriction: || (&& (== net461) (< net452) (>= netstandard2.0)) (== netstandard2.0)
      System.ServiceModel.Security (>= 4.4.3) - restriction: || (&& (== net461) (< net452) (>= netstandard2.0)) (== netstandard2.0)
      System.Text.Json (>= 4.6) - restriction: || (&& (== net461) (< net452) (>= netstandard2.0)) (== netstandard2.0)
    DocumentFormat.OpenXml (2.11.3)
      System.IO.Packaging (>= 4.7)
    DotNetZip (1.14)
      System.Security.Permissions (>= 4.5 < 5.0) - restriction: || (&& (== net461) (< net40) (>= netstandard2.0)) (== netstandard2.0)
      System.Text.Encoding.CodePages (>= 4.5 < 5.0) - restriction: || (&& (== net461) (< net40) (>= netstandard2.0)) (== netstandard2.0)
      System.Text.Encoding.Extensions (>= 4.3 < 5.0) - restriction: || (&& (== net461) (< net40) (>= netstandard2.0)) (== netstandard2.0)
    Enums.NET (4.0)
      System.ComponentModel.Annotations (>= 4.6) - restriction: || (&& (== net461) (< net45)) (&& (== net461) (>= netstandard2.1)) (== netstandard2.0)
      System.Runtime.CompilerServices.Unsafe (>= 5.0)
    ExcelDataReader (3.6)
    ExcelDataReader.DataSet (3.6)
      ExcelDataReader (>= 3.6)
    Fasterflect.Xpand (2.0.7)
      System.Reflection.Emit.Lightweight (>= 4.6) - restriction: || (&& (== net461) (>= netstandard2.0)) (== netstandard2.0)
    Fody (4.2.1) - copy_local: false
    Google.Apis (1.51) - restriction: || (&& (== net461) (>= netstandard2.0)) (== netstandard2.0)
      Google.Apis.Core (>= 1.51)
    Google.Apis.Auth (1.51) - restriction: || (&& (== net461) (>= netstandard2.0)) (== netstandard2.0)
      Google.Apis (>= 1.51)
      Google.Apis.Core (>= 1.51)
    Google.Apis.Calendar.v3 (1.51.0.2312) - restriction: || (&& (== net461) (>= netstandard2.0)) (== netstandard2.0)
      Google.Apis (>= 1.51)
      Google.Apis.Auth (>= 1.51)
    Google.Apis.Core (1.51) - restriction: || (&& (== net461) (>= netstandard2.0)) (== netstandard2.0)
      Newtonsoft.Json (>= 12.0.3)
    Google.Apis.Tasks.v1 (1.51.0.2231) - restriction: || (&& (== net461) (>= netstandard2.0)) (== netstandard2.0)
      Google.Apis (>= 1.51)
      Google.Apis.Auth (>= 1.51)
    IIS.Microsoft.Web.Adminstration (8.5.9600.16384)
    InputSimulator (1.0.4)
    JetBrains.Annotations (2021.1)
    MagicOnion (4.0.2) - restriction: || (&& (== net461) (>= netstandard2.0)) (== netstandard2.0)
    Microsoft.AspNet.Razor (3.2.7)
    Microsoft.Bcl.AsyncInterfaces (5.0) - restriction: || (&& (== net461) (>= monoandroid) (>= netstandard2.0)) (&& (== net461) (>= monotouch) (>= netstandard2.0)) (&& (== net461) (< net452) (>= netstandard2.0)) (&& (== net461) (>= netcoreapp2.0)) (&& (== net461) (>= netcoreapp2.1)) (&& (== net461) (>= netstandard2.0) (>= uap10.1)) (&& (== net461) (>= netstandard2.0) (>= xamarintvos)) (&& (== net461) (>= netstandard2.0) (>= xamarinwatchos)) (&& (== net461) (>= xamarinios)) (&& (== net461) (>= xamarinmac)) (== netstandard2.0)
      System.Threading.Tasks.Extensions (>= 4.5.4)
    Microsoft.CodeAnalysis.Analyzers (3.3.2) - restriction: || (&& (== net461) (>= netstandard2.0)) (== netstandard2.0)
    Microsoft.CodeAnalysis.Common (3.9) - restriction: || (&& (== net461) (>= netstandard2.0)) (== netstandard2.0)
      Microsoft.CodeAnalysis.Analyzers (>= 3.0) - restriction: || (&& (== net461) (>= netstandard2.0)) (== netstandard2.0)
      System.Collections.Immutable (>= 5.0) - restriction: || (&& (== net461) (>= netstandard2.0)) (== netstandard2.0)
      System.Memory (>= 4.5.4) - restriction: || (&& (== net461) (>= netstandard2.0)) (== netstandard2.0)
      System.Reflection.Metadata (>= 5.0) - restriction: || (&& (== net461) (>= netstandard2.0)) (== netstandard2.0)
      System.Runtime.CompilerServices.Unsafe (>= 5.0) - restriction: || (&& (== net461) (>= netstandard2.0)) (== netstandard2.0)
      System.Text.Encoding.CodePages (>= 4.5.1) - restriction: || (&& (== net461) (>= netstandard2.0)) (== netstandard2.0)
      System.Threading.Tasks.Extensions (>= 4.5.4) - restriction: || (&& (== net461) (>= netstandard2.0)) (== netstandard2.0)
    Microsoft.CodeAnalysis.CSharp (3.9)
      Microsoft.CodeAnalysis.Common (3.9) - restriction: || (&& (== net461) (>= netstandard2.0)) (== netstandard2.0)
    Microsoft.CSharp (4.7)
    Microsoft.Extensions.DependencyInjection (5.0) - restriction: || (&& (== net461) (< net452) (>= netstandard2.0)) (== netstandard2.0)
      Microsoft.Bcl.AsyncInterfaces (>= 5.0)
      Microsoft.Extensions.DependencyInjection.Abstractions (>= 5.0)
      System.Threading.Tasks.Extensions (>= 4.5.4)
    Microsoft.Extensions.DependencyInjection.Abstractions (5.0) - restriction: || (&& (== net461) (< net452) (>= netstandard2.0)) (== netstandard2.0)
    Microsoft.Extensions.Options (5.0) - restriction: || (&& (== net461) (< net452) (>= netstandard2.0)) (== netstandard2.0)
      Microsoft.Extensions.DependencyInjection.Abstractions (>= 5.0)
      Microsoft.Extensions.Primitives (>= 5.0)
    Microsoft.Extensions.Primitives (5.0) - restriction: || (&& (== net461) (< net452) (>= netstandard2.0)) (== netstandard2.0)
      System.Buffers (>= 4.5.1)
      System.Memory (>= 4.5.4)
      System.Runtime.CompilerServices.Unsafe (>= 5.0)
    Microsoft.Graph.Beta (4.0.0-preview) - restriction: || (== net461) (&& (== netstandard2.0) (>= net461))
    Microsoft.Graph.Core (1.25.1) - restriction: || (== net461) (&& (== netstandard2.0) (>= net461))
      Newtonsoft.Json (>= 6.0.1) - restriction: || (== net461) (&& (== netstandard2.0) (>= net45))
      System.Diagnostics.DiagnosticSource (>= 4.7.1)
      System.ValueTuple (>= 4.3)
    Microsoft.Identity.Client (4.31) - restriction: || (== net461) (&& (== netstandard2.0) (>= net461))
    Microsoft.IdentityModel.JsonWebTokens (6.11) - restriction: || (== net461) (&& (== netstandard2.0) (>= net461))
      Microsoft.IdentityModel.Tokens (>= 6.11)
    Microsoft.IdentityModel.Logging (6.11.1) - restriction: || (== net461) (&& (== netstandard2.0) (>= net461))
    Microsoft.IdentityModel.Protocols (6.11) - restriction: || (== net461) (&& (== netstandard2.0) (>= net461))
      Microsoft.IdentityModel.Logging (>= 6.11)
      Microsoft.IdentityModel.Tokens (>= 6.11)
    Microsoft.IdentityModel.Protocols.OpenIdConnect (6.11) - restriction: || (== net461) (&& (== netstandard2.0) (>= net461))
      Microsoft.IdentityModel.Protocols (>= 6.11)
      System.IdentityModel.Tokens.Jwt (>= 6.11)
    Microsoft.IdentityModel.Tokens (6.11.1) - restriction: || (== net461) (&& (== netstandard2.0) (>= net461))
      Microsoft.IdentityModel.Logging (>= 6.11.1)
    Microsoft.NETCore.Platforms (5.0)
    Microsoft.NETCore.Targets (5.0) - restriction: || (&& (== net461) (< net45)) (== netstandard2.0)
    Microsoft.Owin (4.2) - restriction: || (== net461) (&& (== netstandard2.0) (>= net461))
      Owin (>= 1.0)
    Microsoft.Owin.Host.SystemWeb (4.2) - restriction: || (== net461) (&& (== netstandard2.0) (>= net461))
      Microsoft.Owin (>= 4.2)
      Owin (>= 1.0)
    Microsoft.Owin.Security (4.2) - restriction: || (== net461) (&& (== netstandard2.0) (>= net461))
      Microsoft.Owin (>= 4.2)
      Owin (>= 1.0)
    Microsoft.Owin.Security.Cookies (4.2) - restriction: || (== net461) (&& (== netstandard2.0) (>= net461))
      Microsoft.Owin (>= 4.2)
      Microsoft.Owin.Security (>= 4.2)
      Owin (>= 1.0)
    Microsoft.Owin.Security.OpenIdConnect (4.2) - restriction: || (== net461) (&& (== netstandard2.0) (>= net461))
      Microsoft.IdentityModel.Logging (>= 5.3)
      Microsoft.IdentityModel.Protocols (>= 5.3)
      Microsoft.IdentityModel.Protocols.OpenIdConnect (>= 5.3)
      Microsoft.IdentityModel.Tokens (>= 5.3)
      Microsoft.Owin (>= 4.2)
      Microsoft.Owin.Security (>= 4.2)
      Owin (>= 1.0)
      System.IdentityModel.Tokens.Jwt (>= 5.3)
    Microsoft.Win32.Registry (5.0)
      System.Buffers (>= 4.5.1) - restriction: || (&& (== net461) (>= monoandroid)) (&& (== net461) (>= monotouch)) (&& (== net461) (< net46) (>= netstandard2.0)) (&& (== net461) (>= xamarinios)) (&& (== net461) (>= xamarinmac)) (&& (== net461) (>= xamarintvos)) (&& (== net461) (>= xamarinwatchos)) (== netstandard2.0)
      System.Memory (>= 4.5.4) - restriction: || (&& (== net461) (< net46) (>= netstandard2.0)) (&& (== net461) (>= netcoreapp2.0)) (&& (== net461) (>= uap10.1)) (== netstandard2.0)
      System.Security.AccessControl (>= 5.0)
      System.Security.Principal.Windows (>= 5.0)
    Microsoft.Win32.SystemEvents (5.0) - restriction: || (&& (== net461) (< net452) (>= netstandard2.0)) (== netstandard2.0)
    Mono.Cecil (0.11.3)
    NETStandard.Library (2.0.3) - restriction: || (&& (== net461) (< net452) (>= netstandard2.0)) (== netstandard2.0)
      Microsoft.NETCore.Platforms (>= 1.1)
    Newtonsoft.Json (13.0.1)
    Owin (1.0) - restriction: || (== net461) (&& (== netstandard2.0) (>= net461))
    PropertyChanged.Fody (2.6.1) - copy_local: false
      Fody (>= 4.2.1)
      NETStandard.Library (>= 1.6.1) - restriction: || (&& (== net461) (< net452)) (== netstandard2.0)
    RazorEngine (3.10)
      Microsoft.AspNet.Razor (>= 3.0) - restriction: || (== net461) (&& (== netstandard2.0) (>= net45))
    runtime.native.System (4.3.1) - restriction: || (&& (== net461) (< net45)) (== netstandard2.0)
      Microsoft.NETCore.Platforms (>= 1.1.1)
      Microsoft.NETCore.Targets (>= 1.1.3)
    runtime.native.System.Data.SqlClient.sni (4.7) - restriction: || (&& (== net461) (< net451) (>= netstandard2.0)) (&& (== net461) (>= netcoreapp2.0)) (== netstandard2.0)
      runtime.win-arm64.runtime.native.System.Data.SqlClient.sni (>= 4.4)
      runtime.win-x64.runtime.native.System.Data.SqlClient.sni (>= 4.4)
      runtime.win-x86.runtime.native.System.Data.SqlClient.sni (>= 4.4)
    runtime.native.System.IO.Compression (4.3.2) - restriction: || (&& (== net461) (< net45)) (== netstandard2.0)
      Microsoft.NETCore.Platforms (>= 1.1.1)
      Microsoft.NETCore.Targets (>= 1.1.3)
    runtime.win-arm64.runtime.native.System.Data.SqlClient.sni (4.4) - restriction: || (&& (== net461) (< net451) (>= netstandard2.0)) (&& (== net461) (>= netcoreapp2.0)) (== netstandard2.0)
    runtime.win-x64.runtime.native.System.Data.SqlClient.sni (4.4) - restriction: || (&& (== net461) (< net451) (>= netstandard2.0)) (&& (== net461) (>= netcoreapp2.0)) (== netstandard2.0)
    runtime.win-x86.runtime.native.System.Data.SqlClient.sni (4.4) - restriction: || (&& (== net461) (< net451) (>= netstandard2.0)) (&& (== net461) (>= netcoreapp2.0)) (== netstandard2.0)
    Ryder (0.8)
      System.Collections (>= 4.3) - restriction: || (&& (== net461) (< net45)) (&& (== net461) (>= netcoreapp2.2)) (== netstandard2.0)
      System.Reflection.Emit.Lightweight (>= 4.3) - restriction: || (&& (== net461) (< net45)) (&& (== net461) (>= netcoreapp2.2)) (== netstandard2.0)
      System.Reflection.Extensions (>= 4.3) - restriction: || (&& (== net461) (< net45)) (&& (== net461) (>= netcoreapp2.2)) (== netstandard2.0)
      System.Reflection.TypeExtensions (>= 4.3) - restriction: || (&& (== net461) (< net45)) (&& (== net461) (>= netcoreapp2.2)) (== netstandard2.0)
      System.Runtime.Extensions (>= 4.3) - restriction: || (&& (== net461) (< net45)) (&& (== net461) (>= netcoreapp2.2)) (== netstandard2.0)
      System.Runtime.InteropServices (>= 4.3) - restriction: || (&& (== net461) (< net45)) (&& (== net461) (>= netcoreapp2.2)) (== netstandard2.0)
      System.Runtime.InteropServices.RuntimeInformation (>= 4.3) - restriction: || (&& (== net461) (< net45)) (&& (== net461) (>= netcoreapp2.2)) (== netstandard2.0)
    SharpZipLib (1.3)
    System.Buffers (4.5.1)
    System.CodeDom (5.0)
    System.Collections (4.3) - restriction: || (&& (== net461) (< net45)) (== netstandard2.0)
      Microsoft.NETCore.Platforms (>= 1.1) - restriction: || (&& (== net461) (< net45)) (== netstandard2.0)
      Microsoft.NETCore.Targets (>= 1.1) - restriction: || (&& (== net461) (< net45)) (== netstandard2.0)
      System.Runtime (>= 4.3) - restriction: || (&& (== net461) (< net45)) (== netstandard2.0)
    System.Collections.Immutable (5.0)
      System.Memory (>= 4.5.4)
    System.ComponentModel.Annotations (5.0) - restriction: || (&& (== net461) (< net45)) (&& (== net461) (>= netstandard2.1)) (== netstandard2.0)
    System.Configuration.ConfigurationManager (5.0)
      System.Security.Cryptography.ProtectedData (>= 5.0) - restriction: == netstandard2.0
      System.Security.Permissions (>= 5.0)
    System.Data.Common (4.3) - restriction: || (&& (== net461) (< net452) (>= netstandard2.0)) (== netstandard2.0)
      System.Collections (>= 4.3) - restriction: || (&& (== net461) (< net451)) (== netstandard2.0)
      System.Globalization (>= 4.3) - restriction: || (&& (== net461) (< net451)) (== netstandard2.0)
      System.IO (>= 4.3) - restriction: || (&& (== net461) (< net451)) (== netstandard2.0)
      System.Resources.ResourceManager (>= 4.3) - restriction: || (&& (== net461) (< net451)) (== netstandard2.0)
      System.Runtime (>= 4.3) - restriction: || (&& (== net461) (< net451)) (== netstandard2.0)
      System.Runtime.Extensions (>= 4.3) - restriction: || (&& (== net461) (< net451)) (== netstandard2.0)
      System.Text.RegularExpressions (>= 4.3) - restriction: || (&& (== net461) (< net451)) (== netstandard2.0)
      System.Threading.Tasks (>= 4.3) - restriction: || (&& (== net461) (< net451)) (== netstandard2.0)
    System.Data.SqlClient (4.8.2) - restriction: || (&& (== net461) (< net452) (>= netstandard2.0)) (== netstandard2.0)
      Microsoft.Win32.Registry (>= 4.7) - restriction: || (&& (== net461) (< net451) (>= netstandard2.0)) (&& (== net461) (>= netcoreapp2.0)) (== netstandard2.0)
      runtime.native.System.Data.SqlClient.sni (>= 4.7) - restriction: || (&& (== net461) (< net451)) (&& (== net461) (>= netcoreapp2.0)) (== netstandard2.0)
      System.Buffers (>= 4.5.1) - restriction: || (&& (== net461) (< net451) (>= netstandard2.0)) (== netstandard2.0)
      System.Diagnostics.DiagnosticSource (>= 4.7) - restriction: || (&& (== net461) (< net451)) (&& (== net461) (>= netcoreapp2.0)) (&& (== net461) (>= netcoreapp2.1)) (&& (== net461) (>= uap10.1)) (== netstandard2.0)
      System.Memory (>= 4.5.4) - restriction: || (&& (== net461) (< net451) (>= netstandard2.0)) (&& (== net461) (>= netcoreapp2.0)) (&& (== net461) (>= uap10.1)) (== netstandard2.0)
      System.Security.Principal.Windows (>= 4.7) - restriction: || (&& (== net461) (< net451)) (&& (== net461) (>= netcoreapp2.0)) (== netstandard2.0)
      System.Text.Encoding.CodePages (>= 4.7) - restriction: || (&& (== net461) (< net451)) (&& (== net461) (>= netcoreapp2.0)) (&& (== net461) (>= netcoreapp2.1)) (&& (== net461) (>= uap10.1)) (== netstandard2.0)
    System.Diagnostics.Debug (4.3) - restriction: || (&& (== net461) (< net45)) (== netstandard2.0)
      Microsoft.NETCore.Platforms (>= 1.1) - restriction: || (&& (== net461) (< net45)) (== netstandard2.0)
      Microsoft.NETCore.Targets (>= 1.1) - restriction: || (&& (== net461) (< net45)) (== netstandard2.0)
      System.Runtime (>= 4.3) - restriction: || (&& (== net461) (< net45)) (== netstandard2.0)
    System.Diagnostics.DiagnosticSource (5.0)
      System.Memory (>= 4.5.4)
      System.Runtime.CompilerServices.Unsafe (>= 5.0)
    System.Diagnostics.EventLog (5.0) - restriction: || (&& (== net461) (>= monoandroid) (>= netstandard2.0)) (&& (== net461) (>= monotouch) (>= netstandard2.0)) (&& (== net461) (< net452) (>= netstandard2.0)) (&& (== net461) (>= netstandard2.0) (>= uap10.1)) (&& (== net461) (>= netstandard2.0) (>= xamarintvos)) (&& (== net461) (>= netstandard2.0) (>= xamarinwatchos)) (== netstandard2.0)
      System.Security.Principal.Windows (>= 5.0)
    System.Diagnostics.PerformanceCounter (5.0) - restriction: || (&& (== net461) (< net452) (>= netstandard2.0)) (== netstandard2.0)
    System.Diagnostics.Tools (4.3) - restriction: || (&& (== net461) (< net45)) (== netstandard2.0)
      Microsoft.NETCore.Platforms (>= 1.1) - restriction: || (&& (== net461) (< net45)) (== netstandard2.0)
      Microsoft.NETCore.Targets (>= 1.1) - restriction: || (&& (== net461) (< net45)) (== netstandard2.0)
      System.Runtime (>= 4.3) - restriction: || (&& (== net461) (< net45)) (== netstandard2.0)
    System.Drawing.Common (5.0.2)
    System.Formats.Asn1 (5.0) - restriction: || (&& (== net461) (>= monoandroid) (>= netcoreapp2.0)) (&& (== net461) (>= monoandroid) (>= netstandard2.0)) (&& (== net461) (>= monoandroid) (>= netstandard2.1)) (&& (== net461) (>= monotouch) (>= netcoreapp2.0)) (&& (== net461) (>= monotouch) (>= netstandard2.0)) (&& (== net461) (>= monotouch) (>= netstandard2.1)) (&& (== net461) (>= netcoreapp2.0) (>= xamarintvos)) (&& (== net461) (>= netcoreapp2.0) (>= xamarinwatchos)) (&& (== net461) (>= netcoreapp2.1)) (&& (== net461) (>= netcoreapp3.0)) (&& (== net461) (>= netstandard2.0) (>= xamarintvos)) (&& (== net461) (>= netstandard2.0) (>= xamarinwatchos)) (&& (== net461) (>= netstandard2.1) (>= xamarintvos)) (&& (== net461) (>= netstandard2.1) (>= xamarinwatchos)) (&& (== net461) (>= xamarinios)) (&& (== net461) (>= xamarinmac)) (== netstandard2.0)
      System.Buffers (>= 4.5.1)
      System.Memory (>= 4.5.4)
    System.Globalization (4.3) - restriction: || (&& (== net461) (< net45)) (== netstandard2.0)
      Microsoft.NETCore.Platforms (>= 1.1) - restriction: || (&& (== net461) (< net45)) (== netstandard2.0)
      Microsoft.NETCore.Targets (>= 1.1) - restriction: || (&& (== net461) (< net45)) (== netstandard2.0)
      System.Runtime (>= 4.3) - restriction: || (&& (== net461) (< net45)) (== netstandard2.0)
    System.IdentityModel.Tokens.Jwt (6.11) - restriction: || (== net461) (&& (== netstandard2.0) (>= net461))
      Microsoft.IdentityModel.JsonWebTokens (>= 6.11)
      Microsoft.IdentityModel.Tokens (>= 6.11)
    System.Interactive (5.0)
    System.Interactive.Async (5.0) - restriction: || (&& (== net461) (>= netstandard2.0)) (== netstandard2.0)
      System.Linq.Async (>= 5.0)
    System.IO (4.3) - restriction: || (&& (== net461) (< net45)) (== netstandard2.0)
      Microsoft.NETCore.Platforms (>= 1.1) - restriction: || (&& (== net461) (< net45)) (== netstandard2.0)
      Microsoft.NETCore.Targets (>= 1.1) - restriction: || (&& (== net461) (< net45)) (== netstandard2.0)
      System.Runtime (>= 4.3) - restriction: || (&& (== net461) (< net45)) (== netstandard2.0)
      System.Text.Encoding (>= 4.3) - restriction: || (&& (== net461) (< net45)) (== netstandard2.0)
      System.Threading.Tasks (>= 4.3) - restriction: || (&& (== net461) (< net45)) (== netstandard2.0)
    System.IO.Compression (4.3)
      Microsoft.NETCore.Platforms (>= 1.1) - restriction: || (&& (== net461) (< net45)) (== netstandard2.0)
      runtime.native.System (>= 4.3) - restriction: || (&& (== net461) (< net45)) (== netstandard2.0)
      runtime.native.System.IO.Compression (>= 4.3) - restriction: || (&& (== net461) (< net45)) (== netstandard2.0)
      System.Buffers (>= 4.3) - restriction: || (&& (== net461) (< net45)) (== netstandard2.0)
      System.Collections (>= 4.3) - restriction: || (&& (== net461) (< net45)) (== netstandard2.0)
      System.Diagnostics.Debug (>= 4.3) - restriction: || (&& (== net461) (< net45)) (== netstandard2.0)
      System.IO (>= 4.3) - restriction: || (&& (== net461) (< net45)) (== netstandard2.0)
      System.Resources.ResourceManager (>= 4.3) - restriction: || (&& (== net461) (< net45)) (== netstandard2.0)
      System.Runtime (>= 4.3) - restriction: || (&& (== net461) (< net45)) (== netstandard2.0)
      System.Runtime.Extensions (>= 4.3) - restriction: || (&& (== net461) (< net45)) (== netstandard2.0)
      System.Runtime.Handles (>= 4.3) - restriction: || (&& (== net461) (< net45)) (== netstandard2.0)
      System.Runtime.InteropServices (>= 4.3) - restriction: || (&& (== net461) (< net45)) (== netstandard2.0)
      System.Text.Encoding (>= 4.3) - restriction: || (&& (== net461) (< net45)) (== netstandard2.0)
      System.Threading (>= 4.3) - restriction: || (&& (== net461) (< net45)) (== netstandard2.0)
      System.Threading.Tasks (>= 4.3) - restriction: || (&& (== net461) (< net45)) (== netstandard2.0)
    System.IO.FileSystem (4.3) - restriction: || (&& (== net461) (< net45)) (== netstandard2.0)
      Microsoft.NETCore.Platforms (>= 1.1) - restriction: || (&& (== net461) (< net46)) (== netstandard2.0)
      Microsoft.NETCore.Targets (>= 1.1) - restriction: || (&& (== net461) (< net46)) (== netstandard2.0)
      System.IO (>= 4.3) - restriction: || (&& (== net461) (< net46)) (== netstandard2.0)
      System.IO.FileSystem.Primitives (>= 4.3)
      System.Runtime (>= 4.3) - restriction: || (&& (== net461) (< net46)) (== netstandard2.0)
      System.Runtime.Handles (>= 4.3) - restriction: || (&& (== net461) (< net46)) (== netstandard2.0)
      System.Text.Encoding (>= 4.3) - restriction: || (&& (== net461) (< net46)) (== netstandard2.0)
      System.Threading.Tasks (>= 4.3) - restriction: || (&& (== net461) (< net46)) (== netstandard2.0)
    System.IO.FileSystem.Primitives (4.3)
    System.IO.Packaging (5.0)
      System.IO.FileSystem.Primitives (>= 4.3) - restriction: || (== net461) (&& (== netstandard2.0) (>= net46))
    System.Linq.Async (5.0) - restriction: || (&& (== net461) (>= netstandard2.0)) (== netstandard2.0)
      Microsoft.Bcl.AsyncInterfaces (>= 1.1.1)
    System.Management (5.0)
      System.CodeDom (>= 5.0) - restriction: || (&& (== net461) (< net45) (>= netstandard2.0)) (&& (== net461) (>= netcoreapp2.0)) (== netstandard2.0)
    System.Memory (4.5.4)
      System.Buffers (>= 4.5.1)
      System.Numerics.Vectors (>= 4.4) - restriction: || (&& (== net461) (< net45) (>= netstandard2.0)) (== netstandard2.0)
      System.Numerics.Vectors (>= 4.5) - restriction: || (== net461) (&& (== netstandard2.0) (>= net461))
      System.Runtime.CompilerServices.Unsafe (>= 4.5.3)
    System.Numerics.Vectors (4.5)
    System.Private.ServiceModel (4.8.1) - restriction: || (&& (== net461) (< net45) (>= netstandard2.0)) (== netstandard2.0)
      System.Numerics.Vectors (>= 4.5) - restriction: || (&& (== net461) (>= netstandard2.0)) (== netstandard2.0)
      System.Reflection.DispatchProxy (>= 4.7.1) - restriction: || (&& (== net461) (>= netstandard2.0)) (== netstandard2.0)
      System.Security.Cryptography.Xml (>= 4.7) - restriction: || (&& (== net461) (>= netstandard2.0)) (== netstandard2.0)
      System.Security.Principal.Windows (>= 4.7) - restriction: || (&& (== net461) (>= netstandard2.0)) (== netstandard2.0)
    System.Reactive (5.0)
      System.Runtime.InteropServices.WindowsRuntime (>= 4.3) - restriction: || (&& (== net461) (>= netstandard2.0)) (== netstandard2.0)
      System.Threading.Tasks.Extensions (>= 4.5.4) - restriction: || (&& (== net461) (>= net472)) (&& (== net461) (>= netstandard2.0)) (&& (== net461) (>= uap10.1)) (== netstandard2.0)
    System.Reflection (4.3) - restriction: || (&& (== net461) (< net45)) (== netstandard2.0)
      Microsoft.NETCore.Platforms (>= 1.1) - restriction: || (&& (== net461) (< net45)) (== netstandard2.0)
      Microsoft.NETCore.Targets (>= 1.1) - restriction: || (&& (== net461) (< net45)) (== netstandard2.0)
      System.IO (>= 4.3) - restriction: || (&& (== net461) (< net45)) (== netstandard2.0)
      System.Reflection.Primitives (>= 4.3) - restriction: || (&& (== net461) (< net45)) (== netstandard2.0)
      System.Runtime (>= 4.3) - restriction: || (&& (== net461) (< net45)) (== netstandard2.0)
    System.Reflection.DispatchProxy (4.7.1) - restriction: || (&& (== net461) (< net45) (>= netstandard2.0)) (== netstandard2.0)
    System.Reflection.Emit (4.7)
      System.Reflection.Emit.ILGeneration (>= 4.7) - restriction: || (&& (== net461) (< net45)) (&& (== net461) (< netstandard1.1)) (&& (== net461) (>= uap10.1)) (&& (== net461) (>= wpa81)) (== netstandard2.0)
    System.Reflection.Emit.ILGeneration (4.7) - restriction: || (&& (== net461) (< net45)) (&& (== net461) (< netstandard1.1)) (&& (== net461) (>= uap10.1)) (&& (== net461) (>= wpa81)) (== netstandard2.0)
    System.Reflection.Emit.Lightweight (4.7) - restriction: || (&& (== net461) (>= netstandard2.0)) (== netstandard2.0)
      System.Reflection.Emit.ILGeneration (>= 4.7) - restriction: || (&& (== net461) (< net45)) (&& (== net461) (< portable-net45+wp8)) (&& (== net461) (>= uap10.1)) (&& (== net461) (>= wpa81)) (== netstandard2.0)
    System.Reflection.Extensions (4.3) - restriction: || (&& (== net461) (< net45)) (&& (== net461) (>= netcoreapp2.2)) (== netstandard2.0)
      Microsoft.NETCore.Platforms (>= 1.1) - restriction: || (&& (== net461) (< net45)) (== netstandard2.0)
      Microsoft.NETCore.Targets (>= 1.1) - restriction: || (&& (== net461) (< net45)) (== netstandard2.0)
      System.Reflection (>= 4.3) - restriction: || (&& (== net461) (< net45)) (== netstandard2.0)
      System.Runtime (>= 4.3) - restriction: || (&& (== net461) (< net45)) (== netstandard2.0)
    System.Reflection.Metadata (5.0) - restriction: || (&& (== net461) (>= netstandard2.0)) (== netstandard2.0)
      System.Collections.Immutable (>= 5.0)
    System.Reflection.Primitives (4.3) - restriction: || (&& (== net461) (< net45)) (&& (== net461) (>= netcoreapp1.1)) (== netstandard2.0)
      Microsoft.NETCore.Platforms (>= 1.1) - restriction: || (&& (== net461) (< net45)) (== netstandard2.0)
      Microsoft.NETCore.Targets (>= 1.1) - restriction: || (&& (== net461) (< net45)) (== netstandard2.0)
      System.Runtime (>= 4.3) - restriction: || (&& (== net461) (< net45)) (== netstandard2.0)
    System.Reflection.TypeExtensions (4.7) - restriction: || (&& (== net461) (< net45)) (&& (== net461) (>= netcoreapp2.2)) (== netstandard2.0)
    System.Resources.Extensions (5.0)
      System.Memory (>= 4.5.4)
    System.Resources.ResourceManager (4.3) - restriction: || (&& (== net461) (< net45)) (== netstandard2.0)
      Microsoft.NETCore.Platforms (>= 1.1) - restriction: || (&& (== net461) (< net45)) (== netstandard2.0)
      Microsoft.NETCore.Targets (>= 1.1) - restriction: || (&& (== net461) (< net45)) (== netstandard2.0)
      System.Globalization (>= 4.3) - restriction: || (&& (== net461) (< net45)) (== netstandard2.0)
      System.Reflection (>= 4.3) - restriction: || (&& (== net461) (< net45)) (== netstandard2.0)
      System.Runtime (>= 4.3) - restriction: || (&& (== net461) (< net45)) (== netstandard2.0)
    System.Runtime (4.3.1) - restriction: || (&& (== net461) (< net45)) (== netstandard2.0)
      Microsoft.NETCore.Platforms (>= 1.1.1) - restriction: || (&& (== net461) (< net45)) (== netstandard2.0)
      Microsoft.NETCore.Targets (>= 1.1.3) - restriction: || (&& (== net461) (< net45)) (== netstandard2.0)
    System.Runtime.CompilerServices.Unsafe (5.0)
    System.Runtime.Extensions (4.3.1) - restriction: || (&& (== net461) (< net45)) (== netstandard2.0)
      Microsoft.NETCore.Platforms (>= 1.1.1) - restriction: || (&& (== net461) (< net45)) (== netstandard2.0)
      Microsoft.NETCore.Targets (>= 1.1.3) - restriction: || (&& (== net461) (< net45)) (== netstandard2.0)
      System.Runtime (>= 4.3.1) - restriction: || (&& (== net461) (< net45)) (== netstandard2.0)
    System.Runtime.Handles (4.3) - restriction: || (&& (== net461) (< net45)) (== netstandard2.0)
      Microsoft.NETCore.Platforms (>= 1.1) - restriction: || (&& (== net461) (< net46)) (== netstandard2.0)
      Microsoft.NETCore.Targets (>= 1.1) - restriction: || (&& (== net461) (< net46)) (== netstandard2.0)
      System.Runtime (>= 4.3) - restriction: || (&& (== net461) (< net46)) (== netstandard2.0)
    System.Runtime.InteropServices (4.3) - restriction: || (&& (== net461) (< net45)) (== netstandard2.0)
      Microsoft.NETCore.Platforms (>= 1.1) - restriction: || (&& (== net461) (< net45)) (&& (== net461) (>= netcoreapp1.1)) (== netstandard2.0)
      Microsoft.NETCore.Targets (>= 1.1) - restriction: || (&& (== net461) (< net45)) (&& (== net461) (>= netcoreapp1.1)) (== netstandard2.0)
      System.Reflection (>= 4.3) - restriction: || (&& (== net461) (< net45)) (&& (== net461) (>= netcoreapp1.1)) (== netstandard2.0)
      System.Reflection.Primitives (>= 4.3) - restriction: || (&& (== net461) (< net45)) (&& (== net461) (>= netcoreapp1.1)) (== netstandard2.0)
      System.Runtime (>= 4.3) - restriction: || (&& (== net461) (< net45)) (&& (== net461) (>= net462)) (&& (== net461) (>= netcoreapp1.1)) (== netstandard2.0)
      System.Runtime.Handles (>= 4.3) - restriction: || (&& (== net461) (< net45)) (&& (== net461) (>= netcoreapp1.1)) (== netstandard2.0)
    System.Runtime.InteropServices.RuntimeInformation (4.3) - restriction: || (&& (== net461) (< net45)) (&& (== net461) (>= netcoreapp2.2)) (== netstandard2.0)
      runtime.native.System (>= 4.3) - restriction: || (&& (== net461) (< net45)) (== netstandard2.0)
      System.Reflection (>= 4.3) - restriction: || (&& (== net461) (< net45)) (== netstandard2.0)
      System.Reflection.Extensions (>= 4.3) - restriction: || (&& (== net461) (< net45)) (== netstandard2.0)
      System.Resources.ResourceManager (>= 4.3) - restriction: || (&& (== net461) (< net45)) (== netstandard2.0)
      System.Runtime (>= 4.3) - restriction: || (&& (== net461) (< net45)) (== netstandard2.0)
      System.Runtime.InteropServices (>= 4.3) - restriction: || (&& (== net461) (< net45)) (== netstandard2.0)
      System.Threading (>= 4.3) - restriction: || (&& (== net461) (< net45)) (== netstandard2.0)
    System.Runtime.InteropServices.WindowsRuntime (4.3) - restriction: || (&& (== net461) (>= netstandard2.0)) (== netstandard2.0)
      System.Runtime (>= 4.3) - restriction: || (&& (== net461) (< net45)) (== netstandard2.0)
    System.Runtime.Loader (4.3) - restriction: || (&& (== net461) (< net452) (>= netstandard2.0)) (== netstandard2.0)
      System.IO (>= 4.3) - restriction: || (&& (== net461) (>= netstandard1.5)) (== netstandard2.0)
      System.Reflection (>= 4.3) - restriction: || (&& (== net461) (>= netstandard1.5)) (== netstandard2.0)
      System.Runtime (>= 4.3) - restriction: || (&& (== net461) (>= netstandard1.5)) (== netstandard2.0)
    System.Security.AccessControl (5.0)
      System.Security.Principal.Windows (>= 5.0)
    System.Security.Cryptography.Cng (5.0) - restriction: || (&& (== net461) (>= monoandroid) (>= netcoreapp2.0)) (&& (== net461) (>= monoandroid) (>= netstandard2.0)) (&& (== net461) (>= monoandroid) (>= netstandard2.1)) (&& (== net461) (>= monotouch) (>= netcoreapp2.0)) (&& (== net461) (>= monotouch) (>= netstandard2.0)) (&& (== net461) (>= monotouch) (>= netstandard2.1)) (&& (== net461) (>= netcoreapp2.0) (>= xamarintvos)) (&& (== net461) (>= netcoreapp2.0) (>= xamarinwatchos)) (&& (== net461) (>= netcoreapp2.1)) (&& (== net461) (>= netcoreapp3.0)) (&& (== net461) (>= netstandard2.0) (>= xamarintvos)) (&& (== net461) (>= netstandard2.0) (>= xamarinwatchos)) (&& (== net461) (>= netstandard2.1) (>= xamarintvos)) (&& (== net461) (>= netstandard2.1) (>= xamarinwatchos)) (&& (== net461) (>= xamarinios)) (&& (== net461) (>= xamarinmac)) (== netstandard2.0)
    System.Security.Cryptography.Pkcs (5.0) - restriction: || (&& (== net461) (>= monoandroid) (>= netstandard2.0)) (&& (== net461) (>= monotouch) (>= netstandard2.0)) (&& (== net461) (>= netcoreapp2.1)) (&& (== net461) (>= netstandard2.0) (>= xamarintvos)) (&& (== net461) (>= netstandard2.0) (>= xamarinwatchos)) (&& (== net461) (>= xamarinios)) (&& (== net461) (>= xamarinmac)) (== netstandard2.0)
      System.Buffers (>= 4.5.1) - restriction: || (&& (== net461) (< net46) (>= netstandard2.0)) (== netstandard2.0)
      System.Formats.Asn1 (>= 5.0) - restriction: || (&& (== net461) (>= monoandroid)) (&& (== net461) (>= monotouch)) (&& (== net461) (< net46) (>= netstandard2.0)) (&& (== net461) (>= netcoreapp2.0)) (&& (== net461) (>= netcoreapp3.0)) (&& (== net461) (>= netstandard2.1)) (&& (== net461) (>= uap10.1)) (&& (== net461) (>= xamarinios)) (&& (== net461) (>= xamarinmac)) (&& (== net461) (>= xamarintvos)) (&& (== net461) (>= xamarinwatchos)) (== netstandard2.0)
      System.Memory (>= 4.5.4) - restriction: || (&& (== net461) (< net46) (>= netstandard2.0)) (&& (== net461) (>= netcoreapp2.0)) (&& (== net461) (>= uap10.1)) (== netstandard2.0)
      System.Security.Cryptography.Cng (>= 5.0) - restriction: || (&& (== net461) (< net46) (>= netstandard2.0)) (&& (== net461) (>= netcoreapp2.0)) (&& (== net461) (>= netcoreapp2.1)) (&& (== net461) (>= netcoreapp3.0)) (&& (== net461) (>= netstandard2.1)) (== netstandard2.0)
    System.Security.Cryptography.ProtectedData (5.0) - restriction: == netstandard2.0
      System.Memory (>= 4.5.4) - restriction: || (&& (== net461) (< net46) (>= netstandard2.0)) (== netstandard2.0)
    System.Security.Cryptography.Xml (5.0) - restriction: || (&& (== net461) (>= netstandard2.0)) (== netstandard2.0)
      System.Memory (>= 4.5.4) - restriction: == netstandard2.0
      System.Security.Cryptography.Pkcs (>= 5.0) - restriction: || (&& (== net461) (>= monoandroid)) (&& (== net461) (>= monotouch)) (&& (== net461) (>= netcoreapp2.1)) (&& (== net461) (>= xamarinios)) (&& (== net461) (>= xamarinmac)) (&& (== net461) (>= xamarintvos)) (&& (== net461) (>= xamarinwatchos)) (== netstandard2.0)
      System.Security.Permissions (>= 5.0)
    System.Security.Permissions (5.0)
      System.Security.AccessControl (>= 5.0)
    System.Security.Principal.Windows (5.0)
    System.ServiceModel.Duplex (4.8.1)
      System.Private.ServiceModel (>= 4.8.1) - restriction: || (&& (== net461) (< net45) (>= netstandard2.0)) (== netstandard2.0)
      System.ServiceModel.Primitives (>= 4.8.1)
    System.ServiceModel.Http (4.8.1)
      System.Private.ServiceModel (>= 4.8.1) - restriction: || (&& (== net461) (< net45) (>= netstandard2.0)) (== netstandard2.0)
      System.ServiceModel.Primitives (>= 4.8.1)
    System.ServiceModel.NetTcp (4.8.1)
      System.Private.ServiceModel (>= 4.8.1) - restriction: || (&& (== net461) (< net45) (>= netstandard2.0)) (== netstandard2.0)
      System.ServiceModel.Primitives (>= 4.8.1)
    System.ServiceModel.Primitives (4.8.1)
      System.Private.ServiceModel (>= 4.8.1) - restriction: || (&& (== net461) (< net45) (>= netstandard2.0)) (&& (== net461) (>= netcoreapp2.1)) (== netstandard2.0)
    System.ServiceModel.Security (4.8.1)
      System.Private.ServiceModel (>= 4.8.1) - restriction: || (&& (== net461) (< net45) (>= netstandard2.0)) (== netstandard2.0)
      System.ServiceModel.Primitives (>= 4.8.1)
    System.ServiceProcess.ServiceController (5.0) - restriction: || (&& (== net461) (< net452) (>= netstandard2.0)) (== netstandard2.0)
      System.Buffers (>= 4.5.1) - restriction: || (&& (== net461) (>= monoandroid)) (&& (== net461) (>= monotouch)) (&& (== net461) (>= xamarinios)) (&& (== net461) (>= xamarinmac)) (&& (== net461) (>= xamarintvos)) (&& (== net461) (>= xamarinwatchos)) (== netstandard2.0)
      System.Diagnostics.EventLog (>= 5.0)
      System.Memory (>= 4.5.4) - restriction: || (&& (== net461) (>= netcoreapp2.0)) (&& (== net461) (>= uap10.1)) (== netstandard2.0)
    System.Text.Encoding (4.3) - restriction: || (&& (== net461) (< net45)) (== netstandard2.0)
      Microsoft.NETCore.Platforms (>= 1.1) - restriction: || (&& (== net461) (< net45)) (== netstandard2.0)
      Microsoft.NETCore.Targets (>= 1.1) - restriction: || (&& (== net461) (< net45)) (== netstandard2.0)
      System.Runtime (>= 4.3) - restriction: || (&& (== net461) (< net45)) (== netstandard2.0)
    System.Text.Encoding.CodePages (4.7.1) - restriction: || (&& (== net461) (< net40) (>= netstandard2.0)) (&& (== net461) (< net451) (>= netstandard2.0)) (&& (== net461) (< net452) (>= netstandard2.0)) (&& (== net461) (>= netcoreapp2.0)) (&& (== net461) (>= netcoreapp2.1)) (&& (== net461) (>= netstandard2.0) (>= uap10.1)) (== netstandard2.0)
      System.Runtime.CompilerServices.Unsafe (>= 4.7.1)
    System.Text.Encoding.Extensions (4.3) - restriction: || (&& (== net461) (< net40) (>= netstandard2.0)) (== netstandard2.0)
      Microsoft.NETCore.Platforms (>= 1.1) - restriction: || (&& (== net461) (< net45)) (== netstandard2.0)
      Microsoft.NETCore.Targets (>= 1.1) - restriction: || (&& (== net461) (< net45)) (== netstandard2.0)
      System.Runtime (>= 4.3) - restriction: || (&& (== net461) (< net45)) (== netstandard2.0)
      System.Text.Encoding (>= 4.3) - restriction: || (&& (== net461) (< net45)) (== netstandard2.0)
    System.Text.Encodings.Web (5.0.1) - restriction: || (&& (== net461) (>= monoandroid) (>= netstandard2.0)) (&& (== net461) (>= monotouch) (>= netstandard2.0)) (&& (== net461) (< net452) (>= netstandard2.0)) (&& (== net461) (>= netcoreapp2.0)) (&& (== net461) (>= netcoreapp2.1)) (&& (== net461) (>= netcoreapp3.0)) (&& (== net461) (>= netstandard2.0) (>= uap10.1)) (&& (== net461) (>= netstandard2.0) (>= xamarintvos)) (&& (== net461) (>= netstandard2.0) (>= xamarinwatchos)) (&& (== net461) (>= xamarinios)) (&& (== net461) (>= xamarinmac)) (== netstandard2.0)
      System.Buffers (>= 4.5.1)
      System.Memory (>= 4.5.4)
    System.Text.Json (5.0.2) - restriction: || (&& (== net461) (< net452) (>= netstandard2.0)) (== netstandard2.0)
      Microsoft.Bcl.AsyncInterfaces (>= 5.0)
      System.Buffers (>= 4.5.1)
      System.Memory (>= 4.5.4)
      System.Numerics.Vectors (>= 4.5)
      System.Runtime.CompilerServices.Unsafe (>= 5.0)
      System.Text.Encodings.Web (>= 5.0.1)
      System.Threading.Tasks.Extensions (>= 4.5.4)
    System.Text.RegularExpressions (4.3.1) - restriction: || (&& (== net461) (< net45)) (== netstandard2.0)
      System.Collections (>= 4.3) - restriction: || (&& (== net461) (< net45) (>= netstandard1.6)) (== netstandard2.0)
      System.Globalization (>= 4.3) - restriction: || (&& (== net461) (< net45) (>= netstandard1.6)) (== netstandard2.0)
      System.Resources.ResourceManager (>= 4.3) - restriction: || (&& (== net461) (< net45) (>= netstandard1.6)) (== netstandard2.0)
      System.Runtime (>= 4.3.1) - restriction: || (&& (== net461) (< net45)) (&& (== net461) (>= netcoreapp1.1)) (== netstandard2.0)
      System.Runtime.Extensions (>= 4.3.1) - restriction: || (&& (== net461) (< net45) (>= netstandard1.6)) (== netstandard2.0)
      System.Threading (>= 4.3) - restriction: || (&& (== net461) (< net45) (>= netstandard1.6)) (== netstandard2.0)
    System.Threading (4.3) - restriction: || (&& (== net461) (< net45)) (== netstandard2.0)
      System.Runtime (>= 4.3) - restriction: || (&& (== net461) (< net45)) (== netstandard2.0)
      System.Threading.Tasks (>= 4.3) - restriction: || (&& (== net461) (< net45)) (== netstandard2.0)
    System.Threading.Tasks (4.3) - restriction: || (&& (== net461) (< net45)) (== netstandard2.0)
      Microsoft.NETCore.Platforms (>= 1.1) - restriction: || (&& (== net461) (< net45)) (== netstandard2.0)
      Microsoft.NETCore.Targets (>= 1.1) - restriction: || (&& (== net461) (< net45)) (== netstandard2.0)
      System.Runtime (>= 4.3) - restriction: || (&& (== net461) (< net45)) (== netstandard2.0)
    System.Threading.Tasks.Extensions (4.5.4)
      System.Runtime.CompilerServices.Unsafe (>= 4.5.3)
    System.ValueTuple (4.5)
    System.Xml.ReaderWriter (4.3.1) - restriction: || (&& (== net461) (< net45)) (== netstandard2.0)
      System.Collections (>= 4.3) - restriction: || (&& (== net461) (< net45)) (== netstandard2.0)
      System.Diagnostics.Debug (>= 4.3) - restriction: || (&& (== net461) (< net45)) (== netstandard2.0)
      System.Globalization (>= 4.3) - restriction: || (&& (== net461) (< net45)) (== netstandard2.0)
      System.IO (>= 4.3) - restriction: || (&& (== net461) (< net45)) (== netstandard2.0)
      System.IO.FileSystem (>= 4.3) - restriction: || (&& (== net461) (< net45)) (== netstandard2.0)
      System.IO.FileSystem.Primitives (>= 4.3) - restriction: || (&& (== net461) (< net45)) (== netstandard2.0)
      System.Resources.ResourceManager (>= 4.3) - restriction: || (&& (== net461) (< net45)) (== netstandard2.0)
      System.Runtime (>= 4.3) - restriction: || (&& (== net461) (< net45)) (== netstandard2.0)
      System.Runtime.Extensions (>= 4.3) - restriction: || (&& (== net461) (< net45)) (== netstandard2.0)
      System.Runtime.InteropServices (>= 4.3) - restriction: || (&& (== net461) (< net45)) (== netstandard2.0)
      System.Text.Encoding (>= 4.3) - restriction: || (&& (== net461) (< net45)) (== netstandard2.0)
      System.Text.Encoding.Extensions (>= 4.3) - restriction: || (&& (== net461) (< net45)) (== netstandard2.0)
      System.Text.RegularExpressions (>= 4.3) - restriction: || (&& (== net461) (< net45)) (== netstandard2.0)
      System.Threading.Tasks (>= 4.3) - restriction: || (&& (== net461) (< net45)) (== netstandard2.0)
      System.Threading.Tasks.Extensions (>= 4.3) - restriction: || (&& (== net461) (< net45)) (== netstandard2.0)
    System.Xml.XDocument (4.3)
      System.Collections (>= 4.3) - restriction: || (&& (== net461) (< net45)) (== netstandard2.0)
      System.Diagnostics.Debug (>= 4.3) - restriction: || (&& (== net461) (< net45)) (== netstandard2.0)
      System.Diagnostics.Tools (>= 4.3) - restriction: || (&& (== net461) (< net45)) (== netstandard2.0)
      System.Globalization (>= 4.3) - restriction: || (&& (== net461) (< net45)) (== netstandard2.0)
      System.IO (>= 4.3) - restriction: || (&& (== net461) (< net45)) (== netstandard2.0)
      System.Reflection (>= 4.3) - restriction: || (&& (== net461) (< net45)) (== netstandard2.0)
      System.Resources.ResourceManager (>= 4.3) - restriction: || (&& (== net461) (< net45)) (== netstandard2.0)
      System.Runtime (>= 4.3) - restriction: || (&& (== net461) (< net45)) (== netstandard2.0)
      System.Runtime.Extensions (>= 4.3) - restriction: || (&& (== net461) (< net45)) (== netstandard2.0)
      System.Text.Encoding (>= 4.3) - restriction: || (&& (== net461) (< net45)) (== netstandard2.0)
      System.Threading (>= 4.3) - restriction: || (&& (== net461) (< net45)) (== netstandard2.0)
      System.Xml.ReaderWriter (>= 4.3) - restriction: || (&& (== net461) (< net45)) (== netstandard2.0)
    Topshelf (4.2.1)
      TopShelf.ServiceInstaller (>= 4.2.1) - restriction: || (&& (== net461) (< net452) (>= netstandard2.0)) (== netstandard2.0)
    TopShelf.ServiceInstaller (4.3) - restriction: || (&& (== net461) (< net452) (>= netstandard2.0)) (== netstandard2.0)
      Microsoft.Win32.Registry (>= 4.7) - restriction: || (&& (== net461) (>= netstandard2.0)) (== netstandard2.0)
      Microsoft.Win32.SystemEvents (>= 4.7) - restriction: || (&& (== net461) (>= netstandard2.0)) (== netstandard2.0)
      System.ServiceProcess.ServiceController (>= 4.7) - restriction: || (&& (== net461) (>= netstandard2.0)) (== netstandard2.0)
    Unofficial.Microsoft.mshtml (7.0.3300)
    WindowsBase (4.6.1055)
    Xpand.Collections (1.0.4) - restriction: || (&& (== net461) (>= netstandard2.0)) (== netstandard2.0)
    Xpand.Patcher (2.0.30)
      Mono.Cecil (>= 0.11.3)
    YamlDotNet (11.1.1) - restriction: || (&& (== net461) (>= netstandard2.0)) (== netstandard2.0)
  remote: C:\Program Files (x86)\DevExpress 21.1\Components\System\Components\Packages
    DevExpress.Charts (21.1.3)
      DevExpress.Charts.Core (21.1.3)
      DevExpress.Data (21.1.3)
      DevExpress.DataVisualization.Core (21.1.3)
      DevExpress.Printing.Core (21.1.3)
      NETStandard.Library (>= 2.0.3) - restriction: || (&& (== net461) (< net452) (>= netstandard2.0)) (== netstandard2.0)
      System.Drawing.Common (>= 4.5) - restriction: || (&& (== net461) (< net452) (>= netstandard2.0)) (== netstandard2.0)
    DevExpress.Charts.Core (21.1.3)
      DevExpress.Data (21.1.3)
      NETStandard.Library (>= 2.0.3) - restriction: || (&& (== net461) (< net452) (>= netstandard2.0)) (== netstandard2.0)
    DevExpress.CodeParser (21.1.3)
      DevExpress.Data (21.1.3)
    DevExpress.Dashboard.Core (21.1.3)
      DevExpress.Charts (21.1.3)
      DevExpress.Charts.Core (21.1.3)
      DevExpress.Data (21.1.3)
      DevExpress.DataAccess (21.1.3)
      DevExpress.Gauges.Core (21.1.3)
      DevExpress.Map.Core (21.1.3)
      DevExpress.Office.Core (21.1.3)
      DevExpress.PivotGrid.Core (21.1.3)
      DevExpress.Printing.Core (21.1.3)
      DevExpress.Reporting.Core (21.1.3)
      DevExpress.RichEdit.Core (21.1.3)
      DevExpress.Sparkline.Core (21.1.3)
      DevExpress.TreeMap (21.1.3)
      DevExpress.TreeMap.Core (21.1.3)
      DevExpress.Xpo (21.1.3)
      NETStandard.Library (>= 2.0.3) - restriction: || (&& (== net461) (< net452) (>= netstandard2.0)) (== netstandard2.0)
      System.Drawing.Common (>= 4.5) - restriction: || (&& (== net461) (< net452) (>= netstandard2.0)) (== netstandard2.0)
    DevExpress.Data.Desktop (21.1.3) - restriction: || (== net461) (&& (== netstandard2.0) (>= net452))
      DevExpress.Data (21.1.3) - restriction: || (== net461) (&& (== netstandard2.0) (>= net452)) (&& (== netstandard2.0) (>= netcoreapp3.0))
    DevExpress.DataAccess (21.1.3)
      DevExpress.CodeParser (21.1.3)
      DevExpress.Data (21.1.3)
      DevExpress.Office.Core (21.1.3)
      DevExpress.Printing.Core (21.1.3)
      DevExpress.RichEdit.Core (21.1.3)
      DevExpress.Xpo (21.1.3)
    DevExpress.DataAccess.UI (21.1.3) - restriction: || (== net461) (&& (== netstandard2.0) (>= net452))
      DevExpress.CodeParser (21.1.3) - restriction: || (== net461) (&& (== netstandard2.0) (>= net452)) (&& (== netstandard2.0) (>= netcoreapp3.0))
      DevExpress.Data (21.1.3) - restriction: || (== net461) (&& (== netstandard2.0) (>= net452)) (&& (== netstandard2.0) (>= netcoreapp3.0))
      DevExpress.Data.Desktop (21.1.3) - restriction: || (== net461) (&& (== netstandard2.0) (>= net452)) (&& (== netstandard2.0) (>= netcoreapp3.0))
      DevExpress.DataAccess (21.1.3) - restriction: || (== net461) (&& (== netstandard2.0) (>= net452)) (&& (== netstandard2.0) (>= netcoreapp3.0))
      DevExpress.Diagram.Core (21.1.3) - restriction: || (== net461) (&& (== netstandard2.0) (>= net452)) (&& (== netstandard2.0) (>= netcoreapp3.0))
      DevExpress.Printing.Core (21.1.3) - restriction: || (== net461) (&& (== netstandard2.0) (>= net452)) (&& (== netstandard2.0) (>= netcoreapp3.0))
      DevExpress.RichEdit.Core (21.1.3) - restriction: || (== net461) (&& (== netstandard2.0) (>= net452)) (&& (== netstandard2.0) (>= netcoreapp3.0))
      DevExpress.Utils (21.1.3) - restriction: || (== net461) (&& (== netstandard2.0) (>= net452)) (&& (== netstandard2.0) (>= netcoreapp3.0))
      DevExpress.Utils.UI (21.1.3) - restriction: || (== net461) (&& (== netstandard2.0) (>= net452)) (&& (== netstandard2.0) (>= netcoreapp3.0))
      DevExpress.Win.Diagram (21.1.3) - restriction: || (== net461) (&& (== netstandard2.0) (>= net452)) (&& (== netstandard2.0) (>= netcoreapp3.0))
      DevExpress.Win.Grid (21.1.3) - restriction: || (== net461) (&& (== netstandard2.0) (>= net452)) (&& (== netstandard2.0) (>= netcoreapp3.0))
      DevExpress.Win.Navigation (21.1.3) - restriction: || (== net461) (&& (== netstandard2.0) (>= net452)) (&& (== netstandard2.0) (>= netcoreapp3.0))
      DevExpress.Win.Printing (21.1.3) - restriction: || (== net461) (&& (== netstandard2.0) (>= net452)) (&& (== netstandard2.0) (>= netcoreapp3.0))
      DevExpress.Win.RichEdit (21.1.3) - restriction: || (== net461) (&& (== netstandard2.0) (>= net452)) (&& (== netstandard2.0) (>= netcoreapp3.0))
      DevExpress.Win.TreeList (21.1.3) - restriction: || (== net461) (&& (== netstandard2.0) (>= net452)) (&& (== netstandard2.0) (>= netcoreapp3.0))
      DevExpress.Xpo (21.1.3) - restriction: || (== net461) (&& (== netstandard2.0) (>= net452)) (&& (== netstandard2.0) (>= netcoreapp3.0))
    DevExpress.DataVisualization.Core (21.1.3)
      DevExpress.Data (21.1.3)
      NETStandard.Library (>= 2.0.3) - restriction: || (&& (== net461) (< net452) (>= netstandard2.0)) (== netstandard2.0)
    DevExpress.Diagram.Core (21.1.3) - restriction: || (== net461) (&& (== netstandard2.0) (>= net452))
      DevExpress.Data (21.1.3) - restriction: || (== net461) (&& (== netstandard2.0) (>= net452)) (&& (== netstandard2.0) (>= netcoreapp3.0))
      DevExpress.Data.Desktop (21.1.3) - restriction: || (== net461) (&& (== netstandard2.0) (>= net452)) (&& (== netstandard2.0) (>= netcoreapp3.0))
      DevExpress.Printing.Core (21.1.3) - restriction: || (== net461) (&& (== netstandard2.0) (>= net452)) (&& (== netstandard2.0) (>= netcoreapp3.0))
    DevExpress.Document.Processor (21.1.3)
      DevExpress.Charts (21.1.3)
      DevExpress.Data (21.1.3)
      DevExpress.DataAccess (21.1.3) - restriction: || (== net461) (&& (== netstandard2.0) (>= net452))
      DevExpress.DataVisualization.Core (21.1.3)
      DevExpress.Office.Core (21.1.3)
      DevExpress.Pdf.Core (21.1.3)
      DevExpress.Pdf.Drawing (21.1.3)
      DevExpress.Printing.Core (21.1.3)
      DevExpress.RichEdit.Core (21.1.3)
      DevExpress.Snap.Core (21.1.3) - restriction: || (== net461) (&& (== netstandard2.0) (>= net452))
      DevExpress.Spreadsheet.Core (21.1.3)
      NETStandard.Library (>= 2.0.3) - restriction: || (&& (== net461) (< net452) (>= netstandard2.0)) (== netstandard2.0)
      System.Drawing.Common (>= 4.5) - restriction: || (&& (== net461) (< net452) (>= netstandard2.0)) (== netstandard2.0)
      System.Security.Cryptography.Xml (>= 4.5) - restriction: || (&& (== net461) (< net452) (>= netstandard2.0)) (== netstandard2.0)
    DevExpress.EasyTest (21.1.3)
      Microsoft.Win32.Registry (>= 4.5) - restriction: || (&& (== net461) (< net452) (>= netstandard2.0)) (== netstandard2.0)
      System.Configuration.ConfigurationManager (>= 4.5) - restriction: || (&& (== net461) (< net452) (>= netstandard2.0)) (== netstandard2.0)
      System.Data.SqlClient (>= 4.5) - restriction: || (&& (== net461) (< net452) (>= netstandard2.0)) (== netstandard2.0)
      System.Drawing.Common (>= 4.5) - restriction: || (&& (== net461) (< net452) (>= netstandard2.0)) (== netstandard2.0)
      System.ServiceProcess.ServiceController (>= 4.5) - restriction: || (&& (== net461) (< net452) (>= netstandard2.0)) (== netstandard2.0)
    DevExpress.ExpressApp (21.1.3)
      DevExpress.Data (21.1.3)
      DevExpress.Images (21.1.3)
      DevExpress.Printing.Core (21.1.3)
      DevExpress.Utils (21.1.3) - restriction: || (== net461) (&& (== netstandard2.0) (>= net452))
      Microsoft.CodeAnalysis.CSharp (>= 3.3.1) - restriction: || (&& (== net461) (< net452) (>= netstandard2.0)) (== netstandard2.0)
      Microsoft.Win32.Registry (>= 4.5) - restriction: || (&& (== net461) (< net452) (>= netstandard2.0)) (== netstandard2.0)
      NETStandard.Library (>= 2.0.3) - restriction: || (&& (== net461) (< net452) (>= netstandard2.0)) (== netstandard2.0)
      System.Configuration.ConfigurationManager (>= 4.5) - restriction: || (&& (== net461) (< net452) (>= netstandard2.0)) (== netstandard2.0)
      System.Diagnostics.EventLog (>= 4.5) - restriction: || (&& (== net461) (< net452) (>= netstandard2.0)) (== netstandard2.0)
      System.Drawing.Common (>= 4.5) - restriction: || (&& (== net461) (< net452) (>= netstandard2.0)) (== netstandard2.0)
      System.Reflection.Emit (>= 4.3) - restriction: || (&& (== net461) (< net452) (>= netstandard2.0)) (== netstandard2.0)
      System.Reflection.Emit.Lightweight (>= 4.3) - restriction: || (&& (== net461) (< net452) (>= netstandard2.0)) (== netstandard2.0)
      System.Resources.Extensions (>= 4.6) - restriction: || (&& (== net461) (< net452) (>= netstandard2.0)) (== netstandard2.0)
      System.ServiceModel.Primitives (>= 4.5.3) - restriction: || (&& (== net461) (< net452) (>= netstandard2.0)) (== netstandard2.0)
      System.Text.Encoding.CodePages (>= 4.6) - restriction: || (&& (== net461) (< net452) (>= netstandard2.0)) (== netstandard2.0)
    DevExpress.ExpressApp.AuditTrail (21.1.3)
      DevExpress.Data (21.1.3)
      DevExpress.ExpressApp (21.1.3)
      DevExpress.ExpressApp.Xpo (21.1.3)
      DevExpress.Persistent.BaseImpl (21.1.3)
      DevExpress.Xpo (21.1.3)
      NETStandard.Library (>= 2.0.3) - restriction: || (&& (== net461) (< net452) (>= netstandard2.0)) (== netstandard2.0)
      System.Configuration.ConfigurationManager (>= 4.5) - restriction: || (&& (== net461) (< net452) (>= netstandard2.0)) (== netstandard2.0)
      System.Drawing.Common (>= 4.5) - restriction: || (&& (== net461) (< net452) (>= netstandard2.0)) (== netstandard2.0)
    DevExpress.ExpressApp.Chart (21.1.3)
      DevExpress.Charts (21.1.3)
      DevExpress.Data (21.1.3)
      DevExpress.ExpressApp (21.1.3)
      DevExpress.Persistent.Base (21.1.3)
      NETStandard.Library (>= 2.0.3) - restriction: || (&& (== net461) (< net452) (>= netstandard2.0)) (== netstandard2.0)
      System.Drawing.Common (>= 4.5) - restriction: || (&& (== net461) (< net452) (>= netstandard2.0)) (== netstandard2.0)
    DevExpress.ExpressApp.Chart.Web (21.1.3) - restriction: || (== net461) (&& (== netstandard2.0) (>= net452))
      DevExpress.Charts (21.1.3) - restriction: || (== net461) (&& (== netstandard2.0) (>= net452))
      DevExpress.Data (21.1.3) - restriction: || (== net461) (&& (== netstandard2.0) (>= net452))
      DevExpress.ExpressApp (21.1.3) - restriction: || (== net461) (&& (== netstandard2.0) (>= net452))
      DevExpress.ExpressApp.Chart (21.1.3) - restriction: || (== net461) (&& (== netstandard2.0) (>= net452))
      DevExpress.ExpressApp.Web (21.1.3) - restriction: || (== net461) (&& (== netstandard2.0) (>= net452))
      DevExpress.Persistent.Base (21.1.3) - restriction: || (== net461) (&& (== netstandard2.0) (>= net452))
      DevExpress.Web (21.1.3) - restriction: || (== net461) (&& (== netstandard2.0) (>= net452))
      DevExpress.Web.Visualization (21.1.3) - restriction: || (== net461) (&& (== netstandard2.0) (>= net452))
    DevExpress.ExpressApp.Chart.Win (21.1.3) - restriction: || (== net461) (&& (== netstandard2.0) (>= net452))
      DevExpress.Charts (21.1.3) - restriction: || (== net461) (&& (== netstandard2.0) (>= net452))
      DevExpress.Data (21.1.3) - restriction: || (== net461) (&& (== netstandard2.0) (>= net452))
      DevExpress.ExpressApp (21.1.3) - restriction: || (== net461) (&& (== netstandard2.0) (>= net452))
      DevExpress.ExpressApp.Chart (21.1.3) - restriction: || (== net461) (&& (== netstandard2.0) (>= net452))
      DevExpress.ExpressApp.Win (21.1.3) - restriction: || (== net461) (&& (== netstandard2.0) (>= net452))
      DevExpress.Persistent.Base (21.1.3) - restriction: || (== net461) (&& (== netstandard2.0) (>= net452))
      DevExpress.Printing.Core (21.1.3) - restriction: || (== net461) (&& (== netstandard2.0) (>= net452))
      DevExpress.Utils (21.1.3) - restriction: || (== net461) (&& (== netstandard2.0) (>= net452))
      DevExpress.Win.Charts (21.1.3) - restriction: || (== net461) (&& (== netstandard2.0) (>= net452))
      DevExpress.Win.Navigation (21.1.3) - restriction: || (== net461) (&& (== netstandard2.0) (>= net452))
    DevExpress.ExpressApp.CloneObject (21.1.3)
      DevExpress.Data (21.1.3)
      DevExpress.ExpressApp (21.1.3)
      DevExpress.Persistent.Base (21.1.3)
      NETStandard.Library (>= 2.0.3) - restriction: || (&& (== net461) (< net452) (>= netstandard2.0)) (== netstandard2.0)
      System.Drawing.Common (>= 4.5) - restriction: || (&& (== net461) (< net452) (>= netstandard2.0)) (== netstandard2.0)
    DevExpress.ExpressApp.ConditionalAppearance (21.1.3)
      DevExpress.Data (21.1.3)
      DevExpress.ExpressApp (21.1.3)
      DevExpress.Persistent.Base (21.1.3)
      NETStandard.Library (>= 2.0.3) - restriction: || (&& (== net461) (< net452) (>= netstandard2.0)) (== netstandard2.0)
      System.Drawing.Common (>= 4.5) - restriction: || (&& (== net461) (< net452) (>= netstandard2.0)) (== netstandard2.0)
    DevExpress.ExpressApp.Core.All (21.1.3)
      DevExpress.EasyTest (21.1.3)
      DevExpress.ExpressApp.AuditTrail (21.1.3)
      DevExpress.ExpressApp.Chart (21.1.3)
      DevExpress.ExpressApp.CloneObject (21.1.3)
      DevExpress.ExpressApp.ConditionalAppearance (21.1.3)
      DevExpress.ExpressApp.Dashboards (21.1.3)
      DevExpress.ExpressApp.Kpi (21.1.3)
      DevExpress.ExpressApp.Notifications (21.1.3)
      DevExpress.ExpressApp.Objects (21.1.3)
      DevExpress.ExpressApp.Office (21.1.3)
      DevExpress.ExpressApp.PivotChart (21.1.3)
      DevExpress.ExpressApp.PivotGrid (21.1.3)
      DevExpress.ExpressApp.ReportsV2 (21.1.3)
      DevExpress.ExpressApp.Scheduler (21.1.3)
      DevExpress.ExpressApp.ScriptRecorder (21.1.3)
      DevExpress.ExpressApp.Security (21.1.3)
      DevExpress.ExpressApp.StateMachine (21.1.3)
      DevExpress.ExpressApp.TreeListEditors (21.1.3)
      DevExpress.ExpressApp.Validation (21.1.3)
      DevExpress.ExpressApp.ViewVariantsModule (21.1.3)
      DevExpress.ExpressApp.Workflow (21.1.3) - restriction: || (== net461) (&& (== netstandard2.0) (>= net452))
      DevExpress.Persistent.Base (21.1.3)
    DevExpress.ExpressApp.Dashboards (21.1.3)
      DevExpress.Dashboard.Core (21.1.3)
      DevExpress.Data (21.1.3)
      DevExpress.DataAccess (21.1.3)
      DevExpress.ExpressApp (21.1.3)
      DevExpress.Persistent.Base (21.1.3)
      NETStandard.Library (>= 2.0.3) - restriction: || (&& (== net461) (< net452) (>= netstandard2.0)) (== netstandard2.0)
      System.Drawing.Common (>= 4.5) - restriction: || (&& (== net461) (< net452) (>= netstandard2.0)) (== netstandard2.0)
    DevExpress.ExpressApp.Dashboards.Web (21.1.3) - restriction: || (== net461) (&& (== netstandard2.0) (>= net452))
      DevExpress.Dashboard.Core (21.1.3) - restriction: || (== net461) (&& (== netstandard2.0) (>= net452))
      DevExpress.Data (21.1.3) - restriction: || (== net461) (&& (== netstandard2.0) (>= net452))
      DevExpress.DataAccess (21.1.3) - restriction: || (== net461) (&& (== netstandard2.0) (>= net452))
      DevExpress.ExpressApp (21.1.3) - restriction: || (== net461) (&& (== netstandard2.0) (>= net452))
      DevExpress.ExpressApp.Dashboards (21.1.3) - restriction: || (== net461) (&& (== netstandard2.0) (>= net452))
      DevExpress.ExpressApp.Web (21.1.3) - restriction: || (== net461) (&& (== netstandard2.0) (>= net452))
      DevExpress.Persistent.Base (21.1.3) - restriction: || (== net461) (&& (== netstandard2.0) (>= net452))
      DevExpress.Web (21.1.3) - restriction: || (== net461) (&& (== netstandard2.0) (>= net452))
      DevExpress.Web.Dashboard (21.1.3) - restriction: || (== net461) (&& (== netstandard2.0) (>= net452))
      DevExpress.Web.Dashboard.Common (21.1.3) - restriction: || (== net461) (&& (== netstandard2.0) (>= net452))
    DevExpress.ExpressApp.Dashboards.Win (21.1.3) - restriction: || (== net461) (&& (== netstandard2.0) (>= net452))
      DevExpress.Dashboard.Core (21.1.3) - restriction: || (== net461) (&& (== netstandard2.0) (>= net452))
      DevExpress.Data (21.1.3) - restriction: || (== net461) (&& (== netstandard2.0) (>= net452))
      DevExpress.DataAccess (21.1.3) - restriction: || (== net461) (&& (== netstandard2.0) (>= net452))
      DevExpress.DataAccess.UI (21.1.3) - restriction: || (== net461) (&& (== netstandard2.0) (>= net452))
      DevExpress.ExpressApp (21.1.3) - restriction: || (== net461) (&& (== netstandard2.0) (>= net452))
      DevExpress.ExpressApp.Dashboards (21.1.3) - restriction: || (== net461) (&& (== netstandard2.0) (>= net452))
      DevExpress.ExpressApp.Win (21.1.3) - restriction: || (== net461) (&& (== netstandard2.0) (>= net452))
      DevExpress.Persistent.Base (21.1.3) - restriction: || (== net461) (&& (== netstandard2.0) (>= net452))
      DevExpress.Utils (21.1.3) - restriction: || (== net461) (&& (== netstandard2.0) (>= net452))
      DevExpress.Win.Dashboard (21.1.3) - restriction: || (== net461) (&& (== netstandard2.0) (>= net452))
      DevExpress.Win.Navigation (21.1.3) - restriction: || (== net461) (&& (== netstandard2.0) (>= net452))
    DevExpress.ExpressApp.EasyTest.WebAdapter (21.1.3) - restriction: || (== net461) (&& (== netstandard2.0) (>= net452))
      DevExpress.Data (21.1.3) - restriction: || (== net461) (&& (== netstandard2.0) (>= net452))
      DevExpress.EasyTest (21.1.3) - restriction: || (== net461) (&& (== netstandard2.0) (>= net452))
    DevExpress.ExpressApp.EasyTest.WinAdapter (21.1.3) - restriction: || (== net461) (&& (== netstandard2.0) (>= net452))
      DevExpress.Data (21.1.3) - restriction: || (== net461) (&& (== netstandard2.0) (>= net452))
      DevExpress.DataAccess.UI (21.1.3) - restriction: || (== net461) (&& (== netstandard2.0) (>= net452))
      DevExpress.EasyTest (21.1.3) - restriction: || (== net461) (&& (== netstandard2.0) (>= net452))
      DevExpress.ExpressApp (21.1.3) - restriction: || (== net461) (&& (== netstandard2.0) (>= net452))
      DevExpress.ExpressApp.HtmlPropertyEditor.Win (21.1.3) - restriction: || (== net461) (&& (== netstandard2.0) (>= net452))
      DevExpress.ExpressApp.Office.Win (21.1.3) - restriction: || (== net461) (&& (== netstandard2.0) (>= net452))
      DevExpress.ExpressApp.PivotChart.Win (21.1.3) - restriction: || (== net461) (&& (== netstandard2.0) (>= net452))
      DevExpress.ExpressApp.Win (21.1.3) - restriction: || (== net461) (&& (== netstandard2.0) (>= net452))
      DevExpress.PivotGrid.Core (21.1.3) - restriction: || (== net461) (&& (== netstandard2.0) (>= net452))
      DevExpress.Scheduler.Core (21.1.3) - restriction: || (== net461) (&& (== netstandard2.0) (>= net452))
      DevExpress.Scheduler.CoreDesktop (21.1.3) - restriction: || (== net461) (&& (== netstandard2.0) (>= net452))
      DevExpress.Spreadsheet.Core (21.1.3) - restriction: || (== net461) (&& (== netstandard2.0) (>= net452))
      DevExpress.Utils (21.1.3) - restriction: || (== net461) (&& (== netstandard2.0) (>= net452))
      DevExpress.Win (21.1.3) - restriction: || (== net461) (&& (== netstandard2.0) (>= net452))
      DevExpress.Win.Grid (21.1.3) - restriction: || (== net461) (&& (== netstandard2.0) (>= net452))
      DevExpress.Win.Navigation (21.1.3) - restriction: || (== net461) (&& (== netstandard2.0) (>= net452))
      DevExpress.Win.PivotGrid (21.1.3) - restriction: || (== net461) (&& (== netstandard2.0) (>= net452))
      DevExpress.Win.RichEdit (21.1.3) - restriction: || (== net461) (&& (== netstandard2.0) (>= net452))
      DevExpress.Win.Scheduler (21.1.3) - restriction: || (== net461) (&& (== netstandard2.0) (>= net452))
      DevExpress.Win.Spreadsheet (21.1.3) - restriction: || (== net461) (&& (== netstandard2.0) (>= net452))
      DevExpress.Win.TreeList (21.1.3) - restriction: || (== net461) (&& (== netstandard2.0) (>= net452))
      DevExpress.Win.VerticalGrid (21.1.3) - restriction: || (== net461) (&& (== netstandard2.0) (>= net452))
    DevExpress.ExpressApp.FileAttachment.Web (21.1.3) - restriction: || (== net461) (&& (== netstandard2.0) (>= net452))
      DevExpress.Data (21.1.3) - restriction: || (== net461) (&& (== netstandard2.0) (>= net452))
      DevExpress.ExpressApp (21.1.3) - restriction: || (== net461) (&& (== netstandard2.0) (>= net452))
      DevExpress.ExpressApp.Web (21.1.3) - restriction: || (== net461) (&& (== netstandard2.0) (>= net452))
      DevExpress.Persistent.Base (21.1.3) - restriction: || (== net461) (&& (== netstandard2.0) (>= net452))
      DevExpress.Web (21.1.3) - restriction: || (== net461) (&& (== netstandard2.0) (>= net452))
    DevExpress.ExpressApp.FileAttachment.Win (21.1.3) - restriction: || (== net461) (&& (== netstandard2.0) (>= net452))
      DevExpress.Data (21.1.3) - restriction: || (== net461) (&& (== netstandard2.0) (>= net452))
      DevExpress.Data.Desktop (21.1.3) - restriction: || (== net461) (&& (== netstandard2.0) (>= net452))
      DevExpress.ExpressApp (21.1.3) - restriction: || (== net461) (&& (== netstandard2.0) (>= net452))
      DevExpress.ExpressApp.Win (21.1.3) - restriction: || (== net461) (&& (== netstandard2.0) (>= net452))
      DevExpress.Persistent.Base (21.1.3) - restriction: || (== net461) (&& (== netstandard2.0) (>= net452))
      DevExpress.Utils (21.1.3) - restriction: || (== net461) (&& (== netstandard2.0) (>= net452))
      DevExpress.Win.Navigation (21.1.3) - restriction: || (== net461) (&& (== netstandard2.0) (>= net452))
    DevExpress.ExpressApp.HtmlPropertyEditor.Web (21.1.3) - restriction: || (== net461) (&& (== netstandard2.0) (>= net452))
      DevExpress.Data (21.1.3) - restriction: || (== net461) (&& (== netstandard2.0) (>= net452))
      DevExpress.ExpressApp (21.1.3) - restriction: || (== net461) (&& (== netstandard2.0) (>= net452))
      DevExpress.ExpressApp.Web (21.1.3) - restriction: || (== net461) (&& (== netstandard2.0) (>= net452))
      DevExpress.Web (21.1.3) - restriction: || (== net461) (&& (== netstandard2.0) (>= net452))
    DevExpress.ExpressApp.HtmlPropertyEditor.Win (21.1.3) - restriction: || (== net461) (&& (== netstandard2.0) (>= net452))
      DevExpress.Data (21.1.3) - restriction: || (== net461) (&& (== netstandard2.0) (>= net452))
      DevExpress.ExpressApp (21.1.3) - restriction: || (== net461) (&& (== netstandard2.0) (>= net452))
      DevExpress.ExpressApp.Win (21.1.3) - restriction: || (== net461) (&& (== netstandard2.0) (>= net452))
      DevExpress.Utils (21.1.3) - restriction: || (== net461) (&& (== netstandard2.0) (>= net452))
      DevExpress.Win.Navigation (21.1.3) - restriction: || (== net461) (&& (== netstandard2.0) (>= net452))
    DevExpress.ExpressApp.Kpi (21.1.3)
      DevExpress.Data (21.1.3)
      DevExpress.ExpressApp (21.1.3)
      DevExpress.ExpressApp.Validation (21.1.3)
      DevExpress.Persistent.Base (21.1.3)
      NETStandard.Library (>= 2.0.3) - restriction: || (&& (== net461) (< net452) (>= netstandard2.0)) (== netstandard2.0)
      System.Drawing.Common (>= 4.5) - restriction: || (&& (== net461) (< net452) (>= netstandard2.0)) (== netstandard2.0)
    DevExpress.ExpressApp.Maps.Web (21.1.3) - restriction: || (== net461) (&& (== netstandard2.0) (>= net452))
      DevExpress.Data (21.1.3) - restriction: || (== net461) (&& (== netstandard2.0) (>= net452))
      DevExpress.ExpressApp (21.1.3) - restriction: || (== net461) (&& (== netstandard2.0) (>= net452))
      DevExpress.ExpressApp.Web (21.1.3) - restriction: || (== net461) (&& (== netstandard2.0) (>= net452))
      DevExpress.Persistent.Base (21.1.3) - restriction: || (== net461) (&& (== netstandard2.0) (>= net452))
      DevExpress.Web (21.1.3) - restriction: || (== net461) (&& (== netstandard2.0) (>= net452))
    DevExpress.ExpressApp.Notifications (21.1.3)
      DevExpress.Data (21.1.3)
      DevExpress.ExpressApp (21.1.3)
      DevExpress.Persistent.Base (21.1.3)
      NETStandard.Library (>= 2.0.3) - restriction: || (&& (== net461) (< net452) (>= netstandard2.0)) (== netstandard2.0)
      System.Drawing.Common (>= 4.5) - restriction: || (&& (== net461) (< net452) (>= netstandard2.0)) (== netstandard2.0)
    DevExpress.ExpressApp.Notifications.Web (21.1.3) - restriction: || (== net461) (&& (== netstandard2.0) (>= net452))
      DevExpress.Data (21.1.3) - restriction: || (== net461) (&& (== netstandard2.0) (>= net452))
      DevExpress.ExpressApp (21.1.3) - restriction: || (== net461) (&& (== netstandard2.0) (>= net452))
      DevExpress.ExpressApp.Notifications (21.1.3) - restriction: || (== net461) (&& (== netstandard2.0) (>= net452))
      DevExpress.ExpressApp.Web (21.1.3) - restriction: || (== net461) (&& (== netstandard2.0) (>= net452))
      DevExpress.Web (21.1.3) - restriction: || (== net461) (&& (== netstandard2.0) (>= net452))
    DevExpress.ExpressApp.Notifications.Win (21.1.3) - restriction: || (== net461) (&& (== netstandard2.0) (>= net452))
      DevExpress.Data (21.1.3) - restriction: || (== net461) (&& (== netstandard2.0) (>= net452))
      DevExpress.ExpressApp (21.1.3) - restriction: || (== net461) (&& (== netstandard2.0) (>= net452))
      DevExpress.ExpressApp.Notifications (21.1.3) - restriction: || (== net461) (&& (== netstandard2.0) (>= net452))
      DevExpress.ExpressApp.Win (21.1.3) - restriction: || (== net461) (&& (== netstandard2.0) (>= net452))
      DevExpress.Utils (21.1.3) - restriction: || (== net461) (&& (== netstandard2.0) (>= net452))
      DevExpress.Win.Grid (21.1.3) - restriction: || (== net461) (&& (== netstandard2.0) (>= net452))
      DevExpress.Win.Navigation (21.1.3) - restriction: || (== net461) (&& (== netstandard2.0) (>= net452))
    DevExpress.ExpressApp.Objects (21.1.3)
      DevExpress.Data (21.1.3)
      DevExpress.ExpressApp (21.1.3)
      NETStandard.Library (>= 2.0.3) - restriction: || (&& (== net461) (< net452) (>= netstandard2.0)) (== netstandard2.0)
      System.Drawing.Common (>= 4.5) - restriction: || (&& (== net461) (< net452) (>= netstandard2.0)) (== netstandard2.0)
    DevExpress.ExpressApp.Office (21.1.3)
      DevExpress.Data (21.1.3)
      DevExpress.ExpressApp (21.1.3)
      DevExpress.Office.Core (21.1.3)
      DevExpress.Persistent.Base (21.1.3)
      DevExpress.RichEdit.Core (21.1.3)
      DevExpress.Spreadsheet.Core (21.1.3)
      NETStandard.Library (>= 2.0.3) - restriction: || (&& (== net461) (< net452) (>= netstandard2.0)) (== netstandard2.0)
      System.Drawing.Common (>= 4.5) - restriction: || (&& (== net461) (< net452) (>= netstandard2.0)) (== netstandard2.0)
    DevExpress.ExpressApp.Office.Web (21.1.3) - restriction: || (== net461) (&& (== netstandard2.0) (>= net452))
      DevExpress.Data (21.1.3) - restriction: || (== net461) (&& (== netstandard2.0) (>= net452))
      DevExpress.ExpressApp (21.1.3) - restriction: || (== net461) (&& (== netstandard2.0) (>= net452))
      DevExpress.ExpressApp.Office (21.1.3) - restriction: || (== net461) (&& (== netstandard2.0) (>= net452))
      DevExpress.ExpressApp.Web (21.1.3) - restriction: || (== net461) (&& (== netstandard2.0) (>= net452))
      DevExpress.Persistent.Base (21.1.3) - restriction: || (== net461) (&& (== netstandard2.0) (>= net452))
      DevExpress.RichEdit.Core (21.1.3) - restriction: || (== net461) (&& (== netstandard2.0) (>= net452))
      DevExpress.Spreadsheet.Core (21.1.3) - restriction: || (== net461) (&& (== netstandard2.0) (>= net452))
      DevExpress.Web (21.1.3) - restriction: || (== net461) (&& (== netstandard2.0) (>= net452))
      DevExpress.Web.Office (21.1.3) - restriction: || (== net461) (&& (== netstandard2.0) (>= net452))
    DevExpress.ExpressApp.Office.Win (21.1.3) - restriction: || (== net461) (&& (== netstandard2.0) (>= net452))
      DevExpress.Data (21.1.3) - restriction: || (== net461) (&& (== netstandard2.0) (>= net452))
      DevExpress.ExpressApp (21.1.3) - restriction: || (== net461) (&& (== netstandard2.0) (>= net452))
      DevExpress.ExpressApp.Office (21.1.3) - restriction: || (== net461) (&& (== netstandard2.0) (>= net452))
      DevExpress.ExpressApp.Win (21.1.3) - restriction: || (== net461) (&& (== netstandard2.0) (>= net452))
      DevExpress.Office.Core (21.1.3) - restriction: || (== net461) (&& (== netstandard2.0) (>= net452))
      DevExpress.Persistent.Base (21.1.3) - restriction: || (== net461) (&& (== netstandard2.0) (>= net452))
      DevExpress.RichEdit.Core (21.1.3) - restriction: || (== net461) (&& (== netstandard2.0) (>= net452))
      DevExpress.Spreadsheet.Core (21.1.3) - restriction: || (== net461) (&& (== netstandard2.0) (>= net452))
      DevExpress.Utils (21.1.3) - restriction: || (== net461) (&& (== netstandard2.0) (>= net452))
      DevExpress.Win.Grid (21.1.3) - restriction: || (== net461) (&& (== netstandard2.0) (>= net452))
      DevExpress.Win.Navigation (21.1.3) - restriction: || (== net461) (&& (== netstandard2.0) (>= net452))
      DevExpress.Win.RichEdit (21.1.3) - restriction: || (== net461) (&& (== netstandard2.0) (>= net452))
      DevExpress.Win.Spreadsheet (21.1.3) - restriction: || (== net461) (&& (== netstandard2.0) (>= net452))
    DevExpress.ExpressApp.PivotChart (21.1.3)
      DevExpress.Charts (21.1.3)
      DevExpress.Data (21.1.3)
      DevExpress.ExpressApp (21.1.3)
      DevExpress.Persistent.Base (21.1.3)
      DevExpress.PivotGrid.Core (21.1.3)
      NETStandard.Library (>= 2.0.3) - restriction: || (&& (== net461) (< net452) (>= netstandard2.0)) (== netstandard2.0)
      System.Drawing.Common (>= 4.5) - restriction: || (&& (== net461) (< net452) (>= netstandard2.0)) (== netstandard2.0)
    DevExpress.ExpressApp.PivotChart.Web (21.1.3) - restriction: || (== net461) (&& (== netstandard2.0) (>= net452))
      DevExpress.Charts (21.1.3) - restriction: || (== net461) (&& (== netstandard2.0) (>= net452))
      DevExpress.Data (21.1.3) - restriction: || (== net461) (&& (== netstandard2.0) (>= net452))
      DevExpress.ExpressApp (21.1.3) - restriction: || (== net461) (&& (== netstandard2.0) (>= net452))
      DevExpress.ExpressApp.PivotChart (21.1.3) - restriction: || (== net461) (&& (== netstandard2.0) (>= net452))
      DevExpress.ExpressApp.Web (21.1.3) - restriction: || (== net461) (&& (== netstandard2.0) (>= net452))
      DevExpress.Persistent.Base (21.1.3) - restriction: || (== net461) (&& (== netstandard2.0) (>= net452))
      DevExpress.PivotGrid.Core (21.1.3) - restriction: || (== net461) (&& (== netstandard2.0) (>= net452))
      DevExpress.Printing.Core (21.1.3) - restriction: || (== net461) (&& (== netstandard2.0) (>= net452))
      DevExpress.Web (21.1.3) - restriction: || (== net461) (&& (== netstandard2.0) (>= net452))
      DevExpress.Web.Visualization (21.1.3) - restriction: || (== net461) (&& (== netstandard2.0) (>= net452))
    DevExpress.ExpressApp.PivotChart.Win (21.1.3) - restriction: || (== net461) (&& (== netstandard2.0) (>= net452))
      DevExpress.Charts (21.1.3) - restriction: || (== net461) (&& (== netstandard2.0) (>= net452))
      DevExpress.Data (21.1.3) - restriction: || (== net461) (&& (== netstandard2.0) (>= net452))
      DevExpress.ExpressApp (21.1.3) - restriction: || (== net461) (&& (== netstandard2.0) (>= net452))
      DevExpress.ExpressApp.PivotChart (21.1.3) - restriction: || (== net461) (&& (== netstandard2.0) (>= net452))
      DevExpress.ExpressApp.Win (21.1.3) - restriction: || (== net461) (&& (== netstandard2.0) (>= net452))
      DevExpress.Persistent.Base (21.1.3) - restriction: || (== net461) (&& (== netstandard2.0) (>= net452))
      DevExpress.PivotGrid.Core (21.1.3) - restriction: || (== net461) (&& (== netstandard2.0) (>= net452))
      DevExpress.Printing.Core (21.1.3) - restriction: || (== net461) (&& (== netstandard2.0) (>= net452))
      DevExpress.Utils (21.1.3) - restriction: || (== net461) (&& (== netstandard2.0) (>= net452))
      DevExpress.Win.Charts (21.1.3) - restriction: || (== net461) (&& (== netstandard2.0) (>= net452))
      DevExpress.Win.Navigation (21.1.3) - restriction: || (== net461) (&& (== netstandard2.0) (>= net452))
      DevExpress.Win.PivotGrid (21.1.3) - restriction: || (== net461) (&& (== netstandard2.0) (>= net452))
    DevExpress.ExpressApp.PivotGrid (21.1.3)
      DevExpress.Data (21.1.3)
      DevExpress.ExpressApp (21.1.3)
      DevExpress.PivotGrid.Core (21.1.3)
      NETStandard.Library (>= 2.0.3) - restriction: || (&& (== net461) (< net452) (>= netstandard2.0)) (== netstandard2.0)
      System.Drawing.Common (>= 4.5) - restriction: || (&& (== net461) (< net452) (>= netstandard2.0)) (== netstandard2.0)
    DevExpress.ExpressApp.PivotGrid.Web (21.1.3) - restriction: || (== net461) (&& (== netstandard2.0) (>= net452))
      DevExpress.Charts (21.1.3) - restriction: || (== net461) (&& (== netstandard2.0) (>= net452))
      DevExpress.Data (21.1.3) - restriction: || (== net461) (&& (== netstandard2.0) (>= net452))
      DevExpress.ExpressApp (21.1.3) - restriction: || (== net461) (&& (== netstandard2.0) (>= net452))
      DevExpress.ExpressApp.PivotGrid (21.1.3) - restriction: || (== net461) (&& (== netstandard2.0) (>= net452))
      DevExpress.ExpressApp.Web (21.1.3) - restriction: || (== net461) (&& (== netstandard2.0) (>= net452))
      DevExpress.PivotGrid.Core (21.1.3) - restriction: || (== net461) (&& (== netstandard2.0) (>= net452))
      DevExpress.Web (21.1.3) - restriction: || (== net461) (&& (== netstandard2.0) (>= net452))
      DevExpress.Web.Visualization (21.1.3) - restriction: || (== net461) (&& (== netstandard2.0) (>= net452))
    DevExpress.ExpressApp.PivotGrid.Win (21.1.3) - restriction: || (== net461) (&& (== netstandard2.0) (>= net452))
      DevExpress.Charts (21.1.3) - restriction: || (== net461) (&& (== netstandard2.0) (>= net452))
      DevExpress.Data (21.1.3) - restriction: || (== net461) (&& (== netstandard2.0) (>= net452))
      DevExpress.ExpressApp (21.1.3) - restriction: || (== net461) (&& (== netstandard2.0) (>= net452))
      DevExpress.ExpressApp.PivotGrid (21.1.3) - restriction: || (== net461) (&& (== netstandard2.0) (>= net452))
      DevExpress.ExpressApp.Win (21.1.3) - restriction: || (== net461) (&& (== netstandard2.0) (>= net452))
      DevExpress.PivotGrid.Core (21.1.3) - restriction: || (== net461) (&& (== netstandard2.0) (>= net452))
      DevExpress.Utils (21.1.3) - restriction: || (== net461) (&& (== netstandard2.0) (>= net452))
      DevExpress.Win.Charts (21.1.3) - restriction: || (== net461) (&& (== netstandard2.0) (>= net452))
      DevExpress.Win.Navigation (21.1.3) - restriction: || (== net461) (&& (== netstandard2.0) (>= net452))
      DevExpress.Win.PivotGrid (21.1.3) - restriction: || (== net461) (&& (== netstandard2.0) (>= net452))
    DevExpress.ExpressApp.ReportsV2 (21.1.3)
      DevExpress.Data (21.1.3)
      DevExpress.ExpressApp (21.1.3)
      DevExpress.Persistent.Base (21.1.3)
      DevExpress.Printing.Core (21.1.3)
      DevExpress.Reporting.Core (21.1.3)
      NETStandard.Library (>= 2.0.3) - restriction: || (&& (== net461) (< net452) (>= netstandard2.0)) (== netstandard2.0)
      System.Drawing.Common (>= 4.5) - restriction: || (&& (== net461) (< net452) (>= netstandard2.0)) (== netstandard2.0)
    DevExpress.ExpressApp.ReportsV2.Web (21.1.3) - restriction: || (== net461) (&& (== netstandard2.0) (>= net452))
      DevExpress.Data (21.1.3) - restriction: || (== net461) (&& (== netstandard2.0) (>= net452))
      DevExpress.ExpressApp (21.1.3) - restriction: || (== net461) (&& (== netstandard2.0) (>= net452))
      DevExpress.ExpressApp.ReportsV2 (21.1.3) - restriction: || (== net461) (&& (== netstandard2.0) (>= net452))
      DevExpress.ExpressApp.Web (21.1.3) - restriction: || (== net461) (&& (== netstandard2.0) (>= net452))
      DevExpress.Persistent.Base (21.1.3) - restriction: || (== net461) (&& (== netstandard2.0) (>= net452))
      DevExpress.Printing.Core (21.1.3) - restriction: || (== net461) (&& (== netstandard2.0) (>= net452))
      DevExpress.Reporting.Core (21.1.3) - restriction: || (== net461) (&& (== netstandard2.0) (>= net452))
      DevExpress.Web (21.1.3) - restriction: || (== net461) (&& (== netstandard2.0) (>= net452))
      DevExpress.Web.Reporting (21.1.3) - restriction: || (== net461) (&& (== netstandard2.0) (>= net452))
      DevExpress.Web.Reporting.Common (21.1.3) - restriction: || (== net461) (&& (== netstandard2.0) (>= net452))
    DevExpress.ExpressApp.ReportsV2.Win (21.1.3) - restriction: || (== net461) (&& (== netstandard2.0) (>= net452))
      DevExpress.Data (21.1.3) - restriction: || (== net461) (&& (== netstandard2.0) (>= net452))
      DevExpress.DataAccess (21.1.3) - restriction: || (== net461) (&& (== netstandard2.0) (>= net452))
      DevExpress.DataAccess.UI (21.1.3) - restriction: || (== net461) (&& (== netstandard2.0) (>= net452))
      DevExpress.ExpressApp (21.1.3) - restriction: || (== net461) (&& (== netstandard2.0) (>= net452))
      DevExpress.ExpressApp.ReportsV2 (21.1.3) - restriction: || (== net461) (&& (== netstandard2.0) (>= net452))
      DevExpress.ExpressApp.Win (21.1.3) - restriction: || (== net461) (&& (== netstandard2.0) (>= net452))
      DevExpress.Persistent.Base (21.1.3) - restriction: || (== net461) (&& (== netstandard2.0) (>= net452))
      DevExpress.Printing.Core (21.1.3) - restriction: || (== net461) (&& (== netstandard2.0) (>= net452))
      DevExpress.Reporting.Core (21.1.3) - restriction: || (== net461) (&& (== netstandard2.0) (>= net452))
      DevExpress.Utils (21.1.3) - restriction: || (== net461) (&& (== netstandard2.0) (>= net452))
      DevExpress.Utils.UI (21.1.3) - restriction: || (== net461) (&& (== netstandard2.0) (>= net452))
      DevExpress.Win.Grid (21.1.3) - restriction: || (== net461) (&& (== netstandard2.0) (>= net452))
      DevExpress.Win.Navigation (21.1.3) - restriction: || (== net461) (&& (== netstandard2.0) (>= net452))
      DevExpress.Win.Printing (21.1.3) - restriction: || (== net461) (&& (== netstandard2.0) (>= net452))
      DevExpress.Win.Reporting (21.1.3) - restriction: || (== net461) (&& (== netstandard2.0) (>= net452))
      DevExpress.Win.TreeList (21.1.3) - restriction: || (== net461) (&& (== netstandard2.0) (>= net452))
    DevExpress.ExpressApp.Scheduler (21.1.3)
      DevExpress.Data (21.1.3)
      DevExpress.ExpressApp (21.1.3)
      DevExpress.Persistent.Base (21.1.3)
      DevExpress.Scheduler.Core (21.1.3)
      DevExpress.Scheduler.CoreDesktop (21.1.3) - restriction: || (== net461) (&& (== netstandard2.0) (>= net452))
      NETStandard.Library (>= 2.0.3) - restriction: || (&& (== net461) (< net452) (>= netstandard2.0)) (== netstandard2.0)
      System.Drawing.Common (>= 4.5) - restriction: || (&& (== net461) (< net452) (>= netstandard2.0)) (== netstandard2.0)
    DevExpress.ExpressApp.Scheduler.Web (21.1.3) - restriction: || (== net461) (&& (== netstandard2.0) (>= net452))
      DevExpress.Data (21.1.3) - restriction: || (== net461) (&& (== netstandard2.0) (>= net452))
      DevExpress.ExpressApp (21.1.3) - restriction: || (== net461) (&& (== netstandard2.0) (>= net452))
      DevExpress.ExpressApp.Scheduler (21.1.3) - restriction: || (== net461) (&& (== netstandard2.0) (>= net452))
      DevExpress.ExpressApp.Web (21.1.3) - restriction: || (== net461) (&& (== netstandard2.0) (>= net452))
      DevExpress.Persistent.Base (21.1.3) - restriction: || (== net461) (&& (== netstandard2.0) (>= net452))
      DevExpress.Scheduler.Core (21.1.3) - restriction: || (== net461) (&& (== netstandard2.0) (>= net452))
      DevExpress.Scheduler.CoreDesktop (21.1.3) - restriction: || (== net461) (&& (== netstandard2.0) (>= net452))
      DevExpress.Web (21.1.3) - restriction: || (== net461) (&& (== netstandard2.0) (>= net452))
      DevExpress.Web.Scheduler (21.1.3) - restriction: || (== net461) (&& (== netstandard2.0) (>= net452))
    DevExpress.ExpressApp.Scheduler.Win (21.1.3) - restriction: || (== net461) (&& (== netstandard2.0) (>= net452))
      DevExpress.Data (21.1.3) - restriction: || (== net461) (&& (== netstandard2.0) (>= net452))
      DevExpress.ExpressApp (21.1.3) - restriction: || (== net461) (&& (== netstandard2.0) (>= net452))
      DevExpress.ExpressApp.Scheduler (21.1.3) - restriction: || (== net461) (&& (== netstandard2.0) (>= net452))
      DevExpress.ExpressApp.Win (21.1.3) - restriction: || (== net461) (&& (== netstandard2.0) (>= net452))
      DevExpress.Persistent.Base (21.1.3) - restriction: || (== net461) (&& (== netstandard2.0) (>= net452))
      DevExpress.Scheduler.Core (21.1.3) - restriction: || (== net461) (&& (== netstandard2.0) (>= net452))
      DevExpress.Scheduler.CoreDesktop (21.1.3) - restriction: || (== net461) (&& (== netstandard2.0) (>= net452))
      DevExpress.Utils (21.1.3) - restriction: || (== net461) (&& (== netstandard2.0) (>= net452))
      DevExpress.Win.Navigation (21.1.3) - restriction: || (== net461) (&& (== netstandard2.0) (>= net452))
      DevExpress.Win.Scheduler (21.1.3) - restriction: || (== net461) (&& (== netstandard2.0) (>= net452))
    DevExpress.ExpressApp.ScriptRecorder (21.1.3)
      DevExpress.ExpressApp (21.1.3)
      NETStandard.Library (>= 2.0.3) - restriction: || (&& (== net461) (< net452) (>= netstandard2.0)) (== netstandard2.0)
      System.Drawing.Common (>= 4.5) - restriction: || (&& (== net461) (< net452) (>= netstandard2.0)) (== netstandard2.0)
    DevExpress.ExpressApp.ScriptRecorder.Web (21.1.3) - restriction: || (== net461) (&& (== netstandard2.0) (>= net452))
      DevExpress.Data (21.1.3) - restriction: || (== net461) (&& (== netstandard2.0) (>= net452))
      DevExpress.ExpressApp (21.1.3) - restriction: || (== net461) (&& (== netstandard2.0) (>= net452))
      DevExpress.ExpressApp.ScriptRecorder (21.1.3) - restriction: || (== net461) (&& (== netstandard2.0) (>= net452))
      DevExpress.ExpressApp.Web (21.1.3) - restriction: || (== net461) (&& (== netstandard2.0) (>= net452))
    DevExpress.ExpressApp.ScriptRecorder.Win (21.1.3) - restriction: || (== net461) (&& (== netstandard2.0) (>= net452))
      DevExpress.Data (21.1.3) - restriction: || (== net461) (&& (== netstandard2.0) (>= net452))
      DevExpress.ExpressApp (21.1.3) - restriction: || (== net461) (&& (== netstandard2.0) (>= net452))
      DevExpress.ExpressApp.ScriptRecorder (21.1.3) - restriction: || (== net461) (&& (== netstandard2.0) (>= net452))
      DevExpress.ExpressApp.Win (21.1.3) - restriction: || (== net461) (&& (== netstandard2.0) (>= net452))
      DevExpress.Utils (21.1.3) - restriction: || (== net461) (&& (== netstandard2.0) (>= net452))
      DevExpress.Win.Navigation (21.1.3) - restriction: || (== net461) (&& (== netstandard2.0) (>= net452))
    DevExpress.ExpressApp.Security (21.1.3)
      DevExpress.Data (21.1.3)
      DevExpress.ExpressApp (21.1.3)
      DevExpress.Persistent.Base (21.1.3)
      Microsoft.Extensions.Options (>= 3.1.5) - restriction: || (&& (== net461) (< net452) (>= netstandard2.0)) (== netstandard2.0)
      NETStandard.Library (>= 2.0.3) - restriction: || (&& (== net461) (< net452) (>= netstandard2.0)) (== netstandard2.0)
      System.Drawing.Common (>= 4.5) - restriction: || (&& (== net461) (< net452) (>= netstandard2.0)) (== netstandard2.0)
      System.Security.Permissions (>= 4.5) - restriction: || (&& (== net461) (< net452) (>= netstandard2.0)) (== netstandard2.0)
    DevExpress.ExpressApp.Security.Xpo (21.1.3)
      DevExpress.Data (21.1.3)
      DevExpress.ExpressApp (21.1.3)
      DevExpress.ExpressApp.Security (21.1.3)
      DevExpress.ExpressApp.Xpo (21.1.3)
      DevExpress.Persistent.Base (21.1.3)
      DevExpress.Xpo (21.1.3)
      NETStandard.Library (>= 2.0.3) - restriction: || (&& (== net461) (< net452) (>= netstandard2.0)) (== netstandard2.0)
      System.ServiceModel.Http (>= 4.6) - restriction: || (&& (== net461) (< net452) (>= netstandard2.0)) (== netstandard2.0)
      System.ServiceModel.NetTcp (>= 4.6) - restriction: || (&& (== net461) (< net452) (>= netstandard2.0)) (== netstandard2.0)
      System.ServiceModel.Primitives (>= 4.6) - restriction: || (&& (== net461) (< net452) (>= netstandard2.0)) (== netstandard2.0)
    DevExpress.ExpressApp.StateMachine (21.1.3)
      DevExpress.Data (21.1.3)
      DevExpress.ExpressApp (21.1.3)
      DevExpress.ExpressApp.ConditionalAppearance (21.1.3)
      DevExpress.ExpressApp.Validation (21.1.3)
      DevExpress.Persistent.Base (21.1.3)
      NETStandard.Library (>= 2.0.3) - restriction: || (&& (== net461) (< net452) (>= netstandard2.0)) (== netstandard2.0)
      System.Drawing.Common (>= 4.5) - restriction: || (&& (== net461) (< net452) (>= netstandard2.0)) (== netstandard2.0)
    DevExpress.ExpressApp.TreeListEditors (21.1.3)
      DevExpress.Data (21.1.3)
      DevExpress.ExpressApp (21.1.3)
      DevExpress.Persistent.Base (21.1.3)
      NETStandard.Library (>= 2.0.3) - restriction: || (&& (== net461) (< net452) (>= netstandard2.0)) (== netstandard2.0)
      System.Drawing.Common (>= 4.5) - restriction: || (&& (== net461) (< net452) (>= netstandard2.0)) (== netstandard2.0)
    DevExpress.ExpressApp.TreeListEditors.Web (21.1.3) - restriction: || (== net461) (&& (== netstandard2.0) (>= net452))
      DevExpress.Data (21.1.3) - restriction: || (== net461) (&& (== netstandard2.0) (>= net452))
      DevExpress.ExpressApp (21.1.3) - restriction: || (== net461) (&& (== netstandard2.0) (>= net452))
      DevExpress.ExpressApp.TreeListEditors (21.1.3) - restriction: || (== net461) (&& (== netstandard2.0) (>= net452))
      DevExpress.ExpressApp.Web (21.1.3) - restriction: || (== net461) (&& (== netstandard2.0) (>= net452))
      DevExpress.Persistent.Base (21.1.3) - restriction: || (== net461) (&& (== netstandard2.0) (>= net452))
      DevExpress.Web (21.1.3) - restriction: || (== net461) (&& (== netstandard2.0) (>= net452))
    DevExpress.ExpressApp.TreeListEditors.Win (21.1.3) - restriction: || (== net461) (&& (== netstandard2.0) (>= net452))
      DevExpress.Data (21.1.3) - restriction: || (== net461) (&& (== netstandard2.0) (>= net452))
      DevExpress.ExpressApp (21.1.3) - restriction: || (== net461) (&& (== netstandard2.0) (>= net452))
      DevExpress.ExpressApp.TreeListEditors (21.1.3) - restriction: || (== net461) (&& (== netstandard2.0) (>= net452))
      DevExpress.ExpressApp.Win (21.1.3) - restriction: || (== net461) (&& (== netstandard2.0) (>= net452))
      DevExpress.Persistent.Base (21.1.3) - restriction: || (== net461) (&& (== netstandard2.0) (>= net452))
      DevExpress.Utils (21.1.3) - restriction: || (== net461) (&& (== netstandard2.0) (>= net452))
      DevExpress.Win.Navigation (21.1.3) - restriction: || (== net461) (&& (== netstandard2.0) (>= net452))
      DevExpress.Win.TreeList (21.1.3) - restriction: || (== net461) (&& (== netstandard2.0) (>= net452))
    DevExpress.ExpressApp.Validation (21.1.3)
      DevExpress.Data (21.1.3)
      DevExpress.ExpressApp (21.1.3)
      DevExpress.Persistent.Base (21.1.3)
      NETStandard.Library (>= 2.0.3) - restriction: || (&& (== net461) (< net452) (>= netstandard2.0)) (== netstandard2.0)
      System.Drawing.Common (>= 4.5) - restriction: || (&& (== net461) (< net452) (>= netstandard2.0)) (== netstandard2.0)
    DevExpress.ExpressApp.Validation.Web (21.1.3) - restriction: || (== net461) (&& (== netstandard2.0) (>= net452))
      DevExpress.Data (21.1.3) - restriction: || (== net461) (&& (== netstandard2.0) (>= net452))
      DevExpress.ExpressApp (21.1.3) - restriction: || (== net461) (&& (== netstandard2.0) (>= net452))
      DevExpress.ExpressApp.Validation (21.1.3) - restriction: || (== net461) (&& (== netstandard2.0) (>= net452))
      DevExpress.ExpressApp.Web (21.1.3) - restriction: || (== net461) (&& (== netstandard2.0) (>= net452))
      DevExpress.Persistent.Base (21.1.3) - restriction: || (== net461) (&& (== netstandard2.0) (>= net452))
      DevExpress.Web (21.1.3) - restriction: || (== net461) (&& (== netstandard2.0) (>= net452))
    DevExpress.ExpressApp.Validation.Win (21.1.3) - restriction: || (== net461) (&& (== netstandard2.0) (>= net452))
      DevExpress.Data (21.1.3) - restriction: || (== net461) (&& (== netstandard2.0) (>= net452))
      DevExpress.ExpressApp (21.1.3) - restriction: || (== net461) (&& (== netstandard2.0) (>= net452))
      DevExpress.ExpressApp.Validation (21.1.3) - restriction: || (== net461) (&& (== netstandard2.0) (>= net452))
      DevExpress.ExpressApp.Win (21.1.3) - restriction: || (== net461) (&& (== netstandard2.0) (>= net452))
      DevExpress.Persistent.Base (21.1.3) - restriction: || (== net461) (&& (== netstandard2.0) (>= net452))
      DevExpress.Win.Grid (21.1.3) - restriction: || (== net461) (&& (== netstandard2.0) (>= net452))
      DevExpress.Win.Navigation (21.1.3) - restriction: || (== net461) (&& (== netstandard2.0) (>= net452))
    DevExpress.ExpressApp.ViewVariantsModule (21.1.3)
      DevExpress.Data (21.1.3)
      DevExpress.ExpressApp (21.1.3)
      NETStandard.Library (>= 2.0.3) - restriction: || (&& (== net461) (< net452) (>= netstandard2.0)) (== netstandard2.0)
      System.Drawing.Common (>= 4.5) - restriction: || (&& (== net461) (< net452) (>= netstandard2.0)) (== netstandard2.0)
    DevExpress.ExpressApp.Web (21.1.3) - restriction: || (== net461) (&& (== netstandard2.0) (>= net452))
      DevExpress.Data (21.1.3) - restriction: || (== net461) (&& (== netstandard2.0) (>= net452))
      DevExpress.ExpressApp (21.1.3) - restriction: || (== net461) (&& (== netstandard2.0) (>= net452))
      DevExpress.Persistent.Base (21.1.3) - restriction: || (== net461) (&& (== netstandard2.0) (>= net452))
      DevExpress.Printing.Core (21.1.3) - restriction: || (== net461) (&& (== netstandard2.0) (>= net452))
      DevExpress.Utils (21.1.3) - restriction: || (== net461) (&& (== netstandard2.0) (>= net452))
      DevExpress.Web (21.1.3) - restriction: || (== net461) (&& (== netstandard2.0) (>= net452))
      DevExpress.Web.Themes (21.1.3) - restriction: || (== net461) (&& (== netstandard2.0) (>= net452))
    DevExpress.ExpressApp.Web.All (21.1.3)
      DevExpress.ExpressApp.Chart.Web (21.1.3) - restriction: || (== net461) (&& (== netstandard2.0) (>= net452))
      DevExpress.ExpressApp.Core.All (21.1.3) - restriction: || (== net461) (&& (== netstandard2.0) (>= net452))
      DevExpress.ExpressApp.Dashboards.Web (21.1.3) - restriction: || (== net461) (&& (== netstandard2.0) (>= net452))
      DevExpress.ExpressApp.EasyTest.WebAdapter (21.1.3) - restriction: || (== net461) (&& (== netstandard2.0) (>= net452))
      DevExpress.ExpressApp.FileAttachment.Web (21.1.3) - restriction: || (== net461) (&& (== netstandard2.0) (>= net452))
      DevExpress.ExpressApp.HtmlPropertyEditor.Web (21.1.3) - restriction: || (== net461) (&& (== netstandard2.0) (>= net452))
      DevExpress.ExpressApp.Maps.Web (21.1.3) - restriction: || (== net461) (&& (== netstandard2.0) (>= net452))
      DevExpress.ExpressApp.Notifications.Web (21.1.3) - restriction: || (== net461) (&& (== netstandard2.0) (>= net452))
      DevExpress.ExpressApp.Office.Web (21.1.3) - restriction: || (== net461) (&& (== netstandard2.0) (>= net452))
      DevExpress.ExpressApp.PivotChart.Web (21.1.3) - restriction: || (== net461) (&& (== netstandard2.0) (>= net452))
      DevExpress.ExpressApp.PivotGrid.Web (21.1.3) - restriction: || (== net461) (&& (== netstandard2.0) (>= net452))
      DevExpress.ExpressApp.ReportsV2.Web (21.1.3) - restriction: || (== net461) (&& (== netstandard2.0) (>= net452))
      DevExpress.ExpressApp.Scheduler.Web (21.1.3) - restriction: || (== net461) (&& (== netstandard2.0) (>= net452))
      DevExpress.ExpressApp.ScriptRecorder.Web (21.1.3) - restriction: || (== net461) (&& (== netstandard2.0) (>= net452))
      DevExpress.ExpressApp.TreeListEditors.Web (21.1.3) - restriction: || (== net461) (&& (== netstandard2.0) (>= net452))
      DevExpress.ExpressApp.Validation.Web (21.1.3) - restriction: || (== net461) (&& (== netstandard2.0) (>= net452))
      DevExpress.ExpressApp.Web (21.1.3) - restriction: || (== net461) (&& (== netstandard2.0) (>= net452))
    DevExpress.ExpressApp.Win (21.1.3) - restriction: || (== net461) (&& (== netstandard2.0) (>= net452))
      DevExpress.Data (21.1.3) - restriction: || (== net461) (&& (== netstandard2.0) (>= net452))
      DevExpress.Data.Desktop (21.1.3) - restriction: || (== net461) (&& (== netstandard2.0) (>= net452))
      DevExpress.DataAccess.UI (21.1.3) - restriction: || (== net461) (&& (== netstandard2.0) (>= net452))
      DevExpress.ExpressApp (21.1.3) - restriction: || (== net461) (&& (== netstandard2.0) (>= net452))
      DevExpress.Office.Core (21.1.3) - restriction: || (== net461) (&& (== netstandard2.0) (>= net452))
      DevExpress.Persistent.Base (21.1.3) - restriction: || (== net461) (&& (== netstandard2.0) (>= net452))
      DevExpress.Printing.Core (21.1.3) - restriction: || (== net461) (&& (== netstandard2.0) (>= net452))
      DevExpress.RichEdit.Core (21.1.3) - restriction: || (== net461) (&& (== netstandard2.0) (>= net452))
      DevExpress.Utils (21.1.3) - restriction: || (== net461) (&& (== netstandard2.0) (>= net452))
      DevExpress.Win (21.1.3) - restriction: || (== net461) (&& (== netstandard2.0) (>= net452))
      DevExpress.Win.BonusSkins (21.1.3) - restriction: || (== net461) (&& (== netstandard2.0) (>= net452))
      DevExpress.Win.Grid (21.1.3) - restriction: || (== net461) (&& (== netstandard2.0) (>= net452))
      DevExpress.Win.Navigation (21.1.3) - restriction: || (== net461) (&& (== netstandard2.0) (>= net452))
      DevExpress.Win.Printing (21.1.3) - restriction: || (== net461) (&& (== netstandard2.0) (>= net452))
      DevExpress.Win.RichEdit (21.1.3) - restriction: || (== net461) (&& (== netstandard2.0) (>= net452))
      DevExpress.Win.TreeList (21.1.3) - restriction: || (== net461) (&& (== netstandard2.0) (>= net452))
      DevExpress.Win.VerticalGrid (21.1.3) - restriction: || (== net461) (&& (== netstandard2.0) (>= net452))
    DevExpress.ExpressApp.Win.All (21.1.3)
      DevExpress.ExpressApp.Chart.Win (21.1.3) - restriction: || (== net461) (&& (== netstandard2.0) (>= net452))
      DevExpress.ExpressApp.Core.All (21.1.3) - restriction: || (== net461) (&& (== netstandard2.0) (>= net452))
      DevExpress.ExpressApp.Dashboards.Win (21.1.3) - restriction: || (== net461) (&& (== netstandard2.0) (>= net452))
      DevExpress.ExpressApp.EasyTest.WinAdapter (21.1.3) - restriction: || (== net461) (&& (== netstandard2.0) (>= net452))
      DevExpress.ExpressApp.FileAttachment.Win (21.1.3) - restriction: || (== net461) (&& (== netstandard2.0) (>= net452))
      DevExpress.ExpressApp.HtmlPropertyEditor.Win (21.1.3) - restriction: || (== net461) (&& (== netstandard2.0) (>= net452))
      DevExpress.ExpressApp.Notifications.Win (21.1.3) - restriction: || (== net461) (&& (== netstandard2.0) (>= net452))
      DevExpress.ExpressApp.Office.Win (21.1.3) - restriction: || (== net461) (&& (== netstandard2.0) (>= net452))
      DevExpress.ExpressApp.PivotChart.Win (21.1.3) - restriction: || (== net461) (&& (== netstandard2.0) (>= net452))
      DevExpress.ExpressApp.PivotGrid.Win (21.1.3) - restriction: || (== net461) (&& (== netstandard2.0) (>= net452))
      DevExpress.ExpressApp.ReportsV2.Win (21.1.3) - restriction: || (== net461) (&& (== netstandard2.0) (>= net452))
      DevExpress.ExpressApp.Scheduler.Win (21.1.3) - restriction: || (== net461) (&& (== netstandard2.0) (>= net452))
      DevExpress.ExpressApp.ScriptRecorder.Win (21.1.3) - restriction: || (== net461) (&& (== netstandard2.0) (>= net452))
      DevExpress.ExpressApp.TreeListEditors.Win (21.1.3) - restriction: || (== net461) (&& (== netstandard2.0) (>= net452))
      DevExpress.ExpressApp.Validation.Win (21.1.3) - restriction: || (== net461) (&& (== netstandard2.0) (>= net452))
      DevExpress.ExpressApp.Win (21.1.3) - restriction: || (== net461) (&& (== netstandard2.0) (>= net452))
      DevExpress.ExpressApp.Workflow.Win (21.1.3) - restriction: || (== net461) (&& (== netstandard2.0) (>= net452))
    DevExpress.ExpressApp.Workflow (21.1.3) - restriction: || (== net461) (&& (== netstandard2.0) (>= net452))
      DevExpress.Data (21.1.3) - restriction: || (== net461) (&& (== netstandard2.0) (>= net452))
      DevExpress.ExpressApp (21.1.3) - restriction: || (== net461) (&& (== netstandard2.0) (>= net452))
      DevExpress.ExpressApp.ConditionalAppearance (21.1.3) - restriction: || (== net461) (&& (== netstandard2.0) (>= net452))
      DevExpress.ExpressApp.Security (21.1.3) - restriction: || (== net461) (&& (== netstandard2.0) (>= net452))
      DevExpress.Persistent.Base (21.1.3) - restriction: || (== net461) (&& (== netstandard2.0) (>= net452))
      DevExpress.Utils (21.1.3) - restriction: || (== net461) (&& (== netstandard2.0) (>= net452))
    DevExpress.ExpressApp.Workflow.Win (21.1.3) - restriction: || (== net461) (&& (== netstandard2.0) (>= net452))
      DevExpress.Data (21.1.3) - restriction: || (== net461) (&& (== netstandard2.0) (>= net452))
      DevExpress.ExpressApp (21.1.3) - restriction: || (== net461) (&& (== netstandard2.0) (>= net452))
      DevExpress.ExpressApp.Win (21.1.3) - restriction: || (== net461) (&& (== netstandard2.0) (>= net452))
      DevExpress.ExpressApp.Workflow (21.1.3) - restriction: || (== net461) (&& (== netstandard2.0) (>= net452))
      DevExpress.Persistent.Base (21.1.3) - restriction: || (== net461) (&& (== netstandard2.0) (>= net452))
      DevExpress.Utils (21.1.3) - restriction: || (== net461) (&& (== netstandard2.0) (>= net452))
    DevExpress.ExpressApp.Xpo (21.1.3)
      DevExpress.Data (21.1.3)
      DevExpress.ExpressApp (21.1.3)
      DevExpress.Xpo (21.1.3)
      NETStandard.Library (>= 2.0.3) - restriction: || (&& (== net461) (< net452) (>= netstandard2.0)) (== netstandard2.0)
      System.Drawing.Common (>= 4.5) - restriction: || (&& (== net461) (< net452) (>= netstandard2.0)) (== netstandard2.0)
      System.Security.Permissions (>= 4.5) - restriction: || (&& (== net461) (< net452) (>= netstandard2.0)) (== netstandard2.0)
    DevExpress.Gauges.Core (21.1.3)
      DevExpress.Data (21.1.3)
      DevExpress.Printing.Core (21.1.3)
      NETStandard.Library (>= 2.0.3) - restriction: || (&& (== net461) (< net452) (>= netstandard2.0)) (== netstandard2.0)
      System.Drawing.Common (>= 4.5) - restriction: || (&& (== net461) (< net452) (>= netstandard2.0)) (== netstandard2.0)
    DevExpress.Images (21.1.3)
      DevExpress.Data (21.1.3)
      NETStandard.Library (>= 2.0.3) - restriction: || (&& (== net461) (< net452) (>= netstandard2.0)) (== netstandard2.0)
      System.Drawing.Common (>= 4.5) - restriction: || (&& (== net461) (< net452) (>= netstandard2.0)) (== netstandard2.0)
    DevExpress.Map.Core (21.1.3)
      DevExpress.Data (21.1.3)
      NETStandard.Library (>= 2.0.3) - restriction: || (&& (== net461) (< net452) (>= netstandard2.0)) (== netstandard2.0)
      System.Drawing.Common (>= 4.5) - restriction: || (&& (== net461) (< net452) (>= netstandard2.0)) (== netstandard2.0)
    DevExpress.Office.Core (21.1.3)
      DevExpress.Data (21.1.3)
      DevExpress.Pdf.Core (21.1.3)
      DevExpress.Printing.Core (21.1.3)
      NETStandard.Library (>= 2.0.3) - restriction: || (&& (== net461) (< net452) (>= netstandard2.0)) (== netstandard2.0)
      System.Drawing.Common (>= 4.5) - restriction: || (&& (== net461) (< net452) (>= netstandard2.0)) (== netstandard2.0)
      System.Security.Cryptography.Xml (>= 4.5) - restriction: || (&& (== net461) (< net452) (>= netstandard2.0)) (== netstandard2.0)
    DevExpress.Pdf.Core (21.1.3)
      DevExpress.Data (21.1.3)
      NETStandard.Library (>= 2.0.3) - restriction: || (&& (== net461) (< net452) (>= netstandard2.0)) (== netstandard2.0)
      System.Drawing.Common (>= 4.5) - restriction: || (&& (== net461) (< net452) (>= netstandard2.0)) (== netstandard2.0)
      System.Reflection.Emit (>= 4.3) - restriction: || (&& (== net461) (< net452) (>= netstandard2.0)) (== netstandard2.0)
      System.Security.Cryptography.Pkcs (>= 4.5.2) - restriction: || (&& (== net461) (< net452) (>= netstandard2.0)) (== netstandard2.0)
    DevExpress.Pdf.Drawing (21.1.3)
      DevExpress.Data (21.1.3)
      DevExpress.Pdf.Core (21.1.3)
      NETStandard.Library (>= 2.0.3) - restriction: || (&& (== net461) (< net452) (>= netstandard2.0)) (== netstandard2.0)
      System.Drawing.Common (>= 4.5) - restriction: || (&& (== net461) (< net452) (>= netstandard2.0)) (== netstandard2.0)
    DevExpress.Persistent.Base (21.1.3)
      DevExpress.Data (21.1.3)
      DevExpress.ExpressApp (21.1.3)
      DevExpress.Printing.Core (21.1.3)
      DevExpress.Reporting.Core (21.1.3) - restriction: || (== net461) (&& (== netstandard2.0) (>= net452))
      NETStandard.Library (>= 2.0.3) - restriction: || (&& (== net461) (< net452) (>= netstandard2.0)) (== netstandard2.0)
      System.Drawing.Common (>= 4.5) - restriction: || (&& (== net461) (< net452) (>= netstandard2.0)) (== netstandard2.0)
    DevExpress.Persistent.BaseImpl (21.1.3)
      DevExpress.Data (21.1.3)
      DevExpress.ExpressApp (21.1.3)
      DevExpress.ExpressApp.Objects (21.1.3)
      DevExpress.ExpressApp.Xpo (21.1.3)
      DevExpress.Persistent.Base (21.1.3)
      DevExpress.Reporting.Core (21.1.3)
      DevExpress.Scheduler.Core (21.1.3)
      DevExpress.Xpo (21.1.3)
      NETStandard.Library (>= 2.0.3) - restriction: || (&& (== net461) (< net452) (>= netstandard2.0)) (== netstandard2.0)
      System.Drawing.Common (>= 4.5) - restriction: || (&& (== net461) (< net452) (>= netstandard2.0)) (== netstandard2.0)
    DevExpress.PivotGrid.Core (21.1.3)
      DevExpress.Data (21.1.3)
      DevExpress.Printing.Core (21.1.3)
      NETStandard.Library (>= 2.0.3) - restriction: || (&& (== net461) (< net452) (>= netstandard2.0)) (== netstandard2.0)
      System.Drawing.Common (>= 4.5) - restriction: || (&& (== net461) (< net452) (>= netstandard2.0)) (== netstandard2.0)
    DevExpress.Printing.Core (21.1.3)
      DevExpress.Data (21.1.3)
      DevExpress.Pdf.Core (21.1.3)
      DevExpress.Pdf.Drawing (21.1.3)
      NETStandard.Library (>= 2.0.3) - restriction: || (&& (== net461) (< net452) (>= netstandard2.0)) (== netstandard2.0)
      System.ComponentModel.Annotations (>= 4.4) - restriction: || (&& (== net461) (< net452) (>= netstandard2.0)) (== netstandard2.0)
      System.Drawing.Common (>= 4.5) - restriction: || (&& (== net461) (< net452) (>= netstandard2.0)) (== netstandard2.0)
      System.Security.Cryptography.Pkcs (>= 4.5.2) - restriction: || (&& (== net461) (< net452) (>= netstandard2.0)) (== netstandard2.0)
      System.ServiceModel.Http (>= 4.4) - restriction: || (&& (== net461) (< net452) (>= netstandard2.0)) (== netstandard2.0)
    DevExpress.Reporting.Core (21.1.3)
      DevExpress.Charts (21.1.3)
      DevExpress.Charts.Core (21.1.3)
      DevExpress.CodeParser (21.1.3)
      DevExpress.Data (21.1.3)
      DevExpress.DataAccess (21.1.3)
      DevExpress.Gauges.Core (21.1.3)
      DevExpress.Office.Core (21.1.3)
      DevExpress.Pdf.Core (21.1.3)
      DevExpress.Pdf.Drawing (21.1.3)
      DevExpress.PivotGrid.Core (21.1.3)
      DevExpress.Printing.Core (21.1.3)
      DevExpress.RichEdit.Core (21.1.3)
      DevExpress.RichEdit.Export (21.1.3)
      DevExpress.Sparkline.Core (21.1.3)
      DevExpress.Xpo (21.1.3)
      NETStandard.Library (>= 2.0.3) - restriction: || (&& (== net461) (< net452) (>= netstandard2.0)) (== netstandard2.0)
      System.CodeDom (>= 4.4) - restriction: || (&& (== net461) (< net452) (>= netstandard2.0)) (== netstandard2.0)
      System.Collections.Immutable (>= 1.5) - restriction: || (&& (== net461) (< net452) (>= netstandard2.0)) (== netstandard2.0)
      System.Configuration.ConfigurationManager (>= 4.5) - restriction: || (&& (== net461) (< net452) (>= netstandard2.0)) (== netstandard2.0)
      System.Data.Common (>= 4.3) - restriction: || (&& (== net461) (< net452) (>= netstandard2.0)) (== netstandard2.0)
      System.Drawing.Common (>= 4.5) - restriction: || (&& (== net461) (< net452) (>= netstandard2.0)) (== netstandard2.0)
      System.Runtime.Loader (>= 4.3) - restriction: || (&& (== net461) (< net452) (>= netstandard2.0)) (== netstandard2.0)
      System.Security.Permissions (>= 4.5) - restriction: || (&& (== net461) (< net452) (>= netstandard2.0)) (== netstandard2.0)
    DevExpress.RichEdit.Core (21.1.3)
      DevExpress.Data (21.1.3)
      DevExpress.Office.Core (21.1.3)
      DevExpress.Pdf.Core (21.1.3)
      DevExpress.Printing.Core (21.1.3)
      NETStandard.Library (>= 2.0.3) - restriction: || (&& (== net461) (< net452) (>= netstandard2.0)) (== netstandard2.0)
      System.Drawing.Common (>= 4.5) - restriction: || (&& (== net461) (< net452) (>= netstandard2.0)) (== netstandard2.0)
    DevExpress.RichEdit.Export (21.1.3)
      DevExpress.Data (21.1.3)
      DevExpress.Office.Core (21.1.3)
      DevExpress.Printing.Core (21.1.3)
      DevExpress.RichEdit.Core (21.1.3)
      NETStandard.Library (>= 2.0.3) - restriction: || (&& (== net461) (< net452) (>= netstandard2.0)) (== netstandard2.0)
      System.Drawing.Common (>= 4.5) - restriction: || (&& (== net461) (< net452) (>= netstandard2.0)) (== netstandard2.0)
    DevExpress.Scheduler.Core (21.1.3)
      DevExpress.Data (21.1.3)
      NETStandard.Library (>= 2.0.3) - restriction: || (&& (== net461) (< net452) (>= netstandard2.0)) (== netstandard2.0)
      System.Drawing.Common (>= 4.5) - restriction: || (&& (== net461) (< net452) (>= netstandard2.0)) (== netstandard2.0)
    DevExpress.Scheduler.CoreDesktop (21.1.3) - restriction: || (== net461) (&& (== netstandard2.0) (>= net452))
      DevExpress.Data (21.1.3) - restriction: || (== net461) (&& (== netstandard2.0) (>= net452)) (&& (== netstandard2.0) (>= netcoreapp3.0))
      DevExpress.Data.Desktop (21.1.3) - restriction: || (== net461) (&& (== netstandard2.0) (>= net452)) (&& (== netstandard2.0) (>= netcoreapp3.0))
      DevExpress.Images (21.1.3) - restriction: || (== net461) (&& (== netstandard2.0) (>= net452)) (&& (== netstandard2.0) (>= netcoreapp3.0))
      DevExpress.Printing.Core (21.1.3) - restriction: || (== net461) (&& (== netstandard2.0) (>= net452)) (&& (== netstandard2.0) (>= netcoreapp3.0))
      DevExpress.Scheduler.Core (21.1.3) - restriction: || (== net461) (&& (== netstandard2.0) (>= net452)) (&& (== netstandard2.0) (>= netcoreapp3.0))
    DevExpress.Snap.Core (21.1.3) - restriction: || (== net461) (&& (== netstandard2.0) (>= net452))
      DevExpress.Charts (21.1.3) - restriction: || (== net461) (&& (== netstandard2.0) (>= net452))
      DevExpress.Charts.Core (21.1.3) - restriction: || (== net461) (&& (== netstandard2.0) (>= net452))
      DevExpress.Data (21.1.3) - restriction: || (== net461) (&& (== netstandard2.0) (>= net452))
      DevExpress.DataAccess (21.1.3) - restriction: || (== net461) (&& (== netstandard2.0) (>= net452))
      DevExpress.Office.Core (21.1.3) - restriction: || (== net461) (&& (== netstandard2.0) (>= net452))
      DevExpress.Printing.Core (21.1.3) - restriction: || (== net461) (&& (== netstandard2.0) (>= net452))
      DevExpress.RichEdit.Core (21.1.3) - restriction: || (== net461) (&& (== netstandard2.0) (>= net452))
      DevExpress.Sparkline.Core (21.1.3) - restriction: || (== net461) (&& (== netstandard2.0) (>= net452))
    DevExpress.Sparkline.Core (21.1.3)
      DevExpress.Data (21.1.3)
    DevExpress.SpellChecker.Core (21.1.3) - restriction: || (== net461) (&& (== netstandard2.0) (>= net452))
      DevExpress.Data (21.1.3) - restriction: || (== net461) (&& (== netstandard2.0) (>= net452)) (&& (== netstandard2.0) (>= netcoreapp3.0))
    DevExpress.Spreadsheet.Core (21.1.3)
      DevExpress.Data (21.1.3)
      DevExpress.DataAccess (21.1.3)
      DevExpress.DataVisualization.Core (21.1.3)
      DevExpress.Office.Core (21.1.3)
      DevExpress.Pdf.Core (21.1.3)
      DevExpress.Printing.Core (21.1.3)
      DevExpress.Sparkline.Core (21.1.3)
      NETStandard.Library (>= 2.0.3) - restriction: || (&& (== net461) (< net452) (>= netstandard2.0)) (== netstandard2.0)
      System.Drawing.Common (>= 4.5) - restriction: || (&& (== net461) (< net452) (>= netstandard2.0)) (== netstandard2.0)
      System.Security.AccessControl (>= 4.5) - restriction: || (&& (== net461) (< net452) (>= netstandard2.0)) (== netstandard2.0)
    DevExpress.TreeMap (21.1.3)
      DevExpress.Data (21.1.3)
      DevExpress.DataVisualization.Core (21.1.3)
      DevExpress.Printing.Core (21.1.3)
      DevExpress.TreeMap.Core (21.1.3)
      NETStandard.Library (>= 2.0.3) - restriction: || (&& (== net461) (< net452) (>= netstandard2.0)) (== netstandard2.0)
      System.Drawing.Common (>= 4.5) - restriction: || (&& (== net461) (< net452) (>= netstandard2.0)) (== netstandard2.0)
    DevExpress.TreeMap.Core (21.1.3)
      DevExpress.Data (21.1.3)
      NETStandard.Library (>= 2.0.3) - restriction: || (&& (== net461) (< net452) (>= netstandard2.0)) (== netstandard2.0)
    DevExpress.Utils (21.1.3) - restriction: || (== net461) (&& (== netstandard2.0) (>= net452))
      DevExpress.Data (21.1.3) - restriction: || (== net461) (&& (== netstandard2.0) (>= net452)) (&& (== netstandard2.0) (>= netcoreapp3.0))
      DevExpress.Data.Desktop (21.1.3) - restriction: || (== net461) (&& (== netstandard2.0) (>= net452)) (&& (== netstandard2.0) (>= netcoreapp3.0))
      DevExpress.Printing.Core (21.1.3) - restriction: || (== net461) (&& (== netstandard2.0) (>= net452)) (&& (== netstandard2.0) (>= netcoreapp3.0))
    DevExpress.Utils.UI (21.1.3) - restriction: || (== net461) (&& (== netstandard2.0) (>= net452))
      DevExpress.Data (21.1.3) - restriction: || (== net461) (&& (== netstandard2.0) (>= net452)) (&& (== netstandard2.0) (>= netcoreapp3.0))
      DevExpress.Data.Desktop (21.1.3) - restriction: || (== net461) (&& (== netstandard2.0) (>= net452)) (&& (== netstandard2.0) (>= netcoreapp3.0))
      DevExpress.DataAccess (21.1.3) - restriction: || (== net461) (&& (== netstandard2.0) (>= net452)) (&& (== netstandard2.0) (>= netcoreapp3.0))
      DevExpress.Printing.Core (21.1.3) - restriction: || (== net461) (&& (== netstandard2.0) (>= net452)) (&& (== netstandard2.0) (>= netcoreapp3.0))
      DevExpress.Utils (21.1.3) - restriction: || (== net461) (&& (== netstandard2.0) (>= net452)) (&& (== netstandard2.0) (>= netcoreapp3.0))
      DevExpress.Win.Navigation (21.1.3) - restriction: || (== net461) (&& (== netstandard2.0) (>= net452)) (&& (== netstandard2.0) (>= netcoreapp3.0))
      DevExpress.Win.Printing (21.1.3) - restriction: || (== net461) (&& (== netstandard2.0) (>= net452)) (&& (== netstandard2.0) (>= netcoreapp3.0))
      DevExpress.Win.RichEdit (21.1.3) - restriction: || (== net461) (&& (== netstandard2.0) (>= net452)) (&& (== netstandard2.0) (>= netcoreapp3.0))
      DevExpress.Win.TreeList (21.1.3) - restriction: || (== net461) (&& (== netstandard2.0) (>= net452)) (&& (== netstandard2.0) (>= netcoreapp3.0))
      DevExpress.Win.VerticalGrid (21.1.3) - restriction: || (== net461) (&& (== netstandard2.0) (>= net452)) (&& (== netstandard2.0) (>= netcoreapp3.0))
    DevExpress.Web (21.1.3) - restriction: || (== net461) (&& (== netstandard2.0) (>= net452))
      DevExpress.Data (21.1.3) - restriction: || (== net461) (&& (== netstandard2.0) (>= net452))
      DevExpress.Office.Core (21.1.3) - restriction: || (== net461) (&& (== netstandard2.0) (>= net452))
      DevExpress.PivotGrid.Core (21.1.3) - restriction: || (== net461) (&& (== netstandard2.0) (>= net452))
      DevExpress.Printing.Core (21.1.3) - restriction: || (== net461) (&& (== netstandard2.0) (>= net452))
      DevExpress.RichEdit.Core (21.1.3) - restriction: || (== net461) (&& (== netstandard2.0) (>= net452))
      DevExpress.RichEdit.Export (21.1.3) - restriction: || (== net461) (&& (== netstandard2.0) (>= net452))
      DevExpress.SpellChecker.Core (21.1.3) - restriction: || (== net461) (&& (== netstandard2.0) (>= net452))
    DevExpress.Web.Dashboard (21.1.3) - restriction: || (== net461) (&& (== netstandard2.0) (>= net452))
      DevExpress.Dashboard.Core (21.1.3) - restriction: || (== net461) (&& (== netstandard2.0) (>= net452))
      DevExpress.Data (21.1.3) - restriction: || (== net461) (&& (== netstandard2.0) (>= net452))
      DevExpress.DataAccess (21.1.3) - restriction: || (== net461) (&& (== netstandard2.0) (>= net452))
      DevExpress.Web (21.1.3) - restriction: || (== net461) (&& (== netstandard2.0) (>= net452))
      DevExpress.Web.Dashboard.Common (21.1.3) - restriction: || (== net461) (&& (== netstandard2.0) (>= net452))
    DevExpress.Web.Dashboard.Common (21.1.3) - restriction: || (== net461) (&& (== netstandard2.0) (>= net452))
      DevExpress.Charts.Core (21.1.3) - restriction: || (== net461) (&& (== netstandard2.0) (>= net452))
      DevExpress.Dashboard.Core (21.1.3)
      DevExpress.Data (21.1.3)
      DevExpress.DataAccess (21.1.3)
      DevExpress.Pdf.Core (21.1.3) - restriction: || (== net461) (&& (== netstandard2.0) (>= net452))
      DevExpress.PivotGrid.Core (21.1.3)
      DevExpress.Printing.Core (21.1.3)
      DevExpress.Reporting.Core (21.1.3)
      DevExpress.RichEdit.Core (21.1.3) - restriction: || (== net461) (&& (== netstandard2.0) (>= net452))
      DevExpress.Xpo (21.1.3) - restriction: || (== net461) (&& (== netstandard2.0) (>= net452))
    DevExpress.Web.Office (21.1.3) - restriction: || (== net461) (&& (== netstandard2.0) (>= net452))
      DevExpress.Charts (21.1.3) - restriction: || (== net461) (&& (== netstandard2.0) (>= net452))
      DevExpress.Charts.Core (21.1.3) - restriction: || (== net461) (&& (== netstandard2.0) (>= net452))
      DevExpress.Data (21.1.3) - restriction: || (== net461) (&& (== netstandard2.0) (>= net452))
      DevExpress.DataVisualization.Core (21.1.3) - restriction: || (== net461) (&& (== netstandard2.0) (>= net452))
      DevExpress.Office.Core (21.1.3) - restriction: || (== net461) (&& (== netstandard2.0) (>= net452))
      DevExpress.Printing.Core (21.1.3) - restriction: || (== net461) (&& (== netstandard2.0) (>= net452))
      DevExpress.RichEdit.Core (21.1.3) - restriction: || (== net461) (&& (== netstandard2.0) (>= net452))
      DevExpress.SpellChecker.Core (21.1.3) - restriction: || (== net461) (&& (== netstandard2.0) (>= net452))
      DevExpress.Spreadsheet.Core (21.1.3) - restriction: || (== net461) (&& (== netstandard2.0) (>= net452))
      DevExpress.TreeMap (21.1.3) - restriction: || (== net461) (&& (== netstandard2.0) (>= net452))
      DevExpress.Web (21.1.3) - restriction: || (== net461) (&& (== netstandard2.0) (>= net452))
    DevExpress.Web.Reporting (21.1.3) - restriction: || (== net461) (&& (== netstandard2.0) (>= net452))
      DevExpress.Data (21.1.3) - restriction: || (== net461) (&& (== netstandard2.0) (>= net452))
      DevExpress.DataAccess (21.1.3) - restriction: || (== net461) (&& (== netstandard2.0) (>= net452))
      DevExpress.Printing.Core (21.1.3) - restriction: || (== net461) (&& (== netstandard2.0) (>= net452))
      DevExpress.Reporting.Core (21.1.3) - restriction: || (== net461) (&& (== netstandard2.0) (>= net452))
      DevExpress.Utils (21.1.3) - restriction: || (== net461) (&& (== netstandard2.0) (>= net452))
      DevExpress.Web (21.1.3) - restriction: || (== net461) (&& (== netstandard2.0) (>= net452))
      DevExpress.Web.Reporting.Common (21.1.3) - restriction: || (== net461) (&& (== netstandard2.0) (>= net452))
    DevExpress.Web.Reporting.Common (21.1.3) - restriction: || (== net461) (&& (== netstandard2.0) (>= net452))
      DevExpress.Charts (21.1.3)
      DevExpress.Charts.Core (21.1.3)
      DevExpress.Data (21.1.3)
      DevExpress.DataAccess (21.1.3)
      DevExpress.Gauges.Core (21.1.3)
      DevExpress.PivotGrid.Core (21.1.3)
      DevExpress.Printing.Core (21.1.3)
      DevExpress.Reporting.Core (21.1.3)
      DevExpress.Sparkline.Core (21.1.3)
    DevExpress.Web.Scheduler (21.1.3) - restriction: || (== net461) (&& (== netstandard2.0) (>= net452))
      DevExpress.Data (21.1.3) - restriction: || (== net461) (&& (== netstandard2.0) (>= net452))
      DevExpress.Scheduler.Core (21.1.3) - restriction: || (== net461) (&& (== netstandard2.0) (>= net452))
      DevExpress.Scheduler.CoreDesktop (21.1.3) - restriction: || (== net461) (&& (== netstandard2.0) (>= net452))
      DevExpress.Web (21.1.3) - restriction: || (== net461) (&& (== netstandard2.0) (>= net452))
    DevExpress.Web.Themes (21.1.3) - restriction: || (== net461) (&& (== netstandard2.0) (>= net452))
      DevExpress.Web (21.1.3) - restriction: || (== net461) (&& (== netstandard2.0) (>= net452))
    DevExpress.Web.Visualization (21.1.3) - restriction: || (== net461) (&& (== netstandard2.0) (>= net452))
      DevExpress.Charts (21.1.3) - restriction: || (== net461) (&& (== netstandard2.0) (>= net452))
      DevExpress.Charts.Core (21.1.3) - restriction: || (== net461) (&& (== netstandard2.0) (>= net452))
      DevExpress.Data (21.1.3) - restriction: || (== net461) (&& (== netstandard2.0) (>= net452))
      DevExpress.Gauges.Core (21.1.3) - restriction: || (== net461) (&& (== netstandard2.0) (>= net452))
      DevExpress.Printing.Core (21.1.3) - restriction: || (== net461) (&& (== netstandard2.0) (>= net452))
      DevExpress.Web (21.1.3) - restriction: || (== net461) (&& (== netstandard2.0) (>= net452))
    DevExpress.Win (21.1.3) - restriction: || (== net461) (&& (== netstandard2.0) (>= net452))
      DevExpress.Data (21.1.3) - restriction: || (== net461) (&& (== netstandard2.0) (>= net452)) (&& (== netstandard2.0) (>= netcoreapp3.0))
      DevExpress.Data.Desktop (21.1.3) - restriction: || (== net461) (&& (== netstandard2.0) (>= net452)) (&& (== netstandard2.0) (>= netcoreapp3.0))
      DevExpress.RichEdit.Export (21.1.3) - restriction: || (== net461) (&& (== netstandard2.0) (>= net452)) (&& (== netstandard2.0) (>= netcoreapp3.0))
      DevExpress.Utils (21.1.3) - restriction: || (== net461) (&& (== netstandard2.0) (>= net452)) (&& (== netstandard2.0) (>= netcoreapp3.0))
      DevExpress.Win.Grid (21.1.3) - restriction: || (== net461) (&& (== netstandard2.0) (>= net452)) (&& (== netstandard2.0) (>= netcoreapp3.0))
      DevExpress.Win.Navigation (21.1.3) - restriction: || (== net461) (&& (== netstandard2.0) (>= net452)) (&& (== netstandard2.0) (>= netcoreapp3.0))
      DevExpress.Win.PivotGrid (21.1.3) - restriction: || (== net461) (&& (== netstandard2.0) (>= net452)) (&& (== netstandard2.0) (>= netcoreapp3.0))
      DevExpress.Win.Printing (21.1.3) - restriction: || (== net461) (&& (== netstandard2.0) (>= net452)) (&& (== netstandard2.0) (>= netcoreapp3.0))
      DevExpress.Win.TreeList (21.1.3) - restriction: || (== net461) (&& (== netstandard2.0) (>= net452)) (&& (== netstandard2.0) (>= netcoreapp3.0))
      DevExpress.Win.VerticalGrid (21.1.3) - restriction: || (== net461) (&& (== netstandard2.0) (>= net452)) (&& (== netstandard2.0) (>= netcoreapp3.0))
    DevExpress.Win.BonusSkins (21.1.3) - restriction: || (== net461) (&& (== netstandard2.0) (>= net452))
      DevExpress.Utils (21.1.3) - restriction: || (== net461) (&& (== netstandard2.0) (>= net452)) (&& (== netstandard2.0) (>= netcoreapp3.0))
    DevExpress.Win.Charts (21.1.3) - restriction: || (== net461) (&& (== netstandard2.0) (>= net452))
      DevExpress.Charts (21.1.3) - restriction: || (== net461) (&& (== netstandard2.0) (>= net452)) (&& (== netstandard2.0) (>= netcoreapp3.0))
      DevExpress.Charts.Core (21.1.3) - restriction: || (== net461) (&& (== netstandard2.0) (>= net452)) (&& (== netstandard2.0) (>= netcoreapp3.0))
      DevExpress.Data (21.1.3) - restriction: || (== net461) (&& (== netstandard2.0) (>= net452)) (&& (== netstandard2.0) (>= netcoreapp3.0))
      DevExpress.Data.Desktop (21.1.3) - restriction: || (== net461) (&& (== netstandard2.0) (>= net452)) (&& (== netstandard2.0) (>= netcoreapp3.0))
      DevExpress.DataAccess.UI (21.1.3) - restriction: || (== net461) (&& (== netstandard2.0) (>= net452)) (&& (== netstandard2.0) (>= netcoreapp3.0))
      DevExpress.Printing.Core (21.1.3) - restriction: || (== net461) (&& (== netstandard2.0) (>= net452)) (&& (== netstandard2.0) (>= netcoreapp3.0))
      DevExpress.Utils (21.1.3) - restriction: || (== net461) (&& (== netstandard2.0) (>= net452)) (&& (== netstandard2.0) (>= netcoreapp3.0))
      DevExpress.Utils.UI (21.1.3) - restriction: || (== net461) (&& (== netstandard2.0) (>= net452)) (&& (== netstandard2.0) (>= netcoreapp3.0))
      DevExpress.Win (21.1.3) - restriction: || (== net461) (&& (== netstandard2.0) (>= net452)) (&& (== netstandard2.0) (>= netcoreapp3.0))
      DevExpress.Win.Grid (21.1.3) - restriction: || (== net461) (&& (== netstandard2.0) (>= net452)) (&& (== netstandard2.0) (>= netcoreapp3.0))
      DevExpress.Win.Navigation (21.1.3) - restriction: || (== net461) (&& (== netstandard2.0) (>= net452)) (&& (== netstandard2.0) (>= netcoreapp3.0))
      DevExpress.Win.Printing (21.1.3) - restriction: || (== net461) (&& (== netstandard2.0) (>= net452)) (&& (== netstandard2.0) (>= netcoreapp3.0))
      DevExpress.Win.TreeList (21.1.3) - restriction: || (== net461) (&& (== netstandard2.0) (>= net452)) (&& (== netstandard2.0) (>= netcoreapp3.0))
      DevExpress.Win.VerticalGrid (21.1.3) - restriction: || (== net461) (&& (== netstandard2.0) (>= net452)) (&& (== netstandard2.0) (>= netcoreapp3.0))
    DevExpress.Win.Dashboard (21.1.3) - restriction: || (== net461) (&& (== netstandard2.0) (>= net452))
      DevExpress.Charts (21.1.3) - restriction: || (== net461) (&& (== netstandard2.0) (>= net452)) (&& (== netstandard2.0) (>= netcoreapp3.0))
      DevExpress.Charts.Core (21.1.3) - restriction: || (== net461) (&& (== netstandard2.0) (>= net452)) (&& (== netstandard2.0) (>= netcoreapp3.0))
      DevExpress.Dashboard.Core (21.1.3) - restriction: || (== net461) (&& (== netstandard2.0) (>= net452)) (&& (== netstandard2.0) (>= netcoreapp3.0))
      DevExpress.Data (21.1.3) - restriction: || (== net461) (&& (== netstandard2.0) (>= net452)) (&& (== netstandard2.0) (>= netcoreapp3.0))
      DevExpress.Data.Desktop (21.1.3) - restriction: || (== net461) (&& (== netstandard2.0) (>= net452)) (&& (== netstandard2.0) (>= netcoreapp3.0))
      DevExpress.DataAccess (21.1.3) - restriction: || (== net461) (&& (== netstandard2.0) (>= net452)) (&& (== netstandard2.0) (>= netcoreapp3.0))
      DevExpress.DataAccess.UI (21.1.3) - restriction: || (== net461) (&& (== netstandard2.0) (>= net452)) (&& (== netstandard2.0) (>= netcoreapp3.0))
      DevExpress.Gauges.Core (21.1.3) - restriction: || (== net461) (&& (== netstandard2.0) (>= net452)) (&& (== netstandard2.0) (>= netcoreapp3.0))
      DevExpress.Map.Core (21.1.3) - restriction: || (== net461) (&& (== netstandard2.0) (>= net452)) (&& (== netstandard2.0) (>= netcoreapp3.0))
      DevExpress.Office.Core (21.1.3) - restriction: || (== net461) (&& (== netstandard2.0) (>= net452)) (&& (== netstandard2.0) (>= netcoreapp3.0))
      DevExpress.PivotGrid.Core (21.1.3) - restriction: || (== net461) (&& (== netstandard2.0) (>= net452)) (&& (== netstandard2.0) (>= netcoreapp3.0))
      DevExpress.Printing.Core (21.1.3) - restriction: || (== net461) (&& (== netstandard2.0) (>= net452)) (&& (== netstandard2.0) (>= netcoreapp3.0))
      DevExpress.Reporting.Core (21.1.3) - restriction: || (== net461) (&& (== netstandard2.0) (>= net452)) (&& (== netstandard2.0) (>= netcoreapp3.0))
      DevExpress.RichEdit.Core (21.1.3) - restriction: || (== net461) (&& (== netstandard2.0) (>= net452)) (&& (== netstandard2.0) (>= netcoreapp3.0))
      DevExpress.Sparkline.Core (21.1.3) - restriction: || (== net461) (&& (== netstandard2.0) (>= net452)) (&& (== netstandard2.0) (>= netcoreapp3.0))
      DevExpress.TreeMap (21.1.3) - restriction: || (== net461) (&& (== netstandard2.0) (>= net452)) (&& (== netstandard2.0) (>= netcoreapp3.0))
      DevExpress.TreeMap.Core (21.1.3) - restriction: || (== net461) (&& (== netstandard2.0) (>= net452)) (&& (== netstandard2.0) (>= netcoreapp3.0))
      DevExpress.Utils (21.1.3) - restriction: || (== net461) (&& (== netstandard2.0) (>= net452)) (&& (== netstandard2.0) (>= netcoreapp3.0))
      DevExpress.Utils.UI (21.1.3) - restriction: || (== net461) (&& (== netstandard2.0) (>= net452)) (&& (== netstandard2.0) (>= netcoreapp3.0))
      DevExpress.Win.Charts (21.1.3) - restriction: || (== net461) (&& (== netstandard2.0) (>= net452)) (&& (== netstandard2.0) (>= netcoreapp3.0))
      DevExpress.Win.Gauges (21.1.3) - restriction: || (== net461) (&& (== netstandard2.0) (>= net452)) (&& (== netstandard2.0) (>= netcoreapp3.0))
      DevExpress.Win.Grid (21.1.3) - restriction: || (== net461) (&& (== netstandard2.0) (>= net452)) (&& (== netstandard2.0) (>= netcoreapp3.0))
      DevExpress.Win.Map (21.1.3) - restriction: || (== net461) (&& (== netstandard2.0) (>= net452)) (&& (== netstandard2.0) (>= netcoreapp3.0))
      DevExpress.Win.Navigation (21.1.3) - restriction: || (== net461) (&& (== netstandard2.0) (>= net452)) (&& (== netstandard2.0) (>= netcoreapp3.0))
      DevExpress.Win.PivotGrid (21.1.3) - restriction: || (== net461) (&& (== netstandard2.0) (>= net452)) (&& (== netstandard2.0) (>= netcoreapp3.0))
      DevExpress.Win.Printing (21.1.3) - restriction: || (== net461) (&& (== netstandard2.0) (>= net452)) (&& (== netstandard2.0) (>= netcoreapp3.0))
      DevExpress.Win.RichEdit (21.1.3) - restriction: || (== net461) (&& (== netstandard2.0) (>= net452)) (&& (== netstandard2.0) (>= netcoreapp3.0))
      DevExpress.Win.TreeList (21.1.3) - restriction: || (== net461) (&& (== netstandard2.0) (>= net452)) (&& (== netstandard2.0) (>= netcoreapp3.0))
      DevExpress.Win.TreeMap (21.1.3) - restriction: || (== net461) (&& (== netstandard2.0) (>= net452)) (&& (== netstandard2.0) (>= netcoreapp3.0))
      DevExpress.Xpo (21.1.3) - restriction: || (== net461) (&& (== netstandard2.0) (>= net452)) (&& (== netstandard2.0) (>= netcoreapp3.0))
    DevExpress.Win.Diagram (21.1.3) - restriction: || (== net461) (&& (== netstandard2.0) (>= net452))
      DevExpress.Data (21.1.3) - restriction: || (== net461) (&& (== netstandard2.0) (>= net452)) (&& (== netstandard2.0) (>= netcoreapp3.0))
      DevExpress.Data.Desktop (21.1.3) - restriction: || (== net461) (&& (== netstandard2.0) (>= net452)) (&& (== netstandard2.0) (>= netcoreapp3.0))
      DevExpress.Diagram.Core (21.1.3) - restriction: || (== net461) (&& (== netstandard2.0) (>= net452)) (&& (== netstandard2.0) (>= netcoreapp3.0))
      DevExpress.Office.Core (21.1.3) - restriction: || (== net461) (&& (== netstandard2.0) (>= net452)) (&& (== netstandard2.0) (>= netcoreapp3.0))
      DevExpress.Pdf.Core (21.1.3) - restriction: || (== net461) (&& (== netstandard2.0) (>= net452)) (&& (== netstandard2.0) (>= netcoreapp3.0))
      DevExpress.Printing.Core (21.1.3) - restriction: || (== net461) (&& (== netstandard2.0) (>= net452)) (&& (== netstandard2.0) (>= netcoreapp3.0))
      DevExpress.Utils (21.1.3) - restriction: || (== net461) (&& (== netstandard2.0) (>= net452)) (&& (== netstandard2.0) (>= netcoreapp3.0))
      DevExpress.Win.Navigation (21.1.3) - restriction: || (== net461) (&& (== netstandard2.0) (>= net452)) (&& (== netstandard2.0) (>= netcoreapp3.0))
      DevExpress.Win.Printing (21.1.3) - restriction: || (== net461) (&& (== netstandard2.0) (>= net452)) (&& (== netstandard2.0) (>= netcoreapp3.0))
      DevExpress.Win.VerticalGrid (21.1.3) - restriction: || (== net461) (&& (== netstandard2.0) (>= net452)) (&& (== netstandard2.0) (>= netcoreapp3.0))
    DevExpress.Win.Gauges (21.1.3) - restriction: || (== net461) (&& (== netstandard2.0) (>= net452))
      DevExpress.Data (21.1.3) - restriction: || (== net461) (&& (== netstandard2.0) (>= net452)) (&& (== netstandard2.0) (>= netcoreapp3.0))
      DevExpress.Data.Desktop (21.1.3) - restriction: || (== net461) (&& (== netstandard2.0) (>= net452)) (&& (== netstandard2.0) (>= netcoreapp3.0))
      DevExpress.Gauges.Core (21.1.3) - restriction: || (== net461) (&& (== netstandard2.0) (>= net452)) (&& (== netstandard2.0) (>= netcoreapp3.0))
      DevExpress.Printing.Core (21.1.3) - restriction: || (== net461) (&& (== netstandard2.0) (>= net452)) (&& (== netstandard2.0) (>= netcoreapp3.0))
      DevExpress.Utils (21.1.3) - restriction: || (== net461) (&& (== netstandard2.0) (>= net452)) (&& (== netstandard2.0) (>= netcoreapp3.0))
      DevExpress.Win.Navigation (21.1.3) - restriction: || (== net461) (&& (== netstandard2.0) (>= net452)) (&& (== netstandard2.0) (>= netcoreapp3.0))
      DevExpress.Win.Printing (21.1.3) - restriction: || (== net461) (&& (== netstandard2.0) (>= net452)) (&& (== netstandard2.0) (>= netcoreapp3.0))
    DevExpress.Win.Grid (21.1.3) - restriction: || (== net461) (&& (== netstandard2.0) (>= net452))
      DevExpress.Data (21.1.3) - restriction: || (== net461) (&& (== netstandard2.0) (>= net452)) (&& (== netstandard2.0) (>= netcoreapp3.0))
      DevExpress.Data.Desktop (21.1.3) - restriction: || (== net461) (&& (== netstandard2.0) (>= net452)) (&& (== netstandard2.0) (>= netcoreapp3.0))
      DevExpress.Printing.Core (21.1.3) - restriction: || (== net461) (&& (== netstandard2.0) (>= net452)) (&& (== netstandard2.0) (>= netcoreapp3.0))
      DevExpress.Utils (21.1.3) - restriction: || (== net461) (&& (== netstandard2.0) (>= net452)) (&& (== netstandard2.0) (>= netcoreapp3.0))
      DevExpress.Win.Navigation (21.1.3) - restriction: || (== net461) (&& (== netstandard2.0) (>= net452)) (&& (== netstandard2.0) (>= netcoreapp3.0))
      DevExpress.Win.Printing (21.1.3) - restriction: || (== net461) (&& (== netstandard2.0) (>= net452)) (&& (== netstandard2.0) (>= netcoreapp3.0))
    DevExpress.Win.Map (21.1.3) - restriction: || (== net461) (&& (== netstandard2.0) (>= net452))
      DevExpress.Data (21.1.3) - restriction: || (== net461) (&& (== netstandard2.0) (>= net452)) (&& (== netstandard2.0) (>= netcoreapp3.0))
      DevExpress.Data.Desktop (21.1.3) - restriction: || (== net461) (&& (== netstandard2.0) (>= net452)) (&& (== netstandard2.0) (>= netcoreapp3.0))
      DevExpress.Map.Core (21.1.3) - restriction: || (== net461) (&& (== netstandard2.0) (>= net452)) (&& (== netstandard2.0) (>= netcoreapp3.0))
      DevExpress.Printing.Core (21.1.3) - restriction: || (== net461) (&& (== netstandard2.0) (>= net452)) (&& (== netstandard2.0) (>= netcoreapp3.0))
      DevExpress.Utils (21.1.3) - restriction: || (== net461) (&& (== netstandard2.0) (>= net452)) (&& (== netstandard2.0) (>= netcoreapp3.0))
      DevExpress.Win.Navigation (21.1.3) - restriction: || (== net461) (&& (== netstandard2.0) (>= net452)) (&& (== netstandard2.0) (>= netcoreapp3.0))
      DevExpress.Win.Printing (21.1.3) - restriction: || (== net461) (&& (== netstandard2.0) (>= net452)) (&& (== netstandard2.0) (>= netcoreapp3.0))
    DevExpress.Win.Navigation (21.1.3) - restriction: || (== net461) (&& (== netstandard2.0) (>= net452))
      DevExpress.Data (21.1.3) - restriction: || (== net461) (&& (== netstandard2.0) (>= net452)) (&& (== netstandard2.0) (>= netcoreapp3.0))
      DevExpress.Data.Desktop (21.1.3) - restriction: || (== net461) (&& (== netstandard2.0) (>= net452)) (&& (== netstandard2.0) (>= netcoreapp3.0))
      DevExpress.Printing.Core (21.1.3) - restriction: || (== net461) (&& (== netstandard2.0) (>= net452)) (&& (== netstandard2.0) (>= netcoreapp3.0))
      DevExpress.Sparkline.Core (21.1.3) - restriction: || (== net461) (&& (== netstandard2.0) (>= net452)) (&& (== netstandard2.0) (>= netcoreapp3.0))
      DevExpress.Utils (21.1.3) - restriction: || (== net461) (&& (== netstandard2.0) (>= net452)) (&& (== netstandard2.0) (>= netcoreapp3.0))
    DevExpress.Win.PivotGrid (21.1.3) - restriction: || (== net461) (&& (== netstandard2.0) (>= net452))
      DevExpress.Data (21.1.3) - restriction: || (== net461) (&& (== netstandard2.0) (>= net452)) (&& (== netstandard2.0) (>= netcoreapp3.0))
      DevExpress.PivotGrid.Core (21.1.3) - restriction: || (== net461) (&& (== netstandard2.0) (>= net452)) (&& (== netstandard2.0) (>= netcoreapp3.0))
      DevExpress.Printing.Core (21.1.3) - restriction: || (== net461) (&& (== netstandard2.0) (>= net452)) (&& (== netstandard2.0) (>= netcoreapp3.0))
      DevExpress.Utils (21.1.3) - restriction: || (== net461) (&& (== netstandard2.0) (>= net452)) (&& (== netstandard2.0) (>= netcoreapp3.0))
      DevExpress.Win.Navigation (21.1.3) - restriction: || (== net461) (&& (== netstandard2.0) (>= net452)) (&& (== netstandard2.0) (>= netcoreapp3.0))
    DevExpress.Win.Printing (21.1.3) - restriction: || (== net461) (&& (== netstandard2.0) (>= net452))
      DevExpress.Data (21.1.3) - restriction: || (== net461) (&& (== netstandard2.0) (>= net452)) (&& (== netstandard2.0) (>= netcoreapp3.0))
      DevExpress.Data.Desktop (21.1.3) - restriction: || (== net461) (&& (== netstandard2.0) (>= net452)) (&& (== netstandard2.0) (>= netcoreapp3.0))
      DevExpress.Printing.Core (21.1.3) - restriction: || (== net461) (&& (== netstandard2.0) (>= net452)) (&& (== netstandard2.0) (>= netcoreapp3.0))
      DevExpress.RichEdit.Core (21.1.3) - restriction: || (== net461) (&& (== netstandard2.0) (>= net452)) (&& (== netstandard2.0) (>= netcoreapp3.0))
      DevExpress.Utils (21.1.3) - restriction: || (== net461) (&& (== netstandard2.0) (>= net452)) (&& (== netstandard2.0) (>= netcoreapp3.0))
      DevExpress.Win.Navigation (21.1.3) - restriction: || (== net461) (&& (== netstandard2.0) (>= net452)) (&& (== netstandard2.0) (>= netcoreapp3.0))
      DevExpress.Win.TreeList (21.1.3) - restriction: || (== net461) (&& (== netstandard2.0) (>= net452)) (&& (== netstandard2.0) (>= netcoreapp3.0))
    DevExpress.Win.Reporting (21.1.3) - restriction: || (== net461) (&& (== netstandard2.0) (>= net452))
      DevExpress.Charts (21.1.3) - restriction: || (== net461) (&& (== netstandard2.0) (>= net452)) (&& (== netstandard2.0) (>= netcoreapp3.0))
      DevExpress.Charts.Core (21.1.3) - restriction: || (== net461) (&& (== netstandard2.0) (>= net452)) (&& (== netstandard2.0) (>= netcoreapp3.0))
      DevExpress.CodeParser (21.1.3) - restriction: || (== net461) (&& (== netstandard2.0) (>= net452)) (&& (== netstandard2.0) (>= netcoreapp3.0))
      DevExpress.Data (21.1.3) - restriction: || (== net461) (&& (== netstandard2.0) (>= net452)) (&& (== netstandard2.0) (>= netcoreapp3.0))
      DevExpress.Data.Desktop (21.1.3) - restriction: || (== net461) (&& (== netstandard2.0) (>= net452)) (&& (== netstandard2.0) (>= netcoreapp3.0))
      DevExpress.DataAccess (21.1.3) - restriction: || (== net461) (&& (== netstandard2.0) (>= net452)) (&& (== netstandard2.0) (>= netcoreapp3.0))
      DevExpress.DataAccess.UI (21.1.3) - restriction: || (== net461) (&& (== netstandard2.0) (>= net452)) (&& (== netstandard2.0) (>= netcoreapp3.0))
      DevExpress.Gauges.Core (21.1.3) - restriction: || (== net461) (&& (== netstandard2.0) (>= net452)) (&& (== netstandard2.0) (>= netcoreapp3.0))
      DevExpress.Office.Core (21.1.3) - restriction: || (== net461) (&& (== netstandard2.0) (>= net452)) (&& (== netstandard2.0) (>= netcoreapp3.0))
      DevExpress.PivotGrid.Core (21.1.3) - restriction: || (== net461) (&& (== netstandard2.0) (>= net452)) (&& (== netstandard2.0) (>= netcoreapp3.0))
      DevExpress.Printing.Core (21.1.3) - restriction: || (== net461) (&& (== netstandard2.0) (>= net452)) (&& (== netstandard2.0) (>= netcoreapp3.0))
      DevExpress.Reporting.Core (21.1.3) - restriction: || (== net461) (&& (== netstandard2.0) (>= net452)) (&& (== netstandard2.0) (>= netcoreapp3.0))
      DevExpress.RichEdit.Core (21.1.3) - restriction: || (== net461) (&& (== netstandard2.0) (>= net452)) (&& (== netstandard2.0) (>= netcoreapp3.0))
      DevExpress.Sparkline.Core (21.1.3) - restriction: || (== net461) (&& (== netstandard2.0) (>= net452)) (&& (== netstandard2.0) (>= netcoreapp3.0))
      DevExpress.Utils (21.1.3) - restriction: || (== net461) (&& (== netstandard2.0) (>= net452)) (&& (== netstandard2.0) (>= netcoreapp3.0))
      DevExpress.Utils.UI (21.1.3) - restriction: || (== net461) (&& (== netstandard2.0) (>= net452)) (&& (== netstandard2.0) (>= netcoreapp3.0))
      DevExpress.Win (21.1.3) - restriction: || (== net461) (&& (== netstandard2.0) (>= net452)) (&& (== netstandard2.0) (>= netcoreapp3.0))
      DevExpress.Win.Charts (21.1.3) - restriction: || (== net461) (&& (== netstandard2.0) (>= net452)) (&& (== netstandard2.0) (>= netcoreapp3.0))
      DevExpress.Win.Grid (21.1.3) - restriction: || (== net461) (&& (== netstandard2.0) (>= net452)) (&& (== netstandard2.0) (>= netcoreapp3.0))
      DevExpress.Win.Navigation (21.1.3) - restriction: || (== net461) (&& (== netstandard2.0) (>= net452)) (&& (== netstandard2.0) (>= netcoreapp3.0))
      DevExpress.Win.PivotGrid (21.1.3) - restriction: || (== net461) (&& (== netstandard2.0) (>= net452)) (&& (== netstandard2.0) (>= netcoreapp3.0))
      DevExpress.Win.Printing (21.1.3) - restriction: || (== net461) (&& (== netstandard2.0) (>= net452)) (&& (== netstandard2.0) (>= netcoreapp3.0))
      DevExpress.Win.RichEdit (21.1.3) - restriction: || (== net461) (&& (== netstandard2.0) (>= net452)) (&& (== netstandard2.0) (>= netcoreapp3.0))
      DevExpress.Win.TreeList (21.1.3) - restriction: || (== net461) (&& (== netstandard2.0) (>= net452)) (&& (== netstandard2.0) (>= netcoreapp3.0))
      DevExpress.Win.VerticalGrid (21.1.3) - restriction: || (== net461) (&& (== netstandard2.0) (>= net452)) (&& (== netstandard2.0) (>= netcoreapp3.0))
    DevExpress.Win.RichEdit (21.1.3) - restriction: || (== net461) (&& (== netstandard2.0) (>= net452))
      DevExpress.Data (21.1.3) - restriction: || (== net461) (&& (== netstandard2.0) (>= net452)) (&& (== netstandard2.0) (>= netcoreapp3.0))
      DevExpress.Data.Desktop (21.1.3) - restriction: || (== net461) (&& (== netstandard2.0) (>= net452)) (&& (== netstandard2.0) (>= netcoreapp3.0))
      DevExpress.Images (21.1.3) - restriction: || (== net461) (&& (== netstandard2.0) (>= net452)) (&& (== netstandard2.0) (>= netcoreapp3.0))
      DevExpress.Office.Core (21.1.3) - restriction: || (== net461) (&& (== netstandard2.0) (>= net452)) (&& (== netstandard2.0) (>= netcoreapp3.0))
      DevExpress.Pdf.Core (21.1.3) - restriction: || (== net461) (&& (== netstandard2.0) (>= net452)) (&& (== netstandard2.0) (>= netcoreapp3.0))
      DevExpress.Printing.Core (21.1.3) - restriction: || (== net461) (&& (== netstandard2.0) (>= net452)) (&& (== netstandard2.0) (>= netcoreapp3.0))
      DevExpress.RichEdit.Core (21.1.3) - restriction: || (== net461) (&& (== netstandard2.0) (>= net452)) (&& (== netstandard2.0) (>= netcoreapp3.0))
      DevExpress.Utils (21.1.3) - restriction: || (== net461) (&& (== netstandard2.0) (>= net452)) (&& (== netstandard2.0) (>= netcoreapp3.0))
      DevExpress.Win.Grid (21.1.3) - restriction: || (== net461) (&& (== netstandard2.0) (>= net452)) (&& (== netstandard2.0) (>= netcoreapp3.0))
      DevExpress.Win.Navigation (21.1.3) - restriction: || (== net461) (&& (== netstandard2.0) (>= net452)) (&& (== netstandard2.0) (>= netcoreapp3.0))
      DevExpress.Win.Printing (21.1.3) - restriction: || (== net461) (&& (== netstandard2.0) (>= net452)) (&& (== netstandard2.0) (>= netcoreapp3.0))
    DevExpress.Win.Scheduler (21.1.3) - restriction: || (== net461) (&& (== netstandard2.0) (>= net452))
      DevExpress.Data (21.1.3) - restriction: || (== net461) (&& (== netstandard2.0) (>= net452)) (&& (== netstandard2.0) (>= netcoreapp3.0))
      DevExpress.Data.Desktop (21.1.3) - restriction: || (== net461) (&& (== netstandard2.0) (>= net452)) (&& (== netstandard2.0) (>= netcoreapp3.0))
      DevExpress.Printing.Core (21.1.3) - restriction: || (== net461) (&& (== netstandard2.0) (>= net452)) (&& (== netstandard2.0) (>= netcoreapp3.0))
      DevExpress.Scheduler.Core (21.1.3) - restriction: || (== net461) (&& (== netstandard2.0) (>= net452)) (&& (== netstandard2.0) (>= netcoreapp3.0))
      DevExpress.Scheduler.CoreDesktop (21.1.3) - restriction: || (== net461) (&& (== netstandard2.0) (>= net452)) (&& (== netstandard2.0) (>= netcoreapp3.0))
      DevExpress.Utils (21.1.3) - restriction: || (== net461) (&& (== netstandard2.0) (>= net452)) (&& (== netstandard2.0) (>= netcoreapp3.0))
      DevExpress.Win.Grid (21.1.3) - restriction: || (== net461) (&& (== netstandard2.0) (>= net452)) (&& (== netstandard2.0) (>= netcoreapp3.0))
      DevExpress.Win.Navigation (21.1.3) - restriction: || (== net461) (&& (== netstandard2.0) (>= net452)) (&& (== netstandard2.0) (>= netcoreapp3.0))
      DevExpress.Win.Printing (21.1.3) - restriction: || (== net461) (&& (== netstandard2.0) (>= net452)) (&& (== netstandard2.0) (>= netcoreapp3.0))
    DevExpress.Win.Spreadsheet (21.1.3) - restriction: || (== net461) (&& (== netstandard2.0) (>= net452))
      DevExpress.Charts (21.1.3) - restriction: || (== net461) (&& (== netstandard2.0) (>= net452)) (&& (== netstandard2.0) (>= netcoreapp3.0))
      DevExpress.Data (21.1.3) - restriction: || (== net461) (&& (== netstandard2.0) (>= net452)) (&& (== netstandard2.0) (>= netcoreapp3.0))
      DevExpress.Data.Desktop (21.1.3) - restriction: || (== net461) (&& (== netstandard2.0) (>= net452)) (&& (== netstandard2.0) (>= netcoreapp3.0))
      DevExpress.DataAccess (21.1.3) - restriction: || (== net461) (&& (== netstandard2.0) (>= net452)) (&& (== netstandard2.0) (>= netcoreapp3.0))
      DevExpress.DataAccess.UI (21.1.3) - restriction: || (== net461) (&& (== netstandard2.0) (>= net452)) (&& (== netstandard2.0) (>= netcoreapp3.0))
      DevExpress.DataVisualization.Core (21.1.3) - restriction: || (== net461) (&& (== netstandard2.0) (>= net452)) (&& (== netstandard2.0) (>= netcoreapp3.0))
      DevExpress.Office.Core (21.1.3) - restriction: || (== net461) (&& (== netstandard2.0) (>= net452)) (&& (== netstandard2.0) (>= netcoreapp3.0))
      DevExpress.Printing.Core (21.1.3) - restriction: || (== net461) (&& (== netstandard2.0) (>= net452)) (&& (== netstandard2.0) (>= netcoreapp3.0))
      DevExpress.RichEdit.Core (21.1.3) - restriction: || (== net461) (&& (== netstandard2.0) (>= net452)) (&& (== netstandard2.0) (>= netcoreapp3.0))
      DevExpress.Spreadsheet.Core (21.1.3) - restriction: || (== net461) (&& (== netstandard2.0) (>= net452)) (&& (== netstandard2.0) (>= netcoreapp3.0))
      DevExpress.TreeMap (21.1.3) - restriction: || (== net461) (&& (== netstandard2.0) (>= net452)) (&& (== netstandard2.0) (>= netcoreapp3.0))
      DevExpress.Utils (21.1.3) - restriction: || (== net461) (&& (== netstandard2.0) (>= net452)) (&& (== netstandard2.0) (>= netcoreapp3.0))
      DevExpress.Utils.UI (21.1.3) - restriction: || (== net461) (&& (== netstandard2.0) (>= net452)) (&& (== netstandard2.0) (>= netcoreapp3.0))
      DevExpress.Win (21.1.3) - restriction: || (== net461) (&& (== netstandard2.0) (>= net452)) (&& (== netstandard2.0) (>= netcoreapp3.0))
      DevExpress.Win.Grid (21.1.3) - restriction: || (== net461) (&& (== netstandard2.0) (>= net452)) (&& (== netstandard2.0) (>= netcoreapp3.0))
      DevExpress.Win.Navigation (21.1.3) - restriction: || (== net461) (&& (== netstandard2.0) (>= net452)) (&& (== netstandard2.0) (>= netcoreapp3.0))
      DevExpress.Win.Printing (21.1.3) - restriction: || (== net461) (&& (== netstandard2.0) (>= net452)) (&& (== netstandard2.0) (>= netcoreapp3.0))
      DevExpress.Win.RichEdit (21.1.3) - restriction: || (== net461) (&& (== netstandard2.0) (>= net452)) (&& (== netstandard2.0) (>= netcoreapp3.0))
      DevExpress.Win.TreeList (21.1.3) - restriction: || (== net461) (&& (== netstandard2.0) (>= net452)) (&& (== netstandard2.0) (>= netcoreapp3.0))
    DevExpress.Win.TreeList (21.1.3) - restriction: || (== net461) (&& (== netstandard2.0) (>= net452))
      DevExpress.Data (21.1.3) - restriction: || (== net461) (&& (== netstandard2.0) (>= net452)) (&& (== netstandard2.0) (>= netcoreapp3.0))
      DevExpress.Data.Desktop (21.1.3) - restriction: || (== net461) (&& (== netstandard2.0) (>= net452)) (&& (== netstandard2.0) (>= netcoreapp3.0))
      DevExpress.Printing.Core (21.1.3) - restriction: || (== net461) (&& (== netstandard2.0) (>= net452)) (&& (== netstandard2.0) (>= netcoreapp3.0))
      DevExpress.Utils (21.1.3) - restriction: || (== net461) (&& (== netstandard2.0) (>= net452)) (&& (== netstandard2.0) (>= netcoreapp3.0))
      DevExpress.Win.Navigation (21.1.3) - restriction: || (== net461) (&& (== netstandard2.0) (>= net452)) (&& (== netstandard2.0) (>= netcoreapp3.0))
    DevExpress.Win.TreeMap (21.1.3) - restriction: || (== net461) (&& (== netstandard2.0) (>= net452))
      DevExpress.Data (21.1.3) - restriction: || (== net461) (&& (== netstandard2.0) (>= net452)) (&& (== netstandard2.0) (>= netcoreapp3.0))
      DevExpress.Data.Desktop (21.1.3) - restriction: || (== net461) (&& (== netstandard2.0) (>= net452)) (&& (== netstandard2.0) (>= netcoreapp3.0))
      DevExpress.Printing.Core (21.1.3) - restriction: || (== net461) (&& (== netstandard2.0) (>= net452)) (&& (== netstandard2.0) (>= netcoreapp3.0))
      DevExpress.TreeMap (21.1.3) - restriction: || (== net461) (&& (== netstandard2.0) (>= net452)) (&& (== netstandard2.0) (>= netcoreapp3.0))
      DevExpress.TreeMap.Core (21.1.3) - restriction: || (== net461) (&& (== netstandard2.0) (>= net452)) (&& (== netstandard2.0) (>= netcoreapp3.0))
      DevExpress.Utils (21.1.3) - restriction: || (== net461) (&& (== netstandard2.0) (>= net452)) (&& (== netstandard2.0) (>= netcoreapp3.0))
      DevExpress.Win.Navigation (21.1.3) - restriction: || (== net461) (&& (== netstandard2.0) (>= net452)) (&& (== netstandard2.0) (>= netcoreapp3.0))
      DevExpress.Win.Printing (21.1.3) - restriction: || (== net461) (&& (== netstandard2.0) (>= net452)) (&& (== netstandard2.0) (>= netcoreapp3.0))
    DevExpress.Win.VerticalGrid (21.1.3) - restriction: || (== net461) (&& (== netstandard2.0) (>= net452))
      DevExpress.Data (21.1.3) - restriction: || (== net461) (&& (== netstandard2.0) (>= net452)) (&& (== netstandard2.0) (>= netcoreapp3.0))
      DevExpress.Data.Desktop (21.1.3) - restriction: || (== net461) (&& (== netstandard2.0) (>= net452)) (&& (== netstandard2.0) (>= netcoreapp3.0))
      DevExpress.Printing.Core (21.1.3) - restriction: || (== net461) (&& (== netstandard2.0) (>= net452)) (&& (== netstandard2.0) (>= netcoreapp3.0))
      DevExpress.Utils (21.1.3) - restriction: || (== net461) (&& (== netstandard2.0) (>= net452)) (&& (== netstandard2.0) (>= netcoreapp3.0))
      DevExpress.Win.Navigation (21.1.3) - restriction: || (== net461) (&& (== netstandard2.0) (>= net452)) (&& (== netstandard2.0) (>= netcoreapp3.0))
      DevExpress.Win.Printing (21.1.3) - restriction: || (== net461) (&& (== netstandard2.0) (>= net452)) (&& (== netstandard2.0) (>= netcoreapp3.0))
  remote: https://xpandnugetserver.azurewebsites.net/nuget
    Xpand.Extensions (4.211.0.5)
      Fasterflect.Xpand (>= 2.0.7) - restriction: || (&& (== net461) (>= netstandard2.0)) (== netstandard2.0)
      JetBrains.Annotations (>= 2021.1) - restriction: || (&& (== net461) (>= netstandard2.0)) (== netstandard2.0)
      Microsoft.CodeAnalysis.CSharp (>= 3.9) - restriction: || (&& (== net461) (>= netstandard2.0)) (== netstandard2.0)
      Microsoft.CSharp (>= 4.7) - restriction: || (&& (== net461) (>= netstandard2.0)) (== netstandard2.0)
      Newtonsoft.Json (>= 13.0.1) - restriction: || (&& (== net461) (>= netstandard2.0)) (== netstandard2.0)
      System.CodeDom (>= 5.0) - restriction: || (&& (== net461) (>= netstandard2.0)) (== netstandard2.0)
      System.Reflection.Emit (>= 4.7) - restriction: || (&& (== net461) (>= netstandard2.0)) (== netstandard2.0)
      System.ValueTuple (>= 4.5) - restriction: || (&& (== net461) (>= netstandard2.0)) (== netstandard2.0)
    Xpand.Extensions.Mono.Cecil (4.211.0.5)
      Fasterflect.Xpand (>= 2.0.7) - restriction: || (&& (== net461) (>= netstandard2.0)) (== netstandard2.0)
      JetBrains.Annotations (>= 2021.1) - restriction: || (&& (== net461) (>= netstandard2.0)) (== netstandard2.0)
      Mono.Cecil (>= 0.11.3) - restriction: || (&& (== net461) (>= netstandard2.0)) (== netstandard2.0)
      System.CodeDom (>= 5.0) - restriction: || (&& (== net461) (>= netstandard2.0)) (== netstandard2.0)
      System.ValueTuple (>= 4.5) - restriction: || (&& (== net461) (>= netstandard2.0)) (== netstandard2.0)
    Xpand.Extensions.Office.Cloud (4.211.0.5)
      Fasterflect.Xpand (>= 2.0.7) - restriction: || (&& (== net461) (>= netstandard2.0)) (== netstandard2.0)
      JetBrains.Annotations (>= 2021.1) - restriction: || (&& (== net461) (>= netstandard2.0)) (== netstandard2.0)
      Microsoft.CodeAnalysis.CSharp (>= 3.9) - restriction: || (&& (== net461) (>= netstandard2.0)) (== netstandard2.0)
      Newtonsoft.Json (>= 13.0.1) - restriction: || (&& (== net461) (>= netstandard2.0)) (== netstandard2.0)
      System.Configuration.ConfigurationManager (>= 5.0) - restriction: || (&& (== net461) (>= netstandard2.0)) (== netstandard2.0)
      System.Reactive (>= 5.0) - restriction: || (&& (== net461) (>= netstandard2.0)) (== netstandard2.0)
      Xpand.Extensions (>= 4.211.0.5) - restriction: || (&& (== net461) (>= netstandard2.0)) (== netstandard2.0)
      Xpand.Extensions.Reactive (>= 4.211.0.5) - restriction: || (&& (== net461) (>= netstandard2.0)) (== netstandard2.0)
      Xpand.Extensions.XAF (>= 4.211.0.5) - restriction: || (&& (== net461) (>= netstandard2.0)) (== netstandard2.0)
      Xpand.XAF.Modules.Reactive (>= 4.211.0.5) - restriction: || (&& (== net461) (>= netstandard2.0)) (== netstandard2.0)
    Xpand.Extensions.Reactive (4.211.0.5)
      akarnokd.reactive_extensions (>= 0.0.27-alpha) - restriction: || (&& (== net461) (>= netstandard2.0)) (== netstandard2.0)
      Fasterflect.Xpand (>= 2.0.7) - restriction: || (&& (== net461) (>= netstandard2.0)) (== netstandard2.0)
      JetBrains.Annotations (>= 2021.1) - restriction: || (&& (== net461) (>= netstandard2.0)) (== netstandard2.0)
      System.CodeDom (>= 5.0) - restriction: || (&& (== net461) (>= netstandard2.0)) (== netstandard2.0)
      System.Collections.Immutable (>= 5.0) - restriction: || (&& (== net461) (>= netstandard2.0)) (== netstandard2.0)
      System.Reflection.Emit (>= 4.7) - restriction: || (&& (== net461) (>= netstandard2.0)) (== netstandard2.0)
      Xpand.Extensions (>= 4.211.0.5) - restriction: || (&& (== net461) (>= netstandard2.0)) (== netstandard2.0)
    Xpand.Extensions.XAF (4.211.0.5)
      Fasterflect.Xpand (>= 2.0.7) - restriction: || (&& (== net461) (>= netstandard2.0)) (== netstandard2.0)
      JetBrains.Annotations (>= 2021.1) - restriction: || (&& (== net461) (>= netstandard2.0)) (== netstandard2.0)
      Microsoft.CodeAnalysis.CSharp (>= 3.9) - restriction: || (&& (== net461) (>= netstandard2.0)) (== netstandard2.0)
      Newtonsoft.Json (>= 13.0.1) - restriction: || (&& (== net461) (>= netstandard2.0)) (== netstandard2.0)
      System.CodeDom (>= 5.0) - restriction: || (&& (== net461) (>= netstandard2.0)) (== netstandard2.0)
      System.ServiceModel.Http (>= 4.8.1) - restriction: || (&& (== net461) (>= netstandard2.0)) (== netstandard2.0)
      System.ValueTuple (>= 4.5) - restriction: || (&& (== net461) (>= netstandard2.0)) (== netstandard2.0)
      Xpand.Collections (>= 1.0.4) - restriction: || (&& (== net461) (>= netstandard2.0)) (== netstandard2.0)
      Xpand.Extensions (>= 4.211.0.5) - restriction: || (&& (== net461) (>= netstandard2.0)) (== netstandard2.0)
      Xpand.Patcher (>= 2.0.30) - restriction: || (&& (== net461) (>= netstandard2.0)) (== netstandard2.0)
      Xpand.VersionConverter (>= 4.211.0.5) - restriction: || (&& (== net461) (>= netstandard2.0)) (== netstandard2.0)
    Xpand.Extensions.XAF.Xpo (4.211.0.5)
      Fasterflect.Xpand (>= 2.0.7) - restriction: || (&& (== net461) (>= netstandard2.0)) (== netstandard2.0)
      JetBrains.Annotations (>= 2021.1) - restriction: || (&& (== net461) (>= netstandard2.0)) (== netstandard2.0)
      Microsoft.CodeAnalysis.CSharp (>= 3.9) - restriction: || (&& (== net461) (>= netstandard2.0)) (== netstandard2.0)
      Newtonsoft.Json (>= 13.0.1) - restriction: || (&& (== net461) (>= netstandard2.0)) (== netstandard2.0)
      System.Drawing.Common (>= 5.0.2) - restriction: || (&& (== net461) (>= netstandard2.0)) (== netstandard2.0)
      System.ValueTuple (>= 4.5) - restriction: || (&& (== net461) (>= netstandard2.0)) (== netstandard2.0)
      Xpand.Extensions (>= 4.211.0.5) - restriction: || (&& (== net461) (>= netstandard2.0)) (== netstandard2.0)
      Xpand.Extensions.XAF (>= 4.211.0.5) - restriction: || (&& (== net461) (>= netstandard2.0)) (== netstandard2.0)
      Xpand.VersionConverter (>= 4.211.0.5) - restriction: || (&& (== net461) (>= netstandard2.0)) (== netstandard2.0)
    Xpand.VersionConverter (4.211.0.5) - restriction: || (&& (== net461) (>= netstandard2.0)) (== netstandard2.0)
      NETStandard.Library (>= 2.0.3) - restriction: || (&& (== net461) (>= netstandard2.0)) (== netstandard2.0)
    Xpand.XAF.Modules.AutoCommit (4.211.0.5)
      Fasterflect.Xpand (>= 2.0.7) - restriction: || (&& (== net461) (>= netstandard2.0)) (== netstandard2.0)
      JetBrains.Annotations (>= 2021.1) - restriction: || (&& (== net461) (>= netstandard2.0)) (== netstandard2.0)
      Microsoft.CodeAnalysis.CSharp (>= 3.9) - restriction: || (&& (== net461) (>= netstandard2.0)) (== netstandard2.0)
      Newtonsoft.Json (>= 13.0.1) - restriction: || (&& (== net461) (>= netstandard2.0)) (== netstandard2.0)
      System.Configuration.ConfigurationManager (>= 5.0) - restriction: || (&& (== net461) (>= netstandard2.0)) (== netstandard2.0)
      System.Reactive (>= 5.0) - restriction: || (&& (== net461) (>= netstandard2.0)) (== netstandard2.0)
      System.ServiceModel.Http (>= 4.8.1) - restriction: || (&& (== net461) (>= netstandard2.0)) (== netstandard2.0)
      Xpand.Extensions (>= 4.211.0.5) - restriction: || (&& (== net461) (>= netstandard2.0)) (== netstandard2.0)
      Xpand.Extensions.Reactive (>= 4.211.0.5) - restriction: || (&& (== net461) (>= netstandard2.0)) (== netstandard2.0)
      Xpand.Extensions.XAF (>= 4.211.0.5) - restriction: || (&& (== net461) (>= netstandard2.0)) (== netstandard2.0)
      Xpand.VersionConverter (>= 4.211.0.5) - restriction: || (&& (== net461) (>= netstandard2.0)) (== netstandard2.0)
      Xpand.XAF.Modules.Reactive (>= 4.211.0.5) - restriction: || (&& (== net461) (>= netstandard2.0)) (== netstandard2.0)
    Xpand.XAF.Modules.CloneMemberValue (4.211.0.5)
      Fasterflect.Xpand (>= 2.0.7) - restriction: || (&& (== net461) (>= netstandard2.0)) (== netstandard2.0)
      JetBrains.Annotations (>= 2021.1) - restriction: || (&& (== net461) (>= netstandard2.0)) (== netstandard2.0)
      Microsoft.CodeAnalysis.CSharp (>= 3.9) - restriction: || (&& (== net461) (>= netstandard2.0)) (== netstandard2.0)
      Newtonsoft.Json (>= 13.0.1) - restriction: || (&& (== net461) (>= netstandard2.0)) (== netstandard2.0)
      System.Configuration.ConfigurationManager (>= 5.0) - restriction: || (&& (== net461) (>= netstandard2.0)) (== netstandard2.0)
      System.Reactive (>= 5.0) - restriction: || (&& (== net461) (>= netstandard2.0)) (== netstandard2.0)
      System.ServiceModel.Http (>= 4.8.1) - restriction: || (&& (== net461) (>= netstandard2.0)) (== netstandard2.0)
      Xpand.Extensions.Reactive (>= 4.211.0.5) - restriction: || (&& (== net461) (>= netstandard2.0)) (== netstandard2.0)
      Xpand.VersionConverter (>= 4.211.0.5) - restriction: || (&& (== net461) (>= netstandard2.0)) (== netstandard2.0)
      Xpand.XAF.Modules.Reactive (>= 4.211.0.5) - restriction: || (&& (== net461) (>= netstandard2.0)) (== netstandard2.0)
    Xpand.XAF.Modules.CloneModelView (4.211.0.5)
      Fasterflect.Xpand (>= 2.0.7) - restriction: || (&& (== net461) (>= netstandard2.0)) (== netstandard2.0)
      JetBrains.Annotations (>= 2021.1) - restriction: || (&& (== net461) (>= netstandard2.0)) (== netstandard2.0)
      Microsoft.CodeAnalysis.CSharp (>= 3.9) - restriction: || (&& (== net461) (>= netstandard2.0)) (== netstandard2.0)
      Microsoft.CSharp (>= 4.7) - restriction: || (&& (== net461) (>= netstandard2.0)) (== netstandard2.0)
      Newtonsoft.Json (>= 13.0.1) - restriction: || (&& (== net461) (>= netstandard2.0)) (== netstandard2.0)
      System.Configuration.ConfigurationManager (>= 5.0) - restriction: || (&& (== net461) (>= netstandard2.0)) (== netstandard2.0)
      System.Reactive (>= 5.0) - restriction: || (&& (== net461) (>= netstandard2.0)) (== netstandard2.0)
      System.ServiceModel.Http (>= 4.8.1) - restriction: || (&& (== net461) (>= netstandard2.0)) (== netstandard2.0)
      Xpand.Extensions.XAF (>= 4.211.0.5) - restriction: || (&& (== net461) (>= netstandard2.0)) (== netstandard2.0)
      Xpand.Patcher (>= 2.0.30) - restriction: || (&& (== net461) (>= netstandard2.0)) (== netstandard2.0)
      Xpand.VersionConverter (>= 4.211.0.5) - restriction: || (&& (== net461) (>= netstandard2.0)) (== netstandard2.0)
      Xpand.XAF.Modules.Reactive (>= 4.211.0.5) - restriction: || (&& (== net461) (>= netstandard2.0)) (== netstandard2.0)
    Xpand.XAF.Modules.GridListEditor (4.211.0.5)
      Fasterflect.Xpand (>= 2.0.7) - restriction: || (&& (== net461) (>= netstandard2.0)) (== netstandard2.0)
      JetBrains.Annotations (>= 2021.1) - restriction: || (&& (== net461) (>= netstandard2.0)) (== netstandard2.0)
      Microsoft.CodeAnalysis.CSharp (>= 3.9) - restriction: || (&& (== net461) (>= netstandard2.0)) (== netstandard2.0)
      Newtonsoft.Json (>= 13.0.1) - restriction: || (&& (== net461) (>= netstandard2.0)) (== netstandard2.0)
      System.Configuration.ConfigurationManager (>= 5.0) - restriction: || (&& (== net461) (>= netstandard2.0)) (== netstandard2.0)
      System.Reactive (>= 5.0) - restriction: || (&& (== net461) (>= netstandard2.0)) (== netstandard2.0)
      System.ServiceModel.Http (>= 4.8.1) - restriction: || (&& (== net461) (>= netstandard2.0)) (== netstandard2.0)
      Xpand.Extensions (>= 4.211.0.5) - restriction: || (&& (== net461) (>= netstandard2.0)) (== netstandard2.0)
      Xpand.Extensions.Reactive (>= 4.211.0.5) - restriction: || (&& (== net461) (>= netstandard2.0)) (== netstandard2.0)
      Xpand.VersionConverter (>= 4.211.0.5) - restriction: || (&& (== net461) (>= netstandard2.0)) (== netstandard2.0)
      Xpand.XAF.Modules.Reactive (>= 4.211.0.5) - restriction: || (&& (== net461) (>= netstandard2.0)) (== netstandard2.0)
    Xpand.XAF.Modules.HideToolBar (4.211.0.5)
      Fasterflect.Xpand (>= 2.0.7) - restriction: || (&& (== net461) (>= netstandard2.0)) (== netstandard2.0)
      JetBrains.Annotations (>= 2021.1) - restriction: || (&& (== net461) (>= netstandard2.0)) (== netstandard2.0)
      Microsoft.CodeAnalysis.CSharp (>= 3.9) - restriction: || (&& (== net461) (>= netstandard2.0)) (== netstandard2.0)
      Microsoft.CSharp (>= 4.7) - restriction: || (&& (== net461) (>= netstandard2.0)) (== netstandard2.0)
      Newtonsoft.Json (>= 13.0.1) - restriction: || (&& (== net461) (>= netstandard2.0)) (== netstandard2.0)
      System.Configuration.ConfigurationManager (>= 5.0) - restriction: || (&& (== net461) (>= netstandard2.0)) (== netstandard2.0)
      System.Reactive (>= 5.0) - restriction: || (&& (== net461) (>= netstandard2.0)) (== netstandard2.0)
      System.ServiceModel.Http (>= 4.8.1) - restriction: || (&& (== net461) (>= netstandard2.0)) (== netstandard2.0)
      Xpand.Extensions.Reactive (>= 4.211.0.5) - restriction: || (&& (== net461) (>= netstandard2.0)) (== netstandard2.0)
      Xpand.Extensions.XAF (>= 4.211.0.5) - restriction: || (&& (== net461) (>= netstandard2.0)) (== netstandard2.0)
      Xpand.Patcher (>= 2.0.30) - restriction: || (&& (== net461) (>= netstandard2.0)) (== netstandard2.0)
      Xpand.VersionConverter (>= 4.211.0.5) - restriction: || (&& (== net461) (>= netstandard2.0)) (== netstandard2.0)
      Xpand.XAF.Modules.Reactive (>= 4.211.0.5) - restriction: || (&& (== net461) (>= netstandard2.0)) (== netstandard2.0)
    Xpand.XAF.Modules.LookupCascade (4.211.0.5) - restriction: || (== net461) (&& (== netstandard2.0) (>= net461))
      Fasterflect.Xpand (>= 2.0.7) - restriction: || (== net461) (&& (== netstandard2.0) (>= net461))
      JetBrains.Annotations (>= 2021.1) - restriction: || (== net461) (&& (== netstandard2.0) (>= net461))
      Newtonsoft.Json (>= 13.0.1) - restriction: || (== net461) (&& (== netstandard2.0) (>= net461))
      System.Reactive (>= 5.0) - restriction: || (== net461) (&& (== netstandard2.0) (>= net461))
      Xpand.Extensions (>= 4.211.0.5) - restriction: || (== net461) (&& (== netstandard2.0) (>= net461))
      Xpand.Extensions.Reactive (>= 4.211.0.5) - restriction: || (== net461) (&& (== netstandard2.0) (>= net461))
      Xpand.Extensions.XAF (>= 4.211.0.5) - restriction: || (== net461) (&& (== netstandard2.0) (>= net461))
      Xpand.Patcher (>= 2.0.30) - restriction: || (== net461) (&& (== netstandard2.0) (>= net461))
      Xpand.XAF.Modules.Reactive (>= 4.211.0.5) - restriction: || (== net461) (&& (== netstandard2.0) (>= net461))
    Xpand.XAF.Modules.MasterDetail (4.211.0.5)
      Fasterflect.Xpand (>= 2.0.7) - restriction: || (&& (== net461) (>= netstandard2.0)) (== netstandard2.0)
      JetBrains.Annotations (>= 2021.1) - restriction: || (&& (== net461) (>= netstandard2.0)) (== netstandard2.0)
      Microsoft.CodeAnalysis.CSharp (>= 3.9) - restriction: || (&& (== net461) (>= netstandard2.0)) (== netstandard2.0)
      Newtonsoft.Json (>= 13.0.1) - restriction: || (&& (== net461) (>= netstandard2.0)) (== netstandard2.0)
      System.Configuration.ConfigurationManager (>= 5.0) - restriction: || (&& (== net461) (>= netstandard2.0)) (== netstandard2.0)
      System.Reactive (>= 5.0) - restriction: || (&& (== net461) (>= netstandard2.0)) (== netstandard2.0)
      System.ServiceModel.Http (>= 4.8.1) - restriction: || (&& (== net461) (>= netstandard2.0)) (== netstandard2.0)
      Xpand.Extensions.Reactive (>= 4.211.0.5) - restriction: || (&& (== net461) (>= netstandard2.0)) (== netstandard2.0)
      Xpand.Extensions.XAF (>= 4.211.0.5) - restriction: || (&& (== net461) (>= netstandard2.0)) (== netstandard2.0)
      Xpand.Patcher (>= 2.0.30) - restriction: || (&& (== net461) (>= netstandard2.0)) (== netstandard2.0)
      Xpand.VersionConverter (>= 4.211.0.5) - restriction: || (&& (== net461) (>= netstandard2.0)) (== netstandard2.0)
      Xpand.XAF.Modules.Reactive (>= 4.211.0.5) - restriction: || (&& (== net461) (>= netstandard2.0)) (== netstandard2.0)
    Xpand.XAF.Modules.ModelMapper (4.211.0.5)
      Enums.NET (>= 4.0) - restriction: || (&& (== net461) (>= netstandard2.0)) (== netstandard2.0)
      Fasterflect.Xpand (>= 2.0.7) - restriction: || (&& (== net461) (>= netstandard2.0)) (== netstandard2.0)
      JetBrains.Annotations (>= 2021.1) - restriction: || (&& (== net461) (>= netstandard2.0)) (== netstandard2.0)
      Microsoft.CodeAnalysis.CSharp (>= 3.9) - restriction: || (&& (== net461) (>= netstandard2.0)) (== netstandard2.0)
      Mono.Cecil (>= 0.11.3) - restriction: || (&& (== net461) (>= netstandard2.0)) (== netstandard2.0)
      Newtonsoft.Json (>= 13.0.1) - restriction: || (&& (== net461) (>= netstandard2.0)) (== netstandard2.0)
      System.CodeDom (>= 5.0) - restriction: || (&& (== net461) (>= netstandard2.0)) (== netstandard2.0)
      System.Configuration.ConfigurationManager (>= 5.0) - restriction: || (&& (== net461) (>= netstandard2.0)) (== netstandard2.0)
      System.Interactive (>= 5.0) - restriction: || (&& (== net461) (>= netstandard2.0)) (== netstandard2.0)
      System.Reactive (>= 5.0) - restriction: || (&& (== net461) (>= netstandard2.0)) (== netstandard2.0)
      System.ServiceModel.Http (>= 4.8.1) - restriction: || (&& (== net461) (>= netstandard2.0)) (== netstandard2.0)
      Xpand.Collections (>= 1.0.4) - restriction: || (&& (== net461) (>= netstandard2.0)) (== netstandard2.0)
      Xpand.Extensions (>= 4.211.0.5) - restriction: || (&& (== net461) (>= netstandard2.0)) (== netstandard2.0)
      Xpand.Extensions.Reactive (>= 4.211.0.5) - restriction: || (&& (== net461) (>= netstandard2.0)) (== netstandard2.0)
      Xpand.Extensions.XAF (>= 4.211.0.5) - restriction: || (&& (== net461) (>= netstandard2.0)) (== netstandard2.0)
      Xpand.VersionConverter (>= 4.211.0.5) - restriction: || (&& (== net461) (>= netstandard2.0)) (== netstandard2.0)
      Xpand.XAF.Modules.Reactive (>= 4.211.0.5) - restriction: || (&& (== net461) (>= netstandard2.0)) (== netstandard2.0)
    Xpand.XAF.Modules.ModelViewInheritance (4.211.0.5)
      Fasterflect.Xpand (>= 2.0.7) - restriction: || (&& (== net461) (>= netstandard2.0)) (== netstandard2.0)
      JetBrains.Annotations (>= 2021.1) - restriction: || (&& (== net461) (>= netstandard2.0)) (== netstandard2.0)
      Microsoft.CodeAnalysis.CSharp (>= 3.9) - restriction: || (&& (== net461) (>= netstandard2.0)) (== netstandard2.0)
      Newtonsoft.Json (>= 13.0.1) - restriction: || (&& (== net461) (>= netstandard2.0)) (== netstandard2.0)
      System.Configuration.ConfigurationManager (>= 5.0) - restriction: || (&& (== net461) (>= netstandard2.0)) (== netstandard2.0)
      System.Reactive (>= 5.0) - restriction: || (&& (== net461) (>= netstandard2.0)) (== netstandard2.0)
      System.ServiceModel.Http (>= 4.8.1) - restriction: || (&& (== net461) (>= netstandard2.0)) (== netstandard2.0)
      System.ValueTuple (>= 4.5) - restriction: || (&& (== net461) (>= netstandard2.0)) (== netstandard2.0)
      Xpand.Extensions (>= 4.211.0.5) - restriction: || (&& (== net461) (>= netstandard2.0)) (== netstandard2.0)
      Xpand.Extensions.XAF (>= 4.211.0.5) - restriction: || (&& (== net461) (>= netstandard2.0)) (== netstandard2.0)
      Xpand.Patcher (>= 2.0.30) - restriction: || (&& (== net461) (>= netstandard2.0)) (== netstandard2.0)
      Xpand.VersionConverter (>= 4.211.0.5) - restriction: || (&& (== net461) (>= netstandard2.0)) (== netstandard2.0)
      Xpand.XAF.Modules.Reactive (>= 4.211.0.5) - restriction: || (&& (== net461) (>= netstandard2.0)) (== netstandard2.0)
    Xpand.XAF.Modules.Office.Cloud.Google (4.211.0.5)
      Fasterflect.Xpand (>= 2.0.7) - restriction: || (&& (== net461) (>= netstandard2.0)) (== netstandard2.0)
      Google.Apis.Auth (>= 1.51) - restriction: || (&& (== net461) (>= netstandard2.0)) (== netstandard2.0)
      JetBrains.Annotations (>= 2021.1) - restriction: || (&& (== net461) (>= netstandard2.0)) (== netstandard2.0)
      Microsoft.CodeAnalysis.CSharp (>= 3.9) - restriction: || (&& (== net461) (>= netstandard2.0)) (== netstandard2.0)
      Newtonsoft.Json (>= 13.0.1) - restriction: || (&& (== net461) (>= netstandard2.0)) (== netstandard2.0)
      System.Configuration.ConfigurationManager (>= 5.0) - restriction: || (&& (== net461) (>= netstandard2.0)) (== netstandard2.0)
      System.Reactive (>= 5.0) - restriction: || (&& (== net461) (>= netstandard2.0)) (== netstandard2.0)
      Xpand.Extensions (>= 4.211.0.5) - restriction: || (&& (== net461) (>= netstandard2.0)) (== netstandard2.0)
      Xpand.Extensions.Office.Cloud (>= 4.211.0.5) - restriction: || (&& (== net461) (>= netstandard2.0)) (== netstandard2.0)
      Xpand.Extensions.Reactive (>= 4.211.0.5) - restriction: || (&& (== net461) (>= netstandard2.0)) (== netstandard2.0)
      Xpand.Extensions.XAF (>= 4.211.0.5) - restriction: || (&& (== net461) (>= netstandard2.0)) (== netstandard2.0)
      Xpand.Extensions.XAF.Xpo (>= 4.211.0.5) - restriction: || (&& (== net461) (>= netstandard2.0)) (== netstandard2.0)
      Xpand.VersionConverter (>= 4.211.0.5) - restriction: || (&& (== net461) (>= netstandard2.0)) (== netstandard2.0)
      Xpand.XAF.Modules.Reactive (>= 4.211.0.5) - restriction: || (&& (== net461) (>= netstandard2.0)) (== netstandard2.0)
    Xpand.XAF.Modules.Office.Cloud.Google.Calendar (4.211.0.5)
      Fasterflect.Xpand (>= 2.0.7) - restriction: || (&& (== net461) (>= netstandard2.0)) (== netstandard2.0)
      Google.Apis.Calendar.v3 (>= 1.51.0.2312) - restriction: || (&& (== net461) (>= netstandard2.0)) (== netstandard2.0)
      JetBrains.Annotations (>= 2021.1) - restriction: || (&& (== net461) (>= netstandard2.0)) (== netstandard2.0)
      Microsoft.CodeAnalysis.CSharp (>= 3.9) - restriction: || (&& (== net461) (>= netstandard2.0)) (== netstandard2.0)
      Newtonsoft.Json (>= 13.0.1) - restriction: || (&& (== net461) (>= netstandard2.0)) (== netstandard2.0)
      System.Configuration.ConfigurationManager (>= 5.0) - restriction: || (&& (== net461) (>= netstandard2.0)) (== netstandard2.0)
      System.Reactive (>= 5.0) - restriction: || (&& (== net461) (>= netstandard2.0)) (== netstandard2.0)
      Xpand.Extensions (>= 4.211.0.5) - restriction: || (&& (== net461) (>= netstandard2.0)) (== netstandard2.0)
      Xpand.Extensions.Office.Cloud (>= 4.211.0.5) - restriction: || (&& (== net461) (>= netstandard2.0)) (== netstandard2.0)
      Xpand.Extensions.Reactive (>= 4.211.0.5) - restriction: || (&& (== net461) (>= netstandard2.0)) (== netstandard2.0)
      Xpand.Extensions.XAF (>= 4.211.0.5) - restriction: || (&& (== net461) (>= netstandard2.0)) (== netstandard2.0)
      Xpand.Extensions.XAF.Xpo (>= 4.211.0.5) - restriction: || (&& (== net461) (>= netstandard2.0)) (== netstandard2.0)
      Xpand.VersionConverter (>= 4.211.0.5) - restriction: || (&& (== net461) (>= netstandard2.0)) (== netstandard2.0)
      Xpand.XAF.Modules.Office.Cloud.Google (>= 4.211.0.5) - restriction: || (&& (== net461) (>= netstandard2.0)) (== netstandard2.0)
      Xpand.XAF.Modules.Reactive (>= 4.211.0.5) - restriction: || (&& (== net461) (>= netstandard2.0)) (== netstandard2.0)
    Xpand.XAF.Modules.Office.Cloud.Google.Tasks (4.211.0.5)
      Fasterflect.Xpand (>= 2.0.7) - restriction: || (&& (== net461) (>= netstandard2.0)) (== netstandard2.0)
      Google.Apis.Tasks.v1 (>= 1.51.0.2231) - restriction: || (&& (== net461) (>= netstandard2.0)) (== netstandard2.0)
      JetBrains.Annotations (>= 2021.1) - restriction: || (&& (== net461) (>= netstandard2.0)) (== netstandard2.0)
      Microsoft.CodeAnalysis.CSharp (>= 3.9) - restriction: || (&& (== net461) (>= netstandard2.0)) (== netstandard2.0)
      Newtonsoft.Json (>= 13.0.1) - restriction: || (&& (== net461) (>= netstandard2.0)) (== netstandard2.0)
      System.Configuration.ConfigurationManager (>= 5.0) - restriction: || (&& (== net461) (>= netstandard2.0)) (== netstandard2.0)
      System.Reactive (>= 5.0) - restriction: || (&& (== net461) (>= netstandard2.0)) (== netstandard2.0)
      Xpand.Extensions (>= 4.211.0.5) - restriction: || (&& (== net461) (>= netstandard2.0)) (== netstandard2.0)
      Xpand.Extensions.Office.Cloud (>= 4.211.0.5) - restriction: || (&& (== net461) (>= netstandard2.0)) (== netstandard2.0)
      Xpand.Extensions.Reactive (>= 4.211.0.5) - restriction: || (&& (== net461) (>= netstandard2.0)) (== netstandard2.0)
      Xpand.Extensions.XAF (>= 4.211.0.5) - restriction: || (&& (== net461) (>= netstandard2.0)) (== netstandard2.0)
      Xpand.Extensions.XAF.Xpo (>= 4.211.0.5) - restriction: || (&& (== net461) (>= netstandard2.0)) (== netstandard2.0)
      Xpand.VersionConverter (>= 4.211.0.5) - restriction: || (&& (== net461) (>= netstandard2.0)) (== netstandard2.0)
      Xpand.XAF.Modules.Office.Cloud.Google (>= 4.211.0.5) - restriction: || (&& (== net461) (>= netstandard2.0)) (== netstandard2.0)
      Xpand.XAF.Modules.Reactive (>= 4.211.0.5) - restriction: || (&& (== net461) (>= netstandard2.0)) (== netstandard2.0)
    Xpand.XAF.Modules.Office.Cloud.Microsoft (4.211.0.5) - restriction: || (== net461) (&& (== netstandard2.0) (>= net461))
      Fasterflect.Xpand (>= 2.0.7) - restriction: || (== net461) (&& (== netstandard2.0) (>= net461))
      JetBrains.Annotations (>= 2021.1) - restriction: || (== net461) (&& (== netstandard2.0) (>= net461))
      Microsoft.CodeAnalysis.CSharp (>= 3.9) - restriction: || (== net461) (&& (== netstandard2.0) (>= net461))
      Microsoft.Graph.Beta (>= 0.47.0-preview) - restriction: || (== net461) (&& (== netstandard2.0) (>= net461))
      Microsoft.Graph.Core (>= 1.25.1) - restriction: || (== net461) (&& (== netstandard2.0) (>= net461))
      Microsoft.Identity.Client (>= 4.31) - restriction: || (== net461) (&& (== netstandard2.0) (>= net461))
      Microsoft.IdentityModel.Protocols.OpenIdConnect (>= 6.11) - restriction: || (== net461) (&& (== netstandard2.0) (>= net461))
      Microsoft.IdentityModel.Tokens (>= 6.11.1) - restriction: || (== net461) (&& (== netstandard2.0) (>= net461))
      Microsoft.Owin.Host.SystemWeb (>= 4.2) - restriction: || (== net461) (&& (== netstandard2.0) (>= net461))
      Microsoft.Owin.Security.Cookies (>= 4.2) - restriction: || (== net461) (&& (== netstandard2.0) (>= net461))
      Microsoft.Owin.Security.OpenIdConnect (>= 4.2) - restriction: || (== net461) (&& (== netstandard2.0) (>= net461))
      Newtonsoft.Json (>= 13.0.1) - restriction: || (== net461) (&& (== netstandard2.0) (>= net461))
      System.Collections.Immutable (>= 5.0) - restriction: || (== net461) (&& (== netstandard2.0) (>= net461))
      System.Reactive (>= 5.0) - restriction: || (== net461) (&& (== netstandard2.0) (>= net461))
      Xpand.Extensions (>= 4.211.0.5) - restriction: || (== net461) (&& (== netstandard2.0) (>= net461))
      Xpand.Extensions.Office.Cloud (>= 4.211.0.5) - restriction: || (== net461) (&& (== netstandard2.0) (>= net461))
      Xpand.Extensions.Reactive (>= 4.211.0.5) - restriction: || (== net461) (&& (== netstandard2.0) (>= net461))
      Xpand.Extensions.XAF (>= 4.211.0.5) - restriction: || (== net461) (&& (== netstandard2.0) (>= net461))
      Xpand.XAF.Modules.Reactive (>= 4.211.0.5) - restriction: || (== net461) (&& (== netstandard2.0) (>= net461))
    Xpand.XAF.Modules.Office.Cloud.Microsoft.Calendar (4.211.0.5) - restriction: || (== net461) (&& (== netstandard2.0) (>= net461))
      Fasterflect.Xpand (>= 2.0.7) - restriction: || (== net461) (&& (== netstandard2.0) (>= net461))
      JetBrains.Annotations (>= 2021.1) - restriction: || (== net461) (&& (== netstandard2.0) (>= net461))
      Microsoft.CodeAnalysis.CSharp (>= 3.9) - restriction: || (== net461) (&& (== netstandard2.0) (>= net461))
      Microsoft.Graph.Beta (>= 0.47.0-preview) - restriction: || (== net461) (&& (== netstandard2.0) (>= net461))
      Microsoft.Identity.Client (>= 4.31) - restriction: || (== net461) (&& (== netstandard2.0) (>= net461))
      Newtonsoft.Json (>= 13.0.1) - restriction: || (== net461) (&& (== netstandard2.0) (>= net461))
      System.Reactive (>= 5.0) - restriction: || (== net461) (&& (== netstandard2.0) (>= net461))
      Xpand.Extensions (>= 4.211.0.5) - restriction: || (== net461) (&& (== netstandard2.0) (>= net461))
      Xpand.Extensions.Office.Cloud (>= 4.211.0.5) - restriction: || (== net461) (&& (== netstandard2.0) (>= net461))
      Xpand.Extensions.Reactive (>= 4.211.0.5) - restriction: || (== net461) (&& (== netstandard2.0) (>= net461))
      Xpand.Extensions.XAF (>= 4.211.0.5) - restriction: || (== net461) (&& (== netstandard2.0) (>= net461))
      Xpand.Extensions.XAF.Xpo (>= 4.211.0.5) - restriction: || (== net461) (&& (== netstandard2.0) (>= net461))
      Xpand.XAF.Modules.Office.Cloud.Microsoft (>= 4.211.0.5) - restriction: || (== net461) (&& (== netstandard2.0) (>= net461))
      Xpand.XAF.Modules.Reactive (>= 4.211.0.5) - restriction: || (== net461) (&& (== netstandard2.0) (>= net461))
    Xpand.XAF.Modules.Office.Cloud.Microsoft.Todo (4.211.0.5) - restriction: || (== net461) (&& (== netstandard2.0) (>= net461))
      Fasterflect.Xpand (>= 2.0.7) - restriction: || (== net461) (&& (== netstandard2.0) (>= net461))
      JetBrains.Annotations (>= 2021.1) - restriction: || (== net461) (&& (== netstandard2.0) (>= net461))
      Microsoft.CodeAnalysis.CSharp (>= 3.9) - restriction: || (== net461) (&& (== netstandard2.0) (>= net461))
      Microsoft.Graph.Beta (>= 0.47.0-preview) - restriction: || (== net461) (&& (== netstandard2.0) (>= net461))
      Microsoft.Identity.Client (>= 4.31) - restriction: || (== net461) (&& (== netstandard2.0) (>= net461))
      Newtonsoft.Json (>= 13.0.1) - restriction: || (== net461) (&& (== netstandard2.0) (>= net461))
      System.Reactive (>= 5.0) - restriction: || (== net461) (&& (== netstandard2.0) (>= net461))
      Xpand.Extensions (>= 4.211.0.5) - restriction: || (== net461) (&& (== netstandard2.0) (>= net461))
      Xpand.Extensions.Office.Cloud (>= 4.211.0.5) - restriction: || (== net461) (&& (== netstandard2.0) (>= net461))
      Xpand.Extensions.Reactive (>= 4.211.0.5) - restriction: || (== net461) (&& (== netstandard2.0) (>= net461))
      Xpand.Extensions.XAF (>= 4.211.0.5) - restriction: || (== net461) (&& (== netstandard2.0) (>= net461))
      Xpand.Extensions.XAF.Xpo (>= 4.211.0.5) - restriction: || (== net461) (&& (== netstandard2.0) (>= net461))
      Xpand.XAF.Modules.Office.Cloud.Microsoft (>= 4.211.0.5) - restriction: || (== net461) (&& (== netstandard2.0) (>= net461))
      Xpand.XAF.Modules.Reactive (>= 4.211.0.5) - restriction: || (== net461) (&& (== netstandard2.0) (>= net461))
    Xpand.XAF.Modules.Office.DocumentStyleManager (4.211.0.5) - restriction: || (== net461) (&& (== netstandard2.0) (>= net461))
      Fasterflect.Xpand (>= 2.0.7) - restriction: || (== net461) (&& (== netstandard2.0) (>= net461))
      JetBrains.Annotations (>= 2021.1) - restriction: || (== net461) (&& (== netstandard2.0) (>= net461))
      Microsoft.CodeAnalysis.CSharp (>= 3.9) - restriction: || (== net461) (&& (== netstandard2.0) (>= net461))
      Newtonsoft.Json (>= 13.0.1) - restriction: || (== net461) (&& (== netstandard2.0) (>= net461))
      System.CodeDom (>= 5.0) - restriction: || (== net461) (&& (== netstandard2.0) (>= net461))
      System.Interactive (>= 5.0) - restriction: || (== net461) (&& (== netstandard2.0) (>= net461))
      System.Reactive (>= 5.0) - restriction: || (== net461) (&& (== netstandard2.0) (>= net461))
      Xpand.Extensions (>= 4.211.0.5) - restriction: || (== net461) (&& (== netstandard2.0) (>= net461))
      Xpand.Extensions.Reactive (>= 4.211.0.5) - restriction: || (== net461) (&& (== netstandard2.0) (>= net461))
      Xpand.Extensions.XAF (>= 4.211.0.5) - restriction: || (== net461) (&& (== netstandard2.0) (>= net461))
      Xpand.Extensions.XAF.Xpo (>= 4.211.0.5) - restriction: || (== net461) (&& (== netstandard2.0) (>= net461))
      Xpand.XAF.Modules.HideToolBar (>= 4.211.0.5) - restriction: || (== net461) (&& (== netstandard2.0) (>= net461))
      Xpand.XAF.Modules.Reactive (>= 4.211.0.5) - restriction: || (== net461) (&& (== netstandard2.0) (>= net461))
      Xpand.XAF.Modules.SuppressConfirmation (>= 4.211.0.5) - restriction: || (== net461) (&& (== netstandard2.0) (>= net461))
      Xpand.XAF.Modules.ViewItemValue (>= 4.211.0.5) - restriction: || (== net461) (&& (== netstandard2.0) (>= net461))
    Xpand.XAF.Modules.OneView (4.211.0.5)
      Fasterflect.Xpand (>= 2.0.7) - restriction: || (&& (== net461) (>= netstandard2.0)) (== netstandard2.0)
      JetBrains.Annotations (>= 2021.1) - restriction: || (&& (== net461) (>= netstandard2.0)) (== netstandard2.0)
      Microsoft.CodeAnalysis.CSharp (>= 3.9) - restriction: || (&& (== net461) (>= netstandard2.0)) (== netstandard2.0)
      Newtonsoft.Json (>= 13.0.1) - restriction: || (&& (== net461) (>= netstandard2.0)) (== netstandard2.0)
      System.Configuration.ConfigurationManager (>= 5.0) - restriction: || (&& (== net461) (>= netstandard2.0)) (== netstandard2.0)
      System.Reactive (>= 5.0) - restriction: || (&& (== net461) (>= netstandard2.0)) (== netstandard2.0)
      System.ServiceModel.Http (>= 4.8.1) - restriction: || (&& (== net461) (>= netstandard2.0)) (== netstandard2.0)
      Xpand.Extensions.Reactive (>= 4.211.0.5) - restriction: || (&& (== net461) (>= netstandard2.0)) (== netstandard2.0)
      Xpand.Extensions.XAF (>= 4.211.0.5) - restriction: || (&& (== net461) (>= netstandard2.0)) (== netstandard2.0)
      Xpand.VersionConverter (>= 4.211.0.5) - restriction: || (&& (== net461) (>= netstandard2.0)) (== netstandard2.0)
      Xpand.XAF.Modules.Reactive (>= 4.211.0.5) - restriction: || (&& (== net461) (>= netstandard2.0)) (== netstandard2.0)
    Xpand.XAF.Modules.PositionInListView (4.211.0.5)
      Fasterflect.Xpand (>= 2.0.7) - restriction: || (&& (== net461) (>= netstandard2.0)) (== netstandard2.0)
      JetBrains.Annotations (>= 2021.1) - restriction: || (&& (== net461) (>= netstandard2.0)) (== netstandard2.0)
      Microsoft.CodeAnalysis.CSharp (>= 3.9) - restriction: || (&& (== net461) (>= netstandard2.0)) (== netstandard2.0)
      Newtonsoft.Json (>= 13.0.1) - restriction: || (&& (== net461) (>= netstandard2.0)) (== netstandard2.0)
      System.Configuration.ConfigurationManager (>= 5.0) - restriction: || (&& (== net461) (>= netstandard2.0)) (== netstandard2.0)
      System.Reactive (>= 5.0) - restriction: || (&& (== net461) (>= netstandard2.0)) (== netstandard2.0)
      System.Security.Cryptography.Xml (>= 5.0) - restriction: || (&& (== net461) (>= netstandard2.0)) (== netstandard2.0)
      System.ServiceModel.Http (>= 4.8.1) - restriction: || (&& (== net461) (>= netstandard2.0)) (== netstandard2.0)
      Xpand.Extensions (>= 4.211.0.5) - restriction: || (&& (== net461) (>= netstandard2.0)) (== netstandard2.0)
      Xpand.Extensions.Reactive (>= 4.211.0.5) - restriction: || (&& (== net461) (>= netstandard2.0)) (== netstandard2.0)
      Xpand.Extensions.XAF (>= 4.211.0.5) - restriction: || (&& (== net461) (>= netstandard2.0)) (== netstandard2.0)
      Xpand.VersionConverter (>= 4.211.0.5) - restriction: || (&& (== net461) (>= netstandard2.0)) (== netstandard2.0)
      Xpand.XAF.Modules.Reactive (>= 4.211.0.5) - restriction: || (&& (== net461) (>= netstandard2.0)) (== netstandard2.0)
    Xpand.XAF.Modules.ProgressBarViewItem (4.211.0.5)
      Fasterflect.Xpand (>= 2.0.7) - restriction: || (&& (== net461) (>= netstandard2.0)) (== netstandard2.0)
      JetBrains.Annotations (>= 2021.1) - restriction: || (&& (== net461) (>= netstandard2.0)) (== netstandard2.0)
      Microsoft.CodeAnalysis.CSharp (>= 3.9) - restriction: || (&& (== net461) (>= netstandard2.0)) (== netstandard2.0)
      Newtonsoft.Json (>= 13.0.1) - restriction: || (&& (== net461) (>= netstandard2.0)) (== netstandard2.0)
      System.CodeDom (>= 5.0) - restriction: || (&& (== net461) (>= netstandard2.0)) (== netstandard2.0)
      System.Configuration.ConfigurationManager (>= 5.0) - restriction: || (&& (== net461) (>= netstandard2.0)) (== netstandard2.0)
      System.Drawing.Common (>= 5.0.2) - restriction: || (&& (== net461) (>= netstandard2.0)) (== netstandard2.0)
      System.Reactive (>= 5.0) - restriction: || (&& (== net461) (>= netstandard2.0)) (== netstandard2.0)
      System.ServiceModel.Http (>= 4.8.1) - restriction: || (&& (== net461) (>= netstandard2.0)) (== netstandard2.0)
      Xpand.Extensions (>= 4.211.0.5) - restriction: || (&& (== net461) (>= netstandard2.0)) (== netstandard2.0)
      Xpand.Extensions.Reactive (>= 4.211.0.5) - restriction: || (&& (== net461) (>= netstandard2.0)) (== netstandard2.0)
      Xpand.Extensions.XAF (>= 4.211.0.5) - restriction: || (&& (== net461) (>= netstandard2.0)) (== netstandard2.0)
      Xpand.VersionConverter (>= 4.211.0.5) - restriction: || (&& (== net461) (>= netstandard2.0)) (== netstandard2.0)
      Xpand.XAF.Modules.Reactive (>= 4.211.0.5) - restriction: || (&& (== net461) (>= netstandard2.0)) (== netstandard2.0)
    Xpand.XAF.Modules.Reactive (4.211.0.5)
      Fasterflect.Xpand (>= 2.0.7) - restriction: || (&& (== net461) (>= netstandard2.0)) (== netstandard2.0)
      JetBrains.Annotations (>= 2021.1) - restriction: || (&& (== net461) (>= netstandard2.0)) (== netstandard2.0)
      Microsoft.CodeAnalysis.CSharp (>= 3.9) - restriction: || (&& (== net461) (>= netstandard2.0)) (== netstandard2.0)
      Microsoft.CSharp (>= 4.7) - restriction: || (&& (== net461) (>= netstandard2.0)) (== netstandard2.0)
      Newtonsoft.Json (>= 13.0.1) - restriction: || (&& (== net461) (>= netstandard2.0)) (== netstandard2.0)
      System.Configuration.ConfigurationManager (>= 5.0) - restriction: || (&& (== net461) (>= netstandard2.0)) (== netstandard2.0)
      System.Interactive (>= 5.0) - restriction: || (&& (== net461) (>= netstandard2.0)) (== netstandard2.0)
      System.Reactive (>= 5.0) - restriction: || (&& (== net461) (>= netstandard2.0)) (== netstandard2.0)
      System.Security.Cryptography.Xml (>= 5.0) - restriction: || (&& (== net461) (>= netstandard2.0)) (== netstandard2.0)
      Xpand.Extensions (>= 4.211.0.5) - restriction: || (&& (== net461) (>= netstandard2.0)) (== netstandard2.0)
      Xpand.Extensions.Reactive (>= 4.211.0.5) - restriction: || (&& (== net461) (>= netstandard2.0)) (== netstandard2.0)
      Xpand.Extensions.XAF (>= 4.211.0.5) - restriction: || (&& (== net461) (>= netstandard2.0)) (== netstandard2.0)
      Xpand.Patcher (>= 2.0.30) - restriction: || (&& (== net461) (>= netstandard2.0)) (== netstandard2.0)
      Xpand.VersionConverter (>= 4.211.0.5) - restriction: || (&& (== net461) (>= netstandard2.0)) (== netstandard2.0)
    Xpand.XAF.Modules.Reactive.Logger (4.211.0.5)
      Fasterflect.Xpand (>= 2.0.7) - restriction: || (&& (== net461) (>= netstandard2.0)) (== netstandard2.0)
      JetBrains.Annotations (>= 2021.1) - restriction: || (&& (== net461) (>= netstandard2.0)) (== netstandard2.0)
      Microsoft.CodeAnalysis.CSharp (>= 3.9) - restriction: || (&& (== net461) (>= netstandard2.0)) (== netstandard2.0)
      Newtonsoft.Json (>= 13.0.1) - restriction: || (&& (== net461) (>= netstandard2.0)) (== netstandard2.0)
      System.Configuration.ConfigurationManager (>= 5.0) - restriction: || (&& (== net461) (>= netstandard2.0)) (== netstandard2.0)
      System.Reactive (>= 5.0) - restriction: || (&& (== net461) (>= netstandard2.0)) (== netstandard2.0)
      Xpand.Extensions (>= 4.211.0.5) - restriction: || (&& (== net461) (>= netstandard2.0)) (== netstandard2.0)
      Xpand.Extensions.Reactive (>= 4.211.0.5) - restriction: || (&& (== net461) (>= netstandard2.0)) (== netstandard2.0)
      Xpand.Extensions.XAF (>= 4.211.0.5) - restriction: || (&& (== net461) (>= netstandard2.0)) (== netstandard2.0)
      Xpand.Patcher (>= 2.0.30) - restriction: || (&& (== net461) (>= netstandard2.0)) (== netstandard2.0)
      Xpand.VersionConverter (>= 4.211.0.5) - restriction: || (&& (== net461) (>= netstandard2.0)) (== netstandard2.0)
      Xpand.XAF.Modules.Reactive (>= 4.211.0.5) - restriction: || (&& (== net461) (>= netstandard2.0)) (== netstandard2.0)
    Xpand.XAF.Modules.Reactive.Logger.Hub (4.211.0.5)
      Fasterflect.Xpand (>= 2.0.7) - restriction: || (&& (== net461) (>= netstandard2.0)) (== netstandard2.0)
      JetBrains.Annotations (>= 2021.1) - restriction: || (&& (== net461) (>= netstandard2.0)) (== netstandard2.0)
      MagicOnion (>= 2.6.3) - restriction: || (&& (== net461) (>= netstandard2.0)) (== netstandard2.0)
      Microsoft.CodeAnalysis.CSharp (>= 3.9) - restriction: || (&& (== net461) (>= netstandard2.0)) (== netstandard2.0)
      Newtonsoft.Json (>= 13.0.1) - restriction: || (&& (== net461) (>= netstandard2.0)) (== netstandard2.0)
      System.CodeDom (>= 5.0) - restriction: || (&& (== net461) (>= netstandard2.0)) (== netstandard2.0)
      System.Configuration.ConfigurationManager (>= 5.0) - restriction: || (&& (== net461) (>= netstandard2.0)) (== netstandard2.0)
      System.Interactive.Async (>= 5.0) - restriction: || (&& (== net461) (>= netstandard2.0)) (== netstandard2.0)
      System.Reactive (>= 5.0) - restriction: || (&& (== net461) (>= netstandard2.0)) (== netstandard2.0)
      Xpand.Collections (>= 1.0.4) - restriction: || (&& (== net461) (>= netstandard2.0)) (== netstandard2.0)
      Xpand.Extensions.Reactive (>= 4.211.0.5) - restriction: || (&& (== net461) (>= netstandard2.0)) (== netstandard2.0)
      Xpand.Patcher (>= 2.0.30) - restriction: || (&& (== net461) (>= netstandard2.0)) (== netstandard2.0)
      Xpand.VersionConverter (>= 4.211.0.5) - restriction: || (&& (== net461) (>= netstandard2.0)) (== netstandard2.0)
      Xpand.XAF.Modules.Reactive (>= 4.211.0.5) - restriction: || (&& (== net461) (>= netstandard2.0)) (== netstandard2.0)
      Xpand.XAF.Modules.Reactive.Logger (>= 4.211.0.5) - restriction: || (&& (== net461) (>= netstandard2.0)) (== netstandard2.0)
      YamlDotNet (>= 11.1.1) - restriction: || (&& (== net461) (>= netstandard2.0)) (== netstandard2.0)
    Xpand.XAF.Modules.Reactive.Rest (4.211.0.5)
      Fasterflect.Xpand (>= 2.0.7) - restriction: || (&& (== net461) (>= netstandard2.0)) (== netstandard2.0)
      JetBrains.Annotations (>= 2021.1) - restriction: || (&& (== net461) (>= netstandard2.0)) (== netstandard2.0)
      Microsoft.CodeAnalysis.CSharp (>= 3.9) - restriction: || (&& (== net461) (>= netstandard2.0)) (== netstandard2.0)
      Microsoft.CSharp (>= 4.7) - restriction: || (&& (== net461) (>= netstandard2.0)) (== netstandard2.0)
      Newtonsoft.Json (>= 13.0.1) - restriction: || (&& (== net461) (>= netstandard2.0)) (== netstandard2.0)
      System.Configuration.ConfigurationManager (>= 5.0) - restriction: || (&& (== net461) (>= netstandard2.0)) (== netstandard2.0)
      System.Reactive (>= 5.0) - restriction: || (&& (== net461) (>= netstandard2.0)) (== netstandard2.0)
      System.ServiceModel.Http (>= 4.8.1) - restriction: || (&& (== net461) (>= netstandard2.0)) (== netstandard2.0)
      Xpand.Extensions (>= 4.211.0.5) - restriction: || (&& (== net461) (>= netstandard2.0)) (== netstandard2.0)
      Xpand.Extensions.Reactive (>= 4.211.0.5) - restriction: || (&& (== net461) (>= netstandard2.0)) (== netstandard2.0)
      Xpand.Extensions.XAF (>= 4.211.0.5) - restriction: || (&& (== net461) (>= netstandard2.0)) (== netstandard2.0)
      Xpand.Patcher (>= 2.0.30) - restriction: || (&& (== net461) (>= netstandard2.0)) (== netstandard2.0)
      Xpand.VersionConverter (>= 4.211.0.5) - restriction: || (&& (== net461) (>= netstandard2.0)) (== netstandard2.0)
      Xpand.XAF.Modules.Reactive (>= 4.211.0.5) - restriction: || (&& (== net461) (>= netstandard2.0)) (== netstandard2.0)
    Xpand.XAF.Modules.RefreshView (4.211.0.5)
      Fasterflect.Xpand (>= 2.0.7) - restriction: || (&& (== net461) (>= netstandard2.0)) (== netstandard2.0)
      JetBrains.Annotations (>= 2021.1) - restriction: || (&& (== net461) (>= netstandard2.0)) (== netstandard2.0)
      Microsoft.CodeAnalysis.CSharp (>= 3.9) - restriction: || (&& (== net461) (>= netstandard2.0)) (== netstandard2.0)
      Newtonsoft.Json (>= 13.0.1) - restriction: || (&& (== net461) (>= netstandard2.0)) (== netstandard2.0)
      System.Configuration.ConfigurationManager (>= 5.0) - restriction: || (&& (== net461) (>= netstandard2.0)) (== netstandard2.0)
      System.Reactive (>= 5.0) - restriction: || (&& (== net461) (>= netstandard2.0)) (== netstandard2.0)
      System.ServiceModel.Http (>= 4.8.1) - restriction: || (&& (== net461) (>= netstandard2.0)) (== netstandard2.0)
      Xpand.Extensions.Reactive (>= 4.211.0.5) - restriction: || (&& (== net461) (>= netstandard2.0)) (== netstandard2.0)
      Xpand.VersionConverter (>= 4.211.0.5) - restriction: || (&& (== net461) (>= netstandard2.0)) (== netstandard2.0)
      Xpand.XAF.Modules.Reactive (>= 4.211.0.5) - restriction: || (&& (== net461) (>= netstandard2.0)) (== netstandard2.0)
    Xpand.XAF.Modules.SequenceGenerator (4.211.0.5)
      Fasterflect.Xpand (>= 2.0.7) - restriction: || (&& (== net461) (>= netstandard2.0)) (== netstandard2.0)
      JetBrains.Annotations (>= 2021.1) - restriction: || (&& (== net461) (>= netstandard2.0)) (== netstandard2.0)
      Microsoft.CodeAnalysis.CSharp (>= 3.9) - restriction: || (&& (== net461) (>= netstandard2.0)) (== netstandard2.0)
      Newtonsoft.Json (>= 13.0.1) - restriction: || (&& (== net461) (>= netstandard2.0)) (== netstandard2.0)
      System.Configuration.ConfigurationManager (>= 5.0) - restriction: || (&& (== net461) (>= netstandard2.0)) (== netstandard2.0)
      System.Reactive (>= 5.0) - restriction: || (&& (== net461) (>= netstandard2.0)) (== netstandard2.0)
      Xpand.Extensions (>= 4.211.0.5) - restriction: || (&& (== net461) (>= netstandard2.0)) (== netstandard2.0)
      Xpand.Extensions.Reactive (>= 4.211.0.5) - restriction: || (&& (== net461) (>= netstandard2.0)) (== netstandard2.0)
      Xpand.Extensions.XAF (>= 4.211.0.5) - restriction: || (&& (== net461) (>= netstandard2.0)) (== netstandard2.0)
      Xpand.Extensions.XAF.Xpo (>= 4.211.0.5) - restriction: || (&& (== net461) (>= netstandard2.0)) (== netstandard2.0)
      Xpand.VersionConverter (>= 4.211.0.5) - restriction: || (&& (== net461) (>= netstandard2.0)) (== netstandard2.0)
      Xpand.XAF.Modules.Reactive (>= 4.211.0.5) - restriction: || (&& (== net461) (>= netstandard2.0)) (== netstandard2.0)
    Xpand.XAF.Modules.SuppressConfirmation (4.211.0.5)
      Fasterflect.Xpand (>= 2.0.7) - restriction: || (&& (== net461) (>= netstandard2.0)) (== netstandard2.0)
      JetBrains.Annotations (>= 2021.1) - restriction: || (&& (== net461) (>= netstandard2.0)) (== netstandard2.0)
      Microsoft.CodeAnalysis.CSharp (>= 3.9) - restriction: || (&& (== net461) (>= netstandard2.0)) (== netstandard2.0)
      Newtonsoft.Json (>= 13.0.1) - restriction: || (&& (== net461) (>= netstandard2.0)) (== netstandard2.0)
      System.Configuration.ConfigurationManager (>= 5.0) - restriction: || (&& (== net461) (>= netstandard2.0)) (== netstandard2.0)
      System.Reactive (>= 5.0) - restriction: || (&& (== net461) (>= netstandard2.0)) (== netstandard2.0)
      System.ServiceModel.Http (>= 4.8.1) - restriction: || (&& (== net461) (>= netstandard2.0)) (== netstandard2.0)
      Xpand.Extensions.Reactive (>= 4.211.0.5) - restriction: || (&& (== net461) (>= netstandard2.0)) (== netstandard2.0)
      Xpand.VersionConverter (>= 4.211.0.5) - restriction: || (&& (== net461) (>= netstandard2.0)) (== netstandard2.0)
      Xpand.XAF.Modules.Reactive (>= 4.211.0.5) - restriction: || (&& (== net461) (>= netstandard2.0)) (== netstandard2.0)
    Xpand.XAF.Modules.ViewEditMode (4.211.0.5)
      Fasterflect.Xpand (>= 2.0.7) - restriction: || (&& (== net461) (>= netstandard2.0)) (== netstandard2.0)
      JetBrains.Annotations (>= 2021.1) - restriction: || (&& (== net461) (>= netstandard2.0)) (== netstandard2.0)
      Microsoft.CodeAnalysis.CSharp (>= 3.9) - restriction: || (&& (== net461) (>= netstandard2.0)) (== netstandard2.0)
      Newtonsoft.Json (>= 13.0.1) - restriction: || (&& (== net461) (>= netstandard2.0)) (== netstandard2.0)
      System.Configuration.ConfigurationManager (>= 5.0) - restriction: || (&& (== net461) (>= netstandard2.0)) (== netstandard2.0)
      System.Reactive (>= 5.0) - restriction: || (&& (== net461) (>= netstandard2.0)) (== netstandard2.0)
      System.ServiceModel.Http (>= 4.8.1) - restriction: || (&& (== net461) (>= netstandard2.0)) (== netstandard2.0)
      Xpand.Extensions.Reactive (>= 4.211.0.5) - restriction: || (&& (== net461) (>= netstandard2.0)) (== netstandard2.0)
      Xpand.Extensions.XAF (>= 4.211.0.5) - restriction: || (&& (== net461) (>= netstandard2.0)) (== netstandard2.0)
      Xpand.VersionConverter (>= 4.211.0.5) - restriction: || (&& (== net461) (>= netstandard2.0)) (== netstandard2.0)
      Xpand.XAF.Modules.Reactive (>= 4.211.0.5) - restriction: || (&& (== net461) (>= netstandard2.0)) (== netstandard2.0)
    Xpand.XAF.Modules.ViewItemValue (4.211.0.5)
      Fasterflect.Xpand (>= 2.0.7) - restriction: || (&& (== net461) (>= netstandard2.0)) (== netstandard2.0)
      JetBrains.Annotations (>= 2021.1) - restriction: || (&& (== net461) (>= netstandard2.0)) (== netstandard2.0)
      Microsoft.CodeAnalysis.CSharp (>= 3.9) - restriction: || (&& (== net461) (>= netstandard2.0)) (== netstandard2.0)
      Newtonsoft.Json (>= 13.0.1) - restriction: || (&& (== net461) (>= netstandard2.0)) (== netstandard2.0)
      System.Configuration.ConfigurationManager (>= 5.0) - restriction: || (&& (== net461) (>= netstandard2.0)) (== netstandard2.0)
      System.Interactive (>= 5.0) - restriction: || (&& (== net461) (>= netstandard2.0)) (== netstandard2.0)
      System.Reactive (>= 5.0) - restriction: || (&& (== net461) (>= netstandard2.0)) (== netstandard2.0)
      Xpand.Extensions (>= 4.211.0.5) - restriction: || (&& (== net461) (>= netstandard2.0)) (== netstandard2.0)
      Xpand.Extensions.Reactive (>= 4.211.0.5) - restriction: || (&& (== net461) (>= netstandard2.0)) (== netstandard2.0)
      Xpand.Extensions.XAF (>= 4.211.0.5) - restriction: || (&& (== net461) (>= netstandard2.0)) (== netstandard2.0)
      Xpand.Extensions.XAF.Xpo (>= 4.211.0.5) - restriction: || (&& (== net461) (>= netstandard2.0)) (== netstandard2.0)
      Xpand.VersionConverter (>= 4.211.0.5) - restriction: || (&& (== net461) (>= netstandard2.0)) (== netstandard2.0)
      Xpand.XAF.Modules.Reactive (>= 4.211.0.5) - restriction: || (&& (== net461) (>= netstandard2.0)) (== netstandard2.0)
    Xpand.XAF.Modules.ViewWizard (4.211.0.5)
      Fasterflect.Xpand (>= 2.0.7) - restriction: || (&& (== net461) (>= netstandard2.0)) (== netstandard2.0)
      JetBrains.Annotations (>= 2021.1) - restriction: || (&& (== net461) (>= netstandard2.0)) (== netstandard2.0)
      Microsoft.CodeAnalysis.CSharp (>= 3.9) - restriction: || (&& (== net461) (>= netstandard2.0)) (== netstandard2.0)
      Newtonsoft.Json (>= 13.0.1) - restriction: || (&& (== net461) (>= netstandard2.0)) (== netstandard2.0)
      System.Configuration.ConfigurationManager (>= 5.0) - restriction: || (&& (== net461) (>= netstandard2.0)) (== netstandard2.0)
      System.Interactive (>= 5.0) - restriction: || (&& (== net461) (>= netstandard2.0)) (== netstandard2.0)
      System.Reactive (>= 5.0) - restriction: || (&& (== net461) (>= netstandard2.0)) (== netstandard2.0)
      Xpand.Extensions (>= 4.211.0.5) - restriction: || (&& (== net461) (>= netstandard2.0)) (== netstandard2.0)
      Xpand.Extensions.Reactive (>= 4.211.0.5) - restriction: || (&& (== net461) (>= netstandard2.0)) (== netstandard2.0)
      Xpand.Extensions.XAF (>= 4.211.0.5) - restriction: || (&& (== net461) (>= netstandard2.0)) (== netstandard2.0)
      Xpand.Extensions.XAF.Xpo (>= 4.211.0.5) - restriction: || (&& (== net461) (>= netstandard2.0)) (== netstandard2.0)
      Xpand.VersionConverter (>= 4.211.0.5) - restriction: || (&& (== net461) (>= netstandard2.0)) (== netstandard2.0)
      Xpand.XAF.Modules.Reactive (>= 4.211.0.5) - restriction: || (&& (== net461) (>= netstandard2.0)) (== netstandard2.0)
    Xpand.XAF.Web.All (4.211.0.5)
      Xpand.Extensions (>= 4.211.0.5)
      Xpand.Extensions.Mono.Cecil (>= 4.211.0.5)
      Xpand.Extensions.Office.Cloud (>= 4.211.0.5)
      Xpand.Extensions.Reactive (>= 4.211.0.5)
      Xpand.Extensions.XAF (>= 4.211.0.5)
      Xpand.Extensions.XAF.Xpo (>= 4.211.0.5)
      Xpand.XAF.Modules.AutoCommit (>= 4.211.0.5)
      Xpand.XAF.Modules.CloneMemberValue (>= 4.211.0.5)
      Xpand.XAF.Modules.CloneModelView (>= 4.211.0.5)
      Xpand.XAF.Modules.HideToolBar (>= 4.211.0.5)
      Xpand.XAF.Modules.LookupCascade (>= 4.211.0.5) - restriction: || (== net461) (&& (== netstandard2.0) (>= net461))
      Xpand.XAF.Modules.MasterDetail (>= 4.211.0.5)
      Xpand.XAF.Modules.ModelMapper (>= 4.211.0.5)
      Xpand.XAF.Modules.ModelViewInheritance (>= 4.211.0.5)
      Xpand.XAF.Modules.Office.Cloud.Google (>= 4.211.0.5)
      Xpand.XAF.Modules.Office.Cloud.Google.Calendar (>= 4.211.0.5)
      Xpand.XAF.Modules.Office.Cloud.Google.Tasks (>= 4.211.0.5)
      Xpand.XAF.Modules.Office.Cloud.Microsoft (>= 4.211.0.5) - restriction: || (== net461) (&& (== netstandard2.0) (>= net461))
      Xpand.XAF.Modules.Office.Cloud.Microsoft.Calendar (>= 4.211.0.5) - restriction: || (== net461) (&& (== netstandard2.0) (>= net461))
      Xpand.XAF.Modules.Office.Cloud.Microsoft.Todo (>= 4.211.0.5) - restriction: || (== net461) (&& (== netstandard2.0) (>= net461))
      Xpand.XAF.Modules.Office.DocumentStyleManager (>= 4.211.0.5) - restriction: || (== net461) (&& (== netstandard2.0) (>= net461))
      Xpand.XAF.Modules.PositionInListView (>= 4.211.0.5)
      Xpand.XAF.Modules.ProgressBarViewItem (>= 4.211.0.5)
      Xpand.XAF.Modules.Reactive (>= 4.211.0.5)
      Xpand.XAF.Modules.Reactive.Logger (>= 4.211.0.5)
      Xpand.XAF.Modules.Reactive.Logger.Hub (>= 4.211.0.5)
      Xpand.XAF.Modules.Reactive.Rest (>= 4.211.0.5)
      Xpand.XAF.Modules.RefreshView (>= 4.211.0.5)
      Xpand.XAF.Modules.SequenceGenerator (>= 4.211.0.5)
      Xpand.XAF.Modules.SuppressConfirmation (>= 4.211.0.5)
      Xpand.XAF.Modules.ViewEditMode (>= 4.211.0.5)
      Xpand.XAF.Modules.ViewItemValue (>= 4.211.0.5)
      Xpand.XAF.Modules.ViewWizard (>= 4.211.0.5)
    Xpand.XAF.Win.All (4.211.0.5)
      Xpand.Extensions (>= 4.211.0.5)
      Xpand.Extensions.Mono.Cecil (>= 4.211.0.5)
      Xpand.Extensions.Office.Cloud (>= 4.211.0.5)
      Xpand.Extensions.Reactive (>= 4.211.0.5)
      Xpand.Extensions.XAF (>= 4.211.0.5)
      Xpand.Extensions.XAF.Xpo (>= 4.211.0.5)
      Xpand.XAF.Modules.AutoCommit (>= 4.211.0.5)
      Xpand.XAF.Modules.CloneMemberValue (>= 4.211.0.5)
      Xpand.XAF.Modules.CloneModelView (>= 4.211.0.5)
      Xpand.XAF.Modules.GridListEditor (>= 4.211.0.5)
      Xpand.XAF.Modules.HideToolBar (>= 4.211.0.5)
      Xpand.XAF.Modules.MasterDetail (>= 4.211.0.5)
      Xpand.XAF.Modules.ModelMapper (>= 4.211.0.5)
      Xpand.XAF.Modules.ModelViewInheritance (>= 4.211.0.5)
      Xpand.XAF.Modules.Office.Cloud.Google (>= 4.211.0.5)
      Xpand.XAF.Modules.Office.Cloud.Google.Calendar (>= 4.211.0.5)
      Xpand.XAF.Modules.Office.Cloud.Google.Tasks (>= 4.211.0.5)
      Xpand.XAF.Modules.Office.Cloud.Microsoft (>= 4.211.0.5) - restriction: || (== net461) (&& (== netstandard2.0) (>= net461))
      Xpand.XAF.Modules.Office.Cloud.Microsoft.Calendar (>= 4.211.0.5) - restriction: || (== net461) (&& (== netstandard2.0) (>= net461))
      Xpand.XAF.Modules.Office.Cloud.Microsoft.Todo (>= 4.211.0.5) - restriction: || (== net461) (&& (== netstandard2.0) (>= net461))
      Xpand.XAF.Modules.Office.DocumentStyleManager (>= 4.211.0.5) - restriction: || (== net461) (&& (== netstandard2.0) (>= net461))
      Xpand.XAF.Modules.OneView (>= 4.211.0.5)
      Xpand.XAF.Modules.PositionInListView (>= 4.211.0.5)
      Xpand.XAF.Modules.ProgressBarViewItem (>= 4.211.0.5)
      Xpand.XAF.Modules.Reactive (>= 4.211.0.5)
      Xpand.XAF.Modules.Reactive.Logger (>= 4.211.0.5)
      Xpand.XAF.Modules.Reactive.Logger.Hub (>= 4.211.0.5)
      Xpand.XAF.Modules.Reactive.Rest (>= 4.211.0.5)
      Xpand.XAF.Modules.RefreshView (>= 4.211.0.5)
      Xpand.XAF.Modules.SequenceGenerator (>= 4.211.0.5)
      Xpand.XAF.Modules.SuppressConfirmation (>= 4.211.0.5)
      Xpand.XAF.Modules.ViewEditMode (>= 4.211.0.5)
      Xpand.XAF.Modules.ViewItemValue (>= 4.211.0.5)
      Xpand.XAF.Modules.ViewWizard (>= 4.211.0.5)
