STORAGE: NONE
STRATEGY: MIN
LOWEST_MATCHING: TRUE
COPY-LOCAL: TRUE
SPECIFIC-VERSION: FALSE
RESTRICTION: || (== net6.0) (== net6.0-windows7.0) (== net9.0) (== net9.0-windows7.0) (== netstandard2.0)
NUGET
  remote: https://api.nuget.org/v3/index.json
    akarnokd.reactive_extensions (0.0.27-alpha) - restriction: || (&& (== net6.0) (>= net9.0)) (&& (== net6.0-windows7.0) (>= net9.0)) (== net9.0) (&& (== net9.0-windows7.0) (>= net9.0)) (&& (== netstandard2.0) (>= net9.0))
      System.Reactive (>= 4.1.6)
    AutoMapper (13.0.1)
      Microsoft.Extensions.Options (>= 6.0) - restriction: || (== net6.0) (== net6.0-windows7.0) (== net9.0) (== net9.0-windows7.0) (&& (== netstandard2.0) (>= net6.0))
    Azure.Core (1.38)
      Microsoft.Bcl.AsyncInterfaces (>= 1.1.1)
      System.ClientModel (>= 1.0)
      System.Diagnostics.DiagnosticSource (>= 6.0.1)
      System.Memory.Data (>= 1.0.2)
      System.Numerics.Vectors (>= 4.5)
      System.Text.Encodings.Web (>= 4.7.2)
      System.Text.Json (>= 4.7.2)
      System.Threading.Tasks.Extensions (>= 4.5.4)
    Azure.Identity (1.11.4)
      Azure.Core (>= 1.38)
      Microsoft.Identity.Client (>= 4.61.3)
      Microsoft.Identity.Client.Extensions.Msal (>= 4.61.3)
      System.Memory (>= 4.5.4)
      System.Security.Cryptography.ProtectedData (>= 4.7)
      System.Text.Json (>= 4.7.2)
      System.Threading.Tasks.Extensions (>= 4.5.4)
    DevExpress.Data (24.2.7) - restriction: || (&& (== net6.0) (>= net462)) (&& (== net6.0) (>= net8.0)) (&& (== net6.0) (>= net9.0)) (&& (== net6.0-windows7.0) (>= net462)) (&& (== net6.0-windows7.0) (>= net8.0)) (&& (== net6.0-windows7.0) (>= net9.0)) (== net9.0) (== net9.0-windows7.0) (&& (== netstandard2.0) (>= net462)) (&& (== netstandard2.0) (>= net8.0)) (&& (== netstandard2.0) (>= net9.0))
      System.Drawing.Common (>= 4.7.2) - restriction: || (&& (== net6.0) (>= net8.0)) (&& (== net6.0-windows7.0) (>= net8.0)) (== net9.0) (== net9.0-windows7.0) (&& (== netstandard2.0) (>= net8.0))
    DevExpress.Xpo (24.2.7) - restriction: || (&& (== net6.0) (>= net462)) (&& (== net6.0) (>= net8.0)) (&& (== net6.0) (>= net9.0)) (&& (== net6.0-windows7.0) (>= net462)) (&& (== net6.0-windows7.0) (>= net8.0)) (&& (== net6.0-windows7.0) (>= net9.0)) (== net9.0) (== net9.0-windows7.0) (&& (== netstandard2.0) (>= net462)) (&& (== netstandard2.0) (>= net8.0)) (&& (== netstandard2.0) (>= net9.0))
      DevExpress.Data (24.2.7) - restriction: || (&& (== net6.0) (>= net462)) (&& (== net6.0) (>= net8.0)) (&& (== net6.0-windows7.0) (>= net462)) (&& (== net6.0-windows7.0) (>= net8.0)) (== net9.0) (== net9.0-windows7.0) (&& (== netstandard2.0) (>= net462)) (&& (== netstandard2.0) (>= net8.0))
      Microsoft.Extensions.DependencyInjection (>= 6.0) - restriction: || (&& (== net6.0) (>= net8.0)) (&& (== net6.0-windows7.0) (>= net8.0)) (== net9.0) (== net9.0-windows7.0) (&& (== netstandard2.0) (>= net8.0))
      System.Drawing.Common (>= 4.7.2) - restriction: || (&& (== net6.0) (>= net8.0)) (&& (== net6.0-windows7.0) (>= net8.0)) (== net9.0) (== net9.0-windows7.0) (&& (== netstandard2.0) (>= net8.0))
      System.Security.Cryptography.Pkcs (>= 8.0.1) - restriction: || (&& (== net6.0) (>= net8.0)) (&& (== net6.0-windows7.0) (>= net8.0)) (== net9.0) (== net9.0-windows7.0) (&& (== netstandard2.0) (>= net8.0))
      System.ServiceModel.Http (>= 6.2) - restriction: || (&& (== net6.0) (>= net8.0)) (&& (== net6.0-windows7.0) (>= net8.0)) (== net9.0) (== net9.0-windows7.0) (&& (== netstandard2.0) (>= net8.0))
      System.ServiceModel.NetTcp (>= 6.2) - restriction: || (&& (== net6.0) (>= net8.0)) (&& (== net6.0-windows7.0) (>= net8.0)) (== net9.0) (== net9.0-windows7.0) (&& (== netstandard2.0) (>= net8.0))
    DevExtreme.AspNet.Data (5.0.0-beta) - restriction: || (&& (== net6.0) (>= net8.0)) (&& (== net6.0-windows7.0) (>= net8.0)) (== net9.0) (== net9.0-windows7.0) (&& (== netstandard2.0) (>= net8.0))
    DocumentFormat.OpenXml (2.11.3)
      System.IO.Packaging (>= 4.7)
    DotNetZip (1.16)
      System.Security.Permissions (>= 4.7)
      System.Text.Encoding.CodePages (>= 4.7.1)
    Enums.NET (5.0)
      System.ComponentModel.Annotations (>= 5.0) - restriction: || (&& (== net6.0) (< netcoreapp3.0)) (&& (== net6.0) (< netstandard2.1)) (&& (== net6.0-windows7.0) (< netcoreapp3.0)) (&& (== net6.0-windows7.0) (< netstandard2.1)) (&& (== net9.0) (< netcoreapp3.0)) (&& (== net9.0) (< netstandard2.1)) (&& (== net9.0-windows7.0) (< netcoreapp3.0)) (&& (== net9.0-windows7.0) (< netstandard2.1)) (== netstandard2.0)
      System.Runtime.CompilerServices.Unsafe (>= 6.0) - restriction: || (&& (== net6.0) (>= net461)) (&& (== net6.0) (< netcoreapp3.0)) (&& (== net6.0) (< netstandard2.1)) (&& (== net6.0-windows7.0) (>= net461)) (&& (== net6.0-windows7.0) (< netcoreapp3.0)) (&& (== net6.0-windows7.0) (< netstandard2.1)) (&& (== net9.0) (>= net461)) (&& (== net9.0) (< netcoreapp3.0)) (&& (== net9.0) (< netstandard2.1)) (&& (== net9.0-windows7.0) (>= net461)) (&& (== net9.0-windows7.0) (< netcoreapp3.0)) (&& (== net9.0-windows7.0) (< netstandard2.1)) (== netstandard2.0)
    ExcelDataReader (3.6)
    ExcelDataReader.DataSet (3.6)
      ExcelDataReader (>= 3.6)
    Fasterflect.Xpand (2.0.7)
      System.Reflection.Emit.Lightweight (>= 4.6)
    Fody (4.2.1) - copy_local: false
    Google.Apis (1.55) - restriction: || (&& (== net6.0) (>= net9.0)) (&& (== net6.0-windows7.0) (>= net9.0)) (== net9.0) (&& (== net9.0-windows7.0) (>= net9.0)) (&& (== netstandard2.0) (>= net9.0))
      Google.Apis.Core (>= 1.55)
    Google.Apis.Auth (1.55) - restriction: || (&& (== net6.0) (>= net9.0)) (&& (== net6.0-windows7.0) (>= net9.0)) (== net9.0) (&& (== net9.0-windows7.0) (>= net9.0)) (&& (== netstandard2.0) (>= net9.0))
      Google.Apis (>= 1.55)
      Google.Apis.Core (>= 1.55)
    Google.Apis.Calendar.v3 (1.55.0.2410) - restriction: || (&& (== net6.0) (>= net9.0)) (&& (== net6.0-windows7.0) (>= net9.0)) (== net9.0) (&& (== net9.0-windows7.0) (>= net9.0)) (&& (== netstandard2.0) (>= net9.0))
      Google.Apis (>= 1.55)
      Google.Apis.Auth (>= 1.55)
    Google.Apis.Core (1.55) - restriction: || (&& (== net6.0) (>= net9.0)) (&& (== net6.0-windows7.0) (>= net9.0)) (== net9.0) (&& (== net9.0-windows7.0) (>= net9.0)) (&& (== netstandard2.0) (>= net9.0))
      Newtonsoft.Json (>= 13.0.1)
    Google.Apis.Tasks.v1 (1.55.0.2384) - restriction: || (&& (== net6.0) (>= net9.0)) (&& (== net6.0-windows7.0) (>= net9.0)) (== net9.0) (&& (== net9.0-windows7.0) (>= net9.0)) (&& (== netstandard2.0) (>= net9.0))
      Google.Apis (>= 1.55)
      Google.Apis.Auth (>= 1.55)
    Grpc (2.23) - restriction: || (&& (== net6.0) (>= net9.0)) (&& (== net6.0-windows7.0) (>= net9.0)) (== net9.0) (&& (== net9.0-windows7.0) (>= net9.0)) (&& (== netstandard2.0) (>= net9.0))
      Grpc.Core (>= 2.23)
    Grpc.Core (2.23) - restriction: || (&& (== net6.0) (>= net9.0)) (&& (== net6.0-windows7.0) (>= net9.0)) (== net9.0) (&& (== net9.0-windows7.0) (>= net9.0)) (&& (== netstandard2.0) (>= net9.0))
      Grpc.Core.Api (>= 2.23)
      System.Memory (>= 4.5.3)
    Grpc.Core.Api (2.23) - restriction: || (&& (== net6.0) (>= net9.0)) (&& (== net6.0-windows7.0) (>= net9.0)) (== net9.0) (&& (== net9.0-windows7.0) (>= net9.0)) (&& (== netstandard2.0) (>= net9.0))
      System.Memory (>= 4.5.3)
    Hangfire.AspNetCore (1.7.35) - restriction: || (&& (== net6.0) (>= net9.0)) (&& (== net6.0-windows7.0) (>= net9.0)) (== net9.0) (&& (== net9.0-windows7.0) (>= net9.0)) (&& (== netstandard2.0) (>= net9.0))
      Hangfire.Core (1.7.35)
    Hangfire.Core (1.7.35) - restriction: || (&& (== net6.0) (>= net9.0)) (&& (== net6.0-windows7.0) (>= net9.0)) (== net9.0) (&& (== net9.0-windows7.0) (>= net9.0)) (&& (== netstandard2.0) (>= net9.0))
      Newtonsoft.Json (>= 11.0.1)
    HarfBuzzSharp (7.3.0.1) - restriction: || (&& (== net6.0) (>= net8.0)) (&& (== net6.0-windows7.0) (>= net8.0)) (== net9.0) (== net9.0-windows7.0) (&& (== netstandard2.0) (>= net8.0))
      HarfBuzzSharp.NativeAssets.macOS (>= 7.3.0.1)
      HarfBuzzSharp.NativeAssets.Win32 (>= 7.3.0.1)
    HarfBuzzSharp.NativeAssets.Linux (2.8.2.5) - restriction: || (&& (== net6.0) (>= net8.0)) (&& (== net6.0-windows7.0) (>= net8.0)) (== net9.0) (== net9.0-windows7.0) (&& (== netstandard2.0) (>= net8.0))
      HarfBuzzSharp (>= 2.8.2.5)
    HarfBuzzSharp.NativeAssets.macOS (7.3.0.1) - restriction: || (&& (== net6.0) (>= net8.0)) (&& (== net6.0-windows7.0) (>= net8.0)) (== net9.0) (== net9.0-windows7.0) (&& (== netstandard2.0) (>= net8.0))
    HarfBuzzSharp.NativeAssets.Win32 (7.3.0.1) - restriction: || (&& (== net6.0) (>= net8.0)) (&& (== net6.0-windows7.0) (>= net8.0)) (== net9.0) (== net9.0-windows7.0) (&& (== netstandard2.0) (>= net8.0))
    Humanizer.Core (2.14.1) - restriction: || (&& (== net6.0) (>= net9.0)) (&& (== net6.0-windows7.0) (>= net9.0)) (== net9.0) (&& (== net9.0-windows7.0) (>= net9.0)) (&& (== netstandard2.0) (>= net9.0))
    IIS.Microsoft.Web.Adminstration (8.5.9600.16384)
    InputSimulator (1.0.4)
    JetBrains.Annotations (2021.3)
    MagicOnion (2.6.3) - restriction: || (&& (== net6.0) (>= net9.0)) (&& (== net6.0-windows7.0) (>= net9.0)) (== net9.0) (&& (== net9.0-windows7.0) (>= net9.0)) (&& (== netstandard2.0) (>= net9.0))
      Grpc (>= 2.23)
      MessagePack (>= 1.7.3.7)
      System.Buffers (>= 4.5)
      System.Collections.Immutable (>= 1.5)
      System.Runtime.CompilerServices.Unsafe (>= 4.5.2)
      System.Threading.Tasks.Extensions (>= 4.5.3)
      System.Threading.Tasks.Parallel (>= 4.3)
    MessagePack (2.5.187) - restriction: || (&& (== net6.0) (>= net8.0)) (&& (== net6.0) (>= net9.0)) (&& (== net6.0-windows7.0) (>= net8.0)) (&& (== net6.0-windows7.0) (>= net9.0)) (== net9.0) (== net9.0-windows7.0) (&& (== netstandard2.0) (>= net8.0)) (&& (== netstandard2.0) (>= net9.0))
      MessagePack.Annotations (>= 2.5.187)
      Microsoft.NET.StringTools (>= 17.6.3)
    MessagePack.Annotations (2.5.187) - restriction: || (&& (== net6.0) (>= net8.0)) (&& (== net6.0-windows7.0) (>= net8.0)) (== net9.0) (== net9.0-windows7.0) (&& (== netstandard2.0) (>= net8.0))
    Microsoft.AspNet.Razor (3.3)
    Microsoft.AspNetCore.Authorization (9.0) - restriction: || (&& (== net6.0) (>= net9.0)) (&& (== net6.0-windows7.0) (>= net9.0)) (== net9.0) (&& (== net9.0-windows7.0) (>= net9.0)) (&& (== netstandard2.0) (>= net9.0))
      Microsoft.AspNetCore.Metadata (>= 9.0)
      Microsoft.Extensions.Logging.Abstractions (>= 9.0)
      Microsoft.Extensions.Options (>= 9.0)
    Microsoft.AspNetCore.Components (9.0) - restriction: || (&& (== net6.0) (>= net9.0)) (&& (== net6.0-windows7.0) (>= net9.0)) (== net9.0) (&& (== net9.0-windows7.0) (>= net9.0)) (&& (== netstandard2.0) (>= net9.0))
      Microsoft.AspNetCore.Authorization (>= 9.0) - restriction: || (&& (== net6.0) (>= net9.0)) (&& (== net6.0-windows7.0) (>= net9.0)) (== net9.0) (&& (== net9.0-windows7.0) (>= net9.0)) (&& (== netstandard2.0) (>= net9.0))
      Microsoft.AspNetCore.Components.Analyzers (>= 9.0) - restriction: || (&& (== net6.0) (>= net9.0)) (&& (== net6.0-windows7.0) (>= net9.0)) (== net9.0) (&& (== net9.0-windows7.0) (>= net9.0)) (&& (== netstandard2.0) (>= net9.0))
    Microsoft.AspNetCore.Components.Analyzers (9.0) - restriction: || (&& (== net6.0) (>= net9.0)) (&& (== net6.0-windows7.0) (>= net9.0)) (== net9.0) (&& (== net9.0-windows7.0) (>= net9.0)) (&& (== netstandard2.0) (>= net9.0))
    Microsoft.AspNetCore.Cryptography.Internal (8.0.10) - restriction: || (&& (== net6.0) (>= net8.0)) (&& (== net6.0-windows7.0) (>= net8.0)) (== net9.0) (== net9.0-windows7.0) (&& (== netstandard2.0) (>= net8.0))
    Microsoft.AspNetCore.DataProtection (8.0.10) - restriction: || (&& (== net6.0) (>= net8.0)) (&& (== net6.0-windows7.0) (>= net8.0)) (== net9.0) (== net9.0-windows7.0) (&& (== netstandard2.0) (>= net8.0))
      Microsoft.AspNetCore.Cryptography.Internal (>= 8.0.10)
      Microsoft.AspNetCore.DataProtection.Abstractions (>= 8.0.10)
      Microsoft.Extensions.DependencyInjection.Abstractions (>= 8.0.2)
      Microsoft.Extensions.Hosting.Abstractions (>= 8.0.1)
      Microsoft.Extensions.Logging.Abstractions (>= 8.0.2)
      Microsoft.Extensions.Options (>= 8.0.2)
      System.Security.Cryptography.Xml (>= 8.0.2)
    Microsoft.AspNetCore.DataProtection.Abstractions (8.0.10) - restriction: || (&& (== net6.0) (>= net8.0)) (&& (== net6.0-windows7.0) (>= net8.0)) (== net9.0) (== net9.0-windows7.0) (&& (== netstandard2.0) (>= net8.0))
    Microsoft.AspNetCore.DataProtection.Extensions (8.0.10) - restriction: || (&& (== net6.0) (>= net8.0)) (&& (== net6.0-windows7.0) (>= net8.0)) (== net9.0) (== net9.0-windows7.0) (&& (== netstandard2.0) (>= net8.0))
      Microsoft.AspNetCore.DataProtection (>= 8.0.10)
      Microsoft.Extensions.DependencyInjection (>= 8.0.1)
    Microsoft.AspNetCore.Http.Abstractions (2.2) - restriction: || (&& (== net6.0) (>= net9.0)) (&& (== net6.0-windows7.0) (>= net9.0)) (== net9.0) (&& (== net9.0-windows7.0) (>= net9.0)) (&& (== netstandard2.0) (>= net9.0))
      Microsoft.AspNetCore.Http.Features (>= 2.2)
      System.Text.Encodings.Web (>= 4.5)
    Microsoft.AspNetCore.Http.Features (2.2) - restriction: || (&& (== net6.0) (>= net9.0)) (&& (== net6.0-windows7.0) (>= net9.0)) (== net9.0) (&& (== net9.0-windows7.0) (>= net9.0)) (&& (== netstandard2.0) (>= net9.0))
      Microsoft.Extensions.Primitives (>= 2.2)
    Microsoft.AspNetCore.Metadata (9.0) - restriction: || (&& (== net6.0) (>= net9.0)) (&& (== net6.0-windows7.0) (>= net9.0)) (== net9.0) (&& (== net9.0-windows7.0) (>= net9.0)) (&& (== netstandard2.0) (>= net9.0))
    Microsoft.AspNetCore.Mvc.Razor.Extensions (5.0) - restriction: || (&& (== net6.0) (>= net9.0)) (&& (== net6.0-windows7.0) (>= net9.0)) (== net9.0) (&& (== net9.0-windows7.0) (>= net9.0)) (&& (== netstandard2.0) (>= net9.0))
      Microsoft.AspNetCore.Razor.Language (>= 5.0)
      Microsoft.CodeAnalysis.Razor (>= 5.0)
    Microsoft.AspNetCore.Razor.Language (5.0) - restriction: || (&& (== net6.0) (>= net9.0)) (&& (== net6.0-windows7.0) (>= net9.0)) (== net9.0) (&& (== net9.0-windows7.0) (>= net9.0)) (&& (== netstandard2.0) (>= net9.0))
    Microsoft.AspNetCore.WebUtilities (9.0)
      Microsoft.Net.Http.Headers (>= 9.0) - restriction: || (&& (== net6.0) (>= net9.0)) (&& (== net6.0-windows7.0) (>= net9.0)) (== net9.0) (&& (== net9.0-windows7.0) (>= net9.0)) (&& (== netstandard2.0) (>= net9.0))
    Microsoft.Bcl.AsyncInterfaces (9.0)
      System.Threading.Tasks.Extensions (>= 4.5.4) - restriction: || (&& (== net6.0) (>= net462)) (&& (== net6.0) (< netstandard2.1)) (&& (== net6.0-windows7.0) (>= net462)) (&& (== net6.0-windows7.0) (< netstandard2.1)) (&& (== net9.0) (>= net462)) (&& (== net9.0) (< netstandard2.1)) (&& (== net9.0-windows7.0) (>= net462)) (&& (== net9.0-windows7.0) (< netstandard2.1)) (== netstandard2.0)
    Microsoft.Bcl.Cryptography (9.0) - restriction: || (== net6.0) (== net6.0-windows7.0) (&& (== net9.0) (>= net462)) (&& (== net9.0) (< net8.0)) (== net9.0-windows7.0) (== netstandard2.0)
      System.Formats.Asn1 (>= 9.0) - restriction: || (== net6.0) (== net6.0-windows7.0) (&& (== net9.0) (>= net462)) (&& (== net9.0) (< net8.0)) (== net9.0-windows7.0) (== netstandard2.0)
      System.Memory (>= 4.5.5) - restriction: || (== net6.0) (== net6.0-windows7.0) (&& (== net9.0) (>= net462)) (&& (== net9.0) (< net8.0)) (&& (== net9.0-windows7.0) (>= net462)) (&& (== net9.0-windows7.0) (< net8.0)) (== netstandard2.0)
      System.Runtime.CompilerServices.Unsafe (>= 6.0) - restriction: || (== net6.0) (== net6.0-windows7.0) (&& (== net9.0) (>= net462)) (&& (== net9.0) (< net8.0)) (&& (== net9.0-windows7.0) (>= net462)) (&& (== net9.0-windows7.0) (< net8.0)) (== netstandard2.0)
    Microsoft.Bcl.HashCode (1.1.1) - restriction: || (== net6.0) (== net6.0-windows7.0) (&& (== net9.0) (>= net462)) (&& (== net9.0) (< net8.0)) (&& (== net9.0-windows7.0) (>= net462)) (&& (== net9.0-windows7.0) (< net8.0)) (== netstandard2.0)
    Microsoft.CodeAnalysis (4.12) - restriction: || (&& (== net6.0) (>= net9.0)) (&& (== net6.0-windows7.0) (>= net9.0)) (== net9.0) (&& (== net9.0-windows7.0) (>= net9.0)) (&& (== netstandard2.0) (>= net9.0))
      Humanizer.Core (>= 2.14.1)
      Microsoft.Bcl.AsyncInterfaces (>= 8.0)
      Microsoft.CodeAnalysis.Analyzers (>= 3.3.4)
      Microsoft.CodeAnalysis.CSharp.Workspaces (4.12)
      Microsoft.CodeAnalysis.VisualBasic.Workspaces (4.12)
      System.Buffers (>= 4.5.1)
      System.Collections.Immutable (>= 8.0)
      System.Composition (>= 8.0)
      System.IO.Pipelines (>= 8.0)
      System.Memory (>= 4.5.5)
      System.Numerics.Vectors (>= 4.5)
      System.Reflection.Metadata (>= 8.0)
      System.Runtime.CompilerServices.Unsafe (>= 6.0)
      System.Text.Encoding.CodePages (>= 7.0)
      System.Threading.Channels (>= 7.0)
      System.Threading.Tasks.Extensions (>= 4.5.4)
    Microsoft.CodeAnalysis.Analyzers (3.3.4) - restriction: || (&& (== net6.0) (>= net9.0)) (&& (== net6.0-windows7.0) (>= net9.0)) (== net9.0) (&& (== net9.0-windows7.0) (>= net9.0)) (&& (== netstandard2.0) (>= net9.0))
    Microsoft.CodeAnalysis.Common (4.12) - restriction: || (&& (== net6.0) (>= net9.0)) (&& (== net6.0-windows7.0) (>= net9.0)) (== net9.0) (&& (== net9.0-windows7.0) (>= net9.0)) (&& (== netstandard2.0) (>= net9.0))
      Microsoft.CodeAnalysis.Analyzers (>= 3.3.4)
      System.Collections.Immutable (>= 8.0)
      System.Reflection.Metadata (>= 8.0)
    Microsoft.CodeAnalysis.CSharp (4.12) - restriction: || (&& (== net6.0) (>= net8.0)) (&& (== net6.0) (>= net9.0)) (&& (== net6.0-windows7.0) (>= net8.0)) (&& (== net6.0-windows7.0) (>= net9.0)) (== net9.0) (== net9.0-windows7.0) (&& (== netstandard2.0) (>= net8.0)) (&& (== netstandard2.0) (>= net9.0))
      Microsoft.CodeAnalysis.Analyzers (>= 3.3.4)
      Microsoft.CodeAnalysis.Common (4.12)
      System.Collections.Immutable (>= 8.0)
      System.Reflection.Metadata (>= 8.0)
    Microsoft.CodeAnalysis.CSharp.Workspaces (4.12) - restriction: || (&& (== net6.0) (>= net9.0)) (&& (== net6.0-windows7.0) (>= net9.0)) (== net9.0) (&& (== net9.0-windows7.0) (>= net9.0)) (&& (== netstandard2.0) (>= net9.0))
      Humanizer.Core (>= 2.14.1)
      Microsoft.CodeAnalysis.Analyzers (>= 3.3.4)
      Microsoft.CodeAnalysis.Common (4.12)
      Microsoft.CodeAnalysis.CSharp (4.12)
      Microsoft.CodeAnalysis.Workspaces.Common (4.12)
      System.Collections.Immutable (>= 8.0)
      System.Composition (>= 8.0)
      System.IO.Pipelines (>= 8.0)
      System.Reflection.Metadata (>= 8.0)
      System.Threading.Channels (>= 7.0)
    Microsoft.CodeAnalysis.Razor (5.0) - restriction: || (&& (== net6.0) (>= net9.0)) (&& (== net6.0-windows7.0) (>= net9.0)) (== net9.0) (&& (== net9.0-windows7.0) (>= net9.0)) (&& (== netstandard2.0) (>= net9.0))
      Microsoft.AspNetCore.Razor.Language (>= 5.0)
      Microsoft.CodeAnalysis.Common (>= 3.7)
      Microsoft.CodeAnalysis.CSharp (>= 3.7)
    Microsoft.CodeAnalysis.VisualBasic (4.12) - restriction: || (&& (== net6.0) (>= net9.0)) (&& (== net6.0-windows7.0) (>= net9.0)) (== net9.0) (&& (== net9.0-windows7.0) (>= net9.0)) (&& (== netstandard2.0) (>= net9.0))
      Microsoft.CodeAnalysis.Analyzers (>= 3.3.4)
      Microsoft.CodeAnalysis.Common (4.12)
      System.Collections.Immutable (>= 8.0)
      System.Reflection.Metadata (>= 8.0)
    Microsoft.CodeAnalysis.VisualBasic.Workspaces (4.12) - restriction: || (&& (== net6.0) (>= net9.0)) (&& (== net6.0-windows7.0) (>= net9.0)) (== net9.0) (&& (== net9.0-windows7.0) (>= net9.0)) (&& (== netstandard2.0) (>= net9.0))
      Humanizer.Core (>= 2.14.1)
      Microsoft.CodeAnalysis.Analyzers (>= 3.3.4)
      Microsoft.CodeAnalysis.Common (4.12)
      Microsoft.CodeAnalysis.VisualBasic (4.12)
      Microsoft.CodeAnalysis.Workspaces.Common (4.12)
      System.Collections.Immutable (>= 8.0)
      System.Composition (>= 8.0)
      System.IO.Pipelines (>= 8.0)
      System.Reflection.Metadata (>= 8.0)
      System.Threading.Channels (>= 7.0)
    Microsoft.CodeAnalysis.Workspaces.Common (4.12) - restriction: || (&& (== net6.0) (>= net9.0)) (&& (== net6.0-windows7.0) (>= net9.0)) (== net9.0) (&& (== net9.0-windows7.0) (>= net9.0)) (&& (== netstandard2.0) (>= net9.0))
      Humanizer.Core (>= 2.14.1)
      Microsoft.CodeAnalysis.Analyzers (>= 3.3.4)
      Microsoft.CodeAnalysis.Common (4.12)
      System.Collections.Immutable (>= 8.0)
      System.Composition (>= 8.0)
      System.IO.Pipelines (>= 8.0)
      System.Reflection.Metadata (>= 8.0)
      System.Threading.Channels (>= 7.0)
    Microsoft.CognitiveServices.Speech (1.23) - restriction: || (&& (== net6.0) (>= net9.0)) (&& (== net6.0-windows7.0) (>= net9.0)) (== net9.0) (&& (== net9.0-windows7.0) (>= net9.0)) (&& (== netstandard2.0) (>= net9.0))
    Microsoft.CSharp (4.7)
    Microsoft.Data.SqlClient (5.2.2)
      Azure.Identity (>= 1.11.4)
      Microsoft.Data.SqlClient.SNI.runtime (>= 5.2)
      Microsoft.Identity.Client (>= 4.61.3)
      Microsoft.IdentityModel.JsonWebTokens (>= 6.35)
      Microsoft.IdentityModel.Protocols.OpenIdConnect (>= 6.35)
      Microsoft.SqlServer.Server (>= 1.0)
      Microsoft.Win32.Registry (>= 5.0) - restriction: || (&& (== net6.0) (< netstandard2.1)) (&& (== net6.0-windows7.0) (< net6.0)) (&& (== net6.0-windows7.0) (< netstandard2.1)) (&& (== net9.0) (< net6.0)) (&& (== net9.0) (< netstandard2.1)) (&& (== net9.0-windows7.0) (< net6.0)) (&& (== net9.0-windows7.0) (< netstandard2.1)) (== netstandard2.0)
      System.Buffers (>= 4.5.1) - restriction: || (&& (== net6.0) (>= net462)) (&& (== net6.0) (< netstandard2.1)) (&& (== net6.0-windows7.0) (>= net462)) (&& (== net6.0-windows7.0) (< netstandard2.1)) (&& (== net9.0) (>= net462)) (&& (== net9.0) (< netstandard2.1)) (&& (== net9.0-windows7.0) (>= net462)) (&& (== net9.0-windows7.0) (< netstandard2.1)) (== netstandard2.0)
      System.Configuration.ConfigurationManager (>= 6.0.1) - restriction: || (== net6.0) (== net6.0-windows7.0) (&& (== net9.0) (>= net462)) (&& (== net9.0) (< net6.0)) (&& (== net9.0) (< net8.0)) (&& (== net9.0) (< netstandard2.1)) (&& (== net9.0-windows7.0) (>= net462)) (&& (== net9.0-windows7.0) (< net6.0)) (&& (== net9.0-windows7.0) (< net8.0)) (&& (== net9.0-windows7.0) (< netstandard2.1)) (== netstandard2.0)
      System.Configuration.ConfigurationManager (>= 8.0) - restriction: || (&& (== net6.0) (>= net8.0)) (&& (== net6.0-windows7.0) (>= net8.0)) (== net9.0) (== net9.0-windows7.0) (&& (== netstandard2.0) (>= net8.0))
      System.Diagnostics.DiagnosticSource (>= 6.0.1) - restriction: || (&& (== net6.0) (< netstandard2.1)) (&& (== net6.0-windows7.0) (< net6.0)) (&& (== net6.0-windows7.0) (< netstandard2.1)) (&& (== net9.0) (< net6.0)) (&& (== net9.0) (< netstandard2.1)) (&& (== net9.0-windows7.0) (< net6.0)) (&& (== net9.0-windows7.0) (< netstandard2.1)) (== netstandard2.0)
      System.Runtime.Caching (>= 6.0) - restriction: || (== net6.0) (== net6.0-windows7.0) (&& (== net9.0) (< net6.0)) (&& (== net9.0) (< net8.0)) (&& (== net9.0) (< netstandard2.1)) (&& (== net9.0-windows7.0) (< net6.0)) (&& (== net9.0-windows7.0) (< net8.0)) (&& (== net9.0-windows7.0) (< netstandard2.1)) (== netstandard2.0)
      System.Runtime.Caching (>= 8.0) - restriction: || (&& (== net6.0) (>= net8.0)) (&& (== net6.0-windows7.0) (>= net8.0)) (== net9.0) (== net9.0-windows7.0) (&& (== netstandard2.0) (>= net8.0))
      System.Runtime.Loader (>= 4.3) - restriction: || (&& (== net6.0) (< netstandard2.1)) (&& (== net6.0-windows7.0) (< net6.0)) (&& (== net6.0-windows7.0) (< netstandard2.1)) (&& (== net9.0) (< net6.0)) (&& (== net9.0) (< netstandard2.1)) (&& (== net9.0-windows7.0) (< net6.0)) (&& (== net9.0-windows7.0) (< netstandard2.1)) (== netstandard2.0)
      System.Security.Cryptography.Cng (>= 5.0) - restriction: || (&& (== net6.0) (< netstandard2.1)) (&& (== net6.0-windows7.0) (< net6.0)) (&& (== net6.0-windows7.0) (< netstandard2.1)) (&& (== net9.0) (< net6.0)) (&& (== net9.0) (< netstandard2.1)) (&& (== net9.0-windows7.0) (< net6.0)) (&& (== net9.0-windows7.0) (< netstandard2.1)) (== netstandard2.0)
      System.Security.Principal.Windows (>= 5.0) - restriction: || (&& (== net6.0) (< netstandard2.1)) (&& (== net6.0-windows7.0) (< net6.0)) (&& (== net6.0-windows7.0) (< netstandard2.1)) (&& (== net9.0) (< net6.0)) (&& (== net9.0) (< netstandard2.1)) (&& (== net9.0-windows7.0) (< net6.0)) (&& (== net9.0-windows7.0) (< netstandard2.1)) (== netstandard2.0)
      System.Text.Encoding.CodePages (>= 6.0) - restriction: || (&& (== net6.0) (< netstandard2.1)) (&& (== net6.0-windows7.0) (< net6.0)) (&& (== net6.0-windows7.0) (< netstandard2.1)) (&& (== net9.0) (< net6.0)) (&& (== net9.0) (< netstandard2.1)) (&& (== net9.0-windows7.0) (< net6.0)) (&& (== net9.0-windows7.0) (< netstandard2.1)) (== netstandard2.0)
      System.Text.Encodings.Web (>= 6.0) - restriction: || (&& (== net6.0) (>= net462)) (&& (== net6.0) (< netstandard2.1)) (&& (== net6.0-windows7.0) (>= net462)) (&& (== net6.0-windows7.0) (< net6.0)) (&& (== net6.0-windows7.0) (< netstandard2.1)) (&& (== net9.0) (>= net462)) (&& (== net9.0) (< net6.0)) (&& (== net9.0) (< netstandard2.1)) (&& (== net9.0-windows7.0) (>= net462)) (&& (== net9.0-windows7.0) (< net6.0)) (&& (== net9.0-windows7.0) (< netstandard2.1)) (== netstandard2.0)
    Microsoft.Data.SqlClient.SNI.runtime (5.2)
    Microsoft.Extensions.Caching.Abstractions (5.0) - restriction: || (&& (== net6.0) (>= net9.0)) (&& (== net6.0-windows7.0) (>= net9.0)) (== net9.0) (&& (== net9.0-windows7.0) (>= net9.0)) (&& (== netstandard2.0) (>= net9.0))
      Microsoft.Extensions.Primitives (>= 5.0)
    Microsoft.Extensions.Caching.Memory (5.0) - restriction: || (&& (== net6.0) (>= net9.0)) (&& (== net6.0-windows7.0) (>= net9.0)) (== net9.0) (&& (== net9.0-windows7.0) (>= net9.0)) (&& (== netstandard2.0) (>= net9.0))
      Microsoft.Extensions.Caching.Abstractions (>= 5.0)
      Microsoft.Extensions.DependencyInjection.Abstractions (>= 5.0)
      Microsoft.Extensions.Logging.Abstractions (>= 5.0)
      Microsoft.Extensions.Options (>= 5.0)
      Microsoft.Extensions.Primitives (>= 5.0)
    Microsoft.Extensions.Configuration (9.0)
      Microsoft.Extensions.Configuration.Abstractions (>= 9.0)
      Microsoft.Extensions.Primitives (>= 9.0)
    Microsoft.Extensions.Configuration.Abstractions (9.0)
      Microsoft.Extensions.Primitives (>= 9.0)
    Microsoft.Extensions.Configuration.Binder (6.0) - restriction: || (&& (== net6.0) (>= net9.0)) (&& (== net6.0-windows7.0) (>= net9.0)) (== net9.0) (&& (== net9.0-windows7.0) (>= net9.0)) (&& (== netstandard2.0) (>= net9.0))
      Microsoft.Extensions.Configuration.Abstractions (>= 6.0)
    Microsoft.Extensions.Configuration.CommandLine (6.0) - restriction: || (&& (== net6.0) (>= net9.0)) (&& (== net6.0-windows7.0) (>= net9.0)) (== net9.0) (&& (== net9.0-windows7.0) (>= net9.0)) (&& (== netstandard2.0) (>= net9.0))
      Microsoft.Extensions.Configuration (>= 6.0)
      Microsoft.Extensions.Configuration.Abstractions (>= 6.0)
    Microsoft.Extensions.Configuration.EnvironmentVariables (6.0) - restriction: || (&& (== net6.0) (>= net9.0)) (&& (== net6.0-windows7.0) (>= net9.0)) (== net9.0) (&& (== net9.0-windows7.0) (>= net9.0)) (&& (== netstandard2.0) (>= net9.0))
      Microsoft.Extensions.Configuration (>= 6.0)
      Microsoft.Extensions.Configuration.Abstractions (>= 6.0)
    Microsoft.Extensions.Configuration.FileExtensions (6.0) - restriction: || (&& (== net6.0) (>= net9.0)) (&& (== net6.0-windows7.0) (>= net9.0)) (== net9.0) (&& (== net9.0-windows7.0) (>= net9.0)) (&& (== netstandard2.0) (>= net9.0))
      Microsoft.Extensions.Configuration (>= 6.0)
      Microsoft.Extensions.Configuration.Abstractions (>= 6.0)
      Microsoft.Extensions.FileProviders.Abstractions (>= 6.0)
      Microsoft.Extensions.FileProviders.Physical (>= 6.0)
      Microsoft.Extensions.Primitives (>= 6.0)
    Microsoft.Extensions.Configuration.Json (6.0) - restriction: || (&& (== net6.0) (>= net9.0)) (&& (== net6.0-windows7.0) (>= net9.0)) (== net9.0) (&& (== net9.0-windows7.0) (>= net9.0)) (&& (== netstandard2.0) (>= net9.0))
      Microsoft.Extensions.Configuration (>= 6.0)
      Microsoft.Extensions.Configuration.Abstractions (>= 6.0)
      Microsoft.Extensions.Configuration.FileExtensions (>= 6.0)
      Microsoft.Extensions.FileProviders.Abstractions (>= 6.0)
      System.Text.Json (>= 6.0)
    Microsoft.Extensions.Configuration.UserSecrets (6.0) - restriction: || (&& (== net6.0) (>= net9.0)) (&& (== net6.0-windows7.0) (>= net9.0)) (== net9.0) (&& (== net9.0-windows7.0) (>= net9.0)) (&& (== netstandard2.0) (>= net9.0))
      Microsoft.Extensions.Configuration.Abstractions (>= 6.0)
      Microsoft.Extensions.Configuration.Json (>= 6.0)
      Microsoft.Extensions.FileProviders.Abstractions (>= 6.0)
      Microsoft.Extensions.FileProviders.Physical (>= 6.0)
    Microsoft.Extensions.DependencyInjection (9.0)
      Microsoft.Bcl.AsyncInterfaces (>= 9.0) - restriction: || (&& (== net6.0) (>= net462)) (&& (== net6.0) (< netstandard2.1)) (&& (== net6.0-windows7.0) (>= net462)) (&& (== net6.0-windows7.0) (< netstandard2.1)) (&& (== net9.0) (>= net462)) (&& (== net9.0) (< netstandard2.1)) (&& (== net9.0-windows7.0) (>= net462)) (&& (== net9.0-windows7.0) (< netstandard2.1)) (== netstandard2.0)
      Microsoft.Extensions.DependencyInjection.Abstractions (>= 9.0)
      System.Threading.Tasks.Extensions (>= 4.5.4) - restriction: || (&& (== net6.0) (>= net462)) (&& (== net6.0) (< netstandard2.1)) (&& (== net6.0-windows7.0) (>= net462)) (&& (== net6.0-windows7.0) (< netstandard2.1)) (&& (== net9.0) (>= net462)) (&& (== net9.0) (< netstandard2.1)) (&& (== net9.0-windows7.0) (>= net462)) (&& (== net9.0-windows7.0) (< netstandard2.1)) (== netstandard2.0)
    Microsoft.Extensions.DependencyInjection.Abstractions (9.0)
      Microsoft.Bcl.AsyncInterfaces (>= 9.0) - restriction: || (&& (== net6.0) (>= net462)) (&& (== net6.0) (< netstandard2.1)) (&& (== net6.0-windows7.0) (>= net462)) (&& (== net6.0-windows7.0) (< netstandard2.1)) (&& (== net9.0) (>= net462)) (&& (== net9.0) (< netstandard2.1)) (&& (== net9.0-windows7.0) (>= net462)) (&& (== net9.0-windows7.0) (< netstandard2.1)) (== netstandard2.0)
      System.Threading.Tasks.Extensions (>= 4.5.4) - restriction: || (&& (== net6.0) (>= net462)) (&& (== net6.0) (< netstandard2.1)) (&& (== net6.0-windows7.0) (>= net462)) (&& (== net6.0-windows7.0) (< netstandard2.1)) (&& (== net9.0) (>= net462)) (&& (== net9.0) (< netstandard2.1)) (&& (== net9.0-windows7.0) (>= net462)) (&& (== net9.0-windows7.0) (< netstandard2.1)) (== netstandard2.0)
    Microsoft.Extensions.DependencyModel (8.0.2) - restriction: || (&& (== net6.0) (>= net8.0)) (&& (== net6.0) (>= net9.0)) (&& (== net6.0-windows7.0) (>= net8.0)) (&& (== net6.0-windows7.0) (>= net9.0)) (== net9.0) (== net9.0-windows7.0) (&& (== netstandard2.0) (>= net8.0)) (&& (== netstandard2.0) (>= net9.0))
    Microsoft.Extensions.Diagnostics.Abstractions (9.0)
      Microsoft.Extensions.DependencyInjection.Abstractions (>= 9.0)
      Microsoft.Extensions.Options (>= 9.0)
      System.Buffers (>= 4.5.1) - restriction: || (== net6.0) (== net6.0-windows7.0) (&& (== net9.0) (>= net462)) (&& (== net9.0) (< net8.0)) (&& (== net9.0-windows7.0) (>= net462)) (&& (== net9.0-windows7.0) (< net8.0)) (== netstandard2.0)
      System.Diagnostics.DiagnosticSource (>= 9.0) - restriction: || (== net6.0) (== net6.0-windows7.0) (&& (== net9.0) (>= net462)) (&& (== net9.0) (< net8.0)) (== net9.0-windows7.0) (== netstandard2.0)
      System.Memory (>= 4.5.5) - restriction: || (== net6.0) (== net6.0-windows7.0) (&& (== net9.0) (>= net462)) (&& (== net9.0) (< net8.0)) (&& (== net9.0-windows7.0) (>= net462)) (&& (== net9.0-windows7.0) (< net8.0)) (== netstandard2.0)
    Microsoft.Extensions.FileProviders.Abstractions (9.0)
      Microsoft.Extensions.Primitives (>= 9.0)
    Microsoft.Extensions.FileProviders.Physical (6.0) - restriction: || (&& (== net6.0) (>= net9.0)) (&& (== net6.0-windows7.0) (>= net9.0)) (== net9.0) (&& (== net9.0-windows7.0) (>= net9.0)) (&& (== netstandard2.0) (>= net9.0))
      Microsoft.Extensions.FileProviders.Abstractions (>= 6.0)
      Microsoft.Extensions.FileSystemGlobbing (>= 6.0)
      Microsoft.Extensions.Primitives (>= 6.0)
    Microsoft.Extensions.FileSystemGlobbing (6.0) - restriction: || (&& (== net6.0) (>= net9.0)) (&& (== net6.0-windows7.0) (>= net9.0)) (== net9.0) (&& (== net9.0-windows7.0) (>= net9.0)) (&& (== netstandard2.0) (>= net9.0))
    Microsoft.Extensions.Hosting (6.0) - restriction: || (&& (== net6.0) (>= net9.0)) (&& (== net6.0-windows7.0) (>= net9.0)) (== net9.0) (&& (== net9.0-windows7.0) (>= net9.0)) (&& (== netstandard2.0) (>= net9.0))
      Microsoft.Extensions.Configuration (>= 6.0)
      Microsoft.Extensions.Configuration.Abstractions (>= 6.0)
      Microsoft.Extensions.Configuration.Binder (>= 6.0)
      Microsoft.Extensions.Configuration.CommandLine (>= 6.0)
      Microsoft.Extensions.Configuration.EnvironmentVariables (>= 6.0)
      Microsoft.Extensions.Configuration.FileExtensions (>= 6.0)
      Microsoft.Extensions.Configuration.Json (>= 6.0)
      Microsoft.Extensions.Configuration.UserSecrets (>= 6.0)
      Microsoft.Extensions.DependencyInjection (>= 6.0)
      Microsoft.Extensions.DependencyInjection.Abstractions (>= 6.0)
      Microsoft.Extensions.FileProviders.Abstractions (>= 6.0)
      Microsoft.Extensions.FileProviders.Physical (>= 6.0)
      Microsoft.Extensions.Hosting.Abstractions (>= 6.0)
      Microsoft.Extensions.Logging (>= 6.0)
      Microsoft.Extensions.Logging.Abstractions (>= 6.0)
      Microsoft.Extensions.Logging.Configuration (>= 6.0)
      Microsoft.Extensions.Logging.Console (>= 6.0)
      Microsoft.Extensions.Logging.Debug (>= 6.0)
      Microsoft.Extensions.Logging.EventLog (>= 6.0)
      Microsoft.Extensions.Logging.EventSource (>= 6.0)
      Microsoft.Extensions.Options (>= 6.0)
    Microsoft.Extensions.Hosting.Abstractions (9.0)
      Microsoft.Bcl.AsyncInterfaces (>= 9.0) - restriction: || (&& (== net6.0) (>= net462)) (&& (== net6.0) (< netstandard2.1)) (&& (== net6.0-windows7.0) (>= net462)) (&& (== net6.0-windows7.0) (< netstandard2.1)) (&& (== net9.0) (>= net462)) (&& (== net9.0) (< netstandard2.1)) (&& (== net9.0-windows7.0) (>= net462)) (&& (== net9.0-windows7.0) (< netstandard2.1)) (== netstandard2.0)
      Microsoft.Extensions.Configuration.Abstractions (>= 9.0)
      Microsoft.Extensions.DependencyInjection.Abstractions (>= 9.0)
      Microsoft.Extensions.Diagnostics.Abstractions (>= 9.0)
      Microsoft.Extensions.FileProviders.Abstractions (>= 9.0)
      Microsoft.Extensions.Logging.Abstractions (>= 9.0)
      System.Threading.Tasks.Extensions (>= 4.5.4) - restriction: || (&& (== net6.0) (>= net462)) (&& (== net6.0) (< netstandard2.1)) (&& (== net6.0-windows7.0) (>= net462)) (&& (== net6.0-windows7.0) (< netstandard2.1)) (&& (== net9.0) (>= net462)) (&& (== net9.0) (< netstandard2.1)) (&& (== net9.0-windows7.0) (>= net462)) (&& (== net9.0-windows7.0) (< netstandard2.1)) (== netstandard2.0)
    Microsoft.Extensions.Logging (7.0) - restriction: || (&& (== net6.0) (>= net9.0)) (&& (== net6.0-windows7.0) (>= net9.0)) (== net9.0) (&& (== net9.0-windows7.0) (>= net9.0)) (&& (== netstandard2.0) (>= net9.0))
      Microsoft.Extensions.DependencyInjection (>= 7.0)
      Microsoft.Extensions.DependencyInjection.Abstractions (>= 7.0)
      Microsoft.Extensions.Logging.Abstractions (>= 7.0)
      Microsoft.Extensions.Options (>= 7.0)
    Microsoft.Extensions.Logging.Abstractions (9.0)
      Microsoft.Extensions.DependencyInjection.Abstractions (>= 9.0)
      System.Buffers (>= 4.5.1) - restriction: || (== net6.0) (== net6.0-windows7.0) (&& (== net9.0) (>= net462)) (&& (== net9.0) (< net8.0)) (&& (== net9.0-windows7.0) (>= net462)) (&& (== net9.0-windows7.0) (< net8.0)) (== netstandard2.0)
      System.Diagnostics.DiagnosticSource (>= 9.0) - restriction: || (== net6.0) (== net6.0-windows7.0) (&& (== net9.0) (>= net462)) (&& (== net9.0) (< net8.0)) (== net9.0-windows7.0) (== netstandard2.0)
      System.Memory (>= 4.5.5) - restriction: || (== net6.0) (== net6.0-windows7.0) (&& (== net9.0) (>= net462)) (&& (== net9.0) (< net8.0)) (&& (== net9.0-windows7.0) (>= net462)) (&& (== net9.0-windows7.0) (< net8.0)) (== netstandard2.0)
    Microsoft.Extensions.Logging.Configuration (6.0) - restriction: || (&& (== net6.0) (>= net9.0)) (&& (== net6.0-windows7.0) (>= net9.0)) (== net9.0) (&& (== net9.0-windows7.0) (>= net9.0)) (&& (== netstandard2.0) (>= net9.0))
      Microsoft.Extensions.Configuration (>= 6.0)
      Microsoft.Extensions.Configuration.Abstractions (>= 6.0)
      Microsoft.Extensions.Configuration.Binder (>= 6.0)
      Microsoft.Extensions.DependencyInjection.Abstractions (>= 6.0)
      Microsoft.Extensions.Logging (>= 6.0)
      Microsoft.Extensions.Logging.Abstractions (>= 6.0)
      Microsoft.Extensions.Options (>= 6.0)
      Microsoft.Extensions.Options.ConfigurationExtensions (>= 6.0)
    Microsoft.Extensions.Logging.Console (6.0) - restriction: || (&& (== net6.0) (>= net9.0)) (&& (== net6.0-windows7.0) (>= net9.0)) (== net9.0) (&& (== net9.0-windows7.0) (>= net9.0)) (&& (== netstandard2.0) (>= net9.0))
      Microsoft.Extensions.DependencyInjection.Abstractions (>= 6.0)
      Microsoft.Extensions.Logging (>= 6.0)
      Microsoft.Extensions.Logging.Abstractions (>= 6.0)
      Microsoft.Extensions.Logging.Configuration (>= 6.0)
      Microsoft.Extensions.Options (>= 6.0)
      System.Text.Json (>= 6.0)
    Microsoft.Extensions.Logging.Debug (6.0) - restriction: || (&& (== net6.0) (>= net9.0)) (&& (== net6.0-windows7.0) (>= net9.0)) (== net9.0) (&& (== net9.0-windows7.0) (>= net9.0)) (&& (== netstandard2.0) (>= net9.0))
      Microsoft.Extensions.DependencyInjection.Abstractions (>= 6.0)
      Microsoft.Extensions.Logging (>= 6.0)
      Microsoft.Extensions.Logging.Abstractions (>= 6.0)
    Microsoft.Extensions.Logging.EventLog (6.0) - restriction: || (&& (== net6.0) (>= net9.0)) (&& (== net6.0-windows7.0) (>= net9.0)) (== net9.0) (&& (== net9.0-windows7.0) (>= net9.0)) (&& (== netstandard2.0) (>= net9.0))
      Microsoft.Extensions.DependencyInjection.Abstractions (>= 6.0)
      Microsoft.Extensions.Logging (>= 6.0)
      Microsoft.Extensions.Logging.Abstractions (>= 6.0)
      Microsoft.Extensions.Options (>= 6.0)
      System.Diagnostics.EventLog (>= 6.0)
    Microsoft.Extensions.Logging.EventSource (6.0) - restriction: || (&& (== net6.0) (>= net9.0)) (&& (== net6.0-windows7.0) (>= net9.0)) (== net9.0) (&& (== net9.0-windows7.0) (>= net9.0)) (&& (== netstandard2.0) (>= net9.0))
      Microsoft.Extensions.DependencyInjection.Abstractions (>= 6.0)
      Microsoft.Extensions.Logging (>= 6.0)
      Microsoft.Extensions.Logging.Abstractions (>= 6.0)
      Microsoft.Extensions.Options (>= 6.0)
      Microsoft.Extensions.Primitives (>= 6.0)
      System.Runtime.CompilerServices.Unsafe (>= 6.0)
      System.Text.Json (>= 6.0)
    Microsoft.Extensions.ObjectPool (8.0.10) - restriction: || (&& (== net6.0) (>= net8.0)) (&& (== net6.0-windows7.0) (>= net8.0)) (== net9.0) (== net9.0-windows7.0) (&& (== netstandard2.0) (>= net8.0))
    Microsoft.Extensions.Options (9.0)
      Microsoft.Extensions.DependencyInjection.Abstractions (>= 9.0)
      Microsoft.Extensions.Primitives (>= 9.0)
      System.ComponentModel.Annotations (>= 5.0) - restriction: || (== net6.0) (== net6.0-windows7.0) (&& (== net9.0) (< net8.0)) (&& (== net9.0) (< netstandard2.1)) (&& (== net9.0-windows7.0) (< net8.0)) (&& (== net9.0-windows7.0) (< netstandard2.1)) (== netstandard2.0)
    Microsoft.Extensions.Options.ConfigurationExtensions (6.0) - restriction: || (&& (== net6.0) (>= net9.0)) (&& (== net6.0-windows7.0) (>= net9.0)) (== net9.0) (&& (== net9.0-windows7.0) (>= net9.0)) (&& (== netstandard2.0) (>= net9.0))
      Microsoft.Extensions.Configuration.Abstractions (>= 6.0)
      Microsoft.Extensions.Configuration.Binder (>= 6.0)
      Microsoft.Extensions.DependencyInjection.Abstractions (>= 6.0)
      Microsoft.Extensions.Options (>= 6.0)
      Microsoft.Extensions.Primitives (>= 6.0)
    Microsoft.Extensions.Primitives (9.0)
      System.Memory (>= 4.5.5) - restriction: || (== net6.0) (== net6.0-windows7.0) (&& (== net9.0) (>= net462)) (&& (== net9.0) (< net8.0)) (&& (== net9.0-windows7.0) (>= net462)) (&& (== net9.0-windows7.0) (< net8.0)) (== netstandard2.0)
      System.Runtime.CompilerServices.Unsafe (>= 6.0) - restriction: || (== net6.0) (== net6.0-windows7.0) (&& (== net9.0) (>= net462)) (&& (== net9.0) (< net8.0)) (&& (== net9.0-windows7.0) (>= net462)) (&& (== net9.0-windows7.0) (< net8.0)) (== netstandard2.0)
    Microsoft.ICU.ICU4C.Runtime (72.1.0.3) - restriction: || (&& (== net6.0) (>= net8.0)) (&& (== net6.0-windows7.0) (>= net8.0)) (== net9.0) (== net9.0-windows7.0) (&& (== netstandard2.0) (>= net8.0))
      Microsoft.ICU.ICU4C.Runtime.linux-arm64 (>= 72.1.0.3)
      Microsoft.ICU.ICU4C.Runtime.linux-x64 (>= 72.1.0.3)
      Microsoft.ICU.ICU4C.Runtime.win-arm64 (>= 72.1.0.3)
      Microsoft.ICU.ICU4C.Runtime.win-x64 (>= 72.1.0.3)
      Microsoft.ICU.ICU4C.Runtime.win-x86 (>= 72.1.0.3)
    Microsoft.ICU.ICU4C.Runtime.linux-arm64 (72.1.0.3) - restriction: || (&& (== net6.0) (>= net8.0)) (&& (== net6.0-windows7.0) (>= net8.0)) (== net9.0) (== net9.0-windows7.0) (&& (== netstandard2.0) (>= net8.0))
    Microsoft.ICU.ICU4C.Runtime.linux-x64 (72.1.0.3) - restriction: || (&& (== net6.0) (>= net8.0)) (&& (== net6.0-windows7.0) (>= net8.0)) (== net9.0) (== net9.0-windows7.0) (&& (== netstandard2.0) (>= net8.0))
    Microsoft.ICU.ICU4C.Runtime.win-arm64 (72.1.0.3) - restriction: || (&& (== net6.0) (>= net8.0)) (&& (== net6.0-windows7.0) (>= net8.0)) (== net9.0) (== net9.0-windows7.0) (&& (== netstandard2.0) (>= net8.0))
    Microsoft.ICU.ICU4C.Runtime.win-x64 (72.1.0.3) - restriction: || (&& (== net6.0) (>= net8.0)) (&& (== net6.0-windows7.0) (>= net8.0)) (== net9.0) (== net9.0-windows7.0) (&& (== netstandard2.0) (>= net8.0))
    Microsoft.ICU.ICU4C.Runtime.win-x86 (72.1.0.3) - restriction: || (&& (== net6.0) (>= net8.0)) (&& (== net6.0-windows7.0) (>= net8.0)) (== net9.0) (== net9.0-windows7.0) (&& (== netstandard2.0) (>= net8.0))
    Microsoft.Identity.Client (4.61.3)
      Microsoft.IdentityModel.Abstractions (>= 6.35)
      System.Diagnostics.DiagnosticSource (>= 6.0.1)
    Microsoft.Identity.Client.Extensions.Msal (4.61.3)
      Microsoft.Identity.Client (>= 4.61.3)
      System.IO.FileSystem.AccessControl (>= 5.0) - restriction: || (&& (== net6.0-windows7.0) (< net6.0)) (&& (== net9.0) (< net6.0)) (&& (== net9.0-windows7.0) (< net6.0)) (== netstandard2.0)
      System.Security.Cryptography.ProtectedData (>= 4.5)
    Microsoft.IdentityModel.Abstractions (6.35)
    Microsoft.IdentityModel.JsonWebTokens (6.35)
      Microsoft.IdentityModel.Tokens (>= 6.35)
      System.Text.Encoding (>= 4.3)
      System.Text.Encodings.Web (>= 4.7.2)
      System.Text.Json (>= 4.7.2)
    Microsoft.IdentityModel.Logging (6.35)
      Microsoft.IdentityModel.Abstractions (>= 6.35)
    Microsoft.IdentityModel.Protocols (6.35)
      Microsoft.IdentityModel.Logging (>= 6.35)
      Microsoft.IdentityModel.Tokens (>= 6.35)
    Microsoft.IdentityModel.Protocols.OpenIdConnect (6.35)
      Microsoft.IdentityModel.Protocols (>= 6.35)
      System.IdentityModel.Tokens.Jwt (>= 6.35)
      System.Text.Encoding (>= 4.3) - restriction: || (&& (== net6.0) (>= net461) (< netstandard2.0)) (&& (== net6.0) (>= net462)) (&& (== net6.0-windows7.0) (>= net461) (< netstandard2.0)) (&& (== net6.0-windows7.0) (>= net462)) (&& (== net6.0-windows7.0) (< net6.0)) (&& (== net9.0) (>= net461) (< netstandard2.0)) (&& (== net9.0) (>= net462)) (&& (== net9.0) (< net6.0)) (&& (== net9.0-windows7.0) (>= net461) (< netstandard2.0)) (&& (== net9.0-windows7.0) (>= net462)) (&& (== net9.0-windows7.0) (< net6.0)) (== netstandard2.0)
      System.Text.Encodings.Web (>= 4.7.2) - restriction: || (&& (== net6.0) (>= net461) (< netstandard2.0)) (&& (== net6.0) (>= net462)) (&& (== net6.0-windows7.0) (>= net461) (< netstandard2.0)) (&& (== net6.0-windows7.0) (>= net462)) (&& (== net6.0-windows7.0) (< net6.0)) (&& (== net9.0) (>= net461) (< netstandard2.0)) (&& (== net9.0) (>= net462)) (&& (== net9.0) (< net6.0)) (&& (== net9.0-windows7.0) (>= net461) (< netstandard2.0)) (&& (== net9.0-windows7.0) (>= net462)) (&& (== net9.0-windows7.0) (< net6.0)) (== netstandard2.0)
      System.Text.Json (>= 4.7.2) - restriction: || (&& (== net6.0) (>= net461) (< netstandard2.0)) (&& (== net6.0) (>= net462)) (&& (== net6.0-windows7.0) (>= net461) (< netstandard2.0)) (&& (== net6.0-windows7.0) (>= net462)) (&& (== net6.0-windows7.0) (< net6.0)) (&& (== net9.0) (>= net461) (< netstandard2.0)) (&& (== net9.0) (>= net462)) (&& (== net9.0) (< net6.0)) (&& (== net9.0-windows7.0) (>= net461) (< netstandard2.0)) (&& (== net9.0-windows7.0) (>= net462)) (&& (== net9.0-windows7.0) (< net6.0)) (== netstandard2.0)
    Microsoft.IdentityModel.Tokens (6.35)
      Microsoft.CSharp (>= 4.5)
      Microsoft.IdentityModel.Logging (>= 6.35)
      System.Security.Cryptography.Cng (>= 4.5)
      System.Text.Encoding (>= 4.3) - restriction: || (&& (== net6.0) (>= net461) (< netstandard2.0)) (&& (== net6.0) (>= net462)) (&& (== net6.0-windows7.0) (>= net461) (< netstandard2.0)) (&& (== net6.0-windows7.0) (>= net462)) (&& (== net6.0-windows7.0) (< net6.0)) (&& (== net9.0) (>= net461) (< netstandard2.0)) (&& (== net9.0) (>= net462)) (&& (== net9.0) (< net6.0)) (&& (== net9.0-windows7.0) (>= net461) (< netstandard2.0)) (&& (== net9.0-windows7.0) (>= net462)) (&& (== net9.0-windows7.0) (< net6.0)) (== netstandard2.0)
      System.Text.Encodings.Web (>= 4.7.2) - restriction: || (&& (== net6.0) (>= net461) (< netstandard2.0)) (&& (== net6.0) (>= net462)) (&& (== net6.0-windows7.0) (>= net461) (< netstandard2.0)) (&& (== net6.0-windows7.0) (>= net462)) (&& (== net6.0-windows7.0) (< net6.0)) (&& (== net9.0) (>= net461) (< netstandard2.0)) (&& (== net9.0) (>= net462)) (&& (== net9.0) (< net6.0)) (&& (== net9.0-windows7.0) (>= net461) (< netstandard2.0)) (&& (== net9.0-windows7.0) (>= net462)) (&& (== net9.0-windows7.0) (< net6.0)) (== netstandard2.0)
      System.Text.Json (>= 4.7.2) - restriction: || (&& (== net6.0) (>= net461) (< netstandard2.0)) (&& (== net6.0) (>= net462)) (&& (== net6.0-windows7.0) (>= net461) (< netstandard2.0)) (&& (== net6.0-windows7.0) (>= net462)) (&& (== net6.0-windows7.0) (< net6.0)) (&& (== net9.0) (>= net461) (< netstandard2.0)) (&& (== net9.0) (>= net462)) (&& (== net9.0) (< net6.0)) (&& (== net9.0-windows7.0) (>= net461) (< netstandard2.0)) (&& (== net9.0-windows7.0) (>= net462)) (&& (== net9.0-windows7.0) (< net6.0)) (== netstandard2.0)
    Microsoft.Net.Http.Headers (9.0) - restriction: || (&& (== net6.0) (>= net9.0)) (&& (== net6.0-windows7.0) (>= net9.0)) (== net9.0) (&& (== net9.0-windows7.0) (>= net9.0)) (&& (== netstandard2.0) (>= net9.0))
      Microsoft.Extensions.Primitives (>= 9.0) - restriction: || (&& (== net6.0) (>= net9.0)) (&& (== net6.0-windows7.0) (>= net9.0)) (== net9.0) (&& (== net9.0-windows7.0) (>= net9.0)) (&& (== netstandard2.0) (>= net9.0))
    Microsoft.NET.StringTools (17.6.3) - restriction: || (&& (== net6.0) (>= net8.0)) (&& (== net6.0-windows7.0) (>= net8.0)) (== net9.0) (== net9.0-windows7.0) (&& (== netstandard2.0) (>= net8.0))
    Microsoft.NETCore.Platforms (7.0.4)
    Microsoft.NETCore.Targets (1.1.3)
    Microsoft.SqlServer.Server (1.0)
    Microsoft.Win32.Registry (5.0)
      System.Buffers (>= 4.5.1) - restriction: || (&& (== net6.0) (>= monoandroid) (< netstandard1.3)) (&& (== net6.0) (>= monotouch)) (&& (== net6.0) (< netcoreapp2.0)) (&& (== net6.0) (>= xamarinios)) (&& (== net6.0) (>= xamarinmac)) (&& (== net6.0) (>= xamarintvos)) (&& (== net6.0) (>= xamarinwatchos)) (&& (== net6.0-windows7.0) (>= monoandroid) (< netstandard1.3)) (&& (== net6.0-windows7.0) (>= monotouch)) (&& (== net6.0-windows7.0) (< netcoreapp2.0)) (&& (== net6.0-windows7.0) (>= xamarinios)) (&& (== net6.0-windows7.0) (>= xamarinmac)) (&& (== net6.0-windows7.0) (>= xamarintvos)) (&& (== net6.0-windows7.0) (>= xamarinwatchos)) (&& (== net9.0) (>= monoandroid) (< netstandard1.3)) (&& (== net9.0) (>= monotouch)) (&& (== net9.0) (< netcoreapp2.0)) (&& (== net9.0) (>= xamarinios)) (&& (== net9.0) (>= xamarinmac)) (&& (== net9.0) (>= xamarintvos)) (&& (== net9.0) (>= xamarinwatchos)) (&& (== net9.0-windows7.0) (>= monoandroid) (< netstandard1.3)) (&& (== net9.0-windows7.0) (>= monotouch)) (&& (== net9.0-windows7.0) (< netcoreapp2.0)) (&& (== net9.0-windows7.0) (>= xamarinios)) (&& (== net9.0-windows7.0) (>= xamarinmac)) (&& (== net9.0-windows7.0) (>= xamarintvos)) (&& (== net9.0-windows7.0) (>= xamarinwatchos)) (== netstandard2.0)
      System.Memory (>= 4.5.4) - restriction: || (&& (== net6.0) (< netcoreapp2.0)) (&& (== net6.0) (< netcoreapp2.1)) (&& (== net6.0) (>= uap10.1)) (&& (== net6.0-windows7.0) (< netcoreapp2.0)) (&& (== net6.0-windows7.0) (< netcoreapp2.1)) (&& (== net6.0-windows7.0) (>= uap10.1)) (&& (== net9.0) (< netcoreapp2.0)) (&& (== net9.0) (< netcoreapp2.1)) (&& (== net9.0) (>= uap10.1)) (&& (== net9.0-windows7.0) (< netcoreapp2.0)) (&& (== net9.0-windows7.0) (< netcoreapp2.1)) (&& (== net9.0-windows7.0) (>= uap10.1)) (== netstandard2.0)
      System.Security.AccessControl (>= 5.0)
      System.Security.Principal.Windows (>= 5.0)
    Microsoft.Win32.SystemEvents (9.0) - restriction: || (&& (== net6.0) (>= net8.0)) (&& (== net6.0-windows7.0) (>= net8.0)) (== net9.0) (== net9.0-windows7.0) (&& (== netstandard2.0) (>= net8.0))
    Mono.Cecil (0.11.5)
    NAudio (2.1) - restriction: || (&& (== net6.0) (>= net9.0)) (&& (== net6.0-windows7.0) (>= net9.0)) (== net9.0) (&& (== net9.0-windows7.0) (>= net9.0)) (&& (== netstandard2.0) (>= net9.0))
      NAudio.Asio (>= 2.1) - restriction: || (== net6.0) (== net6.0-windows7.0) (== net9.0) (== net9.0-windows7.0) (&& (== netstandard2.0) (>= net472)) (&& (== netstandard2.0) (>= netcoreapp3.1))
      NAudio.Core (>= 2.1) - restriction: || (== net6.0) (== net6.0-windows7.0) (== net9.0) (== net9.0-windows7.0) (&& (== netstandard2.0) (>= net472)) (&& (== netstandard2.0) (>= netcoreapp3.1))
      NAudio.Midi (>= 2.1) - restriction: || (== net6.0) (== net6.0-windows7.0) (== net9.0) (== net9.0-windows7.0) (&& (== netstandard2.0) (>= net472)) (&& (== netstandard2.0) (>= netcoreapp3.1))
      NAudio.Wasapi (>= 2.1) - restriction: || (== net6.0) (== net6.0-windows7.0) (== net9.0) (== net9.0-windows7.0) (&& (== netstandard2.0) (>= net472)) (&& (== netstandard2.0) (>= netcoreapp3.1))
      NAudio.WinMM (>= 2.1) - restriction: || (== net6.0) (== net6.0-windows7.0) (== net9.0) (== net9.0-windows7.0) (&& (== netstandard2.0) (>= net472)) (&& (== netstandard2.0) (>= netcoreapp3.1))
    NAudio.Asio (2.1) - restriction: || (&& (== net6.0) (>= net9.0)) (&& (== net6.0-windows7.0) (>= net9.0)) (== net9.0) (&& (== net9.0-windows7.0) (>= net9.0)) (&& (== netstandard2.0) (>= net9.0))
      Microsoft.Win32.Registry (>= 4.7)
      NAudio.Core (>= 2.1)
    NAudio.Core (2.1) - restriction: || (&& (== net6.0) (>= net9.0)) (&& (== net6.0-windows7.0) (>= net9.0)) (== net9.0) (&& (== net9.0-windows7.0) (>= net9.0)) (&& (== netstandard2.0) (>= net9.0))
    NAudio.Midi (2.1) - restriction: || (&& (== net6.0) (>= net9.0)) (&& (== net6.0-windows7.0) (>= net9.0)) (== net9.0) (&& (== net9.0-windows7.0) (>= net9.0)) (&& (== netstandard2.0) (>= net9.0))
      NAudio.Core (>= 2.1)
    NAudio.Wasapi (2.1) - restriction: || (&& (== net6.0) (>= net9.0)) (&& (== net6.0-windows7.0) (>= net9.0)) (== net9.0) (&& (== net9.0-windows7.0) (>= net9.0)) (&& (== netstandard2.0) (>= net9.0))
      NAudio.Core (>= 2.1)
    NAudio.WinMM (2.1) - restriction: || (&& (== net6.0) (>= net9.0)) (&& (== net6.0-windows7.0) (>= net9.0)) (== net9.0) (&& (== net9.0-windows7.0) (>= net9.0)) (&& (== netstandard2.0) (>= net9.0))
      Microsoft.Win32.Registry (>= 4.7)
      NAudio.Core (>= 2.1)
    NETStandard.Library (2.0.3) - copy_local: false
      Microsoft.NETCore.Platforms (>= 1.1)
    Newtonsoft.Json (13.0.3) - restriction: || (&& (== net6.0) (>= net9.0)) (&& (== net6.0-windows7.0) (>= net9.0)) (== net9.0) (&& (== net9.0-windows7.0) (>= net9.0)) (&& (== netstandard2.0) (>= net9.0))
    PropertyChanged.Fody (2.6.1) - copy_local: false
      Fody (>= 4.2.1)
      NETStandard.Library (>= 1.6.1)
    RazorEngine (3.10)
    RazorLight (2.0.0-rc.3) - restriction: || (&& (== net6.0) (>= net9.0)) (&& (== net6.0-windows7.0) (>= net9.0)) (== net9.0) (&& (== net9.0-windows7.0) (>= net9.0)) (&& (== netstandard2.0) (>= net9.0))
      Microsoft.AspNetCore.Mvc.Razor.Extensions (>= 5.0) - restriction: || (== net6.0) (== net6.0-windows7.0) (== net9.0) (== net9.0-windows7.0) (&& (== netstandard2.0) (>= net5.0))
      Microsoft.CodeAnalysis.Razor (>= 5.0) - restriction: || (== net6.0) (== net6.0-windows7.0) (== net9.0) (== net9.0-windows7.0) (&& (== netstandard2.0) (>= net5.0))
      Microsoft.Extensions.Caching.Abstractions (>= 5.0) - restriction: || (== net6.0) (== net6.0-windows7.0) (== net9.0) (== net9.0-windows7.0) (&& (== netstandard2.0) (>= net5.0))
      Microsoft.Extensions.Caching.Memory (>= 5.0) - restriction: || (== net6.0) (== net6.0-windows7.0) (== net9.0) (== net9.0-windows7.0) (&& (== netstandard2.0) (>= net5.0))
      Microsoft.Extensions.DependencyInjection (>= 5.0) - restriction: || (== net6.0) (== net6.0-windows7.0) (== net9.0) (== net9.0-windows7.0) (&& (== netstandard2.0) (>= net5.0))
      Microsoft.Extensions.DependencyModel (>= 5.0) - restriction: || (== net6.0) (== net6.0-windows7.0) (== net9.0) (== net9.0-windows7.0) (&& (== netstandard2.0) (>= net5.0))
      Microsoft.Extensions.FileProviders.Physical (>= 5.0) - restriction: || (== net6.0) (== net6.0-windows7.0) (== net9.0) (== net9.0-windows7.0) (&& (== netstandard2.0) (>= net5.0))
      Microsoft.Extensions.Primitives (>= 5.0) - restriction: || (== net6.0) (== net6.0-windows7.0) (== net9.0) (== net9.0-windows7.0) (&& (== netstandard2.0) (>= net5.0))
      System.Buffers (>= 4.5.1) - restriction: || (== net6.0) (== net6.0-windows7.0) (== net9.0) (== net9.0-windows7.0) (&& (== netstandard2.0) (>= net5.0))
    runtime.native.System (4.3)
      Microsoft.NETCore.Platforms (>= 1.1)
      Microsoft.NETCore.Targets (>= 1.1)
    runtime.native.System.Data.SqlClient.sni (4.7) - restriction: || (&& (== net6.0) (>= net9.0)) (&& (== net6.0-windows7.0) (>= net9.0)) (== net9.0) (&& (== net9.0-windows7.0) (>= net9.0)) (&& (== netstandard2.0) (>= net9.0))
      runtime.win-arm64.runtime.native.System.Data.SqlClient.sni (>= 4.4)
      runtime.win-x64.runtime.native.System.Data.SqlClient.sni (>= 4.4)
      runtime.win-x86.runtime.native.System.Data.SqlClient.sni (>= 4.4)
    runtime.native.System.IO.Compression (4.3)
      Microsoft.NETCore.Platforms (>= 1.1)
      Microsoft.NETCore.Targets (>= 1.1)
    runtime.win-arm64.runtime.native.System.Data.SqlClient.sni (4.4) - restriction: || (&& (== net6.0) (>= net9.0)) (&& (== net6.0-windows7.0) (>= net9.0)) (== net9.0) (&& (== net9.0-windows7.0) (>= net9.0)) (&& (== netstandard2.0) (>= net9.0))
    runtime.win-x64.runtime.native.System.Data.SqlClient.sni (4.4) - restriction: || (&& (== net6.0) (>= net9.0)) (&& (== net6.0-windows7.0) (>= net9.0)) (== net9.0) (&& (== net9.0-windows7.0) (>= net9.0)) (&& (== netstandard2.0) (>= net9.0))
    runtime.win-x86.runtime.native.System.Data.SqlClient.sni (4.4) - restriction: || (&& (== net6.0) (>= net9.0)) (&& (== net6.0-windows7.0) (>= net9.0)) (== net9.0) (&& (== net9.0-windows7.0) (>= net9.0)) (&& (== netstandard2.0) (>= net9.0))
    Selenium.Support (4.4) - restriction: || (&& (== net6.0) (>= net9.0)) (&& (== net6.0-windows7.0) (>= net9.0)) (== net9.0) (&& (== net9.0-windows7.0) (>= net9.0)) (&& (== netstandard2.0) (>= net9.0))
      Selenium.WebDriver (>= 4.4)
    Selenium.WebDriver (4.4) - restriction: || (&& (== net6.0) (>= net9.0)) (&& (== net6.0-windows7.0) (>= net9.0)) (== net9.0) (&& (== net9.0-windows7.0) (>= net9.0)) (&& (== netstandard2.0) (>= net9.0))
      Newtonsoft.Json (>= 13.0.1)
    Serialize.Linq (2.0) - restriction: || (&& (== net6.0) (>= net9.0)) (&& (== net6.0-windows7.0) (>= net9.0)) (== net9.0) (&& (== net9.0-windows7.0) (>= net9.0)) (&& (== netstandard2.0) (>= net9.0))
    SharpZipLib (1.4.2)
      System.Memory (>= 4.5.4) - restriction: || (&& (== net6.0) (< netstandard2.1)) (&& (== net6.0-windows7.0) (< netstandard2.1)) (&& (== net9.0) (< netstandard2.1)) (&& (== net9.0-windows7.0) (< netstandard2.1)) (== netstandard2.0)
      System.Threading.Tasks.Extensions (>= 4.5.2) - restriction: || (&& (== net6.0) (< netstandard2.1)) (&& (== net6.0-windows7.0) (< netstandard2.1)) (&& (== net9.0) (< netstandard2.1)) (&& (== net9.0-windows7.0) (< netstandard2.1)) (== netstandard2.0)
    SkiaSharp (2.88.7) - restriction: || (&& (== net6.0) (>= net8.0)) (&& (== net6.0-windows7.0) (>= net8.0)) (== net9.0) (== net9.0-windows7.0) (&& (== netstandard2.0) (>= net8.0))
      SkiaSharp.NativeAssets.macOS (>= 2.88.7)
      SkiaSharp.NativeAssets.Win32 (>= 2.88.7)
    SkiaSharp.HarfBuzz (2.88.7) - restriction: || (&& (== net6.0) (>= net8.0)) (&& (== net6.0-windows7.0) (>= net8.0)) (== net9.0) (== net9.0-windows7.0) (&& (== netstandard2.0) (>= net8.0))
      HarfBuzzSharp (>= 7.3.0.1)
      SkiaSharp (>= 2.88.7)
    SkiaSharp.NativeAssets.Linux (2.88.7) - restriction: || (&& (== net6.0) (>= net8.0)) (&& (== net6.0-windows7.0) (>= net8.0)) (== net9.0) (== net9.0-windows7.0) (&& (== netstandard2.0) (>= net8.0))
      SkiaSharp (>= 2.88.7)
    SkiaSharp.NativeAssets.macOS (2.88.7) - restriction: || (&& (== net6.0) (>= net8.0)) (&& (== net6.0-windows7.0) (>= net8.0)) (== net9.0) (== net9.0-windows7.0) (&& (== netstandard2.0) (>= net8.0))
    SkiaSharp.NativeAssets.Win32 (2.88.7) - restriction: || (&& (== net6.0) (>= net8.0)) (&& (== net6.0-windows7.0) (>= net8.0)) (== net9.0) (== net9.0-windows7.0) (&& (== netstandard2.0) (>= net8.0))
    System.Buffers (4.6)
    System.ClientModel (1.0)
      System.Memory.Data (>= 1.0.2)
      System.Text.Json (>= 4.7.2)
    System.CodeDom (9.0)
    System.Collections (4.3)
      Microsoft.NETCore.Platforms (>= 1.1)
      Microsoft.NETCore.Targets (>= 1.1)
      System.Runtime (>= 4.3)
    System.Collections.Concurrent (4.3) - restriction: || (&& (== net6.0) (>= net9.0)) (&& (== net6.0-windows7.0) (>= net9.0)) (== net9.0) (&& (== net9.0-windows7.0) (>= net9.0)) (&& (== netstandard2.0) (>= net9.0))
      System.Collections (>= 4.3)
      System.Diagnostics.Debug (>= 4.3)
      System.Diagnostics.Tracing (>= 4.3)
      System.Globalization (>= 4.3)
      System.Reflection (>= 4.3)
      System.Resources.ResourceManager (>= 4.3)
      System.Runtime (>= 4.3)
      System.Runtime.Extensions (>= 4.3)
      System.Threading (>= 4.3)
      System.Threading.Tasks (>= 4.3)
    System.Collections.Immutable (9.0)
      System.Memory (>= 4.5.5) - restriction: || (== net6.0) (== net6.0-windows7.0) (&& (== net9.0) (>= net462)) (&& (== net9.0) (< net8.0)) (&& (== net9.0-windows7.0) (>= net462)) (&& (== net9.0-windows7.0) (< net8.0)) (== netstandard2.0)
      System.Runtime.CompilerServices.Unsafe (>= 6.0) - restriction: || (== net6.0) (== net6.0-windows7.0) (&& (== net9.0) (>= net462)) (&& (== net9.0) (< net8.0)) (&& (== net9.0-windows7.0) (>= net462)) (&& (== net9.0-windows7.0) (< net8.0)) (== netstandard2.0)
    System.ComponentModel.Annotations (5.0)
    System.Composition (8.0) - restriction: || (&& (== net6.0) (>= net9.0)) (&& (== net6.0-windows7.0) (>= net9.0)) (== net9.0) (&& (== net9.0-windows7.0) (>= net9.0)) (&& (== netstandard2.0) (>= net9.0))
      System.Composition.AttributedModel (>= 8.0)
      System.Composition.Convention (>= 8.0)
      System.Composition.Hosting (>= 8.0)
      System.Composition.Runtime (>= 8.0)
      System.Composition.TypedParts (>= 8.0)
    System.Composition.AttributedModel (8.0) - restriction: || (&& (== net6.0) (>= net9.0)) (&& (== net6.0-windows7.0) (>= net9.0)) (== net9.0) (&& (== net9.0-windows7.0) (>= net9.0)) (&& (== netstandard2.0) (>= net9.0))
    System.Composition.Convention (8.0) - restriction: || (&& (== net6.0) (>= net9.0)) (&& (== net6.0-windows7.0) (>= net9.0)) (== net9.0) (&& (== net9.0-windows7.0) (>= net9.0)) (&& (== netstandard2.0) (>= net9.0))
      System.Composition.AttributedModel (>= 8.0)
    System.Composition.Hosting (8.0) - restriction: || (&& (== net6.0) (>= net9.0)) (&& (== net6.0-windows7.0) (>= net9.0)) (== net9.0) (&& (== net9.0-windows7.0) (>= net9.0)) (&& (== netstandard2.0) (>= net9.0))
      System.Composition.Runtime (>= 8.0)
    System.Composition.Runtime (8.0) - restriction: || (&& (== net6.0) (>= net9.0)) (&& (== net6.0-windows7.0) (>= net9.0)) (== net9.0) (&& (== net9.0-windows7.0) (>= net9.0)) (&& (== netstandard2.0) (>= net9.0))
    System.Composition.TypedParts (8.0) - restriction: || (&& (== net6.0) (>= net9.0)) (&& (== net6.0-windows7.0) (>= net9.0)) (== net9.0) (&& (== net9.0-windows7.0) (>= net9.0)) (&& (== netstandard2.0) (>= net9.0))
      System.Composition.AttributedModel (>= 8.0)
      System.Composition.Hosting (>= 8.0)
      System.Composition.Runtime (>= 8.0)
    System.Configuration.ConfigurationManager (9.0)
      System.Diagnostics.EventLog (>= 9.0) - restriction: || (&& (== net6.0) (>= net8.0)) (&& (== net6.0-windows7.0) (>= net8.0)) (== net9.0) (== net9.0-windows7.0) (&& (== netstandard2.0) (>= net8.0))
      System.Security.Cryptography.ProtectedData (>= 9.0)
    System.Data.OleDb (9.0)
      System.Configuration.ConfigurationManager (>= 9.0) - restriction: || (&& (== net6.0) (>= net8.0)) (&& (== net6.0-windows7.0) (>= net8.0)) (== net9.0) (== net9.0-windows7.0) (&& (== netstandard2.0) (>= net8.0))
      System.Diagnostics.PerformanceCounter (>= 9.0) - restriction: || (&& (== net6.0) (>= net8.0)) (&& (== net6.0-windows7.0) (>= net8.0)) (== net9.0) (== net9.0-windows7.0) (&& (== netstandard2.0) (>= net8.0))
    System.Data.SqlClient (4.8.6) - restriction: || (&& (== net6.0) (>= net8.0)) (&& (== net6.0) (>= net9.0)) (&& (== net6.0-windows7.0) (>= net8.0)) (&& (== net6.0-windows7.0) (>= net9.0)) (== net9.0) (== net9.0-windows7.0) (&& (== netstandard2.0) (>= net8.0)) (&& (== netstandard2.0) (>= net9.0))
      Microsoft.Win32.Registry (>= 4.7)
      runtime.native.System.Data.SqlClient.sni (>= 4.7)
      System.Security.Principal.Windows (>= 4.7)
    System.Diagnostics.Debug (4.3)
      Microsoft.NETCore.Platforms (>= 1.1)
      Microsoft.NETCore.Targets (>= 1.1)
      System.Runtime (>= 4.3)
    System.Diagnostics.DiagnosticSource (9.0)
      System.Memory (>= 4.5.5) - restriction: || (== net6.0) (== net6.0-windows7.0) (&& (== net9.0) (>= net462)) (&& (== net9.0) (< net8.0)) (&& (== net9.0-windows7.0) (>= net462)) (&& (== net9.0-windows7.0) (< net8.0)) (== netstandard2.0)
      System.Runtime.CompilerServices.Unsafe (>= 6.0) - restriction: || (== net6.0) (== net6.0-windows7.0) (&& (== net9.0) (>= net462)) (&& (== net9.0) (< net8.0)) (&& (== net9.0-windows7.0) (>= net462)) (&& (== net9.0-windows7.0) (< net8.0)) (== netstandard2.0)
    System.Diagnostics.EventLog (9.0) - restriction: || (&& (== net6.0) (>= net8.0)) (&& (== net6.0) (>= net9.0)) (&& (== net6.0-windows7.0) (>= net8.0)) (&& (== net6.0-windows7.0) (>= net9.0)) (== net9.0) (== net9.0-windows7.0) (&& (== netstandard2.0) (>= net8.0)) (&& (== netstandard2.0) (>= net9.0))
    System.Diagnostics.FileVersionInfo (4.3)
      Microsoft.NETCore.Platforms (>= 1.1)
      System.Globalization (>= 4.3)
      System.IO (>= 4.3)
      System.IO.FileSystem (>= 4.3)
      System.IO.FileSystem.Primitives (>= 4.3)
      System.Reflection.Metadata (>= 1.4.1)
      System.Runtime (>= 4.3)
      System.Runtime.Extensions (>= 4.3)
      System.Runtime.InteropServices (>= 4.3)
    System.Diagnostics.PerformanceCounter (9.0) - restriction: || (&& (== net6.0) (>= net8.0)) (&& (== net6.0) (>= net9.0)) (&& (== net6.0-windows7.0) (>= net8.0)) (&& (== net6.0-windows7.0) (>= net9.0)) (== net9.0) (== net9.0-windows7.0) (&& (== netstandard2.0) (>= net8.0)) (&& (== netstandard2.0) (>= net9.0))
      System.Configuration.ConfigurationManager (>= 9.0) - restriction: || (&& (== net6.0) (>= net8.0)) (&& (== net6.0-windows7.0) (>= net8.0)) (== net9.0) (== net9.0-windows7.0) (&& (== netstandard2.0) (>= net8.0))
    System.Diagnostics.Tools (4.3)
      Microsoft.NETCore.Platforms (>= 1.1)
      Microsoft.NETCore.Targets (>= 1.1)
      System.Runtime (>= 4.3)
    System.Diagnostics.Tracing (4.3) - restriction: || (&& (== net6.0) (>= net9.0)) (&& (== net6.0-windows7.0) (>= net9.0)) (== net9.0) (&& (== net9.0-windows7.0) (>= net9.0)) (&& (== netstandard2.0) (>= net9.0))
      Microsoft.NETCore.Platforms (>= 1.1)
      Microsoft.NETCore.Targets (>= 1.1)
      System.Runtime (>= 4.3)
    System.Drawing.Common (9.0)
      Microsoft.Win32.SystemEvents (>= 9.0) - restriction: || (&& (== net6.0) (>= net8.0)) (&& (== net6.0-windows7.0) (>= net8.0)) (== net9.0) (== net9.0-windows7.0) (&& (== netstandard2.0) (>= net8.0))
    System.Formats.Asn1 (9.0)
    System.Formats.Nrbf (9.0)
      Microsoft.Bcl.HashCode (>= 1.1.1) - restriction: || (== net6.0) (== net6.0-windows7.0) (&& (== net9.0) (>= net462)) (&& (== net9.0) (< net8.0)) (&& (== net9.0-windows7.0) (>= net462)) (&& (== net9.0-windows7.0) (< net8.0)) (== netstandard2.0)
      System.Reflection.Metadata (>= 9.0) - restriction: || (== net6.0) (== net6.0-windows7.0) (&& (== net9.0) (>= net462)) (&& (== net9.0) (< net8.0)) (== net9.0-windows7.0) (== netstandard2.0)
    System.Globalization (4.3)
      Microsoft.NETCore.Platforms (>= 1.1)
      Microsoft.NETCore.Targets (>= 1.1)
      System.Runtime (>= 4.3)
    System.IdentityModel.Tokens.Jwt (6.35)
      Microsoft.IdentityModel.JsonWebTokens (>= 6.35)
      Microsoft.IdentityModel.Tokens (>= 6.35)
    System.Interactive (6.0.1)
    System.Interactive.Async (6.0.1) - restriction: || (&& (== net6.0) (>= net9.0)) (&& (== net6.0-windows7.0) (>= net9.0)) (== net9.0) (&& (== net9.0-windows7.0) (>= net9.0)) (&& (== netstandard2.0) (>= net9.0))
      System.Linq.Async (>= 6.0.1)
    System.IO (4.3)
      Microsoft.NETCore.Platforms (>= 1.1)
      Microsoft.NETCore.Targets (>= 1.1)
      System.Runtime (>= 4.3)
      System.Text.Encoding (>= 4.3)
      System.Threading.Tasks (>= 4.3)
    System.IO.Compression (4.3)
      Microsoft.NETCore.Platforms (>= 1.1)
      runtime.native.System (>= 4.3)
      runtime.native.System.IO.Compression (>= 4.3)
      System.Buffers (>= 4.3)
      System.Collections (>= 4.3)
      System.Diagnostics.Debug (>= 4.3)
      System.IO (>= 4.3)
      System.Resources.ResourceManager (>= 4.3)
      System.Runtime (>= 4.3)
      System.Runtime.Extensions (>= 4.3)
      System.Runtime.Handles (>= 4.3)
      System.Runtime.InteropServices (>= 4.3)
      System.Text.Encoding (>= 4.3)
      System.Threading (>= 4.3)
      System.Threading.Tasks (>= 4.3)
    System.IO.FileSystem (4.3)
      Microsoft.NETCore.Platforms (>= 1.1)
      Microsoft.NETCore.Targets (>= 1.1)
      System.IO (>= 4.3)
      System.IO.FileSystem.Primitives (>= 4.3)
      System.Runtime (>= 4.3)
      System.Runtime.Handles (>= 4.3)
      System.Text.Encoding (>= 4.3)
      System.Threading.Tasks (>= 4.3)
    System.IO.FileSystem.AccessControl (5.0) - restriction: || (&& (== net6.0-windows7.0) (< net6.0)) (&& (== net9.0) (< net6.0)) (&& (== net9.0-windows7.0) (< net6.0)) (== netstandard2.0)
      System.Buffers (>= 4.5.1) - restriction: || (&& (== net6.0) (>= monoandroid) (< netstandard1.3)) (&& (== net6.0) (>= monotouch)) (&& (== net6.0) (< netcoreapp2.0)) (&& (== net6.0) (>= xamarinios)) (&& (== net6.0) (>= xamarinmac)) (&& (== net6.0) (>= xamarintvos)) (&& (== net6.0) (>= xamarinwatchos)) (&& (== net6.0-windows7.0) (>= monoandroid) (< netstandard1.3)) (&& (== net6.0-windows7.0) (>= monotouch)) (&& (== net6.0-windows7.0) (< netcoreapp2.0)) (&& (== net6.0-windows7.0) (>= xamarinios)) (&& (== net6.0-windows7.0) (>= xamarinmac)) (&& (== net6.0-windows7.0) (>= xamarintvos)) (&& (== net6.0-windows7.0) (>= xamarinwatchos)) (&& (== net9.0) (>= monoandroid) (< netstandard1.3)) (&& (== net9.0) (>= monotouch)) (&& (== net9.0) (< netcoreapp2.0)) (&& (== net9.0) (>= xamarinios)) (&& (== net9.0) (>= xamarinmac)) (&& (== net9.0) (>= xamarintvos)) (&& (== net9.0) (>= xamarinwatchos)) (&& (== net9.0-windows7.0) (>= monoandroid) (< netstandard1.3)) (&& (== net9.0-windows7.0) (>= monotouch)) (&& (== net9.0-windows7.0) (< netcoreapp2.0)) (&& (== net9.0-windows7.0) (>= xamarinios)) (&& (== net9.0-windows7.0) (>= xamarinmac)) (&& (== net9.0-windows7.0) (>= xamarintvos)) (&& (== net9.0-windows7.0) (>= xamarinwatchos)) (== netstandard2.0)
      System.Memory (>= 4.5.4) - restriction: || (&& (== net6.0) (< netcoreapp2.0)) (&& (== net6.0) (< netcoreapp2.1)) (&& (== net6.0) (>= uap10.1)) (&& (== net6.0-windows7.0) (< netcoreapp2.0)) (&& (== net6.0-windows7.0) (< netcoreapp2.1)) (&& (== net6.0-windows7.0) (>= uap10.1)) (&& (== net9.0) (< netcoreapp2.0)) (&& (== net9.0) (< netcoreapp2.1)) (&& (== net9.0) (>= uap10.1)) (&& (== net9.0-windows7.0) (< netcoreapp2.0)) (&& (== net9.0-windows7.0) (< netcoreapp2.1)) (&& (== net9.0-windows7.0) (>= uap10.1)) (== netstandard2.0)
      System.Security.AccessControl (>= 5.0)
      System.Security.Principal.Windows (>= 5.0)
    System.IO.FileSystem.Primitives (4.3)
      System.Runtime (>= 4.3)
    System.IO.Packaging (4.7)
    System.IO.Pipelines (9.0)
      System.Buffers (>= 4.5.1) - restriction: || (== net6.0) (== net6.0-windows7.0) (&& (== net9.0) (>= net462)) (&& (== net9.0) (< net8.0)) (&& (== net9.0-windows7.0) (>= net462)) (&& (== net9.0-windows7.0) (< net8.0)) (== netstandard2.0)
      System.Memory (>= 4.5.5) - restriction: || (== net6.0) (== net6.0-windows7.0) (&& (== net9.0) (>= net462)) (&& (== net9.0) (< net8.0)) (&& (== net9.0-windows7.0) (>= net462)) (&& (== net9.0-windows7.0) (< net8.0)) (== netstandard2.0)
      System.Threading.Tasks.Extensions (>= 4.5.4) - restriction: || (== net6.0) (== net6.0-windows7.0) (&& (== net9.0) (>= net462)) (&& (== net9.0) (< net8.0)) (&& (== net9.0-windows7.0) (>= net462)) (&& (== net9.0-windows7.0) (< net8.0)) (== netstandard2.0)
    System.Linq.Async (6.0.1) - restriction: || (&& (== net6.0) (>= net9.0)) (&& (== net6.0-windows7.0) (>= net9.0)) (== net9.0) (&& (== net9.0-windows7.0) (>= net9.0)) (&& (== netstandard2.0) (>= net9.0))
      Microsoft.Bcl.AsyncInterfaces (>= 6.0)
    System.Management (9.0)
      System.CodeDom (>= 9.0)
    System.Memory (4.6)
      System.Buffers (>= 4.6) - restriction: || (&& (== net6.0) (>= net462)) (&& (== net6.0) (< netcoreapp2.1)) (&& (== net6.0-windows7.0) (>= net462)) (&& (== net6.0-windows7.0) (< netcoreapp2.1)) (&& (== net9.0) (>= net462)) (&& (== net9.0) (< netcoreapp2.1)) (&& (== net9.0-windows7.0) (>= net462)) (&& (== net9.0-windows7.0) (< netcoreapp2.1)) (== netstandard2.0)
      System.Numerics.Vectors (>= 4.6) - restriction: || (&& (== net6.0) (>= net462)) (&& (== net6.0) (< netcoreapp2.1)) (&& (== net6.0-windows7.0) (>= net462)) (&& (== net6.0-windows7.0) (< netcoreapp2.1)) (&& (== net9.0) (>= net462)) (&& (== net9.0) (< netcoreapp2.1)) (&& (== net9.0-windows7.0) (>= net462)) (&& (== net9.0-windows7.0) (< netcoreapp2.1)) (== netstandard2.0)
      System.Runtime.CompilerServices.Unsafe (>= 6.1) - restriction: || (&& (== net6.0) (>= net462)) (&& (== net6.0) (< netcoreapp2.1)) (&& (== net6.0-windows7.0) (>= net462)) (&& (== net6.0-windows7.0) (< netcoreapp2.1)) (&& (== net9.0) (>= net462)) (&& (== net9.0) (< netcoreapp2.1)) (&& (== net9.0-windows7.0) (>= net462)) (&& (== net9.0-windows7.0) (< netcoreapp2.1)) (== netstandard2.0)
    System.Memory.Data (1.0.2)
      System.Text.Encodings.Web (>= 4.7.2)
      System.Text.Json (>= 4.6)
    System.Numerics.Vectors (4.6)
    System.Reactive (6.0)
      System.Threading.Tasks.Extensions (>= 4.5.4) - restriction: || (&& (== net6.0) (>= net472)) (&& (== net6.0) (>= uap10.1)) (&& (== net6.0-windows7.0) (>= net472)) (&& (== net6.0-windows7.0) (< net6.0)) (&& (== net6.0-windows7.0) (>= uap10.1)) (&& (== net9.0) (>= net472)) (&& (== net9.0) (< net6.0)) (&& (== net9.0) (>= uap10.1)) (&& (== net9.0-windows7.0) (>= net472)) (&& (== net9.0-windows7.0) (< net6.0)) (&& (== net9.0-windows7.0) (>= uap10.1)) (== netstandard2.0)
    System.Reflection (4.3)
      Microsoft.NETCore.Platforms (>= 1.1)
      Microsoft.NETCore.Targets (>= 1.1)
      System.IO (>= 4.3)
      System.Reflection.Primitives (>= 4.3)
      System.Runtime (>= 4.3)
    System.Reflection.DispatchProxy (4.8)
      System.Reflection.Emit (>= 4.7) - restriction: || (&& (== net6.0) (< netstandard2.1)) (&& (== net6.0-windows7.0) (< netstandard2.1)) (&& (== net9.0) (< netstandard2.1)) (&& (== net9.0-windows7.0) (< netstandard2.1)) (== netstandard2.0)
    System.Reflection.Emit (4.7)
      System.Reflection.Emit.ILGeneration (>= 4.7) - restriction: || (&& (== net6.0) (< netcoreapp2.0) (< netstandard2.1)) (&& (== net6.0) (< netstandard1.1)) (&& (== net6.0) (< netstandard2.0)) (&& (== net6.0) (>= uap10.1)) (&& (== net6.0-windows7.0) (< netcoreapp2.0) (< netstandard2.1)) (&& (== net6.0-windows7.0) (< netstandard1.1)) (&& (== net6.0-windows7.0) (< netstandard2.0)) (&& (== net6.0-windows7.0) (>= uap10.1)) (&& (== net9.0) (< netcoreapp2.0) (< netstandard2.1)) (&& (== net9.0) (< netstandard1.1)) (&& (== net9.0) (< netstandard2.0)) (&& (== net9.0) (>= uap10.1)) (&& (== net9.0-windows7.0) (< netcoreapp2.0) (< netstandard2.1)) (&& (== net9.0-windows7.0) (< netstandard1.1)) (&& (== net9.0-windows7.0) (< netstandard2.0)) (&& (== net9.0-windows7.0) (>= uap10.1)) (== netstandard2.0)
    System.Reflection.Emit.ILGeneration (4.7) - restriction: || (&& (== net6.0) (< netcoreapp2.0) (< netstandard2.1)) (&& (== net6.0) (< netstandard2.0)) (&& (== net6.0) (< portable-net45+wp8)) (&& (== net6.0) (>= uap10.1)) (&& (== net6.0-windows7.0) (< netcoreapp2.0) (< netstandard2.1)) (&& (== net6.0-windows7.0) (< netstandard2.0)) (&& (== net6.0-windows7.0) (< portable-net45+wp8)) (&& (== net6.0-windows7.0) (>= uap10.1)) (&& (== net9.0) (< netcoreapp2.0) (< netstandard2.1)) (&& (== net9.0) (< netstandard2.0)) (&& (== net9.0) (< portable-net45+wp8)) (&& (== net9.0) (>= uap10.1)) (&& (== net9.0-windows7.0) (< netcoreapp2.0) (< netstandard2.1)) (&& (== net9.0-windows7.0) (< netstandard2.0)) (&& (== net9.0-windows7.0) (< portable-net45+wp8)) (&& (== net9.0-windows7.0) (>= uap10.1)) (== netstandard2.0)
    System.Reflection.Emit.Lightweight (4.7)
      System.Reflection.Emit.ILGeneration (>= 4.7) - restriction: || (&& (== net6.0) (< netcoreapp2.0) (< netstandard2.1)) (&& (== net6.0) (< netstandard2.0)) (&& (== net6.0) (< portable-net45+wp8)) (&& (== net6.0) (>= uap10.1)) (&& (== net6.0-windows7.0) (< netcoreapp2.0) (< netstandard2.1)) (&& (== net6.0-windows7.0) (< netstandard2.0)) (&& (== net6.0-windows7.0) (< portable-net45+wp8)) (&& (== net6.0-windows7.0) (>= uap10.1)) (&& (== net9.0) (< netcoreapp2.0) (< netstandard2.1)) (&& (== net9.0) (< netstandard2.0)) (&& (== net9.0) (< portable-net45+wp8)) (&& (== net9.0) (>= uap10.1)) (&& (== net9.0-windows7.0) (< netcoreapp2.0) (< netstandard2.1)) (&& (== net9.0-windows7.0) (< netstandard2.0)) (&& (== net9.0-windows7.0) (< portable-net45+wp8)) (&& (== net9.0-windows7.0) (>= uap10.1)) (== netstandard2.0)
    System.Reflection.Metadata (9.0)
    System.Reflection.Primitives (4.3)
      Microsoft.NETCore.Platforms (>= 1.1)
      Microsoft.NETCore.Targets (>= 1.1)
      System.Runtime (>= 4.3)
    System.Reflection.TypeExtensions (4.7)
    System.Resources.Extensions (9.0)
      System.Formats.Nrbf (>= 9.0)
      System.Memory (>= 4.5.5) - restriction: || (== net6.0) (== net6.0-windows7.0) (&& (== net9.0) (>= net462)) (&& (== net9.0) (< net8.0)) (&& (== net9.0-windows7.0) (>= net462)) (&& (== net9.0-windows7.0) (< net8.0)) (== netstandard2.0)
    System.Resources.ResourceManager (4.3)
      Microsoft.NETCore.Platforms (>= 1.1)
      Microsoft.NETCore.Targets (>= 1.1)
      System.Globalization (>= 4.3)
      System.Reflection (>= 4.3)
      System.Runtime (>= 4.3)
    System.Runtime (4.3.1)
      Microsoft.NETCore.Platforms (>= 1.1.1)
      Microsoft.NETCore.Targets (>= 1.1.3)
    System.Runtime.Caching (8.0)
      System.Configuration.ConfigurationManager (>= 8.0)
    System.Runtime.CompilerServices.Unsafe (6.1)
    System.Runtime.Extensions (4.3)
      Microsoft.NETCore.Platforms (>= 1.1)
      Microsoft.NETCore.Targets (>= 1.1)
      System.Runtime (>= 4.3)
    System.Runtime.Handles (4.3)
      Microsoft.NETCore.Platforms (>= 1.1)
      Microsoft.NETCore.Targets (>= 1.1)
      System.Runtime (>= 4.3)
    System.Runtime.InteropServices (4.3)
      Microsoft.NETCore.Platforms (>= 1.1)
      Microsoft.NETCore.Targets (>= 1.1)
      System.Reflection (>= 4.3)
      System.Reflection.Primitives (>= 4.3)
      System.Runtime (>= 4.3)
      System.Runtime.Handles (>= 4.3)
    System.Runtime.Loader (4.3) - restriction: || (&& (== net6.0) (< netstandard2.1)) (&& (== net6.0-windows7.0) (< net6.0)) (&& (== net6.0-windows7.0) (< netstandard2.1)) (&& (== net9.0) (< net6.0)) (&& (== net9.0) (< netstandard2.1)) (&& (== net9.0-windows7.0) (< net6.0)) (&& (== net9.0-windows7.0) (< netstandard2.1)) (== netstandard2.0)
      System.IO (>= 4.3)
      System.Reflection (>= 4.3)
      System.Runtime (>= 4.3)
    System.Security.AccessControl (6.0)
      System.Security.Principal.Windows (>= 5.0) - restriction: || (&& (== net6.0) (>= net461)) (&& (== net6.0-windows7.0) (>= net461)) (&& (== net6.0-windows7.0) (< net6.0)) (&& (== net9.0) (>= net461)) (&& (== net9.0) (< net6.0)) (&& (== net9.0-windows7.0) (>= net461)) (&& (== net9.0-windows7.0) (< net6.0)) (== netstandard2.0)
    System.Security.Cryptography.Cng (5.0)
    System.Security.Cryptography.Pkcs (9.0)
      Microsoft.Bcl.Cryptography (>= 9.0) - restriction: || (== net6.0) (== net6.0-windows7.0) (&& (== net9.0) (>= net462)) (&& (== net9.0) (< net8.0)) (&& (== net9.0) (< netstandard2.1)) (== net9.0-windows7.0) (== netstandard2.0)
      System.Buffers (>= 4.5.1) - restriction: || (&& (== net6.0) (< netstandard2.1)) (&& (== net6.0-windows7.0) (< netstandard2.1)) (&& (== net9.0) (< netstandard2.1)) (&& (== net9.0-windows7.0) (< netstandard2.1)) (== netstandard2.0)
      System.Formats.Asn1 (>= 9.0) - restriction: || (== net6.0) (== net6.0-windows7.0) (&& (== net9.0) (< net8.0)) (&& (== net9.0) (< netstandard2.1)) (== net9.0-windows7.0) (== netstandard2.0)
      System.Memory (>= 4.5.5) - restriction: || (&& (== net6.0) (< netstandard2.1)) (&& (== net6.0-windows7.0) (< netstandard2.1)) (&& (== net9.0) (< netstandard2.1)) (&& (== net9.0-windows7.0) (< netstandard2.1)) (== netstandard2.0)
      System.Runtime.CompilerServices.Unsafe (>= 6.0) - restriction: || (== net6.0) (== net6.0-windows7.0) (&& (== net9.0) (< net8.0)) (&& (== net9.0) (< netstandard2.1)) (&& (== net9.0-windows7.0) (< net8.0)) (&& (== net9.0-windows7.0) (< netstandard2.1)) (== netstandard2.0)
      System.Security.Cryptography.Cng (>= 5.0) - restriction: || (== net6.0) (== net6.0-windows7.0) (&& (== net9.0) (< net8.0)) (&& (== net9.0) (< netstandard2.1)) (&& (== net9.0-windows7.0) (< net8.0)) (&& (== net9.0-windows7.0) (< netstandard2.1)) (== netstandard2.0)
    System.Security.Cryptography.ProtectedData (9.0)
      System.Memory (>= 4.5.5) - restriction: || (== net6.0) (== net6.0-windows7.0) (&& (== net9.0) (< net8.0)) (&& (== net9.0-windows7.0) (< net8.0)) (== netstandard2.0)
    System.Security.Cryptography.Xml (9.0)
      Microsoft.Bcl.Cryptography (>= 9.0) - restriction: || (== net6.0) (== net6.0-windows7.0) (&& (== net9.0) (>= net462)) (&& (== net9.0) (< net8.0)) (== net9.0-windows7.0) (== netstandard2.0)
      System.Memory (>= 4.5.5) - restriction: || (== net6.0) (== net6.0-windows7.0) (&& (== net9.0) (< net8.0)) (&& (== net9.0-windows7.0) (< net8.0)) (== netstandard2.0)
      System.Security.AccessControl (>= 6.0) - restriction: || (== net6.0) (== net6.0-windows7.0) (&& (== net9.0) (< net8.0)) (&& (== net9.0-windows7.0) (< net8.0)) (== netstandard2.0)
      System.Security.Cryptography.Pkcs (>= 9.0)
    System.Security.Permissions (9.0)
      System.Security.AccessControl (>= 6.0) - restriction: || (== net6.0) (== net6.0-windows7.0) (&& (== net9.0) (>= net462)) (&& (== net9.0) (< net8.0)) (&& (== net9.0-windows7.0) (>= net462)) (&& (== net9.0-windows7.0) (< net8.0)) (== netstandard2.0)
      System.Windows.Extensions (>= 9.0) - restriction: || (&& (== net6.0) (>= net8.0)) (&& (== net6.0-windows7.0) (>= net8.0)) (== net9.0) (== net9.0-windows7.0) (&& (== netstandard2.0) (>= net8.0))
    System.Security.Principal.Windows (5.0)
    System.ServiceModel.Duplex (6.0)
      System.ServiceModel.Primitives (>= 6.0) - restriction: || (== net6.0) (== net6.0-windows7.0) (== net9.0) (== net9.0-windows7.0) (&& (== netstandard2.0) (>= net6.0))
    System.ServiceModel.Http (8.1)
      System.ServiceModel.Primitives (>= 8.1)
    System.ServiceModel.NetFramingBase (8.1) - restriction: || (&& (== net6.0) (>= net8.0)) (&& (== net6.0-windows7.0) (>= net8.0)) (== net9.0) (== net9.0-windows7.0) (&& (== netstandard2.0) (>= net8.0))
      System.ServiceModel.Primitives (>= 8.1) - restriction: || (&& (== net6.0) (>= net8.0)) (&& (== net6.0-windows7.0) (>= net8.0)) (== net9.0) (== net9.0-windows7.0) (&& (== netstandard2.0) (>= net8.0))
    System.ServiceModel.NetTcp (8.1)
      System.ServiceModel.NetFramingBase (>= 8.1) - restriction: || (&& (== net6.0) (>= net8.0)) (&& (== net6.0-windows7.0) (>= net8.0)) (== net9.0) (== net9.0-windows7.0) (&& (== netstandard2.0) (>= net8.0))
      System.ServiceModel.Primitives (>= 8.1)
    System.ServiceModel.Primitives (8.1)
      Microsoft.Extensions.ObjectPool (>= 8.0.10) - restriction: || (&& (== net6.0) (>= net8.0)) (&& (== net6.0-windows7.0) (>= net8.0)) (== net9.0) (== net9.0-windows7.0) (&& (== netstandard2.0) (>= net8.0))
      System.Security.Cryptography.Xml (>= 8.0.2) - restriction: || (&& (== net6.0) (>= net8.0)) (&& (== net6.0-windows7.0) (>= net8.0)) (== net9.0) (== net9.0-windows7.0) (&& (== netstandard2.0) (>= net8.0))
    System.ServiceModel.Security (6.0)
      System.ServiceModel.Primitives (>= 6.0) - restriction: || (== net6.0) (== net6.0-windows7.0) (== net9.0) (== net9.0-windows7.0) (&& (== netstandard2.0) (>= net6.0))
    System.ServiceProcess.ServiceController (8.0.1) - restriction: || (&& (== net6.0) (>= net9.0)) (&& (== net6.0-windows7.0) (>= net9.0)) (== net9.0) (&& (== net9.0-windows7.0) (>= net9.0)) (&& (== netstandard2.0) (>= net9.0))
      System.Diagnostics.EventLog (>= 8.0.1)
    System.Text.Encoding (4.3)
      Microsoft.NETCore.Platforms (>= 1.1)
      Microsoft.NETCore.Targets (>= 1.1)
      System.Runtime (>= 4.3)
    System.Text.Encoding.CodePages (9.0)
      System.Memory (>= 4.5.5) - restriction: || (== net6.0) (== net6.0-windows7.0) (&& (== net9.0) (>= net462)) (&& (== net9.0) (< net8.0)) (&& (== net9.0-windows7.0) (>= net462)) (&& (== net9.0-windows7.0) (< net8.0)) (== netstandard2.0)
      System.Runtime.CompilerServices.Unsafe (>= 6.0) - restriction: || (== net6.0) (== net6.0-windows7.0) (&& (== net9.0) (>= net462)) (&& (== net9.0) (< net8.0)) (&& (== net9.0-windows7.0) (>= net462)) (&& (== net9.0-windows7.0) (< net8.0)) (== netstandard2.0)
    System.Text.Encoding.Extensions (4.3)
      Microsoft.NETCore.Platforms (>= 1.1)
      Microsoft.NETCore.Targets (>= 1.1)
      System.Runtime (>= 4.3)
      System.Text.Encoding (>= 4.3)
    System.Text.Encodings.Web (9.0)
      System.Buffers (>= 4.5.1) - restriction: || (== net6.0) (== net6.0-windows7.0) (&& (== net9.0) (>= net462)) (&& (== net9.0) (< net8.0)) (&& (== net9.0-windows7.0) (>= net462)) (&& (== net9.0-windows7.0) (< net8.0)) (== netstandard2.0)
      System.Memory (>= 4.5.5) - restriction: || (== net6.0) (== net6.0-windows7.0) (&& (== net9.0) (>= net462)) (&& (== net9.0) (< net8.0)) (&& (== net9.0-windows7.0) (>= net462)) (&& (== net9.0-windows7.0) (< net8.0)) (== netstandard2.0)
      System.Runtime.CompilerServices.Unsafe (>= 6.0) - restriction: || (== net6.0) (== net6.0-windows7.0) (&& (== net9.0) (>= net462)) (&& (== net9.0) (< net8.0)) (&& (== net9.0-windows7.0) (>= net462)) (&& (== net9.0-windows7.0) (< net8.0)) (== netstandard2.0)
    System.Text.Json (9.0)
      Microsoft.Bcl.AsyncInterfaces (>= 9.0) - restriction: || (== net6.0) (== net6.0-windows7.0) (&& (== net9.0) (>= net462)) (&& (== net9.0) (< net8.0)) (&& (== net9.0-windows7.0) (>= net462)) (&& (== net9.0-windows7.0) (< net8.0)) (== netstandard2.0)
      System.Buffers (>= 4.5.1) - restriction: || (== net6.0) (== net6.0-windows7.0) (&& (== net9.0) (>= net462)) (&& (== net9.0) (< net8.0)) (&& (== net9.0-windows7.0) (>= net462)) (&& (== net9.0-windows7.0) (< net8.0)) (== netstandard2.0)
      System.IO.Pipelines (>= 9.0) - restriction: || (== net6.0) (== net6.0-windows7.0) (&& (== net9.0) (>= net462)) (&& (== net9.0) (< net8.0)) (== net9.0-windows7.0) (== netstandard2.0)
      System.Memory (>= 4.5.5) - restriction: || (== net6.0) (== net6.0-windows7.0) (&& (== net9.0) (>= net462)) (&& (== net9.0) (< net8.0)) (&& (== net9.0-windows7.0) (>= net462)) (&& (== net9.0-windows7.0) (< net8.0)) (== netstandard2.0)
      System.Runtime.CompilerServices.Unsafe (>= 6.0) - restriction: || (== net6.0) (== net6.0-windows7.0) (&& (== net9.0) (>= net462)) (&& (== net9.0) (< net8.0)) (&& (== net9.0-windows7.0) (>= net462)) (&& (== net9.0-windows7.0) (< net8.0)) (== netstandard2.0)
      System.Text.Encodings.Web (>= 9.0) - restriction: || (== net6.0) (== net6.0-windows7.0) (&& (== net9.0) (>= net462)) (&& (== net9.0) (< net8.0)) (== net9.0-windows7.0) (== netstandard2.0)
      System.Threading.Tasks.Extensions (>= 4.5.4) - restriction: || (== net6.0) (== net6.0-windows7.0) (&& (== net9.0) (>= net462)) (&& (== net9.0) (< net8.0)) (&& (== net9.0-windows7.0) (>= net462)) (&& (== net9.0-windows7.0) (< net8.0)) (== netstandard2.0)
    System.Text.RegularExpressions (4.3)
      System.Collections (>= 4.3) - restriction: || (&& (== net6.0) (< netcoreapp1.1)) (&& (== net6.0-windows7.0) (< netcoreapp1.1)) (&& (== net9.0) (< netcoreapp1.1)) (&& (== net9.0-windows7.0) (< netcoreapp1.1)) (== netstandard2.0)
      System.Globalization (>= 4.3) - restriction: || (&& (== net6.0) (< netcoreapp1.1)) (&& (== net6.0-windows7.0) (< netcoreapp1.1)) (&& (== net9.0) (< netcoreapp1.1)) (&& (== net9.0-windows7.0) (< netcoreapp1.1)) (== netstandard2.0)
      System.Resources.ResourceManager (>= 4.3) - restriction: || (&& (== net6.0) (< netcoreapp1.1)) (&& (== net6.0-windows7.0) (< netcoreapp1.1)) (&& (== net9.0) (< netcoreapp1.1)) (&& (== net9.0-windows7.0) (< netcoreapp1.1)) (== netstandard2.0)
      System.Runtime (>= 4.3)
      System.Runtime.Extensions (>= 4.3) - restriction: || (&& (== net6.0) (< netcoreapp1.1)) (&& (== net6.0-windows7.0) (< netcoreapp1.1)) (&& (== net9.0) (< netcoreapp1.1)) (&& (== net9.0-windows7.0) (< netcoreapp1.1)) (== netstandard2.0)
      System.Threading (>= 4.3) - restriction: || (&& (== net6.0) (< netcoreapp1.1)) (&& (== net6.0-windows7.0) (< netcoreapp1.1)) (&& (== net9.0) (< netcoreapp1.1)) (&& (== net9.0-windows7.0) (< netcoreapp1.1)) (== netstandard2.0)
    System.Threading (4.3)
      System.Runtime (>= 4.3)
      System.Threading.Tasks (>= 4.3)
    System.Threading.Channels (7.0) - restriction: || (&& (== net6.0) (>= net9.0)) (&& (== net6.0-windows7.0) (>= net9.0)) (== net9.0) (&& (== net9.0-windows7.0) (>= net9.0)) (&& (== netstandard2.0) (>= net9.0))
    System.Threading.Tasks (4.3)
      Microsoft.NETCore.Platforms (>= 1.1)
      Microsoft.NETCore.Targets (>= 1.1)
      System.Runtime (>= 4.3)
    System.Threading.Tasks.Dataflow (9.0)
    System.Threading.Tasks.Extensions (4.6)
      System.Runtime.CompilerServices.Unsafe (>= 6.1) - restriction: || (&& (== net6.0) (>= net462)) (&& (== net6.0) (< netcoreapp2.1)) (&& (== net6.0-windows7.0) (>= net462)) (&& (== net6.0-windows7.0) (< netcoreapp2.1)) (&& (== net9.0) (>= net462)) (&& (== net9.0) (< netcoreapp2.1)) (&& (== net9.0-windows7.0) (>= net462)) (&& (== net9.0-windows7.0) (< netcoreapp2.1)) (== netstandard2.0)
    System.Threading.Tasks.Parallel (4.3) - restriction: || (&& (== net6.0) (>= net9.0)) (&& (== net6.0-windows7.0) (>= net9.0)) (== net9.0) (&& (== net9.0-windows7.0) (>= net9.0)) (&& (== netstandard2.0) (>= net9.0))
      System.Collections.Concurrent (>= 4.3)
      System.Diagnostics.Debug (>= 4.3)
      System.Diagnostics.Tracing (>= 4.3)
      System.Resources.ResourceManager (>= 4.3)
      System.Runtime (>= 4.3)
      System.Runtime.Extensions (>= 4.3)
      System.Threading (>= 4.3)
      System.Threading.Tasks (>= 4.3)
    System.ValueTuple (4.5)
    System.Windows.Extensions (9.0) - restriction: || (&& (== net6.0) (>= net8.0)) (&& (== net6.0-windows7.0) (>= net8.0)) (== net9.0) (== net9.0-windows7.0) (&& (== netstandard2.0) (>= net8.0))
    System.Xml.ReaderWriter (4.3)
      System.Collections (>= 4.3)
      System.Diagnostics.Debug (>= 4.3)
      System.Globalization (>= 4.3)
      System.IO (>= 4.3)
      System.IO.FileSystem (>= 4.3)
      System.IO.FileSystem.Primitives (>= 4.3)
      System.Resources.ResourceManager (>= 4.3)
      System.Runtime (>= 4.3)
      System.Runtime.Extensions (>= 4.3)
      System.Runtime.InteropServices (>= 4.3)
      System.Text.Encoding (>= 4.3)
      System.Text.Encoding.Extensions (>= 4.3)
      System.Text.RegularExpressions (>= 4.3)
      System.Threading.Tasks (>= 4.3)
      System.Threading.Tasks.Extensions (>= 4.3)
    System.Xml.XDocument (4.3)
      System.Collections (>= 4.3)
      System.Diagnostics.Debug (>= 4.3)
      System.Diagnostics.Tools (>= 4.3)
      System.Globalization (>= 4.3)
      System.IO (>= 4.3)
      System.Reflection (>= 4.3)
      System.Resources.ResourceManager (>= 4.3)
      System.Runtime (>= 4.3)
      System.Runtime.Extensions (>= 4.3)
      System.Text.Encoding (>= 4.3)
      System.Threading (>= 4.3)
      System.Xml.ReaderWriter (>= 4.3)
    TextCopy (6.1) - restriction: || (&& (== net6.0) (>= net9.0)) (&& (== net6.0-windows7.0) (>= net9.0)) (== net9.0) (&& (== net9.0-windows7.0) (>= net9.0)) (&& (== netstandard2.0) (>= net9.0))
      Microsoft.Extensions.DependencyInjection.Abstractions (>= 6.0)
    Unofficial.Microsoft.mshtml (7.0.3300)
    WindowsBase (4.6.1055)
    Xpand.Collections (1.0.4) - restriction: || (&& (== net6.0) (>= net9.0)) (&& (== net6.0-windows7.0) (>= net9.0)) (== net9.0) (&& (== net9.0-windows7.0) (>= net9.0)) (&& (== netstandard2.0) (>= net9.0))
    Xpand.Patcher (9.0) - restriction: || (&& (== net6.0) (>= net9.0)) (&& (== net6.0-windows7.0) (>= net9.0)) (== net9.0) (&& (== net9.0-windows7.0) (>= net9.0)) (&& (== netstandard2.0) (>= net9.0))
      Mono.Cecil (>= 0.11.5) - restriction: || (&& (== net6.0) (>= net9.0)) (&& (== net6.0-windows7.0) (>= net9.0)) (== net9.0) (&& (== net9.0-windows7.0) (>= net9.0)) (&& (== netstandard2.0) (>= net9.0))
    YamlDotNet (11.2.1) - restriction: || (&& (== net6.0) (>= net9.0)) (&& (== net6.0-windows7.0) (>= net9.0)) (== net9.0) (&& (== net9.0-windows7.0) (>= net9.0)) (&& (== netstandard2.0) (>= net9.0))
  remote: C:\Program Files (x86)\DevExpress 24.2\Components\System\Components\Packages
    DevExpress.AspNetCore.Common (24.2.7) - restriction: || (&& (== net6.0) (>= net8.0)) (&& (== net6.0-windows7.0) (>= net8.0)) (== net9.0) (== net9.0-windows7.0) (&& (== netstandard2.0) (>= net8.0))
      DevExpress.AspNetCore.Core (24.2.7) - restriction: || (&& (== net6.0) (>= net8.0)) (&& (== net6.0-windows7.0) (>= net8.0)) (== net9.0) (== net9.0-windows7.0) (&& (== netstandard2.0) (>= net8.0))
      DevExpress.Data (24.2.7) - restriction: || (&& (== net6.0) (>= net8.0)) (&& (== net6.0-windows7.0) (>= net8.0)) (== net9.0) (== net9.0-windows7.0) (&& (== netstandard2.0) (>= net8.0))
    DevExpress.AspNetCore.Core (24.2.7) - restriction: || (&& (== net6.0) (>= net8.0)) (&& (== net6.0-windows7.0) (>= net8.0)) (== net9.0) (== net9.0-windows7.0) (&& (== netstandard2.0) (>= net8.0))
      DevExpress.Data (24.2.7) - restriction: || (&& (== net6.0) (>= net8.0)) (&& (== net6.0-windows7.0) (>= net8.0)) (== net9.0) (== net9.0-windows7.0) (&& (== netstandard2.0) (>= net8.0))
      DevExpress.Office.Core (24.2.7) - restriction: || (&& (== net6.0) (>= net8.0)) (&& (== net6.0-windows7.0) (>= net8.0)) (== net9.0) (== net9.0-windows7.0) (&& (== netstandard2.0) (>= net8.0))
      Microsoft.Extensions.DependencyModel (>= 8.0.2) - restriction: || (&& (== net6.0) (>= net8.0)) (&& (== net6.0-windows7.0) (>= net8.0)) (== net9.0) (== net9.0-windows7.0) (&& (== netstandard2.0) (>= net8.0))
    DevExpress.AspNetCore.Dashboard (24.2.7) - restriction: || (&& (== net6.0) (>= net8.0)) (&& (== net6.0-windows7.0) (>= net8.0)) (== net9.0) (== net9.0-windows7.0) (&& (== netstandard2.0) (>= net8.0))
      DevExpress.AspNetCore.Common (24.2.7) - restriction: || (&& (== net6.0) (>= net8.0)) (&& (== net6.0-windows7.0) (>= net8.0)) (== net9.0) (== net9.0-windows7.0) (&& (== netstandard2.0) (>= net8.0))
      DevExpress.AspNetCore.Core (24.2.7) - restriction: || (&& (== net6.0) (>= net8.0)) (&& (== net6.0-windows7.0) (>= net8.0)) (== net9.0) (== net9.0-windows7.0) (&& (== netstandard2.0) (>= net8.0))
      DevExpress.Dashboard.Core (24.2.7) - restriction: || (&& (== net6.0) (>= net8.0)) (&& (== net6.0-windows7.0) (>= net8.0)) (== net9.0) (== net9.0-windows7.0) (&& (== netstandard2.0) (>= net8.0))
      DevExpress.Data (24.2.7) - restriction: || (&& (== net6.0) (>= net8.0)) (&& (== net6.0-windows7.0) (>= net8.0)) (== net9.0) (== net9.0-windows7.0) (&& (== netstandard2.0) (>= net8.0))
      DevExpress.DataAccess (24.2.7) - restriction: || (&& (== net6.0) (>= net8.0)) (&& (== net6.0-windows7.0) (>= net8.0)) (== net9.0) (== net9.0-windows7.0) (&& (== netstandard2.0) (>= net8.0))
      DevExpress.Web.Dashboard.Common (24.2.7) - restriction: || (&& (== net6.0) (>= net8.0)) (&& (== net6.0-windows7.0) (>= net8.0)) (== net9.0) (== net9.0-windows7.0) (&& (== netstandard2.0) (>= net8.0))
      DevExpress.Web.Resources (24.2.7) - restriction: || (&& (== net6.0) (>= net8.0)) (&& (== net6.0-windows7.0) (>= net8.0)) (== net9.0) (== net9.0-windows7.0) (&& (== netstandard2.0) (>= net8.0))
    DevExpress.AspNetCore.Reporting (24.2.7) - restriction: || (&& (== net6.0) (>= net8.0)) (&& (== net6.0-windows7.0) (>= net8.0)) (== net9.0) (== net9.0-windows7.0) (&& (== netstandard2.0) (>= net8.0))
      DevExpress.AspNetCore.Common (24.2.7) - restriction: || (&& (== net6.0) (>= net8.0)) (&& (== net6.0-windows7.0) (>= net8.0)) (== net9.0) (== net9.0-windows7.0) (&& (== netstandard2.0) (>= net8.0))
      DevExpress.AspNetCore.Core (24.2.7) - restriction: || (&& (== net6.0) (>= net8.0)) (&& (== net6.0-windows7.0) (>= net8.0)) (== net9.0) (== net9.0-windows7.0) (&& (== netstandard2.0) (>= net8.0))
      DevExpress.Data (24.2.7) - restriction: || (&& (== net6.0) (>= net8.0)) (&& (== net6.0-windows7.0) (>= net8.0)) (== net9.0) (== net9.0-windows7.0) (&& (== netstandard2.0) (>= net8.0))
      DevExpress.DataAccess (24.2.7) - restriction: || (&& (== net6.0) (>= net8.0)) (&& (== net6.0-windows7.0) (>= net8.0)) (== net9.0) (== net9.0-windows7.0) (&& (== netstandard2.0) (>= net8.0))
      DevExpress.Printing.Core (24.2.7) - restriction: || (&& (== net6.0) (>= net8.0)) (&& (== net6.0-windows7.0) (>= net8.0)) (== net9.0) (== net9.0-windows7.0) (&& (== netstandard2.0) (>= net8.0))
      DevExpress.Reporting.Core (24.2.7) - restriction: || (&& (== net6.0) (>= net8.0)) (&& (== net6.0-windows7.0) (>= net8.0)) (== net9.0) (== net9.0-windows7.0) (&& (== netstandard2.0) (>= net8.0))
      DevExpress.Web.Reporting.Common (24.2.7) - restriction: || (&& (== net6.0) (>= net8.0)) (&& (== net6.0-windows7.0) (>= net8.0)) (== net9.0) (== net9.0-windows7.0) (&& (== netstandard2.0) (>= net8.0))
      DevExpress.Web.Reporting.Common.Services (24.2.7) - restriction: || (&& (== net6.0) (>= net8.0)) (&& (== net6.0-windows7.0) (>= net8.0)) (== net9.0) (== net9.0-windows7.0) (&& (== netstandard2.0) (>= net8.0))
      DevExpress.Web.Resources (24.2.7) - restriction: || (&& (== net6.0) (>= net8.0)) (&& (== net6.0-windows7.0) (>= net8.0)) (== net9.0) (== net9.0-windows7.0) (&& (== netstandard2.0) (>= net8.0))
    DevExpress.Blazor (24.2.7) - restriction: || (&& (== net6.0) (>= net8.0)) (&& (== net6.0-windows7.0) (>= net8.0)) (== net9.0) (== net9.0-windows7.0) (&& (== netstandard2.0) (>= net8.0))
      DevExpress.Blazor.Resources (24.2.7) - restriction: || (&& (== net6.0) (>= net8.0)) (&& (== net6.0-windows7.0) (>= net8.0)) (== net9.0) (== net9.0-windows7.0) (&& (== netstandard2.0) (>= net8.0))
      DevExpress.Blazor.Themes (24.2.7) - restriction: || (&& (== net6.0) (>= net8.0)) (&& (== net6.0-windows7.0) (>= net8.0)) (== net9.0) (== net9.0-windows7.0) (&& (== netstandard2.0) (>= net8.0))
      DevExpress.Data (24.2.7) - restriction: || (&& (== net6.0) (>= net8.0)) (&& (== net6.0-windows7.0) (>= net8.0)) (== net9.0) (== net9.0-windows7.0) (&& (== netstandard2.0) (>= net8.0))
      DevExpress.Printing.Core (24.2.7) - restriction: || (&& (== net6.0) (>= net8.0)) (&& (== net6.0-windows7.0) (>= net8.0)) (== net9.0) (== net9.0-windows7.0) (&& (== netstandard2.0) (>= net8.0))
      DevExtreme.AspNet.Data (>= 4.0) - restriction: || (&& (== net6.0) (>= net8.0)) (&& (== net6.0-windows7.0) (>= net8.0)) (== net9.0) (== net9.0-windows7.0) (&& (== netstandard2.0) (>= net8.0))
      System.Drawing.Common (>= 4.7.2) - restriction: || (&& (== net6.0) (>= net8.0)) (&& (== net6.0-windows7.0) (>= net8.0)) (== net9.0) (== net9.0-windows7.0) (&& (== netstandard2.0) (>= net8.0))
      System.Reactive (>= 5.0) - restriction: || (&& (== net6.0) (>= net8.0)) (&& (== net6.0-windows7.0) (>= net8.0)) (== net9.0) (== net9.0-windows7.0) (&& (== netstandard2.0) (>= net8.0))
    DevExpress.Blazor.Dashboard (24.2.7) - restriction: || (&& (== net6.0) (>= net8.0)) (&& (== net6.0-windows7.0) (>= net8.0)) (== net9.0) (== net9.0-windows7.0) (&& (== netstandard2.0) (>= net8.0))
      DevExpress.Blazor.Resources (24.2.7) - restriction: || (&& (== net6.0) (>= net8.0)) (&& (== net6.0-windows7.0) (>= net8.0)) (== net9.0) (== net9.0-windows7.0) (&& (== netstandard2.0) (>= net8.0))
      DevExpress.Data (24.2.7) - restriction: || (&& (== net6.0) (>= net8.0)) (&& (== net6.0-windows7.0) (>= net8.0)) (== net9.0) (== net9.0-windows7.0) (&& (== netstandard2.0) (>= net8.0))
      DevExpress.Drawing (24.2.7) - restriction: || (&& (== net6.0) (>= net8.0)) (&& (== net6.0-windows7.0) (>= net8.0)) (== net9.0) (== net9.0-windows7.0) (&& (== netstandard2.0) (>= net8.0))
    DevExpress.Blazor.PdfViewer (24.2.7)
      DevExpress.Blazor (24.2.7) - restriction: || (&& (== net6.0) (>= net8.0)) (&& (== net6.0-windows7.0) (>= net8.0)) (== net9.0) (== net9.0-windows7.0) (&& (== netstandard2.0) (>= net8.0))
      DevExpress.Blazor.Reporting.Viewer (24.2.7) - restriction: || (&& (== net6.0) (>= net8.0)) (&& (== net6.0-windows7.0) (>= net8.0)) (== net9.0) (== net9.0-windows7.0) (&& (== netstandard2.0) (>= net8.0))
      DevExpress.Blazor.Viewer (24.2.7) - restriction: || (&& (== net6.0) (>= net8.0)) (&& (== net6.0-windows7.0) (>= net8.0)) (== net9.0) (== net9.0-windows7.0) (&& (== netstandard2.0) (>= net8.0))
      DevExpress.Printing.Core (24.2.7) - restriction: || (&& (== net6.0) (>= net8.0)) (&& (== net6.0-windows7.0) (>= net8.0)) (== net9.0) (== net9.0-windows7.0) (&& (== netstandard2.0) (>= net8.0))
      DevExpress.Reporting.Core (24.2.7) - restriction: || (&& (== net6.0) (>= net8.0)) (&& (== net6.0-windows7.0) (>= net8.0)) (== net9.0) (== net9.0-windows7.0) (&& (== netstandard2.0) (>= net8.0))
    DevExpress.Blazor.Reporting.JSBasedControls (24.2.7) - restriction: || (&& (== net6.0) (>= net8.0)) (&& (== net6.0-windows7.0) (>= net8.0)) (== net9.0) (== net9.0-windows7.0) (&& (== netstandard2.0) (>= net8.0))
      DevExpress.Blazor.Reporting.JSBasedControls.Common (24.2.7) - restriction: || (&& (== net6.0) (>= net8.0)) (&& (== net6.0-windows7.0) (>= net8.0)) (== net9.0) (== net9.0-windows7.0) (&& (== netstandard2.0) (>= net8.0))
      DevExpress.Data (24.2.7) - restriction: || (&& (== net6.0) (>= net8.0)) (&& (== net6.0-windows7.0) (>= net8.0)) (== net9.0) (== net9.0-windows7.0) (&& (== netstandard2.0) (>= net8.0))
      DevExpress.DataAccess (24.2.7) - restriction: || (&& (== net6.0) (>= net8.0)) (&& (== net6.0-windows7.0) (>= net8.0)) (== net9.0) (== net9.0-windows7.0) (&& (== netstandard2.0) (>= net8.0))
      DevExpress.Printing.Core (24.2.7) - restriction: || (&& (== net6.0) (>= net8.0)) (&& (== net6.0-windows7.0) (>= net8.0)) (== net9.0) (== net9.0-windows7.0) (&& (== netstandard2.0) (>= net8.0))
      DevExpress.Reporting.Core (24.2.7) - restriction: || (&& (== net6.0) (>= net8.0)) (&& (== net6.0-windows7.0) (>= net8.0)) (== net9.0) (== net9.0-windows7.0) (&& (== netstandard2.0) (>= net8.0))
      DevExpress.Web.Reporting.Common (24.2.7) - restriction: || (&& (== net6.0) (>= net8.0)) (&& (== net6.0-windows7.0) (>= net8.0)) (== net9.0) (== net9.0-windows7.0) (&& (== netstandard2.0) (>= net8.0))
      DevExpress.Web.Reporting.Common.Services (24.2.7) - restriction: || (&& (== net6.0) (>= net8.0)) (&& (== net6.0-windows7.0) (>= net8.0)) (== net9.0) (== net9.0-windows7.0) (&& (== netstandard2.0) (>= net8.0))
    DevExpress.Blazor.Reporting.JSBasedControls.Common (24.2.7) - restriction: || (&& (== net6.0) (>= net8.0)) (&& (== net6.0-windows7.0) (>= net8.0)) (== net9.0) (== net9.0-windows7.0) (&& (== netstandard2.0) (>= net8.0))
      DevExpress.Blazor.Resources (24.2.7) - restriction: || (&& (== net6.0) (>= net8.0)) (&& (== net6.0-windows7.0) (>= net8.0)) (== net9.0) (== net9.0-windows7.0) (&& (== netstandard2.0) (>= net8.0))
      DevExpress.Data (24.2.7) - restriction: || (&& (== net6.0) (>= net8.0)) (&& (== net6.0-windows7.0) (>= net8.0)) (== net9.0) (== net9.0-windows7.0) (&& (== netstandard2.0) (>= net8.0))
    DevExpress.Blazor.Reporting.Viewer (24.2.7) - restriction: || (&& (== net6.0) (>= net8.0)) (&& (== net6.0-windows7.0) (>= net8.0)) (== net9.0) (== net9.0-windows7.0) (&& (== netstandard2.0) (>= net8.0))
      DevExpress.Blazor (24.2.7) - restriction: || (&& (== net6.0) (>= net8.0)) (&& (== net6.0-windows7.0) (>= net8.0)) (== net9.0) (== net9.0-windows7.0) (&& (== netstandard2.0) (>= net8.0))
      DevExpress.Blazor.Viewer (24.2.7) - restriction: || (&& (== net6.0) (>= net8.0)) (&& (== net6.0-windows7.0) (>= net8.0)) (== net9.0) (== net9.0-windows7.0) (&& (== netstandard2.0) (>= net8.0))
      DevExpress.Data (24.2.7) - restriction: || (&& (== net6.0) (>= net8.0)) (&& (== net6.0-windows7.0) (>= net8.0)) (== net9.0) (== net9.0-windows7.0) (&& (== netstandard2.0) (>= net8.0))
      DevExpress.DataAccess (24.2.7) - restriction: || (&& (== net6.0) (>= net8.0)) (&& (== net6.0-windows7.0) (>= net8.0)) (== net9.0) (== net9.0-windows7.0) (&& (== netstandard2.0) (>= net8.0))
      DevExpress.Drawing (24.2.7) - restriction: || (&& (== net6.0) (>= net8.0)) (&& (== net6.0-windows7.0) (>= net8.0)) (== net9.0) (== net9.0-windows7.0) (&& (== netstandard2.0) (>= net8.0))
      DevExpress.Printing.Core (24.2.7) - restriction: || (&& (== net6.0) (>= net8.0)) (&& (== net6.0-windows7.0) (>= net8.0)) (== net9.0) (== net9.0-windows7.0) (&& (== netstandard2.0) (>= net8.0))
      DevExpress.Reporting.Core (24.2.7) - restriction: || (&& (== net6.0) (>= net8.0)) (&& (== net6.0-windows7.0) (>= net8.0)) (== net9.0) (== net9.0-windows7.0) (&& (== netstandard2.0) (>= net8.0))
      System.Reactive (>= 5.0) - restriction: || (&& (== net6.0) (>= net8.0)) (&& (== net6.0-windows7.0) (>= net8.0)) (== net9.0) (== net9.0-windows7.0) (&& (== netstandard2.0) (>= net8.0))
    DevExpress.Blazor.Resources (24.2.7) - restriction: || (&& (== net6.0) (>= net8.0)) (&& (== net6.0-windows7.0) (>= net8.0)) (== net9.0) (== net9.0-windows7.0) (&& (== netstandard2.0) (>= net8.0))
      DevExpress.Data (24.2.7) - restriction: || (&& (== net6.0) (>= net8.0)) (&& (== net6.0-windows7.0) (>= net8.0)) (== net9.0) (== net9.0-windows7.0) (&& (== netstandard2.0) (>= net8.0))
    DevExpress.Blazor.RichEdit (24.2.7) - restriction: || (&& (== net6.0) (>= net8.0)) (&& (== net6.0-windows7.0) (>= net8.0)) (== net9.0) (== net9.0-windows7.0) (&& (== netstandard2.0) (>= net8.0))
      DevExpress.Blazor (24.2.7) - restriction: || (&& (== net6.0) (>= net8.0)) (&& (== net6.0-windows7.0) (>= net8.0)) (== net9.0) (== net9.0-windows7.0) (&& (== netstandard2.0) (>= net8.0))
      DevExpress.Blazor.Resources (24.2.7) - restriction: || (&& (== net6.0) (>= net8.0)) (&& (== net6.0-windows7.0) (>= net8.0)) (== net9.0) (== net9.0-windows7.0) (&& (== netstandard2.0) (>= net8.0))
      DevExpress.Data (24.2.7) - restriction: || (&& (== net6.0) (>= net8.0)) (&& (== net6.0-windows7.0) (>= net8.0)) (== net9.0) (== net9.0-windows7.0) (&& (== netstandard2.0) (>= net8.0))
      DevExpress.Drawing (24.2.7) - restriction: || (&& (== net6.0) (>= net8.0)) (&& (== net6.0-windows7.0) (>= net8.0)) (== net9.0) (== net9.0-windows7.0) (&& (== netstandard2.0) (>= net8.0))
      DevExpress.SpellChecker.Core (24.2.7) - restriction: || (&& (== net6.0) (>= net8.0)) (&& (== net6.0-windows7.0) (>= net8.0)) (== net9.0) (== net9.0-windows7.0) (&& (== netstandard2.0) (>= net8.0))
      Microsoft.Extensions.FileProviders.Abstractions (>= 6.0) - restriction: || (&& (== net6.0) (>= net8.0)) (&& (== net6.0-windows7.0) (>= net8.0)) (== net9.0) (== net9.0-windows7.0) (&& (== netstandard2.0) (>= net8.0))
    DevExpress.Blazor.Themes (24.2.7) - restriction: || (&& (== net6.0) (>= net8.0)) (&& (== net6.0-windows7.0) (>= net8.0)) (== net9.0) (== net9.0-windows7.0) (&& (== netstandard2.0) (>= net8.0))
    DevExpress.Blazor.Viewer (24.2.7) - restriction: || (&& (== net6.0) (>= net8.0)) (&& (== net6.0-windows7.0) (>= net8.0)) (== net9.0) (== net9.0-windows7.0) (&& (== netstandard2.0) (>= net8.0))
      DevExpress.Blazor (24.2.7) - restriction: || (&& (== net6.0) (>= net8.0)) (&& (== net6.0-windows7.0) (>= net8.0)) (== net9.0) (== net9.0-windows7.0) (&& (== netstandard2.0) (>= net8.0))
      DevExpress.Blazor.Resources (24.2.7) - restriction: || (&& (== net6.0) (>= net8.0)) (&& (== net6.0-windows7.0) (>= net8.0)) (== net9.0) (== net9.0-windows7.0) (&& (== netstandard2.0) (>= net8.0))
      DevExpress.Data (24.2.7) - restriction: || (&& (== net6.0) (>= net8.0)) (&& (== net6.0-windows7.0) (>= net8.0)) (== net9.0) (== net9.0-windows7.0) (&& (== netstandard2.0) (>= net8.0))
      DevExpress.DataAccess (24.2.7) - restriction: || (&& (== net6.0) (>= net8.0)) (&& (== net6.0-windows7.0) (>= net8.0)) (== net9.0) (== net9.0-windows7.0) (&& (== netstandard2.0) (>= net8.0))
      DevExpress.Drawing (24.2.7) - restriction: || (&& (== net6.0) (>= net8.0)) (&& (== net6.0-windows7.0) (>= net8.0)) (== net9.0) (== net9.0-windows7.0) (&& (== netstandard2.0) (>= net8.0))
      DevExpress.Printing.Core (24.2.7) - restriction: || (&& (== net6.0) (>= net8.0)) (&& (== net6.0-windows7.0) (>= net8.0)) (== net9.0) (== net9.0-windows7.0) (&& (== netstandard2.0) (>= net8.0))
      System.Reactive (>= 5.0) - restriction: || (&& (== net6.0) (>= net8.0)) (&& (== net6.0-windows7.0) (>= net8.0)) (== net9.0) (== net9.0-windows7.0) (&& (== netstandard2.0) (>= net8.0))
    DevExpress.Charts (24.2.7) - restriction: || (&& (== net6.0) (>= net462)) (&& (== net6.0) (>= net8.0)) (&& (== net6.0-windows7.0) (>= net462)) (&& (== net6.0-windows7.0) (>= net8.0)) (== net9.0) (== net9.0-windows7.0) (&& (== netstandard2.0) (>= net462)) (&& (== netstandard2.0) (>= net8.0))
      DevExpress.Charts.Core (24.2.7) - restriction: || (&& (== net6.0) (>= net462)) (&& (== net6.0) (>= net8.0)) (&& (== net6.0-windows7.0) (>= net462)) (&& (== net6.0-windows7.0) (>= net8.0)) (== net9.0) (== net9.0-windows7.0) (&& (== netstandard2.0) (>= net462)) (&& (== netstandard2.0) (>= net8.0))
      DevExpress.Data (24.2.7) - restriction: || (&& (== net6.0) (>= net462)) (&& (== net6.0) (>= net8.0)) (&& (== net6.0-windows7.0) (>= net462)) (&& (== net6.0-windows7.0) (>= net8.0)) (== net9.0) (== net9.0-windows7.0) (&& (== netstandard2.0) (>= net462)) (&& (== netstandard2.0) (>= net8.0))
      DevExpress.DataVisualization.Core (24.2.7) - restriction: || (&& (== net6.0) (>= net462)) (&& (== net6.0) (>= net8.0)) (&& (== net6.0-windows7.0) (>= net462)) (&& (== net6.0-windows7.0) (>= net8.0)) (== net9.0) (== net9.0-windows7.0) (&& (== netstandard2.0) (>= net462)) (&& (== netstandard2.0) (>= net8.0))
      DevExpress.Drawing (24.2.7) - restriction: || (&& (== net6.0) (>= net462)) (&& (== net6.0) (>= net8.0)) (&& (== net6.0-windows7.0) (>= net462)) (&& (== net6.0-windows7.0) (>= net8.0)) (== net9.0) (== net9.0-windows7.0) (&& (== netstandard2.0) (>= net462)) (&& (== netstandard2.0) (>= net8.0))
      DevExpress.Printing.Core (24.2.7) - restriction: || (&& (== net6.0) (>= net462)) (&& (== net6.0) (>= net8.0)) (&& (== net6.0-windows7.0) (>= net462)) (&& (== net6.0-windows7.0) (>= net8.0)) (== net9.0) (== net9.0-windows7.0) (&& (== netstandard2.0) (>= net462)) (&& (== netstandard2.0) (>= net8.0))
      System.Drawing.Common (>= 4.7.2) - restriction: || (&& (== net6.0) (>= net8.0)) (&& (== net6.0-windows7.0) (>= net8.0)) (== net9.0) (== net9.0-windows7.0) (&& (== netstandard2.0) (>= net8.0))
    DevExpress.Charts.Core (24.2.7) - restriction: || (&& (== net6.0) (>= net8.0)) (&& (== net6.0-windows7.0) (>= net8.0)) (== net9.0) (== net9.0-windows7.0) (&& (== netstandard2.0) (>= net8.0))
      DevExpress.Data (24.2.7) - restriction: || (&& (== net6.0) (>= net462)) (&& (== net6.0) (>= net8.0)) (&& (== net6.0-windows7.0) (>= net462)) (&& (== net6.0-windows7.0) (>= net8.0)) (== net9.0) (== net9.0-windows7.0) (&& (== netstandard2.0) (>= net462)) (&& (== netstandard2.0) (>= net8.0))
    DevExpress.CodeParser (24.2.7) - restriction: || (&& (== net6.0) (>= net8.0)) (&& (== net6.0-windows7.0) (>= net8.0)) (== net9.0) (== net9.0-windows7.0) (&& (== netstandard2.0) (>= net8.0))
      DevExpress.Data (24.2.7) - restriction: || (&& (== net6.0) (>= net462)) (&& (== net6.0) (>= net8.0)) (&& (== net6.0-windows7.0) (>= net462)) (&& (== net6.0-windows7.0) (>= net8.0)) (== net9.0) (== net9.0-windows7.0) (&& (== netstandard2.0) (>= net462)) (&& (== netstandard2.0) (>= net8.0))
      System.CodeDom (>= 4.4) - restriction: || (&& (== net6.0) (>= net8.0)) (&& (== net6.0-windows7.0) (>= net8.0)) (== net9.0) (== net9.0-windows7.0) (&& (== netstandard2.0) (>= net8.0))
    DevExpress.Dashboard.Core (24.2.7) - restriction: || (&& (== net6.0) (>= net462)) (&& (== net6.0) (>= net8.0)) (&& (== net6.0-windows7.0) (>= net462)) (&& (== net6.0-windows7.0) (>= net8.0)) (== net9.0) (== net9.0-windows7.0) (&& (== netstandard2.0) (>= net462)) (&& (== netstandard2.0) (>= net8.0))
      DevExpress.Charts (24.2.7) - restriction: || (&& (== net6.0) (>= net462)) (&& (== net6.0) (>= net8.0)) (&& (== net6.0-windows7.0) (>= net462)) (&& (== net6.0-windows7.0) (>= net8.0)) (== net9.0) (== net9.0-windows7.0) (&& (== netstandard2.0) (>= net462)) (&& (== netstandard2.0) (>= net8.0))
      DevExpress.Charts.Core (24.2.7) - restriction: || (&& (== net6.0) (>= net462)) (&& (== net6.0) (>= net8.0)) (&& (== net6.0-windows7.0) (>= net462)) (&& (== net6.0-windows7.0) (>= net8.0)) (== net9.0) (== net9.0-windows7.0) (&& (== netstandard2.0) (>= net462)) (&& (== netstandard2.0) (>= net8.0))
      DevExpress.Data (24.2.7) - restriction: || (&& (== net6.0) (>= net462)) (&& (== net6.0) (>= net8.0)) (&& (== net6.0-windows7.0) (>= net462)) (&& (== net6.0-windows7.0) (>= net8.0)) (== net9.0) (== net9.0-windows7.0) (&& (== netstandard2.0) (>= net462)) (&& (== netstandard2.0) (>= net8.0))
      DevExpress.DataAccess (24.2.7) - restriction: || (&& (== net6.0) (>= net462)) (&& (== net6.0) (>= net8.0)) (&& (== net6.0-windows7.0) (>= net462)) (&& (== net6.0-windows7.0) (>= net8.0)) (== net9.0) (== net9.0-windows7.0) (&& (== netstandard2.0) (>= net462)) (&& (== netstandard2.0) (>= net8.0))
      DevExpress.Drawing (24.2.7) - restriction: || (&& (== net6.0) (>= net462)) (&& (== net6.0) (>= net8.0)) (&& (== net6.0-windows7.0) (>= net462)) (&& (== net6.0-windows7.0) (>= net8.0)) (== net9.0) (== net9.0-windows7.0) (&& (== netstandard2.0) (>= net462)) (&& (== netstandard2.0) (>= net8.0))
      DevExpress.Gauges.Core (24.2.7) - restriction: || (&& (== net6.0) (>= net462)) (&& (== net6.0) (>= net8.0)) (&& (== net6.0-windows7.0) (>= net462)) (&& (== net6.0-windows7.0) (>= net8.0)) (== net9.0) (== net9.0-windows7.0) (&& (== netstandard2.0) (>= net462)) (&& (== netstandard2.0) (>= net8.0))
      DevExpress.Map.Core (24.2.7) - restriction: || (&& (== net6.0) (>= net462)) (&& (== net6.0) (>= net8.0)) (&& (== net6.0-windows7.0) (>= net462)) (&& (== net6.0-windows7.0) (>= net8.0)) (== net9.0) (== net9.0-windows7.0) (&& (== netstandard2.0) (>= net462)) (&& (== netstandard2.0) (>= net8.0))
      DevExpress.Office.Core (24.2.7) - restriction: || (&& (== net6.0) (>= net462)) (&& (== net6.0) (>= net8.0)) (&& (== net6.0-windows7.0) (>= net462)) (&& (== net6.0-windows7.0) (>= net8.0)) (== net9.0) (== net9.0-windows7.0) (&& (== netstandard2.0) (>= net462)) (&& (== netstandard2.0) (>= net8.0))
      DevExpress.PivotGrid.Core (24.2.7) - restriction: || (&& (== net6.0) (>= net462)) (&& (== net6.0) (>= net8.0)) (&& (== net6.0-windows7.0) (>= net462)) (&& (== net6.0-windows7.0) (>= net8.0)) (== net9.0) (== net9.0-windows7.0) (&& (== netstandard2.0) (>= net462)) (&& (== netstandard2.0) (>= net8.0))
      DevExpress.Printing.Core (24.2.7) - restriction: || (&& (== net6.0) (>= net462)) (&& (== net6.0) (>= net8.0)) (&& (== net6.0-windows7.0) (>= net462)) (&& (== net6.0-windows7.0) (>= net8.0)) (== net9.0) (== net9.0-windows7.0) (&& (== netstandard2.0) (>= net462)) (&& (== netstandard2.0) (>= net8.0))
      DevExpress.Reporting.Core (24.2.7) - restriction: || (&& (== net6.0) (>= net462)) (&& (== net6.0) (>= net8.0)) (&& (== net6.0-windows7.0) (>= net462)) (&& (== net6.0-windows7.0) (>= net8.0)) (== net9.0) (== net9.0-windows7.0) (&& (== netstandard2.0) (>= net462)) (&& (== netstandard2.0) (>= net8.0))
      DevExpress.RichEdit.Core (24.2.7) - restriction: || (&& (== net6.0) (>= net462)) (&& (== net6.0) (>= net8.0)) (&& (== net6.0-windows7.0) (>= net462)) (&& (== net6.0-windows7.0) (>= net8.0)) (== net9.0) (== net9.0-windows7.0) (&& (== netstandard2.0) (>= net462)) (&& (== netstandard2.0) (>= net8.0))
      DevExpress.Sparkline.Core (24.2.7) - restriction: || (&& (== net6.0) (>= net462)) (&& (== net6.0) (>= net8.0)) (&& (== net6.0-windows7.0) (>= net462)) (&& (== net6.0-windows7.0) (>= net8.0)) (== net9.0) (== net9.0-windows7.0) (&& (== netstandard2.0) (>= net462)) (&& (== netstandard2.0) (>= net8.0))
      DevExpress.TreeMap (24.2.7) - restriction: || (&& (== net6.0) (>= net462)) (&& (== net6.0) (>= net8.0)) (&& (== net6.0-windows7.0) (>= net462)) (&& (== net6.0-windows7.0) (>= net8.0)) (== net9.0) (== net9.0-windows7.0) (&& (== netstandard2.0) (>= net462)) (&& (== netstandard2.0) (>= net8.0))
      DevExpress.TreeMap.Core (24.2.7) - restriction: || (&& (== net6.0) (>= net462)) (&& (== net6.0) (>= net8.0)) (&& (== net6.0-windows7.0) (>= net462)) (&& (== net6.0-windows7.0) (>= net8.0)) (== net9.0) (== net9.0-windows7.0) (&& (== netstandard2.0) (>= net462)) (&& (== netstandard2.0) (>= net8.0))
      DevExpress.Xpo (24.2.7) - restriction: || (&& (== net6.0) (>= net462)) (&& (== net6.0) (>= net8.0)) (&& (== net6.0-windows7.0) (>= net462)) (&& (== net6.0-windows7.0) (>= net8.0)) (== net9.0) (== net9.0-windows7.0) (&& (== netstandard2.0) (>= net462)) (&& (== netstandard2.0) (>= net8.0))
      System.Drawing.Common (>= 4.7.2) - restriction: || (&& (== net6.0) (>= net8.0)) (&& (== net6.0-windows7.0) (>= net8.0)) (== net9.0) (== net9.0-windows7.0) (&& (== netstandard2.0) (>= net8.0))
    DevExpress.DataAccess (24.2.7) - restriction: || (&& (== net6.0) (>= net462)) (&& (== net6.0) (>= net8.0)) (&& (== net6.0-windows7.0) (>= net462)) (&& (== net6.0-windows7.0) (>= net8.0)) (== net9.0) (== net9.0-windows7.0) (&& (== netstandard2.0) (>= net462)) (&& (== netstandard2.0) (>= net8.0))
      DevExpress.CodeParser (24.2.7) - restriction: || (&& (== net6.0) (>= net462)) (&& (== net6.0) (>= net8.0)) (&& (== net6.0-windows7.0) (>= net462)) (&& (== net6.0-windows7.0) (>= net8.0)) (== net9.0) (== net9.0-windows7.0) (&& (== netstandard2.0) (>= net462)) (&& (== netstandard2.0) (>= net8.0))
      DevExpress.Data (24.2.7) - restriction: || (&& (== net6.0) (>= net462)) (&& (== net6.0) (>= net8.0)) (&& (== net6.0-windows7.0) (>= net462)) (&& (== net6.0-windows7.0) (>= net8.0)) (== net9.0) (== net9.0-windows7.0) (&& (== netstandard2.0) (>= net462)) (&& (== netstandard2.0) (>= net8.0))
      DevExpress.Drawing (24.2.7) - restriction: || (&& (== net6.0) (>= net462)) (&& (== net6.0) (>= net8.0)) (&& (== net6.0-windows7.0) (>= net462)) (&& (== net6.0-windows7.0) (>= net8.0)) (== net9.0) (== net9.0-windows7.0) (&& (== netstandard2.0) (>= net462)) (&& (== netstandard2.0) (>= net8.0))
      DevExpress.Office.Core (24.2.7) - restriction: || (&& (== net6.0) (>= net462)) (&& (== net6.0) (>= net8.0)) (&& (== net6.0-windows7.0) (>= net462)) (&& (== net6.0-windows7.0) (>= net8.0)) (== net9.0) (== net9.0-windows7.0) (&& (== netstandard2.0) (>= net462)) (&& (== netstandard2.0) (>= net8.0))
      DevExpress.Printing.Core (24.2.7) - restriction: || (&& (== net6.0) (>= net462)) (&& (== net6.0) (>= net8.0)) (&& (== net6.0-windows7.0) (>= net462)) (&& (== net6.0-windows7.0) (>= net8.0)) (== net9.0) (== net9.0-windows7.0) (&& (== netstandard2.0) (>= net462)) (&& (== netstandard2.0) (>= net8.0))
      DevExpress.RichEdit.Core (24.2.7) - restriction: || (&& (== net6.0) (>= net462)) (&& (== net6.0) (>= net8.0)) (&& (== net6.0-windows7.0) (>= net462)) (&& (== net6.0-windows7.0) (>= net8.0)) (== net9.0) (== net9.0-windows7.0) (&& (== netstandard2.0) (>= net462)) (&& (== netstandard2.0) (>= net8.0))
      DevExpress.Xpo (24.2.7) - restriction: || (&& (== net6.0) (>= net462)) (&& (== net6.0) (>= net8.0)) (&& (== net6.0-windows7.0) (>= net462)) (&& (== net6.0-windows7.0) (>= net8.0)) (== net9.0) (== net9.0-windows7.0) (&& (== netstandard2.0) (>= net462)) (&& (== netstandard2.0) (>= net8.0))
      System.Configuration.ConfigurationManager (>= 8.0.1) - restriction: || (&& (== net6.0) (>= net8.0)) (&& (== net6.0-windows7.0) (>= net8.0)) (== net9.0) (== net9.0-windows7.0) (&& (== netstandard2.0) (>= net8.0))
      System.Data.SqlClient (>= 4.8.6) - restriction: || (&& (== net6.0) (>= net8.0)) (&& (== net6.0-windows7.0) (>= net8.0)) (== net9.0) (== net9.0-windows7.0) (&& (== netstandard2.0) (>= net8.0))
    DevExpress.DataAccess.UI (24.2.7)
    DevExpress.DataVisualization.Core (24.2.7) - restriction: || (&& (== net6.0) (>= net462)) (&& (== net6.0) (>= net8.0)) (&& (== net6.0-windows7.0) (>= net462)) (&& (== net6.0-windows7.0) (>= net8.0)) (== net9.0) (== net9.0-windows7.0) (&& (== netstandard2.0) (>= net462)) (&& (== netstandard2.0) (>= net8.0))
      DevExpress.Data (24.2.7) - restriction: || (&& (== net6.0) (>= net462)) (&& (== net6.0) (>= net8.0)) (&& (== net6.0-windows7.0) (>= net462)) (&& (== net6.0-windows7.0) (>= net8.0)) (== net9.0) (== net9.0-windows7.0) (&& (== netstandard2.0) (>= net462)) (&& (== netstandard2.0) (>= net8.0))
      DevExpress.Drawing (24.2.7) - restriction: || (&& (== net6.0) (>= net462)) (&& (== net6.0) (>= net8.0)) (&& (== net6.0-windows7.0) (>= net462)) (&& (== net6.0-windows7.0) (>= net8.0)) (== net9.0) (== net9.0-windows7.0) (&& (== netstandard2.0) (>= net462)) (&& (== netstandard2.0) (>= net8.0))
    DevExpress.Document.Processor (24.2.7)
      DevExpress.Charts (24.2.7) - restriction: || (&& (== net6.0) (>= net462)) (&& (== net6.0) (>= net8.0)) (&& (== net6.0-windows7.0) (>= net462)) (&& (== net6.0-windows7.0) (>= net8.0)) (== net9.0) (== net9.0-windows7.0) (&& (== netstandard2.0) (>= net462)) (&& (== netstandard2.0) (>= net8.0))
      DevExpress.Data (24.2.7) - restriction: || (&& (== net6.0) (>= net462)) (&& (== net6.0) (>= net8.0)) (&& (== net6.0-windows7.0) (>= net462)) (&& (== net6.0-windows7.0) (>= net8.0)) (== net9.0) (== net9.0-windows7.0) (&& (== netstandard2.0) (>= net462)) (&& (== netstandard2.0) (>= net8.0))
      DevExpress.DataVisualization.Core (24.2.7) - restriction: || (&& (== net6.0) (>= net462)) (&& (== net6.0) (>= net8.0)) (&& (== net6.0-windows7.0) (>= net462)) (&& (== net6.0-windows7.0) (>= net8.0)) (== net9.0) (== net9.0-windows7.0) (&& (== netstandard2.0) (>= net462)) (&& (== netstandard2.0) (>= net8.0))
      DevExpress.Drawing (24.2.7) - restriction: || (&& (== net6.0) (>= net462)) (&& (== net6.0) (>= net8.0)) (&& (== net6.0-windows7.0) (>= net462)) (&& (== net6.0-windows7.0) (>= net8.0)) (== net9.0) (== net9.0-windows7.0) (&& (== netstandard2.0) (>= net462)) (&& (== netstandard2.0) (>= net8.0))
      DevExpress.Office.Core (24.2.7) - restriction: || (&& (== net6.0) (>= net462)) (&& (== net6.0) (>= net8.0)) (&& (== net6.0-windows7.0) (>= net462)) (&& (== net6.0-windows7.0) (>= net8.0)) (== net9.0) (== net9.0-windows7.0) (&& (== netstandard2.0) (>= net462)) (&& (== netstandard2.0) (>= net8.0))
      DevExpress.Pdf.Core (24.2.7) - restriction: || (&& (== net6.0) (>= net462)) (&& (== net6.0) (>= net8.0)) (&& (== net6.0-windows7.0) (>= net462)) (&& (== net6.0-windows7.0) (>= net8.0)) (== net9.0) (== net9.0-windows7.0) (&& (== netstandard2.0) (>= net462)) (&& (== netstandard2.0) (>= net8.0))
      DevExpress.Pdf.Drawing (24.2.7) - restriction: || (&& (== net6.0) (>= net462)) (&& (== net6.0) (>= net8.0)) (&& (== net6.0-windows7.0) (>= net462)) (&& (== net6.0-windows7.0) (>= net8.0)) (== net9.0) (== net9.0-windows7.0) (&& (== netstandard2.0) (>= net462)) (&& (== netstandard2.0) (>= net8.0))
      DevExpress.Printing.Core (24.2.7) - restriction: || (&& (== net6.0) (>= net462)) (&& (== net6.0) (>= net8.0)) (&& (== net6.0-windows7.0) (>= net462)) (&& (== net6.0-windows7.0) (>= net8.0)) (== net9.0) (== net9.0-windows7.0) (&& (== netstandard2.0) (>= net462)) (&& (== netstandard2.0) (>= net8.0))
      DevExpress.RichEdit.Core (24.2.7) - restriction: || (&& (== net6.0) (>= net462)) (&& (== net6.0) (>= net8.0)) (&& (== net6.0-windows7.0) (>= net462)) (&& (== net6.0-windows7.0) (>= net8.0)) (== net9.0) (== net9.0-windows7.0) (&& (== netstandard2.0) (>= net462)) (&& (== netstandard2.0) (>= net8.0))
      DevExpress.Spreadsheet.Core (24.2.7) - restriction: || (&& (== net6.0) (>= net462)) (&& (== net6.0) (>= net8.0)) (&& (== net6.0-windows7.0) (>= net462)) (&& (== net6.0-windows7.0) (>= net8.0)) (== net9.0) (== net9.0-windows7.0) (&& (== netstandard2.0) (>= net462)) (&& (== netstandard2.0) (>= net8.0))
      DevExpress.TreeMap (24.2.7) - restriction: || (&& (== net6.0) (>= net462)) (&& (== net6.0) (>= net8.0)) (&& (== net6.0-windows7.0) (>= net462)) (&& (== net6.0-windows7.0) (>= net8.0)) (== net9.0) (== net9.0-windows7.0) (&& (== netstandard2.0) (>= net462)) (&& (== netstandard2.0) (>= net8.0))
      System.Drawing.Common (>= 4.7.2) - restriction: || (&& (== net6.0) (>= net8.0)) (&& (== net6.0-windows7.0) (>= net8.0)) (== net9.0) (== net9.0-windows7.0) (&& (== netstandard2.0) (>= net8.0))
      System.Security.Cryptography.Xml (>= 8.0.2) - restriction: || (&& (== net6.0) (>= net8.0)) (&& (== net6.0-windows7.0) (>= net8.0)) (== net9.0) (== net9.0-windows7.0) (&& (== netstandard2.0) (>= net8.0))
    DevExpress.Drawing (24.2.7) - restriction: || (&& (== net6.0) (>= net462)) (&& (== net6.0) (>= net8.0)) (&& (== net6.0) (>= net9.0)) (&& (== net6.0-windows7.0) (>= net462)) (&& (== net6.0-windows7.0) (>= net8.0)) (&& (== net6.0-windows7.0) (>= net9.0)) (== net9.0) (== net9.0-windows7.0) (&& (== netstandard2.0) (>= net462)) (&& (== netstandard2.0) (>= net8.0)) (&& (== netstandard2.0) (>= net9.0))
      DevExpress.Data (24.2.7) - restriction: || (&& (== net6.0) (>= net462)) (&& (== net6.0) (>= net8.0)) (&& (== net6.0-windows7.0) (>= net462)) (&& (== net6.0-windows7.0) (>= net8.0)) (== net9.0) (== net9.0-windows7.0) (&& (== netstandard2.0) (>= net462)) (&& (== netstandard2.0) (>= net8.0))
      System.Drawing.Common (>= 4.7.2) - restriction: || (&& (== net6.0) (>= net8.0)) (&& (== net6.0-windows7.0) (>= net8.0)) (== net9.0) (== net9.0-windows7.0) (&& (== netstandard2.0) (>= net8.0))
    DevExpress.Drawing.Skia (24.2.7)
      DevExpress.Data (24.2.7) - restriction: || (&& (== net6.0) (>= net462)) (&& (== net6.0) (>= net8.0)) (&& (== net6.0-windows7.0) (>= net462)) (&& (== net6.0-windows7.0) (>= net8.0)) (== net9.0) (== net9.0-windows7.0) (&& (== netstandard2.0) (>= net462)) (&& (== netstandard2.0) (>= net8.0))
      DevExpress.Drawing (24.2.7) - restriction: || (&& (== net6.0) (>= net462)) (&& (== net6.0) (>= net8.0)) (&& (== net6.0-windows7.0) (>= net462)) (&& (== net6.0-windows7.0) (>= net8.0)) (== net9.0) (== net9.0-windows7.0) (&& (== netstandard2.0) (>= net462)) (&& (== netstandard2.0) (>= net8.0))
      HarfBuzzSharp.NativeAssets.Linux (>= 2.8.2.5) - restriction: || (&& (== net6.0) (>= net8.0)) (&& (== net6.0-windows7.0) (>= net8.0)) (== net9.0) (== net9.0-windows7.0) (&& (== netstandard2.0) (>= net8.0))
      Microsoft.ICU.ICU4C.Runtime (>= 72.1.0.3) - restriction: || (&& (== net6.0) (>= net8.0)) (&& (== net6.0-windows7.0) (>= net8.0)) (== net9.0) (== net9.0-windows7.0) (&& (== netstandard2.0) (>= net8.0))
      SkiaSharp (>= 2.88.7) - restriction: || (&& (== net6.0) (>= net8.0)) (&& (== net6.0-windows7.0) (>= net8.0)) (== net9.0) (== net9.0-windows7.0) (&& (== netstandard2.0) (>= net8.0))
      SkiaSharp.HarfBuzz (>= 2.88.7) - restriction: || (&& (== net6.0) (>= net8.0)) (&& (== net6.0-windows7.0) (>= net8.0)) (== net9.0) (== net9.0-windows7.0) (&& (== netstandard2.0) (>= net8.0))
      SkiaSharp.NativeAssets.Linux (>= 2.88.7) - restriction: || (&& (== net6.0) (>= net8.0)) (&& (== net6.0-windows7.0) (>= net8.0)) (== net9.0) (== net9.0-windows7.0) (&& (== netstandard2.0) (>= net8.0))
      System.Drawing.Common (>= 4.7.2) - restriction: || (&& (== net6.0) (>= net8.0)) (&& (== net6.0-windows7.0) (>= net8.0)) (== net9.0) (== net9.0-windows7.0) (&& (== netstandard2.0) (>= net8.0))
      System.Runtime.CompilerServices.Unsafe (>= 4.5.3) - restriction: || (&& (== net6.0) (>= net8.0)) (&& (== net6.0-windows7.0) (>= net8.0)) (== net9.0) (== net9.0-windows7.0) (&& (== netstandard2.0) (>= net8.0))
    DevExpress.EasyTest (24.2.7) - restriction: || (&& (== net6.0) (>= net9.0)) (&& (== net6.0-windows7.0) (>= net9.0)) (== net9.0) (&& (== net9.0-windows7.0) (>= net9.0)) (&& (== netstandard2.0) (>= net9.0))
      System.Configuration.ConfigurationManager (>= 8.0.1) - restriction: || (&& (== net6.0) (>= net8.0)) (&& (== net6.0-windows7.0) (>= net8.0)) (== net9.0) (== net9.0-windows7.0) (&& (== netstandard2.0) (>= net8.0))
      System.Data.SqlClient (>= 4.8.6) - restriction: || (&& (== net6.0) (>= net8.0)) (&& (== net6.0-windows7.0) (>= net8.0)) (== net9.0) (== net9.0-windows7.0) (&& (== netstandard2.0) (>= net8.0))
      System.Drawing.Common (>= 8.0.10) - restriction: || (&& (== net6.0) (>= net8.0)) (&& (== net6.0-windows7.0) (>= net8.0)) (== net9.0) (== net9.0-windows7.0) (&& (== netstandard2.0) (>= net8.0))
      System.ServiceProcess.ServiceController (>= 8.0.1) - restriction: || (&& (== net6.0) (>= net8.0)) (&& (== net6.0-windows7.0) (>= net8.0)) (== net9.0) (== net9.0-windows7.0) (&& (== netstandard2.0) (>= net8.0))
    DevExpress.ExpressApp (24.2.7)
      DevExpress.Data (24.2.7) - restriction: || (&& (== net6.0) (>= net462)) (&& (== net6.0) (>= net8.0)) (&& (== net6.0-windows7.0) (>= net462)) (&& (== net6.0-windows7.0) (>= net8.0)) (== net9.0) (== net9.0-windows7.0) (&& (== netstandard2.0) (>= net462)) (&& (== netstandard2.0) (>= net8.0))
      DevExpress.Drawing (24.2.7) - restriction: || (&& (== net6.0) (>= net462)) (&& (== net6.0) (>= net8.0)) (&& (== net6.0-windows7.0) (>= net462)) (&& (== net6.0-windows7.0) (>= net8.0)) (== net9.0) (== net9.0-windows7.0) (&& (== netstandard2.0) (>= net462)) (&& (== netstandard2.0) (>= net8.0))
      DevExpress.Images (24.2.7) - restriction: || (&& (== net6.0) (>= net462)) (&& (== net6.0) (>= net8.0)) (&& (== net6.0-windows7.0) (>= net462)) (&& (== net6.0-windows7.0) (>= net8.0)) (== net9.0) (== net9.0-windows7.0) (&& (== netstandard2.0) (>= net462)) (&& (== netstandard2.0) (>= net8.0))
      DevExpress.Printing.Core (24.2.7) - restriction: || (&& (== net6.0) (>= net462)) (&& (== net6.0) (>= net8.0)) (&& (== net6.0-windows7.0) (>= net462)) (&& (== net6.0-windows7.0) (>= net8.0)) (== net9.0) (== net9.0-windows7.0) (&& (== netstandard2.0) (>= net462)) (&& (== netstandard2.0) (>= net8.0))
      Microsoft.CodeAnalysis.CSharp (>= 3.3.1) - restriction: || (&& (== net6.0) (>= net8.0)) (&& (== net6.0-windows7.0) (>= net8.0)) (== net9.0) (== net9.0-windows7.0) (&& (== netstandard2.0) (>= net8.0))
      Microsoft.Extensions.Configuration.Abstractions (>= 8.0) - restriction: || (&& (== net6.0) (>= net8.0)) (&& (== net6.0-windows7.0) (>= net8.0)) (== net9.0) (== net9.0-windows7.0) (&& (== netstandard2.0) (>= net8.0))
      Microsoft.Extensions.DependencyInjection.Abstractions (>= 8.0.2) - restriction: || (&& (== net6.0) (>= net8.0)) (&& (== net6.0-windows7.0) (>= net8.0)) (== net9.0) (== net9.0-windows7.0) (&& (== netstandard2.0) (>= net8.0))
      Microsoft.Extensions.ObjectPool (>= 8.0.10) - restriction: || (&& (== net6.0) (>= net8.0)) (&& (== net6.0-windows7.0) (>= net8.0)) (== net9.0) (== net9.0-windows7.0) (&& (== netstandard2.0) (>= net8.0))
      Microsoft.Extensions.Options (>= 8.0.2) - restriction: || (&& (== net6.0) (>= net8.0)) (&& (== net6.0-windows7.0) (>= net8.0)) (== net9.0) (== net9.0-windows7.0) (&& (== netstandard2.0) (>= net8.0))
      Microsoft.NETCore.Platforms (>= 7.0.4) - restriction: || (&& (== net6.0) (>= net8.0)) (&& (== net6.0-windows7.0) (>= net8.0)) (== net9.0) (== net9.0-windows7.0) (&& (== netstandard2.0) (>= net8.0))
      System.Configuration.ConfigurationManager (>= 8.0.1) - restriction: || (&& (== net6.0) (>= net8.0)) (&& (== net6.0-windows7.0) (>= net8.0)) (== net9.0) (== net9.0-windows7.0) (&& (== netstandard2.0) (>= net8.0))
      System.Diagnostics.EventLog (>= 8.0.1) - restriction: || (&& (== net6.0) (>= net8.0)) (&& (== net6.0-windows7.0) (>= net8.0)) (== net9.0) (== net9.0-windows7.0) (&& (== netstandard2.0) (>= net8.0))
      System.Drawing.Common (>= 8.0.10) - restriction: || (&& (== net6.0) (>= net8.0)) (&& (== net6.0-windows7.0) (>= net8.0)) (== net9.0) (== net9.0-windows7.0) (&& (== netstandard2.0) (>= net8.0))
      System.Formats.Asn1 (>= 8.0.1) - restriction: || (&& (== net6.0) (>= net8.0)) (&& (== net6.0-windows7.0) (>= net8.0)) (== net9.0) (== net9.0-windows7.0) (&& (== netstandard2.0) (>= net8.0))
      System.Resources.Extensions (>= 8.0) - restriction: || (&& (== net6.0) (>= net8.0)) (&& (== net6.0-windows7.0) (>= net8.0)) (== net9.0) (== net9.0-windows7.0) (&& (== netstandard2.0) (>= net8.0))
      System.Security.Cryptography.Pkcs (>= 8.0.1) - restriction: || (&& (== net6.0) (>= net8.0)) (&& (== net6.0-windows7.0) (>= net8.0)) (== net9.0) (== net9.0-windows7.0) (&& (== netstandard2.0) (>= net8.0))
      System.Security.Cryptography.Xml (>= 8.0.2) - restriction: || (&& (== net6.0) (>= net8.0)) (&& (== net6.0-windows7.0) (>= net8.0)) (== net9.0) (== net9.0-windows7.0) (&& (== netstandard2.0) (>= net8.0))
      System.ServiceModel.Primitives (>= 8.1) - restriction: || (&& (== net6.0) (>= net8.0)) (&& (== net6.0-windows7.0) (>= net8.0)) (== net9.0) (== net9.0-windows7.0) (&& (== netstandard2.0) (>= net8.0))
    DevExpress.ExpressApp.AspNetCore (24.2.7) - restriction: || (&& (== net6.0) (>= net8.0)) (&& (== net6.0) (>= net9.0)) (&& (== net6.0-windows7.0) (>= net8.0)) (&& (== net6.0-windows7.0) (>= net9.0)) (== net9.0) (== net9.0-windows7.0) (&& (== netstandard2.0) (>= net8.0)) (&& (== netstandard2.0) (>= net9.0))
      DevExpress.Data (24.2.7) - restriction: || (&& (== net6.0) (>= net8.0)) (&& (== net6.0-windows7.0) (>= net8.0)) (== net9.0) (== net9.0-windows7.0) (&& (== netstandard2.0) (>= net8.0))
      DevExpress.Drawing (24.2.7) - restriction: || (&& (== net6.0) (>= net8.0)) (&& (== net6.0-windows7.0) (>= net8.0)) (== net9.0) (== net9.0-windows7.0) (&& (== netstandard2.0) (>= net8.0))
      DevExpress.ExpressApp (24.2.7) - restriction: || (&& (== net6.0) (>= net8.0)) (&& (== net6.0-windows7.0) (>= net8.0)) (== net9.0) (== net9.0-windows7.0) (&& (== netstandard2.0) (>= net8.0))
      DevExpress.Persistent.Base (24.2.7) - restriction: || (&& (== net6.0) (>= net8.0)) (&& (== net6.0-windows7.0) (>= net8.0)) (== net9.0) (== net9.0-windows7.0) (&& (== netstandard2.0) (>= net8.0))
      System.Drawing.Common (>= 8.0.10) - restriction: || (&& (== net6.0) (>= net8.0)) (&& (== net6.0-windows7.0) (>= net8.0)) (== net9.0) (== net9.0-windows7.0) (&& (== netstandard2.0) (>= net8.0))
    DevExpress.ExpressApp.AuditTrail.Xpo (24.2.7) - restriction: || (&& (== net6.0) (>= net9.0)) (&& (== net6.0-windows7.0) (>= net9.0)) (== net9.0) (&& (== net9.0-windows7.0) (>= net9.0)) (&& (== netstandard2.0) (>= net9.0))
      DevExpress.Data (24.2.7) - restriction: || (&& (== net6.0) (>= net462)) (&& (== net6.0) (>= net8.0)) (&& (== net6.0-windows7.0) (>= net462)) (&& (== net6.0-windows7.0) (>= net8.0)) (== net9.0) (== net9.0-windows7.0) (&& (== netstandard2.0) (>= net462)) (&& (== netstandard2.0) (>= net8.0))
      DevExpress.ExpressApp (24.2.7) - restriction: || (&& (== net6.0) (>= net462)) (&& (== net6.0) (>= net8.0)) (&& (== net6.0-windows7.0) (>= net462)) (&& (== net6.0-windows7.0) (>= net8.0)) (== net9.0) (== net9.0-windows7.0) (&& (== netstandard2.0) (>= net462)) (&& (== netstandard2.0) (>= net8.0))
      DevExpress.ExpressApp.Xpo (24.2.7) - restriction: || (&& (== net6.0) (>= net462)) (&& (== net6.0) (>= net8.0)) (&& (== net6.0-windows7.0) (>= net462)) (&& (== net6.0-windows7.0) (>= net8.0)) (== net9.0) (== net9.0-windows7.0) (&& (== netstandard2.0) (>= net462)) (&& (== netstandard2.0) (>= net8.0))
      DevExpress.Persistent.BaseImpl.Xpo (24.2.7) - restriction: || (&& (== net6.0) (>= net462)) (&& (== net6.0) (>= net8.0)) (&& (== net6.0-windows7.0) (>= net462)) (&& (== net6.0-windows7.0) (>= net8.0)) (== net9.0) (== net9.0-windows7.0) (&& (== netstandard2.0) (>= net462)) (&& (== netstandard2.0) (>= net8.0))
      DevExpress.Xpo (24.2.7) - restriction: || (&& (== net6.0) (>= net462)) (&& (== net6.0) (>= net8.0)) (&& (== net6.0-windows7.0) (>= net462)) (&& (== net6.0-windows7.0) (>= net8.0)) (== net9.0) (== net9.0-windows7.0) (&& (== netstandard2.0) (>= net462)) (&& (== netstandard2.0) (>= net8.0))
      Microsoft.Extensions.Configuration.Abstractions (>= 8.0) - restriction: || (&& (== net6.0) (>= net8.0)) (&& (== net6.0-windows7.0) (>= net8.0)) (== net9.0) (== net9.0-windows7.0) (&& (== netstandard2.0) (>= net8.0))
      Microsoft.Extensions.DependencyInjection.Abstractions (>= 8.0.2) - restriction: || (&& (== net6.0) (>= net8.0)) (&& (== net6.0-windows7.0) (>= net8.0)) (== net9.0) (== net9.0-windows7.0) (&& (== netstandard2.0) (>= net8.0))
      Microsoft.Extensions.Options (>= 8.0.2) - restriction: || (&& (== net6.0) (>= net8.0)) (&& (== net6.0-windows7.0) (>= net8.0)) (== net9.0) (== net9.0-windows7.0) (&& (== netstandard2.0) (>= net8.0))
      System.Configuration.ConfigurationManager (>= 8.0.1) - restriction: || (&& (== net6.0) (>= net8.0)) (&& (== net6.0-windows7.0) (>= net8.0)) (== net9.0) (== net9.0-windows7.0) (&& (== netstandard2.0) (>= net8.0))
    DevExpress.ExpressApp.Blazor (24.2.7)
      DevExpress.Blazor (24.2.7) - restriction: || (&& (== net6.0) (>= net8.0)) (&& (== net6.0-windows7.0) (>= net8.0)) (== net9.0) (== net9.0-windows7.0) (&& (== netstandard2.0) (>= net8.0))
      DevExpress.Blazor.Resources (24.2.7) - restriction: || (&& (== net6.0) (>= net8.0)) (&& (== net6.0-windows7.0) (>= net8.0)) (== net9.0) (== net9.0-windows7.0) (&& (== netstandard2.0) (>= net8.0))
      DevExpress.Data (24.2.7) - restriction: || (&& (== net6.0) (>= net8.0)) (&& (== net6.0-windows7.0) (>= net8.0)) (== net9.0) (== net9.0-windows7.0) (&& (== netstandard2.0) (>= net8.0))
      DevExpress.Drawing (24.2.7) - restriction: || (&& (== net6.0) (>= net8.0)) (&& (== net6.0-windows7.0) (>= net8.0)) (== net9.0) (== net9.0-windows7.0) (&& (== netstandard2.0) (>= net8.0))
      DevExpress.ExpressApp (24.2.7) - restriction: || (&& (== net6.0) (>= net8.0)) (&& (== net6.0-windows7.0) (>= net8.0)) (== net9.0) (== net9.0-windows7.0) (&& (== netstandard2.0) (>= net8.0))
      DevExpress.ExpressApp.AspNetCore (24.2.7) - restriction: || (&& (== net6.0) (>= net8.0)) (&& (== net6.0-windows7.0) (>= net8.0)) (== net9.0) (== net9.0-windows7.0) (&& (== netstandard2.0) (>= net8.0))
      DevExpress.ExpressApp.Security (24.2.7) - restriction: || (&& (== net6.0) (>= net8.0)) (&& (== net6.0-windows7.0) (>= net8.0)) (== net9.0) (== net9.0-windows7.0) (&& (== netstandard2.0) (>= net8.0))
      DevExpress.ExpressApp.Security.AspNetCore (24.2.7) - restriction: || (&& (== net6.0) (>= net8.0)) (&& (== net6.0-windows7.0) (>= net8.0)) (== net9.0) (== net9.0-windows7.0) (&& (== netstandard2.0) (>= net8.0))
      DevExpress.Persistent.Base (24.2.7) - restriction: || (&& (== net6.0) (>= net8.0)) (&& (== net6.0-windows7.0) (>= net8.0)) (== net9.0) (== net9.0-windows7.0) (&& (== netstandard2.0) (>= net8.0))
      DevExpress.Printing.Core (24.2.7) - restriction: || (&& (== net6.0) (>= net8.0)) (&& (== net6.0-windows7.0) (>= net8.0)) (== net9.0) (== net9.0-windows7.0) (&& (== netstandard2.0) (>= net8.0))
      DevExtreme.AspNet.Data (>= 5.0.0-beta) - restriction: || (&& (== net6.0) (>= net8.0)) (&& (== net6.0-windows7.0) (>= net8.0)) (== net9.0) (== net9.0-windows7.0) (&& (== netstandard2.0) (>= net8.0))
      Microsoft.AspNetCore.DataProtection.Extensions (>= 8.0.10) - restriction: || (&& (== net6.0) (>= net8.0)) (&& (== net6.0-windows7.0) (>= net8.0)) (== net9.0) (== net9.0-windows7.0) (&& (== netstandard2.0) (>= net8.0))
      System.Drawing.Common (>= 8.0.10) - restriction: || (&& (== net6.0) (>= net8.0)) (&& (== net6.0-windows7.0) (>= net8.0)) (== net9.0) (== net9.0-windows7.0) (&& (== netstandard2.0) (>= net8.0))
      System.Formats.Asn1 (>= 8.0.1) - restriction: || (&& (== net6.0) (>= net8.0)) (&& (== net6.0-windows7.0) (>= net8.0)) (== net9.0) (== net9.0-windows7.0) (&& (== netstandard2.0) (>= net8.0))
    DevExpress.ExpressApp.Blazor.All (24.2.7) - restriction: || (&& (== net6.0) (>= net9.0)) (&& (== net6.0-windows7.0) (>= net9.0)) (== net9.0) (&& (== net9.0-windows7.0) (>= net9.0)) (&& (== netstandard2.0) (>= net9.0))
      DevExpress.ExpressApp.AspNetCore (24.2.7) - restriction: || (&& (== net6.0) (>= net8.0)) (&& (== net6.0-windows7.0) (>= net8.0)) (== net9.0) (== net9.0-windows7.0) (&& (== netstandard2.0) (>= net8.0))
      DevExpress.ExpressApp.Blazor (24.2.7) - restriction: || (&& (== net6.0) (>= net8.0)) (&& (== net6.0-windows7.0) (>= net8.0)) (== net9.0) (== net9.0-windows7.0) (&& (== netstandard2.0) (>= net8.0))
      DevExpress.ExpressApp.Core.All (24.2.7) - restriction: || (&& (== net6.0) (>= net8.0)) (&& (== net6.0-windows7.0) (>= net8.0)) (== net9.0) (== net9.0-windows7.0) (&& (== netstandard2.0) (>= net8.0))
      DevExpress.ExpressApp.Dashboards.Blazor (24.2.7) - restriction: || (&& (== net6.0) (>= net8.0)) (&& (== net6.0-windows7.0) (>= net8.0)) (== net9.0) (== net9.0-windows7.0) (&& (== netstandard2.0) (>= net8.0))
      DevExpress.ExpressApp.EasyTest.BlazorAdapter (24.2.7) - restriction: || (&& (== net6.0) (>= net8.0)) (&& (== net6.0-windows7.0) (>= net8.0)) (== net9.0) (== net9.0-windows7.0) (&& (== netstandard2.0) (>= net8.0))
      DevExpress.ExpressApp.FileAttachment.Blazor (24.2.7) - restriction: || (&& (== net6.0) (>= net8.0)) (&& (== net6.0-windows7.0) (>= net8.0)) (== net9.0) (== net9.0-windows7.0) (&& (== netstandard2.0) (>= net8.0))
      DevExpress.ExpressApp.Notifications.Blazor (24.2.7) - restriction: || (&& (== net6.0) (>= net8.0)) (&& (== net6.0-windows7.0) (>= net8.0)) (== net9.0) (== net9.0-windows7.0) (&& (== netstandard2.0) (>= net8.0))
      DevExpress.ExpressApp.Office.Blazor (24.2.7) - restriction: || (&& (== net6.0) (>= net8.0)) (&& (== net6.0-windows7.0) (>= net8.0)) (== net9.0) (== net9.0-windows7.0) (&& (== netstandard2.0) (>= net8.0))
      DevExpress.ExpressApp.ReportsV2.Blazor (24.2.7) - restriction: || (&& (== net6.0) (>= net8.0)) (&& (== net6.0-windows7.0) (>= net8.0)) (== net9.0) (== net9.0-windows7.0) (&& (== netstandard2.0) (>= net8.0))
      DevExpress.ExpressApp.Scheduler.Blazor (24.2.7) - restriction: || (&& (== net6.0) (>= net8.0)) (&& (== net6.0-windows7.0) (>= net8.0)) (== net9.0) (== net9.0-windows7.0) (&& (== netstandard2.0) (>= net8.0))
      DevExpress.ExpressApp.Security.AspNetCore (24.2.7) - restriction: || (&& (== net6.0) (>= net8.0)) (&& (== net6.0-windows7.0) (>= net8.0)) (== net9.0) (== net9.0-windows7.0) (&& (== netstandard2.0) (>= net8.0))
      DevExpress.ExpressApp.Validation.Blazor (24.2.7) - restriction: || (&& (== net6.0) (>= net8.0)) (&& (== net6.0-windows7.0) (>= net8.0)) (== net9.0) (== net9.0-windows7.0) (&& (== netstandard2.0) (>= net8.0))
    DevExpress.ExpressApp.Chart (24.2.7)
      DevExpress.Charts (24.2.7) - restriction: || (&& (== net6.0) (>= net462)) (&& (== net6.0) (>= net8.0)) (&& (== net6.0-windows7.0) (>= net462)) (&& (== net6.0-windows7.0) (>= net8.0)) (== net9.0) (== net9.0-windows7.0) (&& (== netstandard2.0) (>= net462)) (&& (== netstandard2.0) (>= net8.0))
      DevExpress.Data (24.2.7) - restriction: || (&& (== net6.0) (>= net462)) (&& (== net6.0) (>= net8.0)) (&& (== net6.0-windows7.0) (>= net462)) (&& (== net6.0-windows7.0) (>= net8.0)) (== net9.0) (== net9.0-windows7.0) (&& (== netstandard2.0) (>= net462)) (&& (== netstandard2.0) (>= net8.0))
      DevExpress.Drawing (24.2.7) - restriction: || (&& (== net6.0) (>= net462)) (&& (== net6.0) (>= net8.0)) (&& (== net6.0-windows7.0) (>= net462)) (&& (== net6.0-windows7.0) (>= net8.0)) (== net9.0) (== net9.0-windows7.0) (&& (== netstandard2.0) (>= net462)) (&& (== netstandard2.0) (>= net8.0))
      DevExpress.ExpressApp (24.2.7) - restriction: || (&& (== net6.0) (>= net462)) (&& (== net6.0) (>= net8.0)) (&& (== net6.0-windows7.0) (>= net462)) (&& (== net6.0-windows7.0) (>= net8.0)) (== net9.0) (== net9.0-windows7.0) (&& (== netstandard2.0) (>= net462)) (&& (== netstandard2.0) (>= net8.0))
      DevExpress.Persistent.Base (24.2.7) - restriction: || (&& (== net6.0) (>= net462)) (&& (== net6.0) (>= net8.0)) (&& (== net6.0-windows7.0) (>= net462)) (&& (== net6.0-windows7.0) (>= net8.0)) (== net9.0) (== net9.0-windows7.0) (&& (== netstandard2.0) (>= net462)) (&& (== netstandard2.0) (>= net8.0))
    DevExpress.ExpressApp.Chart.Win (24.2.7)
    DevExpress.ExpressApp.CloneObject.Xpo (24.2.7) - restriction: || (&& (== net6.0) (>= net9.0)) (&& (== net6.0-windows7.0) (>= net9.0)) (== net9.0) (&& (== net9.0-windows7.0) (>= net9.0)) (&& (== netstandard2.0) (>= net9.0))
      DevExpress.Data (24.2.7) - restriction: || (&& (== net6.0) (>= net462)) (&& (== net6.0) (>= net8.0)) (&& (== net6.0-windows7.0) (>= net462)) (&& (== net6.0-windows7.0) (>= net8.0)) (== net9.0) (== net9.0-windows7.0) (&& (== netstandard2.0) (>= net462)) (&& (== netstandard2.0) (>= net8.0))
      DevExpress.ExpressApp (24.2.7) - restriction: || (&& (== net6.0) (>= net462)) (&& (== net6.0) (>= net8.0)) (&& (== net6.0-windows7.0) (>= net462)) (&& (== net6.0-windows7.0) (>= net8.0)) (== net9.0) (== net9.0-windows7.0) (&& (== netstandard2.0) (>= net462)) (&& (== netstandard2.0) (>= net8.0))
      DevExpress.Persistent.Base (24.2.7) - restriction: || (&& (== net6.0) (>= net462)) (&& (== net6.0) (>= net8.0)) (&& (== net6.0-windows7.0) (>= net462)) (&& (== net6.0-windows7.0) (>= net8.0)) (== net9.0) (== net9.0-windows7.0) (&& (== netstandard2.0) (>= net462)) (&& (== netstandard2.0) (>= net8.0))
    DevExpress.ExpressApp.CodeAnalysis (24.2.7)
    DevExpress.ExpressApp.ConditionalAppearance (24.2.7)
      DevExpress.Data (24.2.7) - restriction: || (&& (== net6.0) (>= net462)) (&& (== net6.0) (>= net8.0)) (&& (== net6.0-windows7.0) (>= net462)) (&& (== net6.0-windows7.0) (>= net8.0)) (== net9.0) (== net9.0-windows7.0) (&& (== netstandard2.0) (>= net462)) (&& (== netstandard2.0) (>= net8.0))
      DevExpress.Drawing (24.2.7) - restriction: || (&& (== net6.0) (>= net462)) (&& (== net6.0) (>= net8.0)) (&& (== net6.0-windows7.0) (>= net462)) (&& (== net6.0-windows7.0) (>= net8.0)) (== net9.0) (== net9.0-windows7.0) (&& (== netstandard2.0) (>= net462)) (&& (== netstandard2.0) (>= net8.0))
      DevExpress.ExpressApp (24.2.7) - restriction: || (&& (== net6.0) (>= net462)) (&& (== net6.0) (>= net8.0)) (&& (== net6.0-windows7.0) (>= net462)) (&& (== net6.0-windows7.0) (>= net8.0)) (== net9.0) (== net9.0-windows7.0) (&& (== netstandard2.0) (>= net462)) (&& (== netstandard2.0) (>= net8.0))
      DevExpress.Persistent.Base (24.2.7) - restriction: || (&& (== net6.0) (>= net462)) (&& (== net6.0) (>= net8.0)) (&& (== net6.0-windows7.0) (>= net462)) (&& (== net6.0-windows7.0) (>= net8.0)) (== net9.0) (== net9.0-windows7.0) (&& (== netstandard2.0) (>= net462)) (&& (== netstandard2.0) (>= net8.0))
    DevExpress.ExpressApp.Core.All (24.2.7) - restriction: || (&& (== net6.0) (>= net9.0)) (&& (== net6.0-windows7.0) (>= net9.0)) (== net9.0) (&& (== net9.0-windows7.0) (>= net9.0)) (&& (== netstandard2.0) (>= net9.0))
      DevExpress.EasyTest (24.2.7) - restriction: || (&& (== net6.0) (>= net462)) (&& (== net6.0) (>= net8.0)) (&& (== net6.0-windows7.0) (>= net462)) (&& (== net6.0-windows7.0) (>= net8.0)) (== net9.0) (== net9.0-windows7.0) (&& (== netstandard2.0) (>= net462)) (&& (== netstandard2.0) (>= net8.0))
      DevExpress.ExpressApp.AuditTrail.Xpo (24.2.7) - restriction: || (&& (== net6.0) (>= net462)) (&& (== net6.0) (>= net8.0)) (&& (== net6.0-windows7.0) (>= net462)) (&& (== net6.0-windows7.0) (>= net8.0)) (== net9.0) (== net9.0-windows7.0) (&& (== netstandard2.0) (>= net462)) (&& (== netstandard2.0) (>= net8.0))
      DevExpress.ExpressApp.Chart (24.2.7) - restriction: || (&& (== net6.0) (>= net462)) (&& (== net6.0) (>= net8.0)) (&& (== net6.0-windows7.0) (>= net462)) (&& (== net6.0-windows7.0) (>= net8.0)) (== net9.0) (== net9.0-windows7.0) (&& (== netstandard2.0) (>= net462)) (&& (== netstandard2.0) (>= net8.0))
      DevExpress.ExpressApp.CloneObject.Xpo (24.2.7) - restriction: || (&& (== net6.0) (>= net462)) (&& (== net6.0) (>= net8.0)) (&& (== net6.0-windows7.0) (>= net462)) (&& (== net6.0-windows7.0) (>= net8.0)) (== net9.0) (== net9.0-windows7.0) (&& (== netstandard2.0) (>= net462)) (&& (== netstandard2.0) (>= net8.0))
      DevExpress.ExpressApp.ConditionalAppearance (24.2.7) - restriction: || (&& (== net6.0) (>= net462)) (&& (== net6.0) (>= net8.0)) (&& (== net6.0-windows7.0) (>= net462)) (&& (== net6.0-windows7.0) (>= net8.0)) (== net9.0) (== net9.0-windows7.0) (&& (== netstandard2.0) (>= net462)) (&& (== netstandard2.0) (>= net8.0))
      DevExpress.ExpressApp.Dashboards (24.2.7) - restriction: || (&& (== net6.0) (>= net462)) (&& (== net6.0) (>= net8.0)) (&& (== net6.0-windows7.0) (>= net462)) (&& (== net6.0-windows7.0) (>= net8.0)) (== net9.0) (== net9.0-windows7.0) (&& (== netstandard2.0) (>= net462)) (&& (== netstandard2.0) (>= net8.0))
      DevExpress.ExpressApp.Kpi (24.2.7) - restriction: || (&& (== net6.0) (>= net462)) (&& (== net6.0) (>= net8.0)) (&& (== net6.0-windows7.0) (>= net462)) (&& (== net6.0-windows7.0) (>= net8.0)) (== net9.0) (== net9.0-windows7.0) (&& (== netstandard2.0) (>= net462)) (&& (== netstandard2.0) (>= net8.0))
      DevExpress.ExpressApp.Notifications (24.2.7) - restriction: || (&& (== net6.0) (>= net462)) (&& (== net6.0) (>= net8.0)) (&& (== net6.0-windows7.0) (>= net462)) (&& (== net6.0-windows7.0) (>= net8.0)) (== net9.0) (== net9.0-windows7.0) (&& (== netstandard2.0) (>= net462)) (&& (== netstandard2.0) (>= net8.0))
      DevExpress.ExpressApp.Objects (24.2.7) - restriction: || (&& (== net6.0) (>= net462)) (&& (== net6.0) (>= net8.0)) (&& (== net6.0-windows7.0) (>= net462)) (&& (== net6.0-windows7.0) (>= net8.0)) (== net9.0) (== net9.0-windows7.0) (&& (== netstandard2.0) (>= net462)) (&& (== netstandard2.0) (>= net8.0))
      DevExpress.ExpressApp.Office (24.2.7) - restriction: || (&& (== net6.0) (>= net462)) (&& (== net6.0) (>= net8.0)) (&& (== net6.0-windows7.0) (>= net462)) (&& (== net6.0-windows7.0) (>= net8.0)) (== net9.0) (== net9.0-windows7.0) (&& (== netstandard2.0) (>= net462)) (&& (== netstandard2.0) (>= net8.0))
      DevExpress.ExpressApp.PivotChart (24.2.7) - restriction: || (&& (== net6.0) (>= net462)) (&& (== net6.0) (>= net8.0)) (&& (== net6.0-windows7.0) (>= net462)) (&& (== net6.0-windows7.0) (>= net8.0)) (== net9.0) (== net9.0-windows7.0) (&& (== netstandard2.0) (>= net462)) (&& (== netstandard2.0) (>= net8.0))
      DevExpress.ExpressApp.PivotGrid (24.2.7) - restriction: || (&& (== net6.0) (>= net462)) (&& (== net6.0) (>= net8.0)) (&& (== net6.0-windows7.0) (>= net462)) (&& (== net6.0-windows7.0) (>= net8.0)) (== net9.0) (== net9.0-windows7.0) (&& (== netstandard2.0) (>= net462)) (&& (== netstandard2.0) (>= net8.0))
      DevExpress.ExpressApp.ReportsV2 (24.2.7) - restriction: || (&& (== net6.0) (>= net462)) (&& (== net6.0) (>= net8.0)) (&& (== net6.0-windows7.0) (>= net462)) (&& (== net6.0-windows7.0) (>= net8.0)) (== net9.0) (== net9.0-windows7.0) (&& (== netstandard2.0) (>= net462)) (&& (== netstandard2.0) (>= net8.0))
      DevExpress.ExpressApp.Scheduler (24.2.7) - restriction: || (&& (== net6.0) (>= net462)) (&& (== net6.0) (>= net8.0)) (&& (== net6.0-windows7.0) (>= net462)) (&& (== net6.0-windows7.0) (>= net8.0)) (== net9.0) (== net9.0-windows7.0) (&& (== netstandard2.0) (>= net462)) (&& (== netstandard2.0) (>= net8.0))
      DevExpress.ExpressApp.ScriptRecorder (24.2.7) - restriction: || (&& (== net6.0) (>= net462)) (&& (== net6.0) (>= net8.0)) (&& (== net6.0-windows7.0) (>= net462)) (&& (== net6.0-windows7.0) (>= net8.0)) (== net9.0) (== net9.0-windows7.0) (&& (== netstandard2.0) (>= net462)) (&& (== netstandard2.0) (>= net8.0))
      DevExpress.ExpressApp.Security (24.2.7) - restriction: || (&& (== net6.0) (>= net462)) (&& (== net6.0) (>= net8.0)) (&& (== net6.0-windows7.0) (>= net462)) (&& (== net6.0-windows7.0) (>= net8.0)) (== net9.0) (== net9.0-windows7.0) (&& (== netstandard2.0) (>= net462)) (&& (== netstandard2.0) (>= net8.0))
      DevExpress.ExpressApp.StateMachine (24.2.7) - restriction: || (&& (== net6.0) (>= net462)) (&& (== net6.0) (>= net8.0)) (&& (== net6.0-windows7.0) (>= net462)) (&& (== net6.0-windows7.0) (>= net8.0)) (== net9.0) (== net9.0-windows7.0) (&& (== netstandard2.0) (>= net462)) (&& (== netstandard2.0) (>= net8.0))
      DevExpress.ExpressApp.TreeListEditors (24.2.7) - restriction: || (&& (== net6.0) (>= net462)) (&& (== net6.0) (>= net8.0)) (&& (== net6.0-windows7.0) (>= net462)) (&& (== net6.0-windows7.0) (>= net8.0)) (== net9.0) (== net9.0-windows7.0) (&& (== netstandard2.0) (>= net462)) (&& (== netstandard2.0) (>= net8.0))
      DevExpress.ExpressApp.Validation (24.2.7) - restriction: || (&& (== net6.0) (>= net462)) (&& (== net6.0) (>= net8.0)) (&& (== net6.0-windows7.0) (>= net462)) (&& (== net6.0-windows7.0) (>= net8.0)) (== net9.0) (== net9.0-windows7.0) (&& (== netstandard2.0) (>= net462)) (&& (== netstandard2.0) (>= net8.0))
      DevExpress.ExpressApp.ViewVariantsModule (24.2.7) - restriction: || (&& (== net6.0) (>= net462)) (&& (== net6.0) (>= net8.0)) (&& (== net6.0-windows7.0) (>= net462)) (&& (== net6.0-windows7.0) (>= net8.0)) (== net9.0) (== net9.0-windows7.0) (&& (== netstandard2.0) (>= net462)) (&& (== netstandard2.0) (>= net8.0))
      DevExpress.Persistent.Base (24.2.7) - restriction: || (&& (== net6.0) (>= net462)) (&& (== net6.0) (>= net8.0)) (&& (== net6.0-windows7.0) (>= net462)) (&& (== net6.0-windows7.0) (>= net8.0)) (== net9.0) (== net9.0-windows7.0) (&& (== netstandard2.0) (>= net462)) (&& (== netstandard2.0) (>= net8.0))
    DevExpress.ExpressApp.Dashboards (24.2.7)
      DevExpress.Dashboard.Core (24.2.7) - restriction: || (&& (== net6.0) (>= net462)) (&& (== net6.0) (>= net8.0)) (&& (== net6.0-windows7.0) (>= net462)) (&& (== net6.0-windows7.0) (>= net8.0)) (== net9.0) (== net9.0-windows7.0) (&& (== netstandard2.0) (>= net462)) (&& (== netstandard2.0) (>= net8.0))
      DevExpress.Data (24.2.7) - restriction: || (&& (== net6.0) (>= net462)) (&& (== net6.0) (>= net8.0)) (&& (== net6.0-windows7.0) (>= net462)) (&& (== net6.0-windows7.0) (>= net8.0)) (== net9.0) (== net9.0-windows7.0) (&& (== netstandard2.0) (>= net462)) (&& (== netstandard2.0) (>= net8.0))
      DevExpress.DataAccess (24.2.7) - restriction: || (&& (== net6.0) (>= net462)) (&& (== net6.0) (>= net8.0)) (&& (== net6.0-windows7.0) (>= net462)) (&& (== net6.0-windows7.0) (>= net8.0)) (== net9.0) (== net9.0-windows7.0) (&& (== netstandard2.0) (>= net462)) (&& (== netstandard2.0) (>= net8.0))
      DevExpress.ExpressApp (24.2.7) - restriction: || (&& (== net6.0) (>= net462)) (&& (== net6.0) (>= net8.0)) (&& (== net6.0-windows7.0) (>= net462)) (&& (== net6.0-windows7.0) (>= net8.0)) (== net9.0) (== net9.0-windows7.0) (&& (== netstandard2.0) (>= net462)) (&& (== netstandard2.0) (>= net8.0))
      DevExpress.Persistent.Base (24.2.7) - restriction: || (&& (== net6.0) (>= net462)) (&& (== net6.0) (>= net8.0)) (&& (== net6.0-windows7.0) (>= net462)) (&& (== net6.0-windows7.0) (>= net8.0)) (== net9.0) (== net9.0-windows7.0) (&& (== netstandard2.0) (>= net462)) (&& (== netstandard2.0) (>= net8.0))
    DevExpress.ExpressApp.Dashboards.Blazor (24.2.7)
      DevExpress.AspNetCore.Dashboard (24.2.7) - restriction: || (&& (== net6.0) (>= net8.0)) (&& (== net6.0-windows7.0) (>= net8.0)) (== net9.0) (== net9.0-windows7.0) (&& (== netstandard2.0) (>= net8.0))
      DevExpress.Blazor.Dashboard (24.2.7) - restriction: || (&& (== net6.0) (>= net8.0)) (&& (== net6.0-windows7.0) (>= net8.0)) (== net9.0) (== net9.0-windows7.0) (&& (== netstandard2.0) (>= net8.0))
      DevExpress.Blazor.Resources (24.2.7) - restriction: || (&& (== net6.0) (>= net8.0)) (&& (== net6.0-windows7.0) (>= net8.0)) (== net9.0) (== net9.0-windows7.0) (&& (== netstandard2.0) (>= net8.0))
      DevExpress.Dashboard.Core (24.2.7) - restriction: || (&& (== net6.0) (>= net8.0)) (&& (== net6.0-windows7.0) (>= net8.0)) (== net9.0) (== net9.0-windows7.0) (&& (== netstandard2.0) (>= net8.0))
      DevExpress.Data (24.2.7) - restriction: || (&& (== net6.0) (>= net8.0)) (&& (== net6.0-windows7.0) (>= net8.0)) (== net9.0) (== net9.0-windows7.0) (&& (== netstandard2.0) (>= net8.0))
      DevExpress.DataAccess (24.2.7) - restriction: || (&& (== net6.0) (>= net8.0)) (&& (== net6.0-windows7.0) (>= net8.0)) (== net9.0) (== net9.0-windows7.0) (&& (== netstandard2.0) (>= net8.0))
      DevExpress.ExpressApp (24.2.7) - restriction: || (&& (== net6.0) (>= net8.0)) (&& (== net6.0-windows7.0) (>= net8.0)) (== net9.0) (== net9.0-windows7.0) (&& (== netstandard2.0) (>= net8.0))
      DevExpress.ExpressApp.AspNetCore (24.2.7) - restriction: || (&& (== net6.0) (>= net8.0)) (&& (== net6.0-windows7.0) (>= net8.0)) (== net9.0) (== net9.0-windows7.0) (&& (== netstandard2.0) (>= net8.0))
      DevExpress.ExpressApp.Blazor (24.2.7) - restriction: || (&& (== net6.0) (>= net8.0)) (&& (== net6.0-windows7.0) (>= net8.0)) (== net9.0) (== net9.0-windows7.0) (&& (== netstandard2.0) (>= net8.0))
      DevExpress.ExpressApp.Dashboards (24.2.7) - restriction: || (&& (== net6.0) (>= net8.0)) (&& (== net6.0-windows7.0) (>= net8.0)) (== net9.0) (== net9.0-windows7.0) (&& (== netstandard2.0) (>= net8.0))
      DevExpress.Persistent.Base (24.2.7) - restriction: || (&& (== net6.0) (>= net8.0)) (&& (== net6.0-windows7.0) (>= net8.0)) (== net9.0) (== net9.0-windows7.0) (&& (== netstandard2.0) (>= net8.0))
      DevExpress.Web.Dashboard.Common (24.2.7) - restriction: || (&& (== net6.0) (>= net8.0)) (&& (== net6.0-windows7.0) (>= net8.0)) (== net9.0) (== net9.0-windows7.0) (&& (== netstandard2.0) (>= net8.0))
      Microsoft.Extensions.Configuration.Abstractions (>= 8.0) - restriction: || (&& (== net6.0) (>= net8.0)) (&& (== net6.0-windows7.0) (>= net8.0)) (== net9.0) (== net9.0-windows7.0) (&& (== netstandard2.0) (>= net8.0))
      Microsoft.Extensions.DependencyInjection.Abstractions (>= 8.0.2) - restriction: || (&& (== net6.0) (>= net8.0)) (&& (== net6.0-windows7.0) (>= net8.0)) (== net9.0) (== net9.0-windows7.0) (&& (== netstandard2.0) (>= net8.0))
      Microsoft.Extensions.DependencyModel (>= 8.0.2) - restriction: || (&& (== net6.0) (>= net8.0)) (&& (== net6.0-windows7.0) (>= net8.0)) (== net9.0) (== net9.0-windows7.0) (&& (== netstandard2.0) (>= net8.0))
      Microsoft.Extensions.Hosting.Abstractions (>= 8.0.1) - restriction: || (&& (== net6.0) (>= net8.0)) (&& (== net6.0-windows7.0) (>= net8.0)) (== net9.0) (== net9.0-windows7.0) (&& (== netstandard2.0) (>= net8.0))
      Microsoft.Extensions.Logging.Abstractions (>= 8.0.2) - restriction: || (&& (== net6.0) (>= net8.0)) (&& (== net6.0-windows7.0) (>= net8.0)) (== net9.0) (== net9.0-windows7.0) (&& (== netstandard2.0) (>= net8.0))
      Microsoft.Extensions.Options (>= 8.0.2) - restriction: || (&& (== net6.0) (>= net8.0)) (&& (== net6.0-windows7.0) (>= net8.0)) (== net9.0) (== net9.0-windows7.0) (&& (== netstandard2.0) (>= net8.0))
      Microsoft.Extensions.Primitives (>= 8.0) - restriction: || (&& (== net6.0) (>= net8.0)) (&& (== net6.0-windows7.0) (>= net8.0)) (== net9.0) (== net9.0-windows7.0) (&& (== netstandard2.0) (>= net8.0))
      System.Diagnostics.EventLog (>= 8.0.1) - restriction: || (&& (== net6.0) (>= net8.0)) (&& (== net6.0-windows7.0) (>= net8.0)) (== net9.0) (== net9.0-windows7.0) (&& (== netstandard2.0) (>= net8.0))
      System.Text.Json (>= 8.0.5) - restriction: || (&& (== net6.0) (>= net8.0)) (&& (== net6.0-windows7.0) (>= net8.0)) (== net9.0) (== net9.0-windows7.0) (&& (== netstandard2.0) (>= net8.0))
    DevExpress.ExpressApp.Dashboards.Win (24.2.7)
    DevExpress.ExpressApp.EasyTest.BlazorAdapter (24.2.7) - restriction: || (&& (== net6.0) (>= net9.0)) (&& (== net6.0-windows7.0) (>= net9.0)) (== net9.0) (&& (== net9.0-windows7.0) (>= net9.0)) (&& (== netstandard2.0) (>= net9.0))
      DevExpress.Data (24.2.7) - restriction: || (&& (== net6.0) (>= net8.0)) (&& (== net6.0-windows7.0) (>= net8.0)) (== net9.0) (== net9.0-windows7.0) (&& (== netstandard2.0) (>= net8.0))
      DevExpress.EasyTest (24.2.7) - restriction: || (&& (== net6.0) (>= net8.0)) (&& (== net6.0-windows7.0) (>= net8.0)) (== net9.0) (== net9.0-windows7.0) (&& (== netstandard2.0) (>= net8.0))
      Selenium.Support (>= 4.4) - restriction: || (&& (== net6.0) (>= net8.0)) (&& (== net6.0-windows7.0) (>= net8.0)) (== net9.0) (== net9.0-windows7.0) (&& (== netstandard2.0) (>= net8.0))
      System.Drawing.Common (>= 8.0.10) - restriction: || (&& (== net6.0) (>= net8.0)) (&& (== net6.0-windows7.0) (>= net8.0)) (== net9.0) (== net9.0-windows7.0) (&& (== netstandard2.0) (>= net8.0))
    DevExpress.ExpressApp.FileAttachment.Blazor (24.2.7)
      DevExpress.Blazor (24.2.7) - restriction: || (&& (== net6.0) (>= net8.0)) (&& (== net6.0-windows7.0) (>= net8.0)) (== net9.0) (== net9.0-windows7.0) (&& (== netstandard2.0) (>= net8.0))
      DevExpress.Data (24.2.7) - restriction: || (&& (== net6.0) (>= net8.0)) (&& (== net6.0-windows7.0) (>= net8.0)) (== net9.0) (== net9.0-windows7.0) (&& (== netstandard2.0) (>= net8.0))
      DevExpress.ExpressApp (24.2.7) - restriction: || (&& (== net6.0) (>= net8.0)) (&& (== net6.0-windows7.0) (>= net8.0)) (== net9.0) (== net9.0-windows7.0) (&& (== netstandard2.0) (>= net8.0))
      DevExpress.ExpressApp.Blazor (24.2.7) - restriction: || (&& (== net6.0) (>= net8.0)) (&& (== net6.0-windows7.0) (>= net8.0)) (== net9.0) (== net9.0-windows7.0) (&& (== netstandard2.0) (>= net8.0))
      DevExpress.Persistent.Base (24.2.7) - restriction: || (&& (== net6.0) (>= net8.0)) (&& (== net6.0-windows7.0) (>= net8.0)) (== net9.0) (== net9.0-windows7.0) (&& (== netstandard2.0) (>= net8.0))
      Microsoft.Extensions.DependencyInjection.Abstractions (>= 8.0.2) - restriction: || (&& (== net6.0) (>= net8.0)) (&& (== net6.0-windows7.0) (>= net8.0)) (== net9.0) (== net9.0-windows7.0) (&& (== netstandard2.0) (>= net8.0))
      Microsoft.Extensions.Logging.Abstractions (>= 8.0.2) - restriction: || (&& (== net6.0) (>= net8.0)) (&& (== net6.0-windows7.0) (>= net8.0)) (== net9.0) (== net9.0-windows7.0) (&& (== netstandard2.0) (>= net8.0))
      Microsoft.Extensions.Options (>= 8.0.2) - restriction: || (&& (== net6.0) (>= net8.0)) (&& (== net6.0-windows7.0) (>= net8.0)) (== net9.0) (== net9.0-windows7.0) (&& (== netstandard2.0) (>= net8.0))
      Microsoft.Extensions.Primitives (>= 8.0) - restriction: || (&& (== net6.0) (>= net8.0)) (&& (== net6.0-windows7.0) (>= net8.0)) (== net9.0) (== net9.0-windows7.0) (&& (== netstandard2.0) (>= net8.0))
    DevExpress.ExpressApp.FileAttachment.Win (24.2.7)
    DevExpress.ExpressApp.Kpi (24.2.7) - restriction: || (&& (== net6.0) (>= net9.0)) (&& (== net6.0-windows7.0) (>= net9.0)) (== net9.0) (&& (== net9.0-windows7.0) (>= net9.0)) (&& (== netstandard2.0) (>= net9.0))
      DevExpress.Data (24.2.7) - restriction: || (&& (== net6.0) (>= net462)) (&& (== net6.0) (>= net8.0)) (&& (== net6.0-windows7.0) (>= net462)) (&& (== net6.0-windows7.0) (>= net8.0)) (== net9.0) (== net9.0-windows7.0) (&& (== netstandard2.0) (>= net462)) (&& (== netstandard2.0) (>= net8.0))
      DevExpress.ExpressApp (24.2.7) - restriction: || (&& (== net6.0) (>= net462)) (&& (== net6.0) (>= net8.0)) (&& (== net6.0-windows7.0) (>= net462)) (&& (== net6.0-windows7.0) (>= net8.0)) (== net9.0) (== net9.0-windows7.0) (&& (== netstandard2.0) (>= net462)) (&& (== netstandard2.0) (>= net8.0))
      DevExpress.ExpressApp.Validation (24.2.7) - restriction: || (&& (== net6.0) (>= net462)) (&& (== net6.0) (>= net8.0)) (&& (== net6.0-windows7.0) (>= net462)) (&& (== net6.0-windows7.0) (>= net8.0)) (== net9.0) (== net9.0-windows7.0) (&& (== netstandard2.0) (>= net462)) (&& (== netstandard2.0) (>= net8.0))
      DevExpress.Persistent.Base (24.2.7) - restriction: || (&& (== net6.0) (>= net462)) (&& (== net6.0) (>= net8.0)) (&& (== net6.0-windows7.0) (>= net462)) (&& (== net6.0-windows7.0) (>= net8.0)) (== net9.0) (== net9.0-windows7.0) (&& (== netstandard2.0) (>= net462)) (&& (== netstandard2.0) (>= net8.0))
      System.Drawing.Common (>= 8.0.10) - restriction: || (&& (== net6.0) (>= net8.0)) (&& (== net6.0-windows7.0) (>= net8.0)) (== net9.0) (== net9.0-windows7.0) (&& (== netstandard2.0) (>= net8.0))
    DevExpress.ExpressApp.Notifications (24.2.7)
      DevExpress.Data (24.2.7) - restriction: || (&& (== net6.0) (>= net462)) (&& (== net6.0) (>= net8.0)) (&& (== net6.0-windows7.0) (>= net462)) (&& (== net6.0-windows7.0) (>= net8.0)) (== net9.0) (== net9.0-windows7.0) (&& (== netstandard2.0) (>= net462)) (&& (== netstandard2.0) (>= net8.0))
      DevExpress.ExpressApp (24.2.7) - restriction: || (&& (== net6.0) (>= net462)) (&& (== net6.0) (>= net8.0)) (&& (== net6.0-windows7.0) (>= net462)) (&& (== net6.0-windows7.0) (>= net8.0)) (== net9.0) (== net9.0-windows7.0) (&& (== netstandard2.0) (>= net462)) (&& (== netstandard2.0) (>= net8.0))
      DevExpress.Persistent.Base (24.2.7) - restriction: || (&& (== net6.0) (>= net462)) (&& (== net6.0) (>= net8.0)) (&& (== net6.0-windows7.0) (>= net462)) (&& (== net6.0-windows7.0) (>= net8.0)) (== net9.0) (== net9.0-windows7.0) (&& (== netstandard2.0) (>= net462)) (&& (== netstandard2.0) (>= net8.0))
    DevExpress.ExpressApp.Notifications.Blazor (24.2.7) - restriction: || (&& (== net6.0) (>= net9.0)) (&& (== net6.0-windows7.0) (>= net9.0)) (== net9.0) (&& (== net9.0-windows7.0) (>= net9.0)) (&& (== netstandard2.0) (>= net9.0))
      DevExpress.Data (24.2.7) - restriction: || (&& (== net6.0) (>= net8.0)) (&& (== net6.0-windows7.0) (>= net8.0)) (== net9.0) (== net9.0-windows7.0) (&& (== netstandard2.0) (>= net8.0))
      DevExpress.ExpressApp (24.2.7) - restriction: || (&& (== net6.0) (>= net8.0)) (&& (== net6.0-windows7.0) (>= net8.0)) (== net9.0) (== net9.0-windows7.0) (&& (== netstandard2.0) (>= net8.0))
      DevExpress.ExpressApp.AspNetCore (24.2.7) - restriction: || (&& (== net6.0) (>= net8.0)) (&& (== net6.0-windows7.0) (>= net8.0)) (== net9.0) (== net9.0-windows7.0) (&& (== netstandard2.0) (>= net8.0))
      DevExpress.ExpressApp.Blazor (24.2.7) - restriction: || (&& (== net6.0) (>= net8.0)) (&& (== net6.0-windows7.0) (>= net8.0)) (== net9.0) (== net9.0-windows7.0) (&& (== netstandard2.0) (>= net8.0))
      DevExpress.ExpressApp.Notifications (24.2.7) - restriction: || (&& (== net6.0) (>= net8.0)) (&& (== net6.0-windows7.0) (>= net8.0)) (== net9.0) (== net9.0-windows7.0) (&& (== netstandard2.0) (>= net8.0))
      DevExpress.Persistent.Base (24.2.7) - restriction: || (&& (== net6.0) (>= net8.0)) (&& (== net6.0-windows7.0) (>= net8.0)) (== net9.0) (== net9.0-windows7.0) (&& (== netstandard2.0) (>= net8.0))
    DevExpress.ExpressApp.Notifications.Win (24.2.7)
    DevExpress.ExpressApp.Objects (24.2.7)
      DevExpress.Data (24.2.7) - restriction: || (&& (== net6.0) (>= net462)) (&& (== net6.0) (>= net8.0)) (&& (== net6.0-windows7.0) (>= net462)) (&& (== net6.0-windows7.0) (>= net8.0)) (== net9.0) (== net9.0-windows7.0) (&& (== netstandard2.0) (>= net462)) (&& (== netstandard2.0) (>= net8.0))
      DevExpress.ExpressApp (24.2.7) - restriction: || (&& (== net6.0) (>= net462)) (&& (== net6.0) (>= net8.0)) (&& (== net6.0-windows7.0) (>= net462)) (&& (== net6.0-windows7.0) (>= net8.0)) (== net9.0) (== net9.0-windows7.0) (&& (== netstandard2.0) (>= net462)) (&& (== netstandard2.0) (>= net8.0))
      System.Formats.Asn1 (>= 8.0.1) - restriction: || (&& (== net6.0) (>= net8.0)) (&& (== net6.0-windows7.0) (>= net8.0)) (== net9.0) (== net9.0-windows7.0) (&& (== netstandard2.0) (>= net8.0))
      System.Security.Cryptography.Xml (>= 8.0.2) - restriction: || (&& (== net6.0) (>= net8.0)) (&& (== net6.0-windows7.0) (>= net8.0)) (== net9.0) (== net9.0-windows7.0) (&& (== netstandard2.0) (>= net8.0))
    DevExpress.ExpressApp.Office (24.2.7)
      DevExpress.Data (24.2.7) - restriction: || (&& (== net6.0) (>= net462)) (&& (== net6.0) (>= net8.0)) (&& (== net6.0-windows7.0) (>= net462)) (&& (== net6.0-windows7.0) (>= net8.0)) (== net9.0) (== net9.0-windows7.0) (&& (== netstandard2.0) (>= net462)) (&& (== netstandard2.0) (>= net8.0))
      DevExpress.ExpressApp (24.2.7) - restriction: || (&& (== net6.0) (>= net462)) (&& (== net6.0) (>= net8.0)) (&& (== net6.0-windows7.0) (>= net462)) (&& (== net6.0-windows7.0) (>= net8.0)) (== net9.0) (== net9.0-windows7.0) (&& (== netstandard2.0) (>= net462)) (&& (== netstandard2.0) (>= net8.0))
      DevExpress.Office.Core (24.2.7) - restriction: || (&& (== net6.0) (>= net462)) (&& (== net6.0) (>= net8.0)) (&& (== net6.0-windows7.0) (>= net462)) (&& (== net6.0-windows7.0) (>= net8.0)) (== net9.0) (== net9.0-windows7.0) (&& (== netstandard2.0) (>= net462)) (&& (== netstandard2.0) (>= net8.0))
      DevExpress.Persistent.Base (24.2.7) - restriction: || (&& (== net6.0) (>= net462)) (&& (== net6.0) (>= net8.0)) (&& (== net6.0-windows7.0) (>= net462)) (&& (== net6.0-windows7.0) (>= net8.0)) (== net9.0) (== net9.0-windows7.0) (&& (== netstandard2.0) (>= net462)) (&& (== netstandard2.0) (>= net8.0))
      DevExpress.RichEdit.Core (24.2.7) - restriction: || (&& (== net6.0) (>= net462)) (&& (== net6.0) (>= net8.0)) (&& (== net6.0-windows7.0) (>= net462)) (&& (== net6.0-windows7.0) (>= net8.0)) (== net9.0) (== net9.0-windows7.0) (&& (== netstandard2.0) (>= net462)) (&& (== netstandard2.0) (>= net8.0))
      DevExpress.Spreadsheet.Core (24.2.7) - restriction: || (&& (== net6.0) (>= net462)) (&& (== net6.0) (>= net8.0)) (&& (== net6.0-windows7.0) (>= net462)) (&& (== net6.0-windows7.0) (>= net8.0)) (== net9.0) (== net9.0-windows7.0) (&& (== netstandard2.0) (>= net462)) (&& (== netstandard2.0) (>= net8.0))
    DevExpress.ExpressApp.Office.Blazor (24.2.7)
      DevExpress.Blazor (24.2.7) - restriction: || (&& (== net6.0) (>= net8.0)) (&& (== net6.0-windows7.0) (>= net8.0)) (== net9.0) (== net9.0-windows7.0) (&& (== netstandard2.0) (>= net8.0))
      DevExpress.Blazor.RichEdit (24.2.7) - restriction: || (&& (== net6.0) (>= net8.0)) (&& (== net6.0-windows7.0) (>= net8.0)) (== net9.0) (== net9.0-windows7.0) (&& (== netstandard2.0) (>= net8.0))
      DevExpress.ExpressApp (24.2.7) - restriction: || (&& (== net6.0) (>= net8.0)) (&& (== net6.0-windows7.0) (>= net8.0)) (== net9.0) (== net9.0-windows7.0) (&& (== netstandard2.0) (>= net8.0))
      DevExpress.ExpressApp.AspNetCore (24.2.7) - restriction: || (&& (== net6.0) (>= net8.0)) (&& (== net6.0-windows7.0) (>= net8.0)) (== net9.0) (== net9.0-windows7.0) (&& (== netstandard2.0) (>= net8.0))
      DevExpress.ExpressApp.Blazor (24.2.7) - restriction: || (&& (== net6.0) (>= net8.0)) (&& (== net6.0-windows7.0) (>= net8.0)) (== net9.0) (== net9.0-windows7.0) (&& (== netstandard2.0) (>= net8.0))
      DevExpress.ExpressApp.Office (24.2.7) - restriction: || (&& (== net6.0) (>= net8.0)) (&& (== net6.0-windows7.0) (>= net8.0)) (== net9.0) (== net9.0-windows7.0) (&& (== netstandard2.0) (>= net8.0))
      DevExpress.Office.Core (24.2.7) - restriction: || (&& (== net6.0) (>= net8.0)) (&& (== net6.0-windows7.0) (>= net8.0)) (== net9.0) (== net9.0-windows7.0) (&& (== netstandard2.0) (>= net8.0))
      DevExpress.Persistent.Base (24.2.7) - restriction: || (&& (== net6.0) (>= net8.0)) (&& (== net6.0-windows7.0) (>= net8.0)) (== net9.0) (== net9.0-windows7.0) (&& (== netstandard2.0) (>= net8.0))
      DevExpress.RichEdit.Core (24.2.7) - restriction: || (&& (== net6.0) (>= net8.0)) (&& (== net6.0-windows7.0) (>= net8.0)) (== net9.0) (== net9.0-windows7.0) (&& (== netstandard2.0) (>= net8.0))
      Microsoft.Extensions.Configuration.Abstractions (>= 8.0) - restriction: || (&& (== net6.0) (>= net8.0)) (&& (== net6.0-windows7.0) (>= net8.0)) (== net9.0) (== net9.0-windows7.0) (&& (== netstandard2.0) (>= net8.0))
      Microsoft.Extensions.DependencyInjection.Abstractions (>= 8.0.2) - restriction: || (&& (== net6.0) (>= net8.0)) (&& (== net6.0-windows7.0) (>= net8.0)) (== net9.0) (== net9.0-windows7.0) (&& (== netstandard2.0) (>= net8.0))
      Microsoft.Extensions.Hosting.Abstractions (>= 8.0.1) - restriction: || (&& (== net6.0) (>= net8.0)) (&& (== net6.0-windows7.0) (>= net8.0)) (== net9.0) (== net9.0-windows7.0) (&& (== netstandard2.0) (>= net8.0))
      Microsoft.Extensions.Logging.Abstractions (>= 8.0.2) - restriction: || (&& (== net6.0) (>= net8.0)) (&& (== net6.0-windows7.0) (>= net8.0)) (== net9.0) (== net9.0-windows7.0) (&& (== netstandard2.0) (>= net8.0))
      Microsoft.Extensions.Options (>= 8.0.2) - restriction: || (&& (== net6.0) (>= net8.0)) (&& (== net6.0-windows7.0) (>= net8.0)) (== net9.0) (== net9.0-windows7.0) (&& (== netstandard2.0) (>= net8.0))
      Microsoft.Extensions.Primitives (>= 8.0) - restriction: || (&& (== net6.0) (>= net8.0)) (&& (== net6.0-windows7.0) (>= net8.0)) (== net9.0) (== net9.0-windows7.0) (&& (== netstandard2.0) (>= net8.0))
      System.Diagnostics.EventLog (>= 8.0.1) - restriction: || (&& (== net6.0) (>= net8.0)) (&& (== net6.0-windows7.0) (>= net8.0)) (== net9.0) (== net9.0-windows7.0) (&& (== netstandard2.0) (>= net8.0))
    DevExpress.ExpressApp.Office.Win (24.2.7)
    DevExpress.ExpressApp.PivotChart (24.2.7)
      DevExpress.Charts (24.2.7) - restriction: || (&& (== net6.0) (>= net462)) (&& (== net6.0) (>= net8.0)) (&& (== net6.0-windows7.0) (>= net462)) (&& (== net6.0-windows7.0) (>= net8.0)) (== net9.0) (== net9.0-windows7.0) (&& (== netstandard2.0) (>= net462)) (&& (== netstandard2.0) (>= net8.0))
      DevExpress.Data (24.2.7) - restriction: || (&& (== net6.0) (>= net462)) (&& (== net6.0) (>= net8.0)) (&& (== net6.0-windows7.0) (>= net462)) (&& (== net6.0-windows7.0) (>= net8.0)) (== net9.0) (== net9.0-windows7.0) (&& (== netstandard2.0) (>= net462)) (&& (== netstandard2.0) (>= net8.0))
      DevExpress.ExpressApp (24.2.7) - restriction: || (&& (== net6.0) (>= net462)) (&& (== net6.0) (>= net8.0)) (&& (== net6.0-windows7.0) (>= net462)) (&& (== net6.0-windows7.0) (>= net8.0)) (== net9.0) (== net9.0-windows7.0) (&& (== netstandard2.0) (>= net462)) (&& (== netstandard2.0) (>= net8.0))
      DevExpress.Persistent.Base (24.2.7) - restriction: || (&& (== net6.0) (>= net462)) (&& (== net6.0) (>= net8.0)) (&& (== net6.0-windows7.0) (>= net462)) (&& (== net6.0-windows7.0) (>= net8.0)) (== net9.0) (== net9.0-windows7.0) (&& (== netstandard2.0) (>= net462)) (&& (== netstandard2.0) (>= net8.0))
      DevExpress.PivotGrid.Core (24.2.7) - restriction: || (&& (== net6.0) (>= net462)) (&& (== net6.0) (>= net8.0)) (&& (== net6.0-windows7.0) (>= net462)) (&& (== net6.0-windows7.0) (>= net8.0)) (== net9.0) (== net9.0-windows7.0) (&& (== netstandard2.0) (>= net462)) (&& (== netstandard2.0) (>= net8.0))
    DevExpress.ExpressApp.PivotChart.Win (24.2.7)
    DevExpress.ExpressApp.PivotGrid (24.2.7)
      DevExpress.Data (24.2.7) - restriction: || (&& (== net6.0) (>= net462)) (&& (== net6.0) (>= net8.0)) (&& (== net6.0-windows7.0) (>= net462)) (&& (== net6.0-windows7.0) (>= net8.0)) (== net9.0) (== net9.0-windows7.0) (&& (== netstandard2.0) (>= net462)) (&& (== netstandard2.0) (>= net8.0))
      DevExpress.ExpressApp (24.2.7) - restriction: || (&& (== net6.0) (>= net462)) (&& (== net6.0) (>= net8.0)) (&& (== net6.0-windows7.0) (>= net462)) (&& (== net6.0-windows7.0) (>= net8.0)) (== net9.0) (== net9.0-windows7.0) (&& (== netstandard2.0) (>= net462)) (&& (== netstandard2.0) (>= net8.0))
      DevExpress.PivotGrid.Core (24.2.7) - restriction: || (&& (== net6.0) (>= net462)) (&& (== net6.0) (>= net8.0)) (&& (== net6.0-windows7.0) (>= net462)) (&& (== net6.0-windows7.0) (>= net8.0)) (== net9.0) (== net9.0-windows7.0) (&& (== netstandard2.0) (>= net462)) (&& (== netstandard2.0) (>= net8.0))
      System.Formats.Asn1 (>= 8.0.1) - restriction: || (&& (== net6.0) (>= net8.0)) (&& (== net6.0-windows7.0) (>= net8.0)) (== net9.0) (== net9.0-windows7.0) (&& (== netstandard2.0) (>= net8.0))
      System.Security.Cryptography.Xml (>= 8.0.2) - restriction: || (&& (== net6.0) (>= net8.0)) (&& (== net6.0-windows7.0) (>= net8.0)) (== net9.0) (== net9.0-windows7.0) (&& (== netstandard2.0) (>= net8.0))
    DevExpress.ExpressApp.PivotGrid.Win (24.2.7)
    DevExpress.ExpressApp.ReportsV2 (24.2.7)
      DevExpress.Data (24.2.7) - restriction: || (&& (== net6.0) (>= net462)) (&& (== net6.0) (>= net8.0)) (&& (== net6.0-windows7.0) (>= net462)) (&& (== net6.0-windows7.0) (>= net8.0)) (== net9.0) (== net9.0-windows7.0) (&& (== netstandard2.0) (>= net462)) (&& (== netstandard2.0) (>= net8.0))
      DevExpress.ExpressApp (24.2.7) - restriction: || (&& (== net6.0) (>= net462)) (&& (== net6.0) (>= net8.0)) (&& (== net6.0-windows7.0) (>= net462)) (&& (== net6.0-windows7.0) (>= net8.0)) (== net9.0) (== net9.0-windows7.0) (&& (== netstandard2.0) (>= net462)) (&& (== netstandard2.0) (>= net8.0))
      DevExpress.Persistent.Base (24.2.7) - restriction: || (&& (== net6.0) (>= net462)) (&& (== net6.0) (>= net8.0)) (&& (== net6.0-windows7.0) (>= net462)) (&& (== net6.0-windows7.0) (>= net8.0)) (== net9.0) (== net9.0-windows7.0) (&& (== netstandard2.0) (>= net462)) (&& (== netstandard2.0) (>= net8.0))
      DevExpress.Printing.Core (24.2.7) - restriction: || (&& (== net6.0) (>= net462)) (&& (== net6.0) (>= net8.0)) (&& (== net6.0-windows7.0) (>= net462)) (&& (== net6.0-windows7.0) (>= net8.0)) (== net9.0) (== net9.0-windows7.0) (&& (== netstandard2.0) (>= net462)) (&& (== netstandard2.0) (>= net8.0))
      DevExpress.Reporting.Core (24.2.7) - restriction: || (&& (== net6.0) (>= net462)) (&& (== net6.0) (>= net8.0)) (&& (== net6.0-windows7.0) (>= net462)) (&& (== net6.0-windows7.0) (>= net8.0)) (== net9.0) (== net9.0-windows7.0) (&& (== netstandard2.0) (>= net462)) (&& (== netstandard2.0) (>= net8.0))
      Microsoft.Extensions.Configuration.Abstractions (>= 8.0) - restriction: || (&& (== net6.0) (>= net8.0)) (&& (== net6.0-windows7.0) (>= net8.0)) (== net9.0) (== net9.0-windows7.0) (&& (== netstandard2.0) (>= net8.0))
      Microsoft.Extensions.DependencyInjection.Abstractions (>= 8.0.2) - restriction: || (&& (== net6.0) (>= net8.0)) (&& (== net6.0-windows7.0) (>= net8.0)) (== net9.0) (== net9.0-windows7.0) (&& (== netstandard2.0) (>= net8.0))
      Microsoft.Extensions.Options (>= 8.0.2) - restriction: || (&& (== net6.0) (>= net8.0)) (&& (== net6.0-windows7.0) (>= net8.0)) (== net9.0) (== net9.0-windows7.0) (&& (== netstandard2.0) (>= net8.0))
    DevExpress.ExpressApp.ReportsV2.Blazor (24.2.7)
      DevExpress.AspNetCore.Reporting (24.2.7) - restriction: || (&& (== net6.0) (>= net8.0)) (&& (== net6.0-windows7.0) (>= net8.0)) (== net9.0) (== net9.0-windows7.0) (&& (== netstandard2.0) (>= net8.0))
      DevExpress.Blazor (24.2.7) - restriction: || (&& (== net6.0) (>= net8.0)) (&& (== net6.0-windows7.0) (>= net8.0)) (== net9.0) (== net9.0-windows7.0) (&& (== netstandard2.0) (>= net8.0))
      DevExpress.Blazor.Reporting.JSBasedControls (24.2.7) - restriction: || (&& (== net6.0) (>= net8.0)) (&& (== net6.0-windows7.0) (>= net8.0)) (== net9.0) (== net9.0-windows7.0) (&& (== netstandard2.0) (>= net8.0))
      DevExpress.Blazor.Reporting.JSBasedControls.Common (24.2.7) - restriction: || (&& (== net6.0) (>= net8.0)) (&& (== net6.0-windows7.0) (>= net8.0)) (== net9.0) (== net9.0-windows7.0) (&& (== netstandard2.0) (>= net8.0))
      DevExpress.Blazor.Reporting.Viewer (24.2.7) - restriction: || (&& (== net6.0) (>= net8.0)) (&& (== net6.0-windows7.0) (>= net8.0)) (== net9.0) (== net9.0-windows7.0) (&& (== netstandard2.0) (>= net8.0))
      DevExpress.Blazor.Viewer (24.2.7) - restriction: || (&& (== net6.0) (>= net8.0)) (&& (== net6.0-windows7.0) (>= net8.0)) (== net9.0) (== net9.0-windows7.0) (&& (== netstandard2.0) (>= net8.0))
      DevExpress.Data (24.2.7) - restriction: || (&& (== net6.0) (>= net8.0)) (&& (== net6.0-windows7.0) (>= net8.0)) (== net9.0) (== net9.0-windows7.0) (&& (== netstandard2.0) (>= net8.0))
      DevExpress.ExpressApp (24.2.7) - restriction: || (&& (== net6.0) (>= net8.0)) (&& (== net6.0-windows7.0) (>= net8.0)) (== net9.0) (== net9.0-windows7.0) (&& (== netstandard2.0) (>= net8.0))
      DevExpress.ExpressApp.AspNetCore (24.2.7) - restriction: || (&& (== net6.0) (>= net8.0)) (&& (== net6.0-windows7.0) (>= net8.0)) (== net9.0) (== net9.0-windows7.0) (&& (== netstandard2.0) (>= net8.0))
      DevExpress.ExpressApp.Blazor (24.2.7) - restriction: || (&& (== net6.0) (>= net8.0)) (&& (== net6.0-windows7.0) (>= net8.0)) (== net9.0) (== net9.0-windows7.0) (&& (== netstandard2.0) (>= net8.0))
      DevExpress.ExpressApp.ReportsV2 (24.2.7) - restriction: || (&& (== net6.0) (>= net8.0)) (&& (== net6.0-windows7.0) (>= net8.0)) (== net9.0) (== net9.0-windows7.0) (&& (== netstandard2.0) (>= net8.0))
      DevExpress.Persistent.Base (24.2.7) - restriction: || (&& (== net6.0) (>= net8.0)) (&& (== net6.0-windows7.0) (>= net8.0)) (== net9.0) (== net9.0-windows7.0) (&& (== netstandard2.0) (>= net8.0))
      DevExpress.Printing.Core (24.2.7) - restriction: || (&& (== net6.0) (>= net8.0)) (&& (== net6.0-windows7.0) (>= net8.0)) (== net9.0) (== net9.0-windows7.0) (&& (== netstandard2.0) (>= net8.0))
      DevExpress.Reporting.Core (24.2.7) - restriction: || (&& (== net6.0) (>= net8.0)) (&& (== net6.0-windows7.0) (>= net8.0)) (== net9.0) (== net9.0-windows7.0) (&& (== netstandard2.0) (>= net8.0))
      DevExpress.Web.Reporting.Common (24.2.7) - restriction: || (&& (== net6.0) (>= net8.0)) (&& (== net6.0-windows7.0) (>= net8.0)) (== net9.0) (== net9.0-windows7.0) (&& (== netstandard2.0) (>= net8.0))
      Microsoft.Extensions.Configuration.Abstractions (>= 8.0) - restriction: || (&& (== net6.0) (>= net8.0)) (&& (== net6.0-windows7.0) (>= net8.0)) (== net9.0) (== net9.0-windows7.0) (&& (== netstandard2.0) (>= net8.0))
      Microsoft.Extensions.DependencyInjection.Abstractions (>= 8.0.2) - restriction: || (&& (== net6.0) (>= net8.0)) (&& (== net6.0-windows7.0) (>= net8.0)) (== net9.0) (== net9.0-windows7.0) (&& (== netstandard2.0) (>= net8.0))
      Microsoft.Extensions.DependencyModel (>= 8.0.2) - restriction: || (&& (== net6.0) (>= net8.0)) (&& (== net6.0-windows7.0) (>= net8.0)) (== net9.0) (== net9.0-windows7.0) (&& (== netstandard2.0) (>= net8.0))
      Microsoft.Extensions.Hosting.Abstractions (>= 8.0.1) - restriction: || (&& (== net6.0) (>= net8.0)) (&& (== net6.0-windows7.0) (>= net8.0)) (== net9.0) (== net9.0-windows7.0) (&& (== netstandard2.0) (>= net8.0))
      Microsoft.Extensions.Logging.Abstractions (>= 8.0.2) - restriction: || (&& (== net6.0) (>= net8.0)) (&& (== net6.0-windows7.0) (>= net8.0)) (== net9.0) (== net9.0-windows7.0) (&& (== netstandard2.0) (>= net8.0))
      Microsoft.Extensions.Options (>= 8.0.2) - restriction: || (&& (== net6.0) (>= net8.0)) (&& (== net6.0-windows7.0) (>= net8.0)) (== net9.0) (== net9.0-windows7.0) (&& (== netstandard2.0) (>= net8.0))
      Microsoft.Extensions.Primitives (>= 8.0) - restriction: || (&& (== net6.0) (>= net8.0)) (&& (== net6.0-windows7.0) (>= net8.0)) (== net9.0) (== net9.0-windows7.0) (&& (== netstandard2.0) (>= net8.0))
      System.Diagnostics.EventLog (>= 8.0.1) - restriction: || (&& (== net6.0) (>= net8.0)) (&& (== net6.0-windows7.0) (>= net8.0)) (== net9.0) (== net9.0-windows7.0) (&& (== netstandard2.0) (>= net8.0))
      System.Text.Json (>= 8.0.5) - restriction: || (&& (== net6.0) (>= net8.0)) (&& (== net6.0-windows7.0) (>= net8.0)) (== net9.0) (== net9.0-windows7.0) (&& (== netstandard2.0) (>= net8.0))
    DevExpress.ExpressApp.ReportsV2.Win (24.2.7)
    DevExpress.ExpressApp.Scheduler (24.2.7)
      DevExpress.Data (24.2.7) - restriction: || (&& (== net6.0) (>= net462)) (&& (== net6.0) (>= net8.0)) (&& (== net6.0-windows7.0) (>= net462)) (&& (== net6.0-windows7.0) (>= net8.0)) (== net9.0) (== net9.0-windows7.0) (&& (== netstandard2.0) (>= net462)) (&& (== netstandard2.0) (>= net8.0))
      DevExpress.ExpressApp (24.2.7) - restriction: || (&& (== net6.0) (>= net462)) (&& (== net6.0) (>= net8.0)) (&& (== net6.0-windows7.0) (>= net462)) (&& (== net6.0-windows7.0) (>= net8.0)) (== net9.0) (== net9.0-windows7.0) (&& (== netstandard2.0) (>= net462)) (&& (== netstandard2.0) (>= net8.0))
      DevExpress.Persistent.Base (24.2.7) - restriction: || (&& (== net6.0) (>= net462)) (&& (== net6.0) (>= net8.0)) (&& (== net6.0-windows7.0) (>= net462)) (&& (== net6.0-windows7.0) (>= net8.0)) (== net9.0) (== net9.0-windows7.0) (&& (== netstandard2.0) (>= net462)) (&& (== netstandard2.0) (>= net8.0))
      DevExpress.Scheduler.Core (24.2.7) - restriction: || (&& (== net6.0) (>= net462)) (&& (== net6.0) (>= net8.0)) (&& (== net6.0-windows7.0) (>= net462)) (&& (== net6.0-windows7.0) (>= net8.0)) (== net9.0) (== net9.0-windows7.0) (&& (== netstandard2.0) (>= net462)) (&& (== netstandard2.0) (>= net8.0))
    DevExpress.ExpressApp.Scheduler.Blazor (24.2.7)
      DevExpress.Blazor (24.2.7) - restriction: || (&& (== net6.0) (>= net8.0)) (&& (== net6.0-windows7.0) (>= net8.0)) (== net9.0) (== net9.0-windows7.0) (&& (== netstandard2.0) (>= net8.0))
      DevExpress.Data (24.2.7) - restriction: || (&& (== net6.0) (>= net8.0)) (&& (== net6.0-windows7.0) (>= net8.0)) (== net9.0) (== net9.0-windows7.0) (&& (== netstandard2.0) (>= net8.0))
      DevExpress.ExpressApp (24.2.7) - restriction: || (&& (== net6.0) (>= net8.0)) (&& (== net6.0-windows7.0) (>= net8.0)) (== net9.0) (== net9.0-windows7.0) (&& (== netstandard2.0) (>= net8.0))
      DevExpress.ExpressApp.AspNetCore (24.2.7) - restriction: || (&& (== net6.0) (>= net8.0)) (&& (== net6.0-windows7.0) (>= net8.0)) (== net9.0) (== net9.0-windows7.0) (&& (== netstandard2.0) (>= net8.0))
      DevExpress.ExpressApp.Blazor (24.2.7) - restriction: || (&& (== net6.0) (>= net8.0)) (&& (== net6.0-windows7.0) (>= net8.0)) (== net9.0) (== net9.0-windows7.0) (&& (== netstandard2.0) (>= net8.0))
      DevExpress.ExpressApp.Notifications (24.2.7) - restriction: || (&& (== net6.0) (>= net8.0)) (&& (== net6.0-windows7.0) (>= net8.0)) (== net9.0) (== net9.0-windows7.0) (&& (== netstandard2.0) (>= net8.0))
      DevExpress.ExpressApp.Scheduler (24.2.7) - restriction: || (&& (== net6.0) (>= net8.0)) (&& (== net6.0-windows7.0) (>= net8.0)) (== net9.0) (== net9.0-windows7.0) (&& (== netstandard2.0) (>= net8.0))
      DevExpress.Persistent.Base (24.2.7) - restriction: || (&& (== net6.0) (>= net8.0)) (&& (== net6.0-windows7.0) (>= net8.0)) (== net9.0) (== net9.0-windows7.0) (&& (== netstandard2.0) (>= net8.0))
      DevExpress.Scheduler.Core (24.2.7) - restriction: || (&& (== net6.0) (>= net8.0)) (&& (== net6.0-windows7.0) (>= net8.0)) (== net9.0) (== net9.0-windows7.0) (&& (== netstandard2.0) (>= net8.0))
      Microsoft.Extensions.DependencyInjection.Abstractions (>= 8.0.2) - restriction: || (&& (== net6.0) (>= net8.0)) (&& (== net6.0-windows7.0) (>= net8.0)) (== net9.0) (== net9.0-windows7.0) (&& (== netstandard2.0) (>= net8.0))
      Microsoft.Extensions.Logging.Abstractions (>= 8.0.2) - restriction: || (&& (== net6.0) (>= net8.0)) (&& (== net6.0-windows7.0) (>= net8.0)) (== net9.0) (== net9.0-windows7.0) (&& (== netstandard2.0) (>= net8.0))
      Microsoft.Extensions.Options (>= 8.0.2) - restriction: || (&& (== net6.0) (>= net8.0)) (&& (== net6.0-windows7.0) (>= net8.0)) (== net9.0) (== net9.0-windows7.0) (&& (== netstandard2.0) (>= net8.0))
      Microsoft.Extensions.Primitives (>= 8.0) - restriction: || (&& (== net6.0) (>= net8.0)) (&& (== net6.0-windows7.0) (>= net8.0)) (== net9.0) (== net9.0-windows7.0) (&& (== netstandard2.0) (>= net8.0))
    DevExpress.ExpressApp.Scheduler.Win (24.2.7)
    DevExpress.ExpressApp.ScriptRecorder (24.2.7) - restriction: || (&& (== net6.0) (>= net9.0)) (&& (== net6.0-windows7.0) (>= net9.0)) (== net9.0) (&& (== net9.0-windows7.0) (>= net9.0)) (&& (== netstandard2.0) (>= net9.0))
      DevExpress.ExpressApp (24.2.7) - restriction: || (&& (== net6.0) (>= net462)) (&& (== net6.0) (>= net8.0)) (&& (== net6.0-windows7.0) (>= net462)) (&& (== net6.0-windows7.0) (>= net8.0)) (== net9.0) (== net9.0-windows7.0) (&& (== netstandard2.0) (>= net462)) (&& (== netstandard2.0) (>= net8.0))
      System.Formats.Asn1 (>= 8.0.1) - restriction: || (&& (== net6.0) (>= net8.0)) (&& (== net6.0-windows7.0) (>= net8.0)) (== net9.0) (== net9.0-windows7.0) (&& (== netstandard2.0) (>= net8.0))
      System.Security.Cryptography.Xml (>= 8.0.2) - restriction: || (&& (== net6.0) (>= net8.0)) (&& (== net6.0-windows7.0) (>= net8.0)) (== net9.0) (== net9.0-windows7.0) (&& (== netstandard2.0) (>= net8.0))
    DevExpress.ExpressApp.Security (24.2.7) - restriction: || (&& (== net6.0) (>= net8.0)) (&& (== net6.0) (>= net9.0)) (&& (== net6.0-windows7.0) (>= net8.0)) (&& (== net6.0-windows7.0) (>= net9.0)) (== net9.0) (== net9.0-windows7.0) (&& (== netstandard2.0) (>= net8.0)) (&& (== netstandard2.0) (>= net9.0))
      DevExpress.Data (24.2.7) - restriction: || (&& (== net6.0) (>= net462)) (&& (== net6.0) (>= net8.0)) (&& (== net6.0-windows7.0) (>= net462)) (&& (== net6.0-windows7.0) (>= net8.0)) (== net9.0) (== net9.0-windows7.0) (&& (== netstandard2.0) (>= net462)) (&& (== netstandard2.0) (>= net8.0))
      DevExpress.Drawing (24.2.7) - restriction: || (&& (== net6.0) (>= net462)) (&& (== net6.0) (>= net8.0)) (&& (== net6.0-windows7.0) (>= net462)) (&& (== net6.0-windows7.0) (>= net8.0)) (== net9.0) (== net9.0-windows7.0) (&& (== netstandard2.0) (>= net462)) (&& (== netstandard2.0) (>= net8.0))
      DevExpress.ExpressApp (24.2.7) - restriction: || (&& (== net6.0) (>= net462)) (&& (== net6.0) (>= net8.0)) (&& (== net6.0-windows7.0) (>= net462)) (&& (== net6.0-windows7.0) (>= net8.0)) (== net9.0) (== net9.0-windows7.0) (&& (== netstandard2.0) (>= net462)) (&& (== netstandard2.0) (>= net8.0))
      DevExpress.Persistent.Base (24.2.7) - restriction: || (&& (== net6.0) (>= net462)) (&& (== net6.0) (>= net8.0)) (&& (== net6.0-windows7.0) (>= net462)) (&& (== net6.0-windows7.0) (>= net8.0)) (== net9.0) (== net9.0-windows7.0) (&& (== netstandard2.0) (>= net462)) (&& (== netstandard2.0) (>= net8.0))
      MessagePack (>= 2.5.187) - restriction: || (&& (== net6.0) (>= net8.0)) (&& (== net6.0-windows7.0) (>= net8.0)) (== net9.0) (== net9.0-windows7.0) (&& (== netstandard2.0) (>= net8.0))
      Microsoft.Extensions.DependencyInjection.Abstractions (>= 8.0.2) - restriction: || (&& (== net6.0) (>= net8.0)) (&& (== net6.0-windows7.0) (>= net8.0)) (== net9.0) (== net9.0-windows7.0) (&& (== netstandard2.0) (>= net8.0))
      Microsoft.Extensions.Options (>= 8.0.2) - restriction: || (&& (== net6.0) (>= net8.0)) (&& (== net6.0-windows7.0) (>= net8.0)) (== net9.0) (== net9.0-windows7.0) (&& (== netstandard2.0) (>= net8.0))
      System.Security.Permissions (>= 8.0) - restriction: || (&& (== net6.0) (>= net8.0)) (&& (== net6.0-windows7.0) (>= net8.0)) (== net9.0) (== net9.0-windows7.0) (&& (== netstandard2.0) (>= net8.0))
    DevExpress.ExpressApp.Security.AspNetCore (24.2.7) - restriction: || (&& (== net6.0) (>= net8.0)) (&& (== net6.0) (>= net9.0)) (&& (== net6.0-windows7.0) (>= net8.0)) (&& (== net6.0-windows7.0) (>= net9.0)) (== net9.0) (== net9.0-windows7.0) (&& (== netstandard2.0) (>= net8.0)) (&& (== netstandard2.0) (>= net9.0))
      DevExpress.Data (24.2.7) - restriction: || (&& (== net6.0) (>= net8.0)) (&& (== net6.0-windows7.0) (>= net8.0)) (== net9.0) (== net9.0-windows7.0) (&& (== netstandard2.0) (>= net8.0))
      DevExpress.ExpressApp (24.2.7) - restriction: || (&& (== net6.0) (>= net8.0)) (&& (== net6.0-windows7.0) (>= net8.0)) (== net9.0) (== net9.0-windows7.0) (&& (== netstandard2.0) (>= net8.0))
      DevExpress.ExpressApp.AspNetCore (24.2.7) - restriction: || (&& (== net6.0) (>= net8.0)) (&& (== net6.0-windows7.0) (>= net8.0)) (== net9.0) (== net9.0-windows7.0) (&& (== netstandard2.0) (>= net8.0))
      DevExpress.ExpressApp.Security (24.2.7) - restriction: || (&& (== net6.0) (>= net8.0)) (&& (== net6.0-windows7.0) (>= net8.0)) (== net9.0) (== net9.0-windows7.0) (&& (== netstandard2.0) (>= net8.0))
    DevExpress.ExpressApp.Security.Xpo (24.2.7)
      DevExpress.Data (24.2.7) - restriction: || (&& (== net6.0) (>= net462)) (&& (== net6.0) (>= net8.0)) (&& (== net6.0-windows7.0) (>= net462)) (&& (== net6.0-windows7.0) (>= net8.0)) (== net9.0) (== net9.0-windows7.0) (&& (== netstandard2.0) (>= net462)) (&& (== netstandard2.0) (>= net8.0))
      DevExpress.ExpressApp (24.2.7) - restriction: || (&& (== net6.0) (>= net462)) (&& (== net6.0) (>= net8.0)) (&& (== net6.0-windows7.0) (>= net462)) (&& (== net6.0-windows7.0) (>= net8.0)) (== net9.0) (== net9.0-windows7.0) (&& (== netstandard2.0) (>= net462)) (&& (== netstandard2.0) (>= net8.0))
      DevExpress.ExpressApp.Security (24.2.7) - restriction: || (&& (== net6.0) (>= net462)) (&& (== net6.0) (>= net8.0)) (&& (== net6.0-windows7.0) (>= net462)) (&& (== net6.0-windows7.0) (>= net8.0)) (== net9.0) (== net9.0-windows7.0) (&& (== netstandard2.0) (>= net462)) (&& (== netstandard2.0) (>= net8.0))
      DevExpress.ExpressApp.Xpo (24.2.7) - restriction: || (&& (== net6.0) (>= net462)) (&& (== net6.0) (>= net8.0)) (&& (== net6.0-windows7.0) (>= net462)) (&& (== net6.0-windows7.0) (>= net8.0)) (== net9.0) (== net9.0-windows7.0) (&& (== netstandard2.0) (>= net462)) (&& (== netstandard2.0) (>= net8.0))
      DevExpress.Persistent.Base (24.2.7) - restriction: || (&& (== net6.0) (>= net462)) (&& (== net6.0) (>= net8.0)) (&& (== net6.0-windows7.0) (>= net462)) (&& (== net6.0-windows7.0) (>= net8.0)) (== net9.0) (== net9.0-windows7.0) (&& (== netstandard2.0) (>= net462)) (&& (== netstandard2.0) (>= net8.0))
      DevExpress.Xpo (24.2.7) - restriction: || (&& (== net6.0) (>= net462)) (&& (== net6.0) (>= net8.0)) (&& (== net6.0-windows7.0) (>= net462)) (&& (== net6.0-windows7.0) (>= net8.0)) (== net9.0) (== net9.0-windows7.0) (&& (== netstandard2.0) (>= net462)) (&& (== netstandard2.0) (>= net8.0))
      MessagePack (>= 2.5.187) - restriction: || (&& (== net6.0) (>= net8.0)) (&& (== net6.0-windows7.0) (>= net8.0)) (== net9.0) (== net9.0-windows7.0) (&& (== netstandard2.0) (>= net8.0))
      Microsoft.Extensions.DependencyInjection.Abstractions (>= 8.0.2) - restriction: || (&& (== net6.0) (>= net8.0)) (&& (== net6.0-windows7.0) (>= net8.0)) (== net9.0) (== net9.0-windows7.0) (&& (== netstandard2.0) (>= net8.0))
      Microsoft.Extensions.Options (>= 8.0.2) - restriction: || (&& (== net6.0) (>= net8.0)) (&& (== net6.0-windows7.0) (>= net8.0)) (== net9.0) (== net9.0-windows7.0) (&& (== netstandard2.0) (>= net8.0))
      System.Formats.Asn1 (>= 8.0.1) - restriction: || (&& (== net6.0) (>= net8.0)) (&& (== net6.0-windows7.0) (>= net8.0)) (== net9.0) (== net9.0-windows7.0) (&& (== netstandard2.0) (>= net8.0))
      System.ServiceModel.Http (>= 8.1) - restriction: || (&& (== net6.0) (>= net8.0)) (&& (== net6.0-windows7.0) (>= net8.0)) (== net9.0) (== net9.0-windows7.0) (&& (== netstandard2.0) (>= net8.0))
      System.ServiceModel.NetTcp (>= 8.1) - restriction: || (&& (== net6.0) (>= net8.0)) (&& (== net6.0-windows7.0) (>= net8.0)) (== net9.0) (== net9.0-windows7.0) (&& (== netstandard2.0) (>= net8.0))
    DevExpress.ExpressApp.StateMachine (24.2.7) - restriction: || (&& (== net6.0) (>= net9.0)) (&& (== net6.0-windows7.0) (>= net9.0)) (== net9.0) (&& (== net9.0-windows7.0) (>= net9.0)) (&& (== netstandard2.0) (>= net9.0))
      DevExpress.Data (24.2.7) - restriction: || (&& (== net6.0) (>= net462)) (&& (== net6.0) (>= net8.0)) (&& (== net6.0-windows7.0) (>= net462)) (&& (== net6.0-windows7.0) (>= net8.0)) (== net9.0) (== net9.0-windows7.0) (&& (== netstandard2.0) (>= net462)) (&& (== netstandard2.0) (>= net8.0))
      DevExpress.Drawing (24.2.7) - restriction: || (&& (== net6.0) (>= net462)) (&& (== net6.0) (>= net8.0)) (&& (== net6.0-windows7.0) (>= net462)) (&& (== net6.0-windows7.0) (>= net8.0)) (== net9.0) (== net9.0-windows7.0) (&& (== netstandard2.0) (>= net462)) (&& (== netstandard2.0) (>= net8.0))
      DevExpress.ExpressApp (24.2.7) - restriction: || (&& (== net6.0) (>= net462)) (&& (== net6.0) (>= net8.0)) (&& (== net6.0-windows7.0) (>= net462)) (&& (== net6.0-windows7.0) (>= net8.0)) (== net9.0) (== net9.0-windows7.0) (&& (== netstandard2.0) (>= net462)) (&& (== netstandard2.0) (>= net8.0))
      DevExpress.ExpressApp.ConditionalAppearance (24.2.7) - restriction: || (&& (== net6.0) (>= net462)) (&& (== net6.0) (>= net8.0)) (&& (== net6.0-windows7.0) (>= net462)) (&& (== net6.0-windows7.0) (>= net8.0)) (== net9.0) (== net9.0-windows7.0) (&& (== netstandard2.0) (>= net462)) (&& (== netstandard2.0) (>= net8.0))
      DevExpress.ExpressApp.Validation (24.2.7) - restriction: || (&& (== net6.0) (>= net462)) (&& (== net6.0) (>= net8.0)) (&& (== net6.0-windows7.0) (>= net462)) (&& (== net6.0-windows7.0) (>= net8.0)) (== net9.0) (== net9.0-windows7.0) (&& (== netstandard2.0) (>= net462)) (&& (== netstandard2.0) (>= net8.0))
      DevExpress.Persistent.Base (24.2.7) - restriction: || (&& (== net6.0) (>= net462)) (&& (== net6.0) (>= net8.0)) (&& (== net6.0-windows7.0) (>= net462)) (&& (== net6.0-windows7.0) (>= net8.0)) (== net9.0) (== net9.0-windows7.0) (&& (== netstandard2.0) (>= net462)) (&& (== netstandard2.0) (>= net8.0))
    DevExpress.ExpressApp.TreeListEditors (24.2.7)
      DevExpress.Data (24.2.7) - restriction: || (&& (== net6.0) (>= net462)) (&& (== net6.0) (>= net8.0)) (&& (== net6.0-windows7.0) (>= net462)) (&& (== net6.0-windows7.0) (>= net8.0)) (== net9.0) (== net9.0-windows7.0) (&& (== netstandard2.0) (>= net462)) (&& (== netstandard2.0) (>= net8.0))
      DevExpress.Drawing (24.2.7) - restriction: || (&& (== net6.0) (>= net462)) (&& (== net6.0) (>= net8.0)) (&& (== net6.0-windows7.0) (>= net462)) (&& (== net6.0-windows7.0) (>= net8.0)) (== net9.0) (== net9.0-windows7.0) (&& (== netstandard2.0) (>= net462)) (&& (== netstandard2.0) (>= net8.0))
      DevExpress.ExpressApp (24.2.7) - restriction: || (&& (== net6.0) (>= net462)) (&& (== net6.0) (>= net8.0)) (&& (== net6.0-windows7.0) (>= net462)) (&& (== net6.0-windows7.0) (>= net8.0)) (== net9.0) (== net9.0-windows7.0) (&& (== netstandard2.0) (>= net462)) (&& (== netstandard2.0) (>= net8.0))
      DevExpress.Persistent.Base (24.2.7) - restriction: || (&& (== net6.0) (>= net462)) (&& (== net6.0) (>= net8.0)) (&& (== net6.0-windows7.0) (>= net462)) (&& (== net6.0-windows7.0) (>= net8.0)) (== net9.0) (== net9.0-windows7.0) (&& (== netstandard2.0) (>= net462)) (&& (== netstandard2.0) (>= net8.0))
    DevExpress.ExpressApp.TreeListEditors.Win (24.2.7)
    DevExpress.ExpressApp.Validation (24.2.7)
      DevExpress.Data (24.2.7) - restriction: || (&& (== net6.0) (>= net462)) (&& (== net6.0) (>= net8.0)) (&& (== net6.0-windows7.0) (>= net462)) (&& (== net6.0-windows7.0) (>= net8.0)) (== net9.0) (== net9.0-windows7.0) (&& (== netstandard2.0) (>= net462)) (&& (== netstandard2.0) (>= net8.0))
      DevExpress.ExpressApp (24.2.7) - restriction: || (&& (== net6.0) (>= net462)) (&& (== net6.0) (>= net8.0)) (&& (== net6.0-windows7.0) (>= net462)) (&& (== net6.0-windows7.0) (>= net8.0)) (== net9.0) (== net9.0-windows7.0) (&& (== netstandard2.0) (>= net462)) (&& (== netstandard2.0) (>= net8.0))
      DevExpress.Persistent.Base (24.2.7) - restriction: || (&& (== net6.0) (>= net462)) (&& (== net6.0) (>= net8.0)) (&& (== net6.0-windows7.0) (>= net462)) (&& (== net6.0-windows7.0) (>= net8.0)) (== net9.0) (== net9.0-windows7.0) (&& (== netstandard2.0) (>= net462)) (&& (== netstandard2.0) (>= net8.0))
      Microsoft.Extensions.DependencyInjection.Abstractions (>= 8.0.2) - restriction: || (&& (== net6.0) (>= net8.0)) (&& (== net6.0-windows7.0) (>= net8.0)) (== net9.0) (== net9.0-windows7.0) (&& (== netstandard2.0) (>= net8.0))
      Microsoft.Extensions.Options (>= 8.0.2) - restriction: || (&& (== net6.0) (>= net8.0)) (&& (== net6.0-windows7.0) (>= net8.0)) (== net9.0) (== net9.0-windows7.0) (&& (== netstandard2.0) (>= net8.0))
      System.Drawing.Common (>= 8.0.10) - restriction: || (&& (== net6.0) (>= net8.0)) (&& (== net6.0-windows7.0) (>= net8.0)) (== net9.0) (== net9.0-windows7.0) (&& (== netstandard2.0) (>= net8.0))
    DevExpress.ExpressApp.Validation.Blazor (24.2.7)
      DevExpress.Data (24.2.7) - restriction: || (&& (== net6.0) (>= net8.0)) (&& (== net6.0-windows7.0) (>= net8.0)) (== net9.0) (== net9.0-windows7.0) (&& (== netstandard2.0) (>= net8.0))
      DevExpress.ExpressApp (24.2.7) - restriction: || (&& (== net6.0) (>= net8.0)) (&& (== net6.0-windows7.0) (>= net8.0)) (== net9.0) (== net9.0-windows7.0) (&& (== netstandard2.0) (>= net8.0))
      DevExpress.ExpressApp.Blazor (24.2.7) - restriction: || (&& (== net6.0) (>= net8.0)) (&& (== net6.0-windows7.0) (>= net8.0)) (== net9.0) (== net9.0-windows7.0) (&& (== netstandard2.0) (>= net8.0))
      DevExpress.ExpressApp.Validation (24.2.7) - restriction: || (&& (== net6.0) (>= net8.0)) (&& (== net6.0-windows7.0) (>= net8.0)) (== net9.0) (== net9.0-windows7.0) (&& (== netstandard2.0) (>= net8.0))
      DevExpress.Persistent.Base (24.2.7) - restriction: || (&& (== net6.0) (>= net8.0)) (&& (== net6.0-windows7.0) (>= net8.0)) (== net9.0) (== net9.0-windows7.0) (&& (== netstandard2.0) (>= net8.0))
      Microsoft.Extensions.DependencyInjection.Abstractions (>= 8.0.2) - restriction: || (&& (== net6.0) (>= net8.0)) (&& (== net6.0-windows7.0) (>= net8.0)) (== net9.0) (== net9.0-windows7.0) (&& (== netstandard2.0) (>= net8.0))
      Microsoft.Extensions.Logging.Abstractions (>= 8.0.2) - restriction: || (&& (== net6.0) (>= net8.0)) (&& (== net6.0-windows7.0) (>= net8.0)) (== net9.0) (== net9.0-windows7.0) (&& (== netstandard2.0) (>= net8.0))
      Microsoft.Extensions.Options (>= 8.0.2) - restriction: || (&& (== net6.0) (>= net8.0)) (&& (== net6.0-windows7.0) (>= net8.0)) (== net9.0) (== net9.0-windows7.0) (&& (== netstandard2.0) (>= net8.0))
      Microsoft.Extensions.Primitives (>= 8.0) - restriction: || (&& (== net6.0) (>= net8.0)) (&& (== net6.0-windows7.0) (>= net8.0)) (== net9.0) (== net9.0-windows7.0) (&& (== netstandard2.0) (>= net8.0))
    DevExpress.ExpressApp.Validation.Win (24.2.7)
    DevExpress.ExpressApp.ViewVariantsModule (24.2.7)
      DevExpress.Data (24.2.7) - restriction: || (&& (== net6.0) (>= net462)) (&& (== net6.0) (>= net8.0)) (&& (== net6.0-windows7.0) (>= net462)) (&& (== net6.0-windows7.0) (>= net8.0)) (== net9.0) (== net9.0-windows7.0) (&& (== netstandard2.0) (>= net462)) (&& (== netstandard2.0) (>= net8.0))
      DevExpress.ExpressApp (24.2.7) - restriction: || (&& (== net6.0) (>= net462)) (&& (== net6.0) (>= net8.0)) (&& (== net6.0-windows7.0) (>= net462)) (&& (== net6.0-windows7.0) (>= net8.0)) (== net9.0) (== net9.0-windows7.0) (&& (== netstandard2.0) (>= net462)) (&& (== netstandard2.0) (>= net8.0))
      System.Formats.Asn1 (>= 8.0.1) - restriction: || (&& (== net6.0) (>= net8.0)) (&& (== net6.0-windows7.0) (>= net8.0)) (== net9.0) (== net9.0-windows7.0) (&& (== netstandard2.0) (>= net8.0))
      System.Security.Cryptography.Xml (>= 8.0.2) - restriction: || (&& (== net6.0) (>= net8.0)) (&& (== net6.0-windows7.0) (>= net8.0)) (== net9.0) (== net9.0-windows7.0) (&& (== netstandard2.0) (>= net8.0))
    DevExpress.ExpressApp.Win (24.2.7)
    DevExpress.ExpressApp.Win.Design (24.2.7)
    DevExpress.ExpressApp.Xpo (24.2.7) - restriction: || (&& (== net6.0) (>= net462)) (&& (== net6.0) (>= net8.0)) (&& (== net6.0) (>= net9.0)) (&& (== net6.0-windows7.0) (>= net462)) (&& (== net6.0-windows7.0) (>= net8.0)) (&& (== net6.0-windows7.0) (>= net9.0)) (== net9.0) (== net9.0-windows7.0) (&& (== netstandard2.0) (>= net462)) (&& (== netstandard2.0) (>= net8.0)) (&& (== netstandard2.0) (>= net9.0))
      DevExpress.Data (24.2.7) - restriction: || (&& (== net6.0) (>= net462)) (&& (== net6.0) (>= net8.0)) (&& (== net6.0-windows7.0) (>= net462)) (&& (== net6.0-windows7.0) (>= net8.0)) (== net9.0) (== net9.0-windows7.0) (&& (== netstandard2.0) (>= net462)) (&& (== netstandard2.0) (>= net8.0))
      DevExpress.Drawing (24.2.7) - restriction: || (&& (== net6.0) (>= net462)) (&& (== net6.0) (>= net8.0)) (&& (== net6.0-windows7.0) (>= net462)) (&& (== net6.0-windows7.0) (>= net8.0)) (== net9.0) (== net9.0-windows7.0) (&& (== netstandard2.0) (>= net462)) (&& (== netstandard2.0) (>= net8.0))
      DevExpress.ExpressApp (24.2.7) - restriction: || (&& (== net6.0) (>= net462)) (&& (== net6.0) (>= net8.0)) (&& (== net6.0-windows7.0) (>= net462)) (&& (== net6.0-windows7.0) (>= net8.0)) (== net9.0) (== net9.0-windows7.0) (&& (== netstandard2.0) (>= net462)) (&& (== netstandard2.0) (>= net8.0))
      DevExpress.Xpo (24.2.7) - restriction: || (&& (== net6.0) (>= net462)) (&& (== net6.0) (>= net8.0)) (&& (== net6.0-windows7.0) (>= net462)) (&& (== net6.0-windows7.0) (>= net8.0)) (== net9.0) (== net9.0-windows7.0) (&& (== netstandard2.0) (>= net462)) (&& (== netstandard2.0) (>= net8.0))
      Microsoft.Extensions.DependencyInjection.Abstractions (>= 8.0.2) - restriction: || (&& (== net6.0) (>= net8.0)) (&& (== net6.0-windows7.0) (>= net8.0)) (== net9.0) (== net9.0-windows7.0) (&& (== netstandard2.0) (>= net8.0))
      System.Drawing.Common (>= 8.0.10) - restriction: || (&& (== net6.0) (>= net8.0)) (&& (== net6.0-windows7.0) (>= net8.0)) (== net9.0) (== net9.0-windows7.0) (&& (== netstandard2.0) (>= net8.0))
      System.Security.Permissions (>= 8.0) - restriction: || (&& (== net6.0) (>= net8.0)) (&& (== net6.0-windows7.0) (>= net8.0)) (== net9.0) (== net9.0-windows7.0) (&& (== netstandard2.0) (>= net8.0))
    DevExpress.Gauges.Core (24.2.7) - restriction: || (&& (== net6.0) (>= net8.0)) (&& (== net6.0-windows7.0) (>= net8.0)) (== net9.0) (== net9.0-windows7.0) (&& (== netstandard2.0) (>= net8.0))
      DevExpress.Data (24.2.7) - restriction: || (&& (== net6.0) (>= net462)) (&& (== net6.0) (>= net8.0)) (&& (== net6.0-windows7.0) (>= net462)) (&& (== net6.0-windows7.0) (>= net8.0)) (== net9.0) (== net9.0-windows7.0) (&& (== netstandard2.0) (>= net462)) (&& (== netstandard2.0) (>= net8.0))
      DevExpress.Drawing (24.2.7) - restriction: || (&& (== net6.0) (>= net462)) (&& (== net6.0) (>= net8.0)) (&& (== net6.0-windows7.0) (>= net462)) (&& (== net6.0-windows7.0) (>= net8.0)) (== net9.0) (== net9.0-windows7.0) (&& (== netstandard2.0) (>= net462)) (&& (== netstandard2.0) (>= net8.0))
      DevExpress.Printing.Core (24.2.7) - restriction: || (&& (== net6.0) (>= net462)) (&& (== net6.0) (>= net8.0)) (&& (== net6.0-windows7.0) (>= net462)) (&& (== net6.0-windows7.0) (>= net8.0)) (== net9.0) (== net9.0-windows7.0) (&& (== netstandard2.0) (>= net462)) (&& (== netstandard2.0) (>= net8.0))
      System.Drawing.Common (>= 4.7.2) - restriction: || (&& (== net6.0) (>= net8.0)) (&& (== net6.0-windows7.0) (>= net8.0)) (== net9.0) (== net9.0-windows7.0) (&& (== netstandard2.0) (>= net8.0))
    DevExpress.Images (24.2.7) - restriction: || (&& (== net6.0) (>= net462)) (&& (== net6.0) (>= net8.0)) (&& (== net6.0-windows7.0) (>= net462)) (&& (== net6.0-windows7.0) (>= net8.0)) (== net9.0) (== net9.0-windows7.0) (&& (== netstandard2.0) (>= net462)) (&& (== netstandard2.0) (>= net8.0))
      DevExpress.Data (24.2.7) - restriction: || (&& (== net6.0) (>= net462)) (&& (== net6.0) (>= net8.0)) (&& (== net6.0-windows7.0) (>= net462)) (&& (== net6.0-windows7.0) (>= net8.0)) (== net9.0) (== net9.0-windows7.0) (&& (== netstandard2.0) (>= net462)) (&& (== netstandard2.0) (>= net8.0))
      DevExpress.Drawing (24.2.7) - restriction: || (&& (== net6.0) (>= net462)) (&& (== net6.0) (>= net8.0)) (&& (== net6.0-windows7.0) (>= net462)) (&& (== net6.0-windows7.0) (>= net8.0)) (== net9.0) (== net9.0-windows7.0) (&& (== netstandard2.0) (>= net462)) (&& (== netstandard2.0) (>= net8.0))
      System.Drawing.Common (>= 4.7.2) - restriction: || (&& (== net6.0) (>= net8.0)) (&& (== net6.0-windows7.0) (>= net8.0)) (== net9.0) (== net9.0-windows7.0) (&& (== netstandard2.0) (>= net8.0))
    DevExpress.Map.Core (24.2.7) - restriction: || (&& (== net6.0) (>= net462)) (&& (== net6.0) (>= net8.0)) (&& (== net6.0-windows7.0) (>= net462)) (&& (== net6.0-windows7.0) (>= net8.0)) (== net9.0) (== net9.0-windows7.0) (&& (== netstandard2.0) (>= net462)) (&& (== netstandard2.0) (>= net8.0))
      DevExpress.Data (24.2.7) - restriction: || (&& (== net6.0) (>= net462)) (&& (== net6.0) (>= net8.0)) (&& (== net6.0-windows7.0) (>= net462)) (&& (== net6.0-windows7.0) (>= net8.0)) (== net9.0) (== net9.0-windows7.0) (&& (== netstandard2.0) (>= net462)) (&& (== netstandard2.0) (>= net8.0))
      DevExpress.Drawing (24.2.7) - restriction: || (&& (== net6.0) (>= net462)) (&& (== net6.0) (>= net8.0)) (&& (== net6.0-windows7.0) (>= net462)) (&& (== net6.0-windows7.0) (>= net8.0)) (== net9.0) (== net9.0-windows7.0) (&& (== netstandard2.0) (>= net462)) (&& (== netstandard2.0) (>= net8.0))
      DevExpress.Printing.Core (24.2.7) - restriction: || (&& (== net6.0) (>= net462)) (&& (== net6.0) (>= net8.0)) (&& (== net6.0-windows7.0) (>= net462)) (&& (== net6.0-windows7.0) (>= net8.0)) (== net9.0) (== net9.0-windows7.0) (&& (== netstandard2.0) (>= net462)) (&& (== netstandard2.0) (>= net8.0))
      System.Drawing.Common (>= 4.7.2) - restriction: || (&& (== net6.0) (>= net8.0)) (&& (== net6.0-windows7.0) (>= net8.0)) (== net9.0) (== net9.0-windows7.0) (&& (== netstandard2.0) (>= net8.0))
    DevExpress.Office.Core (24.2.7) - restriction: || (&& (== net6.0) (>= net462)) (&& (== net6.0) (>= net8.0)) (&& (== net6.0-windows7.0) (>= net462)) (&& (== net6.0-windows7.0) (>= net8.0)) (== net9.0) (== net9.0-windows7.0) (&& (== netstandard2.0) (>= net462)) (&& (== netstandard2.0) (>= net8.0))
      DevExpress.Data (24.2.7) - restriction: || (&& (== net6.0) (>= net462)) (&& (== net6.0) (>= net8.0)) (&& (== net6.0-windows7.0) (>= net462)) (&& (== net6.0-windows7.0) (>= net8.0)) (== net9.0) (== net9.0-windows7.0) (&& (== netstandard2.0) (>= net462)) (&& (== netstandard2.0) (>= net8.0))
      DevExpress.Drawing (24.2.7) - restriction: || (&& (== net6.0) (>= net462)) (&& (== net6.0) (>= net8.0)) (&& (== net6.0-windows7.0) (>= net462)) (&& (== net6.0-windows7.0) (>= net8.0)) (== net9.0) (== net9.0-windows7.0) (&& (== netstandard2.0) (>= net462)) (&& (== netstandard2.0) (>= net8.0))
      DevExpress.Pdf.Core (24.2.7) - restriction: || (&& (== net6.0) (>= net462)) (&& (== net6.0) (>= net8.0)) (&& (== net6.0-windows7.0) (>= net462)) (&& (== net6.0-windows7.0) (>= net8.0)) (== net9.0) (== net9.0-windows7.0) (&& (== netstandard2.0) (>= net462)) (&& (== netstandard2.0) (>= net8.0))
      DevExpress.Printing.Core (24.2.7) - restriction: || (&& (== net6.0) (>= net462)) (&& (== net6.0) (>= net8.0)) (&& (== net6.0-windows7.0) (>= net462)) (&& (== net6.0-windows7.0) (>= net8.0)) (== net9.0) (== net9.0-windows7.0) (&& (== netstandard2.0) (>= net462)) (&& (== netstandard2.0) (>= net8.0))
      System.Drawing.Common (>= 4.7.2) - restriction: || (&& (== net6.0) (>= net8.0)) (&& (== net6.0-windows7.0) (>= net8.0)) (== net9.0) (== net9.0-windows7.0) (&& (== netstandard2.0) (>= net8.0))
    DevExpress.Pdf.Core (24.2.7) - restriction: || (&& (== net6.0) (>= net462)) (&& (== net6.0) (>= net8.0)) (&& (== net6.0-windows7.0) (>= net462)) (&& (== net6.0-windows7.0) (>= net8.0)) (== net9.0) (== net9.0-windows7.0) (&& (== netstandard2.0) (>= net462)) (&& (== netstandard2.0) (>= net8.0))
      DevExpress.Data (24.2.7) - restriction: || (&& (== net6.0) (>= net462)) (&& (== net6.0) (>= net8.0)) (&& (== net6.0-windows7.0) (>= net462)) (&& (== net6.0-windows7.0) (>= net8.0)) (== net9.0) (== net9.0-windows7.0) (&& (== netstandard2.0) (>= net462)) (&& (== netstandard2.0) (>= net8.0))
      DevExpress.Drawing (24.2.7) - restriction: || (&& (== net6.0) (>= net462)) (&& (== net6.0) (>= net8.0)) (&& (== net6.0-windows7.0) (>= net462)) (&& (== net6.0-windows7.0) (>= net8.0)) (== net9.0) (== net9.0-windows7.0) (&& (== netstandard2.0) (>= net462)) (&& (== netstandard2.0) (>= net8.0))
      System.Drawing.Common (>= 4.7.2) - restriction: || (&& (== net6.0) (>= net8.0)) (&& (== net6.0-windows7.0) (>= net8.0)) (== net9.0) (== net9.0-windows7.0) (&& (== netstandard2.0) (>= net8.0))
      System.Security.Cryptography.Pkcs (>= 8.0.1) - restriction: || (&& (== net6.0) (>= net8.0)) (&& (== net6.0-windows7.0) (>= net8.0)) (== net9.0) (== net9.0-windows7.0) (&& (== netstandard2.0) (>= net8.0))
    DevExpress.Pdf.Drawing (24.2.7) - restriction: || (&& (== net6.0) (>= net462)) (&& (== net6.0) (>= net8.0)) (&& (== net6.0-windows7.0) (>= net462)) (&& (== net6.0-windows7.0) (>= net8.0)) (== net9.0) (== net9.0-windows7.0) (&& (== netstandard2.0) (>= net462)) (&& (== netstandard2.0) (>= net8.0))
      DevExpress.Data (24.2.7) - restriction: || (&& (== net6.0) (>= net462)) (&& (== net6.0) (>= net8.0)) (&& (== net6.0-windows7.0) (>= net462)) (&& (== net6.0-windows7.0) (>= net8.0)) (== net9.0) (== net9.0-windows7.0) (&& (== netstandard2.0) (>= net462)) (&& (== netstandard2.0) (>= net8.0))
      DevExpress.Drawing (24.2.7) - restriction: || (&& (== net6.0) (>= net462)) (&& (== net6.0) (>= net8.0)) (&& (== net6.0-windows7.0) (>= net462)) (&& (== net6.0-windows7.0) (>= net8.0)) (== net9.0) (== net9.0-windows7.0) (&& (== netstandard2.0) (>= net462)) (&& (== netstandard2.0) (>= net8.0))
      DevExpress.Pdf.Core (24.2.7) - restriction: || (&& (== net6.0) (>= net462)) (&& (== net6.0) (>= net8.0)) (&& (== net6.0-windows7.0) (>= net462)) (&& (== net6.0-windows7.0) (>= net8.0)) (== net9.0) (== net9.0-windows7.0) (&& (== netstandard2.0) (>= net462)) (&& (== netstandard2.0) (>= net8.0))
      System.Drawing.Common (>= 4.7.2) - restriction: || (&& (== net6.0) (>= net8.0)) (&& (== net6.0-windows7.0) (>= net8.0)) (== net9.0) (== net9.0-windows7.0) (&& (== netstandard2.0) (>= net8.0))
    DevExpress.Persistent.Base (24.2.7)
      DevExpress.Data (24.2.7) - restriction: || (&& (== net6.0) (>= net462)) (&& (== net6.0) (>= net8.0)) (&& (== net6.0-windows7.0) (>= net462)) (&& (== net6.0-windows7.0) (>= net8.0)) (== net9.0) (== net9.0-windows7.0) (&& (== netstandard2.0) (>= net462)) (&& (== netstandard2.0) (>= net8.0))
      DevExpress.DataAccess (24.2.7) - restriction: || (&& (== net6.0) (>= net462)) (&& (== net6.0) (>= net8.0)) (&& (== net6.0-windows7.0) (>= net462)) (&& (== net6.0-windows7.0) (>= net8.0)) (== net9.0) (== net9.0-windows7.0) (&& (== netstandard2.0) (>= net462)) (&& (== netstandard2.0) (>= net8.0))
      DevExpress.Drawing (24.2.7) - restriction: || (&& (== net6.0) (>= net462)) (&& (== net6.0) (>= net8.0)) (&& (== net6.0-windows7.0) (>= net462)) (&& (== net6.0-windows7.0) (>= net8.0)) (== net9.0) (== net9.0-windows7.0) (&& (== netstandard2.0) (>= net462)) (&& (== netstandard2.0) (>= net8.0))
      DevExpress.ExpressApp (24.2.7) - restriction: || (&& (== net6.0) (>= net462)) (&& (== net6.0) (>= net8.0)) (&& (== net6.0-windows7.0) (>= net462)) (&& (== net6.0-windows7.0) (>= net8.0)) (== net9.0) (== net9.0-windows7.0) (&& (== netstandard2.0) (>= net462)) (&& (== netstandard2.0) (>= net8.0))
      DevExpress.Printing.Core (24.2.7) - restriction: || (&& (== net6.0) (>= net462)) (&& (== net6.0) (>= net8.0)) (&& (== net6.0-windows7.0) (>= net462)) (&& (== net6.0-windows7.0) (>= net8.0)) (== net9.0) (== net9.0-windows7.0) (&& (== netstandard2.0) (>= net462)) (&& (== netstandard2.0) (>= net8.0))
      Microsoft.Extensions.DependencyInjection.Abstractions (>= 8.0.2) - restriction: || (&& (== net6.0) (>= net8.0)) (&& (== net6.0-windows7.0) (>= net8.0)) (== net9.0) (== net9.0-windows7.0) (&& (== netstandard2.0) (>= net8.0))
      Microsoft.Extensions.Options (>= 8.0.2) - restriction: || (&& (== net6.0) (>= net8.0)) (&& (== net6.0-windows7.0) (>= net8.0)) (== net9.0) (== net9.0-windows7.0) (&& (== netstandard2.0) (>= net8.0))
    DevExpress.Persistent.BaseImpl.Xpo (24.2.7)
      DevExpress.Data (24.2.7) - restriction: || (&& (== net6.0) (>= net462)) (&& (== net6.0) (>= net8.0)) (&& (== net6.0-windows7.0) (>= net462)) (&& (== net6.0-windows7.0) (>= net8.0)) (== net9.0) (== net9.0-windows7.0) (&& (== netstandard2.0) (>= net462)) (&& (== netstandard2.0) (>= net8.0))
      DevExpress.Drawing (24.2.7) - restriction: || (&& (== net6.0) (>= net462)) (&& (== net6.0) (>= net8.0)) (&& (== net6.0-windows7.0) (>= net462)) (&& (== net6.0-windows7.0) (>= net8.0)) (== net9.0) (== net9.0-windows7.0) (&& (== netstandard2.0) (>= net462)) (&& (== netstandard2.0) (>= net8.0))
      DevExpress.ExpressApp (24.2.7) - restriction: || (&& (== net6.0) (>= net462)) (&& (== net6.0) (>= net8.0)) (&& (== net6.0-windows7.0) (>= net462)) (&& (== net6.0-windows7.0) (>= net8.0)) (== net9.0) (== net9.0-windows7.0) (&& (== netstandard2.0) (>= net462)) (&& (== netstandard2.0) (>= net8.0))
      DevExpress.ExpressApp.Objects (24.2.7) - restriction: || (&& (== net6.0) (>= net462)) (&& (== net6.0) (>= net8.0)) (&& (== net6.0-windows7.0) (>= net462)) (&& (== net6.0-windows7.0) (>= net8.0)) (== net9.0) (== net9.0-windows7.0) (&& (== netstandard2.0) (>= net462)) (&& (== netstandard2.0) (>= net8.0))
      DevExpress.ExpressApp.Xpo (24.2.7) - restriction: || (&& (== net6.0) (>= net462)) (&& (== net6.0) (>= net8.0)) (&& (== net6.0-windows7.0) (>= net462)) (&& (== net6.0-windows7.0) (>= net8.0)) (== net9.0) (== net9.0-windows7.0) (&& (== netstandard2.0) (>= net462)) (&& (== netstandard2.0) (>= net8.0))
      DevExpress.Persistent.Base (24.2.7) - restriction: || (&& (== net6.0) (>= net462)) (&& (== net6.0) (>= net8.0)) (&& (== net6.0-windows7.0) (>= net462)) (&& (== net6.0-windows7.0) (>= net8.0)) (== net9.0) (== net9.0-windows7.0) (&& (== netstandard2.0) (>= net462)) (&& (== netstandard2.0) (>= net8.0))
      DevExpress.Scheduler.Core (24.2.7) - restriction: || (&& (== net6.0) (>= net462)) (&& (== net6.0) (>= net8.0)) (&& (== net6.0-windows7.0) (>= net462)) (&& (== net6.0-windows7.0) (>= net8.0)) (== net9.0) (== net9.0-windows7.0) (&& (== netstandard2.0) (>= net462)) (&& (== netstandard2.0) (>= net8.0))
      DevExpress.Xpo (24.2.7) - restriction: || (&& (== net6.0) (>= net462)) (&& (== net6.0) (>= net8.0)) (&& (== net6.0-windows7.0) (>= net462)) (&& (== net6.0-windows7.0) (>= net8.0)) (== net9.0) (== net9.0-windows7.0) (&& (== netstandard2.0) (>= net462)) (&& (== netstandard2.0) (>= net8.0))
      Microsoft.Extensions.Options (>= 8.0.2) - restriction: || (&& (== net6.0) (>= net8.0)) (&& (== net6.0-windows7.0) (>= net8.0)) (== net9.0) (== net9.0-windows7.0) (&& (== netstandard2.0) (>= net8.0))
    DevExpress.PivotGrid.Core (24.2.7) - restriction: || (&& (== net6.0) (>= net462)) (&& (== net6.0) (>= net8.0)) (&& (== net6.0-windows7.0) (>= net462)) (&& (== net6.0-windows7.0) (>= net8.0)) (== net9.0) (== net9.0-windows7.0) (&& (== netstandard2.0) (>= net462)) (&& (== netstandard2.0) (>= net8.0))
      DevExpress.Data (24.2.7) - restriction: || (&& (== net6.0) (>= net462)) (&& (== net6.0) (>= net8.0)) (&& (== net6.0-windows7.0) (>= net462)) (&& (== net6.0-windows7.0) (>= net8.0)) (== net9.0) (== net9.0-windows7.0) (&& (== netstandard2.0) (>= net462)) (&& (== netstandard2.0) (>= net8.0))
      DevExpress.Drawing (24.2.7) - restriction: || (&& (== net6.0) (>= net462)) (&& (== net6.0) (>= net8.0)) (&& (== net6.0-windows7.0) (>= net462)) (&& (== net6.0-windows7.0) (>= net8.0)) (== net9.0) (== net9.0-windows7.0) (&& (== netstandard2.0) (>= net462)) (&& (== netstandard2.0) (>= net8.0))
      DevExpress.Printing.Core (24.2.7) - restriction: || (&& (== net6.0) (>= net462)) (&& (== net6.0) (>= net8.0)) (&& (== net6.0-windows7.0) (>= net462)) (&& (== net6.0-windows7.0) (>= net8.0)) (== net9.0) (== net9.0-windows7.0) (&& (== netstandard2.0) (>= net462)) (&& (== netstandard2.0) (>= net8.0))
      System.Data.OleDb (>= 8.0.1) - restriction: || (&& (== net6.0) (>= net8.0)) (&& (== net6.0-windows7.0) (>= net8.0)) (== net9.0) (== net9.0-windows7.0) (&& (== netstandard2.0) (>= net8.0))
      System.Drawing.Common (>= 4.7.2) - restriction: || (&& (== net6.0) (>= net8.0)) (&& (== net6.0-windows7.0) (>= net8.0)) (== net9.0) (== net9.0-windows7.0) (&& (== netstandard2.0) (>= net8.0))
    DevExpress.Printing.Core (24.2.7) - restriction: || (&& (== net6.0) (>= net8.0)) (&& (== net6.0-windows7.0) (>= net8.0)) (== net9.0) (== net9.0-windows7.0) (&& (== netstandard2.0) (>= net8.0))
      DevExpress.Data (24.2.7) - restriction: || (&& (== net6.0) (>= net462)) (&& (== net6.0) (>= net8.0)) (&& (== net6.0-windows7.0) (>= net462)) (&& (== net6.0-windows7.0) (>= net8.0)) (== net9.0) (== net9.0-windows7.0) (&& (== netstandard2.0) (>= net462)) (&& (== netstandard2.0) (>= net8.0))
      DevExpress.Drawing (24.2.7) - restriction: || (&& (== net6.0) (>= net462)) (&& (== net6.0) (>= net8.0)) (&& (== net6.0-windows7.0) (>= net462)) (&& (== net6.0-windows7.0) (>= net8.0)) (== net9.0) (== net9.0-windows7.0) (&& (== netstandard2.0) (>= net462)) (&& (== netstandard2.0) (>= net8.0))
      DevExpress.Pdf.Core (24.2.7) - restriction: || (&& (== net6.0) (>= net462)) (&& (== net6.0) (>= net8.0)) (&& (== net6.0-windows7.0) (>= net462)) (&& (== net6.0-windows7.0) (>= net8.0)) (== net9.0) (== net9.0-windows7.0) (&& (== netstandard2.0) (>= net462)) (&& (== netstandard2.0) (>= net8.0))
      DevExpress.Pdf.Drawing (24.2.7) - restriction: || (&& (== net6.0) (>= net462)) (&& (== net6.0) (>= net8.0)) (&& (== net6.0-windows7.0) (>= net462)) (&& (== net6.0-windows7.0) (>= net8.0)) (== net9.0) (== net9.0-windows7.0) (&& (== netstandard2.0) (>= net462)) (&& (== netstandard2.0) (>= net8.0))
      System.Drawing.Common (>= 4.7.2) - restriction: || (&& (== net6.0) (>= net8.0)) (&& (== net6.0-windows7.0) (>= net8.0)) (== net9.0) (== net9.0-windows7.0) (&& (== netstandard2.0) (>= net8.0))
      System.Security.Cryptography.Pkcs (>= 8.0.1) - restriction: || (&& (== net6.0) (>= net8.0)) (&& (== net6.0-windows7.0) (>= net8.0)) (== net9.0) (== net9.0-windows7.0) (&& (== netstandard2.0) (>= net8.0))
      System.ServiceModel.Http (>= 6.2) - restriction: || (&& (== net6.0) (>= net8.0)) (&& (== net6.0-windows7.0) (>= net8.0)) (== net9.0) (== net9.0-windows7.0) (&& (== netstandard2.0) (>= net8.0))
    DevExpress.Reporting.Core (24.2.7) - restriction: || (&& (== net6.0) (>= net8.0)) (&& (== net6.0-windows7.0) (>= net8.0)) (== net9.0) (== net9.0-windows7.0) (&& (== netstandard2.0) (>= net8.0))
      DevExpress.Charts (24.2.7) - restriction: || (&& (== net6.0) (>= net462)) (&& (== net6.0) (>= net8.0)) (&& (== net6.0-windows7.0) (>= net462)) (&& (== net6.0-windows7.0) (>= net8.0)) (== net9.0) (== net9.0-windows7.0) (&& (== netstandard2.0) (>= net462)) (&& (== netstandard2.0) (>= net8.0))
      DevExpress.Charts.Core (24.2.7) - restriction: || (&& (== net6.0) (>= net462)) (&& (== net6.0) (>= net8.0)) (&& (== net6.0-windows7.0) (>= net462)) (&& (== net6.0-windows7.0) (>= net8.0)) (== net9.0) (== net9.0-windows7.0) (&& (== netstandard2.0) (>= net462)) (&& (== netstandard2.0) (>= net8.0))
      DevExpress.CodeParser (24.2.7) - restriction: || (&& (== net6.0) (>= net462)) (&& (== net6.0) (>= net8.0)) (&& (== net6.0-windows7.0) (>= net462)) (&& (== net6.0-windows7.0) (>= net8.0)) (== net9.0) (== net9.0-windows7.0) (&& (== netstandard2.0) (>= net462)) (&& (== netstandard2.0) (>= net8.0))
      DevExpress.Data (24.2.7) - restriction: || (&& (== net6.0) (>= net462)) (&& (== net6.0) (>= net8.0)) (&& (== net6.0-windows7.0) (>= net462)) (&& (== net6.0-windows7.0) (>= net8.0)) (== net9.0) (== net9.0-windows7.0) (&& (== netstandard2.0) (>= net462)) (&& (== netstandard2.0) (>= net8.0))
      DevExpress.DataAccess (24.2.7) - restriction: || (&& (== net6.0) (>= net462)) (&& (== net6.0) (>= net8.0)) (&& (== net6.0-windows7.0) (>= net462)) (&& (== net6.0-windows7.0) (>= net8.0)) (== net9.0) (== net9.0-windows7.0) (&& (== netstandard2.0) (>= net462)) (&& (== netstandard2.0) (>= net8.0))
      DevExpress.Drawing (24.2.7) - restriction: || (&& (== net6.0) (>= net462)) (&& (== net6.0) (>= net8.0)) (&& (== net6.0-windows7.0) (>= net462)) (&& (== net6.0-windows7.0) (>= net8.0)) (== net9.0) (== net9.0-windows7.0) (&& (== netstandard2.0) (>= net462)) (&& (== netstandard2.0) (>= net8.0))
      DevExpress.Gauges.Core (24.2.7) - restriction: || (&& (== net6.0) (>= net462)) (&& (== net6.0) (>= net8.0)) (&& (== net6.0-windows7.0) (>= net462)) (&& (== net6.0-windows7.0) (>= net8.0)) (== net9.0) (== net9.0-windows7.0) (&& (== netstandard2.0) (>= net462)) (&& (== netstandard2.0) (>= net8.0))
      DevExpress.Office.Core (24.2.7) - restriction: || (&& (== net6.0) (>= net462)) (&& (== net6.0) (>= net8.0)) (&& (== net6.0-windows7.0) (>= net462)) (&& (== net6.0-windows7.0) (>= net8.0)) (== net9.0) (== net9.0-windows7.0) (&& (== netstandard2.0) (>= net462)) (&& (== netstandard2.0) (>= net8.0))
      DevExpress.Pdf.Core (24.2.7) - restriction: || (&& (== net6.0) (>= net462)) (&& (== net6.0) (>= net8.0)) (&& (== net6.0-windows7.0) (>= net462)) (&& (== net6.0-windows7.0) (>= net8.0)) (== net9.0) (== net9.0-windows7.0) (&& (== netstandard2.0) (>= net462)) (&& (== netstandard2.0) (>= net8.0))
      DevExpress.Pdf.Drawing (24.2.7) - restriction: || (&& (== net6.0) (>= net462)) (&& (== net6.0) (>= net8.0)) (&& (== net6.0-windows7.0) (>= net462)) (&& (== net6.0-windows7.0) (>= net8.0)) (== net9.0) (== net9.0-windows7.0) (&& (== netstandard2.0) (>= net462)) (&& (== netstandard2.0) (>= net8.0))
      DevExpress.PivotGrid.Core (24.2.7) - restriction: || (&& (== net6.0) (>= net462)) (&& (== net6.0) (>= net8.0)) (&& (== net6.0-windows7.0) (>= net462)) (&& (== net6.0-windows7.0) (>= net8.0)) (== net9.0) (== net9.0-windows7.0) (&& (== netstandard2.0) (>= net462)) (&& (== netstandard2.0) (>= net8.0))
      DevExpress.Printing.Core (24.2.7) - restriction: || (&& (== net6.0) (>= net462)) (&& (== net6.0) (>= net8.0)) (&& (== net6.0-windows7.0) (>= net462)) (&& (== net6.0-windows7.0) (>= net8.0)) (== net9.0) (== net9.0-windows7.0) (&& (== netstandard2.0) (>= net462)) (&& (== netstandard2.0) (>= net8.0))
      DevExpress.RichEdit.Core (24.2.7) - restriction: || (&& (== net6.0) (>= net462)) (&& (== net6.0) (>= net8.0)) (&& (== net6.0-windows7.0) (>= net462)) (&& (== net6.0-windows7.0) (>= net8.0)) (== net9.0) (== net9.0-windows7.0) (&& (== netstandard2.0) (>= net462)) (&& (== netstandard2.0) (>= net8.0))
      DevExpress.RichEdit.Export (24.2.7) - restriction: || (&& (== net6.0) (>= net462)) (&& (== net6.0) (>= net8.0)) (&& (== net6.0-windows7.0) (>= net462)) (&& (== net6.0-windows7.0) (>= net8.0)) (== net9.0) (== net9.0-windows7.0) (&& (== netstandard2.0) (>= net462)) (&& (== netstandard2.0) (>= net8.0))
      DevExpress.Sparkline.Core (24.2.7) - restriction: || (&& (== net6.0) (>= net462)) (&& (== net6.0) (>= net8.0)) (&& (== net6.0-windows7.0) (>= net462)) (&& (== net6.0-windows7.0) (>= net8.0)) (== net9.0) (== net9.0-windows7.0) (&& (== netstandard2.0) (>= net462)) (&& (== netstandard2.0) (>= net8.0))
      DevExpress.Xpo (24.2.7) - restriction: || (&& (== net6.0) (>= net462)) (&& (== net6.0) (>= net8.0)) (&& (== net6.0-windows7.0) (>= net462)) (&& (== net6.0-windows7.0) (>= net8.0)) (== net9.0) (== net9.0-windows7.0) (&& (== netstandard2.0) (>= net462)) (&& (== netstandard2.0) (>= net8.0))
      System.CodeDom (>= 4.4) - restriction: || (&& (== net6.0) (>= net8.0)) (&& (== net6.0-windows7.0) (>= net8.0)) (== net9.0) (== net9.0-windows7.0) (&& (== netstandard2.0) (>= net8.0))
      System.Drawing.Common (>= 4.7.2) - restriction: || (&& (== net6.0) (>= net8.0)) (&& (== net6.0-windows7.0) (>= net8.0)) (== net9.0) (== net9.0-windows7.0) (&& (== netstandard2.0) (>= net8.0))
    DevExpress.RichEdit.Core (24.2.7) - restriction: || (&& (== net6.0) (>= net462)) (&& (== net6.0) (>= net8.0)) (&& (== net6.0-windows7.0) (>= net462)) (&& (== net6.0-windows7.0) (>= net8.0)) (== net9.0) (== net9.0-windows7.0) (&& (== netstandard2.0) (>= net462)) (&& (== netstandard2.0) (>= net8.0))
      DevExpress.Data (24.2.7) - restriction: || (&& (== net6.0) (>= net462)) (&& (== net6.0) (>= net8.0)) (&& (== net6.0-windows7.0) (>= net462)) (&& (== net6.0-windows7.0) (>= net8.0)) (== net9.0) (== net9.0-windows7.0) (&& (== netstandard2.0) (>= net462)) (&& (== netstandard2.0) (>= net8.0))
      DevExpress.Drawing (24.2.7) - restriction: || (&& (== net6.0) (>= net462)) (&& (== net6.0) (>= net8.0)) (&& (== net6.0-windows7.0) (>= net462)) (&& (== net6.0-windows7.0) (>= net8.0)) (== net9.0) (== net9.0-windows7.0) (&& (== netstandard2.0) (>= net462)) (&& (== netstandard2.0) (>= net8.0))
      DevExpress.Office.Core (24.2.7) - restriction: || (&& (== net6.0) (>= net462)) (&& (== net6.0) (>= net8.0)) (&& (== net6.0-windows7.0) (>= net462)) (&& (== net6.0-windows7.0) (>= net8.0)) (== net9.0) (== net9.0-windows7.0) (&& (== netstandard2.0) (>= net462)) (&& (== netstandard2.0) (>= net8.0))
      DevExpress.Pdf.Core (24.2.7) - restriction: || (&& (== net6.0) (>= net462)) (&& (== net6.0) (>= net8.0)) (&& (== net6.0-windows7.0) (>= net462)) (&& (== net6.0-windows7.0) (>= net8.0)) (== net9.0) (== net9.0-windows7.0) (&& (== netstandard2.0) (>= net462)) (&& (== netstandard2.0) (>= net8.0))
      DevExpress.Printing.Core (24.2.7) - restriction: || (&& (== net6.0) (>= net462)) (&& (== net6.0) (>= net8.0)) (&& (== net6.0-windows7.0) (>= net462)) (&& (== net6.0-windows7.0) (>= net8.0)) (== net9.0) (== net9.0-windows7.0) (&& (== netstandard2.0) (>= net462)) (&& (== netstandard2.0) (>= net8.0))
      System.Drawing.Common (>= 4.7.2) - restriction: || (&& (== net6.0) (>= net8.0)) (&& (== net6.0-windows7.0) (>= net8.0)) (== net9.0) (== net9.0-windows7.0) (&& (== netstandard2.0) (>= net8.0))
    DevExpress.RichEdit.Export (24.2.7)
      DevExpress.Data (24.2.7) - restriction: || (&& (== net6.0) (>= net462)) (&& (== net6.0) (>= net8.0)) (&& (== net6.0-windows7.0) (>= net462)) (&& (== net6.0-windows7.0) (>= net8.0)) (== net9.0) (== net9.0-windows7.0) (&& (== netstandard2.0) (>= net462)) (&& (== netstandard2.0) (>= net8.0))
      DevExpress.Drawing (24.2.7) - restriction: || (&& (== net6.0) (>= net462)) (&& (== net6.0) (>= net8.0)) (&& (== net6.0-windows7.0) (>= net462)) (&& (== net6.0-windows7.0) (>= net8.0)) (== net9.0) (== net9.0-windows7.0) (&& (== netstandard2.0) (>= net462)) (&& (== netstandard2.0) (>= net8.0))
      DevExpress.Office.Core (24.2.7) - restriction: || (&& (== net6.0) (>= net462)) (&& (== net6.0) (>= net8.0)) (&& (== net6.0-windows7.0) (>= net462)) (&& (== net6.0-windows7.0) (>= net8.0)) (== net9.0) (== net9.0-windows7.0) (&& (== netstandard2.0) (>= net462)) (&& (== netstandard2.0) (>= net8.0))
      DevExpress.Printing.Core (24.2.7) - restriction: || (&& (== net6.0) (>= net462)) (&& (== net6.0) (>= net8.0)) (&& (== net6.0-windows7.0) (>= net462)) (&& (== net6.0-windows7.0) (>= net8.0)) (== net9.0) (== net9.0-windows7.0) (&& (== netstandard2.0) (>= net462)) (&& (== netstandard2.0) (>= net8.0))
      DevExpress.RichEdit.Core (24.2.7) - restriction: || (&& (== net6.0) (>= net462)) (&& (== net6.0) (>= net8.0)) (&& (== net6.0-windows7.0) (>= net462)) (&& (== net6.0-windows7.0) (>= net8.0)) (== net9.0) (== net9.0-windows7.0) (&& (== netstandard2.0) (>= net462)) (&& (== netstandard2.0) (>= net8.0))
      System.Drawing.Common (>= 4.7.2) - restriction: || (&& (== net6.0) (>= net8.0)) (&& (== net6.0-windows7.0) (>= net8.0)) (== net9.0) (== net9.0-windows7.0) (&& (== netstandard2.0) (>= net8.0))
    DevExpress.Scheduler.Core (24.2.7) - restriction: || (&& (== net6.0) (>= net462)) (&& (== net6.0) (>= net8.0)) (&& (== net6.0-windows7.0) (>= net462)) (&& (== net6.0-windows7.0) (>= net8.0)) (== net9.0) (== net9.0-windows7.0) (&& (== netstandard2.0) (>= net462)) (&& (== netstandard2.0) (>= net8.0))
      DevExpress.Data (24.2.7) - restriction: || (&& (== net6.0) (>= net462)) (&& (== net6.0) (>= net8.0)) (&& (== net6.0-windows7.0) (>= net462)) (&& (== net6.0-windows7.0) (>= net8.0)) (== net9.0) (== net9.0-windows7.0) (&& (== netstandard2.0) (>= net462)) (&& (== netstandard2.0) (>= net8.0))
      System.Drawing.Common (>= 4.7.2) - restriction: || (&& (== net6.0) (>= net8.0)) (&& (== net6.0-windows7.0) (>= net8.0)) (== net9.0) (== net9.0-windows7.0) (&& (== netstandard2.0) (>= net8.0))
    DevExpress.Sparkline.Core (24.2.7) - restriction: || (&& (== net6.0) (>= net8.0)) (&& (== net6.0-windows7.0) (>= net8.0)) (== net9.0) (== net9.0-windows7.0) (&& (== netstandard2.0) (>= net8.0))
      DevExpress.Data (24.2.7) - restriction: || (&& (== net6.0) (>= net462)) (&& (== net6.0) (>= net8.0)) (&& (== net6.0-windows7.0) (>= net462)) (&& (== net6.0-windows7.0) (>= net8.0)) (== net9.0) (== net9.0-windows7.0) (&& (== netstandard2.0) (>= net462)) (&& (== netstandard2.0) (>= net8.0))
      DevExpress.Drawing (24.2.7) - restriction: || (&& (== net6.0) (>= net462)) (&& (== net6.0) (>= net8.0)) (&& (== net6.0-windows7.0) (>= net462)) (&& (== net6.0-windows7.0) (>= net8.0)) (== net9.0) (== net9.0-windows7.0) (&& (== netstandard2.0) (>= net462)) (&& (== netstandard2.0) (>= net8.0))
      System.Drawing.Common (>= 4.7.2) - restriction: || (&& (== net6.0) (>= net8.0)) (&& (== net6.0-windows7.0) (>= net8.0)) (== net9.0) (== net9.0-windows7.0) (&& (== netstandard2.0) (>= net8.0))
    DevExpress.SpellChecker.Core (24.2.7) - restriction: || (&& (== net6.0) (>= net8.0)) (&& (== net6.0) (>= net9.0)) (&& (== net6.0-windows7.0) (>= net8.0)) (&& (== net6.0-windows7.0) (>= net9.0)) (== net9.0) (== net9.0-windows7.0) (&& (== netstandard2.0) (>= net8.0)) (&& (== netstandard2.0) (>= net9.0))
      DevExpress.Data (24.2.7) - restriction: || (&& (== net6.0) (>= net462)) (&& (== net6.0) (>= net8.0)) (&& (== net6.0-windows7.0) (>= net462)) (&& (== net6.0-windows7.0) (>= net8.0)) (== net9.0) (== net9.0-windows7.0) (&& (== netstandard2.0) (>= net462)) (&& (== netstandard2.0) (>= net8.0))
    DevExpress.Spreadsheet.Core (24.2.7) - restriction: || (&& (== net6.0) (>= net462)) (&& (== net6.0) (>= net8.0)) (&& (== net6.0-windows7.0) (>= net462)) (&& (== net6.0-windows7.0) (>= net8.0)) (== net9.0) (== net9.0-windows7.0) (&& (== netstandard2.0) (>= net462)) (&& (== netstandard2.0) (>= net8.0))
      DevExpress.Data (24.2.7) - restriction: || (&& (== net6.0) (>= net462)) (&& (== net6.0) (>= net8.0)) (&& (== net6.0-windows7.0) (>= net462)) (&& (== net6.0-windows7.0) (>= net8.0)) (== net9.0) (== net9.0-windows7.0) (&& (== netstandard2.0) (>= net462)) (&& (== netstandard2.0) (>= net8.0))
      DevExpress.DataAccess (24.2.7) - restriction: || (&& (== net6.0) (>= net462)) (&& (== net6.0) (>= net8.0)) (&& (== net6.0-windows7.0) (>= net462)) (&& (== net6.0-windows7.0) (>= net8.0)) (== net9.0) (== net9.0-windows7.0) (&& (== netstandard2.0) (>= net462)) (&& (== netstandard2.0) (>= net8.0))
      DevExpress.DataVisualization.Core (24.2.7) - restriction: || (&& (== net6.0) (>= net462)) (&& (== net6.0) (>= net8.0)) (&& (== net6.0-windows7.0) (>= net462)) (&& (== net6.0-windows7.0) (>= net8.0)) (== net9.0) (== net9.0-windows7.0) (&& (== netstandard2.0) (>= net462)) (&& (== netstandard2.0) (>= net8.0))
      DevExpress.Drawing (24.2.7) - restriction: || (&& (== net6.0) (>= net462)) (&& (== net6.0) (>= net8.0)) (&& (== net6.0-windows7.0) (>= net462)) (&& (== net6.0-windows7.0) (>= net8.0)) (== net9.0) (== net9.0-windows7.0) (&& (== netstandard2.0) (>= net462)) (&& (== netstandard2.0) (>= net8.0))
      DevExpress.Office.Core (24.2.7) - restriction: || (&& (== net6.0) (>= net462)) (&& (== net6.0) (>= net8.0)) (&& (== net6.0-windows7.0) (>= net462)) (&& (== net6.0-windows7.0) (>= net8.0)) (== net9.0) (== net9.0-windows7.0) (&& (== netstandard2.0) (>= net462)) (&& (== netstandard2.0) (>= net8.0))
      DevExpress.Pdf.Core (24.2.7) - restriction: || (&& (== net6.0) (>= net462)) (&& (== net6.0) (>= net8.0)) (&& (== net6.0-windows7.0) (>= net462)) (&& (== net6.0-windows7.0) (>= net8.0)) (== net9.0) (== net9.0-windows7.0) (&& (== netstandard2.0) (>= net462)) (&& (== netstandard2.0) (>= net8.0))
      DevExpress.Printing.Core (24.2.7) - restriction: || (&& (== net6.0) (>= net462)) (&& (== net6.0) (>= net8.0)) (&& (== net6.0-windows7.0) (>= net462)) (&& (== net6.0-windows7.0) (>= net8.0)) (== net9.0) (== net9.0-windows7.0) (&& (== netstandard2.0) (>= net462)) (&& (== netstandard2.0) (>= net8.0))
      DevExpress.Sparkline.Core (24.2.7) - restriction: || (&& (== net6.0) (>= net462)) (&& (== net6.0) (>= net8.0)) (&& (== net6.0-windows7.0) (>= net462)) (&& (== net6.0-windows7.0) (>= net8.0)) (== net9.0) (== net9.0-windows7.0) (&& (== netstandard2.0) (>= net462)) (&& (== netstandard2.0) (>= net8.0))
      System.Drawing.Common (>= 4.7.2) - restriction: || (&& (== net6.0) (>= net8.0)) (&& (== net6.0-windows7.0) (>= net8.0)) (== net9.0) (== net9.0-windows7.0) (&& (== netstandard2.0) (>= net8.0))
    DevExpress.TreeMap (24.2.7) - restriction: || (&& (== net6.0) (>= net462)) (&& (== net6.0) (>= net8.0)) (&& (== net6.0-windows7.0) (>= net462)) (&& (== net6.0-windows7.0) (>= net8.0)) (== net9.0) (== net9.0-windows7.0) (&& (== netstandard2.0) (>= net462)) (&& (== netstandard2.0) (>= net8.0))
      DevExpress.Data (24.2.7) - restriction: || (&& (== net6.0) (>= net462)) (&& (== net6.0) (>= net8.0)) (&& (== net6.0-windows7.0) (>= net462)) (&& (== net6.0-windows7.0) (>= net8.0)) (== net9.0) (== net9.0-windows7.0) (&& (== netstandard2.0) (>= net462)) (&& (== netstandard2.0) (>= net8.0))
      DevExpress.DataVisualization.Core (24.2.7) - restriction: || (&& (== net6.0) (>= net462)) (&& (== net6.0) (>= net8.0)) (&& (== net6.0-windows7.0) (>= net462)) (&& (== net6.0-windows7.0) (>= net8.0)) (== net9.0) (== net9.0-windows7.0) (&& (== netstandard2.0) (>= net462)) (&& (== netstandard2.0) (>= net8.0))
      DevExpress.Drawing (24.2.7) - restriction: || (&& (== net6.0) (>= net462)) (&& (== net6.0) (>= net8.0)) (&& (== net6.0-windows7.0) (>= net462)) (&& (== net6.0-windows7.0) (>= net8.0)) (== net9.0) (== net9.0-windows7.0) (&& (== netstandard2.0) (>= net462)) (&& (== netstandard2.0) (>= net8.0))
      DevExpress.Printing.Core (24.2.7) - restriction: || (&& (== net6.0) (>= net462)) (&& (== net6.0) (>= net8.0)) (&& (== net6.0-windows7.0) (>= net462)) (&& (== net6.0-windows7.0) (>= net8.0)) (== net9.0) (== net9.0-windows7.0) (&& (== netstandard2.0) (>= net462)) (&& (== netstandard2.0) (>= net8.0))
      DevExpress.TreeMap.Core (24.2.7) - restriction: || (&& (== net6.0) (>= net462)) (&& (== net6.0) (>= net8.0)) (&& (== net6.0-windows7.0) (>= net462)) (&& (== net6.0-windows7.0) (>= net8.0)) (== net9.0) (== net9.0-windows7.0) (&& (== netstandard2.0) (>= net462)) (&& (== netstandard2.0) (>= net8.0))
      System.Drawing.Common (>= 4.7.2) - restriction: || (&& (== net6.0) (>= net8.0)) (&& (== net6.0-windows7.0) (>= net8.0)) (== net9.0) (== net9.0-windows7.0) (&& (== netstandard2.0) (>= net8.0))
    DevExpress.TreeMap.Core (24.2.7) - restriction: || (&& (== net6.0) (>= net462)) (&& (== net6.0) (>= net8.0)) (&& (== net6.0-windows7.0) (>= net462)) (&& (== net6.0-windows7.0) (>= net8.0)) (== net9.0) (== net9.0-windows7.0) (&& (== netstandard2.0) (>= net462)) (&& (== netstandard2.0) (>= net8.0))
      DevExpress.Data (24.2.7) - restriction: || (&& (== net6.0) (>= net462)) (&& (== net6.0) (>= net8.0)) (&& (== net6.0-windows7.0) (>= net462)) (&& (== net6.0-windows7.0) (>= net8.0)) (== net9.0) (== net9.0-windows7.0) (&& (== netstandard2.0) (>= net462)) (&& (== netstandard2.0) (>= net8.0))
    DevExpress.Utils (24.2.7) - restriction: || (&& (== net6.0) (>= net9.0)) (&& (== net6.0-windows7.0) (>= net9.0)) (== net9.0) (&& (== net9.0-windows7.0) (>= net9.0)) (&& (== netstandard2.0) (>= net9.0))
    DevExpress.Web.Dashboard.Common (24.2.7) - restriction: || (&& (== net6.0) (>= net8.0)) (&& (== net6.0-windows7.0) (>= net8.0)) (== net9.0) (== net9.0-windows7.0) (&& (== netstandard2.0) (>= net8.0))
      DevExpress.Dashboard.Core (24.2.7) - restriction: || (&& (== net6.0) (>= net462)) (&& (== net6.0) (>= net8.0)) (&& (== net6.0-windows7.0) (>= net462)) (&& (== net6.0-windows7.0) (>= net8.0)) (== net9.0) (== net9.0-windows7.0) (&& (== netstandard2.0) (>= net462)) (&& (== netstandard2.0) (>= net8.0))
      DevExpress.Data (24.2.7) - restriction: || (&& (== net6.0) (>= net462)) (&& (== net6.0) (>= net8.0)) (&& (== net6.0-windows7.0) (>= net462)) (&& (== net6.0-windows7.0) (>= net8.0)) (== net9.0) (== net9.0-windows7.0) (&& (== netstandard2.0) (>= net462)) (&& (== netstandard2.0) (>= net8.0))
      DevExpress.DataAccess (24.2.7) - restriction: || (&& (== net6.0) (>= net462)) (&& (== net6.0) (>= net8.0)) (&& (== net6.0-windows7.0) (>= net462)) (&& (== net6.0-windows7.0) (>= net8.0)) (== net9.0) (== net9.0-windows7.0) (&& (== netstandard2.0) (>= net462)) (&& (== netstandard2.0) (>= net8.0))
      DevExpress.Drawing (24.2.7) - restriction: || (&& (== net6.0) (>= net462)) (&& (== net6.0) (>= net8.0)) (&& (== net6.0-windows7.0) (>= net462)) (&& (== net6.0-windows7.0) (>= net8.0)) (== net9.0) (== net9.0-windows7.0) (&& (== netstandard2.0) (>= net462)) (&& (== netstandard2.0) (>= net8.0))
      DevExpress.PivotGrid.Core (24.2.7) - restriction: || (&& (== net6.0) (>= net462)) (&& (== net6.0) (>= net8.0)) (&& (== net6.0-windows7.0) (>= net462)) (&& (== net6.0-windows7.0) (>= net8.0)) (== net9.0) (== net9.0-windows7.0) (&& (== netstandard2.0) (>= net462)) (&& (== netstandard2.0) (>= net8.0))
      DevExpress.Printing.Core (24.2.7) - restriction: || (&& (== net6.0) (>= net462)) (&& (== net6.0) (>= net8.0)) (&& (== net6.0-windows7.0) (>= net462)) (&& (== net6.0-windows7.0) (>= net8.0)) (== net9.0) (== net9.0-windows7.0) (&& (== netstandard2.0) (>= net462)) (&& (== netstandard2.0) (>= net8.0))
      DevExpress.Reporting.Core (24.2.7) - restriction: || (&& (== net6.0) (>= net462)) (&& (== net6.0) (>= net8.0)) (&& (== net6.0-windows7.0) (>= net462)) (&& (== net6.0-windows7.0) (>= net8.0)) (== net9.0) (== net9.0-windows7.0) (&& (== netstandard2.0) (>= net462)) (&& (== netstandard2.0) (>= net8.0))
    DevExpress.Web.Reporting.Common (24.2.7) - restriction: || (&& (== net6.0) (>= net8.0)) (&& (== net6.0-windows7.0) (>= net8.0)) (== net9.0) (== net9.0-windows7.0) (&& (== netstandard2.0) (>= net8.0))
      DevExpress.Charts (24.2.7) - restriction: || (&& (== net6.0) (>= net462)) (&& (== net6.0) (>= net8.0)) (&& (== net6.0-windows7.0) (>= net462)) (&& (== net6.0-windows7.0) (>= net8.0)) (== net9.0) (== net9.0-windows7.0) (&& (== netstandard2.0) (>= net462)) (&& (== netstandard2.0) (>= net8.0))
      DevExpress.Charts.Core (24.2.7) - restriction: || (&& (== net6.0) (>= net462)) (&& (== net6.0) (>= net8.0)) (&& (== net6.0-windows7.0) (>= net462)) (&& (== net6.0-windows7.0) (>= net8.0)) (== net9.0) (== net9.0-windows7.0) (&& (== netstandard2.0) (>= net462)) (&& (== netstandard2.0) (>= net8.0))
      DevExpress.Data (24.2.7) - restriction: || (&& (== net6.0) (>= net462)) (&& (== net6.0) (>= net8.0)) (&& (== net6.0-windows7.0) (>= net462)) (&& (== net6.0-windows7.0) (>= net8.0)) (== net9.0) (== net9.0-windows7.0) (&& (== netstandard2.0) (>= net462)) (&& (== netstandard2.0) (>= net8.0))
      DevExpress.DataAccess (24.2.7) - restriction: || (&& (== net6.0) (>= net462)) (&& (== net6.0) (>= net8.0)) (&& (== net6.0-windows7.0) (>= net462)) (&& (== net6.0-windows7.0) (>= net8.0)) (== net9.0) (== net9.0-windows7.0) (&& (== netstandard2.0) (>= net462)) (&& (== netstandard2.0) (>= net8.0))
      DevExpress.Drawing (24.2.7) - restriction: || (&& (== net6.0) (>= net462)) (&& (== net6.0) (>= net8.0)) (&& (== net6.0-windows7.0) (>= net462)) (&& (== net6.0-windows7.0) (>= net8.0)) (== net9.0) (== net9.0-windows7.0) (&& (== netstandard2.0) (>= net462)) (&& (== netstandard2.0) (>= net8.0))
      DevExpress.Gauges.Core (24.2.7) - restriction: || (&& (== net6.0) (>= net462)) (&& (== net6.0) (>= net8.0)) (&& (== net6.0-windows7.0) (>= net462)) (&& (== net6.0-windows7.0) (>= net8.0)) (== net9.0) (== net9.0-windows7.0) (&& (== netstandard2.0) (>= net462)) (&& (== netstandard2.0) (>= net8.0))
      DevExpress.PivotGrid.Core (24.2.7) - restriction: || (&& (== net6.0) (>= net462)) (&& (== net6.0) (>= net8.0)) (&& (== net6.0-windows7.0) (>= net462)) (&& (== net6.0-windows7.0) (>= net8.0)) (== net9.0) (== net9.0-windows7.0) (&& (== netstandard2.0) (>= net462)) (&& (== netstandard2.0) (>= net8.0))
      DevExpress.Printing.Core (24.2.7) - restriction: || (&& (== net6.0) (>= net462)) (&& (== net6.0) (>= net8.0)) (&& (== net6.0-windows7.0) (>= net462)) (&& (== net6.0-windows7.0) (>= net8.0)) (== net9.0) (== net9.0-windows7.0) (&& (== netstandard2.0) (>= net462)) (&& (== netstandard2.0) (>= net8.0))
      DevExpress.Reporting.Core (24.2.7) - restriction: || (&& (== net6.0) (>= net462)) (&& (== net6.0) (>= net8.0)) (&& (== net6.0-windows7.0) (>= net462)) (&& (== net6.0-windows7.0) (>= net8.0)) (== net9.0) (== net9.0-windows7.0) (&& (== netstandard2.0) (>= net462)) (&& (== netstandard2.0) (>= net8.0))
      DevExpress.Sparkline.Core (24.2.7) - restriction: || (&& (== net6.0) (>= net462)) (&& (== net6.0) (>= net8.0)) (&& (== net6.0-windows7.0) (>= net462)) (&& (== net6.0-windows7.0) (>= net8.0)) (== net9.0) (== net9.0-windows7.0) (&& (== netstandard2.0) (>= net462)) (&& (== netstandard2.0) (>= net8.0))
      DevExpress.Xpo (24.2.7) - restriction: || (&& (== net6.0) (>= net462)) (&& (== net6.0) (>= net8.0)) (&& (== net6.0-windows7.0) (>= net462)) (&& (== net6.0-windows7.0) (>= net8.0)) (== net9.0) (== net9.0-windows7.0) (&& (== netstandard2.0) (>= net462)) (&& (== netstandard2.0) (>= net8.0))
    DevExpress.Web.Reporting.Common.Services (24.2.7) - restriction: || (&& (== net6.0) (>= net8.0)) (&& (== net6.0-windows7.0) (>= net8.0)) (== net9.0) (== net9.0-windows7.0) (&& (== netstandard2.0) (>= net8.0))
      DevExpress.Data (24.2.7) - restriction: || (&& (== net6.0) (>= net8.0)) (&& (== net6.0-windows7.0) (>= net8.0)) (== net9.0) (== net9.0-windows7.0) (&& (== netstandard2.0) (>= net8.0))
      DevExpress.DataAccess (24.2.7) - restriction: || (&& (== net6.0) (>= net8.0)) (&& (== net6.0-windows7.0) (>= net8.0)) (== net9.0) (== net9.0-windows7.0) (&& (== netstandard2.0) (>= net8.0))
      DevExpress.Reporting.Core (24.2.7) - restriction: || (&& (== net6.0) (>= net8.0)) (&& (== net6.0-windows7.0) (>= net8.0)) (== net9.0) (== net9.0-windows7.0) (&& (== netstandard2.0) (>= net8.0))
      DevExpress.Web.Reporting.Common (24.2.7) - restriction: || (&& (== net6.0) (>= net8.0)) (&& (== net6.0-windows7.0) (>= net8.0)) (== net9.0) (== net9.0-windows7.0) (&& (== netstandard2.0) (>= net8.0))
    DevExpress.Web.Resources (24.2.7) - restriction: || (&& (== net6.0) (>= net8.0)) (&& (== net6.0-windows7.0) (>= net8.0)) (== net9.0) (== net9.0-windows7.0) (&& (== netstandard2.0) (>= net8.0))
      DevExpress.AspNetCore.Core (24.2.7) - restriction: || (&& (== net6.0) (>= net8.0)) (&& (== net6.0-windows7.0) (>= net8.0)) (== net9.0) (== net9.0-windows7.0) (&& (== netstandard2.0) (>= net8.0))
      DevExpress.Data (24.2.7) - restriction: || (&& (== net6.0) (>= net462)) (&& (== net6.0) (>= net8.0)) (&& (== net6.0-windows7.0) (>= net462)) (&& (== net6.0-windows7.0) (>= net8.0)) (== net9.0) (== net9.0-windows7.0) (&& (== netstandard2.0) (>= net462)) (&& (== netstandard2.0) (>= net8.0))
    DevExpress.Win.Design (24.2.7)
    DevExpress.Win.Gauges (24.2.7)
    DevExpress.Win.Map (24.2.7)
    DevExpress.Win.Reporting (24.2.7)
    DevExpress.Win.SpellChecker (24.2.7) - restriction: || (&& (== net6.0) (>= net9.0)) (&& (== net6.0-windows7.0) (>= net9.0)) (== net9.0) (&& (== net9.0-windows7.0) (>= net9.0)) (&& (== netstandard2.0) (>= net9.0))
  remote: https://xpandnugetserver.azurewebsites.net/nuget
    Xpand.Extensions (4.242.7.2)
      Fasterflect.Xpand (>= 2.0.7) - restriction: || (&& (== net6.0) (>= net9.0)) (&& (== net6.0-windows7.0) (>= net9.0)) (== net9.0) (&& (== net9.0-windows7.0) (>= net9.0)) (&& (== netstandard2.0) (>= net9.0))
      Microsoft.AspNetCore.Http.Abstractions (>= 2.2) - restriction: || (&& (== net6.0) (>= net9.0)) (&& (== net6.0-windows7.0) (>= net9.0)) (== net9.0) (&& (== net9.0-windows7.0) (>= net9.0)) (&& (== netstandard2.0) (>= net9.0))
      Microsoft.CodeAnalysis.CSharp (>= 4.12) - restriction: || (&& (== net6.0) (>= net9.0)) (&& (== net6.0-windows7.0) (>= net9.0)) (== net9.0) (&& (== net9.0-windows7.0) (>= net9.0)) (&& (== netstandard2.0) (>= net9.0))
      Microsoft.CSharp (>= 4.7) - restriction: || (&& (== net6.0) (>= net9.0)) (&& (== net6.0-windows7.0) (>= net9.0)) (== net9.0) (&& (== net9.0-windows7.0) (>= net9.0)) (&& (== netstandard2.0) (>= net9.0))
      System.CodeDom (>= 9.0) - restriction: || (&& (== net6.0) (>= net9.0)) (&& (== net6.0-windows7.0) (>= net9.0)) (== net9.0) (&& (== net9.0-windows7.0) (>= net9.0)) (&& (== netstandard2.0) (>= net9.0))
      System.Interactive (>= 6.0.1) - restriction: || (&& (== net6.0) (>= net9.0)) (&& (== net6.0-windows7.0) (>= net9.0)) (== net9.0) (&& (== net9.0-windows7.0) (>= net9.0)) (&& (== netstandard2.0) (>= net9.0))
      System.Reflection.Emit (>= 4.7) - restriction: || (&& (== net6.0) (>= net9.0)) (&& (== net6.0-windows7.0) (>= net9.0)) (== net9.0) (&& (== net9.0-windows7.0) (>= net9.0)) (&& (== netstandard2.0) (>= net9.0))
      System.Security.Cryptography.ProtectedData (>= 9.0) - restriction: || (&& (== net6.0) (>= net9.0)) (&& (== net6.0-windows7.0) (>= net9.0)) (== net9.0) (&& (== net9.0-windows7.0) (>= net9.0)) (&& (== netstandard2.0) (>= net9.0))
      System.Text.Json (>= 9.0) - restriction: || (&& (== net6.0) (>= net9.0)) (&& (== net6.0-windows7.0) (>= net9.0)) (== net9.0) (&& (== net9.0-windows7.0) (>= net9.0)) (&& (== netstandard2.0) (>= net9.0))
      System.ValueTuple (>= 4.5) - restriction: || (&& (== net6.0) (>= net9.0)) (&& (== net6.0-windows7.0) (>= net9.0)) (== net9.0) (&& (== net9.0-windows7.0) (>= net9.0)) (&& (== netstandard2.0) (>= net9.0))
      TextCopy (>= 6.1) - restriction: || (&& (== net6.0) (>= net9.0)) (&& (== net6.0-windows7.0) (>= net9.0)) (== net9.0) (&& (== net9.0-windows7.0) (>= net9.0)) (&& (== netstandard2.0) (>= net9.0))
      Xpand.Collections (>= 1.0.4) - restriction: || (&& (== net6.0) (>= net9.0)) (&& (== net6.0-windows7.0) (>= net9.0)) (== net9.0) (&& (== net9.0-windows7.0) (>= net9.0)) (&& (== netstandard2.0) (>= net9.0))
      Xpand.Patcher (>= 9.0) - restriction: || (&& (== net6.0) (>= net9.0)) (&& (== net6.0-windows7.0) (>= net9.0)) (== net9.0) (&& (== net9.0-windows7.0) (>= net9.0)) (&& (== netstandard2.0) (>= net9.0))
    Xpand.Extensions.Blazor (4.242.7.2)
      DevExpress.ExpressApp (>= 24.2.7) - restriction: || (&& (== net6.0) (>= net9.0)) (&& (== net6.0-windows7.0) (>= net9.0)) (== net9.0) (&& (== net9.0-windows7.0) (>= net9.0)) (&& (== netstandard2.0) (>= net9.0))
      DevExpress.ExpressApp.Blazor (>= 24.2.7) - restriction: || (&& (== net6.0) (>= net9.0)) (&& (== net6.0-windows7.0) (>= net9.0)) (== net9.0) (&& (== net9.0-windows7.0) (>= net9.0)) (&& (== netstandard2.0) (>= net9.0))
      DevExpress.ExpressApp.Xpo (>= 24.2.7) - restriction: || (&& (== net6.0) (>= net9.0)) (&& (== net6.0-windows7.0) (>= net9.0)) (== net9.0) (&& (== net9.0-windows7.0) (>= net9.0)) (&& (== netstandard2.0) (>= net9.0))
      Fasterflect.Xpand (>= 2.0.7) - restriction: || (&& (== net6.0) (>= net9.0)) (&& (== net6.0-windows7.0) (>= net9.0)) (== net9.0) (&& (== net9.0-windows7.0) (>= net9.0)) (&& (== netstandard2.0) (>= net9.0))
      Microsoft.CodeAnalysis (>= 4.12) - restriction: || (&& (== net6.0) (>= net9.0)) (&& (== net6.0-windows7.0) (>= net9.0)) (== net9.0) (&& (== net9.0-windows7.0) (>= net9.0)) (&& (== netstandard2.0) (>= net9.0))
      System.CodeDom (>= 9.0) - restriction: || (&& (== net6.0) (>= net9.0)) (&& (== net6.0-windows7.0) (>= net9.0)) (== net9.0) (&& (== net9.0-windows7.0) (>= net9.0)) (&& (== netstandard2.0) (>= net9.0))
      System.Configuration.ConfigurationManager (>= 9.0) - restriction: || (&& (== net6.0) (>= net9.0)) (&& (== net6.0-windows7.0) (>= net9.0)) (== net9.0) (&& (== net9.0-windows7.0) (>= net9.0)) (&& (== netstandard2.0) (>= net9.0))
      System.Data.SqlClient (>= 4.8.6) - restriction: || (&& (== net6.0) (>= net9.0)) (&& (== net6.0-windows7.0) (>= net9.0)) (== net9.0) (&& (== net9.0-windows7.0) (>= net9.0)) (&& (== netstandard2.0) (>= net9.0))
      System.Drawing.Common (>= 9.0) - restriction: || (&& (== net6.0) (>= net9.0)) (&& (== net6.0-windows7.0) (>= net9.0)) (== net9.0) (&& (== net9.0-windows7.0) (>= net9.0)) (&& (== netstandard2.0) (>= net9.0))
      System.Reactive (>= 6.0) - restriction: || (&& (== net6.0) (>= net9.0)) (&& (== net6.0-windows7.0) (>= net9.0)) (== net9.0) (&& (== net9.0-windows7.0) (>= net9.0)) (&& (== netstandard2.0) (>= net9.0))
      System.ServiceModel.Http (>= 8.1) - restriction: || (&& (== net6.0) (>= net9.0)) (&& (== net6.0-windows7.0) (>= net9.0)) (== net9.0) (&& (== net9.0-windows7.0) (>= net9.0)) (&& (== netstandard2.0) (>= net9.0))
      System.ServiceModel.NetTcp (>= 8.1) - restriction: || (&& (== net6.0) (>= net9.0)) (&& (== net6.0-windows7.0) (>= net9.0)) (== net9.0) (&& (== net9.0-windows7.0) (>= net9.0)) (&& (== netstandard2.0) (>= net9.0))
      System.ServiceModel.Security (>= 4.10.2) - restriction: || (&& (== net6.0) (>= net9.0)) (&& (== net6.0-windows7.0) (>= net9.0)) (== net9.0) (&& (== net9.0-windows7.0) (>= net9.0)) (&& (== netstandard2.0) (>= net9.0))
      System.Text.Json (>= 9.0) - restriction: || (&& (== net6.0) (>= net9.0)) (&& (== net6.0-windows7.0) (>= net9.0)) (== net9.0) (&& (== net9.0-windows7.0) (>= net9.0)) (&& (== netstandard2.0) (>= net9.0))
      Xpand.Extensions (>= 4.242.7.2) - restriction: || (&& (== net6.0) (>= net9.0)) (&& (== net6.0-windows7.0) (>= net9.0)) (== net9.0) (&& (== net9.0-windows7.0) (>= net9.0)) (&& (== netstandard2.0) (>= net9.0))
      Xpand.Extensions.XAF (>= 4.242.7.2) - restriction: || (&& (== net6.0) (>= net9.0)) (&& (== net6.0-windows7.0) (>= net9.0)) (== net9.0) (&& (== net9.0-windows7.0) (>= net9.0)) (&& (== netstandard2.0) (>= net9.0))
      Xpand.Extensions.XAF.Xpo (>= 4.242.7.2) - restriction: || (&& (== net6.0) (>= net9.0)) (&& (== net6.0-windows7.0) (>= net9.0)) (== net9.0) (&& (== net9.0-windows7.0) (>= net9.0)) (&& (== netstandard2.0) (>= net9.0))
    Xpand.Extensions.Mono.Cecil (4.242.7.2)
      Fasterflect.Xpand (>= 2.0.7) - restriction: || (&& (== net6.0) (>= net9.0)) (&& (== net6.0-windows7.0) (>= net9.0)) (== net9.0) (&& (== net9.0-windows7.0) (>= net9.0)) (&& (== netstandard2.0) (>= net9.0))
      Mono.Cecil (>= 0.11.5) - restriction: || (&& (== net6.0) (>= net9.0)) (&& (== net6.0-windows7.0) (>= net9.0)) (== net9.0) (&& (== net9.0-windows7.0) (>= net9.0)) (&& (== netstandard2.0) (>= net9.0))
      System.CodeDom (>= 9.0) - restriction: || (&& (== net6.0) (>= net9.0)) (&& (== net6.0-windows7.0) (>= net9.0)) (== net9.0) (&& (== net9.0-windows7.0) (>= net9.0)) (&& (== netstandard2.0) (>= net9.0))
      System.ValueTuple (>= 4.5) - restriction: || (&& (== net6.0) (>= net9.0)) (&& (== net6.0-windows7.0) (>= net9.0)) (== net9.0) (&& (== net9.0-windows7.0) (>= net9.0)) (&& (== netstandard2.0) (>= net9.0))
    Xpand.Extensions.Office.Cloud (4.242.7.2)
      DevExpress.Persistent.Base (>= 24.2.7) - restriction: || (&& (== net6.0) (>= net9.0)) (&& (== net6.0-windows7.0) (>= net9.0)) (== net9.0) (&& (== net9.0-windows7.0) (>= net9.0)) (&& (== netstandard2.0) (>= net9.0))
      Fasterflect.Xpand (>= 2.0.7) - restriction: || (&& (== net6.0) (>= net9.0)) (&& (== net6.0-windows7.0) (>= net9.0)) (== net9.0) (&& (== net9.0-windows7.0) (>= net9.0)) (&& (== netstandard2.0) (>= net9.0))
      System.Reactive (>= 6.0) - restriction: || (&& (== net6.0) (>= net9.0)) (&& (== net6.0-windows7.0) (>= net9.0)) (== net9.0) (&& (== net9.0-windows7.0) (>= net9.0)) (&& (== netstandard2.0) (>= net9.0))
      System.Text.Json (>= 9.0) - restriction: || (&& (== net6.0) (>= net9.0)) (&& (== net6.0-windows7.0) (>= net9.0)) (== net9.0) (&& (== net9.0-windows7.0) (>= net9.0)) (&& (== netstandard2.0) (>= net9.0))
      System.Threading.Tasks.Dataflow (>= 7.0) - restriction: || (&& (== net6.0) (>= net9.0)) (&& (== net6.0-windows7.0) (>= net9.0)) (== net9.0) (&& (== net9.0-windows7.0) (>= net9.0)) (&& (== netstandard2.0) (>= net9.0))
      Xpand.Extensions (>= 4.242.7.2) - restriction: || (&& (== net6.0) (>= net9.0)) (&& (== net6.0-windows7.0) (>= net9.0)) (== net9.0) (&& (== net9.0-windows7.0) (>= net9.0)) (&& (== netstandard2.0) (>= net9.0))
      Xpand.Extensions.Reactive (>= 4.242.7.2) - restriction: || (&& (== net6.0) (>= net9.0)) (&& (== net6.0-windows7.0) (>= net9.0)) (== net9.0) (&& (== net9.0-windows7.0) (>= net9.0)) (&& (== netstandard2.0) (>= net9.0))
      Xpand.Extensions.XAF (>= 4.242.7.2) - restriction: || (&& (== net6.0) (>= net9.0)) (&& (== net6.0-windows7.0) (>= net9.0)) (== net9.0) (&& (== net9.0-windows7.0) (>= net9.0)) (&& (== netstandard2.0) (>= net9.0))
      Xpand.XAF.Modules.Reactive (>= 4.242.7.2) - restriction: || (&& (== net6.0) (>= net9.0)) (&& (== net6.0-windows7.0) (>= net9.0)) (== net9.0) (&& (== net9.0-windows7.0) (>= net9.0)) (&& (== netstandard2.0) (>= net9.0))
    Xpand.Extensions.Office.Cloud.Google.Blazor (4.242.7.2)
      Fasterflect.Xpand (>= 2.0.7) - restriction: || (&& (== net6.0) (>= net9.0)) (&& (== net6.0-windows7.0) (>= net9.0)) (== net9.0) (&& (== net9.0-windows7.0) (>= net9.0)) (&& (== netstandard2.0) (>= net9.0))
      Google.Apis.Auth (>= 1.55) - restriction: || (&& (== net6.0) (>= net9.0)) (&& (== net6.0-windows7.0) (>= net9.0)) (== net9.0) (&& (== net9.0-windows7.0) (>= net9.0)) (&& (== netstandard2.0) (>= net9.0))
      Microsoft.CodeAnalysis.CSharp (>= 4.12) - restriction: || (&& (== net6.0) (>= net9.0)) (&& (== net6.0-windows7.0) (>= net9.0)) (== net9.0) (&& (== net9.0-windows7.0) (>= net9.0)) (&& (== netstandard2.0) (>= net9.0))
      System.Configuration.ConfigurationManager (>= 9.0) - restriction: || (&& (== net6.0) (>= net9.0)) (&& (== net6.0-windows7.0) (>= net9.0)) (== net9.0) (&& (== net9.0-windows7.0) (>= net9.0)) (&& (== netstandard2.0) (>= net9.0))
      System.Text.Json (>= 9.0) - restriction: || (&& (== net6.0) (>= net9.0)) (&& (== net6.0-windows7.0) (>= net9.0)) (== net9.0) (&& (== net9.0-windows7.0) (>= net9.0)) (&& (== netstandard2.0) (>= net9.0))
      System.Threading.Tasks.Dataflow (>= 7.0) - restriction: || (&& (== net6.0) (>= net9.0)) (&& (== net6.0-windows7.0) (>= net9.0)) (== net9.0) (&& (== net9.0-windows7.0) (>= net9.0)) (&& (== netstandard2.0) (>= net9.0))
      Xpand.Extensions.Blazor (>= 4.242.7.2) - restriction: || (&& (== net6.0) (>= net9.0)) (&& (== net6.0-windows7.0) (>= net9.0)) (== net9.0) (&& (== net9.0-windows7.0) (>= net9.0)) (&& (== netstandard2.0) (>= net9.0))
      Xpand.XAF.Modules.Office.Cloud.Google (>= 4.242.7.2) - restriction: || (&& (== net6.0) (>= net9.0)) (&& (== net6.0-windows7.0) (>= net9.0)) (== net9.0) (&& (== net9.0-windows7.0) (>= net9.0)) (&& (== netstandard2.0) (>= net9.0))
    Xpand.Extensions.Reactive (4.242.7.2)
      akarnokd.reactive_extensions (>= 0.0.27-alpha) - restriction: || (&& (== net6.0) (>= net9.0)) (&& (== net6.0-windows7.0) (>= net9.0)) (== net9.0) (&& (== net9.0-windows7.0) (>= net9.0)) (&& (== netstandard2.0) (>= net9.0))
      Enums.NET (>= 4.0) - restriction: || (&& (== net6.0) (>= net9.0)) (&& (== net6.0-windows7.0) (>= net9.0)) (== net9.0) (&& (== net9.0-windows7.0) (>= net9.0)) (&& (== netstandard2.0) (>= net9.0))
      Fasterflect.Xpand (>= 2.0.7) - restriction: || (&& (== net6.0) (>= net9.0)) (&& (== net6.0-windows7.0) (>= net9.0)) (== net9.0) (&& (== net9.0-windows7.0) (>= net9.0)) (&& (== netstandard2.0) (>= net9.0))
      Microsoft.Extensions.DependencyInjection (>= 8.0.1) - restriction: || (&& (== net6.0) (>= net9.0)) (&& (== net6.0-windows7.0) (>= net9.0)) (== net9.0) (&& (== net9.0-windows7.0) (>= net9.0)) (&& (== netstandard2.0) (>= net9.0))
      System.CodeDom (>= 9.0) - restriction: || (&& (== net6.0) (>= net9.0)) (&& (== net6.0-windows7.0) (>= net9.0)) (== net9.0) (&& (== net9.0-windows7.0) (>= net9.0)) (&& (== netstandard2.0) (>= net9.0))
      System.Collections.Immutable (>= 9.0) - restriction: || (&& (== net6.0) (>= net9.0)) (&& (== net6.0-windows7.0) (>= net9.0)) (== net9.0) (&& (== net9.0-windows7.0) (>= net9.0)) (&& (== netstandard2.0) (>= net9.0))
      System.Diagnostics.PerformanceCounter (>= 8.0.1) - restriction: || (&& (== net6.0) (>= net9.0)) (&& (== net6.0-windows7.0) (>= net9.0)) (== net9.0) (&& (== net9.0-windows7.0) (>= net9.0)) (&& (== netstandard2.0) (>= net9.0))
      System.Interactive (>= 6.0.1) - restriction: || (&& (== net6.0) (>= net9.0)) (&& (== net6.0-windows7.0) (>= net9.0)) (== net9.0) (&& (== net9.0-windows7.0) (>= net9.0)) (&& (== netstandard2.0) (>= net9.0))
      System.Interactive.Async (>= 6.0.1) - restriction: || (&& (== net6.0) (>= net9.0)) (&& (== net6.0-windows7.0) (>= net9.0)) (== net9.0) (&& (== net9.0-windows7.0) (>= net9.0)) (&& (== netstandard2.0) (>= net9.0))
      System.Linq.Async (>= 6.0.1) - restriction: || (&& (== net6.0) (>= net9.0)) (&& (== net6.0-windows7.0) (>= net9.0)) (== net9.0) (&& (== net9.0-windows7.0) (>= net9.0)) (&& (== netstandard2.0) (>= net9.0))
      System.Reflection.Emit (>= 4.7) - restriction: || (&& (== net6.0) (>= net9.0)) (&& (== net6.0-windows7.0) (>= net9.0)) (== net9.0) (&& (== net9.0-windows7.0) (>= net9.0)) (&& (== netstandard2.0) (>= net9.0))
      System.Text.Json (>= 9.0) - restriction: || (&& (== net6.0) (>= net9.0)) (&& (== net6.0-windows7.0) (>= net9.0)) (== net9.0) (&& (== net9.0-windows7.0) (>= net9.0)) (&& (== netstandard2.0) (>= net9.0))
      System.Threading.Tasks (>= 4.3) - restriction: || (&& (== net6.0) (>= net9.0)) (&& (== net6.0-windows7.0) (>= net9.0)) (== net9.0) (&& (== net9.0-windows7.0) (>= net9.0)) (&& (== netstandard2.0) (>= net9.0))
      System.Threading.Tasks.Dataflow (>= 7.0) - restriction: || (&& (== net6.0) (>= net9.0)) (&& (== net6.0-windows7.0) (>= net9.0)) (== net9.0) (&& (== net9.0-windows7.0) (>= net9.0)) (&& (== netstandard2.0) (>= net9.0))
      Xpand.Extensions (>= 4.242.7.2) - restriction: || (&& (== net6.0) (>= net9.0)) (&& (== net6.0-windows7.0) (>= net9.0)) (== net9.0) (&& (== net9.0-windows7.0) (>= net9.0)) (&& (== netstandard2.0) (>= net9.0))
    Xpand.Extensions.XAF (4.242.7.2)
      DevExpress.Persistent.Base (>= 24.2.7) - restriction: || (&& (== net6.0) (>= net9.0)) (&& (== net6.0-windows7.0) (>= net9.0)) (== net9.0) (&& (== net9.0-windows7.0) (>= net9.0)) (&& (== netstandard2.0) (>= net9.0))
      Enums.NET (>= 4.0) - restriction: || (&& (== net6.0) (>= net9.0)) (&& (== net6.0-windows7.0) (>= net9.0)) (== net9.0) (&& (== net9.0-windows7.0) (>= net9.0)) (&& (== netstandard2.0) (>= net9.0))
      Fasterflect.Xpand (>= 2.0.7) - restriction: || (&& (== net6.0) (>= net9.0)) (&& (== net6.0-windows7.0) (>= net9.0)) (== net9.0) (&& (== net9.0-windows7.0) (>= net9.0)) (&& (== netstandard2.0) (>= net9.0))
      System.Interactive (>= 6.0.1) - restriction: || (&& (== net6.0) (>= net9.0)) (&& (== net6.0-windows7.0) (>= net9.0)) (== net9.0) (&& (== net9.0-windows7.0) (>= net9.0)) (&& (== netstandard2.0) (>= net9.0))
      System.Text.Json (>= 9.0) - restriction: || (&& (== net6.0) (>= net9.0)) (&& (== net6.0-windows7.0) (>= net9.0)) (== net9.0) (&& (== net9.0-windows7.0) (>= net9.0)) (&& (== netstandard2.0) (>= net9.0))
      Xpand.Collections (>= 1.0.4) - restriction: || (&& (== net6.0) (>= net9.0)) (&& (== net6.0-windows7.0) (>= net9.0)) (== net9.0) (&& (== net9.0-windows7.0) (>= net9.0)) (&& (== netstandard2.0) (>= net9.0))
      Xpand.Extensions (>= 4.242.7.2) - restriction: || (&& (== net6.0) (>= net9.0)) (&& (== net6.0-windows7.0) (>= net9.0)) (== net9.0) (&& (== net9.0-windows7.0) (>= net9.0)) (&& (== netstandard2.0) (>= net9.0))
      Xpand.Patcher (>= 9.0) - restriction: || (&& (== net6.0) (>= net9.0)) (&& (== net6.0-windows7.0) (>= net9.0)) (== net9.0) (&& (== net9.0-windows7.0) (>= net9.0)) (&& (== netstandard2.0) (>= net9.0))
      Xpand.VersionConverter (>= 4.242.7.2) - restriction: || (== net6.0) (== net6.0-windows7.0) (&& (== net9.0) (< net6.0)) (== net9.0-windows7.0) (== netstandard2.0)
    Xpand.Extensions.XAF.Xpo (4.242.7.2)
      DevExpress.ExpressApp.Xpo (>= 24.2.7) - restriction: || (&& (== net6.0) (>= net9.0)) (&& (== net6.0-windows7.0) (>= net9.0)) (== net9.0) (&& (== net9.0-windows7.0) (>= net9.0)) (&& (== netstandard2.0) (>= net9.0))
      DevExpress.Persistent.Base (>= 24.2.7) - restriction: || (&& (== net6.0) (>= net9.0)) (&& (== net6.0-windows7.0) (>= net9.0)) (== net9.0) (&& (== net9.0-windows7.0) (>= net9.0)) (&& (== netstandard2.0) (>= net9.0))
      DevExpress.Xpo (>= 24.2.7) - restriction: || (&& (== net6.0) (>= net9.0)) (&& (== net6.0-windows7.0) (>= net9.0)) (== net9.0) (&& (== net9.0-windows7.0) (>= net9.0)) (&& (== netstandard2.0) (>= net9.0))
      Fasterflect.Xpand (>= 2.0.7) - restriction: || (&& (== net6.0) (>= net9.0)) (&& (== net6.0-windows7.0) (>= net9.0)) (== net9.0) (&& (== net9.0-windows7.0) (>= net9.0)) (&& (== netstandard2.0) (>= net9.0))
      System.Reactive (>= 6.0) - restriction: || (&& (== net6.0) (>= net9.0)) (&& (== net6.0-windows7.0) (>= net9.0)) (== net9.0) (&& (== net9.0-windows7.0) (>= net9.0)) (&& (== netstandard2.0) (>= net9.0))
      System.Text.Json (>= 9.0) - restriction: || (&& (== net6.0) (>= net9.0)) (&& (== net6.0-windows7.0) (>= net9.0)) (== net9.0) (&& (== net9.0-windows7.0) (>= net9.0)) (&& (== netstandard2.0) (>= net9.0))
      System.Threading.Tasks.Dataflow (>= 7.0) - restriction: || (&& (== net6.0) (>= net9.0)) (&& (== net6.0-windows7.0) (>= net9.0)) (== net9.0) (&& (== net9.0-windows7.0) (>= net9.0)) (&& (== netstandard2.0) (>= net9.0))
      Xpand.Collections (>= 1.0.4) - restriction: || (&& (== net6.0) (>= net9.0)) (&& (== net6.0-windows7.0) (>= net9.0)) (== net9.0) (&& (== net9.0-windows7.0) (>= net9.0)) (&& (== netstandard2.0) (>= net9.0))
      Xpand.Extensions (>= 4.242.7.2) - restriction: || (&& (== net6.0) (>= net9.0)) (&& (== net6.0-windows7.0) (>= net9.0)) (== net9.0) (&& (== net9.0-windows7.0) (>= net9.0)) (&& (== netstandard2.0) (>= net9.0))
      Xpand.Extensions.Reactive (>= 4.242.7.2) - restriction: || (&& (== net6.0) (>= net9.0)) (&& (== net6.0-windows7.0) (>= net9.0)) (== net9.0) (&& (== net9.0-windows7.0) (>= net9.0)) (&& (== netstandard2.0) (>= net9.0))
      Xpand.Extensions.XAF (>= 4.242.7.2) - restriction: || (&& (== net6.0) (>= net9.0)) (&& (== net6.0-windows7.0) (>= net9.0)) (== net9.0) (&& (== net9.0-windows7.0) (>= net9.0)) (&& (== netstandard2.0) (>= net9.0))
      Xpand.VersionConverter (>= 4.242.7.2) - restriction: || (== net6.0) (== net6.0-windows7.0) (&& (== net9.0) (< net6.0)) (== net9.0-windows7.0) (== netstandard2.0)
    Xpand.VersionConverter (4.242.7.2) - restriction: || (== net6.0) (== net6.0-windows7.0) (&& (== net9.0) (< net6.0)) (== net9.0-windows7.0) (== netstandard2.0)
      NETStandard.Library (>= 2.0.3)
    Xpand.XAF.Modules.AutoCommit (4.242.7.2)
      DevExpress.ExpressApp (>= 24.2.7) - restriction: || (&& (== net6.0) (>= net9.0)) (&& (== net6.0-windows7.0) (>= net9.0)) (== net9.0) (&& (== net9.0-windows7.0) (>= net9.0)) (&& (== netstandard2.0) (>= net9.0))
      Fasterflect.Xpand (>= 2.0.7) - restriction: || (&& (== net6.0) (>= net9.0)) (&& (== net6.0-windows7.0) (>= net9.0)) (== net9.0) (&& (== net9.0-windows7.0) (>= net9.0)) (&& (== netstandard2.0) (>= net9.0))
      System.Reactive (>= 6.0) - restriction: || (&& (== net6.0) (>= net9.0)) (&& (== net6.0-windows7.0) (>= net9.0)) (== net9.0) (&& (== net9.0-windows7.0) (>= net9.0)) (&& (== netstandard2.0) (>= net9.0))
      System.Text.Json (>= 9.0) - restriction: || (&& (== net6.0) (>= net9.0)) (&& (== net6.0-windows7.0) (>= net9.0)) (== net9.0) (&& (== net9.0-windows7.0) (>= net9.0)) (&& (== netstandard2.0) (>= net9.0))
      System.Threading.Tasks.Dataflow (>= 7.0) - restriction: || (&& (== net6.0) (>= net9.0)) (&& (== net6.0-windows7.0) (>= net9.0)) (== net9.0) (&& (== net9.0-windows7.0) (>= net9.0)) (&& (== netstandard2.0) (>= net9.0))
      Xpand.Extensions (>= 4.242.7.2) - restriction: || (&& (== net6.0) (>= net9.0)) (&& (== net6.0-windows7.0) (>= net9.0)) (== net9.0) (&& (== net9.0-windows7.0) (>= net9.0)) (&& (== netstandard2.0) (>= net9.0))
      Xpand.Extensions.Reactive (>= 4.242.7.2) - restriction: || (&& (== net6.0) (>= net9.0)) (&& (== net6.0-windows7.0) (>= net9.0)) (== net9.0) (&& (== net9.0-windows7.0) (>= net9.0)) (&& (== netstandard2.0) (>= net9.0))
      Xpand.Extensions.XAF (>= 4.242.7.2) - restriction: || (&& (== net6.0) (>= net9.0)) (&& (== net6.0-windows7.0) (>= net9.0)) (== net9.0) (&& (== net9.0-windows7.0) (>= net9.0)) (&& (== netstandard2.0) (>= net9.0))
      Xpand.VersionConverter (>= 4.242.7.2) - restriction: || (== net6.0) (== net6.0-windows7.0) (&& (== net9.0) (< net6.0)) (== net9.0-windows7.0) (== netstandard2.0)
      Xpand.XAF.Modules.Reactive (>= 4.242.7.2) - restriction: || (&& (== net6.0) (>= net9.0)) (&& (== net6.0-windows7.0) (>= net9.0)) (== net9.0) (&& (== net9.0-windows7.0) (>= net9.0)) (&& (== netstandard2.0) (>= net9.0))
    Xpand.XAF.Modules.Blazor (4.242.7.2)
      DevExpress.ExpressApp.Blazor (>= 24.2.7) - restriction: || (&& (== net6.0) (>= net9.0)) (&& (== net6.0-windows7.0) (>= net9.0)) (== net9.0) (&& (== net9.0-windows7.0) (>= net9.0)) (&& (== netstandard2.0) (>= net9.0))
      Fasterflect.Xpand (>= 2.0.7) - restriction: || (&& (== net6.0) (>= net9.0)) (&& (== net6.0-windows7.0) (>= net9.0)) (== net9.0) (&& (== net9.0-windows7.0) (>= net9.0)) (&& (== netstandard2.0) (>= net9.0))
      Microsoft.AspNetCore.Components (>= 9.0) - restriction: || (&& (== net6.0) (>= net9.0)) (&& (== net6.0-windows7.0) (>= net9.0)) (== net9.0) (&& (== net9.0-windows7.0) (>= net9.0)) (&& (== netstandard2.0) (>= net9.0))
      System.Interactive (>= 6.0.1) - restriction: || (&& (== net6.0) (>= net9.0)) (&& (== net6.0-windows7.0) (>= net9.0)) (== net9.0) (&& (== net9.0-windows7.0) (>= net9.0)) (&& (== netstandard2.0) (>= net9.0))
      System.Reactive (>= 6.0) - restriction: || (&& (== net6.0) (>= net9.0)) (&& (== net6.0-windows7.0) (>= net9.0)) (== net9.0) (&& (== net9.0-windows7.0) (>= net9.0)) (&& (== netstandard2.0) (>= net9.0))
      System.Security.Cryptography.ProtectedData (>= 9.0) - restriction: || (&& (== net6.0) (>= net9.0)) (&& (== net6.0-windows7.0) (>= net9.0)) (== net9.0) (&& (== net9.0-windows7.0) (>= net9.0)) (&& (== netstandard2.0) (>= net9.0))
      System.Text.Json (>= 9.0) - restriction: || (&& (== net6.0) (>= net9.0)) (&& (== net6.0-windows7.0) (>= net9.0)) (== net9.0) (&& (== net9.0-windows7.0) (>= net9.0)) (&& (== netstandard2.0) (>= net9.0))
      Xpand.Extensions (>= 4.242.7.2) - restriction: || (&& (== net6.0) (>= net9.0)) (&& (== net6.0-windows7.0) (>= net9.0)) (== net9.0) (&& (== net9.0-windows7.0) (>= net9.0)) (&& (== netstandard2.0) (>= net9.0))
      Xpand.Extensions.Blazor (>= 4.242.7.2) - restriction: || (&& (== net6.0) (>= net9.0)) (&& (== net6.0-windows7.0) (>= net9.0)) (== net9.0) (&& (== net9.0-windows7.0) (>= net9.0)) (&& (== netstandard2.0) (>= net9.0))
      Xpand.Extensions.Reactive (>= 4.242.7.2) - restriction: || (&& (== net6.0) (>= net9.0)) (&& (== net6.0-windows7.0) (>= net9.0)) (== net9.0) (&& (== net9.0-windows7.0) (>= net9.0)) (&& (== netstandard2.0) (>= net9.0))
      Xpand.Extensions.XAF (>= 4.242.7.2) - restriction: || (&& (== net6.0) (>= net9.0)) (&& (== net6.0-windows7.0) (>= net9.0)) (== net9.0) (&& (== net9.0-windows7.0) (>= net9.0)) (&& (== netstandard2.0) (>= net9.0))
      Xpand.Extensions.XAF.Xpo (>= 4.242.7.2) - restriction: || (&& (== net6.0) (>= net9.0)) (&& (== net6.0-windows7.0) (>= net9.0)) (== net9.0) (&& (== net9.0-windows7.0) (>= net9.0)) (&& (== netstandard2.0) (>= net9.0))
      Xpand.VersionConverter (>= 4.242.7.2) - restriction: || (== net6.0) (== net6.0-windows7.0) (&& (== net9.0) (< net6.0)) (== net9.0-windows7.0) (== netstandard2.0)
      Xpand.XAF.Modules.Reactive (>= 4.242.7.2) - restriction: || (&& (== net6.0) (>= net9.0)) (&& (== net6.0-windows7.0) (>= net9.0)) (== net9.0) (&& (== net9.0-windows7.0) (>= net9.0)) (&& (== netstandard2.0) (>= net9.0))
    Xpand.XAF.Modules.BulkObjectUpdate (4.242.7.2)
      DevExpress.ExpressApp.Validation (>= 24.2.7) - restriction: || (&& (== net6.0) (>= net9.0)) (&& (== net6.0-windows7.0) (>= net9.0)) (== net9.0) (&& (== net9.0-windows7.0) (>= net9.0)) (&& (== netstandard2.0) (>= net9.0))
      Fasterflect.Xpand (>= 2.0.7) - restriction: || (&& (== net6.0) (>= net9.0)) (&& (== net6.0-windows7.0) (>= net9.0)) (== net9.0) (&& (== net9.0-windows7.0) (>= net9.0)) (&& (== netstandard2.0) (>= net9.0))
      System.Reactive (>= 6.0) - restriction: || (&& (== net6.0) (>= net9.0)) (&& (== net6.0-windows7.0) (>= net9.0)) (== net9.0) (&& (== net9.0-windows7.0) (>= net9.0)) (&& (== netstandard2.0) (>= net9.0))
      System.Text.Json (>= 9.0) - restriction: || (&& (== net6.0) (>= net9.0)) (&& (== net6.0-windows7.0) (>= net9.0)) (== net9.0) (&& (== net9.0-windows7.0) (>= net9.0)) (&& (== netstandard2.0) (>= net9.0))
      System.Threading.Tasks.Dataflow (>= 7.0) - restriction: || (&& (== net6.0) (>= net9.0)) (&& (== net6.0-windows7.0) (>= net9.0)) (== net9.0) (&& (== net9.0-windows7.0) (>= net9.0)) (&& (== netstandard2.0) (>= net9.0))
      Xpand.Collections (>= 1.0.4) - restriction: || (&& (== net6.0) (>= net9.0)) (&& (== net6.0-windows7.0) (>= net9.0)) (== net9.0) (&& (== net9.0-windows7.0) (>= net9.0)) (&& (== netstandard2.0) (>= net9.0))
      Xpand.Extensions (>= 4.242.7.2) - restriction: || (&& (== net6.0) (>= net9.0)) (&& (== net6.0-windows7.0) (>= net9.0)) (== net9.0) (&& (== net9.0-windows7.0) (>= net9.0)) (&& (== netstandard2.0) (>= net9.0))
      Xpand.Extensions.Reactive (>= 4.242.7.2) - restriction: || (&& (== net6.0) (>= net9.0)) (&& (== net6.0-windows7.0) (>= net9.0)) (== net9.0) (&& (== net9.0-windows7.0) (>= net9.0)) (&& (== netstandard2.0) (>= net9.0))
      Xpand.Extensions.XAF (>= 4.242.7.2) - restriction: || (&& (== net6.0) (>= net9.0)) (&& (== net6.0-windows7.0) (>= net9.0)) (== net9.0) (&& (== net9.0-windows7.0) (>= net9.0)) (&& (== netstandard2.0) (>= net9.0))
      Xpand.Extensions.XAF.Xpo (>= 4.242.7.2) - restriction: || (&& (== net6.0) (>= net9.0)) (&& (== net6.0-windows7.0) (>= net9.0)) (== net9.0) (&& (== net9.0-windows7.0) (>= net9.0)) (&& (== netstandard2.0) (>= net9.0))
      Xpand.Patcher (>= 9.0) - restriction: || (&& (== net6.0) (>= net9.0)) (&& (== net6.0-windows7.0) (>= net9.0)) (== net9.0) (&& (== net9.0-windows7.0) (>= net9.0)) (&& (== netstandard2.0) (>= net9.0))
      Xpand.VersionConverter (>= 4.242.7.2) - restriction: || (== net6.0) (== net6.0-windows7.0) (&& (== net9.0) (< net6.0)) (== net9.0-windows7.0) (== netstandard2.0)
      Xpand.XAF.Modules.Reactive (>= 4.242.7.2) - restriction: || (&& (== net6.0) (>= net9.0)) (&& (== net6.0-windows7.0) (>= net9.0)) (== net9.0) (&& (== net9.0-windows7.0) (>= net9.0)) (&& (== netstandard2.0) (>= net9.0))
    Xpand.XAF.Modules.CloneMemberValue (4.242.7.2)
      DevExpress.ExpressApp (>= 24.2.7) - restriction: || (&& (== net6.0) (>= net9.0)) (&& (== net6.0-windows7.0) (>= net9.0)) (== net9.0) (&& (== net9.0-windows7.0) (>= net9.0)) (&& (== netstandard2.0) (>= net9.0))
      Fasterflect.Xpand (>= 2.0.7) - restriction: || (&& (== net6.0) (>= net9.0)) (&& (== net6.0-windows7.0) (>= net9.0)) (== net9.0) (&& (== net9.0-windows7.0) (>= net9.0)) (&& (== netstandard2.0) (>= net9.0))
      System.Reactive (>= 6.0) - restriction: || (&& (== net6.0) (>= net9.0)) (&& (== net6.0-windows7.0) (>= net9.0)) (== net9.0) (&& (== net9.0-windows7.0) (>= net9.0)) (&& (== netstandard2.0) (>= net9.0))
      System.Text.Json (>= 9.0) - restriction: || (&& (== net6.0) (>= net9.0)) (&& (== net6.0-windows7.0) (>= net9.0)) (== net9.0) (&& (== net9.0-windows7.0) (>= net9.0)) (&& (== netstandard2.0) (>= net9.0))
      System.Threading.Tasks.Dataflow (>= 7.0) - restriction: || (&& (== net6.0) (>= net9.0)) (&& (== net6.0-windows7.0) (>= net9.0)) (== net9.0) (&& (== net9.0-windows7.0) (>= net9.0)) (&& (== netstandard2.0) (>= net9.0))
      Xpand.Extensions (>= 4.242.7.2) - restriction: || (&& (== net6.0) (>= net9.0)) (&& (== net6.0-windows7.0) (>= net9.0)) (== net9.0) (&& (== net9.0-windows7.0) (>= net9.0)) (&& (== netstandard2.0) (>= net9.0))
      Xpand.Extensions.Reactive (>= 4.242.7.2) - restriction: || (&& (== net6.0) (>= net9.0)) (&& (== net6.0-windows7.0) (>= net9.0)) (== net9.0) (&& (== net9.0-windows7.0) (>= net9.0)) (&& (== netstandard2.0) (>= net9.0))
      Xpand.VersionConverter (>= 4.242.7.2) - restriction: || (== net6.0) (== net6.0-windows7.0) (&& (== net9.0) (< net6.0)) (== net9.0-windows7.0) (== netstandard2.0)
      Xpand.XAF.Modules.Reactive (>= 4.242.7.2) - restriction: || (&& (== net6.0) (>= net9.0)) (&& (== net6.0-windows7.0) (>= net9.0)) (== net9.0) (&& (== net9.0-windows7.0) (>= net9.0)) (&& (== netstandard2.0) (>= net9.0))
    Xpand.XAF.Modules.CloneModelView (4.242.7.2)
      DevExpress.ExpressApp (>= 24.2.7) - restriction: || (&& (== net6.0) (>= net9.0)) (&& (== net6.0-windows7.0) (>= net9.0)) (== net9.0) (&& (== net9.0-windows7.0) (>= net9.0)) (&& (== netstandard2.0) (>= net9.0))
      Fasterflect.Xpand (>= 2.0.7) - restriction: || (&& (== net6.0) (>= net9.0)) (&& (== net6.0-windows7.0) (>= net9.0)) (== net9.0) (&& (== net9.0-windows7.0) (>= net9.0)) (&& (== netstandard2.0) (>= net9.0))
      Microsoft.CSharp (>= 4.7) - restriction: || (&& (== net6.0) (>= net9.0)) (&& (== net6.0-windows7.0) (>= net9.0)) (== net9.0) (&& (== net9.0-windows7.0) (>= net9.0)) (&& (== netstandard2.0) (>= net9.0))
      System.Reactive (>= 6.0) - restriction: || (&& (== net6.0) (>= net9.0)) (&& (== net6.0-windows7.0) (>= net9.0)) (== net9.0) (&& (== net9.0-windows7.0) (>= net9.0)) (&& (== netstandard2.0) (>= net9.0))
      System.Text.Json (>= 9.0) - restriction: || (&& (== net6.0) (>= net9.0)) (&& (== net6.0-windows7.0) (>= net9.0)) (== net9.0) (&& (== net9.0-windows7.0) (>= net9.0)) (&& (== netstandard2.0) (>= net9.0))
      System.Threading.Tasks.Dataflow (>= 7.0) - restriction: || (&& (== net6.0) (>= net9.0)) (&& (== net6.0-windows7.0) (>= net9.0)) (== net9.0) (&& (== net9.0-windows7.0) (>= net9.0)) (&& (== netstandard2.0) (>= net9.0))
      Xpand.Extensions.Reactive (>= 4.242.7.2) - restriction: || (&& (== net6.0) (>= net9.0)) (&& (== net6.0-windows7.0) (>= net9.0)) (== net9.0) (&& (== net9.0-windows7.0) (>= net9.0)) (&& (== netstandard2.0) (>= net9.0))
      Xpand.Extensions.XAF (>= 4.242.7.2) - restriction: || (&& (== net6.0) (>= net9.0)) (&& (== net6.0-windows7.0) (>= net9.0)) (== net9.0) (&& (== net9.0-windows7.0) (>= net9.0)) (&& (== netstandard2.0) (>= net9.0))
      Xpand.Patcher (>= 9.0) - restriction: || (&& (== net6.0) (>= net9.0)) (&& (== net6.0-windows7.0) (>= net9.0)) (== net9.0) (&& (== net9.0-windows7.0) (>= net9.0)) (&& (== netstandard2.0) (>= net9.0))
      Xpand.VersionConverter (>= 4.242.7.2) - restriction: || (== net6.0) (== net6.0-windows7.0) (&& (== net9.0) (< net6.0)) (== net9.0-windows7.0) (== netstandard2.0)
      Xpand.XAF.Modules.Reactive (>= 4.242.7.2) - restriction: || (&& (== net6.0) (>= net9.0)) (&& (== net6.0-windows7.0) (>= net9.0)) (== net9.0) (&& (== net9.0-windows7.0) (>= net9.0)) (&& (== netstandard2.0) (>= net9.0))
    Xpand.XAF.Modules.Email (4.242.7.2)
      DevExpress.ExpressApp.Validation (>= 24.2.7) - restriction: || (&& (== net6.0) (>= net9.0)) (&& (== net6.0-windows7.0) (>= net9.0)) (== net9.0) (&& (== net9.0-windows7.0) (>= net9.0)) (&& (== netstandard2.0) (>= net9.0))
      Fasterflect.Xpand (>= 2.0.7) - restriction: || (&& (== net6.0) (>= net9.0)) (&& (== net6.0-windows7.0) (>= net9.0)) (== net9.0) (&& (== net9.0-windows7.0) (>= net9.0)) (&& (== netstandard2.0) (>= net9.0))
      System.Reactive (>= 6.0) - restriction: || (&& (== net6.0) (>= net9.0)) (&& (== net6.0-windows7.0) (>= net9.0)) (== net9.0) (&& (== net9.0-windows7.0) (>= net9.0)) (&& (== netstandard2.0) (>= net9.0))
      System.Text.Json (>= 9.0) - restriction: || (&& (== net6.0) (>= net9.0)) (&& (== net6.0-windows7.0) (>= net9.0)) (== net9.0) (&& (== net9.0-windows7.0) (>= net9.0)) (&& (== netstandard2.0) (>= net9.0))
      System.Threading.Tasks.Dataflow (>= 7.0) - restriction: || (&& (== net6.0) (>= net9.0)) (&& (== net6.0-windows7.0) (>= net9.0)) (== net9.0) (&& (== net9.0-windows7.0) (>= net9.0)) (&& (== netstandard2.0) (>= net9.0))
      Xpand.Collections (>= 1.0.4) - restriction: || (&& (== net6.0) (>= net9.0)) (&& (== net6.0-windows7.0) (>= net9.0)) (== net9.0) (&& (== net9.0-windows7.0) (>= net9.0)) (&& (== netstandard2.0) (>= net9.0))
      Xpand.Extensions (>= 4.242.7.2) - restriction: || (&& (== net6.0) (>= net9.0)) (&& (== net6.0-windows7.0) (>= net9.0)) (== net9.0) (&& (== net9.0-windows7.0) (>= net9.0)) (&& (== netstandard2.0) (>= net9.0))
      Xpand.Extensions.Reactive (>= 4.242.7.2) - restriction: || (&& (== net6.0) (>= net9.0)) (&& (== net6.0-windows7.0) (>= net9.0)) (== net9.0) (&& (== net9.0-windows7.0) (>= net9.0)) (&& (== netstandard2.0) (>= net9.0))
      Xpand.Extensions.XAF (>= 4.242.7.2) - restriction: || (&& (== net6.0) (>= net9.0)) (&& (== net6.0-windows7.0) (>= net9.0)) (== net9.0) (&& (== net9.0-windows7.0) (>= net9.0)) (&& (== netstandard2.0) (>= net9.0))
      Xpand.Extensions.XAF.Xpo (>= 4.242.7.2) - restriction: || (&& (== net6.0) (>= net9.0)) (&& (== net6.0-windows7.0) (>= net9.0)) (== net9.0) (&& (== net9.0-windows7.0) (>= net9.0)) (&& (== netstandard2.0) (>= net9.0))
      Xpand.Patcher (>= 9.0) - restriction: || (&& (== net6.0) (>= net9.0)) (&& (== net6.0-windows7.0) (>= net9.0)) (== net9.0) (&& (== net9.0-windows7.0) (>= net9.0)) (&& (== netstandard2.0) (>= net9.0))
      Xpand.VersionConverter (>= 4.242.7.2) - restriction: || (== net6.0) (== net6.0-windows7.0) (&& (== net9.0) (< net6.0)) (== net9.0-windows7.0) (== netstandard2.0)
      Xpand.XAF.Modules.Reactive (>= 4.242.7.2) - restriction: || (&& (== net6.0) (>= net9.0)) (&& (== net6.0-windows7.0) (>= net9.0)) (== net9.0) (&& (== net9.0-windows7.0) (>= net9.0)) (&& (== netstandard2.0) (>= net9.0))
    Xpand.XAF.Modules.GridListEditor (4.242.7.2)
      DevExpress.ExpressApp (>= 24.2.7) - restriction: || (&& (== net6.0) (>= net9.0)) (&& (== net6.0-windows7.0) (>= net9.0)) (== net9.0) (&& (== net9.0-windows7.0) (>= net9.0)) (&& (== netstandard2.0) (>= net9.0))
      DevExpress.ExpressApp.Win (>= 24.2.7) - restriction: || (&& (== net6.0) (>= net9.0)) (&& (== net6.0-windows7.0) (>= net9.0)) (== net9.0) (&& (== net9.0-windows7.0) (>= net9.0)) (&& (== netstandard2.0) (>= net9.0))
      Fasterflect.Xpand (>= 2.0.7) - restriction: || (&& (== net6.0) (>= net9.0)) (&& (== net6.0-windows7.0) (>= net9.0)) (== net9.0) (&& (== net9.0-windows7.0) (>= net9.0)) (&& (== netstandard2.0) (>= net9.0))
      System.Reactive (>= 6.0) - restriction: || (&& (== net6.0) (>= net9.0)) (&& (== net6.0-windows7.0) (>= net9.0)) (== net9.0) (&& (== net9.0-windows7.0) (>= net9.0)) (&& (== netstandard2.0) (>= net9.0))
      System.Text.Json (>= 9.0) - restriction: || (&& (== net6.0) (>= net9.0)) (&& (== net6.0-windows7.0) (>= net9.0)) (== net9.0) (&& (== net9.0-windows7.0) (>= net9.0)) (&& (== netstandard2.0) (>= net9.0))
      System.Threading.Tasks.Dataflow (>= 7.0) - restriction: || (&& (== net6.0) (>= net9.0)) (&& (== net6.0-windows7.0) (>= net9.0)) (== net9.0) (&& (== net9.0-windows7.0) (>= net9.0)) (&& (== netstandard2.0) (>= net9.0))
      Xpand.Extensions (>= 4.242.7.2) - restriction: || (&& (== net6.0) (>= net9.0)) (&& (== net6.0-windows7.0) (>= net9.0)) (== net9.0) (&& (== net9.0-windows7.0) (>= net9.0)) (&& (== netstandard2.0) (>= net9.0))
      Xpand.Extensions.Reactive (>= 4.242.7.2) - restriction: || (&& (== net6.0) (>= net9.0)) (&& (== net6.0-windows7.0) (>= net9.0)) (== net9.0) (&& (== net9.0-windows7.0) (>= net9.0)) (&& (== netstandard2.0) (>= net9.0))
      Xpand.Extensions.XAF (>= 4.242.7.2) - restriction: || (&& (== net6.0) (>= net9.0)) (&& (== net6.0-windows7.0) (>= net9.0)) (== net9.0) (&& (== net9.0-windows7.0) (>= net9.0)) (&& (== netstandard2.0) (>= net9.0))
      Xpand.VersionConverter (>= 4.242.7.2) - restriction: || (== net6.0) (== net6.0-windows7.0) (&& (== net9.0) (< net6.0)) (== net9.0-windows7.0) (== netstandard2.0)
      Xpand.XAF.Modules.Reactive (>= 4.242.7.2) - restriction: || (&& (== net6.0) (>= net9.0)) (&& (== net6.0-windows7.0) (>= net9.0)) (== net9.0) (&& (== net9.0-windows7.0) (>= net9.0)) (&& (== netstandard2.0) (>= net9.0))
    Xpand.XAF.Modules.HideToolBar (4.242.7.2)
      DevExpress.ExpressApp (>= 24.2.7) - restriction: || (&& (== net6.0) (>= net9.0)) (&& (== net6.0-windows7.0) (>= net9.0)) (== net9.0) (&& (== net9.0-windows7.0) (>= net9.0)) (&& (== netstandard2.0) (>= net9.0))
      Fasterflect.Xpand (>= 2.0.7) - restriction: || (&& (== net6.0) (>= net9.0)) (&& (== net6.0-windows7.0) (>= net9.0)) (== net9.0) (&& (== net9.0-windows7.0) (>= net9.0)) (&& (== netstandard2.0) (>= net9.0))
      Microsoft.CSharp (>= 4.7) - restriction: || (&& (== net6.0) (>= net9.0)) (&& (== net6.0-windows7.0) (>= net9.0)) (== net9.0) (&& (== net9.0-windows7.0) (>= net9.0)) (&& (== netstandard2.0) (>= net9.0))
      System.Reactive (>= 6.0) - restriction: || (&& (== net6.0) (>= net9.0)) (&& (== net6.0-windows7.0) (>= net9.0)) (== net9.0) (&& (== net9.0-windows7.0) (>= net9.0)) (&& (== netstandard2.0) (>= net9.0))
      System.Text.Json (>= 9.0) - restriction: || (&& (== net6.0) (>= net9.0)) (&& (== net6.0-windows7.0) (>= net9.0)) (== net9.0) (&& (== net9.0-windows7.0) (>= net9.0)) (&& (== netstandard2.0) (>= net9.0))
      System.Threading.Tasks.Dataflow (>= 7.0) - restriction: || (&& (== net6.0) (>= net9.0)) (&& (== net6.0-windows7.0) (>= net9.0)) (== net9.0) (&& (== net9.0-windows7.0) (>= net9.0)) (&& (== netstandard2.0) (>= net9.0))
      Xpand.Extensions (>= 4.242.7.2) - restriction: || (&& (== net6.0) (>= net9.0)) (&& (== net6.0-windows7.0) (>= net9.0)) (== net9.0) (&& (== net9.0-windows7.0) (>= net9.0)) (&& (== netstandard2.0) (>= net9.0))
      Xpand.Extensions.Reactive (>= 4.242.7.2) - restriction: || (&& (== net6.0) (>= net9.0)) (&& (== net6.0-windows7.0) (>= net9.0)) (== net9.0) (&& (== net9.0-windows7.0) (>= net9.0)) (&& (== netstandard2.0) (>= net9.0))
      Xpand.Extensions.XAF (>= 4.242.7.2) - restriction: || (&& (== net6.0) (>= net9.0)) (&& (== net6.0-windows7.0) (>= net9.0)) (== net9.0) (&& (== net9.0-windows7.0) (>= net9.0)) (&& (== netstandard2.0) (>= net9.0))
      Xpand.Patcher (>= 9.0) - restriction: || (&& (== net6.0) (>= net9.0)) (&& (== net6.0-windows7.0) (>= net9.0)) (== net9.0) (&& (== net9.0-windows7.0) (>= net9.0)) (&& (== netstandard2.0) (>= net9.0))
      Xpand.VersionConverter (>= 4.242.7.2) - restriction: || (== net6.0) (== net6.0-windows7.0) (&& (== net9.0) (< net6.0)) (== net9.0-windows7.0) (== netstandard2.0)
      Xpand.XAF.Modules.Reactive (>= 4.242.7.2) - restriction: || (&& (== net6.0) (>= net9.0)) (&& (== net6.0-windows7.0) (>= net9.0)) (== net9.0) (&& (== net9.0-windows7.0) (>= net9.0)) (&& (== netstandard2.0) (>= net9.0))
    Xpand.XAF.Modules.JobScheduler.Hangfire (4.242.7.2)
      DevExpress.ExpressApp.Blazor.All (>= 24.2.7) - restriction: || (&& (== net6.0) (>= net9.0)) (&& (== net6.0-windows7.0) (>= net9.0)) (== net9.0) (&& (== net9.0-windows7.0) (>= net9.0)) (&& (== netstandard2.0) (>= net9.0))
      Fasterflect.Xpand (>= 2.0.7) - restriction: || (&& (== net6.0) (>= net9.0)) (&& (== net6.0-windows7.0) (>= net9.0)) (== net9.0) (&& (== net9.0-windows7.0) (>= net9.0)) (&& (== netstandard2.0) (>= net9.0))
      Hangfire.AspNetCore (>= 1.7.35) - restriction: || (&& (== net6.0) (>= net9.0)) (&& (== net6.0-windows7.0) (>= net9.0)) (== net9.0) (&& (== net9.0-windows7.0) (>= net9.0)) (&& (== netstandard2.0) (>= net9.0))
      Hangfire.Core (>= 1.7.35) - restriction: || (&& (== net6.0) (>= net9.0)) (&& (== net6.0-windows7.0) (>= net9.0)) (== net9.0) (&& (== net9.0-windows7.0) (>= net9.0)) (&& (== netstandard2.0) (>= net9.0))
      Microsoft.CodeAnalysis (>= 4.12) - restriction: || (&& (== net6.0) (>= net9.0)) (&& (== net6.0-windows7.0) (>= net9.0)) (== net9.0) (&& (== net9.0-windows7.0) (>= net9.0)) (&& (== netstandard2.0) (>= net9.0))
      System.CodeDom (>= 9.0) - restriction: || (&& (== net6.0) (>= net9.0)) (&& (== net6.0-windows7.0) (>= net9.0)) (== net9.0) (&& (== net9.0-windows7.0) (>= net9.0)) (&& (== netstandard2.0) (>= net9.0))
      System.Configuration.ConfigurationManager (>= 9.0) - restriction: || (&& (== net6.0) (>= net9.0)) (&& (== net6.0-windows7.0) (>= net9.0)) (== net9.0) (&& (== net9.0-windows7.0) (>= net9.0)) (&& (== netstandard2.0) (>= net9.0))
      System.Data.SqlClient (>= 4.8.6) - restriction: || (&& (== net6.0) (>= net9.0)) (&& (== net6.0-windows7.0) (>= net9.0)) (== net9.0) (&& (== net9.0-windows7.0) (>= net9.0)) (&& (== netstandard2.0) (>= net9.0))
      System.Reactive (>= 6.0) - restriction: || (&& (== net6.0) (>= net9.0)) (&& (== net6.0-windows7.0) (>= net9.0)) (== net9.0) (&& (== net9.0-windows7.0) (>= net9.0)) (&& (== netstandard2.0) (>= net9.0))
      System.Security.Cryptography.ProtectedData (>= 9.0) - restriction: || (&& (== net6.0) (>= net9.0)) (&& (== net6.0-windows7.0) (>= net9.0)) (== net9.0) (&& (== net9.0-windows7.0) (>= net9.0)) (&& (== netstandard2.0) (>= net9.0))
      System.ServiceModel.Http (>= 8.1) - restriction: || (&& (== net6.0) (>= net9.0)) (&& (== net6.0-windows7.0) (>= net9.0)) (== net9.0) (&& (== net9.0-windows7.0) (>= net9.0)) (&& (== netstandard2.0) (>= net9.0))
      System.ServiceModel.NetTcp (>= 8.1) - restriction: || (&& (== net6.0) (>= net9.0)) (&& (== net6.0-windows7.0) (>= net9.0)) (== net9.0) (&& (== net9.0-windows7.0) (>= net9.0)) (&& (== netstandard2.0) (>= net9.0))
      System.Text.Json (>= 9.0) - restriction: || (&& (== net6.0) (>= net9.0)) (&& (== net6.0-windows7.0) (>= net9.0)) (== net9.0) (&& (== net9.0-windows7.0) (>= net9.0)) (&& (== netstandard2.0) (>= net9.0))
      System.Threading.Tasks.Dataflow (>= 7.0) - restriction: || (&& (== net6.0) (>= net9.0)) (&& (== net6.0-windows7.0) (>= net9.0)) (== net9.0) (&& (== net9.0-windows7.0) (>= net9.0)) (&& (== netstandard2.0) (>= net9.0))
      Xpand.Extensions (>= 4.242.7.2) - restriction: || (&& (== net6.0) (>= net9.0)) (&& (== net6.0-windows7.0) (>= net9.0)) (== net9.0) (&& (== net9.0-windows7.0) (>= net9.0)) (&& (== netstandard2.0) (>= net9.0))
      Xpand.Extensions.Blazor (>= 4.242.7.2) - restriction: || (&& (== net6.0) (>= net9.0)) (&& (== net6.0-windows7.0) (>= net9.0)) (== net9.0) (&& (== net9.0-windows7.0) (>= net9.0)) (&& (== netstandard2.0) (>= net9.0))
      Xpand.Extensions.Reactive (>= 4.242.7.2) - restriction: || (&& (== net6.0) (>= net9.0)) (&& (== net6.0-windows7.0) (>= net9.0)) (== net9.0) (&& (== net9.0-windows7.0) (>= net9.0)) (&& (== netstandard2.0) (>= net9.0))
      Xpand.Extensions.XAF (>= 4.242.7.2) - restriction: || (&& (== net6.0) (>= net9.0)) (&& (== net6.0-windows7.0) (>= net9.0)) (== net9.0) (&& (== net9.0-windows7.0) (>= net9.0)) (&& (== netstandard2.0) (>= net9.0))
      Xpand.Extensions.XAF.Xpo (>= 4.242.7.2) - restriction: || (&& (== net6.0) (>= net9.0)) (&& (== net6.0-windows7.0) (>= net9.0)) (== net9.0) (&& (== net9.0-windows7.0) (>= net9.0)) (&& (== netstandard2.0) (>= net9.0))
      Xpand.Patcher (>= 9.0) - restriction: || (&& (== net6.0) (>= net9.0)) (&& (== net6.0-windows7.0) (>= net9.0)) (== net9.0) (&& (== net9.0-windows7.0) (>= net9.0)) (&& (== netstandard2.0) (>= net9.0))
      Xpand.VersionConverter (>= 4.242.7.2) - restriction: || (== net6.0) (== net6.0-windows7.0) (&& (== net9.0) (< net6.0)) (== net9.0-windows7.0) (== netstandard2.0)
      Xpand.XAF.Modules.Blazor (>= 4.242.7.2) - restriction: || (&& (== net6.0) (>= net9.0)) (&& (== net6.0-windows7.0) (>= net9.0)) (== net9.0) (&& (== net9.0-windows7.0) (>= net9.0)) (&& (== netstandard2.0) (>= net9.0))
      Xpand.XAF.Modules.Reactive (>= 4.242.7.2) - restriction: || (&& (== net6.0) (>= net9.0)) (&& (== net6.0-windows7.0) (>= net9.0)) (== net9.0) (&& (== net9.0-windows7.0) (>= net9.0)) (&& (== netstandard2.0) (>= net9.0))
    Xpand.XAF.Modules.JobScheduler.Notification (4.242.7.2)
      DevExpress.ExpressApp.Blazor.All (>= 24.2.7) - restriction: || (&& (== net6.0) (>= net9.0)) (&& (== net6.0-windows7.0) (>= net9.0)) (== net9.0) (&& (== net9.0-windows7.0) (>= net9.0)) (&& (== netstandard2.0) (>= net9.0))
      DevExpress.ExpressApp.ConditionalAppearance (>= 24.2.7) - restriction: || (&& (== net6.0) (>= net9.0)) (&& (== net6.0-windows7.0) (>= net9.0)) (== net9.0) (&& (== net9.0-windows7.0) (>= net9.0)) (&& (== netstandard2.0) (>= net9.0))
      Fasterflect.Xpand (>= 2.0.7) - restriction: || (&& (== net6.0) (>= net9.0)) (&& (== net6.0-windows7.0) (>= net9.0)) (== net9.0) (&& (== net9.0-windows7.0) (>= net9.0)) (&& (== netstandard2.0) (>= net9.0))
      Hangfire.AspNetCore (>= 1.7.35) - restriction: || (&& (== net6.0) (>= net9.0)) (&& (== net6.0-windows7.0) (>= net9.0)) (== net9.0) (&& (== net9.0-windows7.0) (>= net9.0)) (&& (== netstandard2.0) (>= net9.0))
      System.Reactive (>= 6.0) - restriction: || (&& (== net6.0) (>= net9.0)) (&& (== net6.0-windows7.0) (>= net9.0)) (== net9.0) (&& (== net9.0-windows7.0) (>= net9.0)) (&& (== netstandard2.0) (>= net9.0))
      System.Text.Json (>= 9.0) - restriction: || (&& (== net6.0) (>= net9.0)) (&& (== net6.0-windows7.0) (>= net9.0)) (== net9.0) (&& (== net9.0-windows7.0) (>= net9.0)) (&& (== netstandard2.0) (>= net9.0))
      System.Threading.Tasks.Dataflow (>= 7.0) - restriction: || (&& (== net6.0) (>= net9.0)) (&& (== net6.0-windows7.0) (>= net9.0)) (== net9.0) (&& (== net9.0-windows7.0) (>= net9.0)) (&& (== netstandard2.0) (>= net9.0))
      Xpand.Extensions (>= 4.242.7.2) - restriction: || (&& (== net6.0) (>= net9.0)) (&& (== net6.0-windows7.0) (>= net9.0)) (== net9.0) (&& (== net9.0-windows7.0) (>= net9.0)) (&& (== netstandard2.0) (>= net9.0))
      Xpand.Extensions.Blazor (>= 4.242.7.2) - restriction: || (&& (== net6.0) (>= net9.0)) (&& (== net6.0-windows7.0) (>= net9.0)) (== net9.0) (&& (== net9.0-windows7.0) (>= net9.0)) (&& (== netstandard2.0) (>= net9.0))
      Xpand.Extensions.Reactive (>= 4.242.7.2) - restriction: || (&& (== net6.0) (>= net9.0)) (&& (== net6.0-windows7.0) (>= net9.0)) (== net9.0) (&& (== net9.0-windows7.0) (>= net9.0)) (&& (== netstandard2.0) (>= net9.0))
      Xpand.Extensions.XAF (>= 4.242.7.2) - restriction: || (&& (== net6.0) (>= net9.0)) (&& (== net6.0-windows7.0) (>= net9.0)) (== net9.0) (&& (== net9.0-windows7.0) (>= net9.0)) (&& (== netstandard2.0) (>= net9.0))
      Xpand.Extensions.XAF.Xpo (>= 4.242.7.2) - restriction: || (&& (== net6.0) (>= net9.0)) (&& (== net6.0-windows7.0) (>= net9.0)) (== net9.0) (&& (== net9.0-windows7.0) (>= net9.0)) (&& (== netstandard2.0) (>= net9.0))
      Xpand.Patcher (>= 9.0) - restriction: || (&& (== net6.0) (>= net9.0)) (&& (== net6.0-windows7.0) (>= net9.0)) (== net9.0) (&& (== net9.0-windows7.0) (>= net9.0)) (&& (== netstandard2.0) (>= net9.0))
      Xpand.VersionConverter (>= 4.242.7.2) - restriction: || (== net6.0) (== net6.0-windows7.0) (&& (== net9.0) (< net6.0)) (== net9.0-windows7.0) (== netstandard2.0)
      Xpand.XAF.Modules.Blazor (>= 4.242.7.2) - restriction: || (&& (== net6.0) (>= net9.0)) (&& (== net6.0-windows7.0) (>= net9.0)) (== net9.0) (&& (== net9.0-windows7.0) (>= net9.0)) (&& (== netstandard2.0) (>= net9.0))
      Xpand.XAF.Modules.Reactive (>= 4.242.7.2) - restriction: || (&& (== net6.0) (>= net9.0)) (&& (== net6.0-windows7.0) (>= net9.0)) (== net9.0) (&& (== net9.0-windows7.0) (>= net9.0)) (&& (== netstandard2.0) (>= net9.0))
    Xpand.XAF.Modules.MasterDetail (4.242.7.2)
      DevExpress.ExpressApp (>= 24.2.7) - restriction: || (&& (== net6.0) (>= net9.0)) (&& (== net6.0-windows7.0) (>= net9.0)) (== net9.0) (&& (== net9.0-windows7.0) (>= net9.0)) (&& (== netstandard2.0) (>= net9.0))
      Fasterflect.Xpand (>= 2.0.7) - restriction: || (&& (== net6.0) (>= net9.0)) (&& (== net6.0-windows7.0) (>= net9.0)) (== net9.0) (&& (== net9.0-windows7.0) (>= net9.0)) (&& (== netstandard2.0) (>= net9.0))
      System.Reactive (>= 6.0) - restriction: || (&& (== net6.0) (>= net9.0)) (&& (== net6.0-windows7.0) (>= net9.0)) (== net9.0) (&& (== net9.0-windows7.0) (>= net9.0)) (&& (== netstandard2.0) (>= net9.0))
      System.Text.Json (>= 9.0) - restriction: || (&& (== net6.0) (>= net9.0)) (&& (== net6.0-windows7.0) (>= net9.0)) (== net9.0) (&& (== net9.0-windows7.0) (>= net9.0)) (&& (== netstandard2.0) (>= net9.0))
      System.Threading.Tasks.Dataflow (>= 7.0) - restriction: || (&& (== net6.0) (>= net9.0)) (&& (== net6.0-windows7.0) (>= net9.0)) (== net9.0) (&& (== net9.0-windows7.0) (>= net9.0)) (&& (== netstandard2.0) (>= net9.0))
      Xpand.Extensions (>= 4.242.7.2) - restriction: || (&& (== net6.0) (>= net9.0)) (&& (== net6.0-windows7.0) (>= net9.0)) (== net9.0) (&& (== net9.0-windows7.0) (>= net9.0)) (&& (== netstandard2.0) (>= net9.0))
      Xpand.Extensions.Reactive (>= 4.242.7.2) - restriction: || (&& (== net6.0) (>= net9.0)) (&& (== net6.0-windows7.0) (>= net9.0)) (== net9.0) (&& (== net9.0-windows7.0) (>= net9.0)) (&& (== netstandard2.0) (>= net9.0))
      Xpand.Extensions.XAF (>= 4.242.7.2) - restriction: || (&& (== net6.0) (>= net9.0)) (&& (== net6.0-windows7.0) (>= net9.0)) (== net9.0) (&& (== net9.0-windows7.0) (>= net9.0)) (&& (== netstandard2.0) (>= net9.0))
      Xpand.Patcher (>= 9.0) - restriction: || (&& (== net6.0) (>= net9.0)) (&& (== net6.0-windows7.0) (>= net9.0)) (== net9.0) (&& (== net9.0-windows7.0) (>= net9.0)) (&& (== netstandard2.0) (>= net9.0))
      Xpand.VersionConverter (>= 4.242.7.2) - restriction: || (== net6.0) (== net6.0-windows7.0) (&& (== net9.0) (< net6.0)) (== net9.0-windows7.0) (== netstandard2.0)
      Xpand.XAF.Modules.Reactive (>= 4.242.7.2) - restriction: || (&& (== net6.0) (>= net9.0)) (&& (== net6.0-windows7.0) (>= net9.0)) (== net9.0) (&& (== net9.0-windows7.0) (>= net9.0)) (&& (== netstandard2.0) (>= net9.0))
    Xpand.XAF.Modules.ModelMapper (4.242.7.2)
      DevExpress.ExpressApp (>= 24.2.7) - restriction: || (&& (== net6.0) (>= net9.0)) (&& (== net6.0-windows7.0) (>= net9.0)) (== net9.0) (&& (== net9.0-windows7.0) (>= net9.0)) (&& (== netstandard2.0) (>= net9.0))
      Enums.NET (>= 4.0) - restriction: || (&& (== net6.0) (>= net9.0)) (&& (== net6.0-windows7.0) (>= net9.0)) (== net9.0) (&& (== net9.0-windows7.0) (>= net9.0)) (&& (== netstandard2.0) (>= net9.0))
      Fasterflect.Xpand (>= 2.0.7) - restriction: || (&& (== net6.0) (>= net9.0)) (&& (== net6.0-windows7.0) (>= net9.0)) (== net9.0) (&& (== net9.0-windows7.0) (>= net9.0)) (&& (== netstandard2.0) (>= net9.0))
      Mono.Cecil (>= 0.11.5) - restriction: || (&& (== net6.0) (>= net9.0)) (&& (== net6.0-windows7.0) (>= net9.0)) (== net9.0) (&& (== net9.0-windows7.0) (>= net9.0)) (&& (== netstandard2.0) (>= net9.0))
      System.CodeDom (>= 9.0) - restriction: || (&& (== net6.0) (>= net9.0)) (&& (== net6.0-windows7.0) (>= net9.0)) (== net9.0) (&& (== net9.0-windows7.0) (>= net9.0)) (&& (== netstandard2.0) (>= net9.0))
      System.Interactive (>= 6.0.1) - restriction: || (&& (== net6.0) (>= net9.0)) (&& (== net6.0-windows7.0) (>= net9.0)) (== net9.0) (&& (== net9.0-windows7.0) (>= net9.0)) (&& (== netstandard2.0) (>= net9.0))
      System.Reactive (>= 6.0) - restriction: || (&& (== net6.0) (>= net9.0)) (&& (== net6.0-windows7.0) (>= net9.0)) (== net9.0) (&& (== net9.0-windows7.0) (>= net9.0)) (&& (== netstandard2.0) (>= net9.0))
      System.Text.Json (>= 9.0) - restriction: || (&& (== net6.0) (>= net9.0)) (&& (== net6.0-windows7.0) (>= net9.0)) (== net9.0) (&& (== net9.0-windows7.0) (>= net9.0)) (&& (== netstandard2.0) (>= net9.0))
      System.Threading.Tasks.Dataflow (>= 7.0) - restriction: || (&& (== net6.0) (>= net9.0)) (&& (== net6.0-windows7.0) (>= net9.0)) (== net9.0) (&& (== net9.0-windows7.0) (>= net9.0)) (&& (== netstandard2.0) (>= net9.0))
      Xpand.Collections (>= 1.0.4) - restriction: || (&& (== net6.0) (>= net9.0)) (&& (== net6.0-windows7.0) (>= net9.0)) (== net9.0) (&& (== net9.0-windows7.0) (>= net9.0)) (&& (== netstandard2.0) (>= net9.0))
      Xpand.Extensions (>= 4.242.7.2) - restriction: || (&& (== net6.0) (>= net9.0)) (&& (== net6.0-windows7.0) (>= net9.0)) (== net9.0) (&& (== net9.0-windows7.0) (>= net9.0)) (&& (== netstandard2.0) (>= net9.0))
      Xpand.Extensions.Reactive (>= 4.242.7.2) - restriction: || (&& (== net6.0) (>= net9.0)) (&& (== net6.0-windows7.0) (>= net9.0)) (== net9.0) (&& (== net9.0-windows7.0) (>= net9.0)) (&& (== netstandard2.0) (>= net9.0))
      Xpand.Extensions.XAF (>= 4.242.7.2) - restriction: || (&& (== net6.0) (>= net9.0)) (&& (== net6.0-windows7.0) (>= net9.0)) (== net9.0) (&& (== net9.0-windows7.0) (>= net9.0)) (&& (== netstandard2.0) (>= net9.0))
      Xpand.VersionConverter (>= 4.242.7.2) - restriction: || (== net6.0) (== net6.0-windows7.0) (&& (== net9.0) (< net6.0)) (== net9.0-windows7.0) (== netstandard2.0)
      Xpand.XAF.Modules.Reactive (>= 4.242.7.2) - restriction: || (&& (== net6.0) (>= net9.0)) (&& (== net6.0-windows7.0) (>= net9.0)) (== net9.0) (&& (== net9.0-windows7.0) (>= net9.0)) (&& (== netstandard2.0) (>= net9.0))
    Xpand.XAF.Modules.ModelViewInheritance (4.242.7.2)
      DevExpress.ExpressApp (>= 24.2.7) - restriction: || (&& (== net6.0) (>= net9.0)) (&& (== net6.0-windows7.0) (>= net9.0)) (== net9.0) (&& (== net9.0-windows7.0) (>= net9.0)) (&& (== netstandard2.0) (>= net9.0))
      Fasterflect.Xpand (>= 2.0.7) - restriction: || (&& (== net6.0) (>= net9.0)) (&& (== net6.0-windows7.0) (>= net9.0)) (== net9.0) (&& (== net9.0-windows7.0) (>= net9.0)) (&& (== netstandard2.0) (>= net9.0))
      System.Reactive (>= 6.0) - restriction: || (&& (== net6.0) (>= net9.0)) (&& (== net6.0-windows7.0) (>= net9.0)) (== net9.0) (&& (== net9.0-windows7.0) (>= net9.0)) (&& (== netstandard2.0) (>= net9.0))
      System.Text.Json (>= 9.0) - restriction: || (&& (== net6.0) (>= net9.0)) (&& (== net6.0-windows7.0) (>= net9.0)) (== net9.0) (&& (== net9.0-windows7.0) (>= net9.0)) (&& (== netstandard2.0) (>= net9.0))
      System.Threading.Tasks.Dataflow (>= 7.0) - restriction: || (&& (== net6.0) (>= net9.0)) (&& (== net6.0-windows7.0) (>= net9.0)) (== net9.0) (&& (== net9.0-windows7.0) (>= net9.0)) (&& (== netstandard2.0) (>= net9.0))
      System.ValueTuple (>= 4.5) - restriction: || (&& (== net6.0) (>= net9.0)) (&& (== net6.0-windows7.0) (>= net9.0)) (== net9.0) (&& (== net9.0-windows7.0) (>= net9.0)) (&& (== netstandard2.0) (>= net9.0))
      Xpand.Collections (>= 1.0.4) - restriction: || (&& (== net6.0) (>= net9.0)) (&& (== net6.0-windows7.0) (>= net9.0)) (== net9.0) (&& (== net9.0-windows7.0) (>= net9.0)) (&& (== netstandard2.0) (>= net9.0))
      Xpand.Extensions (>= 4.242.7.2) - restriction: || (&& (== net6.0) (>= net9.0)) (&& (== net6.0-windows7.0) (>= net9.0)) (== net9.0) (&& (== net9.0-windows7.0) (>= net9.0)) (&& (== netstandard2.0) (>= net9.0))
      Xpand.Extensions.Reactive (>= 4.242.7.2) - restriction: || (&& (== net6.0) (>= net9.0)) (&& (== net6.0-windows7.0) (>= net9.0)) (== net9.0) (&& (== net9.0-windows7.0) (>= net9.0)) (&& (== netstandard2.0) (>= net9.0))
      Xpand.Extensions.XAF (>= 4.242.7.2) - restriction: || (&& (== net6.0) (>= net9.0)) (&& (== net6.0-windows7.0) (>= net9.0)) (== net9.0) (&& (== net9.0-windows7.0) (>= net9.0)) (&& (== netstandard2.0) (>= net9.0))
      Xpand.Patcher (>= 9.0) - restriction: || (&& (== net6.0) (>= net9.0)) (&& (== net6.0-windows7.0) (>= net9.0)) (== net9.0) (&& (== net9.0-windows7.0) (>= net9.0)) (&& (== netstandard2.0) (>= net9.0))
      Xpand.VersionConverter (>= 4.242.7.2) - restriction: || (== net6.0) (== net6.0-windows7.0) (&& (== net9.0) (< net6.0)) (== net9.0-windows7.0) (== netstandard2.0)
      Xpand.XAF.Modules.Reactive (>= 4.242.7.2) - restriction: || (&& (== net6.0) (>= net9.0)) (&& (== net6.0-windows7.0) (>= net9.0)) (== net9.0) (&& (== net9.0-windows7.0) (>= net9.0)) (&& (== netstandard2.0) (>= net9.0))
    Xpand.XAF.Modules.Office.Cloud.Google (4.242.7.2)
      DevExpress.Persistent.Base (>= 24.2.7) - restriction: || (&& (== net6.0) (>= net9.0)) (&& (== net6.0-windows7.0) (>= net9.0)) (== net9.0) (&& (== net9.0-windows7.0) (>= net9.0)) (&& (== netstandard2.0) (>= net9.0))
      Fasterflect.Xpand (>= 2.0.7) - restriction: || (&& (== net6.0) (>= net9.0)) (&& (== net6.0-windows7.0) (>= net9.0)) (== net9.0) (&& (== net9.0-windows7.0) (>= net9.0)) (&& (== netstandard2.0) (>= net9.0))
      Google.Apis.Auth (>= 1.55) - restriction: || (&& (== net6.0) (>= net9.0)) (&& (== net6.0-windows7.0) (>= net9.0)) (== net9.0) (&& (== net9.0-windows7.0) (>= net9.0)) (&& (== netstandard2.0) (>= net9.0))
      System.Reactive (>= 6.0) - restriction: || (&& (== net6.0) (>= net9.0)) (&& (== net6.0-windows7.0) (>= net9.0)) (== net9.0) (&& (== net9.0-windows7.0) (>= net9.0)) (&& (== netstandard2.0) (>= net9.0))
      System.Text.Json (>= 9.0) - restriction: || (&& (== net6.0) (>= net9.0)) (&& (== net6.0-windows7.0) (>= net9.0)) (== net9.0) (&& (== net9.0-windows7.0) (>= net9.0)) (&& (== netstandard2.0) (>= net9.0))
      System.Threading.Tasks.Dataflow (>= 7.0) - restriction: || (&& (== net6.0) (>= net9.0)) (&& (== net6.0-windows7.0) (>= net9.0)) (== net9.0) (&& (== net9.0-windows7.0) (>= net9.0)) (&& (== netstandard2.0) (>= net9.0))
      Xpand.Extensions (>= 4.242.7.2) - restriction: || (&& (== net6.0) (>= net9.0)) (&& (== net6.0-windows7.0) (>= net9.0)) (== net9.0) (&& (== net9.0-windows7.0) (>= net9.0)) (&& (== netstandard2.0) (>= net9.0))
      Xpand.Extensions.Office.Cloud (>= 4.242.7.2) - restriction: || (&& (== net6.0) (>= net9.0)) (&& (== net6.0-windows7.0) (>= net9.0)) (== net9.0) (&& (== net9.0-windows7.0) (>= net9.0)) (&& (== netstandard2.0) (>= net9.0))
      Xpand.Extensions.Reactive (>= 4.242.7.2) - restriction: || (&& (== net6.0) (>= net9.0)) (&& (== net6.0-windows7.0) (>= net9.0)) (== net9.0) (&& (== net9.0-windows7.0) (>= net9.0)) (&& (== netstandard2.0) (>= net9.0))
      Xpand.Extensions.XAF (>= 4.242.7.2) - restriction: || (&& (== net6.0) (>= net9.0)) (&& (== net6.0-windows7.0) (>= net9.0)) (== net9.0) (&& (== net9.0-windows7.0) (>= net9.0)) (&& (== netstandard2.0) (>= net9.0))
      Xpand.Extensions.XAF.Xpo (>= 4.242.7.2) - restriction: || (&& (== net6.0) (>= net9.0)) (&& (== net6.0-windows7.0) (>= net9.0)) (== net9.0) (&& (== net9.0-windows7.0) (>= net9.0)) (&& (== netstandard2.0) (>= net9.0))
      Xpand.VersionConverter (>= 4.242.7.2) - restriction: || (== net6.0) (== net6.0-windows7.0) (&& (== net9.0) (< net6.0)) (== net9.0-windows7.0) (== netstandard2.0)
      Xpand.XAF.Modules.Reactive (>= 4.242.7.2) - restriction: || (&& (== net6.0) (>= net9.0)) (&& (== net6.0-windows7.0) (>= net9.0)) (== net9.0) (&& (== net9.0-windows7.0) (>= net9.0)) (&& (== netstandard2.0) (>= net9.0))
    Xpand.XAF.Modules.Office.Cloud.Google.Calendar (4.242.7.2)
      DevExpress.ExpressApp.Xpo (>= 24.2.7) - restriction: || (&& (== net6.0) (>= net9.0)) (&& (== net6.0-windows7.0) (>= net9.0)) (== net9.0) (&& (== net9.0-windows7.0) (>= net9.0)) (&& (== netstandard2.0) (>= net9.0))
      DevExpress.Persistent.Base (>= 24.2.7) - restriction: || (&& (== net6.0) (>= net9.0)) (&& (== net6.0-windows7.0) (>= net9.0)) (== net9.0) (&& (== net9.0-windows7.0) (>= net9.0)) (&& (== netstandard2.0) (>= net9.0))
      Fasterflect.Xpand (>= 2.0.7) - restriction: || (&& (== net6.0) (>= net9.0)) (&& (== net6.0-windows7.0) (>= net9.0)) (== net9.0) (&& (== net9.0-windows7.0) (>= net9.0)) (&& (== netstandard2.0) (>= net9.0))
      Google.Apis.Calendar.v3 (>= 1.55.0.2410) - restriction: || (&& (== net6.0) (>= net9.0)) (&& (== net6.0-windows7.0) (>= net9.0)) (== net9.0) (&& (== net9.0-windows7.0) (>= net9.0)) (&& (== netstandard2.0) (>= net9.0))
      System.Reactive (>= 6.0) - restriction: || (&& (== net6.0) (>= net9.0)) (&& (== net6.0-windows7.0) (>= net9.0)) (== net9.0) (&& (== net9.0-windows7.0) (>= net9.0)) (&& (== netstandard2.0) (>= net9.0))
      System.Text.Json (>= 9.0) - restriction: || (&& (== net6.0) (>= net9.0)) (&& (== net6.0-windows7.0) (>= net9.0)) (== net9.0) (&& (== net9.0-windows7.0) (>= net9.0)) (&& (== netstandard2.0) (>= net9.0))
      System.Threading.Tasks.Dataflow (>= 7.0) - restriction: || (&& (== net6.0) (>= net9.0)) (&& (== net6.0-windows7.0) (>= net9.0)) (== net9.0) (&& (== net9.0-windows7.0) (>= net9.0)) (&& (== netstandard2.0) (>= net9.0))
      Xpand.Extensions (>= 4.242.7.2) - restriction: || (&& (== net6.0) (>= net9.0)) (&& (== net6.0-windows7.0) (>= net9.0)) (== net9.0) (&& (== net9.0-windows7.0) (>= net9.0)) (&& (== netstandard2.0) (>= net9.0))
      Xpand.Extensions.Office.Cloud (>= 4.242.7.2) - restriction: || (&& (== net6.0) (>= net9.0)) (&& (== net6.0-windows7.0) (>= net9.0)) (== net9.0) (&& (== net9.0-windows7.0) (>= net9.0)) (&& (== netstandard2.0) (>= net9.0))
      Xpand.Extensions.Reactive (>= 4.242.7.2) - restriction: || (&& (== net6.0) (>= net9.0)) (&& (== net6.0-windows7.0) (>= net9.0)) (== net9.0) (&& (== net9.0-windows7.0) (>= net9.0)) (&& (== netstandard2.0) (>= net9.0))
      Xpand.Extensions.XAF (>= 4.242.7.2) - restriction: || (&& (== net6.0) (>= net9.0)) (&& (== net6.0-windows7.0) (>= net9.0)) (== net9.0) (&& (== net9.0-windows7.0) (>= net9.0)) (&& (== netstandard2.0) (>= net9.0))
      Xpand.Extensions.XAF.Xpo (>= 4.242.7.2) - restriction: || (&& (== net6.0) (>= net9.0)) (&& (== net6.0-windows7.0) (>= net9.0)) (== net9.0) (&& (== net9.0-windows7.0) (>= net9.0)) (&& (== netstandard2.0) (>= net9.0))
      Xpand.VersionConverter (>= 4.242.7.2) - restriction: || (== net6.0) (== net6.0-windows7.0) (&& (== net9.0) (< net6.0)) (== net9.0-windows7.0) (== netstandard2.0)
      Xpand.XAF.Modules.Office.Cloud.Google (>= 4.242.7.2) - restriction: || (&& (== net6.0) (>= net9.0)) (&& (== net6.0-windows7.0) (>= net9.0)) (== net9.0) (&& (== net9.0-windows7.0) (>= net9.0)) (&& (== netstandard2.0) (>= net9.0))
      Xpand.XAF.Modules.Reactive (>= 4.242.7.2) - restriction: || (&& (== net6.0) (>= net9.0)) (&& (== net6.0-windows7.0) (>= net9.0)) (== net9.0) (&& (== net9.0-windows7.0) (>= net9.0)) (&& (== netstandard2.0) (>= net9.0))
    Xpand.XAF.Modules.Office.Cloud.Google.Tasks (4.242.7.2)
      DevExpress.ExpressApp.Xpo (>= 24.2.7) - restriction: || (&& (== net6.0) (>= net9.0)) (&& (== net6.0-windows7.0) (>= net9.0)) (== net9.0) (&& (== net9.0-windows7.0) (>= net9.0)) (&& (== netstandard2.0) (>= net9.0))
      DevExpress.Persistent.Base (>= 24.2.7) - restriction: || (&& (== net6.0) (>= net9.0)) (&& (== net6.0-windows7.0) (>= net9.0)) (== net9.0) (&& (== net9.0-windows7.0) (>= net9.0)) (&& (== netstandard2.0) (>= net9.0))
      Fasterflect.Xpand (>= 2.0.7) - restriction: || (&& (== net6.0) (>= net9.0)) (&& (== net6.0-windows7.0) (>= net9.0)) (== net9.0) (&& (== net9.0-windows7.0) (>= net9.0)) (&& (== netstandard2.0) (>= net9.0))
      Google.Apis.Tasks.v1 (>= 1.55.0.2384) - restriction: || (&& (== net6.0) (>= net9.0)) (&& (== net6.0-windows7.0) (>= net9.0)) (== net9.0) (&& (== net9.0-windows7.0) (>= net9.0)) (&& (== netstandard2.0) (>= net9.0))
      System.Reactive (>= 6.0) - restriction: || (&& (== net6.0) (>= net9.0)) (&& (== net6.0-windows7.0) (>= net9.0)) (== net9.0) (&& (== net9.0-windows7.0) (>= net9.0)) (&& (== netstandard2.0) (>= net9.0))
      System.Text.Json (>= 9.0) - restriction: || (&& (== net6.0) (>= net9.0)) (&& (== net6.0-windows7.0) (>= net9.0)) (== net9.0) (&& (== net9.0-windows7.0) (>= net9.0)) (&& (== netstandard2.0) (>= net9.0))
      System.Threading.Tasks.Dataflow (>= 7.0) - restriction: || (&& (== net6.0) (>= net9.0)) (&& (== net6.0-windows7.0) (>= net9.0)) (== net9.0) (&& (== net9.0-windows7.0) (>= net9.0)) (&& (== netstandard2.0) (>= net9.0))
      Xpand.Extensions (>= 4.242.7.2) - restriction: || (&& (== net6.0) (>= net9.0)) (&& (== net6.0-windows7.0) (>= net9.0)) (== net9.0) (&& (== net9.0-windows7.0) (>= net9.0)) (&& (== netstandard2.0) (>= net9.0))
      Xpand.Extensions.Office.Cloud (>= 4.242.7.2) - restriction: || (&& (== net6.0) (>= net9.0)) (&& (== net6.0-windows7.0) (>= net9.0)) (== net9.0) (&& (== net9.0-windows7.0) (>= net9.0)) (&& (== netstandard2.0) (>= net9.0))
      Xpand.Extensions.Reactive (>= 4.242.7.2) - restriction: || (&& (== net6.0) (>= net9.0)) (&& (== net6.0-windows7.0) (>= net9.0)) (== net9.0) (&& (== net9.0-windows7.0) (>= net9.0)) (&& (== netstandard2.0) (>= net9.0))
      Xpand.Extensions.XAF (>= 4.242.7.2) - restriction: || (&& (== net6.0) (>= net9.0)) (&& (== net6.0-windows7.0) (>= net9.0)) (== net9.0) (&& (== net9.0-windows7.0) (>= net9.0)) (&& (== netstandard2.0) (>= net9.0))
      Xpand.Extensions.XAF.Xpo (>= 4.242.7.2) - restriction: || (&& (== net6.0) (>= net9.0)) (&& (== net6.0-windows7.0) (>= net9.0)) (== net9.0) (&& (== net9.0-windows7.0) (>= net9.0)) (&& (== netstandard2.0) (>= net9.0))
      Xpand.VersionConverter (>= 4.242.7.2) - restriction: || (== net6.0) (== net6.0-windows7.0) (&& (== net9.0) (< net6.0)) (== net9.0-windows7.0) (== netstandard2.0)
      Xpand.XAF.Modules.Office.Cloud.Google (>= 4.242.7.2) - restriction: || (&& (== net6.0) (>= net9.0)) (&& (== net6.0-windows7.0) (>= net9.0)) (== net9.0) (&& (== net9.0-windows7.0) (>= net9.0)) (&& (== netstandard2.0) (>= net9.0))
      Xpand.XAF.Modules.Reactive (>= 4.242.7.2) - restriction: || (&& (== net6.0) (>= net9.0)) (&& (== net6.0-windows7.0) (>= net9.0)) (== net9.0) (&& (== net9.0-windows7.0) (>= net9.0)) (&& (== netstandard2.0) (>= net9.0))
    Xpand.XAF.Modules.Office.DocumentStyleManager (4.242.7.2)
      DevExpress.ExpressApp.ConditionalAppearance (>= 24.2.7) - restriction: || (&& (== net6.0) (>= net9.0)) (&& (== net6.0-windows7.0) (>= net9.0)) (== net9.0) (&& (== net9.0-windows7.0) (>= net9.0)) (&& (== netstandard2.0) (>= net9.0))
      DevExpress.ExpressApp.Office (>= 24.2.7) - restriction: || (&& (== net6.0) (>= net9.0)) (&& (== net6.0-windows7.0) (>= net9.0)) (== net9.0) (&& (== net9.0-windows7.0) (>= net9.0)) (&& (== netstandard2.0) (>= net9.0))
      Fasterflect.Xpand (>= 2.0.7) - restriction: || (&& (== net6.0) (>= net9.0)) (&& (== net6.0-windows7.0) (>= net9.0)) (== net9.0) (&& (== net9.0-windows7.0) (>= net9.0)) (&& (== netstandard2.0) (>= net9.0))
      System.Interactive (>= 6.0.1) - restriction: || (&& (== net6.0) (>= net9.0)) (&& (== net6.0-windows7.0) (>= net9.0)) (== net9.0) (&& (== net9.0-windows7.0) (>= net9.0)) (&& (== netstandard2.0) (>= net9.0))
      System.Reactive (>= 6.0) - restriction: || (&& (== net6.0) (>= net9.0)) (&& (== net6.0-windows7.0) (>= net9.0)) (== net9.0) (&& (== net9.0-windows7.0) (>= net9.0)) (&& (== netstandard2.0) (>= net9.0))
      Xpand.Extensions (>= 4.242.7.2) - restriction: || (&& (== net6.0) (>= net9.0)) (&& (== net6.0-windows7.0) (>= net9.0)) (== net9.0) (&& (== net9.0-windows7.0) (>= net9.0)) (&& (== netstandard2.0) (>= net9.0))
      Xpand.Extensions.Reactive (>= 4.242.7.2) - restriction: || (&& (== net6.0) (>= net9.0)) (&& (== net6.0-windows7.0) (>= net9.0)) (== net9.0) (&& (== net9.0-windows7.0) (>= net9.0)) (&& (== netstandard2.0) (>= net9.0))
      Xpand.Extensions.XAF (>= 4.242.7.2) - restriction: || (&& (== net6.0) (>= net9.0)) (&& (== net6.0-windows7.0) (>= net9.0)) (== net9.0) (&& (== net9.0-windows7.0) (>= net9.0)) (&& (== netstandard2.0) (>= net9.0))
      Xpand.Extensions.XAF.Xpo (>= 4.242.7.2) - restriction: || (&& (== net6.0) (>= net9.0)) (&& (== net6.0-windows7.0) (>= net9.0)) (== net9.0) (&& (== net9.0-windows7.0) (>= net9.0)) (&& (== netstandard2.0) (>= net9.0))
      Xpand.VersionConverter (>= 4.242.7.2) - restriction: || (== net6.0) (== net6.0-windows7.0) (&& (== net9.0) (< net6.0)) (== net9.0-windows7.0) (== netstandard2.0)
      Xpand.XAF.Modules.HideToolBar (>= 4.242.7.2) - restriction: || (&& (== net6.0) (>= net9.0)) (&& (== net6.0-windows7.0) (>= net9.0)) (== net9.0) (&& (== net9.0-windows7.0) (>= net9.0)) (&& (== netstandard2.0) (>= net9.0))
      Xpand.XAF.Modules.Reactive (>= 4.242.7.2) - restriction: || (&& (== net6.0) (>= net9.0)) (&& (== net6.0-windows7.0) (>= net9.0)) (== net9.0) (&& (== net9.0-windows7.0) (>= net9.0)) (&& (== netstandard2.0) (>= net9.0))
      Xpand.XAF.Modules.SuppressConfirmation (>= 4.242.7.2) - restriction: || (&& (== net6.0) (>= net9.0)) (&& (== net6.0-windows7.0) (>= net9.0)) (== net9.0) (&& (== net9.0-windows7.0) (>= net9.0)) (&& (== netstandard2.0) (>= net9.0))
      Xpand.XAF.Modules.ViewItemValue (>= 4.242.7.2) - restriction: || (&& (== net6.0) (>= net9.0)) (&& (== net6.0-windows7.0) (>= net9.0)) (== net9.0) (&& (== net9.0-windows7.0) (>= net9.0)) (&& (== netstandard2.0) (>= net9.0))
    Xpand.XAF.Modules.OneView (4.242.7.2)
      DevExpress.ExpressApp.Win (>= 24.2.7) - restriction: || (&& (== net6.0) (>= net9.0)) (&& (== net6.0-windows7.0) (>= net9.0)) (== net9.0) (&& (== net9.0-windows7.0) (>= net9.0)) (&& (== netstandard2.0) (>= net9.0))
      Fasterflect.Xpand (>= 2.0.7) - restriction: || (&& (== net6.0) (>= net9.0)) (&& (== net6.0-windows7.0) (>= net9.0)) (== net9.0) (&& (== net9.0-windows7.0) (>= net9.0)) (&& (== netstandard2.0) (>= net9.0))
      Microsoft.CodeAnalysis (>= 4.12) - restriction: || (&& (== net6.0) (>= net9.0)) (&& (== net6.0-windows7.0) (>= net9.0)) (== net9.0) (&& (== net9.0-windows7.0) (>= net9.0)) (&& (== netstandard2.0) (>= net9.0))
      Microsoft.Extensions.Configuration.Abstractions (>= 9.0) - restriction: || (&& (== net6.0) (>= net9.0)) (&& (== net6.0-windows7.0) (>= net9.0)) (== net9.0) (&& (== net9.0-windows7.0) (>= net9.0)) (&& (== netstandard2.0) (>= net9.0))
      Microsoft.Extensions.DependencyInjection.Abstractions (>= 9.0) - restriction: || (&& (== net6.0) (>= net9.0)) (&& (== net6.0-windows7.0) (>= net9.0)) (== net9.0) (&& (== net9.0-windows7.0) (>= net9.0)) (&& (== netstandard2.0) (>= net9.0))
      Microsoft.Extensions.Options (>= 9.0) - restriction: || (&& (== net6.0) (>= net9.0)) (&& (== net6.0-windows7.0) (>= net9.0)) (== net9.0) (&& (== net9.0-windows7.0) (>= net9.0)) (&& (== netstandard2.0) (>= net9.0))
      System.Reactive (>= 6.0) - restriction: || (&& (== net6.0) (>= net9.0)) (&& (== net6.0-windows7.0) (>= net9.0)) (== net9.0) (&& (== net9.0-windows7.0) (>= net9.0)) (&& (== netstandard2.0) (>= net9.0))
      Xpand.Extensions (>= 4.242.7.2) - restriction: || (&& (== net6.0) (>= net9.0)) (&& (== net6.0-windows7.0) (>= net9.0)) (== net9.0) (&& (== net9.0-windows7.0) (>= net9.0)) (&& (== netstandard2.0) (>= net9.0))
      Xpand.Extensions.Reactive (>= 4.242.7.2) - restriction: || (&& (== net6.0) (>= net9.0)) (&& (== net6.0-windows7.0) (>= net9.0)) (== net9.0) (&& (== net9.0-windows7.0) (>= net9.0)) (&& (== netstandard2.0) (>= net9.0))
      Xpand.Extensions.XAF (>= 4.242.7.2) - restriction: || (&& (== net6.0) (>= net9.0)) (&& (== net6.0-windows7.0) (>= net9.0)) (== net9.0) (&& (== net9.0-windows7.0) (>= net9.0)) (&& (== netstandard2.0) (>= net9.0))
      Xpand.VersionConverter (>= 4.242.7.2) - restriction: || (== net6.0) (== net6.0-windows7.0) (&& (== net9.0) (< net6.0)) (== net9.0-windows7.0) (== netstandard2.0)
      Xpand.XAF.Modules.Reactive (>= 4.242.7.2) - restriction: || (&& (== net6.0) (>= net9.0)) (&& (== net6.0-windows7.0) (>= net9.0)) (== net9.0) (&& (== net9.0-windows7.0) (>= net9.0)) (&& (== netstandard2.0) (>= net9.0))
    Xpand.XAF.Modules.PositionInListView (4.242.7.2)
      DevExpress.ExpressApp (>= 24.2.7) - restriction: || (&& (== net6.0) (>= net9.0)) (&& (== net6.0-windows7.0) (>= net9.0)) (== net9.0) (&& (== net9.0-windows7.0) (>= net9.0)) (&& (== netstandard2.0) (>= net9.0))
      Fasterflect.Xpand (>= 2.0.7) - restriction: || (&& (== net6.0) (>= net9.0)) (&& (== net6.0-windows7.0) (>= net9.0)) (== net9.0) (&& (== net9.0-windows7.0) (>= net9.0)) (&& (== netstandard2.0) (>= net9.0))
      System.Reactive (>= 6.0) - restriction: || (&& (== net6.0) (>= net9.0)) (&& (== net6.0-windows7.0) (>= net9.0)) (== net9.0) (&& (== net9.0-windows7.0) (>= net9.0)) (&& (== netstandard2.0) (>= net9.0))
      System.Text.Json (>= 9.0) - restriction: || (&& (== net6.0) (>= net9.0)) (&& (== net6.0-windows7.0) (>= net9.0)) (== net9.0) (&& (== net9.0-windows7.0) (>= net9.0)) (&& (== netstandard2.0) (>= net9.0))
      System.Threading.Tasks.Dataflow (>= 7.0) - restriction: || (&& (== net6.0) (>= net9.0)) (&& (== net6.0-windows7.0) (>= net9.0)) (== net9.0) (&& (== net9.0-windows7.0) (>= net9.0)) (&& (== netstandard2.0) (>= net9.0))
      Xpand.Extensions (>= 4.242.7.2) - restriction: || (&& (== net6.0) (>= net9.0)) (&& (== net6.0-windows7.0) (>= net9.0)) (== net9.0) (&& (== net9.0-windows7.0) (>= net9.0)) (&& (== netstandard2.0) (>= net9.0))
      Xpand.Extensions.Reactive (>= 4.242.7.2) - restriction: || (&& (== net6.0) (>= net9.0)) (&& (== net6.0-windows7.0) (>= net9.0)) (== net9.0) (&& (== net9.0-windows7.0) (>= net9.0)) (&& (== netstandard2.0) (>= net9.0))
      Xpand.Extensions.XAF (>= 4.242.7.2) - restriction: || (&& (== net6.0) (>= net9.0)) (&& (== net6.0-windows7.0) (>= net9.0)) (== net9.0) (&& (== net9.0-windows7.0) (>= net9.0)) (&& (== netstandard2.0) (>= net9.0))
      Xpand.VersionConverter (>= 4.242.7.2) - restriction: || (== net6.0) (== net6.0-windows7.0) (&& (== net9.0) (< net6.0)) (== net9.0-windows7.0) (== netstandard2.0)
      Xpand.XAF.Modules.Reactive (>= 4.242.7.2) - restriction: || (&& (== net6.0) (>= net9.0)) (&& (== net6.0-windows7.0) (>= net9.0)) (== net9.0) (&& (== net9.0-windows7.0) (>= net9.0)) (&& (== netstandard2.0) (>= net9.0))
    Xpand.XAF.Modules.ProgressBarViewItem (4.242.7.2)
      DevExpress.ExpressApp (>= 24.2.7) - restriction: || (&& (== net6.0) (>= net9.0)) (&& (== net6.0-windows7.0) (>= net9.0)) (== net9.0) (&& (== net9.0-windows7.0) (>= net9.0)) (&& (== netstandard2.0) (>= net9.0))
      Fasterflect.Xpand (>= 2.0.7) - restriction: || (&& (== net6.0) (>= net9.0)) (&& (== net6.0-windows7.0) (>= net9.0)) (== net9.0) (&& (== net9.0-windows7.0) (>= net9.0)) (&& (== netstandard2.0) (>= net9.0))
      System.CodeDom (>= 9.0) - restriction: || (&& (== net6.0) (>= net9.0)) (&& (== net6.0-windows7.0) (>= net9.0)) (== net9.0) (&& (== net9.0-windows7.0) (>= net9.0)) (&& (== netstandard2.0) (>= net9.0))
      System.Reactive (>= 6.0) - restriction: || (&& (== net6.0) (>= net9.0)) (&& (== net6.0-windows7.0) (>= net9.0)) (== net9.0) (&& (== net9.0-windows7.0) (>= net9.0)) (&& (== netstandard2.0) (>= net9.0))
      System.Text.Json (>= 9.0) - restriction: || (&& (== net6.0) (>= net9.0)) (&& (== net6.0-windows7.0) (>= net9.0)) (== net9.0) (&& (== net9.0-windows7.0) (>= net9.0)) (&& (== netstandard2.0) (>= net9.0))
      System.Threading.Tasks.Dataflow (>= 7.0) - restriction: || (&& (== net6.0) (>= net9.0)) (&& (== net6.0-windows7.0) (>= net9.0)) (== net9.0) (&& (== net9.0-windows7.0) (>= net9.0)) (&& (== netstandard2.0) (>= net9.0))
      Xpand.Extensions (>= 4.242.7.2) - restriction: || (&& (== net6.0) (>= net9.0)) (&& (== net6.0-windows7.0) (>= net9.0)) (== net9.0) (&& (== net9.0-windows7.0) (>= net9.0)) (&& (== netstandard2.0) (>= net9.0))
      Xpand.Extensions.Reactive (>= 4.242.7.2) - restriction: || (&& (== net6.0) (>= net9.0)) (&& (== net6.0-windows7.0) (>= net9.0)) (== net9.0) (&& (== net9.0-windows7.0) (>= net9.0)) (&& (== netstandard2.0) (>= net9.0))
      Xpand.Extensions.XAF (>= 4.242.7.2) - restriction: || (&& (== net6.0) (>= net9.0)) (&& (== net6.0-windows7.0) (>= net9.0)) (== net9.0) (&& (== net9.0-windows7.0) (>= net9.0)) (&& (== netstandard2.0) (>= net9.0))
      Xpand.VersionConverter (>= 4.242.7.2) - restriction: || (== net6.0) (== net6.0-windows7.0) (&& (== net9.0) (< net6.0)) (== net9.0-windows7.0) (== netstandard2.0)
      Xpand.XAF.Modules.Reactive (>= 4.242.7.2) - restriction: || (&& (== net6.0) (>= net9.0)) (&& (== net6.0-windows7.0) (>= net9.0)) (== net9.0) (&& (== net9.0-windows7.0) (>= net9.0)) (&& (== netstandard2.0) (>= net9.0))
    Xpand.XAF.Modules.RazorView (4.242.7.2)
      DevExpress.ExpressApp.Validation (>= 24.2.7) - restriction: || (&& (== net6.0) (>= net9.0)) (&& (== net6.0-windows7.0) (>= net9.0)) (== net9.0) (&& (== net9.0-windows7.0) (>= net9.0)) (&& (== netstandard2.0) (>= net9.0))
      Fasterflect.Xpand (>= 2.0.7) - restriction: || (&& (== net6.0) (>= net9.0)) (&& (== net6.0-windows7.0) (>= net9.0)) (== net9.0) (&& (== net9.0-windows7.0) (>= net9.0)) (&& (== netstandard2.0) (>= net9.0))
      RazorLight (>= 2.0.0-rc.3) - restriction: || (&& (== net6.0) (>= net9.0)) (&& (== net6.0-windows7.0) (>= net9.0)) (== net9.0) (&& (== net9.0-windows7.0) (>= net9.0)) (&& (== netstandard2.0) (>= net9.0))
      System.Reactive (>= 6.0) - restriction: || (&& (== net6.0) (>= net9.0)) (&& (== net6.0-windows7.0) (>= net9.0)) (== net9.0) (&& (== net9.0-windows7.0) (>= net9.0)) (&& (== netstandard2.0) (>= net9.0))
      System.Reflection.Metadata (>= 9.0) - restriction: || (&& (== net6.0) (>= net9.0)) (&& (== net6.0-windows7.0) (>= net9.0)) (== net9.0) (&& (== net9.0-windows7.0) (>= net9.0)) (&& (== netstandard2.0) (>= net9.0))
      System.Text.Json (>= 9.0) - restriction: || (&& (== net6.0) (>= net9.0)) (&& (== net6.0-windows7.0) (>= net9.0)) (== net9.0) (&& (== net9.0-windows7.0) (>= net9.0)) (&& (== netstandard2.0) (>= net9.0))
      System.Threading.Tasks.Dataflow (>= 7.0) - restriction: || (&& (== net6.0) (>= net9.0)) (&& (== net6.0-windows7.0) (>= net9.0)) (== net9.0) (&& (== net9.0-windows7.0) (>= net9.0)) (&& (== netstandard2.0) (>= net9.0))
      Xpand.Collections (>= 1.0.4) - restriction: || (&& (== net6.0) (>= net9.0)) (&& (== net6.0-windows7.0) (>= net9.0)) (== net9.0) (&& (== net9.0-windows7.0) (>= net9.0)) (&& (== netstandard2.0) (>= net9.0))
      Xpand.Extensions (>= 4.242.7.2) - restriction: || (&& (== net6.0) (>= net9.0)) (&& (== net6.0-windows7.0) (>= net9.0)) (== net9.0) (&& (== net9.0-windows7.0) (>= net9.0)) (&& (== netstandard2.0) (>= net9.0))
      Xpand.Extensions.Reactive (>= 4.242.7.2) - restriction: || (&& (== net6.0) (>= net9.0)) (&& (== net6.0-windows7.0) (>= net9.0)) (== net9.0) (&& (== net9.0-windows7.0) (>= net9.0)) (&& (== netstandard2.0) (>= net9.0))
      Xpand.Extensions.XAF (>= 4.242.7.2) - restriction: || (&& (== net6.0) (>= net9.0)) (&& (== net6.0-windows7.0) (>= net9.0)) (== net9.0) (&& (== net9.0-windows7.0) (>= net9.0)) (&& (== netstandard2.0) (>= net9.0))
      Xpand.Extensions.XAF.Xpo (>= 4.242.7.2) - restriction: || (&& (== net6.0) (>= net9.0)) (&& (== net6.0-windows7.0) (>= net9.0)) (== net9.0) (&& (== net9.0-windows7.0) (>= net9.0)) (&& (== netstandard2.0) (>= net9.0))
      Xpand.Patcher (>= 9.0) - restriction: || (&& (== net6.0) (>= net9.0)) (&& (== net6.0-windows7.0) (>= net9.0)) (== net9.0) (&& (== net9.0-windows7.0) (>= net9.0)) (&& (== netstandard2.0) (>= net9.0))
      Xpand.VersionConverter (>= 4.242.7.2) - restriction: || (== net6.0) (== net6.0-windows7.0) (&& (== net9.0) (< net6.0)) (== net9.0-windows7.0) (== netstandard2.0)
      Xpand.XAF.Modules.Reactive (>= 4.242.7.2) - restriction: || (&& (== net6.0) (>= net9.0)) (&& (== net6.0-windows7.0) (>= net9.0)) (== net9.0) (&& (== net9.0-windows7.0) (>= net9.0)) (&& (== netstandard2.0) (>= net9.0))
    Xpand.XAF.Modules.Reactive (4.242.7.2)
      DevExpress.ExpressApp (>= 24.2.7) - restriction: || (&& (== net6.0) (>= net9.0)) (&& (== net6.0-windows7.0) (>= net9.0)) (== net9.0) (&& (== net9.0-windows7.0) (>= net9.0)) (&& (== netstandard2.0) (>= net9.0))
      DevExpress.ExpressApp.Security.Xpo (>= 24.2.7) - restriction: || (&& (== net6.0) (>= net9.0)) (&& (== net6.0-windows7.0) (>= net9.0)) (== net9.0) (&& (== net9.0-windows7.0) (>= net9.0)) (&& (== netstandard2.0) (>= net9.0))
      DevExpress.ExpressApp.Validation (>= 24.2.7) - restriction: || (&& (== net6.0) (>= net9.0)) (&& (== net6.0-windows7.0) (>= net9.0)) (== net9.0) (&& (== net9.0-windows7.0) (>= net9.0)) (&& (== netstandard2.0) (>= net9.0))
      DevExpress.ExpressApp.ViewVariantsModule (>= 24.2.7) - restriction: || (&& (== net6.0) (>= net9.0)) (&& (== net6.0-windows7.0) (>= net9.0)) (== net9.0) (&& (== net9.0-windows7.0) (>= net9.0)) (&& (== netstandard2.0) (>= net9.0))
      DevExpress.Persistent.Base (>= 24.2.7) - restriction: || (&& (== net6.0) (>= net9.0)) (&& (== net6.0-windows7.0) (>= net9.0)) (== net9.0) (&& (== net9.0-windows7.0) (>= net9.0)) (&& (== netstandard2.0) (>= net9.0))
      Enums.NET (>= 4.0) - restriction: || (&& (== net6.0) (>= net9.0)) (&& (== net6.0-windows7.0) (>= net9.0)) (== net9.0) (&& (== net9.0-windows7.0) (>= net9.0)) (&& (== netstandard2.0) (>= net9.0))
      Fasterflect.Xpand (>= 2.0.7) - restriction: || (&& (== net6.0) (>= net9.0)) (&& (== net6.0-windows7.0) (>= net9.0)) (== net9.0) (&& (== net9.0-windows7.0) (>= net9.0)) (&& (== netstandard2.0) (>= net9.0))
      Microsoft.CSharp (>= 4.7) - restriction: || (&& (== net6.0) (>= net9.0)) (&& (== net6.0-windows7.0) (>= net9.0)) (== net9.0) (&& (== net9.0-windows7.0) (>= net9.0)) (&& (== netstandard2.0) (>= net9.0))
      Microsoft.Extensions.Hosting (>= 6.0) - restriction: || (&& (== net6.0) (>= net9.0)) (&& (== net6.0-windows7.0) (>= net9.0)) (== net9.0) (&& (== net9.0-windows7.0) (>= net9.0)) (&& (== netstandard2.0) (>= net9.0))
      Serialize.Linq (>= 2.0) - restriction: || (&& (== net6.0) (>= net9.0)) (&& (== net6.0-windows7.0) (>= net9.0)) (== net9.0) (&& (== net9.0-windows7.0) (>= net9.0)) (&& (== netstandard2.0) (>= net9.0))
      System.Interactive (>= 6.0.1) - restriction: || (&& (== net6.0) (>= net9.0)) (&& (== net6.0-windows7.0) (>= net9.0)) (== net9.0) (&& (== net9.0-windows7.0) (>= net9.0)) (&& (== netstandard2.0) (>= net9.0))
      System.Reactive (>= 6.0) - restriction: || (&& (== net6.0) (>= net9.0)) (&& (== net6.0-windows7.0) (>= net9.0)) (== net9.0) (&& (== net9.0-windows7.0) (>= net9.0)) (&& (== netstandard2.0) (>= net9.0))
      System.Text.Json (>= 9.0) - restriction: || (&& (== net6.0) (>= net9.0)) (&& (== net6.0-windows7.0) (>= net9.0)) (== net9.0) (&& (== net9.0-windows7.0) (>= net9.0)) (&& (== netstandard2.0) (>= net9.0))
      System.Threading.Tasks.Dataflow (>= 7.0) - restriction: || (&& (== net6.0) (>= net9.0)) (&& (== net6.0-windows7.0) (>= net9.0)) (== net9.0) (&& (== net9.0-windows7.0) (>= net9.0)) (&& (== netstandard2.0) (>= net9.0))
      Xpand.Extensions (>= 4.242.7.2) - restriction: || (&& (== net6.0) (>= net9.0)) (&& (== net6.0-windows7.0) (>= net9.0)) (== net9.0) (&& (== net9.0-windows7.0) (>= net9.0)) (&& (== netstandard2.0) (>= net9.0))
      Xpand.Extensions.Reactive (>= 4.242.7.2) - restriction: || (&& (== net6.0) (>= net9.0)) (&& (== net6.0-windows7.0) (>= net9.0)) (== net9.0) (&& (== net9.0-windows7.0) (>= net9.0)) (&& (== netstandard2.0) (>= net9.0))
      Xpand.Extensions.XAF (>= 4.242.7.2) - restriction: || (&& (== net6.0) (>= net9.0)) (&& (== net6.0-windows7.0) (>= net9.0)) (== net9.0) (&& (== net9.0-windows7.0) (>= net9.0)) (&& (== netstandard2.0) (>= net9.0))
      Xpand.Patcher (>= 9.0) - restriction: || (&& (== net6.0) (>= net9.0)) (&& (== net6.0-windows7.0) (>= net9.0)) (== net9.0) (&& (== net9.0-windows7.0) (>= net9.0)) (&& (== netstandard2.0) (>= net9.0))
      Xpand.VersionConverter (>= 4.242.7.2) - restriction: || (== net6.0) (== net6.0-windows7.0) (&& (== net9.0) (< net6.0)) (== net9.0-windows7.0) (== netstandard2.0)
    Xpand.XAF.Modules.Reactive.Logger (4.242.7.2)
      DevExpress.ExpressApp.ConditionalAppearance (>= 24.2.7) - restriction: || (&& (== net6.0) (>= net9.0)) (&& (== net6.0-windows7.0) (>= net9.0)) (== net9.0) (&& (== net9.0-windows7.0) (>= net9.0)) (&& (== netstandard2.0) (>= net9.0))
      DevExpress.ExpressApp.Notifications (>= 24.2.7) - restriction: || (&& (== net6.0) (>= net9.0)) (&& (== net6.0-windows7.0) (>= net9.0)) (== net9.0) (&& (== net9.0-windows7.0) (>= net9.0)) (&& (== netstandard2.0) (>= net9.0))
      Fasterflect.Xpand (>= 2.0.7) - restriction: || (&& (== net6.0) (>= net9.0)) (&& (== net6.0-windows7.0) (>= net9.0)) (== net9.0) (&& (== net9.0-windows7.0) (>= net9.0)) (&& (== netstandard2.0) (>= net9.0))
      System.Reactive (>= 6.0) - restriction: || (&& (== net6.0) (>= net9.0)) (&& (== net6.0-windows7.0) (>= net9.0)) (== net9.0) (&& (== net9.0-windows7.0) (>= net9.0)) (&& (== netstandard2.0) (>= net9.0))
      System.Text.Json (>= 9.0) - restriction: || (&& (== net6.0) (>= net9.0)) (&& (== net6.0-windows7.0) (>= net9.0)) (== net9.0) (&& (== net9.0-windows7.0) (>= net9.0)) (&& (== netstandard2.0) (>= net9.0))
      System.Threading.Tasks.Dataflow (>= 7.0) - restriction: || (&& (== net6.0) (>= net9.0)) (&& (== net6.0-windows7.0) (>= net9.0)) (== net9.0) (&& (== net9.0-windows7.0) (>= net9.0)) (&& (== netstandard2.0) (>= net9.0))
      Xpand.Extensions (>= 4.242.7.2) - restriction: || (&& (== net6.0) (>= net9.0)) (&& (== net6.0-windows7.0) (>= net9.0)) (== net9.0) (&& (== net9.0-windows7.0) (>= net9.0)) (&& (== netstandard2.0) (>= net9.0))
      Xpand.Extensions.Reactive (>= 4.242.7.2) - restriction: || (&& (== net6.0) (>= net9.0)) (&& (== net6.0-windows7.0) (>= net9.0)) (== net9.0) (&& (== net9.0-windows7.0) (>= net9.0)) (&& (== netstandard2.0) (>= net9.0))
      Xpand.Extensions.XAF (>= 4.242.7.2) - restriction: || (&& (== net6.0) (>= net9.0)) (&& (== net6.0-windows7.0) (>= net9.0)) (== net9.0) (&& (== net9.0-windows7.0) (>= net9.0)) (&& (== netstandard2.0) (>= net9.0))
      Xpand.Patcher (>= 9.0) - restriction: || (&& (== net6.0) (>= net9.0)) (&& (== net6.0-windows7.0) (>= net9.0)) (== net9.0) (&& (== net9.0-windows7.0) (>= net9.0)) (&& (== netstandard2.0) (>= net9.0))
      Xpand.VersionConverter (>= 4.242.7.2) - restriction: || (== net6.0) (== net6.0-windows7.0) (&& (== net9.0) (< net6.0)) (== net9.0-windows7.0) (== netstandard2.0)
      Xpand.XAF.Modules.Reactive (>= 4.242.7.2) - restriction: || (&& (== net6.0) (>= net9.0)) (&& (== net6.0-windows7.0) (>= net9.0)) (== net9.0) (&& (== net9.0-windows7.0) (>= net9.0)) (&& (== netstandard2.0) (>= net9.0))
    Xpand.XAF.Modules.Reactive.Logger.Hub (4.242.7.2)
      DevExpress.ExpressApp (>= 24.2.7) - restriction: || (&& (== net6.0) (>= net9.0)) (&& (== net6.0-windows7.0) (>= net9.0)) (== net9.0) (&& (== net9.0-windows7.0) (>= net9.0)) (&& (== netstandard2.0) (>= net9.0))
      DevExpress.Xpo (>= 24.2.7) - restriction: || (&& (== net6.0) (>= net9.0)) (&& (== net6.0-windows7.0) (>= net9.0)) (== net9.0) (&& (== net9.0-windows7.0) (>= net9.0)) (&& (== netstandard2.0) (>= net9.0))
      Fasterflect.Xpand (>= 2.0.7) - restriction: || (&& (== net6.0) (>= net9.0)) (&& (== net6.0-windows7.0) (>= net9.0)) (== net9.0) (&& (== net9.0-windows7.0) (>= net9.0)) (&& (== netstandard2.0) (>= net9.0))
      MagicOnion (>= 2.6.3) - restriction: || (&& (== net6.0) (>= net9.0)) (&& (== net6.0-windows7.0) (>= net9.0)) (== net9.0) (&& (== net9.0-windows7.0) (>= net9.0)) (&& (== netstandard2.0) (>= net9.0))
      System.CodeDom (>= 9.0) - restriction: || (&& (== net6.0) (>= net9.0)) (&& (== net6.0-windows7.0) (>= net9.0)) (== net9.0) (&& (== net9.0-windows7.0) (>= net9.0)) (&& (== netstandard2.0) (>= net9.0))
      System.Interactive.Async (>= 6.0.1) - restriction: || (&& (== net6.0) (>= net9.0)) (&& (== net6.0-windows7.0) (>= net9.0)) (== net9.0) (&& (== net9.0-windows7.0) (>= net9.0)) (&& (== netstandard2.0) (>= net9.0))
      System.Reactive (>= 6.0) - restriction: || (&& (== net6.0) (>= net9.0)) (&& (== net6.0-windows7.0) (>= net9.0)) (== net9.0) (&& (== net9.0-windows7.0) (>= net9.0)) (&& (== netstandard2.0) (>= net9.0))
      System.Text.Json (>= 9.0) - restriction: || (&& (== net6.0) (>= net9.0)) (&& (== net6.0-windows7.0) (>= net9.0)) (== net9.0) (&& (== net9.0-windows7.0) (>= net9.0)) (&& (== netstandard2.0) (>= net9.0))
      System.Threading.Tasks.Dataflow (>= 7.0) - restriction: || (&& (== net6.0) (>= net9.0)) (&& (== net6.0-windows7.0) (>= net9.0)) (== net9.0) (&& (== net9.0-windows7.0) (>= net9.0)) (&& (== netstandard2.0) (>= net9.0))
      Xpand.Collections (>= 1.0.4) - restriction: || (&& (== net6.0) (>= net9.0)) (&& (== net6.0-windows7.0) (>= net9.0)) (== net9.0) (&& (== net9.0-windows7.0) (>= net9.0)) (&& (== netstandard2.0) (>= net9.0))
      Xpand.Extensions (>= 4.242.7.2) - restriction: || (&& (== net6.0) (>= net9.0)) (&& (== net6.0-windows7.0) (>= net9.0)) (== net9.0) (&& (== net9.0-windows7.0) (>= net9.0)) (&& (== netstandard2.0) (>= net9.0))
      Xpand.Extensions.Reactive (>= 4.242.7.2) - restriction: || (&& (== net6.0) (>= net9.0)) (&& (== net6.0-windows7.0) (>= net9.0)) (== net9.0) (&& (== net9.0-windows7.0) (>= net9.0)) (&& (== netstandard2.0) (>= net9.0))
      Xpand.Extensions.XAF (>= 4.242.7.2) - restriction: || (&& (== net6.0) (>= net9.0)) (&& (== net6.0-windows7.0) (>= net9.0)) (== net9.0) (&& (== net9.0-windows7.0) (>= net9.0)) (&& (== netstandard2.0) (>= net9.0))
      Xpand.Patcher (>= 9.0) - restriction: || (&& (== net6.0) (>= net9.0)) (&& (== net6.0-windows7.0) (>= net9.0)) (== net9.0) (&& (== net9.0-windows7.0) (>= net9.0)) (&& (== netstandard2.0) (>= net9.0))
      Xpand.VersionConverter (>= 4.242.7.2) - restriction: || (== net6.0) (== net6.0-windows7.0) (&& (== net9.0) (< net6.0)) (== net9.0-windows7.0) (== netstandard2.0)
      Xpand.XAF.Modules.Reactive (>= 4.242.7.2) - restriction: || (&& (== net6.0) (>= net9.0)) (&& (== net6.0-windows7.0) (>= net9.0)) (== net9.0) (&& (== net9.0-windows7.0) (>= net9.0)) (&& (== netstandard2.0) (>= net9.0))
      Xpand.XAF.Modules.Reactive.Logger (>= 4.242.7.2) - restriction: || (&& (== net6.0) (>= net9.0)) (&& (== net6.0-windows7.0) (>= net9.0)) (== net9.0) (&& (== net9.0-windows7.0) (>= net9.0)) (&& (== netstandard2.0) (>= net9.0))
      YamlDotNet (>= 11.2.1) - restriction: || (&& (== net6.0) (>= net9.0)) (&& (== net6.0-windows7.0) (>= net9.0)) (== net9.0) (&& (== net9.0-windows7.0) (>= net9.0)) (&& (== netstandard2.0) (>= net9.0))
    Xpand.XAF.Modules.Reactive.Rest (4.242.7.2)
      DevExpress.ExpressApp (>= 24.2.7) - restriction: || (&& (== net6.0) (>= net9.0)) (&& (== net6.0-windows7.0) (>= net9.0)) (== net9.0) (&& (== net9.0-windows7.0) (>= net9.0)) (&& (== netstandard2.0) (>= net9.0))
      Fasterflect.Xpand (>= 2.0.7) - restriction: || (&& (== net6.0) (>= net9.0)) (&& (== net6.0-windows7.0) (>= net9.0)) (== net9.0) (&& (== net9.0-windows7.0) (>= net9.0)) (&& (== netstandard2.0) (>= net9.0))
      Microsoft.CSharp (>= 4.7) - restriction: || (&& (== net6.0) (>= net9.0)) (&& (== net6.0-windows7.0) (>= net9.0)) (== net9.0) (&& (== net9.0-windows7.0) (>= net9.0)) (&& (== netstandard2.0) (>= net9.0))
      System.Reactive (>= 6.0) - restriction: || (&& (== net6.0) (>= net9.0)) (&& (== net6.0-windows7.0) (>= net9.0)) (== net9.0) (&& (== net9.0-windows7.0) (>= net9.0)) (&& (== netstandard2.0) (>= net9.0))
      System.Text.Json (>= 9.0) - restriction: || (&& (== net6.0) (>= net9.0)) (&& (== net6.0-windows7.0) (>= net9.0)) (== net9.0) (&& (== net9.0-windows7.0) (>= net9.0)) (&& (== netstandard2.0) (>= net9.0))
      System.Threading.Tasks.Dataflow (>= 7.0) - restriction: || (&& (== net6.0) (>= net9.0)) (&& (== net6.0-windows7.0) (>= net9.0)) (== net9.0) (&& (== net9.0-windows7.0) (>= net9.0)) (&& (== netstandard2.0) (>= net9.0))
      Xpand.Extensions (>= 4.242.7.2) - restriction: || (&& (== net6.0) (>= net9.0)) (&& (== net6.0-windows7.0) (>= net9.0)) (== net9.0) (&& (== net9.0-windows7.0) (>= net9.0)) (&& (== netstandard2.0) (>= net9.0))
      Xpand.Extensions.Reactive (>= 4.242.7.2) - restriction: || (&& (== net6.0) (>= net9.0)) (&& (== net6.0-windows7.0) (>= net9.0)) (== net9.0) (&& (== net9.0-windows7.0) (>= net9.0)) (&& (== netstandard2.0) (>= net9.0))
      Xpand.Extensions.XAF (>= 4.242.7.2) - restriction: || (&& (== net6.0) (>= net9.0)) (&& (== net6.0-windows7.0) (>= net9.0)) (== net9.0) (&& (== net9.0-windows7.0) (>= net9.0)) (&& (== netstandard2.0) (>= net9.0))
      Xpand.Patcher (>= 9.0) - restriction: || (&& (== net6.0) (>= net9.0)) (&& (== net6.0-windows7.0) (>= net9.0)) (== net9.0) (&& (== net9.0-windows7.0) (>= net9.0)) (&& (== netstandard2.0) (>= net9.0))
      Xpand.VersionConverter (>= 4.242.7.2) - restriction: || (== net6.0) (== net6.0-windows7.0) (&& (== net9.0) (< net6.0)) (== net9.0-windows7.0) (== netstandard2.0)
      Xpand.XAF.Modules.Reactive (>= 4.242.7.2) - restriction: || (&& (== net6.0) (>= net9.0)) (&& (== net6.0-windows7.0) (>= net9.0)) (== net9.0) (&& (== net9.0-windows7.0) (>= net9.0)) (&& (== netstandard2.0) (>= net9.0))
    Xpand.XAF.Modules.RefreshView (4.242.7.2)
      DevExpress.ExpressApp (>= 24.2.7) - restriction: || (&& (== net6.0) (>= net9.0)) (&& (== net6.0-windows7.0) (>= net9.0)) (== net9.0) (&& (== net9.0-windows7.0) (>= net9.0)) (&& (== netstandard2.0) (>= net9.0))
      Fasterflect.Xpand (>= 2.0.7) - restriction: || (&& (== net6.0) (>= net9.0)) (&& (== net6.0-windows7.0) (>= net9.0)) (== net9.0) (&& (== net9.0-windows7.0) (>= net9.0)) (&& (== netstandard2.0) (>= net9.0))
      System.Reactive (>= 6.0) - restriction: || (&& (== net6.0) (>= net9.0)) (&& (== net6.0-windows7.0) (>= net9.0)) (== net9.0) (&& (== net9.0-windows7.0) (>= net9.0)) (&& (== netstandard2.0) (>= net9.0))
      System.Text.Json (>= 9.0) - restriction: || (&& (== net6.0) (>= net9.0)) (&& (== net6.0-windows7.0) (>= net9.0)) (== net9.0) (&& (== net9.0-windows7.0) (>= net9.0)) (&& (== netstandard2.0) (>= net9.0))
      System.Threading.Tasks.Dataflow (>= 7.0) - restriction: || (&& (== net6.0) (>= net9.0)) (&& (== net6.0-windows7.0) (>= net9.0)) (== net9.0) (&& (== net9.0-windows7.0) (>= net9.0)) (&& (== netstandard2.0) (>= net9.0))
      Xpand.Extensions (>= 4.242.7.2) - restriction: || (&& (== net6.0) (>= net9.0)) (&& (== net6.0-windows7.0) (>= net9.0)) (== net9.0) (&& (== net9.0-windows7.0) (>= net9.0)) (&& (== netstandard2.0) (>= net9.0))
      Xpand.Extensions.Reactive (>= 4.242.7.2) - restriction: || (&& (== net6.0) (>= net9.0)) (&& (== net6.0-windows7.0) (>= net9.0)) (== net9.0) (&& (== net9.0-windows7.0) (>= net9.0)) (&& (== netstandard2.0) (>= net9.0))
      Xpand.VersionConverter (>= 4.242.7.2) - restriction: || (== net6.0) (== net6.0-windows7.0) (&& (== net9.0) (< net6.0)) (== net9.0-windows7.0) (== netstandard2.0)
      Xpand.XAF.Modules.Reactive (>= 4.242.7.2) - restriction: || (&& (== net6.0) (>= net9.0)) (&& (== net6.0-windows7.0) (>= net9.0)) (== net9.0) (&& (== net9.0-windows7.0) (>= net9.0)) (&& (== netstandard2.0) (>= net9.0))
    Xpand.XAF.Modules.SequenceGenerator (4.242.7.2)
      DevExpress.ExpressApp.Validation (>= 24.2.7) - restriction: || (&& (== net6.0) (>= net9.0)) (&& (== net6.0-windows7.0) (>= net9.0)) (== net9.0) (&& (== net9.0-windows7.0) (>= net9.0)) (&& (== netstandard2.0) (>= net9.0))
      DevExpress.ExpressApp.Xpo (>= 24.2.7) - restriction: || (&& (== net6.0) (>= net9.0)) (&& (== net6.0-windows7.0) (>= net9.0)) (== net9.0) (&& (== net9.0-windows7.0) (>= net9.0)) (&& (== netstandard2.0) (>= net9.0))
      Fasterflect.Xpand (>= 2.0.7) - restriction: || (&& (== net6.0) (>= net9.0)) (&& (== net6.0-windows7.0) (>= net9.0)) (== net9.0) (&& (== net9.0-windows7.0) (>= net9.0)) (&& (== netstandard2.0) (>= net9.0))
      System.Reactive (>= 6.0) - restriction: || (&& (== net6.0) (>= net9.0)) (&& (== net6.0-windows7.0) (>= net9.0)) (== net9.0) (&& (== net9.0-windows7.0) (>= net9.0)) (&& (== netstandard2.0) (>= net9.0))
      System.Text.Json (>= 9.0) - restriction: || (&& (== net6.0) (>= net9.0)) (&& (== net6.0-windows7.0) (>= net9.0)) (== net9.0) (&& (== net9.0-windows7.0) (>= net9.0)) (&& (== netstandard2.0) (>= net9.0))
      System.Threading.Tasks.Dataflow (>= 7.0) - restriction: || (&& (== net6.0) (>= net9.0)) (&& (== net6.0-windows7.0) (>= net9.0)) (== net9.0) (&& (== net9.0-windows7.0) (>= net9.0)) (&& (== netstandard2.0) (>= net9.0))
      Xpand.Extensions (>= 4.242.7.2) - restriction: || (&& (== net6.0) (>= net9.0)) (&& (== net6.0-windows7.0) (>= net9.0)) (== net9.0) (&& (== net9.0-windows7.0) (>= net9.0)) (&& (== netstandard2.0) (>= net9.0))
      Xpand.Extensions.Reactive (>= 4.242.7.2) - restriction: || (&& (== net6.0) (>= net9.0)) (&& (== net6.0-windows7.0) (>= net9.0)) (== net9.0) (&& (== net9.0-windows7.0) (>= net9.0)) (&& (== netstandard2.0) (>= net9.0))
      Xpand.Extensions.XAF (>= 4.242.7.2) - restriction: || (&& (== net6.0) (>= net9.0)) (&& (== net6.0-windows7.0) (>= net9.0)) (== net9.0) (&& (== net9.0-windows7.0) (>= net9.0)) (&& (== netstandard2.0) (>= net9.0))
      Xpand.Extensions.XAF.Xpo (>= 4.242.7.2) - restriction: || (&& (== net6.0) (>= net9.0)) (&& (== net6.0-windows7.0) (>= net9.0)) (== net9.0) (&& (== net9.0-windows7.0) (>= net9.0)) (&& (== netstandard2.0) (>= net9.0))
      Xpand.VersionConverter (>= 4.242.7.2) - restriction: || (== net6.0) (== net6.0-windows7.0) (&& (== net9.0) (< net6.0)) (== net9.0-windows7.0) (== netstandard2.0)
      Xpand.XAF.Modules.Reactive (>= 4.242.7.2) - restriction: || (&& (== net6.0) (>= net9.0)) (&& (== net6.0-windows7.0) (>= net9.0)) (== net9.0) (&& (== net9.0-windows7.0) (>= net9.0)) (&& (== netstandard2.0) (>= net9.0))
    Xpand.XAF.Modules.Speech (4.242.7.2)
      DevExpress.ExpressApp (>= 24.2.7) - restriction: || (&& (== net6.0) (>= net9.0)) (&& (== net6.0-windows7.0) (>= net9.0)) (== net9.0) (&& (== net9.0-windows7.0) (>= net9.0)) (&& (== netstandard2.0) (>= net9.0))
      DevExpress.ExpressApp.ConditionalAppearance (>= 24.2.7) - restriction: || (&& (== net6.0) (>= net9.0)) (&& (== net6.0-windows7.0) (>= net9.0)) (== net9.0) (&& (== net9.0-windows7.0) (>= net9.0)) (&& (== netstandard2.0) (>= net9.0))
      DevExpress.ExpressApp.Notifications (>= 24.2.7) - restriction: || (&& (== net6.0) (>= net9.0)) (&& (== net6.0-windows7.0) (>= net9.0)) (== net9.0) (&& (== net9.0-windows7.0) (>= net9.0)) (&& (== netstandard2.0) (>= net9.0))
      DevExpress.ExpressApp.Validation (>= 24.2.7) - restriction: || (&& (== net6.0) (>= net9.0)) (&& (== net6.0-windows7.0) (>= net9.0)) (== net9.0) (&& (== net9.0-windows7.0) (>= net9.0)) (&& (== netstandard2.0) (>= net9.0))
      DevExpress.ExpressApp.ViewVariantsModule (>= 24.2.7) - restriction: || (&& (== net6.0) (>= net9.0)) (&& (== net6.0-windows7.0) (>= net9.0)) (== net9.0) (&& (== net9.0-windows7.0) (>= net9.0)) (&& (== netstandard2.0) (>= net9.0))
      DevExpress.ExpressApp.Xpo (>= 24.2.7) - restriction: || (&& (== net6.0) (>= net9.0)) (&& (== net6.0-windows7.0) (>= net9.0)) (== net9.0) (&& (== net9.0-windows7.0) (>= net9.0)) (&& (== netstandard2.0) (>= net9.0))
      DevExpress.Utils (>= 24.2.7) - restriction: || (&& (== net6.0) (>= net9.0)) (&& (== net6.0-windows7.0) (>= net9.0)) (== net9.0) (&& (== net9.0-windows7.0) (>= net9.0)) (&& (== netstandard2.0) (>= net9.0))
      Enums.NET (>= 4.0) - restriction: || (&& (== net6.0) (>= net9.0)) (&& (== net6.0-windows7.0) (>= net9.0)) (== net9.0) (&& (== net9.0-windows7.0) (>= net9.0)) (&& (== netstandard2.0) (>= net9.0))
      Fasterflect.Xpand (>= 2.0.7) - restriction: || (&& (== net6.0) (>= net9.0)) (&& (== net6.0-windows7.0) (>= net9.0)) (== net9.0) (&& (== net9.0-windows7.0) (>= net9.0)) (&& (== netstandard2.0) (>= net9.0))
      Microsoft.CognitiveServices.Speech (>= 1.23) - restriction: || (&& (== net6.0) (>= net9.0)) (&& (== net6.0-windows7.0) (>= net9.0)) (== net9.0) (&& (== net9.0-windows7.0) (>= net9.0)) (&& (== netstandard2.0) (>= net9.0))
      NAudio (>= 2.1) - restriction: || (&& (== net6.0) (>= net9.0)) (&& (== net6.0-windows7.0) (>= net9.0)) (== net9.0) (&& (== net9.0-windows7.0) (>= net9.0)) (&& (== netstandard2.0) (>= net9.0))
      System.Reactive (>= 6.0) - restriction: || (&& (== net6.0) (>= net9.0)) (&& (== net6.0-windows7.0) (>= net9.0)) (== net9.0) (&& (== net9.0-windows7.0) (>= net9.0)) (&& (== netstandard2.0) (>= net9.0))
      System.Text.Json (>= 9.0) - restriction: || (&& (== net6.0) (>= net9.0)) (&& (== net6.0-windows7.0) (>= net9.0)) (== net9.0) (&& (== net9.0-windows7.0) (>= net9.0)) (&& (== netstandard2.0) (>= net9.0))
      System.Threading.Tasks.Dataflow (>= 7.0) - restriction: || (&& (== net6.0) (>= net9.0)) (&& (== net6.0-windows7.0) (>= net9.0)) (== net9.0) (&& (== net9.0-windows7.0) (>= net9.0)) (&& (== netstandard2.0) (>= net9.0))
      Xpand.Collections (>= 1.0.4) - restriction: || (&& (== net6.0) (>= net9.0)) (&& (== net6.0-windows7.0) (>= net9.0)) (== net9.0) (&& (== net9.0-windows7.0) (>= net9.0)) (&& (== netstandard2.0) (>= net9.0))
      Xpand.Extensions (>= 4.242.7.2) - restriction: || (&& (== net6.0) (>= net9.0)) (&& (== net6.0-windows7.0) (>= net9.0)) (== net9.0) (&& (== net9.0-windows7.0) (>= net9.0)) (&& (== netstandard2.0) (>= net9.0))
      Xpand.Extensions.Reactive (>= 4.242.7.2) - restriction: || (&& (== net6.0) (>= net9.0)) (&& (== net6.0-windows7.0) (>= net9.0)) (== net9.0) (&& (== net9.0-windows7.0) (>= net9.0)) (&& (== netstandard2.0) (>= net9.0))
      Xpand.Extensions.XAF (>= 4.242.7.2) - restriction: || (&& (== net6.0) (>= net9.0)) (&& (== net6.0-windows7.0) (>= net9.0)) (== net9.0) (&& (== net9.0-windows7.0) (>= net9.0)) (&& (== netstandard2.0) (>= net9.0))
      Xpand.Extensions.XAF.Xpo (>= 4.242.7.2) - restriction: || (&& (== net6.0) (>= net9.0)) (&& (== net6.0-windows7.0) (>= net9.0)) (== net9.0) (&& (== net9.0-windows7.0) (>= net9.0)) (&& (== netstandard2.0) (>= net9.0))
      Xpand.Patcher (>= 9.0) - restriction: || (&& (== net6.0) (>= net9.0)) (&& (== net6.0-windows7.0) (>= net9.0)) (== net9.0) (&& (== net9.0-windows7.0) (>= net9.0)) (&& (== netstandard2.0) (>= net9.0))
      Xpand.VersionConverter (>= 4.242.7.2) - restriction: || (== net6.0) (== net6.0-windows7.0) (&& (== net9.0) (< net6.0)) (== net9.0-windows7.0) (== netstandard2.0)
      Xpand.XAF.Modules.CloneModelView (>= 4.242.7.2) - restriction: || (&& (== net6.0) (>= net9.0)) (&& (== net6.0-windows7.0) (>= net9.0)) (== net9.0) (&& (== net9.0-windows7.0) (>= net9.0)) (&& (== netstandard2.0) (>= net9.0))
      Xpand.XAF.Modules.HideToolBar (>= 4.242.7.2) - restriction: || (&& (== net6.0) (>= net9.0)) (&& (== net6.0-windows7.0) (>= net9.0)) (== net9.0) (&& (== net9.0-windows7.0) (>= net9.0)) (&& (== netstandard2.0) (>= net9.0))
      Xpand.XAF.Modules.ModelViewInheritance (>= 4.242.7.2) - restriction: || (&& (== net6.0) (>= net9.0)) (&& (== net6.0-windows7.0) (>= net9.0)) (== net9.0) (&& (== net9.0-windows7.0) (>= net9.0)) (&& (== netstandard2.0) (>= net9.0))
      Xpand.XAF.Modules.Reactive (>= 4.242.7.2) - restriction: || (&& (== net6.0) (>= net9.0)) (&& (== net6.0-windows7.0) (>= net9.0)) (== net9.0) (&& (== net9.0-windows7.0) (>= net9.0)) (&& (== netstandard2.0) (>= net9.0))
      Xpand.XAF.Modules.SpellChecker (>= 4.242.7.2) - restriction: || (&& (== net6.0) (>= net9.0)) (&& (== net6.0-windows7.0) (>= net9.0)) (== net9.0) (&& (== net9.0-windows7.0) (>= net9.0)) (&& (== netstandard2.0) (>= net9.0))
      Xpand.XAF.Modules.StoreToDisk (>= 4.242.7.2) - restriction: || (&& (== net6.0) (>= net9.0)) (&& (== net6.0-windows7.0) (>= net9.0)) (== net9.0) (&& (== net9.0-windows7.0) (>= net9.0)) (&& (== netstandard2.0) (>= net9.0))
      Xpand.XAF.Modules.SuppressConfirmation (>= 4.242.7.2) - restriction: || (&& (== net6.0) (>= net9.0)) (&& (== net6.0-windows7.0) (>= net9.0)) (== net9.0) (&& (== net9.0-windows7.0) (>= net9.0)) (&& (== netstandard2.0) (>= net9.0))
      Xpand.XAF.Modules.ViewItemValue (>= 4.242.7.2) - restriction: || (&& (== net6.0) (>= net9.0)) (&& (== net6.0-windows7.0) (>= net9.0)) (== net9.0) (&& (== net9.0-windows7.0) (>= net9.0)) (&& (== netstandard2.0) (>= net9.0))
      Xpand.XAF.Modules.Windows (>= 4.242.7.2) - restriction: || (&& (== net6.0) (>= net9.0)) (&& (== net6.0-windows7.0) (>= net9.0)) (== net9.0) (&& (== net9.0-windows7.0) (>= net9.0)) (&& (== netstandard2.0) (>= net9.0))
    Xpand.XAF.Modules.SpellChecker (4.242.7.2)
      DevExpress.ExpressApp.Win (>= 24.2.7) - restriction: || (&& (== net6.0) (>= net9.0)) (&& (== net6.0-windows7.0) (>= net9.0)) (== net9.0) (&& (== net9.0-windows7.0) (>= net9.0)) (&& (== netstandard2.0) (>= net9.0))
      DevExpress.Persistent.Base (>= 24.2.7) - restriction: || (&& (== net6.0) (>= net9.0)) (&& (== net6.0-windows7.0) (>= net9.0)) (== net9.0) (&& (== net9.0-windows7.0) (>= net9.0)) (&& (== netstandard2.0) (>= net9.0))
      DevExpress.SpellChecker.Core (>= 24.2.7) - restriction: || (&& (== net6.0) (>= net9.0)) (&& (== net6.0-windows7.0) (>= net9.0)) (== net9.0) (&& (== net9.0-windows7.0) (>= net9.0)) (&& (== netstandard2.0) (>= net9.0))
      DevExpress.Win.SpellChecker (>= 24.2.7) - restriction: || (&& (== net6.0) (>= net9.0)) (&& (== net6.0-windows7.0) (>= net9.0)) (== net9.0) (&& (== net9.0-windows7.0) (>= net9.0)) (&& (== netstandard2.0) (>= net9.0))
      Fasterflect.Xpand (>= 2.0.7) - restriction: || (&& (== net6.0) (>= net9.0)) (&& (== net6.0-windows7.0) (>= net9.0)) (== net9.0) (&& (== net9.0-windows7.0) (>= net9.0)) (&& (== netstandard2.0) (>= net9.0))
      System.Reactive (>= 6.0) - restriction: || (&& (== net6.0) (>= net9.0)) (&& (== net6.0-windows7.0) (>= net9.0)) (== net9.0) (&& (== net9.0-windows7.0) (>= net9.0)) (&& (== netstandard2.0) (>= net9.0))
      System.Text.Json (>= 9.0) - restriction: || (&& (== net6.0) (>= net9.0)) (&& (== net6.0-windows7.0) (>= net9.0)) (== net9.0) (&& (== net9.0-windows7.0) (>= net9.0)) (&& (== netstandard2.0) (>= net9.0))
      System.Threading.Tasks.Dataflow (>= 7.0) - restriction: || (&& (== net6.0) (>= net9.0)) (&& (== net6.0-windows7.0) (>= net9.0)) (== net9.0) (&& (== net9.0-windows7.0) (>= net9.0)) (&& (== netstandard2.0) (>= net9.0))
      Xpand.Collections (>= 1.0.4) - restriction: || (&& (== net6.0) (>= net9.0)) (&& (== net6.0-windows7.0) (>= net9.0)) (== net9.0) (&& (== net9.0-windows7.0) (>= net9.0)) (&& (== netstandard2.0) (>= net9.0))
      Xpand.Extensions (>= 4.242.7.2) - restriction: || (&& (== net6.0) (>= net9.0)) (&& (== net6.0-windows7.0) (>= net9.0)) (== net9.0) (&& (== net9.0-windows7.0) (>= net9.0)) (&& (== netstandard2.0) (>= net9.0))
      Xpand.Extensions.Reactive (>= 4.242.7.2) - restriction: || (&& (== net6.0) (>= net9.0)) (&& (== net6.0-windows7.0) (>= net9.0)) (== net9.0) (&& (== net9.0-windows7.0) (>= net9.0)) (&& (== netstandard2.0) (>= net9.0))
      Xpand.Extensions.XAF (>= 4.242.7.2) - restriction: || (&& (== net6.0) (>= net9.0)) (&& (== net6.0-windows7.0) (>= net9.0)) (== net9.0) (&& (== net9.0-windows7.0) (>= net9.0)) (&& (== netstandard2.0) (>= net9.0))
      Xpand.Extensions.XAF.Xpo (>= 4.242.7.2) - restriction: || (&& (== net6.0) (>= net9.0)) (&& (== net6.0-windows7.0) (>= net9.0)) (== net9.0) (&& (== net9.0-windows7.0) (>= net9.0)) (&& (== netstandard2.0) (>= net9.0))
      Xpand.Patcher (>= 9.0) - restriction: || (&& (== net6.0) (>= net9.0)) (&& (== net6.0-windows7.0) (>= net9.0)) (== net9.0) (&& (== net9.0-windows7.0) (>= net9.0)) (&& (== netstandard2.0) (>= net9.0))
      Xpand.VersionConverter (>= 4.242.7.2) - restriction: || (== net6.0) (== net6.0-windows7.0) (&& (== net9.0) (< net6.0)) (== net9.0-windows7.0) (== netstandard2.0)
      Xpand.XAF.Modules.Reactive (>= 4.242.7.2) - restriction: || (&& (== net6.0) (>= net9.0)) (&& (== net6.0-windows7.0) (>= net9.0)) (== net9.0) (&& (== net9.0-windows7.0) (>= net9.0)) (&& (== netstandard2.0) (>= net9.0))
    Xpand.XAF.Modules.StoreToDisk (4.242.7.2)
      DevExpress.ExpressApp.Xpo (>= 24.2.7) - restriction: || (&& (== net6.0) (>= net9.0)) (&& (== net6.0-windows7.0) (>= net9.0)) (== net9.0) (&& (== net9.0-windows7.0) (>= net9.0)) (&& (== netstandard2.0) (>= net9.0))
      DevExpress.Persistent.Base (>= 24.2.7) - restriction: || (&& (== net6.0) (>= net9.0)) (&& (== net6.0-windows7.0) (>= net9.0)) (== net9.0) (&& (== net9.0-windows7.0) (>= net9.0)) (&& (== netstandard2.0) (>= net9.0))
      Fasterflect.Xpand (>= 2.0.7) - restriction: || (&& (== net6.0) (>= net9.0)) (&& (== net6.0-windows7.0) (>= net9.0)) (== net9.0) (&& (== net9.0-windows7.0) (>= net9.0)) (&& (== netstandard2.0) (>= net9.0))
      System.Reactive (>= 6.0) - restriction: || (&& (== net6.0) (>= net9.0)) (&& (== net6.0-windows7.0) (>= net9.0)) (== net9.0) (&& (== net9.0-windows7.0) (>= net9.0)) (&& (== netstandard2.0) (>= net9.0))
      System.Security.Cryptography.ProtectedData (>= 9.0) - restriction: || (&& (== net6.0) (>= net9.0)) (&& (== net6.0-windows7.0) (>= net9.0)) (== net9.0) (&& (== net9.0-windows7.0) (>= net9.0)) (&& (== netstandard2.0) (>= net9.0))
      System.Text.Json (>= 9.0) - restriction: || (&& (== net6.0) (>= net9.0)) (&& (== net6.0-windows7.0) (>= net9.0)) (== net9.0) (&& (== net9.0-windows7.0) (>= net9.0)) (&& (== netstandard2.0) (>= net9.0))
      System.Threading.Tasks.Dataflow (>= 7.0) - restriction: || (&& (== net6.0) (>= net9.0)) (&& (== net6.0-windows7.0) (>= net9.0)) (== net9.0) (&& (== net9.0-windows7.0) (>= net9.0)) (&& (== netstandard2.0) (>= net9.0))
      Xpand.Collections (>= 1.0.4) - restriction: || (&& (== net6.0) (>= net9.0)) (&& (== net6.0-windows7.0) (>= net9.0)) (== net9.0) (&& (== net9.0-windows7.0) (>= net9.0)) (&& (== netstandard2.0) (>= net9.0))
      Xpand.Extensions (>= 4.242.7.2) - restriction: || (&& (== net6.0) (>= net9.0)) (&& (== net6.0-windows7.0) (>= net9.0)) (== net9.0) (&& (== net9.0-windows7.0) (>= net9.0)) (&& (== netstandard2.0) (>= net9.0))
      Xpand.Extensions.Reactive (>= 4.242.7.2) - restriction: || (&& (== net6.0) (>= net9.0)) (&& (== net6.0-windows7.0) (>= net9.0)) (== net9.0) (&& (== net9.0-windows7.0) (>= net9.0)) (&& (== netstandard2.0) (>= net9.0))
      Xpand.Extensions.XAF (>= 4.242.7.2) - restriction: || (&& (== net6.0) (>= net9.0)) (&& (== net6.0-windows7.0) (>= net9.0)) (== net9.0) (&& (== net9.0-windows7.0) (>= net9.0)) (&& (== netstandard2.0) (>= net9.0))
      Xpand.Extensions.XAF.Xpo (>= 4.242.7.2) - restriction: || (&& (== net6.0) (>= net9.0)) (&& (== net6.0-windows7.0) (>= net9.0)) (== net9.0) (&& (== net9.0-windows7.0) (>= net9.0)) (&& (== netstandard2.0) (>= net9.0))
      Xpand.Patcher (>= 9.0) - restriction: || (&& (== net6.0) (>= net9.0)) (&& (== net6.0-windows7.0) (>= net9.0)) (== net9.0) (&& (== net9.0-windows7.0) (>= net9.0)) (&& (== netstandard2.0) (>= net9.0))
      Xpand.VersionConverter (>= 4.242.7.2) - restriction: || (== net6.0) (== net6.0-windows7.0) (&& (== net9.0) (< net6.0)) (== net9.0-windows7.0) (== netstandard2.0)
      Xpand.XAF.Modules.Reactive (>= 4.242.7.2) - restriction: || (&& (== net6.0) (>= net9.0)) (&& (== net6.0-windows7.0) (>= net9.0)) (== net9.0) (&& (== net9.0-windows7.0) (>= net9.0)) (&& (== netstandard2.0) (>= net9.0))
    Xpand.XAF.Modules.SuppressConfirmation (4.242.7.2)
      DevExpress.ExpressApp (>= 24.2.7) - restriction: || (&& (== net6.0) (>= net9.0)) (&& (== net6.0-windows7.0) (>= net9.0)) (== net9.0) (&& (== net9.0-windows7.0) (>= net9.0)) (&& (== netstandard2.0) (>= net9.0))
      Fasterflect.Xpand (>= 2.0.7) - restriction: || (&& (== net6.0) (>= net9.0)) (&& (== net6.0-windows7.0) (>= net9.0)) (== net9.0) (&& (== net9.0-windows7.0) (>= net9.0)) (&& (== netstandard2.0) (>= net9.0))
      System.Reactive (>= 6.0) - restriction: || (&& (== net6.0) (>= net9.0)) (&& (== net6.0-windows7.0) (>= net9.0)) (== net9.0) (&& (== net9.0-windows7.0) (>= net9.0)) (&& (== netstandard2.0) (>= net9.0))
      System.Text.Json (>= 9.0) - restriction: || (&& (== net6.0) (>= net9.0)) (&& (== net6.0-windows7.0) (>= net9.0)) (== net9.0) (&& (== net9.0-windows7.0) (>= net9.0)) (&& (== netstandard2.0) (>= net9.0))
      System.Threading.Tasks.Dataflow (>= 7.0) - restriction: || (&& (== net6.0) (>= net9.0)) (&& (== net6.0-windows7.0) (>= net9.0)) (== net9.0) (&& (== net9.0-windows7.0) (>= net9.0)) (&& (== netstandard2.0) (>= net9.0))
      Xpand.Extensions (>= 4.242.7.2) - restriction: || (&& (== net6.0) (>= net9.0)) (&& (== net6.0-windows7.0) (>= net9.0)) (== net9.0) (&& (== net9.0-windows7.0) (>= net9.0)) (&& (== netstandard2.0) (>= net9.0))
      Xpand.Extensions.Reactive (>= 4.242.7.2) - restriction: || (&& (== net6.0) (>= net9.0)) (&& (== net6.0-windows7.0) (>= net9.0)) (== net9.0) (&& (== net9.0-windows7.0) (>= net9.0)) (&& (== netstandard2.0) (>= net9.0))
      Xpand.Extensions.XAF (>= 4.242.7.2) - restriction: || (&& (== net6.0) (>= net9.0)) (&& (== net6.0-windows7.0) (>= net9.0)) (== net9.0) (&& (== net9.0-windows7.0) (>= net9.0)) (&& (== netstandard2.0) (>= net9.0))
      Xpand.VersionConverter (>= 4.242.7.2) - restriction: || (== net6.0) (== net6.0-windows7.0) (&& (== net9.0) (< net6.0)) (== net9.0-windows7.0) (== netstandard2.0)
      Xpand.XAF.Modules.Reactive (>= 4.242.7.2) - restriction: || (&& (== net6.0) (>= net9.0)) (&& (== net6.0-windows7.0) (>= net9.0)) (== net9.0) (&& (== net9.0-windows7.0) (>= net9.0)) (&& (== netstandard2.0) (>= net9.0))
    Xpand.XAF.Modules.TenantManager (4.242.7.2)
      DevExpress.ExpressApp.Blazor (>= 24.2.7) - restriction: || (&& (== net6.0) (>= net9.0)) (&& (== net6.0-windows7.0) (>= net9.0)) (== net9.0) (&& (== net9.0-windows7.0) (>= net9.0)) (&& (== netstandard2.0) (>= net9.0))
      DevExpress.ExpressApp.Security (>= 24.2.7) - restriction: || (&& (== net6.0) (>= net9.0)) (&& (== net6.0-windows7.0) (>= net9.0)) (== net9.0) (&& (== net9.0-windows7.0) (>= net9.0)) (&& (== netstandard2.0) (>= net9.0))
      DevExpress.ExpressApp.Xpo (>= 24.2.7) - restriction: || (&& (== net6.0) (>= net9.0)) (&& (== net6.0-windows7.0) (>= net9.0)) (== net9.0) (&& (== net9.0-windows7.0) (>= net9.0)) (&& (== netstandard2.0) (>= net9.0))
      DevExpress.Persistent.Base (>= 24.2.7) - restriction: || (&& (== net6.0) (>= net9.0)) (&& (== net6.0-windows7.0) (>= net9.0)) (== net9.0) (&& (== net9.0-windows7.0) (>= net9.0)) (&& (== netstandard2.0) (>= net9.0))
      Fasterflect.Xpand (>= 2.0.7) - restriction: || (&& (== net6.0) (>= net9.0)) (&& (== net6.0-windows7.0) (>= net9.0)) (== net9.0) (&& (== net9.0-windows7.0) (>= net9.0)) (&& (== netstandard2.0) (>= net9.0))
      Microsoft.AspNetCore.Components (>= 9.0) - restriction: || (&& (== net6.0) (>= net9.0)) (&& (== net6.0-windows7.0) (>= net9.0)) (== net9.0) (&& (== net9.0-windows7.0) (>= net9.0)) (&& (== netstandard2.0) (>= net9.0))
      System.Reactive (>= 6.0) - restriction: || (&& (== net6.0) (>= net9.0)) (&& (== net6.0-windows7.0) (>= net9.0)) (== net9.0) (&& (== net9.0-windows7.0) (>= net9.0)) (&& (== netstandard2.0) (>= net9.0))
      System.Text.Json (>= 9.0) - restriction: || (&& (== net6.0) (>= net9.0)) (&& (== net6.0-windows7.0) (>= net9.0)) (== net9.0) (&& (== net9.0-windows7.0) (>= net9.0)) (&& (== netstandard2.0) (>= net9.0))
      System.Threading.Tasks.Dataflow (>= 7.0) - restriction: || (&& (== net6.0) (>= net9.0)) (&& (== net6.0-windows7.0) (>= net9.0)) (== net9.0) (&& (== net9.0-windows7.0) (>= net9.0)) (&& (== netstandard2.0) (>= net9.0))
      Xpand.Collections (>= 1.0.4) - restriction: || (&& (== net6.0) (>= net9.0)) (&& (== net6.0-windows7.0) (>= net9.0)) (== net9.0) (&& (== net9.0-windows7.0) (>= net9.0)) (&& (== netstandard2.0) (>= net9.0))
      Xpand.Extensions (>= 4.242.7.2) - restriction: || (&& (== net6.0) (>= net9.0)) (&& (== net6.0-windows7.0) (>= net9.0)) (== net9.0) (&& (== net9.0-windows7.0) (>= net9.0)) (&& (== netstandard2.0) (>= net9.0))
      Xpand.Extensions.Blazor (>= 4.242.7.2) - restriction: || (&& (== net6.0) (>= net9.0)) (&& (== net6.0-windows7.0) (>= net9.0)) (== net9.0) (&& (== net9.0-windows7.0) (>= net9.0)) (&& (== netstandard2.0) (>= net9.0))
      Xpand.Extensions.Reactive (>= 4.242.7.2) - restriction: || (&& (== net6.0) (>= net9.0)) (&& (== net6.0-windows7.0) (>= net9.0)) (== net9.0) (&& (== net9.0-windows7.0) (>= net9.0)) (&& (== netstandard2.0) (>= net9.0))
      Xpand.Extensions.XAF (>= 4.242.7.2) - restriction: || (&& (== net6.0) (>= net9.0)) (&& (== net6.0-windows7.0) (>= net9.0)) (== net9.0) (&& (== net9.0-windows7.0) (>= net9.0)) (&& (== netstandard2.0) (>= net9.0))
      Xpand.Extensions.XAF.Xpo (>= 4.242.7.2) - restriction: || (&& (== net6.0) (>= net9.0)) (&& (== net6.0-windows7.0) (>= net9.0)) (== net9.0) (&& (== net9.0-windows7.0) (>= net9.0)) (&& (== netstandard2.0) (>= net9.0))
      Xpand.Patcher (>= 9.0) - restriction: || (&& (== net6.0) (>= net9.0)) (&& (== net6.0-windows7.0) (>= net9.0)) (== net9.0) (&& (== net9.0-windows7.0) (>= net9.0)) (&& (== netstandard2.0) (>= net9.0))
      Xpand.VersionConverter (>= 4.242.7.2) - restriction: || (== net6.0) (== net6.0-windows7.0) (&& (== net9.0) (< net6.0)) (== net9.0-windows7.0) (== netstandard2.0)
      Xpand.XAF.Modules.Blazor (>= 4.242.7.2) - restriction: || (&& (== net6.0) (>= net9.0)) (&& (== net6.0-windows7.0) (>= net9.0)) (== net9.0) (&& (== net9.0-windows7.0) (>= net9.0)) (&& (== netstandard2.0) (>= net9.0))
      Xpand.XAF.Modules.Reactive (>= 4.242.7.2) - restriction: || (&& (== net6.0) (>= net9.0)) (&& (== net6.0-windows7.0) (>= net9.0)) (== net9.0) (&& (== net9.0-windows7.0) (>= net9.0)) (&& (== netstandard2.0) (>= net9.0))
    Xpand.XAF.Modules.ViewEditMode (4.242.7.2)
      DevExpress.ExpressApp (>= 24.2.7) - restriction: || (&& (== net6.0) (>= net9.0)) (&& (== net6.0-windows7.0) (>= net9.0)) (== net9.0) (&& (== net9.0-windows7.0) (>= net9.0)) (&& (== netstandard2.0) (>= net9.0))
      Fasterflect.Xpand (>= 2.0.7) - restriction: || (&& (== net6.0) (>= net9.0)) (&& (== net6.0-windows7.0) (>= net9.0)) (== net9.0) (&& (== net9.0-windows7.0) (>= net9.0)) (&& (== netstandard2.0) (>= net9.0))
      System.Reactive (>= 6.0) - restriction: || (&& (== net6.0) (>= net9.0)) (&& (== net6.0-windows7.0) (>= net9.0)) (== net9.0) (&& (== net9.0-windows7.0) (>= net9.0)) (&& (== netstandard2.0) (>= net9.0))
      System.Text.Json (>= 9.0) - restriction: || (&& (== net6.0) (>= net9.0)) (&& (== net6.0-windows7.0) (>= net9.0)) (== net9.0) (&& (== net9.0-windows7.0) (>= net9.0)) (&& (== netstandard2.0) (>= net9.0))
      System.Threading.Tasks.Dataflow (>= 7.0) - restriction: || (&& (== net6.0) (>= net9.0)) (&& (== net6.0-windows7.0) (>= net9.0)) (== net9.0) (&& (== net9.0-windows7.0) (>= net9.0)) (&& (== netstandard2.0) (>= net9.0))
      Xpand.Extensions (>= 4.242.7.2) - restriction: || (&& (== net6.0) (>= net9.0)) (&& (== net6.0-windows7.0) (>= net9.0)) (== net9.0) (&& (== net9.0-windows7.0) (>= net9.0)) (&& (== netstandard2.0) (>= net9.0))
      Xpand.Extensions.Reactive (>= 4.242.7.2) - restriction: || (&& (== net6.0) (>= net9.0)) (&& (== net6.0-windows7.0) (>= net9.0)) (== net9.0) (&& (== net9.0-windows7.0) (>= net9.0)) (&& (== netstandard2.0) (>= net9.0))
      Xpand.Extensions.XAF (>= 4.242.7.2) - restriction: || (&& (== net6.0) (>= net9.0)) (&& (== net6.0-windows7.0) (>= net9.0)) (== net9.0) (&& (== net9.0-windows7.0) (>= net9.0)) (&& (== netstandard2.0) (>= net9.0))
      Xpand.VersionConverter (>= 4.242.7.2) - restriction: || (== net6.0) (== net6.0-windows7.0) (&& (== net9.0) (< net6.0)) (== net9.0-windows7.0) (== netstandard2.0)
      Xpand.XAF.Modules.Reactive (>= 4.242.7.2) - restriction: || (&& (== net6.0) (>= net9.0)) (&& (== net6.0-windows7.0) (>= net9.0)) (== net9.0) (&& (== net9.0-windows7.0) (>= net9.0)) (&& (== netstandard2.0) (>= net9.0))
    Xpand.XAF.Modules.ViewItemValue (4.242.7.2)
      DevExpress.ExpressApp.Validation (>= 24.2.7) - restriction: || (&& (== net6.0) (>= net9.0)) (&& (== net6.0-windows7.0) (>= net9.0)) (== net9.0) (&& (== net9.0-windows7.0) (>= net9.0)) (&& (== netstandard2.0) (>= net9.0))
      Fasterflect.Xpand (>= 2.0.7) - restriction: || (&& (== net6.0) (>= net9.0)) (&& (== net6.0-windows7.0) (>= net9.0)) (== net9.0) (&& (== net9.0-windows7.0) (>= net9.0)) (&& (== netstandard2.0) (>= net9.0))
      System.Interactive (>= 6.0.1) - restriction: || (&& (== net6.0) (>= net9.0)) (&& (== net6.0-windows7.0) (>= net9.0)) (== net9.0) (&& (== net9.0-windows7.0) (>= net9.0)) (&& (== netstandard2.0) (>= net9.0))
      System.Reactive (>= 6.0) - restriction: || (&& (== net6.0) (>= net9.0)) (&& (== net6.0-windows7.0) (>= net9.0)) (== net9.0) (&& (== net9.0-windows7.0) (>= net9.0)) (&& (== netstandard2.0) (>= net9.0))
      System.Text.Json (>= 9.0) - restriction: || (&& (== net6.0) (>= net9.0)) (&& (== net6.0-windows7.0) (>= net9.0)) (== net9.0) (&& (== net9.0-windows7.0) (>= net9.0)) (&& (== netstandard2.0) (>= net9.0))
      System.Threading.Tasks.Dataflow (>= 7.0) - restriction: || (&& (== net6.0) (>= net9.0)) (&& (== net6.0-windows7.0) (>= net9.0)) (== net9.0) (&& (== net9.0-windows7.0) (>= net9.0)) (&& (== netstandard2.0) (>= net9.0))
      Xpand.Extensions (>= 4.242.7.2) - restriction: || (&& (== net6.0) (>= net9.0)) (&& (== net6.0-windows7.0) (>= net9.0)) (== net9.0) (&& (== net9.0-windows7.0) (>= net9.0)) (&& (== netstandard2.0) (>= net9.0))
      Xpand.Extensions.Reactive (>= 4.242.7.2) - restriction: || (&& (== net6.0) (>= net9.0)) (&& (== net6.0-windows7.0) (>= net9.0)) (== net9.0) (&& (== net9.0-windows7.0) (>= net9.0)) (&& (== netstandard2.0) (>= net9.0))
      Xpand.Extensions.XAF (>= 4.242.7.2) - restriction: || (&& (== net6.0) (>= net9.0)) (&& (== net6.0-windows7.0) (>= net9.0)) (== net9.0) (&& (== net9.0-windows7.0) (>= net9.0)) (&& (== netstandard2.0) (>= net9.0))
      Xpand.Extensions.XAF.Xpo (>= 4.242.7.2) - restriction: || (&& (== net6.0) (>= net9.0)) (&& (== net6.0-windows7.0) (>= net9.0)) (== net9.0) (&& (== net9.0-windows7.0) (>= net9.0)) (&& (== netstandard2.0) (>= net9.0))
      Xpand.VersionConverter (>= 4.242.7.2) - restriction: || (== net6.0) (== net6.0-windows7.0) (&& (== net9.0) (< net6.0)) (== net9.0-windows7.0) (== netstandard2.0)
      Xpand.XAF.Modules.Reactive (>= 4.242.7.2) - restriction: || (&& (== net6.0) (>= net9.0)) (&& (== net6.0-windows7.0) (>= net9.0)) (== net9.0) (&& (== net9.0-windows7.0) (>= net9.0)) (&& (== netstandard2.0) (>= net9.0))
    Xpand.XAF.Modules.ViewWizard (4.242.7.2)
      DevExpress.ExpressApp (>= 24.2.7) - restriction: || (&& (== net6.0) (>= net9.0)) (&& (== net6.0-windows7.0) (>= net9.0)) (== net9.0) (&& (== net9.0-windows7.0) (>= net9.0)) (&& (== netstandard2.0) (>= net9.0))
      DevExpress.Xpo (>= 24.2.7) - restriction: || (&& (== net6.0) (>= net9.0)) (&& (== net6.0-windows7.0) (>= net9.0)) (== net9.0) (&& (== net9.0-windows7.0) (>= net9.0)) (&& (== netstandard2.0) (>= net9.0))
      Fasterflect.Xpand (>= 2.0.7) - restriction: || (&& (== net6.0) (>= net9.0)) (&& (== net6.0-windows7.0) (>= net9.0)) (== net9.0) (&& (== net9.0-windows7.0) (>= net9.0)) (&& (== netstandard2.0) (>= net9.0))
      System.Interactive (>= 6.0.1) - restriction: || (&& (== net6.0) (>= net9.0)) (&& (== net6.0-windows7.0) (>= net9.0)) (== net9.0) (&& (== net9.0-windows7.0) (>= net9.0)) (&& (== netstandard2.0) (>= net9.0))
      System.Reactive (>= 6.0) - restriction: || (&& (== net6.0) (>= net9.0)) (&& (== net6.0-windows7.0) (>= net9.0)) (== net9.0) (&& (== net9.0-windows7.0) (>= net9.0)) (&& (== netstandard2.0) (>= net9.0))
      System.Text.Json (>= 9.0) - restriction: || (&& (== net6.0) (>= net9.0)) (&& (== net6.0-windows7.0) (>= net9.0)) (== net9.0) (&& (== net9.0-windows7.0) (>= net9.0)) (&& (== netstandard2.0) (>= net9.0))
      System.Threading.Tasks.Dataflow (>= 7.0) - restriction: || (&& (== net6.0) (>= net9.0)) (&& (== net6.0-windows7.0) (>= net9.0)) (== net9.0) (&& (== net9.0-windows7.0) (>= net9.0)) (&& (== netstandard2.0) (>= net9.0))
      Xpand.Extensions (>= 4.242.7.2) - restriction: || (&& (== net6.0) (>= net9.0)) (&& (== net6.0-windows7.0) (>= net9.0)) (== net9.0) (&& (== net9.0-windows7.0) (>= net9.0)) (&& (== netstandard2.0) (>= net9.0))
      Xpand.Extensions.Reactive (>= 4.242.7.2) - restriction: || (&& (== net6.0) (>= net9.0)) (&& (== net6.0-windows7.0) (>= net9.0)) (== net9.0) (&& (== net9.0-windows7.0) (>= net9.0)) (&& (== netstandard2.0) (>= net9.0))
      Xpand.Extensions.XAF (>= 4.242.7.2) - restriction: || (&& (== net6.0) (>= net9.0)) (&& (== net6.0-windows7.0) (>= net9.0)) (== net9.0) (&& (== net9.0-windows7.0) (>= net9.0)) (&& (== netstandard2.0) (>= net9.0))
      Xpand.Extensions.XAF.Xpo (>= 4.242.7.2) - restriction: || (&& (== net6.0) (>= net9.0)) (&& (== net6.0-windows7.0) (>= net9.0)) (== net9.0) (&& (== net9.0-windows7.0) (>= net9.0)) (&& (== netstandard2.0) (>= net9.0))
      Xpand.VersionConverter (>= 4.242.7.2) - restriction: || (== net6.0) (== net6.0-windows7.0) (&& (== net9.0) (< net6.0)) (== net9.0-windows7.0) (== netstandard2.0)
      Xpand.XAF.Modules.Reactive (>= 4.242.7.2) - restriction: || (&& (== net6.0) (>= net9.0)) (&& (== net6.0-windows7.0) (>= net9.0)) (== net9.0) (&& (== net9.0-windows7.0) (>= net9.0)) (&& (== netstandard2.0) (>= net9.0))
    Xpand.XAF.Modules.Windows (4.242.7.2)
      DevExpress.ExpressApp.Win (>= 24.2.7) - restriction: || (&& (== net6.0) (>= net9.0)) (&& (== net6.0-windows7.0) (>= net9.0)) (== net9.0) (&& (== net9.0-windows7.0) (>= net9.0)) (&& (== netstandard2.0) (>= net9.0))
      Enums.NET (>= 4.0) - restriction: || (&& (== net6.0) (>= net9.0)) (&& (== net6.0-windows7.0) (>= net9.0)) (== net9.0) (&& (== net9.0-windows7.0) (>= net9.0)) (&& (== netstandard2.0) (>= net9.0))
      Fasterflect.Xpand (>= 2.0.7) - restriction: || (&& (== net6.0) (>= net9.0)) (&& (== net6.0-windows7.0) (>= net9.0)) (== net9.0) (&& (== net9.0-windows7.0) (>= net9.0)) (&& (== netstandard2.0) (>= net9.0))
      Microsoft.CodeAnalysis (>= 4.12) - restriction: || (&& (== net6.0) (>= net9.0)) (&& (== net6.0-windows7.0) (>= net9.0)) (== net9.0) (&& (== net9.0-windows7.0) (>= net9.0)) (&& (== netstandard2.0) (>= net9.0))
      Microsoft.Extensions.Configuration.Abstractions (>= 9.0) - restriction: || (&& (== net6.0) (>= net9.0)) (&& (== net6.0-windows7.0) (>= net9.0)) (== net9.0) (&& (== net9.0-windows7.0) (>= net9.0)) (&& (== netstandard2.0) (>= net9.0))
      Microsoft.Extensions.DependencyInjection.Abstractions (>= 9.0) - restriction: || (&& (== net6.0) (>= net9.0)) (&& (== net6.0-windows7.0) (>= net9.0)) (== net9.0) (&& (== net9.0-windows7.0) (>= net9.0)) (&& (== netstandard2.0) (>= net9.0))
      Microsoft.Extensions.Options (>= 9.0) - restriction: || (&& (== net6.0) (>= net9.0)) (&& (== net6.0-windows7.0) (>= net9.0)) (== net9.0) (&& (== net9.0-windows7.0) (>= net9.0)) (&& (== netstandard2.0) (>= net9.0))
      System.Reactive (>= 6.0) - restriction: || (&& (== net6.0) (>= net9.0)) (&& (== net6.0-windows7.0) (>= net9.0)) (== net9.0) (&& (== net9.0-windows7.0) (>= net9.0)) (&& (== netstandard2.0) (>= net9.0))
      System.Text.Json (>= 9.0) - restriction: || (&& (== net6.0) (>= net9.0)) (&& (== net6.0-windows7.0) (>= net9.0)) (== net9.0) (&& (== net9.0-windows7.0) (>= net9.0)) (&& (== netstandard2.0) (>= net9.0))
      Xpand.Extensions (>= 4.242.7.2) - restriction: || (&& (== net6.0) (>= net9.0)) (&& (== net6.0-windows7.0) (>= net9.0)) (== net9.0) (&& (== net9.0-windows7.0) (>= net9.0)) (&& (== netstandard2.0) (>= net9.0))
      Xpand.Extensions.Reactive (>= 4.242.7.2) - restriction: || (&& (== net6.0) (>= net9.0)) (&& (== net6.0-windows7.0) (>= net9.0)) (== net9.0) (&& (== net9.0-windows7.0) (>= net9.0)) (&& (== netstandard2.0) (>= net9.0))
      Xpand.Extensions.XAF (>= 4.242.7.2) - restriction: || (&& (== net6.0) (>= net9.0)) (&& (== net6.0-windows7.0) (>= net9.0)) (== net9.0) (&& (== net9.0-windows7.0) (>= net9.0)) (&& (== netstandard2.0) (>= net9.0))
      Xpand.Patcher (>= 9.0) - restriction: || (&& (== net6.0) (>= net9.0)) (&& (== net6.0-windows7.0) (>= net9.0)) (== net9.0) (&& (== net9.0-windows7.0) (>= net9.0)) (&& (== netstandard2.0) (>= net9.0))
      Xpand.VersionConverter (>= 4.242.7.2) - restriction: || (== net6.0) (== net6.0-windows7.0) (&& (== net9.0) (< net6.0)) (== net9.0-windows7.0) (== netstandard2.0)
      Xpand.XAF.Modules.Reactive (>= 4.242.7.2) - restriction: || (&& (== net6.0) (>= net9.0)) (&& (== net6.0-windows7.0) (>= net9.0)) (== net9.0) (&& (== net9.0-windows7.0) (>= net9.0)) (&& (== netstandard2.0) (>= net9.0))
    Xpand.XAF.Web.All (4.242.7.2)
      Xpand.Extensions (>= 4.242.7.2) - restriction: || (&& (== net6.0) (>= net9.0)) (&& (== net6.0) (>= net9.0-windows7.0)) (&& (== net6.0-windows7.0) (>= net9.0)) (&& (== net6.0-windows7.0) (>= net9.0-windows7.0)) (== net9.0) (== net9.0-windows7.0) (&& (== netstandard2.0) (>= net9.0)) (&& (== netstandard2.0) (>= net9.0-windows7.0))
      Xpand.Extensions.Blazor (>= 4.242.7.2) - restriction: || (&& (== net6.0) (>= net9.0)) (&& (== net6.0) (>= net9.0-windows7.0)) (&& (== net6.0-windows7.0) (>= net9.0)) (&& (== net6.0-windows7.0) (>= net9.0-windows7.0)) (== net9.0) (== net9.0-windows7.0) (&& (== netstandard2.0) (>= net9.0)) (&& (== netstandard2.0) (>= net9.0-windows7.0))
      Xpand.Extensions.Mono.Cecil (>= 4.242.7.2) - restriction: || (&& (== net6.0) (>= net9.0)) (&& (== net6.0) (>= net9.0-windows7.0)) (&& (== net6.0-windows7.0) (>= net9.0)) (&& (== net6.0-windows7.0) (>= net9.0-windows7.0)) (== net9.0) (== net9.0-windows7.0) (&& (== netstandard2.0) (>= net9.0)) (&& (== netstandard2.0) (>= net9.0-windows7.0))
      Xpand.Extensions.Office.Cloud (>= 4.242.7.2) - restriction: || (&& (== net6.0) (>= net9.0)) (&& (== net6.0) (>= net9.0-windows7.0)) (&& (== net6.0-windows7.0) (>= net9.0)) (&& (== net6.0-windows7.0) (>= net9.0-windows7.0)) (== net9.0) (== net9.0-windows7.0) (&& (== netstandard2.0) (>= net9.0)) (&& (== netstandard2.0) (>= net9.0-windows7.0))
      Xpand.Extensions.Office.Cloud.Google.Blazor (>= 4.242.7.2) - restriction: || (&& (== net6.0) (>= net9.0)) (&& (== net6.0) (>= net9.0-windows7.0)) (&& (== net6.0-windows7.0) (>= net9.0)) (&& (== net6.0-windows7.0) (>= net9.0-windows7.0)) (== net9.0) (== net9.0-windows7.0) (&& (== netstandard2.0) (>= net9.0)) (&& (== netstandard2.0) (>= net9.0-windows7.0))
      Xpand.Extensions.Reactive (>= 4.242.7.2) - restriction: || (&& (== net6.0) (>= net9.0)) (&& (== net6.0) (>= net9.0-windows7.0)) (&& (== net6.0-windows7.0) (>= net9.0)) (&& (== net6.0-windows7.0) (>= net9.0-windows7.0)) (== net9.0) (== net9.0-windows7.0) (&& (== netstandard2.0) (>= net9.0)) (&& (== netstandard2.0) (>= net9.0-windows7.0))
      Xpand.Extensions.XAF (>= 4.242.7.2) - restriction: || (&& (== net6.0) (>= net9.0)) (&& (== net6.0) (>= net9.0-windows7.0)) (&& (== net6.0-windows7.0) (>= net9.0)) (&& (== net6.0-windows7.0) (>= net9.0-windows7.0)) (== net9.0) (== net9.0-windows7.0) (&& (== netstandard2.0) (>= net9.0)) (&& (== netstandard2.0) (>= net9.0-windows7.0))
      Xpand.Extensions.XAF.Xpo (>= 4.242.7.2) - restriction: || (&& (== net6.0) (>= net9.0)) (&& (== net6.0) (>= net9.0-windows7.0)) (&& (== net6.0-windows7.0) (>= net9.0)) (&& (== net6.0-windows7.0) (>= net9.0-windows7.0)) (== net9.0) (== net9.0-windows7.0) (&& (== netstandard2.0) (>= net9.0)) (&& (== netstandard2.0) (>= net9.0-windows7.0))
      Xpand.XAF.Modules.AutoCommit (>= 4.242.7.2) - restriction: || (&& (== net6.0) (>= net9.0)) (&& (== net6.0) (>= net9.0-windows7.0)) (&& (== net6.0-windows7.0) (>= net9.0)) (&& (== net6.0-windows7.0) (>= net9.0-windows7.0)) (== net9.0) (== net9.0-windows7.0) (&& (== netstandard2.0) (>= net9.0)) (&& (== netstandard2.0) (>= net9.0-windows7.0))
      Xpand.XAF.Modules.Blazor (>= 4.242.7.2) - restriction: || (&& (== net6.0) (>= net9.0)) (&& (== net6.0) (>= net9.0-windows7.0)) (&& (== net6.0-windows7.0) (>= net9.0)) (&& (== net6.0-windows7.0) (>= net9.0-windows7.0)) (== net9.0) (== net9.0-windows7.0) (&& (== netstandard2.0) (>= net9.0)) (&& (== netstandard2.0) (>= net9.0-windows7.0))
      Xpand.XAF.Modules.BulkObjectUpdate (>= 4.242.7.2) - restriction: || (&& (== net6.0) (>= net9.0)) (&& (== net6.0) (>= net9.0-windows7.0)) (&& (== net6.0-windows7.0) (>= net9.0)) (&& (== net6.0-windows7.0) (>= net9.0-windows7.0)) (== net9.0) (== net9.0-windows7.0) (&& (== netstandard2.0) (>= net9.0)) (&& (== netstandard2.0) (>= net9.0-windows7.0))
      Xpand.XAF.Modules.CloneMemberValue (>= 4.242.7.2) - restriction: || (&& (== net6.0) (>= net9.0)) (&& (== net6.0) (>= net9.0-windows7.0)) (&& (== net6.0-windows7.0) (>= net9.0)) (&& (== net6.0-windows7.0) (>= net9.0-windows7.0)) (== net9.0) (== net9.0-windows7.0) (&& (== netstandard2.0) (>= net9.0)) (&& (== netstandard2.0) (>= net9.0-windows7.0))
      Xpand.XAF.Modules.CloneModelView (>= 4.242.7.2) - restriction: || (&& (== net6.0) (>= net9.0)) (&& (== net6.0) (>= net9.0-windows7.0)) (&& (== net6.0-windows7.0) (>= net9.0)) (&& (== net6.0-windows7.0) (>= net9.0-windows7.0)) (== net9.0) (== net9.0-windows7.0) (&& (== netstandard2.0) (>= net9.0)) (&& (== netstandard2.0) (>= net9.0-windows7.0))
      Xpand.XAF.Modules.Email (>= 4.242.7.2) - restriction: || (&& (== net6.0) (>= net9.0)) (&& (== net6.0) (>= net9.0-windows7.0)) (&& (== net6.0-windows7.0) (>= net9.0)) (&& (== net6.0-windows7.0) (>= net9.0-windows7.0)) (== net9.0) (== net9.0-windows7.0) (&& (== netstandard2.0) (>= net9.0)) (&& (== netstandard2.0) (>= net9.0-windows7.0))
      Xpand.XAF.Modules.HideToolBar (>= 4.242.7.2) - restriction: || (&& (== net6.0) (>= net9.0)) (&& (== net6.0) (>= net9.0-windows7.0)) (&& (== net6.0-windows7.0) (>= net9.0)) (&& (== net6.0-windows7.0) (>= net9.0-windows7.0)) (== net9.0) (== net9.0-windows7.0) (&& (== netstandard2.0) (>= net9.0)) (&& (== netstandard2.0) (>= net9.0-windows7.0))
      Xpand.XAF.Modules.JobScheduler.Hangfire (>= 4.242.7.2) - restriction: || (&& (== net6.0) (>= net9.0)) (&& (== net6.0) (>= net9.0-windows7.0)) (&& (== net6.0-windows7.0) (>= net9.0)) (&& (== net6.0-windows7.0) (>= net9.0-windows7.0)) (== net9.0) (== net9.0-windows7.0) (&& (== netstandard2.0) (>= net9.0)) (&& (== netstandard2.0) (>= net9.0-windows7.0))
      Xpand.XAF.Modules.JobScheduler.Notification (>= 4.242.7.2) - restriction: || (&& (== net6.0) (>= net9.0)) (&& (== net6.0) (>= net9.0-windows7.0)) (&& (== net6.0-windows7.0) (>= net9.0)) (&& (== net6.0-windows7.0) (>= net9.0-windows7.0)) (== net9.0) (== net9.0-windows7.0) (&& (== netstandard2.0) (>= net9.0)) (&& (== netstandard2.0) (>= net9.0-windows7.0))
      Xpand.XAF.Modules.MasterDetail (>= 4.242.7.2) - restriction: || (&& (== net6.0) (>= net9.0)) (&& (== net6.0) (>= net9.0-windows7.0)) (&& (== net6.0-windows7.0) (>= net9.0)) (&& (== net6.0-windows7.0) (>= net9.0-windows7.0)) (== net9.0) (== net9.0-windows7.0) (&& (== netstandard2.0) (>= net9.0)) (&& (== netstandard2.0) (>= net9.0-windows7.0))
      Xpand.XAF.Modules.ModelMapper (>= 4.242.7.2) - restriction: || (&& (== net6.0) (>= net9.0)) (&& (== net6.0) (>= net9.0-windows7.0)) (&& (== net6.0-windows7.0) (>= net9.0)) (&& (== net6.0-windows7.0) (>= net9.0-windows7.0)) (== net9.0) (== net9.0-windows7.0) (&& (== netstandard2.0) (>= net9.0)) (&& (== netstandard2.0) (>= net9.0-windows7.0))
      Xpand.XAF.Modules.ModelViewInheritance (>= 4.242.7.2) - restriction: || (&& (== net6.0) (>= net9.0)) (&& (== net6.0) (>= net9.0-windows7.0)) (&& (== net6.0-windows7.0) (>= net9.0)) (&& (== net6.0-windows7.0) (>= net9.0-windows7.0)) (== net9.0) (== net9.0-windows7.0) (&& (== netstandard2.0) (>= net9.0)) (&& (== netstandard2.0) (>= net9.0-windows7.0))
      Xpand.XAF.Modules.Office.Cloud.Google (>= 4.242.7.2) - restriction: || (&& (== net6.0) (>= net9.0)) (&& (== net6.0) (>= net9.0-windows7.0)) (&& (== net6.0-windows7.0) (>= net9.0)) (&& (== net6.0-windows7.0) (>= net9.0-windows7.0)) (== net9.0) (== net9.0-windows7.0) (&& (== netstandard2.0) (>= net9.0)) (&& (== netstandard2.0) (>= net9.0-windows7.0))
      Xpand.XAF.Modules.Office.Cloud.Google.Calendar (>= 4.242.7.2) - restriction: || (&& (== net6.0) (>= net9.0)) (&& (== net6.0) (>= net9.0-windows7.0)) (&& (== net6.0-windows7.0) (>= net9.0)) (&& (== net6.0-windows7.0) (>= net9.0-windows7.0)) (== net9.0) (== net9.0-windows7.0) (&& (== netstandard2.0) (>= net9.0)) (&& (== netstandard2.0) (>= net9.0-windows7.0))
      Xpand.XAF.Modules.Office.Cloud.Google.Tasks (>= 4.242.7.2) - restriction: || (&& (== net6.0) (>= net9.0)) (&& (== net6.0) (>= net9.0-windows7.0)) (&& (== net6.0-windows7.0) (>= net9.0)) (&& (== net6.0-windows7.0) (>= net9.0-windows7.0)) (== net9.0) (== net9.0-windows7.0) (&& (== netstandard2.0) (>= net9.0)) (&& (== netstandard2.0) (>= net9.0-windows7.0))
      Xpand.XAF.Modules.PositionInListView (>= 4.242.7.2) - restriction: || (&& (== net6.0) (>= net9.0)) (&& (== net6.0) (>= net9.0-windows7.0)) (&& (== net6.0-windows7.0) (>= net9.0)) (&& (== net6.0-windows7.0) (>= net9.0-windows7.0)) (== net9.0) (== net9.0-windows7.0) (&& (== netstandard2.0) (>= net9.0)) (&& (== netstandard2.0) (>= net9.0-windows7.0))
      Xpand.XAF.Modules.ProgressBarViewItem (>= 4.242.7.2) - restriction: || (&& (== net6.0) (>= net9.0)) (&& (== net6.0) (>= net9.0-windows7.0)) (&& (== net6.0-windows7.0) (>= net9.0)) (&& (== net6.0-windows7.0) (>= net9.0-windows7.0)) (== net9.0) (== net9.0-windows7.0) (&& (== netstandard2.0) (>= net9.0)) (&& (== netstandard2.0) (>= net9.0-windows7.0))
      Xpand.XAF.Modules.RazorView (>= 4.242.7.2) - restriction: || (&& (== net6.0) (>= net9.0)) (&& (== net6.0) (>= net9.0-windows7.0)) (&& (== net6.0-windows7.0) (>= net9.0)) (&& (== net6.0-windows7.0) (>= net9.0-windows7.0)) (== net9.0) (== net9.0-windows7.0) (&& (== netstandard2.0) (>= net9.0)) (&& (== netstandard2.0) (>= net9.0-windows7.0))
      Xpand.XAF.Modules.Reactive (>= 4.242.7.2) - restriction: || (&& (== net6.0) (>= net9.0)) (&& (== net6.0) (>= net9.0-windows7.0)) (&& (== net6.0-windows7.0) (>= net9.0)) (&& (== net6.0-windows7.0) (>= net9.0-windows7.0)) (== net9.0) (== net9.0-windows7.0) (&& (== netstandard2.0) (>= net9.0)) (&& (== netstandard2.0) (>= net9.0-windows7.0))
      Xpand.XAF.Modules.Reactive.Logger (>= 4.242.7.2) - restriction: || (&& (== net6.0) (>= net9.0)) (&& (== net6.0) (>= net9.0-windows7.0)) (&& (== net6.0-windows7.0) (>= net9.0)) (&& (== net6.0-windows7.0) (>= net9.0-windows7.0)) (== net9.0) (== net9.0-windows7.0) (&& (== netstandard2.0) (>= net9.0)) (&& (== netstandard2.0) (>= net9.0-windows7.0))
      Xpand.XAF.Modules.Reactive.Logger.Hub (>= 4.242.7.2) - restriction: || (&& (== net6.0) (>= net9.0)) (&& (== net6.0) (>= net9.0-windows7.0)) (&& (== net6.0-windows7.0) (>= net9.0)) (&& (== net6.0-windows7.0) (>= net9.0-windows7.0)) (== net9.0) (== net9.0-windows7.0) (&& (== netstandard2.0) (>= net9.0)) (&& (== netstandard2.0) (>= net9.0-windows7.0))
      Xpand.XAF.Modules.Reactive.Rest (>= 4.242.7.2) - restriction: || (&& (== net6.0) (>= net9.0)) (&& (== net6.0) (>= net9.0-windows7.0)) (&& (== net6.0-windows7.0) (>= net9.0)) (&& (== net6.0-windows7.0) (>= net9.0-windows7.0)) (== net9.0) (== net9.0-windows7.0) (&& (== netstandard2.0) (>= net9.0)) (&& (== netstandard2.0) (>= net9.0-windows7.0))
      Xpand.XAF.Modules.RefreshView (>= 4.242.7.2) - restriction: || (&& (== net6.0) (>= net9.0)) (&& (== net6.0) (>= net9.0-windows7.0)) (&& (== net6.0-windows7.0) (>= net9.0)) (&& (== net6.0-windows7.0) (>= net9.0-windows7.0)) (== net9.0) (== net9.0-windows7.0) (&& (== netstandard2.0) (>= net9.0)) (&& (== netstandard2.0) (>= net9.0-windows7.0))
      Xpand.XAF.Modules.SequenceGenerator (>= 4.242.7.2) - restriction: || (&& (== net6.0) (>= net9.0)) (&& (== net6.0) (>= net9.0-windows7.0)) (&& (== net6.0-windows7.0) (>= net9.0)) (&& (== net6.0-windows7.0) (>= net9.0-windows7.0)) (== net9.0) (== net9.0-windows7.0) (&& (== netstandard2.0) (>= net9.0)) (&& (== netstandard2.0) (>= net9.0-windows7.0))
      Xpand.XAF.Modules.StoreToDisk (>= 4.242.7.2) - restriction: || (&& (== net6.0) (>= net9.0)) (&& (== net6.0) (>= net9.0-windows7.0)) (&& (== net6.0-windows7.0) (>= net9.0)) (&& (== net6.0-windows7.0) (>= net9.0-windows7.0)) (== net9.0) (== net9.0-windows7.0) (&& (== netstandard2.0) (>= net9.0)) (&& (== netstandard2.0) (>= net9.0-windows7.0))
      Xpand.XAF.Modules.SuppressConfirmation (>= 4.242.7.2) - restriction: || (&& (== net6.0) (>= net9.0)) (&& (== net6.0) (>= net9.0-windows7.0)) (&& (== net6.0-windows7.0) (>= net9.0)) (&& (== net6.0-windows7.0) (>= net9.0-windows7.0)) (== net9.0) (== net9.0-windows7.0) (&& (== netstandard2.0) (>= net9.0)) (&& (== netstandard2.0) (>= net9.0-windows7.0))
      Xpand.XAF.Modules.TenantManager (>= 4.242.7.2) - restriction: || (&& (== net6.0) (>= net9.0)) (&& (== net6.0) (>= net9.0-windows7.0)) (&& (== net6.0-windows7.0) (>= net9.0)) (&& (== net6.0-windows7.0) (>= net9.0-windows7.0)) (== net9.0) (== net9.0-windows7.0) (&& (== netstandard2.0) (>= net9.0)) (&& (== netstandard2.0) (>= net9.0-windows7.0))
      Xpand.XAF.Modules.ViewEditMode (>= 4.242.7.2) - restriction: || (&& (== net6.0) (>= net9.0)) (&& (== net6.0) (>= net9.0-windows7.0)) (&& (== net6.0-windows7.0) (>= net9.0)) (&& (== net6.0-windows7.0) (>= net9.0-windows7.0)) (== net9.0) (== net9.0-windows7.0) (&& (== netstandard2.0) (>= net9.0)) (&& (== netstandard2.0) (>= net9.0-windows7.0))
      Xpand.XAF.Modules.ViewItemValue (>= 4.242.7.2) - restriction: || (&& (== net6.0) (>= net9.0)) (&& (== net6.0) (>= net9.0-windows7.0)) (&& (== net6.0-windows7.0) (>= net9.0)) (&& (== net6.0-windows7.0) (>= net9.0-windows7.0)) (== net9.0) (== net9.0-windows7.0) (&& (== netstandard2.0) (>= net9.0)) (&& (== netstandard2.0) (>= net9.0-windows7.0))
      Xpand.XAF.Modules.ViewWizard (>= 4.242.7.2) - restriction: || (&& (== net6.0) (>= net9.0)) (&& (== net6.0) (>= net9.0-windows7.0)) (&& (== net6.0-windows7.0) (>= net9.0)) (&& (== net6.0-windows7.0) (>= net9.0-windows7.0)) (== net9.0) (== net9.0-windows7.0) (&& (== netstandard2.0) (>= net9.0)) (&& (== netstandard2.0) (>= net9.0-windows7.0))
    Xpand.XAF.Win.All (4.242.7.2)
      Xpand.Extensions (>= 4.242.7.2) - restriction: || (&& (== net6.0) (>= net9.0)) (&& (== net6.0) (>= net9.0-windows7.0)) (&& (== net6.0-windows7.0) (>= net9.0)) (&& (== net6.0-windows7.0) (>= net9.0-windows7.0)) (== net9.0) (== net9.0-windows7.0) (&& (== netstandard2.0) (>= net9.0)) (&& (== netstandard2.0) (>= net9.0-windows7.0))
      Xpand.Extensions.Mono.Cecil (>= 4.242.7.2) - restriction: || (&& (== net6.0) (>= net9.0)) (&& (== net6.0) (>= net9.0-windows7.0)) (&& (== net6.0-windows7.0) (>= net9.0)) (&& (== net6.0-windows7.0) (>= net9.0-windows7.0)) (== net9.0) (== net9.0-windows7.0) (&& (== netstandard2.0) (>= net9.0)) (&& (== netstandard2.0) (>= net9.0-windows7.0))
      Xpand.Extensions.Office.Cloud (>= 4.242.7.2) - restriction: || (&& (== net6.0) (>= net9.0)) (&& (== net6.0) (>= net9.0-windows7.0)) (&& (== net6.0-windows7.0) (>= net9.0)) (&& (== net6.0-windows7.0) (>= net9.0-windows7.0)) (== net9.0) (== net9.0-windows7.0) (&& (== netstandard2.0) (>= net9.0)) (&& (== netstandard2.0) (>= net9.0-windows7.0))
      Xpand.Extensions.Reactive (>= 4.242.7.2) - restriction: || (&& (== net6.0) (>= net9.0)) (&& (== net6.0) (>= net9.0-windows7.0)) (&& (== net6.0-windows7.0) (>= net9.0)) (&& (== net6.0-windows7.0) (>= net9.0-windows7.0)) (== net9.0) (== net9.0-windows7.0) (&& (== netstandard2.0) (>= net9.0)) (&& (== netstandard2.0) (>= net9.0-windows7.0))
      Xpand.Extensions.XAF (>= 4.242.7.2) - restriction: || (&& (== net6.0) (>= net9.0)) (&& (== net6.0) (>= net9.0-windows7.0)) (&& (== net6.0-windows7.0) (>= net9.0)) (&& (== net6.0-windows7.0) (>= net9.0-windows7.0)) (== net9.0) (== net9.0-windows7.0) (&& (== netstandard2.0) (>= net9.0)) (&& (== netstandard2.0) (>= net9.0-windows7.0))
      Xpand.Extensions.XAF.Xpo (>= 4.242.7.2) - restriction: || (&& (== net6.0) (>= net9.0)) (&& (== net6.0) (>= net9.0-windows7.0)) (&& (== net6.0-windows7.0) (>= net9.0)) (&& (== net6.0-windows7.0) (>= net9.0-windows7.0)) (== net9.0) (== net9.0-windows7.0) (&& (== netstandard2.0) (>= net9.0)) (&& (== netstandard2.0) (>= net9.0-windows7.0))
      Xpand.XAF.Modules.AutoCommit (>= 4.242.7.2) - restriction: || (&& (== net6.0) (>= net9.0)) (&& (== net6.0) (>= net9.0-windows7.0)) (&& (== net6.0-windows7.0) (>= net9.0)) (&& (== net6.0-windows7.0) (>= net9.0-windows7.0)) (== net9.0) (== net9.0-windows7.0) (&& (== netstandard2.0) (>= net9.0)) (&& (== netstandard2.0) (>= net9.0-windows7.0))
      Xpand.XAF.Modules.BulkObjectUpdate (>= 4.242.7.2) - restriction: || (&& (== net6.0) (>= net9.0)) (&& (== net6.0) (>= net9.0-windows7.0)) (&& (== net6.0-windows7.0) (>= net9.0)) (&& (== net6.0-windows7.0) (>= net9.0-windows7.0)) (== net9.0) (== net9.0-windows7.0) (&& (== netstandard2.0) (>= net9.0)) (&& (== netstandard2.0) (>= net9.0-windows7.0))
      Xpand.XAF.Modules.CloneMemberValue (>= 4.242.7.2) - restriction: || (&& (== net6.0) (>= net9.0)) (&& (== net6.0) (>= net9.0-windows7.0)) (&& (== net6.0-windows7.0) (>= net9.0)) (&& (== net6.0-windows7.0) (>= net9.0-windows7.0)) (== net9.0) (== net9.0-windows7.0) (&& (== netstandard2.0) (>= net9.0)) (&& (== netstandard2.0) (>= net9.0-windows7.0))
      Xpand.XAF.Modules.CloneModelView (>= 4.242.7.2) - restriction: || (&& (== net6.0) (>= net9.0)) (&& (== net6.0) (>= net9.0-windows7.0)) (&& (== net6.0-windows7.0) (>= net9.0)) (&& (== net6.0-windows7.0) (>= net9.0-windows7.0)) (== net9.0) (== net9.0-windows7.0) (&& (== netstandard2.0) (>= net9.0)) (&& (== netstandard2.0) (>= net9.0-windows7.0))
      Xpand.XAF.Modules.Email (>= 4.242.7.2) - restriction: || (&& (== net6.0) (>= net9.0)) (&& (== net6.0) (>= net9.0-windows7.0)) (&& (== net6.0-windows7.0) (>= net9.0)) (&& (== net6.0-windows7.0) (>= net9.0-windows7.0)) (== net9.0) (== net9.0-windows7.0) (&& (== netstandard2.0) (>= net9.0)) (&& (== netstandard2.0) (>= net9.0-windows7.0))
      Xpand.XAF.Modules.HideToolBar (>= 4.242.7.2) - restriction: || (&& (== net6.0) (>= net9.0)) (&& (== net6.0) (>= net9.0-windows7.0)) (&& (== net6.0-windows7.0) (>= net9.0)) (&& (== net6.0-windows7.0) (>= net9.0-windows7.0)) (== net9.0) (== net9.0-windows7.0) (&& (== netstandard2.0) (>= net9.0)) (&& (== netstandard2.0) (>= net9.0-windows7.0))
      Xpand.XAF.Modules.MasterDetail (>= 4.242.7.2) - restriction: || (&& (== net6.0) (>= net9.0)) (&& (== net6.0) (>= net9.0-windows7.0)) (&& (== net6.0-windows7.0) (>= net9.0)) (&& (== net6.0-windows7.0) (>= net9.0-windows7.0)) (== net9.0) (== net9.0-windows7.0) (&& (== netstandard2.0) (>= net9.0)) (&& (== netstandard2.0) (>= net9.0-windows7.0))
      Xpand.XAF.Modules.ModelMapper (>= 4.242.7.2) - restriction: || (&& (== net6.0) (>= net9.0)) (&& (== net6.0) (>= net9.0-windows7.0)) (&& (== net6.0-windows7.0) (>= net9.0)) (&& (== net6.0-windows7.0) (>= net9.0-windows7.0)) (== net9.0) (== net9.0-windows7.0) (&& (== netstandard2.0) (>= net9.0)) (&& (== netstandard2.0) (>= net9.0-windows7.0))
      Xpand.XAF.Modules.ModelViewInheritance (>= 4.242.7.2) - restriction: || (&& (== net6.0) (>= net9.0)) (&& (== net6.0) (>= net9.0-windows7.0)) (&& (== net6.0-windows7.0) (>= net9.0)) (&& (== net6.0-windows7.0) (>= net9.0-windows7.0)) (== net9.0) (== net9.0-windows7.0) (&& (== netstandard2.0) (>= net9.0)) (&& (== netstandard2.0) (>= net9.0-windows7.0))
      Xpand.XAF.Modules.Office.Cloud.Google (>= 4.242.7.2) - restriction: || (&& (== net6.0) (>= net9.0)) (&& (== net6.0) (>= net9.0-windows7.0)) (&& (== net6.0-windows7.0) (>= net9.0)) (&& (== net6.0-windows7.0) (>= net9.0-windows7.0)) (== net9.0) (== net9.0-windows7.0) (&& (== netstandard2.0) (>= net9.0)) (&& (== netstandard2.0) (>= net9.0-windows7.0))
      Xpand.XAF.Modules.Office.Cloud.Google.Calendar (>= 4.242.7.2) - restriction: || (&& (== net6.0) (>= net9.0)) (&& (== net6.0) (>= net9.0-windows7.0)) (&& (== net6.0-windows7.0) (>= net9.0)) (&& (== net6.0-windows7.0) (>= net9.0-windows7.0)) (== net9.0) (== net9.0-windows7.0) (&& (== netstandard2.0) (>= net9.0)) (&& (== netstandard2.0) (>= net9.0-windows7.0))
      Xpand.XAF.Modules.Office.Cloud.Google.Tasks (>= 4.242.7.2) - restriction: || (&& (== net6.0) (>= net9.0)) (&& (== net6.0) (>= net9.0-windows7.0)) (&& (== net6.0-windows7.0) (>= net9.0)) (&& (== net6.0-windows7.0) (>= net9.0-windows7.0)) (== net9.0) (== net9.0-windows7.0) (&& (== netstandard2.0) (>= net9.0)) (&& (== netstandard2.0) (>= net9.0-windows7.0))
      Xpand.XAF.Modules.PositionInListView (>= 4.242.7.2) - restriction: || (&& (== net6.0) (>= net9.0)) (&& (== net6.0) (>= net9.0-windows7.0)) (&& (== net6.0-windows7.0) (>= net9.0)) (&& (== net6.0-windows7.0) (>= net9.0-windows7.0)) (== net9.0) (== net9.0-windows7.0) (&& (== netstandard2.0) (>= net9.0)) (&& (== netstandard2.0) (>= net9.0-windows7.0))
      Xpand.XAF.Modules.ProgressBarViewItem (>= 4.242.7.2) - restriction: || (&& (== net6.0) (>= net9.0)) (&& (== net6.0) (>= net9.0-windows7.0)) (&& (== net6.0-windows7.0) (>= net9.0)) (&& (== net6.0-windows7.0) (>= net9.0-windows7.0)) (== net9.0) (== net9.0-windows7.0) (&& (== netstandard2.0) (>= net9.0)) (&& (== netstandard2.0) (>= net9.0-windows7.0))
      Xpand.XAF.Modules.RazorView (>= 4.242.7.2) - restriction: || (&& (== net6.0) (>= net9.0)) (&& (== net6.0) (>= net9.0-windows7.0)) (&& (== net6.0-windows7.0) (>= net9.0)) (&& (== net6.0-windows7.0) (>= net9.0-windows7.0)) (== net9.0) (== net9.0-windows7.0) (&& (== netstandard2.0) (>= net9.0)) (&& (== netstandard2.0) (>= net9.0-windows7.0))
      Xpand.XAF.Modules.Reactive (>= 4.242.7.2) - restriction: || (&& (== net6.0) (>= net9.0)) (&& (== net6.0) (>= net9.0-windows7.0)) (&& (== net6.0-windows7.0) (>= net9.0)) (&& (== net6.0-windows7.0) (>= net9.0-windows7.0)) (== net9.0) (== net9.0-windows7.0) (&& (== netstandard2.0) (>= net9.0)) (&& (== netstandard2.0) (>= net9.0-windows7.0))
      Xpand.XAF.Modules.Reactive.Logger (>= 4.242.7.2) - restriction: || (&& (== net6.0) (>= net9.0)) (&& (== net6.0) (>= net9.0-windows7.0)) (&& (== net6.0-windows7.0) (>= net9.0)) (&& (== net6.0-windows7.0) (>= net9.0-windows7.0)) (== net9.0) (== net9.0-windows7.0) (&& (== netstandard2.0) (>= net9.0)) (&& (== netstandard2.0) (>= net9.0-windows7.0))
      Xpand.XAF.Modules.Reactive.Logger.Hub (>= 4.242.7.2) - restriction: || (&& (== net6.0) (>= net9.0)) (&& (== net6.0) (>= net9.0-windows7.0)) (&& (== net6.0-windows7.0) (>= net9.0)) (&& (== net6.0-windows7.0) (>= net9.0-windows7.0)) (== net9.0) (== net9.0-windows7.0) (&& (== netstandard2.0) (>= net9.0)) (&& (== netstandard2.0) (>= net9.0-windows7.0))
      Xpand.XAF.Modules.Reactive.Rest (>= 4.242.7.2) - restriction: || (&& (== net6.0) (>= net9.0)) (&& (== net6.0) (>= net9.0-windows7.0)) (&& (== net6.0-windows7.0) (>= net9.0)) (&& (== net6.0-windows7.0) (>= net9.0-windows7.0)) (== net9.0) (== net9.0-windows7.0) (&& (== netstandard2.0) (>= net9.0)) (&& (== netstandard2.0) (>= net9.0-windows7.0))
      Xpand.XAF.Modules.RefreshView (>= 4.242.7.2) - restriction: || (&& (== net6.0) (>= net9.0)) (&& (== net6.0) (>= net9.0-windows7.0)) (&& (== net6.0-windows7.0) (>= net9.0)) (&& (== net6.0-windows7.0) (>= net9.0-windows7.0)) (== net9.0) (== net9.0-windows7.0) (&& (== netstandard2.0) (>= net9.0)) (&& (== netstandard2.0) (>= net9.0-windows7.0))
      Xpand.XAF.Modules.SequenceGenerator (>= 4.242.7.2) - restriction: || (&& (== net6.0) (>= net9.0)) (&& (== net6.0) (>= net9.0-windows7.0)) (&& (== net6.0-windows7.0) (>= net9.0)) (&& (== net6.0-windows7.0) (>= net9.0-windows7.0)) (== net9.0) (== net9.0-windows7.0) (&& (== netstandard2.0) (>= net9.0)) (&& (== netstandard2.0) (>= net9.0-windows7.0))
      Xpand.XAF.Modules.StoreToDisk (>= 4.242.7.2) - restriction: || (&& (== net6.0) (>= net9.0)) (&& (== net6.0) (>= net9.0-windows7.0)) (&& (== net6.0-windows7.0) (>= net9.0)) (&& (== net6.0-windows7.0) (>= net9.0-windows7.0)) (== net9.0) (== net9.0-windows7.0) (&& (== netstandard2.0) (>= net9.0)) (&& (== netstandard2.0) (>= net9.0-windows7.0))
      Xpand.XAF.Modules.SuppressConfirmation (>= 4.242.7.2) - restriction: || (&& (== net6.0) (>= net9.0)) (&& (== net6.0) (>= net9.0-windows7.0)) (&& (== net6.0-windows7.0) (>= net9.0)) (&& (== net6.0-windows7.0) (>= net9.0-windows7.0)) (== net9.0) (== net9.0-windows7.0) (&& (== netstandard2.0) (>= net9.0)) (&& (== netstandard2.0) (>= net9.0-windows7.0))
      Xpand.XAF.Modules.ViewEditMode (>= 4.242.7.2) - restriction: || (&& (== net6.0) (>= net9.0)) (&& (== net6.0) (>= net9.0-windows7.0)) (&& (== net6.0-windows7.0) (>= net9.0)) (&& (== net6.0-windows7.0) (>= net9.0-windows7.0)) (== net9.0) (== net9.0-windows7.0) (&& (== netstandard2.0) (>= net9.0)) (&& (== netstandard2.0) (>= net9.0-windows7.0))
      Xpand.XAF.Modules.ViewItemValue (>= 4.242.7.2) - restriction: || (&& (== net6.0) (>= net9.0)) (&& (== net6.0) (>= net9.0-windows7.0)) (&& (== net6.0-windows7.0) (>= net9.0)) (&& (== net6.0-windows7.0) (>= net9.0-windows7.0)) (== net9.0) (== net9.0-windows7.0) (&& (== netstandard2.0) (>= net9.0)) (&& (== netstandard2.0) (>= net9.0-windows7.0))
      Xpand.XAF.Modules.ViewWizard (>= 4.242.7.2) - restriction: || (&& (== net6.0) (>= net9.0)) (&& (== net6.0) (>= net9.0-windows7.0)) (&& (== net6.0-windows7.0) (>= net9.0)) (&& (== net6.0-windows7.0) (>= net9.0-windows7.0)) (== net9.0) (== net9.0-windows7.0) (&& (== netstandard2.0) (>= net9.0)) (&& (== netstandard2.0) (>= net9.0-windows7.0))
