STORAGE: NONE
STRATEGY: MIN
LOWEST_MATCHING: TRUE
COPY-LOCAL: TRUE
SPECIFIC-VERSION: FALSE
RESTRICTION: || (== net461) (== net6.0) (== net6.0-windows7.0) (== netstandard2.0) (== netstandard2.1)
NUGET
  remote: https://api.nuget.org/v3/index.json
    AForge (2.2.5)
    AForge.Imaging (2.2.5)
      AForge (>= 2.2.5)
      AForge.Math (>= 2.2.5)
    AForge.Math (2.2.5)
      AForge (>= 2.2.5)
    AForge.Video (2.2.5)
      AForge (>= 2.2.5)
    akarnokd.reactive_extensions (0.0.27-alpha) - restriction: || (&& (== net461) (>= netstandard2.0)) (== net6.0) (== net6.0-windows7.0) (== netstandard2.0) (== netstandard2.1)
      System.Reactive (>= 4.1.6) - restriction: || (&& (== net461) (>= netstandard2.0)) (== net6.0) (== net6.0-windows7.0) (== netstandard2.0) (== netstandard2.1)
    AppDomainToolkit (1.0.4.3)
    AutoMapper (10.1.1)
      Microsoft.CSharp (>= 4.7) - restriction: || (== net6.0) (== net6.0-windows7.0) (== netstandard2.0) (== netstandard2.1)
      System.Reflection.Emit (>= 4.7) - restriction: || (== net6.0) (== net6.0-windows7.0) (== netstandard2.0) (== netstandard2.1)
    CommandLineParser (1.9.71)
    Common.Logging (3.4.1)
      Common.Logging.Core (>= 3.4.1)
      Microsoft.CSharp (>= 4.0.1) - restriction: || (&& (== net461) (< net35)) (== net6.0) (== net6.0-windows7.0) (== netstandard2.0) (== netstandard2.1)
      System.Collections (>= 4.0.11) - restriction: || (&& (== net461) (< net35)) (== net6.0) (== net6.0-windows7.0) (== netstandard2.0) (== netstandard2.1)
      System.Diagnostics.Debug (>= 4.0.11) - restriction: || (&& (== net461) (< net35)) (== net6.0) (== net6.0-windows7.0) (== netstandard2.0) (== netstandard2.1)
      System.Globalization (>= 4.0.11) - restriction: || (&& (== net461) (< net35)) (== net6.0) (== net6.0-windows7.0) (== netstandard2.0) (== netstandard2.1)
      System.Reflection.TypeExtensions (>= 4.1) - restriction: || (&& (== net461) (< net35)) (== net6.0) (== net6.0-windows7.0) (== netstandard2.0) (== netstandard2.1)
      System.Runtime.Extensions (>= 4.1) - restriction: || (&& (== net461) (< net35)) (== net6.0) (== net6.0-windows7.0) (== netstandard2.0) (== netstandard2.1)
      System.Threading (>= 4.0.11) - restriction: || (&& (== net461) (< net35)) (== net6.0) (== net6.0-windows7.0) (== netstandard2.0) (== netstandard2.1)
    Common.Logging.Core (3.4.1)
      Microsoft.CSharp (>= 4.0.1)
    DevExpress.Data (22.1.5)
      Microsoft.Win32.Registry (>= 4.5) - restriction: || (&& (== net461) (< net452) (>= netstandard2.0)) (== net6.0) (== net6.0-windows7.0) (== netstandard2.0) (== netstandard2.1)
      NETStandard.Library (>= 2.0.3) - restriction: || (&& (== net461) (< net452) (>= netstandard2.0)) (== net6.0) (== net6.0-windows7.0) (== netstandard2.0) (== netstandard2.1)
      System.ComponentModel.Annotations (>= 4.4) - restriction: || (&& (== net461) (< net452) (>= netstandard2.0)) (== net6.0) (== net6.0-windows7.0) (== netstandard2.0) (== netstandard2.1)
      System.Drawing.Common (>= 4.5) - restriction: || (&& (== net461) (< net452) (>= netstandard2.0)) (== net6.0) (== net6.0-windows7.0) (== netstandard2.0) (== netstandard2.1)
      System.Reflection.Emit (>= 4.3) - restriction: || (&& (== net461) (< net452) (>= netstandard2.0)) (== net6.0) (== net6.0-windows7.0) (== netstandard2.0) (== netstandard2.1)
      System.Reflection.Emit.Lightweight (>= 4.3) - restriction: || (&& (== net461) (< net452) (>= netstandard2.0)) (== net6.0) (== net6.0-windows7.0) (== netstandard2.0) (== netstandard2.1)
      System.Text.Encoding.CodePages (>= 4.4) - restriction: || (&& (== net461) (< net452) (>= netstandard2.0)) (== net6.0) (== net6.0-windows7.0) (== netstandard2.0) (== netstandard2.1)
    DevExpress.Xpo (22.1.5)
      DevExpress.Data (22.1.5)
      Microsoft.Extensions.DependencyInjection (>= 2.0) - restriction: || (&& (== net461) (< net452) (>= netstandard2.0)) (== net6.0) (== net6.0-windows7.0) (== netstandard2.0) (== netstandard2.1)
      Microsoft.Win32.Registry (>= 4.5) - restriction: || (&& (== net461) (< net452) (>= netstandard2.0)) (== net6.0) (== net6.0-windows7.0) (== netstandard2.0) (== netstandard2.1)
      NETStandard.Library (>= 2.0.3) - restriction: || (&& (== net461) (< net452) (>= netstandard2.0)) (== net6.0) (== net6.0-windows7.0) (== netstandard2.0) (== netstandard2.1)
      System.Data.SqlClient (>= 4.5) - restriction: || (&& (== net461) (< net452) (>= netstandard2.0)) (== net6.0) (== net6.0-windows7.0) (== netstandard2.0) (== netstandard2.1)
      System.Drawing.Common (>= 4.5) - restriction: || (&& (== net461) (< net452) (>= netstandard2.0)) (== net6.0) (== net6.0-windows7.0) (== netstandard2.0) (== netstandard2.1)
      System.ServiceModel.Http (>= 4.5.3) - restriction: || (&& (== net461) (< net452) (>= netstandard2.0)) (== net6.0) (== net6.0-windows7.0) (== netstandard2.0) (== netstandard2.1)
      System.ServiceModel.NetTcp (>= 4.4.4) - restriction: || (&& (== net461) (< net452) (>= netstandard2.0)) (== net6.0) (== net6.0-windows7.0) (== netstandard2.0) (== netstandard2.1)
      System.ServiceModel.Security (>= 4.4.4) - restriction: || (&& (== net461) (< net452) (>= netstandard2.0)) (== net6.0) (== net6.0-windows7.0) (== netstandard2.0) (== netstandard2.1)
      System.Text.Json (>= 4.6) - restriction: || (&& (== net461) (< net452) (>= netstandard2.0)) (== net6.0) (== net6.0-windows7.0) (== netstandard2.0) (== netstandard2.1)
    DevExtreme.AspNet.Data (2.8.6) - restriction: || (&& (== net461) (>= net6.0)) (== net6.0) (== net6.0-windows7.0) (&& (== netstandard2.0) (>= net6.0)) (&& (== netstandard2.1) (>= net6.0))
      Microsoft.CSharp (>= 4.4) - restriction: || (&& (== net461) (< net452) (>= netstandard2.0)) (== net6.0) (== net6.0-windows7.0) (== netstandard2.0) (== netstandard2.1)
      Newtonsoft.Json (>= 11.0.1)
    DocumentFormat.OpenXml (2.11.3)
      System.IO.Packaging (>= 4.7)
    DotNetZip (1.16)
      System.Security.Permissions (>= 4.7) - restriction: || (&& (== net461) (< net40) (>= netstandard2.0)) (== net6.0) (== net6.0-windows7.0) (== netstandard2.0) (== netstandard2.1)
      System.Text.Encoding.CodePages (>= 4.7.1) - restriction: || (&& (== net461) (< net40) (>= netstandard2.0)) (== net6.0) (== net6.0-windows7.0) (== netstandard2.0) (== netstandard2.1)
    Enums.NET (4.0)
      System.ComponentModel.Annotations (>= 4.6) - restriction: || (&& (== net461) (< net45)) (&& (== net461) (>= netstandard2.1)) (&& (== net6.0) (< netcoreapp3.0)) (&& (== net6.0) (< netstandard1.3)) (&& (== net6.0) (< netstandard2.0)) (&& (== net6.0) (< netstandard2.1)) (&& (== net6.0-windows7.0) (< netcoreapp3.0)) (&& (== net6.0-windows7.0) (< netstandard1.3)) (&& (== net6.0-windows7.0) (< netstandard2.0)) (&& (== net6.0-windows7.0) (< netstandard2.1)) (== netstandard2.0) (== netstandard2.1)
      System.Runtime.CompilerServices.Unsafe (>= 5.0) - restriction: || (== net461) (&& (== net6.0) (>= net45)) (&& (== net6.0) (< netcoreapp3.0)) (&& (== net6.0) (< netstandard1.1)) (&& (== net6.0) (< netstandard1.3)) (&& (== net6.0) (< netstandard2.0)) (&& (== net6.0) (< netstandard2.1)) (&& (== net6.0-windows7.0) (>= net45)) (&& (== net6.0-windows7.0) (< netcoreapp3.0)) (&& (== net6.0-windows7.0) (< netstandard1.1)) (&& (== net6.0-windows7.0) (< netstandard1.3)) (&& (== net6.0-windows7.0) (< netstandard2.0)) (&& (== net6.0-windows7.0) (< netstandard2.1)) (== netstandard2.0) (== netstandard2.1)
    ExcelDataReader (3.6)
    ExcelDataReader.DataSet (3.6)
      ExcelDataReader (>= 3.6)
    Fasterflect.Xpand (2.0.7)
      System.Reflection.Emit.Lightweight (>= 4.6) - restriction: || (&& (== net461) (>= netstandard2.0)) (== net6.0) (== net6.0-windows7.0) (== netstandard2.0) (== netstandard2.1)
    Fody (4.2.1) - copy_local: false
    Google.Apis (1.55) - restriction: || (&& (== net461) (>= net6.0)) (&& (== net461) (>= netstandard2.0)) (== net6.0) (== net6.0-windows7.0) (== netstandard2.0) (== netstandard2.1)
      Google.Apis.Core (>= 1.55)
    Google.Apis.Auth (1.55) - restriction: || (&& (== net461) (>= net6.0)) (&& (== net461) (>= netstandard2.0)) (== net6.0) (== net6.0-windows7.0) (== netstandard2.0) (== netstandard2.1)
      Google.Apis (>= 1.55)
      Google.Apis.Core (>= 1.55)
    Google.Apis.Calendar.v3 (1.55.0.2410) - restriction: || (&& (== net461) (>= netstandard2.0)) (== net6.0) (== net6.0-windows7.0) (== netstandard2.0) (== netstandard2.1)
      Google.Apis (>= 1.55)
      Google.Apis.Auth (>= 1.55)
    Google.Apis.Core (1.55) - restriction: || (&& (== net461) (>= net6.0)) (== net6.0) (== net6.0-windows7.0) (&& (== netstandard2.0) (>= net6.0)) (&& (== netstandard2.1) (>= net6.0))
      Newtonsoft.Json (>= 13.0.1)
    Google.Apis.Tasks.v1 (1.55.0.2384) - restriction: || (&& (== net461) (>= netstandard2.0)) (== net6.0) (== net6.0-windows7.0) (== netstandard2.0) (== netstandard2.1)
      Google.Apis (>= 1.55)
      Google.Apis.Auth (>= 1.55)
    Grpc (2.23) - restriction: || (&& (== net461) (>= netstandard2.0)) (== net6.0) (== net6.0-windows7.0) (== netstandard2.0) (== netstandard2.1)
      Grpc.Core (>= 2.23)
    Grpc.Core (2.23) - restriction: || (&& (== net461) (>= netstandard2.0)) (== net6.0) (== net6.0-windows7.0) (== netstandard2.0) (== netstandard2.1)
      Grpc.Core.Api (>= 2.23)
      System.Memory (>= 4.5.3)
    Grpc.Core.Api (2.23) - restriction: || (&& (== net461) (>= netstandard2.0)) (== net6.0) (== net6.0-windows7.0) (== netstandard2.0) (== netstandard2.1)
      System.Memory (>= 4.5.3)
    Hangfire.AspNetCore (1.7.30) - restriction: || (&& (== net461) (>= net6.0)) (== net6.0) (== net6.0-windows7.0) (&& (== netstandard2.0) (>= net6.0)) (&& (== netstandard2.1) (>= net6.0))
      Hangfire.Core (1.7.30)
    Hangfire.Core (1.7.30) - restriction: || (&& (== net461) (>= net6.0)) (== net6.0) (== net6.0-windows7.0) (&& (== netstandard2.0) (>= net6.0)) (&& (== netstandard2.1) (>= net6.0))
      Newtonsoft.Json (>= 11.0.1) - restriction: || (&& (== net461) (< net45) (>= netstandard2.0)) (== net6.0) (== net6.0-windows7.0) (== netstandard2.0) (== netstandard2.1)
    Humanizer.Core (2.2) - restriction: || (&& (== net461) (>= net6.0)) (== net6.0) (== net6.0-windows7.0) (&& (== netstandard2.0) (>= net6.0)) (&& (== netstandard2.1) (>= net6.0))
      NETStandard.Library (>= 1.6.1)
    IIS.Microsoft.Web.Adminstration (8.5.9600.16384)
    InputSimulator (1.0.4)
    JetBrains.Annotations (2021.3)
    MagicOnion (2.6.3) - restriction: || (&& (== net461) (>= netstandard2.0)) (== net6.0) (== net6.0-windows7.0) (== netstandard2.0) (== netstandard2.1)
      Grpc (>= 2.23) - restriction: || (&& (== net461) (>= netstandard2.0)) (== net6.0) (== net6.0-windows7.0) (== netstandard2.0) (== netstandard2.1)
      MessagePack (>= 1.7.3.7) - restriction: || (&& (== net461) (>= netstandard2.0)) (== net6.0) (== net6.0-windows7.0) (== netstandard2.0) (== netstandard2.1)
      System.Buffers (>= 4.5) - restriction: || (&& (== net461) (>= netstandard2.0)) (== net6.0) (== net6.0-windows7.0) (== netstandard2.0) (== netstandard2.1)
      System.Collections.Immutable (>= 1.5) - restriction: || (&& (== net461) (>= netstandard2.0)) (== net6.0) (== net6.0-windows7.0) (== netstandard2.0) (== netstandard2.1)
      System.Runtime.CompilerServices.Unsafe (>= 4.5.2) - restriction: || (&& (== net461) (>= netstandard2.0)) (== net6.0) (== net6.0-windows7.0) (== netstandard2.0) (== netstandard2.1)
      System.Threading.Tasks.Extensions (>= 4.5.3) - restriction: || (&& (== net461) (>= netstandard2.0)) (== net6.0) (== net6.0-windows7.0) (== netstandard2.0) (== netstandard2.1)
      System.Threading.Tasks.Parallel (>= 4.3) - restriction: || (&& (== net461) (>= netstandard2.0)) (== net6.0) (== net6.0-windows7.0) (== netstandard2.0) (== netstandard2.1)
    MessagePack (1.7.3.7) - restriction: || (&& (== net461) (>= netstandard2.0)) (== net6.0) (== net6.0-windows7.0) (== netstandard2.0) (== netstandard2.1)
      System.Reflection.Emit (>= 4.3) - restriction: || (&& (== net461) (< net45) (>= netstandard1.6)) (&& (== net461) (< net45) (>= netstandard2.0)) (== net6.0) (== net6.0-windows7.0) (== netstandard2.0) (== netstandard2.1)
      System.Reflection.Emit.Lightweight (>= 4.3) - restriction: || (&& (== net461) (< net45) (>= netstandard1.6)) (&& (== net461) (< net45) (>= netstandard2.0)) (== net6.0) (== net6.0-windows7.0) (== netstandard2.0) (== netstandard2.1)
      System.Runtime.Serialization.Primitives (>= 4.3) - restriction: || (&& (== net461) (< net45) (>= netstandard1.6)) (&& (== net461) (< net45) (>= netstandard2.0)) (== net6.0) (== net6.0-windows7.0) (== netstandard2.0) (== netstandard2.1)
      System.Threading.Tasks.Extensions (>= 4.3)
      System.ValueTuple (>= 4.3)
    Microsoft.AspNet.Razor (3.2.7)
    Microsoft.AspNetCore.Authorization (6.0) - restriction: || (&& (== net461) (>= net6.0)) (== net6.0) (== net6.0-windows7.0) (&& (== netstandard2.0) (>= net6.0)) (&& (== netstandard2.1) (>= net6.0))
      Microsoft.AspNetCore.Metadata (>= 6.0)
      Microsoft.Extensions.Logging.Abstractions (>= 6.0)
      Microsoft.Extensions.Options (>= 6.0)
    Microsoft.AspNetCore.Components (6.0) - restriction: || (&& (== net461) (>= net6.0)) (== net6.0) (== net6.0-windows7.0) (&& (== netstandard2.0) (>= net6.0)) (&& (== netstandard2.1) (>= net6.0))
      Microsoft.AspNetCore.Authorization (>= 6.0) - restriction: || (&& (== net461) (>= net6.0)) (== net6.0) (== net6.0-windows7.0) (&& (== netstandard2.0) (>= net6.0)) (&& (== netstandard2.1) (>= net6.0))
      Microsoft.AspNetCore.Components.Analyzers (>= 6.0) - restriction: || (&& (== net461) (>= net6.0)) (== net6.0) (== net6.0-windows7.0) (&& (== netstandard2.0) (>= net6.0)) (&& (== netstandard2.1) (>= net6.0))
    Microsoft.AspNetCore.Components.Analyzers (6.0) - restriction: || (&& (== net461) (>= net6.0)) (== net6.0) (== net6.0-windows7.0) (&& (== netstandard2.0) (>= net6.0)) (&& (== netstandard2.1) (>= net6.0))
    Microsoft.AspNetCore.Components.Forms (6.0) - restriction: || (&& (== net461) (>= net6.0)) (== net6.0) (== net6.0-windows7.0) (&& (== netstandard2.0) (>= net6.0)) (&& (== netstandard2.1) (>= net6.0))
      Microsoft.AspNetCore.Components (>= 6.0) - restriction: || (&& (== net461) (>= net6.0)) (== net6.0) (== net6.0-windows7.0) (&& (== netstandard2.0) (>= net6.0)) (&& (== netstandard2.1) (>= net6.0))
    Microsoft.AspNetCore.Components.Web (6.0) - restriction: || (&& (== net461) (>= net6.0)) (== net6.0) (== net6.0-windows7.0) (&& (== netstandard2.0) (>= net6.0)) (&& (== netstandard2.1) (>= net6.0))
      Microsoft.AspNetCore.Components (>= 6.0) - restriction: || (&& (== net461) (>= net6.0)) (== net6.0) (== net6.0-windows7.0) (&& (== netstandard2.0) (>= net6.0)) (&& (== netstandard2.1) (>= net6.0))
      Microsoft.AspNetCore.Components.Forms (>= 6.0) - restriction: || (&& (== net461) (>= net6.0)) (== net6.0) (== net6.0-windows7.0) (&& (== netstandard2.0) (>= net6.0)) (&& (== netstandard2.1) (>= net6.0))
      Microsoft.Extensions.DependencyInjection (>= 6.0) - restriction: || (&& (== net461) (>= net6.0)) (== net6.0) (== net6.0-windows7.0) (&& (== netstandard2.0) (>= net6.0)) (&& (== netstandard2.1) (>= net6.0))
      Microsoft.JSInterop (>= 6.0) - restriction: || (&& (== net461) (>= net6.0)) (== net6.0) (== net6.0-windows7.0) (&& (== netstandard2.0) (>= net6.0)) (&& (== netstandard2.1) (>= net6.0))
      System.IO.Pipelines (>= 6.0) - restriction: || (&& (== net461) (>= net6.0)) (== net6.0) (== net6.0-windows7.0) (&& (== netstandard2.0) (>= net6.0)) (&& (== netstandard2.1) (>= net6.0))
    Microsoft.AspNetCore.Cryptography.Internal (6.0) - restriction: || (&& (== net461) (>= net6.0)) (== net6.0) (== net6.0-windows7.0) (&& (== netstandard2.0) (>= net6.0)) (&& (== netstandard2.1) (>= net6.0))
    Microsoft.AspNetCore.DataProtection (6.0) - restriction: || (&& (== net461) (>= net6.0)) (== net6.0) (== net6.0-windows7.0) (&& (== netstandard2.0) (>= net6.0)) (&& (== netstandard2.1) (>= net6.0))
      Microsoft.AspNetCore.Cryptography.Internal (>= 6.0)
      Microsoft.AspNetCore.DataProtection.Abstractions (>= 6.0)
      Microsoft.Extensions.DependencyInjection.Abstractions (>= 6.0)
      Microsoft.Extensions.Hosting.Abstractions (>= 6.0)
      Microsoft.Extensions.Logging.Abstractions (>= 6.0)
      Microsoft.Extensions.Options (>= 6.0)
      System.Security.Cryptography.Xml (>= 6.0)
    Microsoft.AspNetCore.DataProtection.Abstractions (6.0) - restriction: || (&& (== net461) (>= net6.0)) (== net6.0) (== net6.0-windows7.0) (&& (== netstandard2.0) (>= net6.0)) (&& (== netstandard2.1) (>= net6.0))
    Microsoft.AspNetCore.DataProtection.Extensions (6.0) - restriction: || (&& (== net461) (>= net6.0)) (== net6.0) (== net6.0-windows7.0) (&& (== netstandard2.0) (>= net6.0)) (&& (== netstandard2.1) (>= net6.0))
      Microsoft.AspNetCore.DataProtection (>= 6.0)
      Microsoft.Extensions.DependencyInjection (>= 6.0)
    Microsoft.AspNetCore.Metadata (6.0) - restriction: || (&& (== net461) (>= net6.0)) (== net6.0) (== net6.0-windows7.0) (&& (== netstandard2.0) (>= net6.0)) (&& (== netstandard2.1) (>= net6.0))
    Microsoft.AspNetCore.Mvc.Razor.Extensions (5.0) - restriction: || (&& (== net461) (>= net6.0)) (== net6.0) (== net6.0-windows7.0) (&& (== netstandard2.0) (>= net6.0)) (&& (== netstandard2.1) (>= net6.0))
      Microsoft.AspNetCore.Razor.Language (>= 5.0) - restriction: || (&& (== net461) (>= netstandard2.0)) (== net6.0) (== net6.0-windows7.0) (== netstandard2.0) (== netstandard2.1)
      Microsoft.CodeAnalysis.Razor (>= 5.0) - restriction: || (&& (== net461) (>= netstandard2.0)) (== net6.0) (== net6.0-windows7.0) (== netstandard2.0) (== netstandard2.1)
    Microsoft.AspNetCore.Razor.Language (5.0) - restriction: || (&& (== net461) (>= net6.0)) (== net6.0) (== net6.0-windows7.0) (&& (== netstandard2.0) (>= net6.0)) (&& (== netstandard2.1) (>= net6.0))
    Microsoft.AspNetCore.WebUtilities (2.2)
      Microsoft.Net.Http.Headers (>= 2.2) - restriction: || (&& (== net461) (>= netstandard2.0)) (== net6.0) (== net6.0-windows7.0) (== netstandard2.0) (== netstandard2.1)
      System.Text.Encodings.Web (>= 4.5) - restriction: || (&& (== net461) (>= netstandard2.0)) (== net6.0) (== net6.0-windows7.0) (== netstandard2.0) (== netstandard2.1)
    Microsoft.Bcl.AsyncInterfaces (6.0)
      System.Threading.Tasks.Extensions (>= 4.5.4) - restriction: || (== net461) (&& (== net6.0) (>= net461)) (&& (== net6.0) (< netstandard2.1)) (&& (== net6.0-windows7.0) (>= net461)) (&& (== net6.0-windows7.0) (< netstandard2.1)) (== netstandard2.0) (&& (== netstandard2.1) (>= net461))
    Microsoft.CodeAnalysis (4.2) - restriction: || (&& (== net461) (>= net6.0)) (== net6.0) (== net6.0-windows7.0) (&& (== netstandard2.0) (>= net6.0)) (&& (== netstandard2.1) (>= net6.0))
      Microsoft.CodeAnalysis.CSharp.Workspaces (4.2) - restriction: || (&& (== net461) (>= netstandard2.0)) (== net6.0) (== net6.0-windows7.0) (== netstandard2.0) (== netstandard2.1)
      Microsoft.CodeAnalysis.VisualBasic.Workspaces (4.2) - restriction: || (&& (== net461) (>= netstandard2.0)) (== net6.0) (== net6.0-windows7.0) (== netstandard2.0) (== netstandard2.1)
    Microsoft.CodeAnalysis.Analyzers (3.3.3) - restriction: || (&& (== net461) (>= netstandard2.0)) (== net6.0) (== net6.0-windows7.0) (== netstandard2.0) (== netstandard2.1)
    Microsoft.CodeAnalysis.Common (4.2) - restriction: || (&& (== net461) (>= net6.0)) (&& (== net461) (>= netstandard2.0)) (== net6.0) (== net6.0-windows7.0) (== netstandard2.0) (== netstandard2.1)
      Microsoft.CodeAnalysis.Analyzers (>= 3.3.3) - restriction: || (&& (== net461) (>= netstandard2.0)) (== net6.0) (== net6.0-windows7.0) (== netstandard2.0) (== netstandard2.1)
      System.Collections.Immutable (>= 5.0) - restriction: || (&& (== net461) (>= netstandard2.0)) (== net6.0) (== net6.0-windows7.0) (== netstandard2.0) (== netstandard2.1)
      System.Memory (>= 4.5.4) - restriction: || (&& (== net461) (>= netstandard2.0)) (== net6.0) (== net6.0-windows7.0) (== netstandard2.0) (== netstandard2.1)
      System.Reflection.Metadata (>= 5.0) - restriction: || (&& (== net461) (>= netstandard2.0)) (== net6.0) (== net6.0-windows7.0) (== netstandard2.0) (== netstandard2.1)
      System.Runtime.CompilerServices.Unsafe (>= 6.0) - restriction: || (&& (== net461) (>= netstandard2.0)) (== net6.0) (== net6.0-windows7.0) (== netstandard2.0) (== netstandard2.1)
      System.Text.Encoding.CodePages (>= 6.0) - restriction: || (&& (== net461) (>= netstandard2.0)) (== net6.0) (== net6.0-windows7.0) (== netstandard2.0) (== netstandard2.1)
      System.Threading.Tasks.Extensions (>= 4.5.4) - restriction: || (&& (== net461) (>= netstandard2.0)) (== net6.0) (== net6.0-windows7.0) (== netstandard2.0) (== netstandard2.1)
    Microsoft.CodeAnalysis.CSharp (4.2) - restriction: || (&& (== net461) (>= net6.0)) (&& (== net461) (>= netstandard2.0)) (== net6.0) (== net6.0-windows7.0) (== netstandard2.0) (== netstandard2.1)
      Microsoft.CodeAnalysis.Common (4.2) - restriction: || (&& (== net461) (>= netstandard2.0)) (== net6.0) (== net6.0-windows7.0) (== netstandard2.0) (== netstandard2.1)
    Microsoft.CodeAnalysis.CSharp.Workspaces (4.2) - restriction: || (&& (== net461) (>= net6.0)) (== net6.0) (== net6.0-windows7.0) (&& (== netstandard2.0) (>= net6.0)) (&& (== netstandard2.1) (>= net6.0))
      Humanizer.Core (>= 2.2) - restriction: || (&& (== net461) (>= netstandard2.0)) (== net6.0) (== net6.0-windows7.0) (== netstandard2.0) (== netstandard2.1)
      Microsoft.CodeAnalysis.Common (4.2) - restriction: || (&& (== net461) (>= netstandard2.0)) (== net6.0) (== net6.0-windows7.0) (== netstandard2.0) (== netstandard2.1)
      Microsoft.CodeAnalysis.CSharp (4.2) - restriction: || (&& (== net461) (>= netstandard2.0)) (== net6.0) (== net6.0-windows7.0) (== netstandard2.0) (== netstandard2.1)
      Microsoft.CodeAnalysis.Workspaces.Common (4.2) - restriction: || (&& (== net461) (>= netstandard2.0)) (== net6.0) (== net6.0-windows7.0) (== netstandard2.0) (== netstandard2.1)
    Microsoft.CodeAnalysis.Razor (5.0) - restriction: || (&& (== net461) (>= net6.0)) (== net6.0) (== net6.0-windows7.0) (&& (== netstandard2.0) (>= net6.0)) (&& (== netstandard2.1) (>= net6.0))
      Microsoft.AspNetCore.Razor.Language (>= 5.0) - restriction: || (&& (== net461) (>= netstandard2.0)) (== net6.0) (== net6.0-windows7.0) (== netstandard2.0) (== netstandard2.1)
      Microsoft.CodeAnalysis.Common (>= 3.7) - restriction: || (&& (== net461) (>= netstandard2.0)) (== net6.0) (== net6.0-windows7.0) (== netstandard2.0) (== netstandard2.1)
      Microsoft.CodeAnalysis.CSharp (>= 3.7) - restriction: || (&& (== net461) (>= netstandard2.0)) (== net6.0) (== net6.0-windows7.0) (== netstandard2.0) (== netstandard2.1)
    Microsoft.CodeAnalysis.VisualBasic (4.2) - restriction: || (&& (== net461) (>= net6.0)) (== net6.0) (== net6.0-windows7.0) (&& (== netstandard2.0) (>= net6.0)) (&& (== netstandard2.1) (>= net6.0))
      Microsoft.CodeAnalysis.Common (4.2) - restriction: || (&& (== net461) (>= netstandard2.0)) (== net6.0) (== net6.0-windows7.0) (== netstandard2.0) (== netstandard2.1)
    Microsoft.CodeAnalysis.VisualBasic.Workspaces (4.2) - restriction: || (&& (== net461) (>= net6.0)) (== net6.0) (== net6.0-windows7.0) (&& (== netstandard2.0) (>= net6.0)) (&& (== netstandard2.1) (>= net6.0))
      Microsoft.CodeAnalysis.Common (4.2) - restriction: || (&& (== net461) (>= netstandard2.0)) (== net6.0) (== net6.0-windows7.0) (== netstandard2.0) (== netstandard2.1)
      Microsoft.CodeAnalysis.VisualBasic (4.2) - restriction: || (&& (== net461) (>= netstandard2.0)) (== net6.0) (== net6.0-windows7.0) (== netstandard2.0) (== netstandard2.1)
      Microsoft.CodeAnalysis.Workspaces.Common (4.2) - restriction: || (&& (== net461) (>= netstandard2.0)) (== net6.0) (== net6.0-windows7.0) (== netstandard2.0) (== netstandard2.1)
    Microsoft.CodeAnalysis.Workspaces.Common (4.2) - restriction: || (&& (== net461) (>= net6.0)) (== net6.0) (== net6.0-windows7.0) (&& (== netstandard2.0) (>= net6.0)) (&& (== netstandard2.1) (>= net6.0))
      Humanizer.Core (>= 2.2) - restriction: || (&& (== net461) (>= netstandard2.0)) (== net6.0) (== net6.0-windows7.0) (== netstandard2.0) (== netstandard2.1)
      Microsoft.Bcl.AsyncInterfaces (>= 6.0) - restriction: || (&& (== net461) (>= netstandard2.0)) (== net6.0) (== net6.0-windows7.0) (== netstandard2.0) (== netstandard2.1)
      Microsoft.CodeAnalysis.Common (4.2) - restriction: || (&& (== net461) (>= netstandard2.0)) (== net6.0) (== net6.0-windows7.0) (== netstandard2.0) (== netstandard2.1)
      System.Composition (>= 6.0) - restriction: || (&& (== net461) (>= netstandard2.0)) (== net6.0) (== net6.0-windows7.0) (== netstandard2.0) (== netstandard2.1)
      System.IO.Pipelines (>= 6.0.1) - restriction: || (&& (== net461) (>= netstandard2.0)) (== net6.0) (== net6.0-windows7.0) (== netstandard2.0) (== netstandard2.1)
    Microsoft.CognitiveServices.Speech (1.23) - restriction: || (&& (== net461) (>= net6.0-windows7.0)) (&& (== net6.0) (>= net6.0-windows7.0)) (== net6.0-windows7.0) (&& (== netstandard2.0) (>= net6.0-windows7.0)) (&& (== netstandard2.1) (>= net6.0-windows7.0))
    Microsoft.CSharp (4.7)
    Microsoft.Extensions.Caching.Abstractions (5.0) - restriction: || (&& (== net461) (>= net6.0)) (== net6.0) (== net6.0-windows7.0) (&& (== netstandard2.0) (>= net6.0)) (&& (== netstandard2.1) (>= net6.0))
      Microsoft.Extensions.Primitives (>= 5.0)
    Microsoft.Extensions.Caching.Memory (5.0) - restriction: || (&& (== net461) (>= net6.0)) (== net6.0) (== net6.0-windows7.0) (&& (== netstandard2.0) (>= net6.0)) (&& (== netstandard2.1) (>= net6.0))
      Microsoft.Extensions.Caching.Abstractions (>= 5.0)
      Microsoft.Extensions.DependencyInjection.Abstractions (>= 5.0)
      Microsoft.Extensions.Logging.Abstractions (>= 5.0)
      Microsoft.Extensions.Options (>= 5.0)
      Microsoft.Extensions.Primitives (>= 5.0)
    Microsoft.Extensions.Configuration.Abstractions (6.0)
      Microsoft.Extensions.Primitives (>= 6.0)
      System.ValueTuple (>= 4.5) - restriction: || (== net461) (&& (== net6.0) (>= net461)) (&& (== net6.0-windows7.0) (>= net461)) (&& (== netstandard2.0) (>= net461)) (&& (== netstandard2.1) (>= net461))
    Microsoft.Extensions.DependencyInjection (6.0)
      Microsoft.Bcl.AsyncInterfaces (>= 6.0) - restriction: || (== net461) (&& (== net6.0) (>= net461)) (&& (== net6.0) (< netstandard2.1)) (&& (== net6.0-windows7.0) (>= net461)) (&& (== net6.0-windows7.0) (< netstandard2.1)) (== netstandard2.0) (&& (== netstandard2.1) (>= net461))
      Microsoft.Extensions.DependencyInjection.Abstractions (>= 6.0)
      System.Runtime.CompilerServices.Unsafe (>= 6.0)
      System.Threading.Tasks.Extensions (>= 4.5.4) - restriction: || (== net461) (&& (== net6.0) (>= net461)) (&& (== net6.0) (< netstandard2.1)) (&& (== net6.0-windows7.0) (>= net461)) (&& (== net6.0-windows7.0) (< netstandard2.1)) (== netstandard2.0) (&& (== netstandard2.1) (>= net461))
    Microsoft.Extensions.DependencyInjection.Abstractions (6.0)
      Microsoft.Bcl.AsyncInterfaces (>= 6.0) - restriction: || (== net461) (&& (== net6.0) (>= net461)) (&& (== net6.0) (< netstandard2.1)) (&& (== net6.0-windows7.0) (>= net461)) (&& (== net6.0-windows7.0) (< netstandard2.1)) (== netstandard2.0) (&& (== netstandard2.1) (>= net461))
      System.Threading.Tasks.Extensions (>= 4.5.4) - restriction: || (== net461) (&& (== net6.0) (>= net461)) (&& (== net6.0) (< netstandard2.1)) (&& (== net6.0-windows7.0) (>= net461)) (&& (== net6.0-windows7.0) (< netstandard2.1)) (== netstandard2.0) (&& (== netstandard2.1) (>= net461))
    Microsoft.Extensions.DependencyModel (5.0) - restriction: || (&& (== net461) (>= net6.0)) (== net6.0) (== net6.0-windows7.0) (&& (== netstandard2.0) (>= net6.0)) (&& (== netstandard2.1) (>= net6.0))
    Microsoft.Extensions.FileProviders.Abstractions (6.0)
      Microsoft.Extensions.Primitives (>= 6.0)
    Microsoft.Extensions.FileProviders.Physical (5.0) - restriction: || (&& (== net461) (>= net6.0)) (== net6.0) (== net6.0-windows7.0) (&& (== netstandard2.0) (>= net6.0)) (&& (== netstandard2.1) (>= net6.0))
      Microsoft.Extensions.FileProviders.Abstractions (>= 5.0)
      Microsoft.Extensions.FileSystemGlobbing (>= 5.0)
      Microsoft.Extensions.Primitives (>= 5.0)
    Microsoft.Extensions.FileSystemGlobbing (5.0) - restriction: || (&& (== net461) (>= net6.0)) (== net6.0) (== net6.0-windows7.0) (&& (== netstandard2.0) (>= net6.0)) (&& (== netstandard2.1) (>= net6.0))
    Microsoft.Extensions.Hosting.Abstractions (6.0)
      Microsoft.Bcl.AsyncInterfaces (>= 6.0) - restriction: || (== net461) (&& (== net6.0) (>= net461)) (&& (== net6.0) (< netstandard2.1)) (&& (== net6.0-windows7.0) (>= net461)) (&& (== net6.0-windows7.0) (< netstandard2.1)) (== netstandard2.0) (&& (== netstandard2.1) (>= net461))
      Microsoft.Extensions.Configuration.Abstractions (>= 6.0)
      Microsoft.Extensions.DependencyInjection.Abstractions (>= 6.0)
      Microsoft.Extensions.FileProviders.Abstractions (>= 6.0)
      System.Runtime.CompilerServices.Unsafe (>= 6.0) - restriction: || (== net461) (&& (== net6.0) (>= net461)) (&& (== net6.0) (< netstandard2.1)) (&& (== net6.0-windows7.0) (>= net461)) (&& (== net6.0-windows7.0) (< netstandard2.1)) (== netstandard2.0) (&& (== netstandard2.1) (>= net461))
      System.Threading.Tasks.Extensions (>= 4.5.4) - restriction: || (== net461) (&& (== net6.0) (>= net461)) (&& (== net6.0) (< netstandard2.1)) (&& (== net6.0-windows7.0) (>= net461)) (&& (== net6.0-windows7.0) (< netstandard2.1)) (== netstandard2.0) (&& (== netstandard2.1) (>= net461))
    Microsoft.Extensions.Logging.Abstractions (6.0) - restriction: || (&& (== net461) (>= net6.0)) (== net6.0) (== net6.0-windows7.0) (&& (== netstandard2.0) (>= net6.0)) (&& (== netstandard2.1) (>= net6.0))
    Microsoft.Extensions.ObjectPool (5.0.10) - restriction: || (&& (== net461) (< net45) (>= netstandard2.0)) (&& (== net461) (>= net6.0)) (== net6.0) (== net6.0-windows7.0) (== netstandard2.0) (== netstandard2.1)
    Microsoft.Extensions.Options (6.0)
      Microsoft.Extensions.DependencyInjection.Abstractions (>= 6.0)
      Microsoft.Extensions.Primitives (>= 6.0)
      System.ComponentModel.Annotations (>= 5.0) - restriction: || (&& (== net6.0) (< netstandard2.1)) (&& (== net6.0-windows7.0) (< netstandard2.1)) (== netstandard2.0)
    Microsoft.Extensions.Primitives (6.0)
      System.Memory (>= 4.5.4) - restriction: || (== net461) (&& (== net6.0) (>= net461)) (&& (== net6.0) (< netcoreapp3.1)) (&& (== net6.0-windows7.0) (>= net461)) (&& (== net6.0-windows7.0) (< netcoreapp3.1)) (== netstandard2.0) (== netstandard2.1)
      System.Runtime.CompilerServices.Unsafe (>= 6.0)
    Microsoft.Graph.Beta (4.22.0-preview) - restriction: || (== net461) (&& (== net6.0) (>= net461)) (&& (== net6.0-windows7.0) (>= net461)) (&& (== netstandard2.0) (>= net461)) (&& (== netstandard2.1) (>= net461))
    Microsoft.IdentityModel.JsonWebTokens (6.15)
      Microsoft.IdentityModel.Tokens (>= 6.15)
    Microsoft.IdentityModel.Logging (6.15)
    Microsoft.IdentityModel.Protocols (6.15)
      Microsoft.IdentityModel.Logging (>= 6.15)
      Microsoft.IdentityModel.Tokens (>= 6.15)
    Microsoft.IdentityModel.Protocols.OpenIdConnect (6.15)
      Microsoft.IdentityModel.Protocols (>= 6.15)
      System.IdentityModel.Tokens.Jwt (>= 6.15)
    Microsoft.IdentityModel.Tokens (6.15)
      Microsoft.CSharp (>= 4.5) - restriction: || (&& (== net461) (< net45) (>= netstandard2.0)) (== net6.0) (== net6.0-windows7.0) (== netstandard2.0) (== netstandard2.1)
      Microsoft.IdentityModel.Logging (>= 6.15)
      System.Security.Cryptography.Cng (>= 4.5) - restriction: || (&& (== net461) (< net45) (>= netstandard2.0)) (== net6.0) (== net6.0-windows7.0) (== netstandard2.0) (== netstandard2.1)
    Microsoft.JSInterop (6.0) - restriction: || (&& (== net461) (>= net6.0)) (== net6.0) (== net6.0-windows7.0) (&& (== netstandard2.0) (>= net6.0)) (&& (== netstandard2.1) (>= net6.0))
    Microsoft.Net.Http.Headers (2.2) - restriction: || (&& (== net461) (>= netstandard2.0)) (== net6.0) (== net6.0-windows7.0) (== netstandard2.0) (== netstandard2.1)
      Microsoft.Extensions.Primitives (>= 2.2) - restriction: || (&& (== net461) (>= netstandard2.0)) (== net6.0) (== net6.0-windows7.0) (== netstandard2.0) (== netstandard2.1)
      System.Buffers (>= 4.5) - restriction: || (&& (== net461) (>= netstandard2.0)) (== net6.0) (== net6.0-windows7.0) (== netstandard2.0) (== netstandard2.1)
    Microsoft.NETCore.Platforms (6.0.4)
    Microsoft.NETCore.Targets (1.1.3) - restriction: || (&& (== net461) (< net45)) (== net6.0) (== net6.0-windows7.0) (== netstandard2.0) (== netstandard2.1)
    Microsoft.Owin (4.2.2) - restriction: || (== net461) (&& (== net6.0) (>= net461)) (&& (== net6.0-windows7.0) (>= net461)) (&& (== netstandard2.0) (>= net461)) (&& (== netstandard2.1) (>= net461))
      Owin (>= 1.0) - restriction: || (== net461) (&& (== net6.0) (>= net45)) (&& (== net6.0-windows7.0) (>= net45)) (&& (== netstandard2.0) (>= net45)) (&& (== netstandard2.1) (>= net45))
    Microsoft.Owin.Host.SystemWeb (4.2.2) - restriction: || (== net461) (&& (== net6.0) (>= net461)) (&& (== net6.0-windows7.0) (>= net461)) (&& (== netstandard2.0) (>= net461)) (&& (== netstandard2.1) (>= net461))
      Microsoft.Owin (>= 4.2.2) - restriction: || (== net461) (&& (== net6.0) (>= net45)) (&& (== net6.0-windows7.0) (>= net45)) (&& (== netstandard2.0) (>= net45)) (&& (== netstandard2.1) (>= net45))
      Owin (>= 1.0) - restriction: || (== net461) (&& (== net6.0) (>= net45)) (&& (== net6.0-windows7.0) (>= net45)) (&& (== netstandard2.0) (>= net45)) (&& (== netstandard2.1) (>= net45))
    Microsoft.Owin.Security (4.2.2) - restriction: || (== net461) (&& (== net6.0) (>= net461)) (&& (== net6.0-windows7.0) (>= net461)) (&& (== netstandard2.0) (>= net461)) (&& (== netstandard2.1) (>= net461))
      Microsoft.Owin (>= 4.2.2) - restriction: || (== net461) (&& (== net6.0) (>= net45)) (&& (== net6.0-windows7.0) (>= net45)) (&& (== netstandard2.0) (>= net45)) (&& (== netstandard2.1) (>= net45))
      Owin (>= 1.0) - restriction: || (== net461) (&& (== net6.0) (>= net45)) (&& (== net6.0-windows7.0) (>= net45)) (&& (== netstandard2.0) (>= net45)) (&& (== netstandard2.1) (>= net45))
    Microsoft.Owin.Security.Cookies (4.2.2) - restriction: || (== net461) (&& (== net6.0) (>= net461)) (&& (== net6.0-windows7.0) (>= net461)) (&& (== netstandard2.0) (>= net461)) (&& (== netstandard2.1) (>= net461))
      Microsoft.Owin (>= 4.2.2) - restriction: || (== net461) (&& (== net6.0) (>= net45)) (&& (== net6.0-windows7.0) (>= net45)) (&& (== netstandard2.0) (>= net45)) (&& (== netstandard2.1) (>= net45))
      Microsoft.Owin.Security (>= 4.2.2) - restriction: || (== net461) (&& (== net6.0) (>= net45)) (&& (== net6.0-windows7.0) (>= net45)) (&& (== netstandard2.0) (>= net45)) (&& (== netstandard2.1) (>= net45))
      Owin (>= 1.0) - restriction: || (== net461) (&& (== net6.0) (>= net45)) (&& (== net6.0-windows7.0) (>= net45)) (&& (== netstandard2.0) (>= net45)) (&& (== netstandard2.1) (>= net45))
    Microsoft.Owin.Security.OpenIdConnect (4.2.2) - restriction: || (== net461) (&& (== net6.0) (>= net461)) (&& (== net6.0-windows7.0) (>= net461)) (&& (== netstandard2.0) (>= net461)) (&& (== netstandard2.1) (>= net461))
      Microsoft.IdentityModel.JsonWebTokens (>= 5.3) - restriction: || (== net461) (&& (== net6.0) (>= net45)) (&& (== net6.0-windows7.0) (>= net45)) (&& (== netstandard2.0) (>= net45)) (&& (== netstandard2.1) (>= net45))
      Microsoft.IdentityModel.Logging (>= 5.3) - restriction: || (== net461) (&& (== net6.0) (>= net45)) (&& (== net6.0-windows7.0) (>= net45)) (&& (== netstandard2.0) (>= net45)) (&& (== netstandard2.1) (>= net45))
      Microsoft.IdentityModel.Protocols (>= 5.3) - restriction: || (== net461) (&& (== net6.0) (>= net45)) (&& (== net6.0-windows7.0) (>= net45)) (&& (== netstandard2.0) (>= net45)) (&& (== netstandard2.1) (>= net45))
      Microsoft.IdentityModel.Protocols.OpenIdConnect (>= 5.3) - restriction: || (== net461) (&& (== net6.0) (>= net45)) (&& (== net6.0-windows7.0) (>= net45)) (&& (== netstandard2.0) (>= net45)) (&& (== netstandard2.1) (>= net45))
      Microsoft.IdentityModel.Tokens (>= 5.3) - restriction: || (== net461) (&& (== net6.0) (>= net45)) (&& (== net6.0-windows7.0) (>= net45)) (&& (== netstandard2.0) (>= net45)) (&& (== netstandard2.1) (>= net45))
      Microsoft.Owin (>= 4.2.2) - restriction: || (== net461) (&& (== net6.0) (>= net45)) (&& (== net6.0-windows7.0) (>= net45)) (&& (== netstandard2.0) (>= net45)) (&& (== netstandard2.1) (>= net45))
      Microsoft.Owin.Security (>= 4.2.2) - restriction: || (== net461) (&& (== net6.0) (>= net45)) (&& (== net6.0-windows7.0) (>= net45)) (&& (== netstandard2.0) (>= net45)) (&& (== netstandard2.1) (>= net45))
      Newtonsoft.Json (>= 10.0.3) - restriction: || (== net461) (&& (== net6.0) (>= net45)) (&& (== net6.0-windows7.0) (>= net45)) (&& (== netstandard2.0) (>= net45)) (&& (== netstandard2.1) (>= net45))
      Owin (>= 1.0) - restriction: || (== net461) (&& (== net6.0) (>= net45)) (&& (== net6.0-windows7.0) (>= net45)) (&& (== netstandard2.0) (>= net45)) (&& (== netstandard2.1) (>= net45))
      System.IdentityModel.Tokens.Jwt (>= 5.3) - restriction: || (== net461) (&& (== net6.0) (>= net45)) (&& (== net6.0-windows7.0) (>= net45)) (&& (== netstandard2.0) (>= net45)) (&& (== netstandard2.1) (>= net45))
    Microsoft.VisualBasic (10.3) - restriction: || (== net461) (&& (== net6.0) (>= net461)) (&& (== net6.0) (>= net6.0-windows7.0)) (== net6.0-windows7.0) (&& (== netstandard2.0) (>= net461)) (&& (== netstandard2.0) (>= net6.0-windows7.0)) (&& (== netstandard2.1) (>= net461)) (&& (== netstandard2.1) (>= net6.0-windows7.0))
    Microsoft.Win32.Registry (5.0)
      System.Buffers (>= 4.5.1) - restriction: || (&& (== net461) (>= monoandroid) (< netstandard1.3)) (&& (== net461) (>= monotouch)) (&& (== net461) (< net46) (>= netstandard2.0)) (&& (== net461) (>= xamarinios)) (&& (== net461) (>= xamarinmac)) (&& (== net461) (>= xamarintvos)) (&& (== net461) (>= xamarinwatchos)) (&& (== net6.0) (>= monoandroid) (< netstandard1.3)) (&& (== net6.0) (>= monotouch)) (&& (== net6.0) (< netcoreapp2.0)) (&& (== net6.0) (>= xamarinios)) (&& (== net6.0) (>= xamarinmac)) (&& (== net6.0) (>= xamarintvos)) (&& (== net6.0) (>= xamarinwatchos)) (&& (== net6.0-windows7.0) (>= monoandroid) (< netstandard1.3)) (&& (== net6.0-windows7.0) (>= monotouch)) (&& (== net6.0-windows7.0) (< netcoreapp2.0)) (&& (== net6.0-windows7.0) (>= xamarinios)) (&& (== net6.0-windows7.0) (>= xamarinmac)) (&& (== net6.0-windows7.0) (>= xamarintvos)) (&& (== net6.0-windows7.0) (>= xamarinwatchos)) (== netstandard2.0) (== netstandard2.1)
      System.Memory (>= 4.5.4) - restriction: || (&& (== net461) (< net46) (>= netstandard2.0)) (&& (== net461) (>= netcoreapp2.0)) (&& (== net461) (>= uap10.1)) (&& (== net6.0) (< netcoreapp2.0)) (&& (== net6.0) (< netcoreapp2.1)) (&& (== net6.0) (>= uap10.1)) (&& (== net6.0-windows7.0) (< netcoreapp2.0)) (&& (== net6.0-windows7.0) (< netcoreapp2.1)) (&& (== net6.0-windows7.0) (>= uap10.1)) (== netstandard2.0) (== netstandard2.1)
      System.Security.AccessControl (>= 5.0)
      System.Security.Principal.Windows (>= 5.0)
    Microsoft.Win32.SystemEvents (6.0) - restriction: || (&& (== net461) (>= netcoreapp3.1)) (== net6.0) (== net6.0-windows7.0) (&& (== netstandard2.0) (>= netcoreapp3.1)) (&& (== netstandard2.1) (>= netcoreapp3.1))
    Mono.Cecil (0.11.4)
    NAudio (2.1) - restriction: || (&& (== net461) (>= net6.0-windows7.0)) (&& (== net6.0) (>= net6.0-windows7.0)) (== net6.0-windows7.0) (&& (== netstandard2.0) (>= net6.0-windows7.0)) (&& (== netstandard2.1) (>= net6.0-windows7.0))
      NAudio.Asio (>= 2.1) - restriction: || (&& (== net461) (>= net472)) (&& (== net461) (>= netcoreapp3.1)) (== net6.0) (== net6.0-windows7.0) (&& (== netstandard2.0) (>= net472)) (&& (== netstandard2.0) (>= netcoreapp3.1)) (&& (== netstandard2.1) (>= net472)) (&& (== netstandard2.1) (>= netcoreapp3.1))
      NAudio.Core (>= 2.1) - restriction: || (&& (== net461) (>= net472)) (&& (== net461) (>= netcoreapp3.1)) (== net6.0) (== net6.0-windows7.0) (&& (== netstandard2.0) (>= net472)) (&& (== netstandard2.0) (>= netcoreapp3.1)) (&& (== netstandard2.1) (>= net472)) (&& (== netstandard2.1) (>= netcoreapp3.1))
      NAudio.Midi (>= 2.1) - restriction: || (&& (== net461) (>= net472)) (&& (== net461) (>= netcoreapp3.1)) (== net6.0) (== net6.0-windows7.0) (&& (== netstandard2.0) (>= net472)) (&& (== netstandard2.0) (>= netcoreapp3.1)) (&& (== netstandard2.1) (>= net472)) (&& (== netstandard2.1) (>= netcoreapp3.1))
      NAudio.Wasapi (>= 2.1) - restriction: || (&& (== net461) (>= net472)) (&& (== net461) (>= netcoreapp3.1)) (== net6.0) (== net6.0-windows7.0) (&& (== netstandard2.0) (>= net472)) (&& (== netstandard2.0) (>= netcoreapp3.1)) (&& (== netstandard2.1) (>= net472)) (&& (== netstandard2.1) (>= netcoreapp3.1))
      NAudio.WinForms (>= 2.1) - restriction: || (&& (== net461) (>= net472)) (&& (== net461) (>= net6.0-windows7.0)) (&& (== net461) (>= netcoreapp3.1)) (&& (== net6.0) (>= net472)) (&& (== net6.0) (>= net6.0-windows7.0)) (== net6.0-windows7.0) (&& (== netstandard2.0) (>= net472)) (&& (== netstandard2.0) (>= net6.0-windows7.0)) (&& (== netstandard2.0) (>= netcoreapp3.1)) (&& (== netstandard2.1) (>= net472)) (&& (== netstandard2.1) (>= net6.0-windows7.0)) (&& (== netstandard2.1) (>= netcoreapp3.1))
      NAudio.WinMM (>= 2.1) - restriction: || (&& (== net461) (>= net472)) (&& (== net461) (>= netcoreapp3.1)) (== net6.0) (== net6.0-windows7.0) (&& (== netstandard2.0) (>= net472)) (&& (== netstandard2.0) (>= netcoreapp3.1)) (&& (== netstandard2.1) (>= net472)) (&& (== netstandard2.1) (>= netcoreapp3.1))
    NAudio.Asio (2.1) - restriction: || (&& (== net461) (>= net6.0-windows7.0)) (&& (== net6.0) (>= net6.0-windows7.0)) (== net6.0-windows7.0) (&& (== netstandard2.0) (>= net6.0-windows7.0)) (&& (== netstandard2.1) (>= net6.0-windows7.0))
      Microsoft.Win32.Registry (>= 4.7) - restriction: || (&& (== net461) (>= netstandard2.0)) (== net6.0) (== net6.0-windows7.0) (== netstandard2.0) (== netstandard2.1)
      NAudio.Core (>= 2.1) - restriction: || (&& (== net461) (>= netstandard2.0)) (== net6.0) (== net6.0-windows7.0) (== netstandard2.0) (== netstandard2.1)
    NAudio.Core (2.1) - restriction: || (&& (== net461) (>= net6.0-windows7.0)) (&& (== net6.0) (>= net6.0-windows7.0)) (== net6.0-windows7.0) (&& (== netstandard2.0) (>= net6.0-windows7.0)) (&& (== netstandard2.1) (>= net6.0-windows7.0))
    NAudio.Midi (2.1) - restriction: || (&& (== net461) (>= net6.0-windows7.0)) (&& (== net6.0) (>= net6.0-windows7.0)) (== net6.0-windows7.0) (&& (== netstandard2.0) (>= net6.0-windows7.0)) (&& (== netstandard2.1) (>= net6.0-windows7.0))
      NAudio.Core (>= 2.1) - restriction: || (&& (== net461) (>= netstandard2.0)) (== net6.0) (== net6.0-windows7.0) (== netstandard2.0) (== netstandard2.1)
    NAudio.Wasapi (2.1) - restriction: || (&& (== net461) (>= net6.0-windows7.0)) (&& (== net6.0) (>= net6.0-windows7.0)) (== net6.0-windows7.0) (&& (== netstandard2.0) (>= net6.0-windows7.0)) (&& (== netstandard2.1) (>= net6.0-windows7.0))
      NAudio.Core (>= 2.1) - restriction: || (&& (== net461) (>= netstandard2.0)) (&& (== net461) (>= uap10.1)) (== net6.0) (== net6.0-windows7.0) (== netstandard2.0) (== netstandard2.1)
    NAudio.WinForms (2.1) - restriction: || (&& (== net461) (>= net6.0-windows7.0)) (&& (== net6.0) (>= net6.0-windows7.0)) (== net6.0-windows7.0) (&& (== netstandard2.0) (>= net6.0-windows7.0)) (&& (== netstandard2.1) (>= net6.0-windows7.0))
      NAudio.WinMM (>= 2.1) - restriction: || (&& (== net461) (>= net472)) (&& (== net461) (>= netcoreapp3.1)) (== net6.0) (== net6.0-windows7.0) (&& (== netstandard2.0) (>= net472)) (&& (== netstandard2.0) (>= netcoreapp3.1)) (&& (== netstandard2.1) (>= net472)) (&& (== netstandard2.1) (>= netcoreapp3.1))
    NAudio.WinMM (2.1) - restriction: || (&& (== net461) (>= net6.0-windows7.0)) (&& (== net6.0) (>= net6.0-windows7.0)) (== net6.0-windows7.0) (&& (== netstandard2.0) (>= net6.0-windows7.0)) (&& (== netstandard2.1) (>= net6.0-windows7.0))
      Microsoft.Win32.Registry (>= 4.7) - restriction: || (&& (== net461) (>= netstandard2.0)) (== net6.0) (== net6.0-windows7.0) (== netstandard2.0) (== netstandard2.1)
      NAudio.Core (>= 2.1) - restriction: || (&& (== net461) (>= netstandard2.0)) (== net6.0) (== net6.0-windows7.0) (== netstandard2.0) (== netstandard2.1)
    NETStandard.Library (2.0.3) - restriction: || (&& (== net461) (< net452) (>= netstandard2.0)) (&& (== net461) (>= net6.0)) (== net6.0) (== net6.0-windows7.0) (== netstandard2.0) (== netstandard2.1)
      Microsoft.NETCore.Platforms (>= 1.1)
    Newtonsoft.Json (13.0.1)
    Owin (1.0) - restriction: || (== net461) (&& (== net6.0) (>= net461)) (&& (== net6.0-windows7.0) (>= net461)) (&& (== netstandard2.0) (>= net461)) (&& (== netstandard2.1) (>= net461))
    PropertyChanged.Fody (2.6.1) - copy_local: false
      Fody (>= 4.2.1)
      NETStandard.Library (>= 1.6.1) - restriction: || (&& (== net461) (< net452)) (== net6.0) (== net6.0-windows7.0) (== netstandard2.0) (== netstandard2.1)
    RazorEngine (3.10)
      Microsoft.AspNet.Razor (>= 3.0) - restriction: || (== net461) (&& (== net6.0) (>= net45)) (&& (== net6.0-windows7.0) (>= net45)) (&& (== netstandard2.0) (>= net45)) (&& (== netstandard2.1) (>= net45))
    RazorLight (2.0.0-rc.3) - restriction: || (&& (== net461) (>= net6.0)) (== net6.0) (== net6.0-windows7.0) (&& (== netstandard2.0) (>= net6.0)) (&& (== netstandard2.1) (>= net6.0))
      Microsoft.AspNetCore.Mvc.Razor.Extensions (>= 5.0) - restriction: || (&& (== net461) (>= net5.0)) (== net6.0) (== net6.0-windows7.0) (&& (== netstandard2.0) (>= net5.0)) (&& (== netstandard2.1) (>= net5.0))
      Microsoft.CodeAnalysis.Razor (>= 5.0) - restriction: || (&& (== net461) (>= net5.0)) (== net6.0) (== net6.0-windows7.0) (&& (== netstandard2.0) (>= net5.0)) (&& (== netstandard2.1) (>= net5.0))
      Microsoft.Extensions.Caching.Abstractions (>= 5.0) - restriction: || (&& (== net461) (>= net5.0)) (== net6.0) (== net6.0-windows7.0) (&& (== netstandard2.0) (>= net5.0)) (&& (== netstandard2.1) (>= net5.0))
      Microsoft.Extensions.Caching.Memory (>= 5.0) - restriction: || (&& (== net461) (>= net5.0)) (== net6.0) (== net6.0-windows7.0) (&& (== netstandard2.0) (>= net5.0)) (&& (== netstandard2.1) (>= net5.0))
      Microsoft.Extensions.DependencyInjection (>= 5.0) - restriction: || (&& (== net461) (>= net5.0)) (== net6.0) (== net6.0-windows7.0) (&& (== netstandard2.0) (>= net5.0)) (&& (== netstandard2.1) (>= net5.0))
      Microsoft.Extensions.DependencyModel (>= 5.0) - restriction: || (&& (== net461) (>= net5.0)) (== net6.0) (== net6.0-windows7.0) (&& (== netstandard2.0) (>= net5.0)) (&& (== netstandard2.1) (>= net5.0))
      Microsoft.Extensions.FileProviders.Physical (>= 5.0) - restriction: || (&& (== net461) (>= net5.0)) (== net6.0) (== net6.0-windows7.0) (&& (== netstandard2.0) (>= net5.0)) (&& (== netstandard2.1) (>= net5.0))
      Microsoft.Extensions.Primitives (>= 5.0) - restriction: || (&& (== net461) (>= net5.0)) (== net6.0) (== net6.0-windows7.0) (&& (== netstandard2.0) (>= net5.0)) (&& (== netstandard2.1) (>= net5.0))
      System.Buffers (>= 4.5.1) - restriction: || (&& (== net461) (>= net5.0)) (== net6.0) (== net6.0-windows7.0) (&& (== netstandard2.0) (>= net5.0)) (&& (== netstandard2.1) (>= net5.0))
    runtime.native.System (4.3) - restriction: || (&& (== net461) (< net45)) (== net6.0) (== net6.0-windows7.0) (== netstandard2.0) (== netstandard2.1)
      Microsoft.NETCore.Platforms (>= 1.1)
      Microsoft.NETCore.Targets (>= 1.1)
    runtime.native.System.Data.SqlClient.sni (4.5) - restriction: || (&& (== net461) (< net451) (>= netstandard2.0)) (&& (== net461) (>= netcoreapp2.0)) (&& (== net461) (>= netcoreapp2.1)) (== net6.0) (== net6.0-windows7.0) (== netstandard2.0) (== netstandard2.1)
      runtime.win-arm64.runtime.native.System.Data.SqlClient.sni (>= 4.4)
      runtime.win-x64.runtime.native.System.Data.SqlClient.sni (>= 4.4)
      runtime.win-x86.runtime.native.System.Data.SqlClient.sni (>= 4.4)
    runtime.native.System.IO.Compression (4.3) - restriction: || (&& (== net461) (< net45)) (== net6.0) (== net6.0-windows7.0) (== netstandard2.0) (== netstandard2.1)
      Microsoft.NETCore.Platforms (>= 1.1)
      Microsoft.NETCore.Targets (>= 1.1)
    runtime.win-arm64.runtime.native.System.Data.SqlClient.sni (4.4) - restriction: || (&& (== net461) (< net451) (>= netstandard2.0)) (&& (== net461) (>= netcoreapp2.0)) (&& (== net461) (>= netcoreapp2.1)) (== net6.0) (== net6.0-windows7.0) (== netstandard2.0) (== netstandard2.1)
    runtime.win-x64.runtime.native.System.Data.SqlClient.sni (4.4) - restriction: || (&& (== net461) (< net451) (>= netstandard2.0)) (&& (== net461) (>= netcoreapp2.0)) (&& (== net461) (>= netcoreapp2.1)) (== net6.0) (== net6.0-windows7.0) (== netstandard2.0) (== netstandard2.1)
    runtime.win-x86.runtime.native.System.Data.SqlClient.sni (4.4) - restriction: || (&& (== net461) (< net451) (>= netstandard2.0)) (&& (== net461) (>= netcoreapp2.0)) (&& (== net461) (>= netcoreapp2.1)) (== net6.0) (== net6.0-windows7.0) (== netstandard2.0) (== netstandard2.1)
    Selenium.WebDriver (4.1) - restriction: || (== net461) (&& (== net6.0) (>= net452)) (&& (== net6.0-windows7.0) (>= net452)) (&& (== netstandard2.0) (>= net452)) (&& (== netstandard2.1) (>= net452))
    SharpZipLib (1.3)
    System.Buffers (4.5.1)
    System.CodeDom (6.0)
    System.Collections (4.3) - restriction: || (&& (== net461) (< net45)) (== net6.0) (== net6.0-windows7.0) (== netstandard2.0) (== netstandard2.1)
      Microsoft.NETCore.Platforms (>= 1.1) - restriction: || (&& (== net461) (< net45)) (== net6.0) (== net6.0-windows7.0) (== netstandard2.0) (== netstandard2.1)
      Microsoft.NETCore.Targets (>= 1.1) - restriction: || (&& (== net461) (< net45)) (== net6.0) (== net6.0-windows7.0) (== netstandard2.0) (== netstandard2.1)
      System.Runtime (>= 4.3) - restriction: || (&& (== net461) (< net45)) (== net6.0) (== net6.0-windows7.0) (== netstandard2.0) (== netstandard2.1)
    System.Collections.Concurrent (4.3) - restriction: || (&& (== net461) (< net45) (>= netstandard2.0)) (== net6.0) (== net6.0-windows7.0) (== netstandard2.0) (== netstandard2.1)
      System.Collections (>= 4.3) - restriction: || (&& (== net461) (< net45)) (== net6.0) (== net6.0-windows7.0) (== netstandard2.0) (== netstandard2.1)
      System.Diagnostics.Debug (>= 4.3) - restriction: || (&& (== net461) (< net45)) (== net6.0) (== net6.0-windows7.0) (== netstandard2.0) (== netstandard2.1)
      System.Diagnostics.Tracing (>= 4.3) - restriction: || (&& (== net461) (< net45)) (== net6.0) (== net6.0-windows7.0) (== netstandard2.0) (== netstandard2.1)
      System.Globalization (>= 4.3) - restriction: || (&& (== net461) (< net45)) (== net6.0) (== net6.0-windows7.0) (== netstandard2.0) (== netstandard2.1)
      System.Reflection (>= 4.3) - restriction: || (&& (== net461) (< net45)) (== net6.0) (== net6.0-windows7.0) (== netstandard2.0) (== netstandard2.1)
      System.Resources.ResourceManager (>= 4.3) - restriction: || (&& (== net461) (< net45)) (== net6.0) (== net6.0-windows7.0) (== netstandard2.0) (== netstandard2.1)
      System.Runtime (>= 4.3) - restriction: || (&& (== net461) (< net45)) (== net6.0) (== net6.0-windows7.0) (== netstandard2.0) (== netstandard2.1)
      System.Runtime.Extensions (>= 4.3) - restriction: || (&& (== net461) (< net45)) (== net6.0) (== net6.0-windows7.0) (== netstandard2.0) (== netstandard2.1)
      System.Threading (>= 4.3) - restriction: || (&& (== net461) (< net45)) (== net6.0) (== net6.0-windows7.0) (== netstandard2.0) (== netstandard2.1)
      System.Threading.Tasks (>= 4.3) - restriction: || (&& (== net461) (< net45)) (== net6.0) (== net6.0-windows7.0) (== netstandard2.0) (== netstandard2.1)
    System.Collections.Immutable (6.0)
      System.Memory (>= 4.5.4) - restriction: || (== net461) (&& (== net6.0) (>= net461)) (&& (== net6.0-windows7.0) (>= net461)) (&& (== net6.0-windows7.0) (< net6.0)) (== netstandard2.0) (== netstandard2.1)
      System.Runtime.CompilerServices.Unsafe (>= 6.0)
    System.Collections.NonGeneric (4.3) - restriction: || (&& (== net461) (< net45) (>= netstandard2.0)) (&& (== net461) (>= net462) (>= netstandard2.0)) (== net6.0) (== net6.0-windows7.0) (== netstandard2.0) (== netstandard2.1)
      System.Diagnostics.Debug (>= 4.3) - restriction: || (&& (== net461) (< net46)) (== net6.0) (== net6.0-windows7.0) (== netstandard2.0) (== netstandard2.1)
      System.Globalization (>= 4.3) - restriction: || (&& (== net461) (< net46)) (== net6.0) (== net6.0-windows7.0) (== netstandard2.0) (== netstandard2.1)
      System.Resources.ResourceManager (>= 4.3) - restriction: || (&& (== net461) (< net46)) (== net6.0) (== net6.0-windows7.0) (== netstandard2.0) (== netstandard2.1)
      System.Runtime (>= 4.3) - restriction: || (&& (== net461) (< net46)) (== net6.0) (== net6.0-windows7.0) (== netstandard2.0) (== netstandard2.1)
      System.Runtime.Extensions (>= 4.3) - restriction: || (&& (== net461) (< net46)) (== net6.0) (== net6.0-windows7.0) (== netstandard2.0) (== netstandard2.1)
      System.Threading (>= 4.3) - restriction: || (&& (== net461) (< net46)) (== net6.0) (== net6.0-windows7.0) (== netstandard2.0) (== netstandard2.1)
    System.Collections.Specialized (4.3) - restriction: || (&& (== net461) (< net45) (>= netstandard2.0)) (== net6.0) (== net6.0-windows7.0) (== netstandard2.0) (== netstandard2.1)
      System.Collections.NonGeneric (>= 4.3) - restriction: || (&& (== net461) (< net46)) (== net6.0) (== net6.0-windows7.0) (== netstandard2.0) (== netstandard2.1)
      System.Globalization (>= 4.3) - restriction: || (&& (== net461) (< net46)) (== net6.0) (== net6.0-windows7.0) (== netstandard2.0) (== netstandard2.1)
      System.Globalization.Extensions (>= 4.3) - restriction: || (&& (== net461) (< net46)) (== net6.0) (== net6.0-windows7.0) (== netstandard2.0) (== netstandard2.1)
      System.Resources.ResourceManager (>= 4.3) - restriction: || (&& (== net461) (< net46)) (== net6.0) (== net6.0-windows7.0) (== netstandard2.0) (== netstandard2.1)
      System.Runtime (>= 4.3) - restriction: || (&& (== net461) (< net46)) (== net6.0) (== net6.0-windows7.0) (== netstandard2.0) (== netstandard2.1)
      System.Runtime.Extensions (>= 4.3) - restriction: || (&& (== net461) (< net46)) (== net6.0) (== net6.0-windows7.0) (== netstandard2.0) (== netstandard2.1)
      System.Threading (>= 4.3) - restriction: || (&& (== net461) (< net46)) (== net6.0) (== net6.0-windows7.0) (== netstandard2.0) (== netstandard2.1)
    System.ComponentModel (4.3) - restriction: || (&& (== net461) (< net45) (>= netstandard2.0)) (== net6.0) (== net6.0-windows7.0) (== netstandard2.0) (== netstandard2.1)
      System.Runtime (>= 4.3) - restriction: || (&& (== net461) (< net45)) (== net6.0) (== net6.0-windows7.0) (== netstandard2.0) (== netstandard2.1)
    System.ComponentModel.Annotations (5.0)
    System.ComponentModel.Primitives (4.3) - restriction: || (&& (== net461) (>= netstandard2.0)) (== net6.0) (== net6.0-windows7.0) (== netstandard2.0) (== netstandard2.1)
      System.ComponentModel (>= 4.3) - restriction: || (&& (== net461) (< net45)) (== net6.0) (== net6.0-windows7.0) (== netstandard2.0) (== netstandard2.1)
      System.Resources.ResourceManager (>= 4.3) - restriction: || (&& (== net461) (< net45)) (== net6.0) (== net6.0-windows7.0) (== netstandard2.0) (== netstandard2.1)
      System.Runtime (>= 4.3) - restriction: || (&& (== net461) (< net45)) (== net6.0) (== net6.0-windows7.0) (== netstandard2.0) (== netstandard2.1)
    System.ComponentModel.TypeConverter (4.3) - restriction: || (&& (== net461) (>= netstandard2.0)) (== net6.0) (== net6.0-windows7.0) (== netstandard2.0) (== netstandard2.1)
      System.Collections (>= 4.3) - restriction: || (&& (== net461) (< net45)) (== net6.0) (== net6.0-windows7.0) (== netstandard2.0) (== netstandard2.1)
      System.Collections.NonGeneric (>= 4.3) - restriction: || (&& (== net461) (< net45) (>= netstandard1.5)) (&& (== net461) (>= net462)) (== net6.0) (== net6.0-windows7.0) (== netstandard2.0) (== netstandard2.1)
      System.Collections.Specialized (>= 4.3) - restriction: || (&& (== net461) (< net45) (>= netstandard1.5)) (== net6.0) (== net6.0-windows7.0) (== netstandard2.0) (== netstandard2.1)
      System.ComponentModel (>= 4.3) - restriction: || (&& (== net461) (< net45)) (== net6.0) (== net6.0-windows7.0) (== netstandard2.0) (== netstandard2.1)
      System.ComponentModel.Primitives (>= 4.3)
      System.Globalization (>= 4.3) - restriction: || (&& (== net461) (< net45)) (== net6.0) (== net6.0-windows7.0) (== netstandard2.0) (== netstandard2.1)
      System.Linq (>= 4.3) - restriction: || (&& (== net461) (< net45) (>= netstandard1.5)) (== net6.0) (== net6.0-windows7.0) (== netstandard2.0) (== netstandard2.1)
      System.Reflection (>= 4.3) - restriction: || (&& (== net461) (< net45)) (== net6.0) (== net6.0-windows7.0) (== netstandard2.0) (== netstandard2.1)
      System.Reflection.Extensions (>= 4.3) - restriction: || (&& (== net461) (< net45)) (== net6.0) (== net6.0-windows7.0) (== netstandard2.0) (== netstandard2.1)
      System.Reflection.Primitives (>= 4.3) - restriction: || (&& (== net461) (< net45)) (== net6.0) (== net6.0-windows7.0) (== netstandard2.0) (== netstandard2.1)
      System.Reflection.TypeExtensions (>= 4.3) - restriction: || (&& (== net461) (< net45) (>= netstandard1.5)) (== net6.0) (== net6.0-windows7.0) (== netstandard2.0) (== netstandard2.1)
      System.Resources.ResourceManager (>= 4.3) - restriction: || (&& (== net461) (< net45)) (== net6.0) (== net6.0-windows7.0) (== netstandard2.0) (== netstandard2.1)
      System.Runtime (>= 4.3) - restriction: || (&& (== net461) (< net45)) (== net6.0) (== net6.0-windows7.0) (== netstandard2.0) (== netstandard2.1)
      System.Runtime.Extensions (>= 4.3) - restriction: || (&& (== net461) (< net45)) (== net6.0) (== net6.0-windows7.0) (== netstandard2.0) (== netstandard2.1)
      System.Threading (>= 4.3) - restriction: || (&& (== net461) (< net45)) (== net6.0) (== net6.0-windows7.0) (== netstandard2.0) (== netstandard2.1)
    System.Composition (6.0) - restriction: || (&& (== net461) (>= net6.0)) (== net6.0) (== net6.0-windows7.0) (&& (== netstandard2.0) (>= net6.0)) (&& (== netstandard2.1) (>= net6.0))
      System.Composition.AttributedModel (>= 6.0)
      System.Composition.Convention (>= 6.0)
      System.Composition.Hosting (>= 6.0)
      System.Composition.Runtime (>= 6.0)
      System.Composition.TypedParts (>= 6.0)
    System.Composition.AttributedModel (6.0) - restriction: || (&& (== net461) (>= net6.0)) (== net6.0) (== net6.0-windows7.0) (&& (== netstandard2.0) (>= net6.0)) (&& (== netstandard2.1) (>= net6.0))
    System.Composition.Convention (6.0) - restriction: || (&& (== net461) (>= net6.0)) (== net6.0) (== net6.0-windows7.0) (&& (== netstandard2.0) (>= net6.0)) (&& (== netstandard2.1) (>= net6.0))
      System.Composition.AttributedModel (>= 6.0)
    System.Composition.Hosting (6.0) - restriction: || (&& (== net461) (>= net6.0)) (== net6.0) (== net6.0-windows7.0) (&& (== netstandard2.0) (>= net6.0)) (&& (== netstandard2.1) (>= net6.0))
      System.Composition.Runtime (>= 6.0)
    System.Composition.Runtime (6.0) - restriction: || (&& (== net461) (>= net6.0)) (== net6.0) (== net6.0-windows7.0) (&& (== netstandard2.0) (>= net6.0)) (&& (== netstandard2.1) (>= net6.0))
    System.Composition.TypedParts (6.0) - restriction: || (&& (== net461) (>= net6.0)) (== net6.0) (== net6.0-windows7.0) (&& (== netstandard2.0) (>= net6.0)) (&& (== netstandard2.1) (>= net6.0))
      System.Composition.AttributedModel (>= 6.0)
      System.Composition.Hosting (>= 6.0)
      System.Composition.Runtime (>= 6.0)
    System.Configuration.ConfigurationManager (6.0)
      System.Security.Cryptography.ProtectedData (>= 6.0) - restriction: || (&& (== net461) (>= net6.0)) (== net6.0) (== net6.0-windows7.0) (== netstandard2.0) (== netstandard2.1)
      System.Security.Permissions (>= 6.0)
    System.Data.OleDb (6.0)
      Microsoft.Win32.Registry (>= 5.0) - restriction: || (&& (== net6.0-windows7.0) (< net6.0)) (== netstandard2.0) (== netstandard2.1)
      System.Configuration.ConfigurationManager (>= 6.0) - restriction: || (&& (== net461) (>= net6.0)) (== net6.0) (== net6.0-windows7.0) (== netstandard2.0) (== netstandard2.1)
      System.Diagnostics.PerformanceCounter (>= 6.0) - restriction: || (&& (== net461) (>= net6.0)) (== net6.0) (== net6.0-windows7.0) (== netstandard2.0) (== netstandard2.1)
      System.Memory (>= 4.5.4) - restriction: || (&& (== net6.0-windows7.0) (< net6.0)) (== netstandard2.0) (== netstandard2.1)
      System.Security.Principal.Windows (>= 5.0) - restriction: || (&& (== net6.0-windows7.0) (< net6.0)) (== netstandard2.0) (== netstandard2.1)
    System.Data.SqlClient (4.6) - restriction: || (&& (== net461) (< net452) (>= netstandard2.0)) (&& (== net461) (>= netcoreapp3.0)) (== net6.0) (== net6.0-windows7.0) (== netstandard2.0) (== netstandard2.1)
      Microsoft.Win32.Registry (>= 4.5) - restriction: || (&& (== net461) (< net451) (>= netstandard2.0)) (&& (== net461) (>= netcoreapp2.0)) (&& (== net461) (>= netcoreapp2.1)) (== net6.0) (== net6.0-windows7.0) (== netstandard2.0) (== netstandard2.1)
      runtime.native.System.Data.SqlClient.sni (>= 4.5) - restriction: || (&& (== net461) (< net451) (>= netstandard2.0)) (&& (== net461) (>= netcoreapp2.0)) (&& (== net461) (>= netcoreapp2.1)) (== net6.0) (== net6.0-windows7.0) (== netstandard2.0) (== netstandard2.1)
      System.Buffers (>= 4.4) - restriction: || (&& (== net461) (< net451) (>= netstandard2.0)) (&& (== net6.0) (< netcoreapp2.0)) (&& (== net6.0-windows7.0) (< netcoreapp2.0)) (== netstandard2.0) (== netstandard2.1)
      System.Diagnostics.DiagnosticSource (>= 4.5) - restriction: || (&& (== net461) (< net451) (>= netstandard2.0)) (&& (== net461) (>= netcoreapp2.0)) (&& (== net461) (>= uap10.1)) (&& (== net6.0) (< netcoreapp2.0)) (&& (== net6.0) (< netcoreapp2.1)) (&& (== net6.0) (>= uap10.1)) (&& (== net6.0-windows7.0) (< netcoreapp2.0)) (&& (== net6.0-windows7.0) (< netcoreapp2.1)) (&& (== net6.0-windows7.0) (>= uap10.1)) (== netstandard2.0) (== netstandard2.1)
      System.Memory (>= 4.5.1) - restriction: || (&& (== net461) (< net451) (>= netstandard2.0)) (&& (== net461) (>= netcoreapp2.0)) (&& (== net461) (>= uap10.1)) (&& (== net6.0) (< netcoreapp2.0)) (&& (== net6.0) (< netcoreapp2.1)) (&& (== net6.0) (>= uap10.1)) (&& (== net6.0-windows7.0) (< netcoreapp2.0)) (&& (== net6.0-windows7.0) (< netcoreapp2.1)) (&& (== net6.0-windows7.0) (>= uap10.1)) (== netstandard2.0) (== netstandard2.1)
      System.Security.Principal.Windows (>= 4.5) - restriction: || (&& (== net461) (< net451) (>= netstandard2.0)) (&& (== net461) (>= netcoreapp2.0)) (&& (== net461) (>= netcoreapp2.1)) (== net6.0) (== net6.0-windows7.0) (== netstandard2.0) (== netstandard2.1)
      System.Text.Encoding.CodePages (>= 4.5) - restriction: || (&& (== net461) (< net451) (>= netstandard2.0)) (&& (== net461) (>= netcoreapp2.0)) (&& (== net461) (>= netcoreapp2.1)) (== net6.0) (== net6.0-windows7.0) (== netstandard2.0) (== netstandard2.1)
    System.Diagnostics.Debug (4.3) - restriction: || (&& (== net461) (< net45)) (== net6.0) (== net6.0-windows7.0) (== netstandard2.0) (== netstandard2.1)
      Microsoft.NETCore.Platforms (>= 1.1) - restriction: || (&& (== net461) (< net45)) (== net6.0) (== net6.0-windows7.0) (== netstandard2.0) (== netstandard2.1)
      Microsoft.NETCore.Targets (>= 1.1) - restriction: || (&& (== net461) (< net45)) (== net6.0) (== net6.0-windows7.0) (== netstandard2.0) (== netstandard2.1)
      System.Runtime (>= 4.3) - restriction: || (&& (== net461) (< net45)) (== net6.0) (== net6.0-windows7.0) (== netstandard2.0) (== netstandard2.1)
    System.Diagnostics.DiagnosticSource (4.5) - restriction: || (&& (== net461) (== net6.0)) (&& (== net461) (== net6.0-windows7.0)) (&& (== net461) (< net451) (>= netstandard2.0)) (&& (== net461) (>= netcoreapp2.0)) (&& (== net461) (>= netstandard2.0) (>= uap10.1)) (&& (== net6.0) (< netcoreapp2.0)) (&& (== net6.0) (< netcoreapp2.1)) (&& (== net6.0) (>= uap10.1)) (&& (== net6.0-windows7.0) (< netcoreapp2.0)) (&& (== net6.0-windows7.0) (< netcoreapp2.1)) (&& (== net6.0-windows7.0) (>= uap10.1)) (== netstandard2.0) (== netstandard2.1)
    System.Diagnostics.EventLog (4.5) - restriction: || (&& (== net461) (< net452) (>= netstandard2.0)) (== net6.0) (== net6.0-windows7.0) (== netstandard2.0) (== netstandard2.1)
      Microsoft.NETCore.Platforms (>= 2.0) - restriction: || (&& (== net461) (>= netcoreapp2.0)) (== net6.0) (== net6.0-windows7.0) (&& (== netstandard2.0) (>= netcoreapp2.0)) (&& (== netstandard2.1) (>= netcoreapp2.0))
      Microsoft.Win32.Registry (>= 4.5) - restriction: || (&& (== net461) (>= netcoreapp2.0)) (== net6.0) (== net6.0-windows7.0) (&& (== netstandard2.0) (>= netcoreapp2.0)) (&& (== netstandard2.1) (>= netcoreapp2.0))
      System.Security.Permissions (>= 4.5)
      System.Security.Principal.Windows (>= 4.5) - restriction: || (&& (== net461) (>= netcoreapp2.0)) (== net6.0) (== net6.0-windows7.0) (&& (== netstandard2.0) (>= netcoreapp2.0)) (&& (== netstandard2.1) (>= netcoreapp2.0))
      System.Threading.AccessControl (>= 4.5) - restriction: || (&& (== net461) (>= netcoreapp2.0)) (== net6.0) (== net6.0-windows7.0) (&& (== netstandard2.0) (>= netcoreapp2.0)) (&& (== netstandard2.1) (>= netcoreapp2.0))
    System.Diagnostics.PerformanceCounter (6.0) - restriction: || (&& (== net461) (>= net6.0)) (== net6.0) (== net6.0-windows7.0) (== netstandard2.0) (== netstandard2.1)
      System.Configuration.ConfigurationManager (>= 6.0) - restriction: || (&& (== net461) (>= netcoreapp3.1)) (== net6.0) (== net6.0-windows7.0) (&& (== netstandard2.0) (>= netcoreapp3.1)) (&& (== netstandard2.1) (>= netcoreapp3.1))
    System.Diagnostics.Tools (4.3) - restriction: || (&& (== net461) (< net45)) (== net6.0) (== net6.0-windows7.0) (== netstandard2.0) (== netstandard2.1)
      Microsoft.NETCore.Platforms (>= 1.1) - restriction: || (&& (== net461) (< net45)) (== net6.0) (== net6.0-windows7.0) (== netstandard2.0) (== netstandard2.1)
      Microsoft.NETCore.Targets (>= 1.1) - restriction: || (&& (== net461) (< net45)) (== net6.0) (== net6.0-windows7.0) (== netstandard2.0) (== netstandard2.1)
      System.Runtime (>= 4.3) - restriction: || (&& (== net461) (< net45)) (== net6.0) (== net6.0-windows7.0) (== netstandard2.0) (== netstandard2.1)
    System.Diagnostics.Tracing (4.3) - restriction: || (&& (== net461) (< net45) (>= netstandard2.0)) (== net6.0) (== net6.0-windows7.0) (== netstandard2.0) (== netstandard2.1)
      Microsoft.NETCore.Platforms (>= 1.1) - restriction: || (&& (== net461) (< net45)) (== net6.0) (== net6.0-windows7.0) (== netstandard2.0) (== netstandard2.1)
      Microsoft.NETCore.Targets (>= 1.1) - restriction: || (&& (== net461) (< net45)) (== net6.0) (== net6.0-windows7.0) (== netstandard2.0) (== netstandard2.1)
      System.Runtime (>= 4.3) - restriction: || (&& (== net461) (< net45)) (== net6.0) (== net6.0-windows7.0) (== netstandard2.0) (== netstandard2.1)
    System.Drawing.Common (6.0)
      Microsoft.Win32.SystemEvents (>= 6.0) - restriction: || (&& (== net461) (>= netcoreapp3.1)) (== net6.0) (== net6.0-windows7.0) (&& (== netstandard2.0) (>= netcoreapp3.1)) (&& (== netstandard2.1) (>= netcoreapp3.1))
    System.Formats.Asn1 (6.0) - restriction: || (&& (== net461) (>= net6.0)) (== net6.0) (== net6.0-windows7.0) (== netstandard2.0) (== netstandard2.1)
      System.Buffers (>= 4.5.1) - restriction: || (== net461) (&& (== net6.0) (>= net461)) (&& (== net6.0-windows7.0) (>= net461)) (&& (== net6.0-windows7.0) (< net6.0)) (== netstandard2.0) (== netstandard2.1)
      System.Memory (>= 4.5.4) - restriction: || (== net461) (&& (== net6.0) (>= net461)) (&& (== net6.0-windows7.0) (>= net461)) (&& (== net6.0-windows7.0) (< net6.0)) (== netstandard2.0) (== netstandard2.1)
    System.Globalization (4.3) - restriction: || (&& (== net461) (< net45)) (== net6.0) (== net6.0-windows7.0) (== netstandard2.0) (== netstandard2.1)
      Microsoft.NETCore.Platforms (>= 1.1) - restriction: || (&& (== net461) (< net45)) (== net6.0) (== net6.0-windows7.0) (== netstandard2.0) (== netstandard2.1)
      Microsoft.NETCore.Targets (>= 1.1) - restriction: || (&& (== net461) (< net45)) (== net6.0) (== net6.0-windows7.0) (== netstandard2.0) (== netstandard2.1)
      System.Runtime (>= 4.3) - restriction: || (&& (== net461) (< net45)) (== net6.0) (== net6.0-windows7.0) (== netstandard2.0) (== netstandard2.1)
    System.Globalization.Extensions (4.3) - restriction: || (&& (== net461) (< net45) (>= netstandard2.0)) (== net6.0) (== net6.0-windows7.0) (== netstandard2.0) (== netstandard2.1)
      Microsoft.NETCore.Platforms (>= 1.1) - restriction: || (&& (== net461) (< net46)) (== net6.0) (== net6.0-windows7.0) (== netstandard2.0) (== netstandard2.1)
      System.Globalization (>= 4.3) - restriction: || (&& (== net461) (< net46)) (== net6.0) (== net6.0-windows7.0) (== netstandard2.0) (== netstandard2.1)
      System.Resources.ResourceManager (>= 4.3) - restriction: || (&& (== net461) (< net46)) (== net6.0) (== net6.0-windows7.0) (== netstandard2.0) (== netstandard2.1)
      System.Runtime (>= 4.3) - restriction: || (&& (== net461) (< net46)) (== net6.0) (== net6.0-windows7.0) (== netstandard2.0) (== netstandard2.1)
      System.Runtime.Extensions (>= 4.3) - restriction: || (&& (== net461) (< net46)) (== net6.0) (== net6.0-windows7.0) (== netstandard2.0) (== netstandard2.1)
      System.Runtime.InteropServices (>= 4.3) - restriction: || (&& (== net461) (< net46)) (== net6.0) (== net6.0-windows7.0) (== netstandard2.0) (== netstandard2.1)
    System.IdentityModel.Tokens.Jwt (6.15)
      Microsoft.IdentityModel.JsonWebTokens (>= 6.15)
      Microsoft.IdentityModel.Tokens (>= 6.15)
    System.Interactive (5.0)
    System.Interactive.Async (5.0) - restriction: || (&& (== net461) (>= netstandard2.0)) (== net6.0) (== net6.0-windows7.0) (== netstandard2.0) (== netstandard2.1)
      System.Linq.Async (>= 5.0)
    System.IO (4.3) - restriction: || (&& (== net461) (< net45)) (== net6.0) (== net6.0-windows7.0) (== netstandard2.0) (== netstandard2.1)
      Microsoft.NETCore.Platforms (>= 1.1) - restriction: || (&& (== net461) (< net45)) (== net6.0) (== net6.0-windows7.0) (== netstandard2.0) (== netstandard2.1)
      Microsoft.NETCore.Targets (>= 1.1) - restriction: || (&& (== net461) (< net45)) (== net6.0) (== net6.0-windows7.0) (== netstandard2.0) (== netstandard2.1)
      System.Runtime (>= 4.3) - restriction: || (&& (== net461) (< net45)) (== net6.0) (== net6.0-windows7.0) (== netstandard2.0) (== netstandard2.1)
      System.Text.Encoding (>= 4.3) - restriction: || (&& (== net461) (< net45)) (== net6.0) (== net6.0-windows7.0) (== netstandard2.0) (== netstandard2.1)
      System.Threading.Tasks (>= 4.3) - restriction: || (&& (== net461) (< net45)) (== net6.0) (== net6.0-windows7.0) (== netstandard2.0) (== netstandard2.1)
    System.IO.Compression (4.3)
      Microsoft.NETCore.Platforms (>= 1.1) - restriction: || (&& (== net461) (< net45)) (== net6.0) (== net6.0-windows7.0) (== netstandard2.0) (== netstandard2.1)
      runtime.native.System (>= 4.3) - restriction: || (&& (== net461) (< net45)) (== net6.0) (== net6.0-windows7.0) (== netstandard2.0) (== netstandard2.1)
      runtime.native.System.IO.Compression (>= 4.3) - restriction: || (&& (== net461) (< net45)) (== net6.0) (== net6.0-windows7.0) (== netstandard2.0) (== netstandard2.1)
      System.Buffers (>= 4.3) - restriction: || (&& (== net461) (< net45)) (== net6.0) (== net6.0-windows7.0) (== netstandard2.0) (== netstandard2.1)
      System.Collections (>= 4.3) - restriction: || (&& (== net461) (< net45)) (== net6.0) (== net6.0-windows7.0) (== netstandard2.0) (== netstandard2.1)
      System.Diagnostics.Debug (>= 4.3) - restriction: || (&& (== net461) (< net45)) (== net6.0) (== net6.0-windows7.0) (== netstandard2.0) (== netstandard2.1)
      System.IO (>= 4.3) - restriction: || (&& (== net461) (< net45)) (== net6.0) (== net6.0-windows7.0) (== netstandard2.0) (== netstandard2.1)
      System.Resources.ResourceManager (>= 4.3) - restriction: || (&& (== net461) (< net45)) (== net6.0) (== net6.0-windows7.0) (== netstandard2.0) (== netstandard2.1)
      System.Runtime (>= 4.3) - restriction: || (&& (== net461) (< net45)) (== net6.0) (== net6.0-windows7.0) (== netstandard2.0) (== netstandard2.1)
      System.Runtime.Extensions (>= 4.3) - restriction: || (&& (== net461) (< net45)) (== net6.0) (== net6.0-windows7.0) (== netstandard2.0) (== netstandard2.1)
      System.Runtime.Handles (>= 4.3) - restriction: || (&& (== net461) (< net45)) (== net6.0) (== net6.0-windows7.0) (== netstandard2.0) (== netstandard2.1)
      System.Runtime.InteropServices (>= 4.3) - restriction: || (&& (== net461) (< net45)) (== net6.0) (== net6.0-windows7.0) (== netstandard2.0) (== netstandard2.1)
      System.Text.Encoding (>= 4.3) - restriction: || (&& (== net461) (< net45)) (== net6.0) (== net6.0-windows7.0) (== netstandard2.0) (== netstandard2.1)
      System.Threading (>= 4.3) - restriction: || (&& (== net461) (< net45)) (== net6.0) (== net6.0-windows7.0) (== netstandard2.0) (== netstandard2.1)
      System.Threading.Tasks (>= 4.3) - restriction: || (&& (== net461) (< net45)) (== net6.0) (== net6.0-windows7.0) (== netstandard2.0) (== netstandard2.1)
    System.IO.FileSystem (4.3) - restriction: || (&& (== net461) (< net45)) (== net6.0) (== net6.0-windows7.0) (== netstandard2.0) (== netstandard2.1)
      Microsoft.NETCore.Platforms (>= 1.1) - restriction: || (&& (== net461) (< net46)) (== net6.0) (== net6.0-windows7.0) (== netstandard2.0) (== netstandard2.1)
      Microsoft.NETCore.Targets (>= 1.1) - restriction: || (&& (== net461) (< net46)) (== net6.0) (== net6.0-windows7.0) (== netstandard2.0) (== netstandard2.1)
      System.IO (>= 4.3) - restriction: || (&& (== net461) (< net46)) (== net6.0) (== net6.0-windows7.0) (== netstandard2.0) (== netstandard2.1)
      System.IO.FileSystem.Primitives (>= 4.3)
      System.Runtime (>= 4.3) - restriction: || (&& (== net461) (< net46)) (== net6.0) (== net6.0-windows7.0) (== netstandard2.0) (== netstandard2.1)
      System.Runtime.Handles (>= 4.3) - restriction: || (&& (== net461) (< net46)) (== net6.0) (== net6.0-windows7.0) (== netstandard2.0) (== netstandard2.1)
      System.Text.Encoding (>= 4.3) - restriction: || (&& (== net461) (< net46)) (== net6.0) (== net6.0-windows7.0) (== netstandard2.0) (== netstandard2.1)
      System.Threading.Tasks (>= 4.3) - restriction: || (&& (== net461) (< net46)) (== net6.0) (== net6.0-windows7.0) (== netstandard2.0) (== netstandard2.1)
    System.IO.FileSystem.Primitives (4.3)
    System.IO.Packaging (4.7)
      System.IO.FileSystem.Primitives (>= 4.3) - restriction: || (== net461) (&& (== net6.0) (>= net46)) (&& (== net6.0) (< netstandard2.0)) (&& (== net6.0-windows7.0) (>= net46)) (&& (== net6.0-windows7.0) (< netstandard2.0)) (&& (== netstandard2.0) (>= net46)) (&& (== netstandard2.1) (>= net46)) (&& (== netstandard2.1) (< netstandard2.0))
    System.IO.Pipelines (6.0.1) - restriction: || (&& (== net461) (>= net6.0)) (== net6.0) (== net6.0-windows7.0) (&& (== netstandard2.0) (>= net6.0)) (&& (== netstandard2.1) (>= net6.0))
    System.Linq (4.3) - restriction: || (&& (== net461) (< net45) (>= netstandard2.0)) (== net6.0) (== net6.0-windows7.0) (== netstandard2.0) (== netstandard2.1)
      System.Collections (>= 4.3) - restriction: || (&& (== net461) (< net45)) (== net6.0) (== net6.0-windows7.0) (== netstandard2.0) (== netstandard2.1)
      System.Diagnostics.Debug (>= 4.3) - restriction: || (&& (== net461) (< net45) (>= netstandard1.6)) (== net6.0) (== net6.0-windows7.0) (== netstandard2.0) (== netstandard2.1)
      System.Resources.ResourceManager (>= 4.3) - restriction: || (&& (== net461) (< net45) (>= netstandard1.6)) (== net6.0) (== net6.0-windows7.0) (== netstandard2.0) (== netstandard2.1)
      System.Runtime (>= 4.3) - restriction: || (&& (== net461) (< net45)) (== net6.0) (== net6.0-windows7.0) (== netstandard2.0) (== netstandard2.1)
      System.Runtime.Extensions (>= 4.3) - restriction: || (&& (== net461) (< net45) (>= netstandard1.6)) (== net6.0) (== net6.0-windows7.0) (== netstandard2.0) (== netstandard2.1)
    System.Linq.Async (5.0) - restriction: || (&& (== net461) (>= netstandard2.0)) (== net6.0) (== net6.0-windows7.0) (== netstandard2.0) (== netstandard2.1)
      Microsoft.Bcl.AsyncInterfaces (>= 1.1.1) - restriction: || (== net461) (&& (== net6.0) (>= net461)) (&& (== net6.0) (< netstandard2.1)) (&& (== net6.0-windows7.0) (>= net461)) (&& (== net6.0-windows7.0) (< netstandard2.1)) (== netstandard2.0) (&& (== netstandard2.1) (>= net461))
    System.Management (6.0)
      System.CodeDom (>= 6.0) - restriction: || (&& (== net461) (>= netstandard2.0)) (== net6.0) (== net6.0-windows7.0) (== netstandard2.0) (== netstandard2.1)
    System.Memory (4.5.4)
      System.Buffers (>= 4.5.1) - restriction: || (== net461) (&& (== net6.0) (>= monotouch)) (&& (== net6.0) (>= net461)) (&& (== net6.0) (< netcoreapp2.0)) (&& (== net6.0) (< netstandard1.1)) (&& (== net6.0) (< netstandard2.0)) (&& (== net6.0) (>= xamarinios)) (&& (== net6.0) (>= xamarinmac)) (&& (== net6.0) (>= xamarintvos)) (&& (== net6.0) (>= xamarinwatchos)) (&& (== net6.0-windows7.0) (>= monotouch)) (&& (== net6.0-windows7.0) (>= net461)) (&& (== net6.0-windows7.0) (< netcoreapp2.0)) (&& (== net6.0-windows7.0) (< netstandard1.1)) (&& (== net6.0-windows7.0) (< netstandard2.0)) (&& (== net6.0-windows7.0) (>= xamarinios)) (&& (== net6.0-windows7.0) (>= xamarinmac)) (&& (== net6.0-windows7.0) (>= xamarintvos)) (&& (== net6.0-windows7.0) (>= xamarinwatchos)) (== netstandard2.0) (== netstandard2.1)
      System.Numerics.Vectors (>= 4.4) - restriction: || (&& (== net461) (< net45) (>= netstandard2.0)) (&& (== net6.0) (< netcoreapp2.0)) (&& (== net6.0-windows7.0) (< netcoreapp2.0)) (== netstandard2.0) (== netstandard2.1)
      System.Numerics.Vectors (>= 4.5) - restriction: || (== net461) (&& (== net6.0) (>= net461)) (&& (== net6.0-windows7.0) (>= net461)) (&& (== netstandard2.0) (>= net461)) (&& (== netstandard2.1) (>= net461))
      System.Runtime.CompilerServices.Unsafe (>= 4.5.3) - restriction: || (== net461) (&& (== net6.0) (>= monotouch)) (&& (== net6.0) (>= net461)) (&& (== net6.0) (< netcoreapp2.0)) (&& (== net6.0) (< netcoreapp2.1)) (&& (== net6.0) (< netstandard1.1)) (&& (== net6.0) (< netstandard2.0)) (&& (== net6.0) (>= uap10.1)) (&& (== net6.0) (>= xamarinios)) (&& (== net6.0) (>= xamarinmac)) (&& (== net6.0) (>= xamarintvos)) (&& (== net6.0) (>= xamarinwatchos)) (&& (== net6.0-windows7.0) (>= monotouch)) (&& (== net6.0-windows7.0) (>= net461)) (&& (== net6.0-windows7.0) (< netcoreapp2.0)) (&& (== net6.0-windows7.0) (< netcoreapp2.1)) (&& (== net6.0-windows7.0) (< netstandard1.1)) (&& (== net6.0-windows7.0) (< netstandard2.0)) (&& (== net6.0-windows7.0) (>= uap10.1)) (&& (== net6.0-windows7.0) (>= xamarinios)) (&& (== net6.0-windows7.0) (>= xamarinmac)) (&& (== net6.0-windows7.0) (>= xamarintvos)) (&& (== net6.0-windows7.0) (>= xamarinwatchos)) (== netstandard2.0) (== netstandard2.1)
    System.Numerics.Vectors (4.5)
    System.Private.ServiceModel (4.9) - restriction: || (&& (== net461) (< net45) (>= netstandard2.0)) (&& (== net461) (>= net6.0)) (== net6.0) (== net6.0-windows7.0) (== netstandard2.0) (== netstandard2.1)
      Microsoft.Bcl.AsyncInterfaces (>= 5.0) - restriction: || (&& (== net461) (>= netstandard2.0)) (== net6.0) (== net6.0-windows7.0) (== netstandard2.0) (== netstandard2.1)
      Microsoft.Extensions.ObjectPool (>= 5.0.10) - restriction: || (&& (== net461) (>= netstandard2.0)) (== net6.0) (== net6.0-windows7.0) (== netstandard2.0) (== netstandard2.1)
      System.Numerics.Vectors (>= 4.5) - restriction: || (&& (== net461) (>= netstandard2.0)) (== net6.0) (== net6.0-windows7.0) (== netstandard2.0) (== netstandard2.1)
      System.Reflection.DispatchProxy (>= 4.7.1) - restriction: || (&& (== net461) (>= netstandard2.0)) (== net6.0) (== net6.0-windows7.0) (== netstandard2.0) (== netstandard2.1)
      System.Security.Cryptography.Xml (>= 5.0) - restriction: || (&& (== net461) (>= netstandard2.0)) (== net6.0) (== net6.0-windows7.0) (== netstandard2.0) (== netstandard2.1)
      System.Security.Principal.Windows (>= 5.0) - restriction: || (&& (== net461) (>= netstandard2.0)) (== net6.0) (== net6.0-windows7.0) (== netstandard2.0) (== netstandard2.1)
    System.Reactive (5.0)
      System.Runtime.InteropServices.WindowsRuntime (>= 4.3) - restriction: || (&& (== net461) (>= netstandard2.0)) (&& (== net6.0) (< netcoreapp3.1)) (&& (== net6.0-windows7.0) (< netcoreapp3.1)) (== netstandard2.0) (== netstandard2.1)
      System.Threading.Tasks.Extensions (>= 4.5.4) - restriction: || (&& (== net461) (>= net472)) (&& (== net461) (>= netstandard2.0)) (&& (== net461) (>= uap10.1)) (&& (== net6.0) (>= net472)) (&& (== net6.0) (< netcoreapp3.1)) (&& (== net6.0) (>= uap10.1)) (&& (== net6.0-windows7.0) (>= net472)) (&& (== net6.0-windows7.0) (< netcoreapp3.1)) (&& (== net6.0-windows7.0) (>= uap10.1)) (== netstandard2.0) (== netstandard2.1)
    System.Reflection (4.3) - restriction: || (&& (== net461) (< net45)) (== net6.0) (== net6.0-windows7.0) (== netstandard2.0) (== netstandard2.1)
      Microsoft.NETCore.Platforms (>= 1.1) - restriction: || (&& (== net461) (< net45)) (== net6.0) (== net6.0-windows7.0) (== netstandard2.0) (== netstandard2.1)
      Microsoft.NETCore.Targets (>= 1.1) - restriction: || (&& (== net461) (< net45)) (== net6.0) (== net6.0-windows7.0) (== netstandard2.0) (== netstandard2.1)
      System.IO (>= 4.3) - restriction: || (&& (== net461) (< net45)) (== net6.0) (== net6.0-windows7.0) (== netstandard2.0) (== netstandard2.1)
      System.Reflection.Primitives (>= 4.3) - restriction: || (&& (== net461) (< net45)) (== net6.0) (== net6.0-windows7.0) (== netstandard2.0) (== netstandard2.1)
      System.Runtime (>= 4.3) - restriction: || (&& (== net461) (< net45)) (== net6.0) (== net6.0-windows7.0) (== netstandard2.0) (== netstandard2.1)
    System.Reflection.DispatchProxy (4.7.1)
    System.Reflection.Emit (4.7)
      System.Reflection.Emit.ILGeneration (>= 4.7) - restriction: || (&& (== net461) (< net45)) (&& (== net461) (< netstandard1.1)) (&& (== net461) (>= uap10.1)) (&& (== net461) (>= wpa81)) (&& (== net6.0) (< netcoreapp2.0) (< netstandard2.1)) (&& (== net6.0) (< netstandard1.1)) (&& (== net6.0) (< netstandard2.0)) (&& (== net6.0) (>= uap10.1)) (&& (== net6.0-windows7.0) (< netcoreapp2.0) (< netstandard2.1)) (&& (== net6.0-windows7.0) (< netstandard1.1)) (&& (== net6.0-windows7.0) (< netstandard2.0)) (&& (== net6.0-windows7.0) (>= uap10.1)) (== netstandard2.0) (&& (== netstandard2.1) (< netstandard1.1)) (&& (== netstandard2.1) (< netstandard2.0)) (&& (== netstandard2.1) (>= uap10.1))
    System.Reflection.Emit.ILGeneration (4.7) - restriction: || (&& (== net461) (< net45)) (&& (== net461) (>= netstandard2.0)) (&& (== net461) (< portable-net45+wp8)) (&& (== net461) (>= uap10.1)) (&& (== net461) (>= wpa81)) (== net6.0) (== net6.0-windows7.0) (== netstandard2.0) (== netstandard2.1)
    System.Reflection.Emit.Lightweight (4.7)
      System.Reflection.Emit.ILGeneration (>= 4.7) - restriction: || (&& (== net461) (< net45)) (&& (== net461) (< portable-net45+wp8)) (&& (== net461) (>= uap10.1)) (&& (== net461) (>= wpa81)) (&& (== net6.0) (< netcoreapp2.0) (< netstandard2.1)) (&& (== net6.0) (< netstandard2.0)) (&& (== net6.0) (< portable-net45+wp8)) (&& (== net6.0) (>= uap10.1)) (&& (== net6.0-windows7.0) (< netcoreapp2.0) (< netstandard2.1)) (&& (== net6.0-windows7.0) (< netstandard2.0)) (&& (== net6.0-windows7.0) (< portable-net45+wp8)) (&& (== net6.0-windows7.0) (>= uap10.1)) (== netstandard2.0) (&& (== netstandard2.1) (< netstandard2.0)) (&& (== netstandard2.1) (< portable-net45+wp8)) (&& (== netstandard2.1) (>= uap10.1))
    System.Reflection.Extensions (4.3) - restriction: || (&& (== net461) (< net45) (>= netstandard2.0)) (== net6.0) (== net6.0-windows7.0) (== netstandard2.0) (== netstandard2.1)
      Microsoft.NETCore.Platforms (>= 1.1) - restriction: || (&& (== net461) (< net45)) (== net6.0) (== net6.0-windows7.0) (== netstandard2.0) (== netstandard2.1)
      Microsoft.NETCore.Targets (>= 1.1) - restriction: || (&& (== net461) (< net45)) (== net6.0) (== net6.0-windows7.0) (== netstandard2.0) (== netstandard2.1)
      System.Reflection (>= 4.3) - restriction: || (&& (== net461) (< net45)) (== net6.0) (== net6.0-windows7.0) (== netstandard2.0) (== netstandard2.1)
      System.Runtime (>= 4.3) - restriction: || (&& (== net461) (< net45)) (== net6.0) (== net6.0-windows7.0) (== netstandard2.0) (== netstandard2.1)
    System.Reflection.Metadata (5.0) - restriction: || (&& (== net461) (>= net6.0)) (&& (== net461) (>= netstandard2.0)) (== net6.0) (== net6.0-windows7.0) (== netstandard2.0) (== netstandard2.1)
    System.Reflection.Primitives (4.3) - restriction: || (&& (== net461) (< net45)) (&& (== net461) (>= netcoreapp1.1)) (== net6.0) (== net6.0-windows7.0) (== netstandard2.0) (== netstandard2.1)
      Microsoft.NETCore.Platforms (>= 1.1) - restriction: || (&& (== net461) (< net45)) (== net6.0) (== net6.0-windows7.0) (== netstandard2.0) (== netstandard2.1)
      Microsoft.NETCore.Targets (>= 1.1) - restriction: || (&& (== net461) (< net45)) (== net6.0) (== net6.0-windows7.0) (== netstandard2.0) (== netstandard2.1)
      System.Runtime (>= 4.3) - restriction: || (&& (== net461) (< net45)) (== net6.0) (== net6.0-windows7.0) (== netstandard2.0) (== netstandard2.1)
    System.Reflection.TypeExtensions (4.7)
    System.Resources.Extensions (6.0)
      System.Memory (>= 4.5.4) - restriction: || (== net461) (&& (== net6.0) (>= net461)) (&& (== net6.0-windows7.0) (>= net461)) (&& (== net6.0-windows7.0) (< net6.0)) (== netstandard2.0) (== netstandard2.1)
    System.Resources.ResourceManager (4.3) - restriction: || (&& (== net461) (< net45)) (== net6.0) (== net6.0-windows7.0) (== netstandard2.0) (== netstandard2.1)
      Microsoft.NETCore.Platforms (>= 1.1) - restriction: || (&& (== net461) (< net45)) (== net6.0) (== net6.0-windows7.0) (== netstandard2.0) (== netstandard2.1)
      Microsoft.NETCore.Targets (>= 1.1) - restriction: || (&& (== net461) (< net45)) (== net6.0) (== net6.0-windows7.0) (== netstandard2.0) (== netstandard2.1)
      System.Globalization (>= 4.3) - restriction: || (&& (== net461) (< net45)) (== net6.0) (== net6.0-windows7.0) (== netstandard2.0) (== netstandard2.1)
      System.Reflection (>= 4.3) - restriction: || (&& (== net461) (< net45)) (== net6.0) (== net6.0-windows7.0) (== netstandard2.0) (== netstandard2.1)
      System.Runtime (>= 4.3) - restriction: || (&& (== net461) (< net45)) (== net6.0) (== net6.0-windows7.0) (== netstandard2.0) (== netstandard2.1)
    System.Runtime (4.3.1)
      Microsoft.NETCore.Platforms (>= 1.1.1) - restriction: || (&& (== net461) (< net45)) (== net6.0) (== net6.0-windows7.0) (== netstandard2.0) (== netstandard2.1)
      Microsoft.NETCore.Targets (>= 1.1.3) - restriction: || (&& (== net461) (< net45)) (== net6.0) (== net6.0-windows7.0) (== netstandard2.0) (== netstandard2.1)
    System.Runtime.CompilerServices.Unsafe (6.0)
    System.Runtime.Extensions (4.3) - restriction: || (&& (== net461) (< net45)) (== net6.0) (== net6.0-windows7.0) (== netstandard2.0) (== netstandard2.1)
      Microsoft.NETCore.Platforms (>= 1.1) - restriction: || (&& (== net461) (< net45)) (== net6.0) (== net6.0-windows7.0) (== netstandard2.0) (== netstandard2.1)
      Microsoft.NETCore.Targets (>= 1.1) - restriction: || (&& (== net461) (< net45)) (== net6.0) (== net6.0-windows7.0) (== netstandard2.0) (== netstandard2.1)
      System.Runtime (>= 4.3) - restriction: || (&& (== net461) (< net45)) (== net6.0) (== net6.0-windows7.0) (== netstandard2.0) (== netstandard2.1)
    System.Runtime.Handles (4.3) - restriction: || (&& (== net461) (< net45)) (== net6.0) (== net6.0-windows7.0) (== netstandard2.0) (== netstandard2.1)
      Microsoft.NETCore.Platforms (>= 1.1) - restriction: || (&& (== net461) (< net46)) (== net6.0) (== net6.0-windows7.0) (== netstandard2.0) (== netstandard2.1)
      Microsoft.NETCore.Targets (>= 1.1) - restriction: || (&& (== net461) (< net46)) (== net6.0) (== net6.0-windows7.0) (== netstandard2.0) (== netstandard2.1)
      System.Runtime (>= 4.3) - restriction: || (&& (== net461) (< net46)) (== net6.0) (== net6.0-windows7.0) (== netstandard2.0) (== netstandard2.1)
    System.Runtime.InteropServices (4.3) - restriction: || (&& (== net461) (< net45)) (== net6.0) (== net6.0-windows7.0) (== netstandard2.0) (== netstandard2.1)
      Microsoft.NETCore.Platforms (>= 1.1) - restriction: || (&& (== net461) (< net45)) (&& (== net461) (>= netcoreapp1.1)) (== net6.0) (== net6.0-windows7.0) (== netstandard2.0) (== netstandard2.1)
      Microsoft.NETCore.Targets (>= 1.1) - restriction: || (&& (== net461) (< net45)) (&& (== net461) (>= netcoreapp1.1)) (== net6.0) (== net6.0-windows7.0) (== netstandard2.0) (== netstandard2.1)
      System.Reflection (>= 4.3) - restriction: || (&& (== net461) (< net45)) (&& (== net461) (>= netcoreapp1.1)) (== net6.0) (== net6.0-windows7.0) (== netstandard2.0) (== netstandard2.1)
      System.Reflection.Primitives (>= 4.3) - restriction: || (&& (== net461) (< net45)) (&& (== net461) (>= netcoreapp1.1)) (== net6.0) (== net6.0-windows7.0) (== netstandard2.0) (== netstandard2.1)
      System.Runtime (>= 4.3) - restriction: || (&& (== net461) (< net45)) (&& (== net461) (>= net462)) (&& (== net461) (>= netcoreapp1.1)) (== net6.0) (== net6.0-windows7.0) (== netstandard2.0) (== netstandard2.1)
      System.Runtime.Handles (>= 4.3) - restriction: || (&& (== net461) (< net45)) (&& (== net461) (>= netcoreapp1.1)) (== net6.0) (== net6.0-windows7.0) (== netstandard2.0) (== netstandard2.1)
    System.Runtime.InteropServices.WindowsRuntime (4.3) - restriction: || (&& (== net461) (== net6.0)) (&& (== net461) (== net6.0-windows7.0)) (&& (== net461) (>= netstandard2.0)) (&& (== net6.0) (< netcoreapp3.1)) (&& (== net6.0-windows7.0) (< netcoreapp3.1)) (== netstandard2.0) (== netstandard2.1)
      System.Runtime (>= 4.3) - restriction: || (&& (== net461) (< net45)) (== net6.0) (== net6.0-windows7.0) (== netstandard2.0) (== netstandard2.1)
    System.Runtime.Loader (4.3) - restriction: || (&& (== net461) (< net452) (>= netstandard2.0)) (== net6.0) (== net6.0-windows7.0) (== netstandard2.0) (== netstandard2.1)
      System.IO (>= 4.3) - restriction: || (&& (== net461) (>= netstandard1.5)) (== net6.0) (== net6.0-windows7.0) (== netstandard2.0) (== netstandard2.1)
      System.Reflection (>= 4.3) - restriction: || (&& (== net461) (>= netstandard1.5)) (== net6.0) (== net6.0-windows7.0) (== netstandard2.0) (== netstandard2.1)
      System.Runtime (>= 4.3) - restriction: || (&& (== net461) (>= netstandard1.5)) (== net6.0) (== net6.0-windows7.0) (== netstandard2.0) (== netstandard2.1)
    System.Runtime.Serialization.Primitives (4.3) - restriction: || (&& (== net461) (< net45) (>= netstandard2.0)) (== net6.0) (== net6.0-windows7.0) (== netstandard2.0) (== netstandard2.1)
      System.Resources.ResourceManager (>= 4.3) - restriction: || (&& (== net461) (< net45)) (== net6.0) (== net6.0-windows7.0) (== netstandard2.0) (== netstandard2.1)
      System.Runtime (>= 4.3) - restriction: || (&& (== net461) (< net45)) (== net6.0) (== net6.0-windows7.0) (== netstandard2.0) (== netstandard2.1)
    System.Security.AccessControl (6.0)
      System.Security.Principal.Windows (>= 5.0) - restriction: || (== net461) (&& (== net6.0) (>= net461)) (&& (== net6.0-windows7.0) (>= net461)) (&& (== net6.0-windows7.0) (< net6.0)) (== netstandard2.0) (== netstandard2.1)
    System.Security.Cryptography.Cng (5.0) - restriction: || (&& (== net461) (< net45) (>= netstandard2.0)) (&& (== net461) (>= net6.0)) (== net6.0) (== net6.0-windows7.0) (== netstandard2.0) (== netstandard2.1)
    System.Security.Cryptography.Pkcs (6.0) - restriction: || (&& (== net461) (>= net6.0)) (== net6.0) (== net6.0-windows7.0) (== netstandard2.0) (== netstandard2.1)
      System.Buffers (>= 4.5.1) - restriction: || (&& (== net6.0) (< netstandard2.1)) (&& (== net6.0-windows7.0) (< netstandard2.1)) (== netstandard2.0)
      System.Formats.Asn1 (>= 6.0) - restriction: || (&& (== net461) (>= netstandard2.1)) (== net6.0) (== net6.0-windows7.0) (== netstandard2.0) (== netstandard2.1)
      System.Memory (>= 4.5.4) - restriction: || (&& (== net6.0) (< netstandard2.1)) (&& (== net6.0-windows7.0) (< netstandard2.1)) (== netstandard2.0)
      System.Security.Cryptography.Cng (>= 5.0) - restriction: || (&& (== net461) (>= netcoreapp3.1)) (&& (== net461) (>= netstandard2.1)) (&& (== net6.0) (< netcoreapp3.1)) (&& (== net6.0) (< netstandard2.1)) (&& (== net6.0-windows7.0) (< net6.0)) (&& (== net6.0-windows7.0) (< netcoreapp3.1)) (&& (== net6.0-windows7.0) (< netstandard2.1)) (== netstandard2.0) (== netstandard2.1)
    System.Security.Cryptography.ProtectedData (6.0) - restriction: || (&& (== net461) (>= net6.0)) (== net6.0) (== net6.0-windows7.0) (== netstandard2.0) (== netstandard2.1)
      System.Memory (>= 4.5.4) - restriction: || (&& (== net6.0-windows7.0) (< net6.0)) (== netstandard2.0) (== netstandard2.1)
    System.Security.Cryptography.Xml (6.0)
      System.Memory (>= 4.5.4) - restriction: || (&& (== net6.0-windows7.0) (< net6.0)) (== netstandard2.0) (== netstandard2.1)
      System.Security.AccessControl (>= 6.0)
      System.Security.Cryptography.Pkcs (>= 6.0) - restriction: || (&& (== net461) (>= net6.0)) (== net6.0) (== net6.0-windows7.0) (== netstandard2.0) (== netstandard2.1)
    System.Security.Permissions (6.0)
      System.Security.AccessControl (>= 6.0)
      System.Windows.Extensions (>= 6.0) - restriction: || (&& (== net461) (>= netcoreapp3.1)) (== net6.0) (== net6.0-windows7.0) (&& (== netstandard2.0) (>= netcoreapp3.1)) (&& (== netstandard2.1) (>= netcoreapp3.1))
    System.Security.Principal.Windows (5.0)
    System.ServiceModel.Duplex (4.9)
      System.Private.ServiceModel (>= 4.9) - restriction: || (&& (== net461) (< net45) (>= netstandard2.0)) (&& (== net461) (>= net6.0)) (== net6.0) (== net6.0-windows7.0) (== netstandard2.0) (== netstandard2.1)
      System.ServiceModel.Primitives (>= 4.9)
    System.ServiceModel.Http (4.9)
      System.Private.ServiceModel (>= 4.9) - restriction: || (&& (== net461) (< net45) (>= netstandard2.0)) (&& (== net461) (>= net6.0)) (== net6.0) (== net6.0-windows7.0) (== netstandard2.0) (== netstandard2.1)
      System.ServiceModel.Primitives (>= 4.9)
    System.ServiceModel.NetTcp (4.9)
      System.Private.ServiceModel (>= 4.9) - restriction: || (&& (== net461) (< net45) (>= netstandard2.0)) (&& (== net461) (>= net6.0)) (== net6.0) (== net6.0-windows7.0) (== netstandard2.0) (== netstandard2.1)
      System.ServiceModel.Primitives (>= 4.9)
    System.ServiceModel.Primitives (4.9)
      System.Private.ServiceModel (>= 4.9) - restriction: || (&& (== net461) (< net45) (>= netstandard2.0)) (&& (== net461) (>= net6.0)) (&& (== net461) (>= netcoreapp2.1)) (== net6.0) (== net6.0-windows7.0) (== netstandard2.0) (== netstandard2.1)
    System.ServiceModel.Security (4.9)
      System.Private.ServiceModel (>= 4.9) - restriction: || (&& (== net461) (< net45) (>= netstandard2.0)) (&& (== net461) (>= net6.0)) (== net6.0) (== net6.0-windows7.0) (== netstandard2.0) (== netstandard2.1)
      System.ServiceModel.Primitives (>= 4.9)
    System.ServiceProcess.ServiceController (4.5) - restriction: || (&& (== net461) (< net452) (>= netstandard2.0)) (== net6.0) (== net6.0-windows7.0) (== netstandard2.0) (== netstandard2.1)
      System.Diagnostics.EventLog (>= 4.5)
    System.Text.Encoding (4.3) - restriction: || (&& (== net461) (< net45)) (== net6.0) (== net6.0-windows7.0) (== netstandard2.0) (== netstandard2.1)
      Microsoft.NETCore.Platforms (>= 1.1) - restriction: || (&& (== net461) (< net45)) (== net6.0) (== net6.0-windows7.0) (== netstandard2.0) (== netstandard2.1)
      Microsoft.NETCore.Targets (>= 1.1) - restriction: || (&& (== net461) (< net45)) (== net6.0) (== net6.0-windows7.0) (== netstandard2.0) (== netstandard2.1)
      System.Runtime (>= 4.3) - restriction: || (&& (== net461) (< net45)) (== net6.0) (== net6.0-windows7.0) (== netstandard2.0) (== netstandard2.1)
    System.Text.Encoding.CodePages (6.0)
      System.Memory (>= 4.5.4) - restriction: || (== net461) (&& (== net6.0) (>= net461)) (&& (== net6.0) (< netcoreapp3.1)) (&& (== net6.0-windows7.0) (>= net461)) (&& (== net6.0-windows7.0) (< netcoreapp3.1)) (== netstandard2.0) (== netstandard2.1)
      System.Runtime.CompilerServices.Unsafe (>= 6.0)
    System.Text.Encoding.Extensions (4.3) - restriction: || (&& (== net461) (< net45)) (== net6.0) (== net6.0-windows7.0) (== netstandard2.0) (== netstandard2.1)
      Microsoft.NETCore.Platforms (>= 1.1) - restriction: || (&& (== net461) (< net45)) (== net6.0) (== net6.0-windows7.0) (== netstandard2.0) (== netstandard2.1)
      Microsoft.NETCore.Targets (>= 1.1) - restriction: || (&& (== net461) (< net45)) (== net6.0) (== net6.0-windows7.0) (== netstandard2.0) (== netstandard2.1)
      System.Runtime (>= 4.3) - restriction: || (&& (== net461) (< net45)) (== net6.0) (== net6.0-windows7.0) (== netstandard2.0) (== netstandard2.1)
      System.Text.Encoding (>= 4.3) - restriction: || (&& (== net461) (< net45)) (== net6.0) (== net6.0-windows7.0) (== netstandard2.0) (== netstandard2.1)
    System.Text.Encodings.Web (6.0)
      System.Buffers (>= 4.5.1) - restriction: || (== net461) (&& (== net6.0) (>= net461)) (&& (== net6.0) (< netcoreapp3.1)) (&& (== net6.0-windows7.0) (>= net461)) (&& (== net6.0-windows7.0) (< netcoreapp3.1)) (== netstandard2.0) (== netstandard2.1)
      System.Memory (>= 4.5.4) - restriction: || (== net461) (&& (== net6.0) (>= net461)) (&& (== net6.0) (< netcoreapp3.1)) (&& (== net6.0-windows7.0) (>= net461)) (&& (== net6.0-windows7.0) (< netcoreapp3.1)) (== netstandard2.0) (== netstandard2.1)
      System.Runtime.CompilerServices.Unsafe (>= 6.0)
    System.Text.Json (6.0.5)
      Microsoft.Bcl.AsyncInterfaces (>= 6.0) - restriction: || (== net461) (&& (== net6.0) (>= net461)) (&& (== net6.0) (< netcoreapp3.1)) (&& (== net6.0-windows7.0) (>= net461)) (&& (== net6.0-windows7.0) (< netcoreapp3.1)) (== netstandard2.0) (== netstandard2.1)
      System.Buffers (>= 4.5.1) - restriction: || (== net461) (&& (== net6.0) (>= net461)) (&& (== net6.0) (< netcoreapp3.1)) (&& (== net6.0-windows7.0) (>= net461)) (&& (== net6.0-windows7.0) (< netcoreapp3.1)) (== netstandard2.0) (== netstandard2.1)
      System.Memory (>= 4.5.4) - restriction: || (== net461) (&& (== net6.0) (>= net461)) (&& (== net6.0) (< netcoreapp3.1)) (&& (== net6.0-windows7.0) (>= net461)) (&& (== net6.0-windows7.0) (< netcoreapp3.1)) (== netstandard2.0) (== netstandard2.1)
      System.Numerics.Vectors (>= 4.5) - restriction: || (== net461) (&& (== net6.0) (>= net461)) (&& (== net6.0) (< netcoreapp3.1)) (&& (== net6.0-windows7.0) (>= net461)) (&& (== net6.0-windows7.0) (< netcoreapp3.1)) (== netstandard2.0) (== netstandard2.1)
      System.Runtime.CompilerServices.Unsafe (>= 6.0)
      System.Text.Encodings.Web (>= 6.0)
      System.Threading.Tasks.Extensions (>= 4.5.4) - restriction: || (== net461) (&& (== net6.0) (>= net461)) (&& (== net6.0) (< netcoreapp3.1)) (&& (== net6.0-windows7.0) (>= net461)) (&& (== net6.0-windows7.0) (< netcoreapp3.1)) (== netstandard2.0) (== netstandard2.1)
      System.ValueTuple (>= 4.5) - restriction: || (== net461) (&& (== net6.0) (>= net461)) (&& (== net6.0-windows7.0) (>= net461)) (&& (== netstandard2.0) (>= net461)) (&& (== netstandard2.1) (>= net461))
    System.Text.RegularExpressions (4.3) - restriction: || (&& (== net461) (< net45)) (== net6.0) (== net6.0-windows7.0) (== netstandard2.0) (== netstandard2.1)
      System.Collections (>= 4.3) - restriction: || (&& (== net461) (< net45) (>= netstandard1.6)) (&& (== net6.0) (< netcoreapp1.1)) (&& (== net6.0-windows7.0) (< netcoreapp1.1)) (== netstandard2.0) (== netstandard2.1)
      System.Globalization (>= 4.3) - restriction: || (&& (== net461) (< net45) (>= netstandard1.6)) (&& (== net6.0) (< netcoreapp1.1)) (&& (== net6.0-windows7.0) (< netcoreapp1.1)) (== netstandard2.0) (== netstandard2.1)
      System.Resources.ResourceManager (>= 4.3) - restriction: || (&& (== net461) (< net45) (>= netstandard1.6)) (&& (== net6.0) (< netcoreapp1.1)) (&& (== net6.0-windows7.0) (< netcoreapp1.1)) (== netstandard2.0) (== netstandard2.1)
      System.Runtime (>= 4.3) - restriction: || (&& (== net461) (< net45)) (&& (== net461) (>= netcoreapp1.1)) (== net6.0) (== net6.0-windows7.0) (== netstandard2.0) (== netstandard2.1)
      System.Runtime.Extensions (>= 4.3) - restriction: || (&& (== net461) (< net45) (>= netstandard1.6)) (&& (== net6.0) (< netcoreapp1.1)) (&& (== net6.0-windows7.0) (< netcoreapp1.1)) (== netstandard2.0) (== netstandard2.1)
      System.Threading (>= 4.3) - restriction: || (&& (== net461) (< net45) (>= netstandard1.6)) (&& (== net6.0) (< netcoreapp1.1)) (&& (== net6.0-windows7.0) (< netcoreapp1.1)) (== netstandard2.0) (== netstandard2.1)
    System.Threading (4.3) - restriction: || (&& (== net461) (< net45)) (== net6.0) (== net6.0-windows7.0) (== netstandard2.0) (== netstandard2.1)
      System.Runtime (>= 4.3) - restriction: || (&& (== net461) (< net45)) (== net6.0) (== net6.0-windows7.0) (== netstandard2.0) (== netstandard2.1)
      System.Threading.Tasks (>= 4.3) - restriction: || (&& (== net461) (< net45)) (== net6.0) (== net6.0-windows7.0) (== netstandard2.0) (== netstandard2.1)
    System.Threading.AccessControl (4.5) - restriction: || (&& (== net461) (>= netcoreapp2.0)) (== net6.0) (== net6.0-windows7.0) (&& (== netstandard2.0) (>= netcoreapp2.0)) (&& (== netstandard2.1) (>= netcoreapp2.0))
      System.Security.AccessControl (>= 4.5)
      System.Security.Principal.Windows (>= 4.5)
    System.Threading.Tasks (4.3) - restriction: || (&& (== net461) (< net45)) (== net6.0) (== net6.0-windows7.0) (== netstandard2.0) (== netstandard2.1)
      Microsoft.NETCore.Platforms (>= 1.1) - restriction: || (&& (== net461) (< net45)) (== net6.0) (== net6.0-windows7.0) (== netstandard2.0) (== netstandard2.1)
      Microsoft.NETCore.Targets (>= 1.1) - restriction: || (&& (== net461) (< net45)) (== net6.0) (== net6.0-windows7.0) (== netstandard2.0) (== netstandard2.1)
      System.Runtime (>= 4.3) - restriction: || (&& (== net461) (< net45)) (== net6.0) (== net6.0-windows7.0) (== netstandard2.0) (== netstandard2.1)
    System.Threading.Tasks.Extensions (4.5.4)
      System.Runtime.CompilerServices.Unsafe (>= 4.5.3) - restriction: || (== net461) (&& (== net6.0) (>= net461)) (&& (== net6.0) (< netcoreapp2.1)) (&& (== net6.0) (< netstandard1.0)) (&& (== net6.0) (< netstandard2.0)) (&& (== net6.0) (>= wp8)) (&& (== net6.0-windows7.0) (>= net461)) (&& (== net6.0-windows7.0) (< netcoreapp2.1)) (&& (== net6.0-windows7.0) (< netstandard1.0)) (&& (== net6.0-windows7.0) (< netstandard2.0)) (&& (== net6.0-windows7.0) (>= wp8)) (== netstandard2.0) (== netstandard2.1)
    System.Threading.Tasks.Parallel (4.3) - restriction: || (&& (== net461) (>= netstandard2.0)) (== net6.0) (== net6.0-windows7.0) (== netstandard2.0) (== netstandard2.1)
      System.Collections.Concurrent (>= 4.3) - restriction: || (&& (== net461) (< net45)) (== net6.0) (== net6.0-windows7.0) (== netstandard2.0) (== netstandard2.1)
      System.Diagnostics.Debug (>= 4.3) - restriction: || (&& (== net461) (< net45)) (== net6.0) (== net6.0-windows7.0) (== netstandard2.0) (== netstandard2.1)
      System.Diagnostics.Tracing (>= 4.3) - restriction: || (&& (== net461) (< net45)) (== net6.0) (== net6.0-windows7.0) (== netstandard2.0) (== netstandard2.1)
      System.Resources.ResourceManager (>= 4.3) - restriction: || (&& (== net461) (< net45)) (== net6.0) (== net6.0-windows7.0) (== netstandard2.0) (== netstandard2.1)
      System.Runtime (>= 4.3) - restriction: || (&& (== net461) (< net45)) (== net6.0) (== net6.0-windows7.0) (== netstandard2.0) (== netstandard2.1)
      System.Runtime.Extensions (>= 4.3) - restriction: || (&& (== net461) (< net45)) (== net6.0) (== net6.0-windows7.0) (== netstandard2.0) (== netstandard2.1)
      System.Threading (>= 4.3) - restriction: || (&& (== net461) (< net45)) (== net6.0) (== net6.0-windows7.0) (== netstandard2.0) (== netstandard2.1)
      System.Threading.Tasks (>= 4.3) - restriction: || (&& (== net461) (< net45)) (== net6.0) (== net6.0-windows7.0) (== netstandard2.0) (== netstandard2.1)
    System.ValueTuple (4.5)
    System.Windows.Extensions (6.0) - restriction: || (&& (== net461) (>= netcoreapp3.1)) (== net6.0) (== net6.0-windows7.0) (&& (== netstandard2.0) (>= netcoreapp3.1)) (&& (== netstandard2.1) (>= netcoreapp3.1))
      System.Drawing.Common (>= 6.0) - restriction: || (&& (== net461) (>= netcoreapp3.1)) (== net6.0) (== net6.0-windows7.0) (&& (== netstandard2.0) (>= netcoreapp3.1)) (&& (== netstandard2.1) (>= netcoreapp3.1))
    System.Xml.ReaderWriter (4.3) - restriction: || (&& (== net461) (< net45)) (== net6.0) (== net6.0-windows7.0) (== netstandard2.0) (== netstandard2.1)
      System.Collections (>= 4.3) - restriction: || (&& (== net461) (< net45)) (== net6.0) (== net6.0-windows7.0) (== netstandard2.0) (== netstandard2.1)
      System.Diagnostics.Debug (>= 4.3) - restriction: || (&& (== net461) (< net45)) (== net6.0) (== net6.0-windows7.0) (== netstandard2.0) (== netstandard2.1)
      System.Globalization (>= 4.3) - restriction: || (&& (== net461) (< net45)) (== net6.0) (== net6.0-windows7.0) (== netstandard2.0) (== netstandard2.1)
      System.IO (>= 4.3) - restriction: || (&& (== net461) (< net45)) (== net6.0) (== net6.0-windows7.0) (== netstandard2.0) (== netstandard2.1)
      System.IO.FileSystem (>= 4.3) - restriction: || (&& (== net461) (< net45)) (== net6.0) (== net6.0-windows7.0) (== netstandard2.0) (== netstandard2.1)
      System.IO.FileSystem.Primitives (>= 4.3) - restriction: || (&& (== net461) (< net45)) (== net6.0) (== net6.0-windows7.0) (== netstandard2.0) (== netstandard2.1)
      System.Resources.ResourceManager (>= 4.3) - restriction: || (&& (== net461) (< net45)) (== net6.0) (== net6.0-windows7.0) (== netstandard2.0) (== netstandard2.1)
      System.Runtime (>= 4.3) - restriction: || (&& (== net461) (< net45)) (== net6.0) (== net6.0-windows7.0) (== netstandard2.0) (== netstandard2.1)
      System.Runtime.Extensions (>= 4.3) - restriction: || (&& (== net461) (< net45)) (== net6.0) (== net6.0-windows7.0) (== netstandard2.0) (== netstandard2.1)
      System.Runtime.InteropServices (>= 4.3) - restriction: || (&& (== net461) (< net45)) (== net6.0) (== net6.0-windows7.0) (== netstandard2.0) (== netstandard2.1)
      System.Text.Encoding (>= 4.3) - restriction: || (&& (== net461) (< net45)) (== net6.0) (== net6.0-windows7.0) (== netstandard2.0) (== netstandard2.1)
      System.Text.Encoding.Extensions (>= 4.3) - restriction: || (&& (== net461) (< net45)) (== net6.0) (== net6.0-windows7.0) (== netstandard2.0) (== netstandard2.1)
      System.Text.RegularExpressions (>= 4.3) - restriction: || (&& (== net461) (< net45)) (== net6.0) (== net6.0-windows7.0) (== netstandard2.0) (== netstandard2.1)
      System.Threading.Tasks (>= 4.3) - restriction: || (&& (== net461) (< net45)) (== net6.0) (== net6.0-windows7.0) (== netstandard2.0) (== netstandard2.1)
      System.Threading.Tasks.Extensions (>= 4.3) - restriction: || (&& (== net461) (< net45)) (== net6.0) (== net6.0-windows7.0) (== netstandard2.0) (== netstandard2.1)
    System.Xml.XDocument (4.3)
      System.Collections (>= 4.3) - restriction: || (&& (== net461) (< net45)) (== net6.0) (== net6.0-windows7.0) (== netstandard2.0) (== netstandard2.1)
      System.Diagnostics.Debug (>= 4.3) - restriction: || (&& (== net461) (< net45)) (== net6.0) (== net6.0-windows7.0) (== netstandard2.0) (== netstandard2.1)
      System.Diagnostics.Tools (>= 4.3) - restriction: || (&& (== net461) (< net45)) (== net6.0) (== net6.0-windows7.0) (== netstandard2.0) (== netstandard2.1)
      System.Globalization (>= 4.3) - restriction: || (&& (== net461) (< net45)) (== net6.0) (== net6.0-windows7.0) (== netstandard2.0) (== netstandard2.1)
      System.IO (>= 4.3) - restriction: || (&& (== net461) (< net45)) (== net6.0) (== net6.0-windows7.0) (== netstandard2.0) (== netstandard2.1)
      System.Reflection (>= 4.3) - restriction: || (&& (== net461) (< net45)) (== net6.0) (== net6.0-windows7.0) (== netstandard2.0) (== netstandard2.1)
      System.Resources.ResourceManager (>= 4.3) - restriction: || (&& (== net461) (< net45)) (== net6.0) (== net6.0-windows7.0) (== netstandard2.0) (== netstandard2.1)
      System.Runtime (>= 4.3) - restriction: || (&& (== net461) (< net45)) (== net6.0) (== net6.0-windows7.0) (== netstandard2.0) (== netstandard2.1)
      System.Runtime.Extensions (>= 4.3) - restriction: || (&& (== net461) (< net45)) (== net6.0) (== net6.0-windows7.0) (== netstandard2.0) (== netstandard2.1)
      System.Text.Encoding (>= 4.3) - restriction: || (&& (== net461) (< net45)) (== net6.0) (== net6.0-windows7.0) (== netstandard2.0) (== netstandard2.1)
      System.Threading (>= 4.3) - restriction: || (&& (== net461) (< net45)) (== net6.0) (== net6.0-windows7.0) (== netstandard2.0) (== netstandard2.1)
      System.Xml.ReaderWriter (>= 4.3) - restriction: || (&& (== net461) (< net45)) (== net6.0) (== net6.0-windows7.0) (== netstandard2.0) (== netstandard2.1)
    Topshelf (4.2.1)
      TopShelf.ServiceInstaller (>= 4.2.1) - restriction: || (&& (== net461) (< net452) (>= netstandard2.0)) (== net6.0) (== net6.0-windows7.0) (== netstandard2.0) (== netstandard2.1)
    TopShelf.ServiceInstaller (4.2.1) - restriction: || (&& (== net461) (< net452) (>= netstandard2.0)) (== net6.0) (== net6.0-windows7.0) (== netstandard2.0) (== netstandard2.1)
      Microsoft.Win32.Registry (>= 4.5) - restriction: || (&& (== net461) (>= netstandard2.0)) (== net6.0) (== net6.0-windows7.0) (== netstandard2.0) (== netstandard2.1)
      System.ServiceProcess.ServiceController (>= 4.5) - restriction: || (&& (== net461) (>= netstandard2.0)) (== net6.0) (== net6.0-windows7.0) (== netstandard2.0) (== netstandard2.1)
    Unofficial.Microsoft.mshtml (7.0.3300)
    WindowsBase (4.6.1055)
    Xpand.Collections (1.0.4) - restriction: || (&& (== net461) (>= net6.0)) (&& (== net461) (>= net6.0-windows7.0)) (&& (== net461) (>= netstandard2.0)) (== net6.0) (== net6.0-windows7.0) (== netstandard2.0) (== netstandard2.1)
    Xpand.Extensions (4.221.8)
      Fasterflect.Xpand (>= 2.0.7) - restriction: || (&& (== net461) (>= netstandard2.0)) (== net6.0) (== net6.0-windows7.0) (== netstandard2.0) (== netstandard2.1)
      Microsoft.CodeAnalysis.CSharp (>= 4.2) - restriction: || (&& (== net461) (>= netstandard2.0)) (== net6.0) (== net6.0-windows7.0) (== netstandard2.0) (== netstandard2.1)
      Microsoft.CSharp (>= 4.7) - restriction: || (&& (== net461) (>= netstandard2.0)) (== net6.0) (== net6.0-windows7.0) (== netstandard2.0) (== netstandard2.1)
      Newtonsoft.Json (>= 13.0.1) - restriction: || (&& (== net461) (>= netstandard2.0)) (== net6.0) (== net6.0-windows7.0) (== netstandard2.0) (== netstandard2.1)
      System.CodeDom (>= 6.0) - restriction: || (&& (== net461) (>= netstandard2.0)) (== net6.0) (== net6.0-windows7.0) (== netstandard2.0) (== netstandard2.1)
      System.Reflection.Emit (>= 4.7) - restriction: || (&& (== net461) (>= netstandard2.0)) (== net6.0) (== net6.0-windows7.0) (== netstandard2.0) (== netstandard2.1)
      System.Security.Cryptography.ProtectedData (>= 6.0) - restriction: || (&& (== net461) (>= netstandard2.0)) (== net6.0) (== net6.0-windows7.0) (== netstandard2.0) (== netstandard2.1)
      System.ValueTuple (>= 4.5) - restriction: || (&& (== net461) (>= netstandard2.0)) (== net6.0) (== net6.0-windows7.0) (== netstandard2.0) (== netstandard2.1)
      Xpand.Patcher (>= 3.0.5) - restriction: || (&& (== net461) (>= netstandard2.0)) (== net6.0) (== net6.0-windows7.0) (== netstandard2.0) (== netstandard2.1)
    Xpand.Extensions.Blazor (4.221.8) - restriction: || (&& (== net461) (>= net6.0)) (== net6.0) (== net6.0-windows7.0) (&& (== netstandard2.0) (>= net6.0)) (&& (== netstandard2.1) (>= net6.0))
      DevExpress.ExpressApp (>= 22.1.5) - restriction: || (&& (== net461) (>= net6.0)) (== net6.0) (== net6.0-windows7.0) (&& (== netstandard2.0) (>= net6.0)) (&& (== netstandard2.1) (>= net6.0))
      DevExpress.ExpressApp.Blazor (>= 22.1.5) - restriction: || (&& (== net461) (>= net6.0)) (== net6.0) (== net6.0-windows7.0) (&& (== netstandard2.0) (>= net6.0)) (&& (== netstandard2.1) (>= net6.0))
      DevExpress.ExpressApp.Xpo (>= 22.1.5) - restriction: || (&& (== net461) (>= net6.0)) (== net6.0) (== net6.0-windows7.0) (&& (== netstandard2.0) (>= net6.0)) (&& (== netstandard2.1) (>= net6.0))
      Fasterflect.Xpand (>= 2.0.7) - restriction: || (&& (== net461) (>= net6.0)) (== net6.0) (== net6.0-windows7.0) (&& (== netstandard2.0) (>= net6.0)) (&& (== netstandard2.1) (>= net6.0))
      Microsoft.CodeAnalysis.CSharp (>= 4.2) - restriction: || (&& (== net461) (>= net6.0)) (== net6.0) (== net6.0-windows7.0) (&& (== netstandard2.0) (>= net6.0)) (&& (== netstandard2.1) (>= net6.0))
      Newtonsoft.Json (>= 13.0.1) - restriction: || (&& (== net461) (>= net6.0)) (== net6.0) (== net6.0-windows7.0) (&& (== netstandard2.0) (>= net6.0)) (&& (== netstandard2.1) (>= net6.0))
      System.CodeDom (>= 6.0) - restriction: || (&& (== net461) (>= net6.0)) (== net6.0) (== net6.0-windows7.0) (&& (== netstandard2.0) (>= net6.0)) (&& (== netstandard2.1) (>= net6.0))
      System.Configuration.ConfigurationManager (>= 6.0) - restriction: || (&& (== net461) (>= net6.0)) (== net6.0) (== net6.0-windows7.0) (&& (== netstandard2.0) (>= net6.0)) (&& (== netstandard2.1) (>= net6.0))
      System.Reactive (>= 5.0) - restriction: || (&& (== net461) (>= net6.0)) (== net6.0) (== net6.0-windows7.0) (&& (== netstandard2.0) (>= net6.0)) (&& (== netstandard2.1) (>= net6.0))
      Xpand.Extensions (>= 4.221.8) - restriction: || (&& (== net461) (>= net6.0)) (== net6.0) (== net6.0-windows7.0) (&& (== netstandard2.0) (>= net6.0)) (&& (== netstandard2.1) (>= net6.0))
      Xpand.Extensions.XAF (>= 4.221.8) - restriction: || (&& (== net461) (>= net6.0)) (== net6.0) (== net6.0-windows7.0) (&& (== netstandard2.0) (>= net6.0)) (&& (== netstandard2.1) (>= net6.0))
      Xpand.Extensions.XAF.Xpo (>= 4.221.8) - restriction: || (&& (== net461) (>= net6.0)) (== net6.0) (== net6.0-windows7.0) (&& (== netstandard2.0) (>= net6.0)) (&& (== netstandard2.1) (>= net6.0))
    Xpand.Extensions.Mono.Cecil (4.221.8)
      Fasterflect.Xpand (>= 2.0.7) - restriction: || (&& (== net461) (>= netstandard2.0)) (== net6.0) (== net6.0-windows7.0) (== netstandard2.0) (== netstandard2.1)
      Mono.Cecil (>= 0.11.4) - restriction: || (&& (== net461) (>= netstandard2.0)) (== net6.0) (== net6.0-windows7.0) (== netstandard2.0) (== netstandard2.1)
      System.CodeDom (>= 6.0) - restriction: || (&& (== net461) (>= netstandard2.0)) (== net6.0) (== net6.0-windows7.0) (== netstandard2.0) (== netstandard2.1)
      System.ValueTuple (>= 4.5) - restriction: || (&& (== net461) (>= netstandard2.0)) (== net6.0) (== net6.0-windows7.0) (== netstandard2.0) (== netstandard2.1)
    Xpand.Extensions.Office.Cloud (4.221.8)
      DevExpress.Persistent.Base (>= 22.1.5) - restriction: || (&& (== net461) (>= netstandard2.0)) (== net6.0) (== net6.0-windows7.0) (== netstandard2.0) (== netstandard2.1)
      Fasterflect.Xpand (>= 2.0.7) - restriction: || (&& (== net461) (>= netstandard2.0)) (== net6.0) (== net6.0-windows7.0) (== netstandard2.0) (== netstandard2.1)
      Newtonsoft.Json (>= 13.0.1) - restriction: || (&& (== net461) (>= netstandard2.0)) (== net6.0) (== net6.0-windows7.0) (== netstandard2.0) (== netstandard2.1)
      System.Reactive (>= 5.0) - restriction: || (&& (== net461) (>= netstandard2.0)) (== net6.0) (== net6.0-windows7.0) (== netstandard2.0) (== netstandard2.1)
      Xpand.Extensions (>= 4.221.8) - restriction: || (&& (== net461) (>= netstandard2.0)) (== net6.0) (== net6.0-windows7.0) (== netstandard2.0) (== netstandard2.1)
      Xpand.Extensions.Reactive (>= 4.221.8) - restriction: || (&& (== net461) (>= netstandard2.0)) (== net6.0) (== net6.0-windows7.0) (== netstandard2.0) (== netstandard2.1)
      Xpand.Extensions.XAF (>= 4.221.8) - restriction: || (&& (== net461) (>= netstandard2.0)) (== net6.0) (== net6.0-windows7.0) (== netstandard2.0) (== netstandard2.1)
      Xpand.XAF.Modules.Reactive (>= 4.221.8) - restriction: || (&& (== net461) (>= netstandard2.0)) (== net6.0) (== net6.0-windows7.0) (== netstandard2.0) (== netstandard2.1)
    Xpand.Extensions.Office.Cloud.Google.Blazor (4.221.8) - restriction: || (&& (== net461) (>= net6.0)) (== net6.0) (== net6.0-windows7.0) (&& (== netstandard2.0) (>= net6.0)) (&& (== netstandard2.1) (>= net6.0))
      Fasterflect.Xpand (>= 2.0.7) - restriction: || (&& (== net461) (>= net6.0)) (== net6.0) (== net6.0-windows7.0) (&& (== netstandard2.0) (>= net6.0)) (&& (== netstandard2.1) (>= net6.0))
      Google.Apis.Auth (>= 1.55) - restriction: || (&& (== net461) (>= net6.0)) (== net6.0) (== net6.0-windows7.0) (&& (== netstandard2.0) (>= net6.0)) (&& (== netstandard2.1) (>= net6.0))
      Microsoft.CodeAnalysis.CSharp (>= 4.2) - restriction: || (&& (== net461) (>= net6.0)) (== net6.0) (== net6.0-windows7.0) (&& (== netstandard2.0) (>= net6.0)) (&& (== netstandard2.1) (>= net6.0))
      System.Configuration.ConfigurationManager (>= 6.0) - restriction: || (&& (== net461) (>= net6.0)) (== net6.0) (== net6.0-windows7.0) (&& (== netstandard2.0) (>= net6.0)) (&& (== netstandard2.1) (>= net6.0))
      Xpand.Extensions.Blazor (>= 4.221.8) - restriction: || (&& (== net461) (>= net6.0)) (== net6.0) (== net6.0-windows7.0) (&& (== netstandard2.0) (>= net6.0)) (&& (== netstandard2.1) (>= net6.0))
      Xpand.XAF.Modules.Office.Cloud.Google (>= 4.221.8) - restriction: || (&& (== net461) (>= net6.0)) (== net6.0) (== net6.0-windows7.0) (&& (== netstandard2.0) (>= net6.0)) (&& (== netstandard2.1) (>= net6.0))
    Xpand.Extensions.Reactive (4.221.8)
      akarnokd.reactive_extensions (>= 0.0.27-alpha) - restriction: || (&& (== net461) (>= netstandard2.0)) (== net6.0) (== net6.0-windows7.0) (== netstandard2.0) (== netstandard2.1)
      Fasterflect.Xpand (>= 2.0.7) - restriction: || (&& (== net461) (>= netstandard2.0)) (== net6.0) (== net6.0-windows7.0) (== netstandard2.0) (== netstandard2.1)
      Newtonsoft.Json (>= 13.0.1) - restriction: || (&& (== net461) (>= netstandard2.0)) (== net6.0) (== net6.0-windows7.0) (== netstandard2.0) (== netstandard2.1)
      System.CodeDom (>= 6.0) - restriction: || (&& (== net461) (>= netstandard2.0)) (== net6.0) (== net6.0-windows7.0) (== netstandard2.0) (== netstandard2.1)
      System.Collections.Immutable (>= 6.0) - restriction: || (&& (== net461) (>= netstandard2.0)) (== net6.0) (== net6.0-windows7.0) (== netstandard2.0) (== netstandard2.1)
      System.Interactive (>= 5.0) - restriction: || (&& (== net461) (>= netstandard2.0)) (== net6.0) (== net6.0-windows7.0) (== netstandard2.0) (== netstandard2.1)
      System.Interactive.Async (>= 5.0) - restriction: || (&& (== net461) (>= netstandard2.0)) (== net6.0) (== net6.0-windows7.0) (== netstandard2.0) (== netstandard2.1)
      System.Linq.Async (>= 5.0) - restriction: || (&& (== net461) (>= netstandard2.0)) (== net6.0) (== net6.0-windows7.0) (== netstandard2.0) (== netstandard2.1)
      System.Reflection.Emit (>= 4.7) - restriction: || (&& (== net461) (>= netstandard2.0)) (== net6.0) (== net6.0-windows7.0) (== netstandard2.0) (== netstandard2.1)
      System.Text.Json (>= 6.0) - restriction: || (&& (== net461) (>= netstandard2.0)) (== net6.0) (== net6.0-windows7.0) (== netstandard2.0) (== netstandard2.1)
      Xpand.Extensions (>= 4.221.8) - restriction: || (&& (== net461) (>= netstandard2.0)) (== net6.0) (== net6.0-windows7.0) (== netstandard2.0) (== netstandard2.1)
    Xpand.Extensions.XAF (4.221.8)
      DevExpress.Persistent.Base (>= 22.1.5) - restriction: || (&& (== net461) (>= netstandard2.0)) (== net6.0) (== net6.0-windows7.0) (== netstandard2.0) (== netstandard2.1)
      Enums.NET (>= 4.0) - restriction: || (&& (== net461) (>= netstandard2.0)) (== net6.0) (== net6.0-windows7.0) (== netstandard2.0) (== netstandard2.1)
      Fasterflect.Xpand (>= 2.0.7) - restriction: || (&& (== net461) (>= netstandard2.0)) (== net6.0) (== net6.0-windows7.0) (== netstandard2.0) (== netstandard2.1)
      Newtonsoft.Json (>= 13.0.1) - restriction: || (&& (== net461) (>= netstandard2.0)) (== net6.0) (== net6.0-windows7.0) (== netstandard2.0) (== netstandard2.1)
      Xpand.Collections (>= 1.0.4) - restriction: || (&& (== net461) (>= netstandard2.0)) (== net6.0) (== net6.0-windows7.0) (== netstandard2.0) (== netstandard2.1)
      Xpand.Extensions (>= 4.221.8) - restriction: || (&& (== net461) (>= netstandard2.0)) (== net6.0) (== net6.0-windows7.0) (== netstandard2.0) (== netstandard2.1)
      Xpand.Patcher (>= 3.0.5) - restriction: || (&& (== net461) (>= netstandard2.0)) (== net6.0) (== net6.0-windows7.0) (== netstandard2.0) (== netstandard2.1)
      Xpand.VersionConverter (>= 4.221.8) - restriction: || (&& (== net461) (>= netstandard2.0)) (== net6.0) (== net6.0-windows7.0) (== netstandard2.0) (== netstandard2.1)
    Xpand.Extensions.XAF.Xpo (4.221.8)
      DevExpress.ExpressApp.Xpo (>= 22.1.5) - restriction: || (&& (== net461) (>= netstandard2.0)) (== net6.0) (== net6.0-windows7.0) (== netstandard2.0) (== netstandard2.1)
      DevExpress.Persistent.Base (>= 22.1.5) - restriction: || (&& (== net461) (>= netstandard2.0)) (== net6.0) (== net6.0-windows7.0) (== netstandard2.0) (== netstandard2.1)
      Fasterflect.Xpand (>= 2.0.7) - restriction: || (&& (== net461) (>= netstandard2.0)) (== net6.0) (== net6.0-windows7.0) (== netstandard2.0) (== netstandard2.1)
      Newtonsoft.Json (>= 13.0.1) - restriction: || (&& (== net461) (>= netstandard2.0)) (== net6.0) (== net6.0-windows7.0) (== netstandard2.0) (== netstandard2.1)
      Xpand.Extensions (>= 4.221.8) - restriction: || (&& (== net461) (>= netstandard2.0)) (== net6.0) (== net6.0-windows7.0) (== netstandard2.0) (== netstandard2.1)
      Xpand.Extensions.XAF (>= 4.221.8) - restriction: || (&& (== net461) (>= netstandard2.0)) (== net6.0) (== net6.0-windows7.0) (== netstandard2.0) (== netstandard2.1)
      Xpand.VersionConverter (>= 4.221.8) - restriction: || (&& (== net461) (>= netstandard2.0)) (== net6.0) (== net6.0-windows7.0) (== netstandard2.0) (== netstandard2.1)
    Xpand.VersionConverter (4.221.8) - restriction: || (&& (== net461) (>= netstandard2.0)) (== net6.0) (== net6.0-windows7.0) (== netstandard2.0) (== netstandard2.1)
      NETStandard.Library (>= 2.0.3) - restriction: || (&& (== net461) (>= netstandard2.0)) (== net6.0) (== net6.0-windows7.0) (== netstandard2.0) (== netstandard2.1)
    Xpand.XAF.Modules.AutoCommit (4.221.8)
      DevExpress.ExpressApp (>= 22.1.5) - restriction: || (&& (== net461) (>= netstandard2.0)) (== net6.0) (== net6.0-windows7.0) (== netstandard2.0) (== netstandard2.1)
      DevExpress.ExpressApp.CodeAnalysis (>= 22.1.5) - restriction: || (&& (== net461) (>= netstandard2.0)) (== net6.0) (== net6.0-windows7.0) (== netstandard2.0) (== netstandard2.1)
      Fasterflect.Xpand (>= 2.0.7) - restriction: || (&& (== net461) (>= netstandard2.0)) (== net6.0) (== net6.0-windows7.0) (== netstandard2.0) (== netstandard2.1)
      Newtonsoft.Json (>= 13.0.1) - restriction: || (&& (== net461) (>= netstandard2.0)) (== net6.0) (== net6.0-windows7.0) (== netstandard2.0) (== netstandard2.1)
      System.Reactive (>= 5.0) - restriction: || (&& (== net461) (>= netstandard2.0)) (== net6.0) (== net6.0-windows7.0) (== netstandard2.0) (== netstandard2.1)
      Xpand.Extensions (>= 4.221.8) - restriction: || (&& (== net461) (>= netstandard2.0)) (== net6.0) (== net6.0-windows7.0) (== netstandard2.0) (== netstandard2.1)
      Xpand.Extensions.Reactive (>= 4.221.8) - restriction: || (&& (== net461) (>= netstandard2.0)) (== net6.0) (== net6.0-windows7.0) (== netstandard2.0) (== netstandard2.1)
      Xpand.Extensions.XAF (>= 4.221.8) - restriction: || (&& (== net461) (>= netstandard2.0)) (== net6.0) (== net6.0-windows7.0) (== netstandard2.0) (== netstandard2.1)
      Xpand.VersionConverter (>= 4.221.8) - restriction: || (&& (== net461) (>= netstandard2.0)) (== net6.0) (== net6.0-windows7.0) (== netstandard2.0) (== netstandard2.1)
      Xpand.XAF.Modules.Reactive (>= 4.221.8) - restriction: || (&& (== net461) (>= netstandard2.0)) (== net6.0) (== net6.0-windows7.0) (== netstandard2.0) (== netstandard2.1)
    Xpand.XAF.Modules.Blazor (4.221.8) - restriction: || (&& (== net461) (>= net6.0)) (== net6.0) (== net6.0-windows7.0) (&& (== netstandard2.0) (>= net6.0)) (&& (== netstandard2.1) (>= net6.0))
      DevExpress.ExpressApp.Blazor (>= 22.1.5) - restriction: || (&& (== net461) (>= net6.0)) (== net6.0) (== net6.0-windows7.0) (&& (== netstandard2.0) (>= net6.0)) (&& (== netstandard2.1) (>= net6.0))
      DevExpress.ExpressApp.Validation.Blazor (>= 22.1.5) - restriction: || (&& (== net461) (>= net6.0)) (== net6.0) (== net6.0-windows7.0) (&& (== netstandard2.0) (>= net6.0)) (&& (== netstandard2.1) (>= net6.0))
      Fasterflect.Xpand (>= 2.0.7) - restriction: || (&& (== net461) (>= net6.0)) (== net6.0) (== net6.0-windows7.0) (&& (== netstandard2.0) (>= net6.0)) (&& (== netstandard2.1) (>= net6.0))
      Microsoft.Bcl.AsyncInterfaces (>= 6.0) - restriction: || (&& (== net461) (>= net6.0)) (== net6.0) (== net6.0-windows7.0) (&& (== netstandard2.0) (>= net6.0)) (&& (== netstandard2.1) (>= net6.0))
      Microsoft.CodeAnalysis (>= 4.2) - restriction: || (&& (== net461) (>= net6.0)) (== net6.0) (== net6.0-windows7.0) (&& (== netstandard2.0) (>= net6.0)) (&& (== netstandard2.1) (>= net6.0))
      Newtonsoft.Json (>= 13.0.1) - restriction: || (&& (== net461) (>= net6.0)) (== net6.0) (== net6.0-windows7.0) (&& (== netstandard2.0) (>= net6.0)) (&& (== netstandard2.1) (>= net6.0))
      System.CodeDom (>= 6.0) - restriction: || (&& (== net461) (>= net6.0)) (== net6.0) (== net6.0-windows7.0) (&& (== netstandard2.0) (>= net6.0)) (&& (== netstandard2.1) (>= net6.0))
      System.Configuration.ConfigurationManager (>= 6.0) - restriction: || (&& (== net461) (>= net6.0)) (== net6.0) (== net6.0-windows7.0) (&& (== netstandard2.0) (>= net6.0)) (&& (== netstandard2.1) (>= net6.0))
      System.Interactive (>= 5.0) - restriction: || (&& (== net461) (>= net6.0)) (== net6.0) (== net6.0-windows7.0) (&& (== netstandard2.0) (>= net6.0)) (&& (== netstandard2.1) (>= net6.0))
      System.Reactive (>= 5.0) - restriction: || (&& (== net461) (>= net6.0)) (== net6.0) (== net6.0-windows7.0) (&& (== netstandard2.0) (>= net6.0)) (&& (== netstandard2.1) (>= net6.0))
      Xpand.Extensions (>= 4.221.8) - restriction: || (&& (== net461) (>= net6.0)) (== net6.0) (== net6.0-windows7.0) (&& (== netstandard2.0) (>= net6.0)) (&& (== netstandard2.1) (>= net6.0))
      Xpand.Extensions.Blazor (>= 4.221.8) - restriction: || (&& (== net461) (>= net6.0)) (== net6.0) (== net6.0-windows7.0) (&& (== netstandard2.0) (>= net6.0)) (&& (== netstandard2.1) (>= net6.0))
      Xpand.Extensions.Reactive (>= 4.221.8) - restriction: || (&& (== net461) (>= net6.0)) (== net6.0) (== net6.0-windows7.0) (&& (== netstandard2.0) (>= net6.0)) (&& (== netstandard2.1) (>= net6.0))
      Xpand.Extensions.XAF (>= 4.221.8) - restriction: || (&& (== net461) (>= net6.0)) (== net6.0) (== net6.0-windows7.0) (&& (== netstandard2.0) (>= net6.0)) (&& (== netstandard2.1) (>= net6.0))
      Xpand.Extensions.XAF.Xpo (>= 4.221.8) - restriction: || (&& (== net461) (>= net6.0)) (== net6.0) (== net6.0-windows7.0) (&& (== netstandard2.0) (>= net6.0)) (&& (== netstandard2.1) (>= net6.0))
      Xpand.XAF.Modules.Reactive (>= 4.221.8) - restriction: || (&& (== net461) (>= net6.0)) (== net6.0) (== net6.0-windows7.0) (&& (== netstandard2.0) (>= net6.0)) (&& (== netstandard2.1) (>= net6.0))
    Xpand.XAF.Modules.BulkObjectUpdate (4.221.8) - restriction: || (&& (== net461) (>= net6.0)) (== net6.0) (== net6.0-windows7.0) (&& (== netstandard2.0) (>= net6.0)) (&& (== netstandard2.1) (>= net6.0))
      DevExpress.ExpressApp.CodeAnalysis (>= 22.1.5) - restriction: || (&& (== net461) (>= net6.0)) (== net6.0) (== net6.0-windows7.0) (&& (== netstandard2.0) (>= net6.0)) (&& (== netstandard2.1) (>= net6.0))
      DevExpress.ExpressApp.Validation (>= 22.1.5) - restriction: || (&& (== net461) (>= net6.0)) (== net6.0) (== net6.0-windows7.0) (&& (== netstandard2.0) (>= net6.0)) (&& (== netstandard2.1) (>= net6.0))
      Fasterflect.Xpand (>= 2.0.7) - restriction: || (&& (== net461) (>= net6.0)) (== net6.0) (== net6.0-windows7.0) (&& (== netstandard2.0) (>= net6.0)) (&& (== netstandard2.1) (>= net6.0))
      Newtonsoft.Json (>= 13.0.1) - restriction: || (&& (== net461) (>= net6.0)) (== net6.0) (== net6.0-windows7.0) (&& (== netstandard2.0) (>= net6.0)) (&& (== netstandard2.1) (>= net6.0))
      System.Reactive (>= 5.0) - restriction: || (&& (== net461) (>= net6.0)) (== net6.0) (== net6.0-windows7.0) (&& (== netstandard2.0) (>= net6.0)) (&& (== netstandard2.1) (>= net6.0))
      Xpand.Collections (>= 1.0.4) - restriction: || (&& (== net461) (>= net6.0)) (== net6.0) (== net6.0-windows7.0) (&& (== netstandard2.0) (>= net6.0)) (&& (== netstandard2.1) (>= net6.0))
      Xpand.Extensions (>= 4.221.8) - restriction: || (&& (== net461) (>= net6.0)) (== net6.0) (== net6.0-windows7.0) (&& (== netstandard2.0) (>= net6.0)) (&& (== netstandard2.1) (>= net6.0))
      Xpand.Extensions.Reactive (>= 4.221.8) - restriction: || (&& (== net461) (>= net6.0)) (== net6.0) (== net6.0-windows7.0) (&& (== netstandard2.0) (>= net6.0)) (&& (== netstandard2.1) (>= net6.0))
      Xpand.Extensions.XAF (>= 4.221.8) - restriction: || (&& (== net461) (>= net6.0)) (== net6.0) (== net6.0-windows7.0) (&& (== netstandard2.0) (>= net6.0)) (&& (== netstandard2.1) (>= net6.0))
      Xpand.Extensions.XAF.Xpo (>= 4.221.8) - restriction: || (&& (== net461) (>= net6.0)) (== net6.0) (== net6.0-windows7.0) (&& (== netstandard2.0) (>= net6.0)) (&& (== netstandard2.1) (>= net6.0))
      Xpand.Patcher (>= 3.0.5) - restriction: || (&& (== net461) (>= net6.0)) (== net6.0) (== net6.0-windows7.0) (&& (== netstandard2.0) (>= net6.0)) (&& (== netstandard2.1) (>= net6.0))
      Xpand.XAF.Modules.Reactive (>= 4.221.8) - restriction: || (&& (== net461) (>= net6.0)) (== net6.0) (== net6.0-windows7.0) (&& (== netstandard2.0) (>= net6.0)) (&& (== netstandard2.1) (>= net6.0))
    Xpand.XAF.Modules.CloneMemberValue (4.221.8)
      DevExpress.ExpressApp (>= 22.1.5) - restriction: || (&& (== net461) (>= netstandard2.0)) (== net6.0) (== net6.0-windows7.0) (== netstandard2.0) (== netstandard2.1)
      DevExpress.ExpressApp.CodeAnalysis (>= 22.1.5) - restriction: || (&& (== net461) (>= netstandard2.0)) (== net6.0) (== net6.0-windows7.0) (== netstandard2.0) (== netstandard2.1)
      Fasterflect.Xpand (>= 2.0.7) - restriction: || (&& (== net461) (>= netstandard2.0)) (== net6.0) (== net6.0-windows7.0) (== netstandard2.0) (== netstandard2.1)
      Newtonsoft.Json (>= 13.0.1) - restriction: || (&& (== net461) (>= netstandard2.0)) (== net6.0) (== net6.0-windows7.0) (== netstandard2.0) (== netstandard2.1)
      System.Reactive (>= 5.0) - restriction: || (&& (== net461) (>= netstandard2.0)) (== net6.0) (== net6.0-windows7.0) (== netstandard2.0) (== netstandard2.1)
      Xpand.Extensions (>= 4.221.8) - restriction: || (&& (== net461) (>= netstandard2.0)) (== net6.0) (== net6.0-windows7.0) (== netstandard2.0) (== netstandard2.1)
      Xpand.Extensions.Reactive (>= 4.221.8) - restriction: || (&& (== net461) (>= netstandard2.0)) (== net6.0) (== net6.0-windows7.0) (== netstandard2.0) (== netstandard2.1)
      Xpand.VersionConverter (>= 4.221.8) - restriction: || (&& (== net461) (>= netstandard2.0)) (== net6.0) (== net6.0-windows7.0) (== netstandard2.0) (== netstandard2.1)
      Xpand.XAF.Modules.Reactive (>= 4.221.8) - restriction: || (&& (== net461) (>= netstandard2.0)) (== net6.0) (== net6.0-windows7.0) (== netstandard2.0) (== netstandard2.1)
    Xpand.XAF.Modules.CloneModelView (4.221.8)
      DevExpress.ExpressApp (>= 22.1.5) - restriction: || (&& (== net461) (>= netstandard2.0)) (== net6.0) (== net6.0-windows7.0) (== netstandard2.0) (== netstandard2.1)
      DevExpress.ExpressApp.CodeAnalysis (>= 22.1.5) - restriction: || (&& (== net461) (>= netstandard2.0)) (== net6.0) (== net6.0-windows7.0) (== netstandard2.0) (== netstandard2.1)
      Fasterflect.Xpand (>= 2.0.7) - restriction: || (&& (== net461) (>= netstandard2.0)) (== net6.0) (== net6.0-windows7.0) (== netstandard2.0) (== netstandard2.1)
      Microsoft.CSharp (>= 4.7) - restriction: || (&& (== net461) (>= netstandard2.0)) (== net6.0) (== net6.0-windows7.0) (== netstandard2.0) (== netstandard2.1)
      Newtonsoft.Json (>= 13.0.1) - restriction: || (&& (== net461) (>= netstandard2.0)) (== net6.0) (== net6.0-windows7.0) (== netstandard2.0) (== netstandard2.1)
      System.Reactive (>= 5.0) - restriction: || (&& (== net461) (>= netstandard2.0)) (== net6.0) (== net6.0-windows7.0) (== netstandard2.0) (== netstandard2.1)
      Xpand.Extensions.Reactive (>= 4.221.8) - restriction: || (&& (== net461) (>= netstandard2.0)) (== net6.0) (== net6.0-windows7.0) (== netstandard2.0) (== netstandard2.1)
      Xpand.Extensions.XAF (>= 4.221.8) - restriction: || (&& (== net461) (>= netstandard2.0)) (== net6.0) (== net6.0-windows7.0) (== netstandard2.0) (== netstandard2.1)
      Xpand.Patcher (>= 3.0.5) - restriction: || (&& (== net461) (>= netstandard2.0)) (== net6.0) (== net6.0-windows7.0) (== netstandard2.0) (== netstandard2.1)
      Xpand.VersionConverter (>= 4.221.8) - restriction: || (&& (== net461) (>= netstandard2.0)) (== net6.0) (== net6.0-windows7.0) (== netstandard2.0) (== netstandard2.1)
      Xpand.XAF.Modules.Reactive (>= 4.221.8) - restriction: || (&& (== net461) (>= netstandard2.0)) (== net6.0) (== net6.0-windows7.0) (== netstandard2.0) (== netstandard2.1)
    Xpand.XAF.Modules.Email (4.221.8) - restriction: || (&& (== net461) (>= net6.0)) (== net6.0) (== net6.0-windows7.0) (&& (== netstandard2.0) (>= net6.0)) (&& (== netstandard2.1) (>= net6.0))
      DevExpress.ExpressApp.CodeAnalysis (>= 22.1.5) - restriction: || (&& (== net461) (>= net6.0)) (== net6.0) (== net6.0-windows7.0) (&& (== netstandard2.0) (>= net6.0)) (&& (== netstandard2.1) (>= net6.0))
      DevExpress.ExpressApp.Validation (>= 22.1.5) - restriction: || (&& (== net461) (>= net6.0)) (== net6.0) (== net6.0-windows7.0) (&& (== netstandard2.0) (>= net6.0)) (&& (== netstandard2.1) (>= net6.0))
      Fasterflect.Xpand (>= 2.0.7) - restriction: || (&& (== net461) (>= net6.0)) (== net6.0) (== net6.0-windows7.0) (&& (== netstandard2.0) (>= net6.0)) (&& (== netstandard2.1) (>= net6.0))
      Newtonsoft.Json (>= 13.0.1) - restriction: || (&& (== net461) (>= net6.0)) (== net6.0) (== net6.0-windows7.0) (&& (== netstandard2.0) (>= net6.0)) (&& (== netstandard2.1) (>= net6.0))
      System.Reactive (>= 5.0) - restriction: || (&& (== net461) (>= net6.0)) (== net6.0) (== net6.0-windows7.0) (&& (== netstandard2.0) (>= net6.0)) (&& (== netstandard2.1) (>= net6.0))
      Xpand.Collections (>= 1.0.4) - restriction: || (&& (== net461) (>= net6.0)) (== net6.0) (== net6.0-windows7.0) (&& (== netstandard2.0) (>= net6.0)) (&& (== netstandard2.1) (>= net6.0))
      Xpand.Extensions (>= 4.221.8) - restriction: || (&& (== net461) (>= net6.0)) (== net6.0) (== net6.0-windows7.0) (&& (== netstandard2.0) (>= net6.0)) (&& (== netstandard2.1) (>= net6.0))
      Xpand.Extensions.Reactive (>= 4.221.8) - restriction: || (&& (== net461) (>= net6.0)) (== net6.0) (== net6.0-windows7.0) (&& (== netstandard2.0) (>= net6.0)) (&& (== netstandard2.1) (>= net6.0))
      Xpand.Extensions.XAF (>= 4.221.8) - restriction: || (&& (== net461) (>= net6.0)) (== net6.0) (== net6.0-windows7.0) (&& (== netstandard2.0) (>= net6.0)) (&& (== netstandard2.1) (>= net6.0))
      Xpand.Extensions.XAF.Xpo (>= 4.221.8) - restriction: || (&& (== net461) (>= net6.0)) (== net6.0) (== net6.0-windows7.0) (&& (== netstandard2.0) (>= net6.0)) (&& (== netstandard2.1) (>= net6.0))
      Xpand.Patcher (>= 3.0.5) - restriction: || (&& (== net461) (>= net6.0)) (== net6.0) (== net6.0-windows7.0) (&& (== netstandard2.0) (>= net6.0)) (&& (== netstandard2.1) (>= net6.0))
      Xpand.XAF.Modules.Reactive (>= 4.221.8) - restriction: || (&& (== net461) (>= net6.0)) (== net6.0) (== net6.0-windows7.0) (&& (== netstandard2.0) (>= net6.0)) (&& (== netstandard2.1) (>= net6.0))
    Xpand.XAF.Modules.GridListEditor (4.221.8)
      DevExpress.ExpressApp (>= 22.1.5) - restriction: || (&& (== net461) (>= netstandard2.0)) (== net6.0) (== net6.0-windows7.0) (== netstandard2.0) (== netstandard2.1)
      DevExpress.ExpressApp.CodeAnalysis (>= 22.1.5) - restriction: || (&& (== net461) (>= netstandard2.0)) (== net6.0) (== net6.0-windows7.0) (== netstandard2.0) (== netstandard2.1)
      Fasterflect.Xpand (>= 2.0.7) - restriction: || (&& (== net461) (>= netstandard2.0)) (== net6.0) (== net6.0-windows7.0) (== netstandard2.0) (== netstandard2.1)
      Newtonsoft.Json (>= 13.0.1) - restriction: || (&& (== net461) (>= netstandard2.0)) (== net6.0) (== net6.0-windows7.0) (== netstandard2.0) (== netstandard2.1)
      System.Reactive (>= 5.0) - restriction: || (&& (== net461) (>= netstandard2.0)) (== net6.0) (== net6.0-windows7.0) (== netstandard2.0) (== netstandard2.1)
      Xpand.Extensions (>= 4.221.8) - restriction: || (&& (== net461) (>= netstandard2.0)) (== net6.0) (== net6.0-windows7.0) (== netstandard2.0) (== netstandard2.1)
      Xpand.Extensions.Reactive (>= 4.221.8) - restriction: || (&& (== net461) (>= netstandard2.0)) (== net6.0) (== net6.0-windows7.0) (== netstandard2.0) (== netstandard2.1)
      Xpand.Extensions.XAF (>= 4.221.8) - restriction: || (&& (== net461) (>= netstandard2.0)) (== net6.0) (== net6.0-windows7.0) (== netstandard2.0) (== netstandard2.1)
      Xpand.VersionConverter (>= 4.221.8) - restriction: || (&& (== net461) (>= netstandard2.0)) (== net6.0) (== net6.0-windows7.0) (== netstandard2.0) (== netstandard2.1)
      Xpand.XAF.Modules.Reactive (>= 4.221.8) - restriction: || (&& (== net461) (>= netstandard2.0)) (== net6.0) (== net6.0-windows7.0) (== netstandard2.0) (== netstandard2.1)
    Xpand.XAF.Modules.HideToolBar (4.221.8)
      DevExpress.ExpressApp (>= 22.1.5) - restriction: || (&& (== net461) (>= netstandard2.0)) (== net6.0) (== net6.0-windows7.0) (== netstandard2.0) (== netstandard2.1)
      DevExpress.ExpressApp.CodeAnalysis (>= 22.1.5) - restriction: || (&& (== net461) (>= netstandard2.0)) (== net6.0) (== net6.0-windows7.0) (== netstandard2.0) (== netstandard2.1)
      Fasterflect.Xpand (>= 2.0.7) - restriction: || (&& (== net461) (>= netstandard2.0)) (== net6.0) (== net6.0-windows7.0) (== netstandard2.0) (== netstandard2.1)
      Microsoft.CSharp (>= 4.7) - restriction: || (&& (== net461) (>= netstandard2.0)) (== net6.0) (== net6.0-windows7.0) (== netstandard2.0) (== netstandard2.1)
      Newtonsoft.Json (>= 13.0.1) - restriction: || (&& (== net461) (>= netstandard2.0)) (== net6.0) (== net6.0-windows7.0) (== netstandard2.0) (== netstandard2.1)
      System.Reactive (>= 5.0) - restriction: || (&& (== net461) (>= netstandard2.0)) (== net6.0) (== net6.0-windows7.0) (== netstandard2.0) (== netstandard2.1)
      Xpand.Extensions (>= 4.221.8) - restriction: || (&& (== net461) (>= netstandard2.0)) (== net6.0) (== net6.0-windows7.0) (== netstandard2.0) (== netstandard2.1)
      Xpand.Extensions.Reactive (>= 4.221.8) - restriction: || (&& (== net461) (>= netstandard2.0)) (== net6.0) (== net6.0-windows7.0) (== netstandard2.0) (== netstandard2.1)
      Xpand.Extensions.XAF (>= 4.221.8) - restriction: || (&& (== net461) (>= netstandard2.0)) (== net6.0) (== net6.0-windows7.0) (== netstandard2.0) (== netstandard2.1)
      Xpand.Patcher (>= 3.0.5) - restriction: || (&& (== net461) (>= netstandard2.0)) (== net6.0) (== net6.0-windows7.0) (== netstandard2.0) (== netstandard2.1)
      Xpand.VersionConverter (>= 4.221.8) - restriction: || (&& (== net461) (>= netstandard2.0)) (== net6.0) (== net6.0-windows7.0) (== netstandard2.0) (== netstandard2.1)
      Xpand.XAF.Modules.Reactive (>= 4.221.8) - restriction: || (&& (== net461) (>= netstandard2.0)) (== net6.0) (== net6.0-windows7.0) (== netstandard2.0) (== netstandard2.1)
    Xpand.XAF.Modules.JobScheduler.Hangfire (4.221.8) - restriction: || (&& (== net461) (>= net6.0)) (== net6.0) (== net6.0-windows7.0) (&& (== netstandard2.0) (>= net6.0)) (&& (== netstandard2.1) (>= net6.0))
      DevExpress.ExpressApp (>= 22.1.5) - restriction: || (&& (== net461) (>= net6.0)) (== net6.0) (== net6.0-windows7.0) (&& (== netstandard2.0) (>= net6.0)) (&& (== netstandard2.1) (>= net6.0))
      DevExpress.ExpressApp.Blazor (>= 22.1.5) - restriction: || (&& (== net461) (>= net6.0)) (== net6.0) (== net6.0-windows7.0) (&& (== netstandard2.0) (>= net6.0)) (&& (== netstandard2.1) (>= net6.0))
      DevExpress.ExpressApp.ConditionalAppearance (>= 22.1.5) - restriction: || (&& (== net461) (>= net6.0)) (== net6.0) (== net6.0-windows7.0) (&& (== netstandard2.0) (>= net6.0)) (&& (== netstandard2.1) (>= net6.0))
      DevExpress.ExpressApp.Validation (>= 22.1.5) - restriction: || (&& (== net461) (>= net6.0)) (== net6.0) (== net6.0-windows7.0) (&& (== netstandard2.0) (>= net6.0)) (&& (== netstandard2.1) (>= net6.0))
      DevExpress.ExpressApp.Validation.Blazor (>= 22.1.5) - restriction: || (&& (== net461) (>= net6.0)) (== net6.0) (== net6.0-windows7.0) (&& (== netstandard2.0) (>= net6.0)) (&& (== netstandard2.1) (>= net6.0))
      DevExpress.ExpressApp.Xpo (>= 22.1.5) - restriction: || (&& (== net461) (>= net6.0)) (== net6.0) (== net6.0-windows7.0) (&& (== netstandard2.0) (>= net6.0)) (&& (== netstandard2.1) (>= net6.0))
      DevExpress.Persistent.Base (>= 22.1.5) - restriction: || (&& (== net461) (>= net6.0)) (== net6.0) (== net6.0-windows7.0) (&& (== netstandard2.0) (>= net6.0)) (&& (== netstandard2.1) (>= net6.0))
      Fasterflect.Xpand (>= 2.0.7) - restriction: || (&& (== net461) (>= net6.0)) (== net6.0) (== net6.0-windows7.0) (&& (== netstandard2.0) (>= net6.0)) (&& (== netstandard2.1) (>= net6.0))
      Hangfire.AspNetCore (>= 1.7.30) - restriction: || (&& (== net461) (>= net6.0)) (== net6.0) (== net6.0-windows7.0) (&& (== netstandard2.0) (>= net6.0)) (&& (== netstandard2.1) (>= net6.0))
      Hangfire.Core (>= 1.7.30) - restriction: || (&& (== net461) (>= net6.0)) (== net6.0) (== net6.0-windows7.0) (&& (== netstandard2.0) (>= net6.0)) (&& (== netstandard2.1) (>= net6.0))
      Microsoft.CodeAnalysis (>= 4.2) - restriction: || (&& (== net461) (>= net6.0)) (== net6.0) (== net6.0-windows7.0) (&& (== netstandard2.0) (>= net6.0)) (&& (== netstandard2.1) (>= net6.0))
      System.CodeDom (>= 6.0) - restriction: || (&& (== net461) (>= net6.0)) (== net6.0) (== net6.0-windows7.0) (&& (== netstandard2.0) (>= net6.0)) (&& (== netstandard2.1) (>= net6.0))
      System.Configuration.ConfigurationManager (>= 6.0) - restriction: || (&& (== net461) (>= net6.0)) (== net6.0) (== net6.0-windows7.0) (&& (== netstandard2.0) (>= net6.0)) (&& (== netstandard2.1) (>= net6.0))
      System.Reactive (>= 5.0) - restriction: || (&& (== net461) (>= net6.0)) (== net6.0) (== net6.0-windows7.0) (&& (== netstandard2.0) (>= net6.0)) (&& (== netstandard2.1) (>= net6.0))
      Xpand.Extensions (>= 4.221.8) - restriction: || (&& (== net461) (>= net6.0)) (== net6.0) (== net6.0-windows7.0) (&& (== netstandard2.0) (>= net6.0)) (&& (== netstandard2.1) (>= net6.0))
      Xpand.Extensions.Blazor (>= 4.221.8) - restriction: || (&& (== net461) (>= net6.0)) (== net6.0) (== net6.0-windows7.0) (&& (== netstandard2.0) (>= net6.0)) (&& (== netstandard2.1) (>= net6.0))
      Xpand.Extensions.Reactive (>= 4.221.8) - restriction: || (&& (== net461) (>= net6.0)) (== net6.0) (== net6.0-windows7.0) (&& (== netstandard2.0) (>= net6.0)) (&& (== netstandard2.1) (>= net6.0))
      Xpand.Extensions.XAF (>= 4.221.8) - restriction: || (&& (== net461) (>= net6.0)) (== net6.0) (== net6.0-windows7.0) (&& (== netstandard2.0) (>= net6.0)) (&& (== netstandard2.1) (>= net6.0))
      Xpand.Extensions.XAF.Xpo (>= 4.221.8) - restriction: || (&& (== net461) (>= net6.0)) (== net6.0) (== net6.0-windows7.0) (&& (== netstandard2.0) (>= net6.0)) (&& (== netstandard2.1) (>= net6.0))
      Xpand.Patcher (>= 3.0.5) - restriction: || (&& (== net461) (>= net6.0)) (== net6.0) (== net6.0-windows7.0) (&& (== netstandard2.0) (>= net6.0)) (&& (== netstandard2.1) (>= net6.0))
      Xpand.XAF.Modules.Blazor (>= 4.221.8) - restriction: || (&& (== net461) (>= net6.0)) (== net6.0) (== net6.0-windows7.0) (&& (== netstandard2.0) (>= net6.0)) (&& (== netstandard2.1) (>= net6.0))
      Xpand.XAF.Modules.Reactive (>= 4.221.8) - restriction: || (&& (== net461) (>= net6.0)) (== net6.0) (== net6.0-windows7.0) (&& (== netstandard2.0) (>= net6.0)) (&& (== netstandard2.1) (>= net6.0))
    Xpand.XAF.Modules.JobScheduler.Notification (4.221.8) - restriction: || (&& (== net461) (>= net6.0)) (== net6.0) (== net6.0-windows7.0) (&& (== netstandard2.0) (>= net6.0)) (&& (== netstandard2.1) (>= net6.0))
      DevExpress.ExpressApp.Blazor (>= 22.1.5) - restriction: || (&& (== net461) (>= net6.0)) (== net6.0) (== net6.0-windows7.0) (&& (== netstandard2.0) (>= net6.0)) (&& (== netstandard2.1) (>= net6.0))
      DevExpress.ExpressApp.CodeAnalysis (>= 22.1.5) - restriction: || (&& (== net461) (>= net6.0)) (== net6.0) (== net6.0-windows7.0) (&& (== netstandard2.0) (>= net6.0)) (&& (== netstandard2.1) (>= net6.0))
      DevExpress.ExpressApp.ConditionalAppearance (>= 22.1.5) - restriction: || (&& (== net461) (>= net6.0)) (== net6.0) (== net6.0-windows7.0) (&& (== netstandard2.0) (>= net6.0)) (&& (== netstandard2.1) (>= net6.0))
      DevExpress.ExpressApp.Validation (>= 22.1.5) - restriction: || (&& (== net461) (>= net6.0)) (== net6.0) (== net6.0-windows7.0) (&& (== netstandard2.0) (>= net6.0)) (&& (== netstandard2.1) (>= net6.0))
      DevExpress.ExpressApp.Validation.Blazor (>= 22.1.5) - restriction: || (&& (== net461) (>= net6.0)) (== net6.0) (== net6.0-windows7.0) (&& (== netstandard2.0) (>= net6.0)) (&& (== netstandard2.1) (>= net6.0))
      DevExpress.ExpressApp.Xpo (>= 22.1.5) - restriction: || (&& (== net461) (>= net6.0)) (== net6.0) (== net6.0-windows7.0) (&& (== netstandard2.0) (>= net6.0)) (&& (== netstandard2.1) (>= net6.0))
      Fasterflect.Xpand (>= 2.0.7) - restriction: || (&& (== net461) (>= net6.0)) (== net6.0) (== net6.0-windows7.0) (&& (== netstandard2.0) (>= net6.0)) (&& (== netstandard2.1) (>= net6.0))
      Hangfire.AspNetCore (>= 1.7.30) - restriction: || (&& (== net461) (>= net6.0)) (== net6.0) (== net6.0-windows7.0) (&& (== netstandard2.0) (>= net6.0)) (&& (== netstandard2.1) (>= net6.0))
      System.Reactive (>= 5.0) - restriction: || (&& (== net461) (>= net6.0)) (== net6.0) (== net6.0-windows7.0) (&& (== netstandard2.0) (>= net6.0)) (&& (== netstandard2.1) (>= net6.0))
      Xpand.Extensions (>= 4.221.8) - restriction: || (&& (== net461) (>= net6.0)) (== net6.0) (== net6.0-windows7.0) (&& (== netstandard2.0) (>= net6.0)) (&& (== netstandard2.1) (>= net6.0))
      Xpand.Extensions.Blazor (>= 4.221.8) - restriction: || (&& (== net461) (>= net6.0)) (== net6.0) (== net6.0-windows7.0) (&& (== netstandard2.0) (>= net6.0)) (&& (== netstandard2.1) (>= net6.0))
      Xpand.Extensions.Reactive (>= 4.221.8) - restriction: || (&& (== net461) (>= net6.0)) (== net6.0) (== net6.0-windows7.0) (&& (== netstandard2.0) (>= net6.0)) (&& (== netstandard2.1) (>= net6.0))
      Xpand.Extensions.XAF (>= 4.221.8) - restriction: || (&& (== net461) (>= net6.0)) (== net6.0) (== net6.0-windows7.0) (&& (== netstandard2.0) (>= net6.0)) (&& (== netstandard2.1) (>= net6.0))
      Xpand.Extensions.XAF.Xpo (>= 4.221.8) - restriction: || (&& (== net461) (>= net6.0)) (== net6.0) (== net6.0-windows7.0) (&& (== netstandard2.0) (>= net6.0)) (&& (== netstandard2.1) (>= net6.0))
      Xpand.Patcher (>= 3.0.5) - restriction: || (&& (== net461) (>= net6.0)) (== net6.0) (== net6.0-windows7.0) (&& (== netstandard2.0) (>= net6.0)) (&& (== netstandard2.1) (>= net6.0))
      Xpand.XAF.Modules.Blazor (>= 4.221.8) - restriction: || (&& (== net461) (>= net6.0)) (== net6.0) (== net6.0-windows7.0) (&& (== netstandard2.0) (>= net6.0)) (&& (== netstandard2.1) (>= net6.0))
      Xpand.XAF.Modules.Reactive (>= 4.221.8) - restriction: || (&& (== net461) (>= net6.0)) (== net6.0) (== net6.0-windows7.0) (&& (== netstandard2.0) (>= net6.0)) (&& (== netstandard2.1) (>= net6.0))
    Xpand.XAF.Modules.MasterDetail (4.221.8)
      DevExpress.ExpressApp (>= 22.1.5) - restriction: || (&& (== net461) (>= netstandard2.0)) (== net6.0) (== net6.0-windows7.0) (== netstandard2.0) (== netstandard2.1)
      DevExpress.ExpressApp.CodeAnalysis (>= 22.1.5) - restriction: || (&& (== net461) (>= netstandard2.0)) (== net6.0) (== net6.0-windows7.0) (== netstandard2.0) (== netstandard2.1)
      Fasterflect.Xpand (>= 2.0.7) - restriction: || (&& (== net461) (>= netstandard2.0)) (== net6.0) (== net6.0-windows7.0) (== netstandard2.0) (== netstandard2.1)
      Newtonsoft.Json (>= 13.0.1) - restriction: || (&& (== net461) (>= netstandard2.0)) (== net6.0) (== net6.0-windows7.0) (== netstandard2.0) (== netstandard2.1)
      System.Reactive (>= 5.0) - restriction: || (&& (== net461) (>= netstandard2.0)) (== net6.0) (== net6.0-windows7.0) (== netstandard2.0) (== netstandard2.1)
      Xpand.Extensions (>= 4.221.8) - restriction: || (&& (== net461) (>= netstandard2.0)) (== net6.0) (== net6.0-windows7.0) (== netstandard2.0) (== netstandard2.1)
      Xpand.Extensions.Reactive (>= 4.221.8) - restriction: || (&& (== net461) (>= netstandard2.0)) (== net6.0) (== net6.0-windows7.0) (== netstandard2.0) (== netstandard2.1)
      Xpand.Extensions.XAF (>= 4.221.8) - restriction: || (&& (== net461) (>= netstandard2.0)) (== net6.0) (== net6.0-windows7.0) (== netstandard2.0) (== netstandard2.1)
      Xpand.Patcher (>= 3.0.5) - restriction: || (&& (== net461) (>= netstandard2.0)) (== net6.0) (== net6.0-windows7.0) (== netstandard2.0) (== netstandard2.1)
      Xpand.VersionConverter (>= 4.221.8) - restriction: || (&& (== net461) (>= netstandard2.0)) (== net6.0) (== net6.0-windows7.0) (== netstandard2.0) (== netstandard2.1)
      Xpand.XAF.Modules.Reactive (>= 4.221.8) - restriction: || (&& (== net461) (>= netstandard2.0)) (== net6.0) (== net6.0-windows7.0) (== netstandard2.0) (== netstandard2.1)
    Xpand.XAF.Modules.ModelMapper (4.221.8)
      DevExpress.ExpressApp (>= 22.1.5) - restriction: || (&& (== net461) (>= netstandard2.0)) (== net6.0) (== net6.0-windows7.0) (== netstandard2.0) (== netstandard2.1)
      DevExpress.ExpressApp.CodeAnalysis (>= 22.1.5) - restriction: || (&& (== net461) (>= netstandard2.0)) (== net6.0) (== net6.0-windows7.0) (== netstandard2.0) (== netstandard2.1)
      Enums.NET (>= 4.0) - restriction: || (&& (== net461) (>= netstandard2.0)) (== net6.0) (== net6.0-windows7.0) (== netstandard2.0) (== netstandard2.1)
      Fasterflect.Xpand (>= 2.0.7) - restriction: || (&& (== net461) (>= netstandard2.0)) (== net6.0) (== net6.0-windows7.0) (== netstandard2.0) (== netstandard2.1)
      Mono.Cecil (>= 0.11.4) - restriction: || (&& (== net461) (>= netstandard2.0)) (== net6.0) (== net6.0-windows7.0) (== netstandard2.0) (== netstandard2.1)
      Newtonsoft.Json (>= 13.0.1) - restriction: || (&& (== net461) (>= netstandard2.0)) (== net6.0) (== net6.0-windows7.0) (== netstandard2.0) (== netstandard2.1)
      System.CodeDom (>= 6.0) - restriction: || (&& (== net461) (>= netstandard2.0)) (== net6.0) (== net6.0-windows7.0) (== netstandard2.0) (== netstandard2.1)
      System.Interactive (>= 5.0) - restriction: || (&& (== net461) (>= netstandard2.0)) (== net6.0) (== net6.0-windows7.0) (== netstandard2.0) (== netstandard2.1)
      System.Reactive (>= 5.0) - restriction: || (&& (== net461) (>= netstandard2.0)) (== net6.0) (== net6.0-windows7.0) (== netstandard2.0) (== netstandard2.1)
      Xpand.Collections (>= 1.0.4) - restriction: || (&& (== net461) (>= netstandard2.0)) (== net6.0) (== net6.0-windows7.0) (== netstandard2.0) (== netstandard2.1)
      Xpand.Extensions (>= 4.221.8) - restriction: || (&& (== net461) (>= netstandard2.0)) (== net6.0) (== net6.0-windows7.0) (== netstandard2.0) (== netstandard2.1)
      Xpand.Extensions.Reactive (>= 4.221.8) - restriction: || (&& (== net461) (>= netstandard2.0)) (== net6.0) (== net6.0-windows7.0) (== netstandard2.0) (== netstandard2.1)
      Xpand.Extensions.XAF (>= 4.221.8) - restriction: || (&& (== net461) (>= netstandard2.0)) (== net6.0) (== net6.0-windows7.0) (== netstandard2.0) (== netstandard2.1)
      Xpand.VersionConverter (>= 4.221.8) - restriction: || (&& (== net461) (>= netstandard2.0)) (== net6.0) (== net6.0-windows7.0) (== netstandard2.0) (== netstandard2.1)
      Xpand.XAF.Modules.Reactive (>= 4.221.8) - restriction: || (&& (== net461) (>= netstandard2.0)) (== net6.0) (== net6.0-windows7.0) (== netstandard2.0) (== netstandard2.1)
    Xpand.XAF.Modules.ModelViewInheritance (4.221.8)
      DevExpress.ExpressApp (>= 22.1.5) - restriction: || (&& (== net461) (>= netstandard2.0)) (== net6.0) (== net6.0-windows7.0) (== netstandard2.0) (== netstandard2.1)
      DevExpress.ExpressApp.CodeAnalysis (>= 22.1.5) - restriction: || (&& (== net461) (>= netstandard2.0)) (== net6.0) (== net6.0-windows7.0) (== netstandard2.0) (== netstandard2.1)
      Fasterflect.Xpand (>= 2.0.7) - restriction: || (&& (== net461) (>= netstandard2.0)) (== net6.0) (== net6.0-windows7.0) (== netstandard2.0) (== netstandard2.1)
      Newtonsoft.Json (>= 13.0.1) - restriction: || (&& (== net461) (>= netstandard2.0)) (== net6.0) (== net6.0-windows7.0) (== netstandard2.0) (== netstandard2.1)
      System.Reactive (>= 5.0) - restriction: || (&& (== net461) (>= netstandard2.0)) (== net6.0) (== net6.0-windows7.0) (== netstandard2.0) (== netstandard2.1)
      System.ValueTuple (>= 4.5) - restriction: || (&& (== net461) (>= netstandard2.0)) (== net6.0) (== net6.0-windows7.0) (== netstandard2.0) (== netstandard2.1)
      Xpand.Collections (>= 1.0.4) - restriction: || (&& (== net461) (>= netstandard2.0)) (== net6.0) (== net6.0-windows7.0) (== netstandard2.0) (== netstandard2.1)
      Xpand.Extensions (>= 4.221.8) - restriction: || (&& (== net461) (>= netstandard2.0)) (== net6.0) (== net6.0-windows7.0) (== netstandard2.0) (== netstandard2.1)
      Xpand.Extensions.Reactive (>= 4.221.8) - restriction: || (&& (== net461) (>= netstandard2.0)) (== net6.0) (== net6.0-windows7.0) (== netstandard2.0) (== netstandard2.1)
      Xpand.Extensions.XAF (>= 4.221.8) - restriction: || (&& (== net461) (>= netstandard2.0)) (== net6.0) (== net6.0-windows7.0) (== netstandard2.0) (== netstandard2.1)
      Xpand.Patcher (>= 3.0.5) - restriction: || (&& (== net461) (>= netstandard2.0)) (== net6.0) (== net6.0-windows7.0) (== netstandard2.0) (== netstandard2.1)
      Xpand.VersionConverter (>= 4.221.8) - restriction: || (&& (== net461) (>= netstandard2.0)) (== net6.0) (== net6.0-windows7.0) (== netstandard2.0) (== netstandard2.1)
      Xpand.XAF.Modules.Reactive (>= 4.221.8) - restriction: || (&& (== net461) (>= netstandard2.0)) (== net6.0) (== net6.0-windows7.0) (== netstandard2.0) (== netstandard2.1)
    Xpand.XAF.Modules.Office.Cloud.Google (4.221.8)
      DevExpress.ExpressApp.CodeAnalysis (>= 22.1.5) - restriction: || (&& (== net461) (>= netstandard2.0)) (== net6.0) (== net6.0-windows7.0) (== netstandard2.0) (== netstandard2.1)
      DevExpress.Persistent.Base (>= 22.1.5) - restriction: || (&& (== net461) (>= netstandard2.0)) (== net6.0) (== net6.0-windows7.0) (== netstandard2.0) (== netstandard2.1)
      Fasterflect.Xpand (>= 2.0.7) - restriction: || (&& (== net461) (>= netstandard2.0)) (== net6.0) (== net6.0-windows7.0) (== netstandard2.0) (== netstandard2.1)
      Google.Apis.Auth (>= 1.55) - restriction: || (&& (== net461) (>= netstandard2.0)) (== net6.0) (== net6.0-windows7.0) (== netstandard2.0) (== netstandard2.1)
      System.Reactive (>= 5.0) - restriction: || (&& (== net461) (>= netstandard2.0)) (== net6.0) (== net6.0-windows7.0) (== netstandard2.0) (== netstandard2.1)
      Xpand.Extensions (>= 4.221.8) - restriction: || (&& (== net461) (>= netstandard2.0)) (== net6.0) (== net6.0-windows7.0) (== netstandard2.0) (== netstandard2.1)
      Xpand.Extensions.Office.Cloud (>= 4.221.8) - restriction: || (&& (== net461) (>= netstandard2.0)) (== net6.0) (== net6.0-windows7.0) (== netstandard2.0) (== netstandard2.1)
      Xpand.Extensions.Reactive (>= 4.221.8) - restriction: || (&& (== net461) (>= netstandard2.0)) (== net6.0) (== net6.0-windows7.0) (== netstandard2.0) (== netstandard2.1)
      Xpand.Extensions.XAF (>= 4.221.8) - restriction: || (&& (== net461) (>= netstandard2.0)) (== net6.0) (== net6.0-windows7.0) (== netstandard2.0) (== netstandard2.1)
      Xpand.Extensions.XAF.Xpo (>= 4.221.8) - restriction: || (&& (== net461) (>= netstandard2.0)) (== net6.0) (== net6.0-windows7.0) (== netstandard2.0) (== netstandard2.1)
      Xpand.VersionConverter (>= 4.221.8) - restriction: || (&& (== net461) (>= netstandard2.0)) (== net6.0) (== net6.0-windows7.0) (== netstandard2.0) (== netstandard2.1)
      Xpand.XAF.Modules.Reactive (>= 4.221.8) - restriction: || (&& (== net461) (>= netstandard2.0)) (== net6.0) (== net6.0-windows7.0) (== netstandard2.0) (== netstandard2.1)
    Xpand.XAF.Modules.Office.Cloud.Google.Calendar (4.221.8)
      DevExpress.ExpressApp.CodeAnalysis (>= 22.1.5) - restriction: || (&& (== net461) (>= netstandard2.0)) (== net6.0) (== net6.0-windows7.0) (== netstandard2.0) (== netstandard2.1)
      DevExpress.ExpressApp.Xpo (>= 22.1.5) - restriction: || (&& (== net461) (>= netstandard2.0)) (== net6.0) (== net6.0-windows7.0) (== netstandard2.0) (== netstandard2.1)
      DevExpress.Persistent.Base (>= 22.1.5) - restriction: || (&& (== net461) (>= netstandard2.0)) (== net6.0) (== net6.0-windows7.0) (== netstandard2.0) (== netstandard2.1)
      Fasterflect.Xpand (>= 2.0.7) - restriction: || (&& (== net461) (>= netstandard2.0)) (== net6.0) (== net6.0-windows7.0) (== netstandard2.0) (== netstandard2.1)
      Google.Apis.Calendar.v3 (>= 1.55.0.2410) - restriction: || (&& (== net461) (>= netstandard2.0)) (== net6.0) (== net6.0-windows7.0) (== netstandard2.0) (== netstandard2.1)
      System.Reactive (>= 5.0) - restriction: || (&& (== net461) (>= netstandard2.0)) (== net6.0) (== net6.0-windows7.0) (== netstandard2.0) (== netstandard2.1)
      Xpand.Extensions (>= 4.221.8) - restriction: || (&& (== net461) (>= netstandard2.0)) (== net6.0) (== net6.0-windows7.0) (== netstandard2.0) (== netstandard2.1)
      Xpand.Extensions.Office.Cloud (>= 4.221.8) - restriction: || (&& (== net461) (>= netstandard2.0)) (== net6.0) (== net6.0-windows7.0) (== netstandard2.0) (== netstandard2.1)
      Xpand.Extensions.Reactive (>= 4.221.8) - restriction: || (&& (== net461) (>= netstandard2.0)) (== net6.0) (== net6.0-windows7.0) (== netstandard2.0) (== netstandard2.1)
      Xpand.Extensions.XAF (>= 4.221.8) - restriction: || (&& (== net461) (>= netstandard2.0)) (== net6.0) (== net6.0-windows7.0) (== netstandard2.0) (== netstandard2.1)
      Xpand.Extensions.XAF.Xpo (>= 4.221.8) - restriction: || (&& (== net461) (>= netstandard2.0)) (== net6.0) (== net6.0-windows7.0) (== netstandard2.0) (== netstandard2.1)
      Xpand.VersionConverter (>= 4.221.8) - restriction: || (&& (== net461) (>= netstandard2.0)) (== net6.0) (== net6.0-windows7.0) (== netstandard2.0) (== netstandard2.1)
      Xpand.XAF.Modules.Office.Cloud.Google (>= 4.221.8) - restriction: || (&& (== net461) (>= netstandard2.0)) (== net6.0) (== net6.0-windows7.0) (== netstandard2.0) (== netstandard2.1)
      Xpand.XAF.Modules.Reactive (>= 4.221.8) - restriction: || (&& (== net461) (>= netstandard2.0)) (== net6.0) (== net6.0-windows7.0) (== netstandard2.0) (== netstandard2.1)
    Xpand.XAF.Modules.Office.Cloud.Google.Tasks (4.221.8)
      DevExpress.ExpressApp.CodeAnalysis (>= 22.1.5) - restriction: || (&& (== net461) (>= netstandard2.0)) (== net6.0) (== net6.0-windows7.0) (== netstandard2.0) (== netstandard2.1)
      DevExpress.ExpressApp.Xpo (>= 22.1.5) - restriction: || (&& (== net461) (>= netstandard2.0)) (== net6.0) (== net6.0-windows7.0) (== netstandard2.0) (== netstandard2.1)
      DevExpress.Persistent.Base (>= 22.1.5) - restriction: || (&& (== net461) (>= netstandard2.0)) (== net6.0) (== net6.0-windows7.0) (== netstandard2.0) (== netstandard2.1)
      Fasterflect.Xpand (>= 2.0.7) - restriction: || (&& (== net461) (>= netstandard2.0)) (== net6.0) (== net6.0-windows7.0) (== netstandard2.0) (== netstandard2.1)
      Google.Apis.Tasks.v1 (>= 1.55.0.2384) - restriction: || (&& (== net461) (>= netstandard2.0)) (== net6.0) (== net6.0-windows7.0) (== netstandard2.0) (== netstandard2.1)
      System.Reactive (>= 5.0) - restriction: || (&& (== net461) (>= netstandard2.0)) (== net6.0) (== net6.0-windows7.0) (== netstandard2.0) (== netstandard2.1)
      Xpand.Extensions (>= 4.221.8) - restriction: || (&& (== net461) (>= netstandard2.0)) (== net6.0) (== net6.0-windows7.0) (== netstandard2.0) (== netstandard2.1)
      Xpand.Extensions.Office.Cloud (>= 4.221.8) - restriction: || (&& (== net461) (>= netstandard2.0)) (== net6.0) (== net6.0-windows7.0) (== netstandard2.0) (== netstandard2.1)
      Xpand.Extensions.Reactive (>= 4.221.8) - restriction: || (&& (== net461) (>= netstandard2.0)) (== net6.0) (== net6.0-windows7.0) (== netstandard2.0) (== netstandard2.1)
      Xpand.Extensions.XAF (>= 4.221.8) - restriction: || (&& (== net461) (>= netstandard2.0)) (== net6.0) (== net6.0-windows7.0) (== netstandard2.0) (== netstandard2.1)
      Xpand.Extensions.XAF.Xpo (>= 4.221.8) - restriction: || (&& (== net461) (>= netstandard2.0)) (== net6.0) (== net6.0-windows7.0) (== netstandard2.0) (== netstandard2.1)
      Xpand.VersionConverter (>= 4.221.8) - restriction: || (&& (== net461) (>= netstandard2.0)) (== net6.0) (== net6.0-windows7.0) (== netstandard2.0) (== netstandard2.1)
      Xpand.XAF.Modules.Office.Cloud.Google (>= 4.221.8) - restriction: || (&& (== net461) (>= netstandard2.0)) (== net6.0) (== net6.0-windows7.0) (== netstandard2.0) (== netstandard2.1)
      Xpand.XAF.Modules.Reactive (>= 4.221.8) - restriction: || (&& (== net461) (>= netstandard2.0)) (== net6.0) (== net6.0-windows7.0) (== netstandard2.0) (== netstandard2.1)
    Xpand.XAF.Modules.Office.Cloud.Microsoft (4.221.8) - restriction: || (== net461) (&& (== net6.0) (>= net461)) (&& (== net6.0-windows7.0) (>= net461)) (&& (== netstandard2.0) (>= net461)) (&& (== netstandard2.1) (>= net461))
      DevExpress.ExpressApp.CodeAnalysis (>= 22.1.5) - restriction: || (== net461) (&& (== net6.0) (>= net461)) (&& (== net6.0-windows7.0) (>= net461)) (&& (== netstandard2.0) (>= net461)) (&& (== netstandard2.1) (>= net461))
      DevExpress.Persistent.Base (>= 22.1.5) - restriction: || (== net461) (&& (== net6.0) (>= net461)) (&& (== net6.0-windows7.0) (>= net461)) (&& (== netstandard2.0) (>= net461)) (&& (== netstandard2.1) (>= net461))
      Fasterflect.Xpand (>= 2.0.7) - restriction: || (== net461) (&& (== net6.0) (>= net461)) (&& (== net6.0-windows7.0) (>= net461)) (&& (== netstandard2.0) (>= net461)) (&& (== netstandard2.1) (>= net461))
      Microsoft.Graph.Beta (>= 4.22.0-preview) - restriction: || (== net461) (&& (== net6.0) (>= net461)) (&& (== net6.0-windows7.0) (>= net461)) (&& (== netstandard2.0) (>= net461)) (&& (== netstandard2.1) (>= net461))
      Microsoft.Owin.Host.SystemWeb (>= 4.2.2) - restriction: || (== net461) (&& (== net6.0) (>= net461)) (&& (== net6.0-windows7.0) (>= net461)) (&& (== netstandard2.0) (>= net461)) (&& (== netstandard2.1) (>= net461))
      Microsoft.Owin.Security.Cookies (>= 4.2.2) - restriction: || (== net461) (&& (== net6.0) (>= net461)) (&& (== net6.0-windows7.0) (>= net461)) (&& (== netstandard2.0) (>= net461)) (&& (== netstandard2.1) (>= net461))
      Microsoft.Owin.Security.OpenIdConnect (>= 4.2.2) - restriction: || (== net461) (&& (== net6.0) (>= net461)) (&& (== net6.0-windows7.0) (>= net461)) (&& (== netstandard2.0) (>= net461)) (&& (== netstandard2.1) (>= net461))
      Newtonsoft.Json (>= 13.0.1) - restriction: || (== net461) (&& (== net6.0) (>= net461)) (&& (== net6.0-windows7.0) (>= net461)) (&& (== netstandard2.0) (>= net461)) (&& (== netstandard2.1) (>= net461))
      System.Reactive (>= 5.0) - restriction: || (== net461) (&& (== net6.0) (>= net461)) (&& (== net6.0-windows7.0) (>= net461)) (&& (== netstandard2.0) (>= net461)) (&& (== netstandard2.1) (>= net461))
      Xpand.Extensions (>= 4.221.8) - restriction: || (== net461) (&& (== net6.0) (>= net461)) (&& (== net6.0-windows7.0) (>= net461)) (&& (== netstandard2.0) (>= net461)) (&& (== netstandard2.1) (>= net461))
      Xpand.Extensions.Office.Cloud (>= 4.221.8) - restriction: || (== net461) (&& (== net6.0) (>= net461)) (&& (== net6.0-windows7.0) (>= net461)) (&& (== netstandard2.0) (>= net461)) (&& (== netstandard2.1) (>= net461))
      Xpand.Extensions.Reactive (>= 4.221.8) - restriction: || (== net461) (&& (== net6.0) (>= net461)) (&& (== net6.0-windows7.0) (>= net461)) (&& (== netstandard2.0) (>= net461)) (&& (== netstandard2.1) (>= net461))
      Xpand.Extensions.XAF (>= 4.221.8) - restriction: || (== net461) (&& (== net6.0) (>= net461)) (&& (== net6.0-windows7.0) (>= net461)) (&& (== netstandard2.0) (>= net461)) (&& (== netstandard2.1) (>= net461))
      Xpand.XAF.Modules.Reactive (>= 4.221.8) - restriction: || (== net461) (&& (== net6.0) (>= net461)) (&& (== net6.0-windows7.0) (>= net461)) (&& (== netstandard2.0) (>= net461)) (&& (== netstandard2.1) (>= net461))
    Xpand.XAF.Modules.Office.Cloud.Microsoft.Calendar (4.221.8) - restriction: || (== net461) (&& (== net6.0) (>= net461)) (&& (== net6.0-windows7.0) (>= net461)) (&& (== netstandard2.0) (>= net461)) (&& (== netstandard2.1) (>= net461))
      DevExpress.ExpressApp.CodeAnalysis (>= 22.1.5) - restriction: || (== net461) (&& (== net6.0) (>= net461)) (&& (== net6.0-windows7.0) (>= net461)) (&& (== netstandard2.0) (>= net461)) (&& (== netstandard2.1) (>= net461))
      DevExpress.ExpressApp.Xpo (>= 22.1.5) - restriction: || (== net461) (&& (== net6.0) (>= net461)) (&& (== net6.0-windows7.0) (>= net461)) (&& (== netstandard2.0) (>= net461)) (&& (== netstandard2.1) (>= net461))
      DevExpress.Persistent.Base (>= 22.1.5) - restriction: || (== net461) (&& (== net6.0) (>= net461)) (&& (== net6.0-windows7.0) (>= net461)) (&& (== netstandard2.0) (>= net461)) (&& (== netstandard2.1) (>= net461))
      Fasterflect.Xpand (>= 2.0.7) - restriction: || (== net461) (&& (== net6.0) (>= net461)) (&& (== net6.0-windows7.0) (>= net461)) (&& (== netstandard2.0) (>= net461)) (&& (== netstandard2.1) (>= net461))
      Microsoft.Graph.Beta (>= 4.22.0-preview) - restriction: || (== net461) (&& (== net6.0) (>= net461)) (&& (== net6.0-windows7.0) (>= net461)) (&& (== netstandard2.0) (>= net461)) (&& (== netstandard2.1) (>= net461))
      Newtonsoft.Json (>= 13.0.1) - restriction: || (== net461) (&& (== net6.0) (>= net461)) (&& (== net6.0-windows7.0) (>= net461)) (&& (== netstandard2.0) (>= net461)) (&& (== netstandard2.1) (>= net461))
      System.Reactive (>= 5.0) - restriction: || (== net461) (&& (== net6.0) (>= net461)) (&& (== net6.0-windows7.0) (>= net461)) (&& (== netstandard2.0) (>= net461)) (&& (== netstandard2.1) (>= net461))
      Xpand.Extensions (>= 4.221.8) - restriction: || (== net461) (&& (== net6.0) (>= net461)) (&& (== net6.0-windows7.0) (>= net461)) (&& (== netstandard2.0) (>= net461)) (&& (== netstandard2.1) (>= net461))
      Xpand.Extensions.Office.Cloud (>= 4.221.8) - restriction: || (== net461) (&& (== net6.0) (>= net461)) (&& (== net6.0-windows7.0) (>= net461)) (&& (== netstandard2.0) (>= net461)) (&& (== netstandard2.1) (>= net461))
      Xpand.Extensions.Reactive (>= 4.221.8) - restriction: || (== net461) (&& (== net6.0) (>= net461)) (&& (== net6.0-windows7.0) (>= net461)) (&& (== netstandard2.0) (>= net461)) (&& (== netstandard2.1) (>= net461))
      Xpand.Extensions.XAF (>= 4.221.8) - restriction: || (== net461) (&& (== net6.0) (>= net461)) (&& (== net6.0-windows7.0) (>= net461)) (&& (== netstandard2.0) (>= net461)) (&& (== netstandard2.1) (>= net461))
      Xpand.Extensions.XAF.Xpo (>= 4.221.8) - restriction: || (== net461) (&& (== net6.0) (>= net461)) (&& (== net6.0-windows7.0) (>= net461)) (&& (== netstandard2.0) (>= net461)) (&& (== netstandard2.1) (>= net461))
      Xpand.XAF.Modules.Office.Cloud.Microsoft (>= 4.221.8) - restriction: || (== net461) (&& (== net6.0) (>= net461)) (&& (== net6.0-windows7.0) (>= net461)) (&& (== netstandard2.0) (>= net461)) (&& (== netstandard2.1) (>= net461))
      Xpand.XAF.Modules.Reactive (>= 4.221.8) - restriction: || (== net461) (&& (== net6.0) (>= net461)) (&& (== net6.0-windows7.0) (>= net461)) (&& (== netstandard2.0) (>= net461)) (&& (== netstandard2.1) (>= net461))
    Xpand.XAF.Modules.Office.Cloud.Microsoft.Todo (4.221.8) - restriction: || (== net461) (&& (== net6.0) (>= net461)) (&& (== net6.0-windows7.0) (>= net461)) (&& (== netstandard2.0) (>= net461)) (&& (== netstandard2.1) (>= net461))
      DevExpress.ExpressApp.CodeAnalysis (>= 22.1.5) - restriction: || (== net461) (&& (== net6.0) (>= net461)) (&& (== net6.0-windows7.0) (>= net461)) (&& (== netstandard2.0) (>= net461)) (&& (== netstandard2.1) (>= net461))
      DevExpress.ExpressApp.Xpo (>= 22.1.5) - restriction: || (== net461) (&& (== net6.0) (>= net461)) (&& (== net6.0-windows7.0) (>= net461)) (&& (== netstandard2.0) (>= net461)) (&& (== netstandard2.1) (>= net461))
      DevExpress.Persistent.Base (>= 22.1.5) - restriction: || (== net461) (&& (== net6.0) (>= net461)) (&& (== net6.0-windows7.0) (>= net461)) (&& (== netstandard2.0) (>= net461)) (&& (== netstandard2.1) (>= net461))
      Fasterflect.Xpand (>= 2.0.7) - restriction: || (== net461) (&& (== net6.0) (>= net461)) (&& (== net6.0-windows7.0) (>= net461)) (&& (== netstandard2.0) (>= net461)) (&& (== netstandard2.1) (>= net461))
      Microsoft.Graph.Beta (>= 4.22.0-preview) - restriction: || (== net461) (&& (== net6.0) (>= net461)) (&& (== net6.0-windows7.0) (>= net461)) (&& (== netstandard2.0) (>= net461)) (&& (== netstandard2.1) (>= net461))
      Newtonsoft.Json (>= 13.0.1) - restriction: || (== net461) (&& (== net6.0) (>= net461)) (&& (== net6.0-windows7.0) (>= net461)) (&& (== netstandard2.0) (>= net461)) (&& (== netstandard2.1) (>= net461))
      System.Reactive (>= 5.0) - restriction: || (== net461) (&& (== net6.0) (>= net461)) (&& (== net6.0-windows7.0) (>= net461)) (&& (== netstandard2.0) (>= net461)) (&& (== netstandard2.1) (>= net461))
      Xpand.Extensions (>= 4.221.8) - restriction: || (== net461) (&& (== net6.0) (>= net461)) (&& (== net6.0-windows7.0) (>= net461)) (&& (== netstandard2.0) (>= net461)) (&& (== netstandard2.1) (>= net461))
      Xpand.Extensions.Office.Cloud (>= 4.221.8) - restriction: || (== net461) (&& (== net6.0) (>= net461)) (&& (== net6.0-windows7.0) (>= net461)) (&& (== netstandard2.0) (>= net461)) (&& (== netstandard2.1) (>= net461))
      Xpand.Extensions.Reactive (>= 4.221.8) - restriction: || (== net461) (&& (== net6.0) (>= net461)) (&& (== net6.0-windows7.0) (>= net461)) (&& (== netstandard2.0) (>= net461)) (&& (== netstandard2.1) (>= net461))
      Xpand.Extensions.XAF (>= 4.221.8) - restriction: || (== net461) (&& (== net6.0) (>= net461)) (&& (== net6.0-windows7.0) (>= net461)) (&& (== netstandard2.0) (>= net461)) (&& (== netstandard2.1) (>= net461))
      Xpand.Extensions.XAF.Xpo (>= 4.221.8) - restriction: || (== net461) (&& (== net6.0) (>= net461)) (&& (== net6.0-windows7.0) (>= net461)) (&& (== netstandard2.0) (>= net461)) (&& (== netstandard2.1) (>= net461))
      Xpand.XAF.Modules.Office.Cloud.Microsoft (>= 4.221.8) - restriction: || (== net461) (&& (== net6.0) (>= net461)) (&& (== net6.0-windows7.0) (>= net461)) (&& (== netstandard2.0) (>= net461)) (&& (== netstandard2.1) (>= net461))
      Xpand.XAF.Modules.Reactive (>= 4.221.8) - restriction: || (== net461) (&& (== net6.0) (>= net461)) (&& (== net6.0-windows7.0) (>= net461)) (&& (== netstandard2.0) (>= net461)) (&& (== netstandard2.1) (>= net461))
    Xpand.XAF.Modules.Office.DocumentStyleManager (4.221.8) - restriction: || (&& (== net461) (>= net6.0-windows7.0)) (&& (== net6.0) (>= net6.0-windows7.0)) (== net6.0-windows7.0) (&& (== netstandard2.0) (>= net6.0-windows7.0)) (&& (== netstandard2.1) (>= net6.0-windows7.0))
      DevExpress.ExpressApp.CodeAnalysis (>= 22.1.5) - restriction: || (&& (== net461) (>= net6.0)) (== net6.0) (== net6.0-windows7.0) (&& (== netstandard2.0) (>= net6.0)) (&& (== netstandard2.1) (>= net6.0))
      DevExpress.ExpressApp.ConditionalAppearance (>= 22.1.5) - restriction: || (&& (== net461) (>= net6.0)) (== net6.0) (== net6.0-windows7.0) (&& (== netstandard2.0) (>= net6.0)) (&& (== netstandard2.1) (>= net6.0))
      DevExpress.ExpressApp.Office (>= 22.1.5) - restriction: || (&& (== net461) (>= net6.0)) (== net6.0) (== net6.0-windows7.0) (&& (== netstandard2.0) (>= net6.0)) (&& (== netstandard2.1) (>= net6.0))
      Fasterflect.Xpand (>= 2.0.7) - restriction: || (&& (== net461) (>= net6.0)) (== net6.0) (== net6.0-windows7.0) (&& (== netstandard2.0) (>= net6.0)) (&& (== netstandard2.1) (>= net6.0))
      Newtonsoft.Json (>= 13.0.1) - restriction: || (&& (== net461) (>= net6.0)) (== net6.0) (== net6.0-windows7.0) (&& (== netstandard2.0) (>= net6.0)) (&& (== netstandard2.1) (>= net6.0))
      System.Interactive (>= 5.0) - restriction: || (&& (== net461) (>= net6.0)) (== net6.0) (== net6.0-windows7.0) (&& (== netstandard2.0) (>= net6.0)) (&& (== netstandard2.1) (>= net6.0))
      System.Reactive (>= 5.0) - restriction: || (&& (== net461) (>= net6.0)) (== net6.0) (== net6.0-windows7.0) (&& (== netstandard2.0) (>= net6.0)) (&& (== netstandard2.1) (>= net6.0))
      Xpand.Extensions (>= 4.221.8) - restriction: || (&& (== net461) (>= net6.0)) (== net6.0) (== net6.0-windows7.0) (&& (== netstandard2.0) (>= net6.0)) (&& (== netstandard2.1) (>= net6.0))
      Xpand.Extensions.Reactive (>= 4.221.8) - restriction: || (&& (== net461) (>= net6.0)) (== net6.0) (== net6.0-windows7.0) (&& (== netstandard2.0) (>= net6.0)) (&& (== netstandard2.1) (>= net6.0))
      Xpand.Extensions.XAF (>= 4.221.8) - restriction: || (&& (== net461) (>= net6.0)) (== net6.0) (== net6.0-windows7.0) (&& (== netstandard2.0) (>= net6.0)) (&& (== netstandard2.1) (>= net6.0))
      Xpand.Extensions.XAF.Xpo (>= 4.221.8) - restriction: || (&& (== net461) (>= net6.0)) (== net6.0) (== net6.0-windows7.0) (&& (== netstandard2.0) (>= net6.0)) (&& (== netstandard2.1) (>= net6.0))
      Xpand.XAF.Modules.HideToolBar (>= 4.221.8) - restriction: || (&& (== net461) (>= net6.0)) (== net6.0) (== net6.0-windows7.0) (&& (== netstandard2.0) (>= net6.0)) (&& (== netstandard2.1) (>= net6.0))
      Xpand.XAF.Modules.Reactive (>= 4.221.8) - restriction: || (&& (== net461) (>= net6.0)) (== net6.0) (== net6.0-windows7.0) (&& (== netstandard2.0) (>= net6.0)) (&& (== netstandard2.1) (>= net6.0))
      Xpand.XAF.Modules.SuppressConfirmation (>= 4.221.8) - restriction: || (&& (== net461) (>= net6.0)) (== net6.0) (== net6.0-windows7.0) (&& (== netstandard2.0) (>= net6.0)) (&& (== netstandard2.1) (>= net6.0))
      Xpand.XAF.Modules.ViewItemValue (>= 4.221.8) - restriction: || (&& (== net461) (>= net6.0)) (== net6.0) (== net6.0-windows7.0) (&& (== netstandard2.0) (>= net6.0)) (&& (== netstandard2.1) (>= net6.0))
    Xpand.XAF.Modules.OneView (4.221.8) - restriction: || (&& (== net461) (>= net6.0-windows7.0)) (&& (== net6.0) (>= net6.0-windows7.0)) (== net6.0-windows7.0) (&& (== netstandard2.0) (>= net6.0-windows7.0)) (&& (== netstandard2.1) (>= net6.0-windows7.0))
      DevExpress.ExpressApp.CodeAnalysis (>= 22.1.5) - restriction: || (&& (== net461) (>= net6.0)) (== net6.0) (== net6.0-windows7.0) (&& (== netstandard2.0) (>= net6.0)) (&& (== netstandard2.1) (>= net6.0))
      DevExpress.ExpressApp.Win (>= 22.1.5) - restriction: || (&& (== net461) (>= net6.0)) (== net6.0) (== net6.0-windows7.0) (&& (== netstandard2.0) (>= net6.0)) (&& (== netstandard2.1) (>= net6.0))
      Fasterflect.Xpand (>= 2.0.7) - restriction: || (&& (== net461) (>= net6.0)) (== net6.0) (== net6.0-windows7.0) (&& (== netstandard2.0) (>= net6.0)) (&& (== netstandard2.1) (>= net6.0))
      Newtonsoft.Json (>= 13.0.1) - restriction: || (&& (== net461) (>= net6.0)) (== net6.0) (== net6.0-windows7.0) (&& (== netstandard2.0) (>= net6.0)) (&& (== netstandard2.1) (>= net6.0))
      System.Reactive (>= 5.0) - restriction: || (&& (== net461) (>= net6.0)) (== net6.0) (== net6.0-windows7.0) (&& (== netstandard2.0) (>= net6.0)) (&& (== netstandard2.1) (>= net6.0))
      Xpand.Extensions (>= 4.221.8) - restriction: || (&& (== net461) (>= net6.0)) (== net6.0) (== net6.0-windows7.0) (&& (== netstandard2.0) (>= net6.0)) (&& (== netstandard2.1) (>= net6.0))
      Xpand.Extensions.Reactive (>= 4.221.8) - restriction: || (&& (== net461) (>= net6.0)) (== net6.0) (== net6.0-windows7.0) (&& (== netstandard2.0) (>= net6.0)) (&& (== netstandard2.1) (>= net6.0))
      Xpand.Extensions.XAF (>= 4.221.8) - restriction: || (&& (== net461) (>= net6.0)) (== net6.0) (== net6.0-windows7.0) (&& (== netstandard2.0) (>= net6.0)) (&& (== netstandard2.1) (>= net6.0))
      Xpand.XAF.Modules.Reactive (>= 4.221.8) - restriction: || (&& (== net461) (>= net6.0)) (== net6.0) (== net6.0-windows7.0) (&& (== netstandard2.0) (>= net6.0)) (&& (== netstandard2.1) (>= net6.0))
    Xpand.XAF.Modules.PositionInListView (4.221.8)
      DevExpress.ExpressApp (>= 22.1.5) - restriction: || (&& (== net461) (>= netstandard2.0)) (== net6.0) (== net6.0-windows7.0) (== netstandard2.0) (== netstandard2.1)
      DevExpress.ExpressApp.CodeAnalysis (>= 22.1.5) - restriction: || (&& (== net461) (>= netstandard2.0)) (== net6.0) (== net6.0-windows7.0) (== netstandard2.0) (== netstandard2.1)
      Fasterflect.Xpand (>= 2.0.7) - restriction: || (&& (== net461) (>= netstandard2.0)) (== net6.0) (== net6.0-windows7.0) (== netstandard2.0) (== netstandard2.1)
      Newtonsoft.Json (>= 13.0.1) - restriction: || (&& (== net461) (>= netstandard2.0)) (== net6.0) (== net6.0-windows7.0) (== netstandard2.0) (== netstandard2.1)
      System.Reactive (>= 5.0) - restriction: || (&& (== net461) (>= netstandard2.0)) (== net6.0) (== net6.0-windows7.0) (== netstandard2.0) (== netstandard2.1)
      Xpand.Extensions (>= 4.221.8) - restriction: || (&& (== net461) (>= netstandard2.0)) (== net6.0) (== net6.0-windows7.0) (== netstandard2.0) (== netstandard2.1)
      Xpand.Extensions.Reactive (>= 4.221.8) - restriction: || (&& (== net461) (>= netstandard2.0)) (== net6.0) (== net6.0-windows7.0) (== netstandard2.0) (== netstandard2.1)
      Xpand.Extensions.XAF (>= 4.221.8) - restriction: || (&& (== net461) (>= netstandard2.0)) (== net6.0) (== net6.0-windows7.0) (== netstandard2.0) (== netstandard2.1)
      Xpand.VersionConverter (>= 4.221.8) - restriction: || (&& (== net461) (>= netstandard2.0)) (== net6.0) (== net6.0-windows7.0) (== netstandard2.0) (== netstandard2.1)
      Xpand.XAF.Modules.Reactive (>= 4.221.8) - restriction: || (&& (== net461) (>= netstandard2.0)) (== net6.0) (== net6.0-windows7.0) (== netstandard2.0) (== netstandard2.1)
    Xpand.XAF.Modules.ProgressBarViewItem (4.221.8)
      DevExpress.ExpressApp (>= 22.1.5) - restriction: || (&& (== net461) (>= netstandard2.0)) (== net6.0) (== net6.0-windows7.0) (== netstandard2.0) (== netstandard2.1)
      DevExpress.ExpressApp.CodeAnalysis (>= 22.1.5) - restriction: || (&& (== net461) (>= netstandard2.0)) (== net6.0) (== net6.0-windows7.0) (== netstandard2.0) (== netstandard2.1)
      Fasterflect.Xpand (>= 2.0.7) - restriction: || (&& (== net461) (>= netstandard2.0)) (== net6.0) (== net6.0-windows7.0) (== netstandard2.0) (== netstandard2.1)
      Newtonsoft.Json (>= 13.0.1) - restriction: || (&& (== net461) (>= netstandard2.0)) (== net6.0) (== net6.0-windows7.0) (== netstandard2.0) (== netstandard2.1)
      System.CodeDom (>= 6.0) - restriction: || (&& (== net461) (>= netstandard2.0)) (== net6.0) (== net6.0-windows7.0) (== netstandard2.0) (== netstandard2.1)
      System.Reactive (>= 5.0) - restriction: || (&& (== net461) (>= netstandard2.0)) (== net6.0) (== net6.0-windows7.0) (== netstandard2.0) (== netstandard2.1)
      Xpand.Extensions (>= 4.221.8) - restriction: || (&& (== net461) (>= netstandard2.0)) (== net6.0) (== net6.0-windows7.0) (== netstandard2.0) (== netstandard2.1)
      Xpand.Extensions.Reactive (>= 4.221.8) - restriction: || (&& (== net461) (>= netstandard2.0)) (== net6.0) (== net6.0-windows7.0) (== netstandard2.0) (== netstandard2.1)
      Xpand.Extensions.XAF (>= 4.221.8) - restriction: || (&& (== net461) (>= netstandard2.0)) (== net6.0) (== net6.0-windows7.0) (== netstandard2.0) (== netstandard2.1)
      Xpand.VersionConverter (>= 4.221.8) - restriction: || (&& (== net461) (>= netstandard2.0)) (== net6.0) (== net6.0-windows7.0) (== netstandard2.0) (== netstandard2.1)
      Xpand.XAF.Modules.Reactive (>= 4.221.8) - restriction: || (&& (== net461) (>= netstandard2.0)) (== net6.0) (== net6.0-windows7.0) (== netstandard2.0) (== netstandard2.1)
    Xpand.XAF.Modules.RazorView (4.221.8) - restriction: || (&& (== net461) (>= net6.0)) (== net6.0) (== net6.0-windows7.0) (&& (== netstandard2.0) (>= net6.0)) (&& (== netstandard2.1) (>= net6.0))
      DevExpress.ExpressApp.CodeAnalysis (>= 22.1.5) - restriction: || (&& (== net461) (>= net6.0)) (== net6.0) (== net6.0-windows7.0) (&& (== netstandard2.0) (>= net6.0)) (&& (== netstandard2.1) (>= net6.0))
      DevExpress.ExpressApp.Validation (>= 22.1.5) - restriction: || (&& (== net461) (>= net6.0)) (== net6.0) (== net6.0-windows7.0) (&& (== netstandard2.0) (>= net6.0)) (&& (== netstandard2.1) (>= net6.0))
      Fasterflect.Xpand (>= 2.0.7) - restriction: || (&& (== net461) (>= net6.0)) (== net6.0) (== net6.0-windows7.0) (&& (== netstandard2.0) (>= net6.0)) (&& (== netstandard2.1) (>= net6.0))
      Newtonsoft.Json (>= 13.0.1) - restriction: || (&& (== net461) (>= net6.0)) (== net6.0) (== net6.0-windows7.0) (&& (== netstandard2.0) (>= net6.0)) (&& (== netstandard2.1) (>= net6.0))
      RazorLight (>= 2.0.0-rc.3) - restriction: || (&& (== net461) (>= net6.0)) (== net6.0) (== net6.0-windows7.0) (&& (== netstandard2.0) (>= net6.0)) (&& (== netstandard2.1) (>= net6.0))
      System.Reactive (>= 5.0) - restriction: || (&& (== net461) (>= net6.0)) (== net6.0) (== net6.0-windows7.0) (&& (== netstandard2.0) (>= net6.0)) (&& (== netstandard2.1) (>= net6.0))
      System.Reflection.Metadata (>= 5.0) - restriction: || (&& (== net461) (>= net6.0)) (== net6.0) (== net6.0-windows7.0) (&& (== netstandard2.0) (>= net6.0)) (&& (== netstandard2.1) (>= net6.0))
      Xpand.Collections (>= 1.0.4) - restriction: || (&& (== net461) (>= net6.0)) (== net6.0) (== net6.0-windows7.0) (&& (== netstandard2.0) (>= net6.0)) (&& (== netstandard2.1) (>= net6.0))
      Xpand.Extensions (>= 4.221.8) - restriction: || (&& (== net461) (>= net6.0)) (== net6.0) (== net6.0-windows7.0) (&& (== netstandard2.0) (>= net6.0)) (&& (== netstandard2.1) (>= net6.0))
      Xpand.Extensions.Reactive (>= 4.221.8) - restriction: || (&& (== net461) (>= net6.0)) (== net6.0) (== net6.0-windows7.0) (&& (== netstandard2.0) (>= net6.0)) (&& (== netstandard2.1) (>= net6.0))
      Xpand.Extensions.XAF (>= 4.221.8) - restriction: || (&& (== net461) (>= net6.0)) (== net6.0) (== net6.0-windows7.0) (&& (== netstandard2.0) (>= net6.0)) (&& (== netstandard2.1) (>= net6.0))
      Xpand.Extensions.XAF.Xpo (>= 4.221.8) - restriction: || (&& (== net461) (>= net6.0)) (== net6.0) (== net6.0-windows7.0) (&& (== netstandard2.0) (>= net6.0)) (&& (== netstandard2.1) (>= net6.0))
      Xpand.Patcher (>= 3.0.5) - restriction: || (&& (== net461) (>= net6.0)) (== net6.0) (== net6.0-windows7.0) (&& (== netstandard2.0) (>= net6.0)) (&& (== netstandard2.1) (>= net6.0))
      Xpand.XAF.Modules.Reactive (>= 4.221.8) - restriction: || (&& (== net461) (>= net6.0)) (== net6.0) (== net6.0-windows7.0) (&& (== netstandard2.0) (>= net6.0)) (&& (== netstandard2.1) (>= net6.0))
    Xpand.XAF.Modules.Reactive (4.221.8)
      DevExpress.ExpressApp (>= 22.1.5) - restriction: || (&& (== net461) (>= netstandard2.0)) (== net6.0) (== net6.0-windows7.0) (== netstandard2.0) (== netstandard2.1)
      DevExpress.ExpressApp.CodeAnalysis (>= 22.1.5) - restriction: || (&& (== net461) (>= netstandard2.0)) (== net6.0) (== net6.0-windows7.0) (== netstandard2.0) (== netstandard2.1)
      DevExpress.Persistent.Base (>= 22.1.5) - restriction: || (&& (== net461) (>= netstandard2.0)) (== net6.0) (== net6.0-windows7.0) (== netstandard2.0) (== netstandard2.1)
      Enums.NET (>= 4.0) - restriction: || (&& (== net461) (>= netstandard2.0)) (== net6.0) (== net6.0-windows7.0) (== netstandard2.0) (== netstandard2.1)
      Fasterflect.Xpand (>= 2.0.7) - restriction: || (&& (== net461) (>= netstandard2.0)) (== net6.0) (== net6.0-windows7.0) (== netstandard2.0) (== netstandard2.1)
      Microsoft.CSharp (>= 4.7) - restriction: || (&& (== net461) (>= netstandard2.0)) (== net6.0) (== net6.0-windows7.0) (== netstandard2.0) (== netstandard2.1)
      Newtonsoft.Json (>= 13.0.1) - restriction: || (&& (== net461) (>= netstandard2.0)) (== net6.0) (== net6.0-windows7.0) (== netstandard2.0) (== netstandard2.1)
      System.Interactive (>= 5.0) - restriction: || (&& (== net461) (>= netstandard2.0)) (== net6.0) (== net6.0-windows7.0) (== netstandard2.0) (== netstandard2.1)
      System.Reactive (>= 5.0) - restriction: || (&& (== net461) (>= netstandard2.0)) (== net6.0) (== net6.0-windows7.0) (== netstandard2.0) (== netstandard2.1)
      Xpand.Extensions (>= 4.221.8) - restriction: || (&& (== net461) (>= netstandard2.0)) (== net6.0) (== net6.0-windows7.0) (== netstandard2.0) (== netstandard2.1)
      Xpand.Extensions.Reactive (>= 4.221.8) - restriction: || (&& (== net461) (>= netstandard2.0)) (== net6.0) (== net6.0-windows7.0) (== netstandard2.0) (== netstandard2.1)
      Xpand.Extensions.XAF (>= 4.221.8) - restriction: || (&& (== net461) (>= netstandard2.0)) (== net6.0) (== net6.0-windows7.0) (== netstandard2.0) (== netstandard2.1)
      Xpand.Patcher (>= 3.0.5) - restriction: || (&& (== net461) (>= netstandard2.0)) (== net6.0) (== net6.0-windows7.0) (== netstandard2.0) (== netstandard2.1)
      Xpand.VersionConverter (>= 4.221.8) - restriction: || (&& (== net461) (>= netstandard2.0)) (== net6.0) (== net6.0-windows7.0) (== netstandard2.0) (== netstandard2.1)
    Xpand.XAF.Modules.Reactive.Logger (4.221.8)
      DevExpress.ExpressApp.CodeAnalysis (>= 22.1.5) - restriction: || (&& (== net461) (>= netstandard2.0)) (== net6.0) (== net6.0-windows7.0) (== netstandard2.0) (== netstandard2.1)
      DevExpress.ExpressApp.ConditionalAppearance (>= 22.1.5) - restriction: || (&& (== net461) (>= netstandard2.0)) (== net6.0) (== net6.0-windows7.0) (== netstandard2.0) (== netstandard2.1)
      Fasterflect.Xpand (>= 2.0.7) - restriction: || (&& (== net461) (>= netstandard2.0)) (== net6.0) (== net6.0-windows7.0) (== netstandard2.0) (== netstandard2.1)
      Newtonsoft.Json (>= 13.0.1) - restriction: || (&& (== net461) (>= netstandard2.0)) (== net6.0) (== net6.0-windows7.0) (== netstandard2.0) (== netstandard2.1)
      System.Reactive (>= 5.0) - restriction: || (&& (== net461) (>= netstandard2.0)) (== net6.0) (== net6.0-windows7.0) (== netstandard2.0) (== netstandard2.1)
      Xpand.Extensions (>= 4.221.8) - restriction: || (&& (== net461) (>= netstandard2.0)) (== net6.0) (== net6.0-windows7.0) (== netstandard2.0) (== netstandard2.1)
      Xpand.Extensions.Reactive (>= 4.221.8) - restriction: || (&& (== net461) (>= netstandard2.0)) (== net6.0) (== net6.0-windows7.0) (== netstandard2.0) (== netstandard2.1)
      Xpand.Extensions.XAF (>= 4.221.8) - restriction: || (&& (== net461) (>= netstandard2.0)) (== net6.0) (== net6.0-windows7.0) (== netstandard2.0) (== netstandard2.1)
      Xpand.Patcher (>= 3.0.5) - restriction: || (&& (== net461) (>= netstandard2.0)) (== net6.0) (== net6.0-windows7.0) (== netstandard2.0) (== netstandard2.1)
      Xpand.VersionConverter (>= 4.221.8) - restriction: || (&& (== net461) (>= netstandard2.0)) (== net6.0) (== net6.0-windows7.0) (== netstandard2.0) (== netstandard2.1)
      Xpand.XAF.Modules.Reactive (>= 4.221.8) - restriction: || (&& (== net461) (>= netstandard2.0)) (== net6.0) (== net6.0-windows7.0) (== netstandard2.0) (== netstandard2.1)
    Xpand.XAF.Modules.Reactive.Logger.Hub (4.221.8)
      DevExpress.ExpressApp (>= 22.1.5) - restriction: || (&& (== net461) (>= netstandard2.0)) (== net6.0) (== net6.0-windows7.0) (== netstandard2.0) (== netstandard2.1)
      DevExpress.ExpressApp.CodeAnalysis (>= 22.1.5) - restriction: || (&& (== net461) (>= netstandard2.0)) (== net6.0) (== net6.0-windows7.0) (== netstandard2.0) (== netstandard2.1)
      DevExpress.Xpo (>= 22.1.5) - restriction: || (&& (== net461) (>= netstandard2.0)) (== net6.0) (== net6.0-windows7.0) (== netstandard2.0) (== netstandard2.1)
      Fasterflect.Xpand (>= 2.0.7) - restriction: || (&& (== net461) (>= netstandard2.0)) (== net6.0) (== net6.0-windows7.0) (== netstandard2.0) (== netstandard2.1)
      MagicOnion (>= 2.6.3) - restriction: || (&& (== net461) (>= netstandard2.0)) (== net6.0) (== net6.0-windows7.0) (== netstandard2.0) (== netstandard2.1)
      Newtonsoft.Json (>= 13.0.1) - restriction: || (&& (== net461) (>= netstandard2.0)) (== net6.0) (== net6.0-windows7.0) (== netstandard2.0) (== netstandard2.1)
      System.CodeDom (>= 6.0) - restriction: || (&& (== net461) (>= netstandard2.0)) (== net6.0) (== net6.0-windows7.0) (== netstandard2.0) (== netstandard2.1)
      System.Interactive.Async (>= 5.0) - restriction: || (&& (== net461) (>= netstandard2.0)) (== net6.0) (== net6.0-windows7.0) (== netstandard2.0) (== netstandard2.1)
      System.Reactive (>= 5.0) - restriction: || (&& (== net461) (>= netstandard2.0)) (== net6.0) (== net6.0-windows7.0) (== netstandard2.0) (== netstandard2.1)
      Xpand.Collections (>= 1.0.4) - restriction: || (&& (== net461) (>= netstandard2.0)) (== net6.0) (== net6.0-windows7.0) (== netstandard2.0) (== netstandard2.1)
      Xpand.Extensions (>= 4.221.8) - restriction: || (&& (== net461) (>= netstandard2.0)) (== net6.0) (== net6.0-windows7.0) (== netstandard2.0) (== netstandard2.1)
      Xpand.Extensions.Reactive (>= 4.221.8) - restriction: || (&& (== net461) (>= netstandard2.0)) (== net6.0) (== net6.0-windows7.0) (== netstandard2.0) (== netstandard2.1)
      Xpand.Extensions.XAF (>= 4.221.8) - restriction: || (&& (== net461) (>= netstandard2.0)) (== net6.0) (== net6.0-windows7.0) (== netstandard2.0) (== netstandard2.1)
      Xpand.Patcher (>= 3.0.5) - restriction: || (&& (== net461) (>= netstandard2.0)) (== net6.0) (== net6.0-windows7.0) (== netstandard2.0) (== netstandard2.1)
      Xpand.VersionConverter (>= 4.221.8) - restriction: || (&& (== net461) (>= netstandard2.0)) (== net6.0) (== net6.0-windows7.0) (== netstandard2.0) (== netstandard2.1)
      Xpand.XAF.Modules.Reactive (>= 4.221.8) - restriction: || (&& (== net461) (>= netstandard2.0)) (== net6.0) (== net6.0-windows7.0) (== netstandard2.0) (== netstandard2.1)
      Xpand.XAF.Modules.Reactive.Logger (>= 4.221.8) - restriction: || (&& (== net461) (>= netstandard2.0)) (== net6.0) (== net6.0-windows7.0) (== netstandard2.0) (== netstandard2.1)
      YamlDotNet (>= 11.2.1) - restriction: || (&& (== net461) (>= netstandard2.0)) (== net6.0) (== net6.0-windows7.0) (== netstandard2.0) (== netstandard2.1)
    Xpand.XAF.Modules.Reactive.Rest (4.221.8) - restriction: || (&& (== net461) (>= net6.0)) (== net6.0) (== net6.0-windows7.0) (&& (== netstandard2.0) (>= net6.0)) (&& (== netstandard2.1) (>= net6.0))
      DevExpress.ExpressApp (>= 22.1.5) - restriction: || (&& (== net461) (>= net6.0)) (== net6.0) (== net6.0-windows7.0) (&& (== netstandard2.0) (>= net6.0)) (&& (== netstandard2.1) (>= net6.0))
      DevExpress.ExpressApp.CodeAnalysis (>= 22.1.5) - restriction: || (&& (== net461) (>= net6.0)) (== net6.0) (== net6.0-windows7.0) (&& (== netstandard2.0) (>= net6.0)) (&& (== netstandard2.1) (>= net6.0))
      Fasterflect.Xpand (>= 2.0.7) - restriction: || (&& (== net461) (>= net6.0)) (== net6.0) (== net6.0-windows7.0) (&& (== netstandard2.0) (>= net6.0)) (&& (== netstandard2.1) (>= net6.0))
      Microsoft.CSharp (>= 4.7) - restriction: || (&& (== net461) (>= net6.0)) (== net6.0) (== net6.0-windows7.0) (&& (== netstandard2.0) (>= net6.0)) (&& (== netstandard2.1) (>= net6.0))
      Newtonsoft.Json (>= 13.0.1) - restriction: || (&& (== net461) (>= net6.0)) (== net6.0) (== net6.0-windows7.0) (&& (== netstandard2.0) (>= net6.0)) (&& (== netstandard2.1) (>= net6.0))
      System.Reactive (>= 5.0) - restriction: || (&& (== net461) (>= net6.0)) (== net6.0) (== net6.0-windows7.0) (&& (== netstandard2.0) (>= net6.0)) (&& (== netstandard2.1) (>= net6.0))
      Xpand.Extensions (>= 4.221.8) - restriction: || (&& (== net461) (>= net6.0)) (== net6.0) (== net6.0-windows7.0) (&& (== netstandard2.0) (>= net6.0)) (&& (== netstandard2.1) (>= net6.0))
      Xpand.Extensions.Reactive (>= 4.221.8) - restriction: || (&& (== net461) (>= net6.0)) (== net6.0) (== net6.0-windows7.0) (&& (== netstandard2.0) (>= net6.0)) (&& (== netstandard2.1) (>= net6.0))
      Xpand.Extensions.XAF (>= 4.221.8) - restriction: || (&& (== net461) (>= net6.0)) (== net6.0) (== net6.0-windows7.0) (&& (== netstandard2.0) (>= net6.0)) (&& (== netstandard2.1) (>= net6.0))
      Xpand.Patcher (>= 3.0.5) - restriction: || (&& (== net461) (>= net6.0)) (== net6.0) (== net6.0-windows7.0) (&& (== netstandard2.0) (>= net6.0)) (&& (== netstandard2.1) (>= net6.0))
      Xpand.XAF.Modules.Reactive (>= 4.221.8) - restriction: || (&& (== net461) (>= net6.0)) (== net6.0) (== net6.0-windows7.0) (&& (== netstandard2.0) (>= net6.0)) (&& (== netstandard2.1) (>= net6.0))
    Xpand.XAF.Modules.RefreshView (4.221.8)
      DevExpress.ExpressApp (>= 22.1.5) - restriction: || (&& (== net461) (>= netstandard2.0)) (== net6.0) (== net6.0-windows7.0) (== netstandard2.0) (== netstandard2.1)
      DevExpress.ExpressApp.CodeAnalysis (>= 22.1.5) - restriction: || (&& (== net461) (>= netstandard2.0)) (== net6.0) (== net6.0-windows7.0) (== netstandard2.0) (== netstandard2.1)
      Fasterflect.Xpand (>= 2.0.7) - restriction: || (&& (== net461) (>= netstandard2.0)) (== net6.0) (== net6.0-windows7.0) (== netstandard2.0) (== netstandard2.1)
      Newtonsoft.Json (>= 13.0.1) - restriction: || (&& (== net461) (>= netstandard2.0)) (== net6.0) (== net6.0-windows7.0) (== netstandard2.0) (== netstandard2.1)
      System.Reactive (>= 5.0) - restriction: || (&& (== net461) (>= netstandard2.0)) (== net6.0) (== net6.0-windows7.0) (== netstandard2.0) (== netstandard2.1)
      Xpand.Extensions (>= 4.221.8) - restriction: || (&& (== net461) (>= netstandard2.0)) (== net6.0) (== net6.0-windows7.0) (== netstandard2.0) (== netstandard2.1)
      Xpand.Extensions.Reactive (>= 4.221.8) - restriction: || (&& (== net461) (>= netstandard2.0)) (== net6.0) (== net6.0-windows7.0) (== netstandard2.0) (== netstandard2.1)
      Xpand.VersionConverter (>= 4.221.8) - restriction: || (&& (== net461) (>= netstandard2.0)) (== net6.0) (== net6.0-windows7.0) (== netstandard2.0) (== netstandard2.1)
      Xpand.XAF.Modules.Reactive (>= 4.221.8) - restriction: || (&& (== net461) (>= netstandard2.0)) (== net6.0) (== net6.0-windows7.0) (== netstandard2.0) (== netstandard2.1)
    Xpand.XAF.Modules.SequenceGenerator (4.221.8)
      DevExpress.ExpressApp.CodeAnalysis (>= 22.1.5) - restriction: || (&& (== net461) (>= netstandard2.0)) (== net6.0) (== net6.0-windows7.0) (== netstandard2.0) (== netstandard2.1)
      DevExpress.ExpressApp.Validation (>= 22.1.5) - restriction: || (&& (== net461) (>= netstandard2.0)) (== net6.0) (== net6.0-windows7.0) (== netstandard2.0) (== netstandard2.1)
      DevExpress.ExpressApp.Xpo (>= 22.1.5) - restriction: || (&& (== net461) (>= netstandard2.0)) (== net6.0) (== net6.0-windows7.0) (== netstandard2.0) (== netstandard2.1)
      Fasterflect.Xpand (>= 2.0.7) - restriction: || (&& (== net461) (>= netstandard2.0)) (== net6.0) (== net6.0-windows7.0) (== netstandard2.0) (== netstandard2.1)
      Newtonsoft.Json (>= 13.0.1) - restriction: || (&& (== net461) (>= netstandard2.0)) (== net6.0) (== net6.0-windows7.0) (== netstandard2.0) (== netstandard2.1)
      System.Reactive (>= 5.0) - restriction: || (&& (== net461) (>= netstandard2.0)) (== net6.0) (== net6.0-windows7.0) (== netstandard2.0) (== netstandard2.1)
      Xpand.Extensions (>= 4.221.8) - restriction: || (&& (== net461) (>= netstandard2.0)) (== net6.0) (== net6.0-windows7.0) (== netstandard2.0) (== netstandard2.1)
      Xpand.Extensions.Reactive (>= 4.221.8) - restriction: || (&& (== net461) (>= netstandard2.0)) (== net6.0) (== net6.0-windows7.0) (== netstandard2.0) (== netstandard2.1)
      Xpand.Extensions.XAF (>= 4.221.8) - restriction: || (&& (== net461) (>= netstandard2.0)) (== net6.0) (== net6.0-windows7.0) (== netstandard2.0) (== netstandard2.1)
      Xpand.Extensions.XAF.Xpo (>= 4.221.8) - restriction: || (&& (== net461) (>= netstandard2.0)) (== net6.0) (== net6.0-windows7.0) (== netstandard2.0) (== netstandard2.1)
      Xpand.VersionConverter (>= 4.221.8) - restriction: || (&& (== net461) (>= netstandard2.0)) (== net6.0) (== net6.0-windows7.0) (== netstandard2.0) (== netstandard2.1)
      Xpand.XAF.Modules.Reactive (>= 4.221.8) - restriction: || (&& (== net461) (>= netstandard2.0)) (== net6.0) (== net6.0-windows7.0) (== netstandard2.0) (== netstandard2.1)
    Xpand.XAF.Modules.Speech (4.221.8) - restriction: || (&& (== net461) (>= net6.0-windows7.0)) (&& (== net6.0) (>= net6.0-windows7.0)) (== net6.0-windows7.0) (&& (== netstandard2.0) (>= net6.0-windows7.0)) (&& (== netstandard2.1) (>= net6.0-windows7.0))
      DevExpress.ExpressApp (>= 22.1.5) - restriction: || (&& (== net461) (>= net6.0)) (== net6.0) (== net6.0-windows7.0) (&& (== netstandard2.0) (>= net6.0)) (&& (== netstandard2.1) (>= net6.0))
      DevExpress.ExpressApp.ConditionalAppearance (>= 22.1.5) - restriction: || (&& (== net461) (>= net6.0)) (== net6.0) (== net6.0-windows7.0) (&& (== netstandard2.0) (>= net6.0)) (&& (== netstandard2.1) (>= net6.0))
      DevExpress.ExpressApp.Notifications (>= 22.1.5) - restriction: || (&& (== net461) (>= net6.0)) (== net6.0) (== net6.0-windows7.0) (&& (== netstandard2.0) (>= net6.0)) (&& (== netstandard2.1) (>= net6.0))
      DevExpress.ExpressApp.Validation (>= 22.1.5) - restriction: || (&& (== net461) (>= net6.0)) (== net6.0) (== net6.0-windows7.0) (&& (== netstandard2.0) (>= net6.0)) (&& (== netstandard2.1) (>= net6.0))
      DevExpress.ExpressApp.ViewVariantsModule (>= 22.1.5) - restriction: || (&& (== net461) (>= net6.0)) (== net6.0) (== net6.0-windows7.0) (&& (== netstandard2.0) (>= net6.0)) (&& (== netstandard2.1) (>= net6.0))
      DevExpress.ExpressApp.Xpo (>= 22.1.5) - restriction: || (&& (== net461) (>= net6.0)) (== net6.0) (== net6.0-windows7.0) (&& (== netstandard2.0) (>= net6.0)) (&& (== netstandard2.1) (>= net6.0))
      Enums.NET (>= 4.0) - restriction: || (&& (== net461) (>= net6.0)) (== net6.0) (== net6.0-windows7.0) (&& (== netstandard2.0) (>= net6.0)) (&& (== netstandard2.1) (>= net6.0))
      Fasterflect.Xpand (>= 2.0.7) - restriction: || (&& (== net461) (>= net6.0)) (== net6.0) (== net6.0-windows7.0) (&& (== netstandard2.0) (>= net6.0)) (&& (== netstandard2.1) (>= net6.0))
      Microsoft.CognitiveServices.Speech (>= 1.23) - restriction: || (&& (== net461) (>= net6.0)) (== net6.0) (== net6.0-windows7.0) (&& (== netstandard2.0) (>= net6.0)) (&& (== netstandard2.1) (>= net6.0))
      NAudio (>= 2.1) - restriction: || (&& (== net461) (>= net6.0)) (== net6.0) (== net6.0-windows7.0) (&& (== netstandard2.0) (>= net6.0)) (&& (== netstandard2.1) (>= net6.0))
      Newtonsoft.Json (>= 13.0.1) - restriction: || (&& (== net461) (>= net6.0)) (== net6.0) (== net6.0-windows7.0) (&& (== netstandard2.0) (>= net6.0)) (&& (== netstandard2.1) (>= net6.0))
      System.Reactive (>= 5.0) - restriction: || (&& (== net461) (>= net6.0)) (== net6.0) (== net6.0-windows7.0) (&& (== netstandard2.0) (>= net6.0)) (&& (== netstandard2.1) (>= net6.0))
      Xpand.Collections (>= 1.0.4) - restriction: || (&& (== net461) (>= net6.0)) (== net6.0) (== net6.0-windows7.0) (&& (== netstandard2.0) (>= net6.0)) (&& (== netstandard2.1) (>= net6.0))
      Xpand.Extensions (>= 4.221.8) - restriction: || (&& (== net461) (>= net6.0)) (== net6.0) (== net6.0-windows7.0) (&& (== netstandard2.0) (>= net6.0)) (&& (== netstandard2.1) (>= net6.0))
      Xpand.Extensions.Reactive (>= 4.221.8) - restriction: || (&& (== net461) (>= net6.0)) (== net6.0) (== net6.0-windows7.0) (&& (== netstandard2.0) (>= net6.0)) (&& (== netstandard2.1) (>= net6.0))
      Xpand.Extensions.XAF (>= 4.221.8) - restriction: || (&& (== net461) (>= net6.0)) (== net6.0) (== net6.0-windows7.0) (&& (== netstandard2.0) (>= net6.0)) (&& (== netstandard2.1) (>= net6.0))
      Xpand.Extensions.XAF.Xpo (>= 4.221.8) - restriction: || (&& (== net461) (>= net6.0)) (== net6.0) (== net6.0-windows7.0) (&& (== netstandard2.0) (>= net6.0)) (&& (== netstandard2.1) (>= net6.0))
      Xpand.Patcher (>= 3.0.5) - restriction: || (&& (== net461) (>= net6.0)) (== net6.0) (== net6.0-windows7.0) (&& (== netstandard2.0) (>= net6.0)) (&& (== netstandard2.1) (>= net6.0))
      Xpand.XAF.Modules.CloneModelView (>= 4.221.8) - restriction: || (&& (== net461) (>= net6.0)) (== net6.0) (== net6.0-windows7.0) (&& (== netstandard2.0) (>= net6.0)) (&& (== netstandard2.1) (>= net6.0))
      Xpand.XAF.Modules.HideToolBar (>= 4.221.8) - restriction: || (&& (== net461) (>= net6.0)) (== net6.0) (== net6.0-windows7.0) (&& (== netstandard2.0) (>= net6.0)) (&& (== netstandard2.1) (>= net6.0))
      Xpand.XAF.Modules.ModelViewInheritance (>= 4.221.8) - restriction: || (&& (== net461) (>= net6.0)) (== net6.0) (== net6.0-windows7.0) (&& (== netstandard2.0) (>= net6.0)) (&& (== netstandard2.1) (>= net6.0))
      Xpand.XAF.Modules.Reactive (>= 4.221.8) - restriction: || (&& (== net461) (>= net6.0)) (== net6.0) (== net6.0-windows7.0) (&& (== netstandard2.0) (>= net6.0)) (&& (== netstandard2.1) (>= net6.0))
      Xpand.XAF.Modules.SpellChecker (>= 4.221.8) - restriction: || (&& (== net461) (>= net6.0)) (== net6.0) (== net6.0-windows7.0) (&& (== netstandard2.0) (>= net6.0)) (&& (== netstandard2.1) (>= net6.0))
      Xpand.XAF.Modules.SuppressConfirmation (>= 4.221.8) - restriction: || (&& (== net461) (>= net6.0)) (== net6.0) (== net6.0-windows7.0) (&& (== netstandard2.0) (>= net6.0)) (&& (== netstandard2.1) (>= net6.0))
      Xpand.XAF.Modules.ViewItemValue (>= 4.221.8) - restriction: || (&& (== net461) (>= net6.0)) (== net6.0) (== net6.0-windows7.0) (&& (== netstandard2.0) (>= net6.0)) (&& (== netstandard2.1) (>= net6.0))
      Xpand.XAF.Modules.Windows (>= 4.221.8) - restriction: || (&& (== net461) (>= net6.0)) (== net6.0) (== net6.0-windows7.0) (&& (== netstandard2.0) (>= net6.0)) (&& (== netstandard2.1) (>= net6.0))
    Xpand.XAF.Modules.SpellChecker (4.221.8) - restriction: || (&& (== net461) (>= net6.0-windows7.0)) (&& (== net6.0) (>= net6.0-windows7.0)) (== net6.0-windows7.0) (&& (== netstandard2.0) (>= net6.0-windows7.0)) (&& (== netstandard2.1) (>= net6.0-windows7.0))
      DevExpress.ExpressApp.CodeAnalysis (>= 22.1.5) - restriction: || (&& (== net461) (>= net6.0)) (== net6.0) (== net6.0-windows7.0) (&& (== netstandard2.0) (>= net6.0)) (&& (== netstandard2.1) (>= net6.0))
      DevExpress.ExpressApp.Win (>= 22.1.5) - restriction: || (&& (== net461) (>= net6.0)) (== net6.0) (== net6.0-windows7.0) (&& (== netstandard2.0) (>= net6.0)) (&& (== netstandard2.1) (>= net6.0))
      DevExpress.ExpressApp.Xpo (>= 22.1.5) - restriction: || (&& (== net461) (>= net6.0)) (== net6.0) (== net6.0-windows7.0) (&& (== netstandard2.0) (>= net6.0)) (&& (== netstandard2.1) (>= net6.0))
      DevExpress.Persistent.Base (>= 22.1.5) - restriction: || (&& (== net461) (>= net6.0)) (== net6.0) (== net6.0-windows7.0) (&& (== netstandard2.0) (>= net6.0)) (&& (== netstandard2.1) (>= net6.0))
      DevExpress.SpellChecker.Core (>= 22.1.5) - restriction: || (&& (== net461) (>= net6.0)) (== net6.0) (== net6.0-windows7.0) (&& (== netstandard2.0) (>= net6.0)) (&& (== netstandard2.1) (>= net6.0))
      DevExpress.Win.SpellChecker (>= 22.1.5) - restriction: || (&& (== net461) (>= net6.0)) (== net6.0) (== net6.0-windows7.0) (&& (== netstandard2.0) (>= net6.0)) (&& (== netstandard2.1) (>= net6.0))
      Fasterflect.Xpand (>= 2.0.7) - restriction: || (&& (== net461) (>= net6.0)) (== net6.0) (== net6.0-windows7.0) (&& (== netstandard2.0) (>= net6.0)) (&& (== netstandard2.1) (>= net6.0))
      Newtonsoft.Json (>= 13.0.1) - restriction: || (&& (== net461) (>= net6.0)) (== net6.0) (== net6.0-windows7.0) (&& (== netstandard2.0) (>= net6.0)) (&& (== netstandard2.1) (>= net6.0))
      System.Reactive (>= 5.0) - restriction: || (&& (== net461) (>= net6.0)) (== net6.0) (== net6.0-windows7.0) (&& (== netstandard2.0) (>= net6.0)) (&& (== netstandard2.1) (>= net6.0))
      Xpand.Collections (>= 1.0.4) - restriction: || (&& (== net461) (>= net6.0)) (== net6.0) (== net6.0-windows7.0) (&& (== netstandard2.0) (>= net6.0)) (&& (== netstandard2.1) (>= net6.0))
      Xpand.Extensions (>= 4.221.8) - restriction: || (&& (== net461) (>= net6.0)) (== net6.0) (== net6.0-windows7.0) (&& (== netstandard2.0) (>= net6.0)) (&& (== netstandard2.1) (>= net6.0))
      Xpand.Extensions.Reactive (>= 4.221.8) - restriction: || (&& (== net461) (>= net6.0)) (== net6.0) (== net6.0-windows7.0) (&& (== netstandard2.0) (>= net6.0)) (&& (== netstandard2.1) (>= net6.0))
      Xpand.Extensions.XAF (>= 4.221.8) - restriction: || (&& (== net461) (>= net6.0)) (== net6.0) (== net6.0-windows7.0) (&& (== netstandard2.0) (>= net6.0)) (&& (== netstandard2.1) (>= net6.0))
      Xpand.Extensions.XAF.Xpo (>= 4.221.8) - restriction: || (&& (== net461) (>= net6.0)) (== net6.0) (== net6.0-windows7.0) (&& (== netstandard2.0) (>= net6.0)) (&& (== netstandard2.1) (>= net6.0))
      Xpand.Patcher (>= 3.0.5) - restriction: || (&& (== net461) (>= net6.0)) (== net6.0) (== net6.0-windows7.0) (&& (== netstandard2.0) (>= net6.0)) (&& (== netstandard2.1) (>= net6.0))
      Xpand.XAF.Modules.Reactive (>= 4.221.8) - restriction: || (&& (== net461) (>= net6.0)) (== net6.0) (== net6.0-windows7.0) (&& (== netstandard2.0) (>= net6.0)) (&& (== netstandard2.1) (>= net6.0))
    Xpand.XAF.Modules.StoreToDisk (4.221.8) - restriction: || (&& (== net461) (>= net6.0)) (== net6.0) (== net6.0-windows7.0) (&& (== netstandard2.0) (>= net6.0)) (&& (== netstandard2.1) (>= net6.0))
      DevExpress.ExpressApp.CodeAnalysis (>= 22.1.5) - restriction: || (&& (== net461) (>= net6.0)) (== net6.0) (== net6.0-windows7.0) (&& (== netstandard2.0) (>= net6.0)) (&& (== netstandard2.1) (>= net6.0))
      DevExpress.ExpressApp.Xpo (>= 22.1.5) - restriction: || (&& (== net461) (>= net6.0)) (== net6.0) (== net6.0-windows7.0) (&& (== netstandard2.0) (>= net6.0)) (&& (== netstandard2.1) (>= net6.0))
      DevExpress.Persistent.Base (>= 22.1.5) - restriction: || (&& (== net461) (>= net6.0)) (== net6.0) (== net6.0-windows7.0) (&& (== netstandard2.0) (>= net6.0)) (&& (== netstandard2.1) (>= net6.0))
      Fasterflect.Xpand (>= 2.0.7) - restriction: || (&& (== net461) (>= net6.0)) (== net6.0) (== net6.0-windows7.0) (&& (== netstandard2.0) (>= net6.0)) (&& (== netstandard2.1) (>= net6.0))
      Newtonsoft.Json (>= 13.0.1) - restriction: || (&& (== net461) (>= net6.0)) (== net6.0) (== net6.0-windows7.0) (&& (== netstandard2.0) (>= net6.0)) (&& (== netstandard2.1) (>= net6.0))
      System.Reactive (>= 5.0) - restriction: || (&& (== net461) (>= net6.0)) (== net6.0) (== net6.0-windows7.0) (&& (== netstandard2.0) (>= net6.0)) (&& (== netstandard2.1) (>= net6.0))
      System.Security.Cryptography.ProtectedData (>= 6.0) - restriction: || (&& (== net461) (>= net6.0)) (== net6.0) (== net6.0-windows7.0) (&& (== netstandard2.0) (>= net6.0)) (&& (== netstandard2.1) (>= net6.0))
      Xpand.Collections (>= 1.0.4) - restriction: || (&& (== net461) (>= net6.0)) (== net6.0) (== net6.0-windows7.0) (&& (== netstandard2.0) (>= net6.0)) (&& (== netstandard2.1) (>= net6.0))
      Xpand.Extensions (>= 4.221.8) - restriction: || (&& (== net461) (>= net6.0)) (== net6.0) (== net6.0-windows7.0) (&& (== netstandard2.0) (>= net6.0)) (&& (== netstandard2.1) (>= net6.0))
      Xpand.Extensions.Reactive (>= 4.221.8) - restriction: || (&& (== net461) (>= net6.0)) (== net6.0) (== net6.0-windows7.0) (&& (== netstandard2.0) (>= net6.0)) (&& (== netstandard2.1) (>= net6.0))
      Xpand.Extensions.XAF (>= 4.221.8) - restriction: || (&& (== net461) (>= net6.0)) (== net6.0) (== net6.0-windows7.0) (&& (== netstandard2.0) (>= net6.0)) (&& (== netstandard2.1) (>= net6.0))
      Xpand.Extensions.XAF.Xpo (>= 4.221.8) - restriction: || (&& (== net461) (>= net6.0)) (== net6.0) (== net6.0-windows7.0) (&& (== netstandard2.0) (>= net6.0)) (&& (== netstandard2.1) (>= net6.0))
      Xpand.Patcher (>= 3.0.5) - restriction: || (&& (== net461) (>= net6.0)) (== net6.0) (== net6.0-windows7.0) (&& (== netstandard2.0) (>= net6.0)) (&& (== netstandard2.1) (>= net6.0))
      Xpand.XAF.Modules.Reactive (>= 4.221.8) - restriction: || (&& (== net461) (>= net6.0)) (== net6.0) (== net6.0-windows7.0) (&& (== netstandard2.0) (>= net6.0)) (&& (== netstandard2.1) (>= net6.0))
    Xpand.XAF.Modules.SuppressConfirmation (4.221.8)
      DevExpress.ExpressApp (>= 22.1.5) - restriction: || (&& (== net461) (>= netstandard2.0)) (== net6.0) (== net6.0-windows7.0) (== netstandard2.0) (== netstandard2.1)
      DevExpress.ExpressApp.CodeAnalysis (>= 22.1.5) - restriction: || (&& (== net461) (>= netstandard2.0)) (== net6.0) (== net6.0-windows7.0) (== netstandard2.0) (== netstandard2.1)
      Fasterflect.Xpand (>= 2.0.7) - restriction: || (&& (== net461) (>= netstandard2.0)) (== net6.0) (== net6.0-windows7.0) (== netstandard2.0) (== netstandard2.1)
      Newtonsoft.Json (>= 13.0.1) - restriction: || (&& (== net461) (>= netstandard2.0)) (== net6.0) (== net6.0-windows7.0) (== netstandard2.0) (== netstandard2.1)
      System.Reactive (>= 5.0) - restriction: || (&& (== net461) (>= netstandard2.0)) (== net6.0) (== net6.0-windows7.0) (== netstandard2.0) (== netstandard2.1)
      Xpand.Extensions (>= 4.221.8) - restriction: || (&& (== net461) (>= netstandard2.0)) (== net6.0) (== net6.0-windows7.0) (== netstandard2.0) (== netstandard2.1)
      Xpand.Extensions.Reactive (>= 4.221.8) - restriction: || (&& (== net461) (>= netstandard2.0)) (== net6.0) (== net6.0-windows7.0) (== netstandard2.0) (== netstandard2.1)
      Xpand.Extensions.XAF (>= 4.221.8) - restriction: || (&& (== net461) (>= netstandard2.0)) (== net6.0) (== net6.0-windows7.0) (== netstandard2.0) (== netstandard2.1)
      Xpand.VersionConverter (>= 4.221.8) - restriction: || (&& (== net461) (>= netstandard2.0)) (== net6.0) (== net6.0-windows7.0) (== netstandard2.0) (== netstandard2.1)
      Xpand.XAF.Modules.Reactive (>= 4.221.8) - restriction: || (&& (== net461) (>= netstandard2.0)) (== net6.0) (== net6.0-windows7.0) (== netstandard2.0) (== netstandard2.1)
    Xpand.XAF.Modules.TenantManager (4.221.8) - restriction: || (&& (== net461) (>= net6.0)) (== net6.0) (== net6.0-windows7.0) (&& (== netstandard2.0) (>= net6.0)) (&& (== netstandard2.1) (>= net6.0))
      DevExpress.ExpressApp.Blazor (>= 22.1.5) - restriction: || (&& (== net461) (>= net6.0)) (== net6.0) (== net6.0-windows7.0) (&& (== netstandard2.0) (>= net6.0)) (&& (== netstandard2.1) (>= net6.0))
      DevExpress.ExpressApp.CodeAnalysis (>= 22.1.5) - restriction: || (&& (== net461) (>= net6.0)) (== net6.0) (== net6.0-windows7.0) (&& (== netstandard2.0) (>= net6.0)) (&& (== netstandard2.1) (>= net6.0))
      DevExpress.ExpressApp.Security (>= 22.1.5) - restriction: || (&& (== net461) (>= net6.0)) (== net6.0) (== net6.0-windows7.0) (&& (== netstandard2.0) (>= net6.0)) (&& (== netstandard2.1) (>= net6.0))
      DevExpress.ExpressApp.Xpo (>= 22.1.5) - restriction: || (&& (== net461) (>= net6.0)) (== net6.0) (== net6.0-windows7.0) (&& (== netstandard2.0) (>= net6.0)) (&& (== netstandard2.1) (>= net6.0))
      DevExpress.Persistent.Base (>= 22.1.5) - restriction: || (&& (== net461) (>= net6.0)) (== net6.0) (== net6.0-windows7.0) (&& (== netstandard2.0) (>= net6.0)) (&& (== netstandard2.1) (>= net6.0))
      Fasterflect.Xpand (>= 2.0.7) - restriction: || (&& (== net461) (>= net6.0)) (== net6.0) (== net6.0-windows7.0) (&& (== netstandard2.0) (>= net6.0)) (&& (== netstandard2.1) (>= net6.0))
      Newtonsoft.Json (>= 13.0.1) - restriction: || (&& (== net461) (>= net6.0)) (== net6.0) (== net6.0-windows7.0) (&& (== netstandard2.0) (>= net6.0)) (&& (== netstandard2.1) (>= net6.0))
      System.Reactive (>= 5.0) - restriction: || (&& (== net461) (>= net6.0)) (== net6.0) (== net6.0-windows7.0) (&& (== netstandard2.0) (>= net6.0)) (&& (== netstandard2.1) (>= net6.0))
      Xpand.Collections (>= 1.0.4) - restriction: || (&& (== net461) (>= net6.0)) (== net6.0) (== net6.0-windows7.0) (&& (== netstandard2.0) (>= net6.0)) (&& (== netstandard2.1) (>= net6.0))
      Xpand.Extensions (>= 4.221.8) - restriction: || (&& (== net461) (>= net6.0)) (== net6.0) (== net6.0-windows7.0) (&& (== netstandard2.0) (>= net6.0)) (&& (== netstandard2.1) (>= net6.0))
      Xpand.Extensions.Blazor (>= 4.221.8) - restriction: || (&& (== net461) (>= net6.0)) (== net6.0) (== net6.0-windows7.0) (&& (== netstandard2.0) (>= net6.0)) (&& (== netstandard2.1) (>= net6.0))
      Xpand.Extensions.Reactive (>= 4.221.8) - restriction: || (&& (== net461) (>= net6.0)) (== net6.0) (== net6.0-windows7.0) (&& (== netstandard2.0) (>= net6.0)) (&& (== netstandard2.1) (>= net6.0))
      Xpand.Extensions.XAF (>= 4.221.8) - restriction: || (&& (== net461) (>= net6.0)) (== net6.0) (== net6.0-windows7.0) (&& (== netstandard2.0) (>= net6.0)) (&& (== netstandard2.1) (>= net6.0))
      Xpand.Extensions.XAF.Xpo (>= 4.221.8) - restriction: || (&& (== net461) (>= net6.0)) (== net6.0) (== net6.0-windows7.0) (&& (== netstandard2.0) (>= net6.0)) (&& (== netstandard2.1) (>= net6.0))
      Xpand.Patcher (>= 3.0.5) - restriction: || (&& (== net461) (>= net6.0)) (== net6.0) (== net6.0-windows7.0) (&& (== netstandard2.0) (>= net6.0)) (&& (== netstandard2.1) (>= net6.0))
      Xpand.XAF.Modules.Blazor (>= 4.221.8) - restriction: || (&& (== net461) (>= net6.0)) (== net6.0) (== net6.0-windows7.0) (&& (== netstandard2.0) (>= net6.0)) (&& (== netstandard2.1) (>= net6.0))
      Xpand.XAF.Modules.Reactive (>= 4.221.8) - restriction: || (&& (== net461) (>= net6.0)) (== net6.0) (== net6.0-windows7.0) (&& (== netstandard2.0) (>= net6.0)) (&& (== netstandard2.1) (>= net6.0))
    Xpand.XAF.Modules.ViewEditMode (4.221.8)
      DevExpress.ExpressApp (>= 22.1.5) - restriction: || (&& (== net461) (>= netstandard2.0)) (== net6.0) (== net6.0-windows7.0) (== netstandard2.0) (== netstandard2.1)
      DevExpress.ExpressApp.CodeAnalysis (>= 22.1.5) - restriction: || (&& (== net461) (>= netstandard2.0)) (== net6.0) (== net6.0-windows7.0) (== netstandard2.0) (== netstandard2.1)
      Fasterflect.Xpand (>= 2.0.7) - restriction: || (&& (== net461) (>= netstandard2.0)) (== net6.0) (== net6.0-windows7.0) (== netstandard2.0) (== netstandard2.1)
      Newtonsoft.Json (>= 13.0.1) - restriction: || (&& (== net461) (>= netstandard2.0)) (== net6.0) (== net6.0-windows7.0) (== netstandard2.0) (== netstandard2.1)
      System.Reactive (>= 5.0) - restriction: || (&& (== net461) (>= netstandard2.0)) (== net6.0) (== net6.0-windows7.0) (== netstandard2.0) (== netstandard2.1)
      Xpand.Extensions (>= 4.221.8) - restriction: || (&& (== net461) (>= netstandard2.0)) (== net6.0) (== net6.0-windows7.0) (== netstandard2.0) (== netstandard2.1)
      Xpand.Extensions.Reactive (>= 4.221.8) - restriction: || (&& (== net461) (>= netstandard2.0)) (== net6.0) (== net6.0-windows7.0) (== netstandard2.0) (== netstandard2.1)
      Xpand.Extensions.XAF (>= 4.221.8) - restriction: || (&& (== net461) (>= netstandard2.0)) (== net6.0) (== net6.0-windows7.0) (== netstandard2.0) (== netstandard2.1)
      Xpand.VersionConverter (>= 4.221.8) - restriction: || (&& (== net461) (>= netstandard2.0)) (== net6.0) (== net6.0-windows7.0) (== netstandard2.0) (== netstandard2.1)
      Xpand.XAF.Modules.Reactive (>= 4.221.8) - restriction: || (&& (== net461) (>= netstandard2.0)) (== net6.0) (== net6.0-windows7.0) (== netstandard2.0) (== netstandard2.1)
    Xpand.XAF.Modules.ViewItemValue (4.221.8)
      DevExpress.ExpressApp.CodeAnalysis (>= 22.1.5) - restriction: || (&& (== net461) (>= netstandard2.0)) (== net6.0) (== net6.0-windows7.0) (== netstandard2.0) (== netstandard2.1)
      DevExpress.ExpressApp.Validation (>= 22.1.5) - restriction: || (&& (== net461) (>= netstandard2.0)) (== net6.0) (== net6.0-windows7.0) (== netstandard2.0) (== netstandard2.1)
      Fasterflect.Xpand (>= 2.0.7) - restriction: || (&& (== net461) (>= netstandard2.0)) (== net6.0) (== net6.0-windows7.0) (== netstandard2.0) (== netstandard2.1)
      Newtonsoft.Json (>= 13.0.1) - restriction: || (&& (== net461) (>= netstandard2.0)) (== net6.0) (== net6.0-windows7.0) (== netstandard2.0) (== netstandard2.1)
      System.Interactive (>= 5.0) - restriction: || (&& (== net461) (>= netstandard2.0)) (== net6.0) (== net6.0-windows7.0) (== netstandard2.0) (== netstandard2.1)
      System.Reactive (>= 5.0) - restriction: || (&& (== net461) (>= netstandard2.0)) (== net6.0) (== net6.0-windows7.0) (== netstandard2.0) (== netstandard2.1)
      Xpand.Extensions (>= 4.221.8) - restriction: || (&& (== net461) (>= netstandard2.0)) (== net6.0) (== net6.0-windows7.0) (== netstandard2.0) (== netstandard2.1)
      Xpand.Extensions.Reactive (>= 4.221.8) - restriction: || (&& (== net461) (>= netstandard2.0)) (== net6.0) (== net6.0-windows7.0) (== netstandard2.0) (== netstandard2.1)
      Xpand.Extensions.XAF (>= 4.221.8) - restriction: || (&& (== net461) (>= netstandard2.0)) (== net6.0) (== net6.0-windows7.0) (== netstandard2.0) (== netstandard2.1)
      Xpand.Extensions.XAF.Xpo (>= 4.221.8) - restriction: || (&& (== net461) (>= netstandard2.0)) (== net6.0) (== net6.0-windows7.0) (== netstandard2.0) (== netstandard2.1)
      Xpand.VersionConverter (>= 4.221.8) - restriction: || (&& (== net461) (>= netstandard2.0)) (== net6.0) (== net6.0-windows7.0) (== netstandard2.0) (== netstandard2.1)
      Xpand.XAF.Modules.Reactive (>= 4.221.8) - restriction: || (&& (== net461) (>= netstandard2.0)) (== net6.0) (== net6.0-windows7.0) (== netstandard2.0) (== netstandard2.1)
    Xpand.XAF.Modules.ViewWizard (4.221.8)
      DevExpress.ExpressApp (>= 22.1.5) - restriction: || (&& (== net461) (>= netstandard2.0)) (== net6.0) (== net6.0-windows7.0) (== netstandard2.0) (== netstandard2.1)
      DevExpress.ExpressApp.CodeAnalysis (>= 22.1.5) - restriction: || (&& (== net461) (>= netstandard2.0)) (== net6.0) (== net6.0-windows7.0) (== netstandard2.0) (== netstandard2.1)
      DevExpress.Xpo (>= 22.1.5) - restriction: || (&& (== net461) (>= netstandard2.0)) (== net6.0) (== net6.0-windows7.0) (== netstandard2.0) (== netstandard2.1)
      Fasterflect.Xpand (>= 2.0.7) - restriction: || (&& (== net461) (>= netstandard2.0)) (== net6.0) (== net6.0-windows7.0) (== netstandard2.0) (== netstandard2.1)
      Newtonsoft.Json (>= 13.0.1) - restriction: || (&& (== net461) (>= netstandard2.0)) (== net6.0) (== net6.0-windows7.0) (== netstandard2.0) (== netstandard2.1)
      System.Interactive (>= 5.0) - restriction: || (&& (== net461) (>= netstandard2.0)) (== net6.0) (== net6.0-windows7.0) (== netstandard2.0) (== netstandard2.1)
      System.Reactive (>= 5.0) - restriction: || (&& (== net461) (>= netstandard2.0)) (== net6.0) (== net6.0-windows7.0) (== netstandard2.0) (== netstandard2.1)
      Xpand.Extensions (>= 4.221.8) - restriction: || (&& (== net461) (>= netstandard2.0)) (== net6.0) (== net6.0-windows7.0) (== netstandard2.0) (== netstandard2.1)
      Xpand.Extensions.Reactive (>= 4.221.8) - restriction: || (&& (== net461) (>= netstandard2.0)) (== net6.0) (== net6.0-windows7.0) (== netstandard2.0) (== netstandard2.1)
      Xpand.Extensions.XAF (>= 4.221.8) - restriction: || (&& (== net461) (>= netstandard2.0)) (== net6.0) (== net6.0-windows7.0) (== netstandard2.0) (== netstandard2.1)
      Xpand.Extensions.XAF.Xpo (>= 4.221.8) - restriction: || (&& (== net461) (>= netstandard2.0)) (== net6.0) (== net6.0-windows7.0) (== netstandard2.0) (== netstandard2.1)
      Xpand.VersionConverter (>= 4.221.8) - restriction: || (&& (== net461) (>= netstandard2.0)) (== net6.0) (== net6.0-windows7.0) (== netstandard2.0) (== netstandard2.1)
      Xpand.XAF.Modules.Reactive (>= 4.221.8) - restriction: || (&& (== net461) (>= netstandard2.0)) (== net6.0) (== net6.0-windows7.0) (== netstandard2.0) (== netstandard2.1)
    Xpand.XAF.Modules.Windows (4.221.8) - restriction: || (== net461) (&& (== net6.0) (>= net461)) (&& (== net6.0) (>= net6.0-windows7.0)) (== net6.0-windows7.0) (&& (== netstandard2.0) (>= net461)) (&& (== netstandard2.0) (>= net6.0-windows7.0)) (&& (== netstandard2.1) (>= net461)) (&& (== netstandard2.1) (>= net6.0-windows7.0))
      DevExpress.ExpressApp.CodeAnalysis (>= 22.1.5) - restriction: || (== net461) (== net6.0) (== net6.0-windows7.0) (&& (== netstandard2.0) (>= net461)) (&& (== netstandard2.0) (>= net6.0)) (&& (== netstandard2.1) (>= net461)) (&& (== netstandard2.1) (>= net6.0))
      DevExpress.ExpressApp.Win (>= 22.1.5) - restriction: || (== net461) (== net6.0) (== net6.0-windows7.0) (&& (== netstandard2.0) (>= net461)) (&& (== netstandard2.0) (>= net6.0)) (&& (== netstandard2.1) (>= net461)) (&& (== netstandard2.1) (>= net6.0))
      Enums.NET (>= 4.0) - restriction: || (== net461) (== net6.0) (== net6.0-windows7.0) (&& (== netstandard2.0) (>= net461)) (&& (== netstandard2.0) (>= net6.0)) (&& (== netstandard2.1) (>= net461)) (&& (== netstandard2.1) (>= net6.0))
      Fasterflect.Xpand (>= 2.0.7) - restriction: || (== net461) (== net6.0) (== net6.0-windows7.0) (&& (== netstandard2.0) (>= net461)) (&& (== netstandard2.0) (>= net6.0)) (&& (== netstandard2.1) (>= net461)) (&& (== netstandard2.1) (>= net6.0))
      Microsoft.VisualBasic (>= 10.3) - restriction: || (== net461) (== net6.0) (== net6.0-windows7.0) (&& (== netstandard2.0) (>= net461)) (&& (== netstandard2.0) (>= net6.0)) (&& (== netstandard2.1) (>= net461)) (&& (== netstandard2.1) (>= net6.0))
      Newtonsoft.Json (>= 13.0.1) - restriction: || (== net461) (== net6.0) (== net6.0-windows7.0) (&& (== netstandard2.0) (>= net461)) (&& (== netstandard2.0) (>= net6.0)) (&& (== netstandard2.1) (>= net461)) (&& (== netstandard2.1) (>= net6.0))
      System.Reactive (>= 5.0) - restriction: || (== net461) (== net6.0) (== net6.0-windows7.0) (&& (== netstandard2.0) (>= net461)) (&& (== netstandard2.0) (>= net6.0)) (&& (== netstandard2.1) (>= net461)) (&& (== netstandard2.1) (>= net6.0))
      Xpand.Extensions (>= 4.221.8) - restriction: || (== net461) (== net6.0) (== net6.0-windows7.0) (&& (== netstandard2.0) (>= net461)) (&& (== netstandard2.0) (>= net6.0)) (&& (== netstandard2.1) (>= net461)) (&& (== netstandard2.1) (>= net6.0))
      Xpand.Extensions.Reactive (>= 4.221.8) - restriction: || (== net461) (== net6.0) (== net6.0-windows7.0) (&& (== netstandard2.0) (>= net461)) (&& (== netstandard2.0) (>= net6.0)) (&& (== netstandard2.1) (>= net461)) (&& (== netstandard2.1) (>= net6.0))
      Xpand.Extensions.XAF (>= 4.221.8) - restriction: || (== net461) (== net6.0) (== net6.0-windows7.0) (&& (== netstandard2.0) (>= net461)) (&& (== netstandard2.0) (>= net6.0)) (&& (== netstandard2.1) (>= net461)) (&& (== netstandard2.1) (>= net6.0))
      Xpand.Patcher (>= 3.0.5) - restriction: || (== net461) (== net6.0) (== net6.0-windows7.0) (&& (== netstandard2.0) (>= net461)) (&& (== netstandard2.0) (>= net6.0)) (&& (== netstandard2.1) (>= net461)) (&& (== netstandard2.1) (>= net6.0))
      Xpand.XAF.Modules.Reactive (>= 4.221.8) - restriction: || (== net461) (== net6.0) (== net6.0-windows7.0) (&& (== netstandard2.0) (>= net461)) (&& (== netstandard2.0) (>= net6.0)) (&& (== netstandard2.1) (>= net461)) (&& (== netstandard2.1) (>= net6.0))
    Xpand.XAF.Web.All (4.221.8)
      Xpand.Extensions (>= 4.221.8)
      Xpand.Extensions.Blazor (>= 4.221.8) - restriction: || (&& (== net461) (>= net6.0)) (== net6.0) (== net6.0-windows7.0) (&& (== netstandard2.0) (>= net6.0)) (&& (== netstandard2.1) (>= net6.0))
      Xpand.Extensions.Mono.Cecil (>= 4.221.8)
      Xpand.Extensions.Office.Cloud (>= 4.221.8)
      Xpand.Extensions.Office.Cloud.Google.Blazor (>= 4.221.8) - restriction: || (&& (== net461) (>= net6.0)) (== net6.0) (== net6.0-windows7.0) (&& (== netstandard2.0) (>= net6.0)) (&& (== netstandard2.1) (>= net6.0))
      Xpand.Extensions.Reactive (>= 4.221.8)
      Xpand.Extensions.XAF (>= 4.221.8)
      Xpand.Extensions.XAF.Xpo (>= 4.221.8)
      Xpand.XAF.Modules.AutoCommit (>= 4.221.8)
      Xpand.XAF.Modules.Blazor (>= 4.221.8) - restriction: || (&& (== net461) (>= net6.0)) (== net6.0) (== net6.0-windows7.0) (&& (== netstandard2.0) (>= net6.0)) (&& (== netstandard2.1) (>= net6.0))
      Xpand.XAF.Modules.BulkObjectUpdate (>= 4.221.8) - restriction: || (&& (== net461) (>= net6.0)) (== net6.0) (== net6.0-windows7.0) (&& (== netstandard2.0) (>= net6.0)) (&& (== netstandard2.1) (>= net6.0))
      Xpand.XAF.Modules.CloneMemberValue (>= 4.221.8)
      Xpand.XAF.Modules.CloneModelView (>= 4.221.8)
      Xpand.XAF.Modules.Email (>= 4.221.8) - restriction: || (&& (== net461) (>= net6.0)) (== net6.0) (== net6.0-windows7.0) (&& (== netstandard2.0) (>= net6.0)) (&& (== netstandard2.1) (>= net6.0))
      Xpand.XAF.Modules.HideToolBar (>= 4.221.8)
      Xpand.XAF.Modules.JobScheduler.Hangfire (>= 4.221.8) - restriction: || (&& (== net461) (>= net6.0)) (== net6.0) (== net6.0-windows7.0) (&& (== netstandard2.0) (>= net6.0)) (&& (== netstandard2.1) (>= net6.0))
      Xpand.XAF.Modules.JobScheduler.Notification (>= 4.221.8) - restriction: || (&& (== net461) (>= net6.0)) (== net6.0) (== net6.0-windows7.0) (&& (== netstandard2.0) (>= net6.0)) (&& (== netstandard2.1) (>= net6.0))
      Xpand.XAF.Modules.MasterDetail (>= 4.221.8)
      Xpand.XAF.Modules.ModelMapper (>= 4.221.8)
      Xpand.XAF.Modules.ModelViewInheritance (>= 4.221.8)
      Xpand.XAF.Modules.Office.Cloud.Google (>= 4.221.8)
      Xpand.XAF.Modules.Office.Cloud.Google.Calendar (>= 4.221.8)
      Xpand.XAF.Modules.Office.Cloud.Google.Tasks (>= 4.221.8)
      Xpand.XAF.Modules.Office.Cloud.Microsoft (>= 4.221.8) - restriction: || (== net461) (&& (== net6.0) (>= net461)) (&& (== net6.0-windows7.0) (>= net461)) (&& (== netstandard2.0) (>= net461)) (&& (== netstandard2.1) (>= net461))
      Xpand.XAF.Modules.Office.Cloud.Microsoft.Calendar (>= 4.221.8) - restriction: || (== net461) (&& (== net6.0) (>= net461)) (&& (== net6.0-windows7.0) (>= net461)) (&& (== netstandard2.0) (>= net461)) (&& (== netstandard2.1) (>= net461))
      Xpand.XAF.Modules.Office.Cloud.Microsoft.Todo (>= 4.221.8) - restriction: || (== net461) (&& (== net6.0) (>= net461)) (&& (== net6.0-windows7.0) (>= net461)) (&& (== netstandard2.0) (>= net461)) (&& (== netstandard2.1) (>= net461))
      Xpand.XAF.Modules.Office.DocumentStyleManager (>= 4.221.8) - restriction: || (&& (== net461) (>= net6.0-windows7.0)) (&& (== net6.0) (>= net6.0-windows7.0)) (== net6.0-windows7.0) (&& (== netstandard2.0) (>= net6.0-windows7.0)) (&& (== netstandard2.1) (>= net6.0-windows7.0))
      Xpand.XAF.Modules.PositionInListView (>= 4.221.8)
      Xpand.XAF.Modules.ProgressBarViewItem (>= 4.221.8)
      Xpand.XAF.Modules.RazorView (>= 4.221.8) - restriction: || (&& (== net461) (>= net6.0)) (== net6.0) (== net6.0-windows7.0) (&& (== netstandard2.0) (>= net6.0)) (&& (== netstandard2.1) (>= net6.0))
      Xpand.XAF.Modules.Reactive (>= 4.221.8)
      Xpand.XAF.Modules.Reactive.Logger (>= 4.221.8)
      Xpand.XAF.Modules.Reactive.Logger.Hub (>= 4.221.8)
      Xpand.XAF.Modules.Reactive.Rest (>= 4.221.8) - restriction: || (&& (== net461) (>= net6.0)) (== net6.0) (== net6.0-windows7.0) (&& (== netstandard2.0) (>= net6.0)) (&& (== netstandard2.1) (>= net6.0))
      Xpand.XAF.Modules.RefreshView (>= 4.221.8)
      Xpand.XAF.Modules.SequenceGenerator (>= 4.221.8)
      Xpand.XAF.Modules.StoreToDisk (>= 4.221.8) - restriction: || (&& (== net461) (>= net6.0)) (== net6.0) (== net6.0-windows7.0) (&& (== netstandard2.0) (>= net6.0)) (&& (== netstandard2.1) (>= net6.0))
      Xpand.XAF.Modules.SuppressConfirmation (>= 4.221.8)
      Xpand.XAF.Modules.TenantManager (>= 4.221.8) - restriction: || (&& (== net461) (>= net6.0)) (== net6.0) (== net6.0-windows7.0) (&& (== netstandard2.0) (>= net6.0)) (&& (== netstandard2.1) (>= net6.0))
      Xpand.XAF.Modules.ViewEditMode (>= 4.221.8)
      Xpand.XAF.Modules.ViewItemValue (>= 4.221.8)
      Xpand.XAF.Modules.ViewWizard (>= 4.221.8)
    Xpand.XAF.Win.All (4.221.8)
      Xpand.Extensions (>= 4.221.8)
      Xpand.Extensions.Mono.Cecil (>= 4.221.8)
      Xpand.Extensions.Office.Cloud (>= 4.221.8)
      Xpand.Extensions.Reactive (>= 4.221.8)
      Xpand.Extensions.XAF (>= 4.221.8)
      Xpand.Extensions.XAF.Xpo (>= 4.221.8)
      Xpand.XAF.Modules.AutoCommit (>= 4.221.8)
      Xpand.XAF.Modules.BulkObjectUpdate (>= 4.221.8) - restriction: || (&& (== net461) (>= net6.0)) (== net6.0) (== net6.0-windows7.0) (&& (== netstandard2.0) (>= net6.0)) (&& (== netstandard2.1) (>= net6.0))
      Xpand.XAF.Modules.CloneMemberValue (>= 4.221.8)
      Xpand.XAF.Modules.CloneModelView (>= 4.221.8)
      Xpand.XAF.Modules.Email (>= 4.221.8) - restriction: || (&& (== net461) (>= net6.0)) (== net6.0) (== net6.0-windows7.0) (&& (== netstandard2.0) (>= net6.0)) (&& (== netstandard2.1) (>= net6.0))
      Xpand.XAF.Modules.GridListEditor (>= 4.221.8)
      Xpand.XAF.Modules.HideToolBar (>= 4.221.8)
      Xpand.XAF.Modules.MasterDetail (>= 4.221.8)
      Xpand.XAF.Modules.ModelMapper (>= 4.221.8)
      Xpand.XAF.Modules.ModelViewInheritance (>= 4.221.8)
      Xpand.XAF.Modules.Office.Cloud.Google (>= 4.221.8)
      Xpand.XAF.Modules.Office.Cloud.Google.Calendar (>= 4.221.8)
      Xpand.XAF.Modules.Office.Cloud.Google.Tasks (>= 4.221.8)
      Xpand.XAF.Modules.Office.Cloud.Microsoft (>= 4.221.8) - restriction: || (== net461) (&& (== net6.0) (>= net461)) (&& (== net6.0-windows7.0) (>= net461)) (&& (== netstandard2.0) (>= net461)) (&& (== netstandard2.1) (>= net461))
      Xpand.XAF.Modules.Office.Cloud.Microsoft.Calendar (>= 4.221.8) - restriction: || (== net461) (&& (== net6.0) (>= net461)) (&& (== net6.0-windows7.0) (>= net461)) (&& (== netstandard2.0) (>= net461)) (&& (== netstandard2.1) (>= net461))
      Xpand.XAF.Modules.Office.Cloud.Microsoft.Todo (>= 4.221.8) - restriction: || (== net461) (&& (== net6.0) (>= net461)) (&& (== net6.0-windows7.0) (>= net461)) (&& (== netstandard2.0) (>= net461)) (&& (== netstandard2.1) (>= net461))
      Xpand.XAF.Modules.Office.DocumentStyleManager (>= 4.221.8) - restriction: || (&& (== net461) (>= net6.0-windows7.0)) (&& (== net6.0) (>= net6.0-windows7.0)) (== net6.0-windows7.0) (&& (== netstandard2.0) (>= net6.0-windows7.0)) (&& (== netstandard2.1) (>= net6.0-windows7.0))
      Xpand.XAF.Modules.OneView (>= 4.221.8) - restriction: || (&& (== net461) (>= net6.0-windows7.0)) (&& (== net6.0) (>= net6.0-windows7.0)) (== net6.0-windows7.0) (&& (== netstandard2.0) (>= net6.0-windows7.0)) (&& (== netstandard2.1) (>= net6.0-windows7.0))
      Xpand.XAF.Modules.PositionInListView (>= 4.221.8)
      Xpand.XAF.Modules.ProgressBarViewItem (>= 4.221.8)
      Xpand.XAF.Modules.RazorView (>= 4.221.8) - restriction: || (&& (== net461) (>= net6.0)) (== net6.0) (== net6.0-windows7.0) (&& (== netstandard2.0) (>= net6.0)) (&& (== netstandard2.1) (>= net6.0))
      Xpand.XAF.Modules.Reactive (>= 4.221.8)
      Xpand.XAF.Modules.Reactive.Logger (>= 4.221.8)
      Xpand.XAF.Modules.Reactive.Logger.Hub (>= 4.221.8)
      Xpand.XAF.Modules.Reactive.Rest (>= 4.221.8) - restriction: || (&& (== net461) (>= net6.0)) (== net6.0) (== net6.0-windows7.0) (&& (== netstandard2.0) (>= net6.0)) (&& (== netstandard2.1) (>= net6.0))
      Xpand.XAF.Modules.RefreshView (>= 4.221.8)
      Xpand.XAF.Modules.SequenceGenerator (>= 4.221.8)
      Xpand.XAF.Modules.Speech (>= 4.221.8) - restriction: || (&& (== net461) (>= net6.0-windows7.0)) (&& (== net6.0) (>= net6.0-windows7.0)) (== net6.0-windows7.0) (&& (== netstandard2.0) (>= net6.0-windows7.0)) (&& (== netstandard2.1) (>= net6.0-windows7.0))
      Xpand.XAF.Modules.SpellChecker (>= 4.221.8) - restriction: || (&& (== net461) (>= net6.0-windows7.0)) (&& (== net6.0) (>= net6.0-windows7.0)) (== net6.0-windows7.0) (&& (== netstandard2.0) (>= net6.0-windows7.0)) (&& (== netstandard2.1) (>= net6.0-windows7.0))
      Xpand.XAF.Modules.StoreToDisk (>= 4.221.8) - restriction: || (&& (== net461) (>= net6.0)) (== net6.0) (== net6.0-windows7.0) (&& (== netstandard2.0) (>= net6.0)) (&& (== netstandard2.1) (>= net6.0))
      Xpand.XAF.Modules.SuppressConfirmation (>= 4.221.8)
      Xpand.XAF.Modules.ViewEditMode (>= 4.221.8)
      Xpand.XAF.Modules.ViewItemValue (>= 4.221.8)
      Xpand.XAF.Modules.ViewWizard (>= 4.221.8)
      Xpand.XAF.Modules.Windows (>= 4.221.8) - restriction: || (== net461) (&& (== net6.0) (>= net461)) (&& (== net6.0) (>= net6.0-windows7.0)) (== net6.0-windows7.0) (&& (== netstandard2.0) (>= net461)) (&& (== netstandard2.0) (>= net6.0-windows7.0)) (&& (== netstandard2.1) (>= net461)) (&& (== netstandard2.1) (>= net6.0-windows7.0))
    YamlDotNet (11.2.1) - restriction: || (&& (== net461) (>= netstandard2.0)) (== net6.0) (== net6.0-windows7.0) (== netstandard2.0) (== netstandard2.1)
  remote: C:\Program Files (x86)\DevExpress 22.1\Components\System\Components\Packages
    DevExpress.Blazor (22.1.5) - restriction: || (&& (== net461) (>= net6.0)) (== net6.0) (== net6.0-windows7.0) (&& (== netstandard2.0) (>= net6.0)) (&& (== netstandard2.1) (>= net6.0))
      DevExpress.Blazor.Themes (22.1.5) - restriction: || (&& (== net461) (>= net6.0)) (== net6.0) (== net6.0-windows7.0) (&& (== netstandard2.0) (>= net6.0)) (&& (== netstandard2.1) (>= net6.0))
      DevExpress.Data (22.1.5) - restriction: || (&& (== net461) (>= net6.0)) (== net6.0) (== net6.0-windows7.0) (&& (== netstandard2.0) (>= net6.0)) (&& (== netstandard2.1) (>= net6.0))
      DevExtreme.AspNet.Data (>= 2.8.6) - restriction: || (&& (== net461) (>= net6.0)) (== net6.0) (== net6.0-windows7.0) (&& (== netstandard2.0) (>= net6.0)) (&& (== netstandard2.1) (>= net6.0))
      Microsoft.AspNetCore.Components.Web (>= 6.0) - restriction: || (&& (== net461) (>= net6.0)) (== net6.0) (== net6.0-windows7.0) (&& (== netstandard2.0) (>= net6.0)) (&& (== netstandard2.1) (>= net6.0))
      System.Drawing.Common (>= 5.0) - restriction: || (&& (== net461) (>= net6.0)) (== net6.0) (== net6.0-windows7.0) (&& (== netstandard2.0) (>= net6.0)) (&& (== netstandard2.1) (>= net6.0))
      System.Reactive (>= 5.0) - restriction: || (&& (== net461) (>= net6.0)) (== net6.0) (== net6.0-windows7.0) (&& (== netstandard2.0) (>= net6.0)) (&& (== netstandard2.1) (>= net6.0))
    DevExpress.Blazor.Themes (22.1.5) - restriction: || (&& (== net461) (>= net6.0)) (== net6.0) (== net6.0-windows7.0) (&& (== netstandard2.0) (>= net6.0)) (&& (== netstandard2.1) (>= net6.0))
    DevExpress.Charts (22.1.5)
      DevExpress.Charts.Core (22.1.5)
      DevExpress.Data (22.1.5)
      DevExpress.DataVisualization.Core (22.1.5)
      DevExpress.Drawing (22.1.5)
      DevExpress.Printing.Core (22.1.5)
      NETStandard.Library (>= 2.0.3) - restriction: || (&& (== net461) (< net452) (>= netstandard2.0)) (== net6.0) (== net6.0-windows7.0) (== netstandard2.0) (== netstandard2.1)
      System.Drawing.Common (>= 4.5) - restriction: || (&& (== net461) (< net452) (>= netstandard2.0)) (== net6.0) (== net6.0-windows7.0) (== netstandard2.0) (== netstandard2.1)
    DevExpress.Charts.Core (22.1.5)
      DevExpress.Data (22.1.5)
      NETStandard.Library (>= 2.0.3) - restriction: || (&& (== net461) (< net452) (>= netstandard2.0)) (== net6.0) (== net6.0-windows7.0) (== netstandard2.0) (== netstandard2.1)
    DevExpress.CodeParser (22.1.5)
      DevExpress.Data (22.1.5)
    DevExpress.Dashboard.Core (22.1.5)
      DevExpress.Charts (22.1.5)
      DevExpress.Charts.Core (22.1.5)
      DevExpress.Data (22.1.5)
      DevExpress.DataAccess (22.1.5)
      DevExpress.Drawing (22.1.5)
      DevExpress.Gauges.Core (22.1.5)
      DevExpress.Map.Core (22.1.5)
      DevExpress.Office.Core (22.1.5)
      DevExpress.PivotGrid.Core (22.1.5)
      DevExpress.Printing.Core (22.1.5)
      DevExpress.Reporting.Core (22.1.5)
      DevExpress.RichEdit.Core (22.1.5)
      DevExpress.Sparkline.Core (22.1.5)
      DevExpress.TreeMap (22.1.5)
      DevExpress.TreeMap.Core (22.1.5)
      DevExpress.Xpo (22.1.5)
      NETStandard.Library (>= 2.0.3) - restriction: || (&& (== net461) (< net452) (>= netstandard2.0)) (== net6.0) (== net6.0-windows7.0) (== netstandard2.0) (== netstandard2.1)
      System.Drawing.Common (>= 4.5) - restriction: || (&& (== net461) (< net452) (>= netstandard2.0)) (== net6.0) (== net6.0-windows7.0) (== netstandard2.0) (== netstandard2.1)
    DevExpress.Data.Desktop (22.1.5) - restriction: || (== net461) (&& (== net6.0) (>= net452)) (&& (== net6.0) (>= net6.0-windows7.0)) (== net6.0-windows7.0) (&& (== netstandard2.0) (>= net452)) (&& (== netstandard2.0) (>= net6.0-windows7.0)) (&& (== netstandard2.1) (>= net452)) (&& (== netstandard2.1) (>= net6.0-windows7.0))
      DevExpress.Data (22.1.5) - restriction: || (== net461) (== net6.0) (== net6.0-windows7.0) (&& (== netstandard2.0) (>= net452)) (&& (== netstandard2.0) (>= netcoreapp3.0)) (&& (== netstandard2.1) (>= net452)) (&& (== netstandard2.1) (>= netcoreapp3.0))
    DevExpress.DataAccess (22.1.5)
      DevExpress.CodeParser (22.1.5)
      DevExpress.Data (22.1.5)
      DevExpress.Office.Core (22.1.5)
      DevExpress.Printing.Core (22.1.5)
      DevExpress.RichEdit.Core (22.1.5)
      DevExpress.Xpo (22.1.5)
    DevExpress.DataAccess.UI (22.1.5) - restriction: || (== net461) (&& (== net6.0) (>= net452)) (&& (== net6.0) (>= net6.0-windows7.0)) (== net6.0-windows7.0) (&& (== netstandard2.0) (>= net452)) (&& (== netstandard2.0) (>= net6.0-windows7.0)) (&& (== netstandard2.1) (>= net452)) (&& (== netstandard2.1) (>= net6.0-windows7.0))
      DevExpress.CodeParser (22.1.5) - restriction: || (== net461) (== net6.0) (== net6.0-windows7.0) (&& (== netstandard2.0) (>= net452)) (&& (== netstandard2.0) (>= netcoreapp3.0)) (&& (== netstandard2.1) (>= net452)) (&& (== netstandard2.1) (>= netcoreapp3.0))
      DevExpress.Data (22.1.5) - restriction: || (== net461) (== net6.0) (== net6.0-windows7.0) (&& (== netstandard2.0) (>= net452)) (&& (== netstandard2.0) (>= netcoreapp3.0)) (&& (== netstandard2.1) (>= net452)) (&& (== netstandard2.1) (>= netcoreapp3.0))
      DevExpress.Data.Desktop (22.1.5) - restriction: || (== net461) (== net6.0) (== net6.0-windows7.0) (&& (== netstandard2.0) (>= net452)) (&& (== netstandard2.0) (>= netcoreapp3.0)) (&& (== netstandard2.1) (>= net452)) (&& (== netstandard2.1) (>= netcoreapp3.0))
      DevExpress.DataAccess (22.1.5) - restriction: || (== net461) (== net6.0) (== net6.0-windows7.0) (&& (== netstandard2.0) (>= net452)) (&& (== netstandard2.0) (>= netcoreapp3.0)) (&& (== netstandard2.1) (>= net452)) (&& (== netstandard2.1) (>= netcoreapp3.0))
      DevExpress.Diagram.Core (22.1.5) - restriction: || (== net461) (== net6.0) (== net6.0-windows7.0) (&& (== netstandard2.0) (>= net452)) (&& (== netstandard2.0) (>= netcoreapp3.0)) (&& (== netstandard2.1) (>= net452)) (&& (== netstandard2.1) (>= netcoreapp3.0))
      DevExpress.Printing.Core (22.1.5) - restriction: || (== net461) (== net6.0) (== net6.0-windows7.0) (&& (== netstandard2.0) (>= net452)) (&& (== netstandard2.0) (>= netcoreapp3.0)) (&& (== netstandard2.1) (>= net452)) (&& (== netstandard2.1) (>= netcoreapp3.0))
      DevExpress.RichEdit.Core (22.1.5) - restriction: || (== net461) (== net6.0) (== net6.0-windows7.0) (&& (== netstandard2.0) (>= net452)) (&& (== netstandard2.0) (>= netcoreapp3.0)) (&& (== netstandard2.1) (>= net452)) (&& (== netstandard2.1) (>= netcoreapp3.0))
      DevExpress.Utils (22.1.5) - restriction: || (== net461) (== net6.0) (== net6.0-windows7.0) (&& (== netstandard2.0) (>= net452)) (&& (== netstandard2.0) (>= netcoreapp3.0)) (&& (== netstandard2.1) (>= net452)) (&& (== netstandard2.1) (>= netcoreapp3.0))
      DevExpress.Utils.UI (22.1.5) - restriction: || (== net461) (== net6.0) (== net6.0-windows7.0) (&& (== netstandard2.0) (>= net452)) (&& (== netstandard2.0) (>= netcoreapp3.0)) (&& (== netstandard2.1) (>= net452)) (&& (== netstandard2.1) (>= netcoreapp3.0))
      DevExpress.Win.Diagram (22.1.5) - restriction: || (== net461) (== net6.0) (== net6.0-windows7.0) (&& (== netstandard2.0) (>= net452)) (&& (== netstandard2.0) (>= netcoreapp3.0)) (&& (== netstandard2.1) (>= net452)) (&& (== netstandard2.1) (>= netcoreapp3.0))
      DevExpress.Win.Grid (22.1.5) - restriction: || (== net461) (== net6.0) (== net6.0-windows7.0) (&& (== netstandard2.0) (>= net452)) (&& (== netstandard2.0) (>= netcoreapp3.0)) (&& (== netstandard2.1) (>= net452)) (&& (== netstandard2.1) (>= netcoreapp3.0))
      DevExpress.Win.Navigation (22.1.5) - restriction: || (== net461) (== net6.0) (== net6.0-windows7.0) (&& (== netstandard2.0) (>= net452)) (&& (== netstandard2.0) (>= netcoreapp3.0)) (&& (== netstandard2.1) (>= net452)) (&& (== netstandard2.1) (>= netcoreapp3.0))
      DevExpress.Win.Printing (22.1.5) - restriction: || (== net461) (== net6.0) (== net6.0-windows7.0) (&& (== netstandard2.0) (>= net452)) (&& (== netstandard2.0) (>= netcoreapp3.0)) (&& (== netstandard2.1) (>= net452)) (&& (== netstandard2.1) (>= netcoreapp3.0))
      DevExpress.Win.RichEdit (22.1.5) - restriction: || (== net461) (== net6.0) (== net6.0-windows7.0) (&& (== netstandard2.0) (>= net452)) (&& (== netstandard2.0) (>= netcoreapp3.0)) (&& (== netstandard2.1) (>= net452)) (&& (== netstandard2.1) (>= netcoreapp3.0))
      DevExpress.Win.TreeList (22.1.5) - restriction: || (== net461) (== net6.0) (== net6.0-windows7.0) (&& (== netstandard2.0) (>= net452)) (&& (== netstandard2.0) (>= netcoreapp3.0)) (&& (== netstandard2.1) (>= net452)) (&& (== netstandard2.1) (>= netcoreapp3.0))
      DevExpress.Xpo (22.1.5) - restriction: || (== net461) (== net6.0) (== net6.0-windows7.0) (&& (== netstandard2.0) (>= net452)) (&& (== netstandard2.0) (>= netcoreapp3.0)) (&& (== netstandard2.1) (>= net452)) (&& (== netstandard2.1) (>= netcoreapp3.0))
      System.Data.SqlClient (>= 4.6) - restriction: || (&& (== net461) (>= netcoreapp3.0)) (== net6.0) (== net6.0-windows7.0) (&& (== netstandard2.0) (>= netcoreapp3.0)) (&& (== netstandard2.1) (>= netcoreapp3.0))
    DevExpress.DataVisualization.Core (22.1.5)
      DevExpress.Data (22.1.5)
      DevExpress.Drawing (22.1.5)
      NETStandard.Library (>= 2.0.3) - restriction: || (&& (== net461) (< net452) (>= netstandard2.0)) (== net6.0) (== net6.0-windows7.0) (== netstandard2.0) (== netstandard2.1)
    DevExpress.Diagram.Core (22.1.5) - restriction: || (== net461) (&& (== net6.0) (>= net452)) (&& (== net6.0) (>= net6.0-windows7.0)) (== net6.0-windows7.0) (&& (== netstandard2.0) (>= net452)) (&& (== netstandard2.0) (>= net6.0-windows7.0)) (&& (== netstandard2.1) (>= net452)) (&& (== netstandard2.1) (>= net6.0-windows7.0))
      DevExpress.Data (22.1.5) - restriction: || (== net461) (== net6.0) (== net6.0-windows7.0) (&& (== netstandard2.0) (>= net452)) (&& (== netstandard2.0) (>= netcoreapp3.0)) (&& (== netstandard2.1) (>= net452)) (&& (== netstandard2.1) (>= netcoreapp3.0))
      DevExpress.Data.Desktop (22.1.5) - restriction: || (== net461) (== net6.0) (== net6.0-windows7.0) (&& (== netstandard2.0) (>= net452)) (&& (== netstandard2.0) (>= netcoreapp3.0)) (&& (== netstandard2.1) (>= net452)) (&& (== netstandard2.1) (>= netcoreapp3.0))
      DevExpress.Printing.Core (22.1.5) - restriction: || (== net461) (== net6.0) (== net6.0-windows7.0) (&& (== netstandard2.0) (>= net452)) (&& (== netstandard2.0) (>= netcoreapp3.0)) (&& (== netstandard2.1) (>= net452)) (&& (== netstandard2.1) (>= netcoreapp3.0))
    DevExpress.Document.Processor (22.1.5)
      DevExpress.Charts (22.1.5)
      DevExpress.Data (22.1.5)
      DevExpress.DataAccess (22.1.5) - restriction: || (== net461) (&& (== net6.0) (>= net452)) (&& (== net6.0-windows7.0) (>= net452)) (&& (== netstandard2.0) (>= net452)) (&& (== netstandard2.1) (>= net452))
      DevExpress.DataVisualization.Core (22.1.5)
      DevExpress.Drawing (22.1.5)
      DevExpress.Office.Core (22.1.5)
      DevExpress.Pdf.Core (22.1.5)
      DevExpress.Pdf.Drawing (22.1.5)
      DevExpress.Printing.Core (22.1.5)
      DevExpress.RichEdit.Core (22.1.5)
      DevExpress.Snap.Core (22.1.5) - restriction: || (== net461) (&& (== net6.0) (>= net452)) (&& (== net6.0-windows7.0) (>= net452)) (&& (== netstandard2.0) (>= net452)) (&& (== netstandard2.1) (>= net452))
      DevExpress.Spreadsheet.Core (22.1.5)
      NETStandard.Library (>= 2.0.3) - restriction: || (&& (== net461) (< net452) (>= netstandard2.0)) (== net6.0) (== net6.0-windows7.0) (== netstandard2.0) (== netstandard2.1)
      System.Drawing.Common (>= 4.5) - restriction: || (&& (== net461) (< net452) (>= netstandard2.0)) (== net6.0) (== net6.0-windows7.0) (== netstandard2.0) (== netstandard2.1)
      System.Security.Cryptography.Xml (>= 4.5) - restriction: || (&& (== net461) (< net452) (>= netstandard2.0)) (== net6.0) (== net6.0-windows7.0) (== netstandard2.0) (== netstandard2.1)
    DevExpress.Drawing (22.1.5)
      DevExpress.Data (22.1.5)
      NETStandard.Library (>= 2.0.3) - restriction: || (&& (== net461) (< net452) (>= netstandard2.0)) (== net6.0) (== net6.0-windows7.0) (== netstandard2.0) (== netstandard2.1)
      System.Drawing.Common (>= 4.5) - restriction: || (&& (== net461) (< net452) (>= netstandard2.0)) (== net6.0) (== net6.0-windows7.0) (== netstandard2.0) (== netstandard2.1)
    DevExpress.EasyTest (22.1.5)
      Microsoft.Win32.Registry (>= 4.5) - restriction: || (&& (== net461) (< net452) (>= netstandard2.0)) (== net6.0) (== net6.0-windows7.0) (== netstandard2.0) (== netstandard2.1)
      NETStandard.Library (>= 2.0.3) - restriction: || (&& (== net461) (< net452) (>= netstandard2.0)) (== net6.0) (== net6.0-windows7.0) (== netstandard2.0) (== netstandard2.1)
      System.Configuration.ConfigurationManager (>= 4.5) - restriction: || (&& (== net461) (< net452) (>= netstandard2.0)) (== net6.0) (== net6.0-windows7.0) (== netstandard2.0) (== netstandard2.1)
      System.Data.SqlClient (>= 4.5) - restriction: || (&& (== net461) (< net452) (>= netstandard2.0)) (== net6.0) (== net6.0-windows7.0) (== netstandard2.0) (== netstandard2.1)
      System.Drawing.Common (>= 4.5) - restriction: || (&& (== net461) (< net452) (>= netstandard2.0)) (== net6.0) (== net6.0-windows7.0) (== netstandard2.0) (== netstandard2.1)
      System.ServiceProcess.ServiceController (>= 4.5) - restriction: || (&& (== net461) (< net452) (>= netstandard2.0)) (== net6.0) (== net6.0-windows7.0) (== netstandard2.0) (== netstandard2.1)
    DevExpress.ExpressApp (22.1.5)
      DevExpress.Data (22.1.5)
      DevExpress.Images (22.1.5)
      DevExpress.Printing.Core (22.1.5)
      DevExpress.Utils (22.1.5) - restriction: || (== net461) (&& (== net6.0) (>= net452)) (&& (== net6.0-windows7.0) (>= net452)) (&& (== netstandard2.0) (>= net452)) (&& (== netstandard2.1) (>= net452))
      Microsoft.CodeAnalysis.CSharp (>= 2.8) - restriction: || (&& (== net461) (< net452) (>= netstandard2.0)) (== net6.0) (== net6.0-windows7.0) (== netstandard2.0) (== netstandard2.1)
      Microsoft.Extensions.Configuration.Abstractions (>= 5.0) - restriction: || (&& (== net461) (< net452) (>= netstandard2.0)) (== net6.0) (== net6.0-windows7.0) (== netstandard2.0) (== netstandard2.1)
      Microsoft.Extensions.DependencyInjection.Abstractions (>= 5.0) - restriction: || (&& (== net461) (< net452) (>= netstandard2.0)) (== net6.0) (== net6.0-windows7.0) (== netstandard2.0) (== netstandard2.1)
      Microsoft.Win32.Registry (>= 4.5) - restriction: || (&& (== net461) (< net452) (>= netstandard2.0)) (== net6.0) (== net6.0-windows7.0) (== netstandard2.0) (== netstandard2.1)
      NETStandard.Library (>= 2.0.3) - restriction: || (&& (== net461) (< net452) (>= netstandard2.0)) (== net6.0) (== net6.0-windows7.0) (== netstandard2.0) (== netstandard2.1)
      System.Configuration.ConfigurationManager (>= 4.5) - restriction: || (&& (== net461) (< net452) (>= netstandard2.0)) (== net6.0) (== net6.0-windows7.0) (== netstandard2.0) (== netstandard2.1)
      System.Diagnostics.EventLog (>= 4.5) - restriction: || (&& (== net461) (< net452) (>= netstandard2.0)) (== net6.0) (== net6.0-windows7.0) (== netstandard2.0) (== netstandard2.1)
      System.Drawing.Common (>= 4.5) - restriction: || (&& (== net461) (< net452) (>= netstandard2.0)) (== net6.0) (== net6.0-windows7.0) (== netstandard2.0) (== netstandard2.1)
      System.Reflection.Emit (>= 4.3) - restriction: || (&& (== net461) (< net452) (>= netstandard2.0)) (== net6.0) (== net6.0-windows7.0) (== netstandard2.0) (== netstandard2.1)
      System.Reflection.Emit.Lightweight (>= 4.3) - restriction: || (&& (== net461) (< net452) (>= netstandard2.0)) (== net6.0) (== net6.0-windows7.0) (== netstandard2.0) (== netstandard2.1)
      System.Resources.Extensions (>= 4.6) - restriction: || (&& (== net461) (< net452) (>= netstandard2.0)) (== net6.0) (== net6.0-windows7.0) (== netstandard2.0) (== netstandard2.1)
      System.ServiceModel.Primitives (>= 4.5.3) - restriction: || (&& (== net461) (< net452) (>= netstandard2.0)) (== net6.0) (== net6.0-windows7.0) (== netstandard2.0) (== netstandard2.1)
      System.Text.Encoding.CodePages (>= 4.6) - restriction: || (&& (== net461) (< net452) (>= netstandard2.0)) (== net6.0) (== net6.0-windows7.0) (== netstandard2.0) (== netstandard2.1)
    DevExpress.ExpressApp.AspNetCore (22.1.5) - restriction: || (&& (== net461) (>= net6.0)) (== net6.0) (== net6.0-windows7.0) (&& (== netstandard2.0) (>= net6.0)) (&& (== netstandard2.1) (>= net6.0))
      DevExpress.Data (22.1.5) - restriction: || (&& (== net461) (>= net6.0)) (== net6.0) (== net6.0-windows7.0) (&& (== netstandard2.0) (>= net6.0)) (&& (== netstandard2.1) (>= net6.0))
      DevExpress.ExpressApp (22.1.5) - restriction: || (&& (== net461) (>= net6.0)) (== net6.0) (== net6.0-windows7.0) (&& (== netstandard2.0) (>= net6.0)) (&& (== netstandard2.1) (>= net6.0))
      DevExpress.Persistent.Base (22.1.5) - restriction: || (&& (== net461) (>= net6.0)) (== net6.0) (== net6.0-windows7.0) (&& (== netstandard2.0) (>= net6.0)) (&& (== netstandard2.1) (>= net6.0))
      Newtonsoft.Json (>= 12.0.3) - restriction: || (&& (== net461) (>= net6.0)) (== net6.0) (== net6.0-windows7.0) (&& (== netstandard2.0) (>= net6.0)) (&& (== netstandard2.1) (>= net6.0))
      System.Drawing.Common (>= 5.0) - restriction: || (&& (== net461) (>= net6.0)) (== net6.0) (== net6.0-windows7.0) (&& (== netstandard2.0) (>= net6.0)) (&& (== netstandard2.1) (>= net6.0))
    DevExpress.ExpressApp.AuditTrail.Xpo (22.1.5)
      DevExpress.Data (22.1.5)
      DevExpress.ExpressApp (22.1.5)
      DevExpress.ExpressApp.Xpo (22.1.5)
      DevExpress.Persistent.BaseImpl.Xpo (22.1.5)
      DevExpress.Xpo (22.1.5)
      Microsoft.Extensions.Configuration.Abstractions (>= 5.0) - restriction: || (&& (== net461) (< net452) (>= netstandard2.0)) (== net6.0) (== net6.0-windows7.0) (== netstandard2.0) (== netstandard2.1)
      Microsoft.Extensions.DependencyInjection.Abstractions (>= 5.0) - restriction: || (&& (== net461) (< net452) (>= netstandard2.0)) (== net6.0) (== net6.0-windows7.0) (== netstandard2.0) (== netstandard2.1)
      NETStandard.Library (>= 2.0.3) - restriction: || (&& (== net461) (< net452) (>= netstandard2.0)) (== net6.0) (== net6.0-windows7.0) (== netstandard2.0) (== netstandard2.1)
      System.Configuration.ConfigurationManager (>= 4.5) - restriction: || (&& (== net461) (< net452) (>= netstandard2.0)) (== net6.0) (== net6.0-windows7.0) (== netstandard2.0) (== netstandard2.1)
      System.Drawing.Common (>= 4.5) - restriction: || (&& (== net461) (< net452) (>= netstandard2.0)) (== net6.0) (== net6.0-windows7.0) (== netstandard2.0) (== netstandard2.1)
    DevExpress.ExpressApp.Blazor (22.1.5) - restriction: || (&& (== net461) (>= net6.0)) (== net6.0) (== net6.0-windows7.0) (&& (== netstandard2.0) (>= net6.0)) (&& (== netstandard2.1) (>= net6.0))
      DevExpress.Blazor (22.1.5) - restriction: || (&& (== net461) (>= net6.0)) (== net6.0) (== net6.0-windows7.0) (&& (== netstandard2.0) (>= net6.0)) (&& (== netstandard2.1) (>= net6.0))
      DevExpress.Data (22.1.5) - restriction: || (&& (== net461) (>= net6.0)) (== net6.0) (== net6.0-windows7.0) (&& (== netstandard2.0) (>= net6.0)) (&& (== netstandard2.1) (>= net6.0))
      DevExpress.ExpressApp (22.1.5) - restriction: || (&& (== net461) (>= net6.0)) (== net6.0) (== net6.0-windows7.0) (&& (== netstandard2.0) (>= net6.0)) (&& (== netstandard2.1) (>= net6.0))
      DevExpress.ExpressApp.AspNetCore (22.1.5) - restriction: || (&& (== net461) (>= net6.0)) (== net6.0) (== net6.0-windows7.0) (&& (== netstandard2.0) (>= net6.0)) (&& (== netstandard2.1) (>= net6.0))
      DevExpress.ExpressApp.Security (22.1.5) - restriction: || (&& (== net461) (>= net6.0)) (== net6.0) (== net6.0-windows7.0) (&& (== netstandard2.0) (>= net6.0)) (&& (== netstandard2.1) (>= net6.0))
      DevExpress.ExpressApp.Security.AspNetCore (22.1.5) - restriction: || (&& (== net461) (>= net6.0)) (== net6.0) (== net6.0-windows7.0) (&& (== netstandard2.0) (>= net6.0)) (&& (== netstandard2.1) (>= net6.0))
      DevExpress.Persistent.Base (22.1.5) - restriction: || (&& (== net461) (>= net6.0)) (== net6.0) (== net6.0-windows7.0) (&& (== netstandard2.0) (>= net6.0)) (&& (== netstandard2.1) (>= net6.0))
      DevExtreme.AspNet.Data (>= 2.8.6) - restriction: || (&& (== net461) (>= net6.0)) (== net6.0) (== net6.0-windows7.0) (&& (== netstandard2.0) (>= net6.0)) (&& (== netstandard2.1) (>= net6.0))
      Microsoft.AspNetCore.DataProtection.Extensions (>= 6.0) - restriction: || (&& (== net461) (>= net6.0)) (== net6.0) (== net6.0-windows7.0) (&& (== netstandard2.0) (>= net6.0)) (&& (== netstandard2.1) (>= net6.0))
      Newtonsoft.Json (>= 12.0.3) - restriction: || (&& (== net461) (>= net6.0)) (== net6.0) (== net6.0-windows7.0) (&& (== netstandard2.0) (>= net6.0)) (&& (== netstandard2.1) (>= net6.0))
      System.Drawing.Common (>= 5.0) - restriction: || (&& (== net461) (>= net6.0)) (== net6.0) (== net6.0-windows7.0) (&& (== netstandard2.0) (>= net6.0)) (&& (== netstandard2.1) (>= net6.0))
    DevExpress.ExpressApp.Chart (22.1.5)
      DevExpress.Charts (22.1.5)
      DevExpress.Data (22.1.5)
      DevExpress.ExpressApp (22.1.5)
      DevExpress.Persistent.Base (22.1.5)
      NETStandard.Library (>= 2.0.3) - restriction: || (&& (== net461) (< net452) (>= netstandard2.0)) (== net6.0) (== net6.0-windows7.0) (== netstandard2.0) (== netstandard2.1)
      System.Drawing.Common (>= 4.5) - restriction: || (&& (== net461) (< net452) (>= netstandard2.0)) (== net6.0) (== net6.0-windows7.0) (== netstandard2.0) (== netstandard2.1)
    DevExpress.ExpressApp.Chart.Web (22.1.5) - restriction: || (== net461) (&& (== net6.0) (>= net452)) (&& (== net6.0-windows7.0) (>= net452)) (&& (== netstandard2.0) (>= net452)) (&& (== netstandard2.1) (>= net452))
      DevExpress.Charts (22.1.5) - restriction: || (== net461) (&& (== net6.0) (>= net452)) (&& (== net6.0-windows7.0) (>= net452)) (&& (== netstandard2.0) (>= net452)) (&& (== netstandard2.1) (>= net452))
      DevExpress.Data (22.1.5) - restriction: || (== net461) (&& (== net6.0) (>= net452)) (&& (== net6.0-windows7.0) (>= net452)) (&& (== netstandard2.0) (>= net452)) (&& (== netstandard2.1) (>= net452))
      DevExpress.ExpressApp (22.1.5) - restriction: || (== net461) (&& (== net6.0) (>= net452)) (&& (== net6.0-windows7.0) (>= net452)) (&& (== netstandard2.0) (>= net452)) (&& (== netstandard2.1) (>= net452))
      DevExpress.ExpressApp.Chart (22.1.5) - restriction: || (== net461) (&& (== net6.0) (>= net452)) (&& (== net6.0-windows7.0) (>= net452)) (&& (== netstandard2.0) (>= net452)) (&& (== netstandard2.1) (>= net452))
      DevExpress.ExpressApp.Web (22.1.5) - restriction: || (== net461) (&& (== net6.0) (>= net452)) (&& (== net6.0-windows7.0) (>= net452)) (&& (== netstandard2.0) (>= net452)) (&& (== netstandard2.1) (>= net452))
      DevExpress.Persistent.Base (22.1.5) - restriction: || (== net461) (&& (== net6.0) (>= net452)) (&& (== net6.0-windows7.0) (>= net452)) (&& (== netstandard2.0) (>= net452)) (&& (== netstandard2.1) (>= net452))
      DevExpress.Printing.Core (22.1.5) - restriction: || (== net461) (&& (== net6.0) (>= net452)) (&& (== net6.0-windows7.0) (>= net452)) (&& (== netstandard2.0) (>= net452)) (&& (== netstandard2.1) (>= net452))
      DevExpress.Web (22.1.5) - restriction: || (== net461) (&& (== net6.0) (>= net452)) (&& (== net6.0-windows7.0) (>= net452)) (&& (== netstandard2.0) (>= net452)) (&& (== netstandard2.1) (>= net452))
      DevExpress.Web.Visualization (22.1.5) - restriction: || (== net461) (&& (== net6.0) (>= net452)) (&& (== net6.0-windows7.0) (>= net452)) (&& (== netstandard2.0) (>= net452)) (&& (== netstandard2.1) (>= net452))
    DevExpress.ExpressApp.Chart.Win (22.1.5) - restriction: || (== net461) (&& (== net6.0) (>= net452)) (&& (== net6.0) (>= net6.0-windows7.0)) (== net6.0-windows7.0) (&& (== netstandard2.0) (>= net452)) (&& (== netstandard2.0) (>= net6.0-windows7.0)) (&& (== netstandard2.1) (>= net452)) (&& (== netstandard2.1) (>= net6.0-windows7.0))
      DevExpress.Charts (22.1.5) - restriction: || (== net461) (&& (== net6.0) (>= net452)) (&& (== net6.0) (>= net6.0-windows7.0)) (== net6.0-windows7.0) (&& (== netstandard2.0) (>= net452)) (&& (== netstandard2.0) (>= net6.0-windows7.0)) (&& (== netstandard2.1) (>= net452)) (&& (== netstandard2.1) (>= net6.0-windows7.0))
      DevExpress.Data (22.1.5) - restriction: || (== net461) (&& (== net6.0) (>= net452)) (&& (== net6.0) (>= net6.0-windows7.0)) (== net6.0-windows7.0) (&& (== netstandard2.0) (>= net452)) (&& (== netstandard2.0) (>= net6.0-windows7.0)) (&& (== netstandard2.1) (>= net452)) (&& (== netstandard2.1) (>= net6.0-windows7.0))
      DevExpress.ExpressApp (22.1.5) - restriction: || (== net461) (&& (== net6.0) (>= net452)) (&& (== net6.0) (>= net6.0-windows7.0)) (== net6.0-windows7.0) (&& (== netstandard2.0) (>= net452)) (&& (== netstandard2.0) (>= net6.0-windows7.0)) (&& (== netstandard2.1) (>= net452)) (&& (== netstandard2.1) (>= net6.0-windows7.0))
      DevExpress.ExpressApp.Chart (22.1.5) - restriction: || (== net461) (&& (== net6.0) (>= net452)) (&& (== net6.0) (>= net6.0-windows7.0)) (== net6.0-windows7.0) (&& (== netstandard2.0) (>= net452)) (&& (== netstandard2.0) (>= net6.0-windows7.0)) (&& (== netstandard2.1) (>= net452)) (&& (== netstandard2.1) (>= net6.0-windows7.0))
      DevExpress.ExpressApp.Win (22.1.5) - restriction: || (== net461) (&& (== net6.0) (>= net452)) (&& (== net6.0) (>= net6.0-windows7.0)) (== net6.0-windows7.0) (&& (== netstandard2.0) (>= net452)) (&& (== netstandard2.0) (>= net6.0-windows7.0)) (&& (== netstandard2.1) (>= net452)) (&& (== netstandard2.1) (>= net6.0-windows7.0))
      DevExpress.Persistent.Base (22.1.5) - restriction: || (== net461) (&& (== net6.0) (>= net452)) (&& (== net6.0) (>= net6.0-windows7.0)) (== net6.0-windows7.0) (&& (== netstandard2.0) (>= net452)) (&& (== netstandard2.0) (>= net6.0-windows7.0)) (&& (== netstandard2.1) (>= net452)) (&& (== netstandard2.1) (>= net6.0-windows7.0))
      DevExpress.Printing.Core (22.1.5) - restriction: || (== net461) (&& (== net6.0) (>= net452)) (&& (== net6.0) (>= net6.0-windows7.0)) (== net6.0-windows7.0) (&& (== netstandard2.0) (>= net452)) (&& (== netstandard2.0) (>= net6.0-windows7.0)) (&& (== netstandard2.1) (>= net452)) (&& (== netstandard2.1) (>= net6.0-windows7.0))
      DevExpress.Utils (22.1.5) - restriction: || (== net461) (&& (== net6.0) (>= net452)) (&& (== net6.0) (>= net6.0-windows7.0)) (== net6.0-windows7.0) (&& (== netstandard2.0) (>= net452)) (&& (== netstandard2.0) (>= net6.0-windows7.0)) (&& (== netstandard2.1) (>= net452)) (&& (== netstandard2.1) (>= net6.0-windows7.0))
      DevExpress.Win.Charts (22.1.5) - restriction: || (== net461) (&& (== net6.0) (>= net452)) (&& (== net6.0) (>= net6.0-windows7.0)) (== net6.0-windows7.0) (&& (== netstandard2.0) (>= net452)) (&& (== netstandard2.0) (>= net6.0-windows7.0)) (&& (== netstandard2.1) (>= net452)) (&& (== netstandard2.1) (>= net6.0-windows7.0))
      DevExpress.Win.Navigation (22.1.5) - restriction: || (== net461) (&& (== net6.0) (>= net452)) (&& (== net6.0) (>= net6.0-windows7.0)) (== net6.0-windows7.0) (&& (== netstandard2.0) (>= net452)) (&& (== netstandard2.0) (>= net6.0-windows7.0)) (&& (== netstandard2.1) (>= net452)) (&& (== netstandard2.1) (>= net6.0-windows7.0))
    DevExpress.ExpressApp.CloneObject.Xpo (22.1.5)
      DevExpress.Data (22.1.5)
      DevExpress.ExpressApp (22.1.5)
      DevExpress.Persistent.Base (22.1.5)
      NETStandard.Library (>= 2.0.3) - restriction: || (&& (== net461) (< net452) (>= netstandard2.0)) (== net6.0) (== net6.0-windows7.0) (== netstandard2.0) (== netstandard2.1)
      System.Drawing.Common (>= 4.5) - restriction: || (&& (== net461) (< net452) (>= netstandard2.0)) (== net6.0) (== net6.0-windows7.0) (== netstandard2.0) (== netstandard2.1)
    DevExpress.ExpressApp.CodeAnalysis (22.1.5)
      DevExpress.Data (22.1.5) - restriction: || (&& (== net461) (>= netstandard2.0)) (== net6.0) (== net6.0-windows7.0) (== netstandard2.0) (== netstandard2.1)
    DevExpress.ExpressApp.ConditionalAppearance (22.1.5)
      DevExpress.Data (22.1.5)
      DevExpress.ExpressApp (22.1.5)
      DevExpress.Persistent.Base (22.1.5)
      NETStandard.Library (>= 2.0.3) - restriction: || (&& (== net461) (< net452) (>= netstandard2.0)) (== net6.0) (== net6.0-windows7.0) (== netstandard2.0) (== netstandard2.1)
      System.Drawing.Common (>= 4.5) - restriction: || (&& (== net461) (< net452) (>= netstandard2.0)) (== net6.0) (== net6.0-windows7.0) (== netstandard2.0) (== netstandard2.1)
    DevExpress.ExpressApp.Core.All (22.1.5)
      DevExpress.EasyTest (22.1.5)
      DevExpress.ExpressApp.AuditTrail.Xpo (22.1.5)
      DevExpress.ExpressApp.Chart (22.1.5)
      DevExpress.ExpressApp.CloneObject.Xpo (22.1.5)
      DevExpress.ExpressApp.ConditionalAppearance (22.1.5)
      DevExpress.ExpressApp.Dashboards (22.1.5)
      DevExpress.ExpressApp.Kpi (22.1.5)
      DevExpress.ExpressApp.Notifications (22.1.5)
      DevExpress.ExpressApp.Objects (22.1.5)
      DevExpress.ExpressApp.Office (22.1.5)
      DevExpress.ExpressApp.PivotChart (22.1.5)
      DevExpress.ExpressApp.PivotGrid (22.1.5)
      DevExpress.ExpressApp.ReportsV2 (22.1.5)
      DevExpress.ExpressApp.Scheduler (22.1.5)
      DevExpress.ExpressApp.ScriptRecorder (22.1.5)
      DevExpress.ExpressApp.Security (22.1.5)
      DevExpress.ExpressApp.StateMachine (22.1.5)
      DevExpress.ExpressApp.TreeListEditors (22.1.5)
      DevExpress.ExpressApp.Validation (22.1.5)
      DevExpress.ExpressApp.ViewVariantsModule (22.1.5)
      DevExpress.ExpressApp.Workflow (22.1.5) - restriction: || (== net461) (&& (== net6.0) (>= net452)) (&& (== net6.0-windows7.0) (>= net452)) (&& (== netstandard2.0) (>= net452)) (&& (== netstandard2.1) (>= net452))
      DevExpress.Persistent.Base (22.1.5)
    DevExpress.ExpressApp.Dashboards (22.1.5)
      DevExpress.Dashboard.Core (22.1.5)
      DevExpress.Data (22.1.5)
      DevExpress.DataAccess (22.1.5)
      DevExpress.ExpressApp (22.1.5)
      DevExpress.Persistent.Base (22.1.5)
      NETStandard.Library (>= 2.0.3) - restriction: || (&& (== net461) (< net452) (>= netstandard2.0)) (== net6.0) (== net6.0-windows7.0) (== netstandard2.0) (== netstandard2.1)
      System.Drawing.Common (>= 4.5) - restriction: || (&& (== net461) (< net452) (>= netstandard2.0)) (== net6.0) (== net6.0-windows7.0) (== netstandard2.0) (== netstandard2.1)
    DevExpress.ExpressApp.Dashboards.Web (22.1.5) - restriction: || (== net461) (&& (== net6.0) (>= net452)) (&& (== net6.0-windows7.0) (>= net452)) (&& (== netstandard2.0) (>= net452)) (&& (== netstandard2.1) (>= net452))
      DevExpress.Dashboard.Core (22.1.5) - restriction: || (== net461) (&& (== net6.0) (>= net452)) (&& (== net6.0-windows7.0) (>= net452)) (&& (== netstandard2.0) (>= net452)) (&& (== netstandard2.1) (>= net452))
      DevExpress.Data (22.1.5) - restriction: || (== net461) (&& (== net6.0) (>= net452)) (&& (== net6.0-windows7.0) (>= net452)) (&& (== netstandard2.0) (>= net452)) (&& (== netstandard2.1) (>= net452))
      DevExpress.DataAccess (22.1.5) - restriction: || (== net461) (&& (== net6.0) (>= net452)) (&& (== net6.0-windows7.0) (>= net452)) (&& (== netstandard2.0) (>= net452)) (&& (== netstandard2.1) (>= net452))
      DevExpress.ExpressApp (22.1.5) - restriction: || (== net461) (&& (== net6.0) (>= net452)) (&& (== net6.0-windows7.0) (>= net452)) (&& (== netstandard2.0) (>= net452)) (&& (== netstandard2.1) (>= net452))
      DevExpress.ExpressApp.Dashboards (22.1.5) - restriction: || (== net461) (&& (== net6.0) (>= net452)) (&& (== net6.0-windows7.0) (>= net452)) (&& (== netstandard2.0) (>= net452)) (&& (== netstandard2.1) (>= net452))
      DevExpress.ExpressApp.Web (22.1.5) - restriction: || (== net461) (&& (== net6.0) (>= net452)) (&& (== net6.0-windows7.0) (>= net452)) (&& (== netstandard2.0) (>= net452)) (&& (== netstandard2.1) (>= net452))
      DevExpress.Persistent.Base (22.1.5) - restriction: || (== net461) (&& (== net6.0) (>= net452)) (&& (== net6.0-windows7.0) (>= net452)) (&& (== netstandard2.0) (>= net452)) (&& (== netstandard2.1) (>= net452))
      DevExpress.Web (22.1.5) - restriction: || (== net461) (&& (== net6.0) (>= net452)) (&& (== net6.0-windows7.0) (>= net452)) (&& (== netstandard2.0) (>= net452)) (&& (== netstandard2.1) (>= net452))
      DevExpress.Web.Dashboard (22.1.5) - restriction: || (== net461) (&& (== net6.0) (>= net452)) (&& (== net6.0-windows7.0) (>= net452)) (&& (== netstandard2.0) (>= net452)) (&& (== netstandard2.1) (>= net452))
      DevExpress.Web.Dashboard.Common (22.1.5) - restriction: || (== net461) (&& (== net6.0) (>= net452)) (&& (== net6.0-windows7.0) (>= net452)) (&& (== netstandard2.0) (>= net452)) (&& (== netstandard2.1) (>= net452))
    DevExpress.ExpressApp.Dashboards.Win (22.1.5) - restriction: || (== net461) (&& (== net6.0) (>= net452)) (&& (== net6.0) (>= net6.0-windows7.0)) (== net6.0-windows7.0) (&& (== netstandard2.0) (>= net452)) (&& (== netstandard2.0) (>= net6.0-windows7.0)) (&& (== netstandard2.1) (>= net452)) (&& (== netstandard2.1) (>= net6.0-windows7.0))
      DevExpress.Dashboard.Core (22.1.5) - restriction: || (== net461) (&& (== net6.0) (>= net452)) (&& (== net6.0) (>= net6.0-windows7.0)) (== net6.0-windows7.0) (&& (== netstandard2.0) (>= net452)) (&& (== netstandard2.0) (>= net6.0-windows7.0)) (&& (== netstandard2.1) (>= net452)) (&& (== netstandard2.1) (>= net6.0-windows7.0))
      DevExpress.Data (22.1.5) - restriction: || (== net461) (&& (== net6.0) (>= net452)) (&& (== net6.0) (>= net6.0-windows7.0)) (== net6.0-windows7.0) (&& (== netstandard2.0) (>= net452)) (&& (== netstandard2.0) (>= net6.0-windows7.0)) (&& (== netstandard2.1) (>= net452)) (&& (== netstandard2.1) (>= net6.0-windows7.0))
      DevExpress.DataAccess (22.1.5) - restriction: || (== net461) (&& (== net6.0) (>= net452)) (&& (== net6.0) (>= net6.0-windows7.0)) (== net6.0-windows7.0) (&& (== netstandard2.0) (>= net452)) (&& (== netstandard2.0) (>= net6.0-windows7.0)) (&& (== netstandard2.1) (>= net452)) (&& (== netstandard2.1) (>= net6.0-windows7.0))
      DevExpress.DataAccess.UI (22.1.5) - restriction: || (== net461) (&& (== net6.0) (>= net452)) (&& (== net6.0) (>= net6.0-windows7.0)) (== net6.0-windows7.0) (&& (== netstandard2.0) (>= net452)) (&& (== netstandard2.0) (>= net6.0-windows7.0)) (&& (== netstandard2.1) (>= net452)) (&& (== netstandard2.1) (>= net6.0-windows7.0))
      DevExpress.ExpressApp (22.1.5) - restriction: || (== net461) (&& (== net6.0) (>= net452)) (&& (== net6.0) (>= net6.0-windows7.0)) (== net6.0-windows7.0) (&& (== netstandard2.0) (>= net452)) (&& (== netstandard2.0) (>= net6.0-windows7.0)) (&& (== netstandard2.1) (>= net452)) (&& (== netstandard2.1) (>= net6.0-windows7.0))
      DevExpress.ExpressApp.Dashboards (22.1.5) - restriction: || (== net461) (&& (== net6.0) (>= net452)) (&& (== net6.0) (>= net6.0-windows7.0)) (== net6.0-windows7.0) (&& (== netstandard2.0) (>= net452)) (&& (== netstandard2.0) (>= net6.0-windows7.0)) (&& (== netstandard2.1) (>= net452)) (&& (== netstandard2.1) (>= net6.0-windows7.0))
      DevExpress.ExpressApp.Win (22.1.5) - restriction: || (== net461) (&& (== net6.0) (>= net452)) (&& (== net6.0) (>= net6.0-windows7.0)) (== net6.0-windows7.0) (&& (== netstandard2.0) (>= net452)) (&& (== netstandard2.0) (>= net6.0-windows7.0)) (&& (== netstandard2.1) (>= net452)) (&& (== netstandard2.1) (>= net6.0-windows7.0))
      DevExpress.Persistent.Base (22.1.5) - restriction: || (== net461) (&& (== net6.0) (>= net452)) (&& (== net6.0) (>= net6.0-windows7.0)) (== net6.0-windows7.0) (&& (== netstandard2.0) (>= net452)) (&& (== netstandard2.0) (>= net6.0-windows7.0)) (&& (== netstandard2.1) (>= net452)) (&& (== netstandard2.1) (>= net6.0-windows7.0))
      DevExpress.Utils (22.1.5) - restriction: || (== net461) (&& (== net6.0) (>= net452)) (&& (== net6.0) (>= net6.0-windows7.0)) (== net6.0-windows7.0) (&& (== netstandard2.0) (>= net452)) (&& (== netstandard2.0) (>= net6.0-windows7.0)) (&& (== netstandard2.1) (>= net452)) (&& (== netstandard2.1) (>= net6.0-windows7.0))
      DevExpress.Win.Dashboard (22.1.5) - restriction: || (== net461) (&& (== net6.0) (>= net452)) (&& (== net6.0) (>= net6.0-windows7.0)) (== net6.0-windows7.0) (&& (== netstandard2.0) (>= net452)) (&& (== netstandard2.0) (>= net6.0-windows7.0)) (&& (== netstandard2.1) (>= net452)) (&& (== netstandard2.1) (>= net6.0-windows7.0))
      DevExpress.Win.Navigation (22.1.5) - restriction: || (== net461) (&& (== net6.0) (>= net452)) (&& (== net6.0) (>= net6.0-windows7.0)) (== net6.0-windows7.0) (&& (== netstandard2.0) (>= net452)) (&& (== netstandard2.0) (>= net6.0-windows7.0)) (&& (== netstandard2.1) (>= net452)) (&& (== netstandard2.1) (>= net6.0-windows7.0))
    DevExpress.ExpressApp.EasyTest.SeleniumWebAdapter (22.1.5) - restriction: || (== net461) (&& (== net6.0) (>= net452)) (&& (== net6.0-windows7.0) (>= net452)) (&& (== netstandard2.0) (>= net452)) (&& (== netstandard2.1) (>= net452))
      DevExpress.EasyTest (22.1.5) - restriction: || (== net461) (&& (== net6.0) (>= net452)) (&& (== net6.0-windows7.0) (>= net452)) (&& (== netstandard2.0) (>= net452)) (&& (== netstandard2.1) (>= net452))
      DevExpress.ExpressApp.EasyTest.WebAdapter (22.1.5) - restriction: || (== net461) (&& (== net6.0) (>= net452)) (&& (== net6.0-windows7.0) (>= net452)) (&& (== netstandard2.0) (>= net452)) (&& (== netstandard2.1) (>= net452))
      Selenium.WebDriver (>= 4.1) - restriction: || (== net461) (&& (== net6.0) (>= net452)) (&& (== net6.0-windows7.0) (>= net452)) (&& (== netstandard2.0) (>= net452)) (&& (== netstandard2.1) (>= net452))
    DevExpress.ExpressApp.EasyTest.WebAdapter (22.1.5) - restriction: || (== net461) (&& (== net6.0) (>= net452)) (&& (== net6.0-windows7.0) (>= net452)) (&& (== netstandard2.0) (>= net452)) (&& (== netstandard2.1) (>= net452))
      DevExpress.Data (22.1.5) - restriction: || (== net461) (&& (== net6.0) (>= net452)) (&& (== net6.0-windows7.0) (>= net452)) (&& (== netstandard2.0) (>= net452)) (&& (== netstandard2.1) (>= net452))
      DevExpress.EasyTest (22.1.5) - restriction: || (== net461) (&& (== net6.0) (>= net452)) (&& (== net6.0-windows7.0) (>= net452)) (&& (== netstandard2.0) (>= net452)) (&& (== netstandard2.1) (>= net452))
    DevExpress.ExpressApp.EasyTest.WinAdapter (22.1.5) - restriction: || (== net461) (&& (== net6.0) (>= net452)) (&& (== net6.0) (>= net6.0-windows7.0)) (== net6.0-windows7.0) (&& (== netstandard2.0) (>= net452)) (&& (== netstandard2.0) (>= net6.0-windows7.0)) (&& (== netstandard2.1) (>= net452)) (&& (== netstandard2.1) (>= net6.0-windows7.0))
      DevExpress.Data (22.1.5) - restriction: || (== net461) (&& (== net6.0) (>= net452)) (&& (== net6.0) (>= net6.0-windows7.0)) (== net6.0-windows7.0) (&& (== netstandard2.0) (>= net452)) (&& (== netstandard2.0) (>= net6.0-windows7.0)) (&& (== netstandard2.1) (>= net452)) (&& (== netstandard2.1) (>= net6.0-windows7.0))
      DevExpress.DataAccess.UI (22.1.5) - restriction: || (== net461) (&& (== net6.0) (>= net452)) (&& (== net6.0) (>= net6.0-windows7.0)) (== net6.0-windows7.0) (&& (== netstandard2.0) (>= net452)) (&& (== netstandard2.0) (>= net6.0-windows7.0)) (&& (== netstandard2.1) (>= net452)) (&& (== netstandard2.1) (>= net6.0-windows7.0))
      DevExpress.EasyTest (22.1.5) - restriction: || (== net461) (&& (== net6.0) (>= net452)) (&& (== net6.0) (>= net6.0-windows7.0)) (== net6.0-windows7.0) (&& (== netstandard2.0) (>= net452)) (&& (== netstandard2.0) (>= net6.0-windows7.0)) (&& (== netstandard2.1) (>= net452)) (&& (== netstandard2.1) (>= net6.0-windows7.0))
      DevExpress.ExpressApp (22.1.5) - restriction: || (== net461) (&& (== net6.0) (>= net452)) (&& (== net6.0) (>= net6.0-windows7.0)) (== net6.0-windows7.0) (&& (== netstandard2.0) (>= net452)) (&& (== netstandard2.0) (>= net6.0-windows7.0)) (&& (== netstandard2.1) (>= net452)) (&& (== netstandard2.1) (>= net6.0-windows7.0))
      DevExpress.ExpressApp.HtmlPropertyEditor.Win (22.1.5) - restriction: || (== net461) (&& (== net6.0) (>= net452)) (&& (== net6.0-windows7.0) (>= net452)) (&& (== netstandard2.0) (>= net452)) (&& (== netstandard2.1) (>= net452))
      DevExpress.ExpressApp.Office.Win (22.1.5) - restriction: || (== net461) (&& (== net6.0) (>= net452)) (&& (== net6.0) (>= net6.0-windows7.0)) (== net6.0-windows7.0) (&& (== netstandard2.0) (>= net452)) (&& (== netstandard2.0) (>= net6.0-windows7.0)) (&& (== netstandard2.1) (>= net452)) (&& (== netstandard2.1) (>= net6.0-windows7.0))
      DevExpress.ExpressApp.PivotChart.Win (22.1.5) - restriction: || (== net461) (&& (== net6.0) (>= net452)) (&& (== net6.0) (>= net6.0-windows7.0)) (== net6.0-windows7.0) (&& (== netstandard2.0) (>= net452)) (&& (== netstandard2.0) (>= net6.0-windows7.0)) (&& (== netstandard2.1) (>= net452)) (&& (== netstandard2.1) (>= net6.0-windows7.0))
      DevExpress.ExpressApp.Win (22.1.5) - restriction: || (== net461) (&& (== net6.0) (>= net452)) (&& (== net6.0) (>= net6.0-windows7.0)) (== net6.0-windows7.0) (&& (== netstandard2.0) (>= net452)) (&& (== netstandard2.0) (>= net6.0-windows7.0)) (&& (== netstandard2.1) (>= net452)) (&& (== netstandard2.1) (>= net6.0-windows7.0))
      DevExpress.PivotGrid.Core (22.1.5) - restriction: || (== net461) (&& (== net6.0) (>= net452)) (&& (== net6.0) (>= net6.0-windows7.0)) (== net6.0-windows7.0) (&& (== netstandard2.0) (>= net452)) (&& (== netstandard2.0) (>= net6.0-windows7.0)) (&& (== netstandard2.1) (>= net452)) (&& (== netstandard2.1) (>= net6.0-windows7.0))
      DevExpress.Scheduler.Core (22.1.5) - restriction: || (== net461) (&& (== net6.0) (>= net452)) (&& (== net6.0) (>= net6.0-windows7.0)) (== net6.0-windows7.0) (&& (== netstandard2.0) (>= net452)) (&& (== netstandard2.0) (>= net6.0-windows7.0)) (&& (== netstandard2.1) (>= net452)) (&& (== netstandard2.1) (>= net6.0-windows7.0))
      DevExpress.Scheduler.CoreDesktop (22.1.5) - restriction: || (== net461) (&& (== net6.0) (>= net452)) (&& (== net6.0) (>= net6.0-windows7.0)) (== net6.0-windows7.0) (&& (== netstandard2.0) (>= net452)) (&& (== netstandard2.0) (>= net6.0-windows7.0)) (&& (== netstandard2.1) (>= net452)) (&& (== netstandard2.1) (>= net6.0-windows7.0))
      DevExpress.Spreadsheet.Core (22.1.5) - restriction: || (== net461) (&& (== net6.0) (>= net452)) (&& (== net6.0) (>= net6.0-windows7.0)) (== net6.0-windows7.0) (&& (== netstandard2.0) (>= net452)) (&& (== netstandard2.0) (>= net6.0-windows7.0)) (&& (== netstandard2.1) (>= net452)) (&& (== netstandard2.1) (>= net6.0-windows7.0))
      DevExpress.Utils (22.1.5) - restriction: || (== net461) (&& (== net6.0) (>= net452)) (&& (== net6.0) (>= net6.0-windows7.0)) (== net6.0-windows7.0) (&& (== netstandard2.0) (>= net452)) (&& (== netstandard2.0) (>= net6.0-windows7.0)) (&& (== netstandard2.1) (>= net452)) (&& (== netstandard2.1) (>= net6.0-windows7.0))
      DevExpress.Win (22.1.5) - restriction: || (== net461) (&& (== net6.0) (>= net452)) (&& (== net6.0) (>= net6.0-windows7.0)) (== net6.0-windows7.0) (&& (== netstandard2.0) (>= net452)) (&& (== netstandard2.0) (>= net6.0-windows7.0)) (&& (== netstandard2.1) (>= net452)) (&& (== netstandard2.1) (>= net6.0-windows7.0))
      DevExpress.Win.Grid (22.1.5) - restriction: || (== net461) (&& (== net6.0) (>= net452)) (&& (== net6.0) (>= net6.0-windows7.0)) (== net6.0-windows7.0) (&& (== netstandard2.0) (>= net452)) (&& (== netstandard2.0) (>= net6.0-windows7.0)) (&& (== netstandard2.1) (>= net452)) (&& (== netstandard2.1) (>= net6.0-windows7.0))
      DevExpress.Win.Navigation (22.1.5) - restriction: || (== net461) (&& (== net6.0) (>= net452)) (&& (== net6.0) (>= net6.0-windows7.0)) (== net6.0-windows7.0) (&& (== netstandard2.0) (>= net452)) (&& (== netstandard2.0) (>= net6.0-windows7.0)) (&& (== netstandard2.1) (>= net452)) (&& (== netstandard2.1) (>= net6.0-windows7.0))
      DevExpress.Win.PivotGrid (22.1.5) - restriction: || (== net461) (&& (== net6.0) (>= net452)) (&& (== net6.0) (>= net6.0-windows7.0)) (== net6.0-windows7.0) (&& (== netstandard2.0) (>= net452)) (&& (== netstandard2.0) (>= net6.0-windows7.0)) (&& (== netstandard2.1) (>= net452)) (&& (== netstandard2.1) (>= net6.0-windows7.0))
      DevExpress.Win.RichEdit (22.1.5) - restriction: || (== net461) (&& (== net6.0) (>= net452)) (&& (== net6.0) (>= net6.0-windows7.0)) (== net6.0-windows7.0) (&& (== netstandard2.0) (>= net452)) (&& (== netstandard2.0) (>= net6.0-windows7.0)) (&& (== netstandard2.1) (>= net452)) (&& (== netstandard2.1) (>= net6.0-windows7.0))
      DevExpress.Win.Scheduler (22.1.5) - restriction: || (== net461) (&& (== net6.0) (>= net452)) (&& (== net6.0) (>= net6.0-windows7.0)) (== net6.0-windows7.0) (&& (== netstandard2.0) (>= net452)) (&& (== netstandard2.0) (>= net6.0-windows7.0)) (&& (== netstandard2.1) (>= net452)) (&& (== netstandard2.1) (>= net6.0-windows7.0))
      DevExpress.Win.Spreadsheet (22.1.5) - restriction: || (== net461) (&& (== net6.0) (>= net452)) (&& (== net6.0) (>= net6.0-windows7.0)) (== net6.0-windows7.0) (&& (== netstandard2.0) (>= net452)) (&& (== netstandard2.0) (>= net6.0-windows7.0)) (&& (== netstandard2.1) (>= net452)) (&& (== netstandard2.1) (>= net6.0-windows7.0))
      DevExpress.Win.TreeList (22.1.5) - restriction: || (== net461) (&& (== net6.0) (>= net452)) (&& (== net6.0) (>= net6.0-windows7.0)) (== net6.0-windows7.0) (&& (== netstandard2.0) (>= net452)) (&& (== netstandard2.0) (>= net6.0-windows7.0)) (&& (== netstandard2.1) (>= net452)) (&& (== netstandard2.1) (>= net6.0-windows7.0))
      DevExpress.Win.VerticalGrid (22.1.5) - restriction: || (== net461) (&& (== net6.0) (>= net452)) (&& (== net6.0) (>= net6.0-windows7.0)) (== net6.0-windows7.0) (&& (== netstandard2.0) (>= net452)) (&& (== netstandard2.0) (>= net6.0-windows7.0)) (&& (== netstandard2.1) (>= net452)) (&& (== netstandard2.1) (>= net6.0-windows7.0))
    DevExpress.ExpressApp.FileAttachment.Web (22.1.5) - restriction: || (== net461) (&& (== net6.0) (>= net452)) (&& (== net6.0-windows7.0) (>= net452)) (&& (== netstandard2.0) (>= net452)) (&& (== netstandard2.1) (>= net452))
      DevExpress.Data (22.1.5) - restriction: || (== net461) (&& (== net6.0) (>= net452)) (&& (== net6.0-windows7.0) (>= net452)) (&& (== netstandard2.0) (>= net452)) (&& (== netstandard2.1) (>= net452))
      DevExpress.ExpressApp (22.1.5) - restriction: || (== net461) (&& (== net6.0) (>= net452)) (&& (== net6.0-windows7.0) (>= net452)) (&& (== netstandard2.0) (>= net452)) (&& (== netstandard2.1) (>= net452))
      DevExpress.ExpressApp.Web (22.1.5) - restriction: || (== net461) (&& (== net6.0) (>= net452)) (&& (== net6.0-windows7.0) (>= net452)) (&& (== netstandard2.0) (>= net452)) (&& (== netstandard2.1) (>= net452))
      DevExpress.Persistent.Base (22.1.5) - restriction: || (== net461) (&& (== net6.0) (>= net452)) (&& (== net6.0-windows7.0) (>= net452)) (&& (== netstandard2.0) (>= net452)) (&& (== netstandard2.1) (>= net452))
      DevExpress.Web (22.1.5) - restriction: || (== net461) (&& (== net6.0) (>= net452)) (&& (== net6.0-windows7.0) (>= net452)) (&& (== netstandard2.0) (>= net452)) (&& (== netstandard2.1) (>= net452))
    DevExpress.ExpressApp.FileAttachment.Win (22.1.5) - restriction: || (== net461) (&& (== net6.0) (>= net452)) (&& (== net6.0) (>= net6.0-windows7.0)) (== net6.0-windows7.0) (&& (== netstandard2.0) (>= net452)) (&& (== netstandard2.0) (>= net6.0-windows7.0)) (&& (== netstandard2.1) (>= net452)) (&& (== netstandard2.1) (>= net6.0-windows7.0))
      DevExpress.Data (22.1.5) - restriction: || (== net461) (&& (== net6.0) (>= net452)) (&& (== net6.0) (>= net6.0-windows7.0)) (== net6.0-windows7.0) (&& (== netstandard2.0) (>= net452)) (&& (== netstandard2.0) (>= net6.0-windows7.0)) (&& (== netstandard2.1) (>= net452)) (&& (== netstandard2.1) (>= net6.0-windows7.0))
      DevExpress.Data.Desktop (22.1.5) - restriction: || (== net461) (&& (== net6.0) (>= net452)) (&& (== net6.0) (>= net6.0-windows7.0)) (== net6.0-windows7.0) (&& (== netstandard2.0) (>= net452)) (&& (== netstandard2.0) (>= net6.0-windows7.0)) (&& (== netstandard2.1) (>= net452)) (&& (== netstandard2.1) (>= net6.0-windows7.0))
      DevExpress.ExpressApp (22.1.5) - restriction: || (== net461) (&& (== net6.0) (>= net452)) (&& (== net6.0) (>= net6.0-windows7.0)) (== net6.0-windows7.0) (&& (== netstandard2.0) (>= net452)) (&& (== netstandard2.0) (>= net6.0-windows7.0)) (&& (== netstandard2.1) (>= net452)) (&& (== netstandard2.1) (>= net6.0-windows7.0))
      DevExpress.ExpressApp.Win (22.1.5) - restriction: || (== net461) (&& (== net6.0) (>= net452)) (&& (== net6.0) (>= net6.0-windows7.0)) (== net6.0-windows7.0) (&& (== netstandard2.0) (>= net452)) (&& (== netstandard2.0) (>= net6.0-windows7.0)) (&& (== netstandard2.1) (>= net452)) (&& (== netstandard2.1) (>= net6.0-windows7.0))
      DevExpress.Persistent.Base (22.1.5) - restriction: || (== net461) (&& (== net6.0) (>= net452)) (&& (== net6.0) (>= net6.0-windows7.0)) (== net6.0-windows7.0) (&& (== netstandard2.0) (>= net452)) (&& (== netstandard2.0) (>= net6.0-windows7.0)) (&& (== netstandard2.1) (>= net452)) (&& (== netstandard2.1) (>= net6.0-windows7.0))
      DevExpress.Utils (22.1.5) - restriction: || (== net461) (&& (== net6.0) (>= net452)) (&& (== net6.0) (>= net6.0-windows7.0)) (== net6.0-windows7.0) (&& (== netstandard2.0) (>= net452)) (&& (== netstandard2.0) (>= net6.0-windows7.0)) (&& (== netstandard2.1) (>= net452)) (&& (== netstandard2.1) (>= net6.0-windows7.0))
      DevExpress.Win.Navigation (22.1.5) - restriction: || (== net461) (&& (== net6.0) (>= net452)) (&& (== net6.0) (>= net6.0-windows7.0)) (== net6.0-windows7.0) (&& (== netstandard2.0) (>= net452)) (&& (== netstandard2.0) (>= net6.0-windows7.0)) (&& (== netstandard2.1) (>= net452)) (&& (== netstandard2.1) (>= net6.0-windows7.0))
    DevExpress.ExpressApp.HtmlPropertyEditor.Web (22.1.5) - restriction: || (== net461) (&& (== net6.0) (>= net452)) (&& (== net6.0-windows7.0) (>= net452)) (&& (== netstandard2.0) (>= net452)) (&& (== netstandard2.1) (>= net452))
      DevExpress.Data (22.1.5) - restriction: || (== net461) (&& (== net6.0) (>= net452)) (&& (== net6.0-windows7.0) (>= net452)) (&& (== netstandard2.0) (>= net452)) (&& (== netstandard2.1) (>= net452))
      DevExpress.ExpressApp (22.1.5) - restriction: || (== net461) (&& (== net6.0) (>= net452)) (&& (== net6.0-windows7.0) (>= net452)) (&& (== netstandard2.0) (>= net452)) (&& (== netstandard2.1) (>= net452))
      DevExpress.ExpressApp.Web (22.1.5) - restriction: || (== net461) (&& (== net6.0) (>= net452)) (&& (== net6.0-windows7.0) (>= net452)) (&& (== netstandard2.0) (>= net452)) (&& (== netstandard2.1) (>= net452))
      DevExpress.Web (22.1.5) - restriction: || (== net461) (&& (== net6.0) (>= net452)) (&& (== net6.0-windows7.0) (>= net452)) (&& (== netstandard2.0) (>= net452)) (&& (== netstandard2.1) (>= net452))
    DevExpress.ExpressApp.HtmlPropertyEditor.Win (22.1.5) - restriction: || (== net461) (&& (== net6.0) (>= net452)) (&& (== net6.0-windows7.0) (>= net452)) (&& (== netstandard2.0) (>= net452)) (&& (== netstandard2.1) (>= net452))
      DevExpress.Data (22.1.5) - restriction: || (== net461) (&& (== net6.0) (>= net452)) (&& (== net6.0-windows7.0) (>= net452)) (&& (== netstandard2.0) (>= net452)) (&& (== netstandard2.1) (>= net452))
      DevExpress.ExpressApp (22.1.5) - restriction: || (== net461) (&& (== net6.0) (>= net452)) (&& (== net6.0-windows7.0) (>= net452)) (&& (== netstandard2.0) (>= net452)) (&& (== netstandard2.1) (>= net452))
      DevExpress.ExpressApp.Win (22.1.5) - restriction: || (== net461) (&& (== net6.0) (>= net452)) (&& (== net6.0-windows7.0) (>= net452)) (&& (== netstandard2.0) (>= net452)) (&& (== netstandard2.1) (>= net452))
      DevExpress.Utils (22.1.5) - restriction: || (== net461) (&& (== net6.0) (>= net452)) (&& (== net6.0-windows7.0) (>= net452)) (&& (== netstandard2.0) (>= net452)) (&& (== netstandard2.1) (>= net452))
      DevExpress.Win.Navigation (22.1.5) - restriction: || (== net461) (&& (== net6.0) (>= net452)) (&& (== net6.0-windows7.0) (>= net452)) (&& (== netstandard2.0) (>= net452)) (&& (== netstandard2.1) (>= net452))
    DevExpress.ExpressApp.Kpi (22.1.5)
      DevExpress.Data (22.1.5)
      DevExpress.ExpressApp (22.1.5)
      DevExpress.ExpressApp.Validation (22.1.5)
      DevExpress.Persistent.Base (22.1.5)
      NETStandard.Library (>= 2.0.3) - restriction: || (&& (== net461) (< net452) (>= netstandard2.0)) (== net6.0) (== net6.0-windows7.0) (== netstandard2.0) (== netstandard2.1)
      System.Drawing.Common (>= 4.5) - restriction: || (&& (== net461) (< net452) (>= netstandard2.0)) (== net6.0) (== net6.0-windows7.0) (== netstandard2.0) (== netstandard2.1)
    DevExpress.ExpressApp.Maps.Web (22.1.5) - restriction: || (== net461) (&& (== net6.0) (>= net452)) (&& (== net6.0-windows7.0) (>= net452)) (&& (== netstandard2.0) (>= net452)) (&& (== netstandard2.1) (>= net452))
      DevExpress.Data (22.1.5) - restriction: || (== net461) (&& (== net6.0) (>= net452)) (&& (== net6.0-windows7.0) (>= net452)) (&& (== netstandard2.0) (>= net452)) (&& (== netstandard2.1) (>= net452))
      DevExpress.ExpressApp (22.1.5) - restriction: || (== net461) (&& (== net6.0) (>= net452)) (&& (== net6.0-windows7.0) (>= net452)) (&& (== netstandard2.0) (>= net452)) (&& (== netstandard2.1) (>= net452))
      DevExpress.ExpressApp.Web (22.1.5) - restriction: || (== net461) (&& (== net6.0) (>= net452)) (&& (== net6.0-windows7.0) (>= net452)) (&& (== netstandard2.0) (>= net452)) (&& (== netstandard2.1) (>= net452))
      DevExpress.Persistent.Base (22.1.5) - restriction: || (== net461) (&& (== net6.0) (>= net452)) (&& (== net6.0-windows7.0) (>= net452)) (&& (== netstandard2.0) (>= net452)) (&& (== netstandard2.1) (>= net452))
      DevExpress.Web (22.1.5) - restriction: || (== net461) (&& (== net6.0) (>= net452)) (&& (== net6.0-windows7.0) (>= net452)) (&& (== netstandard2.0) (>= net452)) (&& (== netstandard2.1) (>= net452))
    DevExpress.ExpressApp.Notifications (22.1.5)
      DevExpress.Data (22.1.5)
      DevExpress.ExpressApp (22.1.5)
      DevExpress.Persistent.Base (22.1.5)
      NETStandard.Library (>= 2.0.3) - restriction: || (&& (== net461) (< net452) (>= netstandard2.0)) (== net6.0) (== net6.0-windows7.0) (== netstandard2.0) (== netstandard2.1)
      System.Drawing.Common (>= 4.5) - restriction: || (&& (== net461) (< net452) (>= netstandard2.0)) (== net6.0) (== net6.0-windows7.0) (== netstandard2.0) (== netstandard2.1)
    DevExpress.ExpressApp.Notifications.Web (22.1.5) - restriction: || (== net461) (&& (== net6.0) (>= net452)) (&& (== net6.0-windows7.0) (>= net452)) (&& (== netstandard2.0) (>= net452)) (&& (== netstandard2.1) (>= net452))
      DevExpress.Data (22.1.5) - restriction: || (== net461) (&& (== net6.0) (>= net452)) (&& (== net6.0-windows7.0) (>= net452)) (&& (== netstandard2.0) (>= net452)) (&& (== netstandard2.1) (>= net452))
      DevExpress.ExpressApp (22.1.5) - restriction: || (== net461) (&& (== net6.0) (>= net452)) (&& (== net6.0-windows7.0) (>= net452)) (&& (== netstandard2.0) (>= net452)) (&& (== netstandard2.1) (>= net452))
      DevExpress.ExpressApp.Notifications (22.1.5) - restriction: || (== net461) (&& (== net6.0) (>= net452)) (&& (== net6.0-windows7.0) (>= net452)) (&& (== netstandard2.0) (>= net452)) (&& (== netstandard2.1) (>= net452))
      DevExpress.ExpressApp.Web (22.1.5) - restriction: || (== net461) (&& (== net6.0) (>= net452)) (&& (== net6.0-windows7.0) (>= net452)) (&& (== netstandard2.0) (>= net452)) (&& (== netstandard2.1) (>= net452))
      DevExpress.Web (22.1.5) - restriction: || (== net461) (&& (== net6.0) (>= net452)) (&& (== net6.0-windows7.0) (>= net452)) (&& (== netstandard2.0) (>= net452)) (&& (== netstandard2.1) (>= net452))
    DevExpress.ExpressApp.Notifications.Win (22.1.5) - restriction: || (== net461) (&& (== net6.0) (>= net452)) (&& (== net6.0) (>= net6.0-windows7.0)) (== net6.0-windows7.0) (&& (== netstandard2.0) (>= net452)) (&& (== netstandard2.0) (>= net6.0-windows7.0)) (&& (== netstandard2.1) (>= net452)) (&& (== netstandard2.1) (>= net6.0-windows7.0))
      DevExpress.Data (22.1.5) - restriction: || (== net461) (&& (== net6.0) (>= net452)) (&& (== net6.0) (>= net6.0-windows7.0)) (== net6.0-windows7.0) (&& (== netstandard2.0) (>= net452)) (&& (== netstandard2.0) (>= net6.0-windows7.0)) (&& (== netstandard2.1) (>= net452)) (&& (== netstandard2.1) (>= net6.0-windows7.0))
      DevExpress.ExpressApp (22.1.5) - restriction: || (== net461) (&& (== net6.0) (>= net452)) (&& (== net6.0) (>= net6.0-windows7.0)) (== net6.0-windows7.0) (&& (== netstandard2.0) (>= net452)) (&& (== netstandard2.0) (>= net6.0-windows7.0)) (&& (== netstandard2.1) (>= net452)) (&& (== netstandard2.1) (>= net6.0-windows7.0))
      DevExpress.ExpressApp.Notifications (22.1.5) - restriction: || (== net461) (&& (== net6.0) (>= net452)) (&& (== net6.0) (>= net6.0-windows7.0)) (== net6.0-windows7.0) (&& (== netstandard2.0) (>= net452)) (&& (== netstandard2.0) (>= net6.0-windows7.0)) (&& (== netstandard2.1) (>= net452)) (&& (== netstandard2.1) (>= net6.0-windows7.0))
      DevExpress.ExpressApp.Win (22.1.5) - restriction: || (== net461) (&& (== net6.0) (>= net452)) (&& (== net6.0) (>= net6.0-windows7.0)) (== net6.0-windows7.0) (&& (== netstandard2.0) (>= net452)) (&& (== netstandard2.0) (>= net6.0-windows7.0)) (&& (== netstandard2.1) (>= net452)) (&& (== netstandard2.1) (>= net6.0-windows7.0))
      DevExpress.Utils (22.1.5) - restriction: || (== net461) (&& (== net6.0) (>= net452)) (&& (== net6.0) (>= net6.0-windows7.0)) (== net6.0-windows7.0) (&& (== netstandard2.0) (>= net452)) (&& (== netstandard2.0) (>= net6.0-windows7.0)) (&& (== netstandard2.1) (>= net452)) (&& (== netstandard2.1) (>= net6.0-windows7.0))
      DevExpress.Win.Grid (22.1.5) - restriction: || (== net461) (&& (== net6.0) (>= net452)) (&& (== net6.0) (>= net6.0-windows7.0)) (== net6.0-windows7.0) (&& (== netstandard2.0) (>= net452)) (&& (== netstandard2.0) (>= net6.0-windows7.0)) (&& (== netstandard2.1) (>= net452)) (&& (== netstandard2.1) (>= net6.0-windows7.0))
      DevExpress.Win.Navigation (22.1.5) - restriction: || (== net461) (&& (== net6.0) (>= net452)) (&& (== net6.0) (>= net6.0-windows7.0)) (== net6.0-windows7.0) (&& (== netstandard2.0) (>= net452)) (&& (== netstandard2.0) (>= net6.0-windows7.0)) (&& (== netstandard2.1) (>= net452)) (&& (== netstandard2.1) (>= net6.0-windows7.0))
    DevExpress.ExpressApp.Objects (22.1.5)
      DevExpress.Data (22.1.5)
      DevExpress.ExpressApp (22.1.5)
      NETStandard.Library (>= 2.0.3) - restriction: || (&& (== net461) (< net452) (>= netstandard2.0)) (== net6.0) (== net6.0-windows7.0) (== netstandard2.0) (== netstandard2.1)
      System.Drawing.Common (>= 4.5) - restriction: || (&& (== net461) (< net452) (>= netstandard2.0)) (== net6.0) (== net6.0-windows7.0) (== netstandard2.0) (== netstandard2.1)
    DevExpress.ExpressApp.Office (22.1.5)
      DevExpress.Data (22.1.5)
      DevExpress.ExpressApp (22.1.5)
      DevExpress.Office.Core (22.1.5)
      DevExpress.Persistent.Base (22.1.5)
      DevExpress.RichEdit.Core (22.1.5)
      DevExpress.Spreadsheet.Core (22.1.5)
      NETStandard.Library (>= 2.0.3) - restriction: || (&& (== net461) (< net452) (>= netstandard2.0)) (== net6.0) (== net6.0-windows7.0) (== netstandard2.0) (== netstandard2.1)
      System.Drawing.Common (>= 4.5) - restriction: || (&& (== net461) (< net452) (>= netstandard2.0)) (== net6.0) (== net6.0-windows7.0) (== netstandard2.0) (== netstandard2.1)
    DevExpress.ExpressApp.Office.Web (22.1.5) - restriction: || (== net461) (&& (== net6.0) (>= net452)) (&& (== net6.0-windows7.0) (>= net452)) (&& (== netstandard2.0) (>= net452)) (&& (== netstandard2.1) (>= net452))
      DevExpress.Data (22.1.5) - restriction: || (== net461) (&& (== net6.0) (>= net452)) (&& (== net6.0-windows7.0) (>= net452)) (&& (== netstandard2.0) (>= net452)) (&& (== netstandard2.1) (>= net452))
      DevExpress.ExpressApp (22.1.5) - restriction: || (== net461) (&& (== net6.0) (>= net452)) (&& (== net6.0-windows7.0) (>= net452)) (&& (== netstandard2.0) (>= net452)) (&& (== netstandard2.1) (>= net452))
      DevExpress.ExpressApp.Office (22.1.5) - restriction: || (== net461) (&& (== net6.0) (>= net452)) (&& (== net6.0-windows7.0) (>= net452)) (&& (== netstandard2.0) (>= net452)) (&& (== netstandard2.1) (>= net452))
      DevExpress.ExpressApp.Web (22.1.5) - restriction: || (== net461) (&& (== net6.0) (>= net452)) (&& (== net6.0-windows7.0) (>= net452)) (&& (== netstandard2.0) (>= net452)) (&& (== netstandard2.1) (>= net452))
      DevExpress.Persistent.Base (22.1.5) - restriction: || (== net461) (&& (== net6.0) (>= net452)) (&& (== net6.0-windows7.0) (>= net452)) (&& (== netstandard2.0) (>= net452)) (&& (== netstandard2.1) (>= net452))
      DevExpress.RichEdit.Core (22.1.5) - restriction: || (== net461) (&& (== net6.0) (>= net452)) (&& (== net6.0-windows7.0) (>= net452)) (&& (== netstandard2.0) (>= net452)) (&& (== netstandard2.1) (>= net452))
      DevExpress.Spreadsheet.Core (22.1.5) - restriction: || (== net461) (&& (== net6.0) (>= net452)) (&& (== net6.0-windows7.0) (>= net452)) (&& (== netstandard2.0) (>= net452)) (&& (== netstandard2.1) (>= net452))
      DevExpress.Web (22.1.5) - restriction: || (== net461) (&& (== net6.0) (>= net452)) (&& (== net6.0-windows7.0) (>= net452)) (&& (== netstandard2.0) (>= net452)) (&& (== netstandard2.1) (>= net452))
      DevExpress.Web.Office (22.1.5) - restriction: || (== net461) (&& (== net6.0) (>= net452)) (&& (== net6.0-windows7.0) (>= net452)) (&& (== netstandard2.0) (>= net452)) (&& (== netstandard2.1) (>= net452))
    DevExpress.ExpressApp.Office.Win (22.1.5) - restriction: || (== net461) (&& (== net6.0) (>= net452)) (&& (== net6.0) (>= net6.0-windows7.0)) (== net6.0-windows7.0) (&& (== netstandard2.0) (>= net452)) (&& (== netstandard2.0) (>= net6.0-windows7.0)) (&& (== netstandard2.1) (>= net452)) (&& (== netstandard2.1) (>= net6.0-windows7.0))
      DevExpress.Data (22.1.5) - restriction: || (== net461) (&& (== net6.0) (>= net452)) (&& (== net6.0) (>= net6.0-windows7.0)) (== net6.0-windows7.0) (&& (== netstandard2.0) (>= net452)) (&& (== netstandard2.0) (>= net6.0-windows7.0)) (&& (== netstandard2.1) (>= net452)) (&& (== netstandard2.1) (>= net6.0-windows7.0))
      DevExpress.ExpressApp (22.1.5) - restriction: || (== net461) (&& (== net6.0) (>= net452)) (&& (== net6.0) (>= net6.0-windows7.0)) (== net6.0-windows7.0) (&& (== netstandard2.0) (>= net452)) (&& (== netstandard2.0) (>= net6.0-windows7.0)) (&& (== netstandard2.1) (>= net452)) (&& (== netstandard2.1) (>= net6.0-windows7.0))
      DevExpress.ExpressApp.Office (22.1.5) - restriction: || (== net461) (&& (== net6.0) (>= net452)) (&& (== net6.0) (>= net6.0-windows7.0)) (== net6.0-windows7.0) (&& (== netstandard2.0) (>= net452)) (&& (== netstandard2.0) (>= net6.0-windows7.0)) (&& (== netstandard2.1) (>= net452)) (&& (== netstandard2.1) (>= net6.0-windows7.0))
      DevExpress.ExpressApp.Win (22.1.5) - restriction: || (== net461) (&& (== net6.0) (>= net452)) (&& (== net6.0) (>= net6.0-windows7.0)) (== net6.0-windows7.0) (&& (== netstandard2.0) (>= net452)) (&& (== netstandard2.0) (>= net6.0-windows7.0)) (&& (== netstandard2.1) (>= net452)) (&& (== netstandard2.1) (>= net6.0-windows7.0))
      DevExpress.Office.Core (22.1.5) - restriction: || (== net461) (&& (== net6.0) (>= net452)) (&& (== net6.0) (>= net6.0-windows7.0)) (== net6.0-windows7.0) (&& (== netstandard2.0) (>= net452)) (&& (== netstandard2.0) (>= net6.0-windows7.0)) (&& (== netstandard2.1) (>= net452)) (&& (== netstandard2.1) (>= net6.0-windows7.0))
      DevExpress.Persistent.Base (22.1.5) - restriction: || (== net461) (&& (== net6.0) (>= net452)) (&& (== net6.0) (>= net6.0-windows7.0)) (== net6.0-windows7.0) (&& (== netstandard2.0) (>= net452)) (&& (== netstandard2.0) (>= net6.0-windows7.0)) (&& (== netstandard2.1) (>= net452)) (&& (== netstandard2.1) (>= net6.0-windows7.0))
      DevExpress.Printing.Core (22.1.5) - restriction: || (== net461) (&& (== net6.0) (>= net452)) (&& (== net6.0) (>= net6.0-windows7.0)) (== net6.0-windows7.0) (&& (== netstandard2.0) (>= net452)) (&& (== netstandard2.0) (>= net6.0-windows7.0)) (&& (== netstandard2.1) (>= net452)) (&& (== netstandard2.1) (>= net6.0-windows7.0))
      DevExpress.RichEdit.Core (22.1.5) - restriction: || (== net461) (&& (== net6.0) (>= net452)) (&& (== net6.0) (>= net6.0-windows7.0)) (== net6.0-windows7.0) (&& (== netstandard2.0) (>= net452)) (&& (== netstandard2.0) (>= net6.0-windows7.0)) (&& (== netstandard2.1) (>= net452)) (&& (== netstandard2.1) (>= net6.0-windows7.0))
      DevExpress.Spreadsheet.Core (22.1.5) - restriction: || (== net461) (&& (== net6.0) (>= net452)) (&& (== net6.0) (>= net6.0-windows7.0)) (== net6.0-windows7.0) (&& (== netstandard2.0) (>= net452)) (&& (== netstandard2.0) (>= net6.0-windows7.0)) (&& (== netstandard2.1) (>= net452)) (&& (== netstandard2.1) (>= net6.0-windows7.0))
      DevExpress.Utils (22.1.5) - restriction: || (== net461) (&& (== net6.0) (>= net452)) (&& (== net6.0) (>= net6.0-windows7.0)) (== net6.0-windows7.0) (&& (== netstandard2.0) (>= net452)) (&& (== netstandard2.0) (>= net6.0-windows7.0)) (&& (== netstandard2.1) (>= net452)) (&& (== netstandard2.1) (>= net6.0-windows7.0))
      DevExpress.Win.Grid (22.1.5) - restriction: || (== net461) (&& (== net6.0) (>= net452)) (&& (== net6.0) (>= net6.0-windows7.0)) (== net6.0-windows7.0) (&& (== netstandard2.0) (>= net452)) (&& (== netstandard2.0) (>= net6.0-windows7.0)) (&& (== netstandard2.1) (>= net452)) (&& (== netstandard2.1) (>= net6.0-windows7.0))
      DevExpress.Win.Navigation (22.1.5) - restriction: || (== net461) (&& (== net6.0) (>= net452)) (&& (== net6.0) (>= net6.0-windows7.0)) (== net6.0-windows7.0) (&& (== netstandard2.0) (>= net452)) (&& (== netstandard2.0) (>= net6.0-windows7.0)) (&& (== netstandard2.1) (>= net452)) (&& (== netstandard2.1) (>= net6.0-windows7.0))
      DevExpress.Win.RichEdit (22.1.5) - restriction: || (== net461) (&& (== net6.0) (>= net452)) (&& (== net6.0) (>= net6.0-windows7.0)) (== net6.0-windows7.0) (&& (== netstandard2.0) (>= net452)) (&& (== netstandard2.0) (>= net6.0-windows7.0)) (&& (== netstandard2.1) (>= net452)) (&& (== netstandard2.1) (>= net6.0-windows7.0))
      DevExpress.Win.Spreadsheet (22.1.5) - restriction: || (== net461) (&& (== net6.0) (>= net452)) (&& (== net6.0) (>= net6.0-windows7.0)) (== net6.0-windows7.0) (&& (== netstandard2.0) (>= net452)) (&& (== netstandard2.0) (>= net6.0-windows7.0)) (&& (== netstandard2.1) (>= net452)) (&& (== netstandard2.1) (>= net6.0-windows7.0))
    DevExpress.ExpressApp.PivotChart (22.1.5)
      DevExpress.Charts (22.1.5)
      DevExpress.Data (22.1.5)
      DevExpress.ExpressApp (22.1.5)
      DevExpress.Persistent.Base (22.1.5)
      DevExpress.PivotGrid.Core (22.1.5)
      NETStandard.Library (>= 2.0.3) - restriction: || (&& (== net461) (< net452) (>= netstandard2.0)) (== net6.0) (== net6.0-windows7.0) (== netstandard2.0) (== netstandard2.1)
      System.Drawing.Common (>= 4.5) - restriction: || (&& (== net461) (< net452) (>= netstandard2.0)) (== net6.0) (== net6.0-windows7.0) (== netstandard2.0) (== netstandard2.1)
    DevExpress.ExpressApp.PivotChart.Web (22.1.5) - restriction: || (== net461) (&& (== net6.0) (>= net452)) (&& (== net6.0-windows7.0) (>= net452)) (&& (== netstandard2.0) (>= net452)) (&& (== netstandard2.1) (>= net452))
      DevExpress.Charts (22.1.5) - restriction: || (== net461) (&& (== net6.0) (>= net452)) (&& (== net6.0-windows7.0) (>= net452)) (&& (== netstandard2.0) (>= net452)) (&& (== netstandard2.1) (>= net452))
      DevExpress.Data (22.1.5) - restriction: || (== net461) (&& (== net6.0) (>= net452)) (&& (== net6.0-windows7.0) (>= net452)) (&& (== netstandard2.0) (>= net452)) (&& (== netstandard2.1) (>= net452))
      DevExpress.ExpressApp (22.1.5) - restriction: || (== net461) (&& (== net6.0) (>= net452)) (&& (== net6.0-windows7.0) (>= net452)) (&& (== netstandard2.0) (>= net452)) (&& (== netstandard2.1) (>= net452))
      DevExpress.ExpressApp.PivotChart (22.1.5) - restriction: || (== net461) (&& (== net6.0) (>= net452)) (&& (== net6.0-windows7.0) (>= net452)) (&& (== netstandard2.0) (>= net452)) (&& (== netstandard2.1) (>= net452))
      DevExpress.ExpressApp.Web (22.1.5) - restriction: || (== net461) (&& (== net6.0) (>= net452)) (&& (== net6.0-windows7.0) (>= net452)) (&& (== netstandard2.0) (>= net452)) (&& (== netstandard2.1) (>= net452))
      DevExpress.Persistent.Base (22.1.5) - restriction: || (== net461) (&& (== net6.0) (>= net452)) (&& (== net6.0-windows7.0) (>= net452)) (&& (== netstandard2.0) (>= net452)) (&& (== netstandard2.1) (>= net452))
      DevExpress.PivotGrid.Core (22.1.5) - restriction: || (== net461) (&& (== net6.0) (>= net452)) (&& (== net6.0-windows7.0) (>= net452)) (&& (== netstandard2.0) (>= net452)) (&& (== netstandard2.1) (>= net452))
      DevExpress.Printing.Core (22.1.5) - restriction: || (== net461) (&& (== net6.0) (>= net452)) (&& (== net6.0-windows7.0) (>= net452)) (&& (== netstandard2.0) (>= net452)) (&& (== netstandard2.1) (>= net452))
      DevExpress.Web (22.1.5) - restriction: || (== net461) (&& (== net6.0) (>= net452)) (&& (== net6.0-windows7.0) (>= net452)) (&& (== netstandard2.0) (>= net452)) (&& (== netstandard2.1) (>= net452))
      DevExpress.Web.Visualization (22.1.5) - restriction: || (== net461) (&& (== net6.0) (>= net452)) (&& (== net6.0-windows7.0) (>= net452)) (&& (== netstandard2.0) (>= net452)) (&& (== netstandard2.1) (>= net452))
    DevExpress.ExpressApp.PivotChart.Win (22.1.5) - restriction: || (== net461) (&& (== net6.0) (>= net452)) (&& (== net6.0) (>= net6.0-windows7.0)) (== net6.0-windows7.0) (&& (== netstandard2.0) (>= net452)) (&& (== netstandard2.0) (>= net6.0-windows7.0)) (&& (== netstandard2.1) (>= net452)) (&& (== netstandard2.1) (>= net6.0-windows7.0))
      DevExpress.Charts (22.1.5) - restriction: || (== net461) (&& (== net6.0) (>= net452)) (&& (== net6.0) (>= net6.0-windows7.0)) (== net6.0-windows7.0) (&& (== netstandard2.0) (>= net452)) (&& (== netstandard2.0) (>= net6.0-windows7.0)) (&& (== netstandard2.1) (>= net452)) (&& (== netstandard2.1) (>= net6.0-windows7.0))
      DevExpress.Data (22.1.5) - restriction: || (== net461) (&& (== net6.0) (>= net452)) (&& (== net6.0) (>= net6.0-windows7.0)) (== net6.0-windows7.0) (&& (== netstandard2.0) (>= net452)) (&& (== netstandard2.0) (>= net6.0-windows7.0)) (&& (== netstandard2.1) (>= net452)) (&& (== netstandard2.1) (>= net6.0-windows7.0))
      DevExpress.ExpressApp (22.1.5) - restriction: || (== net461) (&& (== net6.0) (>= net452)) (&& (== net6.0) (>= net6.0-windows7.0)) (== net6.0-windows7.0) (&& (== netstandard2.0) (>= net452)) (&& (== netstandard2.0) (>= net6.0-windows7.0)) (&& (== netstandard2.1) (>= net452)) (&& (== netstandard2.1) (>= net6.0-windows7.0))
      DevExpress.ExpressApp.PivotChart (22.1.5) - restriction: || (== net461) (&& (== net6.0) (>= net452)) (&& (== net6.0) (>= net6.0-windows7.0)) (== net6.0-windows7.0) (&& (== netstandard2.0) (>= net452)) (&& (== netstandard2.0) (>= net6.0-windows7.0)) (&& (== netstandard2.1) (>= net452)) (&& (== netstandard2.1) (>= net6.0-windows7.0))
      DevExpress.ExpressApp.Win (22.1.5) - restriction: || (== net461) (&& (== net6.0) (>= net452)) (&& (== net6.0) (>= net6.0-windows7.0)) (== net6.0-windows7.0) (&& (== netstandard2.0) (>= net452)) (&& (== netstandard2.0) (>= net6.0-windows7.0)) (&& (== netstandard2.1) (>= net452)) (&& (== netstandard2.1) (>= net6.0-windows7.0))
      DevExpress.Persistent.Base (22.1.5) - restriction: || (== net461) (&& (== net6.0) (>= net452)) (&& (== net6.0) (>= net6.0-windows7.0)) (== net6.0-windows7.0) (&& (== netstandard2.0) (>= net452)) (&& (== netstandard2.0) (>= net6.0-windows7.0)) (&& (== netstandard2.1) (>= net452)) (&& (== netstandard2.1) (>= net6.0-windows7.0))
      DevExpress.PivotGrid.Core (22.1.5) - restriction: || (== net461) (&& (== net6.0) (>= net452)) (&& (== net6.0) (>= net6.0-windows7.0)) (== net6.0-windows7.0) (&& (== netstandard2.0) (>= net452)) (&& (== netstandard2.0) (>= net6.0-windows7.0)) (&& (== netstandard2.1) (>= net452)) (&& (== netstandard2.1) (>= net6.0-windows7.0))
      DevExpress.Printing.Core (22.1.5) - restriction: || (== net461) (&& (== net6.0) (>= net452)) (&& (== net6.0) (>= net6.0-windows7.0)) (== net6.0-windows7.0) (&& (== netstandard2.0) (>= net452)) (&& (== netstandard2.0) (>= net6.0-windows7.0)) (&& (== netstandard2.1) (>= net452)) (&& (== netstandard2.1) (>= net6.0-windows7.0))
      DevExpress.Utils (22.1.5) - restriction: || (== net461) (&& (== net6.0) (>= net452)) (&& (== net6.0) (>= net6.0-windows7.0)) (== net6.0-windows7.0) (&& (== netstandard2.0) (>= net452)) (&& (== netstandard2.0) (>= net6.0-windows7.0)) (&& (== netstandard2.1) (>= net452)) (&& (== netstandard2.1) (>= net6.0-windows7.0))
      DevExpress.Win.Charts (22.1.5) - restriction: || (== net461) (&& (== net6.0) (>= net452)) (&& (== net6.0) (>= net6.0-windows7.0)) (== net6.0-windows7.0) (&& (== netstandard2.0) (>= net452)) (&& (== netstandard2.0) (>= net6.0-windows7.0)) (&& (== netstandard2.1) (>= net452)) (&& (== netstandard2.1) (>= net6.0-windows7.0))
      DevExpress.Win.Navigation (22.1.5) - restriction: || (== net461) (&& (== net6.0) (>= net452)) (&& (== net6.0) (>= net6.0-windows7.0)) (== net6.0-windows7.0) (&& (== netstandard2.0) (>= net452)) (&& (== netstandard2.0) (>= net6.0-windows7.0)) (&& (== netstandard2.1) (>= net452)) (&& (== netstandard2.1) (>= net6.0-windows7.0))
      DevExpress.Win.PivotGrid (22.1.5) - restriction: || (== net461) (&& (== net6.0) (>= net452)) (&& (== net6.0) (>= net6.0-windows7.0)) (== net6.0-windows7.0) (&& (== netstandard2.0) (>= net452)) (&& (== netstandard2.0) (>= net6.0-windows7.0)) (&& (== netstandard2.1) (>= net452)) (&& (== netstandard2.1) (>= net6.0-windows7.0))
    DevExpress.ExpressApp.PivotGrid (22.1.5)
      DevExpress.Data (22.1.5)
      DevExpress.ExpressApp (22.1.5)
      DevExpress.PivotGrid.Core (22.1.5)
      NETStandard.Library (>= 2.0.3) - restriction: || (&& (== net461) (< net452) (>= netstandard2.0)) (== net6.0) (== net6.0-windows7.0) (== netstandard2.0) (== netstandard2.1)
      System.Drawing.Common (>= 4.5) - restriction: || (&& (== net461) (< net452) (>= netstandard2.0)) (== net6.0) (== net6.0-windows7.0) (== netstandard2.0) (== netstandard2.1)
    DevExpress.ExpressApp.PivotGrid.Web (22.1.5) - restriction: || (== net461) (&& (== net6.0) (>= net452)) (&& (== net6.0-windows7.0) (>= net452)) (&& (== netstandard2.0) (>= net452)) (&& (== netstandard2.1) (>= net452))
      DevExpress.Charts (22.1.5) - restriction: || (== net461) (&& (== net6.0) (>= net452)) (&& (== net6.0-windows7.0) (>= net452)) (&& (== netstandard2.0) (>= net452)) (&& (== netstandard2.1) (>= net452))
      DevExpress.Data (22.1.5) - restriction: || (== net461) (&& (== net6.0) (>= net452)) (&& (== net6.0-windows7.0) (>= net452)) (&& (== netstandard2.0) (>= net452)) (&& (== netstandard2.1) (>= net452))
      DevExpress.ExpressApp (22.1.5) - restriction: || (== net461) (&& (== net6.0) (>= net452)) (&& (== net6.0-windows7.0) (>= net452)) (&& (== netstandard2.0) (>= net452)) (&& (== netstandard2.1) (>= net452))
      DevExpress.ExpressApp.PivotGrid (22.1.5) - restriction: || (== net461) (&& (== net6.0) (>= net452)) (&& (== net6.0-windows7.0) (>= net452)) (&& (== netstandard2.0) (>= net452)) (&& (== netstandard2.1) (>= net452))
      DevExpress.ExpressApp.Web (22.1.5) - restriction: || (== net461) (&& (== net6.0) (>= net452)) (&& (== net6.0-windows7.0) (>= net452)) (&& (== netstandard2.0) (>= net452)) (&& (== netstandard2.1) (>= net452))
      DevExpress.PivotGrid.Core (22.1.5) - restriction: || (== net461) (&& (== net6.0) (>= net452)) (&& (== net6.0-windows7.0) (>= net452)) (&& (== netstandard2.0) (>= net452)) (&& (== netstandard2.1) (>= net452))
      DevExpress.Printing.Core (22.1.5) - restriction: || (== net461) (&& (== net6.0) (>= net452)) (&& (== net6.0-windows7.0) (>= net452)) (&& (== netstandard2.0) (>= net452)) (&& (== netstandard2.1) (>= net452))
      DevExpress.Web (22.1.5) - restriction: || (== net461) (&& (== net6.0) (>= net452)) (&& (== net6.0-windows7.0) (>= net452)) (&& (== netstandard2.0) (>= net452)) (&& (== netstandard2.1) (>= net452))
      DevExpress.Web.Visualization (22.1.5) - restriction: || (== net461) (&& (== net6.0) (>= net452)) (&& (== net6.0-windows7.0) (>= net452)) (&& (== netstandard2.0) (>= net452)) (&& (== netstandard2.1) (>= net452))
    DevExpress.ExpressApp.PivotGrid.Win (22.1.5) - restriction: || (== net461) (&& (== net6.0) (>= net452)) (&& (== net6.0) (>= net6.0-windows7.0)) (== net6.0-windows7.0) (&& (== netstandard2.0) (>= net452)) (&& (== netstandard2.0) (>= net6.0-windows7.0)) (&& (== netstandard2.1) (>= net452)) (&& (== netstandard2.1) (>= net6.0-windows7.0))
      DevExpress.Charts (22.1.5) - restriction: || (== net461) (&& (== net6.0) (>= net452)) (&& (== net6.0) (>= net6.0-windows7.0)) (== net6.0-windows7.0) (&& (== netstandard2.0) (>= net452)) (&& (== netstandard2.0) (>= net6.0-windows7.0)) (&& (== netstandard2.1) (>= net452)) (&& (== netstandard2.1) (>= net6.0-windows7.0))
      DevExpress.Data (22.1.5) - restriction: || (== net461) (&& (== net6.0) (>= net452)) (&& (== net6.0) (>= net6.0-windows7.0)) (== net6.0-windows7.0) (&& (== netstandard2.0) (>= net452)) (&& (== netstandard2.0) (>= net6.0-windows7.0)) (&& (== netstandard2.1) (>= net452)) (&& (== netstandard2.1) (>= net6.0-windows7.0))
      DevExpress.ExpressApp (22.1.5) - restriction: || (== net461) (&& (== net6.0) (>= net452)) (&& (== net6.0) (>= net6.0-windows7.0)) (== net6.0-windows7.0) (&& (== netstandard2.0) (>= net452)) (&& (== netstandard2.0) (>= net6.0-windows7.0)) (&& (== netstandard2.1) (>= net452)) (&& (== netstandard2.1) (>= net6.0-windows7.0))
      DevExpress.ExpressApp.PivotGrid (22.1.5) - restriction: || (== net461) (&& (== net6.0) (>= net452)) (&& (== net6.0) (>= net6.0-windows7.0)) (== net6.0-windows7.0) (&& (== netstandard2.0) (>= net452)) (&& (== netstandard2.0) (>= net6.0-windows7.0)) (&& (== netstandard2.1) (>= net452)) (&& (== netstandard2.1) (>= net6.0-windows7.0))
      DevExpress.ExpressApp.Win (22.1.5) - restriction: || (== net461) (&& (== net6.0) (>= net452)) (&& (== net6.0) (>= net6.0-windows7.0)) (== net6.0-windows7.0) (&& (== netstandard2.0) (>= net452)) (&& (== netstandard2.0) (>= net6.0-windows7.0)) (&& (== netstandard2.1) (>= net452)) (&& (== netstandard2.1) (>= net6.0-windows7.0))
      DevExpress.PivotGrid.Core (22.1.5) - restriction: || (== net461) (&& (== net6.0) (>= net452)) (&& (== net6.0) (>= net6.0-windows7.0)) (== net6.0-windows7.0) (&& (== netstandard2.0) (>= net452)) (&& (== netstandard2.0) (>= net6.0-windows7.0)) (&& (== netstandard2.1) (>= net452)) (&& (== netstandard2.1) (>= net6.0-windows7.0))
      DevExpress.Printing.Core (22.1.5) - restriction: || (== net461) (&& (== net6.0) (>= net452)) (&& (== net6.0) (>= net6.0-windows7.0)) (== net6.0-windows7.0) (&& (== netstandard2.0) (>= net452)) (&& (== netstandard2.0) (>= net6.0-windows7.0)) (&& (== netstandard2.1) (>= net452)) (&& (== netstandard2.1) (>= net6.0-windows7.0))
      DevExpress.Utils (22.1.5) - restriction: || (== net461) (&& (== net6.0) (>= net452)) (&& (== net6.0) (>= net6.0-windows7.0)) (== net6.0-windows7.0) (&& (== netstandard2.0) (>= net452)) (&& (== netstandard2.0) (>= net6.0-windows7.0)) (&& (== netstandard2.1) (>= net452)) (&& (== netstandard2.1) (>= net6.0-windows7.0))
      DevExpress.Win.Charts (22.1.5) - restriction: || (== net461) (&& (== net6.0) (>= net452)) (&& (== net6.0) (>= net6.0-windows7.0)) (== net6.0-windows7.0) (&& (== netstandard2.0) (>= net452)) (&& (== netstandard2.0) (>= net6.0-windows7.0)) (&& (== netstandard2.1) (>= net452)) (&& (== netstandard2.1) (>= net6.0-windows7.0))
      DevExpress.Win.Navigation (22.1.5) - restriction: || (== net461) (&& (== net6.0) (>= net452)) (&& (== net6.0) (>= net6.0-windows7.0)) (== net6.0-windows7.0) (&& (== netstandard2.0) (>= net452)) (&& (== netstandard2.0) (>= net6.0-windows7.0)) (&& (== netstandard2.1) (>= net452)) (&& (== netstandard2.1) (>= net6.0-windows7.0))
      DevExpress.Win.PivotGrid (22.1.5) - restriction: || (== net461) (&& (== net6.0) (>= net452)) (&& (== net6.0) (>= net6.0-windows7.0)) (== net6.0-windows7.0) (&& (== netstandard2.0) (>= net452)) (&& (== netstandard2.0) (>= net6.0-windows7.0)) (&& (== netstandard2.1) (>= net452)) (&& (== netstandard2.1) (>= net6.0-windows7.0))
    DevExpress.ExpressApp.ReportsV2 (22.1.5)
      DevExpress.Data (22.1.5)
      DevExpress.ExpressApp (22.1.5)
      DevExpress.Persistent.Base (22.1.5)
      DevExpress.Printing.Core (22.1.5)
      DevExpress.Reporting.Core (22.1.5)
      Microsoft.Extensions.Configuration.Abstractions (>= 5.0) - restriction: || (&& (== net461) (< net452) (>= netstandard2.0)) (== net6.0) (== net6.0-windows7.0) (== netstandard2.0) (== netstandard2.1)
      Microsoft.Extensions.DependencyInjection.Abstractions (>= 5.0) - restriction: || (&& (== net461) (< net452) (>= netstandard2.0)) (== net6.0) (== net6.0-windows7.0) (== netstandard2.0) (== netstandard2.1)
      NETStandard.Library (>= 2.0.3) - restriction: || (&& (== net461) (< net452) (>= netstandard2.0)) (== net6.0) (== net6.0-windows7.0) (== netstandard2.0) (== netstandard2.1)
      System.Drawing.Common (>= 4.5) - restriction: || (&& (== net461) (< net452) (>= netstandard2.0)) (== net6.0) (== net6.0-windows7.0) (== netstandard2.0) (== netstandard2.1)
    DevExpress.ExpressApp.ReportsV2.Web (22.1.5) - restriction: || (== net461) (&& (== net6.0) (>= net452)) (&& (== net6.0-windows7.0) (>= net452)) (&& (== netstandard2.0) (>= net452)) (&& (== netstandard2.1) (>= net452))
      DevExpress.Data (22.1.5) - restriction: || (== net461) (&& (== net6.0) (>= net452)) (&& (== net6.0-windows7.0) (>= net452)) (&& (== netstandard2.0) (>= net452)) (&& (== netstandard2.1) (>= net452))
      DevExpress.ExpressApp (22.1.5) - restriction: || (== net461) (&& (== net6.0) (>= net452)) (&& (== net6.0-windows7.0) (>= net452)) (&& (== netstandard2.0) (>= net452)) (&& (== netstandard2.1) (>= net452))
      DevExpress.ExpressApp.ReportsV2 (22.1.5) - restriction: || (== net461) (&& (== net6.0) (>= net452)) (&& (== net6.0-windows7.0) (>= net452)) (&& (== netstandard2.0) (>= net452)) (&& (== netstandard2.1) (>= net452))
      DevExpress.ExpressApp.Web (22.1.5) - restriction: || (== net461) (&& (== net6.0) (>= net452)) (&& (== net6.0-windows7.0) (>= net452)) (&& (== netstandard2.0) (>= net452)) (&& (== netstandard2.1) (>= net452))
      DevExpress.Persistent.Base (22.1.5) - restriction: || (== net461) (&& (== net6.0) (>= net452)) (&& (== net6.0-windows7.0) (>= net452)) (&& (== netstandard2.0) (>= net452)) (&& (== netstandard2.1) (>= net452))
      DevExpress.Printing.Core (22.1.5) - restriction: || (== net461) (&& (== net6.0) (>= net452)) (&& (== net6.0-windows7.0) (>= net452)) (&& (== netstandard2.0) (>= net452)) (&& (== netstandard2.1) (>= net452))
      DevExpress.Reporting.Core (22.1.5) - restriction: || (== net461) (&& (== net6.0) (>= net452)) (&& (== net6.0-windows7.0) (>= net452)) (&& (== netstandard2.0) (>= net452)) (&& (== netstandard2.1) (>= net452))
      DevExpress.Web (22.1.5) - restriction: || (== net461) (&& (== net6.0) (>= net452)) (&& (== net6.0-windows7.0) (>= net452)) (&& (== netstandard2.0) (>= net452)) (&& (== netstandard2.1) (>= net452))
      DevExpress.Web.Reporting (22.1.5) - restriction: || (== net461) (&& (== net6.0) (>= net452)) (&& (== net6.0-windows7.0) (>= net452)) (&& (== netstandard2.0) (>= net452)) (&& (== netstandard2.1) (>= net452))
      DevExpress.Web.Reporting.Common (22.1.5) - restriction: || (== net461) (&& (== net6.0) (>= net452)) (&& (== net6.0-windows7.0) (>= net452)) (&& (== netstandard2.0) (>= net452)) (&& (== netstandard2.1) (>= net452))
    DevExpress.ExpressApp.ReportsV2.Win (22.1.5) - restriction: || (== net461) (&& (== net6.0) (>= net452)) (&& (== net6.0) (>= net6.0-windows7.0)) (== net6.0-windows7.0) (&& (== netstandard2.0) (>= net452)) (&& (== netstandard2.0) (>= net6.0-windows7.0)) (&& (== netstandard2.1) (>= net452)) (&& (== netstandard2.1) (>= net6.0-windows7.0))
      DevExpress.Data (22.1.5) - restriction: || (== net461) (&& (== net6.0) (>= net452)) (&& (== net6.0) (>= net6.0-windows7.0)) (== net6.0-windows7.0) (&& (== netstandard2.0) (>= net452)) (&& (== netstandard2.0) (>= net6.0-windows7.0)) (&& (== netstandard2.1) (>= net452)) (&& (== netstandard2.1) (>= net6.0-windows7.0))
      DevExpress.DataAccess (22.1.5) - restriction: || (== net461) (&& (== net6.0) (>= net452)) (&& (== net6.0) (>= net6.0-windows7.0)) (== net6.0-windows7.0) (&& (== netstandard2.0) (>= net452)) (&& (== netstandard2.0) (>= net6.0-windows7.0)) (&& (== netstandard2.1) (>= net452)) (&& (== netstandard2.1) (>= net6.0-windows7.0))
      DevExpress.DataAccess.UI (22.1.5) - restriction: || (== net461) (&& (== net6.0) (>= net452)) (&& (== net6.0) (>= net6.0-windows7.0)) (== net6.0-windows7.0) (&& (== netstandard2.0) (>= net452)) (&& (== netstandard2.0) (>= net6.0-windows7.0)) (&& (== netstandard2.1) (>= net452)) (&& (== netstandard2.1) (>= net6.0-windows7.0))
      DevExpress.ExpressApp (22.1.5) - restriction: || (== net461) (&& (== net6.0) (>= net452)) (&& (== net6.0) (>= net6.0-windows7.0)) (== net6.0-windows7.0) (&& (== netstandard2.0) (>= net452)) (&& (== netstandard2.0) (>= net6.0-windows7.0)) (&& (== netstandard2.1) (>= net452)) (&& (== netstandard2.1) (>= net6.0-windows7.0))
      DevExpress.ExpressApp.ReportsV2 (22.1.5) - restriction: || (== net461) (&& (== net6.0) (>= net452)) (&& (== net6.0) (>= net6.0-windows7.0)) (== net6.0-windows7.0) (&& (== netstandard2.0) (>= net452)) (&& (== netstandard2.0) (>= net6.0-windows7.0)) (&& (== netstandard2.1) (>= net452)) (&& (== netstandard2.1) (>= net6.0-windows7.0))
      DevExpress.ExpressApp.Win (22.1.5) - restriction: || (== net461) (&& (== net6.0) (>= net452)) (&& (== net6.0) (>= net6.0-windows7.0)) (== net6.0-windows7.0) (&& (== netstandard2.0) (>= net452)) (&& (== netstandard2.0) (>= net6.0-windows7.0)) (&& (== netstandard2.1) (>= net452)) (&& (== netstandard2.1) (>= net6.0-windows7.0))
      DevExpress.Persistent.Base (22.1.5) - restriction: || (== net461) (&& (== net6.0) (>= net452)) (&& (== net6.0) (>= net6.0-windows7.0)) (== net6.0-windows7.0) (&& (== netstandard2.0) (>= net452)) (&& (== netstandard2.0) (>= net6.0-windows7.0)) (&& (== netstandard2.1) (>= net452)) (&& (== netstandard2.1) (>= net6.0-windows7.0))
      DevExpress.Printing.Core (22.1.5) - restriction: || (== net461) (&& (== net6.0) (>= net452)) (&& (== net6.0) (>= net6.0-windows7.0)) (== net6.0-windows7.0) (&& (== netstandard2.0) (>= net452)) (&& (== netstandard2.0) (>= net6.0-windows7.0)) (&& (== netstandard2.1) (>= net452)) (&& (== netstandard2.1) (>= net6.0-windows7.0))
      DevExpress.Reporting.Core (22.1.5) - restriction: || (== net461) (&& (== net6.0) (>= net452)) (&& (== net6.0) (>= net6.0-windows7.0)) (== net6.0-windows7.0) (&& (== netstandard2.0) (>= net452)) (&& (== netstandard2.0) (>= net6.0-windows7.0)) (&& (== netstandard2.1) (>= net452)) (&& (== netstandard2.1) (>= net6.0-windows7.0))
      DevExpress.Utils (22.1.5) - restriction: || (== net461) (&& (== net6.0) (>= net452)) (&& (== net6.0) (>= net6.0-windows7.0)) (== net6.0-windows7.0) (&& (== netstandard2.0) (>= net452)) (&& (== netstandard2.0) (>= net6.0-windows7.0)) (&& (== netstandard2.1) (>= net452)) (&& (== netstandard2.1) (>= net6.0-windows7.0))
      DevExpress.Utils.UI (22.1.5) - restriction: || (== net461) (&& (== net6.0) (>= net452)) (&& (== net6.0) (>= net6.0-windows7.0)) (== net6.0-windows7.0) (&& (== netstandard2.0) (>= net452)) (&& (== netstandard2.0) (>= net6.0-windows7.0)) (&& (== netstandard2.1) (>= net452)) (&& (== netstandard2.1) (>= net6.0-windows7.0))
      DevExpress.Win.Grid (22.1.5) - restriction: || (== net461) (&& (== net6.0) (>= net452)) (&& (== net6.0) (>= net6.0-windows7.0)) (== net6.0-windows7.0) (&& (== netstandard2.0) (>= net452)) (&& (== netstandard2.0) (>= net6.0-windows7.0)) (&& (== netstandard2.1) (>= net452)) (&& (== netstandard2.1) (>= net6.0-windows7.0))
      DevExpress.Win.Navigation (22.1.5) - restriction: || (== net461) (&& (== net6.0) (>= net452)) (&& (== net6.0) (>= net6.0-windows7.0)) (== net6.0-windows7.0) (&& (== netstandard2.0) (>= net452)) (&& (== netstandard2.0) (>= net6.0-windows7.0)) (&& (== netstandard2.1) (>= net452)) (&& (== netstandard2.1) (>= net6.0-windows7.0))
      DevExpress.Win.Printing (22.1.5) - restriction: || (== net461) (&& (== net6.0) (>= net452)) (&& (== net6.0) (>= net6.0-windows7.0)) (== net6.0-windows7.0) (&& (== netstandard2.0) (>= net452)) (&& (== netstandard2.0) (>= net6.0-windows7.0)) (&& (== netstandard2.1) (>= net452)) (&& (== netstandard2.1) (>= net6.0-windows7.0))
      DevExpress.Win.Reporting (22.1.5) - restriction: || (== net461) (&& (== net6.0) (>= net452)) (&& (== net6.0) (>= net6.0-windows7.0)) (== net6.0-windows7.0) (&& (== netstandard2.0) (>= net452)) (&& (== netstandard2.0) (>= net6.0-windows7.0)) (&& (== netstandard2.1) (>= net452)) (&& (== netstandard2.1) (>= net6.0-windows7.0))
      DevExpress.Win.TreeList (22.1.5) - restriction: || (== net461) (&& (== net6.0) (>= net452)) (&& (== net6.0) (>= net6.0-windows7.0)) (== net6.0-windows7.0) (&& (== netstandard2.0) (>= net452)) (&& (== netstandard2.0) (>= net6.0-windows7.0)) (&& (== netstandard2.1) (>= net452)) (&& (== netstandard2.1) (>= net6.0-windows7.0))
    DevExpress.ExpressApp.Scheduler (22.1.5)
      DevExpress.Data (22.1.5)
      DevExpress.ExpressApp (22.1.5)
      DevExpress.Persistent.Base (22.1.5)
      DevExpress.Scheduler.Core (22.1.5)
      DevExpress.Scheduler.CoreDesktop (22.1.5) - restriction: || (== net461) (&& (== net6.0) (>= net452)) (&& (== net6.0-windows7.0) (>= net452)) (&& (== netstandard2.0) (>= net452)) (&& (== netstandard2.1) (>= net452))
      NETStandard.Library (>= 2.0.3) - restriction: || (&& (== net461) (< net452) (>= netstandard2.0)) (== net6.0) (== net6.0-windows7.0) (== netstandard2.0) (== netstandard2.1)
      System.Drawing.Common (>= 4.5) - restriction: || (&& (== net461) (< net452) (>= netstandard2.0)) (== net6.0) (== net6.0-windows7.0) (== netstandard2.0) (== netstandard2.1)
    DevExpress.ExpressApp.Scheduler.Web (22.1.5) - restriction: || (== net461) (&& (== net6.0) (>= net452)) (&& (== net6.0-windows7.0) (>= net452)) (&& (== netstandard2.0) (>= net452)) (&& (== netstandard2.1) (>= net452))
      DevExpress.Data (22.1.5) - restriction: || (== net461) (&& (== net6.0) (>= net452)) (&& (== net6.0-windows7.0) (>= net452)) (&& (== netstandard2.0) (>= net452)) (&& (== netstandard2.1) (>= net452))
      DevExpress.ExpressApp (22.1.5) - restriction: || (== net461) (&& (== net6.0) (>= net452)) (&& (== net6.0-windows7.0) (>= net452)) (&& (== netstandard2.0) (>= net452)) (&& (== netstandard2.1) (>= net452))
      DevExpress.ExpressApp.Scheduler (22.1.5) - restriction: || (== net461) (&& (== net6.0) (>= net452)) (&& (== net6.0-windows7.0) (>= net452)) (&& (== netstandard2.0) (>= net452)) (&& (== netstandard2.1) (>= net452))
      DevExpress.ExpressApp.Web (22.1.5) - restriction: || (== net461) (&& (== net6.0) (>= net452)) (&& (== net6.0-windows7.0) (>= net452)) (&& (== netstandard2.0) (>= net452)) (&& (== netstandard2.1) (>= net452))
      DevExpress.Persistent.Base (22.1.5) - restriction: || (== net461) (&& (== net6.0) (>= net452)) (&& (== net6.0-windows7.0) (>= net452)) (&& (== netstandard2.0) (>= net452)) (&& (== netstandard2.1) (>= net452))
      DevExpress.Scheduler.Core (22.1.5) - restriction: || (== net461) (&& (== net6.0) (>= net452)) (&& (== net6.0-windows7.0) (>= net452)) (&& (== netstandard2.0) (>= net452)) (&& (== netstandard2.1) (>= net452))
      DevExpress.Scheduler.CoreDesktop (22.1.5) - restriction: || (== net461) (&& (== net6.0) (>= net452)) (&& (== net6.0-windows7.0) (>= net452)) (&& (== netstandard2.0) (>= net452)) (&& (== netstandard2.1) (>= net452))
      DevExpress.Web (22.1.5) - restriction: || (== net461) (&& (== net6.0) (>= net452)) (&& (== net6.0-windows7.0) (>= net452)) (&& (== netstandard2.0) (>= net452)) (&& (== netstandard2.1) (>= net452))
      DevExpress.Web.Scheduler (22.1.5) - restriction: || (== net461) (&& (== net6.0) (>= net452)) (&& (== net6.0-windows7.0) (>= net452)) (&& (== netstandard2.0) (>= net452)) (&& (== netstandard2.1) (>= net452))
    DevExpress.ExpressApp.Scheduler.Win (22.1.5) - restriction: || (== net461) (&& (== net6.0) (>= net452)) (&& (== net6.0) (>= net6.0-windows7.0)) (== net6.0-windows7.0) (&& (== netstandard2.0) (>= net452)) (&& (== netstandard2.0) (>= net6.0-windows7.0)) (&& (== netstandard2.1) (>= net452)) (&& (== netstandard2.1) (>= net6.0-windows7.0))
      DevExpress.Data (22.1.5) - restriction: || (== net461) (&& (== net6.0) (>= net452)) (&& (== net6.0) (>= net6.0-windows7.0)) (== net6.0-windows7.0) (&& (== netstandard2.0) (>= net452)) (&& (== netstandard2.0) (>= net6.0-windows7.0)) (&& (== netstandard2.1) (>= net452)) (&& (== netstandard2.1) (>= net6.0-windows7.0))
      DevExpress.ExpressApp (22.1.5) - restriction: || (== net461) (&& (== net6.0) (>= net452)) (&& (== net6.0) (>= net6.0-windows7.0)) (== net6.0-windows7.0) (&& (== netstandard2.0) (>= net452)) (&& (== netstandard2.0) (>= net6.0-windows7.0)) (&& (== netstandard2.1) (>= net452)) (&& (== netstandard2.1) (>= net6.0-windows7.0))
      DevExpress.ExpressApp.Scheduler (22.1.5) - restriction: || (== net461) (&& (== net6.0) (>= net452)) (&& (== net6.0) (>= net6.0-windows7.0)) (== net6.0-windows7.0) (&& (== netstandard2.0) (>= net452)) (&& (== netstandard2.0) (>= net6.0-windows7.0)) (&& (== netstandard2.1) (>= net452)) (&& (== netstandard2.1) (>= net6.0-windows7.0))
      DevExpress.ExpressApp.Win (22.1.5) - restriction: || (== net461) (&& (== net6.0) (>= net452)) (&& (== net6.0) (>= net6.0-windows7.0)) (== net6.0-windows7.0) (&& (== netstandard2.0) (>= net452)) (&& (== netstandard2.0) (>= net6.0-windows7.0)) (&& (== netstandard2.1) (>= net452)) (&& (== netstandard2.1) (>= net6.0-windows7.0))
      DevExpress.Persistent.Base (22.1.5) - restriction: || (== net461) (&& (== net6.0) (>= net452)) (&& (== net6.0) (>= net6.0-windows7.0)) (== net6.0-windows7.0) (&& (== netstandard2.0) (>= net452)) (&& (== netstandard2.0) (>= net6.0-windows7.0)) (&& (== netstandard2.1) (>= net452)) (&& (== netstandard2.1) (>= net6.0-windows7.0))
      DevExpress.Printing.Core (22.1.5) - restriction: || (== net461) (&& (== net6.0) (>= net452)) (&& (== net6.0) (>= net6.0-windows7.0)) (== net6.0-windows7.0) (&& (== netstandard2.0) (>= net452)) (&& (== netstandard2.0) (>= net6.0-windows7.0)) (&& (== netstandard2.1) (>= net452)) (&& (== netstandard2.1) (>= net6.0-windows7.0))
      DevExpress.Scheduler.Core (22.1.5) - restriction: || (== net461) (&& (== net6.0) (>= net452)) (&& (== net6.0) (>= net6.0-windows7.0)) (== net6.0-windows7.0) (&& (== netstandard2.0) (>= net452)) (&& (== netstandard2.0) (>= net6.0-windows7.0)) (&& (== netstandard2.1) (>= net452)) (&& (== netstandard2.1) (>= net6.0-windows7.0))
      DevExpress.Scheduler.CoreDesktop (22.1.5) - restriction: || (== net461) (&& (== net6.0) (>= net452)) (&& (== net6.0) (>= net6.0-windows7.0)) (== net6.0-windows7.0) (&& (== netstandard2.0) (>= net452)) (&& (== netstandard2.0) (>= net6.0-windows7.0)) (&& (== netstandard2.1) (>= net452)) (&& (== netstandard2.1) (>= net6.0-windows7.0))
      DevExpress.Utils (22.1.5) - restriction: || (== net461) (&& (== net6.0) (>= net452)) (&& (== net6.0) (>= net6.0-windows7.0)) (== net6.0-windows7.0) (&& (== netstandard2.0) (>= net452)) (&& (== netstandard2.0) (>= net6.0-windows7.0)) (&& (== netstandard2.1) (>= net452)) (&& (== netstandard2.1) (>= net6.0-windows7.0))
      DevExpress.Win.Navigation (22.1.5) - restriction: || (== net461) (&& (== net6.0) (>= net452)) (&& (== net6.0) (>= net6.0-windows7.0)) (== net6.0-windows7.0) (&& (== netstandard2.0) (>= net452)) (&& (== netstandard2.0) (>= net6.0-windows7.0)) (&& (== netstandard2.1) (>= net452)) (&& (== netstandard2.1) (>= net6.0-windows7.0))
      DevExpress.Win.Scheduler (22.1.5) - restriction: || (== net461) (&& (== net6.0) (>= net452)) (&& (== net6.0) (>= net6.0-windows7.0)) (== net6.0-windows7.0) (&& (== netstandard2.0) (>= net452)) (&& (== netstandard2.0) (>= net6.0-windows7.0)) (&& (== netstandard2.1) (>= net452)) (&& (== netstandard2.1) (>= net6.0-windows7.0))
    DevExpress.ExpressApp.ScriptRecorder (22.1.5)
      DevExpress.ExpressApp (22.1.5)
      NETStandard.Library (>= 2.0.3) - restriction: || (&& (== net461) (< net452) (>= netstandard2.0)) (== net6.0) (== net6.0-windows7.0) (== netstandard2.0) (== netstandard2.1)
      System.Drawing.Common (>= 4.5) - restriction: || (&& (== net461) (< net452) (>= netstandard2.0)) (== net6.0) (== net6.0-windows7.0) (== netstandard2.0) (== netstandard2.1)
    DevExpress.ExpressApp.ScriptRecorder.Web (22.1.5) - restriction: || (== net461) (&& (== net6.0) (>= net452)) (&& (== net6.0-windows7.0) (>= net452)) (&& (== netstandard2.0) (>= net452)) (&& (== netstandard2.1) (>= net452))
      DevExpress.Data (22.1.5) - restriction: || (== net461) (&& (== net6.0) (>= net452)) (&& (== net6.0-windows7.0) (>= net452)) (&& (== netstandard2.0) (>= net452)) (&& (== netstandard2.1) (>= net452))
      DevExpress.ExpressApp (22.1.5) - restriction: || (== net461) (&& (== net6.0) (>= net452)) (&& (== net6.0-windows7.0) (>= net452)) (&& (== netstandard2.0) (>= net452)) (&& (== netstandard2.1) (>= net452))
      DevExpress.ExpressApp.ScriptRecorder (22.1.5) - restriction: || (== net461) (&& (== net6.0) (>= net452)) (&& (== net6.0-windows7.0) (>= net452)) (&& (== netstandard2.0) (>= net452)) (&& (== netstandard2.1) (>= net452))
      DevExpress.ExpressApp.Web (22.1.5) - restriction: || (== net461) (&& (== net6.0) (>= net452)) (&& (== net6.0-windows7.0) (>= net452)) (&& (== netstandard2.0) (>= net452)) (&& (== netstandard2.1) (>= net452))
    DevExpress.ExpressApp.ScriptRecorder.Win (22.1.5) - restriction: || (== net461) (&& (== net6.0) (>= net452)) (&& (== net6.0) (>= net6.0-windows7.0)) (== net6.0-windows7.0) (&& (== netstandard2.0) (>= net452)) (&& (== netstandard2.0) (>= net6.0-windows7.0)) (&& (== netstandard2.1) (>= net452)) (&& (== netstandard2.1) (>= net6.0-windows7.0))
      DevExpress.Data (22.1.5) - restriction: || (== net461) (&& (== net6.0) (>= net452)) (&& (== net6.0) (>= net6.0-windows7.0)) (== net6.0-windows7.0) (&& (== netstandard2.0) (>= net452)) (&& (== netstandard2.0) (>= net6.0-windows7.0)) (&& (== netstandard2.1) (>= net452)) (&& (== netstandard2.1) (>= net6.0-windows7.0))
      DevExpress.ExpressApp (22.1.5) - restriction: || (== net461) (&& (== net6.0) (>= net452)) (&& (== net6.0) (>= net6.0-windows7.0)) (== net6.0-windows7.0) (&& (== netstandard2.0) (>= net452)) (&& (== netstandard2.0) (>= net6.0-windows7.0)) (&& (== netstandard2.1) (>= net452)) (&& (== netstandard2.1) (>= net6.0-windows7.0))
      DevExpress.ExpressApp.ScriptRecorder (22.1.5) - restriction: || (== net461) (&& (== net6.0) (>= net452)) (&& (== net6.0) (>= net6.0-windows7.0)) (== net6.0-windows7.0) (&& (== netstandard2.0) (>= net452)) (&& (== netstandard2.0) (>= net6.0-windows7.0)) (&& (== netstandard2.1) (>= net452)) (&& (== netstandard2.1) (>= net6.0-windows7.0))
      DevExpress.ExpressApp.Win (22.1.5) - restriction: || (== net461) (&& (== net6.0) (>= net452)) (&& (== net6.0) (>= net6.0-windows7.0)) (== net6.0-windows7.0) (&& (== netstandard2.0) (>= net452)) (&& (== netstandard2.0) (>= net6.0-windows7.0)) (&& (== netstandard2.1) (>= net452)) (&& (== netstandard2.1) (>= net6.0-windows7.0))
      DevExpress.Utils (22.1.5) - restriction: || (== net461) (&& (== net6.0) (>= net452)) (&& (== net6.0) (>= net6.0-windows7.0)) (== net6.0-windows7.0) (&& (== netstandard2.0) (>= net452)) (&& (== netstandard2.0) (>= net6.0-windows7.0)) (&& (== netstandard2.1) (>= net452)) (&& (== netstandard2.1) (>= net6.0-windows7.0))
      DevExpress.Win.Navigation (22.1.5) - restriction: || (== net461) (&& (== net6.0) (>= net452)) (&& (== net6.0) (>= net6.0-windows7.0)) (== net6.0-windows7.0) (&& (== netstandard2.0) (>= net452)) (&& (== netstandard2.0) (>= net6.0-windows7.0)) (&& (== netstandard2.1) (>= net452)) (&& (== netstandard2.1) (>= net6.0-windows7.0))
    DevExpress.ExpressApp.Security (22.1.5)
      DevExpress.Data (22.1.5)
      DevExpress.ExpressApp (22.1.5)
      DevExpress.Persistent.Base (22.1.5)
      Microsoft.Extensions.DependencyInjection.Abstractions (>= 6.0) - restriction: || (&& (== net461) (< net452) (>= netstandard2.0)) (== net6.0) (== net6.0-windows7.0) (== netstandard2.0) (== netstandard2.1)
      Microsoft.Extensions.Options (>= 3.1.5) - restriction: || (&& (== net461) (< net452) (>= netstandard2.0)) (== net6.0) (== net6.0-windows7.0) (== netstandard2.0) (== netstandard2.1)
      NETStandard.Library (>= 2.0.3) - restriction: || (&& (== net461) (< net452) (>= netstandard2.0)) (== net6.0) (== net6.0-windows7.0) (== netstandard2.0) (== netstandard2.1)
      System.Drawing.Common (>= 4.5) - restriction: || (&& (== net461) (< net452) (>= netstandard2.0)) (== net6.0) (== net6.0-windows7.0) (== netstandard2.0) (== netstandard2.1)
      System.Security.Permissions (>= 4.5) - restriction: || (&& (== net461) (< net452) (>= netstandard2.0)) (== net6.0) (== net6.0-windows7.0) (== netstandard2.0) (== netstandard2.1)
    DevExpress.ExpressApp.Security.AspNetCore (22.1.5) - restriction: || (&& (== net461) (>= net6.0)) (== net6.0) (== net6.0-windows7.0) (&& (== netstandard2.0) (>= net6.0)) (&& (== netstandard2.1) (>= net6.0))
      DevExpress.ExpressApp (22.1.5) - restriction: || (&& (== net461) (>= net6.0)) (== net6.0) (== net6.0-windows7.0) (&& (== netstandard2.0) (>= net6.0)) (&& (== netstandard2.1) (>= net6.0))
      DevExpress.ExpressApp.AspNetCore (22.1.5) - restriction: || (&& (== net461) (>= net6.0)) (== net6.0) (== net6.0-windows7.0) (&& (== netstandard2.0) (>= net6.0)) (&& (== netstandard2.1) (>= net6.0))
      DevExpress.ExpressApp.Security (22.1.5) - restriction: || (&& (== net461) (>= net6.0)) (== net6.0) (== net6.0-windows7.0) (&& (== netstandard2.0) (>= net6.0)) (&& (== netstandard2.1) (>= net6.0))
    DevExpress.ExpressApp.Security.Xpo (22.1.5)
      DevExpress.Data (22.1.5)
      DevExpress.ExpressApp (22.1.5)
      DevExpress.ExpressApp.Security (22.1.5)
      DevExpress.ExpressApp.Xpo (22.1.5)
      DevExpress.Persistent.Base (22.1.5)
      DevExpress.Xpo (22.1.5)
      Microsoft.Extensions.DependencyInjection.Abstractions (>= 6.0) - restriction: || (&& (== net461) (< net452) (>= netstandard2.0)) (== net6.0) (== net6.0-windows7.0) (== netstandard2.0) (== netstandard2.1)
      Microsoft.Extensions.Options (>= 6.0) - restriction: || (&& (== net461) (< net452) (>= netstandard2.0)) (== net6.0) (== net6.0-windows7.0) (== netstandard2.0) (== netstandard2.1)
      NETStandard.Library (>= 2.0.3) - restriction: || (&& (== net461) (< net452) (>= netstandard2.0)) (== net6.0) (== net6.0-windows7.0) (== netstandard2.0) (== netstandard2.1)
      System.ServiceModel.Http (>= 4.6) - restriction: || (&& (== net461) (< net452) (>= netstandard2.0)) (== net6.0) (== net6.0-windows7.0) (== netstandard2.0) (== netstandard2.1)
      System.ServiceModel.NetTcp (>= 4.6) - restriction: || (&& (== net461) (< net452) (>= netstandard2.0)) (== net6.0) (== net6.0-windows7.0) (== netstandard2.0) (== netstandard2.1)
      System.ServiceModel.Primitives (>= 4.6) - restriction: || (&& (== net461) (< net452) (>= netstandard2.0)) (== net6.0) (== net6.0-windows7.0) (== netstandard2.0) (== netstandard2.1)
    DevExpress.ExpressApp.StateMachine (22.1.5)
      DevExpress.Data (22.1.5)
      DevExpress.ExpressApp (22.1.5)
      DevExpress.ExpressApp.ConditionalAppearance (22.1.5)
      DevExpress.ExpressApp.Validation (22.1.5)
      DevExpress.Persistent.Base (22.1.5)
      NETStandard.Library (>= 2.0.3) - restriction: || (&& (== net461) (< net452) (>= netstandard2.0)) (== net6.0) (== net6.0-windows7.0) (== netstandard2.0) (== netstandard2.1)
      System.Drawing.Common (>= 4.5) - restriction: || (&& (== net461) (< net452) (>= netstandard2.0)) (== net6.0) (== net6.0-windows7.0) (== netstandard2.0) (== netstandard2.1)
    DevExpress.ExpressApp.TreeListEditors (22.1.5)
      DevExpress.Data (22.1.5)
      DevExpress.ExpressApp (22.1.5)
      DevExpress.Persistent.Base (22.1.5)
      NETStandard.Library (>= 2.0.3) - restriction: || (&& (== net461) (< net452) (>= netstandard2.0)) (== net6.0) (== net6.0-windows7.0) (== netstandard2.0) (== netstandard2.1)
      System.Drawing.Common (>= 4.5) - restriction: || (&& (== net461) (< net452) (>= netstandard2.0)) (== net6.0) (== net6.0-windows7.0) (== netstandard2.0) (== netstandard2.1)
    DevExpress.ExpressApp.TreeListEditors.Web (22.1.5) - restriction: || (== net461) (&& (== net6.0) (>= net452)) (&& (== net6.0-windows7.0) (>= net452)) (&& (== netstandard2.0) (>= net452)) (&& (== netstandard2.1) (>= net452))
      DevExpress.Data (22.1.5) - restriction: || (== net461) (&& (== net6.0) (>= net452)) (&& (== net6.0-windows7.0) (>= net452)) (&& (== netstandard2.0) (>= net452)) (&& (== netstandard2.1) (>= net452))
      DevExpress.ExpressApp (22.1.5) - restriction: || (== net461) (&& (== net6.0) (>= net452)) (&& (== net6.0-windows7.0) (>= net452)) (&& (== netstandard2.0) (>= net452)) (&& (== netstandard2.1) (>= net452))
      DevExpress.ExpressApp.TreeListEditors (22.1.5) - restriction: || (== net461) (&& (== net6.0) (>= net452)) (&& (== net6.0-windows7.0) (>= net452)) (&& (== netstandard2.0) (>= net452)) (&& (== netstandard2.1) (>= net452))
      DevExpress.ExpressApp.Web (22.1.5) - restriction: || (== net461) (&& (== net6.0) (>= net452)) (&& (== net6.0-windows7.0) (>= net452)) (&& (== netstandard2.0) (>= net452)) (&& (== netstandard2.1) (>= net452))
      DevExpress.Persistent.Base (22.1.5) - restriction: || (== net461) (&& (== net6.0) (>= net452)) (&& (== net6.0-windows7.0) (>= net452)) (&& (== netstandard2.0) (>= net452)) (&& (== netstandard2.1) (>= net452))
      DevExpress.Printing.Core (22.1.5) - restriction: || (== net461) (&& (== net6.0) (>= net452)) (&& (== net6.0-windows7.0) (>= net452)) (&& (== netstandard2.0) (>= net452)) (&& (== netstandard2.1) (>= net452))
      DevExpress.Web (22.1.5) - restriction: || (== net461) (&& (== net6.0) (>= net452)) (&& (== net6.0-windows7.0) (>= net452)) (&& (== netstandard2.0) (>= net452)) (&& (== netstandard2.1) (>= net452))
    DevExpress.ExpressApp.TreeListEditors.Win (22.1.5) - restriction: || (== net461) (&& (== net6.0) (>= net452)) (&& (== net6.0) (>= net6.0-windows7.0)) (== net6.0-windows7.0) (&& (== netstandard2.0) (>= net452)) (&& (== netstandard2.0) (>= net6.0-windows7.0)) (&& (== netstandard2.1) (>= net452)) (&& (== netstandard2.1) (>= net6.0-windows7.0))
      DevExpress.Data (22.1.5) - restriction: || (== net461) (&& (== net6.0) (>= net452)) (&& (== net6.0) (>= net6.0-windows7.0)) (== net6.0-windows7.0) (&& (== netstandard2.0) (>= net452)) (&& (== netstandard2.0) (>= net6.0-windows7.0)) (&& (== netstandard2.1) (>= net452)) (&& (== netstandard2.1) (>= net6.0-windows7.0))
      DevExpress.ExpressApp (22.1.5) - restriction: || (== net461) (&& (== net6.0) (>= net452)) (&& (== net6.0) (>= net6.0-windows7.0)) (== net6.0-windows7.0) (&& (== netstandard2.0) (>= net452)) (&& (== netstandard2.0) (>= net6.0-windows7.0)) (&& (== netstandard2.1) (>= net452)) (&& (== netstandard2.1) (>= net6.0-windows7.0))
      DevExpress.ExpressApp.TreeListEditors (22.1.5) - restriction: || (== net461) (&& (== net6.0) (>= net452)) (&& (== net6.0) (>= net6.0-windows7.0)) (== net6.0-windows7.0) (&& (== netstandard2.0) (>= net452)) (&& (== netstandard2.0) (>= net6.0-windows7.0)) (&& (== netstandard2.1) (>= net452)) (&& (== netstandard2.1) (>= net6.0-windows7.0))
      DevExpress.ExpressApp.Win (22.1.5) - restriction: || (== net461) (&& (== net6.0) (>= net452)) (&& (== net6.0) (>= net6.0-windows7.0)) (== net6.0-windows7.0) (&& (== netstandard2.0) (>= net452)) (&& (== netstandard2.0) (>= net6.0-windows7.0)) (&& (== netstandard2.1) (>= net452)) (&& (== netstandard2.1) (>= net6.0-windows7.0))
      DevExpress.Persistent.Base (22.1.5) - restriction: || (== net461) (&& (== net6.0) (>= net452)) (&& (== net6.0) (>= net6.0-windows7.0)) (== net6.0-windows7.0) (&& (== netstandard2.0) (>= net452)) (&& (== netstandard2.0) (>= net6.0-windows7.0)) (&& (== netstandard2.1) (>= net452)) (&& (== netstandard2.1) (>= net6.0-windows7.0))
      DevExpress.Printing.Core (22.1.5) - restriction: || (== net461) (&& (== net6.0) (>= net452)) (&& (== net6.0) (>= net6.0-windows7.0)) (== net6.0-windows7.0) (&& (== netstandard2.0) (>= net452)) (&& (== netstandard2.0) (>= net6.0-windows7.0)) (&& (== netstandard2.1) (>= net452)) (&& (== netstandard2.1) (>= net6.0-windows7.0))
      DevExpress.Utils (22.1.5) - restriction: || (== net461) (&& (== net6.0) (>= net452)) (&& (== net6.0) (>= net6.0-windows7.0)) (== net6.0-windows7.0) (&& (== netstandard2.0) (>= net452)) (&& (== netstandard2.0) (>= net6.0-windows7.0)) (&& (== netstandard2.1) (>= net452)) (&& (== netstandard2.1) (>= net6.0-windows7.0))
      DevExpress.Win.Navigation (22.1.5) - restriction: || (== net461) (&& (== net6.0) (>= net452)) (&& (== net6.0) (>= net6.0-windows7.0)) (== net6.0-windows7.0) (&& (== netstandard2.0) (>= net452)) (&& (== netstandard2.0) (>= net6.0-windows7.0)) (&& (== netstandard2.1) (>= net452)) (&& (== netstandard2.1) (>= net6.0-windows7.0))
      DevExpress.Win.TreeList (22.1.5) - restriction: || (== net461) (&& (== net6.0) (>= net452)) (&& (== net6.0) (>= net6.0-windows7.0)) (== net6.0-windows7.0) (&& (== netstandard2.0) (>= net452)) (&& (== netstandard2.0) (>= net6.0-windows7.0)) (&& (== netstandard2.1) (>= net452)) (&& (== netstandard2.1) (>= net6.0-windows7.0))
    DevExpress.ExpressApp.Validation (22.1.5)
      DevExpress.Data (22.1.5)
      DevExpress.ExpressApp (22.1.5)
      DevExpress.Persistent.Base (22.1.5)
      NETStandard.Library (>= 2.0.3) - restriction: || (&& (== net461) (< net452) (>= netstandard2.0)) (== net6.0) (== net6.0-windows7.0) (== netstandard2.0) (== netstandard2.1)
      System.Drawing.Common (>= 4.5) - restriction: || (&& (== net461) (< net452) (>= netstandard2.0)) (== net6.0) (== net6.0-windows7.0) (== netstandard2.0) (== netstandard2.1)
    DevExpress.ExpressApp.Validation.Blazor (22.1.5) - restriction: || (&& (== net461) (>= net6.0)) (== net6.0) (== net6.0-windows7.0) (&& (== netstandard2.0) (>= net6.0)) (&& (== netstandard2.1) (>= net6.0))
      DevExpress.Data (22.1.5) - restriction: || (&& (== net461) (>= net6.0)) (== net6.0) (== net6.0-windows7.0) (&& (== netstandard2.0) (>= net6.0)) (&& (== netstandard2.1) (>= net6.0))
      DevExpress.ExpressApp (22.1.5) - restriction: || (&& (== net461) (>= net6.0)) (== net6.0) (== net6.0-windows7.0) (&& (== netstandard2.0) (>= net6.0)) (&& (== netstandard2.1) (>= net6.0))
      DevExpress.ExpressApp.AspNetCore (22.1.5) - restriction: || (&& (== net461) (>= net6.0)) (== net6.0) (== net6.0-windows7.0) (&& (== netstandard2.0) (>= net6.0)) (&& (== netstandard2.1) (>= net6.0))
      DevExpress.ExpressApp.Blazor (22.1.5) - restriction: || (&& (== net461) (>= net6.0)) (== net6.0) (== net6.0-windows7.0) (&& (== netstandard2.0) (>= net6.0)) (&& (== netstandard2.1) (>= net6.0))
      DevExpress.ExpressApp.Validation (22.1.5) - restriction: || (&& (== net461) (>= net6.0)) (== net6.0) (== net6.0-windows7.0) (&& (== netstandard2.0) (>= net6.0)) (&& (== netstandard2.1) (>= net6.0))
      DevExpress.Persistent.Base (22.1.5) - restriction: || (&& (== net461) (>= net6.0)) (== net6.0) (== net6.0-windows7.0) (&& (== netstandard2.0) (>= net6.0)) (&& (== netstandard2.1) (>= net6.0))
      Microsoft.AspNetCore.Components.Web (>= 6.0) - restriction: || (&& (== net461) (>= net6.0)) (== net6.0) (== net6.0-windows7.0) (&& (== netstandard2.0) (>= net6.0)) (&& (== netstandard2.1) (>= net6.0))
    DevExpress.ExpressApp.Validation.Web (22.1.5) - restriction: || (== net461) (&& (== net6.0) (>= net452)) (&& (== net6.0-windows7.0) (>= net452)) (&& (== netstandard2.0) (>= net452)) (&& (== netstandard2.1) (>= net452))
      DevExpress.Data (22.1.5) - restriction: || (== net461) (&& (== net6.0) (>= net452)) (&& (== net6.0-windows7.0) (>= net452)) (&& (== netstandard2.0) (>= net452)) (&& (== netstandard2.1) (>= net452))
      DevExpress.ExpressApp (22.1.5) - restriction: || (== net461) (&& (== net6.0) (>= net452)) (&& (== net6.0-windows7.0) (>= net452)) (&& (== netstandard2.0) (>= net452)) (&& (== netstandard2.1) (>= net452))
      DevExpress.ExpressApp.Validation (22.1.5) - restriction: || (== net461) (&& (== net6.0) (>= net452)) (&& (== net6.0-windows7.0) (>= net452)) (&& (== netstandard2.0) (>= net452)) (&& (== netstandard2.1) (>= net452))
      DevExpress.ExpressApp.Web (22.1.5) - restriction: || (== net461) (&& (== net6.0) (>= net452)) (&& (== net6.0-windows7.0) (>= net452)) (&& (== netstandard2.0) (>= net452)) (&& (== netstandard2.1) (>= net452))
      DevExpress.Persistent.Base (22.1.5) - restriction: || (== net461) (&& (== net6.0) (>= net452)) (&& (== net6.0-windows7.0) (>= net452)) (&& (== netstandard2.0) (>= net452)) (&& (== netstandard2.1) (>= net452))
      DevExpress.Web (22.1.5) - restriction: || (== net461) (&& (== net6.0) (>= net452)) (&& (== net6.0-windows7.0) (>= net452)) (&& (== netstandard2.0) (>= net452)) (&& (== netstandard2.1) (>= net452))
    DevExpress.ExpressApp.Validation.Win (22.1.5) - restriction: || (== net461) (&& (== net6.0) (>= net452)) (&& (== net6.0) (>= net6.0-windows7.0)) (== net6.0-windows7.0) (&& (== netstandard2.0) (>= net452)) (&& (== netstandard2.0) (>= net6.0-windows7.0)) (&& (== netstandard2.1) (>= net452)) (&& (== netstandard2.1) (>= net6.0-windows7.0))
      DevExpress.Data (22.1.5) - restriction: || (== net461) (&& (== net6.0) (>= net452)) (&& (== net6.0) (>= net6.0-windows7.0)) (== net6.0-windows7.0) (&& (== netstandard2.0) (>= net452)) (&& (== netstandard2.0) (>= net6.0-windows7.0)) (&& (== netstandard2.1) (>= net452)) (&& (== netstandard2.1) (>= net6.0-windows7.0))
      DevExpress.ExpressApp (22.1.5) - restriction: || (== net461) (&& (== net6.0) (>= net452)) (&& (== net6.0) (>= net6.0-windows7.0)) (== net6.0-windows7.0) (&& (== netstandard2.0) (>= net452)) (&& (== netstandard2.0) (>= net6.0-windows7.0)) (&& (== netstandard2.1) (>= net452)) (&& (== netstandard2.1) (>= net6.0-windows7.0))
      DevExpress.ExpressApp.Validation (22.1.5) - restriction: || (== net461) (&& (== net6.0) (>= net452)) (&& (== net6.0) (>= net6.0-windows7.0)) (== net6.0-windows7.0) (&& (== netstandard2.0) (>= net452)) (&& (== netstandard2.0) (>= net6.0-windows7.0)) (&& (== netstandard2.1) (>= net452)) (&& (== netstandard2.1) (>= net6.0-windows7.0))
      DevExpress.ExpressApp.Win (22.1.5) - restriction: || (== net461) (&& (== net6.0) (>= net452)) (&& (== net6.0) (>= net6.0-windows7.0)) (== net6.0-windows7.0) (&& (== netstandard2.0) (>= net452)) (&& (== netstandard2.0) (>= net6.0-windows7.0)) (&& (== netstandard2.1) (>= net452)) (&& (== netstandard2.1) (>= net6.0-windows7.0))
      DevExpress.Persistent.Base (22.1.5) - restriction: || (== net461) (&& (== net6.0) (>= net452)) (&& (== net6.0) (>= net6.0-windows7.0)) (== net6.0-windows7.0) (&& (== netstandard2.0) (>= net452)) (&& (== netstandard2.0) (>= net6.0-windows7.0)) (&& (== netstandard2.1) (>= net452)) (&& (== netstandard2.1) (>= net6.0-windows7.0))
      DevExpress.Win.Grid (22.1.5) - restriction: || (== net461) (&& (== net6.0) (>= net452)) (&& (== net6.0) (>= net6.0-windows7.0)) (== net6.0-windows7.0) (&& (== netstandard2.0) (>= net452)) (&& (== netstandard2.0) (>= net6.0-windows7.0)) (&& (== netstandard2.1) (>= net452)) (&& (== netstandard2.1) (>= net6.0-windows7.0))
      DevExpress.Win.Navigation (22.1.5) - restriction: || (== net461) (&& (== net6.0) (>= net452)) (&& (== net6.0) (>= net6.0-windows7.0)) (== net6.0-windows7.0) (&& (== netstandard2.0) (>= net452)) (&& (== netstandard2.0) (>= net6.0-windows7.0)) (&& (== netstandard2.1) (>= net452)) (&& (== netstandard2.1) (>= net6.0-windows7.0))
    DevExpress.ExpressApp.ViewVariantsModule (22.1.5)
      DevExpress.Data (22.1.5)
      DevExpress.ExpressApp (22.1.5)
      NETStandard.Library (>= 2.0.3) - restriction: || (&& (== net461) (< net452) (>= netstandard2.0)) (== net6.0) (== net6.0-windows7.0) (== netstandard2.0) (== netstandard2.1)
      System.Drawing.Common (>= 4.5) - restriction: || (&& (== net461) (< net452) (>= netstandard2.0)) (== net6.0) (== net6.0-windows7.0) (== netstandard2.0) (== netstandard2.1)
    DevExpress.ExpressApp.Web (22.1.5) - restriction: || (== net461) (&& (== net6.0) (>= net452)) (&& (== net6.0-windows7.0) (>= net452)) (&& (== netstandard2.0) (>= net452)) (&& (== netstandard2.1) (>= net452))
      DevExpress.Data (22.1.5) - restriction: || (== net461) (&& (== net6.0) (>= net452)) (&& (== net6.0-windows7.0) (>= net452)) (&& (== netstandard2.0) (>= net452)) (&& (== netstandard2.1) (>= net452))
      DevExpress.ExpressApp (22.1.5) - restriction: || (== net461) (&& (== net6.0) (>= net452)) (&& (== net6.0-windows7.0) (>= net452)) (&& (== netstandard2.0) (>= net452)) (&& (== netstandard2.1) (>= net452))
      DevExpress.Persistent.Base (22.1.5) - restriction: || (== net461) (&& (== net6.0) (>= net452)) (&& (== net6.0-windows7.0) (>= net452)) (&& (== netstandard2.0) (>= net452)) (&& (== netstandard2.1) (>= net452))
      DevExpress.Printing.Core (22.1.5) - restriction: || (== net461) (&& (== net6.0) (>= net452)) (&& (== net6.0-windows7.0) (>= net452)) (&& (== netstandard2.0) (>= net452)) (&& (== netstandard2.1) (>= net452))
      DevExpress.Utils (22.1.5) - restriction: || (== net461) (&& (== net6.0) (>= net452)) (&& (== net6.0-windows7.0) (>= net452)) (&& (== netstandard2.0) (>= net452)) (&& (== netstandard2.1) (>= net452))
      DevExpress.Web (22.1.5) - restriction: || (== net461) (&& (== net6.0) (>= net452)) (&& (== net6.0-windows7.0) (>= net452)) (&& (== netstandard2.0) (>= net452)) (&& (== netstandard2.1) (>= net452))
      DevExpress.Web.Themes (22.1.5) - restriction: || (== net461) (&& (== net6.0) (>= net452)) (&& (== net6.0-windows7.0) (>= net452)) (&& (== netstandard2.0) (>= net452)) (&& (== netstandard2.1) (>= net452))
    DevExpress.ExpressApp.Web.All (22.1.5)
      DevExpress.ExpressApp.Chart.Web (22.1.5) - restriction: || (== net461) (&& (== net6.0) (>= net452)) (&& (== net6.0-windows7.0) (>= net452)) (&& (== netstandard2.0) (>= net452)) (&& (== netstandard2.1) (>= net452))
      DevExpress.ExpressApp.Core.All (22.1.5) - restriction: || (== net461) (&& (== net6.0) (>= net452)) (&& (== net6.0-windows7.0) (>= net452)) (&& (== netstandard2.0) (>= net452)) (&& (== netstandard2.1) (>= net452))
      DevExpress.ExpressApp.Dashboards.Web (22.1.5) - restriction: || (== net461) (&& (== net6.0) (>= net452)) (&& (== net6.0-windows7.0) (>= net452)) (&& (== netstandard2.0) (>= net452)) (&& (== netstandard2.1) (>= net452))
      DevExpress.ExpressApp.EasyTest.SeleniumWebAdapter (22.1.5) - restriction: || (== net461) (&& (== net6.0) (>= net452)) (&& (== net6.0-windows7.0) (>= net452)) (&& (== netstandard2.0) (>= net452)) (&& (== netstandard2.1) (>= net452))
      DevExpress.ExpressApp.EasyTest.WebAdapter (22.1.5) - restriction: || (== net461) (&& (== net6.0) (>= net452)) (&& (== net6.0-windows7.0) (>= net452)) (&& (== netstandard2.0) (>= net452)) (&& (== netstandard2.1) (>= net452))
      DevExpress.ExpressApp.FileAttachment.Web (22.1.5) - restriction: || (== net461) (&& (== net6.0) (>= net452)) (&& (== net6.0-windows7.0) (>= net452)) (&& (== netstandard2.0) (>= net452)) (&& (== netstandard2.1) (>= net452))
      DevExpress.ExpressApp.HtmlPropertyEditor.Web (22.1.5) - restriction: || (== net461) (&& (== net6.0) (>= net452)) (&& (== net6.0-windows7.0) (>= net452)) (&& (== netstandard2.0) (>= net452)) (&& (== netstandard2.1) (>= net452))
      DevExpress.ExpressApp.Maps.Web (22.1.5) - restriction: || (== net461) (&& (== net6.0) (>= net452)) (&& (== net6.0-windows7.0) (>= net452)) (&& (== netstandard2.0) (>= net452)) (&& (== netstandard2.1) (>= net452))
      DevExpress.ExpressApp.Notifications.Web (22.1.5) - restriction: || (== net461) (&& (== net6.0) (>= net452)) (&& (== net6.0-windows7.0) (>= net452)) (&& (== netstandard2.0) (>= net452)) (&& (== netstandard2.1) (>= net452))
      DevExpress.ExpressApp.Office.Web (22.1.5) - restriction: || (== net461) (&& (== net6.0) (>= net452)) (&& (== net6.0-windows7.0) (>= net452)) (&& (== netstandard2.0) (>= net452)) (&& (== netstandard2.1) (>= net452))
      DevExpress.ExpressApp.PivotChart.Web (22.1.5) - restriction: || (== net461) (&& (== net6.0) (>= net452)) (&& (== net6.0-windows7.0) (>= net452)) (&& (== netstandard2.0) (>= net452)) (&& (== netstandard2.1) (>= net452))
      DevExpress.ExpressApp.PivotGrid.Web (22.1.5) - restriction: || (== net461) (&& (== net6.0) (>= net452)) (&& (== net6.0-windows7.0) (>= net452)) (&& (== netstandard2.0) (>= net452)) (&& (== netstandard2.1) (>= net452))
      DevExpress.ExpressApp.ReportsV2.Web (22.1.5) - restriction: || (== net461) (&& (== net6.0) (>= net452)) (&& (== net6.0-windows7.0) (>= net452)) (&& (== netstandard2.0) (>= net452)) (&& (== netstandard2.1) (>= net452))
      DevExpress.ExpressApp.Scheduler.Web (22.1.5) - restriction: || (== net461) (&& (== net6.0) (>= net452)) (&& (== net6.0-windows7.0) (>= net452)) (&& (== netstandard2.0) (>= net452)) (&& (== netstandard2.1) (>= net452))
      DevExpress.ExpressApp.ScriptRecorder.Web (22.1.5) - restriction: || (== net461) (&& (== net6.0) (>= net452)) (&& (== net6.0-windows7.0) (>= net452)) (&& (== netstandard2.0) (>= net452)) (&& (== netstandard2.1) (>= net452))
      DevExpress.ExpressApp.TreeListEditors.Web (22.1.5) - restriction: || (== net461) (&& (== net6.0) (>= net452)) (&& (== net6.0-windows7.0) (>= net452)) (&& (== netstandard2.0) (>= net452)) (&& (== netstandard2.1) (>= net452))
      DevExpress.ExpressApp.Validation.Web (22.1.5) - restriction: || (== net461) (&& (== net6.0) (>= net452)) (&& (== net6.0-windows7.0) (>= net452)) (&& (== netstandard2.0) (>= net452)) (&& (== netstandard2.1) (>= net452))
      DevExpress.ExpressApp.Web (22.1.5) - restriction: || (== net461) (&& (== net6.0) (>= net452)) (&& (== net6.0-windows7.0) (>= net452)) (&& (== netstandard2.0) (>= net452)) (&& (== netstandard2.1) (>= net452))
    DevExpress.ExpressApp.Win (22.1.5) - restriction: || (== net461) (&& (== net6.0) (>= net452)) (&& (== net6.0) (>= net6.0-windows7.0)) (== net6.0-windows7.0) (&& (== netstandard2.0) (>= net452)) (&& (== netstandard2.0) (>= net6.0-windows7.0)) (&& (== netstandard2.1) (>= net452)) (&& (== netstandard2.1) (>= net6.0-windows7.0))
      DevExpress.Data (22.1.5) - restriction: || (== net461) (&& (== net6.0) (>= net452)) (&& (== net6.0) (>= net6.0-windows7.0)) (== net6.0-windows7.0) (&& (== netstandard2.0) (>= net452)) (&& (== netstandard2.0) (>= net6.0-windows7.0)) (&& (== netstandard2.1) (>= net452)) (&& (== netstandard2.1) (>= net6.0-windows7.0))
      DevExpress.Data.Desktop (22.1.5) - restriction: || (== net461) (&& (== net6.0) (>= net452)) (&& (== net6.0) (>= net6.0-windows7.0)) (== net6.0-windows7.0) (&& (== netstandard2.0) (>= net452)) (&& (== netstandard2.0) (>= net6.0-windows7.0)) (&& (== netstandard2.1) (>= net452)) (&& (== netstandard2.1) (>= net6.0-windows7.0))
      DevExpress.DataAccess.UI (22.1.5) - restriction: || (== net461) (&& (== net6.0) (>= net452)) (&& (== net6.0) (>= net6.0-windows7.0)) (== net6.0-windows7.0) (&& (== netstandard2.0) (>= net452)) (&& (== netstandard2.0) (>= net6.0-windows7.0)) (&& (== netstandard2.1) (>= net452)) (&& (== netstandard2.1) (>= net6.0-windows7.0))
      DevExpress.ExpressApp (22.1.5) - restriction: || (== net461) (&& (== net6.0) (>= net452)) (&& (== net6.0) (>= net6.0-windows7.0)) (== net6.0-windows7.0) (&& (== netstandard2.0) (>= net452)) (&& (== netstandard2.0) (>= net6.0-windows7.0)) (&& (== netstandard2.1) (>= net452)) (&& (== netstandard2.1) (>= net6.0-windows7.0))
      DevExpress.ExpressApp.Security (22.1.5) - restriction: || (&& (== net461) (>= net6.0-windows7.0)) (&& (== net6.0) (>= net6.0-windows7.0)) (== net6.0-windows7.0) (&& (== netstandard2.0) (>= net6.0-windows7.0)) (&& (== netstandard2.1) (>= net6.0-windows7.0))
      DevExpress.Office.Core (22.1.5) - restriction: || (== net461) (&& (== net6.0) (>= net452)) (&& (== net6.0) (>= net6.0-windows7.0)) (== net6.0-windows7.0) (&& (== netstandard2.0) (>= net452)) (&& (== netstandard2.0) (>= net6.0-windows7.0)) (&& (== netstandard2.1) (>= net452)) (&& (== netstandard2.1) (>= net6.0-windows7.0))
      DevExpress.Persistent.Base (22.1.5) - restriction: || (== net461) (&& (== net6.0) (>= net452)) (&& (== net6.0) (>= net6.0-windows7.0)) (== net6.0-windows7.0) (&& (== netstandard2.0) (>= net452)) (&& (== netstandard2.0) (>= net6.0-windows7.0)) (&& (== netstandard2.1) (>= net452)) (&& (== netstandard2.1) (>= net6.0-windows7.0))
      DevExpress.Printing.Core (22.1.5) - restriction: || (== net461) (&& (== net6.0) (>= net452)) (&& (== net6.0) (>= net6.0-windows7.0)) (== net6.0-windows7.0) (&& (== netstandard2.0) (>= net452)) (&& (== netstandard2.0) (>= net6.0-windows7.0)) (&& (== netstandard2.1) (>= net452)) (&& (== netstandard2.1) (>= net6.0-windows7.0))
      DevExpress.RichEdit.Core (22.1.5) - restriction: || (== net461) (&& (== net6.0) (>= net452)) (&& (== net6.0) (>= net6.0-windows7.0)) (== net6.0-windows7.0) (&& (== netstandard2.0) (>= net452)) (&& (== netstandard2.0) (>= net6.0-windows7.0)) (&& (== netstandard2.1) (>= net452)) (&& (== netstandard2.1) (>= net6.0-windows7.0))
      DevExpress.Utils (22.1.5) - restriction: || (== net461) (&& (== net6.0) (>= net452)) (&& (== net6.0) (>= net6.0-windows7.0)) (== net6.0-windows7.0) (&& (== netstandard2.0) (>= net452)) (&& (== netstandard2.0) (>= net6.0-windows7.0)) (&& (== netstandard2.1) (>= net452)) (&& (== netstandard2.1) (>= net6.0-windows7.0))
      DevExpress.Win (22.1.5) - restriction: || (== net461) (&& (== net6.0) (>= net452)) (&& (== net6.0) (>= net6.0-windows7.0)) (== net6.0-windows7.0) (&& (== netstandard2.0) (>= net452)) (&& (== netstandard2.0) (>= net6.0-windows7.0)) (&& (== netstandard2.1) (>= net452)) (&& (== netstandard2.1) (>= net6.0-windows7.0))
      DevExpress.Win.BonusSkins (22.1.5) - restriction: || (== net461) (&& (== net6.0) (>= net452)) (&& (== net6.0) (>= net6.0-windows7.0)) (== net6.0-windows7.0) (&& (== netstandard2.0) (>= net452)) (&& (== netstandard2.0) (>= net6.0-windows7.0)) (&& (== netstandard2.1) (>= net452)) (&& (== netstandard2.1) (>= net6.0-windows7.0))
      DevExpress.Win.Grid (22.1.5) - restriction: || (== net461) (&& (== net6.0) (>= net452)) (&& (== net6.0) (>= net6.0-windows7.0)) (== net6.0-windows7.0) (&& (== netstandard2.0) (>= net452)) (&& (== netstandard2.0) (>= net6.0-windows7.0)) (&& (== netstandard2.1) (>= net452)) (&& (== netstandard2.1) (>= net6.0-windows7.0))
      DevExpress.Win.Navigation (22.1.5) - restriction: || (== net461) (&& (== net6.0) (>= net452)) (&& (== net6.0) (>= net6.0-windows7.0)) (== net6.0-windows7.0) (&& (== netstandard2.0) (>= net452)) (&& (== netstandard2.0) (>= net6.0-windows7.0)) (&& (== netstandard2.1) (>= net452)) (&& (== netstandard2.1) (>= net6.0-windows7.0))
      DevExpress.Win.Printing (22.1.5) - restriction: || (== net461) (&& (== net6.0) (>= net452)) (&& (== net6.0) (>= net6.0-windows7.0)) (== net6.0-windows7.0) (&& (== netstandard2.0) (>= net452)) (&& (== netstandard2.0) (>= net6.0-windows7.0)) (&& (== netstandard2.1) (>= net452)) (&& (== netstandard2.1) (>= net6.0-windows7.0))
      DevExpress.Win.RichEdit (22.1.5) - restriction: || (== net461) (&& (== net6.0) (>= net452)) (&& (== net6.0) (>= net6.0-windows7.0)) (== net6.0-windows7.0) (&& (== netstandard2.0) (>= net452)) (&& (== netstandard2.0) (>= net6.0-windows7.0)) (&& (== netstandard2.1) (>= net452)) (&& (== netstandard2.1) (>= net6.0-windows7.0))
      DevExpress.Win.TreeList (22.1.5) - restriction: || (== net461) (&& (== net6.0) (>= net452)) (&& (== net6.0) (>= net6.0-windows7.0)) (== net6.0-windows7.0) (&& (== netstandard2.0) (>= net452)) (&& (== netstandard2.0) (>= net6.0-windows7.0)) (&& (== netstandard2.1) (>= net452)) (&& (== netstandard2.1) (>= net6.0-windows7.0))
      DevExpress.Win.VerticalGrid (22.1.5) - restriction: || (== net461) (&& (== net6.0) (>= net452)) (&& (== net6.0) (>= net6.0-windows7.0)) (== net6.0-windows7.0) (&& (== netstandard2.0) (>= net452)) (&& (== netstandard2.0) (>= net6.0-windows7.0)) (&& (== netstandard2.1) (>= net452)) (&& (== netstandard2.1) (>= net6.0-windows7.0))
      Microsoft.Extensions.DependencyInjection (>= 6.0) - restriction: || (&& (== net461) (>= net6.0-windows7.0)) (&& (== net6.0) (>= net6.0-windows7.0)) (== net6.0-windows7.0) (&& (== netstandard2.0) (>= net6.0-windows7.0)) (&& (== netstandard2.1) (>= net6.0-windows7.0))
    DevExpress.ExpressApp.Win.All (22.1.5)
      DevExpress.ExpressApp.Chart.Win (22.1.5) - restriction: || (== net461) (&& (== net6.0) (>= net452)) (&& (== net6.0) (>= net6.0-windows7.0)) (== net6.0-windows7.0) (&& (== netstandard2.0) (>= net452)) (&& (== netstandard2.0) (>= net6.0-windows7.0)) (&& (== netstandard2.1) (>= net452)) (&& (== netstandard2.1) (>= net6.0-windows7.0))
      DevExpress.ExpressApp.Core.All (22.1.5) - restriction: || (== net461) (&& (== net6.0) (>= net452)) (&& (== net6.0) (>= net6.0-windows7.0)) (== net6.0-windows7.0) (&& (== netstandard2.0) (>= net452)) (&& (== netstandard2.0) (>= net6.0-windows7.0)) (&& (== netstandard2.1) (>= net452)) (&& (== netstandard2.1) (>= net6.0-windows7.0))
      DevExpress.ExpressApp.Dashboards.Win (22.1.5) - restriction: || (== net461) (&& (== net6.0) (>= net452)) (&& (== net6.0) (>= net6.0-windows7.0)) (== net6.0-windows7.0) (&& (== netstandard2.0) (>= net452)) (&& (== netstandard2.0) (>= net6.0-windows7.0)) (&& (== netstandard2.1) (>= net452)) (&& (== netstandard2.1) (>= net6.0-windows7.0))
      DevExpress.ExpressApp.EasyTest.WinAdapter (22.1.5) - restriction: || (== net461) (&& (== net6.0) (>= net452)) (&& (== net6.0) (>= net6.0-windows7.0)) (== net6.0-windows7.0) (&& (== netstandard2.0) (>= net452)) (&& (== netstandard2.0) (>= net6.0-windows7.0)) (&& (== netstandard2.1) (>= net452)) (&& (== netstandard2.1) (>= net6.0-windows7.0))
      DevExpress.ExpressApp.FileAttachment.Win (22.1.5) - restriction: || (== net461) (&& (== net6.0) (>= net452)) (&& (== net6.0) (>= net6.0-windows7.0)) (== net6.0-windows7.0) (&& (== netstandard2.0) (>= net452)) (&& (== netstandard2.0) (>= net6.0-windows7.0)) (&& (== netstandard2.1) (>= net452)) (&& (== netstandard2.1) (>= net6.0-windows7.0))
      DevExpress.ExpressApp.HtmlPropertyEditor.Win (22.1.5) - restriction: || (== net461) (&& (== net6.0) (>= net452)) (&& (== net6.0-windows7.0) (>= net452)) (&& (== netstandard2.0) (>= net452)) (&& (== netstandard2.1) (>= net452))
      DevExpress.ExpressApp.Notifications.Win (22.1.5) - restriction: || (== net461) (&& (== net6.0) (>= net452)) (&& (== net6.0) (>= net6.0-windows7.0)) (== net6.0-windows7.0) (&& (== netstandard2.0) (>= net452)) (&& (== netstandard2.0) (>= net6.0-windows7.0)) (&& (== netstandard2.1) (>= net452)) (&& (== netstandard2.1) (>= net6.0-windows7.0))
      DevExpress.ExpressApp.Office.Win (22.1.5) - restriction: || (== net461) (&& (== net6.0) (>= net452)) (&& (== net6.0) (>= net6.0-windows7.0)) (== net6.0-windows7.0) (&& (== netstandard2.0) (>= net452)) (&& (== netstandard2.0) (>= net6.0-windows7.0)) (&& (== netstandard2.1) (>= net452)) (&& (== netstandard2.1) (>= net6.0-windows7.0))
      DevExpress.ExpressApp.PivotChart.Win (22.1.5) - restriction: || (== net461) (&& (== net6.0) (>= net452)) (&& (== net6.0) (>= net6.0-windows7.0)) (== net6.0-windows7.0) (&& (== netstandard2.0) (>= net452)) (&& (== netstandard2.0) (>= net6.0-windows7.0)) (&& (== netstandard2.1) (>= net452)) (&& (== netstandard2.1) (>= net6.0-windows7.0))
      DevExpress.ExpressApp.PivotGrid.Win (22.1.5) - restriction: || (== net461) (&& (== net6.0) (>= net452)) (&& (== net6.0) (>= net6.0-windows7.0)) (== net6.0-windows7.0) (&& (== netstandard2.0) (>= net452)) (&& (== netstandard2.0) (>= net6.0-windows7.0)) (&& (== netstandard2.1) (>= net452)) (&& (== netstandard2.1) (>= net6.0-windows7.0))
      DevExpress.ExpressApp.ReportsV2.Win (22.1.5) - restriction: || (== net461) (&& (== net6.0) (>= net452)) (&& (== net6.0) (>= net6.0-windows7.0)) (== net6.0-windows7.0) (&& (== netstandard2.0) (>= net452)) (&& (== netstandard2.0) (>= net6.0-windows7.0)) (&& (== netstandard2.1) (>= net452)) (&& (== netstandard2.1) (>= net6.0-windows7.0))
      DevExpress.ExpressApp.Scheduler.Win (22.1.5) - restriction: || (== net461) (&& (== net6.0) (>= net452)) (&& (== net6.0) (>= net6.0-windows7.0)) (== net6.0-windows7.0) (&& (== netstandard2.0) (>= net452)) (&& (== netstandard2.0) (>= net6.0-windows7.0)) (&& (== netstandard2.1) (>= net452)) (&& (== netstandard2.1) (>= net6.0-windows7.0))
      DevExpress.ExpressApp.ScriptRecorder.Win (22.1.5) - restriction: || (== net461) (&& (== net6.0) (>= net452)) (&& (== net6.0) (>= net6.0-windows7.0)) (== net6.0-windows7.0) (&& (== netstandard2.0) (>= net452)) (&& (== netstandard2.0) (>= net6.0-windows7.0)) (&& (== netstandard2.1) (>= net452)) (&& (== netstandard2.1) (>= net6.0-windows7.0))
      DevExpress.ExpressApp.TreeListEditors.Win (22.1.5) - restriction: || (== net461) (&& (== net6.0) (>= net452)) (&& (== net6.0) (>= net6.0-windows7.0)) (== net6.0-windows7.0) (&& (== netstandard2.0) (>= net452)) (&& (== netstandard2.0) (>= net6.0-windows7.0)) (&& (== netstandard2.1) (>= net452)) (&& (== netstandard2.1) (>= net6.0-windows7.0))
      DevExpress.ExpressApp.Validation.Win (22.1.5) - restriction: || (== net461) (&& (== net6.0) (>= net452)) (&& (== net6.0) (>= net6.0-windows7.0)) (== net6.0-windows7.0) (&& (== netstandard2.0) (>= net452)) (&& (== netstandard2.0) (>= net6.0-windows7.0)) (&& (== netstandard2.1) (>= net452)) (&& (== netstandard2.1) (>= net6.0-windows7.0))
      DevExpress.ExpressApp.Win (22.1.5) - restriction: || (== net461) (&& (== net6.0) (>= net452)) (&& (== net6.0) (>= net6.0-windows7.0)) (== net6.0-windows7.0) (&& (== netstandard2.0) (>= net452)) (&& (== netstandard2.0) (>= net6.0-windows7.0)) (&& (== netstandard2.1) (>= net452)) (&& (== netstandard2.1) (>= net6.0-windows7.0))
      DevExpress.ExpressApp.Workflow.Win (22.1.5) - restriction: || (== net461) (&& (== net6.0) (>= net452)) (&& (== net6.0-windows7.0) (>= net452)) (&& (== netstandard2.0) (>= net452)) (&& (== netstandard2.1) (>= net452))
    DevExpress.ExpressApp.Workflow (22.1.5) - restriction: || (== net461) (&& (== net6.0) (>= net452)) (&& (== net6.0-windows7.0) (>= net452)) (&& (== netstandard2.0) (>= net452)) (&& (== netstandard2.1) (>= net452))
      DevExpress.Data (22.1.5) - restriction: || (== net461) (&& (== net6.0) (>= net452)) (&& (== net6.0-windows7.0) (>= net452)) (&& (== netstandard2.0) (>= net452)) (&& (== netstandard2.1) (>= net452))
      DevExpress.ExpressApp (22.1.5) - restriction: || (== net461) (&& (== net6.0) (>= net452)) (&& (== net6.0-windows7.0) (>= net452)) (&& (== netstandard2.0) (>= net452)) (&& (== netstandard2.1) (>= net452))
      DevExpress.ExpressApp.ConditionalAppearance (22.1.5) - restriction: || (== net461) (&& (== net6.0) (>= net452)) (&& (== net6.0-windows7.0) (>= net452)) (&& (== netstandard2.0) (>= net452)) (&& (== netstandard2.1) (>= net452))
      DevExpress.ExpressApp.Security (22.1.5) - restriction: || (== net461) (&& (== net6.0) (>= net452)) (&& (== net6.0-windows7.0) (>= net452)) (&& (== netstandard2.0) (>= net452)) (&& (== netstandard2.1) (>= net452))
      DevExpress.Persistent.Base (22.1.5) - restriction: || (== net461) (&& (== net6.0) (>= net452)) (&& (== net6.0-windows7.0) (>= net452)) (&& (== netstandard2.0) (>= net452)) (&& (== netstandard2.1) (>= net452))
      DevExpress.Utils (22.1.5) - restriction: || (== net461) (&& (== net6.0) (>= net452)) (&& (== net6.0-windows7.0) (>= net452)) (&& (== netstandard2.0) (>= net452)) (&& (== netstandard2.1) (>= net452))
    DevExpress.ExpressApp.Workflow.Win (22.1.5) - restriction: || (== net461) (&& (== net6.0) (>= net452)) (&& (== net6.0-windows7.0) (>= net452)) (&& (== netstandard2.0) (>= net452)) (&& (== netstandard2.1) (>= net452))
      DevExpress.Data (22.1.5) - restriction: || (== net461) (&& (== net6.0) (>= net452)) (&& (== net6.0-windows7.0) (>= net452)) (&& (== netstandard2.0) (>= net452)) (&& (== netstandard2.1) (>= net452))
      DevExpress.ExpressApp (22.1.5) - restriction: || (== net461) (&& (== net6.0) (>= net452)) (&& (== net6.0-windows7.0) (>= net452)) (&& (== netstandard2.0) (>= net452)) (&& (== netstandard2.1) (>= net452))
      DevExpress.ExpressApp.Win (22.1.5) - restriction: || (== net461) (&& (== net6.0) (>= net452)) (&& (== net6.0-windows7.0) (>= net452)) (&& (== netstandard2.0) (>= net452)) (&& (== netstandard2.1) (>= net452))
      DevExpress.ExpressApp.Workflow (22.1.5) - restriction: || (== net461) (&& (== net6.0) (>= net452)) (&& (== net6.0-windows7.0) (>= net452)) (&& (== netstandard2.0) (>= net452)) (&& (== netstandard2.1) (>= net452))
      DevExpress.Persistent.Base (22.1.5) - restriction: || (== net461) (&& (== net6.0) (>= net452)) (&& (== net6.0-windows7.0) (>= net452)) (&& (== netstandard2.0) (>= net452)) (&& (== netstandard2.1) (>= net452))
      DevExpress.Utils (22.1.5) - restriction: || (== net461) (&& (== net6.0) (>= net452)) (&& (== net6.0-windows7.0) (>= net452)) (&& (== netstandard2.0) (>= net452)) (&& (== netstandard2.1) (>= net452))
    DevExpress.ExpressApp.Xpo (22.1.5)
      DevExpress.Data (22.1.5)
      DevExpress.ExpressApp (22.1.5)
      DevExpress.Xpo (22.1.5)
      Microsoft.Extensions.DependencyInjection.Abstractions (>= 5.0) - restriction: || (&& (== net461) (< net452) (>= netstandard2.0)) (== net6.0) (== net6.0-windows7.0) (== netstandard2.0) (== netstandard2.1)
      NETStandard.Library (>= 2.0.3) - restriction: || (&& (== net461) (< net452) (>= netstandard2.0)) (== net6.0) (== net6.0-windows7.0) (== netstandard2.0) (== netstandard2.1)
      System.Drawing.Common (>= 4.5) - restriction: || (&& (== net461) (< net452) (>= netstandard2.0)) (== net6.0) (== net6.0-windows7.0) (== netstandard2.0) (== netstandard2.1)
      System.Security.Permissions (>= 4.5) - restriction: || (&& (== net461) (< net452) (>= netstandard2.0)) (== net6.0) (== net6.0-windows7.0) (== netstandard2.0) (== netstandard2.1)
    DevExpress.Gauges.Core (22.1.5)
      DevExpress.Data (22.1.5)
      DevExpress.Drawing (22.1.5)
      DevExpress.Printing.Core (22.1.5)
      NETStandard.Library (>= 2.0.3) - restriction: || (&& (== net461) (< net452) (>= netstandard2.0)) (== net6.0) (== net6.0-windows7.0) (== netstandard2.0) (== netstandard2.1)
      System.Drawing.Common (>= 4.5) - restriction: || (&& (== net461) (< net452) (>= netstandard2.0)) (== net6.0) (== net6.0-windows7.0) (== netstandard2.0) (== netstandard2.1)
    DevExpress.Images (22.1.5)
      DevExpress.Data (22.1.5)
      NETStandard.Library (>= 2.0.3) - restriction: || (&& (== net461) (< net452) (>= netstandard2.0)) (== net6.0) (== net6.0-windows7.0) (== netstandard2.0) (== netstandard2.1)
      System.Drawing.Common (>= 4.5) - restriction: || (&& (== net461) (< net452) (>= netstandard2.0)) (== net6.0) (== net6.0-windows7.0) (== netstandard2.0) (== netstandard2.1)
    DevExpress.Map.Core (22.1.5)
      DevExpress.Data (22.1.5)
      DevExpress.Printing.Core (22.1.5)
      NETStandard.Library (>= 2.0.3) - restriction: || (&& (== net461) (< net452) (>= netstandard2.0)) (== net6.0) (== net6.0-windows7.0) (== netstandard2.0) (== netstandard2.1)
      System.Drawing.Common (>= 4.5) - restriction: || (&& (== net461) (< net452) (>= netstandard2.0)) (== net6.0) (== net6.0-windows7.0) (== netstandard2.0) (== netstandard2.1)
    DevExpress.Office.Core (22.1.5)
      DevExpress.Data (22.1.5)
      DevExpress.Drawing (22.1.5)
      DevExpress.Pdf.Core (22.1.5)
      DevExpress.Printing.Core (22.1.5)
      NETStandard.Library (>= 2.0.3) - restriction: || (&& (== net461) (< net452) (>= netstandard2.0)) (== net6.0) (== net6.0-windows7.0) (== netstandard2.0) (== netstandard2.1)
      System.Drawing.Common (>= 4.5) - restriction: || (&& (== net461) (< net452) (>= netstandard2.0)) (== net6.0) (== net6.0-windows7.0) (== netstandard2.0) (== netstandard2.1)
      System.Security.Cryptography.Xml (>= 4.5) - restriction: || (&& (== net461) (< net452) (>= netstandard2.0)) (== net6.0) (== net6.0-windows7.0) (== netstandard2.0) (== netstandard2.1)
    DevExpress.Pdf.Core (22.1.5)
      DevExpress.Data (22.1.5)
      DevExpress.Drawing (22.1.5)
      NETStandard.Library (>= 2.0.3) - restriction: || (&& (== net461) (< net452) (>= netstandard2.0)) (== net6.0) (== net6.0-windows7.0) (== netstandard2.0) (== netstandard2.1)
      System.Drawing.Common (>= 4.5) - restriction: || (&& (== net461) (< net452) (>= netstandard2.0)) (== net6.0) (== net6.0-windows7.0) (== netstandard2.0) (== netstandard2.1)
      System.Reflection.Emit (>= 4.3) - restriction: || (&& (== net461) (< net452) (>= netstandard2.0)) (== net6.0) (== net6.0-windows7.0) (== netstandard2.0) (== netstandard2.1)
      System.Security.Cryptography.Pkcs (>= 4.5.2) - restriction: || (&& (== net461) (< net452) (>= netstandard2.0)) (== net6.0) (== net6.0-windows7.0) (== netstandard2.0) (== netstandard2.1)
    DevExpress.Pdf.Drawing (22.1.5)
      DevExpress.Data (22.1.5)
      DevExpress.Drawing (22.1.5)
      DevExpress.Pdf.Core (22.1.5)
      NETStandard.Library (>= 2.0.3) - restriction: || (&& (== net461) (< net452) (>= netstandard2.0)) (== net6.0) (== net6.0-windows7.0) (== netstandard2.0) (== netstandard2.1)
      System.Drawing.Common (>= 4.5) - restriction: || (&& (== net461) (< net452) (>= netstandard2.0)) (== net6.0) (== net6.0-windows7.0) (== netstandard2.0) (== netstandard2.1)
    DevExpress.Persistent.Base (22.1.5)
      DevExpress.Data (22.1.5)
      DevExpress.DataAccess (22.1.5)
      DevExpress.ExpressApp (22.1.5)
      DevExpress.Printing.Core (22.1.5)
      DevExpress.Reporting.Core (22.1.5) - restriction: || (== net461) (&& (== net6.0) (>= net452)) (&& (== net6.0-windows7.0) (>= net452)) (&& (== netstandard2.0) (>= net452)) (&& (== netstandard2.1) (>= net452))
      NETStandard.Library (>= 2.0.3) - restriction: || (&& (== net461) (< net452) (>= netstandard2.0)) (== net6.0) (== net6.0-windows7.0) (== netstandard2.0) (== netstandard2.1)
      System.Drawing.Common (>= 4.5) - restriction: || (&& (== net461) (< net452) (>= netstandard2.0)) (== net6.0) (== net6.0-windows7.0) (== netstandard2.0) (== netstandard2.1)
    DevExpress.Persistent.BaseImpl.Xpo (22.1.5)
      DevExpress.Data (22.1.5)
      DevExpress.ExpressApp (22.1.5)
      DevExpress.ExpressApp.Objects (22.1.5)
      DevExpress.ExpressApp.Xpo (22.1.5)
      DevExpress.Persistent.Base (22.1.5)
      DevExpress.Scheduler.Core (22.1.5)
      DevExpress.Xpo (22.1.5)
      NETStandard.Library (>= 2.0.3) - restriction: || (&& (== net461) (< net452) (>= netstandard2.0)) (== net6.0) (== net6.0-windows7.0) (== netstandard2.0) (== netstandard2.1)
      System.Drawing.Common (>= 4.5) - restriction: || (&& (== net461) (< net452) (>= netstandard2.0)) (== net6.0) (== net6.0-windows7.0) (== netstandard2.0) (== netstandard2.1)
    DevExpress.PivotGrid.Core (22.1.5)
      DevExpress.Data (22.1.5)
      DevExpress.Drawing (22.1.5)
      DevExpress.Printing.Core (22.1.5)
      NETStandard.Library (>= 2.0.3) - restriction: || (&& (== net461) (< net452) (>= netstandard2.0)) (== net6.0) (== net6.0-windows7.0) (== netstandard2.0) (== netstandard2.1)
      System.Drawing.Common (>= 4.5) - restriction: || (&& (== net461) (< net452) (>= netstandard2.0)) (== net6.0) (== net6.0-windows7.0) (== netstandard2.0) (== netstandard2.1)
      System.Reflection.Emit (>= 4.3) - restriction: || (&& (== net461) (< net452) (>= netstandard2.0)) (== net6.0) (== net6.0-windows7.0) (== netstandard2.0) (== netstandard2.1)
      System.Reflection.Emit.Lightweight (>= 4.3) - restriction: || (&& (== net461) (< net452) (>= netstandard2.0)) (== net6.0) (== net6.0-windows7.0) (== netstandard2.0) (== netstandard2.1)
    DevExpress.Printing.Core (22.1.5)
      DevExpress.Data (22.1.5)
      DevExpress.Drawing (22.1.5)
      DevExpress.Pdf.Core (22.1.5)
      DevExpress.Pdf.Drawing (22.1.5)
      NETStandard.Library (>= 2.0.3) - restriction: || (&& (== net461) (< net452) (>= netstandard2.0)) (== net6.0) (== net6.0-windows7.0) (== netstandard2.0) (== netstandard2.1)
      System.ComponentModel.Annotations (>= 4.4) - restriction: || (&& (== net461) (< net452) (>= netstandard2.0)) (== net6.0) (== net6.0-windows7.0) (== netstandard2.0) (== netstandard2.1)
      System.Drawing.Common (>= 4.5) - restriction: || (&& (== net461) (< net452) (>= netstandard2.0)) (== net6.0) (== net6.0-windows7.0) (== netstandard2.0) (== netstandard2.1)
      System.Security.Cryptography.Pkcs (>= 4.5.2) - restriction: || (&& (== net461) (< net452) (>= netstandard2.0)) (== net6.0) (== net6.0-windows7.0) (== netstandard2.0) (== netstandard2.1)
      System.ServiceModel.Http (>= 4.5.3) - restriction: || (&& (== net461) (< net452) (>= netstandard2.0)) (== net6.0) (== net6.0-windows7.0) (== netstandard2.0) (== netstandard2.1)
      System.Text.Encoding.CodePages (>= 4.4) - restriction: || (&& (== net461) (< net452) (>= netstandard2.0)) (== net6.0) (== net6.0-windows7.0) (== netstandard2.0) (== netstandard2.1)
    DevExpress.Reporting.Core (22.1.5)
      DevExpress.Charts (22.1.5)
      DevExpress.Charts.Core (22.1.5)
      DevExpress.CodeParser (22.1.5)
      DevExpress.Data (22.1.5)
      DevExpress.DataAccess (22.1.5)
      DevExpress.Drawing (22.1.5)
      DevExpress.Gauges.Core (22.1.5)
      DevExpress.Office.Core (22.1.5)
      DevExpress.Pdf.Core (22.1.5)
      DevExpress.Pdf.Drawing (22.1.5)
      DevExpress.PivotGrid.Core (22.1.5)
      DevExpress.Printing.Core (22.1.5)
      DevExpress.RichEdit.Core (22.1.5)
      DevExpress.RichEdit.Export (22.1.5)
      DevExpress.Sparkline.Core (22.1.5)
      DevExpress.Xpo (22.1.5)
      NETStandard.Library (>= 2.0.3) - restriction: || (&& (== net461) (< net452) (>= netstandard2.0)) (== net6.0) (== net6.0-windows7.0) (== netstandard2.0) (== netstandard2.1)
      System.CodeDom (>= 4.4) - restriction: || (&& (== net461) (< net452) (>= netstandard2.0)) (== net6.0) (== net6.0-windows7.0) (== netstandard2.0) (== netstandard2.1)
      System.Collections.Immutable (>= 1.5) - restriction: || (&& (== net461) (< net452) (>= netstandard2.0)) (== net6.0) (== net6.0-windows7.0) (== netstandard2.0) (== netstandard2.1)
      System.Configuration.ConfigurationManager (>= 4.5) - restriction: || (&& (== net461) (< net452) (>= netstandard2.0)) (== net6.0) (== net6.0-windows7.0) (== netstandard2.0) (== netstandard2.1)
      System.Drawing.Common (>= 4.5) - restriction: || (&& (== net461) (< net452) (>= netstandard2.0)) (== net6.0) (== net6.0-windows7.0) (== netstandard2.0) (== netstandard2.1)
      System.Runtime.Loader (>= 4.3) - restriction: || (&& (== net461) (< net452) (>= netstandard2.0)) (== net6.0) (== net6.0-windows7.0) (== netstandard2.0) (== netstandard2.1)
      System.Security.Permissions (>= 4.5) - restriction: || (&& (== net461) (< net452) (>= netstandard2.0)) (== net6.0) (== net6.0-windows7.0) (== netstandard2.0) (== netstandard2.1)
    DevExpress.RichEdit.Core (22.1.5)
      DevExpress.Data (22.1.5)
      DevExpress.Drawing (22.1.5)
      DevExpress.Office.Core (22.1.5)
      DevExpress.Pdf.Core (22.1.5)
      DevExpress.Printing.Core (22.1.5)
      NETStandard.Library (>= 2.0.3) - restriction: || (&& (== net461) (< net452) (>= netstandard2.0)) (== net6.0) (== net6.0-windows7.0) (== netstandard2.0) (== netstandard2.1)
      System.Drawing.Common (>= 4.5) - restriction: || (&& (== net461) (< net452) (>= netstandard2.0)) (== net6.0) (== net6.0-windows7.0) (== netstandard2.0) (== netstandard2.1)
    DevExpress.RichEdit.Export (22.1.5)
      DevExpress.Data (22.1.5)
      DevExpress.Drawing (22.1.5)
      DevExpress.Office.Core (22.1.5)
      DevExpress.Printing.Core (22.1.5)
      DevExpress.RichEdit.Core (22.1.5)
      NETStandard.Library (>= 2.0.3) - restriction: || (&& (== net461) (< net452) (>= netstandard2.0)) (== net6.0) (== net6.0-windows7.0) (== netstandard2.0) (== netstandard2.1)
      System.Drawing.Common (>= 4.5) - restriction: || (&& (== net461) (< net452) (>= netstandard2.0)) (== net6.0) (== net6.0-windows7.0) (== netstandard2.0) (== netstandard2.1)
    DevExpress.Scheduler.Core (22.1.5)
      DevExpress.Data (22.1.5)
      NETStandard.Library (>= 2.0.3) - restriction: || (&& (== net461) (< net452) (>= netstandard2.0)) (== net6.0) (== net6.0-windows7.0) (== netstandard2.0) (== netstandard2.1)
      System.Drawing.Common (>= 4.5) - restriction: || (&& (== net461) (< net452) (>= netstandard2.0)) (== net6.0) (== net6.0-windows7.0) (== netstandard2.0) (== netstandard2.1)
    DevExpress.Scheduler.CoreDesktop (22.1.5) - restriction: || (== net461) (&& (== net6.0) (>= net452)) (&& (== net6.0) (>= net6.0-windows7.0)) (== net6.0-windows7.0) (&& (== netstandard2.0) (>= net452)) (&& (== netstandard2.0) (>= net6.0-windows7.0)) (&& (== netstandard2.1) (>= net452)) (&& (== netstandard2.1) (>= net6.0-windows7.0))
      DevExpress.Data (22.1.5) - restriction: || (== net461) (== net6.0) (== net6.0-windows7.0) (&& (== netstandard2.0) (>= net452)) (&& (== netstandard2.0) (>= netcoreapp3.0)) (&& (== netstandard2.1) (>= net452)) (&& (== netstandard2.1) (>= netcoreapp3.0))
      DevExpress.Data.Desktop (22.1.5) - restriction: || (== net461) (== net6.0) (== net6.0-windows7.0) (&& (== netstandard2.0) (>= net452)) (&& (== netstandard2.0) (>= netcoreapp3.0)) (&& (== netstandard2.1) (>= net452)) (&& (== netstandard2.1) (>= netcoreapp3.0))
      DevExpress.Drawing (22.1.5) - restriction: || (== net461) (== net6.0) (== net6.0-windows7.0) (&& (== netstandard2.0) (>= net452)) (&& (== netstandard2.0) (>= netcoreapp3.0)) (&& (== netstandard2.1) (>= net452)) (&& (== netstandard2.1) (>= netcoreapp3.0))
      DevExpress.Images (22.1.5) - restriction: || (== net461) (== net6.0) (== net6.0-windows7.0) (&& (== netstandard2.0) (>= net452)) (&& (== netstandard2.0) (>= netcoreapp3.0)) (&& (== netstandard2.1) (>= net452)) (&& (== netstandard2.1) (>= netcoreapp3.0))
      DevExpress.Printing.Core (22.1.5) - restriction: || (== net461) (== net6.0) (== net6.0-windows7.0) (&& (== netstandard2.0) (>= net452)) (&& (== netstandard2.0) (>= netcoreapp3.0)) (&& (== netstandard2.1) (>= net452)) (&& (== netstandard2.1) (>= netcoreapp3.0))
      DevExpress.Scheduler.Core (22.1.5) - restriction: || (== net461) (== net6.0) (== net6.0-windows7.0) (&& (== netstandard2.0) (>= net452)) (&& (== netstandard2.0) (>= netcoreapp3.0)) (&& (== netstandard2.1) (>= net452)) (&& (== netstandard2.1) (>= netcoreapp3.0))
    DevExpress.Snap.Core (22.1.5) - restriction: || (== net461) (&& (== net6.0) (>= net452)) (&& (== net6.0-windows7.0) (>= net452)) (&& (== netstandard2.0) (>= net452)) (&& (== netstandard2.1) (>= net452))
      DevExpress.Charts (22.1.5) - restriction: || (== net461) (&& (== net6.0) (>= net452)) (&& (== net6.0-windows7.0) (>= net452)) (&& (== netstandard2.0) (>= net452)) (&& (== netstandard2.1) (>= net452))
      DevExpress.Charts.Core (22.1.5) - restriction: || (== net461) (&& (== net6.0) (>= net452)) (&& (== net6.0-windows7.0) (>= net452)) (&& (== netstandard2.0) (>= net452)) (&& (== netstandard2.1) (>= net452))
      DevExpress.Data (22.1.5) - restriction: || (== net461) (&& (== net6.0) (>= net452)) (&& (== net6.0-windows7.0) (>= net452)) (&& (== netstandard2.0) (>= net452)) (&& (== netstandard2.1) (>= net452))
      DevExpress.DataAccess (22.1.5) - restriction: || (== net461) (&& (== net6.0) (>= net452)) (&& (== net6.0-windows7.0) (>= net452)) (&& (== netstandard2.0) (>= net452)) (&& (== netstandard2.1) (>= net452))
      DevExpress.Drawing (22.1.5) - restriction: || (== net461) (&& (== net6.0) (>= net452)) (&& (== net6.0-windows7.0) (>= net452)) (&& (== netstandard2.0) (>= net452)) (&& (== netstandard2.1) (>= net452))
      DevExpress.Office.Core (22.1.5) - restriction: || (== net461) (&& (== net6.0) (>= net452)) (&& (== net6.0-windows7.0) (>= net452)) (&& (== netstandard2.0) (>= net452)) (&& (== netstandard2.1) (>= net452))
      DevExpress.Printing.Core (22.1.5) - restriction: || (== net461) (&& (== net6.0) (>= net452)) (&& (== net6.0-windows7.0) (>= net452)) (&& (== netstandard2.0) (>= net452)) (&& (== netstandard2.1) (>= net452))
      DevExpress.RichEdit.Core (22.1.5) - restriction: || (== net461) (&& (== net6.0) (>= net452)) (&& (== net6.0-windows7.0) (>= net452)) (&& (== netstandard2.0) (>= net452)) (&& (== netstandard2.1) (>= net452))
      DevExpress.Sparkline.Core (22.1.5) - restriction: || (== net461) (&& (== net6.0) (>= net452)) (&& (== net6.0-windows7.0) (>= net452)) (&& (== netstandard2.0) (>= net452)) (&& (== netstandard2.1) (>= net452))
    DevExpress.Sparkline.Core (22.1.5)
      DevExpress.Data (22.1.5)
      DevExpress.Drawing (22.1.5)
    DevExpress.SpellChecker.Core (22.1.5) - restriction: || (== net461) (&& (== net6.0) (>= net452)) (&& (== net6.0) (>= net6.0-windows7.0)) (== net6.0-windows7.0) (&& (== netstandard2.0) (>= net452)) (&& (== netstandard2.0) (>= net6.0-windows7.0)) (&& (== netstandard2.1) (>= net452)) (&& (== netstandard2.1) (>= net6.0-windows7.0))
      DevExpress.Data (22.1.5) - restriction: || (== net461) (== net6.0) (== net6.0-windows7.0) (&& (== netstandard2.0) (>= net452)) (&& (== netstandard2.0) (>= netcoreapp3.0)) (&& (== netstandard2.1) (>= net452)) (&& (== netstandard2.1) (>= netcoreapp3.0))
    DevExpress.Spreadsheet.Core (22.1.5)
      DevExpress.Data (22.1.5)
      DevExpress.DataAccess (22.1.5)
      DevExpress.DataVisualization.Core (22.1.5)
      DevExpress.Drawing (22.1.5)
      DevExpress.Office.Core (22.1.5)
      DevExpress.Pdf.Core (22.1.5)
      DevExpress.Printing.Core (22.1.5)
      DevExpress.Sparkline.Core (22.1.5)
      NETStandard.Library (>= 2.0.3) - restriction: || (&& (== net461) (< net452) (>= netstandard2.0)) (== net6.0) (== net6.0-windows7.0) (== netstandard2.0) (== netstandard2.1)
      System.Drawing.Common (>= 4.5) - restriction: || (&& (== net461) (< net452) (>= netstandard2.0)) (== net6.0) (== net6.0-windows7.0) (== netstandard2.0) (== netstandard2.1)
      System.Security.AccessControl (>= 4.5) - restriction: || (&& (== net461) (< net452) (>= netstandard2.0)) (== net6.0) (== net6.0-windows7.0) (== netstandard2.0) (== netstandard2.1)
    DevExpress.TreeMap (22.1.5)
      DevExpress.Data (22.1.5)
      DevExpress.DataVisualization.Core (22.1.5)
      DevExpress.Drawing (22.1.5)
      DevExpress.Printing.Core (22.1.5)
      DevExpress.TreeMap.Core (22.1.5)
      NETStandard.Library (>= 2.0.3) - restriction: || (&& (== net461) (< net452) (>= netstandard2.0)) (== net6.0) (== net6.0-windows7.0) (== netstandard2.0) (== netstandard2.1)
      System.Drawing.Common (>= 4.5) - restriction: || (&& (== net461) (< net452) (>= netstandard2.0)) (== net6.0) (== net6.0-windows7.0) (== netstandard2.0) (== netstandard2.1)
    DevExpress.TreeMap.Core (22.1.5)
      DevExpress.Data (22.1.5)
      NETStandard.Library (>= 2.0.3) - restriction: || (&& (== net461) (< net452) (>= netstandard2.0)) (== net6.0) (== net6.0-windows7.0) (== netstandard2.0) (== netstandard2.1)
    DevExpress.Utils (22.1.5) - restriction: || (== net461) (&& (== net6.0) (>= net452)) (&& (== net6.0) (>= net6.0-windows7.0)) (== net6.0-windows7.0) (&& (== netstandard2.0) (>= net452)) (&& (== netstandard2.0) (>= net6.0-windows7.0)) (&& (== netstandard2.1) (>= net452)) (&& (== netstandard2.1) (>= net6.0-windows7.0))
      DevExpress.Data (22.1.5) - restriction: || (== net461) (== net6.0) (== net6.0-windows7.0) (&& (== netstandard2.0) (>= net452)) (&& (== netstandard2.0) (>= netcoreapp3.0)) (&& (== netstandard2.1) (>= net452)) (&& (== netstandard2.1) (>= netcoreapp3.0))
      DevExpress.Data.Desktop (22.1.5) - restriction: || (== net461) (== net6.0) (== net6.0-windows7.0) (&& (== netstandard2.0) (>= net452)) (&& (== netstandard2.0) (>= netcoreapp3.0)) (&& (== netstandard2.1) (>= net452)) (&& (== netstandard2.1) (>= netcoreapp3.0))
      DevExpress.Drawing (22.1.5) - restriction: || (== net461) (== net6.0) (== net6.0-windows7.0) (&& (== netstandard2.0) (>= net452)) (&& (== netstandard2.0) (>= netcoreapp3.0)) (&& (== netstandard2.1) (>= net452)) (&& (== netstandard2.1) (>= netcoreapp3.0))
      DevExpress.Printing.Core (22.1.5) - restriction: || (== net461) (== net6.0) (== net6.0-windows7.0) (&& (== netstandard2.0) (>= net452)) (&& (== netstandard2.0) (>= netcoreapp3.0)) (&& (== netstandard2.1) (>= net452)) (&& (== netstandard2.1) (>= netcoreapp3.0))
    DevExpress.Utils.UI (22.1.5) - restriction: || (== net461) (&& (== net6.0) (>= net452)) (&& (== net6.0) (>= net6.0-windows7.0)) (== net6.0-windows7.0) (&& (== netstandard2.0) (>= net452)) (&& (== netstandard2.0) (>= net6.0-windows7.0)) (&& (== netstandard2.1) (>= net452)) (&& (== netstandard2.1) (>= net6.0-windows7.0))
      DevExpress.Data (22.1.5) - restriction: || (== net461) (== net6.0) (== net6.0-windows7.0) (&& (== netstandard2.0) (>= net452)) (&& (== netstandard2.0) (>= netcoreapp3.0)) (&& (== netstandard2.1) (>= net452)) (&& (== netstandard2.1) (>= netcoreapp3.0))
      DevExpress.Data.Desktop (22.1.5) - restriction: || (== net461) (== net6.0) (== net6.0-windows7.0) (&& (== netstandard2.0) (>= net452)) (&& (== netstandard2.0) (>= netcoreapp3.0)) (&& (== netstandard2.1) (>= net452)) (&& (== netstandard2.1) (>= netcoreapp3.0))
      DevExpress.DataAccess (22.1.5) - restriction: || (== net461) (== net6.0) (== net6.0-windows7.0) (&& (== netstandard2.0) (>= net452)) (&& (== netstandard2.0) (>= netcoreapp3.0)) (&& (== netstandard2.1) (>= net452)) (&& (== netstandard2.1) (>= netcoreapp3.0))
      DevExpress.Printing.Core (22.1.5) - restriction: || (== net461) (== net6.0) (== net6.0-windows7.0) (&& (== netstandard2.0) (>= net452)) (&& (== netstandard2.0) (>= netcoreapp3.0)) (&& (== netstandard2.1) (>= net452)) (&& (== netstandard2.1) (>= netcoreapp3.0))
      DevExpress.Utils (22.1.5) - restriction: || (== net461) (== net6.0) (== net6.0-windows7.0) (&& (== netstandard2.0) (>= net452)) (&& (== netstandard2.0) (>= netcoreapp3.0)) (&& (== netstandard2.1) (>= net452)) (&& (== netstandard2.1) (>= netcoreapp3.0))
      DevExpress.Win.Navigation (22.1.5) - restriction: || (== net461) (== net6.0) (== net6.0-windows7.0) (&& (== netstandard2.0) (>= net452)) (&& (== netstandard2.0) (>= netcoreapp3.0)) (&& (== netstandard2.1) (>= net452)) (&& (== netstandard2.1) (>= netcoreapp3.0))
      DevExpress.Win.Printing (22.1.5) - restriction: || (== net461) (== net6.0) (== net6.0-windows7.0) (&& (== netstandard2.0) (>= net452)) (&& (== netstandard2.0) (>= netcoreapp3.0)) (&& (== netstandard2.1) (>= net452)) (&& (== netstandard2.1) (>= netcoreapp3.0))
      DevExpress.Win.RichEdit (22.1.5) - restriction: || (== net461) (== net6.0) (== net6.0-windows7.0) (&& (== netstandard2.0) (>= net452)) (&& (== netstandard2.0) (>= netcoreapp3.0)) (&& (== netstandard2.1) (>= net452)) (&& (== netstandard2.1) (>= netcoreapp3.0))
      DevExpress.Win.TreeList (22.1.5) - restriction: || (== net461) (== net6.0) (== net6.0-windows7.0) (&& (== netstandard2.0) (>= net452)) (&& (== netstandard2.0) (>= netcoreapp3.0)) (&& (== netstandard2.1) (>= net452)) (&& (== netstandard2.1) (>= netcoreapp3.0))
      DevExpress.Win.VerticalGrid (22.1.5) - restriction: || (== net461) (== net6.0) (== net6.0-windows7.0) (&& (== netstandard2.0) (>= net452)) (&& (== netstandard2.0) (>= netcoreapp3.0)) (&& (== netstandard2.1) (>= net452)) (&& (== netstandard2.1) (>= netcoreapp3.0))
    DevExpress.Web (22.1.5) - restriction: || (== net461) (&& (== net6.0) (>= net452)) (&& (== net6.0-windows7.0) (>= net452)) (&& (== netstandard2.0) (>= net452)) (&& (== netstandard2.1) (>= net452))
      DevExpress.Data (22.1.5) - restriction: || (== net461) (&& (== net6.0) (>= net452)) (&& (== net6.0-windows7.0) (>= net452)) (&& (== netstandard2.0) (>= net452)) (&& (== netstandard2.1) (>= net452))
      DevExpress.Drawing (22.1.5) - restriction: || (== net461) (&& (== net6.0) (>= net452)) (&& (== net6.0-windows7.0) (>= net452)) (&& (== netstandard2.0) (>= net452)) (&& (== netstandard2.1) (>= net452))
      DevExpress.Office.Core (22.1.5) - restriction: || (== net461) (&& (== net6.0) (>= net452)) (&& (== net6.0-windows7.0) (>= net452)) (&& (== netstandard2.0) (>= net452)) (&& (== netstandard2.1) (>= net452))
      DevExpress.PivotGrid.Core (22.1.5) - restriction: || (== net461) (&& (== net6.0) (>= net452)) (&& (== net6.0-windows7.0) (>= net452)) (&& (== netstandard2.0) (>= net452)) (&& (== netstandard2.1) (>= net452))
      DevExpress.Printing.Core (22.1.5) - restriction: || (== net461) (&& (== net6.0) (>= net452)) (&& (== net6.0-windows7.0) (>= net452)) (&& (== netstandard2.0) (>= net452)) (&& (== netstandard2.1) (>= net452))
      DevExpress.RichEdit.Core (22.1.5) - restriction: || (== net461) (&& (== net6.0) (>= net452)) (&& (== net6.0-windows7.0) (>= net452)) (&& (== netstandard2.0) (>= net452)) (&& (== netstandard2.1) (>= net452))
      DevExpress.RichEdit.Export (22.1.5) - restriction: || (== net461) (&& (== net6.0) (>= net452)) (&& (== net6.0-windows7.0) (>= net452)) (&& (== netstandard2.0) (>= net452)) (&& (== netstandard2.1) (>= net452))
      DevExpress.SpellChecker.Core (22.1.5) - restriction: || (== net461) (&& (== net6.0) (>= net452)) (&& (== net6.0-windows7.0) (>= net452)) (&& (== netstandard2.0) (>= net452)) (&& (== netstandard2.1) (>= net452))
    DevExpress.Web.Dashboard (22.1.5) - restriction: || (== net461) (&& (== net6.0) (>= net452)) (&& (== net6.0-windows7.0) (>= net452)) (&& (== netstandard2.0) (>= net452)) (&& (== netstandard2.1) (>= net452))
      DevExpress.Dashboard.Core (22.1.5) - restriction: || (== net461) (&& (== net6.0) (>= net452)) (&& (== net6.0-windows7.0) (>= net452)) (&& (== netstandard2.0) (>= net452)) (&& (== netstandard2.1) (>= net452))
      DevExpress.Data (22.1.5) - restriction: || (== net461) (&& (== net6.0) (>= net452)) (&& (== net6.0-windows7.0) (>= net452)) (&& (== netstandard2.0) (>= net452)) (&& (== netstandard2.1) (>= net452))
      DevExpress.DataAccess (22.1.5) - restriction: || (== net461) (&& (== net6.0) (>= net452)) (&& (== net6.0-windows7.0) (>= net452)) (&& (== netstandard2.0) (>= net452)) (&& (== netstandard2.1) (>= net452))
      DevExpress.Web (22.1.5) - restriction: || (== net461) (&& (== net6.0) (>= net452)) (&& (== net6.0-windows7.0) (>= net452)) (&& (== netstandard2.0) (>= net452)) (&& (== netstandard2.1) (>= net452))
      DevExpress.Web.Dashboard.Common (22.1.5) - restriction: || (== net461) (&& (== net6.0) (>= net452)) (&& (== net6.0-windows7.0) (>= net452)) (&& (== netstandard2.0) (>= net452)) (&& (== netstandard2.1) (>= net452))
    DevExpress.Web.Dashboard.Common (22.1.5) - restriction: || (== net461) (&& (== net6.0) (>= net452)) (&& (== net6.0-windows7.0) (>= net452)) (&& (== netstandard2.0) (>= net452)) (&& (== netstandard2.1) (>= net452))
      DevExpress.Charts.Core (22.1.5) - restriction: || (== net461) (&& (== net6.0) (>= net452)) (&& (== net6.0-windows7.0) (>= net452)) (&& (== netstandard2.0) (>= net452)) (&& (== netstandard2.1) (>= net452))
      DevExpress.Dashboard.Core (22.1.5)
      DevExpress.Data (22.1.5)
      DevExpress.DataAccess (22.1.5)
      DevExpress.Pdf.Core (22.1.5) - restriction: || (== net461) (&& (== net6.0) (>= net452)) (&& (== net6.0-windows7.0) (>= net452)) (&& (== netstandard2.0) (>= net452)) (&& (== netstandard2.1) (>= net452))
      DevExpress.PivotGrid.Core (22.1.5)
      DevExpress.Printing.Core (22.1.5)
      DevExpress.Reporting.Core (22.1.5)
      DevExpress.RichEdit.Core (22.1.5) - restriction: || (== net461) (&& (== net6.0) (>= net452)) (&& (== net6.0-windows7.0) (>= net452)) (&& (== netstandard2.0) (>= net452)) (&& (== netstandard2.1) (>= net452))
      DevExpress.Xpo (22.1.5) - restriction: || (== net461) (&& (== net6.0) (>= net452)) (&& (== net6.0-windows7.0) (>= net452)) (&& (== netstandard2.0) (>= net452)) (&& (== netstandard2.1) (>= net452))
    DevExpress.Web.Office (22.1.5) - restriction: || (== net461) (&& (== net6.0) (>= net452)) (&& (== net6.0-windows7.0) (>= net452)) (&& (== netstandard2.0) (>= net452)) (&& (== netstandard2.1) (>= net452))
      DevExpress.Charts (22.1.5) - restriction: || (== net461) (&& (== net6.0) (>= net452)) (&& (== net6.0-windows7.0) (>= net452)) (&& (== netstandard2.0) (>= net452)) (&& (== netstandard2.1) (>= net452))
      DevExpress.Charts.Core (22.1.5) - restriction: || (== net461) (&& (== net6.0) (>= net452)) (&& (== net6.0-windows7.0) (>= net452)) (&& (== netstandard2.0) (>= net452)) (&& (== netstandard2.1) (>= net452))
      DevExpress.Data (22.1.5) - restriction: || (== net461) (&& (== net6.0) (>= net452)) (&& (== net6.0-windows7.0) (>= net452)) (&& (== netstandard2.0) (>= net452)) (&& (== netstandard2.1) (>= net452))
      DevExpress.DataVisualization.Core (22.1.5) - restriction: || (== net461) (&& (== net6.0) (>= net452)) (&& (== net6.0-windows7.0) (>= net452)) (&& (== netstandard2.0) (>= net452)) (&& (== netstandard2.1) (>= net452))
      DevExpress.Drawing (22.1.5) - restriction: || (== net461) (&& (== net6.0) (>= net452)) (&& (== net6.0-windows7.0) (>= net452)) (&& (== netstandard2.0) (>= net452)) (&& (== netstandard2.1) (>= net452))
      DevExpress.Office.Core (22.1.5) - restriction: || (== net461) (&& (== net6.0) (>= net452)) (&& (== net6.0-windows7.0) (>= net452)) (&& (== netstandard2.0) (>= net452)) (&& (== netstandard2.1) (>= net452))
      DevExpress.Printing.Core (22.1.5) - restriction: || (== net461) (&& (== net6.0) (>= net452)) (&& (== net6.0-windows7.0) (>= net452)) (&& (== netstandard2.0) (>= net452)) (&& (== netstandard2.1) (>= net452))
      DevExpress.RichEdit.Core (22.1.5) - restriction: || (== net461) (&& (== net6.0) (>= net452)) (&& (== net6.0-windows7.0) (>= net452)) (&& (== netstandard2.0) (>= net452)) (&& (== netstandard2.1) (>= net452))
      DevExpress.SpellChecker.Core (22.1.5) - restriction: || (== net461) (&& (== net6.0) (>= net452)) (&& (== net6.0-windows7.0) (>= net452)) (&& (== netstandard2.0) (>= net452)) (&& (== netstandard2.1) (>= net452))
      DevExpress.Spreadsheet.Core (22.1.5) - restriction: || (== net461) (&& (== net6.0) (>= net452)) (&& (== net6.0-windows7.0) (>= net452)) (&& (== netstandard2.0) (>= net452)) (&& (== netstandard2.1) (>= net452))
      DevExpress.TreeMap (22.1.5) - restriction: || (== net461) (&& (== net6.0) (>= net452)) (&& (== net6.0-windows7.0) (>= net452)) (&& (== netstandard2.0) (>= net452)) (&& (== netstandard2.1) (>= net452))
      DevExpress.Web (22.1.5) - restriction: || (== net461) (&& (== net6.0) (>= net452)) (&& (== net6.0-windows7.0) (>= net452)) (&& (== netstandard2.0) (>= net452)) (&& (== netstandard2.1) (>= net452))
    DevExpress.Web.Reporting (22.1.5) - restriction: || (== net461) (&& (== net6.0) (>= net452)) (&& (== net6.0-windows7.0) (>= net452)) (&& (== netstandard2.0) (>= net452)) (&& (== netstandard2.1) (>= net452))
      DevExpress.Data (22.1.5) - restriction: || (== net461) (&& (== net6.0) (>= net452)) (&& (== net6.0-windows7.0) (>= net452)) (&& (== netstandard2.0) (>= net452)) (&& (== netstandard2.1) (>= net452))
      DevExpress.DataAccess (22.1.5) - restriction: || (== net461) (&& (== net6.0) (>= net452)) (&& (== net6.0-windows7.0) (>= net452)) (&& (== netstandard2.0) (>= net452)) (&& (== netstandard2.1) (>= net452))
      DevExpress.Drawing (22.1.5) - restriction: || (== net461) (&& (== net6.0) (>= net452)) (&& (== net6.0-windows7.0) (>= net452)) (&& (== netstandard2.0) (>= net452)) (&& (== netstandard2.1) (>= net452))
      DevExpress.Printing.Core (22.1.5) - restriction: || (== net461) (&& (== net6.0) (>= net452)) (&& (== net6.0-windows7.0) (>= net452)) (&& (== netstandard2.0) (>= net452)) (&& (== netstandard2.1) (>= net452))
      DevExpress.Reporting.Core (22.1.5) - restriction: || (== net461) (&& (== net6.0) (>= net452)) (&& (== net6.0-windows7.0) (>= net452)) (&& (== netstandard2.0) (>= net452)) (&& (== netstandard2.1) (>= net452))
      DevExpress.Utils (22.1.5) - restriction: || (== net461) (&& (== net6.0) (>= net452)) (&& (== net6.0-windows7.0) (>= net452)) (&& (== netstandard2.0) (>= net452)) (&& (== netstandard2.1) (>= net452))
      DevExpress.Web (22.1.5) - restriction: || (== net461) (&& (== net6.0) (>= net452)) (&& (== net6.0-windows7.0) (>= net452)) (&& (== netstandard2.0) (>= net452)) (&& (== netstandard2.1) (>= net452))
      DevExpress.Web.Reporting.Common (22.1.5) - restriction: || (== net461) (&& (== net6.0) (>= net452)) (&& (== net6.0-windows7.0) (>= net452)) (&& (== netstandard2.0) (>= net452)) (&& (== netstandard2.1) (>= net452))
    DevExpress.Web.Reporting.Common (22.1.5) - restriction: || (== net461) (&& (== net6.0) (>= net452)) (&& (== net6.0-windows7.0) (>= net452)) (&& (== netstandard2.0) (>= net452)) (&& (== netstandard2.1) (>= net452))
      DevExpress.Charts (22.1.5)
      DevExpress.Charts.Core (22.1.5)
      DevExpress.Data (22.1.5)
      DevExpress.DataAccess (22.1.5)
      DevExpress.Drawing (22.1.5)
      DevExpress.Gauges.Core (22.1.5)
      DevExpress.PivotGrid.Core (22.1.5)
      DevExpress.Printing.Core (22.1.5)
      DevExpress.Reporting.Core (22.1.5)
      DevExpress.Sparkline.Core (22.1.5)
    DevExpress.Web.Scheduler (22.1.5) - restriction: || (== net461) (&& (== net6.0) (>= net452)) (&& (== net6.0-windows7.0) (>= net452)) (&& (== netstandard2.0) (>= net452)) (&& (== netstandard2.1) (>= net452))
      DevExpress.Data (22.1.5) - restriction: || (== net461) (&& (== net6.0) (>= net452)) (&& (== net6.0-windows7.0) (>= net452)) (&& (== netstandard2.0) (>= net452)) (&& (== netstandard2.1) (>= net452))
      DevExpress.Scheduler.Core (22.1.5) - restriction: || (== net461) (&& (== net6.0) (>= net452)) (&& (== net6.0-windows7.0) (>= net452)) (&& (== netstandard2.0) (>= net452)) (&& (== netstandard2.1) (>= net452))
      DevExpress.Scheduler.CoreDesktop (22.1.5) - restriction: || (== net461) (&& (== net6.0) (>= net452)) (&& (== net6.0-windows7.0) (>= net452)) (&& (== netstandard2.0) (>= net452)) (&& (== netstandard2.1) (>= net452))
      DevExpress.Web (22.1.5) - restriction: || (== net461) (&& (== net6.0) (>= net452)) (&& (== net6.0-windows7.0) (>= net452)) (&& (== netstandard2.0) (>= net452)) (&& (== netstandard2.1) (>= net452))
    DevExpress.Web.Themes (22.1.5) - restriction: || (== net461) (&& (== net6.0) (>= net452)) (&& (== net6.0-windows7.0) (>= net452)) (&& (== netstandard2.0) (>= net452)) (&& (== netstandard2.1) (>= net452))
      DevExpress.Web (22.1.5) - restriction: || (== net461) (&& (== net6.0) (>= net452)) (&& (== net6.0-windows7.0) (>= net452)) (&& (== netstandard2.0) (>= net452)) (&& (== netstandard2.1) (>= net452))
    DevExpress.Web.Visualization (22.1.5) - restriction: || (== net461) (&& (== net6.0) (>= net452)) (&& (== net6.0-windows7.0) (>= net452)) (&& (== netstandard2.0) (>= net452)) (&& (== netstandard2.1) (>= net452))
      DevExpress.Charts (22.1.5) - restriction: || (== net461) (&& (== net6.0) (>= net452)) (&& (== net6.0-windows7.0) (>= net452)) (&& (== netstandard2.0) (>= net452)) (&& (== netstandard2.1) (>= net452))
      DevExpress.Charts.Core (22.1.5) - restriction: || (== net461) (&& (== net6.0) (>= net452)) (&& (== net6.0-windows7.0) (>= net452)) (&& (== netstandard2.0) (>= net452)) (&& (== netstandard2.1) (>= net452))
      DevExpress.Data (22.1.5) - restriction: || (== net461) (&& (== net6.0) (>= net452)) (&& (== net6.0-windows7.0) (>= net452)) (&& (== netstandard2.0) (>= net452)) (&& (== netstandard2.1) (>= net452))
      DevExpress.Gauges.Core (22.1.5) - restriction: || (== net461) (&& (== net6.0) (>= net452)) (&& (== net6.0-windows7.0) (>= net452)) (&& (== netstandard2.0) (>= net452)) (&& (== netstandard2.1) (>= net452))
      DevExpress.Printing.Core (22.1.5) - restriction: || (== net461) (&& (== net6.0) (>= net452)) (&& (== net6.0-windows7.0) (>= net452)) (&& (== netstandard2.0) (>= net452)) (&& (== netstandard2.1) (>= net452))
      DevExpress.Web (22.1.5) - restriction: || (== net461) (&& (== net6.0) (>= net452)) (&& (== net6.0-windows7.0) (>= net452)) (&& (== netstandard2.0) (>= net452)) (&& (== netstandard2.1) (>= net452))
    DevExpress.Win (22.1.5) - restriction: || (== net461) (&& (== net6.0) (>= net452)) (&& (== net6.0) (>= net6.0-windows7.0)) (== net6.0-windows7.0) (&& (== netstandard2.0) (>= net452)) (&& (== netstandard2.0) (>= net6.0-windows7.0)) (&& (== netstandard2.1) (>= net452)) (&& (== netstandard2.1) (>= net6.0-windows7.0))
      DevExpress.Data (22.1.5) - restriction: || (== net461) (== net6.0) (== net6.0-windows7.0) (&& (== netstandard2.0) (>= net452)) (&& (== netstandard2.0) (>= netcoreapp3.0)) (&& (== netstandard2.1) (>= net452)) (&& (== netstandard2.1) (>= netcoreapp3.0))
      DevExpress.Data.Desktop (22.1.5) - restriction: || (== net461) (== net6.0) (== net6.0-windows7.0) (&& (== netstandard2.0) (>= net452)) (&& (== netstandard2.0) (>= netcoreapp3.0)) (&& (== netstandard2.1) (>= net452)) (&& (== netstandard2.1) (>= netcoreapp3.0))
      DevExpress.Drawing (22.1.5) - restriction: || (== net461) (== net6.0) (== net6.0-windows7.0) (&& (== netstandard2.0) (>= net452)) (&& (== netstandard2.0) (>= netcoreapp3.0)) (&& (== netstandard2.1) (>= net452)) (&& (== netstandard2.1) (>= netcoreapp3.0))
      DevExpress.RichEdit.Export (22.1.5) - restriction: || (== net461) (== net6.0) (== net6.0-windows7.0) (&& (== netstandard2.0) (>= net452)) (&& (== netstandard2.0) (>= netcoreapp3.0)) (&& (== netstandard2.1) (>= net452)) (&& (== netstandard2.1) (>= netcoreapp3.0))
      DevExpress.Utils (22.1.5) - restriction: || (== net461) (== net6.0) (== net6.0-windows7.0) (&& (== netstandard2.0) (>= net452)) (&& (== netstandard2.0) (>= netcoreapp3.0)) (&& (== netstandard2.1) (>= net452)) (&& (== netstandard2.1) (>= netcoreapp3.0))
      DevExpress.Win.Grid (22.1.5) - restriction: || (== net461) (== net6.0) (== net6.0-windows7.0) (&& (== netstandard2.0) (>= net452)) (&& (== netstandard2.0) (>= netcoreapp3.0)) (&& (== netstandard2.1) (>= net452)) (&& (== netstandard2.1) (>= netcoreapp3.0))
      DevExpress.Win.Navigation (22.1.5) - restriction: || (== net461) (== net6.0) (== net6.0-windows7.0) (&& (== netstandard2.0) (>= net452)) (&& (== netstandard2.0) (>= netcoreapp3.0)) (&& (== netstandard2.1) (>= net452)) (&& (== netstandard2.1) (>= netcoreapp3.0))
      DevExpress.Win.PivotGrid (22.1.5) - restriction: || (== net461) (== net6.0) (== net6.0-windows7.0) (&& (== netstandard2.0) (>= net452)) (&& (== netstandard2.0) (>= netcoreapp3.0)) (&& (== netstandard2.1) (>= net452)) (&& (== netstandard2.1) (>= netcoreapp3.0))
      DevExpress.Win.Printing (22.1.5) - restriction: || (== net461) (== net6.0) (== net6.0-windows7.0) (&& (== netstandard2.0) (>= net452)) (&& (== netstandard2.0) (>= netcoreapp3.0)) (&& (== netstandard2.1) (>= net452)) (&& (== netstandard2.1) (>= netcoreapp3.0))
      DevExpress.Win.TreeList (22.1.5) - restriction: || (== net461) (== net6.0) (== net6.0-windows7.0) (&& (== netstandard2.0) (>= net452)) (&& (== netstandard2.0) (>= netcoreapp3.0)) (&& (== netstandard2.1) (>= net452)) (&& (== netstandard2.1) (>= netcoreapp3.0))
      DevExpress.Win.VerticalGrid (22.1.5) - restriction: || (== net461) (== net6.0) (== net6.0-windows7.0) (&& (== netstandard2.0) (>= net452)) (&& (== netstandard2.0) (>= netcoreapp3.0)) (&& (== netstandard2.1) (>= net452)) (&& (== netstandard2.1) (>= netcoreapp3.0))
    DevExpress.Win.BonusSkins (22.1.5) - restriction: || (== net461) (&& (== net6.0) (>= net452)) (&& (== net6.0) (>= net6.0-windows7.0)) (== net6.0-windows7.0) (&& (== netstandard2.0) (>= net452)) (&& (== netstandard2.0) (>= net6.0-windows7.0)) (&& (== netstandard2.1) (>= net452)) (&& (== netstandard2.1) (>= net6.0-windows7.0))
      DevExpress.Utils (22.1.5) - restriction: || (== net461) (== net6.0) (== net6.0-windows7.0) (&& (== netstandard2.0) (>= net452)) (&& (== netstandard2.0) (>= netcoreapp3.0)) (&& (== netstandard2.1) (>= net452)) (&& (== netstandard2.1) (>= netcoreapp3.0))
    DevExpress.Win.Charts (22.1.5) - restriction: || (== net461) (&& (== net6.0) (>= net452)) (&& (== net6.0) (>= net6.0-windows7.0)) (== net6.0-windows7.0) (&& (== netstandard2.0) (>= net452)) (&& (== netstandard2.0) (>= net6.0-windows7.0)) (&& (== netstandard2.1) (>= net452)) (&& (== netstandard2.1) (>= net6.0-windows7.0))
      DevExpress.Charts (22.1.5) - restriction: || (== net461) (== net6.0) (== net6.0-windows7.0) (&& (== netstandard2.0) (>= net452)) (&& (== netstandard2.0) (>= netcoreapp3.0)) (&& (== netstandard2.1) (>= net452)) (&& (== netstandard2.1) (>= netcoreapp3.0))
      DevExpress.Charts.Core (22.1.5) - restriction: || (== net461) (== net6.0) (== net6.0-windows7.0) (&& (== netstandard2.0) (>= net452)) (&& (== netstandard2.0) (>= netcoreapp3.0)) (&& (== netstandard2.1) (>= net452)) (&& (== netstandard2.1) (>= netcoreapp3.0))
      DevExpress.Data (22.1.5) - restriction: || (== net461) (== net6.0) (== net6.0-windows7.0) (&& (== netstandard2.0) (>= net452)) (&& (== netstandard2.0) (>= netcoreapp3.0)) (&& (== netstandard2.1) (>= net452)) (&& (== netstandard2.1) (>= netcoreapp3.0))
      DevExpress.Data.Desktop (22.1.5) - restriction: || (== net461) (== net6.0) (== net6.0-windows7.0) (&& (== netstandard2.0) (>= net452)) (&& (== netstandard2.0) (>= netcoreapp3.0)) (&& (== netstandard2.1) (>= net452)) (&& (== netstandard2.1) (>= netcoreapp3.0))
      DevExpress.DataAccess.UI (22.1.5) - restriction: || (== net461) (== net6.0) (== net6.0-windows7.0) (&& (== netstandard2.0) (>= net452)) (&& (== netstandard2.0) (>= netcoreapp3.0)) (&& (== netstandard2.1) (>= net452)) (&& (== netstandard2.1) (>= netcoreapp3.0))
      DevExpress.Drawing (22.1.5) - restriction: || (== net461) (== net6.0) (== net6.0-windows7.0) (&& (== netstandard2.0) (>= net452)) (&& (== netstandard2.0) (>= netcoreapp3.0)) (&& (== netstandard2.1) (>= net452)) (&& (== netstandard2.1) (>= netcoreapp3.0))
      DevExpress.Printing.Core (22.1.5) - restriction: || (== net461) (== net6.0) (== net6.0-windows7.0) (&& (== netstandard2.0) (>= net452)) (&& (== netstandard2.0) (>= netcoreapp3.0)) (&& (== netstandard2.1) (>= net452)) (&& (== netstandard2.1) (>= netcoreapp3.0))
      DevExpress.Utils (22.1.5) - restriction: || (== net461) (== net6.0) (== net6.0-windows7.0) (&& (== netstandard2.0) (>= net452)) (&& (== netstandard2.0) (>= netcoreapp3.0)) (&& (== netstandard2.1) (>= net452)) (&& (== netstandard2.1) (>= netcoreapp3.0))
      DevExpress.Utils.UI (22.1.5) - restriction: || (== net461) (== net6.0) (== net6.0-windows7.0) (&& (== netstandard2.0) (>= net452)) (&& (== netstandard2.0) (>= netcoreapp3.0)) (&& (== netstandard2.1) (>= net452)) (&& (== netstandard2.1) (>= netcoreapp3.0))
      DevExpress.Win (22.1.5) - restriction: || (== net461) (== net6.0) (== net6.0-windows7.0) (&& (== netstandard2.0) (>= net452)) (&& (== netstandard2.0) (>= netcoreapp3.0)) (&& (== netstandard2.1) (>= net452)) (&& (== netstandard2.1) (>= netcoreapp3.0))
      DevExpress.Win.Grid (22.1.5) - restriction: || (== net461) (== net6.0) (== net6.0-windows7.0) (&& (== netstandard2.0) (>= net452)) (&& (== netstandard2.0) (>= netcoreapp3.0)) (&& (== netstandard2.1) (>= net452)) (&& (== netstandard2.1) (>= netcoreapp3.0))
      DevExpress.Win.Navigation (22.1.5) - restriction: || (== net461) (== net6.0) (== net6.0-windows7.0) (&& (== netstandard2.0) (>= net452)) (&& (== netstandard2.0) (>= netcoreapp3.0)) (&& (== netstandard2.1) (>= net452)) (&& (== netstandard2.1) (>= netcoreapp3.0))
      DevExpress.Win.Printing (22.1.5) - restriction: || (== net461) (== net6.0) (== net6.0-windows7.0) (&& (== netstandard2.0) (>= net452)) (&& (== netstandard2.0) (>= netcoreapp3.0)) (&& (== netstandard2.1) (>= net452)) (&& (== netstandard2.1) (>= netcoreapp3.0))
      DevExpress.Win.TreeList (22.1.5) - restriction: || (== net461) (== net6.0) (== net6.0-windows7.0) (&& (== netstandard2.0) (>= net452)) (&& (== netstandard2.0) (>= netcoreapp3.0)) (&& (== netstandard2.1) (>= net452)) (&& (== netstandard2.1) (>= netcoreapp3.0))
      DevExpress.Win.VerticalGrid (22.1.5) - restriction: || (== net461) (== net6.0) (== net6.0-windows7.0) (&& (== netstandard2.0) (>= net452)) (&& (== netstandard2.0) (>= netcoreapp3.0)) (&& (== netstandard2.1) (>= net452)) (&& (== netstandard2.1) (>= netcoreapp3.0))
    DevExpress.Win.Dashboard (22.1.5) - restriction: || (== net461) (&& (== net6.0) (>= net452)) (&& (== net6.0) (>= net6.0-windows7.0)) (== net6.0-windows7.0) (&& (== netstandard2.0) (>= net452)) (&& (== netstandard2.0) (>= net6.0-windows7.0)) (&& (== netstandard2.1) (>= net452)) (&& (== netstandard2.1) (>= net6.0-windows7.0))
      DevExpress.Charts (22.1.5) - restriction: || (== net461) (== net6.0) (== net6.0-windows7.0) (&& (== netstandard2.0) (>= net452)) (&& (== netstandard2.0) (>= netcoreapp3.0)) (&& (== netstandard2.1) (>= net452)) (&& (== netstandard2.1) (>= netcoreapp3.0))
      DevExpress.Charts.Core (22.1.5) - restriction: || (== net461) (== net6.0) (== net6.0-windows7.0) (&& (== netstandard2.0) (>= net452)) (&& (== netstandard2.0) (>= netcoreapp3.0)) (&& (== netstandard2.1) (>= net452)) (&& (== netstandard2.1) (>= netcoreapp3.0))
      DevExpress.Dashboard.Core (22.1.5) - restriction: || (== net461) (== net6.0) (== net6.0-windows7.0) (&& (== netstandard2.0) (>= net452)) (&& (== netstandard2.0) (>= netcoreapp3.0)) (&& (== netstandard2.1) (>= net452)) (&& (== netstandard2.1) (>= netcoreapp3.0))
      DevExpress.Data (22.1.5) - restriction: || (== net461) (== net6.0) (== net6.0-windows7.0) (&& (== netstandard2.0) (>= net452)) (&& (== netstandard2.0) (>= netcoreapp3.0)) (&& (== netstandard2.1) (>= net452)) (&& (== netstandard2.1) (>= netcoreapp3.0))
      DevExpress.Data.Desktop (22.1.5) - restriction: || (== net461) (== net6.0) (== net6.0-windows7.0) (&& (== netstandard2.0) (>= net452)) (&& (== netstandard2.0) (>= netcoreapp3.0)) (&& (== netstandard2.1) (>= net452)) (&& (== netstandard2.1) (>= netcoreapp3.0))
      DevExpress.DataAccess (22.1.5) - restriction: || (== net461) (== net6.0) (== net6.0-windows7.0) (&& (== netstandard2.0) (>= net452)) (&& (== netstandard2.0) (>= netcoreapp3.0)) (&& (== netstandard2.1) (>= net452)) (&& (== netstandard2.1) (>= netcoreapp3.0))
      DevExpress.DataAccess.UI (22.1.5) - restriction: || (== net461) (== net6.0) (== net6.0-windows7.0) (&& (== netstandard2.0) (>= net452)) (&& (== netstandard2.0) (>= netcoreapp3.0)) (&& (== netstandard2.1) (>= net452)) (&& (== netstandard2.1) (>= netcoreapp3.0))
      DevExpress.Drawing (22.1.5) - restriction: || (== net461) (== net6.0) (== net6.0-windows7.0) (&& (== netstandard2.0) (>= net452)) (&& (== netstandard2.0) (>= netcoreapp3.0)) (&& (== netstandard2.1) (>= net452)) (&& (== netstandard2.1) (>= netcoreapp3.0))
      DevExpress.Gauges.Core (22.1.5) - restriction: || (== net461) (== net6.0) (== net6.0-windows7.0) (&& (== netstandard2.0) (>= net452)) (&& (== netstandard2.0) (>= netcoreapp3.0)) (&& (== netstandard2.1) (>= net452)) (&& (== netstandard2.1) (>= netcoreapp3.0))
      DevExpress.Map.Core (22.1.5) - restriction: || (== net461) (== net6.0) (== net6.0-windows7.0) (&& (== netstandard2.0) (>= net452)) (&& (== netstandard2.0) (>= netcoreapp3.0)) (&& (== netstandard2.1) (>= net452)) (&& (== netstandard2.1) (>= netcoreapp3.0))
      DevExpress.Office.Core (22.1.5) - restriction: || (== net461) (== net6.0) (== net6.0-windows7.0) (&& (== netstandard2.0) (>= net452)) (&& (== netstandard2.0) (>= netcoreapp3.0)) (&& (== netstandard2.1) (>= net452)) (&& (== netstandard2.1) (>= netcoreapp3.0))
      DevExpress.PivotGrid.Core (22.1.5) - restriction: || (== net461) (== net6.0) (== net6.0-windows7.0) (&& (== netstandard2.0) (>= net452)) (&& (== netstandard2.0) (>= netcoreapp3.0)) (&& (== netstandard2.1) (>= net452)) (&& (== netstandard2.1) (>= netcoreapp3.0))
      DevExpress.Printing.Core (22.1.5) - restriction: || (== net461) (== net6.0) (== net6.0-windows7.0) (&& (== netstandard2.0) (>= net452)) (&& (== netstandard2.0) (>= netcoreapp3.0)) (&& (== netstandard2.1) (>= net452)) (&& (== netstandard2.1) (>= netcoreapp3.0))
      DevExpress.Reporting.Core (22.1.5) - restriction: || (== net461) (== net6.0) (== net6.0-windows7.0) (&& (== netstandard2.0) (>= net452)) (&& (== netstandard2.0) (>= netcoreapp3.0)) (&& (== netstandard2.1) (>= net452)) (&& (== netstandard2.1) (>= netcoreapp3.0))
      DevExpress.RichEdit.Core (22.1.5) - restriction: || (== net461) (== net6.0) (== net6.0-windows7.0) (&& (== netstandard2.0) (>= net452)) (&& (== netstandard2.0) (>= netcoreapp3.0)) (&& (== netstandard2.1) (>= net452)) (&& (== netstandard2.1) (>= netcoreapp3.0))
      DevExpress.Sparkline.Core (22.1.5) - restriction: || (== net461) (== net6.0) (== net6.0-windows7.0) (&& (== netstandard2.0) (>= net452)) (&& (== netstandard2.0) (>= netcoreapp3.0)) (&& (== netstandard2.1) (>= net452)) (&& (== netstandard2.1) (>= netcoreapp3.0))
      DevExpress.TreeMap (22.1.5) - restriction: || (== net461) (== net6.0) (== net6.0-windows7.0) (&& (== netstandard2.0) (>= net452)) (&& (== netstandard2.0) (>= netcoreapp3.0)) (&& (== netstandard2.1) (>= net452)) (&& (== netstandard2.1) (>= netcoreapp3.0))
      DevExpress.TreeMap.Core (22.1.5) - restriction: || (== net461) (== net6.0) (== net6.0-windows7.0) (&& (== netstandard2.0) (>= net452)) (&& (== netstandard2.0) (>= netcoreapp3.0)) (&& (== netstandard2.1) (>= net452)) (&& (== netstandard2.1) (>= netcoreapp3.0))
      DevExpress.Utils (22.1.5) - restriction: || (== net461) (== net6.0) (== net6.0-windows7.0) (&& (== netstandard2.0) (>= net452)) (&& (== netstandard2.0) (>= netcoreapp3.0)) (&& (== netstandard2.1) (>= net452)) (&& (== netstandard2.1) (>= netcoreapp3.0))
      DevExpress.Utils.UI (22.1.5) - restriction: || (== net461) (== net6.0) (== net6.0-windows7.0) (&& (== netstandard2.0) (>= net452)) (&& (== netstandard2.0) (>= netcoreapp3.0)) (&& (== netstandard2.1) (>= net452)) (&& (== netstandard2.1) (>= netcoreapp3.0))
      DevExpress.Win.Charts (22.1.5) - restriction: || (== net461) (== net6.0) (== net6.0-windows7.0) (&& (== netstandard2.0) (>= net452)) (&& (== netstandard2.0) (>= netcoreapp3.0)) (&& (== netstandard2.1) (>= net452)) (&& (== netstandard2.1) (>= netcoreapp3.0))
      DevExpress.Win.Gauges (22.1.5) - restriction: || (== net461) (== net6.0) (== net6.0-windows7.0) (&& (== netstandard2.0) (>= net452)) (&& (== netstandard2.0) (>= netcoreapp3.0)) (&& (== netstandard2.1) (>= net452)) (&& (== netstandard2.1) (>= netcoreapp3.0))
      DevExpress.Win.Grid (22.1.5) - restriction: || (== net461) (== net6.0) (== net6.0-windows7.0) (&& (== netstandard2.0) (>= net452)) (&& (== netstandard2.0) (>= netcoreapp3.0)) (&& (== netstandard2.1) (>= net452)) (&& (== netstandard2.1) (>= netcoreapp3.0))
      DevExpress.Win.Map (22.1.5) - restriction: || (== net461) (== net6.0) (== net6.0-windows7.0) (&& (== netstandard2.0) (>= net452)) (&& (== netstandard2.0) (>= netcoreapp3.0)) (&& (== netstandard2.1) (>= net452)) (&& (== netstandard2.1) (>= netcoreapp3.0))
      DevExpress.Win.Navigation (22.1.5) - restriction: || (== net461) (== net6.0) (== net6.0-windows7.0) (&& (== netstandard2.0) (>= net452)) (&& (== netstandard2.0) (>= netcoreapp3.0)) (&& (== netstandard2.1) (>= net452)) (&& (== netstandard2.1) (>= netcoreapp3.0))
      DevExpress.Win.PivotGrid (22.1.5) - restriction: || (== net461) (== net6.0) (== net6.0-windows7.0) (&& (== netstandard2.0) (>= net452)) (&& (== netstandard2.0) (>= netcoreapp3.0)) (&& (== netstandard2.1) (>= net452)) (&& (== netstandard2.1) (>= netcoreapp3.0))
      DevExpress.Win.Printing (22.1.5) - restriction: || (== net461) (== net6.0) (== net6.0-windows7.0) (&& (== netstandard2.0) (>= net452)) (&& (== netstandard2.0) (>= netcoreapp3.0)) (&& (== netstandard2.1) (>= net452)) (&& (== netstandard2.1) (>= netcoreapp3.0))
      DevExpress.Win.RichEdit (22.1.5) - restriction: || (== net461) (== net6.0) (== net6.0-windows7.0) (&& (== netstandard2.0) (>= net452)) (&& (== netstandard2.0) (>= netcoreapp3.0)) (&& (== netstandard2.1) (>= net452)) (&& (== netstandard2.1) (>= netcoreapp3.0))
      DevExpress.Win.TreeList (22.1.5) - restriction: || (== net461) (== net6.0) (== net6.0-windows7.0) (&& (== netstandard2.0) (>= net452)) (&& (== netstandard2.0) (>= netcoreapp3.0)) (&& (== netstandard2.1) (>= net452)) (&& (== netstandard2.1) (>= netcoreapp3.0))
      DevExpress.Win.TreeMap (22.1.5) - restriction: || (== net461) (== net6.0) (== net6.0-windows7.0) (&& (== netstandard2.0) (>= net452)) (&& (== netstandard2.0) (>= netcoreapp3.0)) (&& (== netstandard2.1) (>= net452)) (&& (== netstandard2.1) (>= netcoreapp3.0))
      DevExpress.Xpo (22.1.5) - restriction: || (== net461) (== net6.0) (== net6.0-windows7.0) (&& (== netstandard2.0) (>= net452)) (&& (== netstandard2.0) (>= netcoreapp3.0)) (&& (== netstandard2.1) (>= net452)) (&& (== netstandard2.1) (>= netcoreapp3.0))
    DevExpress.Win.Diagram (22.1.5) - restriction: || (== net461) (&& (== net6.0) (>= net452)) (&& (== net6.0) (>= net6.0-windows7.0)) (== net6.0-windows7.0) (&& (== netstandard2.0) (>= net452)) (&& (== netstandard2.0) (>= net6.0-windows7.0)) (&& (== netstandard2.1) (>= net452)) (&& (== netstandard2.1) (>= net6.0-windows7.0))
      DevExpress.Data (22.1.5) - restriction: || (== net461) (== net6.0) (== net6.0-windows7.0) (&& (== netstandard2.0) (>= net452)) (&& (== netstandard2.0) (>= netcoreapp3.0)) (&& (== netstandard2.1) (>= net452)) (&& (== netstandard2.1) (>= netcoreapp3.0))
      DevExpress.Data.Desktop (22.1.5) - restriction: || (== net461) (== net6.0) (== net6.0-windows7.0) (&& (== netstandard2.0) (>= net452)) (&& (== netstandard2.0) (>= netcoreapp3.0)) (&& (== netstandard2.1) (>= net452)) (&& (== netstandard2.1) (>= netcoreapp3.0))
      DevExpress.Diagram.Core (22.1.5) - restriction: || (== net461) (== net6.0) (== net6.0-windows7.0) (&& (== netstandard2.0) (>= net452)) (&& (== netstandard2.0) (>= netcoreapp3.0)) (&& (== netstandard2.1) (>= net452)) (&& (== netstandard2.1) (>= netcoreapp3.0))
      DevExpress.Drawing (22.1.5) - restriction: || (== net461) (== net6.0) (== net6.0-windows7.0) (&& (== netstandard2.0) (>= net452)) (&& (== netstandard2.0) (>= netcoreapp3.0)) (&& (== netstandard2.1) (>= net452)) (&& (== netstandard2.1) (>= netcoreapp3.0))
      DevExpress.Pdf.Core (22.1.5) - restriction: || (== net461) (== net6.0) (== net6.0-windows7.0) (&& (== netstandard2.0) (>= net452)) (&& (== netstandard2.0) (>= netcoreapp3.0)) (&& (== netstandard2.1) (>= net452)) (&& (== netstandard2.1) (>= netcoreapp3.0))
      DevExpress.Printing.Core (22.1.5) - restriction: || (== net461) (== net6.0) (== net6.0-windows7.0) (&& (== netstandard2.0) (>= net452)) (&& (== netstandard2.0) (>= netcoreapp3.0)) (&& (== netstandard2.1) (>= net452)) (&& (== netstandard2.1) (>= netcoreapp3.0))
      DevExpress.Utils (22.1.5) - restriction: || (== net461) (== net6.0) (== net6.0-windows7.0) (&& (== netstandard2.0) (>= net452)) (&& (== netstandard2.0) (>= netcoreapp3.0)) (&& (== netstandard2.1) (>= net452)) (&& (== netstandard2.1) (>= netcoreapp3.0))
      DevExpress.Win.Navigation (22.1.5) - restriction: || (== net461) (== net6.0) (== net6.0-windows7.0) (&& (== netstandard2.0) (>= net452)) (&& (== netstandard2.0) (>= netcoreapp3.0)) (&& (== netstandard2.1) (>= net452)) (&& (== netstandard2.1) (>= netcoreapp3.0))
      DevExpress.Win.Printing (22.1.5) - restriction: || (== net461) (== net6.0) (== net6.0-windows7.0) (&& (== netstandard2.0) (>= net452)) (&& (== netstandard2.0) (>= netcoreapp3.0)) (&& (== netstandard2.1) (>= net452)) (&& (== netstandard2.1) (>= netcoreapp3.0))
      DevExpress.Win.VerticalGrid (22.1.5) - restriction: || (== net461) (== net6.0) (== net6.0-windows7.0) (&& (== netstandard2.0) (>= net452)) (&& (== netstandard2.0) (>= netcoreapp3.0)) (&& (== netstandard2.1) (>= net452)) (&& (== netstandard2.1) (>= netcoreapp3.0))
    DevExpress.Win.Gauges (22.1.5) - restriction: || (== net461) (&& (== net6.0) (>= net452)) (&& (== net6.0) (>= net6.0-windows7.0)) (== net6.0-windows7.0) (&& (== netstandard2.0) (>= net452)) (&& (== netstandard2.0) (>= net6.0-windows7.0)) (&& (== netstandard2.1) (>= net452)) (&& (== netstandard2.1) (>= net6.0-windows7.0))
      DevExpress.Data (22.1.5) - restriction: || (== net461) (== net6.0) (== net6.0-windows7.0) (&& (== netstandard2.0) (>= net452)) (&& (== netstandard2.0) (>= netcoreapp3.0)) (&& (== netstandard2.1) (>= net452)) (&& (== netstandard2.1) (>= netcoreapp3.0))
      DevExpress.Data.Desktop (22.1.5) - restriction: || (== net461) (== net6.0) (== net6.0-windows7.0) (&& (== netstandard2.0) (>= net452)) (&& (== netstandard2.0) (>= netcoreapp3.0)) (&& (== netstandard2.1) (>= net452)) (&& (== netstandard2.1) (>= netcoreapp3.0))
      DevExpress.Gauges.Core (22.1.5) - restriction: || (== net461) (== net6.0) (== net6.0-windows7.0) (&& (== netstandard2.0) (>= net452)) (&& (== netstandard2.0) (>= netcoreapp3.0)) (&& (== netstandard2.1) (>= net452)) (&& (== netstandard2.1) (>= netcoreapp3.0))
      DevExpress.Printing.Core (22.1.5) - restriction: || (== net461) (== net6.0) (== net6.0-windows7.0) (&& (== netstandard2.0) (>= net452)) (&& (== netstandard2.0) (>= netcoreapp3.0)) (&& (== netstandard2.1) (>= net452)) (&& (== netstandard2.1) (>= netcoreapp3.0))
      DevExpress.Utils (22.1.5) - restriction: || (== net461) (== net6.0) (== net6.0-windows7.0) (&& (== netstandard2.0) (>= net452)) (&& (== netstandard2.0) (>= netcoreapp3.0)) (&& (== netstandard2.1) (>= net452)) (&& (== netstandard2.1) (>= netcoreapp3.0))
      DevExpress.Win.Navigation (22.1.5) - restriction: || (== net461) (== net6.0) (== net6.0-windows7.0) (&& (== netstandard2.0) (>= net452)) (&& (== netstandard2.0) (>= netcoreapp3.0)) (&& (== netstandard2.1) (>= net452)) (&& (== netstandard2.1) (>= netcoreapp3.0))
      DevExpress.Win.Printing (22.1.5) - restriction: || (== net461) (== net6.0) (== net6.0-windows7.0) (&& (== netstandard2.0) (>= net452)) (&& (== netstandard2.0) (>= netcoreapp3.0)) (&& (== netstandard2.1) (>= net452)) (&& (== netstandard2.1) (>= netcoreapp3.0))
    DevExpress.Win.Grid (22.1.5) - restriction: || (== net461) (&& (== net6.0) (>= net452)) (&& (== net6.0) (>= net6.0-windows7.0)) (== net6.0-windows7.0) (&& (== netstandard2.0) (>= net452)) (&& (== netstandard2.0) (>= net6.0-windows7.0)) (&& (== netstandard2.1) (>= net452)) (&& (== netstandard2.1) (>= net6.0-windows7.0))
      DevExpress.Data (22.1.5) - restriction: || (== net461) (== net6.0) (== net6.0-windows7.0) (&& (== netstandard2.0) (>= net452)) (&& (== netstandard2.0) (>= netcoreapp3.0)) (&& (== netstandard2.1) (>= net452)) (&& (== netstandard2.1) (>= netcoreapp3.0))
      DevExpress.Data.Desktop (22.1.5) - restriction: || (== net461) (== net6.0) (== net6.0-windows7.0) (&& (== netstandard2.0) (>= net452)) (&& (== netstandard2.0) (>= netcoreapp3.0)) (&& (== netstandard2.1) (>= net452)) (&& (== netstandard2.1) (>= netcoreapp3.0))
      DevExpress.Drawing (22.1.5) - restriction: || (== net461) (== net6.0) (== net6.0-windows7.0) (&& (== netstandard2.0) (>= net452)) (&& (== netstandard2.0) (>= netcoreapp3.0)) (&& (== netstandard2.1) (>= net452)) (&& (== netstandard2.1) (>= netcoreapp3.0))
      DevExpress.Printing.Core (22.1.5) - restriction: || (== net461) (== net6.0) (== net6.0-windows7.0) (&& (== netstandard2.0) (>= net452)) (&& (== netstandard2.0) (>= netcoreapp3.0)) (&& (== netstandard2.1) (>= net452)) (&& (== netstandard2.1) (>= netcoreapp3.0))
      DevExpress.Utils (22.1.5) - restriction: || (== net461) (== net6.0) (== net6.0-windows7.0) (&& (== netstandard2.0) (>= net452)) (&& (== netstandard2.0) (>= netcoreapp3.0)) (&& (== netstandard2.1) (>= net452)) (&& (== netstandard2.1) (>= netcoreapp3.0))
      DevExpress.Win.Navigation (22.1.5) - restriction: || (== net461) (== net6.0) (== net6.0-windows7.0) (&& (== netstandard2.0) (>= net452)) (&& (== netstandard2.0) (>= netcoreapp3.0)) (&& (== netstandard2.1) (>= net452)) (&& (== netstandard2.1) (>= netcoreapp3.0))
      DevExpress.Win.Printing (22.1.5) - restriction: || (== net461) (== net6.0) (== net6.0-windows7.0) (&& (== netstandard2.0) (>= net452)) (&& (== netstandard2.0) (>= netcoreapp3.0)) (&& (== netstandard2.1) (>= net452)) (&& (== netstandard2.1) (>= netcoreapp3.0))
    DevExpress.Win.Map (22.1.5) - restriction: || (== net461) (&& (== net6.0) (>= net452)) (&& (== net6.0) (>= net6.0-windows7.0)) (== net6.0-windows7.0) (&& (== netstandard2.0) (>= net452)) (&& (== netstandard2.0) (>= net6.0-windows7.0)) (&& (== netstandard2.1) (>= net452)) (&& (== netstandard2.1) (>= net6.0-windows7.0))
      DevExpress.Data (22.1.5) - restriction: || (== net461) (== net6.0) (== net6.0-windows7.0) (&& (== netstandard2.0) (>= net452)) (&& (== netstandard2.0) (>= netcoreapp3.0)) (&& (== netstandard2.1) (>= net452)) (&& (== netstandard2.1) (>= netcoreapp3.0))
      DevExpress.Data.Desktop (22.1.5) - restriction: || (== net461) (== net6.0) (== net6.0-windows7.0) (&& (== netstandard2.0) (>= net452)) (&& (== netstandard2.0) (>= netcoreapp3.0)) (&& (== netstandard2.1) (>= net452)) (&& (== netstandard2.1) (>= netcoreapp3.0))
      DevExpress.Drawing (22.1.5) - restriction: || (== net461) (== net6.0) (== net6.0-windows7.0) (&& (== netstandard2.0) (>= net452)) (&& (== netstandard2.0) (>= netcoreapp3.0)) (&& (== netstandard2.1) (>= net452)) (&& (== netstandard2.1) (>= netcoreapp3.0))
      DevExpress.Map.Core (22.1.5) - restriction: || (== net461) (== net6.0) (== net6.0-windows7.0) (&& (== netstandard2.0) (>= net452)) (&& (== netstandard2.0) (>= netcoreapp3.0)) (&& (== netstandard2.1) (>= net452)) (&& (== netstandard2.1) (>= netcoreapp3.0))
      DevExpress.Printing.Core (22.1.5) - restriction: || (== net461) (== net6.0) (== net6.0-windows7.0) (&& (== netstandard2.0) (>= net452)) (&& (== netstandard2.0) (>= netcoreapp3.0)) (&& (== netstandard2.1) (>= net452)) (&& (== netstandard2.1) (>= netcoreapp3.0))
      DevExpress.Utils (22.1.5) - restriction: || (== net461) (== net6.0) (== net6.0-windows7.0) (&& (== netstandard2.0) (>= net452)) (&& (== netstandard2.0) (>= netcoreapp3.0)) (&& (== netstandard2.1) (>= net452)) (&& (== netstandard2.1) (>= netcoreapp3.0))
      DevExpress.Win.Navigation (22.1.5) - restriction: || (== net461) (== net6.0) (== net6.0-windows7.0) (&& (== netstandard2.0) (>= net452)) (&& (== netstandard2.0) (>= netcoreapp3.0)) (&& (== netstandard2.1) (>= net452)) (&& (== netstandard2.1) (>= netcoreapp3.0))
      DevExpress.Win.Printing (22.1.5) - restriction: || (== net461) (== net6.0) (== net6.0-windows7.0) (&& (== netstandard2.0) (>= net452)) (&& (== netstandard2.0) (>= netcoreapp3.0)) (&& (== netstandard2.1) (>= net452)) (&& (== netstandard2.1) (>= netcoreapp3.0))
      System.Data.SqlClient (>= 4.6) - restriction: || (&& (== net461) (>= netcoreapp3.0)) (== net6.0) (== net6.0-windows7.0) (&& (== netstandard2.0) (>= netcoreapp3.0)) (&& (== netstandard2.1) (>= netcoreapp3.0))
    DevExpress.Win.Navigation (22.1.5) - restriction: || (== net461) (&& (== net6.0) (>= net452)) (&& (== net6.0) (>= net6.0-windows7.0)) (== net6.0-windows7.0) (&& (== netstandard2.0) (>= net452)) (&& (== netstandard2.0) (>= net6.0-windows7.0)) (&& (== netstandard2.1) (>= net452)) (&& (== netstandard2.1) (>= net6.0-windows7.0))
      DevExpress.Data (22.1.5) - restriction: || (== net461) (== net6.0) (== net6.0-windows7.0) (&& (== netstandard2.0) (>= net452)) (&& (== netstandard2.0) (>= netcoreapp3.0)) (&& (== netstandard2.1) (>= net452)) (&& (== netstandard2.1) (>= netcoreapp3.0))
      DevExpress.Data.Desktop (22.1.5) - restriction: || (== net461) (== net6.0) (== net6.0-windows7.0) (&& (== netstandard2.0) (>= net452)) (&& (== netstandard2.0) (>= netcoreapp3.0)) (&& (== netstandard2.1) (>= net452)) (&& (== netstandard2.1) (>= netcoreapp3.0))
      DevExpress.Drawing (22.1.5) - restriction: || (== net461) (== net6.0) (== net6.0-windows7.0) (&& (== netstandard2.0) (>= net452)) (&& (== netstandard2.0) (>= netcoreapp3.0)) (&& (== netstandard2.1) (>= net452)) (&& (== netstandard2.1) (>= netcoreapp3.0))
      DevExpress.Printing.Core (22.1.5) - restriction: || (== net461) (== net6.0) (== net6.0-windows7.0) (&& (== netstandard2.0) (>= net452)) (&& (== netstandard2.0) (>= netcoreapp3.0)) (&& (== netstandard2.1) (>= net452)) (&& (== netstandard2.1) (>= netcoreapp3.0))
      DevExpress.Sparkline.Core (22.1.5) - restriction: || (== net461) (== net6.0) (== net6.0-windows7.0) (&& (== netstandard2.0) (>= net452)) (&& (== netstandard2.0) (>= netcoreapp3.0)) (&& (== netstandard2.1) (>= net452)) (&& (== netstandard2.1) (>= netcoreapp3.0))
      DevExpress.Utils (22.1.5) - restriction: || (== net461) (== net6.0) (== net6.0-windows7.0) (&& (== netstandard2.0) (>= net452)) (&& (== netstandard2.0) (>= netcoreapp3.0)) (&& (== netstandard2.1) (>= net452)) (&& (== netstandard2.1) (>= netcoreapp3.0))
    DevExpress.Win.PivotGrid (22.1.5) - restriction: || (== net461) (&& (== net6.0) (>= net452)) (&& (== net6.0) (>= net6.0-windows7.0)) (== net6.0-windows7.0) (&& (== netstandard2.0) (>= net452)) (&& (== netstandard2.0) (>= net6.0-windows7.0)) (&& (== netstandard2.1) (>= net452)) (&& (== netstandard2.1) (>= net6.0-windows7.0))
      DevExpress.Data (22.1.5) - restriction: || (== net461) (== net6.0) (== net6.0-windows7.0) (&& (== netstandard2.0) (>= net452)) (&& (== netstandard2.0) (>= netcoreapp3.0)) (&& (== netstandard2.1) (>= net452)) (&& (== netstandard2.1) (>= netcoreapp3.0))
      DevExpress.Drawing (22.1.5) - restriction: || (== net461) (== net6.0) (== net6.0-windows7.0) (&& (== netstandard2.0) (>= net452)) (&& (== netstandard2.0) (>= netcoreapp3.0)) (&& (== netstandard2.1) (>= net452)) (&& (== netstandard2.1) (>= netcoreapp3.0))
      DevExpress.PivotGrid.Core (22.1.5) - restriction: || (== net461) (== net6.0) (== net6.0-windows7.0) (&& (== netstandard2.0) (>= net452)) (&& (== netstandard2.0) (>= netcoreapp3.0)) (&& (== netstandard2.1) (>= net452)) (&& (== netstandard2.1) (>= netcoreapp3.0))
      DevExpress.Printing.Core (22.1.5) - restriction: || (== net461) (== net6.0) (== net6.0-windows7.0) (&& (== netstandard2.0) (>= net452)) (&& (== netstandard2.0) (>= netcoreapp3.0)) (&& (== netstandard2.1) (>= net452)) (&& (== netstandard2.1) (>= netcoreapp3.0))
      DevExpress.Utils (22.1.5) - restriction: || (== net461) (== net6.0) (== net6.0-windows7.0) (&& (== netstandard2.0) (>= net452)) (&& (== netstandard2.0) (>= netcoreapp3.0)) (&& (== netstandard2.1) (>= net452)) (&& (== netstandard2.1) (>= netcoreapp3.0))
      DevExpress.Win.Navigation (22.1.5) - restriction: || (== net461) (== net6.0) (== net6.0-windows7.0) (&& (== netstandard2.0) (>= net452)) (&& (== netstandard2.0) (>= netcoreapp3.0)) (&& (== netstandard2.1) (>= net452)) (&& (== netstandard2.1) (>= netcoreapp3.0))
    DevExpress.Win.Printing (22.1.5) - restriction: || (== net461) (&& (== net6.0) (>= net452)) (&& (== net6.0) (>= net6.0-windows7.0)) (== net6.0-windows7.0) (&& (== netstandard2.0) (>= net452)) (&& (== netstandard2.0) (>= net6.0-windows7.0)) (&& (== netstandard2.1) (>= net452)) (&& (== netstandard2.1) (>= net6.0-windows7.0))
      DevExpress.Data (22.1.5) - restriction: || (== net461) (== net6.0) (== net6.0-windows7.0) (&& (== netstandard2.0) (>= net452)) (&& (== netstandard2.0) (>= netcoreapp3.0)) (&& (== netstandard2.1) (>= net452)) (&& (== netstandard2.1) (>= netcoreapp3.0))
      DevExpress.Data.Desktop (22.1.5) - restriction: || (== net461) (== net6.0) (== net6.0-windows7.0) (&& (== netstandard2.0) (>= net452)) (&& (== netstandard2.0) (>= netcoreapp3.0)) (&& (== netstandard2.1) (>= net452)) (&& (== netstandard2.1) (>= netcoreapp3.0))
      DevExpress.Drawing (22.1.5) - restriction: || (== net461) (== net6.0) (== net6.0-windows7.0) (&& (== netstandard2.0) (>= net452)) (&& (== netstandard2.0) (>= netcoreapp3.0)) (&& (== netstandard2.1) (>= net452)) (&& (== netstandard2.1) (>= netcoreapp3.0))
      DevExpress.Printing.Core (22.1.5) - restriction: || (== net461) (== net6.0) (== net6.0-windows7.0) (&& (== netstandard2.0) (>= net452)) (&& (== netstandard2.0) (>= netcoreapp3.0)) (&& (== netstandard2.1) (>= net452)) (&& (== netstandard2.1) (>= netcoreapp3.0))
      DevExpress.RichEdit.Core (22.1.5) - restriction: || (== net461) (== net6.0) (== net6.0-windows7.0) (&& (== netstandard2.0) (>= net452)) (&& (== netstandard2.0) (>= netcoreapp3.0)) (&& (== netstandard2.1) (>= net452)) (&& (== netstandard2.1) (>= netcoreapp3.0))
      DevExpress.Utils (22.1.5) - restriction: || (== net461) (== net6.0) (== net6.0-windows7.0) (&& (== netstandard2.0) (>= net452)) (&& (== netstandard2.0) (>= netcoreapp3.0)) (&& (== netstandard2.1) (>= net452)) (&& (== netstandard2.1) (>= netcoreapp3.0))
      DevExpress.Win.Navigation (22.1.5) - restriction: || (== net461) (== net6.0) (== net6.0-windows7.0) (&& (== netstandard2.0) (>= net452)) (&& (== netstandard2.0) (>= netcoreapp3.0)) (&& (== netstandard2.1) (>= net452)) (&& (== netstandard2.1) (>= netcoreapp3.0))
      DevExpress.Win.TreeList (22.1.5) - restriction: || (== net461) (== net6.0) (== net6.0-windows7.0) (&& (== netstandard2.0) (>= net452)) (&& (== netstandard2.0) (>= netcoreapp3.0)) (&& (== netstandard2.1) (>= net452)) (&& (== netstandard2.1) (>= netcoreapp3.0))
    DevExpress.Win.Reporting (22.1.5) - restriction: || (== net461) (&& (== net6.0) (>= net452)) (&& (== net6.0) (>= net6.0-windows7.0)) (== net6.0-windows7.0) (&& (== netstandard2.0) (>= net452)) (&& (== netstandard2.0) (>= net6.0-windows7.0)) (&& (== netstandard2.1) (>= net452)) (&& (== netstandard2.1) (>= net6.0-windows7.0))
      DevExpress.Charts (22.1.5) - restriction: || (== net461) (== net6.0) (== net6.0-windows7.0) (&& (== netstandard2.0) (>= net452)) (&& (== netstandard2.0) (>= netcoreapp3.0)) (&& (== netstandard2.1) (>= net452)) (&& (== netstandard2.1) (>= netcoreapp3.0))
      DevExpress.Charts.Core (22.1.5) - restriction: || (== net461) (== net6.0) (== net6.0-windows7.0) (&& (== netstandard2.0) (>= net452)) (&& (== netstandard2.0) (>= netcoreapp3.0)) (&& (== netstandard2.1) (>= net452)) (&& (== netstandard2.1) (>= netcoreapp3.0))
      DevExpress.CodeParser (22.1.5) - restriction: || (== net461) (== net6.0) (== net6.0-windows7.0) (&& (== netstandard2.0) (>= net452)) (&& (== netstandard2.0) (>= netcoreapp3.0)) (&& (== netstandard2.1) (>= net452)) (&& (== netstandard2.1) (>= netcoreapp3.0))
      DevExpress.Data (22.1.5) - restriction: || (== net461) (== net6.0) (== net6.0-windows7.0) (&& (== netstandard2.0) (>= net452)) (&& (== netstandard2.0) (>= netcoreapp3.0)) (&& (== netstandard2.1) (>= net452)) (&& (== netstandard2.1) (>= netcoreapp3.0))
      DevExpress.Data.Desktop (22.1.5) - restriction: || (== net461) (== net6.0) (== net6.0-windows7.0) (&& (== netstandard2.0) (>= net452)) (&& (== netstandard2.0) (>= netcoreapp3.0)) (&& (== netstandard2.1) (>= net452)) (&& (== netstandard2.1) (>= netcoreapp3.0))
      DevExpress.DataAccess (22.1.5) - restriction: || (== net461) (== net6.0) (== net6.0-windows7.0) (&& (== netstandard2.0) (>= net452)) (&& (== netstandard2.0) (>= netcoreapp3.0)) (&& (== netstandard2.1) (>= net452)) (&& (== netstandard2.1) (>= netcoreapp3.0))
      DevExpress.DataAccess.UI (22.1.5) - restriction: || (== net461) (== net6.0) (== net6.0-windows7.0) (&& (== netstandard2.0) (>= net452)) (&& (== netstandard2.0) (>= netcoreapp3.0)) (&& (== netstandard2.1) (>= net452)) (&& (== netstandard2.1) (>= netcoreapp3.0))
      DevExpress.Drawing (22.1.5) - restriction: || (== net461) (== net6.0) (== net6.0-windows7.0) (&& (== netstandard2.0) (>= net452)) (&& (== netstandard2.0) (>= netcoreapp3.0)) (&& (== netstandard2.1) (>= net452)) (&& (== netstandard2.1) (>= netcoreapp3.0))
      DevExpress.Gauges.Core (22.1.5) - restriction: || (== net461) (== net6.0) (== net6.0-windows7.0) (&& (== netstandard2.0) (>= net452)) (&& (== netstandard2.0) (>= netcoreapp3.0)) (&& (== netstandard2.1) (>= net452)) (&& (== netstandard2.1) (>= netcoreapp3.0))
      DevExpress.Office.Core (22.1.5) - restriction: || (== net461) (== net6.0) (== net6.0-windows7.0) (&& (== netstandard2.0) (>= net452)) (&& (== netstandard2.0) (>= netcoreapp3.0)) (&& (== netstandard2.1) (>= net452)) (&& (== netstandard2.1) (>= netcoreapp3.0))
      DevExpress.PivotGrid.Core (22.1.5) - restriction: || (== net461) (== net6.0) (== net6.0-windows7.0) (&& (== netstandard2.0) (>= net452)) (&& (== netstandard2.0) (>= netcoreapp3.0)) (&& (== netstandard2.1) (>= net452)) (&& (== netstandard2.1) (>= netcoreapp3.0))
      DevExpress.Printing.Core (22.1.5) - restriction: || (== net461) (== net6.0) (== net6.0-windows7.0) (&& (== netstandard2.0) (>= net452)) (&& (== netstandard2.0) (>= netcoreapp3.0)) (&& (== netstandard2.1) (>= net452)) (&& (== netstandard2.1) (>= netcoreapp3.0))
      DevExpress.Reporting.Core (22.1.5) - restriction: || (== net461) (== net6.0) (== net6.0-windows7.0) (&& (== netstandard2.0) (>= net452)) (&& (== netstandard2.0) (>= netcoreapp3.0)) (&& (== netstandard2.1) (>= net452)) (&& (== netstandard2.1) (>= netcoreapp3.0))
      DevExpress.RichEdit.Core (22.1.5) - restriction: || (== net461) (== net6.0) (== net6.0-windows7.0) (&& (== netstandard2.0) (>= net452)) (&& (== netstandard2.0) (>= netcoreapp3.0)) (&& (== netstandard2.1) (>= net452)) (&& (== netstandard2.1) (>= netcoreapp3.0))
      DevExpress.Sparkline.Core (22.1.5) - restriction: || (== net461) (== net6.0) (== net6.0-windows7.0) (&& (== netstandard2.0) (>= net452)) (&& (== netstandard2.0) (>= netcoreapp3.0)) (&& (== netstandard2.1) (>= net452)) (&& (== netstandard2.1) (>= netcoreapp3.0))
      DevExpress.Utils (22.1.5) - restriction: || (== net461) (== net6.0) (== net6.0-windows7.0) (&& (== netstandard2.0) (>= net452)) (&& (== netstandard2.0) (>= netcoreapp3.0)) (&& (== netstandard2.1) (>= net452)) (&& (== netstandard2.1) (>= netcoreapp3.0))
      DevExpress.Utils.UI (22.1.5) - restriction: || (== net461) (== net6.0) (== net6.0-windows7.0) (&& (== netstandard2.0) (>= net452)) (&& (== netstandard2.0) (>= netcoreapp3.0)) (&& (== netstandard2.1) (>= net452)) (&& (== netstandard2.1) (>= netcoreapp3.0))
      DevExpress.Win (22.1.5) - restriction: || (== net461) (== net6.0) (== net6.0-windows7.0) (&& (== netstandard2.0) (>= net452)) (&& (== netstandard2.0) (>= netcoreapp3.0)) (&& (== netstandard2.1) (>= net452)) (&& (== netstandard2.1) (>= netcoreapp3.0))
      DevExpress.Win.Charts (22.1.5) - restriction: || (== net461) (== net6.0) (== net6.0-windows7.0) (&& (== netstandard2.0) (>= net452)) (&& (== netstandard2.0) (>= netcoreapp3.0)) (&& (== netstandard2.1) (>= net452)) (&& (== netstandard2.1) (>= netcoreapp3.0))
      DevExpress.Win.Grid (22.1.5) - restriction: || (== net461) (== net6.0) (== net6.0-windows7.0) (&& (== netstandard2.0) (>= net452)) (&& (== netstandard2.0) (>= netcoreapp3.0)) (&& (== netstandard2.1) (>= net452)) (&& (== netstandard2.1) (>= netcoreapp3.0))
      DevExpress.Win.Navigation (22.1.5) - restriction: || (== net461) (== net6.0) (== net6.0-windows7.0) (&& (== netstandard2.0) (>= net452)) (&& (== netstandard2.0) (>= netcoreapp3.0)) (&& (== netstandard2.1) (>= net452)) (&& (== netstandard2.1) (>= netcoreapp3.0))
      DevExpress.Win.PivotGrid (22.1.5) - restriction: || (== net461) (== net6.0) (== net6.0-windows7.0) (&& (== netstandard2.0) (>= net452)) (&& (== netstandard2.0) (>= netcoreapp3.0)) (&& (== netstandard2.1) (>= net452)) (&& (== netstandard2.1) (>= netcoreapp3.0))
      DevExpress.Win.Printing (22.1.5) - restriction: || (== net461) (== net6.0) (== net6.0-windows7.0) (&& (== netstandard2.0) (>= net452)) (&& (== netstandard2.0) (>= netcoreapp3.0)) (&& (== netstandard2.1) (>= net452)) (&& (== netstandard2.1) (>= netcoreapp3.0))
      DevExpress.Win.RichEdit (22.1.5) - restriction: || (== net461) (== net6.0) (== net6.0-windows7.0) (&& (== netstandard2.0) (>= net452)) (&& (== netstandard2.0) (>= netcoreapp3.0)) (&& (== netstandard2.1) (>= net452)) (&& (== netstandard2.1) (>= netcoreapp3.0))
      DevExpress.Win.TreeList (22.1.5) - restriction: || (== net461) (== net6.0) (== net6.0-windows7.0) (&& (== netstandard2.0) (>= net452)) (&& (== netstandard2.0) (>= netcoreapp3.0)) (&& (== netstandard2.1) (>= net452)) (&& (== netstandard2.1) (>= netcoreapp3.0))
      DevExpress.Win.VerticalGrid (22.1.5) - restriction: || (== net461) (== net6.0) (== net6.0-windows7.0) (&& (== netstandard2.0) (>= net452)) (&& (== netstandard2.0) (>= netcoreapp3.0)) (&& (== netstandard2.1) (>= net452)) (&& (== netstandard2.1) (>= netcoreapp3.0))
    DevExpress.Win.RichEdit (22.1.5) - restriction: || (== net461) (&& (== net6.0) (>= net452)) (&& (== net6.0) (>= net6.0-windows7.0)) (== net6.0-windows7.0) (&& (== netstandard2.0) (>= net452)) (&& (== netstandard2.0) (>= net6.0-windows7.0)) (&& (== netstandard2.1) (>= net452)) (&& (== netstandard2.1) (>= net6.0-windows7.0))
      DevExpress.Data (22.1.5) - restriction: || (== net461) (== net6.0) (== net6.0-windows7.0) (&& (== netstandard2.0) (>= net452)) (&& (== netstandard2.0) (>= netcoreapp3.0)) (&& (== netstandard2.1) (>= net452)) (&& (== netstandard2.1) (>= netcoreapp3.0))
      DevExpress.Data.Desktop (22.1.5) - restriction: || (== net461) (== net6.0) (== net6.0-windows7.0) (&& (== netstandard2.0) (>= net452)) (&& (== netstandard2.0) (>= netcoreapp3.0)) (&& (== netstandard2.1) (>= net452)) (&& (== netstandard2.1) (>= netcoreapp3.0))
      DevExpress.Drawing (22.1.5) - restriction: || (== net461) (== net6.0) (== net6.0-windows7.0) (&& (== netstandard2.0) (>= net452)) (&& (== netstandard2.0) (>= netcoreapp3.0)) (&& (== netstandard2.1) (>= net452)) (&& (== netstandard2.1) (>= netcoreapp3.0))
      DevExpress.Images (22.1.5) - restriction: || (== net461) (== net6.0) (== net6.0-windows7.0) (&& (== netstandard2.0) (>= net452)) (&& (== netstandard2.0) (>= netcoreapp3.0)) (&& (== netstandard2.1) (>= net452)) (&& (== netstandard2.1) (>= netcoreapp3.0))
      DevExpress.Office.Core (22.1.5) - restriction: || (== net461) (== net6.0) (== net6.0-windows7.0) (&& (== netstandard2.0) (>= net452)) (&& (== netstandard2.0) (>= netcoreapp3.0)) (&& (== netstandard2.1) (>= net452)) (&& (== netstandard2.1) (>= netcoreapp3.0))
      DevExpress.Pdf.Core (22.1.5) - restriction: || (== net461) (== net6.0) (== net6.0-windows7.0) (&& (== netstandard2.0) (>= net452)) (&& (== netstandard2.0) (>= netcoreapp3.0)) (&& (== netstandard2.1) (>= net452)) (&& (== netstandard2.1) (>= netcoreapp3.0))
      DevExpress.Printing.Core (22.1.5) - restriction: || (== net461) (== net6.0) (== net6.0-windows7.0) (&& (== netstandard2.0) (>= net452)) (&& (== netstandard2.0) (>= netcoreapp3.0)) (&& (== netstandard2.1) (>= net452)) (&& (== netstandard2.1) (>= netcoreapp3.0))
      DevExpress.RichEdit.Core (22.1.5) - restriction: || (== net461) (== net6.0) (== net6.0-windows7.0) (&& (== netstandard2.0) (>= net452)) (&& (== netstandard2.0) (>= netcoreapp3.0)) (&& (== netstandard2.1) (>= net452)) (&& (== netstandard2.1) (>= netcoreapp3.0))
      DevExpress.Utils (22.1.5) - restriction: || (== net461) (== net6.0) (== net6.0-windows7.0) (&& (== netstandard2.0) (>= net452)) (&& (== netstandard2.0) (>= netcoreapp3.0)) (&& (== netstandard2.1) (>= net452)) (&& (== netstandard2.1) (>= netcoreapp3.0))
      DevExpress.Win.Grid (22.1.5) - restriction: || (== net461) (== net6.0) (== net6.0-windows7.0) (&& (== netstandard2.0) (>= net452)) (&& (== netstandard2.0) (>= netcoreapp3.0)) (&& (== netstandard2.1) (>= net452)) (&& (== netstandard2.1) (>= netcoreapp3.0))
      DevExpress.Win.Navigation (22.1.5) - restriction: || (== net461) (== net6.0) (== net6.0-windows7.0) (&& (== netstandard2.0) (>= net452)) (&& (== netstandard2.0) (>= netcoreapp3.0)) (&& (== netstandard2.1) (>= net452)) (&& (== netstandard2.1) (>= netcoreapp3.0))
      DevExpress.Win.Printing (22.1.5) - restriction: || (== net461) (== net6.0) (== net6.0-windows7.0) (&& (== netstandard2.0) (>= net452)) (&& (== netstandard2.0) (>= netcoreapp3.0)) (&& (== netstandard2.1) (>= net452)) (&& (== netstandard2.1) (>= netcoreapp3.0))
    DevExpress.Win.Scheduler (22.1.5) - restriction: || (== net461) (&& (== net6.0) (>= net452)) (&& (== net6.0) (>= net6.0-windows7.0)) (== net6.0-windows7.0) (&& (== netstandard2.0) (>= net452)) (&& (== netstandard2.0) (>= net6.0-windows7.0)) (&& (== netstandard2.1) (>= net452)) (&& (== netstandard2.1) (>= net6.0-windows7.0))
      DevExpress.Data (22.1.5) - restriction: || (== net461) (== net6.0) (== net6.0-windows7.0) (&& (== netstandard2.0) (>= net452)) (&& (== netstandard2.0) (>= netcoreapp3.0)) (&& (== netstandard2.1) (>= net452)) (&& (== netstandard2.1) (>= netcoreapp3.0))
      DevExpress.Data.Desktop (22.1.5) - restriction: || (== net461) (== net6.0) (== net6.0-windows7.0) (&& (== netstandard2.0) (>= net452)) (&& (== netstandard2.0) (>= netcoreapp3.0)) (&& (== netstandard2.1) (>= net452)) (&& (== netstandard2.1) (>= netcoreapp3.0))
      DevExpress.Drawing (22.1.5) - restriction: || (== net461) (== net6.0) (== net6.0-windows7.0) (&& (== netstandard2.0) (>= net452)) (&& (== netstandard2.0) (>= netcoreapp3.0)) (&& (== netstandard2.1) (>= net452)) (&& (== netstandard2.1) (>= netcoreapp3.0))
      DevExpress.Printing.Core (22.1.5) - restriction: || (== net461) (== net6.0) (== net6.0-windows7.0) (&& (== netstandard2.0) (>= net452)) (&& (== netstandard2.0) (>= netcoreapp3.0)) (&& (== netstandard2.1) (>= net452)) (&& (== netstandard2.1) (>= netcoreapp3.0))
      DevExpress.Scheduler.Core (22.1.5) - restriction: || (== net461) (== net6.0) (== net6.0-windows7.0) (&& (== netstandard2.0) (>= net452)) (&& (== netstandard2.0) (>= netcoreapp3.0)) (&& (== netstandard2.1) (>= net452)) (&& (== netstandard2.1) (>= netcoreapp3.0))
      DevExpress.Scheduler.CoreDesktop (22.1.5) - restriction: || (== net461) (== net6.0) (== net6.0-windows7.0) (&& (== netstandard2.0) (>= net452)) (&& (== netstandard2.0) (>= netcoreapp3.0)) (&& (== netstandard2.1) (>= net452)) (&& (== netstandard2.1) (>= netcoreapp3.0))
      DevExpress.Utils (22.1.5) - restriction: || (== net461) (== net6.0) (== net6.0-windows7.0) (&& (== netstandard2.0) (>= net452)) (&& (== netstandard2.0) (>= netcoreapp3.0)) (&& (== netstandard2.1) (>= net452)) (&& (== netstandard2.1) (>= netcoreapp3.0))
      DevExpress.Win.Grid (22.1.5) - restriction: || (== net461) (== net6.0) (== net6.0-windows7.0) (&& (== netstandard2.0) (>= net452)) (&& (== netstandard2.0) (>= netcoreapp3.0)) (&& (== netstandard2.1) (>= net452)) (&& (== netstandard2.1) (>= netcoreapp3.0))
      DevExpress.Win.Navigation (22.1.5) - restriction: || (== net461) (== net6.0) (== net6.0-windows7.0) (&& (== netstandard2.0) (>= net452)) (&& (== netstandard2.0) (>= netcoreapp3.0)) (&& (== netstandard2.1) (>= net452)) (&& (== netstandard2.1) (>= netcoreapp3.0))
      DevExpress.Win.Printing (22.1.5) - restriction: || (== net461) (== net6.0) (== net6.0-windows7.0) (&& (== netstandard2.0) (>= net452)) (&& (== netstandard2.0) (>= netcoreapp3.0)) (&& (== netstandard2.1) (>= net452)) (&& (== netstandard2.1) (>= netcoreapp3.0))
    DevExpress.Win.SpellChecker (22.1.5) - restriction: || (&& (== net461) (>= net6.0-windows7.0)) (&& (== net6.0) (>= net6.0-windows7.0)) (== net6.0-windows7.0) (&& (== netstandard2.0) (>= net6.0-windows7.0)) (&& (== netstandard2.1) (>= net6.0-windows7.0))
      DevExpress.Data (22.1.5) - restriction: || (== net461) (== net6.0) (== net6.0-windows7.0) (&& (== netstandard2.0) (>= net452)) (&& (== netstandard2.0) (>= netcoreapp3.0)) (&& (== netstandard2.1) (>= net452)) (&& (== netstandard2.1) (>= netcoreapp3.0))
      DevExpress.SpellChecker.Core (22.1.5) - restriction: || (== net461) (== net6.0) (== net6.0-windows7.0) (&& (== netstandard2.0) (>= net452)) (&& (== netstandard2.0) (>= netcoreapp3.0)) (&& (== netstandard2.1) (>= net452)) (&& (== netstandard2.1) (>= netcoreapp3.0))
      DevExpress.Utils (22.1.5) - restriction: || (== net461) (== net6.0) (== net6.0-windows7.0) (&& (== netstandard2.0) (>= net452)) (&& (== netstandard2.0) (>= netcoreapp3.0)) (&& (== netstandard2.1) (>= net452)) (&& (== netstandard2.1) (>= netcoreapp3.0))
      DevExpress.Win.Navigation (22.1.5) - restriction: || (== net461) (== net6.0) (== net6.0-windows7.0) (&& (== netstandard2.0) (>= net452)) (&& (== netstandard2.0) (>= netcoreapp3.0)) (&& (== netstandard2.1) (>= net452)) (&& (== netstandard2.1) (>= netcoreapp3.0))
    DevExpress.Win.Spreadsheet (22.1.5) - restriction: || (== net461) (&& (== net6.0) (>= net452)) (&& (== net6.0) (>= net6.0-windows7.0)) (== net6.0-windows7.0) (&& (== netstandard2.0) (>= net452)) (&& (== netstandard2.0) (>= net6.0-windows7.0)) (&& (== netstandard2.1) (>= net452)) (&& (== netstandard2.1) (>= net6.0-windows7.0))
      DevExpress.Charts (22.1.5) - restriction: || (== net461) (== net6.0) (== net6.0-windows7.0) (&& (== netstandard2.0) (>= net452)) (&& (== netstandard2.0) (>= netcoreapp3.0)) (&& (== netstandard2.1) (>= net452)) (&& (== netstandard2.1) (>= netcoreapp3.0))
      DevExpress.Data (22.1.5) - restriction: || (== net461) (== net6.0) (== net6.0-windows7.0) (&& (== netstandard2.0) (>= net452)) (&& (== netstandard2.0) (>= netcoreapp3.0)) (&& (== netstandard2.1) (>= net452)) (&& (== netstandard2.1) (>= netcoreapp3.0))
      DevExpress.Data.Desktop (22.1.5) - restriction: || (== net461) (== net6.0) (== net6.0-windows7.0) (&& (== netstandard2.0) (>= net452)) (&& (== netstandard2.0) (>= netcoreapp3.0)) (&& (== netstandard2.1) (>= net452)) (&& (== netstandard2.1) (>= netcoreapp3.0))
      DevExpress.DataAccess (22.1.5) - restriction: || (== net461) (== net6.0) (== net6.0-windows7.0) (&& (== netstandard2.0) (>= net452)) (&& (== netstandard2.0) (>= netcoreapp3.0)) (&& (== netstandard2.1) (>= net452)) (&& (== netstandard2.1) (>= netcoreapp3.0))
      DevExpress.DataAccess.UI (22.1.5) - restriction: || (== net461) (== net6.0) (== net6.0-windows7.0) (&& (== netstandard2.0) (>= net452)) (&& (== netstandard2.0) (>= netcoreapp3.0)) (&& (== netstandard2.1) (>= net452)) (&& (== netstandard2.1) (>= netcoreapp3.0))
      DevExpress.DataVisualization.Core (22.1.5) - restriction: || (== net461) (== net6.0) (== net6.0-windows7.0) (&& (== netstandard2.0) (>= net452)) (&& (== netstandard2.0) (>= netcoreapp3.0)) (&& (== netstandard2.1) (>= net452)) (&& (== netstandard2.1) (>= netcoreapp3.0))
      DevExpress.Drawing (22.1.5) - restriction: || (== net461) (== net6.0) (== net6.0-windows7.0) (&& (== netstandard2.0) (>= net452)) (&& (== netstandard2.0) (>= netcoreapp3.0)) (&& (== netstandard2.1) (>= net452)) (&& (== netstandard2.1) (>= netcoreapp3.0))
      DevExpress.Office.Core (22.1.5) - restriction: || (== net461) (== net6.0) (== net6.0-windows7.0) (&& (== netstandard2.0) (>= net452)) (&& (== netstandard2.0) (>= netcoreapp3.0)) (&& (== netstandard2.1) (>= net452)) (&& (== netstandard2.1) (>= netcoreapp3.0))
      DevExpress.Printing.Core (22.1.5) - restriction: || (== net461) (== net6.0) (== net6.0-windows7.0) (&& (== netstandard2.0) (>= net452)) (&& (== netstandard2.0) (>= netcoreapp3.0)) (&& (== netstandard2.1) (>= net452)) (&& (== netstandard2.1) (>= netcoreapp3.0))
      DevExpress.RichEdit.Core (22.1.5) - restriction: || (== net461) (== net6.0) (== net6.0-windows7.0) (&& (== netstandard2.0) (>= net452)) (&& (== netstandard2.0) (>= netcoreapp3.0)) (&& (== netstandard2.1) (>= net452)) (&& (== netstandard2.1) (>= netcoreapp3.0))
      DevExpress.Spreadsheet.Core (22.1.5) - restriction: || (== net461) (== net6.0) (== net6.0-windows7.0) (&& (== netstandard2.0) (>= net452)) (&& (== netstandard2.0) (>= netcoreapp3.0)) (&& (== netstandard2.1) (>= net452)) (&& (== netstandard2.1) (>= netcoreapp3.0))
      DevExpress.TreeMap (22.1.5) - restriction: || (== net461) (== net6.0) (== net6.0-windows7.0) (&& (== netstandard2.0) (>= net452)) (&& (== netstandard2.0) (>= netcoreapp3.0)) (&& (== netstandard2.1) (>= net452)) (&& (== netstandard2.1) (>= netcoreapp3.0))
      DevExpress.Utils (22.1.5) - restriction: || (== net461) (== net6.0) (== net6.0-windows7.0) (&& (== netstandard2.0) (>= net452)) (&& (== netstandard2.0) (>= netcoreapp3.0)) (&& (== netstandard2.1) (>= net452)) (&& (== netstandard2.1) (>= netcoreapp3.0))
      DevExpress.Utils.UI (22.1.5) - restriction: || (== net461) (== net6.0) (== net6.0-windows7.0) (&& (== netstandard2.0) (>= net452)) (&& (== netstandard2.0) (>= netcoreapp3.0)) (&& (== netstandard2.1) (>= net452)) (&& (== netstandard2.1) (>= netcoreapp3.0))
      DevExpress.Win (22.1.5) - restriction: || (== net461) (== net6.0) (== net6.0-windows7.0) (&& (== netstandard2.0) (>= net452)) (&& (== netstandard2.0) (>= netcoreapp3.0)) (&& (== netstandard2.1) (>= net452)) (&& (== netstandard2.1) (>= netcoreapp3.0))
      DevExpress.Win.Grid (22.1.5) - restriction: || (== net461) (== net6.0) (== net6.0-windows7.0) (&& (== netstandard2.0) (>= net452)) (&& (== netstandard2.0) (>= netcoreapp3.0)) (&& (== netstandard2.1) (>= net452)) (&& (== netstandard2.1) (>= netcoreapp3.0))
      DevExpress.Win.Navigation (22.1.5) - restriction: || (== net461) (== net6.0) (== net6.0-windows7.0) (&& (== netstandard2.0) (>= net452)) (&& (== netstandard2.0) (>= netcoreapp3.0)) (&& (== netstandard2.1) (>= net452)) (&& (== netstandard2.1) (>= netcoreapp3.0))
      DevExpress.Win.Printing (22.1.5) - restriction: || (== net461) (== net6.0) (== net6.0-windows7.0) (&& (== netstandard2.0) (>= net452)) (&& (== netstandard2.0) (>= netcoreapp3.0)) (&& (== netstandard2.1) (>= net452)) (&& (== netstandard2.1) (>= netcoreapp3.0))
      DevExpress.Win.RichEdit (22.1.5) - restriction: || (== net461) (== net6.0) (== net6.0-windows7.0) (&& (== netstandard2.0) (>= net452)) (&& (== netstandard2.0) (>= netcoreapp3.0)) (&& (== netstandard2.1) (>= net452)) (&& (== netstandard2.1) (>= netcoreapp3.0))
      DevExpress.Win.TreeList (22.1.5) - restriction: || (== net461) (== net6.0) (== net6.0-windows7.0) (&& (== netstandard2.0) (>= net452)) (&& (== netstandard2.0) (>= netcoreapp3.0)) (&& (== netstandard2.1) (>= net452)) (&& (== netstandard2.1) (>= netcoreapp3.0))
    DevExpress.Win.TreeList (22.1.5) - restriction: || (== net461) (&& (== net6.0) (>= net452)) (&& (== net6.0) (>= net6.0-windows7.0)) (== net6.0-windows7.0) (&& (== netstandard2.0) (>= net452)) (&& (== netstandard2.0) (>= net6.0-windows7.0)) (&& (== netstandard2.1) (>= net452)) (&& (== netstandard2.1) (>= net6.0-windows7.0))
      DevExpress.Data (22.1.5) - restriction: || (== net461) (== net6.0) (== net6.0-windows7.0) (&& (== netstandard2.0) (>= net452)) (&& (== netstandard2.0) (>= netcoreapp3.0)) (&& (== netstandard2.1) (>= net452)) (&& (== netstandard2.1) (>= netcoreapp3.0))
      DevExpress.Data.Desktop (22.1.5) - restriction: || (== net461) (== net6.0) (== net6.0-windows7.0) (&& (== netstandard2.0) (>= net452)) (&& (== netstandard2.0) (>= netcoreapp3.0)) (&& (== netstandard2.1) (>= net452)) (&& (== netstandard2.1) (>= netcoreapp3.0))
      DevExpress.Drawing (22.1.5) - restriction: || (== net461) (== net6.0) (== net6.0-windows7.0) (&& (== netstandard2.0) (>= net452)) (&& (== netstandard2.0) (>= netcoreapp3.0)) (&& (== netstandard2.1) (>= net452)) (&& (== netstandard2.1) (>= netcoreapp3.0))
      DevExpress.Printing.Core (22.1.5) - restriction: || (== net461) (== net6.0) (== net6.0-windows7.0) (&& (== netstandard2.0) (>= net452)) (&& (== netstandard2.0) (>= netcoreapp3.0)) (&& (== netstandard2.1) (>= net452)) (&& (== netstandard2.1) (>= netcoreapp3.0))
      DevExpress.Utils (22.1.5) - restriction: || (== net461) (== net6.0) (== net6.0-windows7.0) (&& (== netstandard2.0) (>= net452)) (&& (== netstandard2.0) (>= netcoreapp3.0)) (&& (== netstandard2.1) (>= net452)) (&& (== netstandard2.1) (>= netcoreapp3.0))
      DevExpress.Win.Navigation (22.1.5) - restriction: || (== net461) (== net6.0) (== net6.0-windows7.0) (&& (== netstandard2.0) (>= net452)) (&& (== netstandard2.0) (>= netcoreapp3.0)) (&& (== netstandard2.1) (>= net452)) (&& (== netstandard2.1) (>= netcoreapp3.0))
    DevExpress.Win.TreeMap (22.1.5) - restriction: || (== net461) (&& (== net6.0) (>= net452)) (&& (== net6.0) (>= net6.0-windows7.0)) (== net6.0-windows7.0) (&& (== netstandard2.0) (>= net452)) (&& (== netstandard2.0) (>= net6.0-windows7.0)) (&& (== netstandard2.1) (>= net452)) (&& (== netstandard2.1) (>= net6.0-windows7.0))
      DevExpress.Data (22.1.5) - restriction: || (== net461) (== net6.0) (== net6.0-windows7.0) (&& (== netstandard2.0) (>= net452)) (&& (== netstandard2.0) (>= netcoreapp3.0)) (&& (== netstandard2.1) (>= net452)) (&& (== netstandard2.1) (>= netcoreapp3.0))
      DevExpress.Data.Desktop (22.1.5) - restriction: || (== net461) (== net6.0) (== net6.0-windows7.0) (&& (== netstandard2.0) (>= net452)) (&& (== netstandard2.0) (>= netcoreapp3.0)) (&& (== netstandard2.1) (>= net452)) (&& (== netstandard2.1) (>= netcoreapp3.0))
      DevExpress.Printing.Core (22.1.5) - restriction: || (== net461) (== net6.0) (== net6.0-windows7.0) (&& (== netstandard2.0) (>= net452)) (&& (== netstandard2.0) (>= netcoreapp3.0)) (&& (== netstandard2.1) (>= net452)) (&& (== netstandard2.1) (>= netcoreapp3.0))
      DevExpress.TreeMap (22.1.5) - restriction: || (== net461) (== net6.0) (== net6.0-windows7.0) (&& (== netstandard2.0) (>= net452)) (&& (== netstandard2.0) (>= netcoreapp3.0)) (&& (== netstandard2.1) (>= net452)) (&& (== netstandard2.1) (>= netcoreapp3.0))
      DevExpress.TreeMap.Core (22.1.5) - restriction: || (== net461) (== net6.0) (== net6.0-windows7.0) (&& (== netstandard2.0) (>= net452)) (&& (== netstandard2.0) (>= netcoreapp3.0)) (&& (== netstandard2.1) (>= net452)) (&& (== netstandard2.1) (>= netcoreapp3.0))
      DevExpress.Utils (22.1.5) - restriction: || (== net461) (== net6.0) (== net6.0-windows7.0) (&& (== netstandard2.0) (>= net452)) (&& (== netstandard2.0) (>= netcoreapp3.0)) (&& (== netstandard2.1) (>= net452)) (&& (== netstandard2.1) (>= netcoreapp3.0))
      DevExpress.Win.Navigation (22.1.5) - restriction: || (== net461) (== net6.0) (== net6.0-windows7.0) (&& (== netstandard2.0) (>= net452)) (&& (== netstandard2.0) (>= netcoreapp3.0)) (&& (== netstandard2.1) (>= net452)) (&& (== netstandard2.1) (>= netcoreapp3.0))
      DevExpress.Win.Printing (22.1.5) - restriction: || (== net461) (== net6.0) (== net6.0-windows7.0) (&& (== netstandard2.0) (>= net452)) (&& (== netstandard2.0) (>= netcoreapp3.0)) (&& (== netstandard2.1) (>= net452)) (&& (== netstandard2.1) (>= netcoreapp3.0))
    DevExpress.Win.VerticalGrid (22.1.5) - restriction: || (== net461) (&& (== net6.0) (>= net452)) (&& (== net6.0) (>= net6.0-windows7.0)) (== net6.0-windows7.0) (&& (== netstandard2.0) (>= net452)) (&& (== netstandard2.0) (>= net6.0-windows7.0)) (&& (== netstandard2.1) (>= net452)) (&& (== netstandard2.1) (>= net6.0-windows7.0))
      DevExpress.Data (22.1.5) - restriction: || (== net461) (== net6.0) (== net6.0-windows7.0) (&& (== netstandard2.0) (>= net452)) (&& (== netstandard2.0) (>= netcoreapp3.0)) (&& (== netstandard2.1) (>= net452)) (&& (== netstandard2.1) (>= netcoreapp3.0))
      DevExpress.Data.Desktop (22.1.5) - restriction: || (== net461) (== net6.0) (== net6.0-windows7.0) (&& (== netstandard2.0) (>= net452)) (&& (== netstandard2.0) (>= netcoreapp3.0)) (&& (== netstandard2.1) (>= net452)) (&& (== netstandard2.1) (>= netcoreapp3.0))
      DevExpress.Drawing (22.1.5) - restriction: || (== net461) (== net6.0) (== net6.0-windows7.0) (&& (== netstandard2.0) (>= net452)) (&& (== netstandard2.0) (>= netcoreapp3.0)) (&& (== netstandard2.1) (>= net452)) (&& (== netstandard2.1) (>= netcoreapp3.0))
      DevExpress.Printing.Core (22.1.5) - restriction: || (== net461) (== net6.0) (== net6.0-windows7.0) (&& (== netstandard2.0) (>= net452)) (&& (== netstandard2.0) (>= netcoreapp3.0)) (&& (== netstandard2.1) (>= net452)) (&& (== netstandard2.1) (>= netcoreapp3.0))
      DevExpress.Utils (22.1.5) - restriction: || (== net461) (== net6.0) (== net6.0-windows7.0) (&& (== netstandard2.0) (>= net452)) (&& (== netstandard2.0) (>= netcoreapp3.0)) (&& (== netstandard2.1) (>= net452)) (&& (== netstandard2.1) (>= netcoreapp3.0))
      DevExpress.Win.Navigation (22.1.5) - restriction: || (== net461) (== net6.0) (== net6.0-windows7.0) (&& (== netstandard2.0) (>= net452)) (&& (== netstandard2.0) (>= netcoreapp3.0)) (&& (== netstandard2.1) (>= net452)) (&& (== netstandard2.1) (>= netcoreapp3.0))
      DevExpress.Win.Printing (22.1.5) - restriction: || (== net461) (== net6.0) (== net6.0-windows7.0) (&& (== netstandard2.0) (>= net452)) (&& (== netstandard2.0) (>= netcoreapp3.0)) (&& (== netstandard2.1) (>= net452)) (&& (== netstandard2.1) (>= netcoreapp3.0))
  remote: https://xpandnugetserver.azurewebsites.net/nuget
    Xpand.Patcher (3.0.5)
      Mono.Cecil (>= 0.11.4)
      System.ComponentModel.TypeConverter (>= 4.3)
      System.IO.FileSystem.Primitives (>= 4.3)
      System.Reflection.Emit.ILGeneration (>= 4.7)
      System.Reflection.Emit.Lightweight (>= 4.7)
      System.Text.Json (>= 4.7)
