STORAGE: PACKAGES
RESTRICTION: == net472
NUGET
  remote: C:\Program Files (x86)\DevExpress 22.1\Components\System\Components\Packages
    DevExpress.Charts (22.1.3)
      DevExpress.Charts.Core (22.1.3)
      DevExpress.Data (22.1.3)
      DevExpress.DataVisualization.Core (22.1.3)
      DevExpress.Drawing (22.1.3)
      DevExpress.Printing.Core (22.1.3)
    DevExpress.Charts.Core (22.1.3)
      DevExpress.Data (22.1.3)
    DevExpress.CodeParser (22.1.3)
      DevExpress.Data (22.1.3)
    DevExpress.Data.Desktop (22.1.3)
      DevExpress.Data (22.1.3)
    DevExpress.DataAccess (22.1.3)
      DevExpress.CodeParser (22.1.3)
      DevExpress.Data (22.1.3)
      DevExpress.Office.Core (22.1.3)
      DevExpress.Printing.Core (22.1.3)
      DevExpress.RichEdit.Core (22.1.3)
      DevExpress.Xpo (22.1.3)
    DevExpress.DataAccess.UI (22.1.3)
      DevExpress.CodeParser (22.1.3)
      DevExpress.Data (22.1.3)
      DevExpress.Data.Desktop (22.1.3)
      DevExpress.DataAccess (22.1.3)
      DevExpress.Diagram.Core (22.1.3)
      DevExpress.Printing.Core (22.1.3)
      DevExpress.RichEdit.Core (22.1.3)
      DevExpress.Utils (22.1.3)
      DevExpress.Utils.UI (22.1.3)
      DevExpress.Win.Diagram (22.1.3)
      DevExpress.Win.Grid (22.1.3)
      DevExpress.Win.Navigation (22.1.3)
      DevExpress.Win.Printing (22.1.3)
      DevExpress.Win.RichEdit (22.1.3)
      DevExpress.Win.TreeList (22.1.3)
      DevExpress.Xpo (22.1.3)
    DevExpress.DataVisualization.Core (22.1.3)
      DevExpress.Data (22.1.3)
      DevExpress.Drawing (22.1.3)
    DevExpress.Diagram.Core (22.1.3)
      DevExpress.Data (22.1.3)
      DevExpress.Data.Desktop (22.1.3)
      DevExpress.Printing.Core (22.1.3)
    DevExpress.Drawing (22.1.3)
      DevExpress.Data (22.1.3)
    DevExpress.ExpressApp (22.1.3)
      DevExpress.Data (22.1.3)
      DevExpress.Images (22.1.3)
      DevExpress.Printing.Core (22.1.3)
      DevExpress.Utils (22.1.3)
    DevExpress.ExpressApp.Win (22.1.3)
      DevExpress.Data (22.1.3)
      DevExpress.Data.Desktop (22.1.3)
      DevExpress.DataAccess.UI (22.1.3)
      DevExpress.ExpressApp (22.1.3)
      DevExpress.Office.Core (22.1.3)
      DevExpress.Persistent.Base (22.1.3)
      DevExpress.Printing.Core (22.1.3)
      DevExpress.RichEdit.Core (22.1.3)
      DevExpress.Utils (22.1.3)
      DevExpress.Win (22.1.3)
      DevExpress.Win.BonusSkins (22.1.3)
      DevExpress.Win.Grid (22.1.3)
      DevExpress.Win.Navigation (22.1.3)
      DevExpress.Win.Printing (22.1.3)
      DevExpress.Win.RichEdit (22.1.3)
      DevExpress.Win.TreeList (22.1.3)
      DevExpress.Win.VerticalGrid (22.1.3)
    DevExpress.ExpressApp.Xpo (22.1.3)
      DevExpress.Data (22.1.3)
      DevExpress.ExpressApp (22.1.3)
      DevExpress.Xpo (22.1.3)
    DevExpress.Gauges.Core (22.1.3)
      DevExpress.Data (22.1.3)
      DevExpress.Drawing (22.1.3)
      DevExpress.Printing.Core (22.1.3)
    DevExpress.Images (22.1.3)
      DevExpress.Data (22.1.3)
    DevExpress.Office.Core (22.1.3)
      DevExpress.Data (22.1.3)
      DevExpress.Drawing (22.1.3)
      DevExpress.Pdf.Core (22.1.3)
      DevExpress.Printing.Core (22.1.3)
    DevExpress.Pdf.Core (22.1.3)
      DevExpress.Data (22.1.3)
      DevExpress.Drawing (22.1.3)
    DevExpress.Pdf.Drawing (22.1.3)
      DevExpress.Data (22.1.3)
      DevExpress.Drawing (22.1.3)
      DevExpress.Pdf.Core (22.1.3)
    DevExpress.Persistent.Base (22.1.3)
      DevExpress.Data (22.1.3)
      DevExpress.DataAccess (22.1.3)
      DevExpress.ExpressApp (22.1.3)
      DevExpress.Printing.Core (22.1.3)
      DevExpress.Reporting.Core (22.1.3)
    DevExpress.PivotGrid.Core (22.1.3)
      DevExpress.Data (22.1.3)
      DevExpress.Drawing (22.1.3)
      DevExpress.Printing.Core (22.1.3)
    DevExpress.Printing.Core (22.1.3)
      DevExpress.Data (22.1.3)
      DevExpress.Drawing (22.1.3)
      DevExpress.Pdf.Core (22.1.3)
      DevExpress.Pdf.Drawing (22.1.3)
    DevExpress.Reporting.Core (22.1.3)
      DevExpress.Charts (22.1.3)
      DevExpress.Charts.Core (22.1.3)
      DevExpress.CodeParser (22.1.3)
      DevExpress.Data (22.1.3)
      DevExpress.DataAccess (22.1.3)
      DevExpress.Drawing (22.1.3)
      DevExpress.Gauges.Core (22.1.3)
      DevExpress.Office.Core (22.1.3)
      DevExpress.Pdf.Core (22.1.3)
      DevExpress.Pdf.Drawing (22.1.3)
      DevExpress.PivotGrid.Core (22.1.3)
      DevExpress.Printing.Core (22.1.3)
      DevExpress.RichEdit.Core (22.1.3)
      DevExpress.RichEdit.Export (22.1.3)
      DevExpress.Sparkline.Core (22.1.3)
      DevExpress.Xpo (22.1.3)
    DevExpress.RichEdit.Core (22.1.3)
      DevExpress.Data (22.1.3)
      DevExpress.Drawing (22.1.3)
      DevExpress.Office.Core (22.1.3)
      DevExpress.Pdf.Core (22.1.3)
      DevExpress.Printing.Core (22.1.3)
    DevExpress.RichEdit.Export (22.1.3)
      DevExpress.Data (22.1.3)
      DevExpress.Drawing (22.1.3)
      DevExpress.Office.Core (22.1.3)
      DevExpress.Printing.Core (22.1.3)
      DevExpress.RichEdit.Core (22.1.3)
    DevExpress.Sparkline.Core (22.1.3)
      DevExpress.Data (22.1.3)
      DevExpress.Drawing (22.1.3)
    DevExpress.Utils (22.1.3)
      DevExpress.Data (22.1.3)
      DevExpress.Data.Desktop (22.1.3)
      DevExpress.Drawing (22.1.3)
      DevExpress.Printing.Core (22.1.3)
    DevExpress.Utils.UI (22.1.3)
      DevExpress.Data (22.1.3)
      DevExpress.Data.Desktop (22.1.3)
      DevExpress.DataAccess (22.1.3)
      DevExpress.Printing.Core (22.1.3)
      DevExpress.Utils (22.1.3)
      DevExpress.Win.Navigation (22.1.3)
      DevExpress.Win.Printing (22.1.3)
      DevExpress.Win.RichEdit (22.1.3)
      DevExpress.Win.TreeList (22.1.3)
      DevExpress.Win.VerticalGrid (22.1.3)
    DevExpress.Win (22.1.3)
      DevExpress.Data (22.1.3)
      DevExpress.Data.Desktop (22.1.3)
      DevExpress.Drawing (22.1.3)
      DevExpress.RichEdit.Export (22.1.3)
      DevExpress.Utils (22.1.3)
      DevExpress.Win.Grid (22.1.3)
      DevExpress.Win.Navigation (22.1.3)
      DevExpress.Win.PivotGrid (22.1.3)
      DevExpress.Win.Printing (22.1.3)
      DevExpress.Win.TreeList (22.1.3)
      DevExpress.Win.VerticalGrid (22.1.3)
    DevExpress.Win.BonusSkins (22.1.3)
      DevExpress.Utils (22.1.3)
    DevExpress.Win.Diagram (22.1.3)
      DevExpress.Data (22.1.3)
      DevExpress.Data.Desktop (22.1.3)
      DevExpress.Diagram.Core (22.1.3)
      DevExpress.Drawing (22.1.3)
      DevExpress.Pdf.Core (22.1.3)
      DevExpress.Printing.Core (22.1.3)
      DevExpress.Utils (22.1.3)
      DevExpress.Win.Navigation (22.1.3)
      DevExpress.Win.Printing (22.1.3)
      DevExpress.Win.VerticalGrid (22.1.3)
    DevExpress.Win.Grid (22.1.3)
      DevExpress.Data (22.1.3)
      DevExpress.Data.Desktop (22.1.3)
      DevExpress.Drawing (22.1.3)
      DevExpress.Printing.Core (22.1.3)
      DevExpress.Utils (22.1.3)
      DevExpress.Win.Navigation (22.1.3)
      DevExpress.Win.Printing (22.1.3)
    DevExpress.Win.Navigation (22.1.3)
      DevExpress.Data (22.1.3)
      DevExpress.Data.Desktop (22.1.3)
      DevExpress.Drawing (22.1.3)
      DevExpress.Printing.Core (22.1.3)
      DevExpress.Sparkline.Core (22.1.3)
      DevExpress.Utils (22.1.3)
    DevExpress.Win.PivotGrid (22.1.3)
      DevExpress.Data (22.1.3)
      DevExpress.Drawing (22.1.3)
      DevExpress.PivotGrid.Core (22.1.3)
      DevExpress.Printing.Core (22.1.3)
      DevExpress.Utils (22.1.3)
      DevExpress.Win.Navigation (22.1.3)
    DevExpress.Win.Printing (22.1.3)
      DevExpress.Data (22.1.3)
      DevExpress.Data.Desktop (22.1.3)
      DevExpress.Drawing (22.1.3)
      DevExpress.Printing.Core (22.1.3)
      DevExpress.RichEdit.Core (22.1.3)
      DevExpress.Utils (22.1.3)
      DevExpress.Win.Navigation (22.1.3)
      DevExpress.Win.TreeList (22.1.3)
    DevExpress.Win.RichEdit (22.1.3)
      DevExpress.Data (22.1.3)
      DevExpress.Data.Desktop (22.1.3)
      DevExpress.Drawing (22.1.3)
      DevExpress.Images (22.1.3)
      DevExpress.Office.Core (22.1.3)
      DevExpress.Pdf.Core (22.1.3)
      DevExpress.Printing.Core (22.1.3)
      DevExpress.RichEdit.Core (22.1.3)
      DevExpress.Utils (22.1.3)
      DevExpress.Win.Grid (22.1.3)
      DevExpress.Win.Navigation (22.1.3)
      DevExpress.Win.Printing (22.1.3)
    DevExpress.Win.TreeList (22.1.3)
      DevExpress.Data (22.1.3)
      DevExpress.Data.Desktop (22.1.3)
      DevExpress.Drawing (22.1.3)
      DevExpress.Printing.Core (22.1.3)
      DevExpress.Utils (22.1.3)
      DevExpress.Win.Navigation (22.1.3)
    DevExpress.Win.VerticalGrid (22.1.3)
      DevExpress.Data (22.1.3)
      DevExpress.Data.Desktop (22.1.3)
      DevExpress.Drawing (22.1.3)
      DevExpress.Printing.Core (22.1.3)
      DevExpress.Utils (22.1.3)
      DevExpress.Win.Navigation (22.1.3)
      DevExpress.Win.Printing (22.1.3)
  remote: https://api.nuget.org/v3/index.json
    DevExpress.Data (22.1.3)
    DevExpress.Xpo (22.1.3)
      DevExpress.Data (22.1.3)
    EnvDTE (16.10.31320.204)
      Microsoft.VisualStudio.SDK.EmbedInteropTypes (>= 15.0.34)
      stdole (>= 16.10.31320.204)
    EnvDTE100 (16.10.31320.204)
      EnvDTE90a (>= 16.10.31320.204)
      Microsoft.VisualStudio.SDK.EmbedInteropTypes (>= 15.0.34)
    EnvDTE80 (16.10.31320.204)
      EnvDTE (>= 16.10.31320.204)
      Microsoft.VisualStudio.SDK.EmbedInteropTypes (>= 15.0.34)
    EnvDTE90 (16.10.31320.204)
      EnvDTE80 (>= 16.10.31320.204)
      Microsoft.VisualStudio.SDK.EmbedInteropTypes (>= 15.0.34)
    EnvDTE90a (16.10.31320.204)
      EnvDTE90 (>= 16.10.31320.204)
      Microsoft.VisualStudio.SDK.EmbedInteropTypes (>= 15.0.34)
    Fasterflect.Xpand (2.0.7)
      System.Reflection.Emit.Lightweight (>= 4.6)
    Fody (4.2.1)
    Microsoft.Bcl.AsyncInterfaces (5.0)
      System.Threading.Tasks.Extensions (>= 4.5.4)
    Microsoft.Build (15.9.20)
      Microsoft.Build.Framework (>= 15.9.20)
      Microsoft.VisualStudio.Setup.Configuration.Interop (>= 1.16.30)
      System.Collections.Immutable (>= 1.5)
      System.IO.Compression (>= 4.3)
      System.Runtime.InteropServices.RuntimeInformation (>= 4.3)
      System.Threading.Tasks.Dataflow (>= 4.5.24)
    Microsoft.Build.Framework (15.9.20)
    Microsoft.Build.Tasks.Core (15.9.20)
      Microsoft.Build.Framework (>= 15.9.20)
      Microsoft.Build.Utilities.Core (>= 15.9.20)
      Microsoft.VisualStudio.Setup.Configuration.Interop (>= 1.16.30)
      System.Collections.Immutable (>= 1.5)
      System.Threading.Tasks.Dataflow (>= 4.5.24)
    Microsoft.Build.Utilities.Core (15.9.20)
      Microsoft.Build.Framework (>= 15.9.20)
      Microsoft.VisualStudio.Setup.Configuration.Interop (>= 1.16.30)
      System.Collections.Immutable (>= 1.5)
      System.Runtime.InteropServices.RuntimeInformation (>= 4.3)
    Microsoft.CSharp (4.7)
    Microsoft.Extensions.Dependencyinjection (3.1)
      Microsoft.Bcl.AsyncInterfaces (>= 1.1)
      Microsoft.Extensions.DependencyInjection.Abstractions (>= 3.1)
    Microsoft.Extensions.DependencyInjection.Abstractions (5.0)
    Microsoft.VisualStudio.CommandBars (16.10.31320.204)
      Microsoft.VisualStudio.SDK.EmbedInteropTypes (>= 15.0.34)
      stdole (>= 16.10.31320.204)
    Microsoft.VisualStudio.ComponentModelHost (15.8.525)
      Microsoft.VisualStudio.Shell.Interop.10.0 (>= 10.0.30319)
    Microsoft.VisualStudio.Composition (15.8.118)
      Microsoft.VisualStudio.Composition.NetFxAttributes (>= 15.8.118)
      Microsoft.VisualStudio.Validation (>= 15.0.82)
      System.Composition (>= 1.0.31)
      System.Reflection.Emit (>= 4.3)
      System.Reflection.Metadata (>= 1.3)
      System.Threading.Tasks.Dataflow (>= 4.5.24)
    Microsoft.VisualStudio.Composition.NetFxAttributes (15.8.118)
      System.ComponentModel.Composition (>= 4.5)
    Microsoft.VisualStudio.CoreUtility (15.8.525)
      Microsoft.VisualStudio.Threading (>= 15.3.23)
      System.ValueTuple (>= 4.3)
    Microsoft.VisualStudio.Debugger.Engine (15.9.28307)
      Microsoft.VisualStudio.Debugger.Interop.11.0 (>= 11.0.50728)
      Microsoft.VisualStudio.Debugger.InteropA (>= 9.0.21023)
    Microsoft.VisualStudio.Debugger.Interop (16.10.31320.204)
      Microsoft.VisualStudio.OLE.Interop (>= 16.10.31320.204)
      Microsoft.VisualStudio.SDK.EmbedInteropTypes (>= 15.0.34)
    Microsoft.VisualStudio.Debugger.Interop.10.0 (16.10.31320.204)
      Microsoft.VisualStudio.Debugger.InteropA (>= 16.10.31320.204)
      Microsoft.VisualStudio.SDK.EmbedInteropTypes (>= 15.0.34)
    Microsoft.VisualStudio.Debugger.Interop.11.0 (16.10.31320.204)
      Microsoft.VisualStudio.Debugger.InteropA (>= 16.10.31320.204)
      Microsoft.VisualStudio.SDK.EmbedInteropTypes (>= 15.0.34)
    Microsoft.VisualStudio.Debugger.Interop.12.0 (16.10.31320.204)
      Microsoft.VisualStudio.Debugger.InteropA (>= 16.10.31320.204)
      Microsoft.VisualStudio.SDK.EmbedInteropTypes (>= 15.0.34)
    Microsoft.VisualStudio.Debugger.Interop.14.0 (16.10.31320.204)
      Microsoft.VisualStudio.Debugger.Interop.11.0 (>= 16.10.31320.204)
      Microsoft.VisualStudio.SDK.EmbedInteropTypes (>= 15.0.34)
    Microsoft.VisualStudio.Debugger.Interop.15.0 (16.10.31320.204)
      Microsoft.VisualStudio.Debugger.Interop.10.0 (>= 16.10.31320.204)
      Microsoft.VisualStudio.SDK.EmbedInteropTypes (>= 15.0.34)
    Microsoft.VisualStudio.Debugger.InteropA (16.10.31320.204)
      Microsoft.VisualStudio.SDK.EmbedInteropTypes (>= 15.0.34)
    Microsoft.VisualStudio.Designer.Interfaces (16.10.31320.204)
      Microsoft.VisualStudio.SDK.EmbedInteropTypes (>= 15.0.34)
    Microsoft.VisualStudio.Editor (15.8.525)
      Microsoft.VisualStudio.CoreUtility (>= 15.8.525)
      Microsoft.VisualStudio.Shell.Interop.11.0 (>= 11.0.61030)
      Microsoft.VisualStudio.Text.Data (>= 15.8.525)
      Microsoft.VisualStudio.Text.Logic (>= 15.8.525)
      Microsoft.VisualStudio.Text.UI (>= 15.8.525)
      Microsoft.VisualStudio.Text.UI.Wpf (>= 15.8.525)
      Microsoft.VisualStudio.TextManager.Interop (>= 7.10.6070)
      Microsoft.VisualStudio.TextManager.Interop.8.0 (>= 8.0.50727)
      Microsoft.VisualStudio.Threading (>= 15.3.23)
    Microsoft.VisualStudio.ImageCatalog (15.9.28307)
    Microsoft.VisualStudio.Imaging (15.9.28307)
      Microsoft.VisualStudio.ImageCatalog (>= 15.9.28307)
      Microsoft.VisualStudio.Utilities (>= 15.9.28307)
    Microsoft.VisualStudio.Imaging.Interop.14.0.DesignTime (16.10.31320.204)
      Microsoft.VisualStudio.SDK.EmbedInteropTypes (>= 15.0.34)
    Microsoft.VisualStudio.Language (15.8.525)
      Microsoft.VisualStudio.CoreUtility (>= 15.8.525)
      Microsoft.VisualStudio.Text.Data (>= 15.8.525)
      Microsoft.VisualStudio.Text.Logic (>= 15.8.525)
      Microsoft.VisualStudio.Text.UI (>= 15.8.525)
      Newtonsoft.Json (>= 9.0.1)
      StreamJsonRpc (>= 1.3.6)
      System.Collections.Immutable (>= 1.3.1)
    Microsoft.VisualStudio.Language.Intellisense (15.8.525)
      Microsoft.VisualStudio.CoreUtility (>= 15.8.525)
      Microsoft.VisualStudio.ImageCatalog (>= 15.8.27731)
      Microsoft.VisualStudio.Imaging.Interop.14.0.DesignTime (>= 14.3.25408)
      Microsoft.VisualStudio.Language (>= 15.8.525)
      Microsoft.VisualStudio.Text.Data (>= 15.8.525)
      Microsoft.VisualStudio.Text.Logic (>= 15.8.525)
      Microsoft.VisualStudio.Text.UI (>= 15.8.525)
    Microsoft.VisualStudio.Language.NavigateTo.Interfaces (15.8.525)
      Microsoft.VisualStudio.CoreUtility (>= 15.8.525)
      Microsoft.VisualStudio.ImageCatalog (>= 15.8.27731)
      Microsoft.VisualStudio.Imaging (>= 15.0.26606)
      Microsoft.VisualStudio.Imaging.Interop.14.0.DesignTime (>= 14.3.25408)
      Microsoft.VisualStudio.OLE.Interop (>= 7.10.6070)
      Microsoft.VisualStudio.Shell.Interop (>= 7.10.6071)
      Microsoft.VisualStudio.Shell.Interop.10.0 (>= 10.0.30319)
      Microsoft.VisualStudio.Shell.Interop.11.0 (>= 11.0.61030)
      Microsoft.VisualStudio.Shell.Interop.12.0 (>= 12.0.30110)
      Microsoft.VisualStudio.Shell.Interop.14.0.DesignTime (>= 14.3.25407)
      Microsoft.VisualStudio.Shell.Interop.8.0 (>= 8.0.50727)
      Microsoft.VisualStudio.Text.Data (>= 15.8.525)
      Microsoft.VisualStudio.Text.Logic (>= 15.8.525)
      Microsoft.VisualStudio.TextManager.Interop (>= 7.10.6070)
      Microsoft.VisualStudio.TextManager.Interop.8.0 (>= 8.0.50727)
      Microsoft.VisualStudio.Utilities (>= 15.0.26606)
    Microsoft.VisualStudio.Language.StandardClassification (15.8.525)
      Microsoft.VisualStudio.Text.Logic (>= 15.8.525)
    Microsoft.VisualStudio.LanguageServer.Client (15.9.3032)
      Microsoft.VisualStudio.LanguageServer.Protocol (>= 15.9.3032)
      StreamJsonRpc (>= 1.2.8)
    Microsoft.VisualStudio.LanguageServer.Protocol (15.9.3032)
      Newtonsoft.Json (>= 6.0.6)
    Microsoft.VisualStudio.OLE.Interop (16.10.31320.204)
      Microsoft.VisualStudio.SDK.EmbedInteropTypes (>= 15.0.34)
    Microsoft.VisualStudio.Package.LanguageService.15.0 (15.9.28307)
      Microsoft.VisualStudio.Shell.15.0 (>= 15.9.28307)
    Microsoft.VisualStudio.ProjectAggregator (16.10.31320.204)
      Microsoft.VisualStudio.SDK.EmbedInteropTypes (>= 15.0.34)
    Microsoft.VisualStudio.ProjectSystem (15.8.243)
      Microsoft.Build (>= 15.8.166)
      Microsoft.Build.Framework (>= 15.8.166)
      Microsoft.Build.Tasks.Core (>= 15.8.166)
      Microsoft.VisualStudio.Composition (>= 15.8.98)
      Microsoft.VisualStudio.Threading (>= 15.8.132)
      Microsoft.VisualStudio.Validation (>= 15.3.58)
      System.Collections.Immutable (>= 1.5)
      System.Composition (>= 1.0.31)
      System.Threading.Tasks.Dataflow (>= 4.5.24)
    Microsoft.VisualStudio.ProjectSystem.Sdk (15.8.243)
      Microsoft.VisualStudio.ProjectSystem (>= 15.8.243)
      Microsoft.VisualStudio.ProjectSystem.Sdk.Tools (>= 15.8.243)
    Microsoft.VisualStudio.ProjectSystem.Sdk.Tools (15.8.243)
    Microsoft.VisualStudio.SDK (15.9.3)
      EnvDTE100 (>= 10.0.3)
      Microsoft.VisualStudio.CommandBars (>= 8.0)
      Microsoft.VisualStudio.ComponentModelHost (>= 15.8.525)
      Microsoft.VisualStudio.CoreUtility (>= 16.0.112)
      Microsoft.VisualStudio.Debugger.Engine (>= 15.9.28307)
      Microsoft.VisualStudio.Debugger.Interop (>= 8.0.50729)
      Microsoft.VisualStudio.Debugger.Interop.10.0 (>= 10.0.30320)
      Microsoft.VisualStudio.Debugger.Interop.12.0 (>= 12.0.21006)
      Microsoft.VisualStudio.Debugger.Interop.14.0 (>= 14.3.25408)
      Microsoft.VisualStudio.Debugger.Interop.15.0 (>= 15.9.28307)
      Microsoft.VisualStudio.Designer.Interfaces (>= 1.1.4323)
      Microsoft.VisualStudio.Editor (>= 15.8.525)
      Microsoft.VisualStudio.ImageCatalog (>= 15.9.28307)
      Microsoft.VisualStudio.Language (>= 15.8.525)
      Microsoft.VisualStudio.Language.Intellisense (>= 15.8.525)
      Microsoft.VisualStudio.Language.NavigateTo.Interfaces (>= 15.8.525)
      Microsoft.VisualStudio.Language.StandardClassification (>= 15.8.525)
      Microsoft.VisualStudio.LanguageServer.Client (>= 15.9.3032)
      Microsoft.VisualStudio.OLE.Interop (>= 7.10.6071)
      Microsoft.VisualStudio.Package.LanguageService.15.0 (>= 15.9.28307)
      Microsoft.VisualStudio.ProjectAggregator (>= 8.0.50728)
      Microsoft.VisualStudio.ProjectSystem.Sdk (>= 15.8.243)
      Microsoft.VisualStudio.Setup.Configuration.Interop (>= 1.16.30)
      Microsoft.VisualStudio.Shell.15.0 (>= 15.9.28307)
      Microsoft.VisualStudio.Shell.Design (>= 15.9.28307)
      Microsoft.VisualStudio.Shell.Embeddable (>= 15.9.28307)
      Microsoft.VisualStudio.Shell.Interop (>= 7.10.6072)
      Microsoft.VisualStudio.Shell.Interop.15.1.DesignTime (>= 15.0.26929)
      Microsoft.VisualStudio.Shell.Interop.15.5.DesignTime (>= 15.6.27413)
      Microsoft.VisualStudio.Shell.Interop.15.7.DesignTime (>= 15.7.1)
      Microsoft.VisualStudio.Shell.Interop.15.8.DesignTime (>= 15.8.1)
      Microsoft.VisualStudio.TaskRunnerExplorer.14.0 (>= 14.0)
      Microsoft.VisualStudio.TextManager.Interop.12.1.DesignTime (>= 12.1.30330)
      Microsoft.VisualStudio.TextTemplating.15.0 (>= 15.9.28307)
      Microsoft.VisualStudio.TextTemplating.Interfaces.15.0 (>= 15.9.28307)
      Microsoft.VisualStudio.TextTemplating.VSHost.15.0 (>= 15.9.28307)
      Microsoft.VisualStudio.Threading (>= 15.8.132)
      Microsoft.VisualStudio.Web.BrowserLink.12.0 (>= 12.0)
      Microsoft.VisualStudio.Workspace.VSIntegration (>= 15.0.485)
      Microsoft.Win32.Primitives (>= 4.3)
      Newtonsoft.Json (>= 9.0.1)
      StreamJsonRpc (>= 1.3.23)
      System.Collections.Immutable (>= 1.5)
      System.ComponentModel.Composition (>= 4.5)
      VSLangProj100 (>= 10.0.30320)
      VSLangProj110 (>= 11.0.61031)
      VSLangProj140 (>= 14.0.25030)
      VSLangProj150 (>= 15.0.26229)
      VSLangProj157 (>= 15.7)
      VSLangProj158 (>= 15.8)
      VSLangProj2 (>= 7.0.5001)
    Microsoft.VisualStudio.SDK.Analyzers (15.8.36)
      Microsoft.VisualStudio.Threading.Analyzers (>= 15.8.168)
    Microsoft.VisualStudio.SDK.EmbedInteropTypes (15.0.34)
    Microsoft.VisualStudio.Setup.Configuration.Interop (1.16.30)
    Microsoft.VisualStudio.Shell.15.0 (15.9.28307)
      Microsoft.VisualStudio.Imaging (>= 15.9.28307)
      Microsoft.VisualStudio.SDK.EmbedInteropTypes (>= 15.0.16)
      Microsoft.VisualStudio.Shell.Framework (>= 15.9.28307)
      Microsoft.VisualStudio.Shell.Interop.14.0.DesignTime (>= 14.3.26929)
      Microsoft.VisualStudio.Shell.Interop.15.3.DesignTime (>= 15.0.26929)
      Microsoft.VisualStudio.Shell.Interop.15.6.DesignTime (>= 15.6.27413)
      Microsoft.VisualStudio.Shell.Interop.9.0 (>= 9.0.30730)
      Microsoft.VisualStudio.Text.Data (>= 15.6.27740)
      Microsoft.VisualStudio.Threading (>= 15.6.31)
    Microsoft.VisualStudio.Shell.Design (15.9.28307)
      Microsoft.VisualStudio.Shell.15.0 (>= 15.9.28307)
      Microsoft.VisualStudio.Shell.Framework (>= 15.9.28307)
      Microsoft.VisualStudio.Shell.Interop.8.0 (>= 8.0.50728)
    Microsoft.VisualStudio.Shell.Embeddable (15.9.28307)
      Microsoft.VisualStudio.SDK.EmbedInteropTypes (>= 15.0.16)
    Microsoft.VisualStudio.Shell.Framework (15.9.28307)
      Microsoft.VisualStudio.CoreUtility (>= 15.6.27740)
      Microsoft.VisualStudio.OLE.Interop (>= 7.10.6071)
      Microsoft.VisualStudio.Utilities (>= 15.9.28307)
    Microsoft.VisualStudio.Shell.Interop (16.10.31320.204)
      Microsoft.VisualStudio.SDK.EmbedInteropTypes (>= 15.0.34)
      Microsoft.VisualStudio.TextManager.Interop (>= 16.10.31320.204)
    Microsoft.VisualStudio.Shell.Interop.10.0 (16.10.31320.204)
      Microsoft.VisualStudio.SDK.EmbedInteropTypes (>= 15.0.34)
      Microsoft.VisualStudio.Shell.Interop.8.0 (>= 16.10.31320.204)
    Microsoft.VisualStudio.Shell.Interop.11.0 (16.10.31320.204)
      Microsoft.VisualStudio.SDK.EmbedInteropTypes (>= 15.0.34)
      Microsoft.VisualStudio.Shell.Interop.10.0 (>= 16.10.31320.204)
    Microsoft.VisualStudio.Shell.Interop.12.0 (16.10.31320.204)
      Microsoft.VisualStudio.SDK.EmbedInteropTypes (>= 15.0.34)
      Microsoft.VisualStudio.Shell.Interop.10.0 (>= 16.10.31320.204)
      Microsoft.VisualStudio.Shell.Interop.11.0 (>= 16.10.31320.204)
      Microsoft.VisualStudio.Shell.Interop.8.0 (>= 16.10.31320.204)
      Microsoft.VisualStudio.TextManager.Interop.8.0 (>= 16.10.31320.204)
    Microsoft.VisualStudio.Shell.Interop.14.0.DesignTime (16.10.31320.204)
      Microsoft.VisualStudio.Imaging.Interop.14.0.DesignTime (>= 16.10.31320.204)
      Microsoft.VisualStudio.SDK.EmbedInteropTypes (>= 15.0.34)
      Microsoft.VisualStudio.Shell.Interop.12.0 (>= 16.10.31320.204)
    Microsoft.VisualStudio.Shell.Interop.15.0.DesignTime (16.10.31320.204)
      Microsoft.VisualStudio.SDK.EmbedInteropTypes (>= 15.0.34)
      Microsoft.VisualStudio.Shell.Interop.12.0 (>= 16.10.31320.204)
    Microsoft.VisualStudio.Shell.Interop.15.1.DesignTime (16.10.31320.204)
      Microsoft.VisualStudio.SDK.EmbedInteropTypes (>= 15.0.34)
    Microsoft.VisualStudio.Shell.Interop.15.3.DesignTime (16.10.31320.204)
      Microsoft.VisualStudio.SDK.EmbedInteropTypes (>= 15.0.34)
      Microsoft.VisualStudio.Shell.Interop.11.0 (>= 16.10.31320.204)
    Microsoft.VisualStudio.Shell.Interop.15.5.DesignTime (16.10.31320.204)
      Microsoft.VisualStudio.SDK.EmbedInteropTypes (>= 15.0.34)
      Microsoft.VisualStudio.Shell.Interop.12.0 (>= 16.10.31320.204)
    Microsoft.VisualStudio.Shell.Interop.15.6.DesignTime (16.10.31320.204)
      Microsoft.VisualStudio.SDK.EmbedInteropTypes (>= 15.0.34)
      Microsoft.VisualStudio.Shell.Interop.11.0 (>= 16.10.31320.204)
    Microsoft.VisualStudio.Shell.Interop.15.7.DesignTime (16.10.31320.204)
      Microsoft.VisualStudio.SDK.EmbedInteropTypes (>= 15.0.34)
      Microsoft.VisualStudio.Shell.Interop.15.0.DesignTime (>= 16.10.31320.204)
    Microsoft.VisualStudio.Shell.Interop.15.8.DesignTime (16.10.31320.212)
      Microsoft.VisualStudio.SDK.EmbedInteropTypes (>= 15.0.34)
      Microsoft.VisualStudio.Shell.Interop.15.7.DesignTime (>= 16.10.31320.204)
    Microsoft.VisualStudio.Shell.Interop.8.0 (16.10.31320.204)
      Microsoft.VisualStudio.SDK.EmbedInteropTypes (>= 15.0.34)
      Microsoft.VisualStudio.TextManager.Interop.8.0 (>= 16.10.31320.204)
    Microsoft.VisualStudio.Shell.Interop.9.0 (16.10.31320.204)
      Microsoft.VisualStudio.SDK.EmbedInteropTypes (>= 15.0.34)
      Microsoft.VisualStudio.Shell.Interop.8.0 (>= 16.10.31320.204)
    Microsoft.VisualStudio.TaskRunnerExplorer.14.0 (14.0)
    Microsoft.VisualStudio.Text.Data (15.8.525)
      Microsoft.VisualStudio.CoreUtility (>= 15.8.525)
      Microsoft.VisualStudio.Threading (>= 15.3.23)
    Microsoft.VisualStudio.Text.Logic (15.8.525)
      Microsoft.VisualStudio.CoreUtility (>= 15.8.525)
      Microsoft.VisualStudio.Text.Data (>= 15.8.525)
      System.Collections.Immutable (>= 1.3.1)
    Microsoft.VisualStudio.Text.UI (15.8.525)
      Microsoft.VisualStudio.CoreUtility (>= 15.8.525)
      Microsoft.VisualStudio.Text.Data (>= 15.8.525)
      Microsoft.VisualStudio.Text.Logic (>= 15.8.525)
    Microsoft.VisualStudio.Text.UI.Wpf (15.8.525)
      Microsoft.VisualStudio.CoreUtility (>= 15.8.525)
      Microsoft.VisualStudio.Imaging.Interop.14.0.DesignTime (>= 14.3.25408)
      Microsoft.VisualStudio.Text.Data (>= 15.8.525)
      Microsoft.VisualStudio.Text.Logic (>= 15.8.525)
      Microsoft.VisualStudio.Text.UI (>= 15.8.525)
    Microsoft.VisualStudio.TextManager.Interop (16.10.31320.204)
      Microsoft.VisualStudio.OLE.Interop (>= 16.10.31320.204)
      Microsoft.VisualStudio.SDK.EmbedInteropTypes (>= 15.0.34)
    Microsoft.VisualStudio.TextManager.Interop.12.1.DesignTime (16.10.31320.204)
      Microsoft.VisualStudio.SDK.EmbedInteropTypes (>= 15.0.34)
    Microsoft.VisualStudio.TextManager.Interop.8.0 (16.10.31320.204)
      Microsoft.VisualStudio.SDK.EmbedInteropTypes (>= 15.0.34)
      Microsoft.VisualStudio.Shell.Interop (>= 16.10.31320.204)
    Microsoft.VisualStudio.TextTemplating.15.0 (16.10.31320.204)
      Microsoft.VisualStudio.TextTemplating.Interfaces.11.0 (>= 16.10.31320.204)
    Microsoft.VisualStudio.TextTemplating.Interfaces.10.0 (16.10.31320.204)
      Microsoft.VisualStudio.SDK.EmbedInteropTypes (>= 15.0.34)
    Microsoft.VisualStudio.TextTemplating.Interfaces.11.0 (16.10.31320.204)
      Microsoft.VisualStudio.SDK.EmbedInteropTypes (>= 15.0.34)
      Microsoft.VisualStudio.TextTemplating.Interfaces.10.0 (>= 16.10.31320.204)
    Microsoft.VisualStudio.TextTemplating.Interfaces.15.0 (15.9.28307)
    Microsoft.VisualStudio.TextTemplating.VSHost.15.0 (15.9.28307)
      Microsoft.VisualStudio.Shell.15.0 (>= 15.9.28307)
      Microsoft.VisualStudio.TextTemplating.15.0 (>= 15.9.28307)
    Microsoft.VisualStudio.Threading (15.8.209)
      Microsoft.VisualStudio.Threading.Analyzers (>= 15.8.209)
      Microsoft.VisualStudio.Validation (>= 15.3.15)
    Microsoft.VisualStudio.Threading.Analyzers (15.8.209)
    Microsoft.VisualStudio.Utilities (15.9.28307)
      Microsoft.VisualStudio.Threading (>= 15.6.31)
      StreamJsonRpc (>= 1.3.23)
    Microsoft.VisualStudio.Validation (16.10.34)
    Microsoft.VisualStudio.Web.BrowserLink.12.0 (12.0)
    Microsoft.VisualStudio.Workspace (15.0.485)
    Microsoft.VisualStudio.Workspace.VSIntegration (15.0.485)
    Microsoft.VSSDK.BuildTools (15.9.3032)
      Microsoft.VisualStudio.SDK.Analyzers (>= 15.8.33)
    Microsoft.Win32.Primitives (4.3)
    Mono.Cecil (0.11.2)
    Nerdbank.Streams (2.2.43)
      Microsoft.VisualStudio.Threading (>= 15.8.192)
      System.Buffers (>= 4.5)
      System.IO.Pipelines (>= 4.5.3)
      System.Net.WebSockets (>= 4.3)
      System.ValueTuple (>= 4.5)
    Newtonsoft.Json (12.0.2)
    PropertyChanged.Fody (2.6.1)
      Fody (>= 4.2.1)
    stdole (16.10.31320.204)
      Microsoft.VisualStudio.SDK.EmbedInteropTypes (>= 15.0.34)
    StreamJsonRpc (2.0.208)
      Microsoft.VisualStudio.Threading (>= 15.8.209)
      Nerdbank.Streams (>= 2.2.26)
      Newtonsoft.Json (>= 9.0.1)
      System.IO.Pipelines (>= 4.5.3)
      System.Memory (>= 4.5.2)
      System.Net.Http (>= 4.3.3)
      System.Net.WebSockets (>= 4.3)
      System.Reflection.Emit (>= 4.3)
      System.Threading.Tasks.Extensions (>= 4.5.2)
    System.Buffers (4.5.1)
    System.Collections.Immutable (5.0)
      System.Memory (>= 4.5.4)
    System.ComponentModel.Composition (5.0)
    System.Composition (5.0.1)
      System.Composition.AttributedModel (>= 5.0.1)
      System.Composition.Convention (>= 5.0.1)
      System.Composition.Hosting (>= 5.0.1)
      System.Composition.Runtime (>= 5.0.1)
      System.Composition.TypedParts (>= 5.0.1)
    System.Composition.AttributedModel (5.0.1)
    System.Composition.Convention (5.0.1)
      System.Composition.AttributedModel (>= 5.0)
    System.Composition.Hosting (5.0.1)
      System.Composition.Runtime (>= 5.0)
    System.Composition.Runtime (5.0.1)
    System.Composition.TypedParts (5.0.1)
      System.Composition.AttributedModel (>= 5.0)
      System.Composition.Hosting (>= 5.0)
      System.Composition.Runtime (>= 5.0)
    System.Configuration.ConfigurationManager (5.0)
      System.Security.Permissions (>= 5.0)
    System.IO (4.3)
    System.IO.Compression (4.3)
    System.IO.Pipelines (5.0.1)
      System.Buffers (>= 4.5.1)
      System.Memory (>= 4.5.4)
      System.Threading.Tasks.Extensions (>= 4.5.4)
    System.Management (5.0)
    System.Memory (4.5.4)
      System.Buffers (>= 4.5.1)
      System.Numerics.Vectors (>= 4.5)
      System.Runtime.CompilerServices.Unsafe (>= 4.5.3)
    System.Net.Http (4.3.4)
      System.Security.Cryptography.X509Certificates (>= 4.3)
    System.Net.WebSockets (4.3)
    System.Numerics.Vectors (4.5)
    System.Reactive (5.0)
      System.Threading.Tasks.Extensions (>= 4.5.4)
    System.Reflection.Emit (4.7)
    System.Reflection.Emit.Lightweight (4.7)
    System.Reflection.Metadata (5.0)
      System.Collections.Immutable (>= 5.0)
    System.Runtime (4.3.1)
    System.Runtime.CompilerServices.Unsafe (5.0)
    System.Runtime.InteropServices.RuntimeInformation (4.3)
    System.Security.AccessControl (5.0)
      System.Security.Principal.Windows (>= 5.0)
    System.Security.Cryptography.Algorithms (4.3.1)
      System.IO (>= 4.3)
      System.Runtime (>= 4.3)
      System.Security.Cryptography.Encoding (>= 4.3)
      System.Security.Cryptography.Primitives (>= 4.3)
    System.Security.Cryptography.Encoding (4.3)
    System.Security.Cryptography.Primitives (4.3)
    System.Security.Cryptography.X509Certificates (4.3.2)
      System.Security.Cryptography.Algorithms (>= 4.3)
      System.Security.Cryptography.Encoding (>= 4.3)
    System.Security.Permissions (5.0)
      System.Security.AccessControl (>= 5.0)
    System.Security.Principal.Windows (5.0)
    System.Threading.Tasks.Dataflow (5.0)
    System.Threading.Tasks.Extensions (4.5.4)
      System.Runtime.CompilerServices.Unsafe (>= 4.5.3)
    System.ValueTuple (4.5)
    System.Xml.XDocument (4.3)
    VSLangProj (16.10.31320.204)
      EnvDTE (>= 16.10.31320.204)
      Microsoft.VisualStudio.SDK.EmbedInteropTypes (>= 15.0.34)
    VSLangProj100 (16.10.31320.204)
      Microsoft.VisualStudio.SDK.EmbedInteropTypes (>= 15.0.34)
    VSLangProj110 (16.10.31320.204)
      Microsoft.VisualStudio.SDK.EmbedInteropTypes (>= 15.0.34)
      VSLangProj80 (>= 16.10.31320.204)
      VSLangProj90 (>= 16.10.31320.204)
    VSLangProj140 (16.10.31320.204)
      Microsoft.VisualStudio.SDK.EmbedInteropTypes (>= 15.0.34)
      VSLangProj80 (>= 16.10.31320.204)
    VSLangProj150 (16.10.31320.204)
      Microsoft.VisualStudio.SDK.EmbedInteropTypes (>= 15.0.34)
      VSLangProj110 (>= 16.10.31320.204)
      VSLangProj140 (>= 16.10.31320.204)
    VSLangProj157 (16.10.31320.204)
      Microsoft.VisualStudio.SDK.EmbedInteropTypes (>= 15.0.34)
      VSLangProj110 (>= 16.10.31320.204)
    VSLangProj158 (16.10.31320.204)
      Microsoft.VisualStudio.SDK.EmbedInteropTypes (>= 15.0.34)
      VSLangProj110 (>= 16.10.31320.204)
    VSLangProj2 (16.10.31320.204)
      Microsoft.VisualStudio.SDK.EmbedInteropTypes (>= 15.0.34)
      VSLangProj (>= 16.10.31320.204)
    VSLangProj80 (16.10.31320.204)
      Microsoft.VisualStudio.SDK.EmbedInteropTypes (>= 15.0.34)
      VSLangProj2 (>= 16.10.31320.204)
    VSLangProj90 (16.10.31320.204)
      Microsoft.VisualStudio.SDK.EmbedInteropTypes (>= 15.0.34)
